{
  "bids_meta": {
    "AcquisitionMatrixPE": 240,
    "AcquisitionNumber": 1,
    "AcquisitionTime": "15:02:19.105000",
    "BaseResolution": 256,
    "BodyPartExamined": "BRAIN",
    "ConsistencyInfo": "N4_VE11C_LATEST_20160120",
    "ConversionSoftware": "dcm2niix",
    "ConversionSoftwareVersion": "v1.0.20210317",
    "DeviceSerialNumber": "45193",
    "DwellTime": 8.5e-06,
    "EchoTime": 0.00207,
    "FlipAngle": 9,
    "ImageOrientationPatientDICOM": [
      0.00873125,
      0.999962,
      1.70851e-08,
      0.0104684,
      -9.13889e-05,
      -0.999945
    ],
    "ImageType": [
      "ORIGINAL",
      "PRIMARY",
      "M",
      "ND",
      "NORM"
    ],
    "ImagingFrequency": 123.252,
    "InPlanePhaseEncodingDirectionDICOM": "ROW",
    "InstitutionAddress": "Blackburn Road 770,Clayton,Victoria,AU,3800",
    "InstitutionName": "Monash Biomedical Imaging",
    "InstitutionalDepartmentName": "Department",
    "InversionTime": 0.9,
    "MRAcquisitionType": "3D",
    "MagneticFieldStrength": 3,
    "Manufacturer": "Siemens",
    "ManufacturersModelName": "Skyra",
    "Modality": "MR",
    "ParallelReductionFactorInPlane": 2,
    "PartialFourier": 1,
    "PatientPosition": "HFS",
    "PercentPhaseFOV": 93.75,
    "PercentSampling": 100,
    "PhaseEncodingSteps": 239,
    "PhaseResolution": 1,
    "PixelBandwidth": 230,
    "ProcedureStepDescription": "MR Scan",
    "ProtocolName": "t1_mprage_sag_p2_iso_1_ADNI",
    "PulseSequenceDetails": "%SiemensSeq%\\tfl",
    "ReceiveCoilActiveElements": "HEA;HEP",
    "ReceiveCoilName": "Head_32",
    "ReconMatrixPE": 240,
    "RefLinesPE": 32,
    "RepetitionTime": 2.3,
    "SAR": 0.0849963,
    "ScanOptions": "IR",
    "ScanningSequence": "GR\\IR",
    "SequenceName": "*tfl3d1_16ns",
    "SequenceVariant": "SK\\SP\\MP",
    "SeriesDescription": "t1_mprage_sag_p2_iso_1_ADNI",
    "SeriesNumber": 3,
    "ShimSetting": [
      -4121,
      15461,
      -15515,
      -92,
      142,
      -177,
      -175,
      57
    ],
    "SliceThickness": 1,
    "SoftwareVersions": "syngo MR E11",
    "StationName": "AWP45193",
    "TxRefAmp": 392.296,
    "dataset": "<unset>",
    "modality": "T1w",
    "run_id": 1,
    "session_id": "01",
    "subject_id": "PC202"
  },
  "cjv": 0.33542138544504246,
  "cnr": 4.05002346067667,
  "efc": 0.5447823397674179,
  "fber": 8598.038704640096,
  "fwhm_avg": 4.081643333333333,
  "fwhm_x": 3.97068,
  "fwhm_y": 4.14514,
  "fwhm_z": 4.12911,
  "icvs_csf": 0.22330741758041456,
  "icvs_gm": 0.435375503184767,
  "icvs_wm": 0.34131707923481847,
  "inu_med": 0.48201823234558105,
  "inu_range": 0.14364959299564362,
  "provenance": {
    "md5sum": "4a257e3d07f5e5f26a70c86576a1748d",
    "settings": {
      "testing": false
    },
    "software": "mriqc",
    "version": "22.0.6",
    "warnings": {
      "large_rot_frame": true,
      "small_air_mask": false
    },
    "webapi_port": null,
    "webapi_url": "https://mriqc.nimh.nih.gov/api/v1"
  },
  "qi_1": 0.021677765323534815,
  "qi_2": 0.010819126852838175,
  "rpve_csf": 21.86079638269233,
  "rpve_gm": 11.575462051675713,
  "rpve_wm": 16.76571829393113,
  "size_x": 192,
  "size_y": 240,
  "size_z": 256,
  "snr_csf": 2.622184956982692,
  "snr_gm": 11.349492511028648,
  "snr_total": 12.69688861740184,
  "snr_wm": 24.11898838419418,
  "snrd_csf": 23.526747605659647,
  "snrd_gm": 71.13779200266086,
  "snrd_total": 65.50898260076288,
  "snrd_wm": 101.86240819396814,
  "spacing_x": 1.0,
  "spacing_y": 1.0,
  "spacing_z": 1.0,
  "summary_bg_k": 66.6632994367409,
  "summary_bg_mad": 0.0,
  "summary_bg_mean": 3.248228106031943,
  "summary_bg_median": 0.0,
  "summary_bg_n": 2373873.0,
  "summary_bg_p05": 0.0,
  "summary_bg_p95": 17.094399947673082,
  "summary_bg_stdv": 6.431870026747009,
  "summary_csf_k": 1.3645475462819325,
  "summary_csf_mad": 74.303060721669,
  "summary_csf_mean": 249.07630500757907,
  "summary_csf_median": 230.9763016551733,
  "summary_csf_n": 58311.0,
  "summary_csf_p05": 136.239226879552,
  "summary_csf_p95": 422.29000605642796,
  "summary_csf_stdv": 88.08467933448885,
  "summary_gm_k": -0.07285048589241105,
  "summary_gm_mad": 61.93030396765787,
  "summary_gm_mean": 700.7650233966763,
  "summary_gm_median": 698.4027023240924,
  "summary_gm_n": 45085.0,
  "summary_gm_p05": 602.3510188385844,
  "summary_gm_p95": 804.1456991657612,
  "summary_gm_stdv": 61.53534673049612,
  "summary_wm_k": 0.5328534712589743,
  "summary_wm_mad": 39.24691658530413,
  "summary_wm_mean": 999.9521078268506,
  "summary_wm_median": 1000.0448305346072,
  "summary_wm_n": 208862.0,
  "summary_wm_p05": 931.669474103488,
  "summary_wm_p95": 1067.3904849216342,
  "summary_wm_stdv": 41.46286820033463,
  "tpm_overlap_csf": 0.16083575926625884,
  "tpm_overlap_gm": 0.4714412962517736,
  "tpm_overlap_wm": 0.5080238737014812,
  "wm2max": 0.38313708637730987
}