{
  "bids_meta": {
    "AcquisitionMatrixPE": 240,
    "AcquisitionNumber": 1,
    "AcquisitionTime": "12:48:18.690000",
    "BaseResolution": 256,
    "BodyPartExamined": "BRAIN",
    "ConsistencyInfo": "N4_VE11C_LATEST_20160120",
    "ConversionSoftware": "dcm2niix",
    "ConversionSoftwareVersion": "v1.0.20210317",
    "DeviceSerialNumber": "45193",
    "DwellTime": 8.5e-06,
    "EchoTime": 0.00207,
    "FlipAngle": 9,
    "ImageOrientationPatientDICOM": [
      0.0367525,
      0.999324,
      -1.82609e-08,
      0.00526371,
      -0.000193604,
      -0.999986
    ],
    "ImageType": [
      "ORIGINAL",
      "PRIMARY",
      "M",
      "ND",
      "NORM"
    ],
    "ImagingFrequency": 123.252,
    "InPlanePhaseEncodingDirectionDICOM": "ROW",
    "InstitutionAddress": "Blackburn Road 770,Clayton,Victoria,AU,3800",
    "InstitutionName": "Monash Biomedical Imaging",
    "InstitutionalDepartmentName": "Department",
    "InversionTime": 0.9,
    "MRAcquisitionType": "3D",
    "MagneticFieldStrength": 3,
    "Manufacturer": "Siemens",
    "ManufacturersModelName": "Skyra",
    "Modality": "MR",
    "ParallelReductionFactorInPlane": 3,
    "PartialFourier": 1,
    "PatientPosition": "HFS",
    "PercentPhaseFOV": 93.75,
    "PercentSampling": 100,
    "PhaseEncodingSteps": 238,
    "PhaseResolution": 1,
    "PixelBandwidth": 230,
    "ProcedureStepDescription": "MR Scan",
    "ProtocolName": "t1_mprage_sag_p3_iso_1",
    "PulseSequenceDetails": "%SiemensSeq%\\tfl",
    "ReceiveCoilActiveElements": "HEA;HEP",
    "ReceiveCoilName": "Head_32",
    "ReconMatrixPE": 240,
    "RefLinesPE": 32,
    "RepetitionTime": 2.3,
    "SAR": 0.100567,
    "ScanOptions": "IR",
    "ScanningSequence": "GR\\IR",
    "SequenceName": "*tfl3d1_16ns",
    "SequenceVariant": "SK\\SP\\MP",
    "SeriesDescription": "t1_mprage_sag_p3_iso_1",
    "SeriesNumber": 2,
    "ShimSetting": [
      -4121,
      15461,
      -15515,
      -92,
      142,
      -177,
      -175,
      57
    ],
    "SliceThickness": 1,
    "SoftwareVersions": "syngo MR E11",
    "StationName": "AWP45193",
    "TxRefAmp": 356.764,
    "dataset": "<unset>",
    "modality": "T1w",
    "run_id": 1,
    "session_id": "02",
    "subject_id": "PC211"
  },
  "cjv": 0.3270844794608369,
  "cnr": 4.147471924462283,
  "efc": 0.48569190915363875,
  "fber": -1.0,
  "fwhm_avg": 3.9300366666666666,
  "fwhm_x": 3.93579,
  "fwhm_y": 3.87717,
  "fwhm_z": 3.97715,
  "icvs_csf": 0.20591726518524953,
  "icvs_gm": 0.4634167565698492,
  "icvs_wm": 0.3306659782449013,
  "inu_med": 0.5018981695175171,
  "inu_range": 0.15509245395660398,
  "provenance": {
    "md5sum": "ab3f5ea21ff72a84b1f7702b08e4c522",
    "settings": {
      "testing": false
    },
    "software": "mriqc",
    "version": "22.0.6",
    "warnings": {
      "large_rot_frame": true,
      "small_air_mask": false
    },
    "webapi_port": null,
    "webapi_url": "https://mriqc.nimh.nih.gov/api/v1"
  },
  "qi_1": 0.0285092570041404,
  "qi_2": 0.002575382308083438,
  "rpve_csf": 27.500167649507016,
  "rpve_gm": 13.155553649463686,
  "rpve_wm": 19.999873754390872,
  "size_x": 192,
  "size_y": 240,
  "size_z": 256,
  "snr_csf": 1.713075356392026,
  "snr_gm": 11.898389000002968,
  "snr_total": 12.204077000356895,
  "snr_wm": 23.000766644675686,
  "snrd_csf": 17.686053720076373,
  "snrd_gm": 55.09624160929384,
  "snrd_total": 50.65437406869961,
  "snrd_wm": 79.18082687672862,
  "spacing_x": 1.0,
  "spacing_y": 1.0,
  "spacing_z": 1.0,
  "summary_bg_k": 19642.87862240866,
  "summary_bg_mad": 0.0,
  "summary_bg_mean": 1.723605253784163,
  "summary_bg_median": 0.0,
  "summary_bg_n": 2984441.0,
  "summary_bg_p05": 0.0,
  "summary_bg_p95": 11.277434810996056,
  "summary_bg_stdv": 8.274345509570201,
  "summary_csf_k": 17.324204146270194,
  "summary_csf_mad": 112.61598522193836,
  "summary_csf_mean": 247.5996582999374,
  "summary_csf_median": 223.37412358820438,
  "summary_csf_n": 40132.0,
  "summary_csf_p05": 89.25862081348896,
  "summary_csf_p95": 465.02730014696704,
  "summary_csf_stdv": 130.3920109204359,
  "summary_gm_k": 0.028280593096369433,
  "summary_gm_mad": 58.4823358675845,
  "summary_gm_mean": 696.00949035014,
  "summary_gm_median": 695.863242149353,
  "summary_gm_n": 52485.0,
  "summary_gm_p05": 599.3729030489922,
  "summary_gm_p95": 791.4938664883375,
  "summary_gm_stdv": 58.4832629824578,
  "summary_wm_k": 0.6691360246327034,
  "summary_wm_mad": 41.012612460985544,
  "summary_wm_mean": 999.422873812049,
  "summary_wm_median": 1000.0505533069372,
  "summary_wm_n": 171698.0,
  "summary_wm_p05": 927.177084416151,
  "summary_wm_p95": 1068.9288771301508,
  "summary_wm_stdv": 43.47888296571819,
  "tpm_overlap_csf": 0.14133561835857605,
  "tpm_overlap_gm": 0.48682721907648396,
  "tpm_overlap_wm": 0.5120597949497034,
  "wm2max": 0.35869111752008853
}