{
  "aor": 0.00015670658682634734,
  "aqi": 0.005062206347305389,
  "bids_meta": {
    "AcquisitionMatrixPE": 64,
    "AcquisitionNumber": 1,
    "AcquisitionTime": "14:37:18.815000",
    "BandwidthPerPixelPhaseEncode": 62.5,
    "BaseResolution": 64,
    "BodyPartExamined": "BRAIN",
    "ConsistencyInfo": "N4_VE11C_LATEST_20160120",
    "ConversionSoftware": "dcm2niix",
    "ConversionSoftwareVersion": "v1.0.20210317",
    "DerivedVendorReportedEchoSpacing": 0.0005,
    "DeviceSerialNumber": "45193",
    "DwellTime": 3.1e-06,
    "EchoNumber": 1,
    "EchoTime": 0.0126,
    "EchoTrainLength": 31,
    "EffectiveEchoSpacing": 0.00025,
    "FlipAngle": 56,
    "ImageComments": "Unaliased MB4/PE4/LB",
    "ImageOrientationPatientDICOM": [
      0.997752,
      0.0568952,
      0.0353978,
      -0.055783,
      0.997941,
      -0.0316526
    ],
    "ImageType": [
      "ORIGINAL",
      "PRIMARY",
      "M",
      "MB",
      "TE1",
      "ND",
      "NORM",
      "MOSAIC"
    ],
    "ImagingFrequency": 123.252,
    "InPlanePhaseEncodingDirectionDICOM": "ROW",
    "InstitutionAddress": "Blackburn Road 770,Clayton,Victoria,AU,3800",
    "InstitutionName": "Monash Biomedical Imaging",
    "InstitutionalDepartmentName": "Department",
    "MRAcquisitionType": "2D",
    "MagneticFieldStrength": 3,
    "Manufacturer": "Siemens",
    "ManufacturersModelName": "Skyra",
    "Modality": "MR",
    "MultibandAccelerationFactor": 4,
    "ParallelReductionFactorInPlane": 2,
    "PartialFourier": 1,
    "PatientPosition": "HFS",
    "PercentPhaseFOV": 100,
    "PercentSampling": 100,
    "PhaseEncodingDirection": "i",
    "PhaseEncodingSteps": 63,
    "PhaseResolution": 1,
    "PixelBandwidth": 2520,
    "ProcedureStepDescription": "MR Scan",
    "ProtocolName": "Rest_R-L_mmb_4_4_cmrr_mbep2d_bold_TE_12.6_29.23_45.86_62.49",
    "PulseSequenceDetails": "%CustomerSeq%\\cmrr_mbep2d_bold",
    "ReceiveCoilActiveElements": "HEA;HEP",
    "ReceiveCoilName": "Head_32",
    "ReconMatrixPE": 64,
    "RefLinesPE": 24,
    "RepetitionTime": 0.91,
    "SAR": 0.0935742,
    "ScanOptions": "FS",
    "ScanningSequence": "EP",
    "SequenceName": "epfid2d4_64",
    "SequenceVariant": "SK\\SS",
    "SeriesDescription": "Rest_R-L_mmb_4_4_cmrr_mbep2d_bold_TE_12.6_29.23_45.86_62.49",
    "SeriesNumber": 7,
    "ShimSetting": [
      -4072,
      15321,
      -14979,
      657,
      426,
      102,
      36,
      79
    ],
    "SliceThickness": 3.2,
    "SliceTiming": [
      0,
      0.6225,
      0.355,
      0.09,
      0.7125,
      0.445,
      0.1775,
      0.8,
      0.535,
      0.2675,
      0,
      0.6225,
      0.355,
      0.09,
      0.7125,
      0.445,
      0.1775,
      0.8,
      0.535,
      0.2675,
      0,
      0.6225,
      0.355,
      0.09,
      0.7125,
      0.445,
      0.1775,
      0.8,
      0.535,
      0.2675,
      0,
      0.6225,
      0.355,
      0.09,
      0.7125,
      0.445,
      0.1775,
      0.8,
      0.535,
      0.2675
    ],
    "SoftwareVersions": "syngo MR E11",
    "SpacingBetweenSlices": 3.2,
    "StationName": "AWP45193",
    "TaskName": "rest",
    "TotalReadoutTime": 0.01575,
    "TxRefAmp": 356.678,
    "WipMemBlock": "f0ec25f0-ad5a-4a29-a1fa-1e02f643efcb||Sequence: R016 ve11c/master r/e634e98; Dec 19 2017 11:00:25 by eja",
    "dataset": "<unset>",
    "modality": "bold",
    "run_id": 1,
    "session_id": "01",
    "subject_id": "PC201",
    "task_id": "rest"
  },
  "dummy_trs": 3,
  "dvars_nstd": 21.10980744550002,
  "dvars_std": 1.1144436211999997,
  "dvars_vstd": 0.967182241180001,
  "efc": 0.5938050770868579,
  "fber": 2976.806884765625,
  "fd_mean": 0.07279729709727908,
  "fd_num": 0,
  "fd_perc": 0.0,
  "fwhm_avg": 2.162132379607875,
  "fwhm_x": 2.0079161165048545,
  "fwhm_y": 2.2298998058252426,
  "fwhm_z": 2.2485812164935286,
  "gcor": 0.0164167,
  "gsr_x": 0.007205764297395945,
  "gsr_y": 0.05937293544411659,
  "provenance": {
    "md5sum": "2abde95469edf2659f27c2a563426b1f",
    "settings": {
      "fd_thres": 0.2,
      "testing": false
    },
    "software": "mriqc",
    "version": "22.0.6",
    "webapi_port": null,
    "webapi_url": "https://mriqc.nimh.nih.gov/api/v1"
  },
  "size_t": 501,
  "size_x": 64,
  "size_y": 64,
  "size_z": 40,
  "snr": 5.940446791932238,
  "spacing_tr": 0.9100000262260437,
  "spacing_x": 3.21875,
  "spacing_y": 3.21875,
  "spacing_z": 3.200000047683716,
  "summary_bg_k": 9.744390560036441,
  "summary_bg_mad": 135.31778101528388,
  "summary_bg_mean": 581.765380859375,
  "summary_bg_median": 126.05089569091797,
  "summary_bg_n": 88238.0,
  "summary_bg_p05": 19.714271450042727,
  "summary_bg_p95": 2904.2112548828118,
  "summary_bg_stdv": 1044.0091552734375,
  "summary_fg_k": -0.2779922501292842,
  "summary_fg_mad": 1231.7492531980308,
  "summary_fg_mean": 6974.96484375,
  "summary_fg_median": 6886.29345703125,
  "summary_fg_n": 39809.0,
  "summary_fg_p05": 5226.411328125,
  "summary_fg_p95": 9001.5041015625,
  "summary_fg_stdv": 1159.2069091796875,
  "tsnr": 65.26778645813465
}