{
  "aor": 0.00016162087912087914,
  "aqi": 0.010255214381868131,
  "bids_meta": {
    "AcquisitionMatrixPE": 64,
    "AcquisitionNumber": 1,
    "AcquisitionTime": "15:05:2.002500",
    "BandwidthPerPixelPhaseEncode": 62.5,
    "BaseResolution": 64,
    "BodyPartExamined": "BRAIN",
    "ConsistencyInfo": "N4_VE11C_LATEST_20160120",
    "ConversionSoftware": "dcm2niix",
    "ConversionSoftwareVersion": "v1.0.20210317",
    "DerivedVendorReportedEchoSpacing": 0.0005,
    "DeviceSerialNumber": "45193",
    "DwellTime": 3.1e-06,
    "EchoNumber": 3,
    "EchoTime": 0.04586,
    "EchoTrainLength": 31,
    "EffectiveEchoSpacing": 0.00025,
    "FlipAngle": 56,
    "ImageComments": "Unaliased MB4/PE4/LB",
    "ImageOrientationPatientDICOM": [
      0.997752,
      0.0568952,
      0.0353978,
      -0.055783,
      0.997941,
      -0.0316526
    ],
    "ImageType": [
      "ORIGINAL",
      "PRIMARY",
      "M",
      "MB",
      "TE3",
      "ND",
      "NORM",
      "MOSAIC"
    ],
    "ImagingFrequency": 123.252,
    "InPlanePhaseEncodingDirectionDICOM": "ROW",
    "InstitutionAddress": "Blackburn Road 770,Clayton,Victoria,AU,3800",
    "InstitutionName": "Monash Biomedical Imaging",
    "InstitutionalDepartmentName": "Department",
    "MRAcquisitionType": "2D",
    "MagneticFieldStrength": 3,
    "Manufacturer": "Siemens",
    "ManufacturersModelName": "Skyra",
    "Modality": "MR",
    "MultibandAccelerationFactor": 4,
    "ParallelReductionFactorInPlane": 2,
    "PartialFourier": 1,
    "PatientPosition": "HFS",
    "PercentPhaseFOV": 100,
    "PercentSampling": 100,
    "PhaseEncodingDirection": "i",
    "PhaseEncodingSteps": 63,
    "PhaseResolution": 1,
    "PixelBandwidth": 2520,
    "ProcedureStepDescription": "MR Scan",
    "ProtocolName": "Music_R-L_mmb_4_4_cmrr_mbep2d_bold_TE_12.6_29.23_45.86_62.49",
    "PulseSequenceDetails": "%CustomerSeq%\\cmrr_mbep2d_bold",
    "ReceiveCoilActiveElements": "HEA;HEP",
    "ReceiveCoilName": "Head_32",
    "ReconMatrixPE": 64,
    "RefLinesPE": 24,
    "RepetitionTime": 0.91,
    "SAR": 0.094032,
    "ScanOptions": "FS",
    "ScanningSequence": "EP",
    "SequenceName": "epfid2d4_64",
    "SequenceVariant": "SK\\SS",
    "SeriesDescription": "Music_R-L_mmb_4_4_cmrr_mbep2d_bold_TE_12.6_29.23_45.86_62.49",
    "SeriesNumber": 14,
    "ShimSetting": [
      -4072,
      15321,
      -14979,
      657,
      426,
      102,
      36,
      79
    ],
    "SliceThickness": 3.2,
    "SliceTiming": [
      0,
      0.6225,
      0.355,
      0.09,
      0.7125,
      0.445,
      0.1775,
      0.8,
      0.535,
      0.2675,
      0,
      0.6225,
      0.355,
      0.09,
      0.7125,
      0.445,
      0.1775,
      0.8,
      0.535,
      0.2675,
      0,
      0.6225,
      0.355,
      0.09,
      0.7125,
      0.445,
      0.1775,
      0.8,
      0.535,
      0.2675,
      0,
      0.6225,
      0.355,
      0.09,
      0.7125,
      0.445,
      0.1775,
      0.8,
      0.535,
      0.2675
    ],
    "SoftwareVersions": "syngo MR E11",
    "SpacingBetweenSlices": 3.2,
    "StationName": "AWP45193",
    "TaskName": "music",
    "TotalReadoutTime": 0.01575,
    "TxRefAmp": 356.678,
    "WipMemBlock": "a76ec23f-8307-4fdf-9462-22191ca89637||Sequence: R016 ve11c/master r/e634e98; Dec 19 2017 11:00:25 by eja",
    "dataset": "<unset>",
    "modality": "bold",
    "run_id": 1,
    "session_id": "01",
    "subject_id": "PC201",
    "task_id": "music"
  },
  "dummy_trs": 0,
  "dvars_nstd": 34.98794260760662,
  "dvars_std": 1.1261754548830814,
  "dvars_vstd": 0.9779310323108659,
  "efc": 0.5166515511784616,
  "fber": 3072.418212890625,
  "fd_mean": 0.07561162040024469,
  "fd_num": 2,
  "fd_perc": 0.27472527472527475,
  "fwhm_avg": 1.7416303855460542,
  "fwhm_x": 1.6714003883495145,
  "fwhm_y": 1.7674376699029126,
  "fwhm_z": 1.786053098385735,
  "gcor": 0.0416205,
  "gsr_x": 0.00224718963727355,
  "gsr_y": 0.028033912181854248,
  "provenance": {
    "md5sum": "5bc51c09c2e717aacfe95000c1b0fc25",
    "settings": {
      "fd_thres": 0.2,
      "testing": false
    },
    "software": "mriqc",
    "version": "22.0.6",
    "webapi_port": null,
    "webapi_url": "https://mriqc.nimh.nih.gov/api/v1"
  },
  "size_t": 728,
  "size_x": 64,
  "size_y": 64,
  "size_z": 40,
  "snr": 3.823559224492969,
  "spacing_tr": 0.9100000262260437,
  "spacing_x": 3.21875,
  "spacing_y": 3.21875,
  "spacing_z": 3.200000047683716,
  "summary_bg_k": 154.43342745792606,
  "summary_bg_mad": 50.66712092424928,
  "summary_bg_mean": 129.5164794921875,
  "summary_bg_median": 65.84066009521484,
  "summary_bg_n": 93515.0,
  "summary_bg_p05": 18.65796661376953,
  "summary_bg_p95": 434.1532989501955,
  "summary_bg_stdv": 242.14276123046875,
  "summary_fg_k": 3.7026918446959334,
  "summary_fg_mad": 838.6153399772759,
  "summary_fg_mean": 3809.788330078125,
  "summary_fg_median": 3664.4033203125,
  "summary_fg_n": 34598.0,
  "summary_fg_p05": 2578.90205078125,
  "summary_fg_p95": 5471.840698242189,
  "summary_fg_stdv": 958.361083984375,
  "tsnr": 37.45856266794726
}