{
  "aor": 0.00015215659340659342,
  "aqi": 0.007743590192307691,
  "bids_meta": {
    "AcquisitionMatrixPE": 64,
    "AcquisitionNumber": 1,
    "AcquisitionTime": "15:05:1.985000",
    "BandwidthPerPixelPhaseEncode": 62.5,
    "BaseResolution": 64,
    "BodyPartExamined": "BRAIN",
    "ConsistencyInfo": "N4_VE11C_LATEST_20160120",
    "ConversionSoftware": "dcm2niix",
    "ConversionSoftwareVersion": "v1.0.20210317",
    "DerivedVendorReportedEchoSpacing": 0.0005,
    "DeviceSerialNumber": "45193",
    "DwellTime": 3.1e-06,
    "EchoNumber": 2,
    "EchoTime": 0.02923,
    "EchoTrainLength": 31,
    "EffectiveEchoSpacing": 0.00025,
    "FlipAngle": 56,
    "ImageComments": "Unaliased MB4/PE4/LB",
    "ImageOrientationPatientDICOM": [
      0.997752,
      0.0568952,
      0.0353978,
      -0.055783,
      0.997941,
      -0.0316526
    ],
    "ImageType": [
      "ORIGINAL",
      "PRIMARY",
      "M",
      "MB",
      "TE2",
      "ND",
      "NORM",
      "MOSAIC"
    ],
    "ImagingFrequency": 123.252,
    "InPlanePhaseEncodingDirectionDICOM": "ROW",
    "InstitutionAddress": "Blackburn Road 770,Clayton,Victoria,AU,3800",
    "InstitutionName": "Monash Biomedical Imaging",
    "InstitutionalDepartmentName": "Department",
    "MRAcquisitionType": "2D",
    "MagneticFieldStrength": 3,
    "Manufacturer": "Siemens",
    "ManufacturersModelName": "Skyra",
    "Modality": "MR",
    "MultibandAccelerationFactor": 4,
    "ParallelReductionFactorInPlane": 2,
    "PartialFourier": 1,
    "PatientPosition": "HFS",
    "PercentPhaseFOV": 100,
    "PercentSampling": 100,
    "PhaseEncodingDirection": "i",
    "PhaseEncodingSteps": 63,
    "PhaseResolution": 1,
    "PixelBandwidth": 2520,
    "ProcedureStepDescription": "MR Scan",
    "ProtocolName": "Music_R-L_mmb_4_4_cmrr_mbep2d_bold_TE_12.6_29.23_45.86_62.49",
    "PulseSequenceDetails": "%CustomerSeq%\\cmrr_mbep2d_bold",
    "ReceiveCoilActiveElements": "HEA;HEP",
    "ReceiveCoilName": "Head_32",
    "ReconMatrixPE": 64,
    "RefLinesPE": 24,
    "RepetitionTime": 0.91,
    "SAR": 0.094032,
    "ScanOptions": "FS",
    "ScanningSequence": "EP",
    "SequenceName": "epfid2d4_64",
    "SequenceVariant": "SK\\SS",
    "SeriesDescription": "Music_R-L_mmb_4_4_cmrr_mbep2d_bold_TE_12.6_29.23_45.86_62.49",
    "SeriesNumber": 14,
    "ShimSetting": [
      -4072,
      15321,
      -14979,
      657,
      426,
      102,
      36,
      79
    ],
    "SliceThickness": 3.2,
    "SliceTiming": [
      0,
      0.625,
      0.3575,
      0.09,
      0.7125,
      0.445,
      0.18,
      0.8025,
      0.535,
      0.2675,
      0,
      0.625,
      0.3575,
      0.09,
      0.7125,
      0.445,
      0.18,
      0.8025,
      0.535,
      0.2675,
      0,
      0.625,
      0.3575,
      0.09,
      0.7125,
      0.445,
      0.18,
      0.8025,
      0.535,
      0.2675,
      0,
      0.625,
      0.3575,
      0.09,
      0.7125,
      0.445,
      0.18,
      0.8025,
      0.535,
      0.2675
    ],
    "SoftwareVersions": "syngo MR E11",
    "SpacingBetweenSlices": 3.2,
    "StationName": "AWP45193",
    "TaskName": "music",
    "TotalReadoutTime": 0.01575,
    "TxRefAmp": 356.678,
    "WipMemBlock": "a76ec23f-8307-4fdf-9462-22191ca89637||Sequence: R016 ve11c/master r/e634e98; Dec 19 2017 11:00:25 by eja",
    "dataset": "<unset>",
    "modality": "bold",
    "run_id": 1,
    "session_id": "01",
    "subject_id": "PC201",
    "task_id": "music"
  },
  "dummy_trs": 0,
  "dvars_nstd": 27.380583793163687,
  "dvars_std": 1.127359795337002,
  "dvars_vstd": 0.9788870498899607,
  "efc": 0.5429797846753734,
  "fber": 3383.78515625,
  "fd_mean": 0.07602409345310401,
  "fd_num": 2,
  "fd_perc": 0.27472527472527475,
  "fwhm_avg": 1.894462759344777,
  "fwhm_x": 1.8052722330097086,
  "fwhm_y": 1.9316566990291264,
  "fwhm_z": 1.9464593459954955,
  "gcor": 0.0378576,
  "gsr_x": 0.005928491707891226,
  "gsr_y": 0.03206821531057358,
  "provenance": {
    "md5sum": "6d051cc666a8f4962f68cf18c3f4f988",
    "settings": {
      "fd_thres": 0.2,
      "testing": false
    },
    "software": "mriqc",
    "version": "22.0.6",
    "webapi_port": null,
    "webapi_url": "https://mriqc.nimh.nih.gov/api/v1"
  },
  "size_t": 728,
  "size_x": 64,
  "size_y": 64,
  "size_z": 40,
  "snr": 4.9393397386682825,
  "spacing_tr": 0.9100000262260437,
  "spacing_x": 3.21875,
  "spacing_y": 3.21875,
  "spacing_z": 3.200000047683716,
  "summary_bg_k": 54.56981087066773,
  "summary_bg_mad": 79.88335001057224,
  "summary_bg_mean": 220.39749145507812,
  "summary_bg_median": 86.9684066772461,
  "summary_bg_n": 90981.0,
  "summary_bg_p05": 19.362638473510742,
  "summary_bg_p95": 842.9629516601562,
  "summary_bg_stdv": 436.68310546875,
  "summary_fg_k": 0.7389263240782893,
  "summary_fg_mad": 1020.4559953281829,
  "summary_fg_mean": 5168.16064453125,
  "summary_fg_median": 5058.7998046875,
  "summary_fg_n": 37105.0,
  "summary_fg_p05": 3711.820947265625,
  "summary_fg_p95": 6964.1878906249985,
  "summary_fg_stdv": 1024.171630859375,
  "tsnr": 49.16090749204159
}