{
  "aor": 0.00017318681318681314,
  "aqi": 0.01279956179945055,
  "bids_meta": {
    "AcquisitionMatrixPE": 64,
    "AcquisitionNumber": 1,
    "AcquisitionTime": "15:05:2.020000",
    "BandwidthPerPixelPhaseEncode": 62.5,
    "BaseResolution": 64,
    "BodyPartExamined": "BRAIN",
    "ConsistencyInfo": "N4_VE11C_LATEST_20160120",
    "ConversionSoftware": "dcm2niix",
    "ConversionSoftwareVersion": "v1.0.20210317",
    "DerivedVendorReportedEchoSpacing": 0.0005,
    "DeviceSerialNumber": "45193",
    "DwellTime": 3.1e-06,
    "EchoNumber": 4,
    "EchoTime": 0.06249,
    "EchoTrainLength": 31,
    "EffectiveEchoSpacing": 0.00025,
    "FlipAngle": 56,
    "ImageComments": "Unaliased MB4/PE4/LB",
    "ImageOrientationPatientDICOM": [
      0.997752,
      0.0568952,
      0.0353978,
      -0.055783,
      0.997941,
      -0.0316526
    ],
    "ImageType": [
      "ORIGINAL",
      "PRIMARY",
      "M",
      "MB",
      "TE4",
      "ND",
      "NORM",
      "MOSAIC"
    ],
    "ImagingFrequency": 123.252,
    "InPlanePhaseEncodingDirectionDICOM": "ROW",
    "InstitutionAddress": "Blackburn Road 770,Clayton,Victoria,AU,3800",
    "InstitutionName": "Monash Biomedical Imaging",
    "InstitutionalDepartmentName": "Department",
    "MRAcquisitionType": "2D",
    "MagneticFieldStrength": 3,
    "Manufacturer": "Siemens",
    "ManufacturersModelName": "Skyra",
    "Modality": "MR",
    "MultibandAccelerationFactor": 4,
    "ParallelReductionFactorInPlane": 2,
    "PartialFourier": 1,
    "PatientPosition": "HFS",
    "PercentPhaseFOV": 100,
    "PercentSampling": 100,
    "PhaseEncodingDirection": "i",
    "PhaseEncodingSteps": 63,
    "PhaseResolution": 1,
    "PixelBandwidth": 2520,
    "ProcedureStepDescription": "MR Scan",
    "ProtocolName": "Music_R-L_mmb_4_4_cmrr_mbep2d_bold_TE_12.6_29.23_45.86_62.49",
    "PulseSequenceDetails": "%CustomerSeq%\\cmrr_mbep2d_bold",
    "ReceiveCoilActiveElements": "HEA;HEP",
    "ReceiveCoilName": "Head_32",
    "ReconMatrixPE": 64,
    "RefLinesPE": 24,
    "RepetitionTime": 0.91,
    "SAR": 0.094032,
    "ScanOptions": "FS",
    "ScanningSequence": "EP",
    "SequenceName": "epfid2d4_64",
    "SequenceVariant": "SK\\SS",
    "SeriesDescription": "Music_R-L_mmb_4_4_cmrr_mbep2d_bold_TE_12.6_29.23_45.86_62.49",
    "SeriesNumber": 14,
    "ShimSetting": [
      -4072,
      15321,
      -14979,
      657,
      426,
      102,
      36,
      79
    ],
    "SliceThickness": 3.2,
    "SliceTiming": [
      0,
      0.6225,
      0.355,
      0.0875,
      0.71,
      0.445,
      0.1775,
      0.8,
      0.5325,
      0.265,
      0,
      0.6225,
      0.355,
      0.0875,
      0.71,
      0.445,
      0.1775,
      0.8,
      0.5325,
      0.265,
      0,
      0.6225,
      0.355,
      0.0875,
      0.71,
      0.445,
      0.1775,
      0.8,
      0.5325,
      0.265,
      0,
      0.6225,
      0.355,
      0.0875,
      0.71,
      0.445,
      0.1775,
      0.8,
      0.5325,
      0.265
    ],
    "SoftwareVersions": "syngo MR E11",
    "SpacingBetweenSlices": 3.2,
    "StationName": "AWP45193",
    "TaskName": "music",
    "TotalReadoutTime": 0.01575,
    "TxRefAmp": 356.678,
    "WipMemBlock": "a76ec23f-8307-4fdf-9462-22191ca89637||Sequence: R016 ve11c/master r/e634e98; Dec 19 2017 11:00:25 by eja",
    "dataset": "<unset>",
    "modality": "bold",
    "run_id": 1,
    "session_id": "01",
    "subject_id": "PC201",
    "task_id": "music"
  },
  "dummy_trs": 0,
  "dvars_nstd": 46.023021991925745,
  "dvars_std": 1.1261786086382395,
  "dvars_vstd": 0.9786630793122417,
  "efc": 0.4978178110863021,
  "fber": 2197.60791015625,
  "fd_mean": 0.07643942386180042,
  "fd_num": 2,
  "fd_perc": 0.27472527472527475,
  "fwhm_avg": 1.6694755719891283,
  "fwhm_x": 1.602836504854369,
  "fwhm_y": 1.6917996116504854,
  "fwhm_z": 1.7137905994625302,
  "gcor": 0.0378045,
  "gsr_x": -0.003511319402605295,
  "gsr_y": 0.03052559867501259,
  "provenance": {
    "md5sum": "25f6b05ef45f0c711786ab845ad235c4",
    "settings": {
      "fd_thres": 0.2,
      "testing": false
    },
    "software": "mriqc",
    "version": "22.0.6",
    "webapi_port": null,
    "webapi_url": "https://mriqc.nimh.nih.gov/api/v1"
  },
  "size_t": 728,
  "size_x": 64,
  "size_y": 64,
  "size_z": 40,
  "snr": 2.866407348846293,
  "spacing_tr": 0.9100000262260437,
  "spacing_x": 3.21875,
  "spacing_y": 3.21875,
  "spacing_z": 3.200000047683716,
  "summary_bg_k": 288.3218289777497,
  "summary_bg_mad": 38.98449805668622,
  "summary_bg_mean": 98.74604797363281,
  "summary_bg_median": 55.78434371948242,
  "summary_bg_n": 96328.0,
  "summary_bg_p05": 18.31778907775879,
  "summary_bg_p95": 315.16010742187495,
  "summary_bg_stdv": 164.01254272460938,
  "summary_fg_k": 7.612053266512239,
  "summary_fg_mad": 699.2404154799301,
  "summary_fg_mean": 2822.287841796875,
  "summary_fg_median": 2642.4794921875,
  "summary_fg_n": 31946.0,
  "summary_fg_p05": 1768.5316467285156,
  "summary_fg_p95": 4390.5789794921875,
  "summary_fg_stdv": 921.8641357421875,
  "tsnr": 28.400137496646494
}