{
  "aor": 0.0026163978494623654,
  "aqi": 0.012171866424731182,
  "bids_meta": {
    "AcquisitionMatrixPE": 64,
    "AcquisitionNumber": 1,
    "AcquisitionTime": "14:39:57.267500",
    "BandwidthPerPixelPhaseEncode": 62.5,
    "BaseResolution": 64,
    "BodyPartExamined": "BRAIN",
    "ConsistencyInfo": "N4_VE11C_LATEST_20160120",
    "ConversionSoftware": "dcm2niix",
    "ConversionSoftwareVersion": "v1.0.20210317",
    "DerivedVendorReportedEchoSpacing": 0.0005,
    "DeviceSerialNumber": "45193",
    "DwellTime": 3.1e-06,
    "EchoNumber": 2,
    "EchoTime": 0.02923,
    "EchoTrainLength": 31,
    "EffectiveEchoSpacing": 0.00025,
    "FlipAngle": 56,
    "ImageComments": "Unaliased MB4/PE4/LB",
    "ImageOrientationPatientDICOM": [
      0.999258,
      0.00274415,
      0.0384242,
      2.8527e-11,
      0.99746,
      -0.0712358
    ],
    "ImageType": [
      "ORIGINAL",
      "PRIMARY",
      "M",
      "MB",
      "TE2",
      "ND",
      "NORM",
      "MOSAIC"
    ],
    "ImagingFrequency": 123.247,
    "InPlanePhaseEncodingDirectionDICOM": "ROW",
    "InstitutionAddress": "Blackburn Road 770,Clayton,Victoria,AU,3800",
    "InstitutionName": "Monash Biomedical Imaging",
    "InstitutionalDepartmentName": "Department",
    "MRAcquisitionType": "2D",
    "MagneticFieldStrength": 3,
    "Manufacturer": "Siemens",
    "ManufacturersModelName": "Skyra",
    "Modality": "MR",
    "MultibandAccelerationFactor": 4,
    "ParallelReductionFactorInPlane": 2,
    "PartialFourier": 1,
    "PatientPosition": "HFS",
    "PercentPhaseFOV": 100,
    "PercentSampling": 100,
    "PhaseEncodingDirection": "i",
    "PhaseEncodingSteps": 63,
    "PhaseResolution": 1,
    "PixelBandwidth": 2520,
    "ProcedureStepDescription": "MR Scan",
    "ProtocolName": "Movie_R-L_mmb_4_4_cmrr_mbep2d_bold_TE_12.6_29.23_45.86_62.49",
    "PulseSequenceDetails": "%CustomerSeq%\\cmrr_mbep2d_bold",
    "ReceiveCoilActiveElements": "HEA;HEP",
    "ReceiveCoilName": "Head_32",
    "ReconMatrixPE": 64,
    "RefLinesPE": 24,
    "RepetitionTime": 0.91,
    "SAR": 0.0913504,
    "ScanOptions": "FS",
    "ScanningSequence": "EP",
    "SequenceName": "epfid2d4_64",
    "SequenceVariant": "SK\\SS",
    "SeriesDescription": "Movie_R-L_mmb_4_4_cmrr_mbep2d_bold_TE_12.6_29.23_45.86_62.49",
    "SeriesNumber": 13,
    "ShimSetting": [
      -3991,
      15438,
      -15167,
      315,
      443,
      -96,
      -580,
      98
    ],
    "SliceThickness": 3.2,
    "SliceTiming": [
      0,
      0.6225,
      0.355,
      0.0875,
      0.7125,
      0.445,
      0.1775,
      0.8,
      0.5325,
      0.2675,
      0,
      0.6225,
      0.355,
      0.0875,
      0.7125,
      0.445,
      0.1775,
      0.8,
      0.5325,
      0.2675,
      0,
      0.6225,
      0.355,
      0.0875,
      0.7125,
      0.445,
      0.1775,
      0.8,
      0.5325,
      0.2675,
      0,
      0.6225,
      0.355,
      0.0875,
      0.7125,
      0.445,
      0.1775,
      0.8,
      0.5325,
      0.2675
    ],
    "SoftwareVersions": "syngo MR E11",
    "SpacingBetweenSlices": 3.2,
    "StationName": "AWP45193",
    "TaskName": "movie",
    "TotalReadoutTime": 0.01575,
    "TxRefAmp": 361.286,
    "WipMemBlock": "1376d3e8-674b-4015-af52-7d3829cf5b37||Sequence: R016 ve11c/master r/e634e98; Dec 19 2017 11:00:25 by eja",
    "dataset": "<unset>",
    "modality": "bold",
    "run_id": 1,
    "session_id": "01",
    "subject_id": "PC014",
    "task_id": "movie"
  },
  "dummy_trs": 0,
  "dvars_nstd": 31.15091264188679,
  "dvars_std": 1.1030685623450123,
  "dvars_vstd": 1.0263356140970348,
  "efc": 0.49180857247419335,
  "fber": 3506.22900390625,
  "fd_mean": 0.09979493928604391,
  "fd_num": 21,
  "fd_perc": 5.645161290322581,
  "fwhm_avg": 1.7378907699405062,
  "fwhm_x": 1.6962733980582525,
  "fwhm_y": 1.749514563106796,
  "fwhm_z": 1.7678843486564704,
  "gcor": 0.00731091,
  "gsr_x": 0.0030128112994134426,
  "gsr_y": 0.007174426689743996,
  "provenance": {
    "md5sum": "d162f0cb12091b8c9c3059102bc62eea",
    "settings": {
      "fd_thres": 0.2,
      "testing": false
    },
    "software": "mriqc",
    "version": "22.0.6",
    "webapi_port": null,
    "webapi_url": "https://mriqc.nimh.nih.gov/api/v1"
  },
  "size_t": 372,
  "size_x": 64,
  "size_y": 64,
  "size_z": 40,
  "snr": 5.694919872801344,
  "spacing_tr": 0.9100000262260437,
  "spacing_x": 3.21875,
  "spacing_y": 3.21875,
  "spacing_z": 3.200000047683716,
  "summary_bg_k": 46.382172829572134,
  "summary_bg_mad": 60.65118372661952,
  "summary_bg_mean": 159.33705139160156,
  "summary_bg_median": 67.07795715332031,
  "summary_bg_n": 102172.0,
  "summary_bg_p05": 18.00806427001953,
  "summary_bg_p95": 591.845285034179,
  "summary_bg_stdv": 302.2045593261719,
  "summary_fg_k": 1.5099033549731846,
  "summary_fg_mad": 626.4968054818927,
  "summary_fg_mean": 3958.723876953125,
  "summary_fg_median": 3882.396484375,
  "summary_fg_n": 28530.0,
  "summary_fg_p05": 3014.756689453125,
  "summary_fg_p95": 5165.9771728515625,
  "summary_fg_stdv": 681.7178344726562,
  "tsnr": 42.32226899173111
}