{
  "aor": 0.0074913333333333325,
  "aqi": 0.02379825802469136,
  "bids_meta": {
    "AcquisitionMatrixPE": 64,
    "AcquisitionNumber": 1,
    "AcquisitionTime": "14:20:58.270000",
    "BandwidthPerPixelPhaseEncode": 62.5,
    "BaseResolution": 64,
    "BodyPartExamined": "BRAIN",
    "ConsistencyInfo": "N4_VE11C_LATEST_20160120",
    "ConversionSoftware": "dcm2niix",
    "ConversionSoftwareVersion": "v1.0.20210317",
    "DerivedVendorReportedEchoSpacing": 0.0005,
    "DeviceSerialNumber": "45193",
    "DwellTime": 3.1e-06,
    "EchoNumber": 2,
    "EchoTime": 0.02923,
    "EchoTrainLength": 31,
    "EffectiveEchoSpacing": 0.00025,
    "FlipAngle": 56,
    "ImageComments": "Unaliased MB4/PE4/LB",
    "ImageOrientationPatientDICOM": [
      0.999287,
      0.00314905,
      0.0376312,
      8.1122e-11,
      0.996517,
      -0.0833905
    ],
    "ImageType": [
      "ORIGINAL",
      "PRIMARY",
      "M",
      "MB",
      "TE2",
      "ND",
      "NORM",
      "MOSAIC"
    ],
    "ImagingFrequency": 123.247,
    "InPlanePhaseEncodingDirectionDICOM": "ROW",
    "InstitutionAddress": "Blackburn Road 770,Clayton,Victoria,AU,3800",
    "InstitutionName": "Monash Biomedical Imaging",
    "InstitutionalDepartmentName": "Department",
    "MRAcquisitionType": "2D",
    "MagneticFieldStrength": 3,
    "Manufacturer": "Siemens",
    "ManufacturersModelName": "Skyra",
    "Modality": "MR",
    "MultibandAccelerationFactor": 4,
    "ParallelReductionFactorInPlane": 2,
    "PartialFourier": 1,
    "PatientPosition": "HFS",
    "PercentPhaseFOV": 100,
    "PercentSampling": 100,
    "PhaseEncodingDirection": "i",
    "PhaseEncodingSteps": 63,
    "PhaseResolution": 1,
    "PixelBandwidth": 2520,
    "ProcedureStepDescription": "MR Scan",
    "ProtocolName": "Meditation_R-L_mmb_4_4_cmrr_mbep2d_bold_TE_12.6_29.23_45.86_62.5",
    "PulseSequenceDetails": "%CustomerSeq%\\cmrr_mbep2d_bold",
    "ReceiveCoilActiveElements": "HEA;HEP",
    "ReceiveCoilName": "Head_32",
    "ReconMatrixPE": 64,
    "RefLinesPE": 24,
    "RepetitionTime": 0.91,
    "SAR": 0.0915185,
    "ScanOptions": "FS",
    "ScanningSequence": "EP",
    "SequenceName": "epfid2d4_64",
    "SequenceVariant": "SK\\SS",
    "SeriesDescription": "Meditation_R-L_mmb_4_4_cmrr_mbep2d_bold_TE_12.6_29.23_45.86_62.5",
    "SeriesNumber": 10,
    "ShimSetting": [
      -3991,
      15438,
      -15169,
      313,
      448,
      -107,
      -581,
      93
    ],
    "SliceThickness": 3.2,
    "SliceTiming": [
      0,
      0.6225,
      0.355,
      0.0875,
      0.71,
      0.445,
      0.1775,
      0.8,
      0.5325,
      0.265,
      0,
      0.6225,
      0.355,
      0.0875,
      0.71,
      0.445,
      0.1775,
      0.8,
      0.5325,
      0.265,
      0,
      0.6225,
      0.355,
      0.0875,
      0.71,
      0.445,
      0.1775,
      0.8,
      0.5325,
      0.265,
      0,
      0.6225,
      0.355,
      0.0875,
      0.71,
      0.445,
      0.1775,
      0.8,
      0.5325,
      0.265
    ],
    "SoftwareVersions": "syngo MR E11",
    "SpacingBetweenSlices": 3.2,
    "StationName": "AWP45193",
    "TaskName": "meditation",
    "TotalReadoutTime": 0.01575,
    "TxRefAmp": 361.286,
    "WipMemBlock": "095ebbe3-042a-442c-ae06-0e87c03056cf||Sequence: R016 ve11c/master r/e634e98; Dec 19 2017 11:00:25 by eja",
    "dataset": "<unset>",
    "modality": "bold",
    "run_id": 1,
    "session_id": "01",
    "subject_id": "PC014",
    "task_id": "meditation"
  },
  "dummy_trs": 0,
  "dvars_nstd": 37.16897294056932,
  "dvars_std": 1.1090000280445553,
  "dvars_vstd": 1.0269827542326742,
  "efc": 0.5036634335562327,
  "fber": 1907.036376953125,
  "fd_mean": 0.14899089875900992,
  "fd_num": 35,
  "fd_perc": 8.641975308641975,
  "fwhm_avg": 1.6440770406833067,
  "fwhm_x": 1.5986143689320387,
  "fwhm_y": 1.6696699029126214,
  "fwhm_z": 1.6639468502052597,
  "gcor": 0.0160738,
  "gsr_x": 0.004912773612886667,
  "gsr_y": 0.001389785436913371,
  "provenance": {
    "md5sum": "5fa89b6be031f3fd44ede2477d39f5ca",
    "settings": {
      "fd_thres": 0.2,
      "testing": false
    },
    "software": "mriqc",
    "version": "22.0.6",
    "webapi_port": null,
    "webapi_url": "https://mriqc.nimh.nih.gov/api/v1"
  },
  "size_t": 405,
  "size_x": 64,
  "size_y": 64,
  "size_z": 40,
  "snr": 6.040958114826811,
  "spacing_tr": 0.9100000262260437,
  "spacing_x": 3.21875,
  "spacing_y": 3.21875,
  "spacing_z": 3.200000047683716,
  "summary_bg_k": 47.598540964402645,
  "summary_bg_mad": 85.91771874131257,
  "summary_bg_mean": 181.9693603515625,
  "summary_bg_median": 90.98395538330078,
  "summary_bg_n": 102096.0,
  "summary_bg_p05": 17.527162075042725,
  "summary_bg_p95": 651.7216491699219,
  "summary_bg_stdv": 310.03607177734375,
  "summary_fg_k": 1.8077160631471818,
  "summary_fg_mad": 586.6531377315675,
  "summary_fg_mean": 3887.312744140625,
  "summary_fg_median": 3829.7099609375,
  "summary_fg_n": 28588.0,
  "summary_fg_p05": 3014.096716308594,
  "summary_fg_p95": 4980.812548828124,
  "summary_fg_stdv": 633.9462890625,
  "tsnr": 31.256628870614804
}