{
  "aor": 0.008036641975308643,
  "aqi": 0.016350505456790124,
  "bids_meta": {
    "AcquisitionMatrixPE": 64,
    "AcquisitionNumber": 1,
    "AcquisitionTime": "14:20:58.252500",
    "BandwidthPerPixelPhaseEncode": 62.5,
    "BaseResolution": 64,
    "BodyPartExamined": "BRAIN",
    "ConsistencyInfo": "N4_VE11C_LATEST_20160120",
    "ConversionSoftware": "dcm2niix",
    "ConversionSoftwareVersion": "v1.0.20210317",
    "DerivedVendorReportedEchoSpacing": 0.0005,
    "DeviceSerialNumber": "45193",
    "DwellTime": 3.1e-06,
    "EchoNumber": 1,
    "EchoTime": 0.0126,
    "EchoTrainLength": 31,
    "EffectiveEchoSpacing": 0.00025,
    "FlipAngle": 56,
    "ImageComments": "Unaliased MB4/PE4/LB",
    "ImageOrientationPatientDICOM": [
      0.999287,
      0.00314905,
      0.0376312,
      8.1122e-11,
      0.996517,
      -0.0833905
    ],
    "ImageType": [
      "ORIGINAL",
      "PRIMARY",
      "M",
      "MB",
      "TE1",
      "ND",
      "NORM",
      "MOSAIC"
    ],
    "ImagingFrequency": 123.247,
    "InPlanePhaseEncodingDirectionDICOM": "ROW",
    "InstitutionAddress": "Blackburn Road 770,Clayton,Victoria,AU,3800",
    "InstitutionName": "Monash Biomedical Imaging",
    "InstitutionalDepartmentName": "Department",
    "MRAcquisitionType": "2D",
    "MagneticFieldStrength": 3,
    "Manufacturer": "Siemens",
    "ManufacturersModelName": "Skyra",
    "Modality": "MR",
    "MultibandAccelerationFactor": 4,
    "ParallelReductionFactorInPlane": 2,
    "PartialFourier": 1,
    "PatientPosition": "HFS",
    "PercentPhaseFOV": 100,
    "PercentSampling": 100,
    "PhaseEncodingDirection": "i",
    "PhaseEncodingSteps": 63,
    "PhaseResolution": 1,
    "PixelBandwidth": 2520,
    "ProcedureStepDescription": "MR Scan",
    "ProtocolName": "Meditation_R-L_mmb_4_4_cmrr_mbep2d_bold_TE_12.6_29.23_45.86_62.5",
    "PulseSequenceDetails": "%CustomerSeq%\\cmrr_mbep2d_bold",
    "ReceiveCoilActiveElements": "HEA;HEP",
    "ReceiveCoilName": "Head_32",
    "ReconMatrixPE": 64,
    "RefLinesPE": 24,
    "RepetitionTime": 0.91,
    "SAR": 0.0915185,
    "ScanOptions": "FS",
    "ScanningSequence": "EP",
    "SequenceName": "epfid2d4_64",
    "SequenceVariant": "SK\\SS",
    "SeriesDescription": "Meditation_R-L_mmb_4_4_cmrr_mbep2d_bold_TE_12.6_29.23_45.86_62.5",
    "SeriesNumber": 10,
    "ShimSetting": [
      -3991,
      15438,
      -15169,
      313,
      448,
      -107,
      -581,
      93
    ],
    "SliceThickness": 3.2,
    "SliceTiming": [
      0,
      0.6225,
      0.355,
      0.09,
      0.7125,
      0.445,
      0.1775,
      0.8,
      0.535,
      0.2675,
      0,
      0.6225,
      0.355,
      0.09,
      0.7125,
      0.445,
      0.1775,
      0.8,
      0.535,
      0.2675,
      0,
      0.6225,
      0.355,
      0.09,
      0.7125,
      0.445,
      0.1775,
      0.8,
      0.535,
      0.2675,
      0,
      0.6225,
      0.355,
      0.09,
      0.7125,
      0.445,
      0.1775,
      0.8,
      0.535,
      0.2675
    ],
    "SoftwareVersions": "syngo MR E11",
    "SpacingBetweenSlices": 3.2,
    "StationName": "AWP45193",
    "TaskName": "meditation",
    "TotalReadoutTime": 0.01575,
    "TxRefAmp": 361.286,
    "WipMemBlock": "095ebbe3-042a-442c-ae06-0e87c03056cf||Sequence: R016 ve11c/master r/e634e98; Dec 19 2017 11:00:25 by eja",
    "dataset": "<unset>",
    "modality": "bold",
    "run_id": 1,
    "session_id": "01",
    "subject_id": "PC014",
    "task_id": "meditation"
  },
  "dummy_trs": 0,
  "dvars_nstd": 28.824427387401,
  "dvars_std": 1.1228141432920784,
  "dvars_vstd": 1.0363563065594066,
  "efc": 0.5542418700504117,
  "fber": 1539.437255859375,
  "fd_mean": 0.14720058666178856,
  "fd_num": 34,
  "fd_perc": 8.395061728395062,
  "fwhm_avg": 1.8341165257189456,
  "fwhm_x": 1.7307433009708737,
  "fwhm_y": 1.8639906796116505,
  "fwhm_z": 1.9076155965743127,
  "gcor": 0.0247415,
  "gsr_x": -0.003503326326608658,
  "gsr_y": 0.013782436959445477,
  "provenance": {
    "md5sum": "fa8a25509474a3788a86582c4b3faa70",
    "settings": {
      "fd_thres": 0.2,
      "testing": false
    },
    "software": "mriqc",
    "version": "22.0.6",
    "webapi_port": null,
    "webapi_url": "https://mriqc.nimh.nih.gov/api/v1"
  },
  "size_t": 405,
  "size_x": 64,
  "size_y": 64,
  "size_z": 40,
  "snr": 7.894194638288958,
  "spacing_tr": 0.9100000262260437,
  "spacing_x": 3.21875,
  "spacing_y": 3.21875,
  "spacing_z": 3.200000047683716,
  "summary_bg_k": 12.36260238653331,
  "summary_bg_mad": 156.2589689559733,
  "summary_bg_mean": 437.9826354980469,
  "summary_bg_median": 140.10618591308594,
  "summary_bg_n": 99909.0,
  "summary_bg_p05": 19.42568016052246,
  "summary_bg_p95": 1952.4895019531236,
  "summary_bg_stdv": 745.3372192382812,
  "summary_fg_k": 0.4914091454010796,
  "summary_fg_mad": 660.1680918037348,
  "summary_fg_mean": 5250.26025390625,
  "summary_fg_median": 5197.2509765625,
  "summary_fg_n": 30746.0,
  "summary_fg_p05": 4268.7318115234375,
  "summary_fg_p95": 6394.5362548828125,
  "summary_fg_stdv": 658.3529663085938,
  "tsnr": 42.46528901159763
}