{
  "aor": 0.001414003984063745,
  "aqi": 0.00920560749003984,
  "bids_meta": {
    "AcquisitionMatrixPE": 64,
    "AcquisitionNumber": 1,
    "AcquisitionTime": "12:58:16.790000",
    "BandwidthPerPixelPhaseEncode": 62.5,
    "BaseResolution": 64,
    "BodyPartExamined": "BRAIN",
    "ConsistencyInfo": "N4_VE11C_LATEST_20160120",
    "ConversionSoftware": "dcm2niix",
    "ConversionSoftwareVersion": "v1.0.20210317",
    "DerivedVendorReportedEchoSpacing": 0.0005,
    "DeviceSerialNumber": "45193",
    "DwellTime": 3.1e-06,
    "EchoNumber": 2,
    "EchoTime": 0.02923,
    "EchoTrainLength": 31,
    "EffectiveEchoSpacing": 0.00025,
    "FlipAngle": 56,
    "ImageComments": "Unaliased MB4/PE4/LB",
    "ImageOrientationPatientDICOM": [
      0.998599,
      -0.0103652,
      0.0518963,
      0.0174306,
      0.990334,
      -0.137606
    ],
    "ImageType": [
      "ORIGINAL",
      "PRIMARY",
      "M",
      "MB",
      "TE2",
      "ND",
      "NORM",
      "MOSAIC"
    ],
    "ImagingFrequency": 123.247,
    "InPlanePhaseEncodingDirectionDICOM": "ROW",
    "InstitutionAddress": "Blackburn Road 770,Clayton,Victoria,AU,3800",
    "InstitutionName": "Monash Biomedical Imaging",
    "InstitutionalDepartmentName": "Department",
    "MRAcquisitionType": "2D",
    "MagneticFieldStrength": 3,
    "Manufacturer": "Siemens",
    "ManufacturersModelName": "Skyra",
    "Modality": "MR",
    "MultibandAccelerationFactor": 4,
    "ParallelReductionFactorInPlane": 2,
    "PartialFourier": 1,
    "PatientPosition": "HFS",
    "PercentPhaseFOV": 100,
    "PercentSampling": 100,
    "PhaseEncodingDirection": "i",
    "PhaseEncodingSteps": 63,
    "PhaseResolution": 1,
    "PixelBandwidth": 2520,
    "ProcedureStepDescription": "MR Scan",
    "ProtocolName": "Rest_R-L_mmb_4_4_cmrr_mbep2d_bold_TE_12.6_29.23_45.86_62.49",
    "PulseSequenceDetails": "%CustomerSeq%\\cmrr_mbep2d_bold",
    "ReceiveCoilActiveElements": "HEA;HEP",
    "ReceiveCoilName": "Head_32",
    "ReconMatrixPE": 64,
    "RefLinesPE": 24,
    "RepetitionTime": 0.91,
    "SAR": 0.116422,
    "ScanOptions": "FS",
    "ScanningSequence": "EP",
    "SequenceName": "epfid2d4_64",
    "SequenceVariant": "SK\\SS",
    "SeriesDescription": "Rest_R-L_mmb_4_4_cmrr_mbep2d_bold_TE_12.6_29.23_45.86_62.49",
    "SeriesNumber": 4,
    "ShimSetting": [
      -4060,
      15250,
      -15036,
      284,
      153,
      -24,
      -103,
      196
    ],
    "SliceThickness": 3.2,
    "SliceTiming": [
      0,
      0.6225,
      0.355,
      0.0875,
      0.7125,
      0.445,
      0.1775,
      0.8,
      0.5325,
      0.2675,
      0,
      0.6225,
      0.355,
      0.0875,
      0.7125,
      0.445,
      0.1775,
      0.8,
      0.5325,
      0.2675,
      0,
      0.6225,
      0.355,
      0.0875,
      0.7125,
      0.445,
      0.1775,
      0.8,
      0.5325,
      0.2675,
      0,
      0.6225,
      0.355,
      0.0875,
      0.7125,
      0.445,
      0.1775,
      0.8,
      0.5325,
      0.2675
    ],
    "SoftwareVersions": "syngo MR E11",
    "SpacingBetweenSlices": 3.2,
    "StationName": "AWP45193",
    "TaskName": "rest",
    "TotalReadoutTime": 0.01575,
    "TxRefAmp": 408.465,
    "WipMemBlock": "e42d8c6f-bb41-46f8-b532-9109b6040a7b||Sequence: R016 ve11c/master r/e634e98; Dec 19 2017 11:00:25 by eja",
    "dataset": "<unset>",
    "modality": "bold",
    "run_id": 1,
    "session_id": "01",
    "subject_id": "PC233",
    "task_id": "rest"
  },
  "dummy_trs": 2,
  "dvars_nstd": 32.84703705826347,
  "dvars_std": 1.119536586007985,
  "dvars_vstd": 0.9989616230139725,
  "efc": 0.5084866184020452,
  "fber": 3190.715087890625,
  "fd_mean": 0.15668652274626557,
  "fd_num": 104,
  "fd_perc": 20.717131474103585,
  "fwhm_avg": 1.6796487841075933,
  "fwhm_x": 1.633193009708738,
  "fwhm_y": 1.7210252427184467,
  "fwhm_z": 1.6847280998955951,
  "gcor": 0.0374222,
  "gsr_x": 0.005898381117731333,
  "gsr_y": 0.02725851535797119,
  "provenance": {
    "md5sum": "194ebdf9be796c3fe28ec5e8f34ea56b",
    "settings": {
      "fd_thres": 0.2,
      "testing": false
    },
    "software": "mriqc",
    "version": "22.0.6",
    "webapi_port": null,
    "webapi_url": "https://mriqc.nimh.nih.gov/api/v1"
  },
  "size_t": 502,
  "size_x": 64,
  "size_y": 64,
  "size_z": 40,
  "snr": 4.968731599760075,
  "spacing_tr": 0.9100000262260437,
  "spacing_x": 3.21875,
  "spacing_y": 3.21875,
  "spacing_z": 3.200000047683716,
  "summary_bg_k": 41.30644054181434,
  "summary_bg_mad": 70.22425543262277,
  "summary_bg_mean": 198.89125061035156,
  "summary_bg_median": 74.437255859375,
  "summary_bg_n": 99710.0,
  "summary_bg_p05": 17.87848663330078,
  "summary_bg_p95": 809.3685485839834,
  "summary_bg_stdv": 386.1942443847656,
  "summary_fg_k": 1.4664321688053246,
  "summary_fg_mad": 801.9328798625266,
  "summary_fg_mean": 4209.8818359375,
  "summary_fg_median": 4140.71533203125,
  "summary_fg_n": 30240.0,
  "summary_fg_p05": 3034.2168823242187,
  "summary_fg_p95": 5616.233935546875,
  "summary_fg_stdv": 833.3408203125,
  "tsnr": 41.64553246414289
}