{
  "aor": 0.005739925925925925,
  "aqi": 0.0386559461728395,
  "bids_meta": {
    "AcquisitionMatrixPE": 64,
    "AcquisitionNumber": 1,
    "AcquisitionTime": "13:16:54.825000",
    "BandwidthPerPixelPhaseEncode": 62.5,
    "BaseResolution": 64,
    "BodyPartExamined": "BRAIN",
    "ConsistencyInfo": "N4_VE11C_LATEST_20160120",
    "ConversionSoftware": "dcm2niix",
    "ConversionSoftwareVersion": "v1.0.20210317",
    "DerivedVendorReportedEchoSpacing": 0.0005,
    "DeviceSerialNumber": "45193",
    "DwellTime": 3.1e-06,
    "EchoNumber": 4,
    "EchoTime": 0.06249,
    "EchoTrainLength": 31,
    "EffectiveEchoSpacing": 0.00025,
    "FlipAngle": 56,
    "ImageComments": "Unaliased MB4/PE4/LB",
    "ImageOrientationPatientDICOM": [
      0.998599,
      -0.0103652,
      0.0518963,
      0.0174306,
      0.990334,
      -0.137606
    ],
    "ImageType": [
      "ORIGINAL",
      "PRIMARY",
      "M",
      "MB",
      "TE4",
      "ND",
      "NORM",
      "MOSAIC"
    ],
    "ImagingFrequency": 123.247,
    "InPlanePhaseEncodingDirectionDICOM": "ROW",
    "InstitutionAddress": "Blackburn Road 770,Clayton,Victoria,AU,3800",
    "InstitutionName": "Monash Biomedical Imaging",
    "InstitutionalDepartmentName": "Department",
    "MRAcquisitionType": "2D",
    "MagneticFieldStrength": 3,
    "Manufacturer": "Siemens",
    "ManufacturersModelName": "Skyra",
    "Modality": "MR",
    "MultibandAccelerationFactor": 4,
    "ParallelReductionFactorInPlane": 2,
    "PartialFourier": 1,
    "PatientPosition": "HFS",
    "PercentPhaseFOV": 100,
    "PercentSampling": 100,
    "PhaseEncodingDirection": "i",
    "PhaseEncodingSteps": 63,
    "PhaseResolution": 1,
    "PixelBandwidth": 2520,
    "ProcedureStepDescription": "MR Scan",
    "ProtocolName": "Meditation_R-L_mmb_4_4_cmrr_mbep2d_bold_TE_12.6_29.23_45.86_62.5",
    "PulseSequenceDetails": "%CustomerSeq%\\cmrr_mbep2d_bold",
    "ReceiveCoilActiveElements": "HEA;HEP",
    "ReceiveCoilName": "Head_32",
    "ReconMatrixPE": 64,
    "RefLinesPE": 24,
    "RepetitionTime": 0.91,
    "SAR": 0.11599,
    "ScanOptions": "FS",
    "ScanningSequence": "EP",
    "SequenceName": "epfid2d4_64",
    "SequenceVariant": "SK\\SS",
    "SeriesDescription": "Meditation_R-L_mmb_4_4_cmrr_mbep2d_bold_TE_12.6_29.23_45.86_62.5",
    "SeriesNumber": 9,
    "ShimSetting": [
      -4060,
      15250,
      -15036,
      284,
      153,
      -24,
      -103,
      196
    ],
    "SliceThickness": 3.2,
    "SliceTiming": [
      0,
      0.6225,
      0.355,
      0.09,
      0.7125,
      0.445,
      0.1775,
      0.8,
      0.535,
      0.2675,
      0,
      0.6225,
      0.355,
      0.09,
      0.7125,
      0.445,
      0.1775,
      0.8,
      0.535,
      0.2675,
      0,
      0.6225,
      0.355,
      0.09,
      0.7125,
      0.445,
      0.1775,
      0.8,
      0.535,
      0.2675,
      0,
      0.6225,
      0.355,
      0.09,
      0.7125,
      0.445,
      0.1775,
      0.8,
      0.535,
      0.2675
    ],
    "SoftwareVersions": "syngo MR E11",
    "SpacingBetweenSlices": 3.2,
    "StationName": "AWP45193",
    "TaskName": "meditation",
    "TotalReadoutTime": 0.01575,
    "TxRefAmp": 408.465,
    "WipMemBlock": "24f90e33-b439-4cc4-831e-503168d4f7b9||Sequence: R016 ve11c/master r/e634e98; Dec 19 2017 11:00:25 by eja",
    "dataset": "<unset>",
    "modality": "bold",
    "run_id": 1,
    "session_id": "01",
    "subject_id": "PC233",
    "task_id": "meditation"
  },
  "dummy_trs": 0,
  "dvars_nstd": 77.16556503732666,
  "dvars_std": 1.028360461460396,
  "dvars_vstd": 0.9629845918811878,
  "efc": 0.4611289131708289,
  "fber": 1978.4168701171875,
  "fd_mean": 0.369106912451377,
  "fd_num": 198,
  "fd_perc": 48.888888888888886,
  "fwhm_avg": 1.627278654808505,
  "fwhm_x": 1.5961693203883496,
  "fwhm_y": 1.6312885436893203,
  "fwhm_z": 1.6543781003478453,
  "gcor": 0.0243917,
  "gsr_x": -0.006480671465396881,
  "gsr_y": 0.021837225183844566,
  "provenance": {
    "md5sum": "71dd033df51ce20a4d7aa54f8146c50a",
    "settings": {
      "fd_thres": 0.2,
      "testing": false
    },
    "software": "mriqc",
    "version": "22.0.6",
    "webapi_port": null,
    "webapi_url": "https://mriqc.nimh.nih.gov/api/v1"
  },
  "size_t": 405,
  "size_x": 64,
  "size_y": 64,
  "size_z": 40,
  "snr": 2.565770468488228,
  "spacing_tr": 0.9100000262260437,
  "spacing_x": 3.21875,
  "spacing_y": 3.21875,
  "spacing_z": 3.200000047683716,
  "summary_bg_k": 161.3299418241296,
  "summary_bg_mad": 33.16636430088594,
  "summary_bg_mean": 80.64723205566406,
  "summary_bg_median": 48.61234664916992,
  "summary_bg_n": 102937.0,
  "summary_bg_p05": 17.592100143432617,
  "summary_bg_p95": 254.71210632324212,
  "summary_bg_stdv": 116.62614440917969,
  "summary_fg_k": 6.046325129229325,
  "summary_fg_mad": 588.6223997847364,
  "summary_fg_mean": 2320.997314453125,
  "summary_fg_median": 2155.78271484375,
  "summary_fg_n": 26717.0,
  "summary_fg_p05": 1371.1294921875,
  "summary_fg_p95": 3923.5227050781236,
  "summary_fg_stdv": 840.1929931640625,
  "tsnr": 15.835305108921602
}