{
  "aor": 0.002101424731182796,
  "aqi": 0.018119919677419355,
  "bids_meta": {
    "AcquisitionMatrixPE": 64,
    "AcquisitionNumber": 1,
    "AcquisitionTime": "13:42:10.972500",
    "BandwidthPerPixelPhaseEncode": 62.5,
    "BaseResolution": 64,
    "BodyPartExamined": "BRAIN",
    "ConsistencyInfo": "N4_VE11C_LATEST_20160120",
    "ConversionSoftware": "dcm2niix",
    "ConversionSoftwareVersion": "v1.0.20210317",
    "DerivedVendorReportedEchoSpacing": 0.0005,
    "DeviceSerialNumber": "45193",
    "DwellTime": 3.1e-06,
    "EchoNumber": 4,
    "EchoTime": 0.06249,
    "EchoTrainLength": 31,
    "EffectiveEchoSpacing": 0.00025,
    "FlipAngle": 56,
    "ImageComments": "Unaliased MB4/PE4/LB",
    "ImageOrientationPatientDICOM": [
      0.998599,
      -0.0103652,
      0.0518963,
      0.0174306,
      0.990334,
      -0.137606
    ],
    "ImageType": [
      "ORIGINAL",
      "PRIMARY",
      "M",
      "MB",
      "TE4",
      "ND",
      "NORM",
      "MOSAIC"
    ],
    "ImagingFrequency": 123.247,
    "InPlanePhaseEncodingDirectionDICOM": "ROW",
    "InstitutionAddress": "Blackburn Road 770,Clayton,Victoria,AU,3800",
    "InstitutionName": "Monash Biomedical Imaging",
    "InstitutionalDepartmentName": "Department",
    "MRAcquisitionType": "2D",
    "MagneticFieldStrength": 3,
    "Manufacturer": "Siemens",
    "ManufacturersModelName": "Skyra",
    "Modality": "MR",
    "MultibandAccelerationFactor": 4,
    "ParallelReductionFactorInPlane": 2,
    "PartialFourier": 1,
    "PatientPosition": "HFS",
    "PercentPhaseFOV": 100,
    "PercentSampling": 100,
    "PhaseEncodingDirection": "i",
    "PhaseEncodingSteps": 63,
    "PhaseResolution": 1,
    "PixelBandwidth": 2520,
    "ProcedureStepDescription": "MR Scan",
    "ProtocolName": "Movie_R-L_mmb_4_4_cmrr_mbep2d_bold_TE_12.6_29.23_45.86_62.49",
    "PulseSequenceDetails": "%CustomerSeq%\\cmrr_mbep2d_bold",
    "ReceiveCoilActiveElements": "HEA;HEP",
    "ReceiveCoilName": "Head_32",
    "ReconMatrixPE": 64,
    "RefLinesPE": 24,
    "RepetitionTime": 0.91,
    "SAR": 0.115798,
    "ScanOptions": "FS",
    "ScanningSequence": "EP",
    "SequenceName": "epfid2d4_64",
    "SequenceVariant": "SK\\SS",
    "SeriesDescription": "Movie_R-L_mmb_4_4_cmrr_mbep2d_bold_TE_12.6_29.23_45.86_62.49",
    "SeriesNumber": 12,
    "ShimSetting": [
      -4060,
      15250,
      -15036,
      284,
      153,
      -24,
      -103,
      196
    ],
    "SliceThickness": 3.2,
    "SliceTiming": [
      0,
      0.6225,
      0.355,
      0.0875,
      0.7125,
      0.445,
      0.1775,
      0.8,
      0.5325,
      0.2675,
      0,
      0.6225,
      0.355,
      0.0875,
      0.7125,
      0.445,
      0.1775,
      0.8,
      0.5325,
      0.2675,
      0,
      0.6225,
      0.355,
      0.0875,
      0.7125,
      0.445,
      0.1775,
      0.8,
      0.5325,
      0.2675,
      0,
      0.6225,
      0.355,
      0.0875,
      0.7125,
      0.445,
      0.1775,
      0.8,
      0.5325,
      0.2675
    ],
    "SoftwareVersions": "syngo MR E11",
    "SpacingBetweenSlices": 3.2,
    "StationName": "AWP45193",
    "TaskName": "movie",
    "TotalReadoutTime": 0.01575,
    "TxRefAmp": 408.465,
    "WipMemBlock": "b35804cb-4a8b-4d7b-b9e3-64a2ef291f36||Sequence: R016 ve11c/master r/e634e98; Dec 19 2017 11:00:25 by eja",
    "dataset": "<unset>",
    "modality": "bold",
    "run_id": 1,
    "session_id": "01",
    "subject_id": "PC233",
    "task_id": "movie"
  },
  "dummy_trs": 0,
  "dvars_nstd": 56.96594328757414,
  "dvars_std": 1.105420661024258,
  "dvars_vstd": 0.9809495153099734,
  "efc": 0.4581630252266472,
  "fber": 2211.922119140625,
  "fd_mean": 0.153192462423956,
  "fd_num": 52,
  "fd_perc": 13.978494623655914,
  "fwhm_avg": 1.6101627043906408,
  "fwhm_x": 1.5948333980582525,
  "fwhm_y": 1.62745786407767,
  "fwhm_z": 1.6081968510359994,
  "gcor": 0.0175421,
  "gsr_x": -0.0058144074864685535,
  "gsr_y": 0.018591739237308502,
  "provenance": {
    "md5sum": "25e742fff3901d140a43b952fad97504",
    "settings": {
      "fd_thres": 0.2,
      "testing": false
    },
    "software": "mriqc",
    "version": "22.0.6",
    "webapi_port": null,
    "webapi_url": "https://mriqc.nimh.nih.gov/api/v1"
  },
  "size_t": 372,
  "size_x": 64,
  "size_y": 64,
  "size_z": 40,
  "snr": 2.5634137588311465,
  "spacing_tr": 0.9100000262260437,
  "spacing_x": 3.21875,
  "spacing_y": 3.21875,
  "spacing_z": 3.200000047683716,
  "summary_bg_k": 114.8891781485746,
  "summary_bg_mad": 31.361821059945704,
  "summary_bg_mean": 76.71820831298828,
  "summary_bg_median": 46.56989288330078,
  "summary_bg_n": 102994.0,
  "summary_bg_p05": 16.52688217163086,
  "summary_bg_p95": 247.31290283203117,
  "summary_bg_stdv": 103.68040466308594,
  "summary_fg_k": 5.715578825609571,
  "summary_fg_mad": 612.3486503145873,
  "summary_fg_mean": 2352.953125,
  "summary_fg_median": 2184.68701171875,
  "summary_fg_n": 26882.0,
  "summary_fg_p05": 1378.063787841797,
  "summary_fg_p95": 3988.674365234365,
  "summary_fg_stdv": 852.2410278320312,
  "tsnr": 22.331592867616564
}