{
  "bids_meta": {
    "AcquisitionMatrixPE": 256,
    "AcquisitionNumber": 1,
    "AcquisitionTime": "15:14:12.477500",
    "BaseResolution": 256,
    "BodyPartExamined": "BRAIN",
    "ConsistencyInfo": "N4_VE11C_LATEST_20160120",
    "ConversionSoftware": "dcm2niix",
    "ConversionSoftwareVersion": "v1.0.20210317",
    "DeviceSerialNumber": "45193",
    "DwellTime": 2.8e-06,
    "EchoTime": 0.452,
    "EchoTrainLength": 270,
    "FlipAngle": 120,
    "ImageOrientationPatientDICOM": [
      -0.0279308,
      0.99961,
      4.06298e-08,
      0.0331304,
      0.00092576,
      -0.999451
    ],
    "ImageType": [
      "ORIGINAL",
      "PRIMARY",
      "M",
      "ND",
      "NORM"
    ],
    "ImagingFrequency": 123.252,
    "InPlanePhaseEncodingDirectionDICOM": "ROW",
    "InstitutionAddress": "Blackburn Road 770,Clayton,Victoria,AU,3800",
    "InstitutionName": "Monash Biomedical Imaging",
    "InstitutionalDepartmentName": "Department",
    "MRAcquisitionType": "3D",
    "MagneticFieldStrength": 3,
    "Manufacturer": "Siemens",
    "ManufacturersModelName": "Skyra",
    "Modality": "MR",
    "ParallelReductionFactorInPlane": 2,
    "PartialFourier": 1,
    "PatientPosition": "HFS",
    "PercentPhaseFOV": 100,
    "PercentSampling": 100,
    "PhaseEncodingDirection": "i",
    "PhaseEncodingSteps": 245,
    "PhaseResolution": 1,
    "PixelBandwidth": 700,
    "ProcedureStepDescription": "MR Scan",
    "ProtocolName": "t2_space_sag_p2_iso",
    "PulseSequenceDetails": "%SiemensSeq%\\tse_vfl",
    "ReceiveCoilActiveElements": "HEA;HEP",
    "ReceiveCoilName": "Head_32",
    "ReconMatrixPE": 256,
    "RefLinesPE": 24,
    "RepetitionTime": 3.2,
    "SAR": 0.233649,
    "ScanOptions": "PFP",
    "ScanningSequence": "SE",
    "SequenceName": "*spcR_282ns",
    "SequenceVariant": "SK\\SP",
    "SeriesDescription": "t2_space_sag_p2_iso",
    "SeriesNumber": 4,
    "ShimSetting": [
      -4121,
      15461,
      -15515,
      -92,
      142,
      -177,
      -175,
      57
    ],
    "SliceThickness": 1,
    "SoftwareVersions": "syngo MR E11",
    "StationName": "AWP45193",
    "TxRefAmp": 382.151,
    "dataset": "<unset>",
    "modality": "T2w",
    "run_id": 1,
    "session_id": "01",
    "subject_id": "PC004"
  },
  "cjv": 0.40023904172379243,
  "cnr": 3.2315901910801674,
  "efc": 0.5340712457858833,
  "fber": 4639.57528279003,
  "fwhm_avg": 2.5837033333333337,
  "fwhm_x": 2.59431,
  "fwhm_y": 2.80199,
  "fwhm_z": 2.35481,
  "icvs_csf": 0.16125906593438633,
  "icvs_gm": 0.3817913172650318,
  "icvs_wm": 0.4569496168005819,
  "inu_med": 0.8589896559715271,
  "inu_range": 0.14054086208343508,
  "provenance": {
    "md5sum": "7b6434f62f484b0169aae855e040c90f",
    "settings": {
      "testing": false
    },
    "software": "mriqc",
    "version": "22.0.6",
    "warnings": {
      "large_rot_frame": true,
      "small_air_mask": false
    },
    "webapi_port": null,
    "webapi_url": "https://mriqc.nimh.nih.gov/api/v1"
  },
  "qi_1": 0.005764703903395198,
  "qi_2": 0.005892364947020606,
  "rpve_csf": 37.8446621114578,
  "rpve_gm": 13.983721627419518,
  "rpve_wm": 13.361453614477586,
  "size_x": 176,
  "size_y": 256,
  "size_z": 256,
  "snr_csf": 4.707820444690516,
  "snr_gm": 9.827202955310772,
  "snr_total": 8.299088769913062,
  "snr_wm": 10.3622429097379,
  "snrd_csf": 57.26573038278118,
  "snrd_gm": 21.91122251882151,
  "snrd_total": 30.83495979482682,
  "snrd_wm": 13.32792648287777,
  "spacing_x": 1.0,
  "spacing_y": 1.0,
  "spacing_z": 1.0,
  "summary_bg_k": 1636.4450244965103,
  "summary_bg_mad": 0.0,
  "summary_bg_mean": 5.077802540679118,
  "summary_bg_median": 0.0,
  "summary_bg_n": 696042.0,
  "summary_bg_p05": 0.0,
  "summary_bg_p95": 29.76834451407194,
  "summary_bg_stdv": 49.14966279084215,
  "summary_csf_k": 6.206966391170672,
  "summary_csf_mad": 252.19779210172644,
  "summary_csf_mean": 3944.071334903894,
  "summary_csf_median": 4296.191354632378,
  "summary_csf_n": 33513.0,
  "summary_csf_p05": 1868.6462757825855,
  "summary_csf_p95": 4540.933403113484,
  "summary_csf_stdv": 912.5512128683627,
  "summary_gm_k": 0.33845253862973523,
  "summary_gm_mad": 165.91960006692528,
  "summary_gm_mean": 1643.5402036227963,
  "summary_gm_median": 1643.8243976905942,
  "summary_gm_n": 25644.0,
  "summary_gm_p05": 1376.5919545885176,
  "summary_gm_p95": 1915.693689443171,
  "summary_gm_stdv": 167.26960397535518,
  "summary_wm_k": 0.46755934653742903,
  "summary_wm_mad": 91.80884537036532,
  "summary_wm_mean": 992.9436059339413,
  "summary_wm_median": 999.8881032019854,
  "summary_wm_n": 180978.0,
  "summary_wm_p05": 825.9036936610937,
  "summary_wm_p95": 1138.3593999892473,
  "summary_wm_stdv": 96.49313854637866,
  "tpm_overlap_csf": 0.13085640301993254,
  "tpm_overlap_gm": 0.41156471190082006,
  "tpm_overlap_wm": 0.472062927957648,
  "wm2max": 0.22135967230443976
}