{
  "aor": 0.0021367032967032967,
  "aqi": 0.018747915054945056,
  "bids_meta": {
    "AcquisitionMatrixPE": 64,
    "AcquisitionNumber": 1,
    "AcquisitionTime": "11:42:9.115000",
    "BandwidthPerPixelPhaseEncode": 62.5,
    "BaseResolution": 64,
    "BodyPartExamined": "BRAIN",
    "ConsistencyInfo": "N4_VE11C_LATEST_20160120",
    "ConversionSoftware": "dcm2niix",
    "ConversionSoftwareVersion": "v1.0.20210317",
    "DerivedVendorReportedEchoSpacing": 0.0005,
    "DeviceSerialNumber": "45193",
    "DwellTime": 3.1e-06,
    "EchoNumber": 2,
    "EchoTime": 0.02923,
    "EchoTrainLength": 31,
    "EffectiveEchoSpacing": 0.00025,
    "FlipAngle": 56,
    "ImageComments": "Unaliased MB4/PE4/LB",
    "ImageOrientationPatientDICOM": [
      0.999041,
      0.00809164,
      0.0430278,
      2.2933e-11,
      0.982773,
      -0.184816
    ],
    "ImageType": [
      "ORIGINAL",
      "PRIMARY",
      "M",
      "MB",
      "TE2",
      "ND",
      "NORM",
      "MOSAIC"
    ],
    "ImagingFrequency": 123.252,
    "InPlanePhaseEncodingDirectionDICOM": "ROW",
    "InstitutionAddress": "Blackburn Road 770,Clayton,Victoria,AU,3800",
    "InstitutionName": "Monash Biomedical Imaging",
    "InstitutionalDepartmentName": "Department",
    "MRAcquisitionType": "2D",
    "MagneticFieldStrength": 3,
    "Manufacturer": "Siemens",
    "ManufacturersModelName": "Skyra",
    "Modality": "MR",
    "MultibandAccelerationFactor": 4,
    "ParallelReductionFactorInPlane": 2,
    "PartialFourier": 1,
    "PatientPosition": "HFS",
    "PercentPhaseFOV": 100,
    "PercentSampling": 100,
    "PhaseEncodingDirection": "i",
    "PhaseEncodingSteps": 63,
    "PhaseResolution": 1,
    "PixelBandwidth": 2520,
    "ProcedureStepDescription": "MR Scan",
    "ProtocolName": "Music_R-L_mmb_4_4_cmrr_mbep2d_bold_TE_12.6_29.23_45.86_62.49",
    "PulseSequenceDetails": "%CustomerSeq%\\cmrr_mbep2d_bold",
    "ReceiveCoilActiveElements": "HEA;HEP",
    "ReceiveCoilName": "Head_32",
    "ReconMatrixPE": 64,
    "RefLinesPE": 24,
    "RepetitionTime": 0.91,
    "SAR": 0.0787401,
    "ScanOptions": "FS",
    "ScanningSequence": "EP",
    "SequenceName": "epfid2d4_64",
    "SequenceVariant": "SK\\SS",
    "SeriesDescription": "Music_R-L_mmb_4_4_cmrr_mbep2d_bold_TE_12.6_29.23_45.86_62.49",
    "SeriesNumber": 7,
    "ShimSetting": [
      -4051,
      15398,
      -15130,
      299,
      328,
      -294,
      -5,
      119
    ],
    "SliceThickness": 3.2,
    "SliceTiming": [
      0,
      0.6225,
      0.355,
      0.0875,
      0.71,
      0.445,
      0.1775,
      0.8,
      0.5325,
      0.265,
      0,
      0.6225,
      0.355,
      0.0875,
      0.71,
      0.445,
      0.1775,
      0.8,
      0.5325,
      0.265,
      0,
      0.6225,
      0.355,
      0.0875,
      0.71,
      0.445,
      0.1775,
      0.8,
      0.5325,
      0.265,
      0,
      0.6225,
      0.355,
      0.0875,
      0.71,
      0.445,
      0.1775,
      0.8,
      0.5325,
      0.265
    ],
    "SoftwareVersions": "syngo MR E11",
    "SpacingBetweenSlices": 3.2,
    "StationName": "AWP45193",
    "TaskName": "music",
    "TotalReadoutTime": 0.01575,
    "TxRefAmp": 359.067,
    "WipMemBlock": "d13430e7-8428-49b0-ba2d-b5f44f0fecd5||Sequence: R016 ve11c/master r/e634e98; Dec 19 2017 11:00:25 by eja",
    "dataset": "<unset>",
    "modality": "bold",
    "run_id": 1,
    "session_id": "02",
    "subject_id": "PC006",
    "task_id": "music"
  },
  "dummy_trs": 0,
  "dvars_nstd": 37.53069603452543,
  "dvars_std": 1.1179542457083906,
  "dvars_vstd": 1.0180660680192573,
  "efc": 0.5505320988291731,
  "fber": 2588.589111328125,
  "fd_mean": 0.35084052495000345,
  "fd_num": 473,
  "fd_perc": 64.97252747252747,
  "fwhm_avg": 1.8246492586495122,
  "fwhm_x": 1.7423751456310679,
  "fwhm_y": 1.8894664077669903,
  "fwhm_z": 1.842106222550478,
  "gcor": 0.0270599,
  "gsr_x": 0.002137303352355957,
  "gsr_y": 0.018689025193452835,
  "provenance": {
    "md5sum": "3ee52148c7bbb06e95cd886fe306294a",
    "settings": {
      "fd_thres": 0.2,
      "testing": false
    },
    "software": "mriqc",
    "version": "22.0.6",
    "webapi_port": null,
    "webapi_url": "https://mriqc.nimh.nih.gov/api/v1"
  },
  "size_t": 728,
  "size_x": 64,
  "size_y": 64,
  "size_z": 40,
  "snr": 5.838295991875871,
  "spacing_tr": 0.9100000262260437,
  "spacing_x": 3.21875,
  "spacing_y": 3.21875,
  "spacing_z": 3.200000047683716,
  "summary_bg_k": 15.045425029801258,
  "summary_bg_mad": 79.63692643703057,
  "summary_bg_mean": 256.9817199707031,
  "summary_bg_median": 85.95055389404297,
  "summary_bg_n": 93871.0,
  "summary_bg_p05": 20.5219783782959,
  "summary_bg_p95": 1160.2061157226562,
  "summary_bg_stdv": 444.79364013671875,
  "summary_fg_k": 1.2991452508491141,
  "summary_fg_mad": 741.3905142205673,
  "summary_fg_mean": 4535.35888671875,
  "summary_fg_median": 4462.91064453125,
  "summary_fg_n": 35089.0,
  "summary_fg_p05": 3474.516552734375,
  "summary_fg_p95": 5853.157617187499,
  "summary_fg_stdv": 764.4091796875,
  "tsnr": 34.86044177412987
}