{
  "aor": 0.0021300987654320988,
  "aqi": 0.032786428148148146,
  "bids_meta": {
    "AcquisitionMatrixPE": 64,
    "AcquisitionNumber": 1,
    "AcquisitionTime": "11:34:51.560000",
    "BandwidthPerPixelPhaseEncode": 62.5,
    "BaseResolution": 64,
    "BodyPartExamined": "BRAIN",
    "ConsistencyInfo": "N4_VE11C_LATEST_20160120",
    "ConversionSoftware": "dcm2niix",
    "ConversionSoftwareVersion": "v1.0.20210317",
    "DerivedVendorReportedEchoSpacing": 0.0005,
    "DeviceSerialNumber": "45193",
    "DwellTime": 3.1e-06,
    "EchoNumber": 3,
    "EchoTime": 0.04586,
    "EchoTrainLength": 31,
    "EffectiveEchoSpacing": 0.00025,
    "FlipAngle": 56,
    "ImageComments": "Unaliased MB4/PE4/LB",
    "ImageOrientationPatientDICOM": [
      0.999041,
      0.00809164,
      0.0430278,
      2.2933e-11,
      0.982773,
      -0.184816
    ],
    "ImageType": [
      "ORIGINAL",
      "PRIMARY",
      "M",
      "MB",
      "TE3",
      "ND",
      "NORM",
      "MOSAIC"
    ],
    "ImagingFrequency": 123.252,
    "InPlanePhaseEncodingDirectionDICOM": "ROW",
    "InstitutionAddress": "Blackburn Road 770,Clayton,Victoria,AU,3800",
    "InstitutionName": "Monash Biomedical Imaging",
    "InstitutionalDepartmentName": "Department",
    "MRAcquisitionType": "2D",
    "MagneticFieldStrength": 3,
    "Manufacturer": "Siemens",
    "ManufacturersModelName": "Skyra",
    "Modality": "MR",
    "MultibandAccelerationFactor": 4,
    "ParallelReductionFactorInPlane": 2,
    "PartialFourier": 1,
    "PatientPosition": "HFS",
    "PercentPhaseFOV": 100,
    "PercentSampling": 100,
    "PhaseEncodingDirection": "i",
    "PhaseEncodingSteps": 63,
    "PhaseResolution": 1,
    "PixelBandwidth": 2520,
    "ProcedureStepDescription": "MR Scan",
    "ProtocolName": "Meditation_R-L_mmb_4_4_cmrr_mbep2d_bold_TE_12.6_29.23_45.86_62.5",
    "PulseSequenceDetails": "%CustomerSeq%\\cmrr_mbep2d_bold",
    "ReceiveCoilActiveElements": "HEA;HEP",
    "ReceiveCoilName": "Head_32",
    "ReconMatrixPE": 64,
    "RefLinesPE": 24,
    "RepetitionTime": 0.91,
    "SAR": 0.0780327,
    "ScanOptions": "FS",
    "ScanningSequence": "EP",
    "SequenceName": "epfid2d4_64",
    "SequenceVariant": "SK\\SS",
    "SeriesDescription": "Meditation_R-L_mmb_4_4_cmrr_mbep2d_bold_TE_12.6_29.23_45.86_62.5",
    "SeriesNumber": 5,
    "ShimSetting": [
      -4051,
      15398,
      -15130,
      299,
      328,
      -294,
      -5,
      119
    ],
    "SliceThickness": 3.2,
    "SliceTiming": [
      0,
      0.625,
      0.3575,
      0.09,
      0.7125,
      0.445,
      0.18,
      0.8025,
      0.535,
      0.2675,
      0,
      0.625,
      0.3575,
      0.09,
      0.7125,
      0.445,
      0.18,
      0.8025,
      0.535,
      0.2675,
      0,
      0.625,
      0.3575,
      0.09,
      0.7125,
      0.445,
      0.18,
      0.8025,
      0.535,
      0.2675,
      0,
      0.625,
      0.3575,
      0.09,
      0.7125,
      0.445,
      0.18,
      0.8025,
      0.535,
      0.2675
    ],
    "SoftwareVersions": "syngo MR E11",
    "SpacingBetweenSlices": 3.2,
    "StationName": "AWP45193",
    "TaskName": "meditation",
    "TotalReadoutTime": 0.01575,
    "TxRefAmp": 359.067,
    "WipMemBlock": "6b7ab054-e5aa-4bc0-ae89-73522a27bd00||Sequence: R016 ve11c/master r/e634e98; Dec 19 2017 11:00:25 by eja",
    "dataset": "<unset>",
    "modality": "bold",
    "run_id": 1,
    "session_id": "02",
    "subject_id": "PC006",
    "task_id": "meditation"
  },
  "dummy_trs": 0,
  "dvars_nstd": 53.195648505000015,
  "dvars_std": 1.1049201654455443,
  "dvars_vstd": 1.0017585133168307,
  "efc": 0.5296329875151795,
  "fber": 1406.782958984375,
  "fd_mean": 0.39420878341972976,
  "fd_num": 299,
  "fd_perc": 73.82716049382717,
  "fwhm_avg": 1.6929274774832541,
  "fwhm_x": 1.629402718446602,
  "fwhm_y": 1.7666578640776698,
  "fwhm_z": 1.6827218499254906,
  "gcor": 0.0145289,
  "gsr_x": -0.001798875629901886,
  "gsr_y": 0.011491292156279087,
  "provenance": {
    "md5sum": "1c80f1679a58f6eedef92f671f4b607c",
    "settings": {
      "fd_thres": 0.2,
      "testing": false
    },
    "software": "mriqc",
    "version": "22.0.6",
    "webapi_port": null,
    "webapi_url": "https://mriqc.nimh.nih.gov/api/v1"
  },
  "size_t": 405,
  "size_x": 64,
  "size_y": 64,
  "size_z": 40,
  "snr": 4.747169600948883,
  "spacing_tr": 0.9100000262260437,
  "spacing_x": 3.21875,
  "spacing_y": 3.21875,
  "spacing_z": 3.200000047683716,
  "summary_bg_k": 21.535347183451357,
  "summary_bg_mad": 70.92330155291909,
  "summary_bg_mean": 148.09010314941406,
  "summary_bg_median": 87.09136199951172,
  "summary_bg_n": 95901.0,
  "summary_bg_p05": 18.960494995117188,
  "summary_bg_p95": 495.7481689453125,
  "summary_bg_stdv": 197.09059143066406,
  "summary_fg_k": 4.169555736763081,
  "summary_fg_mad": 623.9961811101774,
  "summary_fg_mean": 3368.056396484375,
  "summary_fg_median": 3298.5361328125,
  "summary_fg_n": 33140.0,
  "summary_fg_p05": 2456.865344238281,
  "summary_fg_p95": 4507.18623046875,
  "summary_fg_stdv": 694.8322143554688,
  "tsnr": 23.908621773589402
}