{
  "bids_meta": {
    "AcquisitionMatrixPE": 256,
    "AcquisitionNumber": 1,
    "AcquisitionTime": "14:11:21.282500",
    "BaseResolution": 256,
    "BodyPartExamined": "BRAIN",
    "ConsistencyInfo": "N4_VE11C_LATEST_20160120",
    "ConversionSoftware": "dcm2niix",
    "ConversionSoftwareVersion": "v1.0.20210317",
    "DeviceSerialNumber": "45193",
    "DwellTime": 2.8e-06,
    "EchoTime": 0.452,
    "EchoTrainLength": 270,
    "FlipAngle": 120,
    "ImageOrientationPatientDICOM": [
      -0.0732334,
      0.997315,
      1.90402e-08,
      0.0104407,
      0.000766686,
      -0.999945
    ],
    "ImageType": [
      "ORIGINAL",
      "PRIMARY",
      "M",
      "ND",
      "NORM"
    ],
    "ImagingFrequency": 123.252,
    "InPlanePhaseEncodingDirectionDICOM": "ROW",
    "InstitutionAddress": "Blackburn Road 770,Clayton,Victoria,AU,3800",
    "InstitutionName": "Monash Biomedical Imaging",
    "InstitutionalDepartmentName": "Department",
    "MRAcquisitionType": "3D",
    "MagneticFieldStrength": 3,
    "Manufacturer": "Siemens",
    "ManufacturersModelName": "Skyra",
    "Modality": "MR",
    "ParallelReductionFactorInPlane": 2,
    "PartialFourier": 1,
    "PatientPosition": "HFS",
    "PercentPhaseFOV": 100,
    "PercentSampling": 100,
    "PhaseEncodingDirection": "i",
    "PhaseEncodingSteps": 245,
    "PhaseResolution": 1,
    "PixelBandwidth": 700,
    "ProcedureStepDescription": "MR Scan",
    "ProtocolName": "t2_space_sag_p2_iso",
    "PulseSequenceDetails": "%SiemensSeq%\\tse_vfl",
    "ReceiveCoilActiveElements": "HEA;HEP",
    "ReceiveCoilName": "Head_32",
    "ReconMatrixPE": 256,
    "RefLinesPE": 24,
    "RepetitionTime": 3.2,
    "SAR": 0.23575,
    "ScanOptions": "PFP",
    "ScanningSequence": "SE",
    "SequenceName": "*spcR_282ns",
    "SequenceVariant": "SK\\SP",
    "SeriesDescription": "t2_space_sag_p2_iso",
    "SeriesNumber": 4,
    "ShimSetting": [
      -4121,
      15461,
      -15515,
      -92,
      142,
      -177,
      -175,
      57
    ],
    "SliceThickness": 1,
    "SoftwareVersions": "syngo MR E11",
    "StationName": "AWP45193",
    "TxRefAmp": 370.438,
    "dataset": "<unset>",
    "modality": "T2w",
    "run_id": 1,
    "session_id": "01",
    "subject_id": "PC207"
  },
  "cjv": 0.12308754129788822,
  "cnr": 2.8793564931287543,
  "efc": 0.5313651747317008,
  "fber": 5763.878706428248,
  "fwhm_avg": 2.40924,
  "fwhm_x": 2.41581,
  "fwhm_y": 2.63575,
  "fwhm_z": 2.17616,
  "icvs_csf": 0.35820641322337965,
  "icvs_gm": 0.170046580242235,
  "icvs_wm": 0.47174700653438534,
  "inu_med": 0.8398131728172302,
  "inu_range": 0.16420078873634336,
  "provenance": {
    "md5sum": "f43eee32fff1676d039e9941116f9c0d",
    "settings": {
      "testing": false
    },
    "software": "mriqc",
    "version": "22.0.6",
    "warnings": {
      "large_rot_frame": true,
      "small_air_mask": false
    },
    "webapi_port": null,
    "webapi_url": "https://mriqc.nimh.nih.gov/api/v1"
  },
  "qi_1": 0.0013950556271134994,
  "qi_2": 0.005815035863994471,
  "rpve_csf": 14.62787196540078,
  "rpve_gm": 36.542544031062434,
  "rpve_wm": 12.835290580553044,
  "size_x": 176,
  "size_y": 256,
  "size_z": 256,
  "snr_csf": 9.692435448506622,
  "snr_gm": 3.999520516549842,
  "snr_total": 7.876548301499575,
  "snr_wm": 9.93768893944226,
  "snrd_csf": 17.499009880638255,
  "snrd_gm": 38.45820600934046,
  "snrd_total": 22.16577932777201,
  "snrd_wm": 10.540122093337313,
  "spacing_x": 1.0,
  "spacing_y": 1.0,
  "spacing_z": 1.0,
  "summary_bg_k": 1113.0913450197866,
  "summary_bg_mad": 0.0,
  "summary_bg_mean": 3.710823846914787,
  "summary_bg_median": 0.0,
  "summary_bg_n": 712028.0,
  "summary_bg_p05": 0.0,
  "summary_bg_p95": 13.571707487106323,
  "summary_bg_stdv": 62.15237476926295,
  "summary_csf_k": 0.6768121871825192,
  "summary_csf_mad": 165.22800826361689,
  "summary_csf_mean": 1665.6495894782638,
  "summary_csf_median": 1660.1199692040682,
  "summary_csf_n": 20839.0,
  "summary_csf_p05": 1403.8104434788227,
  "summary_csf_p95": 1956.1136896103617,
  "summary_csf_stdv": 171.27585171970756,
  "summary_gm_k": 4.084485468524336,
  "summary_gm_mad": 230.04227380028158,
  "summary_gm_mean": 3268.3574161197334,
  "summary_gm_median": 3648.5056132525206,
  "summary_gm_n": 20458.0,
  "summary_gm_p05": 661.154212551564,
  "summary_gm_p95": 3893.1878395825624,
  "summary_gm_stdv": 912.2134581965481,
  "summary_wm_k": 0.7837106587723968,
  "summary_wm_mad": 95.96380807816625,
  "summary_wm_mean": 1000.6179049734507,
  "summary_wm_median": 999.9346982687712,
  "summary_wm_n": 178981.0,
  "summary_wm_p05": 839.3579092025757,
  "summary_wm_p95": 1163.056182488799,
  "summary_wm_stdv": 100.62016540747143,
  "tpm_overlap_csf": 0.11136067587822146,
  "tpm_overlap_gm": 0.10243980883086357,
  "tpm_overlap_wm": 0.472213926442575,
  "wm2max": 0.2593633117267758
}