{
  "bids_meta": {
    "AcquisitionMatrixPE": 240,
    "AcquisitionNumber": 1,
    "AcquisitionTime": "11:21:50.037500",
    "BaseResolution": 256,
    "BodyPartExamined": "BRAIN",
    "ConsistencyInfo": "N4_VE11C_LATEST_20160120",
    "ConversionSoftware": "dcm2niix",
    "ConversionSoftwareVersion": "v1.0.20210317",
    "DeviceSerialNumber": "45193",
    "DwellTime": 8.5e-06,
    "EchoTime": 0.00207,
    "FlipAngle": 9,
    "ImageOrientationPatientDICOM": [
      0.00700823,
      0.999975,
      1.25085e-08,
      0.034876,
      -0.000244412,
      -0.999392
    ],
    "ImageType": [
      "ORIGINAL",
      "PRIMARY",
      "M",
      "ND",
      "NORM"
    ],
    "ImagingFrequency": 123.247,
    "InPlanePhaseEncodingDirectionDICOM": "ROW",
    "InstitutionAddress": "Blackburn Road 770,Clayton,Victoria,AU,3800",
    "InstitutionName": "Monash Biomedical Imaging",
    "InstitutionalDepartmentName": "Department",
    "InversionTime": 0.9,
    "MRAcquisitionType": "3D",
    "MagneticFieldStrength": 3,
    "Manufacturer": "Siemens",
    "ManufacturersModelName": "Skyra",
    "Modality": "MR",
    "ParallelReductionFactorInPlane": 2,
    "PartialFourier": 1,
    "PatientPosition": "HFS",
    "PercentPhaseFOV": 93.75,
    "PercentSampling": 100,
    "PhaseEncodingSteps": 239,
    "PhaseResolution": 1,
    "PixelBandwidth": 230,
    "ProcedureStepDescription": "MR Scan",
    "ProtocolName": "t1_mprage_sag_p2_iso_1_ADNI",
    "PulseSequenceDetails": "%SiemensSeq%\\tfl",
    "ReceiveCoilActiveElements": "HEA;HEP",
    "ReceiveCoilName": "Head_32",
    "ReconMatrixPE": 240,
    "RefLinesPE": 32,
    "RepetitionTime": 2.3,
    "SAR": 0.0810399,
    "ScanOptions": "IR",
    "ScanningSequence": "GR\\IR",
    "SequenceName": "*tfl3d1_16ns",
    "SequenceVariant": "SK\\SP\\MP",
    "SeriesDescription": "t1_mprage_sag_p2_iso_1_ADNI",
    "SeriesNumber": 2,
    "ShimSetting": [
      -4069,
      15336,
      -15557,
      -117,
      159,
      -103,
      -245,
      164
    ],
    "SliceThickness": 1,
    "SoftwareVersions": "syngo MR E11",
    "StationName": "AWP45193",
    "TxRefAmp": 390.896,
    "dataset": "<unset>",
    "modality": "T1w",
    "run_id": 1,
    "session_id": "01",
    "subject_id": "PC019"
  },
  "cjv": 0.3837447247614358,
  "cnr": 3.395250006794885,
  "efc": 0.4853680504119908,
  "fber": -1.0,
  "fwhm_avg": 4.200396666666666,
  "fwhm_x": 4.16533,
  "fwhm_y": 4.30113,
  "fwhm_z": 4.13473,
  "icvs_csf": 0.22887108852277283,
  "icvs_gm": 0.39017065947539337,
  "icvs_wm": 0.38095825200183386,
  "inu_med": 0.34602057933807373,
  "inu_range": 0.07432929873466493,
  "provenance": {
    "md5sum": "689a291e0c1670e8ca49d98796aca72d",
    "settings": {
      "testing": false
    },
    "software": "mriqc",
    "version": "22.0.6",
    "warnings": {
      "large_rot_frame": true,
      "small_air_mask": false
    },
    "webapi_port": null,
    "webapi_url": "https://mriqc.nimh.nih.gov/api/v1"
  },
  "qi_1": 0.036129612834940095,
  "qi_2": 0.008564433922655598,
  "rpve_csf": 22.40711548694078,
  "rpve_gm": 13.123894763922928,
  "rpve_wm": 16.41838019714881,
  "size_x": 192,
  "size_y": 240,
  "size_z": 256,
  "snr_csf": 2.055459176073738,
  "snr_gm": 11.536865405295798,
  "snr_total": 13.416464239445782,
  "snr_wm": 26.65706813696781,
  "snrd_csf": 10.040051779473645,
  "snrd_gm": 29.086753206278235,
  "snrd_total": 26.124213527861006,
  "snrd_wm": 39.245835597831146,
  "spacing_x": 1.0,
  "spacing_y": 1.0,
  "spacing_z": 1.0,
  "summary_bg_k": 4750.331519466419,
  "summary_bg_mad": 0.0,
  "summary_bg_mean": 1.726965454683707,
  "summary_bg_median": 0.0,
  "summary_bg_n": 3483832.0,
  "summary_bg_p05": 0.0,
  "summary_bg_p95": 9.696690991520882,
  "summary_bg_stdv": 16.69391121108454,
  "summary_csf_k": 31.956452772541923,
  "summary_csf_mad": 91.43621963625525,
  "summary_csf_mean": 273.2242375244295,
  "summary_csf_median": 255.8363921791315,
  "summary_csf_n": 44345.0,
  "summary_csf_p05": 96.36948345601559,
  "summary_csf_p95": 486.1580789625643,
  "summary_csf_stdv": 124.46538006063317,
  "summary_gm_k": 0.0392866443102835,
  "summary_gm_mad": 63.705562861325376,
  "summary_gm_mean": 740.5424522869129,
  "summary_gm_median": 741.176456451416,
  "summary_gm_n": 27721.0,
  "summary_gm_p05": 634.2371202558279,
  "summary_gm_p95": 845.7720426917076,
  "summary_gm_stdv": 64.24302111466082,
  "summary_wm_k": 0.5937086553191091,
  "summary_wm_mad": 35.634234627244034,
  "summary_wm_mean": 1001.2449211666207,
  "summary_wm_median": 1000.0459368079901,
  "summary_wm_n": 255261.0,
  "summary_wm_p05": 942.3253496736288,
  "summary_wm_p95": 1064.5220385193825,
  "summary_wm_stdv": 37.515152559099064,
  "tpm_overlap_csf": 0.1538023942367224,
  "tpm_overlap_gm": 0.45136700005277774,
  "tpm_overlap_wm": 0.5199455864656974,
  "wm2max": 0.4041283040601798
}