{
  "aor": 0.0006661728395061729,
  "aqi": 0.01671332775308642,
  "bids_meta": {
    "AcquisitionMatrixPE": 64,
    "AcquisitionNumber": 1,
    "AcquisitionTime": "11:50:28.395000",
    "BandwidthPerPixelPhaseEncode": 62.5,
    "BaseResolution": 64,
    "BodyPartExamined": "BRAIN",
    "ConsistencyInfo": "N4_VE11C_LATEST_20160120",
    "ConversionSoftware": "dcm2niix",
    "ConversionSoftwareVersion": "v1.0.20210317",
    "DerivedVendorReportedEchoSpacing": 0.0005,
    "DeviceSerialNumber": "45193",
    "DwellTime": 3.1e-06,
    "EchoNumber": 3,
    "EchoTime": 0.04586,
    "EchoTrainLength": 31,
    "EffectiveEchoSpacing": 0.00025,
    "FlipAngle": 56,
    "ImageComments": "Unaliased MB4/PE4/LB",
    "ImageOrientationPatientDICOM": [
      0.999376,
      0.00238309,
      0.0352427,
      -3.3796e-11,
      0.997722,
      -0.0674655
    ],
    "ImageType": [
      "ORIGINAL",
      "PRIMARY",
      "M",
      "MB",
      "TE3",
      "ND",
      "NORM",
      "MOSAIC"
    ],
    "ImagingFrequency": 123.252,
    "InPlanePhaseEncodingDirectionDICOM": "ROW",
    "InstitutionAddress": "Blackburn Road 770,Clayton,Victoria,AU,3800",
    "InstitutionName": "Monash Biomedical Imaging",
    "InstitutionalDepartmentName": "Department",
    "MRAcquisitionType": "2D",
    "MagneticFieldStrength": 3,
    "Manufacturer": "Siemens",
    "ManufacturersModelName": "Skyra",
    "Modality": "MR",
    "MultibandAccelerationFactor": 4,
    "ParallelReductionFactorInPlane": 2,
    "PartialFourier": 1,
    "PatientPosition": "HFS",
    "PercentPhaseFOV": 100,
    "PercentSampling": 100,
    "PhaseEncodingDirection": "i",
    "PhaseEncodingSteps": 63,
    "PhaseResolution": 1,
    "PixelBandwidth": 2520,
    "ProcedureStepDescription": "MR Scan",
    "ProtocolName": "Meditation_R-L_mmb_4_4_cmrr_mbep2d_bold_TE_12.6_29.23_45.86_62.5",
    "PulseSequenceDetails": "%CustomerSeq%\\cmrr_mbep2d_bold",
    "ReceiveCoilActiveElements": "HEA;HEP",
    "ReceiveCoilName": "Head_32",
    "ReconMatrixPE": 64,
    "RefLinesPE": 24,
    "RepetitionTime": 0.91,
    "SAR": 0.0829408,
    "ScanOptions": "FS",
    "ScanningSequence": "EP",
    "SequenceName": "epfid2d4_64",
    "SequenceVariant": "SK\\SS",
    "SeriesDescription": "Meditation_R-L_mmb_4_4_cmrr_mbep2d_bold_TE_12.6_29.23_45.86_62.5",
    "SeriesNumber": 9,
    "ShimSetting": [
      -4095,
      15414,
      -15273,
      412,
      239,
      -19,
      -302,
      166
    ],
    "SliceThickness": 3.2,
    "SliceTiming": [
      0,
      0.625,
      0.3575,
      0.09,
      0.7125,
      0.445,
      0.18,
      0.8025,
      0.535,
      0.2675,
      0,
      0.625,
      0.3575,
      0.09,
      0.7125,
      0.445,
      0.18,
      0.8025,
      0.535,
      0.2675,
      0,
      0.625,
      0.3575,
      0.09,
      0.7125,
      0.445,
      0.18,
      0.8025,
      0.535,
      0.2675,
      0,
      0.625,
      0.3575,
      0.09,
      0.7125,
      0.445,
      0.18,
      0.8025,
      0.535,
      0.2675
    ],
    "SoftwareVersions": "syngo MR E11",
    "SpacingBetweenSlices": 3.2,
    "StationName": "AWP45193",
    "TaskName": "meditation",
    "TotalReadoutTime": 0.01575,
    "TxRefAmp": 344.297,
    "WipMemBlock": "267c0480-7b18-4260-a719-5071eb3cbce8||Sequence: R016 ve11c/master r/e634e98; Dec 19 2017 11:00:25 by eja",
    "dataset": "<unset>",
    "modality": "bold",
    "run_id": 1,
    "session_id": "01",
    "subject_id": "PC214",
    "task_id": "meditation"
  },
  "dummy_trs": 0,
  "dvars_nstd": 35.98478529710395,
  "dvars_std": 1.058090530519802,
  "dvars_vstd": 0.9623825200742574,
  "efc": 0.4873669744309554,
  "fber": 3757.24609375,
  "fd_mean": 0.11002482111833548,
  "fd_num": 31,
  "fd_perc": 7.654320987654321,
  "fwhm_avg": 1.7169444857441567,
  "fwhm_x": 1.6595541747572815,
  "fwhm_y": 1.7613980582524273,
  "fwhm_z": 1.729881224222761,
  "gcor": 0.0183334,
  "gsr_x": -0.007413115818053484,
  "gsr_y": 0.02130863070487976,
  "provenance": {
    "md5sum": "b4fd74fbddb8a2027498f0ef19ea4c36",
    "settings": {
      "fd_thres": 0.2,
      "testing": false
    },
    "software": "mriqc",
    "version": "22.0.6",
    "webapi_port": null,
    "webapi_url": "https://mriqc.nimh.nih.gov/api/v1"
  },
  "size_t": 405,
  "size_x": 64,
  "size_y": 64,
  "size_z": 40,
  "snr": 3.968554798432662,
  "spacing_tr": 0.9100000262260437,
  "spacing_x": 3.21875,
  "spacing_y": 3.21875,
  "spacing_z": 3.200000047683716,
  "summary_bg_k": 189.1787361540253,
  "summary_bg_mad": 35.42503874085508,
  "summary_bg_mean": 100.5963134765625,
  "summary_bg_median": 47.66913986206055,
  "summary_bg_n": 99523.0,
  "summary_bg_p05": 15.051852226257324,
  "summary_bg_p95": 322.86988525390615,
  "summary_bg_stdv": 219.62147521972656,
  "summary_fg_k": 3.9238106425680526,
  "summary_fg_mad": 658.7698270649439,
  "summary_fg_mean": 2985.825439453125,
  "summary_fg_median": 2877.219970703125,
  "summary_fg_n": 30111.0,
  "summary_fg_p05": 2067.1951904296875,
  "summary_fg_p95": 4209.719970703125,
  "summary_fg_stdv": 724.992431640625,
  "tsnr": 31.303813360864297
}