{
  "aor": 0.0006410669975186104,
  "aqi": 0.012914477717121587,
  "bids_meta": {
    "AcquisitionMatrixPE": 64,
    "AcquisitionNumber": 1,
    "AcquisitionTime": "11:50:28.380000",
    "BandwidthPerPixelPhaseEncode": 62.5,
    "BaseResolution": 64,
    "BodyPartExamined": "BRAIN",
    "ConsistencyInfo": "N4_VE11C_LATEST_20160120",
    "ConversionSoftware": "dcm2niix",
    "ConversionSoftwareVersion": "v1.0.20210317",
    "DerivedVendorReportedEchoSpacing": 0.0005,
    "DeviceSerialNumber": "45193",
    "DwellTime": 3.1e-06,
    "EchoNumber": 2,
    "EchoTime": 0.02923,
    "EchoTrainLength": 31,
    "EffectiveEchoSpacing": 0.00025,
    "FlipAngle": 56,
    "ImageComments": "Unaliased MB4/PE4/LB",
    "ImageOrientationPatientDICOM": [
      0.999376,
      0.00238309,
      0.0352427,
      -3.3796e-11,
      0.997722,
      -0.0674655
    ],
    "ImageType": [
      "ORIGINAL",
      "PRIMARY",
      "M",
      "MB",
      "TE2",
      "ND",
      "NORM",
      "MOSAIC"
    ],
    "ImagingFrequency": 123.252,
    "InPlanePhaseEncodingDirectionDICOM": "ROW",
    "InstitutionAddress": "Blackburn Road 770,Clayton,Victoria,AU,3800",
    "InstitutionName": "Monash Biomedical Imaging",
    "InstitutionalDepartmentName": "Department",
    "MRAcquisitionType": "2D",
    "MagneticFieldStrength": 3,
    "Manufacturer": "Siemens",
    "ManufacturersModelName": "Skyra",
    "Modality": "MR",
    "MultibandAccelerationFactor": 4,
    "ParallelReductionFactorInPlane": 2,
    "PartialFourier": 1,
    "PatientPosition": "HFS",
    "PercentPhaseFOV": 100,
    "PercentSampling": 100,
    "PhaseEncodingDirection": "i",
    "PhaseEncodingSteps": 63,
    "PhaseResolution": 1,
    "PixelBandwidth": 2520,
    "ProcedureStepDescription": "MR Scan",
    "ProtocolName": "Meditation_R-L_mmb_4_4_cmrr_mbep2d_bold_TE_12.6_29.23_45.86_62.5",
    "PulseSequenceDetails": "%CustomerSeq%\\cmrr_mbep2d_bold",
    "ReceiveCoilActiveElements": "HEA;HEP",
    "ReceiveCoilName": "Head_32",
    "ReconMatrixPE": 64,
    "RefLinesPE": 24,
    "RepetitionTime": 0.91,
    "SAR": 0.0829408,
    "ScanOptions": "FS",
    "ScanningSequence": "EP",
    "SequenceName": "epfid2d4_64",
    "SequenceVariant": "SK\\SS",
    "SeriesDescription": "Meditation_R-L_mmb_4_4_cmrr_mbep2d_bold_TE_12.6_29.23_45.86_62.5",
    "SeriesNumber": 9,
    "ShimSetting": [
      -4095,
      15414,
      -15273,
      412,
      239,
      -19,
      -302,
      166
    ],
    "SliceThickness": 3.2,
    "SliceTiming": [
      0,
      0.6225,
      0.355,
      0.0875,
      0.7125,
      0.445,
      0.1775,
      0.8,
      0.5325,
      0.2675,
      0,
      0.6225,
      0.355,
      0.0875,
      0.7125,
      0.445,
      0.1775,
      0.8,
      0.5325,
      0.2675,
      0,
      0.6225,
      0.355,
      0.0875,
      0.7125,
      0.445,
      0.1775,
      0.8,
      0.5325,
      0.2675,
      0,
      0.6225,
      0.355,
      0.0875,
      0.7125,
      0.445,
      0.1775,
      0.8,
      0.5325,
      0.2675
    ],
    "SoftwareVersions": "syngo MR E11",
    "SpacingBetweenSlices": 3.2,
    "StationName": "AWP45193",
    "TaskName": "meditation",
    "TotalReadoutTime": 0.01575,
    "TxRefAmp": 344.297,
    "WipMemBlock": "267c0480-7b18-4260-a719-5071eb3cbce8||Sequence: R016 ve11c/master r/e634e98; Dec 19 2017 11:00:25 by eja",
    "dataset": "<unset>",
    "modality": "bold",
    "run_id": 1,
    "session_id": "01",
    "subject_id": "PC214",
    "task_id": "meditation"
  },
  "dummy_trs": 2,
  "dvars_nstd": 28.422157577014943,
  "dvars_std": 1.0686919649253726,
  "dvars_vstd": 0.9648380300746273,
  "efc": 0.511492644294523,
  "fber": 4192.072265625,
  "fd_mean": 0.10894529301670934,
  "fd_num": 29,
  "fd_perc": 7.196029776674938,
  "fwhm_avg": 1.781323872513588,
  "fwhm_x": 1.708430291262136,
  "fwhm_y": 1.8318757281553397,
  "fwhm_z": 1.803665598123288,
  "gcor": 0.0173322,
  "gsr_x": -0.007259523030370474,
  "gsr_y": 0.026857569813728333,
  "provenance": {
    "md5sum": "92b77cd3abde8929f5975a87bb26d8ec",
    "settings": {
      "fd_thres": 0.2,
      "testing": false
    },
    "software": "mriqc",
    "version": "22.0.6",
    "webapi_port": null,
    "webapi_url": "https://mriqc.nimh.nih.gov/api/v1"
  },
  "size_t": 403,
  "size_x": 64,
  "size_y": 64,
  "size_z": 40,
  "snr": 5.13097085389967,
  "spacing_tr": 0.9100000262260437,
  "spacing_x": 3.21875,
  "spacing_y": 3.21875,
  "spacing_z": 3.200000047683716,
  "summary_bg_k": 59.0209990793977,
  "summary_bg_mad": 56.27266196214658,
  "summary_bg_mean": 180.30075073242188,
  "summary_bg_median": 62.80148696899414,
  "summary_bg_n": 97970.0,
  "summary_bg_p05": 15.913150787353516,
  "summary_bg_p95": 691.5986297607423,
  "summary_bg_stdv": 396.3988952636719,
  "summary_fg_k": 0.9129531491690033,
  "summary_fg_mad": 779.8009877608893,
  "summary_fg_mean": 4048.421630859375,
  "summary_fg_median": 3962.444091796875,
  "summary_fg_n": 31701.0,
  "summary_fg_p05": 2983.585693359375,
  "summary_fg_p95": 5394.84375,
  "summary_fg_stdv": 772.2479248046875,
  "tsnr": 40.72410043515265
}