{
  "bids_meta": {
    "AcquisitionMatrixPE": 240,
    "AcquisitionNumber": 1,
    "AcquisitionTime": "12:50:45.370000",
    "BaseResolution": 256,
    "BodyPartExamined": "BRAIN",
    "ConsistencyInfo": "N4_VE11C_LATEST_20160120",
    "ConversionSoftware": "dcm2niix",
    "ConversionSoftwareVersion": "v1.0.20210317",
    "DeviceSerialNumber": "45193",
    "DwellTime": 8.5e-06,
    "EchoTime": 0.00207,
    "FlipAngle": 9,
    "ImageOrientationPatientDICOM": [
      0.00185461,
      0.999998,
      -1.08177e-08,
      0.0209737,
      -3.89089e-05,
      -0.99978
    ],
    "ImageType": [
      "ORIGINAL",
      "PRIMARY",
      "M",
      "ND",
      "NORM"
    ],
    "ImagingFrequency": 123.247,
    "InPlanePhaseEncodingDirectionDICOM": "ROW",
    "InstitutionAddress": "Blackburn Road 770,Clayton,Victoria,AU,3800",
    "InstitutionName": "Monash Biomedical Imaging",
    "InstitutionalDepartmentName": "Department",
    "InversionTime": 0.9,
    "MRAcquisitionType": "3D",
    "MagneticFieldStrength": 3,
    "Manufacturer": "Siemens",
    "ManufacturersModelName": "Skyra",
    "Modality": "MR",
    "ParallelReductionFactorInPlane": 3,
    "PartialFourier": 1,
    "PatientPosition": "HFS",
    "PercentPhaseFOV": 93.75,
    "PercentSampling": 100,
    "PhaseEncodingSteps": 238,
    "PhaseResolution": 1,
    "PixelBandwidth": 230,
    "ProcedureStepDescription": "MR Scan",
    "ProtocolName": "t1_mprage_sag_p3_iso_1",
    "PulseSequenceDetails": "%SiemensSeq%\\tfl",
    "ReceiveCoilActiveElements": "HEA;HEP",
    "ReceiveCoilName": "Head_32",
    "ReconMatrixPE": 240,
    "RefLinesPE": 32,
    "RepetitionTime": 2.3,
    "SAR": 0.084749,
    "ScanOptions": "IR",
    "ScanningSequence": "GR\\IR",
    "SequenceName": "*tfl3d1_16ns",
    "SequenceVariant": "SK\\SP\\MP",
    "SeriesDescription": "t1_mprage_sag_p3_iso_1",
    "SeriesNumber": 2,
    "ShimSetting": [
      -4085,
      15379,
      -15541,
      -112,
      159,
      -108,
      -206,
      160
    ],
    "SliceThickness": 1,
    "SoftwareVersions": "syngo MR E11",
    "StationName": "AWP45193",
    "TxRefAmp": 354.449,
    "dataset": "<unset>",
    "modality": "T1w",
    "run_id": 1,
    "session_id": "02",
    "subject_id": "PC029"
  },
  "cjv": 0.39048996409238457,
  "cnr": 3.447239121442502,
  "efc": 0.5088374114756439,
  "fber": 7681.467065047558,
  "fwhm_avg": 4.062946666666666,
  "fwhm_x": 3.99882,
  "fwhm_y": 4.16294,
  "fwhm_z": 4.02708,
  "icvs_csf": 0.19980537607640278,
  "icvs_gm": 0.39887533669052494,
  "icvs_wm": 0.40131928723307225,
  "inu_med": 0.6188574135303497,
  "inu_range": 0.19638337492942814,
  "provenance": {
    "md5sum": "9c594931e50c5be869917be61b7f7143",
    "settings": {
      "testing": false
    },
    "software": "mriqc",
    "version": "22.0.6",
    "warnings": {
      "large_rot_frame": true,
      "small_air_mask": false
    },
    "webapi_port": null,
    "webapi_url": "https://mriqc.nimh.nih.gov/api/v1"
  },
  "qi_1": 0.0003298751648349242,
  "qi_2": 0.008550983758118875,
  "rpve_csf": 30.201168094394795,
  "rpve_gm": 14.902282297575162,
  "rpve_wm": 17.177636163324106,
  "size_x": 192,
  "size_y": 240,
  "size_z": 256,
  "snr_csf": 2.0518309846861724,
  "snr_gm": 10.932463636595342,
  "snr_total": 9.887049277751167,
  "snr_wm": 16.676853211971988,
  "snrd_csf": 9.583496431919366,
  "snrd_gm": 26.37195864047305,
  "snrd_total": 24.66404148938642,
  "snrd_wm": 38.03666939576684,
  "spacing_x": 1.0,
  "spacing_y": 1.0,
  "spacing_z": 1.0,
  "summary_bg_k": 48.24108111619165,
  "summary_bg_mad": 0.0,
  "summary_bg_mean": 9.48969173283103,
  "summary_bg_median": 0.0,
  "summary_bg_n": 3299582.0,
  "summary_bg_p05": 0.0,
  "summary_bg_p95": 40.90849877893925,
  "summary_bg_stdv": 17.224558883882978,
  "summary_csf_k": 6.536829064638608,
  "summary_csf_mad": 117.63209524408256,
  "summary_csf_mean": 259.9585470052696,
  "summary_csf_median": 251.96508483588696,
  "summary_csf_n": 35323.0,
  "summary_csf_p05": 73.83072056695819,
  "summary_csf_p95": 469.48799304589636,
  "summary_csf_stdv": 122.79837866980537,
  "summary_gm_k": 0.1899638522831406,
  "summary_gm_mad": 62.32505101054839,
  "summary_gm_mean": 694.9140334564504,
  "summary_gm_median": 693.3599697500467,
  "summary_gm_n": 21722.0,
  "summary_gm_p05": 591.6554488208145,
  "summary_gm_p95": 799.8002356812358,
  "summary_gm_stdv": 63.42065546779304,
  "summary_wm_k": 0.534939365628119,
  "summary_wm_mad": 57.43176188162104,
  "summary_wm_mean": 1004.2136120100463,
  "summary_wm_median": 1000.043428748846,
  "summary_wm_n": 197092.0,
  "summary_wm_p05": 913.2322938665748,
  "summary_wm_p95": 1108.7419132962823,
  "summary_wm_stdv": 59.96580284290187,
  "tpm_overlap_csf": 0.144557042183419,
  "tpm_overlap_gm": 0.44934101517182734,
  "tpm_overlap_wm": 0.5040115719689984,
  "wm2max": 0.3869942472921926
}