{
  "bids_meta": {
    "AcquisitionMatrixPE": 240,
    "AcquisitionNumber": 1,
    "AcquisitionTime": "10:24:15.400000",
    "BaseResolution": 256,
    "BodyPartExamined": "BRAIN",
    "ConsistencyInfo": "N4_VE11C_LATEST_20160120",
    "ConversionSoftware": "dcm2niix",
    "ConversionSoftwareVersion": "v1.0.20210317",
    "DeviceSerialNumber": "45193",
    "DwellTime": 8.5e-06,
    "EchoTime": 0.00207,
    "FlipAngle": 9,
    "ImageOrientationPatientDICOM": [
      0.031425,
      0.999506,
      -3.50105e-08,
      0.0139393,
      -0.000438292,
      -0.999903
    ],
    "ImageType": [
      "ORIGINAL",
      "PRIMARY",
      "M",
      "ND",
      "NORM"
    ],
    "ImagingFrequency": 123.252,
    "InPlanePhaseEncodingDirectionDICOM": "ROW",
    "InstitutionAddress": "Blackburn Road 770,Clayton,Victoria,AU,3800",
    "InstitutionName": "Monash Biomedical Imaging",
    "InstitutionalDepartmentName": "Department",
    "InversionTime": 0.9,
    "MRAcquisitionType": "3D",
    "MagneticFieldStrength": 3,
    "Manufacturer": "Siemens",
    "ManufacturersModelName": "Skyra",
    "Modality": "MR",
    "ParallelReductionFactorInPlane": 2,
    "PartialFourier": 1,
    "PatientPosition": "HFS",
    "PercentPhaseFOV": 93.75,
    "PercentSampling": 100,
    "PhaseEncodingSteps": 239,
    "PhaseResolution": 1,
    "PixelBandwidth": 230,
    "ProcedureStepDescription": "MR Scan",
    "ProtocolName": "t1_mprage_sag_p2_iso_1_ADNI",
    "PulseSequenceDetails": "%SiemensSeq%\\tfl",
    "ReceiveCoilActiveElements": "HEA;HEP",
    "ReceiveCoilName": "Head_32",
    "ReconMatrixPE": 240,
    "RefLinesPE": 32,
    "RepetitionTime": 2.3,
    "SAR": 0.0978289,
    "ScanOptions": "IR",
    "ScanningSequence": "GR\\IR",
    "SequenceName": "*tfl3d1_16ns",
    "SequenceVariant": "SK\\SP\\MP",
    "SeriesDescription": "t1_mprage_sag_p2_iso_1_ADNI",
    "SeriesNumber": 3,
    "ShimSetting": [
      -4121,
      15461,
      -15515,
      -92,
      142,
      -177,
      -175,
      57
    ],
    "SliceThickness": 1,
    "SoftwareVersions": "syngo MR E11",
    "StationName": "AWP45193",
    "TxRefAmp": 372.981,
    "dataset": "<unset>",
    "modality": "T1w",
    "run_id": 1,
    "session_id": "01",
    "subject_id": "PC206"
  },
  "cjv": 0.3427922504859333,
  "cnr": 3.833104870762509,
  "efc": 0.5068942439922752,
  "fber": 9126.533976800554,
  "fwhm_avg": 3.739343333333333,
  "fwhm_x": 3.69452,
  "fwhm_y": 3.76572,
  "fwhm_z": 3.75779,
  "icvs_csf": 0.19135452234347647,
  "icvs_gm": 0.45021826514874097,
  "icvs_wm": 0.35842721250778253,
  "inu_med": 0.44922520220279694,
  "inu_range": 0.12389454841613767,
  "provenance": {
    "md5sum": "bcb90ade3e5a44ef11d54be8a325a8ea",
    "settings": {
      "testing": false
    },
    "software": "mriqc",
    "version": "22.0.6",
    "warnings": {
      "large_rot_frame": true,
      "small_air_mask": false
    },
    "webapi_port": null,
    "webapi_url": "https://mriqc.nimh.nih.gov/api/v1"
  },
  "qi_1": 0.01874953181725156,
  "qi_2": 0.01742387369657697,
  "rpve_csf": 26.837274170019718,
  "rpve_gm": 12.471924530807982,
  "rpve_wm": 17.760975018374413,
  "size_x": 192,
  "size_y": 240,
  "size_z": 256,
  "snr_csf": 2.2565682139751067,
  "snr_gm": 12.04616549690933,
  "snr_total": 12.870728570439356,
  "snr_wm": 24.30945200043363,
  "snrd_csf": 9.545263132273273,
  "snrd_gm": 26.648959187012796,
  "snrd_total": 24.487037261128155,
  "snrd_wm": 37.2668894640984,
  "spacing_x": 1.0,
  "spacing_y": 1.0,
  "spacing_z": 1.0,
  "summary_bg_k": 9578.63667914374,
  "summary_bg_mad": 0.0,
  "summary_bg_mean": 2.906080075226705,
  "summary_bg_median": 0.0,
  "summary_bg_n": 2343265.0,
  "summary_bg_p05": 0.0,
  "summary_bg_p95": 10.880854427814484,
  "summary_bg_stdv": 17.5804527440362,
  "summary_csf_k": 5.116450876233223,
  "summary_csf_mad": 88.50590249588411,
  "summary_csf_mean": 273.7037332286911,
  "summary_csf_median": 256.1452049165964,
  "summary_csf_n": 30143.0,
  "summary_csf_p05": 111.93431700468065,
  "summary_csf_p95": 485.671883228421,
  "summary_csf_stdv": 113.5090685320666,
  "summary_gm_k": 0.12603158260347502,
  "summary_gm_mad": 58.14845126697275,
  "summary_gm_mean": 714.9057658630671,
  "summary_gm_median": 715.1194280534983,
  "summary_gm_n": 49007.0,
  "summary_gm_p05": 616.5487786233425,
  "summary_gm_p95": 813.1954931914806,
  "summary_gm_stdv": 59.364295808905496,
  "summary_wm_k": 0.3344866817116334,
  "summary_wm_mad": 39.52334833908993,
  "summary_wm_mean": 1000.5856957685814,
  "summary_wm_median": 1000.0494387745857,
  "summary_wm_n": 209923.0,
  "summary_wm_p05": 933.9779231831432,
  "summary_wm_p95": 1068.895572245121,
  "summary_wm_stdv": 41.13819829465669,
  "tpm_overlap_csf": 0.16037384546065514,
  "tpm_overlap_gm": 0.485417165149744,
  "tpm_overlap_wm": 0.5302198039978553,
  "wm2max": 0.3682724706310901
}