{
  "aor": 0.0016152882703777338,
  "aqi": 0.05048881411530815,
  "bids_meta": {
    "AcquisitionMatrixPE": 64,
    "AcquisitionNumber": 1,
    "AcquisitionTime": "14:08:43.230000",
    "BandwidthPerPixelPhaseEncode": 62.5,
    "BaseResolution": 64,
    "BodyPartExamined": "BRAIN",
    "ConsistencyInfo": "N4_VE11C_LATEST_20160120",
    "ConversionSoftware": "dcm2niix",
    "ConversionSoftwareVersion": "v1.0.20210317",
    "DerivedVendorReportedEchoSpacing": 0.0005,
    "DeviceSerialNumber": "45193",
    "DwellTime": 3.1e-06,
    "EchoNumber": 4,
    "EchoTime": 0.06249,
    "EchoTrainLength": 31,
    "EffectiveEchoSpacing": 0.00025,
    "FlipAngle": 56,
    "ImageComments": "Unaliased MB4/PE4/LB",
    "ImageOrientationPatientDICOM": [
      0.999879,
      0.00255203,
      0.0153271,
      9.087e-12,
      0.98642,
      -0.164244
    ],
    "ImageType": [
      "ORIGINAL",
      "PRIMARY",
      "M",
      "MB",
      "TE4",
      "ND",
      "NORM",
      "MOSAIC"
    ],
    "ImagingFrequency": 123.252,
    "InPlanePhaseEncodingDirectionDICOM": "ROW",
    "InstitutionAddress": "Blackburn Road 770,Clayton,Victoria,AU,3800",
    "InstitutionName": "Monash Biomedical Imaging",
    "InstitutionalDepartmentName": "Department",
    "MRAcquisitionType": "2D",
    "MagneticFieldStrength": 3,
    "Manufacturer": "Siemens",
    "ManufacturersModelName": "Skyra",
    "Modality": "MR",
    "MultibandAccelerationFactor": 4,
    "ParallelReductionFactorInPlane": 2,
    "PartialFourier": 1,
    "PatientPosition": "HFS",
    "PercentPhaseFOV": 100,
    "PercentSampling": 100,
    "PhaseEncodingDirection": "i",
    "PhaseEncodingSteps": 63,
    "PhaseResolution": 1,
    "PixelBandwidth": 2520,
    "ProcedureStepDescription": "MR Scan",
    "ProtocolName": "Rest_R-L_mmb_4_4_cmrr_mbep2d_bold_TE_12.6_29.23_45.86_62.49",
    "PulseSequenceDetails": "%CustomerSeq%\\cmrr_mbep2d_bold",
    "ReceiveCoilActiveElements": "HEA;HEP",
    "ReceiveCoilName": "Head_32",
    "ReconMatrixPE": 64,
    "RefLinesPE": 24,
    "RepetitionTime": 0.91,
    "SAR": 0.0868648,
    "ScanOptions": "FS",
    "ScanningSequence": "EP",
    "SequenceName": "epfid2d4_64",
    "SequenceVariant": "SK\\SS",
    "SeriesDescription": "Rest_R-L_mmb_4_4_cmrr_mbep2d_bold_TE_12.6_29.23_45.86_62.49",
    "SeriesNumber": 3,
    "ShimSetting": [
      -4063,
      15443,
      -15034,
      343,
      348,
      215,
      -143,
      124
    ],
    "SliceThickness": 3.2,
    "SliceTiming": [
      0,
      0.625,
      0.3575,
      0.09,
      0.7125,
      0.445,
      0.18,
      0.8025,
      0.535,
      0.2675,
      0,
      0.625,
      0.3575,
      0.09,
      0.7125,
      0.445,
      0.18,
      0.8025,
      0.535,
      0.2675,
      0,
      0.625,
      0.3575,
      0.09,
      0.7125,
      0.445,
      0.18,
      0.8025,
      0.535,
      0.2675,
      0,
      0.625,
      0.3575,
      0.09,
      0.7125,
      0.445,
      0.18,
      0.8025,
      0.535,
      0.2675
    ],
    "SoftwareVersions": "syngo MR E11",
    "SpacingBetweenSlices": 3.2,
    "StationName": "AWP45193",
    "TaskName": "rest",
    "TotalReadoutTime": 0.01575,
    "TxRefAmp": 392.649,
    "WipMemBlock": "bd3678ed-6c18-4a7d-8c76-d116b2a7f21d||Sequence: R016 ve11c/master r/e634e98; Dec 19 2017 11:00:25 by eja",
    "dataset": "<unset>",
    "modality": "bold",
    "run_id": 1,
    "session_id": "02",
    "subject_id": "PC202",
    "task_id": "rest"
  },
  "dummy_trs": 1,
  "dvars_nstd": 51.17001690814742,
  "dvars_std": 1.0412146319123512,
  "dvars_vstd": 0.9186594116932278,
  "efc": 0.4831366657626028,
  "fber": 2390.275634765625,
  "fd_mean": 0.07824382478179218,
  "fd_num": 1,
  "fd_perc": 0.1988071570576541,
  "fwhm_avg": 1.687559827865521,
  "fwhm_x": 1.6229996116504855,
  "fwhm_y": 1.7687642718446601,
  "fwhm_z": 1.6709156001014174,
  "gcor": 0.00141718,
  "gsr_x": -0.006433647591620684,
  "gsr_y": 0.028841258957982063,
  "provenance": {
    "md5sum": "887383dbd8ea2508cb67bbd35b3fad9b",
    "settings": {
      "fd_thres": 0.2,
      "testing": false
    },
    "software": "mriqc",
    "version": "22.0.6",
    "webapi_port": null,
    "webapi_url": "https://mriqc.nimh.nih.gov/api/v1"
  },
  "size_t": 503,
  "size_x": 64,
  "size_y": 64,
  "size_z": 40,
  "snr": 2.5785425092738894,
  "spacing_tr": 0.9100000262260437,
  "spacing_x": 3.21875,
  "spacing_y": 3.21875,
  "spacing_z": 3.200000047683716,
  "summary_bg_k": 109.60753767277575,
  "summary_bg_mad": 36.449024807179015,
  "summary_bg_mean": 88.63336181640625,
  "summary_bg_median": 51.23657989501953,
  "summary_bg_n": 97676.0,
  "summary_bg_p05": 17.00397491455078,
  "summary_bg_p95": 291.2321014404297,
  "summary_bg_stdv": 126.7008056640625,
  "summary_fg_k": 6.1218859730343045,
  "summary_fg_mad": 628.0456470085005,
  "summary_fg_mean": 2729.633544921875,
  "summary_fg_median": 2510.275390625,
  "summary_fg_n": 30522.0,
  "summary_fg_p05": 1688.680194091797,
  "summary_fg_p95": 4675.795483398437,
  "summary_fg_stdv": 973.5089721679688,
  "tsnr": 15.928856037789956
}