{
  "aor": 0.0008437837837837837,
  "aqi": 0.014613994432432434,
  "bids_meta": {
    "AcquisitionMatrixPE": 64,
    "AcquisitionNumber": 1,
    "AcquisitionTime": "14:37:21.107500",
    "BandwidthPerPixelPhaseEncode": 62.5,
    "BaseResolution": 64,
    "BodyPartExamined": "BRAIN",
    "ConsistencyInfo": "N4_VE11C_LATEST_20160120",
    "ConversionSoftware": "dcm2niix",
    "ConversionSoftwareVersion": "v1.0.20210317",
    "DerivedVendorReportedEchoSpacing": 0.0005,
    "DeviceSerialNumber": "45193",
    "DwellTime": 3.1e-06,
    "EchoNumber": 2,
    "EchoTime": 0.02923,
    "EchoTrainLength": 31,
    "EffectiveEchoSpacing": 0.00025,
    "FlipAngle": 56,
    "ImageComments": "Unaliased MB4/PE4/LB",
    "ImageOrientationPatientDICOM": [
      0.999879,
      0.00255203,
      0.0153271,
      9.087e-12,
      0.98642,
      -0.164244
    ],
    "ImageType": [
      "ORIGINAL",
      "PRIMARY",
      "M",
      "MB",
      "TE2",
      "ND",
      "NORM",
      "MOSAIC"
    ],
    "ImagingFrequency": 123.252,
    "InPlanePhaseEncodingDirectionDICOM": "ROW",
    "InstitutionAddress": "Blackburn Road 770,Clayton,Victoria,AU,3800",
    "InstitutionName": "Monash Biomedical Imaging",
    "InstitutionalDepartmentName": "Department",
    "MRAcquisitionType": "2D",
    "MagneticFieldStrength": 3,
    "Manufacturer": "Siemens",
    "ManufacturersModelName": "Skyra",
    "Modality": "MR",
    "MultibandAccelerationFactor": 4,
    "ParallelReductionFactorInPlane": 2,
    "PartialFourier": 1,
    "PatientPosition": "HFS",
    "PercentPhaseFOV": 100,
    "PercentSampling": 100,
    "PhaseEncodingDirection": "i",
    "PhaseEncodingSteps": 63,
    "PhaseResolution": 1,
    "PixelBandwidth": 2520,
    "ProcedureStepDescription": "MR Scan",
    "ProtocolName": "Movie_R-L_mmb_4_4_cmrr_mbep2d_bold_TE_12.6_29.23_45.86_62.49",
    "PulseSequenceDetails": "%CustomerSeq%\\cmrr_mbep2d_bold",
    "ReceiveCoilActiveElements": "HEA;HEP",
    "ReceiveCoilName": "Head_32",
    "ReconMatrixPE": 64,
    "RefLinesPE": 24,
    "RepetitionTime": 0.91,
    "SAR": 0.0863531,
    "ScanOptions": "FS",
    "ScanningSequence": "EP",
    "SequenceName": "epfid2d4_64",
    "SequenceVariant": "SK\\SS",
    "SeriesDescription": "Movie_R-L_mmb_4_4_cmrr_mbep2d_bold_TE_12.6_29.23_45.86_62.49",
    "SeriesNumber": 8,
    "ShimSetting": [
      -4063,
      15443,
      -15034,
      343,
      348,
      215,
      -143,
      124
    ],
    "SliceThickness": 3.2,
    "SliceTiming": [
      0,
      0.625,
      0.3575,
      0.09,
      0.7125,
      0.445,
      0.18,
      0.8025,
      0.535,
      0.2675,
      0,
      0.625,
      0.3575,
      0.09,
      0.7125,
      0.445,
      0.18,
      0.8025,
      0.535,
      0.2675,
      0,
      0.625,
      0.3575,
      0.09,
      0.7125,
      0.445,
      0.18,
      0.8025,
      0.535,
      0.2675,
      0,
      0.625,
      0.3575,
      0.09,
      0.7125,
      0.445,
      0.18,
      0.8025,
      0.535,
      0.2675
    ],
    "SoftwareVersions": "syngo MR E11",
    "SpacingBetweenSlices": 3.2,
    "StationName": "AWP45193",
    "TaskName": "movie",
    "TotalReadoutTime": 0.01575,
    "TxRefAmp": 392.649,
    "WipMemBlock": "d873fc59-7227-41f5-b977-382aa38371a4||Sequence: R016 ve11c/master r/e634e98; Dec 19 2017 11:00:25 by eja",
    "dataset": "<unset>",
    "modality": "bold",
    "run_id": 1,
    "session_id": "02",
    "subject_id": "PC202",
    "task_id": "movie"
  },
  "dummy_trs": 2,
  "dvars_nstd": 30.273549754552835,
  "dvars_std": 1.1069316140650407,
  "dvars_vstd": 0.9812765867208677,
  "efc": 0.5271986887685813,
  "fber": 3870.2607421875,
  "fd_mean": 0.07473838775533294,
  "fd_num": 3,
  "fd_perc": 0.8108108108108109,
  "fwhm_avg": 1.694070691617993,
  "fwhm_x": 1.633926213592233,
  "fwhm_y": 1.79334213592233,
  "fwhm_z": 1.6549437253394168,
  "gcor": 0.00566525,
  "gsr_x": 0.014085706323385239,
  "gsr_y": 0.04165834188461304,
  "provenance": {
    "md5sum": "61ab75f31b0e20cdd429ada3da65d37c",
    "settings": {
      "fd_thres": 0.2,
      "testing": false
    },
    "software": "mriqc",
    "version": "22.0.6",
    "webapi_port": null,
    "webapi_url": "https://mriqc.nimh.nih.gov/api/v1"
  },
  "size_t": 370,
  "size_x": 64,
  "size_y": 64,
  "size_z": 40,
  "snr": 5.428159922342131,
  "spacing_tr": 0.9100000262260437,
  "spacing_x": 3.21875,
  "spacing_y": 3.21875,
  "spacing_z": 3.200000047683716,
  "summary_bg_k": 21.03448697100128,
  "summary_bg_mad": 77.94680747219145,
  "summary_bg_mean": 220.0558319091797,
  "summary_bg_median": 78.64324188232422,
  "summary_bg_n": 95850.0,
  "summary_bg_p05": 16.093108463287354,
  "summary_bg_p95": 951.0940734863287,
  "summary_bg_stdv": 395.7985534667969,
  "summary_fg_k": 1.6454288883330062,
  "summary_fg_mad": 787.440225998575,
  "summary_fg_mean": 4886.13720703125,
  "summary_fg_median": 4782.7001953125,
  "summary_fg_n": 33900.0,
  "summary_fg_p05": 3693.0772216796877,
  "summary_fg_p95": 6459.066162109375,
  "summary_fg_stdv": 881.0775146484375,
  "tsnr": 42.22729808022268
}