{
  "aor": 0.0006412947658402205,
  "aqi": 0.023688223415977958,
  "bids_meta": {
    "AcquisitionMatrixPE": 64,
    "AcquisitionNumber": 1,
    "AcquisitionTime": "14:25:43.717500",
    "BandwidthPerPixelPhaseEncode": 62.5,
    "BaseResolution": 64,
    "BodyPartExamined": "BRAIN",
    "ConsistencyInfo": "N4_VE11C_LATEST_20160120",
    "ConversionSoftware": "dcm2niix",
    "ConversionSoftwareVersion": "v1.0.20210317",
    "DerivedVendorReportedEchoSpacing": 0.0005,
    "DeviceSerialNumber": "45193",
    "DwellTime": 3.1e-06,
    "EchoNumber": 2,
    "EchoTime": 0.02923,
    "EchoTrainLength": 31,
    "EffectiveEchoSpacing": 0.00025,
    "FlipAngle": 56,
    "ImageComments": "Unaliased MB4/PE4/LB",
    "ImageOrientationPatientDICOM": [
      0.999879,
      0.00255203,
      0.0153271,
      9.087e-12,
      0.98642,
      -0.164244
    ],
    "ImageType": [
      "ORIGINAL",
      "PRIMARY",
      "M",
      "MB",
      "TE2",
      "ND",
      "NORM",
      "MOSAIC"
    ],
    "ImagingFrequency": 123.252,
    "InPlanePhaseEncodingDirectionDICOM": "ROW",
    "InstitutionAddress": "Blackburn Road 770,Clayton,Victoria,AU,3800",
    "InstitutionName": "Monash Biomedical Imaging",
    "InstitutionalDepartmentName": "Department",
    "MRAcquisitionType": "2D",
    "MagneticFieldStrength": 3,
    "Manufacturer": "Siemens",
    "ManufacturersModelName": "Skyra",
    "Modality": "MR",
    "MultibandAccelerationFactor": 4,
    "ParallelReductionFactorInPlane": 2,
    "PartialFourier": 1,
    "PatientPosition": "HFS",
    "PercentPhaseFOV": 100,
    "PercentSampling": 100,
    "PhaseEncodingDirection": "i",
    "PhaseEncodingSteps": 63,
    "PhaseResolution": 1,
    "PixelBandwidth": 2520,
    "ProcedureStepDescription": "MR Scan",
    "ProtocolName": "Music_R-L_mmb_4_4_cmrr_mbep2d_bold_TE_12.6_29.23_45.86_62.49",
    "PulseSequenceDetails": "%CustomerSeq%\\cmrr_mbep2d_bold",
    "ReceiveCoilActiveElements": "HEA;HEP",
    "ReceiveCoilName": "Head_32",
    "ReconMatrixPE": 64,
    "RefLinesPE": 24,
    "RepetitionTime": 0.91,
    "SAR": 0.087322,
    "ScanOptions": "FS",
    "ScanningSequence": "EP",
    "SequenceName": "epfid2d4_64",
    "SequenceVariant": "SK\\SS",
    "SeriesDescription": "Music_R-L_mmb_4_4_cmrr_mbep2d_bold_TE_12.6_29.23_45.86_62.49",
    "SeriesNumber": 7,
    "ShimSetting": [
      -4063,
      15443,
      -15034,
      343,
      348,
      215,
      -143,
      124
    ],
    "SliceThickness": 3.2,
    "SliceTiming": [
      0,
      0.625,
      0.3575,
      0.09,
      0.7125,
      0.445,
      0.18,
      0.8025,
      0.535,
      0.2675,
      0,
      0.625,
      0.3575,
      0.09,
      0.7125,
      0.445,
      0.18,
      0.8025,
      0.535,
      0.2675,
      0,
      0.625,
      0.3575,
      0.09,
      0.7125,
      0.445,
      0.18,
      0.8025,
      0.535,
      0.2675,
      0,
      0.625,
      0.3575,
      0.09,
      0.7125,
      0.445,
      0.18,
      0.8025,
      0.535,
      0.2675
    ],
    "SoftwareVersions": "syngo MR E11",
    "SpacingBetweenSlices": 3.2,
    "StationName": "AWP45193",
    "TaskName": "music",
    "TotalReadoutTime": 0.01575,
    "TxRefAmp": 392.649,
    "WipMemBlock": "4130a623-77a4-415f-8173-f93b7b6d5f22||Sequence: R016 ve11c/master r/e634e98; Dec 19 2017 11:00:25 by eja",
    "dataset": "<unset>",
    "modality": "bold",
    "run_id": 1,
    "session_id": "02",
    "subject_id": "PC202",
    "task_id": "music"
  },
  "dummy_trs": 2,
  "dvars_nstd": 30.037476751393125,
  "dvars_std": 1.0652366068965518,
  "dvars_vstd": 0.9389827962620686,
  "efc": 0.5292945527746654,
  "fber": 4004.97412109375,
  "fd_mean": 0.07393001193525266,
  "fd_num": 7,
  "fd_perc": 0.9641873278236914,
  "fwhm_avg": 1.7082910335298722,
  "fwhm_x": 1.662813203883495,
  "fwhm_y": 1.823906796116505,
  "fwhm_z": 1.6381531005896166,
  "gcor": 0.00367298,
  "gsr_x": 0.00932207889854908,
  "gsr_y": 0.04412297159433365,
  "provenance": {
    "md5sum": "fecf3efc037d94cae5978a0abaa2b71b",
    "settings": {
      "fd_thres": 0.2,
      "testing": false
    },
    "software": "mriqc",
    "version": "22.0.6",
    "webapi_port": null,
    "webapi_url": "https://mriqc.nimh.nih.gov/api/v1"
  },
  "size_t": 726,
  "size_x": 64,
  "size_y": 64,
  "size_z": 40,
  "snr": 5.441778891301677,
  "spacing_tr": 0.9100000262260437,
  "spacing_x": 3.21875,
  "spacing_y": 3.21875,
  "spacing_z": 3.200000047683716,
  "summary_bg_k": 31.652628224844953,
  "summary_bg_mad": 77.11573801782042,
  "summary_bg_mean": 224.52328491210938,
  "summary_bg_median": 77.68870544433594,
  "summary_bg_n": 95317.0,
  "summary_bg_p05": 16.630578231811523,
  "summary_bg_p95": 950.8647338867186,
  "summary_bg_stdv": 413.760986328125,
  "summary_fg_k": 1.8106542589364034,
  "summary_fg_mad": 772.056056200986,
  "summary_fg_mean": 4897.287109375,
  "summary_fg_median": 4787.6328125,
  "summary_fg_n": 34004.0,
  "summary_fg_p05": 3715.332800292969,
  "summary_fg_p95": 6478.74912109375,
  "summary_fg_stdv": 879.7789306640625,
  "tsnr": 34.781784585211426
}