{
  "aor": 0.0001310956175298805,
  "aqi": 0.009133597988047807,
  "bids_meta": {
    "AcquisitionMatrixPE": 64,
    "AcquisitionNumber": 1,
    "AcquisitionTime": "10:49:7.840000",
    "BandwidthPerPixelPhaseEncode": 62.5,
    "BaseResolution": 64,
    "BodyPartExamined": "BRAIN",
    "ConsistencyInfo": "N4_VE11C_LATEST_20160120",
    "ConversionSoftware": "dcm2niix",
    "ConversionSoftwareVersion": "v1.0.20210317",
    "DerivedVendorReportedEchoSpacing": 0.0005,
    "DeviceSerialNumber": "45193",
    "DwellTime": 3.1e-06,
    "EchoNumber": 2,
    "EchoTime": 0.02923,
    "EchoTrainLength": 31,
    "EffectiveEchoSpacing": 0.00025,
    "FlipAngle": 56,
    "ImageComments": "Unaliased MB4/PE4/LB",
    "ImageOrientationPatientDICOM": [
      0.999654,
      0.00396119,
      0.0260163,
      -1.70048e-10,
      0.988606,
      -0.150524
    ],
    "ImageType": [
      "ORIGINAL",
      "PRIMARY",
      "M",
      "MB",
      "TE2",
      "ND",
      "NORM",
      "MOSAIC"
    ],
    "ImagingFrequency": 123.252,
    "InPlanePhaseEncodingDirectionDICOM": "ROW",
    "InstitutionAddress": "Blackburn Road 770,Clayton,Victoria,AU,3800",
    "InstitutionName": "Monash Biomedical Imaging",
    "InstitutionalDepartmentName": "Department",
    "MRAcquisitionType": "2D",
    "MagneticFieldStrength": 3,
    "Manufacturer": "Siemens",
    "ManufacturersModelName": "Skyra",
    "Modality": "MR",
    "MultibandAccelerationFactor": 4,
    "ParallelReductionFactorInPlane": 2,
    "PartialFourier": 1,
    "PatientPosition": "HFS",
    "PercentPhaseFOV": 100,
    "PercentSampling": 100,
    "PhaseEncodingDirection": "i",
    "PhaseEncodingSteps": 63,
    "PhaseResolution": 1,
    "PixelBandwidth": 2520,
    "ProcedureStepDescription": "MR Scan",
    "ProtocolName": "Rest_R-L_mmb_4_4_cmrr_mbep2d_bold_TE_12.6_29.23_45.86_62.49",
    "PulseSequenceDetails": "%CustomerSeq%\\cmrr_mbep2d_bold",
    "ReceiveCoilActiveElements": "HEA;HEP",
    "ReceiveCoilName": "Head_32",
    "ReconMatrixPE": 64,
    "RefLinesPE": 24,
    "RepetitionTime": 0.91,
    "SAR": 0.0862767,
    "ScanOptions": "FS",
    "ScanningSequence": "EP",
    "SequenceName": "epfid2d4_64",
    "SequenceVariant": "SK\\SS",
    "SeriesDescription": "Rest_R-L_mmb_4_4_cmrr_mbep2d_bold_TE_12.6_29.23_45.86_62.49",
    "SeriesNumber": 5,
    "ShimSetting": [
      -4135,
      15557,
      -15136,
      406,
      226,
      380,
      -235,
      20
    ],
    "SliceThickness": 3.2,
    "SliceTiming": [
      0,
      0.625,
      0.3575,
      0.09,
      0.7125,
      0.445,
      0.18,
      0.8025,
      0.535,
      0.2675,
      0,
      0.625,
      0.3575,
      0.09,
      0.7125,
      0.445,
      0.18,
      0.8025,
      0.535,
      0.2675,
      0,
      0.625,
      0.3575,
      0.09,
      0.7125,
      0.445,
      0.18,
      0.8025,
      0.535,
      0.2675,
      0,
      0.625,
      0.3575,
      0.09,
      0.7125,
      0.445,
      0.18,
      0.8025,
      0.535,
      0.2675
    ],
    "SoftwareVersions": "syngo MR E11",
    "SpacingBetweenSlices": 3.2,
    "StationName": "AWP45193",
    "TaskName": "rest",
    "TotalReadoutTime": 0.01575,
    "TxRefAmp": 351.248,
    "WipMemBlock": "57958c1d-0f60-4734-bede-e3baf7982ff7||Sequence: R016 ve11c/master r/e634e98; Dec 19 2017 11:00:25 by eja",
    "dataset": "<unset>",
    "modality": "bold",
    "run_id": 1,
    "session_id": "01",
    "subject_id": "PC203",
    "task_id": "rest"
  },
  "dummy_trs": 2,
  "dvars_nstd": 27.298340669860295,
  "dvars_std": 1.0998686374251478,
  "dvars_vstd": 0.9967795709780441,
  "efc": 0.4610289450643092,
  "fber": 5785.5771484375,
  "fd_mean": 0.08027037350541195,
  "fd_num": 1,
  "fd_perc": 0.199203187250996,
  "fwhm_avg": 1.7573123193040294,
  "fwhm_x": 1.720251650485437,
  "fwhm_y": 1.785969708737864,
  "fwhm_z": 1.7657155986887874,
  "gcor": 0.0287288,
  "gsr_x": -0.007133597508072853,
  "gsr_y": 0.010885379277169704,
  "provenance": {
    "md5sum": "9fb124d1776011423f2c1a39ea27f391",
    "settings": {
      "fd_thres": 0.2,
      "testing": false
    },
    "software": "mriqc",
    "version": "22.0.6",
    "webapi_port": null,
    "webapi_url": "https://mriqc.nimh.nih.gov/api/v1"
  },
  "size_t": 502,
  "size_x": 64,
  "size_y": 64,
  "size_z": 40,
  "snr": 6.7991177545565105,
  "spacing_tr": 0.9100000262260437,
  "spacing_x": 3.21875,
  "spacing_y": 3.21875,
  "spacing_z": 3.200000047683716,
  "summary_bg_k": 101.54222990996169,
  "summary_bg_mad": 44.048348092940984,
  "summary_bg_mean": 127.82076263427734,
  "summary_bg_median": 53.59960174560547,
  "summary_bg_n": 106004.0,
  "summary_bg_p05": 16.671614837646487,
  "summary_bg_p95": 440.3208251953123,
  "summary_bg_stdv": 274.4007873535156,
  "summary_fg_k": 1.6045058753326051,
  "summary_fg_mad": 554.4487082189281,
  "summary_fg_mean": 4067.227783203125,
  "summary_fg_median": 4021.759033203125,
  "summary_fg_n": 25251.0,
  "summary_fg_p05": 3233.3885498046875,
  "summary_fg_p95": 5081.57861328125,
  "summary_fg_stdv": 591.5001831054688,
  "tsnr": 54.704207103699446
}