{
  "aor": 0.00041285714285714276,
  "aqi": 0.015961150412087913,
  "bids_meta": {
    "AcquisitionMatrixPE": 64,
    "AcquisitionNumber": 1,
    "AcquisitionTime": "11:17:10.160000",
    "BandwidthPerPixelPhaseEncode": 62.5,
    "BaseResolution": 64,
    "BodyPartExamined": "BRAIN",
    "ConsistencyInfo": "N4_VE11C_LATEST_20160120",
    "ConversionSoftware": "dcm2niix",
    "ConversionSoftwareVersion": "v1.0.20210317",
    "DerivedVendorReportedEchoSpacing": 0.0005,
    "DeviceSerialNumber": "45193",
    "DwellTime": 3.1e-06,
    "EchoNumber": 4,
    "EchoTime": 0.06249,
    "EchoTrainLength": 31,
    "EffectiveEchoSpacing": 0.00025,
    "FlipAngle": 56,
    "ImageComments": "Unaliased MB4/PE4/LB",
    "ImageOrientationPatientDICOM": [
      0.999654,
      0.00396119,
      0.0260163,
      -1.70048e-10,
      0.988606,
      -0.150524
    ],
    "ImageType": [
      "ORIGINAL",
      "PRIMARY",
      "M",
      "MB",
      "TE4",
      "ND",
      "NORM",
      "MOSAIC"
    ],
    "ImagingFrequency": 123.252,
    "InPlanePhaseEncodingDirectionDICOM": "ROW",
    "InstitutionAddress": "Blackburn Road 770,Clayton,Victoria,AU,3800",
    "InstitutionName": "Monash Biomedical Imaging",
    "InstitutionalDepartmentName": "Department",
    "MRAcquisitionType": "2D",
    "MagneticFieldStrength": 3,
    "Manufacturer": "Siemens",
    "ManufacturersModelName": "Skyra",
    "Modality": "MR",
    "MultibandAccelerationFactor": 4,
    "ParallelReductionFactorInPlane": 2,
    "PartialFourier": 1,
    "PatientPosition": "HFS",
    "PercentPhaseFOV": 100,
    "PercentSampling": 100,
    "PhaseEncodingDirection": "i",
    "PhaseEncodingSteps": 63,
    "PhaseResolution": 1,
    "PixelBandwidth": 2520,
    "ProcedureStepDescription": "MR Scan",
    "ProtocolName": "Music_R-L_mmb_4_4_cmrr_mbep2d_bold_TE_12.6_29.23_45.86_62.49",
    "PulseSequenceDetails": "%CustomerSeq%\\cmrr_mbep2d_bold",
    "ReceiveCoilActiveElements": "HEA;HEP",
    "ReceiveCoilName": "Head_32",
    "ReconMatrixPE": 64,
    "RefLinesPE": 24,
    "RepetitionTime": 0.91,
    "SAR": 0.0867102,
    "ScanOptions": "FS",
    "ScanningSequence": "EP",
    "SequenceName": "epfid2d4_64",
    "SequenceVariant": "SK\\SS",
    "SeriesDescription": "Music_R-L_mmb_4_4_cmrr_mbep2d_bold_TE_12.6_29.23_45.86_62.49",
    "SeriesNumber": 12,
    "ShimSetting": [
      -4135,
      15557,
      -15136,
      406,
      226,
      380,
      -235,
      20
    ],
    "SliceThickness": 3.2,
    "SliceTiming": [
      0,
      0.6225,
      0.3575,
      0.09,
      0.7125,
      0.445,
      0.1775,
      0.8025,
      0.535,
      0.2675,
      0,
      0.6225,
      0.3575,
      0.09,
      0.7125,
      0.445,
      0.1775,
      0.8025,
      0.535,
      0.2675,
      0,
      0.6225,
      0.3575,
      0.09,
      0.7125,
      0.445,
      0.1775,
      0.8025,
      0.535,
      0.2675,
      0,
      0.6225,
      0.3575,
      0.09,
      0.7125,
      0.445,
      0.1775,
      0.8025,
      0.535,
      0.2675
    ],
    "SoftwareVersions": "syngo MR E11",
    "SpacingBetweenSlices": 3.2,
    "StationName": "AWP45193",
    "TaskName": "music",
    "TotalReadoutTime": 0.01575,
    "TxRefAmp": 351.248,
    "WipMemBlock": "f360817a-011b-4831-baea-8309e5ab0cad||Sequence: R016 ve11c/master r/e634e98; Dec 19 2017 11:00:25 by eja",
    "dataset": "<unset>",
    "modality": "bold",
    "run_id": 1,
    "session_id": "01",
    "subject_id": "PC203",
    "task_id": "music"
  },
  "dummy_trs": 0,
  "dvars_nstd": 41.51232714950481,
  "dvars_std": 1.0801655208253098,
  "dvars_vstd": 0.9995129564511698,
  "efc": 0.430159798475622,
  "fber": 3217.63720703125,
  "fd_mean": 0.07510025684651943,
  "fd_num": 13,
  "fd_perc": 1.7857142857142858,
  "fwhm_avg": 1.5652499919903775,
  "fwhm_x": 1.5101483495145631,
  "fwhm_y": 1.5730516504854368,
  "fwhm_z": 1.612549975971133,
  "gcor": 0.0439348,
  "gsr_x": -0.007421707268804312,
  "gsr_y": 0.007830019108951092,
  "provenance": {
    "md5sum": "c4862f3028c19f459ad7c7f845e42433",
    "settings": {
      "fd_thres": 0.2,
      "testing": false
    },
    "software": "mriqc",
    "version": "22.0.6",
    "webapi_port": null,
    "webapi_url": "https://mriqc.nimh.nih.gov/api/v1"
  },
  "size_t": 728,
  "size_x": 64,
  "size_y": 64,
  "size_z": 40,
  "snr": 4.336514083730732,
  "spacing_tr": 0.9100000262260437,
  "spacing_x": 3.21875,
  "spacing_y": 3.21875,
  "spacing_z": 3.200000047683716,
  "summary_bg_k": 104.07643086914265,
  "summary_bg_mad": 22.485454023286383,
  "summary_bg_mean": 61.98173904418945,
  "summary_bg_median": 37.9244499206543,
  "summary_bg_n": 110930.0,
  "summary_bg_p05": 15.612637519836426,
  "summary_bg_p95": 188.315315246582,
  "summary_bg_stdv": 89.54344940185547,
  "summary_fg_k": 7.835373631501605,
  "summary_fg_mad": 382.14388899985113,
  "summary_fg_mean": 2223.962646484375,
  "summary_fg_median": 2162.37841796875,
  "summary_fg_n": 21146.0,
  "summary_fg_p05": 1597.0986328125,
  "summary_fg_p95": 3053.7225341796875,
  "summary_fg_stdv": 498.6325988769531,
  "tsnr": 31.230077646439895
}