{
  "aor": 0.00012938247011952194,
  "aqi": 0.013310918824701194,
  "bids_meta": {
    "AcquisitionMatrixPE": 64,
    "AcquisitionNumber": 1,
    "AcquisitionTime": "10:49:7.875000",
    "BandwidthPerPixelPhaseEncode": 62.5,
    "BaseResolution": 64,
    "BodyPartExamined": "BRAIN",
    "ConsistencyInfo": "N4_VE11C_LATEST_20160120",
    "ConversionSoftware": "dcm2niix",
    "ConversionSoftwareVersion": "v1.0.20210317",
    "DerivedVendorReportedEchoSpacing": 0.0005,
    "DeviceSerialNumber": "45193",
    "DwellTime": 3.1e-06,
    "EchoNumber": 4,
    "EchoTime": 0.06249,
    "EchoTrainLength": 31,
    "EffectiveEchoSpacing": 0.00025,
    "FlipAngle": 56,
    "ImageComments": "Unaliased MB4/PE4/LB",
    "ImageOrientationPatientDICOM": [
      0.999654,
      0.00396119,
      0.0260163,
      -1.70048e-10,
      0.988606,
      -0.150524
    ],
    "ImageType": [
      "ORIGINAL",
      "PRIMARY",
      "M",
      "MB",
      "TE4",
      "ND",
      "NORM",
      "MOSAIC"
    ],
    "ImagingFrequency": 123.252,
    "InPlanePhaseEncodingDirectionDICOM": "ROW",
    "InstitutionAddress": "Blackburn Road 770,Clayton,Victoria,AU,3800",
    "InstitutionName": "Monash Biomedical Imaging",
    "InstitutionalDepartmentName": "Department",
    "MRAcquisitionType": "2D",
    "MagneticFieldStrength": 3,
    "Manufacturer": "Siemens",
    "ManufacturersModelName": "Skyra",
    "Modality": "MR",
    "MultibandAccelerationFactor": 4,
    "ParallelReductionFactorInPlane": 2,
    "PartialFourier": 1,
    "PatientPosition": "HFS",
    "PercentPhaseFOV": 100,
    "PercentSampling": 100,
    "PhaseEncodingDirection": "i",
    "PhaseEncodingSteps": 63,
    "PhaseResolution": 1,
    "PixelBandwidth": 2520,
    "ProcedureStepDescription": "MR Scan",
    "ProtocolName": "Rest_R-L_mmb_4_4_cmrr_mbep2d_bold_TE_12.6_29.23_45.86_62.49",
    "PulseSequenceDetails": "%CustomerSeq%\\cmrr_mbep2d_bold",
    "ReceiveCoilActiveElements": "HEA;HEP",
    "ReceiveCoilName": "Head_32",
    "ReconMatrixPE": 64,
    "RefLinesPE": 24,
    "RepetitionTime": 0.91,
    "SAR": 0.0862767,
    "ScanOptions": "FS",
    "ScanningSequence": "EP",
    "SequenceName": "epfid2d4_64",
    "SequenceVariant": "SK\\SS",
    "SeriesDescription": "Rest_R-L_mmb_4_4_cmrr_mbep2d_bold_TE_12.6_29.23_45.86_62.49",
    "SeriesNumber": 5,
    "ShimSetting": [
      -4135,
      15557,
      -15136,
      406,
      226,
      380,
      -235,
      20
    ],
    "SliceThickness": 3.2,
    "SliceTiming": [
      0,
      0.6225,
      0.355,
      0.0875,
      0.7125,
      0.445,
      0.1775,
      0.8,
      0.5325,
      0.2675,
      0,
      0.6225,
      0.355,
      0.0875,
      0.7125,
      0.445,
      0.1775,
      0.8,
      0.5325,
      0.2675,
      0,
      0.6225,
      0.355,
      0.0875,
      0.7125,
      0.445,
      0.1775,
      0.8,
      0.5325,
      0.2675,
      0,
      0.6225,
      0.355,
      0.0875,
      0.7125,
      0.445,
      0.1775,
      0.8,
      0.5325,
      0.2675
    ],
    "SoftwareVersions": "syngo MR E11",
    "SpacingBetweenSlices": 3.2,
    "StationName": "AWP45193",
    "TaskName": "rest",
    "TotalReadoutTime": 0.01575,
    "TxRefAmp": 351.248,
    "WipMemBlock": "57958c1d-0f60-4734-bede-e3baf7982ff7||Sequence: R016 ve11c/master r/e634e98; Dec 19 2017 11:00:25 by eja",
    "dataset": "<unset>",
    "modality": "bold",
    "run_id": 1,
    "session_id": "01",
    "subject_id": "PC203",
    "task_id": "rest"
  },
  "dummy_trs": 2,
  "dvars_nstd": 42.74473062407188,
  "dvars_std": 1.0859862608383224,
  "dvars_vstd": 0.9939122006187621,
  "efc": 0.4298263872580486,
  "fber": 3178.262939453125,
  "fd_mean": 0.07618532454928617,
  "fd_num": 0,
  "fd_perc": 0.0,
  "fwhm_avg": 1.5502093084437814,
  "fwhm_x": 1.4993242718446602,
  "fwhm_y": 1.560972427184466,
  "fwhm_z": 1.590331226302218,
  "gcor": 0.0164413,
  "gsr_x": -0.007173948455601931,
  "gsr_y": 0.009255749173462391,
  "provenance": {
    "md5sum": "34f6cadd8bffd9ef2d3baae52ac6ff3f",
    "settings": {
      "fd_thres": 0.2,
      "testing": false
    },
    "software": "mriqc",
    "version": "22.0.6",
    "webapi_port": null,
    "webapi_url": "https://mriqc.nimh.nih.gov/api/v1"
  },
  "size_t": 502,
  "size_x": 64,
  "size_y": 64,
  "size_z": 40,
  "snr": 4.303890751732224,
  "spacing_tr": 0.9100000262260437,
  "spacing_x": 3.21875,
  "spacing_y": 3.21875,
  "spacing_z": 3.200000047683716,
  "summary_bg_k": 131.83337018186134,
  "summary_bg_mad": 23.067460116115694,
  "summary_bg_mean": 62.57617950439453,
  "summary_bg_median": 38.32769012451172,
  "summary_bg_n": 110904.0,
  "summary_bg_p05": 15.657669401168825,
  "summary_bg_p95": 188.69234008789059,
  "summary_bg_stdv": 93.59468078613281,
  "summary_fg_k": 7.894120373371951,
  "summary_fg_mad": 391.81745221765306,
  "summary_fg_mean": 2227.523193359375,
  "summary_fg_median": 2165.482177734375,
  "summary_fg_n": 20951.0,
  "summary_fg_p05": 1594.3446655273438,
  "summary_fg_p95": 3062.77099609375,
  "summary_fg_stdv": 503.13323974609375,
  "tsnr": 33.59592633601278
}