{
  "aor": 0.0013897216699801198,
  "aqi": 0.011900829363817098,
  "bids_meta": {
    "AcquisitionMatrixPE": 64,
    "AcquisitionNumber": 1,
    "AcquisitionTime": "11:30:13.030000",
    "BandwidthPerPixelPhaseEncode": 62.5,
    "BaseResolution": 64,
    "BodyPartExamined": "BRAIN",
    "ConsistencyInfo": "N4_VE11C_LATEST_20160120",
    "ConversionSoftware": "dcm2niix",
    "ConversionSoftwareVersion": "v1.0.20210317",
    "DerivedVendorReportedEchoSpacing": 0.0005,
    "DeviceSerialNumber": "45193",
    "DwellTime": 3.1e-06,
    "EchoNumber": 2,
    "EchoTime": 0.02923,
    "EchoTrainLength": 31,
    "EffectiveEchoSpacing": 0.00025,
    "FlipAngle": 56,
    "ImageComments": "Unaliased MB4/PE4/LB",
    "ImageOrientationPatientDICOM": [
      0.994553,
      0.017557,
      0.102742,
      -1.72082e-10,
      0.985711,
      -0.168443
    ],
    "ImageType": [
      "ORIGINAL",
      "PRIMARY",
      "M",
      "MB",
      "TE2",
      "ND",
      "NORM",
      "MOSAIC"
    ],
    "ImagingFrequency": 123.247,
    "InPlanePhaseEncodingDirectionDICOM": "ROW",
    "InstitutionAddress": "Blackburn Road 770,Clayton,Victoria,AU,3800",
    "InstitutionName": "Monash Biomedical Imaging",
    "InstitutionalDepartmentName": "Department",
    "MRAcquisitionType": "2D",
    "MagneticFieldStrength": 3,
    "Manufacturer": "Siemens",
    "ManufacturersModelName": "Skyra",
    "Modality": "MR",
    "MultibandAccelerationFactor": 4,
    "ParallelReductionFactorInPlane": 2,
    "PartialFourier": 1,
    "PatientPosition": "HFS",
    "PercentPhaseFOV": 100,
    "PercentSampling": 100,
    "PhaseEncodingDirection": "i",
    "PhaseEncodingSteps": 63,
    "PhaseResolution": 1,
    "PixelBandwidth": 2520,
    "ProcedureStepDescription": "MR Scan",
    "ProtocolName": "Rest_R-L_mmb_4_4_cmrr_mbep2d_bold_TE_12.6_29.23_45.86_62.49",
    "PulseSequenceDetails": "%CustomerSeq%\\cmrr_mbep2d_bold",
    "ReceiveCoilActiveElements": "HEA;HEP",
    "ReceiveCoilName": "Head_32",
    "ReconMatrixPE": 64,
    "RefLinesPE": 24,
    "RepetitionTime": 0.91,
    "SAR": 0.0878986,
    "ScanOptions": "FS",
    "ScanningSequence": "EP",
    "SequenceName": "epfid2d4_64",
    "SequenceVariant": "SK\\SS",
    "SeriesDescription": "Rest_R-L_mmb_4_4_cmrr_mbep2d_bold_TE_12.6_29.23_45.86_62.49",
    "SeriesNumber": 5,
    "ShimSetting": [
      -4051,
      15353,
      -15117,
      641,
      312,
      153,
      -697,
      -103
    ],
    "SliceThickness": 3.2,
    "SliceTiming": [
      0,
      0.6225,
      0.3575,
      0.09,
      0.7125,
      0.445,
      0.1775,
      0.8025,
      0.535,
      0.2675,
      0,
      0.6225,
      0.3575,
      0.09,
      0.7125,
      0.445,
      0.1775,
      0.8025,
      0.535,
      0.2675,
      0,
      0.6225,
      0.3575,
      0.09,
      0.7125,
      0.445,
      0.1775,
      0.8025,
      0.535,
      0.2675,
      0,
      0.6225,
      0.3575,
      0.09,
      0.7125,
      0.445,
      0.1775,
      0.8025,
      0.535,
      0.2675
    ],
    "SoftwareVersions": "syngo MR E11",
    "SpacingBetweenSlices": 3.2,
    "StationName": "AWP45193",
    "TaskName": "rest",
    "TotalReadoutTime": 0.01575,
    "TxRefAmp": 357.572,
    "WipMemBlock": "23c0b76f-6f8e-4712-bbe6-0509cd202570||Sequence: R016 ve11c/master r/e634e98; Dec 19 2017 11:00:25 by eja",
    "dataset": "<unset>",
    "modality": "bold",
    "run_id": 1,
    "session_id": "01",
    "subject_id": "PC029",
    "task_id": "rest"
  },
  "dummy_trs": 1,
  "dvars_nstd": 30.48954725087649,
  "dvars_std": 1.1061092379282875,
  "dvars_vstd": 1.0129663120916328,
  "efc": 0.4817134012430473,
  "fber": 4271.73388671875,
  "fd_mean": 0.09182995283755291,
  "fd_num": 2,
  "fd_perc": 0.3976143141153082,
  "fwhm_avg": 1.7074867916106877,
  "fwhm_x": 1.6823269902912623,
  "fwhm_y": 1.7185646601941746,
  "fwhm_z": 1.7215687243466269,
  "gcor": 0.0364105,
  "gsr_x": 0.00510133383795619,
  "gsr_y": 0.017191439867019653,
  "provenance": {
    "md5sum": "887c2cf2bcff2bcb8401b56a66341999",
    "settings": {
      "fd_thres": 0.2,
      "testing": false
    },
    "software": "mriqc",
    "version": "22.0.6",
    "webapi_port": null,
    "webapi_url": "https://mriqc.nimh.nih.gov/api/v1"
  },
  "size_t": 503,
  "size_x": 64,
  "size_y": 64,
  "size_z": 40,
  "snr": 5.747387197060162,
  "spacing_tr": 0.9100000262260437,
  "spacing_x": 3.21875,
  "spacing_y": 3.21875,
  "spacing_z": 3.200000047683716,
  "summary_bg_k": 46.68503710781775,
  "summary_bg_mad": 59.808112922197864,
  "summary_bg_mean": 171.0889892578125,
  "summary_bg_median": 62.13816833496094,
  "summary_bg_n": 103946.0,
  "summary_bg_p05": 15.922464370727539,
  "summary_bg_p95": 655.3672485351562,
  "summary_bg_stdv": 349.5831604003906,
  "summary_fg_k": 1.7268976937200193,
  "summary_fg_mad": 636.026035781084,
  "summary_fg_mean": 4044.484619140625,
  "summary_fg_median": 3972.65478515625,
  "summary_fg_n": 26216.0,
  "summary_fg_p05": 3091.3154296875,
  "summary_fg_p95": 5252.421875,
  "summary_fg_stdv": 691.1973876953125,
  "tsnr": 43.06512511696201
}