{
  "aor": 0.0003551612903225806,
  "aqi": 0.010646424059139787,
  "bids_meta": {
    "AcquisitionMatrixPE": 64,
    "AcquisitionNumber": 1,
    "AcquisitionTime": "11:18:5.027500",
    "BandwidthPerPixelPhaseEncode": 62.5,
    "BaseResolution": 64,
    "BodyPartExamined": "BRAIN",
    "ConsistencyInfo": "N4_VE11C_LATEST_20160120",
    "ConversionSoftware": "dcm2niix",
    "ConversionSoftwareVersion": "v1.0.20210317",
    "DerivedVendorReportedEchoSpacing": 0.0005,
    "DeviceSerialNumber": "45193",
    "DwellTime": 3.1e-06,
    "EchoNumber": 3,
    "EchoTime": 0.04586,
    "EchoTrainLength": 31,
    "EffectiveEchoSpacing": 0.00025,
    "FlipAngle": 56,
    "ImageComments": "Unaliased MB4/PE4/LB",
    "ImageOrientationPatientDICOM": [
      0.998923,
      -0.00738977,
      -0.0458109,
      -6.6139e-11,
      0.987238,
      -0.159252
    ],
    "ImageType": [
      "ORIGINAL",
      "PRIMARY",
      "M",
      "MB",
      "TE3",
      "ND",
      "NORM",
      "MOSAIC"
    ],
    "ImagingFrequency": 123.252,
    "InPlanePhaseEncodingDirectionDICOM": "ROW",
    "InstitutionAddress": "Blackburn Road 770,Clayton,Victoria,AU,3800",
    "InstitutionName": "Monash Biomedical Imaging",
    "InstitutionalDepartmentName": "Department",
    "MRAcquisitionType": "2D",
    "MagneticFieldStrength": 3,
    "Manufacturer": "Siemens",
    "ManufacturersModelName": "Skyra",
    "Modality": "MR",
    "MultibandAccelerationFactor": 4,
    "ParallelReductionFactorInPlane": 2,
    "PartialFourier": 1,
    "PatientPosition": "HFS",
    "PercentPhaseFOV": 100,
    "PercentSampling": 100,
    "PhaseEncodingDirection": "i",
    "PhaseEncodingSteps": 63,
    "PhaseResolution": 1,
    "PixelBandwidth": 2520,
    "ProcedureStepDescription": "MR Scan",
    "ProtocolName": "Movie_R-L_mmb_4_4_cmrr_mbep2d_bold_TE_12.6_29.23_45.86_62.49",
    "PulseSequenceDetails": "%CustomerSeq%\\cmrr_mbep2d_bold",
    "ReceiveCoilActiveElements": "HEA;HEP",
    "ReceiveCoilName": "Head_32",
    "ReconMatrixPE": 64,
    "RefLinesPE": 24,
    "RepetitionTime": 0.91,
    "SAR": 0.0927677,
    "ScanOptions": "FS",
    "ScanningSequence": "EP",
    "SequenceName": "epfid2d4_64",
    "SequenceVariant": "SK\\SS",
    "SeriesDescription": "Movie_R-L_mmb_4_4_cmrr_mbep2d_bold_TE_12.6_29.23_45.86_62.49",
    "SeriesNumber": 10,
    "ShimSetting": [
      -4132,
      15369,
      -15095,
      365,
      239,
      79,
      38,
      135
    ],
    "SliceThickness": 3.2,
    "SliceTiming": [
      0,
      0.6225,
      0.355,
      0.09,
      0.7125,
      0.445,
      0.1775,
      0.8,
      0.535,
      0.2675,
      0,
      0.6225,
      0.355,
      0.09,
      0.7125,
      0.445,
      0.1775,
      0.8,
      0.535,
      0.2675,
      0,
      0.6225,
      0.355,
      0.09,
      0.7125,
      0.445,
      0.1775,
      0.8,
      0.535,
      0.2675,
      0,
      0.6225,
      0.355,
      0.09,
      0.7125,
      0.445,
      0.1775,
      0.8,
      0.535,
      0.2675
    ],
    "SoftwareVersions": "syngo MR E11",
    "SpacingBetweenSlices": 3.2,
    "StationName": "AWP45193",
    "TaskName": "movie",
    "TotalReadoutTime": 0.01575,
    "TxRefAmp": 355.352,
    "WipMemBlock": "333425be-e4aa-41b6-a366-7223586dd13c||Sequence: R016 ve11c/master r/e634e98; Dec 19 2017 11:00:25 by eja",
    "dataset": "<unset>",
    "modality": "bold",
    "run_id": 1,
    "session_id": "02",
    "subject_id": "PC002",
    "task_id": "movie"
  },
  "dummy_trs": 0,
  "dvars_nstd": 37.768212372452844,
  "dvars_std": 1.0947593594070077,
  "dvars_vstd": 0.9904511695148248,
  "efc": 0.4890048940857664,
  "fber": 3316.984619140625,
  "fd_mean": 0.08260238999598989,
  "fd_num": 7,
  "fd_perc": 1.881720430107527,
  "fwhm_avg": 1.7493435409917824,
  "fwhm_x": 1.7004085436893204,
  "fwhm_y": 1.7828939805825244,
  "fwhm_z": 1.7647280987035021,
  "gcor": 0.0293486,
  "gsr_x": -0.0031793939415365458,
  "gsr_y": 0.015902256593108177,
  "provenance": {
    "md5sum": "3c0b726dff125c4907d176d9eaa1fe73",
    "settings": {
      "fd_thres": 0.2,
      "testing": false
    },
    "software": "mriqc",
    "version": "22.0.6",
    "webapi_port": null,
    "webapi_url": "https://mriqc.nimh.nih.gov/api/v1"
  },
  "size_t": 372,
  "size_x": 64,
  "size_y": 64,
  "size_z": 40,
  "snr": 3.363951569149542,
  "spacing_tr": 0.9100000262260437,
  "spacing_x": 3.21875,
  "spacing_y": 3.21875,
  "spacing_z": 3.200000047683716,
  "summary_bg_k": 218.18310877042808,
  "summary_bg_mad": 36.23208711416934,
  "summary_bg_mean": 90.29364776611328,
  "summary_bg_median": 51.91935348510742,
  "summary_bg_n": 97950.0,
  "summary_bg_p05": 18.288844108581543,
  "summary_bg_p95": 263.5329208374028,
  "summary_bg_stdv": 156.37217712402344,
  "summary_fg_k": 4.761665391576174,
  "summary_fg_mad": 649.2404157840365,
  "summary_fg_mean": 3120.1962890625,
  "summary_fg_median": 2969.38720703125,
  "summary_fg_n": 31987.0,
  "summary_fg_p05": 2093.5580078125,
  "summary_fg_p95": 4740.563476562499,
  "summary_fg_stdv": 882.6942749023438,
  "tsnr": 36.91629692912102
}