{
  "aor": 0.0005531275720164608,
  "aqi": 0.013051918367626886,
  "bids_meta": {
    "AcquisitionMatrixPE": 64,
    "AcquisitionNumber": 1,
    "AcquisitionTime": "11:06:18.252500",
    "BandwidthPerPixelPhaseEncode": 62.5,
    "BaseResolution": 64,
    "BodyPartExamined": "BRAIN",
    "ConsistencyInfo": "N4_VE11C_LATEST_20160120",
    "ConversionSoftware": "dcm2niix",
    "ConversionSoftwareVersion": "v1.0.20210317",
    "DerivedVendorReportedEchoSpacing": 0.0005,
    "DeviceSerialNumber": "45193",
    "DwellTime": 3.1e-06,
    "EchoNumber": 4,
    "EchoTime": 0.06249,
    "EchoTrainLength": 31,
    "EffectiveEchoSpacing": 0.00025,
    "FlipAngle": 56,
    "ImageComments": "Unaliased MB4/PE4/LB",
    "ImageOrientationPatientDICOM": [
      0.998923,
      -0.00738977,
      -0.0458109,
      -6.6139e-11,
      0.987238,
      -0.159252
    ],
    "ImageType": [
      "ORIGINAL",
      "PRIMARY",
      "M",
      "MB",
      "TE4",
      "ND",
      "NORM",
      "MOSAIC"
    ],
    "ImagingFrequency": 123.252,
    "InPlanePhaseEncodingDirectionDICOM": "ROW",
    "InstitutionAddress": "Blackburn Road 770,Clayton,Victoria,AU,3800",
    "InstitutionName": "Monash Biomedical Imaging",
    "InstitutionalDepartmentName": "Department",
    "MRAcquisitionType": "2D",
    "MagneticFieldStrength": 3,
    "Manufacturer": "Siemens",
    "ManufacturersModelName": "Skyra",
    "Modality": "MR",
    "MultibandAccelerationFactor": 4,
    "ParallelReductionFactorInPlane": 2,
    "PartialFourier": 1,
    "PatientPosition": "HFS",
    "PercentPhaseFOV": 100,
    "PercentSampling": 100,
    "PhaseEncodingDirection": "i",
    "PhaseEncodingSteps": 63,
    "PhaseResolution": 1,
    "PixelBandwidth": 2520,
    "ProcedureStepDescription": "MR Scan",
    "ProtocolName": "Music_R-L_mmb_4_4_cmrr_mbep2d_bold_TE_12.6_29.23_45.86_62.49",
    "PulseSequenceDetails": "%CustomerSeq%\\cmrr_mbep2d_bold",
    "ReceiveCoilActiveElements": "HEA;HEP",
    "ReceiveCoilName": "Head_32",
    "ReconMatrixPE": 64,
    "RefLinesPE": 24,
    "RepetitionTime": 0.91,
    "SAR": 0.093776,
    "ScanOptions": "FS",
    "ScanningSequence": "EP",
    "SequenceName": "epfid2d4_64",
    "SequenceVariant": "SK\\SS",
    "SeriesDescription": "Music_R-L_mmb_4_4_cmrr_mbep2d_bold_TE_12.6_29.23_45.86_62.49",
    "SeriesNumber": 9,
    "ShimSetting": [
      -4132,
      15369,
      -15095,
      365,
      239,
      79,
      38,
      135
    ],
    "SliceThickness": 3.2,
    "SliceTiming": [
      0,
      0.6225,
      0.355,
      0.09,
      0.7125,
      0.445,
      0.1775,
      0.8,
      0.535,
      0.2675,
      0,
      0.6225,
      0.355,
      0.09,
      0.7125,
      0.445,
      0.1775,
      0.8,
      0.535,
      0.2675,
      0,
      0.6225,
      0.355,
      0.09,
      0.7125,
      0.445,
      0.1775,
      0.8,
      0.535,
      0.2675,
      0,
      0.6225,
      0.355,
      0.09,
      0.7125,
      0.445,
      0.1775,
      0.8,
      0.535,
      0.2675
    ],
    "SoftwareVersions": "syngo MR E11",
    "SpacingBetweenSlices": 3.2,
    "StationName": "AWP45193",
    "TaskName": "music",
    "TotalReadoutTime": 0.01575,
    "TxRefAmp": 355.352,
    "WipMemBlock": "e99356a1-9758-41e1-8581-995cc1d22acb||Sequence: R016 ve11c/master r/e634e98; Dec 19 2017 11:00:25 by eja",
    "dataset": "<unset>",
    "modality": "bold",
    "run_id": 1,
    "session_id": "02",
    "subject_id": "PC002",
    "task_id": "music"
  },
  "dummy_trs": 0,
  "dvars_nstd": 49.130930549491765,
  "dvars_std": 1.088547893557691,
  "dvars_vstd": 0.9878900725274725,
  "efc": 0.4670553641248751,
  "fber": 2475.37744140625,
  "fd_mean": 0.08503475426762215,
  "fd_num": 19,
  "fd_perc": 2.606310013717421,
  "fwhm_avg": 1.8221676890576823,
  "fwhm_x": 1.7499961165048543,
  "fwhm_y": 1.8718757281553398,
  "fwhm_z": 1.844631222512853,
  "gcor": 0.0102429,
  "gsr_x": -0.006589568220078945,
  "gsr_y": 0.021763300523161888,
  "provenance": {
    "md5sum": "fbd118e2da822c810f9f07ba1e4b636b",
    "settings": {
      "fd_thres": 0.2,
      "testing": false
    },
    "software": "mriqc",
    "version": "22.0.6",
    "webapi_port": null,
    "webapi_url": "https://mriqc.nimh.nih.gov/api/v1"
  },
  "size_t": 729,
  "size_x": 64,
  "size_y": 64,
  "size_z": 40,
  "snr": 2.2343963770135327,
  "spacing_tr": 0.9100000262260437,
  "spacing_x": 3.21875,
  "spacing_y": 3.21875,
  "spacing_z": 3.200000047683716,
  "summary_bg_k": 460.8350850991454,
  "summary_bg_mad": 26.857675361766685,
  "summary_bg_mean": 71.56089782714844,
  "summary_bg_median": 43.087791442871094,
  "summary_bg_n": 99702.0,
  "summary_bg_p05": 16.910905742645262,
  "summary_bg_p95": 208.20281524658185,
  "summary_bg_stdv": 127.68000030517578,
  "summary_fg_k": 6.997906208139096,
  "summary_fg_mad": 591.2310702409791,
  "summary_fg_mean": 2352.236572265625,
  "summary_fg_median": 2143.45947265625,
  "summary_fg_n": 30295.0,
  "summary_fg_p05": 1363.8119262695313,
  "summary_fg_p95": 4191.155908203124,
  "summary_fg_stdv": 959.2855224609375,
  "tsnr": 26.628400485031307
}