{
  "aor": 0.00040865591397849457,
  "aqi": 0.012450785188172041,
  "bids_meta": {
    "AcquisitionMatrixPE": 64,
    "AcquisitionNumber": 1,
    "AcquisitionTime": "11:18:5.045000",
    "BandwidthPerPixelPhaseEncode": 62.5,
    "BaseResolution": 64,
    "BodyPartExamined": "BRAIN",
    "ConsistencyInfo": "N4_VE11C_LATEST_20160120",
    "ConversionSoftware": "dcm2niix",
    "ConversionSoftwareVersion": "v1.0.20210317",
    "DerivedVendorReportedEchoSpacing": 0.0005,
    "DeviceSerialNumber": "45193",
    "DwellTime": 3.1e-06,
    "EchoNumber": 4,
    "EchoTime": 0.06249,
    "EchoTrainLength": 31,
    "EffectiveEchoSpacing": 0.00025,
    "FlipAngle": 56,
    "ImageComments": "Unaliased MB4/PE4/LB",
    "ImageOrientationPatientDICOM": [
      0.998923,
      -0.00738977,
      -0.0458109,
      -6.6139e-11,
      0.987238,
      -0.159252
    ],
    "ImageType": [
      "ORIGINAL",
      "PRIMARY",
      "M",
      "MB",
      "TE4",
      "ND",
      "NORM",
      "MOSAIC"
    ],
    "ImagingFrequency": 123.252,
    "InPlanePhaseEncodingDirectionDICOM": "ROW",
    "InstitutionAddress": "Blackburn Road 770,Clayton,Victoria,AU,3800",
    "InstitutionName": "Monash Biomedical Imaging",
    "InstitutionalDepartmentName": "Department",
    "MRAcquisitionType": "2D",
    "MagneticFieldStrength": 3,
    "Manufacturer": "Siemens",
    "ManufacturersModelName": "Skyra",
    "Modality": "MR",
    "MultibandAccelerationFactor": 4,
    "ParallelReductionFactorInPlane": 2,
    "PartialFourier": 1,
    "PatientPosition": "HFS",
    "PercentPhaseFOV": 100,
    "PercentSampling": 100,
    "PhaseEncodingDirection": "i",
    "PhaseEncodingSteps": 63,
    "PhaseResolution": 1,
    "PixelBandwidth": 2520,
    "ProcedureStepDescription": "MR Scan",
    "ProtocolName": "Movie_R-L_mmb_4_4_cmrr_mbep2d_bold_TE_12.6_29.23_45.86_62.49",
    "PulseSequenceDetails": "%CustomerSeq%\\cmrr_mbep2d_bold",
    "ReceiveCoilActiveElements": "HEA;HEP",
    "ReceiveCoilName": "Head_32",
    "ReconMatrixPE": 64,
    "RefLinesPE": 24,
    "RepetitionTime": 0.91,
    "SAR": 0.0927677,
    "ScanOptions": "FS",
    "ScanningSequence": "EP",
    "SequenceName": "epfid2d4_64",
    "SequenceVariant": "SK\\SS",
    "SeriesDescription": "Movie_R-L_mmb_4_4_cmrr_mbep2d_bold_TE_12.6_29.23_45.86_62.49",
    "SeriesNumber": 10,
    "ShimSetting": [
      -4132,
      15369,
      -15095,
      365,
      239,
      79,
      38,
      135
    ],
    "SliceThickness": 3.2,
    "SliceTiming": [
      0,
      0.6225,
      0.355,
      0.0875,
      0.71,
      0.445,
      0.1775,
      0.8,
      0.5325,
      0.265,
      0,
      0.6225,
      0.355,
      0.0875,
      0.71,
      0.445,
      0.1775,
      0.8,
      0.5325,
      0.265,
      0,
      0.6225,
      0.355,
      0.0875,
      0.71,
      0.445,
      0.1775,
      0.8,
      0.5325,
      0.265,
      0,
      0.6225,
      0.355,
      0.0875,
      0.71,
      0.445,
      0.1775,
      0.8,
      0.5325,
      0.265
    ],
    "SoftwareVersions": "syngo MR E11",
    "SpacingBetweenSlices": 3.2,
    "StationName": "AWP45193",
    "TaskName": "movie",
    "TotalReadoutTime": 0.01575,
    "TxRefAmp": 355.352,
    "WipMemBlock": "333425be-e4aa-41b6-a366-7223586dd13c||Sequence: R016 ve11c/master r/e634e98; Dec 19 2017 11:00:25 by eja",
    "dataset": "<unset>",
    "modality": "bold",
    "run_id": 1,
    "session_id": "02",
    "subject_id": "PC002",
    "task_id": "movie"
  },
  "dummy_trs": 0,
  "dvars_nstd": 49.98161438258758,
  "dvars_std": 1.0933810025606474,
  "dvars_vstd": 0.9912602446900272,
  "efc": 0.4681337637945524,
  "fber": 2184.358642578125,
  "fd_mean": 0.0817067844959197,
  "fd_num": 6,
  "fd_perc": 1.6129032258064515,
  "fwhm_avg": 1.7968181322047236,
  "fwhm_x": 1.7285157281553396,
  "fwhm_y": 1.8547293203883495,
  "fwhm_z": 1.8072093480704823,
  "gcor": 0.0268991,
  "gsr_x": -0.0060288552194833755,
  "gsr_y": 0.019430875778198242,
  "provenance": {
    "md5sum": "0547b6e279ca4cf229786a432b398eb0",
    "settings": {
      "fd_thres": 0.2,
      "testing": false
    },
    "software": "mriqc",
    "version": "22.0.6",
    "webapi_port": null,
    "webapi_url": "https://mriqc.nimh.nih.gov/api/v1"
  },
  "size_t": 372,
  "size_x": 64,
  "size_y": 64,
  "size_z": 40,
  "snr": 2.25737501362677,
  "spacing_tr": 0.9100000262260437,
  "spacing_x": 3.21875,
  "spacing_y": 3.21875,
  "spacing_z": 3.200000047683716,
  "summary_bg_k": 318.4576391966487,
  "summary_bg_mad": 28.205304809792565,
  "summary_bg_mean": 71.37589263916016,
  "summary_bg_median": 45.82258224487305,
  "summary_bg_n": 99791.0,
  "summary_bg_p05": 18.169355392456055,
  "summary_bg_p95": 202.9180145263672,
  "summary_bg_stdv": 102.74867248535156,
  "summary_fg_k": 7.208565781692753,
  "summary_fg_mad": 580.8533976565882,
  "summary_fg_mean": 2354.45654296875,
  "summary_fg_median": 2147.88720703125,
  "summary_fg_n": 29997.0,
  "summary_fg_p05": 1380.3446044921875,
  "summary_fg_p95": 4173.839941406246,
  "summary_fg_stdv": 951.4818725585938,
  "tsnr": 27.466933759860694
}