{
  "aor": 0.000100633608815427,
  "aqi": 0.0077071386088154266,
  "bids_meta": {
    "AcquisitionMatrixPE": 64,
    "AcquisitionNumber": 1,
    "AcquisitionTime": "14:56:0.700000",
    "BandwidthPerPixelPhaseEncode": 62.5,
    "BaseResolution": 64,
    "BodyPartExamined": "BRAIN",
    "ConsistencyInfo": "N4_VE11C_LATEST_20160120",
    "ConversionSoftware": "dcm2niix",
    "ConversionSoftwareVersion": "v1.0.20210317",
    "DerivedVendorReportedEchoSpacing": 0.0005,
    "DeviceSerialNumber": "45193",
    "DwellTime": 3.1e-06,
    "EchoNumber": 1,
    "EchoTime": 0.0126,
    "EchoTrainLength": 31,
    "EffectiveEchoSpacing": 0.00025,
    "FlipAngle": 56,
    "ImageComments": "Unaliased MB4/PE4/LB",
    "ImageOrientationPatientDICOM": [
      0.996671,
      0.00605112,
      0.0812973,
      -2.7351e-11,
      0.997241,
      -0.0742266
    ],
    "ImageType": [
      "ORIGINAL",
      "PRIMARY",
      "M",
      "MB",
      "TE1",
      "ND",
      "NORM",
      "MOSAIC"
    ],
    "ImagingFrequency": 123.247,
    "InPlanePhaseEncodingDirectionDICOM": "ROW",
    "InstitutionAddress": "Blackburn Road 770,Clayton,Victoria,AU,3800",
    "InstitutionName": "Monash Biomedical Imaging",
    "InstitutionalDepartmentName": "Department",
    "MRAcquisitionType": "2D",
    "MagneticFieldStrength": 3,
    "Manufacturer": "Siemens",
    "ManufacturersModelName": "Skyra",
    "Modality": "MR",
    "MultibandAccelerationFactor": 4,
    "ParallelReductionFactorInPlane": 2,
    "PartialFourier": 1,
    "PatientPosition": "HFS",
    "PercentPhaseFOV": 100,
    "PercentSampling": 100,
    "PhaseEncodingDirection": "i",
    "PhaseEncodingSteps": 63,
    "PhaseResolution": 1,
    "PixelBandwidth": 2520,
    "ProcedureStepDescription": "MR Scan",
    "ProtocolName": "Music_R-L_mmb_4_4_cmrr_mbep2d_bold_TE_12.6_29.23_45.86_62.49",
    "PulseSequenceDetails": "%CustomerSeq%\\cmrr_mbep2d_bold",
    "ReceiveCoilActiveElements": "HEA;HEP",
    "ReceiveCoilName": "Head_32",
    "ReconMatrixPE": 64,
    "RefLinesPE": 24,
    "RepetitionTime": 0.91,
    "SAR": 0.0879863,
    "ScanOptions": "FS",
    "ScanningSequence": "EP",
    "SequenceName": "epfid2d4_64",
    "SequenceVariant": "SK\\SS",
    "SeriesDescription": "Music_R-L_mmb_4_4_cmrr_mbep2d_bold_TE_12.6_29.23_45.86_62.49",
    "SeriesNumber": 12,
    "ShimSetting": [
      -4060,
      15376,
      -15106,
      269,
      151,
      155,
      -193,
      147
    ],
    "SliceThickness": 3.2,
    "SliceTiming": [
      0,
      0.6225,
      0.3575,
      0.09,
      0.7125,
      0.445,
      0.18,
      0.8025,
      0.535,
      0.2675,
      0,
      0.6225,
      0.3575,
      0.09,
      0.7125,
      0.445,
      0.18,
      0.8025,
      0.535,
      0.2675,
      0,
      0.6225,
      0.3575,
      0.09,
      0.7125,
      0.445,
      0.18,
      0.8025,
      0.535,
      0.2675,
      0,
      0.6225,
      0.3575,
      0.09,
      0.7125,
      0.445,
      0.18,
      0.8025,
      0.535,
      0.2675
    ],
    "SoftwareVersions": "syngo MR E11",
    "SpacingBetweenSlices": 3.2,
    "StationName": "AWP45193",
    "TaskName": "music",
    "TotalReadoutTime": 0.01575,
    "TxRefAmp": 404.435,
    "WipMemBlock": "ad51455a-0cb7-42e3-859a-0fb3256a3821||Sequence: R016 ve11c/master r/e634e98; Dec 19 2017 11:00:25 by eja",
    "dataset": "<unset>",
    "modality": "bold",
    "run_id": 1,
    "session_id": "01",
    "subject_id": "PC026",
    "task_id": "music"
  },
  "dummy_trs": 2,
  "dvars_nstd": 26.828781504165512,
  "dvars_std": 1.0875467827862078,
  "dvars_vstd": 0.986191216262069,
  "efc": 0.6071163077046319,
  "fber": 1124.8968505859375,
  "fd_mean": 0.17928191306728564,
  "fd_num": 314,
  "fd_perc": 43.25068870523416,
  "fwhm_avg": 1.8150154798995433,
  "fwhm_x": 1.7136590291262135,
  "fwhm_y": 1.8021436893203884,
  "fwhm_z": 1.9292437212520284,
  "gcor": 0.0118788,
  "gsr_x": 0.011386407539248466,
  "gsr_y": 0.06097155436873436,
  "provenance": {
    "md5sum": "79e5b563b14aed0d36bb3ab4ff780f4b",
    "settings": {
      "fd_thres": 0.2,
      "testing": false
    },
    "software": "mriqc",
    "version": "22.0.6",
    "webapi_port": null,
    "webapi_url": "https://mriqc.nimh.nih.gov/api/v1"
  },
  "size_t": 726,
  "size_x": 64,
  "size_y": 64,
  "size_z": 40,
  "snr": 7.4880634940433035,
  "spacing_tr": 0.9100000262260437,
  "spacing_x": 3.21875,
  "spacing_y": 3.21875,
  "spacing_z": 3.200000047683716,
  "summary_bg_k": 6.109583433878299,
  "summary_bg_mad": 202.88880914150553,
  "summary_bg_mean": 658.6975708007812,
  "summary_bg_median": 181.53994750976562,
  "summary_bg_n": 91968.0,
  "summary_bg_p05": 31.234642124176027,
  "summary_bg_p95": 3004.3649658203117,
  "summary_bg_stdv": 1023.1461181640625,
  "summary_fg_k": 0.35055988729195375,
  "summary_fg_mad": 793.0372665514931,
  "summary_fg_mean": 5968.20849609375,
  "summary_fg_median": 5916.81396484375,
  "summary_fg_n": 37533.0,
  "summary_fg_p05": 4799.7361328125,
  "summary_fg_p95": 7354.4150390625,
  "summary_fg_stdv": 790.1555786132812,
  "tsnr": 57.53350767027587
}