{
  "aor": 0.0008119038076152303,
  "aqi": 0.0073741298997995995,
  "bids_meta": {
    "AcquisitionMatrixPE": 64,
    "AcquisitionNumber": 1,
    "AcquisitionTime": "14:29:26.475000",
    "BandwidthPerPixelPhaseEncode": 62.5,
    "BaseResolution": 64,
    "BodyPartExamined": "BRAIN",
    "ConsistencyInfo": "N4_VE11C_LATEST_20160120",
    "ConversionSoftware": "dcm2niix",
    "ConversionSoftwareVersion": "v1.0.20210317",
    "DerivedVendorReportedEchoSpacing": 0.0005,
    "DeviceSerialNumber": "45193",
    "DwellTime": 3.1e-06,
    "EchoNumber": 1,
    "EchoTime": 0.0126,
    "EchoTrainLength": 31,
    "EffectiveEchoSpacing": 0.00025,
    "FlipAngle": 56,
    "ImageComments": "Unaliased MB4/PE4/LB",
    "ImageOrientationPatientDICOM": [
      0.996671,
      0.00605112,
      0.0812973,
      -2.7351e-11,
      0.997241,
      -0.0742266
    ],
    "ImageType": [
      "ORIGINAL",
      "PRIMARY",
      "M",
      "MB",
      "TE1",
      "ND",
      "NORM",
      "MOSAIC"
    ],
    "ImagingFrequency": 123.247,
    "InPlanePhaseEncodingDirectionDICOM": "ROW",
    "InstitutionAddress": "Blackburn Road 770,Clayton,Victoria,AU,3800",
    "InstitutionName": "Monash Biomedical Imaging",
    "InstitutionalDepartmentName": "Department",
    "MRAcquisitionType": "2D",
    "MagneticFieldStrength": 3,
    "Manufacturer": "Siemens",
    "ManufacturersModelName": "Skyra",
    "Modality": "MR",
    "MultibandAccelerationFactor": 4,
    "ParallelReductionFactorInPlane": 2,
    "PartialFourier": 1,
    "PatientPosition": "HFS",
    "PercentPhaseFOV": 100,
    "PercentSampling": 100,
    "PhaseEncodingDirection": "i",
    "PhaseEncodingSteps": 63,
    "PhaseResolution": 1,
    "PixelBandwidth": 2520,
    "ProcedureStepDescription": "MR Scan",
    "ProtocolName": "Rest_R-L_mmb_4_4_cmrr_mbep2d_bold_TE_12.6_29.23_45.86_62.49",
    "PulseSequenceDetails": "%CustomerSeq%\\cmrr_mbep2d_bold",
    "ReceiveCoilActiveElements": "HEA;HEP",
    "ReceiveCoilName": "Head_32",
    "ReconMatrixPE": 64,
    "RefLinesPE": 24,
    "RepetitionTime": 0.91,
    "SAR": 0.0875392,
    "ScanOptions": "FS",
    "ScanningSequence": "EP",
    "SequenceName": "epfid2d4_64",
    "SequenceVariant": "SK\\SS",
    "SeriesDescription": "Rest_R-L_mmb_4_4_cmrr_mbep2d_bold_TE_12.6_29.23_45.86_62.49",
    "SeriesNumber": 5,
    "ShimSetting": [
      -4060,
      15376,
      -15106,
      269,
      151,
      155,
      -193,
      147
    ],
    "SliceThickness": 3.2,
    "SliceTiming": [
      0,
      0.6225,
      0.355,
      0.0875,
      0.71,
      0.445,
      0.1775,
      0.8,
      0.5325,
      0.265,
      0,
      0.6225,
      0.355,
      0.0875,
      0.71,
      0.445,
      0.1775,
      0.8,
      0.5325,
      0.265,
      0,
      0.6225,
      0.355,
      0.0875,
      0.71,
      0.445,
      0.1775,
      0.8,
      0.5325,
      0.265,
      0,
      0.6225,
      0.355,
      0.0875,
      0.71,
      0.445,
      0.1775,
      0.8,
      0.5325,
      0.265
    ],
    "SoftwareVersions": "syngo MR E11",
    "SpacingBetweenSlices": 3.2,
    "StationName": "AWP45193",
    "TaskName": "rest",
    "TotalReadoutTime": 0.01575,
    "TxRefAmp": 404.435,
    "WipMemBlock": "926322f3-9629-4cd9-b0b2-fdbaa597a8d6||Sequence: R016 ve11c/master r/e634e98; Dec 19 2017 11:00:25 by eja",
    "dataset": "<unset>",
    "modality": "bold",
    "run_id": 1,
    "session_id": "01",
    "subject_id": "PC026",
    "task_id": "rest"
  },
  "dummy_trs": 5,
  "dvars_nstd": 25.032571386606396,
  "dvars_std": 1.1015675004819279,
  "dvars_vstd": 1.0033233906626502,
  "efc": 0.6074826229974668,
  "fber": 1006.461669921875,
  "fd_mean": 0.1488562763376392,
  "fd_num": 136,
  "fd_perc": 27.25450901803607,
  "fwhm_avg": 1.8280403098824507,
  "fwhm_x": 1.6955712621359225,
  "fwhm_y": 1.8363184466019418,
  "fwhm_z": 1.9522312209094879,
  "gcor": 0.0402106,
  "gsr_x": 0.010811793617904186,
  "gsr_y": 0.05544530600309372,
  "provenance": {
    "md5sum": "ee99a1c8994a15f39239a49a3693a874",
    "settings": {
      "fd_thres": 0.2,
      "testing": false
    },
    "software": "mriqc",
    "version": "22.0.6",
    "webapi_port": null,
    "webapi_url": "https://mriqc.nimh.nih.gov/api/v1"
  },
  "size_t": 499,
  "size_x": 64,
  "size_y": 64,
  "size_z": 40,
  "snr": 7.540342101779554,
  "spacing_tr": 0.9100000262260437,
  "spacing_x": 3.21875,
  "spacing_y": 3.21875,
  "spacing_z": 3.200000047683716,
  "summary_bg_k": 4.985721460095992,
  "summary_bg_mad": 218.57835447882513,
  "summary_bg_mean": 650.8955688476562,
  "summary_bg_median": 194.259521484375,
  "summary_bg_n": 91906.0,
  "summary_bg_p05": 30.555110454559326,
  "summary_bg_p95": 2933.8516845703125,
  "summary_bg_stdv": 980.15185546875,
  "summary_fg_k": 0.455467704612762,
  "summary_fg_mad": 792.4298919121736,
  "summary_fg_mean": 6012.92724609375,
  "summary_fg_median": 5959.28466796875,
  "summary_fg_n": 37612.0,
  "summary_fg_p05": 4841.582861328125,
  "summary_fg_p95": 7398.487158203125,
  "summary_fg_stdv": 790.3096923828125,
  "tsnr": 57.93252599425614
}