{
  "aor": 0.0015224099722991687,
  "aqi": 0.011038872188365651,
  "bids_meta": {
    "AcquisitionMatrixPE": 64,
    "AcquisitionNumber": 1,
    "AcquisitionTime": "14:55:8.730000",
    "BandwidthPerPixelPhaseEncode": 62.5,
    "BaseResolution": 64,
    "BodyPartExamined": "BRAIN",
    "ConsistencyInfo": "N4_VE11C_LATEST_20160120",
    "ConversionSoftware": "dcm2niix",
    "ConversionSoftwareVersion": "v1.0.20210317",
    "DerivedVendorReportedEchoSpacing": 0.0005,
    "DeviceSerialNumber": "45193",
    "DwellTime": 3.1e-06,
    "EchoNumber": 1,
    "EchoTime": 0.0126,
    "EchoTrainLength": 31,
    "EffectiveEchoSpacing": 0.00025,
    "FlipAngle": 56,
    "ImageComments": "Unaliased MB4/PE4/LB",
    "ImageOrientationPatientDICOM": [
      0.999454,
      -0.0047984,
      -0.032678,
      -3.7356e-11,
      0.98939,
      -0.145281
    ],
    "ImageType": [
      "ORIGINAL",
      "PRIMARY",
      "M",
      "MB",
      "TE1",
      "ND",
      "NORM",
      "MOSAIC"
    ],
    "ImagingFrequency": 123.252,
    "InPlanePhaseEncodingDirectionDICOM": "ROW",
    "InstitutionAddress": "Blackburn Road 770,Clayton,Victoria,AU,3800",
    "InstitutionName": "Monash Biomedical Imaging",
    "InstitutionalDepartmentName": "Department",
    "MRAcquisitionType": "2D",
    "MagneticFieldStrength": 3,
    "Manufacturer": "Siemens",
    "ManufacturersModelName": "Skyra",
    "Modality": "MR",
    "MultibandAccelerationFactor": 4,
    "ParallelReductionFactorInPlane": 2,
    "PartialFourier": 1,
    "PatientPosition": "HFS",
    "PercentPhaseFOV": 100,
    "PercentSampling": 100,
    "PhaseEncodingDirection": "i",
    "PhaseEncodingSteps": 63,
    "PhaseResolution": 1,
    "PixelBandwidth": 2520,
    "ProcedureStepDescription": "MR Scan",
    "ProtocolName": "Movie_R-L_mmb_4_4_cmrr_mbep2d_bold_TE_12.6_29.23_45.86_62.49",
    "PulseSequenceDetails": "%CustomerSeq%\\cmrr_mbep2d_bold",
    "ReceiveCoilActiveElements": "HEA;HEP",
    "ReceiveCoilName": "Head_32",
    "ReconMatrixPE": 64,
    "RefLinesPE": 24,
    "RepetitionTime": 0.91,
    "SAR": 0.0915045,
    "ScanOptions": "FS",
    "ScanningSequence": "EP",
    "SequenceName": "epfid2d4_64",
    "SequenceVariant": "SK\\SS",
    "SeriesDescription": "Movie_R-L_mmb_4_4_cmrr_mbep2d_bold_TE_12.6_29.23_45.86_62.49",
    "SeriesNumber": 8,
    "ShimSetting": [
      -4109,
      15598,
      -15124,
      568,
      210,
      299,
      -71,
      -2
    ],
    "SliceThickness": 3.2,
    "SliceTiming": [
      0,
      0.6225,
      0.3575,
      0.09,
      0.7125,
      0.445,
      0.1775,
      0.8025,
      0.535,
      0.2675,
      0,
      0.6225,
      0.3575,
      0.09,
      0.7125,
      0.445,
      0.1775,
      0.8025,
      0.535,
      0.2675,
      0,
      0.6225,
      0.3575,
      0.09,
      0.7125,
      0.445,
      0.1775,
      0.8025,
      0.535,
      0.2675,
      0,
      0.6225,
      0.3575,
      0.09,
      0.7125,
      0.445,
      0.1775,
      0.8025,
      0.535,
      0.2675
    ],
    "SoftwareVersions": "syngo MR E11",
    "SpacingBetweenSlices": 3.2,
    "StationName": "AWP45193",
    "TaskName": "movie",
    "TotalReadoutTime": 0.01575,
    "TxRefAmp": 378.546,
    "WipMemBlock": "5a1e1350-0625-47cc-998e-d48c2ce51e52||Sequence: R016 ve11c/master r/e634e98; Dec 19 2017 11:00:25 by eja",
    "dataset": "<unset>",
    "modality": "bold",
    "run_id": 1,
    "session_id": "02",
    "subject_id": "PC212",
    "task_id": "movie"
  },
  "dummy_trs": 1,
  "dvars_nstd": 30.958878157083294,
  "dvars_std": 1.1661023665833332,
  "dvars_vstd": 1.0015462502777783,
  "efc": 0.5560485800760299,
  "fber": 2075.56494140625,
  "fd_mean": 0.18462380594113736,
  "fd_num": 120,
  "fd_perc": 33.2409972299169,
  "fwhm_avg": 1.9651277779907244,
  "fwhm_x": 1.8733576699029126,
  "fwhm_y": 2.043106796116505,
  "fwhm_z": 1.978918867952756,
  "gcor": 0.00929541,
  "gsr_x": -0.0116061270236969,
  "gsr_y": 0.04293996840715408,
  "provenance": {
    "md5sum": "dc7a3d3ae5a348baff0c09e1612bf541",
    "settings": {
      "fd_thres": 0.2,
      "testing": false
    },
    "software": "mriqc",
    "version": "22.0.6",
    "webapi_port": null,
    "webapi_url": "https://mriqc.nimh.nih.gov/api/v1"
  },
  "size_t": 361,
  "size_x": 64,
  "size_y": 64,
  "size_z": 40,
  "snr": 7.254431174907552,
  "spacing_tr": 0.9100000262260437,
  "spacing_x": 3.21875,
  "spacing_y": 3.21875,
  "spacing_z": 3.1999998092651367,
  "summary_bg_k": 12.900730856712656,
  "summary_bg_mad": 119.54044823428585,
  "summary_bg_mean": 419.20941162109375,
  "summary_bg_median": 112.63157653808594,
  "summary_bg_n": 98407.0,
  "summary_bg_p05": 21.25567798614502,
  "summary_bg_p95": 1932.1642211914059,
  "summary_bg_stdv": 735.6340942382812,
  "summary_fg_k": 0.5435561889147191,
  "summary_fg_mad": 687.2827725137579,
  "summary_fg_mean": 5142.10009765625,
  "summary_fg_median": 5115.794921875,
  "summary_fg_n": 31030.0,
  "summary_fg_p05": 4057.8698486328126,
  "summary_fg_p95": 6358.949975585937,
  "summary_fg_stdv": 705.1845092773438,
  "tsnr": 50.01096416008659
}