{
  "aor": 0.0011991237113402062,
  "aqi": 0.022968968041237117,
  "bids_meta": {
    "AcquisitionMatrixPE": 64,
    "AcquisitionNumber": 1,
    "AcquisitionTime": "12:50:40.355000",
    "BandwidthPerPixelPhaseEncode": 62.5,
    "BaseResolution": 64,
    "BodyPartExamined": "BRAIN",
    "ConsistencyInfo": "N4_VE11C_LATEST_20160120",
    "ConversionSoftware": "dcm2niix",
    "ConversionSoftwareVersion": "v1.0.20210317",
    "DerivedVendorReportedEchoSpacing": 0.0005,
    "DeviceSerialNumber": "45193",
    "DwellTime": 3.1e-06,
    "EchoNumber": 4,
    "EchoTime": 0.06249,
    "EchoTrainLength": 31,
    "EffectiveEchoSpacing": 0.00025,
    "FlipAngle": 56,
    "ImageComments": "Unaliased MB4/PE4/LB",
    "ImageOrientationPatientDICOM": [
      0.999195,
      -0.00686516,
      -0.0395343,
      -9.1722e-11,
      0.985255,
      -0.17109
    ],
    "ImageType": [
      "ORIGINAL",
      "PRIMARY",
      "M",
      "MB",
      "TE4",
      "ND",
      "NORM",
      "MOSAIC"
    ],
    "ImagingFrequency": 123.252,
    "InPlanePhaseEncodingDirectionDICOM": "ROW",
    "InstitutionAddress": "Blackburn Road 770,Clayton,Victoria,AU,3800",
    "InstitutionName": "Monash Biomedical Imaging",
    "InstitutionalDepartmentName": "Department",
    "MRAcquisitionType": "2D",
    "MagneticFieldStrength": 3,
    "Manufacturer": "Siemens",
    "ManufacturersModelName": "Skyra",
    "Modality": "MR",
    "MultibandAccelerationFactor": 4,
    "ParallelReductionFactorInPlane": 2,
    "PartialFourier": 1,
    "PatientPosition": "HFS",
    "PercentPhaseFOV": 100,
    "PercentSampling": 100,
    "PhaseEncodingDirection": "i",
    "PhaseEncodingSteps": 63,
    "PhaseResolution": 1,
    "PixelBandwidth": 2520,
    "ProcedureStepDescription": "MR Scan",
    "ProtocolName": "Rest_R-L_mmb_4_4_cmrr_mbep2d_bold_TE_12.6_29.23_45.86_62.49",
    "PulseSequenceDetails": "%CustomerSeq%\\cmrr_mbep2d_bold",
    "ReceiveCoilActiveElements": "HEA;HEP",
    "ReceiveCoilName": "Head_32",
    "ReconMatrixPE": 64,
    "RefLinesPE": 24,
    "RepetitionTime": 0.91,
    "SAR": 0.0618577,
    "ScanOptions": "FS",
    "ScanningSequence": "EP",
    "SequenceName": "epfid2d4_64",
    "SequenceVariant": "SK\\SS",
    "SeriesDescription": "Rest_R-L_mmb_4_4_cmrr_mbep2d_bold_TE_12.6_29.23_45.86_62.49",
    "SeriesNumber": 3,
    "ShimSetting": [
      -4113,
      15433,
      -15074,
      269,
      269,
      55,
      48,
      66
    ],
    "SliceThickness": 3.2,
    "SliceTiming": [
      0,
      0.6225,
      0.3575,
      0.09,
      0.7125,
      0.445,
      0.1775,
      0.8025,
      0.535,
      0.2675,
      0,
      0.6225,
      0.3575,
      0.09,
      0.7125,
      0.445,
      0.1775,
      0.8025,
      0.535,
      0.2675,
      0,
      0.6225,
      0.3575,
      0.09,
      0.7125,
      0.445,
      0.1775,
      0.8025,
      0.535,
      0.2675,
      0,
      0.6225,
      0.3575,
      0.09,
      0.7125,
      0.445,
      0.1775,
      0.8025,
      0.535,
      0.2675
    ],
    "SoftwareVersions": "syngo MR E11",
    "SpacingBetweenSlices": 3.2,
    "StationName": "AWP45193",
    "TaskName": "rest",
    "TotalReadoutTime": 0.01575,
    "TxRefAmp": 394.306,
    "WipMemBlock": "07d766f1-c7ce-49eb-a768-cce38d7c7bcf||Sequence: R016 ve11c/master r/e634e98; Dec 19 2017 11:00:25 by eja",
    "dataset": "<unset>",
    "modality": "bold",
    "run_id": 1,
    "session_id": "02",
    "subject_id": "PC215",
    "task_id": "rest"
  },
  "dummy_trs": 0,
  "dvars_nstd": 62.67690735668392,
  "dvars_std": 1.1497181715025901,
  "dvars_vstd": 1.01047831984456,
  "efc": 0.5078513939261953,
  "fber": 1819.41259765625,
  "fd_mean": 0.1761164724270007,
  "fd_num": 62,
  "fd_perc": 31.95876288659794,
  "fwhm_avg": 1.652195420648115,
  "fwhm_x": 1.5719114563106795,
  "fwhm_y": 1.7429623300970873,
  "fwhm_z": 1.6417124755365777,
  "gcor": 0.0270442,
  "gsr_x": -0.005564986262470484,
  "gsr_y": 0.017559587955474854,
  "provenance": {
    "md5sum": "67e0214abfaf675b2cffccda78705bd8",
    "settings": {
      "fd_thres": 0.2,
      "testing": false
    },
    "software": "mriqc",
    "version": "22.0.6",
    "webapi_port": null,
    "webapi_url": "https://mriqc.nimh.nih.gov/api/v1"
  },
  "size_t": 194,
  "size_x": 64,
  "size_y": 64,
  "size_z": 40,
  "snr": 3.1035690738329182,
  "spacing_tr": 0.9100000262260437,
  "spacing_x": 3.21875,
  "spacing_y": 3.21875,
  "spacing_z": 3.200000047683716,
  "summary_bg_k": 120.85536109041809,
  "summary_bg_mad": 30.156440412955682,
  "summary_bg_mean": 85.88831329345703,
  "summary_bg_median": 48.494842529296875,
  "summary_bg_n": 96401.0,
  "summary_bg_p05": 19.891752243041992,
  "summary_bg_p95": 278.74224853515625,
  "summary_bg_stdv": 123.88448333740234,
  "summary_fg_k": 11.854308806340415,
  "summary_fg_mad": 451.540151667277,
  "summary_fg_mean": 2206.84423828125,
  "summary_fg_median": 2089.4482421875,
  "summary_fg_n": 31964.0,
  "summary_fg_p05": 1461.4543823242188,
  "summary_fg_p95": 3263.4266113281237,
  "summary_fg_stdv": 673.2299194335938,
  "tsnr": 23.380171115510166
}