{
  "bids_meta": {
    "AcquisitionMatrixPE": 240,
    "AcquisitionNumber": 1,
    "AcquisitionTime": "11:10:36.812500",
    "BaseResolution": 256,
    "BodyPartExamined": "BRAIN",
    "ConsistencyInfo": "N4_VE11C_LATEST_20160120",
    "ConversionSoftware": "dcm2niix",
    "ConversionSoftwareVersion": "v1.0.20210317",
    "DeviceSerialNumber": "45193",
    "DwellTime": 8.5e-06,
    "EchoTime": 0.00207,
    "FlipAngle": 9,
    "ImageOrientationPatientDICOM": [
      -0.0435089,
      0.999053,
      1.60654e-08,
      -0.0435468,
      -0.00189645,
      -0.99905
    ],
    "ImageType": [
      "ORIGINAL",
      "PRIMARY",
      "M",
      "ND",
      "NORM"
    ],
    "ImagingFrequency": 123.247,
    "InPlanePhaseEncodingDirectionDICOM": "ROW",
    "InstitutionAddress": "Blackburn Road 770,Clayton,Victoria,AU,3800",
    "InstitutionName": "Monash Biomedical Imaging",
    "InstitutionalDepartmentName": "Department",
    "InversionTime": 0.9,
    "MRAcquisitionType": "3D",
    "MagneticFieldStrength": 3,
    "Manufacturer": "Siemens",
    "ManufacturersModelName": "Skyra",
    "Modality": "MR",
    "ParallelReductionFactorInPlane": 3,
    "PartialFourier": 1,
    "PatientPosition": "HFS",
    "PercentPhaseFOV": 93.75,
    "PercentSampling": 100,
    "PhaseEncodingSteps": 238,
    "PhaseResolution": 1,
    "PixelBandwidth": 230,
    "ProcedureStepDescription": "MR Scan",
    "ProtocolName": "t1_mprage_sag_p3_iso_1",
    "PulseSequenceDetails": "%SiemensSeq%\\tfl",
    "ReceiveCoilActiveElements": "HEA;HEP",
    "ReceiveCoilName": "Head_32",
    "ReconMatrixPE": 240,
    "RefLinesPE": 32,
    "RepetitionTime": 2.3,
    "SAR": 0.0817862,
    "ScanOptions": "IR",
    "ScanningSequence": "GR\\IR",
    "SequenceName": "*tfl3d1_16ns",
    "SequenceVariant": "SK\\SP\\MP",
    "SeriesDescription": "t1_mprage_sag_p3_iso_1",
    "SeriesNumber": 2,
    "ShimSetting": [
      -4069,
      15336,
      -15557,
      -117,
      159,
      -103,
      -245,
      164
    ],
    "SliceThickness": 1,
    "SoftwareVersions": "syngo MR E11",
    "StationName": "AWP45193",
    "TxRefAmp": 380.734,
    "dataset": "<unset>",
    "modality": "T1w",
    "run_id": 1,
    "session_id": "02",
    "subject_id": "PC221"
  },
  "cjv": 0.35738603449977424,
  "cnr": 3.770608335552318,
  "efc": 0.5028279395477019,
  "fber": -1.0,
  "fwhm_avg": 3.6580433333333335,
  "fwhm_x": 3.65693,
  "fwhm_y": 3.6846,
  "fwhm_z": 3.6326,
  "icvs_csf": 0.1620200902335084,
  "icvs_gm": 0.4701229237590411,
  "icvs_wm": 0.3678569860074505,
  "inu_med": 0.48775769770145416,
  "inu_range": 0.16770711541175842,
  "provenance": {
    "md5sum": "d492805315c554d221803ace69673899",
    "settings": {
      "testing": false
    },
    "software": "mriqc",
    "version": "22.0.6",
    "warnings": {
      "large_rot_frame": true,
      "small_air_mask": false
    },
    "webapi_port": null,
    "webapi_url": "https://mriqc.nimh.nih.gov/api/v1"
  },
  "qi_1": 0.032401736227707034,
  "qi_2": 0.017516307939738202,
  "rpve_csf": 27.242112189428358,
  "rpve_gm": 10.660950533783016,
  "rpve_wm": 15.006969137227738,
  "size_x": 192,
  "size_y": 240,
  "size_z": 256,
  "snr_csf": 1.2598751624309128,
  "snr_gm": 12.182443487354742,
  "snr_total": 11.78724038627427,
  "snr_wm": 21.919402509037155,
  "snrd_csf": 11.410307191663746,
  "snrd_gm": 30.555300646278713,
  "snrd_total": 28.25236531131377,
  "snrd_wm": 42.79148809599885,
  "spacing_x": 1.0,
  "spacing_y": 1.0,
  "spacing_z": 1.0,
  "summary_bg_k": 17076.89288438511,
  "summary_bg_mad": 0.0,
  "summary_bg_mean": 1.5001035737396238,
  "summary_bg_median": 0.0,
  "summary_bg_n": 3317792.0,
  "summary_bg_p05": 0.0,
  "summary_bg_p95": 11.346765600144863,
  "summary_bg_stdv": 15.309969967356558,
  "summary_csf_k": 32.598811581063025,
  "summary_csf_mad": 103.53059992807015,
  "summary_csf_mean": 306.5839724597618,
  "summary_csf_median": 266.6489916034043,
  "summary_csf_n": 23345.0,
  "summary_csf_p05": 116.34146298989654,
  "summary_csf_p95": 557.1367954209446,
  "summary_csf_stdv": 211.64262019129083,
  "summary_gm_k": -0.02988494236398509,
  "summary_gm_mad": 58.72236761296006,
  "summary_gm_mean": 714.6941900601804,
  "summary_gm_median": 714.050898771733,
  "summary_gm_n": 48085.0,
  "summary_gm_p05": 619.353126052767,
  "summary_gm_p95": 811.5482473023234,
  "summary_gm_stdv": 58.61250040620609,
  "summary_wm_k": 0.5169320967549504,
  "summary_wm_mad": 43.4718464390454,
  "summary_wm_mean": 1000.2129717299449,
  "summary_wm_median": 999.9999963492155,
  "summary_wm_n": 224699.0,
  "summary_wm_p05": 926.2460199482739,
  "summary_wm_p95": 1074.973484940827,
  "summary_wm_stdv": 45.6215798188575,
  "tpm_overlap_csf": 0.14370905873482398,
  "tpm_overlap_gm": 0.4624186204824977,
  "tpm_overlap_wm": 0.49986014933239853,
  "wm2max": 0.35786959848520056
}