{
  "aor": 0.0012175741239892185,
  "aqi": 0.011514839002695416,
  "bids_meta": {
    "AcquisitionMatrixPE": 64,
    "AcquisitionNumber": 1,
    "AcquisitionTime": "13:37:8.367500",
    "BandwidthPerPixelPhaseEncode": 62.5,
    "BaseResolution": 64,
    "BodyPartExamined": "BRAIN",
    "ConsistencyInfo": "N4_VE11C_LATEST_20160120",
    "ConversionSoftware": "dcm2niix",
    "ConversionSoftwareVersion": "v1.0.20210317",
    "DerivedVendorReportedEchoSpacing": 0.0005,
    "DeviceSerialNumber": "45193",
    "DwellTime": 3.1e-06,
    "EchoNumber": 4,
    "EchoTime": 0.06249,
    "EchoTrainLength": 31,
    "EffectiveEchoSpacing": 0.00025,
    "FlipAngle": 56,
    "ImageComments": "Unaliased MB4/PE4/LB",
    "ImageOrientationPatientDICOM": [
      0.999048,
      0.043606,
      0.00108051,
      -0.0436194,
      0.998742,
      0.0247478
    ],
    "ImageType": [
      "ORIGINAL",
      "PRIMARY",
      "M",
      "MB",
      "TE4",
      "ND",
      "NORM",
      "MOSAIC"
    ],
    "ImagingFrequency": 123.247,
    "InPlanePhaseEncodingDirectionDICOM": "ROW",
    "InstitutionAddress": "Blackburn Road 770,Clayton,Victoria,AU,3800",
    "InstitutionName": "Monash Biomedical Imaging",
    "InstitutionalDepartmentName": "Department",
    "MRAcquisitionType": "2D",
    "MagneticFieldStrength": 3,
    "Manufacturer": "Siemens",
    "ManufacturersModelName": "Skyra",
    "Modality": "MR",
    "MultibandAccelerationFactor": 4,
    "ParallelReductionFactorInPlane": 2,
    "PartialFourier": 1,
    "PatientPosition": "HFS",
    "PercentPhaseFOV": 100,
    "PercentSampling": 100,
    "PhaseEncodingDirection": "i",
    "PhaseEncodingSteps": 63,
    "PhaseResolution": 1,
    "PixelBandwidth": 2520,
    "ProcedureStepDescription": "MR Scan",
    "ProtocolName": "Movie_R-L_mmb_4_4_cmrr_mbep2d_bold_TE_12.6_29.23_45.86_62.49",
    "PulseSequenceDetails": "%CustomerSeq%\\cmrr_mbep2d_bold",
    "ReceiveCoilActiveElements": "HEA;HEP",
    "ReceiveCoilName": "Head_32",
    "ReconMatrixPE": 64,
    "RefLinesPE": 24,
    "RepetitionTime": 0.91,
    "SAR": 0.0824872,
    "ScanOptions": "FS",
    "ScanningSequence": "EP",
    "SequenceName": "epfid2d4_64",
    "SequenceVariant": "SK\\SS",
    "SeriesDescription": "Movie_R-L_mmb_4_4_cmrr_mbep2d_bold_TE_12.6_29.23_45.86_62.49",
    "SeriesNumber": 8,
    "ShimSetting": [
      -4089,
      15341,
      -15168,
      583,
      275,
      355,
      -31,
      6
    ],
    "SliceThickness": 3.2,
    "SliceTiming": [
      0,
      0.6225,
      0.355,
      0.0875,
      0.7125,
      0.445,
      0.1775,
      0.8,
      0.5325,
      0.2675,
      0,
      0.6225,
      0.355,
      0.0875,
      0.7125,
      0.445,
      0.1775,
      0.8,
      0.5325,
      0.2675,
      0,
      0.6225,
      0.355,
      0.0875,
      0.7125,
      0.445,
      0.1775,
      0.8,
      0.5325,
      0.2675,
      0,
      0.6225,
      0.355,
      0.0875,
      0.7125,
      0.445,
      0.1775,
      0.8,
      0.5325,
      0.2675
    ],
    "SoftwareVersions": "syngo MR E11",
    "SpacingBetweenSlices": 3.2,
    "StationName": "AWP45193",
    "TaskName": "movie",
    "TotalReadoutTime": 0.01575,
    "TxRefAmp": 362.279,
    "WipMemBlock": "d1f4778f-24ec-47bc-867c-9a288df09f6d||Sequence: R016 ve11c/master r/e634e98; Dec 19 2017 11:00:25 by eja",
    "dataset": "<unset>",
    "modality": "bold",
    "run_id": 1,
    "session_id": "02",
    "subject_id": "PC005",
    "task_id": "movie"
  },
  "dummy_trs": 1,
  "dvars_nstd": 48.443428648027044,
  "dvars_std": 1.1083510782972967,
  "dvars_vstd": 1.006911807513514,
  "efc": 0.4444919596606318,
  "fber": 2224.1728515625,
  "fd_mean": 0.12435537445391476,
  "fd_num": 10,
  "fd_perc": 2.6954177897574123,
  "fwhm_avg": 1.5932401113270558,
  "fwhm_x": 1.5547712621359222,
  "fwhm_y": 1.6124209708737864,
  "fwhm_z": 1.612528100971459,
  "gcor": 0.0101224,
  "gsr_x": -0.0003196372417733073,
  "gsr_y": 0.013409665785729885,
  "provenance": {
    "md5sum": "c178de5fb16207234e8c8bd68b16b362",
    "settings": {
      "fd_thres": 0.2,
      "testing": false
    },
    "software": "mriqc",
    "version": "22.0.6",
    "webapi_port": null,
    "webapi_url": "https://mriqc.nimh.nih.gov/api/v1"
  },
  "size_t": 371,
  "size_x": 64,
  "size_y": 64,
  "size_z": 40,
  "snr": 2.7487745232179064,
  "spacing_tr": 0.9100000262260437,
  "spacing_x": 3.21875,
  "spacing_y": 3.21875,
  "spacing_z": 3.200000047683716,
  "summary_bg_k": 185.82209166947703,
  "summary_bg_mad": 33.78414821672194,
  "summary_bg_mean": 77.94709014892578,
  "summary_bg_median": 46.01886749267578,
  "summary_bg_n": 106913.0,
  "summary_bg_p05": 16.11859893798828,
  "summary_bg_p95": 240.29110107421852,
  "summary_bg_stdv": 115.80451202392578,
  "summary_fg_k": 7.10073572502845,
  "summary_fg_mad": 546.6844116153992,
  "summary_fg_mean": 2333.506591796875,
  "summary_fg_median": 2164.433837890625,
  "summary_fg_n": 23599.0,
  "summary_fg_p05": 1472.5256103515626,
  "summary_fg_p95": 3736.299682617185,
  "summary_fg_stdv": 787.4010620117188,
  "tsnr": 29.670903607504442
}