{
  "aor": 0.0029757673267326733,
  "aqi": 0.022861472029702973,
  "bids_meta": {
    "AcquisitionMatrixPE": 64,
    "AcquisitionNumber": 1,
    "AcquisitionTime": "13:18:6.562500",
    "BandwidthPerPixelPhaseEncode": 62.5,
    "BaseResolution": 64,
    "BodyPartExamined": "BRAIN",
    "ConsistencyInfo": "N4_VE11C_LATEST_20160120",
    "ConversionSoftware": "dcm2niix",
    "ConversionSoftwareVersion": "v1.0.20210317",
    "DerivedVendorReportedEchoSpacing": 0.0005,
    "DeviceSerialNumber": "45193",
    "DwellTime": 3.1e-06,
    "EchoNumber": 4,
    "EchoTime": 0.06249,
    "EchoTrainLength": 31,
    "EffectiveEchoSpacing": 0.00025,
    "FlipAngle": 56,
    "ImageComments": "Unaliased MB4/PE4/LB",
    "ImageOrientationPatientDICOM": [
      0.999048,
      0.043606,
      0.00108051,
      -0.0436194,
      0.998742,
      0.0247478
    ],
    "ImageType": [
      "ORIGINAL",
      "PRIMARY",
      "M",
      "MB",
      "TE4",
      "ND",
      "NORM",
      "MOSAIC"
    ],
    "ImagingFrequency": 123.247,
    "InPlanePhaseEncodingDirectionDICOM": "ROW",
    "InstitutionAddress": "Blackburn Road 770,Clayton,Victoria,AU,3800",
    "InstitutionName": "Monash Biomedical Imaging",
    "InstitutionalDepartmentName": "Department",
    "MRAcquisitionType": "2D",
    "MagneticFieldStrength": 3,
    "Manufacturer": "Siemens",
    "ManufacturersModelName": "Skyra",
    "Modality": "MR",
    "MultibandAccelerationFactor": 4,
    "ParallelReductionFactorInPlane": 2,
    "PartialFourier": 1,
    "PatientPosition": "HFS",
    "PercentPhaseFOV": 100,
    "PercentSampling": 100,
    "PhaseEncodingDirection": "i",
    "PhaseEncodingSteps": 63,
    "PhaseResolution": 1,
    "PixelBandwidth": 2520,
    "ProcedureStepDescription": "MR Scan",
    "ProtocolName": "Meditation_R-L_mmb_4_4_cmrr_mbep2d_bold_TE_12.6_29.23_45.86_62.5",
    "PulseSequenceDetails": "%CustomerSeq%\\cmrr_mbep2d_bold",
    "ReceiveCoilActiveElements": "HEA;HEP",
    "ReceiveCoilName": "Head_32",
    "ReconMatrixPE": 64,
    "RefLinesPE": 24,
    "RepetitionTime": 0.91,
    "SAR": 0.0826263,
    "ScanOptions": "FS",
    "ScanningSequence": "EP",
    "SequenceName": "epfid2d4_64",
    "SequenceVariant": "SK\\SS",
    "SeriesDescription": "Meditation_R-L_mmb_4_4_cmrr_mbep2d_bold_TE_12.6_29.23_45.86_62.5",
    "SeriesNumber": 5,
    "ShimSetting": [
      -4089,
      15341,
      -15168,
      583,
      275,
      355,
      -31,
      6
    ],
    "SliceThickness": 3.2,
    "SliceTiming": [
      0,
      0.6225,
      0.355,
      0.0875,
      0.71,
      0.445,
      0.1775,
      0.8,
      0.5325,
      0.265,
      0,
      0.6225,
      0.355,
      0.0875,
      0.71,
      0.445,
      0.1775,
      0.8,
      0.5325,
      0.265,
      0,
      0.6225,
      0.355,
      0.0875,
      0.71,
      0.445,
      0.1775,
      0.8,
      0.5325,
      0.265,
      0,
      0.6225,
      0.355,
      0.0875,
      0.71,
      0.445,
      0.1775,
      0.8,
      0.5325,
      0.265
    ],
    "SoftwareVersions": "syngo MR E11",
    "SpacingBetweenSlices": 3.2,
    "StationName": "AWP45193",
    "TaskName": "meditation",
    "TotalReadoutTime": 0.01575,
    "TxRefAmp": 362.279,
    "WipMemBlock": "f1172ea2-abae-4097-8fcd-c6a72c9bed12||Sequence: R016 ve11c/master r/e634e98; Dec 19 2017 11:00:25 by eja",
    "dataset": "<unset>",
    "modality": "bold",
    "run_id": 1,
    "session_id": "02",
    "subject_id": "PC005",
    "task_id": "meditation"
  },
  "dummy_trs": 1,
  "dvars_nstd": 53.27979296550864,
  "dvars_std": 1.053393177866005,
  "dvars_vstd": 0.9886549040694794,
  "efc": 0.44377133529479024,
  "fber": 2384.74560546875,
  "fd_mean": 0.2519971817774281,
  "fd_num": 178,
  "fd_perc": 44.05940594059406,
  "fwhm_avg": 1.596562939000653,
  "fwhm_x": 1.5589033009708737,
  "fwhm_y": 1.6190011650485436,
  "fwhm_z": 1.6117843509825416,
  "gcor": 0.00815413,
  "gsr_x": -0.002785638440400362,
  "gsr_y": 0.02540552243590355,
  "provenance": {
    "md5sum": "38b4bac7d748f1b34525869f295693b2",
    "settings": {
      "fd_thres": 0.2,
      "testing": false
    },
    "software": "mriqc",
    "version": "22.0.6",
    "webapi_port": null,
    "webapi_url": "https://mriqc.nimh.nih.gov/api/v1"
  },
  "size_t": 404,
  "size_x": 64,
  "size_y": 64,
  "size_z": 40,
  "snr": 2.7566022761051814,
  "spacing_tr": 0.9100000262260437,
  "spacing_x": 3.21875,
  "spacing_y": 3.21875,
  "spacing_z": 3.200000047683716,
  "summary_bg_k": 415.5939572609246,
  "summary_bg_mad": 31.362177367699328,
  "summary_bg_mean": 81.49103546142578,
  "summary_bg_median": 44.5990104675293,
  "summary_bg_n": 106893.0,
  "summary_bg_p05": 16.685644149780273,
  "summary_bg_p95": 239.18117980957027,
  "summary_bg_stdv": 184.98065185546875,
  "summary_fg_k": 7.607889017382226,
  "summary_fg_mad": 538.1257862597924,
  "summary_fg_mean": 2328.812255859375,
  "summary_fg_median": 2161.5048828125,
  "summary_fg_n": 23475.0,
  "summary_fg_p05": 1482.1760009765626,
  "summary_fg_p95": 3712.426245117187,
  "summary_fg_stdv": 784.1025390625,
  "tsnr": 22.73592908331193
}