{
  "aor": 0.0001531043956043956,
  "aqi": 0.014434565906593408,
  "bids_meta": {
    "AcquisitionMatrixPE": 64,
    "AcquisitionNumber": 1,
    "AcquisitionTime": "09:43:28.717500",
    "BandwidthPerPixelPhaseEncode": 62.5,
    "BaseResolution": 64,
    "BodyPartExamined": "BRAIN",
    "ConsistencyInfo": "N4_VE11C_LATEST_20160120",
    "ConversionSoftware": "dcm2niix",
    "ConversionSoftwareVersion": "v1.0.20210317",
    "DerivedVendorReportedEchoSpacing": 0.0005,
    "DeviceSerialNumber": "45193",
    "DwellTime": 3.1e-06,
    "EchoNumber": 4,
    "EchoTime": 0.06249,
    "EchoTrainLength": 31,
    "EffectiveEchoSpacing": 0.00025,
    "FlipAngle": 56,
    "ImageComments": "Unaliased MB4/PE4/LB",
    "ImageOrientationPatientDICOM": [
      0.998605,
      -0.00392665,
      -0.0526548,
      -4.2159e-11,
      0.997231,
      -0.074367
    ],
    "ImageType": [
      "ORIGINAL",
      "PRIMARY",
      "M",
      "MB",
      "TE4",
      "ND",
      "NORM",
      "MOSAIC"
    ],
    "ImagingFrequency": 123.252,
    "InPlanePhaseEncodingDirectionDICOM": "ROW",
    "InstitutionAddress": "Blackburn Road 770,Clayton,Victoria,AU,3800",
    "InstitutionName": "Monash Biomedical Imaging",
    "InstitutionalDepartmentName": "Department",
    "MRAcquisitionType": "2D",
    "MagneticFieldStrength": 3,
    "Manufacturer": "Siemens",
    "ManufacturersModelName": "Skyra",
    "Modality": "MR",
    "MultibandAccelerationFactor": 4,
    "ParallelReductionFactorInPlane": 2,
    "PartialFourier": 1,
    "PatientPosition": "HFS",
    "PercentPhaseFOV": 100,
    "PercentSampling": 100,
    "PhaseEncodingDirection": "i",
    "PhaseEncodingSteps": 63,
    "PhaseResolution": 1,
    "PixelBandwidth": 2520,
    "ProcedureStepDescription": "MR Scan",
    "ProtocolName": "Music_R-L_mmb_4_4_cmrr_mbep2d_bold_TE_12.6_29.23_45.86_62.49",
    "PulseSequenceDetails": "%CustomerSeq%\\cmrr_mbep2d_bold",
    "ReceiveCoilActiveElements": "HEA;HEP",
    "ReceiveCoilName": "Head_32",
    "ReconMatrixPE": 64,
    "RefLinesPE": 24,
    "RepetitionTime": 0.91,
    "SAR": 0.106154,
    "ScanOptions": "FS",
    "ScanningSequence": "EP",
    "SequenceName": "epfid2d4_64",
    "SequenceVariant": "SK\\SS",
    "SeriesDescription": "Music_R-L_mmb_4_4_cmrr_mbep2d_bold_TE_12.6_29.23_45.86_62.49",
    "SeriesNumber": 12,
    "ShimSetting": [
      -4151,
      15274,
      -15086,
      351,
      156,
      -528,
      38,
      215
    ],
    "SliceThickness": 3.2,
    "SliceTiming": [
      0,
      0.6225,
      0.3575,
      0.09,
      0.7125,
      0.445,
      0.1775,
      0.8025,
      0.535,
      0.2675,
      0,
      0.6225,
      0.3575,
      0.09,
      0.7125,
      0.445,
      0.1775,
      0.8025,
      0.535,
      0.2675,
      0,
      0.6225,
      0.3575,
      0.09,
      0.7125,
      0.445,
      0.1775,
      0.8025,
      0.535,
      0.2675,
      0,
      0.6225,
      0.3575,
      0.09,
      0.7125,
      0.445,
      0.1775,
      0.8025,
      0.535,
      0.2675
    ],
    "SoftwareVersions": "syngo MR E11",
    "SpacingBetweenSlices": 3.2,
    "StationName": "AWP45193",
    "TaskName": "music",
    "TotalReadoutTime": 0.01575,
    "TxRefAmp": 360.07,
    "WipMemBlock": "350dfc58-7c5e-471c-a183-5636879bc466||Sequence: R016 ve11c/master r/e634e98; Dec 19 2017 11:00:25 by eja",
    "dataset": "<unset>",
    "modality": "bold",
    "run_id": 1,
    "session_id": "01",
    "subject_id": "PC211",
    "task_id": "music"
  },
  "dummy_trs": 0,
  "dvars_nstd": 44.54664922447043,
  "dvars_std": 1.0841094593535086,
  "dvars_vstd": 0.9735205351306746,
  "efc": 0.449828849962359,
  "fber": 2654.963134765625,
  "fd_mean": 0.06482434615590513,
  "fd_num": 6,
  "fd_perc": 0.8241758241758241,
  "fwhm_avg": 1.574980602865919,
  "fwhm_x": 1.5333933980582524,
  "fwhm_y": 1.5858671844660195,
  "fwhm_z": 1.6056812260734852,
  "gcor": 0.0255297,
  "gsr_x": -0.006294178310781717,
  "gsr_y": 0.014170907437801361,
  "provenance": {
    "md5sum": "f2cf41ecfaad9708a83d013ff7470f6d",
    "settings": {
      "fd_thres": 0.2,
      "testing": false
    },
    "software": "mriqc",
    "version": "22.0.6",
    "webapi_port": null,
    "webapi_url": "https://mriqc.nimh.nih.gov/api/v1"
  },
  "size_t": 728,
  "size_x": 64,
  "size_y": 64,
  "size_z": 40,
  "snr": 3.2733345153304216,
  "spacing_tr": 0.9100000262260437,
  "spacing_x": 3.21875,
  "spacing_y": 3.21875,
  "spacing_z": 3.200000047683716,
  "summary_bg_k": 267.96023309051435,
  "summary_bg_mad": 32.02257964984373,
  "summary_bg_mean": 88.91649627685547,
  "summary_bg_median": 47.745880126953125,
  "summary_bg_n": 107291.0,
  "summary_bg_p05": 18.021291732788086,
  "summary_bg_p95": 284.74794006347656,
  "summary_bg_stdv": 163.1712188720703,
  "summary_fg_k": 6.994757108447487,
  "summary_fg_mad": 577.2015485885943,
  "summary_fg_mean": 2610.00927734375,
  "summary_fg_median": 2469.4833984375,
  "summary_fg_n": 23934.0,
  "summary_fg_p05": 1731.4767150878906,
  "summary_fg_p95": 3852.4083862304683,
  "summary_fg_stdv": 754.4086303710938,
  "tsnr": 28.803039165213704
}