{
  "aor": 0.001576846361185984,
  "aqi": 0.00940082870619946,
  "bids_meta": {
    "AcquisitionMatrixPE": 64,
    "AcquisitionNumber": 1,
    "AcquisitionTime": "09:55:8.172500",
    "BandwidthPerPixelPhaseEncode": 62.5,
    "BaseResolution": 64,
    "BodyPartExamined": "BRAIN",
    "ConsistencyInfo": "N4_VE11C_LATEST_20160120",
    "ConversionSoftware": "dcm2niix",
    "ConversionSoftwareVersion": "v1.0.20210317",
    "DerivedVendorReportedEchoSpacing": 0.0005,
    "DeviceSerialNumber": "45193",
    "DwellTime": 3.1e-06,
    "EchoNumber": 2,
    "EchoTime": 0.02923,
    "EchoTrainLength": 31,
    "EffectiveEchoSpacing": 0.00025,
    "FlipAngle": 56,
    "ImageComments": "Unaliased MB4/PE4/LB",
    "ImageOrientationPatientDICOM": [
      0.998605,
      -0.00392665,
      -0.0526548,
      -4.2159e-11,
      0.997231,
      -0.074367
    ],
    "ImageType": [
      "ORIGINAL",
      "PRIMARY",
      "M",
      "MB",
      "TE2",
      "ND",
      "NORM",
      "MOSAIC"
    ],
    "ImagingFrequency": 123.252,
    "InPlanePhaseEncodingDirectionDICOM": "ROW",
    "InstitutionAddress": "Blackburn Road 770,Clayton,Victoria,AU,3800",
    "InstitutionName": "Monash Biomedical Imaging",
    "InstitutionalDepartmentName": "Department",
    "MRAcquisitionType": "2D",
    "MagneticFieldStrength": 3,
    "Manufacturer": "Siemens",
    "ManufacturersModelName": "Skyra",
    "Modality": "MR",
    "MultibandAccelerationFactor": 4,
    "ParallelReductionFactorInPlane": 2,
    "PartialFourier": 1,
    "PatientPosition": "HFS",
    "PercentPhaseFOV": 100,
    "PercentSampling": 100,
    "PhaseEncodingDirection": "i",
    "PhaseEncodingSteps": 63,
    "PhaseResolution": 1,
    "PixelBandwidth": 2520,
    "ProcedureStepDescription": "MR Scan",
    "ProtocolName": "Movie_R-L_mmb_4_4_cmrr_mbep2d_bold_TE_12.6_29.23_45.86_62.49",
    "PulseSequenceDetails": "%CustomerSeq%\\cmrr_mbep2d_bold",
    "ReceiveCoilActiveElements": "HEA;HEP",
    "ReceiveCoilName": "Head_32",
    "ReconMatrixPE": 64,
    "RefLinesPE": 24,
    "RepetitionTime": 0.91,
    "SAR": 0.105028,
    "ScanOptions": "FS",
    "ScanningSequence": "EP",
    "SequenceName": "epfid2d4_64",
    "SequenceVariant": "SK\\SS",
    "SeriesDescription": "Movie_R-L_mmb_4_4_cmrr_mbep2d_bold_TE_12.6_29.23_45.86_62.49",
    "SeriesNumber": 13,
    "ShimSetting": [
      -4151,
      15274,
      -15086,
      351,
      156,
      -528,
      38,
      215
    ],
    "SliceThickness": 3.2,
    "SliceTiming": [
      0,
      0.625,
      0.3575,
      0.09,
      0.7125,
      0.445,
      0.18,
      0.8025,
      0.535,
      0.2675,
      0,
      0.625,
      0.3575,
      0.09,
      0.7125,
      0.445,
      0.18,
      0.8025,
      0.535,
      0.2675,
      0,
      0.625,
      0.3575,
      0.09,
      0.7125,
      0.445,
      0.18,
      0.8025,
      0.535,
      0.2675,
      0,
      0.625,
      0.3575,
      0.09,
      0.7125,
      0.445,
      0.18,
      0.8025,
      0.535,
      0.2675
    ],
    "SoftwareVersions": "syngo MR E11",
    "SpacingBetweenSlices": 3.2,
    "StationName": "AWP45193",
    "TaskName": "movie",
    "TotalReadoutTime": 0.01575,
    "TxRefAmp": 360.07,
    "WipMemBlock": "d8c61be5-f4fe-46a5-88bd-645a256e90e2||Sequence: R016 ve11c/master r/e634e98; Dec 19 2017 11:00:25 by eja",
    "dataset": "<unset>",
    "modality": "bold",
    "run_id": 1,
    "session_id": "01",
    "subject_id": "PC211",
    "task_id": "movie"
  },
  "dummy_trs": 1,
  "dvars_nstd": 27.163424697999986,
  "dvars_std": 1.1170042257837831,
  "dvars_vstd": 1.0080006804594601,
  "efc": 0.49648316151142036,
  "fber": 3916.3515625,
  "fd_mean": 0.058099160996352366,
  "fd_num": 2,
  "fd_perc": 0.5390835579514824,
  "fwhm_avg": 1.724049441122002,
  "fwhm_x": 1.6759114563106796,
  "fwhm_y": 1.7414368932038835,
  "fwhm_z": 1.7547999738514426,
  "gcor": 0.00996516,
  "gsr_x": 0.006482893601059914,
  "gsr_y": 0.004660459700971842,
  "provenance": {
    "md5sum": "58e04760f70f6a774f5dbd79f0a3ac9d",
    "settings": {
      "fd_thres": 0.2,
      "testing": false
    },
    "software": "mriqc",
    "version": "22.0.6",
    "webapi_port": null,
    "webapi_url": "https://mriqc.nimh.nih.gov/api/v1"
  },
  "size_t": 371,
  "size_x": 64,
  "size_y": 64,
  "size_z": 40,
  "snr": 5.8100833985745135,
  "spacing_tr": 0.9100000262260437,
  "spacing_x": 3.21875,
  "spacing_y": 3.21875,
  "spacing_z": 3.200000047683716,
  "summary_bg_k": 19.413314509356905,
  "summary_bg_mad": 72.91325490635195,
  "summary_bg_mean": 214.15269470214844,
  "summary_bg_median": 76.39218139648438,
  "summary_bg_n": 102692.0,
  "summary_bg_p05": 18.571428298950195,
  "summary_bg_p95": 926.3661682128906,
  "summary_bg_stdv": 385.2008056640625,
  "summary_fg_k": 1.0143277082595459,
  "summary_fg_mad": 805.5047350119928,
  "summary_fg_mean": 4811.83740234375,
  "summary_fg_median": 4731.7734375,
  "summary_fg_n": 28189.0,
  "summary_fg_p05": 3669.24140625,
  "summary_fg_p95": 6198.550195312499,
  "summary_fg_stdv": 814.3927001953125,
  "tsnr": 47.6759897810407
}