{
  "aor": 0.0002678411910669975,
  "aqi": 0.012816242382133997,
  "bids_meta": {
    "AcquisitionMatrixPE": 64,
    "AcquisitionNumber": 1,
    "AcquisitionTime": "15:38:30.907500",
    "BandwidthPerPixelPhaseEncode": 62.5,
    "BaseResolution": 64,
    "BodyPartExamined": "BRAIN",
    "ConsistencyInfo": "N4_VE11C_LATEST_20160120",
    "ConversionSoftware": "dcm2niix",
    "ConversionSoftwareVersion": "v1.0.20210317",
    "DerivedVendorReportedEchoSpacing": 0.0005,
    "DeviceSerialNumber": "45193",
    "DwellTime": 3.1e-06,
    "EchoNumber": 4,
    "EchoTime": 0.06249,
    "EchoTrainLength": 31,
    "EffectiveEchoSpacing": 0.00025,
    "FlipAngle": 56,
    "ImageComments": "Unaliased MB4/PE4/LB",
    "ImageOrientationPatientDICOM": [
      0.999939,
      0.00133666,
      0.0109709,
      -1.7475e-11,
      0.99266,
      -0.120942
    ],
    "ImageType": [
      "ORIGINAL",
      "PRIMARY",
      "M",
      "MB",
      "TE4",
      "ND",
      "NORM",
      "MOSAIC"
    ],
    "ImagingFrequency": 123.252,
    "InPlanePhaseEncodingDirectionDICOM": "ROW",
    "InstitutionAddress": "Blackburn Road 770,Clayton,Victoria,AU,3800",
    "InstitutionName": "Monash Biomedical Imaging",
    "InstitutionalDepartmentName": "Department",
    "MRAcquisitionType": "2D",
    "MagneticFieldStrength": 3,
    "Manufacturer": "Siemens",
    "ManufacturersModelName": "Skyra",
    "Modality": "MR",
    "MultibandAccelerationFactor": 4,
    "ParallelReductionFactorInPlane": 2,
    "PartialFourier": 1,
    "PatientPosition": "HFS",
    "PercentPhaseFOV": 100,
    "PercentSampling": 100,
    "PhaseEncodingDirection": "i",
    "PhaseEncodingSteps": 63,
    "PhaseResolution": 1,
    "PixelBandwidth": 2520,
    "ProcedureStepDescription": "MR Scan",
    "ProtocolName": "Meditation_R-L_mmb_4_4_cmrr_mbep2d_bold_TE_12.6_29.23_45.86_62.5",
    "PulseSequenceDetails": "%CustomerSeq%\\cmrr_mbep2d_bold",
    "ReceiveCoilActiveElements": "HEA;HEP",
    "ReceiveCoilName": "Head_32",
    "ReconMatrixPE": 64,
    "RefLinesPE": 24,
    "RepetitionTime": 0.91,
    "SAR": 0.0869047,
    "ScanOptions": "FS",
    "ScanningSequence": "EP",
    "SequenceName": "epfid2d4_64",
    "SequenceVariant": "SK\\SS",
    "SeriesDescription": "Meditation_R-L_mmb_4_4_cmrr_mbep2d_bold_TE_12.6_29.23_45.86_62.5",
    "SeriesNumber": 10,
    "ShimSetting": [
      -4109,
      15558,
      -14672,
      1187,
      171,
      -167,
      -832,
      -164
    ],
    "SliceThickness": 3.2,
    "SliceTiming": [
      0,
      0.625,
      0.3575,
      0.09,
      0.7125,
      0.445,
      0.18,
      0.8025,
      0.535,
      0.2675,
      0,
      0.625,
      0.3575,
      0.09,
      0.7125,
      0.445,
      0.18,
      0.8025,
      0.535,
      0.2675,
      0,
      0.625,
      0.3575,
      0.09,
      0.7125,
      0.445,
      0.18,
      0.8025,
      0.535,
      0.2675,
      0,
      0.625,
      0.3575,
      0.09,
      0.7125,
      0.445,
      0.18,
      0.8025,
      0.535,
      0.2675
    ],
    "SoftwareVersions": "syngo MR E11",
    "SpacingBetweenSlices": 3.2,
    "StationName": "AWP45193",
    "TaskName": "meditation",
    "TotalReadoutTime": 0.01575,
    "TxRefAmp": 382.151,
    "WipMemBlock": "50b6689a-32e5-49d9-811e-e28400a8a0fc||Sequence: R016 ve11c/master r/e634e98; Dec 19 2017 11:00:25 by eja",
    "dataset": "<unset>",
    "modality": "bold",
    "run_id": 1,
    "session_id": "01",
    "subject_id": "PC004",
    "task_id": "meditation"
  },
  "dummy_trs": 2,
  "dvars_nstd": 60.87238470233831,
  "dvars_std": 1.1512976204228846,
  "dvars_vstd": 0.9989847096268654,
  "efc": 0.4605561310851317,
  "fber": 2719.7646484375,
  "fd_mean": 0.22085185401898547,
  "fd_num": 223,
  "fd_perc": 55.33498759305211,
  "fwhm_avg": 1.6545906110296116,
  "fwhm_x": 1.6511409708737865,
  "fwhm_y": 1.72166213592233,
  "fwhm_z": 1.5909687262927186,
  "gcor": 0.00886238,
  "gsr_x": -0.005795757286250591,
  "gsr_y": 0.020459657534956932,
  "provenance": {
    "md5sum": "4487812d0b584202e19d8abefea49350",
    "settings": {
      "fd_thres": 0.2,
      "testing": false
    },
    "software": "mriqc",
    "version": "22.0.6",
    "webapi_port": null,
    "webapi_url": "https://mriqc.nimh.nih.gov/api/v1"
  },
  "size_t": 403,
  "size_x": 64,
  "size_y": 64,
  "size_z": 40,
  "snr": 2.9933821509284826,
  "spacing_tr": 0.9100000262260437,
  "spacing_x": 3.21875,
  "spacing_y": 3.21875,
  "spacing_z": 3.200000047683716,
  "summary_bg_k": 229.26513560233076,
  "summary_bg_mad": 22.05876700480442,
  "summary_bg_mean": 57.580039978027344,
  "summary_bg_median": 35.14888381958008,
  "summary_bg_n": 102967.0,
  "summary_bg_p05": 14.37965202331543,
  "summary_bg_p95": 173.26426696777332,
  "summary_bg_stdv": 86.07666015625,
  "summary_fg_k": 9.725252879577624,
  "summary_fg_mad": 446.34036598125596,
  "summary_fg_mean": 1968.9384765625,
  "summary_fg_median": 1854.39453125,
  "summary_fg_n": 26747.0,
  "summary_fg_p05": 1279.5814208984375,
  "summary_fg_p95": 2962.9621826171847,
  "summary_fg_stdv": 619.4865112304688,
  "tsnr": 28.240904673933983
}