{
  "bids_meta": {
    "AcquisitionMatrixPE": 240,
    "AcquisitionNumber": 1,
    "AcquisitionTime": "11:04:27.690000",
    "BaseResolution": 256,
    "BodyPartExamined": "BRAIN",
    "ConsistencyInfo": "N4_VE11C_LATEST_20160120",
    "ConversionSoftware": "dcm2niix",
    "ConversionSoftwareVersion": "v1.0.20210317",
    "DeviceSerialNumber": "45193",
    "DwellTime": 8.5e-06,
    "EchoTime": 0.00207,
    "FlipAngle": 9,
    "ImageOrientationPatientDICOM": [
      -0.00511499,
      0.999987,
      -6.94364e-09,
      -0.0766508,
      -0.00039208,
      -0.997058
    ],
    "ImageType": [
      "ORIGINAL",
      "PRIMARY",
      "M",
      "ND",
      "NORM"
    ],
    "ImagingFrequency": 123.247,
    "InPlanePhaseEncodingDirectionDICOM": "ROW",
    "InstitutionAddress": "Blackburn Road 770,Clayton,Victoria,AU,3800",
    "InstitutionName": "Monash Biomedical Imaging",
    "InstitutionalDepartmentName": "Department",
    "InversionTime": 0.9,
    "MRAcquisitionType": "3D",
    "MagneticFieldStrength": 3,
    "Manufacturer": "Siemens",
    "ManufacturersModelName": "Skyra",
    "Modality": "MR",
    "ParallelReductionFactorInPlane": 2,
    "PartialFourier": 1,
    "PatientPosition": "HFS",
    "PercentPhaseFOV": 93.75,
    "PercentSampling": 100,
    "PhaseEncodingSteps": 239,
    "PhaseResolution": 1,
    "PixelBandwidth": 230,
    "ProcedureStepDescription": "MR Scan",
    "ProtocolName": "t1_mprage_sag_p2_iso_1_ADNI",
    "PulseSequenceDetails": "%SiemensSeq%\\tfl",
    "ReceiveCoilActiveElements": "HEA;HEP",
    "ReceiveCoilName": "Head_32",
    "ReconMatrixPE": 240,
    "RefLinesPE": 32,
    "RepetitionTime": 2.3,
    "SAR": 0.0898934,
    "ScanOptions": "IR",
    "ScanningSequence": "GR\\IR",
    "SequenceName": "*tfl3d1_16ns",
    "SequenceVariant": "SK\\SP\\MP",
    "SeriesDescription": "t1_mprage_sag_p2_iso_1_ADNI",
    "SeriesNumber": 3,
    "ShimSetting": [
      -4069,
      15336,
      -15557,
      -117,
      159,
      -103,
      -245,
      164
    ],
    "SliceThickness": 1,
    "SoftwareVersions": "syngo MR E11",
    "StationName": "AWP45193",
    "TxRefAmp": 352.713,
    "dataset": "<unset>",
    "modality": "T1w",
    "run_id": 1,
    "session_id": "01",
    "subject_id": "PC021"
  },
  "cjv": 0.33182365253992163,
  "cnr": 4.021026300776894,
  "efc": 0.45687705209850615,
  "fber": -1.0,
  "fwhm_avg": 4.299723333333334,
  "fwhm_x": 4.17031,
  "fwhm_y": 4.27217,
  "fwhm_z": 4.45669,
  "icvs_csf": 0.2550315437697752,
  "icvs_gm": 0.43579863035948957,
  "icvs_wm": 0.30916982587073527,
  "inu_med": 0.4602774828672409,
  "inu_range": 0.12617324292659748,
  "provenance": {
    "md5sum": "5ac558307bfd85bfb3d3f3f34b6ff30c",
    "settings": {
      "testing": false
    },
    "software": "mriqc",
    "version": "22.0.6",
    "warnings": {
      "large_rot_frame": true,
      "small_air_mask": false
    },
    "webapi_port": null,
    "webapi_url": "https://mriqc.nimh.nih.gov/api/v1"
  },
  "qi_1": 0.011337067176451684,
  "qi_2": 0.004941103630401002,
  "rpve_csf": 23.519745299573827,
  "rpve_gm": 13.63577526723271,
  "rpve_wm": 21.162279459134638,
  "size_x": 192,
  "size_y": 240,
  "size_z": 256,
  "snr_csf": 2.6908278663338274,
  "snr_gm": 11.52053740283859,
  "snr_total": 12.78407678629439,
  "snr_wm": 24.140865089710754,
  "snrd_csf": 7.802602575593123,
  "snrd_gm": 25.50659857655707,
  "snrd_total": 23.30794412430572,
  "snrd_wm": 36.61463122076697,
  "spacing_x": 1.0,
  "spacing_y": 1.0,
  "spacing_z": 1.0,
  "summary_bg_k": 6213.809449285381,
  "summary_bg_mad": 0.0,
  "summary_bg_mean": 2.6456831575596906,
  "summary_bg_median": 0.0,
  "summary_bg_n": 3632314.0,
  "summary_bg_p05": 0.0,
  "summary_bg_p95": 9.809683226048946,
  "summary_bg_stdv": 17.89274904970493,
  "summary_csf_k": 3.6494804768778737,
  "summary_csf_mad": 58.71161155607818,
  "summary_csf_mean": 226.36198113853257,
  "summary_csf_median": 213.10067616403103,
  "summary_csf_n": 85024.0,
  "summary_csf_p05": 127.39026419818401,
  "summary_csf_p95": 378.23787812143564,
  "summary_csf_stdv": 79.1947436129155,
  "summary_gm_k": -0.0457200950083414,
  "summary_gm_mad": 61.32548467330084,
  "summary_gm_mean": 696.3061490173797,
  "summary_gm_median": 696.6231267899275,
  "summary_gm_n": 47871.0,
  "summary_gm_p05": 596.3112047687173,
  "summary_gm_p95": 794.290502872318,
  "summary_gm_stdv": 60.46730515670313,
  "summary_wm_k": 0.47124121777909034,
  "summary_wm_mad": 39.34214153358207,
  "summary_wm_mean": 999.1298233767628,
  "summary_wm_median": 1000.0000121816993,
  "summary_wm_n": 160291.0,
  "summary_wm_p05": 929.16234575212,
  "summary_wm_p95": 1064.960909858346,
  "summary_wm_stdv": 41.423407534649094,
  "tpm_overlap_csf": 0.13683817778430915,
  "tpm_overlap_gm": 0.4500058261120069,
  "tpm_overlap_wm": 0.48559251337057724,
  "wm2max": 0.40476103344799824
}