{
  "bids_meta": {
    "AcquisitionMatrixPE": 256,
    "AcquisitionNumber": 1,
    "AcquisitionTime": "11:09:51.350000",
    "BaseResolution": 256,
    "BodyPartExamined": "BRAIN",
    "ConsistencyInfo": "N4_VE11C_LATEST_20160120",
    "ConversionSoftware": "dcm2niix",
    "ConversionSoftwareVersion": "v1.0.20210317",
    "DeviceSerialNumber": "45193",
    "DwellTime": 2.8e-06,
    "EchoTime": 0.452,
    "EchoTrainLength": 270,
    "FlipAngle": 120,
    "ImageOrientationPatientDICOM": [
      -0.00511499,
      0.999987,
      -6.94364e-09,
      -0.0766508,
      -0.00039208,
      -0.997058
    ],
    "ImageType": [
      "ORIGINAL",
      "PRIMARY",
      "M",
      "ND",
      "NORM"
    ],
    "ImagingFrequency": 123.247,
    "InPlanePhaseEncodingDirectionDICOM": "ROW",
    "InstitutionAddress": "Blackburn Road 770,Clayton,Victoria,AU,3800",
    "InstitutionName": "Monash Biomedical Imaging",
    "InstitutionalDepartmentName": "Department",
    "MRAcquisitionType": "3D",
    "MagneticFieldStrength": 3,
    "Manufacturer": "Siemens",
    "ManufacturersModelName": "Skyra",
    "Modality": "MR",
    "ParallelReductionFactorInPlane": 2,
    "PartialFourier": 1,
    "PatientPosition": "HFS",
    "PercentPhaseFOV": 100,
    "PercentSampling": 100,
    "PhaseEncodingDirection": "i",
    "PhaseEncodingSteps": 245,
    "PhaseResolution": 1,
    "PixelBandwidth": 700,
    "ProcedureStepDescription": "MR Scan",
    "ProtocolName": "t2_space_sag_p2_iso",
    "PulseSequenceDetails": "%SiemensSeq%\\tse_vfl",
    "ReceiveCoilActiveElements": "HEA;HEP",
    "ReceiveCoilName": "Head_32",
    "ReconMatrixPE": 256,
    "RefLinesPE": 24,
    "RepetitionTime": 3.2,
    "SAR": 0.231539,
    "ScanOptions": "PFP",
    "ScanningSequence": "SE",
    "SequenceName": "*spcR_282ns",
    "SequenceVariant": "SK\\SP",
    "SeriesDescription": "t2_space_sag_p2_iso",
    "SeriesNumber": 4,
    "ShimSetting": [
      -4069,
      15336,
      -15557,
      -117,
      159,
      -103,
      -245,
      164
    ],
    "SliceThickness": 1,
    "SoftwareVersions": "syngo MR E11",
    "StationName": "AWP45193",
    "TxRefAmp": 352.713,
    "dataset": "<unset>",
    "modality": "T2w",
    "run_id": 1,
    "session_id": "01",
    "subject_id": "PC021"
  },
  "cjv": 0.06119889493579601,
  "cnr": 2.783175389314865,
  "efc": 0.4805143678224,
  "fber": -1.0,
  "fwhm_avg": 2.9465266666666667,
  "fwhm_x": 2.86813,
  "fwhm_y": 3.11707,
  "fwhm_z": 2.85438,
  "icvs_csf": 0.24134097291810655,
  "icvs_gm": 0.7167696370991595,
  "icvs_wm": 0.041889389982733956,
  "inu_med": 0.9340080618858337,
  "inu_range": 0.1969187974929809,
  "provenance": {
    "md5sum": "55659e8e04d372e74f838a7b261a7100",
    "settings": {
      "testing": false
    },
    "software": "mriqc",
    "version": "22.0.6",
    "warnings": {
      "large_rot_frame": true,
      "small_air_mask": false
    },
    "webapi_port": null,
    "webapi_url": "https://mriqc.nimh.nih.gov/api/v1"
  },
  "qi_1": 0.00036169217548325335,
  "qi_2": 0.002291699195272574,
  "rpve_csf": 20.81059997747314,
  "rpve_gm": 10.034933062421604,
  "rpve_wm": 148.59423391827946,
  "size_x": 176,
  "size_y": 256,
  "size_z": 256,
  "snr_csf": 6.049434219758405,
  "snr_gm": 5.7891629581399,
  "snr_total": 5.088550814675139,
  "snr_wm": 3.4270552661271125,
  "snrd_csf": 47.34053356302165,
  "snrd_gm": 12.855892657322693,
  "snrd_total": 43.51109409105569,
  "snrd_wm": 70.33685605282271,
  "spacing_x": 1.0,
  "spacing_y": 1.0,
  "spacing_z": 1.0,
  "summary_bg_k": 1016.2264660936513,
  "summary_bg_mad": 0.0,
  "summary_bg_mean": 0.9711733435997748,
  "summary_bg_median": 0.0,
  "summary_bg_n": 772685.0,
  "summary_bg_p05": 0.0,
  "summary_bg_p95": 3.6058286502957344,
  "summary_bg_stdv": 9.315189315824597,
  "summary_csf_k": 2.726108703508606,
  "summary_csf_mad": 74.70987327673771,
  "summary_csf_mean": 668.0045170870368,
  "summary_csf_median": 673.1209446638823,
  "summary_csf_n": 63568.0,
  "summary_csf_p05": 460.16383292190733,
  "summary_csf_p95": 848.175693150237,
  "summary_csf_stdv": 111.26919075329975,
  "summary_gm_k": 0.14779393244091166,
  "summary_gm_mad": 28.438817960267745,
  "summary_gm_mean": 188.62776174537356,
  "summary_gm_median": 182.79410810768604,
  "summary_gm_n": 432512.0,
  "summary_gm_p05": 145.1387194171548,
  "summary_gm_p95": 249.0162214934826,
  "summary_gm_stdv": 31.575185931454875,
  "summary_wm_k": 4.942693381403062,
  "summary_wm_mad": 21.579326246246083,
  "summary_wm_mean": 902.040615084498,
  "summary_wm_median": 1000.0988038703799,
  "summary_wm_n": 8803.0,
  "summary_wm_p05": 27.30386141911149,
  "summary_wm_p95": 1029.2072261117398,
  "summary_wm_stdv": 291.80795761040866,
  "tpm_overlap_csf": 0.1378290869387936,
  "tpm_overlap_gm": 0.41395830340222933,
  "tpm_overlap_wm": 0.015616920632569812,
  "wm2max": 0.9956561649673803
}