{
  "aor": 0.000651236559139785,
  "aqi": 0.015003339516129031,
  "bids_meta": {
    "AcquisitionMatrixPE": 64,
    "AcquisitionNumber": 1,
    "AcquisitionTime": "11:43:39.512500",
    "BandwidthPerPixelPhaseEncode": 62.5,
    "BaseResolution": 64,
    "BodyPartExamined": "BRAIN",
    "ConsistencyInfo": "N4_VE11C_LATEST_20160120",
    "ConversionSoftware": "dcm2niix",
    "ConversionSoftwareVersion": "v1.0.20210317",
    "DerivedVendorReportedEchoSpacing": 0.0005,
    "DeviceSerialNumber": "45193",
    "DwellTime": 3.1e-06,
    "EchoNumber": 3,
    "EchoTime": 0.04586,
    "EchoTrainLength": 31,
    "EffectiveEchoSpacing": 0.00025,
    "FlipAngle": 56,
    "ImageComments": "Unaliased MB4/PE4/LB",
    "ImageOrientationPatientDICOM": [
      0.999673,
      -0.00615953,
      -0.0248304,
      -8.8128e-11,
      0.970583,
      -0.240767
    ],
    "ImageType": [
      "ORIGINAL",
      "PRIMARY",
      "M",
      "MB",
      "TE3",
      "ND",
      "NORM",
      "MOSAIC"
    ],
    "ImagingFrequency": 123.247,
    "InPlanePhaseEncodingDirectionDICOM": "ROW",
    "InstitutionAddress": "Blackburn Road 770,Clayton,Victoria,AU,3800",
    "InstitutionName": "Monash Biomedical Imaging",
    "InstitutionalDepartmentName": "Department",
    "MRAcquisitionType": "2D",
    "MagneticFieldStrength": 3,
    "Manufacturer": "Siemens",
    "ManufacturersModelName": "Skyra",
    "Modality": "MR",
    "MultibandAccelerationFactor": 4,
    "ParallelReductionFactorInPlane": 2,
    "PartialFourier": 1,
    "PatientPosition": "HFS",
    "PercentPhaseFOV": 100,
    "PercentSampling": 100,
    "PhaseEncodingDirection": "i",
    "PhaseEncodingSteps": 63,
    "PhaseResolution": 1,
    "PixelBandwidth": 2520,
    "ProcedureStepDescription": "MR Scan",
    "ProtocolName": "Movie_R-L_mmb_4_4_cmrr_mbep2d_bold_TE_12.6_29.23_45.86_62.49",
    "PulseSequenceDetails": "%CustomerSeq%\\cmrr_mbep2d_bold",
    "ReceiveCoilActiveElements": "HEA;HEP",
    "ReceiveCoilName": "Head_32",
    "ReconMatrixPE": 64,
    "RefLinesPE": 24,
    "RepetitionTime": 0.91,
    "SAR": 0.0776244,
    "ScanOptions": "FS",
    "ScanningSequence": "EP",
    "SequenceName": "epfid2d4_64",
    "SequenceVariant": "SK\\SS",
    "SeriesDescription": "Movie_R-L_mmb_4_4_cmrr_mbep2d_bold_TE_12.6_29.23_45.86_62.49",
    "SeriesNumber": 8,
    "ShimSetting": [
      -4092,
      15733,
      -15346,
      14,
      158,
      1971,
      612,
      205
    ],
    "SliceThickness": 3.2,
    "SliceTiming": [
      0,
      0.6225,
      0.355,
      0.0875,
      0.71,
      0.445,
      0.1775,
      0.8,
      0.5325,
      0.265,
      0,
      0.6225,
      0.355,
      0.0875,
      0.71,
      0.445,
      0.1775,
      0.8,
      0.5325,
      0.265,
      0,
      0.6225,
      0.355,
      0.0875,
      0.71,
      0.445,
      0.1775,
      0.8,
      0.5325,
      0.265,
      0,
      0.6225,
      0.355,
      0.0875,
      0.71,
      0.445,
      0.1775,
      0.8,
      0.5325,
      0.265
    ],
    "SoftwareVersions": "syngo MR E11",
    "SpacingBetweenSlices": 3.2,
    "StationName": "AWP45193",
    "TaskName": "movie",
    "TotalReadoutTime": 0.01575,
    "TxRefAmp": 380.734,
    "WipMemBlock": "8be1c264-90c8-438e-91fe-279d200dc275||Sequence: R016 ve11c/master r/e634e98; Dec 19 2017 11:00:25 by eja",
    "dataset": "<unset>",
    "modality": "bold",
    "run_id": 1,
    "session_id": "02",
    "subject_id": "PC221",
    "task_id": "movie"
  },
  "dummy_trs": 0,
  "dvars_nstd": 48.45054779679245,
  "dvars_std": 1.1440973397304586,
  "dvars_vstd": 0.9820760962533693,
  "efc": 0.5128218182293994,
  "fber": 2503.728759765625,
  "fd_mean": 0.08058421856481514,
  "fd_num": 0,
  "fd_perc": 0.0,
  "fwhm_avg": 1.7355527947747873,
  "fwhm_x": 1.7055533980582525,
  "fwhm_y": 1.7650112621359222,
  "fwhm_z": 1.7360937241301877,
  "gcor": 0.00273492,
  "gsr_x": 0.0012947701616212726,
  "gsr_y": 0.015913141891360283,
  "provenance": {
    "md5sum": "466c313187b60094d8213ffb53acd6ab",
    "settings": {
      "fd_thres": 0.2,
      "testing": false
    },
    "software": "mriqc",
    "version": "22.0.6",
    "webapi_port": null,
    "webapi_url": "https://mriqc.nimh.nih.gov/api/v1"
  },
  "size_t": 372,
  "size_x": 64,
  "size_y": 64,
  "size_z": 40,
  "snr": 4.101668744833219,
  "spacing_tr": 0.9100000262260437,
  "spacing_x": 3.21875,
  "spacing_y": 3.21875,
  "spacing_z": 3.200000047683716,
  "summary_bg_k": 40.031574718458224,
  "summary_bg_mad": 42.453441063900456,
  "summary_bg_mean": 105.61505126953125,
  "summary_bg_median": 55.8736572265625,
  "summary_bg_n": 95586.0,
  "summary_bg_p05": 18.80981159210205,
  "summary_bg_p95": 356.2889709472656,
  "summary_bg_stdv": 158.82505798339844,
  "summary_fg_k": 5.6234503868614905,
  "summary_fg_mad": 542.9313937680907,
  "summary_fg_mean": 2913.256103515625,
  "summary_fg_median": 2821.747314453125,
  "summary_fg_n": 32961.0,
  "summary_fg_p05": 2056.849365234375,
  "summary_fg_p95": 4100.99462890625,
  "summary_fg_stdv": 687.9406127929688,
  "tsnr": 32.01127501472365
}