{
  "aor": 0.0002556827586206896,
  "aqi": 0.017964321931034484,
  "bids_meta": {
    "AcquisitionMatrixPE": 64,
    "AcquisitionNumber": 1,
    "AcquisitionTime": "11:31:56.717500",
    "BandwidthPerPixelPhaseEncode": 62.5,
    "BaseResolution": 64,
    "BodyPartExamined": "BRAIN",
    "ConsistencyInfo": "N4_VE11C_LATEST_20160120",
    "ConversionSoftware": "dcm2niix",
    "ConversionSoftwareVersion": "v1.0.20210317",
    "DerivedVendorReportedEchoSpacing": 0.0005,
    "DeviceSerialNumber": "45193",
    "DwellTime": 3.1e-06,
    "EchoNumber": 4,
    "EchoTime": 0.06249,
    "EchoTrainLength": 31,
    "EffectiveEchoSpacing": 0.00025,
    "FlipAngle": 56,
    "ImageComments": "Unaliased MB4/PE4/LB",
    "ImageOrientationPatientDICOM": [
      0.999673,
      -0.00615953,
      -0.0248304,
      -8.8128e-11,
      0.970583,
      -0.240767
    ],
    "ImageType": [
      "ORIGINAL",
      "PRIMARY",
      "M",
      "MB",
      "TE4",
      "ND",
      "NORM",
      "MOSAIC"
    ],
    "ImagingFrequency": 123.247,
    "InPlanePhaseEncodingDirectionDICOM": "ROW",
    "InstitutionAddress": "Blackburn Road 770,Clayton,Victoria,AU,3800",
    "InstitutionName": "Monash Biomedical Imaging",
    "InstitutionalDepartmentName": "Department",
    "MRAcquisitionType": "2D",
    "MagneticFieldStrength": 3,
    "Manufacturer": "Siemens",
    "ManufacturersModelName": "Skyra",
    "Modality": "MR",
    "MultibandAccelerationFactor": 4,
    "ParallelReductionFactorInPlane": 2,
    "PartialFourier": 1,
    "PatientPosition": "HFS",
    "PercentPhaseFOV": 100,
    "PercentSampling": 100,
    "PhaseEncodingDirection": "i",
    "PhaseEncodingSteps": 63,
    "PhaseResolution": 1,
    "PixelBandwidth": 2520,
    "ProcedureStepDescription": "MR Scan",
    "ProtocolName": "Music_R-L_mmb_4_4_cmrr_mbep2d_bold_TE_12.6_29.23_45.86_62.49",
    "PulseSequenceDetails": "%CustomerSeq%\\cmrr_mbep2d_bold",
    "ReceiveCoilActiveElements": "HEA;HEP",
    "ReceiveCoilName": "Head_32",
    "ReconMatrixPE": 64,
    "RefLinesPE": 24,
    "RepetitionTime": 0.91,
    "SAR": 0.0784107,
    "ScanOptions": "FS",
    "ScanningSequence": "EP",
    "SequenceName": "epfid2d4_64",
    "SequenceVariant": "SK\\SS",
    "SeriesDescription": "Music_R-L_mmb_4_4_cmrr_mbep2d_bold_TE_12.6_29.23_45.86_62.49",
    "SeriesNumber": 7,
    "ShimSetting": [
      -4092,
      15733,
      -15346,
      14,
      158,
      1971,
      612,
      205
    ],
    "SliceThickness": 3.2,
    "SliceTiming": [
      0,
      0.6225,
      0.355,
      0.0875,
      0.71,
      0.445,
      0.1775,
      0.8,
      0.5325,
      0.265,
      0,
      0.6225,
      0.355,
      0.0875,
      0.71,
      0.445,
      0.1775,
      0.8,
      0.5325,
      0.265,
      0,
      0.6225,
      0.355,
      0.0875,
      0.71,
      0.445,
      0.1775,
      0.8,
      0.5325,
      0.265,
      0,
      0.6225,
      0.355,
      0.0875,
      0.71,
      0.445,
      0.1775,
      0.8,
      0.5325,
      0.265
    ],
    "SoftwareVersions": "syngo MR E11",
    "SpacingBetweenSlices": 3.2,
    "StationName": "AWP45193",
    "TaskName": "music",
    "TotalReadoutTime": 0.01575,
    "TxRefAmp": 380.734,
    "WipMemBlock": "df39f43d-e931-47df-82c7-e20970097b7e||Sequence: R016 ve11c/master r/e634e98; Dec 19 2017 11:00:25 by eja",
    "dataset": "<unset>",
    "modality": "bold",
    "run_id": 1,
    "session_id": "02",
    "subject_id": "PC221",
    "task_id": "music"
  },
  "dummy_trs": 3,
  "dvars_nstd": 63.27528843961326,
  "dvars_std": 1.1554385077348053,
  "dvars_vstd": 0.9936184451243102,
  "efc": 0.49298151484561437,
  "fber": 1786.7733154296875,
  "fd_mean": 0.08564216808728824,
  "fd_num": 4,
  "fd_perc": 0.5517241379310345,
  "fwhm_avg": 1.6298415695775172,
  "fwhm_x": 1.5921366990291264,
  "fwhm_y": 1.6681755339805826,
  "fwhm_z": 1.6292124757228421,
  "gcor": 0.00389126,
  "gsr_x": -0.00719804409891367,
  "gsr_y": 0.024199500679969788,
  "provenance": {
    "md5sum": "c7f59f21cfc5746af9d5e690738e9cbf",
    "settings": {
      "fd_thres": 0.2,
      "testing": false
    },
    "software": "mriqc",
    "version": "22.0.6",
    "webapi_port": null,
    "webapi_url": "https://mriqc.nimh.nih.gov/api/v1"
  },
  "size_t": 725,
  "size_x": 64,
  "size_y": 64,
  "size_z": 40,
  "snr": 3.070482411887521,
  "spacing_tr": 0.9100000262260437,
  "spacing_x": 3.21875,
  "spacing_y": 3.21875,
  "spacing_z": 3.200000047683716,
  "summary_bg_k": 107.10318563971373,
  "summary_bg_mad": 30.733831472023773,
  "summary_bg_mean": 85.84513854980469,
  "summary_bg_median": 47.0234489440918,
  "summary_bg_n": 99541.0,
  "summary_bg_p05": 18.8248291015625,
  "summary_bg_p95": 275.09381103515625,
  "summary_bg_stdv": 143.72872924804688,
  "summary_fg_k": 11.361380373356305,
  "summary_fg_mad": 450.17428265567276,
  "summary_fg_mean": 2115.701904296875,
  "summary_fg_median": 2014.393798828125,
  "summary_fg_n": 29768.0,
  "summary_fg_p05": 1371.7548400878907,
  "summary_fg_p95": 3194.357788085937,
  "summary_fg_stdv": 656.0402221679688,
  "tsnr": 25.263414308894426
}