{
  "aor": 0.002370631868131868,
  "aqi": 0.014359606771978024,
  "bids_meta": {
    "AcquisitionMatrixPE": 64,
    "AcquisitionNumber": 1,
    "AcquisitionTime": "11:45:27.782500",
    "BandwidthPerPixelPhaseEncode": 62.5,
    "BaseResolution": 64,
    "BodyPartExamined": "BRAIN",
    "ConsistencyInfo": "N4_VE11C_LATEST_20160120",
    "ConversionSoftware": "dcm2niix",
    "ConversionSoftwareVersion": "v1.0.20210317",
    "DerivedVendorReportedEchoSpacing": 0.0005,
    "DeviceSerialNumber": "45193",
    "DwellTime": 3.1e-06,
    "EchoNumber": 3,
    "EchoTime": 0.04586,
    "EchoTrainLength": 31,
    "EffectiveEchoSpacing": 0.00025,
    "FlipAngle": 56,
    "ImageComments": "Unaliased MB4/PE4/LB",
    "ImageOrientationPatientDICOM": [
      0.99849,
      0.0194559,
      0.0513793,
      -0.0121995,
      0.990365,
      -0.137944
    ],
    "ImageType": [
      "ORIGINAL",
      "PRIMARY",
      "M",
      "MB",
      "TE3",
      "ND",
      "NORM",
      "MOSAIC"
    ],
    "ImagingFrequency": 123.247,
    "InPlanePhaseEncodingDirectionDICOM": "ROW",
    "InstitutionAddress": "Blackburn Road 770,Clayton,Victoria,AU,3800",
    "InstitutionName": "Monash Biomedical Imaging",
    "InstitutionalDepartmentName": "Department",
    "MRAcquisitionType": "2D",
    "MagneticFieldStrength": 3,
    "Manufacturer": "Siemens",
    "ManufacturersModelName": "Skyra",
    "Modality": "MR",
    "MultibandAccelerationFactor": 4,
    "ParallelReductionFactorInPlane": 2,
    "PartialFourier": 1,
    "PatientPosition": "HFS",
    "PercentPhaseFOV": 100,
    "PercentSampling": 100,
    "PhaseEncodingDirection": "i",
    "PhaseEncodingSteps": 63,
    "PhaseResolution": 1,
    "PixelBandwidth": 2520,
    "ProcedureStepDescription": "MR Scan",
    "ProtocolName": "Music_R-L_mmb_4_4_cmrr_mbep2d_bold_TE_12.6_29.23_45.86_62.49",
    "PulseSequenceDetails": "%CustomerSeq%\\cmrr_mbep2d_bold",
    "ReceiveCoilActiveElements": "HEA;HEP",
    "ReceiveCoilName": "Head_32",
    "ReconMatrixPE": 64,
    "RefLinesPE": 24,
    "RepetitionTime": 0.91,
    "SAR": 0.088826,
    "ScanOptions": "FS",
    "ScanningSequence": "EP",
    "SequenceName": "epfid2d4_64",
    "SequenceVariant": "SK\\SS",
    "SeriesDescription": "Music_R-L_mmb_4_4_cmrr_mbep2d_bold_TE_12.6_29.23_45.86_62.49",
    "SeriesNumber": 11,
    "ShimSetting": [
      -4033,
      15295,
      -15131,
      501,
      424,
      22,
      -4,
      11
    ],
    "SliceThickness": 3.2,
    "SliceTiming": [
      0,
      0.6225,
      0.3575,
      0.09,
      0.7125,
      0.445,
      0.1775,
      0.8025,
      0.535,
      0.2675,
      0,
      0.6225,
      0.3575,
      0.09,
      0.7125,
      0.445,
      0.1775,
      0.8025,
      0.535,
      0.2675,
      0,
      0.6225,
      0.3575,
      0.09,
      0.7125,
      0.445,
      0.1775,
      0.8025,
      0.535,
      0.2675,
      0,
      0.6225,
      0.3575,
      0.09,
      0.7125,
      0.445,
      0.1775,
      0.8025,
      0.535,
      0.2675
    ],
    "SoftwareVersions": "syngo MR E11",
    "SpacingBetweenSlices": 3.2,
    "StationName": "AWP45193",
    "TaskName": "music",
    "TotalReadoutTime": 0.01575,
    "TxRefAmp": 353.079,
    "WipMemBlock": "152f2098-4726-4b48-9ab5-57f685ef8704||Sequence: R016 ve11c/master r/e634e98; Dec 19 2017 11:00:25 by eja",
    "dataset": "<unset>",
    "modality": "bold",
    "run_id": 1,
    "session_id": "01",
    "subject_id": "PC018",
    "task_id": "music"
  },
  "dummy_trs": 0,
  "dvars_nstd": 44.76676464471804,
  "dvars_std": 1.2380252106602476,
  "dvars_vstd": 1.0253256063273712,
  "efc": 0.47968831867519746,
  "fber": 3433.5869140625,
  "fd_mean": 0.09219619243065595,
  "fd_num": 18,
  "fd_perc": 2.4725274725274726,
  "fwhm_avg": 1.7973854582331272,
  "fwhm_x": 1.7172473786407765,
  "fwhm_y": 1.8629933980582523,
  "fwhm_z": 1.8119155980003534,
  "gcor": 0.00946192,
  "gsr_x": 0.0011723908828571439,
  "gsr_y": 0.011900882236659527,
  "provenance": {
    "md5sum": "ea1505eeceb0e2970c877d3a289942a7",
    "settings": {
      "fd_thres": 0.2,
      "testing": false
    },
    "software": "mriqc",
    "version": "22.0.6",
    "webapi_port": null,
    "webapi_url": "https://mriqc.nimh.nih.gov/api/v1"
  },
  "size_t": 728,
  "size_x": 64,
  "size_y": 64,
  "size_z": 40,
  "snr": 3.642576577633109,
  "spacing_tr": 0.9100000262260437,
  "spacing_x": 3.21875,
  "spacing_y": 3.21875,
  "spacing_z": 3.200000047683716,
  "summary_bg_k": 166.13774512972807,
  "summary_bg_mad": 44.70005194135407,
  "summary_bg_mean": 108.94883728027344,
  "summary_bg_median": 53.93132019042969,
  "summary_bg_n": 101055.0,
  "summary_bg_p05": 16.181318283081055,
  "summary_bg_p95": 366.82363891601466,
  "summary_bg_stdv": 209.5016326904297,
  "summary_fg_k": 5.752812499259365,
  "summary_fg_mad": 639.7732622134764,
  "summary_fg_mean": 3296.06982421875,
  "summary_fg_median": 3144.916259765625,
  "summary_fg_n": 28849.0,
  "summary_fg_p05": 2296.558349609375,
  "summary_fg_p95": 4774.488281249997,
  "summary_fg_stdv": 863.3618774414062,
  "tsnr": 31.89233540603891
}