{
  "aor": 0.0008881182795698925,
  "aqi": 0.009188217284946237,
  "bids_meta": {
    "AcquisitionMatrixPE": 64,
    "AcquisitionNumber": 1,
    "AcquisitionTime": "11:57:20.042500",
    "BandwidthPerPixelPhaseEncode": 62.5,
    "BaseResolution": 64,
    "BodyPartExamined": "BRAIN",
    "ConsistencyInfo": "N4_VE11C_LATEST_20160120",
    "ConversionSoftware": "dcm2niix",
    "ConversionSoftwareVersion": "v1.0.20210317",
    "DerivedVendorReportedEchoSpacing": 0.0005,
    "DeviceSerialNumber": "45193",
    "DwellTime": 3.1e-06,
    "EchoNumber": 3,
    "EchoTime": 0.04586,
    "EchoTrainLength": 31,
    "EffectiveEchoSpacing": 0.00025,
    "FlipAngle": 56,
    "ImageComments": "Unaliased MB4/PE4/LB",
    "ImageOrientationPatientDICOM": [
      0.99849,
      0.0194559,
      0.0513793,
      -0.0121995,
      0.990365,
      -0.137944
    ],
    "ImageType": [
      "ORIGINAL",
      "PRIMARY",
      "M",
      "MB",
      "TE3",
      "ND",
      "NORM",
      "MOSAIC"
    ],
    "ImagingFrequency": 123.247,
    "InPlanePhaseEncodingDirectionDICOM": "ROW",
    "InstitutionAddress": "Blackburn Road 770,Clayton,Victoria,AU,3800",
    "InstitutionName": "Monash Biomedical Imaging",
    "InstitutionalDepartmentName": "Department",
    "MRAcquisitionType": "2D",
    "MagneticFieldStrength": 3,
    "Manufacturer": "Siemens",
    "ManufacturersModelName": "Skyra",
    "Modality": "MR",
    "MultibandAccelerationFactor": 4,
    "ParallelReductionFactorInPlane": 2,
    "PartialFourier": 1,
    "PatientPosition": "HFS",
    "PercentPhaseFOV": 100,
    "PercentSampling": 100,
    "PhaseEncodingDirection": "i",
    "PhaseEncodingSteps": 63,
    "PhaseResolution": 1,
    "PixelBandwidth": 2520,
    "ProcedureStepDescription": "MR Scan",
    "ProtocolName": "Movie_R-L_mmb_4_4_cmrr_mbep2d_bold_TE_12.6_29.23_45.86_62.49",
    "PulseSequenceDetails": "%CustomerSeq%\\cmrr_mbep2d_bold",
    "ReceiveCoilActiveElements": "HEA;HEP",
    "ReceiveCoilName": "Head_32",
    "ReconMatrixPE": 64,
    "RefLinesPE": 24,
    "RepetitionTime": 0.91,
    "SAR": 0.0879034,
    "ScanOptions": "FS",
    "ScanningSequence": "EP",
    "SequenceName": "epfid2d4_64",
    "SequenceVariant": "SK\\SS",
    "SeriesDescription": "Movie_R-L_mmb_4_4_cmrr_mbep2d_bold_TE_12.6_29.23_45.86_62.49",
    "SeriesNumber": 12,
    "ShimSetting": [
      -4033,
      15295,
      -15131,
      501,
      424,
      22,
      -4,
      11
    ],
    "SliceThickness": 3.2,
    "SliceTiming": [
      0,
      0.6225,
      0.355,
      0.09,
      0.7125,
      0.445,
      0.1775,
      0.8,
      0.5325,
      0.2675,
      0,
      0.6225,
      0.355,
      0.09,
      0.7125,
      0.445,
      0.1775,
      0.8,
      0.5325,
      0.2675,
      0,
      0.6225,
      0.355,
      0.09,
      0.7125,
      0.445,
      0.1775,
      0.8,
      0.5325,
      0.2675,
      0,
      0.6225,
      0.355,
      0.09,
      0.7125,
      0.445,
      0.1775,
      0.8,
      0.5325,
      0.2675
    ],
    "SoftwareVersions": "syngo MR E11",
    "SpacingBetweenSlices": 3.2,
    "StationName": "AWP45193",
    "TaskName": "movie",
    "TotalReadoutTime": 0.01575,
    "TxRefAmp": 353.079,
    "WipMemBlock": "788024a8-a428-4f46-b1d7-0cc43f7f9a65||Sequence: R016 ve11c/master r/e634e98; Dec 19 2017 11:00:25 by eja",
    "dataset": "<unset>",
    "modality": "bold",
    "run_id": 1,
    "session_id": "01",
    "subject_id": "PC018",
    "task_id": "movie"
  },
  "dummy_trs": 0,
  "dvars_nstd": 44.89212517353098,
  "dvars_std": 1.2331289861994619,
  "dvars_vstd": 1.0016166636118593,
  "efc": 0.47824169477396783,
  "fber": 3533.495361328125,
  "fd_mean": 0.07582964329477163,
  "fd_num": 2,
  "fd_perc": 0.5376344086021505,
  "fwhm_avg": 1.7932735266056685,
  "fwhm_x": 1.7170050485436892,
  "fwhm_y": 1.8522780582524272,
  "fwhm_z": 1.8105374730208894,
  "gcor": 0.0073888,
  "gsr_x": 0.00305897812359035,
  "gsr_y": 0.009266505017876625,
  "provenance": {
    "md5sum": "d94b2e9cfdaebeb8102dc88aee624847",
    "settings": {
      "fd_thres": 0.2,
      "testing": false
    },
    "software": "mriqc",
    "version": "22.0.6",
    "webapi_port": null,
    "webapi_url": "https://mriqc.nimh.nih.gov/api/v1"
  },
  "size_t": 372,
  "size_x": 64,
  "size_y": 64,
  "size_z": 40,
  "snr": 3.6492922862405024,
  "spacing_tr": 0.9100000262260437,
  "spacing_x": 3.21875,
  "spacing_y": 3.21875,
  "spacing_z": 3.200000047683716,
  "summary_bg_k": 94.90982362187137,
  "summary_bg_mad": 43.637129355509174,
  "summary_bg_mean": 105.16376495361328,
  "summary_bg_median": 53.413978576660156,
  "summary_bg_n": 101235.0,
  "summary_bg_p05": 15.935483932495117,
  "summary_bg_p95": 352.2908660888652,
  "summary_bg_stdv": 177.96124267578125,
  "summary_fg_k": 5.76057821012278,
  "summary_fg_mad": 642.5822794294708,
  "summary_fg_mean": 3313.516357421875,
  "summary_fg_median": 3160.8466796875,
  "summary_fg_n": 28818.0,
  "summary_fg_p05": 2306.45927734375,
  "summary_fg_p95": 4799.082788085937,
  "summary_fg_stdv": 866.1383056640625,
  "tsnr": 39.040105676976964
}