{
  "bids_meta": {
    "AcquisitionMatrixPE": 240,
    "AcquisitionNumber": 1,
    "AcquisitionTime": "13:52:26.757500",
    "BaseResolution": 256,
    "BodyPartExamined": "BRAIN",
    "ConsistencyInfo": "N4_VE11C_LATEST_20160120",
    "ConversionSoftware": "dcm2niix",
    "ConversionSoftwareVersion": "v1.0.20210317",
    "DeviceSerialNumber": "45193",
    "DwellTime": 8.5e-06,
    "EchoTime": 0.00207,
    "FlipAngle": 9,
    "ImageOrientationPatientDICOM": [
      0.0471119,
      0.99889,
      -3.40975e-08,
      -0.0121881,
      0.00057481,
      -0.999926
    ],
    "ImageType": [
      "ORIGINAL",
      "PRIMARY",
      "M",
      "ND",
      "NORM"
    ],
    "ImagingFrequency": 123.247,
    "InPlanePhaseEncodingDirectionDICOM": "ROW",
    "InstitutionAddress": "Blackburn Road 770,Clayton,Victoria,AU,3800",
    "InstitutionName": "Monash Biomedical Imaging",
    "InstitutionalDepartmentName": "Department",
    "InversionTime": 0.9,
    "MRAcquisitionType": "3D",
    "MagneticFieldStrength": 3,
    "Manufacturer": "Siemens",
    "ManufacturersModelName": "Skyra",
    "Modality": "MR",
    "ParallelReductionFactorInPlane": 2,
    "PartialFourier": 1,
    "PatientPosition": "HFS",
    "PercentPhaseFOV": 93.75,
    "PercentSampling": 100,
    "PhaseEncodingSteps": 239,
    "PhaseResolution": 1,
    "PixelBandwidth": 230,
    "ProcedureStepDescription": "MR Scan",
    "ProtocolName": "t1_mprage_sag_p2_iso_1_ADNI",
    "PulseSequenceDetails": "%SiemensSeq%\\tfl",
    "ReceiveCoilActiveElements": "HEA;HEP",
    "ReceiveCoilName": "Head_32",
    "ReconMatrixPE": 240,
    "RefLinesPE": 32,
    "RepetitionTime": 2.3,
    "SAR": 0.10004,
    "ScanOptions": "IR",
    "ScanningSequence": "GR\\IR",
    "SequenceName": "*tfl3d1_16ns",
    "SequenceVariant": "SK\\SP\\MP",
    "SeriesDescription": "t1_mprage_sag_p2_iso_1_ADNI",
    "SeriesNumber": 3,
    "ShimSetting": [
      -4085,
      15379,
      -15541,
      -112,
      159,
      -108,
      -206,
      160
    ],
    "SliceThickness": 1,
    "SoftwareVersions": "syngo MR E11",
    "StationName": "AWP45193",
    "TxRefAmp": 348.355,
    "dataset": "<unset>",
    "modality": "T1w",
    "run_id": 1,
    "session_id": "01",
    "subject_id": "PC028"
  },
  "cjv": 0.3260009086456295,
  "cnr": 4.044673171114598,
  "efc": 0.48286969342210695,
  "fber": 17840.124558249117,
  "fwhm_avg": 4.019143333333333,
  "fwhm_x": 4.00222,
  "fwhm_y": 4.00457,
  "fwhm_z": 4.05064,
  "icvs_csf": 0.19476946350987318,
  "icvs_gm": 0.4584728999402556,
  "icvs_wm": 0.34675763654987124,
  "inu_med": 0.436164990067482,
  "inu_range": 0.10746448785066598,
  "provenance": {
    "md5sum": "c86ad29f3373c2d5a95676d3dabbdbe0",
    "settings": {
      "testing": false
    },
    "software": "mriqc",
    "version": "22.0.6",
    "warnings": {
      "large_rot_frame": true,
      "small_air_mask": false
    },
    "webapi_port": null,
    "webapi_url": "https://mriqc.nimh.nih.gov/api/v1"
  },
  "qi_1": 0.02669195191055467,
  "qi_2": 0.03974899161491773,
  "rpve_csf": 28.809332059052593,
  "rpve_gm": 13.170175488173623,
  "rpve_wm": 19.399465413228953,
  "size_x": 192,
  "size_y": 240,
  "size_z": 256,
  "snr_csf": 1.9459255711945413,
  "snr_gm": 11.856910313470316,
  "snr_total": 13.464319024998133,
  "snr_wm": 26.590121190329544,
  "snrd_csf": 10.520080657508235,
  "snrd_gm": 27.4913380385818,
  "snrd_total": 25.634294680864798,
  "snrd_wm": 38.89146534650436,
  "spacing_x": 1.0,
  "spacing_y": 1.0,
  "spacing_z": 1.0,
  "summary_bg_k": 12693.366603226606,
  "summary_bg_mad": 0.0,
  "summary_bg_mean": 2.2828904785996644,
  "summary_bg_median": 0.0,
  "summary_bg_n": 2438571.0,
  "summary_bg_p05": 0.0,
  "summary_bg_p95": 8.442559462040663,
  "summary_bg_stdv": 16.845897355596893,
  "summary_csf_k": 2.3273212385175066,
  "summary_csf_mad": 142.54471107939565,
  "summary_csf_mean": 276.17239766997784,
  "summary_csf_median": 270.50885728374124,
  "summary_csf_n": 29536.0,
  "summary_csf_p05": 60.50500947795808,
  "summary_csf_p95": 504.6742308558896,
  "summary_csf_stdv": 139.0105983197228,
  "summary_gm_k": -0.03779668568949379,
  "summary_gm_mad": 60.06996445246384,
  "summary_gm_mean": 707.8703426867224,
  "summary_gm_median": 706.9005153216422,
  "summary_gm_n": 54010.0,
  "summary_gm_p05": 611.680780749768,
  "summary_gm_p95": 806.6133106483145,
  "summary_gm_stdv": 59.61873307964618,
  "summary_wm_k": 0.5235965358277928,
  "summary_wm_mad": 35.49329012843011,
  "summary_wm_mean": 1000.8691467063624,
  "summary_wm_median": 1000.0385160036385,
  "summary_wm_n": 182126.0,
  "summary_wm_p05": 940.3623422719538,
  "summary_wm_p95": 1063.8781437166035,
  "summary_wm_stdv": 37.609297204170325,
  "tpm_overlap_csf": 0.13898127114385944,
  "tpm_overlap_gm": 0.47964554554354366,
  "tpm_overlap_wm": 0.5045543170132084,
  "wm2max": 0.4331602949153468
}