{
  "bids_meta": {
    "AcquisitionMatrixPE": 240,
    "AcquisitionNumber": 1,
    "AcquisitionTime": "11:21:3.885000",
    "BaseResolution": 256,
    "BodyPartExamined": "BRAIN",
    "ConsistencyInfo": "N4_VE11C_LATEST_20160120",
    "ConversionSoftware": "dcm2niix",
    "ConversionSoftwareVersion": "v1.0.20210317",
    "DeviceSerialNumber": "45193",
    "DwellTime": 8.5e-06,
    "EchoTime": 0.00207,
    "FlipAngle": 9,
    "ImageOrientationPatientDICOM": [
      0.00185469,
      0.999998,
      -9.08972e-10,
      0.0227186,
      -4.21368e-05,
      -0.999742
    ],
    "ImageType": [
      "ORIGINAL",
      "PRIMARY",
      "M",
      "ND",
      "NORM"
    ],
    "ImagingFrequency": 123.247,
    "InPlanePhaseEncodingDirectionDICOM": "ROW",
    "InstitutionAddress": "Blackburn Road 770,Clayton,Victoria,AU,3800",
    "InstitutionName": "Monash Biomedical Imaging",
    "InstitutionalDepartmentName": "Department",
    "InversionTime": 0.9,
    "MRAcquisitionType": "3D",
    "MagneticFieldStrength": 3,
    "Manufacturer": "Siemens",
    "ManufacturersModelName": "Skyra",
    "Modality": "MR",
    "ParallelReductionFactorInPlane": 3,
    "PartialFourier": 1,
    "PatientPosition": "HFS",
    "PercentPhaseFOV": 93.75,
    "PercentSampling": 100,
    "PhaseEncodingSteps": 238,
    "PhaseResolution": 1,
    "PixelBandwidth": 230,
    "ProcedureStepDescription": "MR Scan",
    "ProtocolName": "t1_mprage_sag_p3_iso_1",
    "PulseSequenceDetails": "%SiemensSeq%\\tfl",
    "ReceiveCoilActiveElements": "HEA;HEP",
    "ReceiveCoilName": "Head_32",
    "ReconMatrixPE": 240,
    "RefLinesPE": 32,
    "RepetitionTime": 2.3,
    "SAR": 0.101347,
    "ScanOptions": "IR",
    "ScanningSequence": "GR\\IR",
    "SequenceName": "*tfl3d1_16ns",
    "SequenceVariant": "SK\\SP\\MP",
    "SeriesDescription": "t1_mprage_sag_p3_iso_1",
    "SeriesNumber": 2,
    "ShimSetting": [
      -4085,
      15379,
      -15541,
      -112,
      159,
      -108,
      -206,
      160
    ],
    "SliceThickness": 1,
    "SoftwareVersions": "syngo MR E11",
    "StationName": "AWP45193",
    "TxRefAmp": 407.285,
    "dataset": "<unset>",
    "modality": "T1w",
    "run_id": 1,
    "session_id": "02",
    "subject_id": "PC032"
  },
  "cjv": 0.3606429896514876,
  "cnr": 3.642760088128574,
  "efc": 0.5526489922767607,
  "fber": 12712.5625,
  "fwhm_avg": 3.92984,
  "fwhm_x": 3.74914,
  "fwhm_y": 4.1108,
  "fwhm_z": 3.92958,
  "icvs_csf": 0.229701110469569,
  "icvs_gm": 0.4199947944233702,
  "icvs_wm": 0.35030409510706084,
  "inu_med": 0.4875718057155609,
  "inu_range": 0.1308616399765014,
  "provenance": {
    "md5sum": "7d18e06cc8f8988b14d40519a9372609",
    "settings": {
      "testing": false
    },
    "software": "mriqc",
    "version": "22.0.6",
    "warnings": {
      "large_rot_frame": true,
      "small_air_mask": false
    },
    "webapi_port": null,
    "webapi_url": "https://mriqc.nimh.nih.gov/api/v1"
  },
  "qi_1": 0.043229569032766466,
  "qi_2": 0.020040876991172886,
  "rpve_csf": 20.194953395909476,
  "rpve_gm": 11.400671949448666,
  "rpve_wm": 15.950526165226098,
  "size_x": 192,
  "size_y": 240,
  "size_z": 256,
  "snr_csf": 2.365109913899845,
  "snr_gm": 11.243038951127655,
  "snr_total": 12.448738396878014,
  "snr_wm": 23.738066325606546,
  "snrd_csf": 8.037406054670736,
  "snrd_gm": 22.27930299690259,
  "snrd_total": 20.528799711412457,
  "snrd_wm": 31.269690082664038,
  "spacing_x": 1.0,
  "spacing_y": 1.0,
  "spacing_z": 1.0,
  "summary_bg_k": 7145.341110125553,
  "summary_bg_mad": 0.0,
  "summary_bg_mean": 2.5362331553546786,
  "summary_bg_median": 0.0,
  "summary_bg_n": 1984273.0,
  "summary_bg_p05": 0.0,
  "summary_bg_p95": 12.543128531426191,
  "summary_bg_stdv": 20.95191731998025,
  "summary_csf_k": 26.655500164813464,
  "summary_csf_mad": 90.79766532902443,
  "summary_csf_mean": 271.99179126253,
  "summary_csf_median": 257.0442844033241,
  "summary_csf_n": 54405.0,
  "summary_csf_p05": 134.9913775473833,
  "summary_csf_p95": 463.0894301645458,
  "summary_csf_stdv": 108.68075118182443,
  "summary_gm_k": -0.07000918407451273,
  "summary_gm_mad": 64.2084429116634,
  "summary_gm_mean": 712.2481786994239,
  "summary_gm_median": 712.5143929384649,
  "summary_gm_n": 40197.0,
  "summary_gm_p05": 607.7127803377807,
  "summary_gm_p95": 815.3392947390676,
  "summary_gm_stdv": 63.373037592399655,
  "summary_wm_k": 0.590268086399941,
  "summary_wm_mad": 39.48419601455816,
  "summary_wm_mean": 1000.5774966244395,
  "summary_wm_median": 1000.0359638594091,
  "summary_wm_n": 225168.0,
  "summary_wm_p05": 932.3605741038918,
  "summary_wm_p95": 1070.4428085386753,
  "summary_wm_stdv": 42.127851927607665,
  "tpm_overlap_csf": 0.17346973671433127,
  "tpm_overlap_gm": 0.4596563990985331,
  "tpm_overlap_wm": 0.51112843379263,
  "wm2max": 0.4919509139599195
}