{
  "aor": 0.0008609806629834256,
  "aqi": 0.021430261740331493,
  "bids_meta": {
    "AcquisitionMatrixPE": 64,
    "AcquisitionNumber": 1,
    "AcquisitionTime": "15:12:51.815000",
    "BandwidthPerPixelPhaseEncode": 62.5,
    "BaseResolution": 64,
    "BodyPartExamined": "BRAIN",
    "ConsistencyInfo": "N4_VE11C_LATEST_20160120",
    "ConversionSoftware": "dcm2niix",
    "ConversionSoftwareVersion": "v1.0.20210317",
    "DerivedVendorReportedEchoSpacing": 0.0005,
    "DeviceSerialNumber": "45193",
    "DwellTime": 3.1e-06,
    "EchoNumber": 2,
    "EchoTime": 0.02923,
    "EchoTrainLength": 31,
    "EffectiveEchoSpacing": 0.00025,
    "FlipAngle": 56,
    "ImageComments": "Unaliased MB4/PE4/LB",
    "ImageOrientationPatientDICOM": [
      0.997593,
      -0.00779842,
      -0.068899,
      4.363e-11,
      0.993655,
      -0.112468
    ],
    "ImageType": [
      "ORIGINAL",
      "PRIMARY",
      "M",
      "MB",
      "TE2",
      "ND",
      "NORM",
      "MOSAIC"
    ],
    "ImagingFrequency": 123.252,
    "InPlanePhaseEncodingDirectionDICOM": "ROW",
    "InstitutionAddress": "Blackburn Road 770,Clayton,Victoria,AU,3800",
    "InstitutionName": "Monash Biomedical Imaging",
    "InstitutionalDepartmentName": "Department",
    "MRAcquisitionType": "2D",
    "MagneticFieldStrength": 3,
    "Manufacturer": "Siemens",
    "ManufacturersModelName": "Skyra",
    "Modality": "MR",
    "MultibandAccelerationFactor": 4,
    "ParallelReductionFactorInPlane": 2,
    "PartialFourier": 1,
    "PatientPosition": "HFS",
    "PercentPhaseFOV": 100,
    "PercentSampling": 100,
    "PhaseEncodingDirection": "i",
    "PhaseEncodingSteps": 63,
    "PhaseResolution": 1,
    "PixelBandwidth": 2520,
    "ProcedureStepDescription": "MR Scan",
    "ProtocolName": "Music_R-L_mmb_4_4_cmrr_mbep2d_bold_TE_12.6_29.23_45.86_62.49",
    "PulseSequenceDetails": "%CustomerSeq%\\cmrr_mbep2d_bold",
    "ReceiveCoilActiveElements": "HEA;HEP",
    "ReceiveCoilName": "Head_32",
    "ReconMatrixPE": 64,
    "RefLinesPE": 24,
    "RepetitionTime": 0.91,
    "SAR": 0.0866893,
    "ScanOptions": "FS",
    "ScanningSequence": "EP",
    "SequenceName": "epfid2d4_64",
    "SequenceVariant": "SK\\SS",
    "SeriesDescription": "Music_R-L_mmb_4_4_cmrr_mbep2d_bold_TE_12.6_29.23_45.86_62.49",
    "SeriesNumber": 11,
    "ShimSetting": [
      -4121,
      15412,
      -15066,
      523,
      198,
      -249,
      -161,
      170
    ],
    "SliceThickness": 3.2,
    "SliceTiming": [
      0,
      0.625,
      0.3575,
      0.09,
      0.7125,
      0.445,
      0.18,
      0.8025,
      0.535,
      0.2675,
      0,
      0.625,
      0.3575,
      0.09,
      0.7125,
      0.445,
      0.18,
      0.8025,
      0.535,
      0.2675,
      0,
      0.625,
      0.3575,
      0.09,
      0.7125,
      0.445,
      0.18,
      0.8025,
      0.535,
      0.2675,
      0,
      0.625,
      0.3575,
      0.09,
      0.7125,
      0.445,
      0.18,
      0.8025,
      0.535,
      0.2675
    ],
    "SoftwareVersions": "syngo MR E11",
    "SpacingBetweenSlices": 3.2,
    "StationName": "AWP45193",
    "TaskName": "music",
    "TotalReadoutTime": 0.01575,
    "TxRefAmp": 397.977,
    "WipMemBlock": "3c784710-2962-4afd-9cb3-36061687efdb||Sequence: R016 ve11c/master r/e634e98; Dec 19 2017 11:00:25 by eja",
    "dataset": "<unset>",
    "modality": "bold",
    "run_id": 1,
    "session_id": "01",
    "subject_id": "PC221",
    "task_id": "music"
  },
  "dummy_trs": 4,
  "dvars_nstd": 37.70151368366526,
  "dvars_std": 1.1789755852558792,
  "dvars_vstd": 0.979328900387275,
  "efc": 0.5431077840399022,
  "fber": 3506.502685546875,
  "fd_mean": 0.10810144772728816,
  "fd_num": 53,
  "fd_perc": 7.320441988950276,
  "fwhm_avg": 1.8410144284448258,
  "fwhm_x": 1.7803029126213592,
  "fwhm_y": 1.8789716504854368,
  "fwhm_z": 1.8637687222276818,
  "gcor": 0.0069846,
  "gsr_x": 0.014743887819349766,
  "gsr_y": 0.03131166473031044,
  "provenance": {
    "md5sum": "33cf6bad0c06738a1de406c872f723b2",
    "settings": {
      "fd_thres": 0.2,
      "testing": false
    },
    "software": "mriqc",
    "version": "22.0.6",
    "webapi_port": null,
    "webapi_url": "https://mriqc.nimh.nih.gov/api/v1"
  },
  "size_t": 724,
  "size_x": 64,
  "size_y": 64,
  "size_z": 40,
  "snr": 5.86667500239693,
  "spacing_tr": 0.9100000262260437,
  "spacing_x": 3.21875,
  "spacing_y": 3.21875,
  "spacing_z": 3.200000047683716,
  "summary_bg_k": 49.830006739814564,
  "summary_bg_mad": 68.49765734062697,
  "summary_bg_mean": 178.4451904296875,
  "summary_bg_median": 69.20856475830078,
  "summary_bg_n": 91306.0,
  "summary_bg_p05": 16.69613265991211,
  "summary_bg_p95": 656.42578125,
  "summary_bg_stdv": 354.9471740722656,
  "summary_fg_k": 1.497091648716716,
  "summary_fg_mad": 647.1269113031151,
  "summary_fg_mean": 4177.91748046875,
  "summary_fg_median": 4098.3798828125,
  "summary_fg_n": 37159.0,
  "summary_fg_p05": 3210.9087890625,
  "summary_fg_p95": 5408.77919921875,
  "summary_fg_stdv": 698.5770874023438,
  "tsnr": 36.91339951381087
}