{
  "aor": 0.0014782902584493042,
  "aqi": 0.029131897614314117,
  "bids_meta": {
    "AcquisitionMatrixPE": 64,
    "AcquisitionNumber": 1,
    "AcquisitionTime": "14:46:16.567500",
    "BandwidthPerPixelPhaseEncode": 62.5,
    "BaseResolution": 64,
    "BodyPartExamined": "BRAIN",
    "ConsistencyInfo": "N4_VE11C_LATEST_20160120",
    "ConversionSoftware": "dcm2niix",
    "ConversionSoftwareVersion": "v1.0.20210317",
    "DerivedVendorReportedEchoSpacing": 0.0005,
    "DeviceSerialNumber": "45193",
    "DwellTime": 3.1e-06,
    "EchoNumber": 1,
    "EchoTime": 0.0126,
    "EchoTrainLength": 31,
    "EffectiveEchoSpacing": 0.00025,
    "FlipAngle": 56,
    "ImageComments": "Unaliased MB4/PE4/LB",
    "ImageOrientationPatientDICOM": [
      0.997593,
      -0.00779842,
      -0.068899,
      4.363e-11,
      0.993655,
      -0.112468
    ],
    "ImageType": [
      "ORIGINAL",
      "PRIMARY",
      "M",
      "MB",
      "TE1",
      "ND",
      "NORM",
      "MOSAIC"
    ],
    "ImagingFrequency": 123.252,
    "InPlanePhaseEncodingDirectionDICOM": "ROW",
    "InstitutionAddress": "Blackburn Road 770,Clayton,Victoria,AU,3800",
    "InstitutionName": "Monash Biomedical Imaging",
    "InstitutionalDepartmentName": "Department",
    "MRAcquisitionType": "2D",
    "MagneticFieldStrength": 3,
    "Manufacturer": "Siemens",
    "ManufacturersModelName": "Skyra",
    "Modality": "MR",
    "MultibandAccelerationFactor": 4,
    "ParallelReductionFactorInPlane": 2,
    "PartialFourier": 1,
    "PatientPosition": "HFS",
    "PercentPhaseFOV": 100,
    "PercentSampling": 100,
    "PhaseEncodingDirection": "i",
    "PhaseEncodingSteps": 63,
    "PhaseResolution": 1,
    "PixelBandwidth": 2520,
    "ProcedureStepDescription": "MR Scan",
    "ProtocolName": "Rest_R-L_mmb_4_4_cmrr_mbep2d_bold_TE_12.6_29.23_45.86_62.49",
    "PulseSequenceDetails": "%CustomerSeq%\\cmrr_mbep2d_bold",
    "ReceiveCoilActiveElements": "HEA;HEP",
    "ReceiveCoilName": "Head_32",
    "ReconMatrixPE": 64,
    "RefLinesPE": 24,
    "RepetitionTime": 0.91,
    "SAR": 0.0862495,
    "ScanOptions": "FS",
    "ScanningSequence": "EP",
    "SequenceName": "epfid2d4_64",
    "SequenceVariant": "SK\\SS",
    "SeriesDescription": "Rest_R-L_mmb_4_4_cmrr_mbep2d_bold_TE_12.6_29.23_45.86_62.49",
    "SeriesNumber": 4,
    "ShimSetting": [
      -4121,
      15412,
      -15066,
      523,
      198,
      -249,
      -161,
      170
    ],
    "SliceThickness": 3.2,
    "SliceTiming": [
      0,
      0.6225,
      0.355,
      0.0875,
      0.71,
      0.445,
      0.1775,
      0.8,
      0.5325,
      0.265,
      0,
      0.6225,
      0.355,
      0.0875,
      0.71,
      0.445,
      0.1775,
      0.8,
      0.5325,
      0.265,
      0,
      0.6225,
      0.355,
      0.0875,
      0.71,
      0.445,
      0.1775,
      0.8,
      0.5325,
      0.265,
      0,
      0.6225,
      0.355,
      0.0875,
      0.71,
      0.445,
      0.1775,
      0.8,
      0.5325,
      0.265
    ],
    "SoftwareVersions": "syngo MR E11",
    "SpacingBetweenSlices": 3.2,
    "StationName": "AWP45193",
    "TaskName": "rest",
    "TotalReadoutTime": 0.01575,
    "TxRefAmp": 397.977,
    "WipMemBlock": "fd131e9e-3646-4495-8746-71141ecc552b||Sequence: R016 ve11c/master r/e634e98; Dec 19 2017 11:00:25 by eja",
    "dataset": "<unset>",
    "modality": "bold",
    "run_id": 1,
    "session_id": "01",
    "subject_id": "PC221",
    "task_id": "rest"
  },
  "dummy_trs": 1,
  "dvars_nstd": 31.52369914488046,
  "dvars_std": 1.1363824291035856,
  "dvars_vstd": 0.9496427709561761,
  "efc": 0.6025051155269163,
  "fber": 1670.106201171875,
  "fd_mean": 0.2020720660097756,
  "fd_num": 159,
  "fd_perc": 31.610337972167,
  "fwhm_avg": 2.006481599712005,
  "fwhm_x": 1.8787945631067962,
  "fwhm_y": 2.062887766990291,
  "fwhm_z": 2.0777624690389267,
  "gcor": 0.0120646,
  "gsr_x": 0.00813205074518919,
  "gsr_y": 0.05396128073334694,
  "provenance": {
    "md5sum": "f8c4ba506cb6ce317f470ab268719106",
    "settings": {
      "fd_thres": 0.2,
      "testing": false
    },
    "software": "mriqc",
    "version": "22.0.6",
    "webapi_port": null,
    "webapi_url": "https://mriqc.nimh.nih.gov/api/v1"
  },
  "size_t": 503,
  "size_x": 64,
  "size_y": 64,
  "size_z": 40,
  "snr": 7.459593433417981,
  "spacing_tr": 0.9100000262260437,
  "spacing_x": 3.21875,
  "spacing_y": 3.21875,
  "spacing_z": 3.200000047683716,
  "summary_bg_k": 8.26990443350132,
  "summary_bg_mad": 159.49763959389048,
  "summary_bg_mean": 507.51409912109375,
  "summary_bg_median": 141.3777313232422,
  "summary_bg_n": 88422.0,
  "summary_bg_p05": 22.421470642089844,
  "summary_bg_p95": 2220.98388671875,
  "summary_bg_stdv": 805.815673828125,
  "summary_fg_k": 0.24564931974328408,
  "summary_fg_mad": 729.1898128096375,
  "summary_fg_mean": 5626.75146484375,
  "summary_fg_median": 5551.560546875,
  "summary_fg_n": 39647.0,
  "summary_fg_p05": 4528.964892578125,
  "summary_fg_p95": 6966.14892578125,
  "summary_fg_stdv": 744.2081909179688,
  "tsnr": 36.129611463751644
}