{
  "aor": 0.004215975308641977,
  "aqi": 0.019752268839506173,
  "bids_meta": {
    "AcquisitionMatrixPE": 64,
    "AcquisitionNumber": 1,
    "AcquisitionTime": "15:04:55.215000",
    "BandwidthPerPixelPhaseEncode": 62.5,
    "BaseResolution": 64,
    "BodyPartExamined": "BRAIN",
    "ConsistencyInfo": "N4_VE11C_LATEST_20160120",
    "ConversionSoftware": "dcm2niix",
    "ConversionSoftwareVersion": "v1.0.20210317",
    "DerivedVendorReportedEchoSpacing": 0.0005,
    "DeviceSerialNumber": "45193",
    "DwellTime": 3.1e-06,
    "EchoNumber": 2,
    "EchoTime": 0.02923,
    "EchoTrainLength": 31,
    "EffectiveEchoSpacing": 0.00025,
    "FlipAngle": 56,
    "ImageComments": "Unaliased MB4/PE4/LB",
    "ImageOrientationPatientDICOM": [
      0.997593,
      -0.00779842,
      -0.068899,
      4.363e-11,
      0.993655,
      -0.112468
    ],
    "ImageType": [
      "ORIGINAL",
      "PRIMARY",
      "M",
      "MB",
      "TE2",
      "ND",
      "NORM",
      "MOSAIC"
    ],
    "ImagingFrequency": 123.252,
    "InPlanePhaseEncodingDirectionDICOM": "ROW",
    "InstitutionAddress": "Blackburn Road 770,Clayton,Victoria,AU,3800",
    "InstitutionName": "Monash Biomedical Imaging",
    "InstitutionalDepartmentName": "Department",
    "MRAcquisitionType": "2D",
    "MagneticFieldStrength": 3,
    "Manufacturer": "Siemens",
    "ManufacturersModelName": "Skyra",
    "Modality": "MR",
    "MultibandAccelerationFactor": 4,
    "ParallelReductionFactorInPlane": 2,
    "PartialFourier": 1,
    "PatientPosition": "HFS",
    "PercentPhaseFOV": 100,
    "PercentSampling": 100,
    "PhaseEncodingDirection": "i",
    "PhaseEncodingSteps": 63,
    "PhaseResolution": 1,
    "PixelBandwidth": 2520,
    "ProcedureStepDescription": "MR Scan",
    "ProtocolName": "Meditation_R-L_mmb_4_4_cmrr_mbep2d_bold_TE_12.6_29.23_45.86_62.5",
    "PulseSequenceDetails": "%CustomerSeq%\\cmrr_mbep2d_bold",
    "ReceiveCoilActiveElements": "HEA;HEP",
    "ReceiveCoilName": "Head_32",
    "ReconMatrixPE": 64,
    "RefLinesPE": 24,
    "RepetitionTime": 0.91,
    "SAR": 0.0859089,
    "ScanOptions": "FS",
    "ScanningSequence": "EP",
    "SequenceName": "epfid2d4_64",
    "SequenceVariant": "SK\\SS",
    "SeriesDescription": "Meditation_R-L_mmb_4_4_cmrr_mbep2d_bold_TE_12.6_29.23_45.86_62.5",
    "SeriesNumber": 9,
    "ShimSetting": [
      -4121,
      15412,
      -15066,
      523,
      198,
      -249,
      -161,
      170
    ],
    "SliceThickness": 3.2,
    "SliceTiming": [
      0,
      0.6225,
      0.355,
      0.09,
      0.7125,
      0.445,
      0.1775,
      0.8,
      0.535,
      0.2675,
      0,
      0.6225,
      0.355,
      0.09,
      0.7125,
      0.445,
      0.1775,
      0.8,
      0.535,
      0.2675,
      0,
      0.6225,
      0.355,
      0.09,
      0.7125,
      0.445,
      0.1775,
      0.8,
      0.535,
      0.2675,
      0,
      0.6225,
      0.355,
      0.09,
      0.7125,
      0.445,
      0.1775,
      0.8,
      0.535,
      0.2675
    ],
    "SoftwareVersions": "syngo MR E11",
    "SpacingBetweenSlices": 3.2,
    "StationName": "AWP45193",
    "TaskName": "meditation",
    "TotalReadoutTime": 0.01575,
    "TxRefAmp": 397.977,
    "WipMemBlock": "9d9ee18c-145a-4c7b-b082-ab1ff8dcad7f||Sequence: R016 ve11c/master r/e634e98; Dec 19 2017 11:00:25 by eja",
    "dataset": "<unset>",
    "modality": "bold",
    "run_id": 1,
    "session_id": "01",
    "subject_id": "PC221",
    "task_id": "meditation"
  },
  "dummy_trs": 0,
  "dvars_nstd": 37.73009677910889,
  "dvars_std": 1.192545156435643,
  "dvars_vstd": 1.0305452294306936,
  "efc": 0.5457241854931003,
  "fber": 3156.97119140625,
  "fd_mean": 0.11064298130999302,
  "fd_num": 14,
  "fd_perc": 3.45679012345679,
  "fwhm_avg": 1.8400950092267567,
  "fwhm_x": 1.8072792233009707,
  "fwhm_y": 1.9056714563106798,
  "fwhm_z": 1.8073343480686197,
  "gcor": 0.0101563,
  "gsr_x": 0.013892710208892822,
  "gsr_y": 0.03061569854617119,
  "provenance": {
    "md5sum": "a92e6e97e2d7183976228e7f344ef36a",
    "settings": {
      "fd_thres": 0.2,
      "testing": false
    },
    "software": "mriqc",
    "version": "22.0.6",
    "webapi_port": null,
    "webapi_url": "https://mriqc.nimh.nih.gov/api/v1"
  },
  "size_t": 405,
  "size_x": 64,
  "size_y": 64,
  "size_z": 40,
  "snr": 5.734683162309576,
  "spacing_tr": 0.9100000262260437,
  "spacing_x": 3.21875,
  "spacing_y": 3.21875,
  "spacing_z": 3.200000047683716,
  "summary_bg_k": 45.35234645085069,
  "summary_bg_mad": 74.15939602922076,
  "summary_bg_mean": 185.57862854003906,
  "summary_bg_median": 75.32839965820312,
  "summary_bg_n": 90999.0,
  "summary_bg_p05": 16.392593383789062,
  "summary_bg_p95": 676.6990356445308,
  "summary_bg_stdv": 355.92559814453125,
  "summary_fg_k": 1.511358855521669,
  "summary_fg_mad": 675.7408445495274,
  "summary_fg_mean": 4188.66259765625,
  "summary_fg_median": 4100.541015625,
  "summary_fg_n": 37315.0,
  "summary_fg_p05": 3196.1021484375,
  "summary_fg_p95": 5443.315234375,
  "summary_fg_stdv": 715.03271484375,
  "tsnr": 36.31946756696561
}