{
  "aor": 0.0007041397849462366,
  "aqi": 0.01945225376344086,
  "bids_meta": {
    "AcquisitionMatrixPE": 64,
    "AcquisitionNumber": 1,
    "AcquisitionTime": "15:24:28.722500",
    "BandwidthPerPixelPhaseEncode": 62.5,
    "BaseResolution": 64,
    "BodyPartExamined": "BRAIN",
    "ConsistencyInfo": "N4_VE11C_LATEST_20160120",
    "ConversionSoftware": "dcm2niix",
    "ConversionSoftwareVersion": "v1.0.20210317",
    "DerivedVendorReportedEchoSpacing": 0.0005,
    "DeviceSerialNumber": "45193",
    "DwellTime": 3.1e-06,
    "EchoNumber": 4,
    "EchoTime": 0.06249,
    "EchoTrainLength": 31,
    "EffectiveEchoSpacing": 0.00025,
    "FlipAngle": 56,
    "ImageComments": "Unaliased MB4/PE4/LB",
    "ImageOrientationPatientDICOM": [
      0.997593,
      -0.00779842,
      -0.068899,
      4.363e-11,
      0.993655,
      -0.112468
    ],
    "ImageType": [
      "ORIGINAL",
      "PRIMARY",
      "M",
      "MB",
      "TE4",
      "ND",
      "NORM",
      "MOSAIC"
    ],
    "ImagingFrequency": 123.252,
    "InPlanePhaseEncodingDirectionDICOM": "ROW",
    "InstitutionAddress": "Blackburn Road 770,Clayton,Victoria,AU,3800",
    "InstitutionName": "Monash Biomedical Imaging",
    "InstitutionalDepartmentName": "Department",
    "MRAcquisitionType": "2D",
    "MagneticFieldStrength": 3,
    "Manufacturer": "Siemens",
    "ManufacturersModelName": "Skyra",
    "Modality": "MR",
    "MultibandAccelerationFactor": 4,
    "ParallelReductionFactorInPlane": 2,
    "PartialFourier": 1,
    "PatientPosition": "HFS",
    "PercentPhaseFOV": 100,
    "PercentSampling": 100,
    "PhaseEncodingDirection": "i",
    "PhaseEncodingSteps": 63,
    "PhaseResolution": 1,
    "PixelBandwidth": 2520,
    "ProcedureStepDescription": "MR Scan",
    "ProtocolName": "Movie_R-L_mmb_4_4_cmrr_mbep2d_bold_TE_12.6_29.23_45.86_62.49",
    "PulseSequenceDetails": "%CustomerSeq%\\cmrr_mbep2d_bold",
    "ReceiveCoilActiveElements": "HEA;HEP",
    "ReceiveCoilName": "Head_32",
    "ReconMatrixPE": 64,
    "RefLinesPE": 24,
    "RepetitionTime": 0.91,
    "SAR": 0.0857575,
    "ScanOptions": "FS",
    "ScanningSequence": "EP",
    "SequenceName": "epfid2d4_64",
    "SequenceVariant": "SK\\SS",
    "SeriesDescription": "Movie_R-L_mmb_4_4_cmrr_mbep2d_bold_TE_12.6_29.23_45.86_62.49",
    "SeriesNumber": 12,
    "ShimSetting": [
      -4121,
      15412,
      -15066,
      523,
      198,
      -249,
      -161,
      170
    ],
    "SliceThickness": 3.2,
    "SliceTiming": [
      0,
      0.6225,
      0.355,
      0.0875,
      0.71,
      0.445,
      0.1775,
      0.8,
      0.5325,
      0.265,
      0,
      0.6225,
      0.355,
      0.0875,
      0.71,
      0.445,
      0.1775,
      0.8,
      0.5325,
      0.265,
      0,
      0.6225,
      0.355,
      0.0875,
      0.71,
      0.445,
      0.1775,
      0.8,
      0.5325,
      0.265,
      0,
      0.6225,
      0.355,
      0.0875,
      0.71,
      0.445,
      0.1775,
      0.8,
      0.5325,
      0.265
    ],
    "SoftwareVersions": "syngo MR E11",
    "SpacingBetweenSlices": 3.2,
    "StationName": "AWP45193",
    "TaskName": "movie",
    "TotalReadoutTime": 0.01575,
    "TxRefAmp": 397.977,
    "WipMemBlock": "09a0d097-2f34-4a57-a16c-1090edf5a096||Sequence: R016 ve11c/master r/e634e98; Dec 19 2017 11:00:25 by eja",
    "dataset": "<unset>",
    "modality": "bold",
    "run_id": 1,
    "session_id": "01",
    "subject_id": "PC221",
    "task_id": "movie"
  },
  "dummy_trs": 0,
  "dvars_nstd": 62.979560605336864,
  "dvars_std": 1.187019143234502,
  "dvars_vstd": 0.9910729222371959,
  "efc": 0.5015751048345596,
  "fber": 2439.740478515625,
  "fd_mean": 0.10481445861250623,
  "fd_num": 8,
  "fd_perc": 2.150537634408602,
  "fwhm_avg": 1.6483980579549922,
  "fwhm_x": 1.6049801941747572,
  "fwhm_y": 1.651476504854369,
  "fwhm_z": 1.6887374748358506,
  "gcor": 0.00399211,
  "gsr_x": 0.003709061536937952,
  "gsr_y": 0.028834503144025803,
  "provenance": {
    "md5sum": "ddb17198599608766ec1407164c6d51a",
    "settings": {
      "fd_thres": 0.2,
      "testing": false
    },
    "software": "mriqc",
    "version": "22.0.6",
    "webapi_port": null,
    "webapi_url": "https://mriqc.nimh.nih.gov/api/v1"
  },
  "size_t": 372,
  "size_x": 64,
  "size_y": 64,
  "size_z": 40,
  "snr": 3.2346176555179085,
  "spacing_tr": 0.9100000262260437,
  "spacing_x": 3.21875,
  "spacing_y": 3.21875,
  "spacing_z": 3.200000047683716,
  "summary_bg_k": 60.71415097523195,
  "summary_bg_mad": 29.685921885099408,
  "summary_bg_mean": 70.74331665039062,
  "summary_bg_median": 42.98521423339844,
  "summary_bg_n": 95642.0,
  "summary_bg_p05": 16.599462509155273,
  "summary_bg_p95": 217.08401031494114,
  "summary_bg_stdv": 96.8768310546875,
  "summary_fg_k": 9.628924257441527,
  "summary_fg_mad": 475.03863670738303,
  "summary_fg_mean": 2263.959716796875,
  "summary_fg_median": 2156.333251953125,
  "summary_fg_n": 33309.0,
  "summary_fg_p05": 1494.56455078125,
  "summary_fg_p95": 3337.7994628906245,
  "summary_fg_stdv": 666.6323852539062,
  "tsnr": 25.594575581839308
}