{
  "aor": 0.0010739280774550483,
  "aqi": 0.026349049100968185,
  "bids_meta": {
    "AcquisitionMatrixPE": 64,
    "AcquisitionNumber": 1,
    "AcquisitionTime": "15:12:51.832500",
    "BandwidthPerPixelPhaseEncode": 62.5,
    "BaseResolution": 64,
    "BodyPartExamined": "BRAIN",
    "ConsistencyInfo": "N4_VE11C_LATEST_20160120",
    "ConversionSoftware": "dcm2niix",
    "ConversionSoftwareVersion": "v1.0.20210317",
    "DerivedVendorReportedEchoSpacing": 0.0005,
    "DeviceSerialNumber": "45193",
    "DwellTime": 3.1e-06,
    "EchoNumber": 3,
    "EchoTime": 0.04586,
    "EchoTrainLength": 31,
    "EffectiveEchoSpacing": 0.00025,
    "FlipAngle": 56,
    "ImageComments": "Unaliased MB4/PE4/LB",
    "ImageOrientationPatientDICOM": [
      0.997593,
      -0.00779842,
      -0.068899,
      4.363e-11,
      0.993655,
      -0.112468
    ],
    "ImageType": [
      "ORIGINAL",
      "PRIMARY",
      "M",
      "MB",
      "TE3",
      "ND",
      "NORM",
      "MOSAIC"
    ],
    "ImagingFrequency": 123.252,
    "InPlanePhaseEncodingDirectionDICOM": "ROW",
    "InstitutionAddress": "Blackburn Road 770,Clayton,Victoria,AU,3800",
    "InstitutionName": "Monash Biomedical Imaging",
    "InstitutionalDepartmentName": "Department",
    "MRAcquisitionType": "2D",
    "MagneticFieldStrength": 3,
    "Manufacturer": "Siemens",
    "ManufacturersModelName": "Skyra",
    "Modality": "MR",
    "MultibandAccelerationFactor": 4,
    "ParallelReductionFactorInPlane": 2,
    "PartialFourier": 1,
    "PatientPosition": "HFS",
    "PercentPhaseFOV": 100,
    "PercentSampling": 100,
    "PhaseEncodingDirection": "i",
    "PhaseEncodingSteps": 63,
    "PhaseResolution": 1,
    "PixelBandwidth": 2520,
    "ProcedureStepDescription": "MR Scan",
    "ProtocolName": "Music_R-L_mmb_4_4_cmrr_mbep2d_bold_TE_12.6_29.23_45.86_62.49",
    "PulseSequenceDetails": "%CustomerSeq%\\cmrr_mbep2d_bold",
    "ReceiveCoilActiveElements": "HEA;HEP",
    "ReceiveCoilName": "Head_32",
    "ReconMatrixPE": 64,
    "RefLinesPE": 24,
    "RepetitionTime": 0.91,
    "SAR": 0.0866893,
    "ScanOptions": "FS",
    "ScanningSequence": "EP",
    "SequenceName": "epfid2d4_64",
    "SequenceVariant": "SK\\SS",
    "SeriesDescription": "Music_R-L_mmb_4_4_cmrr_mbep2d_bold_TE_12.6_29.23_45.86_62.49",
    "SeriesNumber": 11,
    "ShimSetting": [
      -4121,
      15412,
      -15066,
      523,
      198,
      -249,
      -161,
      170
    ],
    "SliceThickness": 3.2,
    "SliceTiming": [
      0,
      0.6225,
      0.355,
      0.09,
      0.7125,
      0.445,
      0.1775,
      0.8,
      0.535,
      0.2675,
      0,
      0.6225,
      0.355,
      0.09,
      0.7125,
      0.445,
      0.1775,
      0.8,
      0.535,
      0.2675,
      0,
      0.6225,
      0.355,
      0.09,
      0.7125,
      0.445,
      0.1775,
      0.8,
      0.535,
      0.2675,
      0,
      0.6225,
      0.355,
      0.09,
      0.7125,
      0.445,
      0.1775,
      0.8,
      0.535,
      0.2675
    ],
    "SoftwareVersions": "syngo MR E11",
    "SpacingBetweenSlices": 3.2,
    "StationName": "AWP45193",
    "TaskName": "music",
    "TotalReadoutTime": 0.01575,
    "TxRefAmp": 397.977,
    "WipMemBlock": "3c784710-2962-4afd-9cb3-36061687efdb||Sequence: R016 ve11c/master r/e634e98; Dec 19 2017 11:00:25 by eja",
    "dataset": "<unset>",
    "modality": "bold",
    "run_id": 1,
    "session_id": "01",
    "subject_id": "PC221",
    "task_id": "music"
  },
  "dummy_trs": 5,
  "dvars_nstd": 48.54258856955679,
  "dvars_std": 1.1806985199722981,
  "dvars_vstd": 0.9796806947783938,
  "efc": 0.5190212474200425,
  "fber": 3449.42626953125,
  "fd_mean": 0.11236222854888067,
  "fd_num": 61,
  "fd_perc": 8.437067773167358,
  "fwhm_avg": 1.7310234681823948,
  "fwhm_x": 1.6919176699029126,
  "fwhm_y": 1.73766213592233,
  "fwhm_z": 1.7634905987219422,
  "gcor": 0.00608363,
  "gsr_x": 0.007324036676436663,
  "gsr_y": 0.028063131496310234,
  "provenance": {
    "md5sum": "9135bfcc2bc46ed276919927317d3814",
    "settings": {
      "fd_thres": 0.2,
      "testing": false
    },
    "software": "mriqc",
    "version": "22.0.6",
    "webapi_port": null,
    "webapi_url": "https://mriqc.nimh.nih.gov/api/v1"
  },
  "size_t": 723,
  "size_x": 64,
  "size_y": 64,
  "size_z": 40,
  "snr": 4.434612709213265,
  "spacing_tr": 0.9100000262260437,
  "spacing_x": 3.21875,
  "spacing_y": 3.21875,
  "spacing_z": 3.200000047683716,
  "summary_bg_k": 111.59142701804176,
  "summary_bg_mad": 40.928435394874356,
  "summary_bg_mean": 100.37467956542969,
  "summary_bg_median": 50.467498779296875,
  "summary_bg_n": 93499.0,
  "summary_bg_p05": 16.50345802307129,
  "summary_bg_p95": 324.59239501953124,
  "summary_bg_stdv": 188.6637420654297,
  "summary_fg_k": 4.846536338469224,
  "summary_fg_mad": 555.2622210329152,
  "summary_fg_mean": 3077.01513671875,
  "summary_fg_median": 2985.78076171875,
  "summary_fg_n": 35192.0,
  "summary_fg_p05": 2227.7390258789064,
  "summary_fg_p95": 4203.773144531249,
  "summary_fg_stdv": 673.280517578125,
  "tsnr": 28.058006518986076
}