{
  "aor": 0.0001893548387096774,
  "aqi": 0.004981845459057072,
  "bids_meta": {
    "AcquisitionMatrixPE": 64,
    "AcquisitionNumber": 1,
    "AcquisitionTime": "11:48:55.802500",
    "BandwidthPerPixelPhaseEncode": 62.5,
    "BaseResolution": 64,
    "BodyPartExamined": "BRAIN",
    "ConsistencyInfo": "N4_VE11C_LATEST_20160120",
    "ConversionSoftware": "dcm2niix",
    "ConversionSoftwareVersion": "v1.0.20210317",
    "DerivedVendorReportedEchoSpacing": 0.0005,
    "DeviceSerialNumber": "45193",
    "DwellTime": 3.1e-06,
    "EchoNumber": 1,
    "EchoTime": 0.0126,
    "EchoTrainLength": 31,
    "EffectiveEchoSpacing": 0.00025,
    "FlipAngle": 56,
    "ImageComments": "Unaliased MB4/PE4/LB",
    "ImageOrientationPatientDICOM": [
      0.999461,
      0.00279455,
      0.0327248,
      1.13966e-10,
      0.996374,
      -0.0850858
    ],
    "ImageType": [
      "ORIGINAL",
      "PRIMARY",
      "M",
      "MB",
      "TE1",
      "ND",
      "NORM",
      "MOSAIC"
    ],
    "ImagingFrequency": 123.252,
    "InPlanePhaseEncodingDirectionDICOM": "ROW",
    "InstitutionAddress": "Blackburn Road 770,Clayton,Victoria,AU,3800",
    "InstitutionName": "Monash Biomedical Imaging",
    "InstitutionalDepartmentName": "Department",
    "MRAcquisitionType": "2D",
    "MagneticFieldStrength": 3,
    "Manufacturer": "Siemens",
    "ManufacturersModelName": "Skyra",
    "Modality": "MR",
    "MultibandAccelerationFactor": 4,
    "ParallelReductionFactorInPlane": 2,
    "PartialFourier": 1,
    "PatientPosition": "HFS",
    "PercentPhaseFOV": 100,
    "PercentSampling": 100,
    "PhaseEncodingDirection": "i",
    "PhaseEncodingSteps": 63,
    "PhaseResolution": 1,
    "PixelBandwidth": 2520,
    "ProcedureStepDescription": "MR Scan",
    "ProtocolName": "Meditation_R-L_mmb_4_4_cmrr_mbep2d_bold_TE_12.6_29.23_45.86_62.5",
    "PulseSequenceDetails": "%CustomerSeq%\\cmrr_mbep2d_bold",
    "ReceiveCoilActiveElements": "HEA;HEP",
    "ReceiveCoilName": "Head_32",
    "ReconMatrixPE": 64,
    "RefLinesPE": 24,
    "RepetitionTime": 0.91,
    "SAR": 0.0860591,
    "ScanOptions": "FS",
    "ScanningSequence": "EP",
    "SequenceName": "epfid2d4_64",
    "SequenceVariant": "SK\\SS",
    "SeriesDescription": "Meditation_R-L_mmb_4_4_cmrr_mbep2d_bold_TE_12.6_29.23_45.86_62.5",
    "SeriesNumber": 10,
    "ShimSetting": [
      -4097,
      15442,
      -15071,
      323,
      111,
      71,
      -308,
      69
    ],
    "SliceThickness": 3.2,
    "SliceTiming": [
      0,
      0.625,
      0.3575,
      0.09,
      0.7125,
      0.445,
      0.18,
      0.8025,
      0.535,
      0.2675,
      0,
      0.625,
      0.3575,
      0.09,
      0.7125,
      0.445,
      0.18,
      0.8025,
      0.535,
      0.2675,
      0,
      0.625,
      0.3575,
      0.09,
      0.7125,
      0.445,
      0.18,
      0.8025,
      0.535,
      0.2675,
      0,
      0.625,
      0.3575,
      0.09,
      0.7125,
      0.445,
      0.18,
      0.8025,
      0.535,
      0.2675
    ],
    "SoftwareVersions": "syngo MR E11",
    "SpacingBetweenSlices": 3.2,
    "StationName": "AWP45193",
    "TaskName": "meditation",
    "TotalReadoutTime": 0.01575,
    "TxRefAmp": 372.043,
    "WipMemBlock": "50f6dada-1730-4ed6-8b67-22614977c430||Sequence: R016 ve11c/master r/e634e98; Dec 19 2017 11:00:25 by eja",
    "dataset": "<unset>",
    "modality": "bold",
    "run_id": 1,
    "session_id": "01",
    "subject_id": "PC223",
    "task_id": "meditation"
  },
  "dummy_trs": 2,
  "dvars_nstd": 25.795914199129342,
  "dvars_std": 1.1244698683084584,
  "dvars_vstd": 0.995816854328358,
  "efc": 0.5889037764593177,
  "fber": 1968.4954833984375,
  "fd_mean": 0.07530053185600953,
  "fd_num": 0,
  "fd_perc": 0.0,
  "fwhm_avg": 2.0323589841641785,
  "fwhm_x": 1.896332427184466,
  "fwhm_y": 2.071328932038835,
  "fwhm_z": 2.129415593269235,
  "gcor": 0.0267593,
  "gsr_x": -0.0033731041476130486,
  "gsr_y": 0.04883628711104393,
  "provenance": {
    "md5sum": "3f9a3b8be4b2c186b45ec011b2e3b7ce",
    "settings": {
      "fd_thres": 0.2,
      "testing": false
    },
    "software": "mriqc",
    "version": "22.0.6",
    "webapi_port": null,
    "webapi_url": "https://mriqc.nimh.nih.gov/api/v1"
  },
  "size_t": 403,
  "size_x": 64,
  "size_y": 64,
  "size_z": 40,
  "snr": 7.128944069042323,
  "spacing_tr": 0.9100000262260437,
  "spacing_x": 3.21875,
  "spacing_y": 3.21875,
  "spacing_z": 3.200000047683716,
  "summary_bg_k": 4.315922614802991,
  "summary_bg_mad": 122.63291109612689,
  "summary_bg_mean": 593.011962890625,
  "summary_bg_median": 115.88585662841797,
  "summary_bg_n": 96887.0,
  "summary_bg_p05": 24.660049438476562,
  "summary_bg_p95": 2934.56845703125,
  "summary_bg_stdv": 973.8662109375,
  "summary_fg_k": 0.536057697876676,
  "summary_fg_mad": 711.3290892085779,
  "summary_fg_mean": 5167.27490234375,
  "summary_fg_median": 5099.037109375,
  "summary_fg_n": 32811.0,
  "summary_fg_p05": 4121.25927734375,
  "summary_fg_p95": 6422.271728515625,
  "summary_fg_stdv": 715.2474975585938,
  "tsnr": 62.65170993376523
}