{
    "Modality": "MR",
    "MagneticFieldStrength": 3,
    "ImagingFrequency": 123.252,
    "Manufacturer": "Siemens",
    "ManufacturersModelName": "Skyra",
    "InstitutionName": "Monash Biomedical Imaging",
    "InstitutionalDepartmentName": "Department",
    "InstitutionAddress": "Blackburn Road 770,Clayton,Victoria,AU,3800",
    "DeviceSerialNumber": "45193",
    "StationName": "AWP45193",
    "BodyPartExamined": "BRAIN",
    "PatientPosition": "HFS",
    "ProcedureStepDescription": "MR Scan",
    "SoftwareVersions": "syngo MR E11",
    "MRAcquisitionType": "2D",
    "SeriesDescription": "REV_PE_L-R_mmb_4_4_cmrr_mbep2d_bold_TE_12.6_29.23_45.86_62.49",
    "ProtocolName": "REV_PE_L-R_mmb_4_4_cmrr_mbep2d_bold_TE_12.6_29.23_45.86_62.49",
    "ScanningSequence": "EP",
    "SequenceVariant": "SK\\SS",
    "ScanOptions": "FS",
    "SequenceName": "epfid2d4_64",
    "ImageType": [
        "ORIGINAL",
        "PRIMARY",
        "M",
        "MB",
        "TE4",
        "ND",
        "NORM",
        "MOSAIC"
    ],
    "SeriesNumber": 6,
    "AcquisitionTime": "14:24:53.275000",
    "AcquisitionNumber": 1,
    "ImageComments": "Unaliased MB4/PE4/LB",
    "SliceThickness": 3.2,
    "SpacingBetweenSlices": 3.2,
    "SAR": 0.0689304,
    "EchoNumber": 4,
    "EchoTime": 0.06249,
    "RepetitionTime": 0.91,
    "FlipAngle": 56,
    "PartialFourier": 1,
    "BaseResolution": 64,
    "ShimSetting": [
        -4102,
        15369,
        -14986,
        626,
        190,
        -22,
        -181,
        46
    ],
    "TxRefAmp": 370.438,
    "PhaseResolution": 1,
    "ReceiveCoilName": "Head_32",
    "ReceiveCoilActiveElements": "HEA;HEP",
    "PulseSequenceDetails": "%CustomerSeq%\\cmrr_mbep2d_bold",
    "WipMemBlock": "590f06a0-5c00-4b86-a833-4d38a9aae3a1||Sequence: R016 ve11c/master r/e634e98; Dec 19 2017 11:00:25 by eja",
    "RefLinesPE": 24,
    "ConsistencyInfo": "N4_VE11C_LATEST_20160120",
    "MultibandAccelerationFactor": 4,
    "PercentPhaseFOV": 100,
    "PercentSampling": 100,
    "EchoTrainLength": 31,
    "PhaseEncodingSteps": 63,
    "AcquisitionMatrixPE": 64,
    "ReconMatrixPE": 64,
    "BandwidthPerPixelPhaseEncode": 62.5,
    "ParallelReductionFactorInPlane": 2,
    "EffectiveEchoSpacing": 0.00025,
    "DerivedVendorReportedEchoSpacing": 0.0005,
    "TotalReadoutTime": 0.01575,
    "PixelBandwidth": 2520,
    "DwellTime": 3.1e-06,
    "PhaseEncodingDirection": "i-",
    "SliceTiming": [
        0,
        0.6225,
        0.355,
        0.09,
        0.7125,
        0.445,
        0.1775,
        0.8,
        0.535,
        0.2675,
        0,
        0.6225,
        0.355,
        0.09,
        0.7125,
        0.445,
        0.1775,
        0.8,
        0.535,
        0.2675,
        0,
        0.6225,
        0.355,
        0.09,
        0.7125,
        0.445,
        0.1775,
        0.8,
        0.535,
        0.2675,
        0,
        0.6225,
        0.355,
        0.09,
        0.7125,
        0.445,
        0.1775,
        0.8,
        0.535,
        0.2675
    ],
    "ImageOrientationPatientDICOM": [
        0.999431,
        0.0299227,
        0.0155555,
        -0.0279166,
        0.992833,
        -0.116199
    ],
    "InPlanePhaseEncodingDirectionDICOM": "ROW",
    "ConversionSoftware": "dcm2niix",
    "ConversionSoftwareVersion": "v1.0.20210317"
}