{
  "aor": 0.0005763324175824176,
  "aqi": 0.03110996456043956,
  "bids_meta": {
    "AcquisitionMatrixPE": 64,
    "AcquisitionNumber": 1,
    "AcquisitionTime": "10:51:11.422500",
    "BandwidthPerPixelPhaseEncode": 62.5,
    "BaseResolution": 64,
    "BodyPartExamined": "BRAIN",
    "ConsistencyInfo": "N4_VE11C_LATEST_20160120",
    "ConversionSoftware": "dcm2niix",
    "ConversionSoftwareVersion": "v1.0.20210317",
    "DerivedVendorReportedEchoSpacing": 0.0005,
    "DeviceSerialNumber": "45193",
    "DwellTime": 3.1e-06,
    "EchoNumber": 4,
    "EchoTime": 0.06249,
    "EchoTrainLength": 31,
    "EffectiveEchoSpacing": 0.00025,
    "FlipAngle": 56,
    "ImageComments": "Unaliased MB4/PE4/LB",
    "ImageOrientationPatientDICOM": [
      1,
      -1.9386e-05,
      -0.000153885,
      -5.571e-12,
      0.992158,
      -0.124989
    ],
    "ImageType": [
      "ORIGINAL",
      "PRIMARY",
      "M",
      "MB",
      "TE4",
      "ND",
      "NORM",
      "MOSAIC"
    ],
    "ImagingFrequency": 123.247,
    "InPlanePhaseEncodingDirectionDICOM": "ROW",
    "InstitutionAddress": "Blackburn Road 770,Clayton,Victoria,AU,3800",
    "InstitutionName": "Monash Biomedical Imaging",
    "InstitutionalDepartmentName": "Department",
    "MRAcquisitionType": "2D",
    "MagneticFieldStrength": 3,
    "Manufacturer": "Siemens",
    "ManufacturersModelName": "Skyra",
    "Modality": "MR",
    "MultibandAccelerationFactor": 4,
    "ParallelReductionFactorInPlane": 2,
    "PartialFourier": 1,
    "PatientPosition": "HFS",
    "PercentPhaseFOV": 100,
    "PercentSampling": 100,
    "PhaseEncodingDirection": "i",
    "PhaseEncodingSteps": 63,
    "PhaseResolution": 1,
    "PixelBandwidth": 2520,
    "ProcedureStepDescription": "MR Scan",
    "ProtocolName": "Music_R-L_mmb_4_4_cmrr_mbep2d_bold_TE_12.6_29.23_45.86_62.49",
    "PulseSequenceDetails": "%CustomerSeq%\\cmrr_mbep2d_bold",
    "ReceiveCoilActiveElements": "HEA;HEP",
    "ReceiveCoilName": "Head_32",
    "ReconMatrixPE": 64,
    "RefLinesPE": 24,
    "RepetitionTime": 0.91,
    "SAR": 0.0949561,
    "ScanOptions": "FS",
    "ScanningSequence": "EP",
    "SequenceName": "epfid2d4_64",
    "SequenceVariant": "SK\\SS",
    "SeriesDescription": "Music_R-L_mmb_4_4_cmrr_mbep2d_bold_TE_12.6_29.23_45.86_62.49",
    "SeriesNumber": 7,
    "ShimSetting": [
      -4079,
      15232,
      -15016,
      329,
      272,
      -202,
      132,
      261
    ],
    "SliceThickness": 3.2,
    "SliceTiming": [
      0,
      0.6225,
      0.355,
      0.09,
      0.7125,
      0.445,
      0.1775,
      0.8,
      0.535,
      0.2675,
      0,
      0.6225,
      0.355,
      0.09,
      0.7125,
      0.445,
      0.1775,
      0.8,
      0.535,
      0.2675,
      0,
      0.6225,
      0.355,
      0.09,
      0.7125,
      0.445,
      0.1775,
      0.8,
      0.535,
      0.2675,
      0,
      0.6225,
      0.355,
      0.09,
      0.7125,
      0.445,
      0.1775,
      0.8,
      0.535,
      0.2675
    ],
    "SoftwareVersions": "syngo MR E11",
    "SpacingBetweenSlices": 3.2,
    "StationName": "AWP45193",
    "TaskName": "music",
    "TotalReadoutTime": 0.01575,
    "TxRefAmp": 423.628,
    "WipMemBlock": "c934fc46-ff4d-4a18-91c7-b60e4187e6a5||Sequence: R016 ve11c/master r/e634e98; Dec 19 2017 11:00:25 by eja",
    "dataset": "<unset>",
    "modality": "bold",
    "run_id": 1,
    "session_id": "02",
    "subject_id": "PC010",
    "task_id": "music"
  },
  "dummy_trs": 0,
  "dvars_nstd": 73.67128610405776,
  "dvars_std": 1.0649903282806048,
  "dvars_vstd": 0.9518840086382393,
  "efc": 0.4861749426723597,
  "fber": 1209.927001953125,
  "fd_mean": 0.3948200936561245,
  "fd_num": 555,
  "fd_perc": 76.23626373626374,
  "fwhm_avg": 1.9491284128194932,
  "fwhm_x": 1.8323603883495148,
  "fwhm_y": 2.1002873786407767,
  "fwhm_z": 1.9147374714681882,
  "gcor": 0.00876572,
  "gsr_x": -0.007690506987273693,
  "gsr_y": 0.019551360979676247,
  "provenance": {
    "md5sum": "441344ccbc2db68b8ae814d2a2620e98",
    "settings": {
      "fd_thres": 0.2,
      "testing": false
    },
    "software": "mriqc",
    "version": "22.0.6",
    "webapi_port": null,
    "webapi_url": "https://mriqc.nimh.nih.gov/api/v1"
  },
  "size_t": 728,
  "size_x": 64,
  "size_y": 64,
  "size_z": 40,
  "snr": 2.1666728784723963,
  "spacing_tr": 0.9100000262260437,
  "spacing_x": 3.21875,
  "spacing_y": 3.21875,
  "spacing_z": 3.200000047683716,
  "summary_bg_k": 294.1340967159164,
  "summary_bg_mad": 46.390375924543484,
  "summary_bg_mean": 107.97649383544922,
  "summary_bg_median": 69.35302734375,
  "summary_bg_n": 98285.0,
  "summary_bg_p05": 23.688186645507812,
  "summary_bg_p95": 318.77941284179695,
  "summary_bg_stdv": 145.5994110107422,
  "summary_fg_k": 7.698897438965185,
  "summary_fg_mad": 621.7206075024649,
  "summary_fg_mean": 2713.975341796875,
  "summary_fg_median": 2441.3037109375,
  "summary_fg_n": 30150.0,
  "summary_fg_p05": 1648.3070739746095,
  "summary_fg_p95": 4909.234521484374,
  "summary_fg_stdv": 1126.733642578125,
  "tsnr": 18.41489838610869
}