{
  "aor": 0.0006319246031746033,
  "aqi": 0.0182941005952381,
  "bids_meta": {
    "AcquisitionMatrixPE": 64,
    "AcquisitionNumber": 1,
    "AcquisitionTime": "10:33:58.867500",
    "BandwidthPerPixelPhaseEncode": 62.5,
    "BaseResolution": 64,
    "BodyPartExamined": "BRAIN",
    "ConsistencyInfo": "N4_VE11C_LATEST_20160120",
    "ConversionSoftware": "dcm2niix",
    "ConversionSoftwareVersion": "v1.0.20210317",
    "DerivedVendorReportedEchoSpacing": 0.0005,
    "DeviceSerialNumber": "45193",
    "DwellTime": 3.1e-06,
    "EchoNumber": 4,
    "EchoTime": 0.06249,
    "EchoTrainLength": 31,
    "EffectiveEchoSpacing": 0.00025,
    "FlipAngle": 56,
    "ImageComments": "Unaliased MB4/PE4/LB",
    "ImageOrientationPatientDICOM": [
      1,
      -1.9386e-05,
      -0.000153885,
      -5.571e-12,
      0.992158,
      -0.124989
    ],
    "ImageType": [
      "ORIGINAL",
      "PRIMARY",
      "M",
      "MB",
      "TE4",
      "ND",
      "NORM",
      "MOSAIC"
    ],
    "ImagingFrequency": 123.247,
    "InPlanePhaseEncodingDirectionDICOM": "ROW",
    "InstitutionAddress": "Blackburn Road 770,Clayton,Victoria,AU,3800",
    "InstitutionName": "Monash Biomedical Imaging",
    "InstitutionalDepartmentName": "Department",
    "MRAcquisitionType": "2D",
    "MagneticFieldStrength": 3,
    "Manufacturer": "Siemens",
    "ManufacturersModelName": "Skyra",
    "Modality": "MR",
    "MultibandAccelerationFactor": 4,
    "ParallelReductionFactorInPlane": 2,
    "PartialFourier": 1,
    "PatientPosition": "HFS",
    "PercentPhaseFOV": 100,
    "PercentSampling": 100,
    "PhaseEncodingDirection": "i",
    "PhaseEncodingSteps": 63,
    "PhaseResolution": 1,
    "PixelBandwidth": 2520,
    "ProcedureStepDescription": "MR Scan",
    "ProtocolName": "Rest_R-L_mmb_4_4_cmrr_mbep2d_bold_TE_12.6_29.23_45.86_62.49",
    "PulseSequenceDetails": "%CustomerSeq%\\cmrr_mbep2d_bold",
    "ReceiveCoilActiveElements": "HEA;HEP",
    "ReceiveCoilName": "Head_32",
    "ReconMatrixPE": 64,
    "RefLinesPE": 24,
    "RepetitionTime": 0.91,
    "SAR": 0.0945253,
    "ScanOptions": "FS",
    "ScanningSequence": "EP",
    "SequenceName": "epfid2d4_64",
    "SequenceVariant": "SK\\SS",
    "SeriesDescription": "Rest_R-L_mmb_4_4_cmrr_mbep2d_bold_TE_12.6_29.23_45.86_62.49",
    "SeriesNumber": 3,
    "ShimSetting": [
      -4079,
      15232,
      -15016,
      329,
      272,
      -202,
      132,
      261
    ],
    "SliceThickness": 3.2,
    "SliceTiming": [
      0,
      0.625,
      0.3575,
      0.09,
      0.7125,
      0.445,
      0.18,
      0.8025,
      0.535,
      0.2675,
      0,
      0.625,
      0.3575,
      0.09,
      0.7125,
      0.445,
      0.18,
      0.8025,
      0.535,
      0.2675,
      0,
      0.625,
      0.3575,
      0.09,
      0.7125,
      0.445,
      0.18,
      0.8025,
      0.535,
      0.2675,
      0,
      0.625,
      0.3575,
      0.09,
      0.7125,
      0.445,
      0.18,
      0.8025,
      0.535,
      0.2675
    ],
    "SoftwareVersions": "syngo MR E11",
    "SpacingBetweenSlices": 3.2,
    "StationName": "AWP45193",
    "TaskName": "rest",
    "TotalReadoutTime": 0.01575,
    "TxRefAmp": 423.628,
    "WipMemBlock": "e9c6fff6-f8da-49ec-81d8-b26dd12ce4f8||Sequence: R016 ve11c/master r/e634e98; Dec 19 2017 11:00:25 by eja",
    "dataset": "<unset>",
    "modality": "bold",
    "run_id": 1,
    "session_id": "02",
    "subject_id": "PC010",
    "task_id": "rest"
  },
  "dummy_trs": 0,
  "dvars_nstd": 68.05312282952283,
  "dvars_std": 1.1378682367793247,
  "dvars_vstd": 0.9854587647713718,
  "efc": 0.476089316134801,
  "fber": 1880.4400634765625,
  "fd_mean": 0.2791949428313394,
  "fd_num": 337,
  "fd_perc": 66.86507936507937,
  "fwhm_avg": 1.9281962608049676,
  "fwhm_x": 1.8240217475728153,
  "fwhm_y": 2.063754563106796,
  "fwhm_z": 1.8968124717352917,
  "gcor": 0.0196702,
  "gsr_x": -0.005120091140270233,
  "gsr_y": 0.02153099700808525,
  "provenance": {
    "md5sum": "5a44fc1b383b58e12353e13f6afb898e",
    "settings": {
      "fd_thres": 0.2,
      "testing": false
    },
    "software": "mriqc",
    "version": "22.0.6",
    "webapi_port": null,
    "webapi_url": "https://mriqc.nimh.nih.gov/api/v1"
  },
  "size_t": 504,
  "size_x": 64,
  "size_y": 64,
  "size_z": 40,
  "snr": 2.140036907330045,
  "spacing_tr": 0.9100000262260437,
  "spacing_x": 3.21875,
  "spacing_y": 3.21875,
  "spacing_z": 3.200000047683716,
  "summary_bg_k": 375.1020810632566,
  "summary_bg_mad": 38.234369847013305,
  "summary_bg_mean": 92.43592071533203,
  "summary_bg_median": 55.538692474365234,
  "summary_bg_n": 98232.0,
  "summary_bg_p05": 20.119049072265625,
  "summary_bg_p95": 285.500112915039,
  "summary_bg_stdv": 142.0681915283203,
  "summary_fg_k": 7.567872345453159,
  "summary_fg_mad": 634.7919214588196,
  "summary_fg_mean": 2709.872802734375,
  "summary_fg_median": 2435.762939453125,
  "summary_fg_n": 30120.0,
  "summary_fg_p05": 1617.4860046386718,
  "summary_fg_p95": 4907.443920898437,
  "summary_fg_stdv": 1138.16845703125,
  "tsnr": 23.194895415508654
}