{
  "aor": 0.000656826923076923,
  "aqi": 0.015768362967032965,
  "bids_meta": {
    "AcquisitionMatrixPE": 64,
    "AcquisitionNumber": 1,
    "AcquisitionTime": "13:17:38.455000",
    "BandwidthPerPixelPhaseEncode": 62.5,
    "BaseResolution": 64,
    "BodyPartExamined": "BRAIN",
    "ConsistencyInfo": "N4_VE11C_LATEST_20160120",
    "ConversionSoftware": "dcm2niix",
    "ConversionSoftwareVersion": "v1.0.20210317",
    "DerivedVendorReportedEchoSpacing": 0.0005,
    "DeviceSerialNumber": "45193",
    "DwellTime": 3.1e-06,
    "EchoNumber": 3,
    "EchoTime": 0.04586,
    "EchoTrainLength": 31,
    "EffectiveEchoSpacing": 0.00025,
    "FlipAngle": 56,
    "ImageComments": "Unaliased MB4/PE4/LB",
    "ImageOrientationPatientDICOM": [
      0.999475,
      -0.00829818,
      -0.0313207,
      -3.12065e-10,
      0.966649,
      -0.256106
    ],
    "ImageType": [
      "ORIGINAL",
      "PRIMARY",
      "M",
      "MB",
      "TE3",
      "ND",
      "NORM",
      "MOSAIC"
    ],
    "ImagingFrequency": 123.247,
    "InPlanePhaseEncodingDirectionDICOM": "ROW",
    "InstitutionAddress": "Blackburn Road 770,Clayton,Victoria,AU,3800",
    "InstitutionName": "Monash Biomedical Imaging",
    "InstitutionalDepartmentName": "Department",
    "MRAcquisitionType": "2D",
    "MagneticFieldStrength": 3,
    "Manufacturer": "Siemens",
    "ManufacturersModelName": "Skyra",
    "Modality": "MR",
    "MultibandAccelerationFactor": 4,
    "ParallelReductionFactorInPlane": 2,
    "PartialFourier": 1,
    "PatientPosition": "HFS",
    "PercentPhaseFOV": 100,
    "PercentSampling": 100,
    "PhaseEncodingDirection": "i",
    "PhaseEncodingSteps": 63,
    "PhaseResolution": 1,
    "PixelBandwidth": 2520,
    "ProcedureStepDescription": "MR Scan",
    "ProtocolName": "Music_R-L_mmb_4_4_cmrr_mbep2d_bold_TE_12.6_29.23_45.86_62.49",
    "PulseSequenceDetails": "%CustomerSeq%\\cmrr_mbep2d_bold",
    "ReceiveCoilActiveElements": "HEA;HEP",
    "ReceiveCoilName": "Head_32",
    "ReconMatrixPE": 64,
    "RefLinesPE": 24,
    "RepetitionTime": 0.91,
    "SAR": 0.0852953,
    "ScanOptions": "FS",
    "ScanningSequence": "EP",
    "SequenceName": "epfid2d4_64",
    "SequenceVariant": "SK\\SS",
    "SeriesDescription": "Music_R-L_mmb_4_4_cmrr_mbep2d_bold_TE_12.6_29.23_45.86_62.49",
    "SeriesNumber": 11,
    "ShimSetting": [
      -4075,
      15308,
      -15154,
      99,
      400,
      -246,
      107,
      315
    ],
    "SliceThickness": 3.2,
    "SliceTiming": [
      0,
      0.6225,
      0.355,
      0.09,
      0.7125,
      0.445,
      0.1775,
      0.8,
      0.535,
      0.2675,
      0,
      0.6225,
      0.355,
      0.09,
      0.7125,
      0.445,
      0.1775,
      0.8,
      0.535,
      0.2675,
      0,
      0.6225,
      0.355,
      0.09,
      0.7125,
      0.445,
      0.1775,
      0.8,
      0.535,
      0.2675,
      0,
      0.6225,
      0.355,
      0.09,
      0.7125,
      0.445,
      0.1775,
      0.8,
      0.535,
      0.2675
    ],
    "SoftwareVersions": "syngo MR E11",
    "SpacingBetweenSlices": 3.2,
    "StationName": "AWP45193",
    "TaskName": "music",
    "TotalReadoutTime": 0.01575,
    "TxRefAmp": 393.914,
    "WipMemBlock": "c55f805e-dbdc-42cb-8f39-6a9bb18fb2e5||Sequence: R016 ve11c/master r/e634e98; Dec 19 2017 11:00:25 by eja",
    "dataset": "<unset>",
    "modality": "bold",
    "run_id": 1,
    "session_id": "01",
    "subject_id": "PC017",
    "task_id": "music"
  },
  "dummy_trs": 0,
  "dvars_nstd": 49.91835465865193,
  "dvars_std": 1.1735582074552966,
  "dvars_vstd": 0.9847261554745517,
  "efc": 0.4738189349417574,
  "fber": 2494.27587890625,
  "fd_mean": 0.10781908284009686,
  "fd_num": 33,
  "fd_perc": 4.532967032967033,
  "fwhm_avg": 1.620944742896028,
  "fwhm_x": 1.5725452427184465,
  "fwhm_y": 1.61574213592233,
  "fwhm_z": 1.6745468500473075,
  "gcor": 0.0120571,
  "gsr_x": 0.0022339820861816406,
  "gsr_y": 0.0133444145321846,
  "provenance": {
    "md5sum": "b55d6c13ffd531fe4e4d2cf5ffb0ec95",
    "settings": {
      "fd_thres": 0.2,
      "testing": false
    },
    "software": "mriqc",
    "version": "22.0.6",
    "webapi_port": null,
    "webapi_url": "https://mriqc.nimh.nih.gov/api/v1"
  },
  "size_t": 728,
  "size_x": 64,
  "size_y": 64,
  "size_z": 40,
  "snr": 3.232283090509368,
  "spacing_tr": 0.9100000262260437,
  "spacing_x": 3.21875,
  "spacing_y": 3.21875,
  "spacing_z": 3.200000047683716,
  "summary_bg_k": 169.23139644402778,
  "summary_bg_mad": 44.43835379375528,
  "summary_bg_mean": 102.78510284423828,
  "summary_bg_median": 56.49107360839844,
  "summary_bg_n": 102118.0,
  "summary_bg_p05": 18.221155166625977,
  "summary_bg_p95": 325.21642303466786,
  "summary_bg_stdv": 170.30581665039062,
  "summary_fg_k": 3.4989413057344763,
  "summary_fg_mad": 669.8632823366138,
  "summary_fg_mean": 2954.314697265625,
  "summary_fg_median": 2781.880615234375,
  "summary_fg_n": 28025.0,
  "summary_fg_p05": 1924.296240234375,
  "summary_fg_p95": 4574.796679687499,
  "summary_fg_stdv": 860.6396484375,
  "tsnr": 28.198443583678454
}