{
  "aor": 0.00017891184573002756,
  "aqi": 0.007194811763085399,
  "bids_meta": {
    "AcquisitionMatrixPE": 64,
    "AcquisitionNumber": 1,
    "AcquisitionTime": "10:50:29.565000",
    "BandwidthPerPixelPhaseEncode": 62.5,
    "BaseResolution": 64,
    "BodyPartExamined": "BRAIN",
    "ConsistencyInfo": "N4_VE11C_LATEST_20160120",
    "ConversionSoftware": "dcm2niix",
    "ConversionSoftwareVersion": "v1.0.20210317",
    "DerivedVendorReportedEchoSpacing": 0.0005,
    "DeviceSerialNumber": "45193",
    "DwellTime": 3.1e-06,
    "EchoNumber": 2,
    "EchoTime": 0.02923,
    "EchoTrainLength": 31,
    "EffectiveEchoSpacing": 0.00025,
    "FlipAngle": 56,
    "ImageComments": "Unaliased MB4/PE4/LB",
    "ImageOrientationPatientDICOM": [
      0.996923,
      -0.000173312,
      0.0783822,
      -9.252e-12,
      0.999998,
      0.00221111
    ],
    "ImageType": [
      "ORIGINAL",
      "PRIMARY",
      "M",
      "MB",
      "TE2",
      "ND",
      "NORM",
      "MOSAIC"
    ],
    "ImagingFrequency": 123.252,
    "InPlanePhaseEncodingDirectionDICOM": "ROW",
    "InstitutionAddress": "Blackburn Road 770,Clayton,Victoria,AU,3800",
    "InstitutionName": "Monash Biomedical Imaging",
    "InstitutionalDepartmentName": "Department",
    "MRAcquisitionType": "2D",
    "MagneticFieldStrength": 3,
    "Manufacturer": "Siemens",
    "ManufacturersModelName": "Skyra",
    "Modality": "MR",
    "MultibandAccelerationFactor": 4,
    "ParallelReductionFactorInPlane": 2,
    "PartialFourier": 1,
    "PatientPosition": "HFS",
    "PercentPhaseFOV": 100,
    "PercentSampling": 100,
    "PhaseEncodingDirection": "i",
    "PhaseEncodingSteps": 63,
    "PhaseResolution": 1,
    "PixelBandwidth": 2520,
    "ProcedureStepDescription": "MR Scan",
    "ProtocolName": "Music_R-L_mmb_4_4_cmrr_mbep2d_bold_TE_12.6_29.23_45.86_62.49",
    "PulseSequenceDetails": "%CustomerSeq%\\cmrr_mbep2d_bold",
    "ReceiveCoilActiveElements": "HEA;HEP",
    "ReceiveCoilName": "Head_32",
    "ReconMatrixPE": 64,
    "RefLinesPE": 24,
    "RepetitionTime": 0.91,
    "SAR": 0.124175,
    "ScanOptions": "FS",
    "ScanningSequence": "EP",
    "SequenceName": "epfid2d4_64",
    "SequenceVariant": "SK\\SS",
    "SeriesDescription": "Music_R-L_mmb_4_4_cmrr_mbep2d_bold_TE_12.6_29.23_45.86_62.49",
    "SeriesNumber": 12,
    "ShimSetting": [
      -4051,
      15285,
      -15031,
      421,
      315,
      -104,
      114,
      -42
    ],
    "SliceThickness": 3.2,
    "SliceTiming": [
      0,
      0.6225,
      0.355,
      0.0875,
      0.71,
      0.445,
      0.1775,
      0.8,
      0.5325,
      0.265,
      0,
      0.6225,
      0.355,
      0.0875,
      0.71,
      0.445,
      0.1775,
      0.8,
      0.5325,
      0.265,
      0,
      0.6225,
      0.355,
      0.0875,
      0.71,
      0.445,
      0.1775,
      0.8,
      0.5325,
      0.265,
      0,
      0.6225,
      0.355,
      0.0875,
      0.71,
      0.445,
      0.1775,
      0.8,
      0.5325,
      0.265
    ],
    "SoftwareVersions": "syngo MR E11",
    "SpacingBetweenSlices": 3.2,
    "StationName": "AWP45193",
    "TaskName": "music",
    "TotalReadoutTime": 0.01575,
    "TxRefAmp": 376.191,
    "WipMemBlock": "49baec1a-67ed-4270-901b-15e705c2406e||Sequence: R016 ve11c/master r/e634e98; Dec 19 2017 11:00:25 by eja",
    "dataset": "<unset>",
    "modality": "bold",
    "run_id": 1,
    "session_id": "01",
    "subject_id": "PC204",
    "task_id": "music"
  },
  "dummy_trs": 2,
  "dvars_nstd": 28.220581380965474,
  "dvars_std": 1.152963697296551,
  "dvars_vstd": 0.9917007722620689,
  "efc": 0.5278582773306936,
  "fber": 3878.06103515625,
  "fd_mean": 0.04709023481010946,
  "fd_num": 0,
  "fd_perc": 0.0,
  "fwhm_avg": 1.779391010512666,
  "fwhm_x": 1.77888,
  "fwhm_y": 1.7665180582524271,
  "fwhm_z": 1.7927749732855711,
  "gcor": 0.00992125,
  "gsr_x": 0.015359340235590935,
  "gsr_y": 0.016071142628788948,
  "provenance": {
    "md5sum": "2ea0ca4414cd6c364c5cd3eb03fe78b3",
    "settings": {
      "fd_thres": 0.2,
      "testing": false
    },
    "software": "mriqc",
    "version": "22.0.6",
    "webapi_port": null,
    "webapi_url": "https://mriqc.nimh.nih.gov/api/v1"
  },
  "size_t": 726,
  "size_x": 64,
  "size_y": 64,
  "size_z": 40,
  "snr": 5.059556213521092,
  "spacing_tr": 0.9100000262260437,
  "spacing_x": 3.21875,
  "spacing_y": 3.21875,
  "spacing_z": 3.200000047683716,
  "summary_bg_k": 47.29455972150403,
  "summary_bg_mad": 80.74259746979233,
  "summary_bg_mean": 268.06805419921875,
  "summary_bg_median": 83.12258911132812,
  "summary_bg_n": 95991.0,
  "summary_bg_p05": 18.755510330200195,
  "summary_bg_p95": 1248.1838989257812,
  "summary_bg_stdv": 529.3013916015625,
  "summary_fg_k": 1.2258500144366575,
  "summary_fg_mad": 970.4022440625997,
  "summary_fg_mean": 5244.62646484375,
  "summary_fg_median": 5121.73291015625,
  "summary_fg_n": 33123.0,
  "summary_fg_p05": 3847.5966796875,
  "summary_fg_p95": 7008.083056640625,
  "summary_fg_stdv": 1012.273681640625,
  "tsnr": 52.33433677232824
}