{
  "aor": 0.0002555940594059406,
  "aqi": 0.004295028143564356,
  "bids_meta": {
    "AcquisitionMatrixPE": 64,
    "AcquisitionNumber": 1,
    "AcquisitionTime": "10:42:57.582500",
    "BandwidthPerPixelPhaseEncode": 62.5,
    "BaseResolution": 64,
    "BodyPartExamined": "BRAIN",
    "ConsistencyInfo": "N4_VE11C_LATEST_20160120",
    "ConversionSoftware": "dcm2niix",
    "ConversionSoftwareVersion": "v1.0.20210317",
    "DerivedVendorReportedEchoSpacing": 0.0005,
    "DeviceSerialNumber": "45193",
    "DwellTime": 3.1e-06,
    "EchoNumber": 1,
    "EchoTime": 0.0126,
    "EchoTrainLength": 31,
    "EffectiveEchoSpacing": 0.00025,
    "FlipAngle": 56,
    "ImageComments": "Unaliased MB4/PE4/LB",
    "ImageOrientationPatientDICOM": [
      0.996923,
      -0.000173312,
      0.0783822,
      -9.252e-12,
      0.999998,
      0.00221111
    ],
    "ImageType": [
      "ORIGINAL",
      "PRIMARY",
      "M",
      "MB",
      "TE1",
      "ND",
      "NORM",
      "MOSAIC"
    ],
    "ImagingFrequency": 123.252,
    "InPlanePhaseEncodingDirectionDICOM": "ROW",
    "InstitutionAddress": "Blackburn Road 770,Clayton,Victoria,AU,3800",
    "InstitutionName": "Monash Biomedical Imaging",
    "InstitutionalDepartmentName": "Department",
    "MRAcquisitionType": "2D",
    "MagneticFieldStrength": 3,
    "Manufacturer": "Siemens",
    "ManufacturersModelName": "Skyra",
    "Modality": "MR",
    "MultibandAccelerationFactor": 4,
    "ParallelReductionFactorInPlane": 2,
    "PartialFourier": 1,
    "PatientPosition": "HFS",
    "PercentPhaseFOV": 100,
    "PercentSampling": 100,
    "PhaseEncodingDirection": "i",
    "PhaseEncodingSteps": 63,
    "PhaseResolution": 1,
    "PixelBandwidth": 2520,
    "ProcedureStepDescription": "MR Scan",
    "ProtocolName": "Meditation_R-L_mmb_4_4_cmrr_mbep2d_bold_TE_12.6_29.23_45.86_62.5",
    "PulseSequenceDetails": "%CustomerSeq%\\cmrr_mbep2d_bold",
    "ReceiveCoilActiveElements": "HEA;HEP",
    "ReceiveCoilName": "Head_32",
    "ReconMatrixPE": 64,
    "RefLinesPE": 24,
    "RepetitionTime": 0.91,
    "SAR": 0.123078,
    "ScanOptions": "FS",
    "ScanningSequence": "EP",
    "SequenceName": "epfid2d4_64",
    "SequenceVariant": "SK\\SS",
    "SeriesDescription": "Meditation_R-L_mmb_4_4_cmrr_mbep2d_bold_TE_12.6_29.23_45.86_62.5",
    "SeriesNumber": 10,
    "ShimSetting": [
      -4051,
      15285,
      -15031,
      421,
      315,
      -104,
      114,
      -42
    ],
    "SliceThickness": 3.2,
    "SliceTiming": [
      0,
      0.6225,
      0.3575,
      0.09,
      0.7125,
      0.445,
      0.1775,
      0.8025,
      0.535,
      0.2675,
      0,
      0.6225,
      0.3575,
      0.09,
      0.7125,
      0.445,
      0.1775,
      0.8025,
      0.535,
      0.2675,
      0,
      0.6225,
      0.3575,
      0.09,
      0.7125,
      0.445,
      0.1775,
      0.8025,
      0.535,
      0.2675,
      0,
      0.6225,
      0.3575,
      0.09,
      0.7125,
      0.445,
      0.1775,
      0.8025,
      0.535,
      0.2675
    ],
    "SoftwareVersions": "syngo MR E11",
    "SpacingBetweenSlices": 3.2,
    "StationName": "AWP45193",
    "TaskName": "meditation",
    "TotalReadoutTime": 0.01575,
    "TxRefAmp": 376.191,
    "WipMemBlock": "8b4eb284-5fc7-4bcf-a22b-cdb58453ce5d||Sequence: R016 ve11c/master r/e634e98; Dec 19 2017 11:00:25 by eja",
    "dataset": "<unset>",
    "modality": "bold",
    "run_id": 1,
    "session_id": "01",
    "subject_id": "PC204",
    "task_id": "meditation"
  },
  "dummy_trs": 1,
  "dvars_nstd": 22.47792357531017,
  "dvars_std": 1.1745222013399503,
  "dvars_vstd": 0.9899270841191076,
  "efc": 0.5840858663125928,
  "fber": 3166.218017578125,
  "fd_mean": 0.0479217970719101,
  "fd_num": 0,
  "fd_perc": 0.0,
  "fwhm_avg": 2.0685666558856766,
  "fwhm_x": 2.012060582524272,
  "fwhm_y": 2.0231394174757282,
  "fwhm_z": 2.17049996765703,
  "gcor": 0.0300525,
  "gsr_x": 0.025394180789589882,
  "gsr_y": 0.03013511374592781,
  "provenance": {
    "md5sum": "cc23483231d8b5395a0b6ce2b735a8cf",
    "settings": {
      "fd_thres": 0.2,
      "testing": false
    },
    "software": "mriqc",
    "version": "22.0.6",
    "webapi_port": null,
    "webapi_url": "https://mriqc.nimh.nih.gov/api/v1"
  },
  "size_t": 404,
  "size_x": 64,
  "size_y": 64,
  "size_z": 40,
  "snr": 6.4755671906191505,
  "spacing_tr": 0.9100000262260437,
  "spacing_x": 3.21875,
  "spacing_y": 3.21875,
  "spacing_z": 3.200000047683716,
  "summary_bg_k": 4.954638654049624,
  "summary_bg_mad": 133.32410056963454,
  "summary_bg_mean": 720.6729736328125,
  "summary_bg_median": 124.70791625976562,
  "summary_bg_n": 93779.0,
  "summary_bg_p05": 22.474999046325685,
  "summary_bg_p95": 3943.527319335935,
  "summary_bg_stdv": 1293.228271484375,
  "summary_fg_k": -0.2643992073847645,
  "summary_fg_mad": 1114.8379602879818,
  "summary_fg_mean": 7030.4814453125,
  "summary_fg_median": 6934.23388671875,
  "summary_fg_n": 35592.0,
  "summary_fg_p05": 5414.374780273438,
  "summary_fg_p95": 8903.803027343749,
  "summary_fg_stdv": 1070.8153076171875,
  "tsnr": 73.56653507391457
}