{
  "bids_meta": {
    "AcquisitionMatrixPE": 240,
    "AcquisitionNumber": 1,
    "AcquisitionTime": "11:23:10.555000",
    "BaseResolution": 256,
    "BodyPartExamined": "BRAIN",
    "ConsistencyInfo": "N4_VE11C_LATEST_20160120",
    "ConversionSoftware": "dcm2niix",
    "ConversionSoftwareVersion": "v1.0.20210317",
    "DeviceSerialNumber": "45193",
    "DwellTime": 8.5e-06,
    "EchoTime": 0.00207,
    "FlipAngle": 9,
    "ImageOrientationPatientDICOM": [
      -0.0208336,
      0.999783,
      2.93993e-08,
      0.00177623,
      3.70427e-05,
      -0.999998
    ],
    "ImageType": [
      "ORIGINAL",
      "PRIMARY",
      "M",
      "ND",
      "NORM"
    ],
    "ImagingFrequency": 123.252,
    "InPlanePhaseEncodingDirectionDICOM": "ROW",
    "InstitutionAddress": "Blackburn Road 770,Clayton,Victoria,AU,3800",
    "InstitutionName": "Monash Biomedical Imaging",
    "InstitutionalDepartmentName": "Department",
    "InversionTime": 0.9,
    "MRAcquisitionType": "3D",
    "MagneticFieldStrength": 3,
    "Manufacturer": "Siemens",
    "ManufacturersModelName": "Skyra",
    "Modality": "MR",
    "ParallelReductionFactorInPlane": 3,
    "PartialFourier": 1,
    "PatientPosition": "HFS",
    "PercentPhaseFOV": 93.75,
    "PercentSampling": 100,
    "PhaseEncodingSteps": 238,
    "PhaseResolution": 1,
    "PixelBandwidth": 230,
    "ProcedureStepDescription": "MR Scan",
    "ProtocolName": "t1_mprage_sag_p3_iso_1",
    "PulseSequenceDetails": "%SiemensSeq%\\tfl",
    "ReceiveCoilActiveElements": "HEA;HEP",
    "ReceiveCoilName": "Head_32",
    "ReconMatrixPE": 240,
    "RefLinesPE": 32,
    "RepetitionTime": 2.3,
    "SAR": 0.0887608,
    "ScanOptions": "IR",
    "ScanningSequence": "GR\\IR",
    "SequenceName": "*tfl3d1_16ns",
    "SequenceVariant": "SK\\SP\\MP",
    "SeriesDescription": "t1_mprage_sag_p3_iso_1",
    "SeriesNumber": 2,
    "ShimSetting": [
      -4121,
      15461,
      -15515,
      -92,
      142,
      -177,
      -175,
      57
    ],
    "SliceThickness": 1,
    "SoftwareVersions": "syngo MR E11",
    "StationName": "AWP45193",
    "TxRefAmp": 361.729,
    "dataset": "<unset>",
    "modality": "T1w",
    "run_id": 1,
    "session_id": "02",
    "subject_id": "PC207"
  },
  "cjv": 0.37648586948057705,
  "cnr": 3.559206037841162,
  "efc": 0.5267334210756063,
  "fber": 14161.0,
  "fwhm_avg": 3.7347133333333336,
  "fwhm_x": 3.64111,
  "fwhm_y": 3.80089,
  "fwhm_z": 3.76214,
  "icvs_csf": 0.17872379486005502,
  "icvs_gm": 0.45269469348271196,
  "icvs_wm": 0.368581511657233,
  "inu_med": 0.5151190161705017,
  "inu_range": 0.15630339384078973,
  "provenance": {
    "md5sum": "d5594c3cd045b71c0dc325f2a929261d",
    "settings": {
      "testing": false
    },
    "software": "mriqc",
    "version": "22.0.6",
    "warnings": {
      "large_rot_frame": true,
      "small_air_mask": false
    },
    "webapi_port": null,
    "webapi_url": "https://mriqc.nimh.nih.gov/api/v1"
  },
  "qi_1": 0.03315439059018962,
  "qi_2": 0.03359673966608271,
  "rpve_csf": 28.642272269531976,
  "rpve_gm": 12.582261275396608,
  "rpve_wm": 17.50336817063804,
  "size_x": 192,
  "size_y": 240,
  "size_z": 256,
  "snr_csf": 1.8942145236975672,
  "snr_gm": 11.390901410955776,
  "snr_total": 11.46904457010739,
  "snr_wm": 21.12201777566883,
  "snrd_csf": 8.638775399939968,
  "snrd_gm": 24.12497973995723,
  "snrd_total": 22.208721641055003,
  "snrd_wm": 33.86240978326781,
  "spacing_x": 1.0,
  "spacing_y": 1.0,
  "spacing_z": 1.0,
  "summary_bg_k": 11431.647704212408,
  "summary_bg_mad": 0.0,
  "summary_bg_mean": 3.1123792226337232,
  "summary_bg_median": 0.0,
  "summary_bg_n": 2481933.0,
  "summary_bg_p05": 0.0,
  "summary_bg_p95": 16.809892639517784,
  "summary_bg_stdv": 19.347821060504245,
  "summary_csf_k": 15.481264271021935,
  "summary_csf_mad": 115.04073068945584,
  "summary_csf_mean": 273.3408118358099,
  "summary_csf_median": 255.1247047483921,
  "summary_csf_n": 18797.0,
  "summary_csf_p05": 89.14692690074445,
  "summary_csf_p95": 500.13832195401204,
  "summary_csf_stdv": 134.68269573063017,
  "summary_gm_k": -0.06766716357658487,
  "summary_gm_mad": 63.08284259848605,
  "summary_gm_mean": 711.6882800781555,
  "summary_gm_median": 712.4711603522301,
  "summary_gm_n": 40405.0,
  "summary_gm_p05": 606.9251561433077,
  "summary_gm_p95": 813.0789965987206,
  "summary_gm_stdv": 62.546616634853535,
  "summary_wm_k": 0.4675566690323416,
  "summary_wm_mad": 45.18347445231464,
  "summary_wm_mean": 1000.8393852891074,
  "summary_wm_median": 1000.0418922901154,
  "summary_wm_n": 196024.0,
  "summary_wm_p05": 924.8375346958637,
  "summary_wm_p95": 1079.4319550715388,
  "summary_wm_stdv": 47.345824252828244,
  "tpm_overlap_csf": 0.14261618131125509,
  "tpm_overlap_gm": 0.46863149297147083,
  "tpm_overlap_wm": 0.498170533844221,
  "wm2max": 0.43207998261247554
}