{
  "bids_meta": {
    "AcquisitionMatrixPE": 240,
    "AcquisitionNumber": 1,
    "AcquisitionTime": "15:16:15.802500",
    "BaseResolution": 256,
    "BodyPartExamined": "BRAIN",
    "ConsistencyInfo": "N4_VE11C_LATEST_20160120",
    "ConversionSoftware": "dcm2niix",
    "ConversionSoftwareVersion": "v1.0.20210317",
    "DeviceSerialNumber": "45193",
    "DwellTime": 8.5e-06,
    "EchoTime": 0.00207,
    "FlipAngle": 9,
    "ImageOrientationPatientDICOM": [
      0.00185421,
      0.999998,
      -7.63286e-10,
      3.13222e-05,
      -5.88413e-08,
      -1
    ],
    "ImageType": [
      "ORIGINAL",
      "PRIMARY",
      "M",
      "ND",
      "NORM"
    ],
    "ImagingFrequency": 123.252,
    "InPlanePhaseEncodingDirectionDICOM": "ROW",
    "InstitutionAddress": "Blackburn Road 770,Clayton,Victoria,AU,3800",
    "InstitutionName": "Monash Biomedical Imaging",
    "InstitutionalDepartmentName": "Department",
    "InversionTime": 0.9,
    "MRAcquisitionType": "3D",
    "MagneticFieldStrength": 3,
    "Manufacturer": "Siemens",
    "ManufacturersModelName": "Skyra",
    "Modality": "MR",
    "ParallelReductionFactorInPlane": 3,
    "PartialFourier": 1,
    "PatientPosition": "HFS",
    "PercentPhaseFOV": 93.75,
    "PercentSampling": 100,
    "PhaseEncodingSteps": 238,
    "PhaseResolution": 1,
    "PixelBandwidth": 230,
    "ProcedureStepDescription": "MR Scan",
    "ProtocolName": "t1_mprage_sag_p3_iso_1",
    "PulseSequenceDetails": "%SiemensSeq%\\tfl",
    "ReceiveCoilActiveElements": "HEA;HEP",
    "ReceiveCoilName": "Head_32",
    "ReconMatrixPE": 240,
    "RefLinesPE": 32,
    "RepetitionTime": 2.3,
    "SAR": 0.0807589,
    "ScanOptions": "IR",
    "ScanningSequence": "GR\\IR",
    "SequenceName": "*tfl3d1_16ns",
    "SequenceVariant": "SK\\SP\\MP",
    "SeriesDescription": "t1_mprage_sag_p3_iso_1",
    "SeriesNumber": 2,
    "ShimSetting": [
      -4121,
      15461,
      -15515,
      -92,
      142,
      -177,
      -175,
      57
    ],
    "SliceThickness": 1,
    "SoftwareVersions": "syngo MR E11",
    "StationName": "AWP45193",
    "TxRefAmp": 367.129,
    "dataset": "<unset>",
    "modality": "T1w",
    "run_id": 1,
    "session_id": "02",
    "subject_id": "PC208"
  },
  "cjv": 0.381803092746778,
  "cnr": 3.5315097529228305,
  "efc": 0.5129488495584833,
  "fber": 14506.24175229854,
  "fwhm_avg": 3.7994133333333333,
  "fwhm_x": 3.76228,
  "fwhm_y": 3.84416,
  "fwhm_z": 3.7918,
  "icvs_csf": 0.18222392660527628,
  "icvs_gm": 0.4346775736768747,
  "icvs_wm": 0.38309849971784904,
  "inu_med": 0.4807705283164978,
  "inu_range": 0.13070320487022402,
  "provenance": {
    "md5sum": "c781788de9936f1d04667f2fd7c5525b",
    "settings": {
      "testing": false
    },
    "software": "mriqc",
    "version": "22.0.6",
    "warnings": {
      "large_rot_frame": true,
      "small_air_mask": false
    },
    "webapi_port": null,
    "webapi_url": "https://mriqc.nimh.nih.gov/api/v1"
  },
  "qi_1": 0.04754531318898095,
  "qi_2": 0.015436354024655879,
  "rpve_csf": 28.036202492897253,
  "rpve_gm": 12.783952013740482,
  "rpve_wm": 16.46393758073335,
  "size_x": 192,
  "size_y": 240,
  "size_z": 256,
  "snr_csf": 1.902515806496878,
  "snr_gm": 11.550077099845858,
  "snr_total": 11.674706372493645,
  "snr_wm": 21.5715262111382,
  "snrd_csf": 8.141221650404844,
  "snrd_gm": 22.606830167557238,
  "snrd_total": 20.762467584147558,
  "snrd_wm": 31.539350934480588,
  "spacing_x": 1.0,
  "spacing_y": 1.0,
  "spacing_z": 1.0,
  "summary_bg_k": 11512.486949154478,
  "summary_bg_mad": 0.0,
  "summary_bg_mean": 3.3663979168417186,
  "summary_bg_median": 0.0,
  "summary_bg_n": 2457254.0,
  "summary_bg_p05": 0.0,
  "summary_bg_p95": 17.234811827540398,
  "summary_bg_stdv": 20.773020028076967,
  "summary_csf_k": 16.025523201586275,
  "summary_csf_mad": 103.05652090197638,
  "summary_csf_mean": 277.47616166215676,
  "summary_csf_median": 258.1412975937128,
  "summary_csf_n": 27772.0,
  "summary_csf_p05": 97.41001380980015,
  "summary_csf_p95": 507.2105139892547,
  "summary_csf_stdv": 135.6817373923146,
  "summary_gm_k": -0.069222043653824,
  "summary_gm_mad": 63.175059046074566,
  "summary_gm_mean": 717.9378061950658,
  "summary_gm_median": 716.8158200979233,
  "summary_gm_n": 35825.0,
  "summary_gm_p05": 618.5583486899734,
  "summary_gm_p95": 821.8339083001016,
  "summary_gm_stdv": 62.060695303051865,
  "summary_wm_k": 0.3051338725348929,
  "summary_wm_mad": 44.9637012428486,
  "summary_wm_mean": 1000.9530038282069,
  "summary_wm_median": 1000.0475757941604,
  "summary_wm_n": 224461.0,
  "summary_wm_p05": 926.5377706512809,
  "summary_wm_p95": 1078.3183786794543,
  "summary_wm_stdv": 46.359508286014446,
  "tpm_overlap_csf": 0.15893910669646225,
  "tpm_overlap_gm": 0.4608018024280147,
  "tpm_overlap_wm": 0.5172396906617094,
  "wm2max": 0.36594076655052266
}