{
  "bids_meta": {
    "AcquisitionMatrixPE": 240,
    "AcquisitionNumber": 1,
    "AcquisitionTime": "14:19:48.310000",
    "BaseResolution": 256,
    "BodyPartExamined": "BRAIN",
    "ConsistencyInfo": "N4_VE11C_LATEST_20160120",
    "ConversionSoftware": "dcm2niix",
    "ConversionSoftwareVersion": "v1.0.20210317",
    "DeviceSerialNumber": "45193",
    "DwellTime": 8.5e-06,
    "EchoTime": 0.00207,
    "FlipAngle": 9,
    "ImageOrientationPatientDICOM": [
      -0.0330463,
      0.999454,
      -1.32808e-08,
      -0.00869047,
      -0.000287358,
      -0.999962
    ],
    "ImageType": [
      "ORIGINAL",
      "PRIMARY",
      "M",
      "ND",
      "NORM"
    ],
    "ImagingFrequency": 123.252,
    "InPlanePhaseEncodingDirectionDICOM": "ROW",
    "InstitutionAddress": "Blackburn Road 770,Clayton,Victoria,AU,3800",
    "InstitutionName": "Monash Biomedical Imaging",
    "InstitutionalDepartmentName": "Department",
    "InversionTime": 0.9,
    "MRAcquisitionType": "3D",
    "MagneticFieldStrength": 3,
    "Manufacturer": "Siemens",
    "ManufacturersModelName": "Skyra",
    "Modality": "MR",
    "ParallelReductionFactorInPlane": 3,
    "PartialFourier": 1,
    "PatientPosition": "HFS",
    "PercentPhaseFOV": 93.75,
    "PercentSampling": 100,
    "PhaseEncodingSteps": 238,
    "PhaseResolution": 1,
    "PixelBandwidth": 230,
    "ProcedureStepDescription": "MR Scan",
    "ProtocolName": "t1_mprage_sag_p3_iso_1",
    "PulseSequenceDetails": "%SiemensSeq%\\tfl",
    "ReceiveCoilActiveElements": "HEA;HEP",
    "ReceiveCoilName": "Head_32",
    "ReconMatrixPE": 240,
    "RefLinesPE": 32,
    "RepetitionTime": 2.3,
    "SAR": 0.0841839,
    "ScanOptions": "IR",
    "ScanningSequence": "GR\\IR",
    "SequenceName": "*tfl3d1_16ns",
    "SequenceVariant": "SK\\SP\\MP",
    "SeriesDescription": "t1_mprage_sag_p3_iso_1",
    "SeriesNumber": 2,
    "ShimSetting": [
      -4121,
      15461,
      -15515,
      -92,
      142,
      -177,
      -175,
      57
    ],
    "SliceThickness": 1,
    "SoftwareVersions": "syngo MR E11",
    "StationName": "AWP45193",
    "TxRefAmp": 352.504,
    "dataset": "<unset>",
    "modality": "T1w",
    "run_id": 1,
    "session_id": "02",
    "subject_id": "PC227"
  },
  "cjv": 0.38969267685239645,
  "cnr": 3.528716625456926,
  "efc": 0.5185207813897443,
  "fber": 15567.2409765625,
  "fwhm_avg": 3.954836666666667,
  "fwhm_x": 3.95399,
  "fwhm_y": 4.00283,
  "fwhm_z": 3.90769,
  "icvs_csf": 0.21161887400524823,
  "icvs_gm": 0.42085363836269213,
  "icvs_wm": 0.3675274876320596,
  "inu_med": 0.54961758852005,
  "inu_range": 0.1833303987979889,
  "provenance": {
    "md5sum": "c203f3af01ef41308c738bc3b4d15cb5",
    "settings": {
      "testing": false
    },
    "software": "mriqc",
    "version": "22.0.6",
    "warnings": {
      "large_rot_frame": true,
      "small_air_mask": false
    },
    "webapi_port": null,
    "webapi_url": "https://mriqc.nimh.nih.gov/api/v1"
  },
  "qi_1": 0.03383899898613447,
  "qi_2": 0.031087312831938094,
  "rpve_csf": 25.548203998090543,
  "rpve_gm": 13.12941408784451,
  "rpve_wm": 17.138221579549747,
  "size_x": 192,
  "size_y": 240,
  "size_z": 256,
  "snr_csf": 2.245059072267969,
  "snr_gm": 11.839763214168434,
  "snr_total": 11.314730754371515,
  "snr_wm": 19.859369976678142,
  "snrd_csf": 22.441226460561555,
  "snrd_gm": 64.15125995258157,
  "snrd_total": 58.55731145492325,
  "snrd_wm": 89.07944795162663,
  "spacing_x": 1.0,
  "spacing_y": 1.0,
  "spacing_z": 1.0,
  "summary_bg_k": 126.2366847090266,
  "summary_bg_mad": 0.0,
  "summary_bg_mean": 3.1069829015053294,
  "summary_bg_median": 0.0,
  "summary_bg_n": 3128324.0,
  "summary_bg_p05": 0.0,
  "summary_bg_p95": 15.674984749406576,
  "summary_bg_stdv": 7.354910426651604,
  "summary_csf_k": 7.815376742041048,
  "summary_csf_mad": 96.01554597220013,
  "summary_csf_mean": 264.5712697296644,
  "summary_csf_median": 251.9371698498726,
  "summary_csf_n": 43339.0,
  "summary_csf_p05": 102.7902231220156,
  "summary_csf_p95": 466.16551584340624,
  "summary_csf_stdv": 112.21720905158566,
  "summary_gm_k": 0.03550565294807129,
  "summary_gm_mad": 61.024150513615666,
  "summary_gm_mean": 719.3327885458762,
  "summary_gm_median": 720.196238078177,
  "summary_gm_n": 21862.0,
  "summary_gm_p05": 617.6530470287428,
  "summary_gm_p95": 817.3722574787215,
  "summary_gm_stdv": 60.82721026134737,
  "summary_wm_k": 0.5569462723612344,
  "summary_wm_mad": 48.034121928463456,
  "summary_wm_mean": 1001.3068332353688,
  "summary_wm_median": 1000.053363757208,
  "summary_wm_n": 197470.0,
  "summary_wm_p05": 921.1079558713362,
  "summary_wm_p95": 1085.1994543857872,
  "summary_wm_stdv": 50.356624241509756,
  "tpm_overlap_csf": 0.15345882828664506,
  "tpm_overlap_gm": 0.44413866966901216,
  "tpm_overlap_wm": 0.4992017675907254,
  "wm2max": 0.4926113980565526
}