{
  "aor": 0.0004498387096774193,
  "aqi": 0.007573014139784945,
  "bids_meta": {
    "AcquisitionMatrixPE": 64,
    "AcquisitionNumber": 1,
    "AcquisitionTime": "14:40:40.610000",
    "BandwidthPerPixelPhaseEncode": 62.5,
    "BaseResolution": 64,
    "BodyPartExamined": "BRAIN",
    "ConsistencyInfo": "N4_VE11C_LATEST_20160120",
    "ConversionSoftware": "dcm2niix",
    "ConversionSoftwareVersion": "v1.0.20210317",
    "DerivedVendorReportedEchoSpacing": 0.0005,
    "DeviceSerialNumber": "45193",
    "DwellTime": 3.1e-06,
    "EchoNumber": 2,
    "EchoTime": 0.02923,
    "EchoTrainLength": 31,
    "EffectiveEchoSpacing": 0.00025,
    "FlipAngle": 56,
    "ImageComments": "Unaliased MB4/PE4/LB",
    "ImageOrientationPatientDICOM": [
      0.999848,
      -0.00195527,
      -0.0173178,
      4.5218e-11,
      0.993686,
      -0.112192
    ],
    "ImageType": [
      "ORIGINAL",
      "PRIMARY",
      "M",
      "MB",
      "TE2",
      "ND",
      "NORM",
      "MOSAIC"
    ],
    "ImagingFrequency": 123.247,
    "InPlanePhaseEncodingDirectionDICOM": "ROW",
    "InstitutionAddress": "Blackburn Road 770,Clayton,Victoria,AU,3800",
    "InstitutionName": "Monash Biomedical Imaging",
    "InstitutionalDepartmentName": "Department",
    "MRAcquisitionType": "2D",
    "MagneticFieldStrength": 3,
    "Manufacturer": "Siemens",
    "ManufacturersModelName": "Skyra",
    "Modality": "MR",
    "MultibandAccelerationFactor": 4,
    "ParallelReductionFactorInPlane": 2,
    "PartialFourier": 1,
    "PatientPosition": "HFS",
    "PercentPhaseFOV": 100,
    "PercentSampling": 100,
    "PhaseEncodingDirection": "i",
    "PhaseEncodingSteps": 63,
    "PhaseResolution": 1,
    "PixelBandwidth": 2520,
    "ProcedureStepDescription": "MR Scan",
    "ProtocolName": "Movie_R-L_mmb_4_4_cmrr_mbep2d_bold_TE_12.6_29.23_45.86_62.49",
    "PulseSequenceDetails": "%CustomerSeq%\\cmrr_mbep2d_bold",
    "ReceiveCoilActiveElements": "HEA;HEP",
    "ReceiveCoilName": "Head_32",
    "ReconMatrixPE": 64,
    "RefLinesPE": 24,
    "RepetitionTime": 0.91,
    "SAR": 0.0979749,
    "ScanOptions": "FS",
    "ScanningSequence": "EP",
    "SequenceName": "epfid2d4_64",
    "SequenceVariant": "SK\\SS",
    "SeriesDescription": "Movie_R-L_mmb_4_4_cmrr_mbep2d_bold_TE_12.6_29.23_45.86_62.49",
    "SeriesNumber": 13,
    "ShimSetting": [
      -4069,
      15257,
      -15203,
      366,
      509,
      -21,
      -68,
      99
    ],
    "SliceThickness": 3.2,
    "SliceTiming": [
      0,
      0.625,
      0.3575,
      0.09,
      0.7125,
      0.445,
      0.18,
      0.8025,
      0.535,
      0.2675,
      0,
      0.625,
      0.3575,
      0.09,
      0.7125,
      0.445,
      0.18,
      0.8025,
      0.535,
      0.2675,
      0,
      0.625,
      0.3575,
      0.09,
      0.7125,
      0.445,
      0.18,
      0.8025,
      0.535,
      0.2675,
      0,
      0.625,
      0.3575,
      0.09,
      0.7125,
      0.445,
      0.18,
      0.8025,
      0.535,
      0.2675
    ],
    "SoftwareVersions": "syngo MR E11",
    "SpacingBetweenSlices": 3.2,
    "StationName": "AWP45193",
    "TaskName": "movie",
    "TotalReadoutTime": 0.01575,
    "TxRefAmp": 348.355,
    "WipMemBlock": "a725b80f-ee37-4f4f-9a2a-9321902ca2d6||Sequence: R016 ve11c/master r/e634e98; Dec 19 2017 11:00:25 by eja",
    "dataset": "<unset>",
    "modality": "bold",
    "run_id": 1,
    "session_id": "01",
    "subject_id": "PC028",
    "task_id": "movie"
  },
  "dummy_trs": 0,
  "dvars_nstd": 27.411296540970362,
  "dvars_std": 1.1252025939892187,
  "dvars_vstd": 1.0006836493530997,
  "efc": 0.47678512429731557,
  "fber": 5196.4833984375,
  "fd_mean": 0.08747894231253513,
  "fd_num": 6,
  "fd_perc": 1.6129032258064515,
  "fwhm_avg": 1.8781298429946045,
  "fwhm_x": 1.8829514563106795,
  "fwhm_y": 1.8686974757281554,
  "fwhm_z": 1.8827405969449789,
  "gcor": 0.0131795,
  "gsr_x": 0.012836184352636337,
  "gsr_y": 0.012135498225688934,
  "provenance": {
    "md5sum": "48f266916394ac9e27f4bf490ab4199f",
    "settings": {
      "fd_thres": 0.2,
      "testing": false
    },
    "software": "mriqc",
    "version": "22.0.6",
    "webapi_port": null,
    "webapi_url": "https://mriqc.nimh.nih.gov/api/v1"
  },
  "size_t": 372,
  "size_x": 64,
  "size_y": 64,
  "size_z": 40,
  "snr": 5.878694080649575,
  "spacing_tr": 0.9100000262260437,
  "spacing_x": 3.21875,
  "spacing_y": 3.21875,
  "spacing_z": 3.200000047683716,
  "summary_bg_k": 81.50807438837063,
  "summary_bg_mad": 67.99045890902269,
  "summary_bg_mean": 176.55218505859375,
  "summary_bg_median": 71.76075744628906,
  "summary_bg_n": 103608.0,
  "summary_bg_p05": 17.626344680786133,
  "summary_bg_p95": 672.1990661621085,
  "summary_bg_stdv": 326.2408447265625,
  "summary_fg_k": 1.1961176272820584,
  "summary_fg_mad": 817.2942459638839,
  "summary_fg_mean": 5147.087890625,
  "summary_fg_median": 5056.671875,
  "summary_fg_n": 27104.0,
  "summary_fg_p05": 3920.5248779296876,
  "summary_fg_p95": 6669.808203124999,
  "summary_fg_stdv": 860.1533813476562,
  "tsnr": 54.65063299052417
}