{
  "bids_meta": {
    "AcquisitionMatrixPE": 240,
    "AcquisitionNumber": 1,
    "AcquisitionTime": "13:03:40.617500",
    "BaseResolution": 256,
    "BodyPartExamined": "BRAIN",
    "ConsistencyInfo": "N4_VE11C_LATEST_20160120",
    "ConversionSoftware": "dcm2niix",
    "ConversionSoftwareVersion": "v1.0.20210317",
    "DeviceSerialNumber": "45193",
    "DwellTime": 8.5e-06,
    "EchoTime": 0.00207,
    "FlipAngle": 9,
    "ImageOrientationPatientDICOM": [
      -0.0435103,
      0.999053,
      -4.42542e-09,
      -0.019148,
      -0.000833927,
      -0.999816
    ],
    "ImageType": [
      "ORIGINAL",
      "PRIMARY",
      "M",
      "ND",
      "NORM"
    ],
    "ImagingFrequency": 123.247,
    "InPlanePhaseEncodingDirectionDICOM": "ROW",
    "InstitutionAddress": "Blackburn Road 770,Clayton,Victoria,AU,3800",
    "InstitutionName": "Monash Biomedical Imaging",
    "InstitutionalDepartmentName": "Department",
    "InversionTime": 0.9,
    "MRAcquisitionType": "3D",
    "MagneticFieldStrength": 3,
    "Manufacturer": "Siemens",
    "ManufacturersModelName": "Skyra",
    "Modality": "MR",
    "ParallelReductionFactorInPlane": 3,
    "PartialFourier": 1,
    "PatientPosition": "HFS",
    "PercentPhaseFOV": 93.75,
    "PercentSampling": 100,
    "PhaseEncodingSteps": 238,
    "PhaseResolution": 1,
    "PixelBandwidth": 230,
    "ProcedureStepDescription": "MR Scan",
    "ProtocolName": "t1_mprage_sag_p3_iso_1",
    "PulseSequenceDetails": "%SiemensSeq%\\tfl",
    "ReceiveCoilActiveElements": "HEA;HEP",
    "ReceiveCoilName": "Head_32",
    "ReconMatrixPE": 240,
    "RefLinesPE": 32,
    "RepetitionTime": 2.3,
    "SAR": 0.0854811,
    "ScanOptions": "IR",
    "ScanningSequence": "GR\\IR",
    "SequenceName": "*tfl3d1_16ns",
    "SequenceVariant": "SK\\SP\\MP",
    "SeriesDescription": "t1_mprage_sag_p3_iso_1",
    "SeriesNumber": 2,
    "ShimSetting": [
      -4085,
      15379,
      -15541,
      -112,
      159,
      -108,
      -206,
      160
    ],
    "SliceThickness": 1,
    "SoftwareVersions": "syngo MR E11",
    "StationName": "AWP45193",
    "TxRefAmp": 362.279,
    "dataset": "<unset>",
    "modality": "T1w",
    "run_id": 1,
    "session_id": "02",
    "subject_id": "PC005"
  },
  "cjv": 0.3637828015086738,
  "cnr": 3.7711596467975883,
  "efc": 0.4867033465269057,
  "fber": -1.0,
  "fwhm_avg": 4.0488566666666665,
  "fwhm_x": 4.11452,
  "fwhm_y": 4.05999,
  "fwhm_z": 3.97206,
  "icvs_csf": 0.24424088240266398,
  "icvs_gm": 0.4227663225436226,
  "icvs_wm": 0.3329927950537134,
  "inu_med": 0.5150073766708374,
  "inu_range": 0.14211793690919883,
  "provenance": {
    "md5sum": "034bcaa204ea25d618715664d9a098a3",
    "settings": {
      "testing": false
    },
    "software": "mriqc",
    "version": "22.0.6",
    "warnings": {
      "large_rot_frame": true,
      "small_air_mask": false
    },
    "webapi_port": null,
    "webapi_url": "https://mriqc.nimh.nih.gov/api/v1"
  },
  "qi_1": 0.04463753254129855,
  "qi_2": 0.013748903604639482,
  "rpve_csf": 23.910848554328446,
  "rpve_gm": 13.993939503104098,
  "rpve_wm": 20.272944454816383,
  "size_x": 192,
  "size_y": 240,
  "size_z": 256,
  "snr_csf": 2.069191551634476,
  "snr_gm": 11.318193520377253,
  "snr_total": 12.256937641866429,
  "snr_wm": 23.38342785358756,
  "snrd_csf": 31.201395598450468,
  "snrd_gm": 87.29660925419711,
  "snrd_total": 80.3490369206872,
  "snrd_wm": 122.54910590941404,
  "spacing_x": 1.0,
  "spacing_y": 1.0,
  "spacing_z": 1.0,
  "summary_bg_k": 195.50283270731185,
  "summary_bg_mad": 0.0,
  "summary_bg_mean": 1.4269723813612594,
  "summary_bg_median": 0.0,
  "summary_bg_n": 2755167.0,
  "summary_bg_p05": 0.0,
  "summary_bg_p95": 11.791310034692287,
  "summary_bg_stdv": 5.346197122705793,
  "summary_csf_k": 7.818046800936127,
  "summary_csf_mad": 107.12605334690743,
  "summary_csf_mean": 267.10283564586854,
  "summary_csf_median": 254.6169185116887,
  "summary_csf_n": 55995.0,
  "summary_csf_p05": 77.04732721298933,
  "summary_csf_p95": 485.65121695399284,
  "summary_csf_stdv": 123.05030181090488,
  "summary_gm_k": -0.009462227590455008,
  "summary_gm_mad": 63.221933122765044,
  "summary_gm_mean": 711.7556993217004,
  "summary_gm_median": 712.3781875297427,
  "summary_gm_n": 39147.0,
  "summary_gm_p05": 606.3263912953437,
  "summary_gm_p95": 813.8157587870955,
  "summary_gm_stdv": 62.940175694179594,
  "summary_wm_k": 0.31190787517682184,
  "summary_wm_mad": 41.429524356963455,
  "summary_wm_mean": 1000.8699562932998,
  "summary_wm_median": 1000.0538474172354,
  "summary_wm_n": 180005.0,
  "summary_wm_p05": 932.2672751173377,
  "summary_wm_p95": 1072.309272378683,
  "summary_wm_stdv": 42.767513635078735,
  "tpm_overlap_csf": 0.156989871596804,
  "tpm_overlap_gm": 0.4763694216835321,
  "tpm_overlap_wm": 0.5319734539648476,
  "wm2max": 0.3713240439015613
}