{
  "aor": 0.0004950206327372766,
  "aqi": 0.011074193975240712,
  "bids_meta": {
    "AcquisitionMatrixPE": 64,
    "AcquisitionNumber": 1,
    "AcquisitionTime": "15:44:35.407500",
    "BandwidthPerPixelPhaseEncode": 62.5,
    "BaseResolution": 64,
    "BodyPartExamined": "BRAIN",
    "ConsistencyInfo": "N4_VE11C_LATEST_20160120",
    "ConversionSoftware": "dcm2niix",
    "ConversionSoftwareVersion": "v1.0.20210317",
    "DerivedVendorReportedEchoSpacing": 0.0005,
    "DeviceSerialNumber": "45193",
    "DwellTime": 3.1e-06,
    "EchoNumber": 3,
    "EchoTime": 0.04586,
    "EchoTrainLength": 31,
    "EffectiveEchoSpacing": 0.00025,
    "FlipAngle": 56,
    "ImageComments": "Unaliased MB4/PE4/LB",
    "ImageOrientationPatientDICOM": [
      0.99915,
      -7.33935e-05,
      0.0412333,
      -3.86e-12,
      0.999998,
      0.00177995
    ],
    "ImageType": [
      "ORIGINAL",
      "PRIMARY",
      "M",
      "MB",
      "TE3",
      "ND",
      "NORM",
      "MOSAIC"
    ],
    "ImagingFrequency": 123.252,
    "InPlanePhaseEncodingDirectionDICOM": "ROW",
    "InstitutionAddress": "Blackburn Road 770,Clayton,Victoria,AU,3800",
    "InstitutionName": "Monash Biomedical Imaging",
    "InstitutionalDepartmentName": "Department",
    "MRAcquisitionType": "2D",
    "MagneticFieldStrength": 3,
    "Manufacturer": "Siemens",
    "ManufacturersModelName": "Skyra",
    "Modality": "MR",
    "MultibandAccelerationFactor": 4,
    "ParallelReductionFactorInPlane": 2,
    "PartialFourier": 1,
    "PatientPosition": "HFS",
    "PercentPhaseFOV": 100,
    "PercentSampling": 100,
    "PhaseEncodingDirection": "i",
    "PhaseEncodingSteps": 63,
    "PhaseResolution": 1,
    "PixelBandwidth": 2520,
    "ProcedureStepDescription": "MR Scan",
    "ProtocolName": "Music_R-L_mmb_4_4_cmrr_mbep2d_bold_TE_12.6_29.23_45.86_62.49",
    "PulseSequenceDetails": "%CustomerSeq%\\cmrr_mbep2d_bold",
    "ReceiveCoilActiveElements": "HEA;HEP",
    "ReceiveCoilName": "Head_32",
    "ReconMatrixPE": 64,
    "RefLinesPE": 24,
    "RepetitionTime": 0.91,
    "SAR": 0.0962869,
    "ScanOptions": "FS",
    "ScanningSequence": "EP",
    "SequenceName": "epfid2d4_64",
    "SequenceVariant": "SK\\SS",
    "SeriesDescription": "Music_R-L_mmb_4_4_cmrr_mbep2d_bold_TE_12.6_29.23_45.86_62.49",
    "SeriesNumber": 12,
    "ShimSetting": [
      -4073,
      15410,
      -15044,
      458,
      358,
      85,
      -127,
      57
    ],
    "SliceThickness": 3.2,
    "SliceTiming": [
      0,
      0.6225,
      0.355,
      0.0875,
      0.71,
      0.445,
      0.1775,
      0.8,
      0.5325,
      0.265,
      0,
      0.6225,
      0.355,
      0.0875,
      0.71,
      0.445,
      0.1775,
      0.8,
      0.5325,
      0.265,
      0,
      0.6225,
      0.355,
      0.0875,
      0.71,
      0.445,
      0.1775,
      0.8,
      0.5325,
      0.265,
      0,
      0.6225,
      0.355,
      0.0875,
      0.71,
      0.445,
      0.1775,
      0.8,
      0.5325,
      0.265
    ],
    "SoftwareVersions": "syngo MR E11",
    "SpacingBetweenSlices": 3.2,
    "StationName": "AWP45193",
    "TaskName": "music",
    "TotalReadoutTime": 0.01575,
    "TxRefAmp": 357.493,
    "WipMemBlock": "8aa8324b-7946-4c47-8e91-4d5f53a71558||Sequence: R016 ve11c/master r/e634e98; Dec 19 2017 11:00:25 by eja",
    "dataset": "<unset>",
    "modality": "bold",
    "run_id": 1,
    "session_id": "01",
    "subject_id": "PC224",
    "task_id": "music"
  },
  "dummy_trs": 1,
  "dvars_nstd": 39.48426511464186,
  "dvars_std": 1.1458197345867773,
  "dvars_vstd": 1.002409394683195,
  "efc": 0.44899273480411106,
  "fber": 3815.9384765625,
  "fd_mean": 0.06523345209390258,
  "fd_num": 7,
  "fd_perc": 0.9628610729023384,
  "fwhm_avg": 1.6352103558336648,
  "fwhm_x": 1.5512077669902915,
  "fwhm_y": 1.6946858252427184,
  "fwhm_z": 1.6597374752679843,
  "gcor": 0.0172776,
  "gsr_x": -0.013187427073717117,
  "gsr_y": 0.02376067452132702,
  "provenance": {
    "md5sum": "cb62973e03b8118923167a82e4f21115",
    "settings": {
      "fd_thres": 0.2,
      "testing": false
    },
    "software": "mriqc",
    "version": "22.0.6",
    "webapi_port": null,
    "webapi_url": "https://mriqc.nimh.nih.gov/api/v1"
  },
  "size_t": 727,
  "size_x": 64,
  "size_y": 64,
  "size_z": 40,
  "snr": 3.7429616747745706,
  "spacing_tr": 0.9100000262260437,
  "spacing_x": 3.21875,
  "spacing_y": 3.21875,
  "spacing_z": 3.200000047683716,
  "summary_bg_k": 290.0760625909816,
  "summary_bg_mad": 29.793778504392662,
  "summary_bg_mean": 84.63453674316406,
  "summary_bg_median": 43.890647888183594,
  "summary_bg_n": 106536.0,
  "summary_bg_p05": 16.93225622177124,
  "summary_bg_p95": 256.7830047607422,
  "summary_bg_stdv": 186.24900817871094,
  "summary_fg_k": 4.7099807772651605,
  "summary_fg_mad": 554.1504503507522,
  "summary_fg_mean": 2797.06005859375,
  "summary_fg_median": 2679.47314453125,
  "summary_fg_n": 25121.0,
  "summary_fg_p05": 1942.5020751953125,
  "summary_fg_p95": 4026.928466796875,
  "summary_fg_stdv": 715.8555297851562,
  "tsnr": 37.46029926487245
}