{
  "bids_meta": {
    "AcquisitionMatrixPE": 256,
    "AcquisitionNumber": 1,
    "AcquisitionTime": "15:21:10.247500",
    "BaseResolution": 256,
    "BodyPartExamined": "BRAIN",
    "ConsistencyInfo": "N4_VE11C_LATEST_20160120",
    "ConversionSoftware": "dcm2niix",
    "ConversionSoftwareVersion": "v1.0.20210317",
    "DeviceSerialNumber": "45193",
    "DwellTime": 2.8e-06,
    "EchoTime": 0.452,
    "EchoTrainLength": 270,
    "FlipAngle": 120,
    "ImageOrientationPatientDICOM": [
      -0.0226867,
      0.999743,
      1.1624e-08,
      -0.0156909,
      -0.000356056,
      -0.999877
    ],
    "ImageType": [
      "ORIGINAL",
      "PRIMARY",
      "M",
      "ND",
      "NORM"
    ],
    "ImagingFrequency": 123.252,
    "InPlanePhaseEncodingDirectionDICOM": "ROW",
    "InstitutionAddress": "Blackburn Road 770,Clayton,Victoria,AU,3800",
    "InstitutionName": "Monash Biomedical Imaging",
    "InstitutionalDepartmentName": "Department",
    "MRAcquisitionType": "3D",
    "MagneticFieldStrength": 3,
    "Manufacturer": "Siemens",
    "ManufacturersModelName": "Skyra",
    "Modality": "MR",
    "ParallelReductionFactorInPlane": 2,
    "PartialFourier": 1,
    "PatientPosition": "HFS",
    "PercentPhaseFOV": 100,
    "PercentSampling": 100,
    "PhaseEncodingDirection": "i",
    "PhaseEncodingSteps": 245,
    "PhaseResolution": 1,
    "PixelBandwidth": 700,
    "ProcedureStepDescription": "MR Scan",
    "ProtocolName": "t2_space_sag_p2_iso",
    "PulseSequenceDetails": "%SiemensSeq%\\tse_vfl",
    "ReceiveCoilActiveElements": "HEA;HEP",
    "ReceiveCoilName": "Head_32",
    "ReconMatrixPE": 256,
    "RefLinesPE": 24,
    "RepetitionTime": 3.2,
    "SAR": 0.240548,
    "ScanOptions": "PFP",
    "ScanningSequence": "SE",
    "SequenceName": "*spcR_282ns",
    "SequenceVariant": "SK\\SP",
    "SeriesDescription": "t2_space_sag_p2_iso",
    "SeriesNumber": 4,
    "ShimSetting": [
      -4121,
      15461,
      -15515,
      -92,
      142,
      -177,
      -175,
      57
    ],
    "SliceThickness": 1,
    "SoftwareVersions": "syngo MR E11",
    "StationName": "AWP45193",
    "TxRefAmp": 383.611,
    "dataset": "<unset>",
    "modality": "T2w",
    "run_id": 1,
    "session_id": "01",
    "subject_id": "PC230"
  },
  "cjv": 0.11642844992350726,
  "cnr": 3.5404804582982767,
  "efc": 0.5037525870547382,
  "fber": 2549.0063093013664,
  "fwhm_avg": 2.7261,
  "fwhm_x": 2.7458,
  "fwhm_y": 2.89804,
  "fwhm_z": 2.53446,
  "icvs_csf": 0.19547338924438973,
  "icvs_gm": 0.10988892983913577,
  "icvs_wm": 0.6946376809164745,
  "inu_med": 0.919796347618103,
  "inu_range": 0.1562088012695313,
  "provenance": {
    "md5sum": "5774b9808002f90756bc54f55c9d4d89",
    "settings": {
      "testing": false
    },
    "software": "mriqc",
    "version": "22.0.6",
    "warnings": {
      "large_rot_frame": true,
      "small_air_mask": false
    },
    "webapi_port": null,
    "webapi_url": "https://mriqc.nimh.nih.gov/api/v1"
  },
  "qi_1": 0.022636304934268995,
  "qi_2": 0.014224468778762432,
  "rpve_csf": 19.598556500465783,
  "rpve_gm": 54.4429186618703,
  "rpve_wm": 8.988383851111685,
  "size_x": 176,
  "size_y": 256,
  "size_z": 256,
  "snr_csf": 3.5844140453795266,
  "snr_gm": 4.3334405418472555,
  "snr_total": 5.017296081317681,
  "snr_wm": 7.13403365672626,
  "snrd_csf": 44.11811687767311,
  "snrd_gm": 88.77671512953823,
  "snrd_total": 49.560779455320926,
  "snrd_wm": 15.787506358751424,
  "spacing_x": 1.0,
  "spacing_y": 1.0,
  "spacing_z": 1.0,
  "summary_bg_k": 2319.5001303564222,
  "summary_bg_mad": 0.0,
  "summary_bg_mean": 5.549494365167657,
  "summary_bg_median": 0.0,
  "summary_bg_n": 910721.0,
  "summary_bg_p05": 0.0,
  "summary_bg_p95": 20.543343275785446,
  "summary_bg_stdv": 41.54096335137052,
  "summary_csf_k": -0.03949032198015345,
  "summary_csf_mad": 787.628006326448,
  "summary_csf_mean": 2837.14889346531,
  "summary_csf_median": 2797.4465719610453,
  "summary_csf_n": 1720.0,
  "summary_csf_p05": 1608.4477815628052,
  "summary_csf_p95": 4192.325180847198,
  "summary_csf_stdv": 780.2204787473079,
  "summary_gm_k": 5.354986478862841,
  "summary_gm_mad": 409.4697821108043,
  "summary_gm_mean": 4988.898281827187,
  "summary_gm_median": 5629.164048358798,
  "summary_gm_n": 25736.0,
  "summary_gm_p05": 2894.9554548226297,
  "summary_gm_p95": 5960.857444871217,
  "summary_gm_stdv": 1298.9804819799742,
  "summary_wm_k": 0.5861416960593226,
  "summary_wm_mad": 129.37366421227708,
  "summary_wm_mean": 1010.4459779144934,
  "summary_wm_median": 1001.0559985041618,
  "summary_wm_n": 408646.0,
  "summary_wm_p05": 794.2786087095737,
  "summary_wm_p95": 1257.2718078643084,
  "summary_wm_stdv": 140.32100517420506,
  "tpm_overlap_csf": 0.13621184076381312,
  "tpm_overlap_gm": 0.0712555960837221,
  "tpm_overlap_wm": 0.4231272260499934,
  "wm2max": 0.17085885699307432
}