{
  "aor": 0.00029809139784946236,
  "aqi": 0.012519386720430108,
  "bids_meta": {
    "AcquisitionMatrixPE": 64,
    "AcquisitionNumber": 1,
    "AcquisitionTime": "10:47:52.080000",
    "BandwidthPerPixelPhaseEncode": 62.5,
    "BaseResolution": 64,
    "BodyPartExamined": "BRAIN",
    "ConsistencyInfo": "N4_VE11C_LATEST_20160120",
    "ConversionSoftware": "dcm2niix",
    "ConversionSoftwareVersion": "v1.0.20210317",
    "DerivedVendorReportedEchoSpacing": 0.0005,
    "DeviceSerialNumber": "45193",
    "DwellTime": 3.1e-06,
    "EchoNumber": 3,
    "EchoTime": 0.04586,
    "EchoTrainLength": 31,
    "EffectiveEchoSpacing": 0.00025,
    "FlipAngle": 56,
    "ImageComments": "Unaliased MB4/PE4/LB",
    "ImageOrientationPatientDICOM": [
      0.999971,
      0.00104338,
      0.00752361,
      -3.903e-11,
      0.99052,
      -0.137366
    ],
    "ImageType": [
      "ORIGINAL",
      "PRIMARY",
      "M",
      "MB",
      "TE3",
      "ND",
      "NORM",
      "MOSAIC"
    ],
    "ImagingFrequency": 123.247,
    "InPlanePhaseEncodingDirectionDICOM": "ROW",
    "InstitutionAddress": "Blackburn Road 770,Clayton,Victoria,AU,3800",
    "InstitutionName": "Monash Biomedical Imaging",
    "InstitutionalDepartmentName": "Department",
    "MRAcquisitionType": "2D",
    "MagneticFieldStrength": 3,
    "Manufacturer": "Siemens",
    "ManufacturersModelName": "Skyra",
    "Modality": "MR",
    "MultibandAccelerationFactor": 4,
    "ParallelReductionFactorInPlane": 2,
    "PartialFourier": 1,
    "PatientPosition": "HFS",
    "PercentPhaseFOV": 100,
    "PercentSampling": 100,
    "PhaseEncodingDirection": "i",
    "PhaseEncodingSteps": 63,
    "PhaseResolution": 1,
    "PixelBandwidth": 2520,
    "ProcedureStepDescription": "MR Scan",
    "ProtocolName": "Movie_R-L_mmb_4_4_cmrr_mbep2d_bold_TE_12.6_29.23_45.86_62.49",
    "PulseSequenceDetails": "%CustomerSeq%\\cmrr_mbep2d_bold",
    "ReceiveCoilActiveElements": "HEA;HEP",
    "ReceiveCoilName": "Head_32",
    "ReconMatrixPE": 64,
    "RefLinesPE": 24,
    "RepetitionTime": 0.91,
    "SAR": 0.0949138,
    "ScanOptions": "FS",
    "ScanningSequence": "EP",
    "SequenceName": "epfid2d4_64",
    "SequenceVariant": "SK\\SS",
    "SeriesDescription": "Movie_R-L_mmb_4_4_cmrr_mbep2d_bold_TE_12.6_29.23_45.86_62.49",
    "SeriesNumber": 8,
    "ShimSetting": [
      -4101,
      15308,
      -15361,
      282,
      241,
      123,
      -404,
      10
    ],
    "SliceThickness": 3.2,
    "SliceTiming": [
      0,
      0.625,
      0.3575,
      0.09,
      0.7125,
      0.445,
      0.18,
      0.8025,
      0.535,
      0.2675,
      0,
      0.625,
      0.3575,
      0.09,
      0.7125,
      0.445,
      0.18,
      0.8025,
      0.535,
      0.2675,
      0,
      0.625,
      0.3575,
      0.09,
      0.7125,
      0.445,
      0.18,
      0.8025,
      0.535,
      0.2675,
      0,
      0.625,
      0.3575,
      0.09,
      0.7125,
      0.445,
      0.18,
      0.8025,
      0.535,
      0.2675
    ],
    "SoftwareVersions": "syngo MR E11",
    "SpacingBetweenSlices": 3.2,
    "StationName": "AWP45193",
    "TaskName": "movie",
    "TotalReadoutTime": 0.01575,
    "TxRefAmp": 360.833,
    "WipMemBlock": "104afff8-45d4-4c9e-ba2e-1d697138d875||Sequence: R016 ve11c/master r/e634e98; Dec 19 2017 11:00:25 by eja",
    "dataset": "<unset>",
    "modality": "bold",
    "run_id": 1,
    "session_id": "02",
    "subject_id": "PC028",
    "task_id": "movie"
  },
  "dummy_trs": 0,
  "dvars_nstd": 35.628284135687316,
  "dvars_std": 1.073932891644203,
  "dvars_vstd": 0.994897174420485,
  "efc": 0.4571756517926551,
  "fber": 4012.734130859375,
  "fd_mean": 0.09652644433143254,
  "fd_num": 12,
  "fd_perc": 3.225806451612903,
  "fwhm_avg": 1.7426595566003076,
  "fwhm_x": 1.749446213592233,
  "fwhm_y": 1.769944854368932,
  "fwhm_z": 1.7085876018397572,
  "gcor": 0.0188712,
  "gsr_x": -0.0015503311296924949,
  "gsr_y": 0.008127178996801376,
  "provenance": {
    "md5sum": "764a37fdd82bcffa20d136b26fb47eb4",
    "settings": {
      "fd_thres": 0.2,
      "testing": false
    },
    "software": "mriqc",
    "version": "22.0.6",
    "webapi_port": null,
    "webapi_url": "https://mriqc.nimh.nih.gov/api/v1"
  },
  "size_t": 372,
  "size_x": 64,
  "size_y": 64,
  "size_z": 40,
  "snr": 5.210492574555212,
  "spacing_tr": 0.9100000262260437,
  "spacing_x": 3.21875,
  "spacing_y": 3.21875,
  "spacing_z": 3.1999998092651367,
  "summary_bg_k": 129.93329542596194,
  "summary_bg_mad": 35.39513434010454,
  "summary_bg_mean": 87.781982421875,
  "summary_bg_median": 44.17204284667969,
  "summary_bg_n": 106499.0,
  "summary_bg_p05": 14.908601760864258,
  "summary_bg_p95": 297.33170776367155,
  "summary_bg_stdv": 145.71597290039062,
  "summary_fg_k": 3.873644441146012,
  "summary_fg_mad": 475.1122962658464,
  "summary_fg_mean": 2872.451416015625,
  "summary_fg_median": 2810.75390625,
  "summary_fg_n": 24392.0,
  "summary_fg_p05": 2157.75107421875,
  "summary_fg_p95": 3781.9948974609374,
  "summary_fg_stdv": 539.4300537109375,
  "tsnr": 38.91852539416868
}