{
  "aor": 0.0002554960317460317,
  "aqi": 0.009081521269841271,
  "bids_meta": {
    "AcquisitionMatrixPE": 64,
    "AcquisitionNumber": 1,
    "AcquisitionTime": "10:19:0.197500",
    "BandwidthPerPixelPhaseEncode": 62.5,
    "BaseResolution": 64,
    "BodyPartExamined": "BRAIN",
    "ConsistencyInfo": "N4_VE11C_LATEST_20160120",
    "ConversionSoftware": "dcm2niix",
    "ConversionSoftwareVersion": "v1.0.20210317",
    "DerivedVendorReportedEchoSpacing": 0.0005,
    "DeviceSerialNumber": "45193",
    "DwellTime": 3.1e-06,
    "EchoNumber": 1,
    "EchoTime": 0.0126,
    "EchoTrainLength": 31,
    "EffectiveEchoSpacing": 0.00025,
    "FlipAngle": 56,
    "ImageComments": "Unaliased MB4/PE4/LB",
    "ImageOrientationPatientDICOM": [
      0.999971,
      0.00104338,
      0.00752361,
      -3.903e-11,
      0.99052,
      -0.137366
    ],
    "ImageType": [
      "ORIGINAL",
      "PRIMARY",
      "M",
      "MB",
      "TE1",
      "ND",
      "NORM",
      "MOSAIC"
    ],
    "ImagingFrequency": 123.247,
    "InPlanePhaseEncodingDirectionDICOM": "ROW",
    "InstitutionAddress": "Blackburn Road 770,Clayton,Victoria,AU,3800",
    "InstitutionName": "Monash Biomedical Imaging",
    "InstitutionalDepartmentName": "Department",
    "MRAcquisitionType": "2D",
    "MagneticFieldStrength": 3,
    "Manufacturer": "Siemens",
    "ManufacturersModelName": "Skyra",
    "Modality": "MR",
    "MultibandAccelerationFactor": 4,
    "ParallelReductionFactorInPlane": 2,
    "PartialFourier": 1,
    "PatientPosition": "HFS",
    "PercentPhaseFOV": 100,
    "PercentSampling": 100,
    "PhaseEncodingDirection": "i",
    "PhaseEncodingSteps": 63,
    "PhaseResolution": 1,
    "PixelBandwidth": 2520,
    "ProcedureStepDescription": "MR Scan",
    "ProtocolName": "Rest_R-L_mmb_4_4_cmrr_mbep2d_bold_TE_12.6_29.23_45.86_62.49",
    "PulseSequenceDetails": "%CustomerSeq%\\cmrr_mbep2d_bold",
    "ReceiveCoilActiveElements": "HEA;HEP",
    "ReceiveCoilName": "Head_32",
    "ReconMatrixPE": 64,
    "RefLinesPE": 24,
    "RepetitionTime": 0.91,
    "SAR": 0.0954654,
    "ScanOptions": "FS",
    "ScanningSequence": "EP",
    "SequenceName": "epfid2d4_64",
    "SequenceVariant": "SK\\SS",
    "SeriesDescription": "Rest_R-L_mmb_4_4_cmrr_mbep2d_bold_TE_12.6_29.23_45.86_62.49",
    "SeriesNumber": 3,
    "ShimSetting": [
      -4101,
      15308,
      -15361,
      282,
      241,
      123,
      -404,
      10
    ],
    "SliceThickness": 3.2,
    "SliceTiming": [
      0,
      0.6225,
      0.355,
      0.09,
      0.7125,
      0.445,
      0.1775,
      0.8,
      0.535,
      0.2675,
      0,
      0.6225,
      0.355,
      0.09,
      0.7125,
      0.445,
      0.1775,
      0.8,
      0.535,
      0.2675,
      0,
      0.6225,
      0.355,
      0.09,
      0.7125,
      0.445,
      0.1775,
      0.8,
      0.535,
      0.2675,
      0,
      0.6225,
      0.355,
      0.09,
      0.7125,
      0.445,
      0.1775,
      0.8,
      0.535,
      0.2675
    ],
    "SoftwareVersions": "syngo MR E11",
    "SpacingBetweenSlices": 3.2,
    "StationName": "AWP45193",
    "TaskName": "rest",
    "TotalReadoutTime": 0.01575,
    "TxRefAmp": 360.833,
    "WipMemBlock": "9b6a6c88-97b9-4088-a764-383003e25149||Sequence: R016 ve11c/master r/e634e98; Dec 19 2017 11:00:25 by eja",
    "dataset": "<unset>",
    "modality": "bold",
    "run_id": 1,
    "session_id": "02",
    "subject_id": "PC028",
    "task_id": "rest"
  },
  "dummy_trs": 0,
  "dvars_nstd": 22.775095114870766,
  "dvars_std": 1.0520908308747512,
  "dvars_vstd": 0.9684370322067596,
  "efc": 0.533527825321553,
  "fber": 3724.165283203125,
  "fd_mean": 0.11496215585100322,
  "fd_num": 31,
  "fd_perc": 6.150793650793651,
  "fwhm_avg": 1.9816496915280537,
  "fwhm_x": 1.9105895145631067,
  "fwhm_y": 1.9482563106796116,
  "fwhm_z": 2.086103249341443,
  "gcor": 0.0509617,
  "gsr_x": 0.004764563869684935,
  "gsr_y": 0.026957621797919273,
  "provenance": {
    "md5sum": "3f08efafa2b9182d6d0c73f16e003962",
    "settings": {
      "fd_thres": 0.2,
      "testing": false
    },
    "software": "mriqc",
    "version": "22.0.6",
    "webapi_port": null,
    "webapi_url": "https://mriqc.nimh.nih.gov/api/v1"
  },
  "size_t": 504,
  "size_x": 64,
  "size_y": 64,
  "size_z": 40,
  "snr": 7.6002333025825175,
  "spacing_tr": 0.9100000262260437,
  "spacing_x": 3.21875,
  "spacing_y": 3.21875,
  "spacing_z": 3.1999998092651367,
  "summary_bg_k": 13.869076520691884,
  "summary_bg_mad": 87.65298557472687,
  "summary_bg_mean": 356.6107482910156,
  "summary_bg_median": 85.25992584228516,
  "summary_bg_n": 100152.0,
  "summary_bg_p05": 17.450397491455078,
  "summary_bg_p95": 1773.819152832031,
  "summary_bg_stdv": 664.7196655273438,
  "summary_fg_k": 0.0693839537294676,
  "summary_fg_mad": 681.7588485741549,
  "summary_fg_mean": 5228.431640625,
  "summary_fg_median": 5159.970703125,
  "summary_fg_n": 30217.0,
  "summary_fg_p05": 4217.20341796875,
  "summary_fg_p95": 6422.098339843748,
  "summary_fg_stdv": 678.9114379882812,
  "tsnr": 56.83533698040992
}