{
  "aor": 0.0009044938271604937,
  "aqi": 0.010612325654320989,
  "bids_meta": {
    "AcquisitionMatrixPE": 64,
    "AcquisitionNumber": 1,
    "AcquisitionTime": "10:28:39.887500",
    "BandwidthPerPixelPhaseEncode": 62.5,
    "BaseResolution": 64,
    "BodyPartExamined": "BRAIN",
    "ConsistencyInfo": "N4_VE11C_LATEST_20160120",
    "ConversionSoftware": "dcm2niix",
    "ConversionSoftwareVersion": "v1.0.20210317",
    "DerivedVendorReportedEchoSpacing": 0.0005,
    "DeviceSerialNumber": "45193",
    "DwellTime": 3.1e-06,
    "EchoNumber": 1,
    "EchoTime": 0.0126,
    "EchoTrainLength": 31,
    "EffectiveEchoSpacing": 0.00025,
    "FlipAngle": 56,
    "ImageComments": "Unaliased MB4/PE4/LB",
    "ImageOrientationPatientDICOM": [
      0.999971,
      0.00104338,
      0.00752361,
      -3.903e-11,
      0.99052,
      -0.137366
    ],
    "ImageType": [
      "ORIGINAL",
      "PRIMARY",
      "M",
      "MB",
      "TE1",
      "ND",
      "NORM",
      "MOSAIC"
    ],
    "ImagingFrequency": 123.247,
    "InPlanePhaseEncodingDirectionDICOM": "ROW",
    "InstitutionAddress": "Blackburn Road 770,Clayton,Victoria,AU,3800",
    "InstitutionName": "Monash Biomedical Imaging",
    "InstitutionalDepartmentName": "Department",
    "MRAcquisitionType": "2D",
    "MagneticFieldStrength": 3,
    "Manufacturer": "Siemens",
    "ManufacturersModelName": "Skyra",
    "Modality": "MR",
    "MultibandAccelerationFactor": 4,
    "ParallelReductionFactorInPlane": 2,
    "PartialFourier": 1,
    "PatientPosition": "HFS",
    "PercentPhaseFOV": 100,
    "PercentSampling": 100,
    "PhaseEncodingDirection": "i",
    "PhaseEncodingSteps": 63,
    "PhaseResolution": 1,
    "PixelBandwidth": 2520,
    "ProcedureStepDescription": "MR Scan",
    "ProtocolName": "Meditation_R-L_mmb_4_4_cmrr_mbep2d_bold_TE_12.6_29.23_45.86_62.5",
    "PulseSequenceDetails": "%CustomerSeq%\\cmrr_mbep2d_bold",
    "ReceiveCoilActiveElements": "HEA;HEP",
    "ReceiveCoilName": "Head_32",
    "ReconMatrixPE": 64,
    "RefLinesPE": 24,
    "RepetitionTime": 0.91,
    "SAR": 0.0950835,
    "ScanOptions": "FS",
    "ScanningSequence": "EP",
    "SequenceName": "epfid2d4_64",
    "SequenceVariant": "SK\\SS",
    "SeriesDescription": "Meditation_R-L_mmb_4_4_cmrr_mbep2d_bold_TE_12.6_29.23_45.86_62.5",
    "SeriesNumber": 5,
    "ShimSetting": [
      -4101,
      15308,
      -15361,
      282,
      241,
      123,
      -404,
      10
    ],
    "SliceThickness": 3.2,
    "SliceTiming": [
      0,
      0.6225,
      0.355,
      0.09,
      0.7125,
      0.445,
      0.1775,
      0.8,
      0.535,
      0.2675,
      0,
      0.6225,
      0.355,
      0.09,
      0.7125,
      0.445,
      0.1775,
      0.8,
      0.535,
      0.2675,
      0,
      0.6225,
      0.355,
      0.09,
      0.7125,
      0.445,
      0.1775,
      0.8,
      0.535,
      0.2675,
      0,
      0.6225,
      0.355,
      0.09,
      0.7125,
      0.445,
      0.1775,
      0.8,
      0.535,
      0.2675
    ],
    "SoftwareVersions": "syngo MR E11",
    "SpacingBetweenSlices": 3.2,
    "StationName": "AWP45193",
    "TaskName": "meditation",
    "TotalReadoutTime": 0.01575,
    "TxRefAmp": 360.833,
    "WipMemBlock": "d2fbcd88-fdda-4bb1-b358-8b8ebed9db81||Sequence: R016 ve11c/master r/e634e98; Dec 19 2017 11:00:25 by eja",
    "dataset": "<unset>",
    "modality": "bold",
    "run_id": 1,
    "session_id": "02",
    "subject_id": "PC028",
    "task_id": "meditation"
  },
  "dummy_trs": 0,
  "dvars_nstd": 21.734275015321774,
  "dvars_std": 1.0431337208663367,
  "dvars_vstd": 0.9751127617326728,
  "efc": 0.5290300642918382,
  "fber": 5218.81982421875,
  "fd_mean": 0.08725156246947129,
  "fd_num": 13,
  "fd_perc": 3.2098765432098766,
  "fwhm_avg": 2.0279468452695073,
  "fwhm_x": 1.989722718446602,
  "fwhm_y": 2.027380194174757,
  "fwhm_z": 2.0667376231871617,
  "gcor": 0.00819595,
  "gsr_x": 0.007421455811709166,
  "gsr_y": 0.03087029419839382,
  "provenance": {
    "md5sum": "68296de1ccf02e95a9286b291e135ed8",
    "settings": {
      "fd_thres": 0.2,
      "testing": false
    },
    "software": "mriqc",
    "version": "22.0.6",
    "webapi_port": null,
    "webapi_url": "https://mriqc.nimh.nih.gov/api/v1"
  },
  "size_t": 405,
  "size_x": 64,
  "size_y": 64,
  "size_z": 40,
  "snr": 7.349835148682104,
  "spacing_tr": 0.9100000262260437,
  "spacing_x": 3.21875,
  "spacing_y": 3.21875,
  "spacing_z": 3.1999998092651367,
  "summary_bg_k": 15.531411719177633,
  "summary_bg_mad": 74.84030014639508,
  "summary_bg_mean": 349.9150695800781,
  "summary_bg_median": 73.00988006591797,
  "summary_bg_n": 100355.0,
  "summary_bg_p05": 16.414074897766117,
  "summary_bg_p95": 1776.7385986328097,
  "summary_bg_stdv": 679.4426879882812,
  "summary_fg_k": 0.22350251248389075,
  "summary_fg_mad": 700.549818196103,
  "summary_fg_mean": 5229.83349609375,
  "summary_fg_median": 5160.31884765625,
  "summary_fg_n": 30037.0,
  "summary_fg_p05": 4191.00859375,
  "summary_fg_p95": 6466.7318359374985,
  "summary_fg_stdv": 702.0882568359375,
  "tsnr": 54.852300548460335
}