{
  "aor": 0.0002050894085281981,
  "aqi": 0.004899467180192572,
  "bids_meta": {
    "AcquisitionMatrixPE": 64,
    "AcquisitionNumber": 1,
    "AcquisitionTime": "15:45:34.657500",
    "BandwidthPerPixelPhaseEncode": 62.5,
    "BaseResolution": 64,
    "BodyPartExamined": "BRAIN",
    "ConsistencyInfo": "N4_VE11C_LATEST_20160120",
    "ConversionSoftware": "dcm2niix",
    "ConversionSoftwareVersion": "v1.0.20210317",
    "DerivedVendorReportedEchoSpacing": 0.0005,
    "DeviceSerialNumber": "45193",
    "DwellTime": 3.1e-06,
    "EchoNumber": 1,
    "EchoTime": 0.0126,
    "EchoTrainLength": 31,
    "EffectiveEchoSpacing": 0.00025,
    "FlipAngle": 56,
    "ImageComments": "Unaliased MB4/PE4/LB",
    "ImageOrientationPatientDICOM": [
      0.999909,
      0.00227855,
      0.0132634,
      1.4107e-11,
      0.985562,
      -0.169313
    ],
    "ImageType": [
      "ORIGINAL",
      "PRIMARY",
      "M",
      "MB",
      "TE1",
      "ND",
      "NORM",
      "MOSAIC"
    ],
    "ImagingFrequency": 123.247,
    "InPlanePhaseEncodingDirectionDICOM": "ROW",
    "InstitutionAddress": "Blackburn Road 770,Clayton,Victoria,AU,3800",
    "InstitutionName": "Monash Biomedical Imaging",
    "InstitutionalDepartmentName": "Department",
    "MRAcquisitionType": "2D",
    "MagneticFieldStrength": 3,
    "Manufacturer": "Siemens",
    "ManufacturersModelName": "Skyra",
    "Modality": "MR",
    "MultibandAccelerationFactor": 4,
    "ParallelReductionFactorInPlane": 2,
    "PartialFourier": 1,
    "PatientPosition": "HFS",
    "PercentPhaseFOV": 100,
    "PercentSampling": 100,
    "PhaseEncodingDirection": "i",
    "PhaseEncodingSteps": 63,
    "PhaseResolution": 1,
    "PixelBandwidth": 2520,
    "ProcedureStepDescription": "MR Scan",
    "ProtocolName": "Music_R-L_mmb_4_4_cmrr_mbep2d_bold_TE_12.6_29.23_45.86_62.49",
    "PulseSequenceDetails": "%CustomerSeq%\\cmrr_mbep2d_bold",
    "ReceiveCoilActiveElements": "HEA;HEP",
    "ReceiveCoilName": "Head_32",
    "ReconMatrixPE": 64,
    "RefLinesPE": 24,
    "RepetitionTime": 0.91,
    "SAR": 0.0889865,
    "ScanOptions": "FS",
    "ScanningSequence": "EP",
    "SequenceName": "epfid2d4_64",
    "SequenceVariant": "SK\\SS",
    "SeriesDescription": "Music_R-L_mmb_4_4_cmrr_mbep2d_bold_TE_12.6_29.23_45.86_62.49",
    "SeriesNumber": 11,
    "ShimSetting": [
      -4043,
      15270,
      -15120,
      508,
      317,
      -552,
      1,
      175
    ],
    "SliceThickness": 3.2,
    "SliceTiming": [
      0,
      0.6225,
      0.3575,
      0.09,
      0.7125,
      0.445,
      0.1775,
      0.8025,
      0.535,
      0.2675,
      0,
      0.6225,
      0.3575,
      0.09,
      0.7125,
      0.445,
      0.1775,
      0.8025,
      0.535,
      0.2675,
      0,
      0.6225,
      0.3575,
      0.09,
      0.7125,
      0.445,
      0.1775,
      0.8025,
      0.535,
      0.2675,
      0,
      0.6225,
      0.3575,
      0.09,
      0.7125,
      0.445,
      0.1775,
      0.8025,
      0.535,
      0.2675
    ],
    "SoftwareVersions": "syngo MR E11",
    "SpacingBetweenSlices": 3.2,
    "StationName": "AWP45193",
    "TaskName": "music",
    "TotalReadoutTime": 0.01575,
    "TxRefAmp": 347.421,
    "WipMemBlock": "dea9f866-a88e-4a40-a86b-7b02049488fd||Sequence: R016 ve11c/master r/e634e98; Dec 19 2017 11:00:25 by eja",
    "dataset": "<unset>",
    "modality": "bold",
    "run_id": 1,
    "session_id": "01",
    "subject_id": "PC008",
    "task_id": "music"
  },
  "dummy_trs": 1,
  "dvars_nstd": 21.325178606046837,
  "dvars_std": 1.1155916356611582,
  "dvars_vstd": 0.9963425883608813,
  "efc": 0.5326173117885534,
  "fber": 3278.203857421875,
  "fd_mean": 0.059978795513714385,
  "fd_num": 4,
  "fd_perc": 0.5502063273727648,
  "fwhm_avg": 1.9116377673436873,
  "fwhm_x": 1.7921460194174756,
  "fwhm_y": 1.9778454368932037,
  "fwhm_z": 1.9649218457203828,
  "gcor": 0.00379095,
  "gsr_x": -0.018305469304323196,
  "gsr_y": 0.024406125769019127,
  "provenance": {
    "md5sum": "fca004f4154bd7adb615abc3d5a3b798",
    "settings": {
      "fd_thres": 0.2,
      "testing": false
    },
    "software": "mriqc",
    "version": "22.0.6",
    "webapi_port": null,
    "webapi_url": "https://mriqc.nimh.nih.gov/api/v1"
  },
  "size_t": 727,
  "size_x": 64,
  "size_y": 64,
  "size_z": 40,
  "snr": 7.291583537276983,
  "spacing_tr": 0.9100000262260437,
  "spacing_x": 3.21875,
  "spacing_y": 3.21875,
  "spacing_z": 3.200000047683716,
  "summary_bg_k": 8.817493700838194,
  "summary_bg_mad": 94.67240668010949,
  "summary_bg_mean": 449.7227478027344,
  "summary_bg_median": 94.45941925048828,
  "summary_bg_n": 103657.0,
  "summary_bg_p05": 19.961484909057617,
  "summary_bg_p95": 2509.666210937499,
  "summary_bg_stdv": 851.9408569335938,
  "summary_fg_k": 0.04790854600514605,
  "summary_fg_mad": 745.1766517219269,
  "summary_fg_mean": 5392.0107421875,
  "summary_fg_median": 5331.9931640625,
  "summary_fg_n": 27228.0,
  "summary_fg_p05": 4284.960791015625,
  "summary_fg_p95": 6661.253662109374,
  "summary_fg_stdv": 731.2396850585938,
  "tsnr": 71.81086019519717
}