{
  "aor": 0.0007236290322580646,
  "aqi": 0.011262486989247313,
  "bids_meta": {
    "AcquisitionMatrixPE": 64,
    "AcquisitionNumber": 1,
    "AcquisitionTime": "15:57:13.155000",
    "BandwidthPerPixelPhaseEncode": 62.5,
    "BaseResolution": 64,
    "BodyPartExamined": "BRAIN",
    "ConsistencyInfo": "N4_VE11C_LATEST_20160120",
    "ConversionSoftware": "dcm2niix",
    "ConversionSoftwareVersion": "v1.0.20210317",
    "DerivedVendorReportedEchoSpacing": 0.0005,
    "DeviceSerialNumber": "45193",
    "DwellTime": 3.1e-06,
    "EchoNumber": 2,
    "EchoTime": 0.02923,
    "EchoTrainLength": 31,
    "EffectiveEchoSpacing": 0.00025,
    "FlipAngle": 56,
    "ImageComments": "Unaliased MB4/PE4/LB",
    "ImageOrientationPatientDICOM": [
      0.999909,
      0.00227855,
      0.0132634,
      1.4107e-11,
      0.985562,
      -0.169313
    ],
    "ImageType": [
      "ORIGINAL",
      "PRIMARY",
      "M",
      "MB",
      "TE2",
      "ND",
      "NORM",
      "MOSAIC"
    ],
    "ImagingFrequency": 123.247,
    "InPlanePhaseEncodingDirectionDICOM": "ROW",
    "InstitutionAddress": "Blackburn Road 770,Clayton,Victoria,AU,3800",
    "InstitutionName": "Monash Biomedical Imaging",
    "InstitutionalDepartmentName": "Department",
    "MRAcquisitionType": "2D",
    "MagneticFieldStrength": 3,
    "Manufacturer": "Siemens",
    "ManufacturersModelName": "Skyra",
    "Modality": "MR",
    "MultibandAccelerationFactor": 4,
    "ParallelReductionFactorInPlane": 2,
    "PartialFourier": 1,
    "PatientPosition": "HFS",
    "PercentPhaseFOV": 100,
    "PercentSampling": 100,
    "PhaseEncodingDirection": "i",
    "PhaseEncodingSteps": 63,
    "PhaseResolution": 1,
    "PixelBandwidth": 2520,
    "ProcedureStepDescription": "MR Scan",
    "ProtocolName": "Movie_R-L_mmb_4_4_cmrr_mbep2d_bold_TE_12.6_29.23_45.86_62.49",
    "PulseSequenceDetails": "%CustomerSeq%\\cmrr_mbep2d_bold",
    "ReceiveCoilActiveElements": "HEA;HEP",
    "ReceiveCoilName": "Head_32",
    "ReconMatrixPE": 64,
    "RefLinesPE": 24,
    "RepetitionTime": 0.91,
    "SAR": 0.0880329,
    "ScanOptions": "FS",
    "ScanningSequence": "EP",
    "SequenceName": "epfid2d4_64",
    "SequenceVariant": "SK\\SS",
    "SeriesDescription": "Movie_R-L_mmb_4_4_cmrr_mbep2d_bold_TE_12.6_29.23_45.86_62.49",
    "SeriesNumber": 12,
    "ShimSetting": [
      -4043,
      15270,
      -15120,
      508,
      317,
      -552,
      1,
      175
    ],
    "SliceThickness": 3.2,
    "SliceTiming": [
      0,
      0.6225,
      0.355,
      0.09,
      0.7125,
      0.445,
      0.1775,
      0.8,
      0.535,
      0.2675,
      0,
      0.6225,
      0.355,
      0.09,
      0.7125,
      0.445,
      0.1775,
      0.8,
      0.535,
      0.2675,
      0,
      0.6225,
      0.355,
      0.09,
      0.7125,
      0.445,
      0.1775,
      0.8,
      0.535,
      0.2675,
      0,
      0.6225,
      0.355,
      0.09,
      0.7125,
      0.445,
      0.1775,
      0.8,
      0.535,
      0.2675
    ],
    "SoftwareVersions": "syngo MR E11",
    "SpacingBetweenSlices": 3.2,
    "StationName": "AWP45193",
    "TaskName": "movie",
    "TotalReadoutTime": 0.01575,
    "TxRefAmp": 347.421,
    "WipMemBlock": "666aad18-1e41-489c-b557-a01d5c8f1030||Sequence: R016 ve11c/master r/e634e98; Dec 19 2017 11:00:25 by eja",
    "dataset": "<unset>",
    "modality": "bold",
    "run_id": 1,
    "session_id": "01",
    "subject_id": "PC008",
    "task_id": "movie"
  },
  "dummy_trs": 0,
  "dvars_nstd": 28.240105266630728,
  "dvars_std": 1.0768085364150943,
  "dvars_vstd": 0.9602745079514827,
  "efc": 0.47201106950586297,
  "fber": 4207.7197265625,
  "fd_mean": 0.07225966895124482,
  "fd_num": 2,
  "fd_perc": 0.5376344086021505,
  "fwhm_avg": 1.7144413689011901,
  "fwhm_x": 1.6648450485436892,
  "fwhm_y": 1.761969708737864,
  "fwhm_z": 1.7165093494220174,
  "gcor": 0.00278271,
  "gsr_x": -0.0029793567955493927,
  "gsr_y": 0.006686152424663305,
  "provenance": {
    "md5sum": "a309566021c92b94200b4758dfa98fde",
    "settings": {
      "fd_thres": 0.2,
      "testing": false
    },
    "software": "mriqc",
    "version": "22.0.6",
    "webapi_port": null,
    "webapi_url": "https://mriqc.nimh.nih.gov/api/v1"
  },
  "size_t": 372,
  "size_x": 64,
  "size_y": 64,
  "size_z": 40,
  "snr": 5.622395203944706,
  "spacing_tr": 0.9100000262260437,
  "spacing_x": 3.21875,
  "spacing_y": 3.21875,
  "spacing_z": 3.200000047683716,
  "summary_bg_k": 37.31142402999705,
  "summary_bg_mad": 54.72874653162461,
  "summary_bg_mean": 167.10935974121094,
  "summary_bg_median": 62.31182861328125,
  "summary_bg_n": 106441.0,
  "summary_bg_p05": 18.032258987426758,
  "summary_bg_p95": 700.6531982421875,
  "summary_bg_stdv": 319.0946350097656,
  "summary_fg_k": 1.7008337923515073,
  "summary_fg_mad": 660.7146565864358,
  "summary_fg_mean": 3996.808837890625,
  "summary_fg_median": 3914.4462890625,
  "summary_fg_n": 24748.0,
  "summary_fg_p05": 3045.654504394531,
  "summary_fg_p95": 5191.038476562499,
  "summary_fg_stdv": 696.2098999023438,
  "tsnr": 45.494484710041434
}