{
  "aor": 0.0008674193548387098,
  "aqi": 0.0190045786827957,
  "bids_meta": {
    "AcquisitionMatrixPE": 64,
    "AcquisitionNumber": 1,
    "AcquisitionTime": "15:57:13.187500",
    "BandwidthPerPixelPhaseEncode": 62.5,
    "BaseResolution": 64,
    "BodyPartExamined": "BRAIN",
    "ConsistencyInfo": "N4_VE11C_LATEST_20160120",
    "ConversionSoftware": "dcm2niix",
    "ConversionSoftwareVersion": "v1.0.20210317",
    "DerivedVendorReportedEchoSpacing": 0.0005,
    "DeviceSerialNumber": "45193",
    "DwellTime": 3.1e-06,
    "EchoNumber": 4,
    "EchoTime": 0.06249,
    "EchoTrainLength": 31,
    "EffectiveEchoSpacing": 0.00025,
    "FlipAngle": 56,
    "ImageComments": "Unaliased MB4/PE4/LB",
    "ImageOrientationPatientDICOM": [
      0.999909,
      0.00227855,
      0.0132634,
      1.4107e-11,
      0.985562,
      -0.169313
    ],
    "ImageType": [
      "ORIGINAL",
      "PRIMARY",
      "M",
      "MB",
      "TE4",
      "ND",
      "NORM",
      "MOSAIC"
    ],
    "ImagingFrequency": 123.247,
    "InPlanePhaseEncodingDirectionDICOM": "ROW",
    "InstitutionAddress": "Blackburn Road 770,Clayton,Victoria,AU,3800",
    "InstitutionName": "Monash Biomedical Imaging",
    "InstitutionalDepartmentName": "Department",
    "MRAcquisitionType": "2D",
    "MagneticFieldStrength": 3,
    "Manufacturer": "Siemens",
    "ManufacturersModelName": "Skyra",
    "Modality": "MR",
    "MultibandAccelerationFactor": 4,
    "ParallelReductionFactorInPlane": 2,
    "PartialFourier": 1,
    "PatientPosition": "HFS",
    "PercentPhaseFOV": 100,
    "PercentSampling": 100,
    "PhaseEncodingDirection": "i",
    "PhaseEncodingSteps": 63,
    "PhaseResolution": 1,
    "PixelBandwidth": 2520,
    "ProcedureStepDescription": "MR Scan",
    "ProtocolName": "Movie_R-L_mmb_4_4_cmrr_mbep2d_bold_TE_12.6_29.23_45.86_62.49",
    "PulseSequenceDetails": "%CustomerSeq%\\cmrr_mbep2d_bold",
    "ReceiveCoilActiveElements": "HEA;HEP",
    "ReceiveCoilName": "Head_32",
    "ReconMatrixPE": 64,
    "RefLinesPE": 24,
    "RepetitionTime": 0.91,
    "SAR": 0.0880329,
    "ScanOptions": "FS",
    "ScanningSequence": "EP",
    "SequenceName": "epfid2d4_64",
    "SequenceVariant": "SK\\SS",
    "SeriesDescription": "Movie_R-L_mmb_4_4_cmrr_mbep2d_bold_TE_12.6_29.23_45.86_62.49",
    "SeriesNumber": 12,
    "ShimSetting": [
      -4043,
      15270,
      -15120,
      508,
      317,
      -552,
      1,
      175
    ],
    "SliceThickness": 3.2,
    "SliceTiming": [
      0,
      0.6225,
      0.3575,
      0.09,
      0.7125,
      0.445,
      0.1775,
      0.8025,
      0.535,
      0.2675,
      0,
      0.6225,
      0.3575,
      0.09,
      0.7125,
      0.445,
      0.1775,
      0.8025,
      0.535,
      0.2675,
      0,
      0.6225,
      0.3575,
      0.09,
      0.7125,
      0.445,
      0.1775,
      0.8025,
      0.535,
      0.2675,
      0,
      0.6225,
      0.3575,
      0.09,
      0.7125,
      0.445,
      0.1775,
      0.8025,
      0.535,
      0.2675
    ],
    "SoftwareVersions": "syngo MR E11",
    "SpacingBetweenSlices": 3.2,
    "StationName": "AWP45193",
    "TaskName": "movie",
    "TotalReadoutTime": 0.01575,
    "TxRefAmp": 347.421,
    "WipMemBlock": "666aad18-1e41-489c-b557-a01d5c8f1030||Sequence: R016 ve11c/master r/e634e98; Dec 19 2017 11:00:25 by eja",
    "dataset": "<unset>",
    "modality": "bold",
    "run_id": 1,
    "session_id": "01",
    "subject_id": "PC008",
    "task_id": "movie"
  },
  "dummy_trs": 0,
  "dvars_nstd": 45.71513667935312,
  "dvars_std": 1.054325050781671,
  "dvars_vstd": 0.9518336308625344,
  "efc": 0.4270944447772147,
  "fber": 2302.477783203125,
  "fd_mean": 0.07651598981108279,
  "fd_num": 1,
  "fd_perc": 0.26881720430107525,
  "fwhm_avg": 1.5914761956688779,
  "fwhm_x": 1.561015922330097,
  "fwhm_y": 1.641034563106796,
  "fwhm_z": 1.5723781015697404,
  "gcor": 0.00278474,
  "gsr_x": -0.005257200449705124,
  "gsr_y": 0.017110511660575867,
  "provenance": {
    "md5sum": "fb4c5da68129e502b14968c41a2b4246",
    "settings": {
      "fd_thres": 0.2,
      "testing": false
    },
    "software": "mriqc",
    "version": "22.0.6",
    "webapi_port": null,
    "webapi_url": "https://mriqc.nimh.nih.gov/api/v1"
  },
  "size_t": 372,
  "size_x": 64,
  "size_y": 64,
  "size_z": 40,
  "snr": 2.9619417502493786,
  "spacing_tr": 0.9100000262260437,
  "spacing_x": 3.21875,
  "spacing_y": 3.21875,
  "spacing_z": 3.200000047683716,
  "summary_bg_k": 214.6685645047564,
  "summary_bg_mad": 27.88248715717045,
  "summary_bg_mean": 71.47547149658203,
  "summary_bg_median": 42.99193572998047,
  "summary_bg_n": 111247.0,
  "summary_bg_p05": 17.22311782836914,
  "summary_bg_p95": 218.88924407958982,
  "summary_bg_stdv": 102.77816772460938,
  "summary_fg_k": 10.592581531440358,
  "summary_fg_mad": 474.16168980189366,
  "summary_fg_mean": 2191.42431640625,
  "summary_fg_median": 2056.883056640625,
  "summary_fg_n": 20540.0,
  "summary_fg_p05": 1450.8494873046875,
  "summary_fg_p95": 3285.99208984375,
  "summary_fg_stdv": 694.4204711914062,
  "tsnr": 26.814446693868376
}