{
  "aor": 0.0017592663043478262,
  "aqi": 0.01631478260869565,
  "bids_meta": {
    "AcquisitionMatrixPE": 64,
    "AcquisitionNumber": 1,
    "AcquisitionTime": "14:35:24.207500",
    "BandwidthPerPixelPhaseEncode": 62.5,
    "BaseResolution": 64,
    "BodyPartExamined": "BRAIN",
    "ConsistencyInfo": "N4_VE11C_LATEST_20160120",
    "ConversionSoftware": "dcm2niix",
    "ConversionSoftwareVersion": "v1.0.20210317",
    "DerivedVendorReportedEchoSpacing": 0.0005,
    "DeviceSerialNumber": "45193",
    "DwellTime": 3.1e-06,
    "EchoNumber": 2,
    "EchoTime": 0.02923,
    "EchoTrainLength": 31,
    "EffectiveEchoSpacing": 0.00025,
    "FlipAngle": 56,
    "ImageComments": "Unaliased MB4/PE4/LB",
    "ImageOrientationPatientDICOM": [
      0.996441,
      0.0355906,
      0.0764092,
      -2.12358e-10,
      0.906488,
      -0.422232
    ],
    "ImageType": [
      "ORIGINAL",
      "PRIMARY",
      "M",
      "MB",
      "TE2",
      "ND",
      "NORM",
      "MOSAIC"
    ],
    "ImagingFrequency": 123.252,
    "InPlanePhaseEncodingDirectionDICOM": "ROW",
    "InstitutionAddress": "Blackburn Road 770,Clayton,Victoria,AU,3800",
    "InstitutionName": "Monash Biomedical Imaging",
    "InstitutionalDepartmentName": "Department",
    "MRAcquisitionType": "2D",
    "MagneticFieldStrength": 3,
    "Manufacturer": "Siemens",
    "ManufacturersModelName": "Skyra",
    "Modality": "MR",
    "MultibandAccelerationFactor": 4,
    "ParallelReductionFactorInPlane": 2,
    "PartialFourier": 1,
    "PatientPosition": "HFS",
    "PercentPhaseFOV": 100,
    "PercentSampling": 100,
    "PhaseEncodingDirection": "i",
    "PhaseEncodingSteps": 63,
    "PhaseResolution": 1,
    "PixelBandwidth": 2520,
    "ProcedureStepDescription": "MR Scan",
    "ProtocolName": "Movie_R-L_mmb_4_4_cmrr_mbep2d_bold_TE_12.6_29.23_45.86_62.49",
    "PulseSequenceDetails": "%CustomerSeq%\\cmrr_mbep2d_bold",
    "ReceiveCoilActiveElements": "HEA;HEP",
    "ReceiveCoilName": "Head_32",
    "ReconMatrixPE": 64,
    "RefLinesPE": 24,
    "RepetitionTime": 0.91,
    "SAR": 0.0822727,
    "ScanOptions": "FS",
    "ScanningSequence": "EP",
    "SequenceName": "epfid2d4_64",
    "SequenceVariant": "SK\\SS",
    "SeriesDescription": "Movie_R-L_mmb_4_4_cmrr_mbep2d_bold_TE_12.6_29.23_45.86_62.49",
    "SeriesNumber": 9,
    "ShimSetting": [
      -4076,
      15453,
      -15624,
      91,
      -55,
      -692,
      -83,
      -87
    ],
    "SliceThickness": 3.2,
    "SliceTiming": [
      0,
      0.6225,
      0.355,
      0.0875,
      0.7125,
      0.445,
      0.1775,
      0.8,
      0.5325,
      0.2675,
      0,
      0.6225,
      0.355,
      0.0875,
      0.7125,
      0.445,
      0.1775,
      0.8,
      0.5325,
      0.2675,
      0,
      0.6225,
      0.355,
      0.0875,
      0.7125,
      0.445,
      0.1775,
      0.8,
      0.5325,
      0.2675,
      0,
      0.6225,
      0.355,
      0.0875,
      0.7125,
      0.445,
      0.1775,
      0.8,
      0.5325,
      0.2675
    ],
    "SoftwareVersions": "syngo MR E11",
    "SpacingBetweenSlices": 3.2,
    "StationName": "AWP45193",
    "TaskName": "movie",
    "TotalReadoutTime": 0.01575,
    "TxRefAmp": 372.304,
    "WipMemBlock": "66373346-ce73-49bd-9e34-691fc2fc2d5c||Sequence: R016 ve11c/master r/e634e98; Dec 19 2017 11:00:25 by eja",
    "dataset": "<unset>",
    "modality": "bold",
    "run_id": 1,
    "session_id": "02",
    "subject_id": "PC229",
    "task_id": "movie"
  },
  "dummy_trs": 4,
  "dvars_nstd": 36.85680079662129,
  "dvars_std": 1.1174890636239785,
  "dvars_vstd": 0.992871773405995,
  "efc": 0.47122378299059847,
  "fber": 4265.5615234375,
  "fd_mean": 0.28295361105078753,
  "fd_num": 211,
  "fd_perc": 57.33695652173913,
  "fwhm_avg": 1.676691411390966,
  "fwhm_x": 1.680689708737864,
  "fwhm_y": 1.635703300970874,
  "fwhm_z": 1.71368122446416,
  "gcor": 0.00785449,
  "gsr_x": 0.004680513869971037,
  "gsr_y": 0.0011466937139630318,
  "provenance": {
    "md5sum": "f55517ea1f0fc6cae7f772a623a02dd0",
    "settings": {
      "fd_thres": 0.2,
      "testing": false
    },
    "software": "mriqc",
    "version": "22.0.6",
    "webapi_port": null,
    "webapi_url": "https://mriqc.nimh.nih.gov/api/v1"
  },
  "size_t": 368,
  "size_x": 64,
  "size_y": 64,
  "size_z": 40,
  "snr": 5.603272010401692,
  "spacing_tr": 0.9100000262260437,
  "spacing_x": 3.21875,
  "spacing_y": 3.21875,
  "spacing_z": 3.200000047683716,
  "summary_bg_k": 60.9847655058383,
  "summary_bg_mad": 48.74860444757859,
  "summary_bg_mean": 144.16964721679688,
  "summary_bg_median": 64.25,
  "summary_bg_n": 104762.0,
  "summary_bg_p05": 21.26630401611328,
  "summary_bg_p95": 508.50679016113276,
  "summary_bg_stdv": 273.3890075683594,
  "summary_fg_k": 2.040040971605288,
  "summary_fg_mad": 660.3099814691777,
  "summary_fg_mean": 4245.69677734375,
  "summary_fg_median": 4141.3095703125,
  "summary_fg_n": 26404.0,
  "summary_fg_p05": 3278.768518066406,
  "summary_fg_p95": 5559.331640625,
  "summary_fg_stdv": 739.07373046875,
  "tsnr": 37.592952234030236
}