{
  "aor": 0.0007466068965517242,
  "aqi": 0.012487795931034483,
  "bids_meta": {
    "AcquisitionMatrixPE": 64,
    "AcquisitionNumber": 1,
    "AcquisitionTime": "14:23:29.232500",
    "BandwidthPerPixelPhaseEncode": 62.5,
    "BaseResolution": 64,
    "BodyPartExamined": "BRAIN",
    "ConsistencyInfo": "N4_VE11C_LATEST_20160120",
    "ConversionSoftware": "dcm2niix",
    "ConversionSoftwareVersion": "v1.0.20210317",
    "DerivedVendorReportedEchoSpacing": 0.0005,
    "DeviceSerialNumber": "45193",
    "DwellTime": 3.1e-06,
    "EchoNumber": 1,
    "EchoTime": 0.0126,
    "EchoTrainLength": 31,
    "EffectiveEchoSpacing": 0.00025,
    "FlipAngle": 56,
    "ImageComments": "Unaliased MB4/PE4/LB",
    "ImageOrientationPatientDICOM": [
      0.996441,
      0.0355906,
      0.0764092,
      -2.12358e-10,
      0.906488,
      -0.422232
    ],
    "ImageType": [
      "ORIGINAL",
      "PRIMARY",
      "M",
      "MB",
      "TE1",
      "ND",
      "NORM",
      "MOSAIC"
    ],
    "ImagingFrequency": 123.252,
    "InPlanePhaseEncodingDirectionDICOM": "ROW",
    "InstitutionAddress": "Blackburn Road 770,Clayton,Victoria,AU,3800",
    "InstitutionName": "Monash Biomedical Imaging",
    "InstitutionalDepartmentName": "Department",
    "MRAcquisitionType": "2D",
    "MagneticFieldStrength": 3,
    "Manufacturer": "Siemens",
    "ManufacturersModelName": "Skyra",
    "Modality": "MR",
    "MultibandAccelerationFactor": 4,
    "ParallelReductionFactorInPlane": 2,
    "PartialFourier": 1,
    "PatientPosition": "HFS",
    "PercentPhaseFOV": 100,
    "PercentSampling": 100,
    "PhaseEncodingDirection": "i",
    "PhaseEncodingSteps": 63,
    "PhaseResolution": 1,
    "PixelBandwidth": 2520,
    "ProcedureStepDescription": "MR Scan",
    "ProtocolName": "Music_R-L_mmb_4_4_cmrr_mbep2d_bold_TE_12.6_29.23_45.86_62.49",
    "PulseSequenceDetails": "%CustomerSeq%\\cmrr_mbep2d_bold",
    "ReceiveCoilActiveElements": "HEA;HEP",
    "ReceiveCoilName": "Head_32",
    "ReconMatrixPE": 64,
    "RefLinesPE": 24,
    "RepetitionTime": 0.91,
    "SAR": 0.0831659,
    "ScanOptions": "FS",
    "ScanningSequence": "EP",
    "SequenceName": "epfid2d4_64",
    "SequenceVariant": "SK\\SS",
    "SeriesDescription": "Music_R-L_mmb_4_4_cmrr_mbep2d_bold_TE_12.6_29.23_45.86_62.49",
    "SeriesNumber": 8,
    "ShimSetting": [
      -4076,
      15453,
      -15624,
      91,
      -55,
      -692,
      -83,
      -87
    ],
    "SliceThickness": 3.2,
    "SliceTiming": [
      0,
      0.6225,
      0.3575,
      0.09,
      0.7125,
      0.445,
      0.1775,
      0.8025,
      0.535,
      0.2675,
      0,
      0.6225,
      0.3575,
      0.09,
      0.7125,
      0.445,
      0.1775,
      0.8025,
      0.535,
      0.2675,
      0,
      0.6225,
      0.3575,
      0.09,
      0.7125,
      0.445,
      0.1775,
      0.8025,
      0.535,
      0.2675,
      0,
      0.6225,
      0.3575,
      0.09,
      0.7125,
      0.445,
      0.1775,
      0.8025,
      0.535,
      0.2675
    ],
    "SoftwareVersions": "syngo MR E11",
    "SpacingBetweenSlices": 3.2,
    "StationName": "AWP45193",
    "TaskName": "music",
    "TotalReadoutTime": 0.01575,
    "TxRefAmp": 372.304,
    "WipMemBlock": "997621ce-e1b2-41d8-b56b-b0a0ae58768b||Sequence: R016 ve11c/master r/e634e98; Dec 19 2017 11:00:25 by eja",
    "dataset": "<unset>",
    "modality": "bold",
    "run_id": 2,
    "session_id": "02",
    "subject_id": "PC229",
    "task_id": "music"
  },
  "dummy_trs": 3,
  "dvars_nstd": 28.91770914517953,
  "dvars_std": 1.1612898437845318,
  "dvars_vstd": 0.99491070859116,
  "efc": 0.5237064360906745,
  "fber": 3770.895751953125,
  "fd_mean": 0.1946516258258287,
  "fd_num": 280,
  "fd_perc": 38.62068965517241,
  "fwhm_avg": 1.917084110176149,
  "fwhm_x": 1.8708753398058253,
  "fwhm_y": 1.873255145631068,
  "fwhm_z": 2.007121845091554,
  "gcor": 0.00958879,
  "gsr_x": 0.0020768088288605213,
  "gsr_y": 0.0051283081993460655,
  "provenance": {
    "md5sum": "73e531a4d287ac2d0d9bebaa3c78cd67",
    "settings": {
      "fd_thres": 0.2,
      "testing": false
    },
    "software": "mriqc",
    "version": "22.0.6",
    "webapi_port": null,
    "webapi_url": "https://mriqc.nimh.nih.gov/api/v1"
  },
  "size_t": 725,
  "size_x": 64,
  "size_y": 64,
  "size_z": 40,
  "snr": 7.499295637470278,
  "spacing_tr": 0.9100000262260437,
  "spacing_x": 3.21875,
  "spacing_y": 3.21875,
  "spacing_z": 3.200000047683716,
  "summary_bg_k": 21.523188751896914,
  "summary_bg_mad": 92.83544226142884,
  "summary_bg_mean": 355.3616943359375,
  "summary_bg_median": 93.26758575439453,
  "summary_bg_n": 101557.0,
  "summary_bg_p05": 21.82206916809082,
  "summary_bg_p95": 1645.2091552734373,
  "summary_bg_stdv": 673.214111328125,
  "summary_fg_k": 0.24920406335940726,
  "summary_fg_mad": 731.3456670121325,
  "summary_fg_mean": 5696.4970703125,
  "summary_fg_median": 5634.74072265625,
  "summary_fg_n": 29025.0,
  "summary_fg_p05": 4567.6107421875,
  "summary_fg_p95": 7039.82353515625,
  "summary_fg_stdv": 751.3563842773438,
  "tsnr": 48.842839911114424
}