{
  "aor": 0.0017129032258064517,
  "aqi": 0.012465925698924728,
  "bids_meta": {
    "AcquisitionMatrixPE": 64,
    "AcquisitionNumber": 1,
    "AcquisitionTime": "14:35:24.190000",
    "BandwidthPerPixelPhaseEncode": 62.5,
    "BaseResolution": 64,
    "BodyPartExamined": "BRAIN",
    "ConsistencyInfo": "N4_VE11C_LATEST_20160120",
    "ConversionSoftware": "dcm2niix",
    "ConversionSoftwareVersion": "v1.0.20210317",
    "DerivedVendorReportedEchoSpacing": 0.0005,
    "DeviceSerialNumber": "45193",
    "DwellTime": 3.1e-06,
    "EchoNumber": 1,
    "EchoTime": 0.0126,
    "EchoTrainLength": 31,
    "EffectiveEchoSpacing": 0.00025,
    "FlipAngle": 56,
    "ImageComments": "Unaliased MB4/PE4/LB",
    "ImageOrientationPatientDICOM": [
      0.996441,
      0.0355906,
      0.0764092,
      -2.12358e-10,
      0.906488,
      -0.422232
    ],
    "ImageType": [
      "ORIGINAL",
      "PRIMARY",
      "M",
      "MB",
      "TE1",
      "ND",
      "NORM",
      "MOSAIC"
    ],
    "ImagingFrequency": 123.252,
    "InPlanePhaseEncodingDirectionDICOM": "ROW",
    "InstitutionAddress": "Blackburn Road 770,Clayton,Victoria,AU,3800",
    "InstitutionName": "Monash Biomedical Imaging",
    "InstitutionalDepartmentName": "Department",
    "MRAcquisitionType": "2D",
    "MagneticFieldStrength": 3,
    "Manufacturer": "Siemens",
    "ManufacturersModelName": "Skyra",
    "Modality": "MR",
    "MultibandAccelerationFactor": 4,
    "ParallelReductionFactorInPlane": 2,
    "PartialFourier": 1,
    "PatientPosition": "HFS",
    "PercentPhaseFOV": 100,
    "PercentSampling": 100,
    "PhaseEncodingDirection": "i",
    "PhaseEncodingSteps": 63,
    "PhaseResolution": 1,
    "PixelBandwidth": 2520,
    "ProcedureStepDescription": "MR Scan",
    "ProtocolName": "Movie_R-L_mmb_4_4_cmrr_mbep2d_bold_TE_12.6_29.23_45.86_62.49",
    "PulseSequenceDetails": "%CustomerSeq%\\cmrr_mbep2d_bold",
    "ReceiveCoilActiveElements": "HEA;HEP",
    "ReceiveCoilName": "Head_32",
    "ReconMatrixPE": 64,
    "RefLinesPE": 24,
    "RepetitionTime": 0.91,
    "SAR": 0.0822727,
    "ScanOptions": "FS",
    "ScanningSequence": "EP",
    "SequenceName": "epfid2d4_64",
    "SequenceVariant": "SK\\SS",
    "SeriesDescription": "Movie_R-L_mmb_4_4_cmrr_mbep2d_bold_TE_12.6_29.23_45.86_62.49",
    "SeriesNumber": 9,
    "ShimSetting": [
      -4076,
      15453,
      -15624,
      91,
      -55,
      -692,
      -83,
      -87
    ],
    "SliceThickness": 3.2,
    "SliceTiming": [
      0,
      0.6225,
      0.3575,
      0.09,
      0.7125,
      0.445,
      0.1775,
      0.8025,
      0.535,
      0.2675,
      0,
      0.6225,
      0.3575,
      0.09,
      0.7125,
      0.445,
      0.1775,
      0.8025,
      0.535,
      0.2675,
      0,
      0.6225,
      0.3575,
      0.09,
      0.7125,
      0.445,
      0.1775,
      0.8025,
      0.535,
      0.2675,
      0,
      0.6225,
      0.3575,
      0.09,
      0.7125,
      0.445,
      0.1775,
      0.8025,
      0.535,
      0.2675
    ],
    "SoftwareVersions": "syngo MR E11",
    "SpacingBetweenSlices": 3.2,
    "StationName": "AWP45193",
    "TaskName": "movie",
    "TotalReadoutTime": 0.01575,
    "TxRefAmp": 372.304,
    "WipMemBlock": "66373346-ce73-49bd-9e34-691fc2fc2d5c||Sequence: R016 ve11c/master r/e634e98; Dec 19 2017 11:00:25 by eja",
    "dataset": "<unset>",
    "modality": "bold",
    "run_id": 1,
    "session_id": "02",
    "subject_id": "PC229",
    "task_id": "movie"
  },
  "dummy_trs": 0,
  "dvars_nstd": 30.295629177169783,
  "dvars_std": 1.1355272488409707,
  "dvars_vstd": 0.9992102597304582,
  "efc": 0.5250389757859211,
  "fber": 3488.426025390625,
  "fd_mean": 0.29232420220680977,
  "fd_num": 226,
  "fd_perc": 60.75268817204301,
  "fwhm_avg": 1.8588515379376627,
  "fwhm_x": 1.8708629126213592,
  "fwhm_y": 1.8147448543689322,
  "fwhm_z": 1.8909468468226962,
  "gcor": 0.011243,
  "gsr_x": 0.003646171884611249,
  "gsr_y": 0.006599342916160822,
  "provenance": {
    "md5sum": "4609bb716e8654b86b38389dc38edb42",
    "settings": {
      "fd_thres": 0.2,
      "testing": false
    },
    "software": "mriqc",
    "version": "22.0.6",
    "webapi_port": null,
    "webapi_url": "https://mriqc.nimh.nih.gov/api/v1"
  },
  "size_t": 372,
  "size_x": 64,
  "size_y": 64,
  "size_z": 40,
  "snr": 7.531509269803221,
  "spacing_tr": 0.9100000262260437,
  "spacing_x": 3.21875,
  "spacing_y": 3.21875,
  "spacing_z": 3.200000047683716,
  "summary_bg_k": 17.108164710971668,
  "summary_bg_mad": 95.88690145321006,
  "summary_bg_mean": 365.1864929199219,
  "summary_bg_median": 97.99193572998047,
  "summary_bg_n": 101915.0,
  "summary_bg_p05": 22.31989288330078,
  "summary_bg_p95": 1701.5859741210927,
  "summary_bg_stdv": 669.091796875,
  "summary_fg_k": 0.3217183909388366,
  "summary_fg_mad": 730.2934393145749,
  "summary_fg_mean": 5690.0576171875,
  "summary_fg_median": 5630.9609375,
  "summary_fg_n": 28948.0,
  "summary_fg_p05": 4584.3892822265625,
  "summary_fg_p95": 7023.024243164061,
  "summary_fg_stdv": 747.6408081054688,
  "tsnr": 48.40575450588949
}