{
  "bids_meta": {
    "AcquisitionMatrixPE": 256,
    "AcquisitionNumber": 1,
    "AcquisitionTime": "12:53:39.232500",
    "BaseResolution": 256,
    "BodyPartExamined": "BRAIN",
    "ConsistencyInfo": "N4_VE11C_LATEST_20160120",
    "ConversionSoftware": "dcm2niix",
    "ConversionSoftwareVersion": "v1.0.20210317",
    "DeviceSerialNumber": "45193",
    "DwellTime": 2.8e-06,
    "EchoTime": 0.452,
    "EchoTrainLength": 270,
    "FlipAngle": 120,
    "ImageOrientationPatientDICOM": [
      0.0279565,
      0.999609,
      6.19841e-08,
      0.0400892,
      -0.00112113,
      -0.999195
    ],
    "ImageType": [
      "ORIGINAL",
      "PRIMARY",
      "M",
      "ND",
      "NORM"
    ],
    "ImagingFrequency": 123.247,
    "InPlanePhaseEncodingDirectionDICOM": "ROW",
    "InstitutionAddress": "Blackburn Road 770,Clayton,Victoria,AU,3800",
    "InstitutionName": "Monash Biomedical Imaging",
    "InstitutionalDepartmentName": "Department",
    "MRAcquisitionType": "3D",
    "MagneticFieldStrength": 3,
    "Manufacturer": "Siemens",
    "ManufacturersModelName": "Skyra",
    "Modality": "MR",
    "ParallelReductionFactorInPlane": 2,
    "PartialFourier": 1,
    "PatientPosition": "HFS",
    "PercentPhaseFOV": 100,
    "PercentSampling": 100,
    "PhaseEncodingDirection": "i",
    "PhaseEncodingSteps": 245,
    "PhaseResolution": 1,
    "PixelBandwidth": 700,
    "ProcedureStepDescription": "MR Scan",
    "ProtocolName": "t2_space_sag_p2_iso",
    "PulseSequenceDetails": "%SiemensSeq%\\tse_vfl",
    "ReceiveCoilActiveElements": "HEA;HEP",
    "ReceiveCoilName": "Head_32",
    "ReconMatrixPE": 256,
    "RefLinesPE": 24,
    "RepetitionTime": 3.2,
    "SAR": 0.313277,
    "ScanOptions": "PFP",
    "ScanningSequence": "SE",
    "SequenceName": "*spcR_282ns",
    "SequenceVariant": "SK\\SP",
    "SeriesDescription": "t2_space_sag_p2_iso",
    "SeriesNumber": 3,
    "ShimSetting": [
      -4069,
      15336,
      -15557,
      -117,
      159,
      -103,
      -245,
      164
    ],
    "SliceThickness": 1,
    "SoftwareVersions": "syngo MR E11",
    "StationName": "AWP45193",
    "TxRefAmp": 408.465,
    "dataset": "<unset>",
    "modality": "T2w",
    "run_id": 1,
    "session_id": "01",
    "subject_id": "PC233"
  },
  "cjv": 0.6488270156427709,
  "cnr": 1.9318042023693613,
  "efc": 0.5508063995797069,
  "fber": 2008.626980251736,
  "fwhm_avg": 2.615326666666667,
  "fwhm_x": 2.5968,
  "fwhm_y": 2.84436,
  "fwhm_z": 2.40482,
  "icvs_csf": 0.23981497092728157,
  "icvs_gm": 0.7052266453869845,
  "icvs_wm": 0.054958383685733934,
  "inu_med": 0.9675236940383911,
  "inu_range": 0.47184205055236816,
  "provenance": {
    "md5sum": "e6beb289a0f9c4ff8b0477b87adbbc27",
    "settings": {
      "testing": false
    },
    "software": "mriqc",
    "version": "22.0.6",
    "warnings": {
      "large_rot_frame": true,
      "small_air_mask": false
    },
    "webapi_port": null,
    "webapi_url": "https://mriqc.nimh.nih.gov/api/v1"
  },
  "qi_1": 0.09988030465406364,
  "qi_2": 0.0019114934769693273,
  "rpve_csf": 21.640495282618094,
  "rpve_gm": 10.280089576656913,
  "rpve_wm": 103.05277290465791,
  "size_x": 176,
  "size_y": 256,
  "size_z": 256,
  "snr_csf": 4.685007327927796,
  "snr_gm": 4.501894784387851,
  "snr_total": 3.483222027224418,
  "snr_wm": 1.2627639693576074,
  "snrd_csf": 36.07948604247785,
  "snrd_gm": 8.588584836681255,
  "snrd_total": 15.82260333399776,
  "snrd_wm": 2.799739122834168,
  "spacing_x": 1.0,
  "spacing_y": 1.0,
  "spacing_z": 1.0,
  "summary_bg_k": 631.2971941885112,
  "summary_bg_mad": 0.0,
  "summary_bg_mean": 41.53986340591101,
  "summary_bg_median": 0.0,
  "summary_bg_n": 812606.0,
  "summary_bg_p05": 0.0,
  "summary_bg_p95": 190.52288183569908,
  "summary_bg_stdv": 236.29320367235582,
  "summary_csf_k": 1.079833829815393,
  "summary_csf_mad": 2204.5229762433632,
  "summary_csf_mean": 12614.233778413583,
  "summary_csf_median": 13013.072306513786,
  "summary_csf_n": 54809.0,
  "summary_csf_p05": 7414.771476066113,
  "summary_csf_p95": 16833.07242718935,
  "summary_csf_stdv": 2777.573797053822,
  "summary_gm_k": 0.335314989215993,
  "summary_gm_mad": 612.905838450078,
  "summary_gm_mean": 3226.140634480866,
  "summary_gm_median": 3097.712516158819,
  "summary_gm_n": 384139.0,
  "summary_gm_p05": 2290.8497455716133,
  "summary_gm_p95": 4567.647203117609,
  "summary_gm_stdv": 688.0899337937499,
  "summary_wm_k": 8.203479255395782,
  "summary_wm_mad": 741.7856432150746,
  "summary_wm_mean": 1105.5241235297028,
  "summary_wm_median": 1009.8039534687996,
  "summary_wm_n": 997.0,
  "summary_wm_p05": 157.51634484529495,
  "summary_wm_p95": 2427.1242596805096,
  "summary_wm_stdv": 799.276372837752,
  "tpm_overlap_csf": 0.16465407470844437,
  "tpm_overlap_gm": 0.4141740361224223,
  "tpm_overlap_wm": 0.033346899926824526,
  "wm2max": 0.060191874749472796
}