{
  "aor": 0.0008298809523809523,
  "aqi": 0.03470717242063492,
  "bids_meta": {
    "AcquisitionMatrixPE": 64,
    "AcquisitionNumber": 1,
    "AcquisitionTime": "10:28:43.555000",
    "BandwidthPerPixelPhaseEncode": 62.5,
    "BaseResolution": 64,
    "BodyPartExamined": "BRAIN",
    "ConsistencyInfo": "N4_VE11C_LATEST_20160120",
    "ConversionSoftware": "dcm2niix",
    "ConversionSoftwareVersion": "v1.0.20210317",
    "DerivedVendorReportedEchoSpacing": 0.0005,
    "DeviceSerialNumber": "45193",
    "DwellTime": 3.1e-06,
    "EchoNumber": 2,
    "EchoTime": 0.02923,
    "EchoTrainLength": 31,
    "EffectiveEchoSpacing": 0.00025,
    "FlipAngle": 56,
    "ImageComments": "Unaliased MB4/PE4/LB",
    "ImageOrientationPatientDICOM": [
      0.999951,
      0.00230618,
      0.00965923,
      -5.5522e-11,
      0.972662,
      -0.232227
    ],
    "ImageType": [
      "ORIGINAL",
      "PRIMARY",
      "M",
      "MB",
      "TE2",
      "ND",
      "NORM",
      "MOSAIC"
    ],
    "ImagingFrequency": 123.247,
    "InPlanePhaseEncodingDirectionDICOM": "ROW",
    "InstitutionAddress": "Blackburn Road 770,Clayton,Victoria,AU,3800",
    "InstitutionName": "Monash Biomedical Imaging",
    "InstitutionalDepartmentName": "Department",
    "MRAcquisitionType": "2D",
    "MagneticFieldStrength": 3,
    "Manufacturer": "Siemens",
    "ManufacturersModelName": "Skyra",
    "Modality": "MR",
    "MultibandAccelerationFactor": 4,
    "ParallelReductionFactorInPlane": 2,
    "PartialFourier": 1,
    "PatientPosition": "HFS",
    "PercentPhaseFOV": 100,
    "PercentSampling": 100,
    "PhaseEncodingDirection": "i",
    "PhaseEncodingSteps": 63,
    "PhaseResolution": 1,
    "PixelBandwidth": 2520,
    "ProcedureStepDescription": "MR Scan",
    "ProtocolName": "Rest_R-L_mmb_4_4_cmrr_mbep2d_bold_TE_12.6_29.23_45.86_62.49",
    "PulseSequenceDetails": "%CustomerSeq%\\cmrr_mbep2d_bold",
    "ReceiveCoilActiveElements": "HEA;HEP",
    "ReceiveCoilName": "Head_32",
    "ReconMatrixPE": 64,
    "RefLinesPE": 24,
    "RepetitionTime": 0.91,
    "SAR": 0.07436,
    "ScanOptions": "FS",
    "ScanningSequence": "EP",
    "SequenceName": "epfid2d4_64",
    "SequenceVariant": "SK\\SS",
    "SeriesDescription": "Rest_R-L_mmb_4_4_cmrr_mbep2d_bold_TE_12.6_29.23_45.86_62.49",
    "SeriesNumber": 3,
    "ShimSetting": [
      -4104,
      15305,
      -15149,
      278,
      194,
      -441,
      -69,
      -28
    ],
    "SliceThickness": 3.2,
    "SliceTiming": [
      0,
      0.6225,
      0.355,
      0.0875,
      0.71,
      0.445,
      0.1775,
      0.8,
      0.5325,
      0.265,
      0,
      0.6225,
      0.355,
      0.0875,
      0.71,
      0.445,
      0.1775,
      0.8,
      0.5325,
      0.265,
      0,
      0.6225,
      0.355,
      0.0875,
      0.71,
      0.445,
      0.1775,
      0.8,
      0.5325,
      0.265,
      0,
      0.6225,
      0.355,
      0.0875,
      0.71,
      0.445,
      0.1775,
      0.8,
      0.5325,
      0.265
    ],
    "SoftwareVersions": "syngo MR E11",
    "SpacingBetweenSlices": 3.2,
    "StationName": "AWP45193",
    "TaskName": "rest",
    "TotalReadoutTime": 0.01575,
    "TxRefAmp": 418.059,
    "WipMemBlock": "94a648d0-6544-4cb8-8684-056d38702070||Sequence: R016 ve11c/master r/e634e98; Dec 19 2017 11:00:25 by eja",
    "dataset": "<unset>",
    "modality": "bold",
    "run_id": 1,
    "session_id": "02",
    "subject_id": "PC011",
    "task_id": "rest"
  },
  "dummy_trs": 0,
  "dvars_nstd": 41.53304909598411,
  "dvars_std": 1.0684781560238568,
  "dvars_vstd": 0.9674838260834991,
  "efc": 0.5376156668793077,
  "fber": 1287.5205078125,
  "fd_mean": 0.15991652075452542,
  "fd_num": 139,
  "fd_perc": 27.57936507936508,
  "fwhm_avg": 1.6588193364230186,
  "fwhm_x": 1.6006368932038835,
  "fwhm_y": 1.717458640776699,
  "fwhm_z": 1.6583624752884734,
  "gcor": 0.0188976,
  "gsr_x": 0.027290519326925278,
  "gsr_y": 0.004579213447868824,
  "provenance": {
    "md5sum": "7db09dbbc08c024408ed174b59f417ee",
    "settings": {
      "fd_thres": 0.2,
      "testing": false
    },
    "software": "mriqc",
    "version": "22.0.6",
    "webapi_port": null,
    "webapi_url": "https://mriqc.nimh.nih.gov/api/v1"
  },
  "size_t": 504,
  "size_x": 64,
  "size_y": 64,
  "size_z": 40,
  "snr": 5.837949723532266,
  "spacing_tr": 0.9100000262260437,
  "spacing_x": 3.21875,
  "spacing_y": 3.21875,
  "spacing_z": 3.200000047683716,
  "summary_bg_k": 20.079986677753077,
  "summary_bg_mad": 101.3729380016778,
  "summary_bg_mean": 238.94630432128906,
  "summary_bg_median": 110.92858123779297,
  "summary_bg_n": 98110.0,
  "summary_bg_p05": 22.59722328186035,
  "summary_bg_p95": 941.6811157226566,
  "summary_bg_stdv": 385.5130615234375,
  "summary_fg_k": 1.741916050967654,
  "summary_fg_mad": 631.5532536487418,
  "summary_fg_mean": 3933.929443359375,
  "summary_fg_median": 3882.77587890625,
  "summary_fg_n": 31574.0,
  "summary_fg_p05": 2991.2484375,
  "summary_fg_p95": 5039.852392578125,
  "summary_fg_stdv": 665.0818481445312,
  "tsnr": 24.495885445619933
}