{
  "aor": 0.0008698763736263737,
  "aqi": 0.023900927335164832,
  "bids_meta": {
    "AcquisitionMatrixPE": 64,
    "AcquisitionNumber": 1,
    "AcquisitionTime": "10:45:56.377500",
    "BandwidthPerPixelPhaseEncode": 62.5,
    "BaseResolution": 64,
    "BodyPartExamined": "BRAIN",
    "ConsistencyInfo": "N4_VE11C_LATEST_20160120",
    "ConversionSoftware": "dcm2niix",
    "ConversionSoftwareVersion": "v1.0.20210317",
    "DerivedVendorReportedEchoSpacing": 0.0005,
    "DeviceSerialNumber": "45193",
    "DwellTime": 3.1e-06,
    "EchoNumber": 2,
    "EchoTime": 0.02923,
    "EchoTrainLength": 31,
    "EffectiveEchoSpacing": 0.00025,
    "FlipAngle": 56,
    "ImageComments": "Unaliased MB4/PE4/LB",
    "ImageOrientationPatientDICOM": [
      0.999998,
      -0.000449999,
      -0.00181467,
      2.9e-13,
      0.970602,
      -0.240689
    ],
    "ImageType": [
      "ORIGINAL",
      "PRIMARY",
      "M",
      "MB",
      "TE2",
      "ND",
      "NORM",
      "MOSAIC"
    ],
    "ImagingFrequency": 123.247,
    "InPlanePhaseEncodingDirectionDICOM": "ROW",
    "InstitutionAddress": "Blackburn Road 770,Clayton,Victoria,AU,3800",
    "InstitutionName": "Monash Biomedical Imaging",
    "InstitutionalDepartmentName": "Department",
    "MRAcquisitionType": "2D",
    "MagneticFieldStrength": 3,
    "Manufacturer": "Siemens",
    "ManufacturersModelName": "Skyra",
    "Modality": "MR",
    "MultibandAccelerationFactor": 4,
    "ParallelReductionFactorInPlane": 2,
    "PartialFourier": 1,
    "PatientPosition": "HFS",
    "PercentPhaseFOV": 100,
    "PercentSampling": 100,
    "PhaseEncodingDirection": "i",
    "PhaseEncodingSteps": 63,
    "PhaseResolution": 1,
    "PixelBandwidth": 2520,
    "ProcedureStepDescription": "MR Scan",
    "ProtocolName": "Music_R-L_mmb_4_4_cmrr_mbep2d_bold_TE_12.6_29.23_45.86_62.49",
    "PulseSequenceDetails": "%CustomerSeq%\\cmrr_mbep2d_bold",
    "ReceiveCoilActiveElements": "HEA;HEP",
    "ReceiveCoilName": "Head_32",
    "ReconMatrixPE": 64,
    "RefLinesPE": 24,
    "RepetitionTime": 0.91,
    "SAR": 0.0747132,
    "ScanOptions": "FS",
    "ScanningSequence": "EP",
    "SequenceName": "epfid2d4_64",
    "SequenceVariant": "SK\\SS",
    "SeriesDescription": "Music_R-L_mmb_4_4_cmrr_mbep2d_bold_TE_12.6_29.23_45.86_62.49",
    "SeriesNumber": 7,
    "ShimSetting": [
      -4105,
      15307,
      -15149,
      280,
      193,
      -444,
      -77,
      -32
    ],
    "SliceThickness": 3.2,
    "SliceTiming": [
      0,
      0.6225,
      0.355,
      0.0875,
      0.71,
      0.445,
      0.1775,
      0.8,
      0.5325,
      0.265,
      0,
      0.6225,
      0.355,
      0.0875,
      0.71,
      0.445,
      0.1775,
      0.8,
      0.5325,
      0.265,
      0,
      0.6225,
      0.355,
      0.0875,
      0.71,
      0.445,
      0.1775,
      0.8,
      0.5325,
      0.265,
      0,
      0.6225,
      0.355,
      0.0875,
      0.71,
      0.445,
      0.1775,
      0.8,
      0.5325,
      0.265
    ],
    "SoftwareVersions": "syngo MR E11",
    "SpacingBetweenSlices": 3.2,
    "StationName": "AWP45193",
    "TaskName": "music",
    "TotalReadoutTime": 0.01575,
    "TxRefAmp": 418.059,
    "WipMemBlock": "176176c3-cf0d-4440-9651-1ea4758f67f2||Sequence: R016 ve11c/master r/e634e98; Dec 19 2017 11:00:25 by eja",
    "dataset": "<unset>",
    "modality": "bold",
    "run_id": 1,
    "session_id": "02",
    "subject_id": "PC011",
    "task_id": "music"
  },
  "dummy_trs": 0,
  "dvars_nstd": 36.57523770965612,
  "dvars_std": 1.0805424078129298,
  "dvars_vstd": 0.986588908074278,
  "efc": 0.5220879574696439,
  "fber": 2750.455810546875,
  "fd_mean": 0.18463088463635796,
  "fd_num": 256,
  "fd_perc": 35.16483516483517,
  "fwhm_avg": 1.6865094433660153,
  "fwhm_x": 1.6345258252427184,
  "fwhm_y": 1.7147681553398058,
  "fwhm_z": 1.7102343495155221,
  "gcor": 0.0343156,
  "gsr_x": 0.028912268579006195,
  "gsr_y": 0.012894861400127411,
  "provenance": {
    "md5sum": "e8d375eef05c5534caae7b86badd5e85",
    "settings": {
      "fd_thres": 0.2,
      "testing": false
    },
    "software": "mriqc",
    "version": "22.0.6",
    "webapi_port": null,
    "webapi_url": "https://mriqc.nimh.nih.gov/api/v1"
  },
  "size_t": 728,
  "size_x": 64,
  "size_y": 64,
  "size_z": 40,
  "snr": 5.690379079136772,
  "spacing_tr": 0.9100000262260437,
  "spacing_x": 3.21875,
  "spacing_y": 3.21875,
  "spacing_z": 3.200000047683716,
  "summary_bg_k": 30.84494784098529,
  "summary_bg_mad": 72.02432644568717,
  "summary_bg_mean": 208.02200317382812,
  "summary_bg_median": 75.875,
  "summary_bg_n": 98435.0,
  "summary_bg_p05": 19.588462257385256,
  "summary_bg_p95": 874.0302307128893,
  "summary_bg_stdv": 390.2033996582031,
  "summary_fg_k": 1.990702712466529,
  "summary_fg_mad": 647.3940403161173,
  "summary_fg_mean": 4008.966796875,
  "summary_fg_median": 3942.081787109375,
  "summary_fg_n": 31288.0,
  "summary_fg_p05": 3059.80419921875,
  "summary_fg_p95": 5173.797534179687,
  "summary_fg_stdv": 692.7515258789062,
  "tsnr": 29.971741600893438
}