{
  "aor": 0.00031435643564356436,
  "aqi": 0.006734108613861386,
  "bids_meta": {
    "AcquisitionMatrixPE": 64,
    "AcquisitionNumber": 1,
    "AcquisitionTime": "13:13:30.830000",
    "BandwidthPerPixelPhaseEncode": 62.5,
    "BaseResolution": 64,
    "BodyPartExamined": "BRAIN",
    "ConsistencyInfo": "N4_VE11C_LATEST_20160120",
    "ConversionSoftware": "dcm2niix",
    "ConversionSoftwareVersion": "v1.0.20210317",
    "DerivedVendorReportedEchoSpacing": 0.0005,
    "DeviceSerialNumber": "45193",
    "DwellTime": 3.1e-06,
    "EchoNumber": 1,
    "EchoTime": 0.0126,
    "EchoTrainLength": 31,
    "EffectiveEchoSpacing": 0.00025,
    "FlipAngle": 56,
    "ImageComments": "Unaliased MB4/PE4/LB",
    "ImageOrientationPatientDICOM": [
      0.999976,
      -0.000314282,
      -0.00697316,
      3.193e-12,
      0.998986,
      -0.0450245
    ],
    "ImageType": [
      "ORIGINAL",
      "PRIMARY",
      "M",
      "MB",
      "TE1",
      "ND",
      "NORM",
      "MOSAIC"
    ],
    "ImagingFrequency": 123.252,
    "InPlanePhaseEncodingDirectionDICOM": "ROW",
    "InstitutionAddress": "Blackburn Road 770,Clayton,Victoria,AU,3800",
    "InstitutionName": "Monash Biomedical Imaging",
    "InstitutionalDepartmentName": "Department",
    "MRAcquisitionType": "2D",
    "MagneticFieldStrength": 3,
    "Manufacturer": "Siemens",
    "ManufacturersModelName": "Skyra",
    "Modality": "MR",
    "MultibandAccelerationFactor": 4,
    "ParallelReductionFactorInPlane": 2,
    "PartialFourier": 1,
    "PatientPosition": "HFS",
    "PercentPhaseFOV": 100,
    "PercentSampling": 100,
    "PhaseEncodingDirection": "i",
    "PhaseEncodingSteps": 63,
    "PhaseResolution": 1,
    "PixelBandwidth": 2520,
    "ProcedureStepDescription": "MR Scan",
    "ProtocolName": "Meditation_R-L_mmb_4_4_cmrr_mbep2d_bold_TE_12.6_29.23_45.86_62.5",
    "PulseSequenceDetails": "%CustomerSeq%\\cmrr_mbep2d_bold",
    "ReceiveCoilActiveElements": "HEA;HEP",
    "ReceiveCoilName": "Head_32",
    "ReconMatrixPE": 64,
    "RefLinesPE": 24,
    "RepetitionTime": 0.91,
    "SAR": 0.09939,
    "ScanOptions": "FS",
    "ScanningSequence": "EP",
    "SequenceName": "epfid2d4_64",
    "SequenceVariant": "SK\\SS",
    "SeriesDescription": "Meditation_R-L_mmb_4_4_cmrr_mbep2d_bold_TE_12.6_29.23_45.86_62.5",
    "SeriesNumber": 5,
    "ShimSetting": [
      -4075,
      15265,
      -14887,
      444,
      451,
      -255,
      237,
      102
    ],
    "SliceThickness": 3.2,
    "SliceTiming": [
      0,
      0.6225,
      0.355,
      0.09,
      0.7125,
      0.445,
      0.1775,
      0.8,
      0.535,
      0.2675,
      0,
      0.6225,
      0.355,
      0.09,
      0.7125,
      0.445,
      0.1775,
      0.8,
      0.535,
      0.2675,
      0,
      0.6225,
      0.355,
      0.09,
      0.7125,
      0.445,
      0.1775,
      0.8,
      0.535,
      0.2675,
      0,
      0.6225,
      0.355,
      0.09,
      0.7125,
      0.445,
      0.1775,
      0.8,
      0.535,
      0.2675
    ],
    "SoftwareVersions": "syngo MR E11",
    "SpacingBetweenSlices": 3.2,
    "StationName": "AWP45193",
    "TaskName": "meditation",
    "TotalReadoutTime": 0.01575,
    "TxRefAmp": 424.448,
    "WipMemBlock": "d54e0d6f-36df-481b-9386-912e2b03fe66||Sequence: R016 ve11c/master r/e634e98; Dec 19 2017 11:00:25 by eja",
    "dataset": "<unset>",
    "modality": "bold",
    "run_id": 1,
    "session_id": "02",
    "subject_id": "PC225",
    "task_id": "meditation"
  },
  "dummy_trs": 1,
  "dvars_nstd": 23.690285822431782,
  "dvars_std": 1.1421348485111666,
  "dvars_vstd": 0.9915450920595522,
  "efc": 0.6013570898292812,
  "fber": 1723.843017578125,
  "fd_mean": 0.0709448083768419,
  "fd_num": 0,
  "fd_perc": 0.0,
  "fwhm_avg": 2.0693963407257745,
  "fwhm_x": 2.0035044660194177,
  "fwhm_y": 2.0815906796116503,
  "fwhm_z": 2.1230938765462564,
  "gcor": 0.0129203,
  "gsr_x": 0.04001839458942413,
  "gsr_y": 0.02659614384174347,
  "provenance": {
    "md5sum": "2d1f86ac2e21de9718b05ba513bd16e3",
    "settings": {
      "fd_thres": 0.2,
      "testing": false
    },
    "software": "mriqc",
    "version": "22.0.6",
    "webapi_port": null,
    "webapi_url": "https://mriqc.nimh.nih.gov/api/v1"
  },
  "size_t": 404,
  "size_x": 64,
  "size_y": 64,
  "size_z": 40,
  "snr": 6.736389653673661,
  "spacing_tr": 0.9100000262260437,
  "spacing_x": 3.21875,
  "spacing_y": 3.21875,
  "spacing_z": 3.1999998092651367,
  "summary_bg_k": 7.41269233791674,
  "summary_bg_mad": 180.4646131873689,
  "summary_bg_mean": 605.913818359375,
  "summary_bg_median": 151.54208374023438,
  "summary_bg_n": 89316.0,
  "summary_bg_p05": 20.07363796234131,
  "summary_bg_p95": 2693.1015014648438,
  "summary_bg_stdv": 971.1903686523438,
  "summary_fg_k": 0.3102567117192021,
  "summary_fg_mad": 898.6618157170496,
  "summary_fg_mean": 6372.18310546875,
  "summary_fg_median": 6266.52978515625,
  "summary_fg_n": 38871.0,
  "summary_fg_p05": 5021.74755859375,
  "summary_fg_p95": 8057.471435546875,
  "summary_fg_stdv": 930.238525390625,
  "tsnr": 64.23180094733834
}