{
  "aor": 0.000324155069582505,
  "aqi": 0.011234408707753479,
  "bids_meta": {
    "AcquisitionMatrixPE": 64,
    "AcquisitionNumber": 1,
    "AcquisitionTime": "13:04:34.512500",
    "BandwidthPerPixelPhaseEncode": 62.5,
    "BaseResolution": 64,
    "BodyPartExamined": "BRAIN",
    "ConsistencyInfo": "N4_VE11C_LATEST_20160120",
    "ConversionSoftware": "dcm2niix",
    "ConversionSoftwareVersion": "v1.0.20210317",
    "DerivedVendorReportedEchoSpacing": 0.0005,
    "DeviceSerialNumber": "45193",
    "DwellTime": 3.1e-06,
    "EchoNumber": 2,
    "EchoTime": 0.02923,
    "EchoTrainLength": 31,
    "EffectiveEchoSpacing": 0.00025,
    "FlipAngle": 56,
    "ImageComments": "Unaliased MB4/PE4/LB",
    "ImageOrientationPatientDICOM": [
      0.999976,
      -0.000314282,
      -0.00697316,
      3.193e-12,
      0.998986,
      -0.0450245
    ],
    "ImageType": [
      "ORIGINAL",
      "PRIMARY",
      "M",
      "MB",
      "TE2",
      "ND",
      "NORM",
      "MOSAIC"
    ],
    "ImagingFrequency": 123.252,
    "InPlanePhaseEncodingDirectionDICOM": "ROW",
    "InstitutionAddress": "Blackburn Road 770,Clayton,Victoria,AU,3800",
    "InstitutionName": "Monash Biomedical Imaging",
    "InstitutionalDepartmentName": "Department",
    "MRAcquisitionType": "2D",
    "MagneticFieldStrength": 3,
    "Manufacturer": "Siemens",
    "ManufacturersModelName": "Skyra",
    "Modality": "MR",
    "MultibandAccelerationFactor": 4,
    "ParallelReductionFactorInPlane": 2,
    "PartialFourier": 1,
    "PatientPosition": "HFS",
    "PercentPhaseFOV": 100,
    "PercentSampling": 100,
    "PhaseEncodingDirection": "i",
    "PhaseEncodingSteps": 63,
    "PhaseResolution": 1,
    "PixelBandwidth": 2520,
    "ProcedureStepDescription": "MR Scan",
    "ProtocolName": "Rest_R-L_mmb_4_4_cmrr_mbep2d_bold_TE_12.6_29.23_45.86_62.49",
    "PulseSequenceDetails": "%CustomerSeq%\\cmrr_mbep2d_bold",
    "ReceiveCoilActiveElements": "HEA;HEP",
    "ReceiveCoilName": "Head_32",
    "ReconMatrixPE": 64,
    "RefLinesPE": 24,
    "RepetitionTime": 0.91,
    "SAR": 0.0997721,
    "ScanOptions": "FS",
    "ScanningSequence": "EP",
    "SequenceName": "epfid2d4_64",
    "SequenceVariant": "SK\\SS",
    "SeriesDescription": "Rest_R-L_mmb_4_4_cmrr_mbep2d_bold_TE_12.6_29.23_45.86_62.49",
    "SeriesNumber": 3,
    "ShimSetting": [
      -4075,
      15265,
      -14887,
      444,
      451,
      -255,
      237,
      102
    ],
    "SliceThickness": 3.2,
    "SliceTiming": [
      0,
      0.625,
      0.3575,
      0.09,
      0.7125,
      0.445,
      0.18,
      0.8025,
      0.535,
      0.2675,
      0,
      0.625,
      0.3575,
      0.09,
      0.7125,
      0.445,
      0.18,
      0.8025,
      0.535,
      0.2675,
      0,
      0.625,
      0.3575,
      0.09,
      0.7125,
      0.445,
      0.18,
      0.8025,
      0.535,
      0.2675,
      0,
      0.625,
      0.3575,
      0.09,
      0.7125,
      0.445,
      0.18,
      0.8025,
      0.535,
      0.2675
    ],
    "SoftwareVersions": "syngo MR E11",
    "SpacingBetweenSlices": 3.2,
    "StationName": "AWP45193",
    "TaskName": "rest",
    "TotalReadoutTime": 0.01575,
    "TxRefAmp": 424.448,
    "WipMemBlock": "3b9d05fd-fc2d-4e7a-aa2f-0299a96171ae||Sequence: R016 ve11c/master r/e634e98; Dec 19 2017 11:00:25 by eja",
    "dataset": "<unset>",
    "modality": "bold",
    "run_id": 1,
    "session_id": "02",
    "subject_id": "PC225",
    "task_id": "rest"
  },
  "dummy_trs": 1,
  "dvars_nstd": 30.027442647310785,
  "dvars_std": 1.1310064053386455,
  "dvars_vstd": 0.9809423647808766,
  "efc": 0.5428998101901578,
  "fber": 3006.6279296875,
  "fd_mean": 0.08299395144317441,
  "fd_num": 2,
  "fd_perc": 0.3976143141153082,
  "fwhm_avg": 1.782849218035749,
  "fwhm_x": 1.7675370873786407,
  "fwhm_y": 1.8099479611650486,
  "fwhm_z": 1.7710626055635574,
  "gcor": 0.0149406,
  "gsr_x": 0.024245625361800194,
  "gsr_y": 0.011810262687504292,
  "provenance": {
    "md5sum": "5c4de2204c8a27e89521fe66ee61154d",
    "settings": {
      "fd_thres": 0.2,
      "testing": false
    },
    "software": "mriqc",
    "version": "22.0.6",
    "webapi_port": null,
    "webapi_url": "https://mriqc.nimh.nih.gov/api/v1"
  },
  "size_t": 503,
  "size_x": 64,
  "size_y": 64,
  "size_z": 40,
  "snr": 5.541989012750296,
  "spacing_tr": 0.9100000262260437,
  "spacing_x": 3.21875,
  "spacing_y": 3.21875,
  "spacing_z": 3.1999998092651367,
  "summary_bg_k": 39.227733537418594,
  "summary_bg_mad": 88.22072239037536,
  "summary_bg_mean": 216.66473388671875,
  "summary_bg_median": 84.82007598876953,
  "summary_bg_n": 91886.0,
  "summary_bg_p05": 16.49204683303833,
  "summary_bg_p95": 851.5298004150391,
  "summary_bg_stdv": 400.3354187011719,
  "summary_fg_k": 1.54889052870009,
  "summary_fg_mad": 791.8188976385317,
  "summary_fg_mean": 4739.037109375,
  "summary_fg_median": 4656.115234375,
  "summary_fg_n": 36125.0,
  "summary_fg_p05": 3577.325,
  "summary_fg_p95": 6182.517871093748,
  "summary_fg_stdv": 840.1407470703125,
  "tsnr": 43.93118079006672
}