{
  "bids_meta": {
    "AcquisitionMatrixPE": 256,
    "AcquisitionNumber": 1,
    "AcquisitionTime": "13:58:6.435000",
    "BaseResolution": 256,
    "BodyPartExamined": "BRAIN",
    "ConsistencyInfo": "N4_VE11C_LATEST_20160120",
    "ConversionSoftware": "dcm2niix",
    "ConversionSoftwareVersion": "v1.0.20210317",
    "DeviceSerialNumber": "45193",
    "DwellTime": 2.8e-06,
    "EchoTime": 0.452,
    "EchoTrainLength": 270,
    "FlipAngle": 120,
    "ImageOrientationPatientDICOM": [
      0.0559709,
      0.998432,
      2.18721e-08,
      0.0852197,
      -0.00477729,
      -0.996351
    ],
    "ImageType": [
      "ORIGINAL",
      "PRIMARY",
      "M",
      "ND",
      "NORM"
    ],
    "ImagingFrequency": 123.247,
    "InPlanePhaseEncodingDirectionDICOM": "ROW",
    "InstitutionAddress": "Blackburn Road 770,Clayton,Victoria,AU,3800",
    "InstitutionName": "Monash Biomedical Imaging",
    "InstitutionalDepartmentName": "Department",
    "MRAcquisitionType": "3D",
    "MagneticFieldStrength": 3,
    "Manufacturer": "Siemens",
    "ManufacturersModelName": "Skyra",
    "Modality": "MR",
    "ParallelReductionFactorInPlane": 2,
    "PartialFourier": 1,
    "PatientPosition": "HFS",
    "PercentPhaseFOV": 100,
    "PercentSampling": 100,
    "PhaseEncodingDirection": "i",
    "PhaseEncodingSteps": 245,
    "PhaseResolution": 1,
    "PixelBandwidth": 700,
    "ProcedureStepDescription": "MR Scan",
    "ProtocolName": "t2_space_sag_p2_iso",
    "PulseSequenceDetails": "%SiemensSeq%\\tse_vfl",
    "ReceiveCoilActiveElements": "HEA;HEP",
    "ReceiveCoilName": "Head_32",
    "ReconMatrixPE": 256,
    "RefLinesPE": 24,
    "RepetitionTime": 3.2,
    "SAR": 0.228612,
    "ScanOptions": "PFP",
    "ScanningSequence": "SE",
    "SequenceName": "*spcR_282ns",
    "SequenceVariant": "SK\\SP",
    "SeriesDescription": "t2_space_sag_p2_iso",
    "SeriesNumber": 4,
    "ShimSetting": [
      -4069,
      15336,
      -15557,
      -117,
      159,
      -103,
      -245,
      164
    ],
    "SliceThickness": 1,
    "SoftwareVersions": "syngo MR E11",
    "StationName": "AWP45193",
    "TxRefAmp": 361.286,
    "dataset": "<unset>",
    "modality": "T2w",
    "run_id": 1,
    "session_id": "01",
    "subject_id": "PC014"
  },
  "cjv": 0.4213228755888784,
  "cnr": 2.905601718382838,
  "efc": 0.5203145653732744,
  "fber": -1.0,
  "fwhm_avg": 2.565846666666667,
  "fwhm_x": 2.62026,
  "fwhm_y": 2.71635,
  "fwhm_z": 2.36093,
  "icvs_csf": 0.19094779243028917,
  "icvs_gm": 0.34066873132425535,
  "icvs_wm": 0.4683834762454555,
  "inu_med": 0.934424638748169,
  "inu_range": 0.16258237957954402,
  "provenance": {
    "md5sum": "cbcadb70f16922c8aa0a93d3e8922ec6",
    "settings": {
      "testing": false
    },
    "software": "mriqc",
    "version": "22.0.6",
    "warnings": {
      "large_rot_frame": true,
      "small_air_mask": false
    },
    "webapi_port": null,
    "webapi_url": "https://mriqc.nimh.nih.gov/api/v1"
  },
  "qi_1": 0.00015052599533200284,
  "qi_2": 0.005884645164795575,
  "rpve_csf": 33.89108309550204,
  "rpve_gm": 16.435717137820138,
  "rpve_wm": 14.338803245054304,
  "size_x": 176,
  "size_y": 256,
  "size_z": 256,
  "snr_csf": 3.2940599983810244,
  "snr_gm": 10.336516596316226,
  "snr_total": 8.351761751858321,
  "snr_wm": 11.42470866087771,
  "snrd_csf": 38.905736051535484,
  "snrd_gm": 14.72267232247188,
  "snrd_total": 21.06256207965929,
  "snrd_wm": 9.559277864970506,
  "spacing_x": 1.0,
  "spacing_y": 1.0,
  "spacing_z": 1.0,
  "summary_bg_k": 803.5533649319976,
  "summary_bg_mad": 0.0,
  "summary_bg_mean": 4.29543760134708,
  "summary_bg_median": 0.0,
  "summary_bg_n": 819571.0,
  "summary_bg_p05": 0.0,
  "summary_bg_p95": 16.55128586292267,
  "summary_bg_stdv": 68.5340921129386,
  "summary_csf_k": 1.8991261519101172,
  "summary_csf_mad": 741.9500099723548,
  "summary_csf_mean": 3658.883616875822,
  "summary_csf_median": 4069.945278994739,
  "summary_csf_n": 35311.0,
  "summary_csf_p05": 376.06431244313717,
  "summary_csf_p95": 4806.437713149935,
  "summary_csf_stdv": 1235.5232298729302,
  "summary_gm_k": 0.5178951177971309,
  "summary_gm_mad": 141.8069505464733,
  "summary_gm_mean": 1540.7800603245573,
  "summary_gm_median": 1540.1448936387897,
  "summary_gm_n": 15397.0,
  "summary_gm_p05": 1297.5094087675213,
  "summary_gm_p95": 1789.5441251367329,
  "summary_gm_stdv": 148.9955406184067,
  "summary_wm_k": 0.27245224340820284,
  "summary_wm_mad": 85.76843015581206,
  "summary_wm_mean": 994.1437473781849,
  "summary_wm_median": 1000.0000453814864,
  "summary_wm_n": 170646.0,
  "summary_wm_p05": 841.5692273378372,
  "summary_wm_p95": 1126.6014675348997,
  "summary_wm_stdv": 87.52933182087163,
  "tpm_overlap_csf": 0.1477490412398231,
  "tpm_overlap_gm": 0.38662668953341345,
  "tpm_overlap_wm": 0.48005957018911477,
  "wm2max": 0.21305416631346952
}