{
  "bids_meta": {
    "AcquisitionMatrixPE": 240,
    "AcquisitionNumber": 1,
    "AcquisitionTime": "13:52:44.105000",
    "BaseResolution": 256,
    "BodyPartExamined": "BRAIN",
    "ConsistencyInfo": "N4_VE11C_LATEST_20160120",
    "ConversionSoftware": "dcm2niix",
    "ConversionSoftwareVersion": "v1.0.20210317",
    "DeviceSerialNumber": "45193",
    "DwellTime": 8.5e-06,
    "EchoTime": 0.00207,
    "FlipAngle": 9,
    "ImageOrientationPatientDICOM": [
      0.0559709,
      0.998432,
      2.18721e-08,
      0.0852197,
      -0.00477729,
      -0.996351
    ],
    "ImageType": [
      "ORIGINAL",
      "PRIMARY",
      "M",
      "ND",
      "NORM"
    ],
    "ImagingFrequency": 123.247,
    "InPlanePhaseEncodingDirectionDICOM": "ROW",
    "InstitutionAddress": "Blackburn Road 770,Clayton,Victoria,AU,3800",
    "InstitutionName": "Monash Biomedical Imaging",
    "InstitutionalDepartmentName": "Department",
    "InversionTime": 0.9,
    "MRAcquisitionType": "3D",
    "MagneticFieldStrength": 3,
    "Manufacturer": "Siemens",
    "ManufacturersModelName": "Skyra",
    "Modality": "MR",
    "ParallelReductionFactorInPlane": 2,
    "PartialFourier": 1,
    "PatientPosition": "HFS",
    "PercentPhaseFOV": 93.75,
    "PercentSampling": 100,
    "PhaseEncodingSteps": 239,
    "PhaseResolution": 1,
    "PixelBandwidth": 230,
    "ProcedureStepDescription": "MR Scan",
    "ProtocolName": "t1_mprage_sag_p2_iso_1_ADNI",
    "PulseSequenceDetails": "%SiemensSeq%\\tfl",
    "ReceiveCoilActiveElements": "HEA;HEP",
    "ReceiveCoilName": "Head_32",
    "ReconMatrixPE": 240,
    "RefLinesPE": 32,
    "RepetitionTime": 2.3,
    "SAR": 0.088757,
    "ScanOptions": "IR",
    "ScanningSequence": "GR\\IR",
    "SequenceName": "*tfl3d1_16ns",
    "SequenceVariant": "SK\\SP\\MP",
    "SeriesDescription": "t1_mprage_sag_p2_iso_1_ADNI",
    "SeriesNumber": 3,
    "ShimSetting": [
      -4069,
      15336,
      -15557,
      -117,
      159,
      -103,
      -245,
      164
    ],
    "SliceThickness": 1,
    "SoftwareVersions": "syngo MR E11",
    "StationName": "AWP45193",
    "TxRefAmp": 361.286,
    "dataset": "<unset>",
    "modality": "T1w",
    "run_id": 1,
    "session_id": "01",
    "subject_id": "PC014"
  },
  "cjv": 0.35951158900000685,
  "cnr": 3.7293096160320975,
  "efc": 0.48219201808085244,
  "fber": 14206.536548442908,
  "fwhm_avg": 3.72848,
  "fwhm_x": 3.7514,
  "fwhm_y": 3.66767,
  "fwhm_z": 3.76637,
  "icvs_csf": 0.19926704002261736,
  "icvs_gm": 0.44355129047549835,
  "icvs_wm": 0.3571816695018843,
  "inu_med": 0.3905673027038574,
  "inu_range": 0.08678534924983972,
  "provenance": {
    "md5sum": "f31c02c1f3ccb46761e23bd1329088ab",
    "settings": {
      "testing": false
    },
    "software": "mriqc",
    "version": "22.0.6",
    "warnings": {
      "large_rot_frame": true,
      "small_air_mask": false
    },
    "webapi_port": null,
    "webapi_url": "https://mriqc.nimh.nih.gov/api/v1"
  },
  "qi_1": 0.039029831121533555,
  "qi_2": 0.021711036866031055,
  "rpve_csf": 28.45504977213052,
  "rpve_gm": 13.85027933757429,
  "rpve_wm": 19.504972645873426,
  "size_x": 192,
  "size_y": 240,
  "size_z": 256,
  "snr_csf": 2.2478467185090434,
  "snr_gm": 11.815282782223152,
  "snr_total": 13.027184674794128,
  "snr_wm": 25.01842452365019,
  "snrd_csf": 10.477802063731948,
  "snrd_gm": 29.22471783842973,
  "snrd_total": 26.740093081700152,
  "snrd_wm": 40.517759342938774,
  "spacing_x": 1.0,
  "spacing_y": 1.0,
  "spacing_z": 1.0,
  "summary_bg_k": 9812.119590997303,
  "summary_bg_mad": 0.0,
  "summary_bg_mean": 2.941128348129462,
  "summary_bg_median": 0.0,
  "summary_bg_n": 3003689.0,
  "summary_bg_p05": 0.0,
  "summary_bg_p95": 10.459602281451225,
  "summary_bg_stdv": 16.169834263332554,
  "summary_csf_k": 25.022309139382813,
  "summary_csf_mad": 83.97667356473706,
  "summary_csf_mean": 271.3004053200955,
  "summary_csf_median": 258.6092343740165,
  "summary_csf_n": 26744.0,
  "summary_csf_p05": 116.74644639696926,
  "summary_csf_p95": 474.2077864004297,
  "summary_csf_stdv": 115.04538868131468,
  "summary_gm_k": -0.06240120070307276,
  "summary_gm_mad": 61.83258984696211,
  "summary_gm_mean": 721.381291489148,
  "summary_gm_median": 721.3136742822826,
  "summary_gm_n": 38640.0,
  "summary_gm_p05": 621.2383270300925,
  "summary_gm_p95": 821.3447011858225,
  "summary_gm_stdv": 61.04841955522756,
  "summary_wm_k": 0.3247142011278603,
  "summary_wm_mad": 38.37431718451209,
  "summary_wm_mean": 999.9317777964417,
  "summary_wm_median": 1000.0443469434977,
  "summary_wm_n": 190425.0,
  "summary_wm_p05": 934.0956681519747,
  "summary_wm_p95": 1065.3725408539176,
  "summary_wm_stdv": 39.97221008751369,
  "tpm_overlap_csf": 0.15899796495987353,
  "tpm_overlap_gm": 0.46952657492929806,
  "tpm_overlap_wm": 0.5135513174239855,
  "wm2max": 0.39652218552083507
}