{
  "aor": 0.001015248508946322,
  "aqi": 0.011256364413518887,
  "bids_meta": {
    "AcquisitionMatrixPE": 64,
    "AcquisitionNumber": 1,
    "AcquisitionTime": "11:07:30.752500",
    "BandwidthPerPixelPhaseEncode": 62.5,
    "BaseResolution": 64,
    "BodyPartExamined": "BRAIN",
    "ConsistencyInfo": "N4_VE11C_LATEST_20160120",
    "ConversionSoftware": "dcm2niix",
    "ConversionSoftwareVersion": "v1.0.20210317",
    "DerivedVendorReportedEchoSpacing": 0.0005,
    "DeviceSerialNumber": "45193",
    "DwellTime": 3.1e-06,
    "EchoNumber": 1,
    "EchoTime": 0.0126,
    "EchoTrainLength": 31,
    "EffectiveEchoSpacing": 0.00025,
    "FlipAngle": 56,
    "ImageComments": "Unaliased MB4/PE4/LB",
    "ImageOrientationPatientDICOM": [
      0.999836,
      0.00328672,
      0.0178332,
      8.1494e-11,
      0.983437,
      -0.181251
    ],
    "ImageType": [
      "ORIGINAL",
      "PRIMARY",
      "M",
      "MB",
      "TE1",
      "ND",
      "NORM",
      "MOSAIC"
    ],
    "ImagingFrequency": 123.247,
    "InPlanePhaseEncodingDirectionDICOM": "ROW",
    "InstitutionAddress": "Blackburn Road 770,Clayton,Victoria,AU,3800",
    "InstitutionName": "Monash Biomedical Imaging",
    "InstitutionalDepartmentName": "Department",
    "MRAcquisitionType": "2D",
    "MagneticFieldStrength": 3,
    "Manufacturer": "Siemens",
    "ManufacturersModelName": "Skyra",
    "Modality": "MR",
    "MultibandAccelerationFactor": 4,
    "ParallelReductionFactorInPlane": 2,
    "PartialFourier": 1,
    "PatientPosition": "HFS",
    "PercentPhaseFOV": 100,
    "PercentSampling": 100,
    "PhaseEncodingDirection": "i",
    "PhaseEncodingSteps": 63,
    "PhaseResolution": 1,
    "PixelBandwidth": 2520,
    "ProcedureStepDescription": "MR Scan",
    "ProtocolName": "Rest_R-L_mmb_4_4_cmrr_mbep2d_bold_TE_12.6_29.23_45.86_62.49",
    "PulseSequenceDetails": "%CustomerSeq%\\cmrr_mbep2d_bold",
    "ReceiveCoilActiveElements": "HEA;HEP",
    "ReceiveCoilName": "Head_32",
    "ReconMatrixPE": 64,
    "RefLinesPE": 24,
    "RepetitionTime": 0.91,
    "SAR": 0.0970074,
    "ScanOptions": "FS",
    "ScanningSequence": "EP",
    "SequenceName": "epfid2d4_64",
    "SequenceVariant": "SK\\SS",
    "SeriesDescription": "Rest_R-L_mmb_4_4_cmrr_mbep2d_bold_TE_12.6_29.23_45.86_62.49",
    "SeriesNumber": 3,
    "ShimSetting": [
      -4058,
      15304,
      -15167,
      529,
      208,
      -357,
      21,
      105
    ],
    "SliceThickness": 3.2,
    "SliceTiming": [
      0,
      0.625,
      0.3575,
      0.09,
      0.7125,
      0.445,
      0.18,
      0.8025,
      0.535,
      0.2675,
      0,
      0.625,
      0.3575,
      0.09,
      0.7125,
      0.445,
      0.18,
      0.8025,
      0.535,
      0.2675,
      0,
      0.625,
      0.3575,
      0.09,
      0.7125,
      0.445,
      0.18,
      0.8025,
      0.535,
      0.2675,
      0,
      0.625,
      0.3575,
      0.09,
      0.7125,
      0.445,
      0.18,
      0.8025,
      0.535,
      0.2675
    ],
    "SoftwareVersions": "syngo MR E11",
    "SpacingBetweenSlices": 3.2,
    "StationName": "AWP45193",
    "TaskName": "rest",
    "TotalReadoutTime": 0.01575,
    "TxRefAmp": 350.324,
    "WipMemBlock": "c204db18-a63d-4b8f-9a37-fa554ed4b86c||Sequence: R016 ve11c/master r/e634e98; Dec 19 2017 11:00:25 by eja",
    "dataset": "<unset>",
    "modality": "bold",
    "run_id": 1,
    "session_id": "02",
    "subject_id": "PC008",
    "task_id": "rest"
  },
  "dummy_trs": 1,
  "dvars_nstd": 22.292504702051783,
  "dvars_std": 1.0873243295816741,
  "dvars_vstd": 0.9661612584860566,
  "efc": 0.5263335376477362,
  "fber": 4417.7890625,
  "fd_mean": 0.0827501957411211,
  "fd_num": 5,
  "fd_perc": 0.9940357852882704,
  "fwhm_avg": 1.9167763274873015,
  "fwhm_x": 1.8347029126213592,
  "fwhm_y": 2.005679223300971,
  "fwhm_z": 1.9099468465395744,
  "gcor": 0.0356607,
  "gsr_x": -0.013056245632469654,
  "gsr_y": 0.028914904221892357,
  "provenance": {
    "md5sum": "40d0242a0a9c932d7304fe7ff5893095",
    "settings": {
      "fd_thres": 0.2,
      "testing": false
    },
    "software": "mriqc",
    "version": "22.0.6",
    "webapi_port": null,
    "webapi_url": "https://mriqc.nimh.nih.gov/api/v1"
  },
  "size_t": 503,
  "size_x": 64,
  "size_y": 64,
  "size_z": 40,
  "snr": 7.6849398427209,
  "spacing_tr": 0.9100000262260437,
  "spacing_x": 3.21875,
  "spacing_y": 3.21875,
  "spacing_z": 3.200000047683716,
  "summary_bg_k": 9.553109153879511,
  "summary_bg_mad": 79.51227528004867,
  "summary_bg_mean": 419.232421875,
  "summary_bg_median": 82.03179931640625,
  "summary_bg_n": 103452.0,
  "summary_bg_p05": 19.885784339904784,
  "summary_bg_p95": 2376.2262573242183,
  "summary_bg_stdv": 823.6239624023438,
  "summary_fg_k": 0.14584551102755317,
  "summary_fg_mad": 694.1966360332099,
  "summary_fg_mean": 5342.4365234375,
  "summary_fg_median": 5293.470703125,
  "summary_fg_n": 27315.0,
  "summary_fg_p05": 4297.202099609375,
  "summary_fg_p95": 6542.322265625,
  "summary_fg_stdv": 688.79833984375,
  "tsnr": 51.39808231499046
}