{
  "aor": 0.00012700137551581843,
  "aqi": 0.00908435136176066,
  "bids_meta": {
    "AcquisitionMatrixPE": 64,
    "AcquisitionNumber": 1,
    "AcquisitionTime": "10:57:32.715000",
    "BandwidthPerPixelPhaseEncode": 62.5,
    "BaseResolution": 64,
    "BodyPartExamined": "BRAIN",
    "ConsistencyInfo": "N4_VE11C_LATEST_20160120",
    "ConversionSoftware": "dcm2niix",
    "ConversionSoftwareVersion": "v1.0.20210317",
    "DerivedVendorReportedEchoSpacing": 0.0005,
    "DeviceSerialNumber": "45193",
    "DwellTime": 3.1e-06,
    "EchoNumber": 3,
    "EchoTime": 0.04586,
    "EchoTrainLength": 31,
    "EffectiveEchoSpacing": 0.00025,
    "FlipAngle": 56,
    "ImageComments": "Unaliased MB4/PE4/LB",
    "ImageOrientationPatientDICOM": [
      0.999514,
      0.00304334,
      -0.0310146,
      -5.0264e-11,
      0.99522,
      0.0976569
    ],
    "ImageType": [
      "ORIGINAL",
      "PRIMARY",
      "M",
      "MB",
      "TE3",
      "ND",
      "NORM",
      "MOSAIC"
    ],
    "ImagingFrequency": 123.247,
    "InPlanePhaseEncodingDirectionDICOM": "ROW",
    "InstitutionAddress": "Blackburn Road 770,Clayton,Victoria,AU,3800",
    "InstitutionName": "Monash Biomedical Imaging",
    "InstitutionalDepartmentName": "Department",
    "MRAcquisitionType": "2D",
    "MagneticFieldStrength": 3,
    "Manufacturer": "Siemens",
    "ManufacturersModelName": "Skyra",
    "Modality": "MR",
    "MultibandAccelerationFactor": 4,
    "ParallelReductionFactorInPlane": 2,
    "PartialFourier": 1,
    "PatientPosition": "HFS",
    "PercentPhaseFOV": 100,
    "PercentSampling": 100,
    "PhaseEncodingDirection": "i",
    "PhaseEncodingSteps": 63,
    "PhaseResolution": 1,
    "PixelBandwidth": 2520,
    "ProcedureStepDescription": "MR Scan",
    "ProtocolName": "Music_R-L_mmb_4_4_cmrr_mbep2d_bold_TE_12.6_29.23_45.86_62.49",
    "PulseSequenceDetails": "%CustomerSeq%\\cmrr_mbep2d_bold",
    "ReceiveCoilActiveElements": "HEA;HEP",
    "ReceiveCoilName": "Head_32",
    "ReconMatrixPE": 64,
    "RefLinesPE": 24,
    "RepetitionTime": 0.91,
    "SAR": 0.10199,
    "ScanOptions": "FS",
    "ScanningSequence": "EP",
    "SequenceName": "epfid2d4_64",
    "SequenceVariant": "SK\\SS",
    "SeriesDescription": "Music_R-L_mmb_4_4_cmrr_mbep2d_bold_TE_12.6_29.23_45.86_62.49",
    "SeriesNumber": 7,
    "ShimSetting": [
      -4068,
      15184,
      -14964,
      464,
      255,
      -200,
      -20,
      243
    ],
    "SliceThickness": 3.2,
    "SliceTiming": [
      0,
      0.625,
      0.3575,
      0.09,
      0.7125,
      0.445,
      0.18,
      0.8025,
      0.535,
      0.2675,
      0,
      0.625,
      0.3575,
      0.09,
      0.7125,
      0.445,
      0.18,
      0.8025,
      0.535,
      0.2675,
      0,
      0.625,
      0.3575,
      0.09,
      0.7125,
      0.445,
      0.18,
      0.8025,
      0.535,
      0.2675,
      0,
      0.625,
      0.3575,
      0.09,
      0.7125,
      0.445,
      0.18,
      0.8025,
      0.535,
      0.2675
    ],
    "SoftwareVersions": "syngo MR E11",
    "SpacingBetweenSlices": 3.2,
    "StationName": "AWP45193",
    "TaskName": "music",
    "TotalReadoutTime": 0.01575,
    "TxRefAmp": 378.642,
    "WipMemBlock": "2b9d62ac-2495-47d8-afac-7bc7144ca214||Sequence: R016 ve11c/master r/e634e98; Dec 19 2017 11:00:25 by eja",
    "dataset": "<unset>",
    "modality": "bold",
    "run_id": 1,
    "session_id": "02",
    "subject_id": "PC228",
    "task_id": "music"
  },
  "dummy_trs": 1,
  "dvars_nstd": 38.197892675068914,
  "dvars_std": 1.1414727643939395,
  "dvars_vstd": 0.9986898286914604,
  "efc": 0.4962957841057327,
  "fber": 3330.1611328125,
  "fd_mean": 0.08947252602004162,
  "fd_num": 7,
  "fd_perc": 0.9628610729023384,
  "fwhm_avg": 1.7984356506578447,
  "fwhm_x": 1.7447145631067962,
  "fwhm_y": 1.8935611650485438,
  "fwhm_z": 1.7570312238181944,
  "gcor": 0.0175713,
  "gsr_x": 0.009422542527318,
  "gsr_y": 0.017119254916906357,
  "provenance": {
    "md5sum": "2f32381e3846a98953b5b5de76467508",
    "settings": {
      "fd_thres": 0.2,
      "testing": false
    },
    "software": "mriqc",
    "version": "22.0.6",
    "webapi_port": null,
    "webapi_url": "https://mriqc.nimh.nih.gov/api/v1"
  },
  "size_t": 727,
  "size_x": 64,
  "size_y": 64,
  "size_z": 40,
  "snr": 4.045149215422939,
  "spacing_tr": 0.9100000262260437,
  "spacing_x": 3.21875,
  "spacing_y": 3.21875,
  "spacing_z": 3.200000047683716,
  "summary_bg_k": 64.86995155458845,
  "summary_bg_mad": 42.977108831672226,
  "summary_bg_mean": 116.33328247070312,
  "summary_bg_median": 54.50068664550781,
  "summary_bg_n": 99126.0,
  "summary_bg_p05": 16.93982172012329,
  "summary_bg_p95": 419.83184814453125,
  "summary_bg_stdv": 205.6842498779297,
  "summary_fg_k": 6.51738532858548,
  "summary_fg_mad": 589.4740997408262,
  "summary_fg_mean": 3272.00048828125,
  "summary_fg_median": 3155.84326171875,
  "summary_fg_n": 30577.0,
  "summary_fg_p05": 2341.462353515625,
  "summary_fg_p95": 4517.87041015625,
  "summary_fg_stdv": 780.1422119140625,
  "tsnr": 42.485197599744424
}