{
  "aor": 0.00030755555555555554,
  "aqi": 0.009740128987654322,
  "bids_meta": {
    "AcquisitionMatrixPE": 64,
    "AcquisitionNumber": 1,
    "AcquisitionTime": "10:49:59.285000",
    "BandwidthPerPixelPhaseEncode": 62.5,
    "BaseResolution": 64,
    "BodyPartExamined": "BRAIN",
    "ConsistencyInfo": "N4_VE11C_LATEST_20160120",
    "ConversionSoftware": "dcm2niix",
    "ConversionSoftwareVersion": "v1.0.20210317",
    "DerivedVendorReportedEchoSpacing": 0.0005,
    "DeviceSerialNumber": "45193",
    "DwellTime": 3.1e-06,
    "EchoNumber": 3,
    "EchoTime": 0.04586,
    "EchoTrainLength": 31,
    "EffectiveEchoSpacing": 0.00025,
    "FlipAngle": 56,
    "ImageComments": "Unaliased MB4/PE4/LB",
    "ImageOrientationPatientDICOM": [
      0.999514,
      0.00304336,
      -0.0310146,
      -1.53847e-08,
      0.99522,
      0.0976569
    ],
    "ImageType": [
      "ORIGINAL",
      "PRIMARY",
      "M",
      "MB",
      "TE3",
      "ND",
      "NORM",
      "MOSAIC"
    ],
    "ImagingFrequency": 123.247,
    "InPlanePhaseEncodingDirectionDICOM": "COL",
    "InstitutionAddress": "Blackburn Road 770,Clayton,Victoria,AU,3800",
    "InstitutionName": "Monash Biomedical Imaging",
    "InstitutionalDepartmentName": "Department",
    "MRAcquisitionType": "2D",
    "MagneticFieldStrength": 3,
    "Manufacturer": "Siemens",
    "ManufacturersModelName": "Skyra",
    "Modality": "MR",
    "MultibandAccelerationFactor": 4,
    "ParallelReductionFactorInPlane": 2,
    "PartialFourier": 1,
    "PatientPosition": "HFS",
    "PercentPhaseFOV": 100,
    "PercentSampling": 100,
    "PhaseEncodingDirection": "j-",
    "PhaseEncodingSteps": 63,
    "PhaseResolution": 1,
    "PixelBandwidth": 2520,
    "ProcedureStepDescription": "MR Scan",
    "ProtocolName": "Meditation_R-L_mmb_4_4_cmrr_mbep2d_bold_TE_12.6_29.23_45.86_62.5",
    "PulseSequenceDetails": "%CustomerSeq%\\cmrr_mbep2d_bold",
    "ReceiveCoilActiveElements": "HEA;HEP",
    "ReceiveCoilName": "Head_32",
    "ReconMatrixPE": 64,
    "RefLinesPE": 24,
    "RepetitionTime": 0.91,
    "SAR": 0.101055,
    "ScanOptions": "FS",
    "ScanningSequence": "EP",
    "SequenceName": "epfid2d4_64",
    "SequenceVariant": "SK\\SS",
    "SeriesDescription": "Meditation_R-L_mmb_4_4_cmrr_mbep2d_bold_TE_12.6_29.23_45.86_62.5",
    "SeriesNumber": 5,
    "ShimSetting": [
      -4068,
      15184,
      -14964,
      464,
      255,
      -200,
      -20,
      243
    ],
    "SliceThickness": 3.2,
    "SliceTiming": [
      0,
      0.6225,
      0.355,
      0.0875,
      0.71,
      0.445,
      0.1775,
      0.8,
      0.5325,
      0.265,
      0,
      0.6225,
      0.355,
      0.0875,
      0.71,
      0.445,
      0.1775,
      0.8,
      0.5325,
      0.265,
      0,
      0.6225,
      0.355,
      0.0875,
      0.71,
      0.445,
      0.1775,
      0.8,
      0.5325,
      0.265,
      0,
      0.6225,
      0.355,
      0.0875,
      0.71,
      0.445,
      0.1775,
      0.8,
      0.5325,
      0.265
    ],
    "SoftwareVersions": "syngo MR E11",
    "SpacingBetweenSlices": 3.2,
    "StationName": "AWP45193",
    "TaskName": "meditation",
    "TotalReadoutTime": 0.01575,
    "TxRefAmp": 378.642,
    "WipMemBlock": "b3cc3f20-0cc9-4f7d-a6bf-43b0336f52f7||Sequence: R016 ve11c/master r/e634e98; Dec 19 2017 11:00:25 by eja",
    "dataset": "<unset>",
    "modality": "bold",
    "run_id": 1,
    "session_id": "02",
    "subject_id": "PC228",
    "task_id": "meditation"
  },
  "dummy_trs": 0,
  "dvars_nstd": 37.600810740321755,
  "dvars_std": 1.1480623334900992,
  "dvars_vstd": 1.0002897458415827,
  "efc": 0.4957341542409639,
  "fber": 4117.21142578125,
  "fd_mean": 0.1048428550976628,
  "fd_num": 22,
  "fd_perc": 5.432098765432099,
  "fwhm_avg": 1.788393033350293,
  "fwhm_x": 1.6465957281553396,
  "fwhm_y": 1.9628333980582524,
  "fwhm_z": 1.7557499738372868,
  "gcor": 0.0340884,
  "gsr_x": 0.0007038031471893191,
  "gsr_y": 0.024690618738532066,
  "provenance": {
    "md5sum": "478d2c95187c0e6d03b5d00a5eba00c9",
    "settings": {
      "fd_thres": 0.2,
      "testing": false
    },
    "software": "mriqc",
    "version": "22.0.6",
    "webapi_port": null,
    "webapi_url": "https://mriqc.nimh.nih.gov/api/v1"
  },
  "size_t": 405,
  "size_x": 64,
  "size_y": 64,
  "size_z": 40,
  "snr": 4.081170155292725,
  "spacing_tr": 0.9100000262260437,
  "spacing_x": 3.21875,
  "spacing_y": 3.21875,
  "spacing_z": 3.200000047683716,
  "summary_bg_k": 50.18507164015421,
  "summary_bg_mad": 37.9582765833842,
  "summary_bg_mean": 114.56848907470703,
  "summary_bg_median": 48.2271614074707,
  "summary_bg_n": 99059.0,
  "summary_bg_p05": 17.155308914184573,
  "summary_bg_p95": 433.47089233398316,
  "summary_bg_stdv": 208.31300354003906,
  "summary_fg_k": 7.46271883809821,
  "summary_fg_mad": 566.8957257455056,
  "summary_fg_mean": 3300.0654296875,
  "summary_fg_median": 3181.02099609375,
  "summary_fg_n": 30582.0,
  "summary_fg_p05": 2398.80888671875,
  "summary_fg_p95": 4529.34287109375,
  "summary_fg_stdv": 779.4257202148438,
  "tsnr": 42.24846297642216
}