{
  "aor": 0.002081290322580645,
  "aqi": 0.01468033233870968,
  "bids_meta": {
    "AcquisitionMatrixPE": 64,
    "AcquisitionNumber": 1,
    "AcquisitionTime": "11:09:42.347500",
    "BandwidthPerPixelPhaseEncode": 62.5,
    "BaseResolution": 64,
    "BodyPartExamined": "BRAIN",
    "ConsistencyInfo": "N4_VE11C_LATEST_20160120",
    "ConversionSoftware": "dcm2niix",
    "ConversionSoftwareVersion": "v1.0.20210317",
    "DerivedVendorReportedEchoSpacing": 0.0005,
    "DeviceSerialNumber": "45193",
    "DwellTime": 3.1e-06,
    "EchoNumber": 4,
    "EchoTime": 0.06249,
    "EchoTrainLength": 31,
    "EffectiveEchoSpacing": 0.00025,
    "FlipAngle": 56,
    "ImageComments": "Unaliased MB4/PE4/LB",
    "ImageOrientationPatientDICOM": [
      0.999514,
      0.00304334,
      -0.0310146,
      -5.0264e-11,
      0.99522,
      0.0976569
    ],
    "ImageType": [
      "ORIGINAL",
      "PRIMARY",
      "M",
      "MB",
      "TE4",
      "ND",
      "NORM",
      "MOSAIC"
    ],
    "ImagingFrequency": 123.247,
    "InPlanePhaseEncodingDirectionDICOM": "ROW",
    "InstitutionAddress": "Blackburn Road 770,Clayton,Victoria,AU,3800",
    "InstitutionName": "Monash Biomedical Imaging",
    "InstitutionalDepartmentName": "Department",
    "MRAcquisitionType": "2D",
    "MagneticFieldStrength": 3,
    "Manufacturer": "Siemens",
    "ManufacturersModelName": "Skyra",
    "Modality": "MR",
    "MultibandAccelerationFactor": 4,
    "ParallelReductionFactorInPlane": 2,
    "PartialFourier": 1,
    "PatientPosition": "HFS",
    "PercentPhaseFOV": 100,
    "PercentSampling": 100,
    "PhaseEncodingDirection": "i",
    "PhaseEncodingSteps": 63,
    "PhaseResolution": 1,
    "PixelBandwidth": 2520,
    "ProcedureStepDescription": "MR Scan",
    "ProtocolName": "Movie_R-L_mmb_4_4_cmrr_mbep2d_bold_TE_12.6_29.23_45.86_62.49",
    "PulseSequenceDetails": "%CustomerSeq%\\cmrr_mbep2d_bold",
    "ReceiveCoilActiveElements": "HEA;HEP",
    "ReceiveCoilName": "Head_32",
    "ReconMatrixPE": 64,
    "RefLinesPE": 24,
    "RepetitionTime": 0.91,
    "SAR": 0.100874,
    "ScanOptions": "FS",
    "ScanningSequence": "EP",
    "SequenceName": "epfid2d4_64",
    "SequenceVariant": "SK\\SS",
    "SeriesDescription": "Movie_R-L_mmb_4_4_cmrr_mbep2d_bold_TE_12.6_29.23_45.86_62.49",
    "SeriesNumber": 8,
    "ShimSetting": [
      -4068,
      15184,
      -14964,
      464,
      255,
      -200,
      -20,
      243
    ],
    "SliceThickness": 3.2,
    "SliceTiming": [
      0,
      0.6225,
      0.355,
      0.09,
      0.7125,
      0.445,
      0.1775,
      0.8,
      0.5325,
      0.2675,
      0,
      0.6225,
      0.355,
      0.09,
      0.7125,
      0.445,
      0.1775,
      0.8,
      0.5325,
      0.2675,
      0,
      0.6225,
      0.355,
      0.09,
      0.7125,
      0.445,
      0.1775,
      0.8,
      0.5325,
      0.2675,
      0,
      0.6225,
      0.355,
      0.09,
      0.7125,
      0.445,
      0.1775,
      0.8,
      0.5325,
      0.2675
    ],
    "SoftwareVersions": "syngo MR E11",
    "SpacingBetweenSlices": 3.2,
    "StationName": "AWP45193",
    "TaskName": "movie",
    "TotalReadoutTime": 0.01575,
    "TxRefAmp": 378.642,
    "WipMemBlock": "dcd77850-a31f-4ccb-93e2-48e153015a1c||Sequence: R016 ve11c/master r/e634e98; Dec 19 2017 11:00:25 by eja",
    "dataset": "<unset>",
    "modality": "bold",
    "run_id": 1,
    "session_id": "02",
    "subject_id": "PC228",
    "task_id": "movie"
  },
  "dummy_trs": 0,
  "dvars_nstd": 49.337014529784376,
  "dvars_std": 1.1603694390296495,
  "dvars_vstd": 1.019598239110512,
  "efc": 0.47290937587811666,
  "fber": 2481.508056640625,
  "fd_mean": 0.08675326691474528,
  "fd_num": 15,
  "fd_perc": 4.032258064516129,
  "fwhm_avg": 1.7709634158158911,
  "fwhm_x": 1.7174306796116505,
  "fwhm_y": 1.8767627184466018,
  "fwhm_z": 1.7186968493894212,
  "gcor": 0.00663453,
  "gsr_x": 0.0010098989587277174,
  "gsr_y": 0.019923074170947075,
  "provenance": {
    "md5sum": "a5d74f528c032788b84b0680ead3a93b",
    "settings": {
      "fd_thres": 0.2,
      "testing": false
    },
    "software": "mriqc",
    "version": "22.0.6",
    "webapi_port": null,
    "webapi_url": "https://mriqc.nimh.nih.gov/api/v1"
  },
  "size_t": 372,
  "size_x": 64,
  "size_y": 64,
  "size_z": 40,
  "snr": 2.9941330641410424,
  "spacing_tr": 0.9100000262260437,
  "spacing_x": 3.21875,
  "spacing_y": 3.21875,
  "spacing_z": 3.200000047683716,
  "summary_bg_k": 62.0652297503856,
  "summary_bg_mad": 32.312359655754875,
  "summary_bg_mean": 81.2461166381836,
  "summary_bg_median": 46.7379035949707,
  "summary_bg_n": 102154.0,
  "summary_bg_p05": 16.895160675048828,
  "summary_bg_p95": 263.5139663696282,
  "summary_bg_stdv": 118.1290283203125,
  "summary_fg_k": 11.491884363463594,
  "summary_fg_mad": 494.9781162998679,
  "summary_fg_mean": 2474.280517578125,
  "summary_fg_median": 2335.370849609375,
  "summary_fg_n": 27865.0,
  "summary_fg_p05": 1644.25537109375,
  "summary_fg_p95": 3645.8650878906246,
  "summary_fg_stdv": 779.9683227539062,
  "tsnr": 29.931855194095988
}