{
  "aor": 0.00029920987654320986,
  "aqi": 0.011639460246913579,
  "bids_meta": {
    "AcquisitionMatrixPE": 64,
    "AcquisitionNumber": 1,
    "AcquisitionTime": "10:49:59.300000",
    "BandwidthPerPixelPhaseEncode": 62.5,
    "BaseResolution": 64,
    "BodyPartExamined": "BRAIN",
    "ConsistencyInfo": "N4_VE11C_LATEST_20160120",
    "ConversionSoftware": "dcm2niix",
    "ConversionSoftwareVersion": "v1.0.20210317",
    "DerivedVendorReportedEchoSpacing": 0.0005,
    "DeviceSerialNumber": "45193",
    "DwellTime": 3.1e-06,
    "EchoNumber": 4,
    "EchoTime": 0.06249,
    "EchoTrainLength": 31,
    "EffectiveEchoSpacing": 0.00025,
    "FlipAngle": 56,
    "ImageComments": "Unaliased MB4/PE4/LB",
    "ImageOrientationPatientDICOM": [
      0.999514,
      0.00304336,
      -0.0310146,
      -1.53847e-08,
      0.99522,
      0.0976569
    ],
    "ImageType": [
      "ORIGINAL",
      "PRIMARY",
      "M",
      "MB",
      "TE4",
      "ND",
      "NORM",
      "MOSAIC"
    ],
    "ImagingFrequency": 123.247,
    "InPlanePhaseEncodingDirectionDICOM": "COL",
    "InstitutionAddress": "Blackburn Road 770,Clayton,Victoria,AU,3800",
    "InstitutionName": "Monash Biomedical Imaging",
    "InstitutionalDepartmentName": "Department",
    "MRAcquisitionType": "2D",
    "MagneticFieldStrength": 3,
    "Manufacturer": "Siemens",
    "ManufacturersModelName": "Skyra",
    "Modality": "MR",
    "MultibandAccelerationFactor": 4,
    "ParallelReductionFactorInPlane": 2,
    "PartialFourier": 1,
    "PatientPosition": "HFS",
    "PercentPhaseFOV": 100,
    "PercentSampling": 100,
    "PhaseEncodingDirection": "j-",
    "PhaseEncodingSteps": 63,
    "PhaseResolution": 1,
    "PixelBandwidth": 2520,
    "ProcedureStepDescription": "MR Scan",
    "ProtocolName": "Meditation_R-L_mmb_4_4_cmrr_mbep2d_bold_TE_12.6_29.23_45.86_62.5",
    "PulseSequenceDetails": "%CustomerSeq%\\cmrr_mbep2d_bold",
    "ReceiveCoilActiveElements": "HEA;HEP",
    "ReceiveCoilName": "Head_32",
    "ReconMatrixPE": 64,
    "RefLinesPE": 24,
    "RepetitionTime": 0.91,
    "SAR": 0.101055,
    "ScanOptions": "FS",
    "ScanningSequence": "EP",
    "SequenceName": "epfid2d4_64",
    "SequenceVariant": "SK\\SS",
    "SeriesDescription": "Meditation_R-L_mmb_4_4_cmrr_mbep2d_bold_TE_12.6_29.23_45.86_62.5",
    "SeriesNumber": 5,
    "ShimSetting": [
      -4068,
      15184,
      -14964,
      464,
      255,
      -200,
      -20,
      243
    ],
    "SliceThickness": 3.2,
    "SliceTiming": [
      0,
      0.6225,
      0.3575,
      0.09,
      0.7125,
      0.445,
      0.1775,
      0.8025,
      0.535,
      0.2675,
      0,
      0.6225,
      0.3575,
      0.09,
      0.7125,
      0.445,
      0.1775,
      0.8025,
      0.535,
      0.2675,
      0,
      0.6225,
      0.3575,
      0.09,
      0.7125,
      0.445,
      0.1775,
      0.8025,
      0.535,
      0.2675,
      0,
      0.6225,
      0.3575,
      0.09,
      0.7125,
      0.445,
      0.1775,
      0.8025,
      0.535,
      0.2675
    ],
    "SoftwareVersions": "syngo MR E11",
    "SpacingBetweenSlices": 3.2,
    "StationName": "AWP45193",
    "TaskName": "meditation",
    "TotalReadoutTime": 0.01575,
    "TxRefAmp": 378.642,
    "WipMemBlock": "b3cc3f20-0cc9-4f7d-a6bf-43b0336f52f7||Sequence: R016 ve11c/master r/e634e98; Dec 19 2017 11:00:25 by eja",
    "dataset": "<unset>",
    "modality": "bold",
    "run_id": 1,
    "session_id": "02",
    "subject_id": "PC228",
    "task_id": "meditation"
  },
  "dummy_trs": 0,
  "dvars_nstd": 48.165725802153425,
  "dvars_std": 1.1501424683415846,
  "dvars_vstd": 1.000639557252475,
  "efc": 0.47335310365946753,
  "fber": 2955.926513671875,
  "fd_mean": 0.1058940184270763,
  "fd_num": 25,
  "fd_perc": 6.172839506172839,
  "fwhm_avg": 1.7635811504715384,
  "fwhm_x": 1.6231363106796117,
  "fwhm_y": 1.954510291262136,
  "fwhm_z": 1.7130968494728678,
  "gcor": 0.0322773,
  "gsr_x": -0.006196929141879082,
  "gsr_y": 0.027590569108724594,
  "provenance": {
    "md5sum": "c32f203e3d6e4a1c5e707ac73d3bb5f2",
    "settings": {
      "fd_thres": 0.2,
      "testing": false
    },
    "software": "mriqc",
    "version": "22.0.6",
    "webapi_port": null,
    "webapi_url": "https://mriqc.nimh.nih.gov/api/v1"
  },
  "size_t": 405,
  "size_x": 64,
  "size_y": 64,
  "size_z": 40,
  "snr": 2.980067749333679,
  "spacing_tr": 0.9100000262260437,
  "spacing_x": 3.21875,
  "spacing_y": 3.21875,
  "spacing_z": 3.200000047683716,
  "summary_bg_k": 105.92260851615443,
  "summary_bg_mad": 29.461688366658393,
  "summary_bg_mean": 80.77661895751953,
  "summary_bg_median": 42.06666946411133,
  "summary_bg_n": 101761.0,
  "summary_bg_p05": 16.753087997436523,
  "summary_bg_p95": 277.1827392578125,
  "summary_bg_stdv": 128.30496215820312,
  "summary_fg_k": 12.5181589302946,
  "summary_fg_mad": 484.1116121002203,
  "summary_fg_mean": 2489.451904296875,
  "summary_fg_median": 2351.46923828125,
  "summary_fg_n": 28179.0,
  "summary_fg_p05": 1673.5995483398438,
  "summary_fg_p95": 3642.560131835937,
  "summary_fg_stdv": 789.0516967773438,
  "tsnr": 33.4014103487134
}