{
  "aor": 0.001885027027027027,
  "aqi": 0.004846156486486486,
  "bids_meta": {
    "AcquisitionMatrixPE": 64,
    "AcquisitionNumber": 1,
    "AcquisitionTime": "11:09:42.297500",
    "BandwidthPerPixelPhaseEncode": 62.5,
    "BaseResolution": 64,
    "BodyPartExamined": "BRAIN",
    "ConsistencyInfo": "N4_VE11C_LATEST_20160120",
    "ConversionSoftware": "dcm2niix",
    "ConversionSoftwareVersion": "v1.0.20210317",
    "DerivedVendorReportedEchoSpacing": 0.0005,
    "DeviceSerialNumber": "45193",
    "DwellTime": 3.1e-06,
    "EchoNumber": 1,
    "EchoTime": 0.0126,
    "EchoTrainLength": 31,
    "EffectiveEchoSpacing": 0.00025,
    "FlipAngle": 56,
    "ImageComments": "Unaliased MB4/PE4/LB",
    "ImageOrientationPatientDICOM": [
      0.999514,
      0.00304334,
      -0.0310146,
      -5.0264e-11,
      0.99522,
      0.0976569
    ],
    "ImageType": [
      "ORIGINAL",
      "PRIMARY",
      "M",
      "MB",
      "TE1",
      "ND",
      "NORM",
      "MOSAIC"
    ],
    "ImagingFrequency": 123.247,
    "InPlanePhaseEncodingDirectionDICOM": "ROW",
    "InstitutionAddress": "Blackburn Road 770,Clayton,Victoria,AU,3800",
    "InstitutionName": "Monash Biomedical Imaging",
    "InstitutionalDepartmentName": "Department",
    "MRAcquisitionType": "2D",
    "MagneticFieldStrength": 3,
    "Manufacturer": "Siemens",
    "ManufacturersModelName": "Skyra",
    "Modality": "MR",
    "MultibandAccelerationFactor": 4,
    "ParallelReductionFactorInPlane": 2,
    "PartialFourier": 1,
    "PatientPosition": "HFS",
    "PercentPhaseFOV": 100,
    "PercentSampling": 100,
    "PhaseEncodingDirection": "i",
    "PhaseEncodingSteps": 63,
    "PhaseResolution": 1,
    "PixelBandwidth": 2520,
    "ProcedureStepDescription": "MR Scan",
    "ProtocolName": "Movie_R-L_mmb_4_4_cmrr_mbep2d_bold_TE_12.6_29.23_45.86_62.49",
    "PulseSequenceDetails": "%CustomerSeq%\\cmrr_mbep2d_bold",
    "ReceiveCoilActiveElements": "HEA;HEP",
    "ReceiveCoilName": "Head_32",
    "ReconMatrixPE": 64,
    "RefLinesPE": 24,
    "RepetitionTime": 0.91,
    "SAR": 0.100874,
    "ScanOptions": "FS",
    "ScanningSequence": "EP",
    "SequenceName": "epfid2d4_64",
    "SequenceVariant": "SK\\SS",
    "SeriesDescription": "Movie_R-L_mmb_4_4_cmrr_mbep2d_bold_TE_12.6_29.23_45.86_62.49",
    "SeriesNumber": 8,
    "ShimSetting": [
      -4068,
      15184,
      -14964,
      464,
      255,
      -200,
      -20,
      243
    ],
    "SliceThickness": 3.2,
    "SliceTiming": [
      0,
      0.6225,
      0.355,
      0.09,
      0.7125,
      0.445,
      0.1775,
      0.8,
      0.535,
      0.2675,
      0,
      0.6225,
      0.355,
      0.09,
      0.7125,
      0.445,
      0.1775,
      0.8,
      0.535,
      0.2675,
      0,
      0.6225,
      0.355,
      0.09,
      0.7125,
      0.445,
      0.1775,
      0.8,
      0.535,
      0.2675,
      0,
      0.6225,
      0.355,
      0.09,
      0.7125,
      0.445,
      0.1775,
      0.8,
      0.535,
      0.2675
    ],
    "SoftwareVersions": "syngo MR E11",
    "SpacingBetweenSlices": 3.2,
    "StationName": "AWP45193",
    "TaskName": "movie",
    "TotalReadoutTime": 0.01575,
    "TxRefAmp": 378.642,
    "WipMemBlock": "dcd77850-a31f-4ccb-93e2-48e153015a1c||Sequence: R016 ve11c/master r/e634e98; Dec 19 2017 11:00:25 by eja",
    "dataset": "<unset>",
    "modality": "bold",
    "run_id": 1,
    "session_id": "02",
    "subject_id": "PC228",
    "task_id": "movie"
  },
  "dummy_trs": 2,
  "dvars_nstd": 25.52883929252031,
  "dvars_std": 1.2217086081571815,
  "dvars_vstd": 1.027886848888889,
  "efc": 0.5865626640632693,
  "fber": 2563.813720703125,
  "fd_mean": 0.08434595741793981,
  "fd_num": 15,
  "fd_perc": 4.054054054054054,
  "fwhm_avg": 2.2041980849320253,
  "fwhm_x": 1.9510306796116506,
  "fwhm_y": 2.2958104854368933,
  "fwhm_z": 2.365753089747532,
  "gcor": 0.00727618,
  "gsr_x": 0.011494647711515427,
  "gsr_y": 0.048244327306747437,
  "provenance": {
    "md5sum": "5b05045048f5d29ffba8814f23016e83",
    "settings": {
      "fd_thres": 0.2,
      "testing": false
    },
    "software": "mriqc",
    "version": "22.0.6",
    "webapi_port": null,
    "webapi_url": "https://mriqc.nimh.nih.gov/api/v1"
  },
  "size_t": 370,
  "size_x": 64,
  "size_y": 64,
  "size_z": 40,
  "snr": 6.382924687822539,
  "spacing_tr": 0.9100000262260437,
  "spacing_x": 3.21875,
  "spacing_y": 3.21875,
  "spacing_z": 3.200000047683716,
  "summary_bg_k": 5.827554394785217,
  "summary_bg_mad": 116.30012896604833,
  "summary_bg_mean": 520.780517578125,
  "summary_bg_median": 111.52703094482422,
  "summary_bg_n": 92131.0,
  "summary_bg_p05": 20.64324378967285,
  "summary_bg_p95": 2829.393310546875,
  "summary_bg_stdv": 928.4961547851562,
  "summary_fg_k": 0.858850260142825,
  "summary_fg_mad": 860.6585510380115,
  "summary_fg_mean": 5775.44091796875,
  "summary_fg_median": 5692.34326171875,
  "summary_fg_n": 36497.0,
  "summary_fg_p05": 4483.90185546875,
  "summary_fg_p95": 7364.63798828125,
  "summary_fg_stdv": 891.7957763671875,
  "tsnr": 65.9435545692686
}