{
  "bids_meta": {
    "AcquisitionMatrixPE": 240,
    "AcquisitionNumber": 1,
    "AcquisitionTime": "11:23:54.935000",
    "BaseResolution": 256,
    "BodyPartExamined": "BRAIN",
    "ConsistencyInfo": "N4_VE11C_LATEST_20160120",
    "ConversionSoftware": "dcm2niix",
    "ConversionSoftwareVersion": "v1.0.20210317",
    "DeviceSerialNumber": "45193",
    "DwellTime": 8.5e-06,
    "EchoTime": 0.00207,
    "FlipAngle": 9,
    "ImageOrientationPatientDICOM": [
      0.0315222,
      0.999503,
      -3.91274e-08,
      -0.0540206,
      0.00170366,
      -0.998538
    ],
    "ImageType": [
      "ORIGINAL",
      "PRIMARY",
      "M",
      "ND",
      "NORM"
    ],
    "ImagingFrequency": 123.247,
    "InPlanePhaseEncodingDirectionDICOM": "ROW",
    "InstitutionAddress": "Blackburn Road 770,Clayton,Victoria,AU,3800",
    "InstitutionName": "Monash Biomedical Imaging",
    "InstitutionalDepartmentName": "Department",
    "InversionTime": 0.9,
    "MRAcquisitionType": "3D",
    "MagneticFieldStrength": 3,
    "Manufacturer": "Siemens",
    "ManufacturersModelName": "Skyra",
    "Modality": "MR",
    "ParallelReductionFactorInPlane": 3,
    "PartialFourier": 1,
    "PatientPosition": "HFS",
    "PercentPhaseFOV": 93.75,
    "PercentSampling": 100,
    "PhaseEncodingSteps": 238,
    "PhaseResolution": 1,
    "PixelBandwidth": 230,
    "ProcedureStepDescription": "MR Scan",
    "ProtocolName": "t1_mprage_sag_p3_iso_1",
    "PulseSequenceDetails": "%SiemensSeq%\\tfl",
    "ReceiveCoilActiveElements": "HEA;HEP",
    "ReceiveCoilName": "Head_32",
    "ReconMatrixPE": 240,
    "RefLinesPE": 32,
    "RepetitionTime": 2.3,
    "SAR": 0.0939299,
    "ScanOptions": "IR",
    "ScanningSequence": "GR\\IR",
    "SequenceName": "*tfl3d1_16ns",
    "SequenceVariant": "SK\\SP\\MP",
    "SeriesDescription": "t1_mprage_sag_p3_iso_1",
    "SeriesNumber": 2,
    "ShimSetting": [
      -4085,
      15379,
      -15541,
      -112,
      159,
      -108,
      -206,
      160
    ],
    "SliceThickness": 1,
    "SoftwareVersions": "syngo MR E11",
    "StationName": "AWP45193",
    "TxRefAmp": 349.294,
    "dataset": "<unset>",
    "modality": "T1w",
    "run_id": 1,
    "session_id": "02",
    "subject_id": "PC021"
  },
  "cjv": 0.3422950825386317,
  "cnr": 3.912599360126388,
  "efc": 0.4672346127117175,
  "fber": -1.0,
  "fwhm_avg": 4.2571666666666665,
  "fwhm_x": 4.11567,
  "fwhm_y": 4.25469,
  "fwhm_z": 4.40114,
  "icvs_csf": 0.2495769652106056,
  "icvs_gm": 0.4353765094647994,
  "icvs_wm": 0.31504652532459504,
  "inu_med": 0.5023959279060364,
  "inu_range": 0.13685807436704628,
  "provenance": {
    "md5sum": "04f103753d24be14176cd001ef5b39e3",
    "settings": {
      "testing": false
    },
    "software": "mriqc",
    "version": "22.0.6",
    "warnings": {
      "large_rot_frame": true,
      "small_air_mask": false
    },
    "webapi_port": null,
    "webapi_url": "https://mriqc.nimh.nih.gov/api/v1"
  },
  "qi_1": 0.016429220259736668,
  "qi_2": 0.016987748206233964,
  "rpve_csf": 24.401402546718618,
  "rpve_gm": 13.864459901313834,
  "rpve_wm": 21.00619831749717,
  "size_x": 192,
  "size_y": 240,
  "size_z": 256,
  "snr_csf": 2.485015888399729,
  "snr_gm": 11.150243499959096,
  "snr_total": 11.812830828320637,
  "snr_wm": 21.803233096603087,
  "snrd_csf": 9.277969739441192,
  "snrd_gm": 31.237237209109498,
  "snrd_total": 28.538894343222022,
  "snrd_wm": 45.10147608111537,
  "spacing_x": 1.0,
  "spacing_y": 1.0,
  "spacing_z": 1.0,
  "summary_bg_k": 3006.8633080032887,
  "summary_bg_mad": 0.0,
  "summary_bg_mean": 2.8360549268989006,
  "summary_bg_median": 0.0,
  "summary_bg_n": 2882099.0,
  "summary_bg_p05": 0.0,
  "summary_bg_p95": 10.566178947687149,
  "summary_bg_stdv": 14.525830666938736,
  "summary_csf_k": 2.353153497627285,
  "summary_csf_mad": 63.0776580423054,
  "summary_csf_mean": 220.70532080730192,
  "summary_csf_median": 205.71321845054626,
  "summary_csf_n": 78895.0,
  "summary_csf_p05": 119.17340768873692,
  "summary_csf_p95": 384.0899553492667,
  "summary_csf_stdv": 82.78092534197263,
  "summary_gm_k": -0.07443853818464552,
  "summary_gm_mad": 62.59244528813382,
  "summary_gm_mean": 692.5719508524735,
  "summary_gm_median": 692.5990041196346,
  "summary_gm_n": 43825.0,
  "summary_gm_p05": 589.4151238650084,
  "summary_gm_p95": 794.1932822316885,
  "summary_gm_stdv": 62.114437429637604,
  "summary_wm_k": 0.6217988182822376,
  "summary_wm_mad": 42.629406259360245,
  "summary_wm_mean": 998.1604399641811,
  "summary_wm_median": 1000.0000066906214,
  "summary_wm_n": 158116.0,
  "summary_wm_p05": 918.7432854026556,
  "summary_wm_p95": 1069.7554889470339,
  "summary_wm_stdv": 45.86461283148313,
  "tpm_overlap_csf": 0.13790285964808796,
  "tpm_overlap_gm": 0.4492666694195505,
  "tpm_overlap_wm": 0.4861822650629244,
  "wm2max": 0.3862101855718309
}