{
  "aor": 0.0006528571428571429,
  "aqi": 0.0078749848787062,
  "bids_meta": {
    "AcquisitionMatrixPE": 64,
    "AcquisitionNumber": 1,
    "AcquisitionTime": "12:00:59.790000",
    "BandwidthPerPixelPhaseEncode": 62.5,
    "BaseResolution": 64,
    "BodyPartExamined": "BRAIN",
    "ConsistencyInfo": "N4_VE11C_LATEST_20160120",
    "ConversionSoftware": "dcm2niix",
    "ConversionSoftwareVersion": "v1.0.20210317",
    "DerivedVendorReportedEchoSpacing": 0.0005,
    "DeviceSerialNumber": "45193",
    "DwellTime": 3.1e-06,
    "EchoNumber": 2,
    "EchoTime": 0.02923,
    "EchoTrainLength": 31,
    "EffectiveEchoSpacing": 0.00025,
    "FlipAngle": 56,
    "ImageComments": "Unaliased MB4/PE4/LB",
    "ImageOrientationPatientDICOM": [
      0.999994,
      0.00342558,
      -0.000670865,
      -0.00349065,
      0.981352,
      -0.192188
    ],
    "ImageType": [
      "ORIGINAL",
      "PRIMARY",
      "M",
      "MB",
      "TE2",
      "ND",
      "NORM",
      "MOSAIC"
    ],
    "ImagingFrequency": 123.252,
    "InPlanePhaseEncodingDirectionDICOM": "ROW",
    "InstitutionAddress": "Blackburn Road 770,Clayton,Victoria,AU,3800",
    "InstitutionName": "Monash Biomedical Imaging",
    "InstitutionalDepartmentName": "Department",
    "MRAcquisitionType": "2D",
    "MagneticFieldStrength": 3,
    "Manufacturer": "Siemens",
    "ManufacturersModelName": "Skyra",
    "Modality": "MR",
    "MultibandAccelerationFactor": 4,
    "ParallelReductionFactorInPlane": 2,
    "PartialFourier": 1,
    "PatientPosition": "HFS",
    "PercentPhaseFOV": 100,
    "PercentSampling": 100,
    "PhaseEncodingDirection": "i",
    "PhaseEncodingSteps": 63,
    "PhaseResolution": 1,
    "PixelBandwidth": 2520,
    "ProcedureStepDescription": "MR Scan",
    "ProtocolName": "Movie_R-L_mmb_4_4_cmrr_mbep2d_bold_TE_12.6_29.23_45.86_62.49",
    "PulseSequenceDetails": "%CustomerSeq%\\cmrr_mbep2d_bold",
    "ReceiveCoilActiveElements": "HEA;HEP",
    "ReceiveCoilName": "Head_32",
    "ReconMatrixPE": 64,
    "RefLinesPE": 24,
    "RepetitionTime": 0.91,
    "SAR": 0.0878324,
    "ScanOptions": "FS",
    "ScanningSequence": "EP",
    "SequenceName": "epfid2d4_64",
    "SequenceVariant": "SK\\SS",
    "SeriesDescription": "Movie_R-L_mmb_4_4_cmrr_mbep2d_bold_TE_12.6_29.23_45.86_62.49",
    "SeriesNumber": 8,
    "ShimSetting": [
      -4055,
      15489,
      -14999,
      428,
      391,
      103,
      -185,
      47
    ],
    "SliceThickness": 3.2,
    "SliceTiming": [
      0,
      0.6225,
      0.355,
      0.0875,
      0.7125,
      0.445,
      0.1775,
      0.8,
      0.5325,
      0.2675,
      0,
      0.6225,
      0.355,
      0.0875,
      0.7125,
      0.445,
      0.1775,
      0.8,
      0.5325,
      0.2675,
      0,
      0.6225,
      0.355,
      0.0875,
      0.7125,
      0.445,
      0.1775,
      0.8,
      0.5325,
      0.2675,
      0,
      0.6225,
      0.355,
      0.0875,
      0.7125,
      0.445,
      0.1775,
      0.8,
      0.5325,
      0.2675
    ],
    "SoftwareVersions": "syngo MR E11",
    "SpacingBetweenSlices": 3.2,
    "StationName": "AWP45193",
    "TaskName": "movie",
    "TotalReadoutTime": 0.01575,
    "TxRefAmp": 367.388,
    "WipMemBlock": "dfaedb46-f459-4a77-8e51-8dad15e90fe8||Sequence: R016 ve11c/master r/e634e98; Dec 19 2017 11:00:25 by eja",
    "dataset": "<unset>",
    "modality": "bold",
    "run_id": 1,
    "session_id": "02",
    "subject_id": "PC206",
    "task_id": "movie"
  },
  "dummy_trs": 1,
  "dvars_nstd": 29.759604119081075,
  "dvars_std": 1.1575481668648644,
  "dvars_vstd": 1.009492175486487,
  "efc": 0.5076397529047042,
  "fber": 4161.517578125,
  "fd_mean": 0.13046390146330097,
  "fd_num": 38,
  "fd_perc": 10.242587601078167,
  "fwhm_avg": 1.7199355728959753,
  "fwhm_x": 1.6491277669902913,
  "fwhm_y": 1.7556100970873787,
  "fwhm_z": 1.7550688546102557,
  "gcor": 0.0140842,
  "gsr_x": 0.00800524465739727,
  "gsr_y": 0.015883050858974457,
  "provenance": {
    "md5sum": "e1ede20a087e782cf9bf0705a7f53a89",
    "settings": {
      "fd_thres": 0.2,
      "testing": false
    },
    "software": "mriqc",
    "version": "22.0.6",
    "webapi_port": null,
    "webapi_url": "https://mriqc.nimh.nih.gov/api/v1"
  },
  "size_t": 371,
  "size_x": 64,
  "size_y": 64,
  "size_z": 40,
  "snr": 5.9997116864702,
  "spacing_tr": 0.9100000262260437,
  "spacing_x": 3.21875,
  "spacing_y": 3.21875,
  "spacing_z": 3.1999998092651367,
  "summary_bg_k": 45.061015941674384,
  "summary_bg_mad": 62.157392747722334,
  "summary_bg_mean": 174.5582733154297,
  "summary_bg_median": 68.07816314697266,
  "summary_bg_n": 98052.0,
  "summary_bg_p05": 16.008085250854492,
  "summary_bg_p95": 609.8887878417968,
  "summary_bg_stdv": 390.5203552246094,
  "summary_fg_k": 1.7835175117164264,
  "summary_fg_mad": 670.695617249078,
  "summary_fg_mean": 4398.94287109375,
  "summary_fg_median": 4322.8369140625,
  "summary_fg_n": 31920.0,
  "summary_fg_p05": 3400.2720581054687,
  "summary_fg_p95": 5647.9114990234375,
  "summary_fg_stdv": 720.4961547851562,
  "tsnr": 57.18401999794878
}