{
  "aor": 0.0005653370013755159,
  "aqi": 0.011157596863823935,
  "bids_meta": {
    "AcquisitionMatrixPE": 64,
    "AcquisitionNumber": 1,
    "AcquisitionTime": "11:49:17.342500",
    "BandwidthPerPixelPhaseEncode": 62.5,
    "BaseResolution": 64,
    "BodyPartExamined": "BRAIN",
    "ConsistencyInfo": "N4_VE11C_LATEST_20160120",
    "ConversionSoftware": "dcm2niix",
    "ConversionSoftwareVersion": "v1.0.20210317",
    "DerivedVendorReportedEchoSpacing": 0.0005,
    "DeviceSerialNumber": "45193",
    "DwellTime": 3.1e-06,
    "EchoNumber": 3,
    "EchoTime": 0.04586,
    "EchoTrainLength": 31,
    "EffectiveEchoSpacing": 0.00025,
    "FlipAngle": 56,
    "ImageComments": "Unaliased MB4/PE4/LB",
    "ImageOrientationPatientDICOM": [
      0.999994,
      0.00342558,
      -0.000670865,
      -0.00349065,
      0.981352,
      -0.192188
    ],
    "ImageType": [
      "ORIGINAL",
      "PRIMARY",
      "M",
      "MB",
      "TE3",
      "ND",
      "NORM",
      "MOSAIC"
    ],
    "ImagingFrequency": 123.252,
    "InPlanePhaseEncodingDirectionDICOM": "ROW",
    "InstitutionAddress": "Blackburn Road 770,Clayton,Victoria,AU,3800",
    "InstitutionName": "Monash Biomedical Imaging",
    "InstitutionalDepartmentName": "Department",
    "MRAcquisitionType": "2D",
    "MagneticFieldStrength": 3,
    "Manufacturer": "Siemens",
    "ManufacturersModelName": "Skyra",
    "Modality": "MR",
    "MultibandAccelerationFactor": 4,
    "ParallelReductionFactorInPlane": 2,
    "PartialFourier": 1,
    "PatientPosition": "HFS",
    "PercentPhaseFOV": 100,
    "PercentSampling": 100,
    "PhaseEncodingDirection": "i",
    "PhaseEncodingSteps": 63,
    "PhaseResolution": 1,
    "PixelBandwidth": 2520,
    "ProcedureStepDescription": "MR Scan",
    "ProtocolName": "Music_R-L_mmb_4_4_cmrr_mbep2d_bold_TE_12.6_29.23_45.86_62.49",
    "PulseSequenceDetails": "%CustomerSeq%\\cmrr_mbep2d_bold",
    "ReceiveCoilActiveElements": "HEA;HEP",
    "ReceiveCoilName": "Head_32",
    "ReconMatrixPE": 64,
    "RefLinesPE": 24,
    "RepetitionTime": 0.91,
    "SAR": 0.0888017,
    "ScanOptions": "FS",
    "ScanningSequence": "EP",
    "SequenceName": "epfid2d4_64",
    "SequenceVariant": "SK\\SS",
    "SeriesDescription": "Music_R-L_mmb_4_4_cmrr_mbep2d_bold_TE_12.6_29.23_45.86_62.49",
    "SeriesNumber": 7,
    "ShimSetting": [
      -4055,
      15489,
      -14999,
      428,
      391,
      103,
      -185,
      47
    ],
    "SliceThickness": 3.2,
    "SliceTiming": [
      0,
      0.6225,
      0.355,
      0.0875,
      0.71,
      0.445,
      0.1775,
      0.8,
      0.5325,
      0.265,
      0,
      0.6225,
      0.355,
      0.0875,
      0.71,
      0.445,
      0.1775,
      0.8,
      0.5325,
      0.265,
      0,
      0.6225,
      0.355,
      0.0875,
      0.71,
      0.445,
      0.1775,
      0.8,
      0.5325,
      0.265,
      0,
      0.6225,
      0.355,
      0.0875,
      0.71,
      0.445,
      0.1775,
      0.8,
      0.5325,
      0.265
    ],
    "SoftwareVersions": "syngo MR E11",
    "SpacingBetweenSlices": 3.2,
    "StationName": "AWP45193",
    "TaskName": "music",
    "TotalReadoutTime": 0.01575,
    "TxRefAmp": 367.388,
    "WipMemBlock": "81a0be72-695e-4805-a5aa-878074ecbc8e||Sequence: R016 ve11c/master r/e634e98; Dec 19 2017 11:00:25 by eja",
    "dataset": "<unset>",
    "modality": "bold",
    "run_id": 1,
    "session_id": "02",
    "subject_id": "PC206",
    "task_id": "music"
  },
  "dummy_trs": 1,
  "dvars_nstd": 37.816196315454526,
  "dvars_std": 1.1582908448898068,
  "dvars_vstd": 1.0055679881267212,
  "efc": 0.48555780287909633,
  "fber": 4484.48974609375,
  "fd_mean": 0.13542829275427593,
  "fd_num": 122,
  "fd_perc": 16.781292984869324,
  "fwhm_avg": 1.6609146570980797,
  "fwhm_x": 1.611796504854369,
  "fwhm_y": 1.6943161165048544,
  "fwhm_z": 1.676631349935016,
  "gcor": 0.00747895,
  "gsr_x": 0.0025882464833557606,
  "gsr_y": 0.019296439364552498,
  "provenance": {
    "md5sum": "5f544100d2e8b80939c17f4cad63c986",
    "settings": {
      "fd_thres": 0.2,
      "testing": false
    },
    "software": "mriqc",
    "version": "22.0.6",
    "webapi_port": null,
    "webapi_url": "https://mriqc.nimh.nih.gov/api/v1"
  },
  "size_t": 727,
  "size_x": 64,
  "size_y": 64,
  "size_z": 40,
  "snr": 4.317162227203439,
  "spacing_tr": 0.9100000262260437,
  "spacing_x": 3.21875,
  "spacing_y": 3.21875,
  "spacing_z": 3.1999998092651367,
  "summary_bg_k": 173.97522537439534,
  "summary_bg_mad": 37.03446672477541,
  "summary_bg_mean": 106.34637451171875,
  "summary_bg_median": 47.62448501586914,
  "summary_bg_n": 99822.0,
  "summary_bg_p05": 14.811554908752441,
  "summary_bg_p95": 358.5247619628905,
  "summary_bg_stdv": 247.5642852783203,
  "summary_fg_k": 5.956557198168953,
  "summary_fg_mad": 575.3781577986232,
  "summary_fg_mean": 3256.315185546875,
  "summary_fg_median": 3154.5556640625,
  "summary_fg_n": 30289.0,
  "summary_fg_p05": 2370.122412109375,
  "summary_fg_p95": 4448.4404296875,
  "summary_fg_stdv": 730.6891479492188,
  "tsnr": 41.746787348762155
}