{
  "aor": 0.001571765873015873,
  "aqi": 0.050401634523809524,
  "bids_meta": {
    "AcquisitionMatrixPE": 64,
    "AcquisitionNumber": 1,
    "AcquisitionTime": "11:29:13.077500",
    "BandwidthPerPixelPhaseEncode": 62.5,
    "BaseResolution": 64,
    "BodyPartExamined": "BRAIN",
    "ConsistencyInfo": "N4_VE11C_LATEST_20160120",
    "ConversionSoftware": "dcm2niix",
    "ConversionSoftwareVersion": "v1.0.20210317",
    "DerivedVendorReportedEchoSpacing": 0.0005,
    "DeviceSerialNumber": "45193",
    "DwellTime": 3.1e-06,
    "EchoNumber": 4,
    "EchoTime": 0.06249,
    "EchoTrainLength": 31,
    "EffectiveEchoSpacing": 0.00025,
    "FlipAngle": 56,
    "ImageComments": "Unaliased MB4/PE4/LB",
    "ImageOrientationPatientDICOM": [
      0.999838,
      -0.00335044,
      -0.0176616,
      1.4624e-11,
      0.982478,
      -0.186378
    ],
    "ImageType": [
      "ORIGINAL",
      "PRIMARY",
      "M",
      "MB",
      "TE4",
      "ND",
      "NORM",
      "MOSAIC"
    ],
    "ImagingFrequency": 123.247,
    "InPlanePhaseEncodingDirectionDICOM": "ROW",
    "InstitutionAddress": "Blackburn Road 770,Clayton,Victoria,AU,3800",
    "InstitutionName": "Monash Biomedical Imaging",
    "InstitutionalDepartmentName": "Department",
    "MRAcquisitionType": "2D",
    "MagneticFieldStrength": 3,
    "Manufacturer": "Siemens",
    "ManufacturersModelName": "Skyra",
    "Modality": "MR",
    "MultibandAccelerationFactor": 4,
    "ParallelReductionFactorInPlane": 2,
    "PartialFourier": 1,
    "PatientPosition": "HFS",
    "PercentPhaseFOV": 100,
    "PercentSampling": 100,
    "PhaseEncodingDirection": "i",
    "PhaseEncodingSteps": 63,
    "PhaseResolution": 1,
    "PixelBandwidth": 2520,
    "ProcedureStepDescription": "MR Scan",
    "ProtocolName": "Rest_R-L_mmb_4_4_cmrr_mbep2d_bold_TE_12.6_29.23_45.86_62.49",
    "PulseSequenceDetails": "%CustomerSeq%\\cmrr_mbep2d_bold",
    "ReceiveCoilActiveElements": "HEA;HEP",
    "ReceiveCoilName": "Head_32",
    "ReconMatrixPE": 64,
    "RefLinesPE": 24,
    "RepetitionTime": 0.91,
    "SAR": 0.107018,
    "ScanOptions": "FS",
    "ScanningSequence": "EP",
    "SequenceName": "epfid2d4_64",
    "SequenceVariant": "SK\\SS",
    "SeriesDescription": "Rest_R-L_mmb_4_4_cmrr_mbep2d_bold_TE_12.6_29.23_45.86_62.49",
    "SeriesNumber": 3,
    "ShimSetting": [
      -4109,
      15290,
      -14884,
      546,
      279,
      -44,
      -286,
      50
    ],
    "SliceThickness": 3.2,
    "SliceTiming": [
      0,
      0.6225,
      0.355,
      0.0875,
      0.7125,
      0.445,
      0.1775,
      0.8,
      0.5325,
      0.2675,
      0,
      0.6225,
      0.355,
      0.0875,
      0.7125,
      0.445,
      0.1775,
      0.8,
      0.5325,
      0.2675,
      0,
      0.6225,
      0.355,
      0.0875,
      0.7125,
      0.445,
      0.1775,
      0.8,
      0.5325,
      0.2675,
      0,
      0.6225,
      0.355,
      0.0875,
      0.7125,
      0.445,
      0.1775,
      0.8,
      0.5325,
      0.2675
    ],
    "SoftwareVersions": "syngo MR E11",
    "SpacingBetweenSlices": 3.2,
    "StationName": "AWP45193",
    "TaskName": "rest",
    "TotalReadoutTime": 0.01575,
    "TxRefAmp": 377.798,
    "WipMemBlock": "32b511db-fc38-41ca-962c-71b88e0a666b||Sequence: R016 ve11c/master r/e634e98; Dec 19 2017 11:00:25 by eja",
    "dataset": "<unset>",
    "modality": "bold",
    "run_id": 1,
    "session_id": "02",
    "subject_id": "PC022",
    "task_id": "rest"
  },
  "dummy_trs": 0,
  "dvars_nstd": 71.27620392155075,
  "dvars_std": 1.060600287852882,
  "dvars_vstd": 0.970730266441352,
  "efc": 0.48646881876438997,
  "fber": 2125.141357421875,
  "fd_mean": 0.3688102666933263,
  "fd_num": 315,
  "fd_perc": 62.5,
  "fwhm_avg": 1.7417124003444127,
  "fwhm_x": 1.675224854368932,
  "fwhm_y": 1.8112217475728154,
  "fwhm_z": 1.7386905990914912,
  "gcor": 0.021903,
  "gsr_x": -0.0052840569987893105,
  "gsr_y": 0.020889919251203537,
  "provenance": {
    "md5sum": "db0309e04072e7069eb396b1754d2f7d",
    "settings": {
      "fd_thres": 0.2,
      "testing": false
    },
    "software": "mriqc",
    "version": "22.0.6",
    "webapi_port": null,
    "webapi_url": "https://mriqc.nimh.nih.gov/api/v1"
  },
  "size_t": 504,
  "size_x": 64,
  "size_y": 64,
  "size_z": 40,
  "snr": 2.646761932339276,
  "spacing_tr": 0.9100000262260437,
  "spacing_x": 3.21875,
  "spacing_y": 3.21875,
  "spacing_z": 3.200000047683716,
  "summary_bg_k": 325.3283987006273,
  "summary_bg_mad": 31.861237277756562,
  "summary_bg_mean": 75.04850769042969,
  "summary_bg_median": 45.41865158081055,
  "summary_bg_n": 97658.0,
  "summary_bg_p05": 15.083333969116211,
  "summary_bg_p95": 224.06251525878895,
  "summary_bg_stdv": 129.353759765625,
  "summary_fg_k": 9.555678008012439,
  "summary_fg_mad": 505.50546076349514,
  "summary_fg_mean": 2257.166259765625,
  "summary_fg_median": 2092.64892578125,
  "summary_fg_n": 31339.0,
  "summary_fg_p05": 1439.1806884765624,
  "summary_fg_p95": 3645.476684570311,
  "summary_fg_stdv": 790.63232421875,
  "tsnr": 14.753486904373858
}