{
  "bids_meta": {
    "AcquisitionMatrixPE": 240,
    "AcquisitionNumber": 1,
    "AcquisitionTime": "12:47:43.832500",
    "BaseResolution": 256,
    "BodyPartExamined": "BRAIN",
    "ConsistencyInfo": "N4_VE11C_LATEST_20160120",
    "ConversionSoftware": "dcm2niix",
    "ConversionSoftwareVersion": "v1.0.20210317",
    "DeviceSerialNumber": "45193",
    "DwellTime": 8.5e-06,
    "EchoTime": 0.00207,
    "FlipAngle": 9,
    "ImageOrientationPatientDICOM": [
      -0.0365573,
      0.999332,
      -2.2468e-08,
      0.0732134,
      0.00267825,
      -0.997313
    ],
    "ImageType": [
      "ORIGINAL",
      "PRIMARY",
      "M",
      "ND",
      "NORM"
    ],
    "ImagingFrequency": 123.247,
    "InPlanePhaseEncodingDirectionDICOM": "ROW",
    "InstitutionAddress": "Blackburn Road 770,Clayton,Victoria,AU,3800",
    "InstitutionName": "Monash Biomedical Imaging",
    "InstitutionalDepartmentName": "Department",
    "InversionTime": 0.9,
    "MRAcquisitionType": "3D",
    "MagneticFieldStrength": 3,
    "Manufacturer": "Siemens",
    "ManufacturersModelName": "Skyra",
    "Modality": "MR",
    "ParallelReductionFactorInPlane": 3,
    "PartialFourier": 1,
    "PatientPosition": "HFS",
    "PercentPhaseFOV": 93.75,
    "PercentSampling": 100,
    "PhaseEncodingSteps": 238,
    "PhaseResolution": 1,
    "PixelBandwidth": 230,
    "ProcedureStepDescription": "MR Scan",
    "ProtocolName": "t1_mprage_sag_p3_iso_1",
    "PulseSequenceDetails": "%SiemensSeq%\\tfl",
    "ReceiveCoilActiveElements": "HEA;HEP",
    "ReceiveCoilName": "Head_32",
    "ReconMatrixPE": 240,
    "RefLinesPE": 32,
    "RepetitionTime": 2.3,
    "SAR": 0.087299,
    "ScanOptions": "IR",
    "ScanningSequence": "GR\\IR",
    "SequenceName": "*tfl3d1_16ns",
    "SequenceVariant": "SK\\SP\\MP",
    "SeriesDescription": "t1_mprage_sag_p3_iso_1",
    "SeriesNumber": 2,
    "ShimSetting": [
      -4069,
      15336,
      -15557,
      -117,
      159,
      -103,
      -245,
      164
    ],
    "SliceThickness": 1,
    "SoftwareVersions": "syngo MR E11",
    "StationName": "AWP45193",
    "TxRefAmp": 351.49,
    "dataset": "<unset>",
    "modality": "T1w",
    "run_id": 1,
    "session_id": "02",
    "subject_id": "PC018"
  },
  "cjv": 0.3488475808248475,
  "cnr": 3.89952938912552,
  "efc": 0.5139351890457323,
  "fber": -1.0,
  "fwhm_avg": 4.047956666666667,
  "fwhm_x": 3.94838,
  "fwhm_y": 4.13274,
  "fwhm_z": 4.06275,
  "icvs_csf": 0.20357607026111615,
  "icvs_gm": 0.42654806921021055,
  "icvs_wm": 0.36987586052867333,
  "inu_med": 0.4582406282424927,
  "inu_range": 0.12746813893318176,
  "provenance": {
    "md5sum": "34f28e2e7638fed3ef2f45cd8fc95bf2",
    "settings": {
      "testing": false
    },
    "software": "mriqc",
    "version": "22.0.6",
    "warnings": {
      "large_rot_frame": true,
      "small_air_mask": false
    },
    "webapi_port": null,
    "webapi_url": "https://mriqc.nimh.nih.gov/api/v1"
  },
  "qi_1": 0.024816842646605858,
  "qi_2": 0.011583762801123419,
  "rpve_csf": 25.591803174866623,
  "rpve_gm": 12.782446394918225,
  "rpve_wm": 16.96548183803384,
  "size_x": 192,
  "size_y": 240,
  "size_z": 256,
  "snr_csf": 2.127186536739535,
  "snr_gm": 10.756906975234983,
  "snr_total": 12.245650634113204,
  "snr_wm": 23.852858390365096,
  "snrd_csf": 14.351492613728073,
  "snrd_gm": 41.136398124938815,
  "snrd_total": 38.191522771120596,
  "snrd_wm": 59.0866775746949,
  "spacing_x": 1.0,
  "spacing_y": 1.0,
  "spacing_z": 1.0,
  "summary_bg_k": 21338.397827482422,
  "summary_bg_mad": 0.0,
  "summary_bg_mean": 1.5289601964318,
  "summary_bg_median": 0.0,
  "summary_bg_n": 2656466.0,
  "summary_bg_p05": 0.0,
  "summary_bg_p95": 9.651351109147072,
  "summary_bg_stdv": 11.088230142010172,
  "summary_csf_k": 0.270064815257983,
  "summary_csf_mad": 115.84220978788771,
  "summary_csf_mean": 254.14068253516092,
  "summary_csf_median": 242.90003269910812,
  "summary_csf_n": 39182.0,
  "summary_csf_p05": 84.04525846242905,
  "summary_csf_p95": 459.7090923041105,
  "summary_csf_stdv": 114.1869454540772,
  "summary_gm_k": -0.07200516795174217,
  "summary_gm_mad": 65.65761181240208,
  "summary_gm_mean": 697.0309091504614,
  "summary_gm_median": 696.2364625483751,
  "summary_gm_n": 38765.0,
  "summary_gm_p05": 592.2881785929203,
  "summary_gm_p95": 804.987332701683,
  "summary_gm_stdv": 64.72376156763912,
  "summary_wm_k": 0.43188940873298165,
  "summary_wm_mad": 40.32568650417604,
  "summary_wm_mean": 999.4841271722061,
  "summary_wm_median": 1000.0462182760239,
  "summary_wm_n": 221824.0,
  "summary_wm_p05": 930.092394220084,
  "summary_wm_p95": 1066.866816624999,
  "summary_wm_stdv": 41.92553981429814,
  "tpm_overlap_csf": 0.15988741823368172,
  "tpm_overlap_gm": 0.4730450371015365,
  "tpm_overlap_wm": 0.5296026737641452,
  "wm2max": 0.3940535327619775
}