{
  "bids_meta": {
    "AcquisitionMatrixPE": 256,
    "AcquisitionNumber": 1,
    "AcquisitionTime": "12:54:38.447500",
    "BaseResolution": 256,
    "BodyPartExamined": "BRAIN",
    "ConsistencyInfo": "N4_VE11C_LATEST_20160120",
    "ConversionSoftware": "dcm2niix",
    "ConversionSoftwareVersion": "v1.0.20210317",
    "DeviceSerialNumber": "45193",
    "DwellTime": 2.8e-06,
    "EchoTime": 0.452,
    "EchoTrainLength": 270,
    "FlipAngle": 120,
    "ImageOrientationPatientDICOM": [
      -0.0645179,
      0.997917,
      -3.85227e-08,
      -0.0243562,
      -0.00157473,
      -0.999702
    ],
    "ImageType": [
      "ORIGINAL",
      "PRIMARY",
      "M",
      "ND",
      "NORM"
    ],
    "ImagingFrequency": 123.252,
    "InPlanePhaseEncodingDirectionDICOM": "ROW",
    "InstitutionAddress": "Blackburn Road 770,Clayton,Victoria,AU,3800",
    "InstitutionName": "Monash Biomedical Imaging",
    "InstitutionalDepartmentName": "Department",
    "MRAcquisitionType": "3D",
    "MagneticFieldStrength": 3,
    "Manufacturer": "Siemens",
    "ManufacturersModelName": "Skyra",
    "Modality": "MR",
    "ParallelReductionFactorInPlane": 2,
    "PartialFourier": 1,
    "PatientPosition": "HFS",
    "PercentPhaseFOV": 100,
    "PercentSampling": 100,
    "PhaseEncodingDirection": "i",
    "PhaseEncodingSteps": 245,
    "PhaseResolution": 1,
    "PixelBandwidth": 700,
    "ProcedureStepDescription": "MR Scan",
    "ProtocolName": "t2_space_sag_p2_iso",
    "PulseSequenceDetails": "%SiemensSeq%\\tse_vfl",
    "ReceiveCoilActiveElements": "HEA;HEP",
    "ReceiveCoilName": "Head_32",
    "ReconMatrixPE": 256,
    "RefLinesPE": 24,
    "RepetitionTime": 3.2,
    "SAR": 0.24137,
    "ScanOptions": "PFP",
    "ScanningSequence": "SE",
    "SequenceName": "*spcR_282ns",
    "SequenceVariant": "SK\\SP",
    "SeriesDescription": "t2_space_sag_p2_iso",
    "SeriesNumber": 3,
    "ShimSetting": [
      -4121,
      15461,
      -15515,
      -92,
      142,
      -177,
      -175,
      57
    ],
    "SliceThickness": 1,
    "SoftwareVersions": "syngo MR E11",
    "StationName": "AWP45193",
    "TxRefAmp": 353.174,
    "dataset": "<unset>",
    "modality": "T2w",
    "run_id": 1,
    "session_id": "01",
    "subject_id": "PC220"
  },
  "cjv": 0.22091283056496616,
  "cnr": 2.5602965919329206,
  "efc": 0.5185558956104503,
  "fber": -1.0,
  "fwhm_avg": 2.4555233333333333,
  "fwhm_x": 2.47717,
  "fwhm_y": 2.63973,
  "fwhm_z": 2.24967,
  "icvs_csf": 0.35412873200740225,
  "icvs_gm": 0.16492355194981115,
  "icvs_wm": 0.4809477160427866,
  "inu_med": 0.9425817131996155,
  "inu_range": 0.21397149562835693,
  "provenance": {
    "md5sum": "4a684312acd97c522fa53f0c93909bca",
    "settings": {
      "testing": false
    },
    "software": "mriqc",
    "version": "22.0.6",
    "warnings": {
      "large_rot_frame": true,
      "small_air_mask": false
    },
    "webapi_port": null,
    "webapi_url": "https://mriqc.nimh.nih.gov/api/v1"
  },
  "qi_1": 0.008622911097863502,
  "qi_2": 0.06906777323314474,
  "rpve_csf": 15.022734709819073,
  "rpve_gm": 38.03072893586343,
  "rpve_wm": 13.112108860427744,
  "size_x": 176,
  "size_y": 256,
  "size_z": 256,
  "snr_csf": 9.032302011919029,
  "snr_gm": 3.360216900611715,
  "snr_total": 7.6689375359067755,
  "snr_wm": 10.614293695189584,
  "snrd_csf": 67.79924739754493,
  "snrd_gm": 164.3938731710189,
  "snrd_total": 90.32380171360137,
  "snrd_wm": 38.7782845722403,
  "spacing_x": 1.0,
  "spacing_y": 1.0,
  "spacing_z": 1.0,
  "summary_bg_k": 8465.69780563392,
  "summary_bg_mad": 0.0,
  "summary_bg_mean": 3.1385292397028053,
  "summary_bg_median": 0.0,
  "summary_bg_n": 698844.0,
  "summary_bg_p05": 0.0,
  "summary_bg_p95": 17.28658001869917,
  "summary_bg_stdv": 16.89302970963027,
  "summary_csf_k": 1.002816703098234,
  "summary_csf_mad": 179.64678326795706,
  "summary_csf_mean": 1754.8432928597983,
  "summary_csf_median": 1748.2385356351733,
  "summary_csf_n": 22130.0,
  "summary_csf_p05": 1454.9401637539268,
  "summary_csf_p95": 2081.435317322612,
  "summary_csf_stdv": 193.54966580977018,
  "summary_gm_k": 2.131806336073942,
  "summary_gm_mad": 628.8244739541675,
  "summary_gm_mean": 3774.5288636132723,
  "summary_gm_median": 4238.980742879212,
  "summary_gm_n": 19077.0,
  "summary_gm_p05": 344.84678964316845,
  "summary_gm_p95": 4824.44689515233,
  "summary_gm_stdv": 1261.4869113900565,
  "summary_wm_k": 0.9065071752112641,
  "summary_wm_mad": 86.72603330177238,
  "summary_wm_mean": 999.1559744317478,
  "summary_wm_median": 999.9180527403951,
  "summary_wm_n": 193566.0,
  "summary_wm_p05": 846.2231517210603,
  "summary_wm_p95": 1151.2370730936527,
  "summary_wm_stdv": 94.20461677102726,
  "tpm_overlap_csf": 0.1164736346212035,
  "tpm_overlap_gm": 0.10369511090392573,
  "tpm_overlap_wm": 0.4723975040861022,
  "wm2max": 0.21270477518299058
}