{
  "bids_meta": {
    "AcquisitionMatrixPE": 240,
    "AcquisitionNumber": 1,
    "AcquisitionTime": "10:23:32.620000",
    "BaseResolution": 256,
    "BodyPartExamined": "BRAIN",
    "ConsistencyInfo": "N4_VE11C_LATEST_20160120",
    "ConversionSoftware": "dcm2niix",
    "ConversionSoftwareVersion": "v1.0.20210317",
    "DeviceSerialNumber": "45193",
    "DwellTime": 8.5e-06,
    "EchoTime": 0.00207,
    "FlipAngle": 9,
    "ImageOrientationPatientDICOM": [
      0.00185498,
      0.999998,
      9.79227e-09,
      0.0296974,
      -5.50784e-05,
      -0.999559
    ],
    "ImageType": [
      "ORIGINAL",
      "PRIMARY",
      "M",
      "ND",
      "NORM"
    ],
    "ImagingFrequency": 123.252,
    "InPlanePhaseEncodingDirectionDICOM": "ROW",
    "InstitutionAddress": "Blackburn Road 770,Clayton,Victoria,AU,3800",
    "InstitutionName": "Monash Biomedical Imaging",
    "InstitutionalDepartmentName": "Department",
    "InversionTime": 0.9,
    "MRAcquisitionType": "3D",
    "MagneticFieldStrength": 3,
    "Manufacturer": "Siemens",
    "ManufacturersModelName": "Skyra",
    "Modality": "MR",
    "ParallelReductionFactorInPlane": 3,
    "PartialFourier": 1,
    "PatientPosition": "HFS",
    "PercentPhaseFOV": 93.75,
    "PercentSampling": 100,
    "PhaseEncodingSteps": 238,
    "PhaseResolution": 1,
    "PixelBandwidth": 230,
    "ProcedureStepDescription": "MR Scan",
    "ProtocolName": "t1_mprage_sag_p3_iso_1",
    "PulseSequenceDetails": "%SiemensSeq%\\tfl",
    "ReceiveCoilActiveElements": "HEA;HEP",
    "ReceiveCoilName": "Head_32",
    "ReconMatrixPE": 240,
    "RefLinesPE": 32,
    "RepetitionTime": 2.3,
    "SAR": 0.0923774,
    "ScanOptions": "IR",
    "ScanningSequence": "GR\\IR",
    "SequenceName": "*tfl3d1_16ns",
    "SequenceVariant": "SK\\SP\\MP",
    "SeriesDescription": "t1_mprage_sag_p3_iso_1",
    "SeriesNumber": 2,
    "ShimSetting": [
      -4121,
      15461,
      -15515,
      -92,
      142,
      -177,
      -175,
      57
    ],
    "SliceThickness": 1,
    "SoftwareVersions": "syngo MR E11",
    "StationName": "AWP45193",
    "TxRefAmp": 354.319,
    "dataset": "<unset>",
    "modality": "T1w",
    "run_id": 1,
    "session_id": "02",
    "subject_id": "PC224"
  },
  "cjv": 0.34766557585209995,
  "cnr": 3.923154860658746,
  "efc": 0.45495128343827296,
  "fber": -1.0,
  "fwhm_avg": 3.6969833333333333,
  "fwhm_x": 3.5471,
  "fwhm_y": 3.81804,
  "fwhm_z": 3.72581,
  "icvs_csf": 0.2102343418164353,
  "icvs_gm": 0.45581804327715203,
  "icvs_wm": 0.33394761490641267,
  "inu_med": 0.5234787464141846,
  "inu_range": 0.14925175309181216,
  "provenance": {
    "md5sum": "4b372e532a3433867c15e36286494adc",
    "settings": {
      "testing": false
    },
    "software": "mriqc",
    "version": "22.0.6",
    "warnings": {
      "large_rot_frame": true,
      "small_air_mask": false
    },
    "webapi_port": null,
    "webapi_url": "https://mriqc.nimh.nih.gov/api/v1"
  },
  "qi_1": 0.0070473482760025725,
  "qi_2": 0.03505125126258351,
  "rpve_csf": 29.23022762562028,
  "rpve_gm": 14.326387361067239,
  "rpve_wm": 21.426366648815716,
  "size_x": 192,
  "size_y": 240,
  "size_z": 256,
  "snr_csf": 2.3120673760881796,
  "snr_gm": 12.315704861142729,
  "snr_total": 11.840441717535297,
  "snr_wm": 20.893552915374983,
  "snrd_csf": 30.080072867026256,
  "snrd_gm": 85.6048092491816,
  "snrd_total": 78.96740090083637,
  "snrd_wm": 121.21732058630126,
  "spacing_x": 1.0,
  "spacing_y": 1.0,
  "spacing_z": 1.0,
  "summary_bg_k": 20043.903927643158,
  "summary_bg_mad": 0.0,
  "summary_bg_mean": 1.7061209204762886,
  "summary_bg_median": 0.0,
  "summary_bg_n": 2984581.0,
  "summary_bg_p05": 0.0,
  "summary_bg_p95": 8.30202891305089,
  "summary_bg_stdv": 5.404846734511493,
  "summary_csf_k": 1.4453452000569005,
  "summary_csf_mad": 96.96508547360088,
  "summary_csf_mean": 258.6449757914706,
  "summary_csf_median": 248.15928959101439,
  "summary_csf_n": 32337.0,
  "summary_csf_p05": 98.94065045788885,
  "summary_csf_p95": 454.66568479835973,
  "summary_csf_stdv": 107.33054540199092,
  "summary_gm_k": 0.014188268085595812,
  "summary_gm_mad": 57.42159857741672,
  "summary_gm_mean": 705.9361462073231,
  "summary_gm_median": 706.2359437346458,
  "summary_gm_n": 33780.0,
  "summary_gm_p05": 611.5327089391649,
  "summary_gm_p95": 800.0000349879265,
  "summary_gm_stdv": 57.34348932173072,
  "summary_wm_k": 0.7091376478786979,
  "summary_wm_mad": 44.72312672906462,
  "summary_wm_mean": 999.2101065650764,
  "summary_wm_median": 1000.0376094765961,
  "summary_wm_n": 141930.0,
  "summary_wm_p05": 919.158567622304,
  "summary_wm_p95": 1075.6198817528784,
  "summary_wm_stdv": 47.86328541272733,
  "tpm_overlap_csf": 0.1610361252152984,
  "tpm_overlap_gm": 0.4869144249729635,
  "tpm_overlap_wm": 0.5145625485921085,
  "wm2max": 0.4543083913316273
}