{
  "bids_meta": {
    "AcquisitionMatrixPE": 240,
    "AcquisitionNumber": 1,
    "AcquisitionTime": "13:20:42.635000",
    "BaseResolution": 256,
    "BodyPartExamined": "BRAIN",
    "ConsistencyInfo": "N4_VE11C_LATEST_20160120",
    "ConversionSoftware": "dcm2niix",
    "ConversionSoftwareVersion": "v1.0.20210317",
    "DeviceSerialNumber": "45193",
    "DwellTime": 8.5e-06,
    "EchoTime": 0.00207,
    "FlipAngle": 9,
    "ImageOrientationPatientDICOM": [
      -0.055711,
      0.998447,
      -5.27626e-08,
      -0.0435204,
      -0.00242839,
      -0.99905
    ],
    "ImageType": [
      "ORIGINAL",
      "PRIMARY",
      "M",
      "ND",
      "NORM"
    ],
    "ImagingFrequency": 123.247,
    "InPlanePhaseEncodingDirectionDICOM": "ROW",
    "InstitutionAddress": "Blackburn Road 770,Clayton,Victoria,AU,3800",
    "InstitutionName": "Monash Biomedical Imaging",
    "InstitutionalDepartmentName": "Department",
    "InversionTime": 0.9,
    "MRAcquisitionType": "3D",
    "MagneticFieldStrength": 3,
    "Manufacturer": "Siemens",
    "ManufacturersModelName": "Skyra",
    "Modality": "MR",
    "ParallelReductionFactorInPlane": 3,
    "PartialFourier": 1,
    "PatientPosition": "HFS",
    "PercentPhaseFOV": 93.75,
    "PercentSampling": 100,
    "PhaseEncodingSteps": 238,
    "PhaseResolution": 1,
    "PixelBandwidth": 230,
    "ProcedureStepDescription": "MR Scan",
    "ProtocolName": "t1_mprage_sag_p3_iso_1",
    "PulseSequenceDetails": "%SiemensSeq%\\tfl",
    "ReceiveCoilActiveElements": "HEA;HEP",
    "ReceiveCoilName": "Head_32",
    "ReconMatrixPE": 240,
    "RefLinesPE": 32,
    "RepetitionTime": 2.3,
    "SAR": 0.0967076,
    "ScanOptions": "IR",
    "ScanningSequence": "GR\\IR",
    "SequenceName": "*tfl3d1_16ns",
    "SequenceVariant": "SK\\SP\\MP",
    "SeriesDescription": "t1_mprage_sag_p3_iso_1",
    "SeriesNumber": 2,
    "ShimSetting": [
      -4085,
      15379,
      -15541,
      -112,
      159,
      -108,
      -206,
      160
    ],
    "SliceThickness": 1,
    "SoftwareVersions": "syngo MR E11",
    "StationName": "AWP45193",
    "TxRefAmp": 389.038,
    "dataset": "<unset>",
    "modality": "T1w",
    "run_id": 1,
    "session_id": "02",
    "subject_id": "PC030"
  },
  "cjv": 0.4278735219683824,
  "cnr": 3.125359758269714,
  "efc": 0.5369205013892379,
  "fber": 10046.207100591715,
  "fwhm_avg": 3.7246,
  "fwhm_x": 3.75092,
  "fwhm_y": 3.69248,
  "fwhm_z": 3.7304,
  "icvs_csf": 0.20512485224960633,
  "icvs_gm": 0.42513561574619685,
  "icvs_wm": 0.3697395320041968,
  "inu_med": 0.5125184655189514,
  "inu_range": 0.17442681193351744,
  "provenance": {
    "md5sum": "172083e5d27b5e270a3e37a93439028b",
    "settings": {
      "testing": false
    },
    "software": "mriqc",
    "version": "22.0.6",
    "warnings": {
      "large_rot_frame": true,
      "small_air_mask": false
    },
    "webapi_port": null,
    "webapi_url": "https://mriqc.nimh.nih.gov/api/v1"
  },
  "qi_1": 0.0,
  "qi_2": 0.015250558784470873,
  "rpve_csf": 23.702000854010713,
  "rpve_gm": 12.047377016225134,
  "rpve_wm": 15.950999703045014,
  "size_x": 192,
  "size_y": 240,
  "size_z": 256,
  "snr_csf": 2.236420933027842,
  "snr_gm": 12.061845715209275,
  "snr_total": 11.627454368374428,
  "snr_wm": 20.58409645688617,
  "snrd_csf": 7.652849048141788,
  "snrd_gm": 21.517365120810137,
  "snrd_total": 19.35742165995482,
  "snrd_wm": 28.902050810912527,
  "spacing_x": 1.0,
  "spacing_y": 1.0,
  "spacing_z": 1.0,
  "summary_bg_k": 14915.136521145123,
  "summary_bg_mad": 0.0,
  "summary_bg_mean": 3.9779160375006124,
  "summary_bg_median": 0.0,
  "summary_bg_n": 2418407.0,
  "summary_bg_p05": 0.0,
  "summary_bg_p95": 22.46459336578846,
  "summary_bg_stdv": 22.66870055251635,
  "summary_csf_k": 1.5924587159608095,
  "summary_csf_mad": 103.61884077049307,
  "summary_csf_mean": 279.6844020256464,
  "summary_csf_median": 264.8000377416611,
  "summary_csf_n": 32008.0,
  "summary_csf_p05": 112.39622093774379,
  "summary_csf_p95": 500.56974347680807,
  "summary_csf_stdv": 118.4016377830885,
  "summary_gm_k": -0.0345602905472,
  "summary_gm_mad": 62.02649552333086,
  "summary_gm_mean": 743.7229453225821,
  "summary_gm_median": 744.5330569371581,
  "summary_gm_n": 32646.0,
  "summary_gm_p05": 640.7970995288342,
  "summary_gm_p95": 844.6470056325197,
  "summary_gm_stdv": 61.72535043974854,
  "summary_wm_k": 0.2607729869159088,
  "summary_wm_mad": 47.30425339522509,
  "summary_wm_mean": 1001.3702845721314,
  "summary_wm_median": 1000.0542408972979,
  "summary_wm_n": 227340.0,
  "summary_wm_p05": 924.3583284690976,
  "summary_wm_p95": 1083.2926134169102,
  "summary_wm_stdv": 48.583723046635654,
  "tpm_overlap_csf": 0.15853158762725084,
  "tpm_overlap_gm": 0.46178075356247317,
  "tpm_overlap_wm": 0.5182168047083624,
  "wm2max": 0.3110391035053077
}