{
  "bids_meta": {
    "AcquisitionMatrixPE": 240,
    "AcquisitionNumber": 1,
    "AcquisitionTime": "11:18:55.420000",
    "BaseResolution": 256,
    "BodyPartExamined": "BRAIN",
    "ConsistencyInfo": "N4_VE11C_LATEST_20160120",
    "ConversionSoftware": "dcm2niix",
    "ConversionSoftwareVersion": "v1.0.20210317",
    "DeviceSerialNumber": "45193",
    "DwellTime": 8.5e-06,
    "EchoTime": 0.00207,
    "FlipAngle": 9,
    "ImageOrientationPatientDICOM": [
      0.0123265,
      0.999924,
      1.56138e-08,
      0.0262062,
      -0.000323039,
      -0.999656
    ],
    "ImageType": [
      "ORIGINAL",
      "PRIMARY",
      "M",
      "ND",
      "NORM"
    ],
    "ImagingFrequency": 123.252,
    "InPlanePhaseEncodingDirectionDICOM": "ROW",
    "InstitutionAddress": "Blackburn Road 770,Clayton,Victoria,AU,3800",
    "InstitutionName": "Monash Biomedical Imaging",
    "InstitutionalDepartmentName": "Department",
    "InversionTime": 0.9,
    "MRAcquisitionType": "3D",
    "MagneticFieldStrength": 3,
    "Manufacturer": "Siemens",
    "ManufacturersModelName": "Skyra",
    "Modality": "MR",
    "ParallelReductionFactorInPlane": 3,
    "PartialFourier": 1,
    "PatientPosition": "HFS",
    "PercentPhaseFOV": 93.75,
    "PercentSampling": 100,
    "PhaseEncodingSteps": 238,
    "PhaseResolution": 1,
    "PixelBandwidth": 230,
    "ProcedureStepDescription": "MR Scan",
    "ProtocolName": "t1_mprage_sag_p3_iso_1",
    "PulseSequenceDetails": "%SiemensSeq%\\tfl",
    "ReceiveCoilActiveElements": "HEA;HEP",
    "ReceiveCoilName": "Head_32",
    "ReconMatrixPE": 240,
    "RefLinesPE": 32,
    "RepetitionTime": 2.3,
    "SAR": 0.0781848,
    "ScanOptions": "IR",
    "ScanningSequence": "GR\\IR",
    "SequenceName": "*tfl3d1_16ns",
    "SequenceVariant": "SK\\SP\\MP",
    "SeriesDescription": "t1_mprage_sag_p3_iso_1",
    "SeriesNumber": 2,
    "ShimSetting": [
      -4121,
      15461,
      -15515,
      -92,
      142,
      -177,
      -175,
      57
    ],
    "SliceThickness": 1,
    "SoftwareVersions": "syngo MR E11",
    "StationName": "AWP45193",
    "TxRefAmp": 359.067,
    "dataset": "<unset>",
    "modality": "T1w",
    "run_id": 1,
    "session_id": "02",
    "subject_id": "PC006"
  },
  "cjv": 0.4537911957698444,
  "cnr": 2.939063869237931,
  "efc": 0.5574248725874824,
  "fber": 11312.996956328443,
  "fwhm_avg": 3.53452,
  "fwhm_x": 3.4611,
  "fwhm_y": 3.55891,
  "fwhm_z": 3.58355,
  "icvs_csf": 0.15024160417424268,
  "icvs_gm": 0.4500492397159636,
  "icvs_wm": 0.3997091561097937,
  "inu_med": 0.6911544501781464,
  "inu_range": 0.2880048274993896,
  "provenance": {
    "md5sum": "78f0523f1f1ce503cea599fddea97e9c",
    "settings": {
      "testing": false
    },
    "software": "mriqc",
    "version": "22.0.6",
    "warnings": {
      "large_rot_frame": true,
      "small_air_mask": false
    },
    "webapi_port": null,
    "webapi_url": "https://mriqc.nimh.nih.gov/api/v1"
  },
  "qi_1": 0.0005112411010965062,
  "qi_2": 0.010290490557323142,
  "rpve_csf": 30.24438978689578,
  "rpve_gm": 11.134595130710366,
  "rpve_wm": 13.973120516996845,
  "size_x": 192,
  "size_y": 240,
  "size_z": 256,
  "snr_csf": 1.7033691241835536,
  "snr_gm": 10.759885543834347,
  "snr_total": 8.946986393094123,
  "snr_wm": 14.377704511264467,
  "snrd_csf": 7.9583646949553595,
  "snrd_gm": 20.59145235827434,
  "snrd_total": 19.178192673320975,
  "snrd_wm": 28.984760966733223,
  "spacing_x": 1.0,
  "spacing_y": 1.0,
  "spacing_z": 1.0,
  "summary_bg_k": 6090.304814480433,
  "summary_bg_mad": 0.0,
  "summary_bg_mean": 7.137417456107244,
  "summary_bg_median": 0.0,
  "summary_bg_n": 3554447.0,
  "summary_bg_p05": 0.0,
  "summary_bg_p95": 35.158575899899006,
  "summary_bg_stdv": 22.604710198362728,
  "summary_csf_k": 25.178150249625077,
  "summary_csf_mad": 117.29966852719238,
  "summary_csf_mean": 296.712436641529,
  "summary_csf_median": 274.59400451928377,
  "summary_csf_n": 14547.0,
  "summary_csf_p05": 104.97832100316883,
  "summary_csf_p95": 522.6468978725374,
  "summary_csf_stdv": 161.20085910479833,
  "summary_gm_k": -0.0418871133314167,
  "summary_gm_mad": 65.99288175602925,
  "summary_gm_mean": 710.7267383323714,
  "summary_gm_median": 710.4838215708733,
  "summary_gm_n": 28370.0,
  "summary_gm_p05": 601.5411266829818,
  "summary_gm_p95": 819.5306742712855,
  "summary_gm_stdv": 66.02963357007667,
  "summary_wm_k": 0.711668987574122,
  "summary_wm_mad": 65.42560770081982,
  "summary_wm_mean": 1005.9165665688048,
  "summary_wm_median": 1000.0850537717342,
  "summary_wm_n": 213083.0,
  "summary_wm_p05": 902.8569242879748,
  "summary_wm_p95": 1129.1557145118713,
  "summary_wm_stdv": 69.55788431194941,
  "tpm_overlap_csf": 0.1452380985534918,
  "tpm_overlap_gm": 0.4519996520125348,
  "tpm_overlap_wm": 0.49261080347409536,
  "wm2max": 0.4226468535891968
}