{
  "aor": 0.0014663118811881184,
  "aqi": 0.030020878217821786,
  "bids_meta": {
    "AcquisitionMatrixPE": 64,
    "AcquisitionNumber": 1,
    "AcquisitionTime": "10:58:45.565000",
    "BandwidthPerPixelPhaseEncode": 62.5,
    "BaseResolution": 64,
    "BodyPartExamined": "BRAIN",
    "ConsistencyInfo": "N4_VE11C_LATEST_20160120",
    "ConversionSoftware": "dcm2niix",
    "ConversionSoftwareVersion": "v1.0.20210317",
    "DerivedVendorReportedEchoSpacing": 0.0005,
    "DeviceSerialNumber": "45193",
    "DwellTime": 3.1e-06,
    "EchoNumber": 3,
    "EchoTime": 0.04586,
    "EchoTrainLength": 31,
    "EffectiveEchoSpacing": 0.00025,
    "FlipAngle": 56,
    "ImageComments": "Unaliased MB4/PE4/LB",
    "ImageOrientationPatientDICOM": [
      0.998969,
      -0.00846846,
      -0.0446007,
      2.11441e-10,
      0.982447,
      -0.18654
    ],
    "ImageType": [
      "ORIGINAL",
      "PRIMARY",
      "M",
      "MB",
      "TE3",
      "ND",
      "NORM",
      "MOSAIC"
    ],
    "ImagingFrequency": 123.247,
    "InPlanePhaseEncodingDirectionDICOM": "ROW",
    "InstitutionAddress": "Blackburn Road 770,Clayton,Victoria,AU,3800",
    "InstitutionName": "Monash Biomedical Imaging",
    "InstitutionalDepartmentName": "Department",
    "MRAcquisitionType": "2D",
    "MagneticFieldStrength": 3,
    "Manufacturer": "Siemens",
    "ManufacturersModelName": "Skyra",
    "Modality": "MR",
    "MultibandAccelerationFactor": 4,
    "ParallelReductionFactorInPlane": 2,
    "PartialFourier": 1,
    "PatientPosition": "HFS",
    "PercentPhaseFOV": 100,
    "PercentSampling": 100,
    "PhaseEncodingDirection": "i",
    "PhaseEncodingSteps": 63,
    "PhaseResolution": 1,
    "PixelBandwidth": 2520,
    "ProcedureStepDescription": "MR Scan",
    "ProtocolName": "Meditation_R-L_mmb_4_4_cmrr_mbep2d_bold_TE_12.6_29.23_45.86_62.5",
    "PulseSequenceDetails": "%CustomerSeq%\\cmrr_mbep2d_bold",
    "ReceiveCoilActiveElements": "HEA;HEP",
    "ReceiveCoilName": "Head_32",
    "ReconMatrixPE": 64,
    "RefLinesPE": 24,
    "RepetitionTime": 0.91,
    "SAR": 0.0779077,
    "ScanOptions": "FS",
    "ScanningSequence": "EP",
    "SequenceName": "epfid2d4_64",
    "SequenceVariant": "SK\\SS",
    "SeriesDescription": "Meditation_R-L_mmb_4_4_cmrr_mbep2d_bold_TE_12.6_29.23_45.86_62.5",
    "SeriesNumber": 5,
    "ShimSetting": [
      -4088,
      15270,
      -15123,
      450,
      281,
      222,
      -130,
      147
    ],
    "SliceThickness": 3.2,
    "SliceTiming": [
      0,
      0.6225,
      0.355,
      0.09,
      0.7125,
      0.445,
      0.1775,
      0.8,
      0.535,
      0.2675,
      0,
      0.6225,
      0.355,
      0.09,
      0.7125,
      0.445,
      0.1775,
      0.8,
      0.535,
      0.2675,
      0,
      0.6225,
      0.355,
      0.09,
      0.7125,
      0.445,
      0.1775,
      0.8,
      0.535,
      0.2675,
      0,
      0.6225,
      0.355,
      0.09,
      0.7125,
      0.445,
      0.1775,
      0.8,
      0.535,
      0.2675
    ],
    "SoftwareVersions": "syngo MR E11",
    "SpacingBetweenSlices": 3.2,
    "StationName": "AWP45193",
    "TaskName": "meditation",
    "TotalReadoutTime": 0.01575,
    "TxRefAmp": 383.418,
    "WipMemBlock": "f56b6b96-331c-416f-8903-1c986ae3aefc||Sequence: R016 ve11c/master r/e634e98; Dec 19 2017 11:00:25 by eja",
    "dataset": "<unset>",
    "modality": "bold",
    "run_id": 1,
    "session_id": "02",
    "subject_id": "PC012",
    "task_id": "meditation"
  },
  "dummy_trs": 1,
  "dvars_nstd": 44.4775609095534,
  "dvars_std": 1.0471729025558312,
  "dvars_vstd": 0.9577904671464019,
  "efc": 0.5016547276731695,
  "fber": 1711.1676025390625,
  "fd_mean": 0.11491968983202505,
  "fd_num": 36,
  "fd_perc": 8.910891089108912,
  "fwhm_avg": 1.6669693202210514,
  "fwhm_x": 1.5472714563106795,
  "fwhm_y": 1.7910990291262137,
  "fwhm_z": 1.6625374752262612,
  "gcor": 0.00713687,
  "gsr_x": 0.0030225622467696667,
  "gsr_y": 0.02197924815118313,
  "provenance": {
    "md5sum": "33dc2f80bbd40991fb29bb7e10bd166d",
    "settings": {
      "fd_thres": 0.2,
      "testing": false
    },
    "software": "mriqc",
    "version": "22.0.6",
    "webapi_port": null,
    "webapi_url": "https://mriqc.nimh.nih.gov/api/v1"
  },
  "size_t": 404,
  "size_x": 64,
  "size_y": 64,
  "size_z": 40,
  "snr": 3.9431078715635897,
  "spacing_tr": 0.9100000262260437,
  "spacing_x": 3.21875,
  "spacing_y": 3.21875,
  "spacing_z": 3.200000047683716,
  "summary_bg_k": 25.584418240777136,
  "summary_bg_mad": 57.186608317226494,
  "summary_bg_mean": 111.47145080566406,
  "summary_bg_median": 69.05445098876953,
  "summary_bg_n": 98526.0,
  "summary_bg_p05": 17.910890579223633,
  "summary_bg_p95": 355.57054138183594,
  "summary_bg_stdv": 142.53924560546875,
  "summary_fg_k": 6.194752933764457,
  "summary_fg_mad": 524.1386143289812,
  "summary_fg_mean": 2942.65234375,
  "summary_fg_median": 2836.98876953125,
  "summary_fg_n": 30440.0,
  "summary_fg_p05": 2082.6085693359373,
  "summary_fg_p95": 4125.606518554687,
  "summary_fg_stdv": 719.4685668945312,
  "tsnr": 25.039774703327566
}