{
  "aor": 0.0018844093406593404,
  "aqi": 0.031109848489010987,
  "bids_meta": {
    "AcquisitionMatrixPE": 64,
    "AcquisitionNumber": 1,
    "AcquisitionTime": "11:06:9.305000",
    "BandwidthPerPixelPhaseEncode": 62.5,
    "BaseResolution": 64,
    "BodyPartExamined": "BRAIN",
    "ConsistencyInfo": "N4_VE11C_LATEST_20160120",
    "ConversionSoftware": "dcm2niix",
    "ConversionSoftwareVersion": "v1.0.20210317",
    "DerivedVendorReportedEchoSpacing": 0.0005,
    "DeviceSerialNumber": "45193",
    "DwellTime": 3.1e-06,
    "EchoNumber": 1,
    "EchoTime": 0.0126,
    "EchoTrainLength": 31,
    "EffectiveEchoSpacing": 0.00025,
    "FlipAngle": 56,
    "ImageComments": "Unaliased MB4/PE4/LB",
    "ImageOrientationPatientDICOM": [
      0.998969,
      -0.00846846,
      -0.0446007,
      2.11441e-10,
      0.982447,
      -0.18654
    ],
    "ImageType": [
      "ORIGINAL",
      "PRIMARY",
      "M",
      "MB",
      "TE1",
      "ND",
      "NORM",
      "MOSAIC"
    ],
    "ImagingFrequency": 123.247,
    "InPlanePhaseEncodingDirectionDICOM": "ROW",
    "InstitutionAddress": "Blackburn Road 770,Clayton,Victoria,AU,3800",
    "InstitutionName": "Monash Biomedical Imaging",
    "InstitutionalDepartmentName": "Department",
    "MRAcquisitionType": "2D",
    "MagneticFieldStrength": 3,
    "Manufacturer": "Siemens",
    "ManufacturersModelName": "Skyra",
    "Modality": "MR",
    "MultibandAccelerationFactor": 4,
    "ParallelReductionFactorInPlane": 2,
    "PartialFourier": 1,
    "PatientPosition": "HFS",
    "PercentPhaseFOV": 100,
    "PercentSampling": 100,
    "PhaseEncodingDirection": "i",
    "PhaseEncodingSteps": 63,
    "PhaseResolution": 1,
    "PixelBandwidth": 2520,
    "ProcedureStepDescription": "MR Scan",
    "ProtocolName": "Music_R-L_mmb_4_4_cmrr_mbep2d_bold_TE_12.6_29.23_45.86_62.49",
    "PulseSequenceDetails": "%CustomerSeq%\\cmrr_mbep2d_bold",
    "ReceiveCoilActiveElements": "HEA;HEP",
    "ReceiveCoilName": "Head_32",
    "ReconMatrixPE": 64,
    "RefLinesPE": 24,
    "RepetitionTime": 0.91,
    "SAR": 0.0786379,
    "ScanOptions": "FS",
    "ScanningSequence": "EP",
    "SequenceName": "epfid2d4_64",
    "SequenceVariant": "SK\\SS",
    "SeriesDescription": "Music_R-L_mmb_4_4_cmrr_mbep2d_bold_TE_12.6_29.23_45.86_62.49",
    "SeriesNumber": 7,
    "ShimSetting": [
      -4088,
      15270,
      -15123,
      450,
      281,
      222,
      -130,
      147
    ],
    "SliceThickness": 3.2,
    "SliceTiming": [
      0,
      0.6225,
      0.3575,
      0.09,
      0.7125,
      0.445,
      0.1775,
      0.8025,
      0.535,
      0.2675,
      0,
      0.6225,
      0.3575,
      0.09,
      0.7125,
      0.445,
      0.1775,
      0.8025,
      0.535,
      0.2675,
      0,
      0.6225,
      0.3575,
      0.09,
      0.7125,
      0.445,
      0.1775,
      0.8025,
      0.535,
      0.2675,
      0,
      0.6225,
      0.3575,
      0.09,
      0.7125,
      0.445,
      0.1775,
      0.8025,
      0.535,
      0.2675
    ],
    "SoftwareVersions": "syngo MR E11",
    "SpacingBetweenSlices": 3.2,
    "StationName": "AWP45193",
    "TaskName": "music",
    "TotalReadoutTime": 0.01575,
    "TxRefAmp": 383.418,
    "WipMemBlock": "23bdff0d-aea6-4bcc-9a12-f60fe9477976||Sequence: R016 ve11c/master r/e634e98; Dec 19 2017 11:00:25 by eja",
    "dataset": "<unset>",
    "modality": "bold",
    "run_id": 1,
    "session_id": "02",
    "subject_id": "PC012",
    "task_id": "music"
  },
  "dummy_trs": 0,
  "dvars_nstd": 29.609633394580463,
  "dvars_std": 1.0168447395048141,
  "dvars_vstd": 0.960085891072902,
  "efc": 0.5829966158333637,
  "fber": 1625.9420166015625,
  "fd_mean": 0.23737406941845993,
  "fd_num": 275,
  "fd_perc": 37.77472527472528,
  "fwhm_avg": 1.9170453018224454,
  "fwhm_x": 1.7812846601941748,
  "fwhm_y": 2.023782524271845,
  "fwhm_z": 1.9460687210013163,
  "gcor": 0.0162342,
  "gsr_x": -0.0005006305291317403,
  "gsr_y": 0.07583695650100708,
  "provenance": {
    "md5sum": "e9e2d4650f157b8619b109ac4f713686",
    "settings": {
      "fd_thres": 0.2,
      "testing": false
    },
    "software": "mriqc",
    "version": "22.0.6",
    "webapi_port": null,
    "webapi_url": "https://mriqc.nimh.nih.gov/api/v1"
  },
  "size_t": 728,
  "size_x": 64,
  "size_y": 64,
  "size_z": 40,
  "snr": 7.841117276915538,
  "spacing_tr": 0.9100000262260437,
  "spacing_x": 3.21875,
  "spacing_y": 3.21875,
  "spacing_z": 3.200000047683716,
  "summary_bg_k": 7.419462444636229,
  "summary_bg_mad": 145.81230840366663,
  "summary_bg_mean": 510.9750061035156,
  "summary_bg_median": 136.217041015625,
  "summary_bg_n": 94569.0,
  "summary_bg_p05": 23.243681716918946,
  "summary_bg_p95": 2343.773974609374,
  "summary_bg_stdv": 809.70361328125,
  "summary_fg_k": 0.8034258799191023,
  "summary_fg_mad": 650.7899812375088,
  "summary_fg_mean": 5357.6083984375,
  "summary_fg_median": 5302.943359375,
  "summary_fg_n": 34560.0,
  "summary_fg_p05": 4358.2234375,
  "summary_fg_p95": 6542.439916992187,
  "summary_fg_stdv": 676.2896728515625,
  "tsnr": 35.27594123221934
}