{
  "aor": 0.0014525,
  "aqi": 0.05308916771978022,
  "bids_meta": {
    "AcquisitionMatrixPE": 64,
    "AcquisitionNumber": 1,
    "AcquisitionTime": "11:06:9.355000",
    "BandwidthPerPixelPhaseEncode": 62.5,
    "BaseResolution": 64,
    "BodyPartExamined": "BRAIN",
    "ConsistencyInfo": "N4_VE11C_LATEST_20160120",
    "ConversionSoftware": "dcm2niix",
    "ConversionSoftwareVersion": "v1.0.20210317",
    "DerivedVendorReportedEchoSpacing": 0.0005,
    "DeviceSerialNumber": "45193",
    "DwellTime": 3.1e-06,
    "EchoNumber": 4,
    "EchoTime": 0.06249,
    "EchoTrainLength": 31,
    "EffectiveEchoSpacing": 0.00025,
    "FlipAngle": 56,
    "ImageComments": "Unaliased MB4/PE4/LB",
    "ImageOrientationPatientDICOM": [
      0.998969,
      -0.00846846,
      -0.0446007,
      2.11441e-10,
      0.982447,
      -0.18654
    ],
    "ImageType": [
      "ORIGINAL",
      "PRIMARY",
      "M",
      "MB",
      "TE4",
      "ND",
      "NORM",
      "MOSAIC"
    ],
    "ImagingFrequency": 123.247,
    "InPlanePhaseEncodingDirectionDICOM": "ROW",
    "InstitutionAddress": "Blackburn Road 770,Clayton,Victoria,AU,3800",
    "InstitutionName": "Monash Biomedical Imaging",
    "InstitutionalDepartmentName": "Department",
    "MRAcquisitionType": "2D",
    "MagneticFieldStrength": 3,
    "Manufacturer": "Siemens",
    "ManufacturersModelName": "Skyra",
    "Modality": "MR",
    "MultibandAccelerationFactor": 4,
    "ParallelReductionFactorInPlane": 2,
    "PartialFourier": 1,
    "PatientPosition": "HFS",
    "PercentPhaseFOV": 100,
    "PercentSampling": 100,
    "PhaseEncodingDirection": "i",
    "PhaseEncodingSteps": 63,
    "PhaseResolution": 1,
    "PixelBandwidth": 2520,
    "ProcedureStepDescription": "MR Scan",
    "ProtocolName": "Music_R-L_mmb_4_4_cmrr_mbep2d_bold_TE_12.6_29.23_45.86_62.49",
    "PulseSequenceDetails": "%CustomerSeq%\\cmrr_mbep2d_bold",
    "ReceiveCoilActiveElements": "HEA;HEP",
    "ReceiveCoilName": "Head_32",
    "ReconMatrixPE": 64,
    "RefLinesPE": 24,
    "RepetitionTime": 0.91,
    "SAR": 0.0786379,
    "ScanOptions": "FS",
    "ScanningSequence": "EP",
    "SequenceName": "epfid2d4_64",
    "SequenceVariant": "SK\\SS",
    "SeriesDescription": "Music_R-L_mmb_4_4_cmrr_mbep2d_bold_TE_12.6_29.23_45.86_62.49",
    "SeriesNumber": 7,
    "ShimSetting": [
      -4088,
      15270,
      -15123,
      450,
      281,
      222,
      -130,
      147
    ],
    "SliceThickness": 3.2,
    "SliceTiming": [
      0,
      0.6225,
      0.3575,
      0.09,
      0.7125,
      0.445,
      0.1775,
      0.8025,
      0.535,
      0.2675,
      0,
      0.6225,
      0.3575,
      0.09,
      0.7125,
      0.445,
      0.1775,
      0.8025,
      0.535,
      0.2675,
      0,
      0.6225,
      0.3575,
      0.09,
      0.7125,
      0.445,
      0.1775,
      0.8025,
      0.535,
      0.2675,
      0,
      0.6225,
      0.3575,
      0.09,
      0.7125,
      0.445,
      0.1775,
      0.8025,
      0.535,
      0.2675
    ],
    "SoftwareVersions": "syngo MR E11",
    "SpacingBetweenSlices": 3.2,
    "StationName": "AWP45193",
    "TaskName": "music",
    "TotalReadoutTime": 0.01575,
    "TxRefAmp": 383.418,
    "WipMemBlock": "23bdff0d-aea6-4bcc-9a12-f60fe9477976||Sequence: R016 ve11c/master r/e634e98; Dec 19 2017 11:00:25 by eja",
    "dataset": "<unset>",
    "modality": "bold",
    "run_id": 1,
    "session_id": "02",
    "subject_id": "PC012",
    "task_id": "music"
  },
  "dummy_trs": 0,
  "dvars_nstd": 64.58588220524074,
  "dvars_std": 1.003905944264099,
  "dvars_vstd": 0.9461631555983498,
  "efc": 0.48313204412149735,
  "fber": 1350.4759521484375,
  "fd_mean": 0.24608906736965083,
  "fd_num": 298,
  "fd_perc": 40.934065934065934,
  "fwhm_avg": 1.6236599695898313,
  "fwhm_x": 1.4659914563106795,
  "fwhm_y": 1.7619666019417477,
  "fwhm_z": 1.6430218505170666,
  "gcor": 0.0200039,
  "gsr_x": 0.0039411126635968685,
  "gsr_y": 0.022169779986143112,
  "provenance": {
    "md5sum": "e220f8c8527c04dcd8dcc8988e6a5988",
    "settings": {
      "fd_thres": 0.2,
      "testing": false
    },
    "software": "mriqc",
    "version": "22.0.6",
    "webapi_port": null,
    "webapi_url": "https://mriqc.nimh.nih.gov/api/v1"
  },
  "size_t": 728,
  "size_x": 64,
  "size_y": 64,
  "size_z": 40,
  "snr": 2.9912098461024477,
  "spacing_tr": 0.9100000262260437,
  "spacing_x": 3.21875,
  "spacing_y": 3.21875,
  "spacing_z": 3.200000047683716,
  "summary_bg_k": 36.66335621666044,
  "summary_bg_mad": 40.47626671632969,
  "summary_bg_mean": 81.31375885009766,
  "summary_bg_median": 55.67582702636719,
  "summary_bg_n": 101209.0,
  "summary_bg_p05": 17.901649475097656,
  "summary_bg_p95": 243.45412597656207,
  "summary_bg_stdv": 87.17401885986328,
  "summary_fg_k": 10.785001241271303,
  "summary_fg_mad": 446.07993329175036,
  "summary_fg_mean": 2151.64892578125,
  "summary_fg_median": 2035.5302734375,
  "summary_fg_n": 27655.0,
  "summary_fg_p05": 1396.0168823242188,
  "summary_fg_p95": 3254.410961914062,
  "summary_fg_stdv": 680.49169921875,
  "tsnr": 15.070606942812447
}