{
  "aor": 0.0005964691358024692,
  "aqi": 0.018484253580246916,
  "bids_meta": {
    "AcquisitionMatrixPE": 64,
    "AcquisitionNumber": 1,
    "AcquisitionTime": "14:26:27.460000",
    "BandwidthPerPixelPhaseEncode": 62.5,
    "BaseResolution": 64,
    "BodyPartExamined": "BRAIN",
    "ConsistencyInfo": "N4_VE11C_LATEST_20160120",
    "ConversionSoftware": "dcm2niix",
    "ConversionSoftwareVersion": "v1.0.20210317",
    "DerivedVendorReportedEchoSpacing": 0.0005,
    "DeviceSerialNumber": "45193",
    "DwellTime": 3.1e-06,
    "EchoNumber": 2,
    "EchoTime": 0.02923,
    "EchoTrainLength": 31,
    "EffectiveEchoSpacing": 0.00025,
    "FlipAngle": 56,
    "ImageComments": "Unaliased MB4/PE4/LB",
    "ImageOrientationPatientDICOM": [
      0.999952,
      0.00113192,
      0.00970968,
      -2.0907e-11,
      0.993273,
      -0.115792
    ],
    "ImageType": [
      "ORIGINAL",
      "PRIMARY",
      "M",
      "MB",
      "TE2",
      "ND",
      "NORM",
      "MOSAIC"
    ],
    "ImagingFrequency": 123.247,
    "InPlanePhaseEncodingDirectionDICOM": "ROW",
    "InstitutionAddress": "Blackburn Road 770,Clayton,Victoria,AU,3800",
    "InstitutionName": "Monash Biomedical Imaging",
    "InstitutionalDepartmentName": "Department",
    "MRAcquisitionType": "2D",
    "MagneticFieldStrength": 3,
    "Manufacturer": "Siemens",
    "ManufacturersModelName": "Skyra",
    "Modality": "MR",
    "MultibandAccelerationFactor": 4,
    "ParallelReductionFactorInPlane": 2,
    "PartialFourier": 1,
    "PatientPosition": "HFS",
    "PercentPhaseFOV": 100,
    "PercentSampling": 100,
    "PhaseEncodingDirection": "i",
    "PhaseEncodingSteps": 63,
    "PhaseResolution": 1,
    "PixelBandwidth": 2520,
    "ProcedureStepDescription": "MR Scan",
    "ProtocolName": "Meditation_R-L_mmb_4_4_cmrr_mbep2d_bold_TE_12.6_29.23_45.86_62.5",
    "PulseSequenceDetails": "%CustomerSeq%\\cmrr_mbep2d_bold",
    "ReceiveCoilActiveElements": "HEA;HEP",
    "ReceiveCoilName": "Head_32",
    "ReconMatrixPE": 64,
    "RefLinesPE": 24,
    "RepetitionTime": 0.91,
    "SAR": 0.0866464,
    "ScanOptions": "FS",
    "ScanningSequence": "EP",
    "SequenceName": "epfid2d4_64",
    "SequenceVariant": "SK\\SS",
    "SeriesDescription": "Meditation_R-L_mmb_4_4_cmrr_mbep2d_bold_TE_12.6_29.23_45.86_62.5",
    "SeriesNumber": 5,
    "ShimSetting": [
      -4064,
      15232,
      -14991,
      502,
      323,
      -272,
      -417,
      238
    ],
    "SliceThickness": 3.2,
    "SliceTiming": [
      0,
      0.6225,
      0.355,
      0.0875,
      0.71,
      0.445,
      0.1775,
      0.8,
      0.5325,
      0.265,
      0,
      0.6225,
      0.355,
      0.0875,
      0.71,
      0.445,
      0.1775,
      0.8,
      0.5325,
      0.265,
      0,
      0.6225,
      0.355,
      0.0875,
      0.71,
      0.445,
      0.1775,
      0.8,
      0.5325,
      0.265,
      0,
      0.6225,
      0.355,
      0.0875,
      0.71,
      0.445,
      0.1775,
      0.8,
      0.5325,
      0.265
    ],
    "SoftwareVersions": "syngo MR E11",
    "SpacingBetweenSlices": 3.2,
    "StationName": "AWP45193",
    "TaskName": "meditation",
    "TotalReadoutTime": 0.01575,
    "TxRefAmp": 351.411,
    "WipMemBlock": "0cff0b4c-da53-4c05-ac71-f9d636d80101||Sequence: R016 ve11c/master r/e634e98; Dec 19 2017 11:00:25 by eja",
    "dataset": "<unset>",
    "modality": "bold",
    "run_id": 1,
    "session_id": "02",
    "subject_id": "PC217",
    "task_id": "meditation"
  },
  "dummy_trs": 0,
  "dvars_nstd": 34.06991559685641,
  "dvars_std": 1.0527203836881187,
  "dvars_vstd": 0.9752426893811879,
  "efc": 0.49715018488748475,
  "fber": 3313.982421875,
  "fd_mean": 0.14385681185396548,
  "fd_num": 79,
  "fd_perc": 19.506172839506174,
  "fwhm_avg": 1.9295271974150079,
  "fwhm_x": 1.9296,
  "fwhm_y": 1.986603495145631,
  "fwhm_z": 1.872378097099392,
  "gcor": 0.0136849,
  "gsr_x": -0.0005961653660051525,
  "gsr_y": 0.01893835887312889,
  "provenance": {
    "md5sum": "5e48c280229dddb57f72a1aa313cadd7",
    "settings": {
      "fd_thres": 0.2,
      "testing": false
    },
    "software": "mriqc",
    "version": "22.0.6",
    "webapi_port": null,
    "webapi_url": "https://mriqc.nimh.nih.gov/api/v1"
  },
  "size_t": 405,
  "size_x": 64,
  "size_y": 64,
  "size_z": 40,
  "snr": 5.452497103902431,
  "spacing_tr": 0.9100000262260437,
  "spacing_x": 3.21875,
  "spacing_y": 3.21875,
  "spacing_z": 3.200000047683716,
  "summary_bg_k": 72.20736771839371,
  "summary_bg_mad": 55.93620564051077,
  "summary_bg_mean": 151.3356475830078,
  "summary_bg_median": 65.9234619140625,
  "summary_bg_n": 100954.0,
  "summary_bg_p05": 19.232099533081055,
  "summary_bg_p95": 530.4262115478494,
  "summary_bg_stdv": 294.3622131347656,
  "summary_fg_k": 0.90986483246003,
  "summary_fg_mad": 654.7847906575619,
  "summary_fg_mean": 3861.60498046875,
  "summary_fg_median": 3784.4052734375,
  "summary_fg_n": 29360.0,
  "summary_fg_p05": 2880.4903198242187,
  "summary_fg_p95": 5108.1778564453125,
  "summary_fg_stdv": 694.0564575195312,
  "tsnr": 34.09607367380522
}