{
  "aor": 0.0002552390438247012,
  "aqi": 0.00832145952191235,
  "bids_meta": {
    "AcquisitionMatrixPE": 64,
    "AcquisitionNumber": 1,
    "AcquisitionTime": "12:54:47.635000",
    "BandwidthPerPixelPhaseEncode": 62.5,
    "BaseResolution": 64,
    "BodyPartExamined": "BRAIN",
    "ConsistencyInfo": "N4_VE11C_LATEST_20160120",
    "ConversionSoftware": "dcm2niix",
    "ConversionSoftwareVersion": "v1.0.20210317",
    "DerivedVendorReportedEchoSpacing": 0.0005,
    "DeviceSerialNumber": "45193",
    "DwellTime": 3.1e-06,
    "EchoNumber": 1,
    "EchoTime": 0.0126,
    "EchoTrainLength": 31,
    "EffectiveEchoSpacing": 0.00025,
    "FlipAngle": 56,
    "ImageComments": "Unaliased MB4/PE4/LB",
    "ImageOrientationPatientDICOM": [
      0.999987,
      0.000670966,
      0.00502985,
      -1.8623e-11,
      0.99122,
      -0.132226
    ],
    "ImageType": [
      "ORIGINAL",
      "PRIMARY",
      "M",
      "MB",
      "TE1",
      "ND",
      "NORM",
      "MOSAIC"
    ],
    "ImagingFrequency": 123.252,
    "InPlanePhaseEncodingDirectionDICOM": "ROW",
    "InstitutionAddress": "Blackburn Road 770,Clayton,Victoria,AU,3800",
    "InstitutionName": "Monash Biomedical Imaging",
    "InstitutionalDepartmentName": "Department",
    "MRAcquisitionType": "2D",
    "MagneticFieldStrength": 3,
    "Manufacturer": "Siemens",
    "ManufacturersModelName": "Skyra",
    "Modality": "MR",
    "MultibandAccelerationFactor": 4,
    "ParallelReductionFactorInPlane": 2,
    "PartialFourier": 1,
    "PatientPosition": "HFS",
    "PercentPhaseFOV": 100,
    "PercentSampling": 100,
    "PhaseEncodingDirection": "i",
    "PhaseEncodingSteps": 63,
    "PhaseResolution": 1,
    "PixelBandwidth": 2520,
    "ProcedureStepDescription": "MR Scan",
    "ProtocolName": "Rest_R-L_mmb_4_4_cmrr_mbep2d_bold_TE_12.6_29.23_45.86_62.49",
    "PulseSequenceDetails": "%CustomerSeq%\\cmrr_mbep2d_bold",
    "ReceiveCoilActiveElements": "HEA;HEP",
    "ReceiveCoilName": "Head_32",
    "ReconMatrixPE": 64,
    "RefLinesPE": 24,
    "RepetitionTime": 0.91,
    "SAR": 0.0775552,
    "ScanOptions": "FS",
    "ScanningSequence": "EP",
    "SequenceName": "epfid2d4_64",
    "SequenceVariant": "SK\\SS",
    "SeriesDescription": "Rest_R-L_mmb_4_4_cmrr_mbep2d_bold_TE_12.6_29.23_45.86_62.49",
    "SeriesNumber": 5,
    "ShimSetting": [
      -4135,
      15425,
      -15496,
      84,
      -18,
      -77,
      -316,
      121
    ],
    "SliceThickness": 3.2,
    "SliceTiming": [
      0,
      0.6225,
      0.355,
      0.0875,
      0.7125,
      0.445,
      0.1775,
      0.8,
      0.5325,
      0.2675,
      0,
      0.6225,
      0.355,
      0.0875,
      0.7125,
      0.445,
      0.1775,
      0.8,
      0.5325,
      0.2675,
      0,
      0.6225,
      0.355,
      0.0875,
      0.7125,
      0.445,
      0.1775,
      0.8,
      0.5325,
      0.2675,
      0,
      0.6225,
      0.355,
      0.0875,
      0.7125,
      0.445,
      0.1775,
      0.8,
      0.5325,
      0.2675
    ],
    "SoftwareVersions": "syngo MR E11",
    "SpacingBetweenSlices": 3.2,
    "StationName": "AWP45193",
    "TaskName": "rest",
    "TotalReadoutTime": 0.01575,
    "TxRefAmp": 356.879,
    "WipMemBlock": "75218211-7c40-4e95-99de-9760315ffe01||Sequence: R016 ve11c/master r/e634e98; Dec 19 2017 11:00:25 by eja",
    "dataset": "<unset>",
    "modality": "bold",
    "run_id": 1,
    "session_id": "01",
    "subject_id": "PC229",
    "task_id": "rest"
  },
  "dummy_trs": 2,
  "dvars_nstd": 27.229237063592798,
  "dvars_std": 1.177027640618763,
  "dvars_vstd": 0.9870804674451088,
  "efc": 0.5211935694452839,
  "fber": 3776.416748046875,
  "fd_mean": 0.13162801204837216,
  "fd_num": 97,
  "fd_perc": 19.322709163346612,
  "fwhm_avg": 1.9387939644349366,
  "fwhm_x": 1.8838679611650484,
  "fwhm_y": 1.903217087378641,
  "fwhm_z": 2.0292968447611206,
  "gcor": 0.0180243,
  "gsr_x": 0.005005891900509596,
  "gsr_y": 0.010311909951269627,
  "provenance": {
    "md5sum": "a2cf07e1ccf20caa70194a8c877eeb47",
    "settings": {
      "fd_thres": 0.2,
      "testing": false
    },
    "software": "mriqc",
    "version": "22.0.6",
    "webapi_port": null,
    "webapi_url": "https://mriqc.nimh.nih.gov/api/v1"
  },
  "size_t": 502,
  "size_x": 64,
  "size_y": 64,
  "size_z": 40,
  "snr": 7.316613649142719,
  "spacing_tr": 0.9100000262260437,
  "spacing_x": 3.21875,
  "spacing_y": 3.21875,
  "spacing_z": 3.200000047683716,
  "summary_bg_k": 22.821387453704887,
  "summary_bg_mad": 89.6605167773385,
  "summary_bg_mean": 347.501708984375,
  "summary_bg_median": 93.67729187011719,
  "summary_bg_n": 101594.0,
  "summary_bg_p05": 23.559064102172854,
  "summary_bg_p95": 1606.5081115722635,
  "summary_bg_stdv": 655.776123046875,
  "summary_fg_k": 0.2525698126371254,
  "summary_fg_mad": 769.1368211198708,
  "summary_fg_mean": 5714.10888671875,
  "summary_fg_median": 5661.58203125,
  "summary_fg_n": 28982.0,
  "summary_fg_p05": 4531.3133544921875,
  "summary_fg_p95": 7072.293481445312,
  "summary_fg_stdv": 773.7847900390625,
  "tsnr": 58.10766505054198
}