{
  "aor": 0.00039506738544474397,
  "aqi": 0.010696312506738543,
  "bids_meta": {
    "AcquisitionMatrixPE": 64,
    "AcquisitionNumber": 1,
    "AcquisitionTime": "13:37:39.937500",
    "BandwidthPerPixelPhaseEncode": 62.5,
    "BaseResolution": 64,
    "BodyPartExamined": "BRAIN",
    "ConsistencyInfo": "N4_VE11C_LATEST_20160120",
    "ConversionSoftware": "dcm2niix",
    "ConversionSoftwareVersion": "v1.0.20210317",
    "DerivedVendorReportedEchoSpacing": 0.0005,
    "DeviceSerialNumber": "45193",
    "DwellTime": 3.1e-06,
    "EchoNumber": 3,
    "EchoTime": 0.04586,
    "EchoTrainLength": 31,
    "EffectiveEchoSpacing": 0.00025,
    "FlipAngle": 56,
    "ImageComments": "Unaliased MB4/PE4/LB",
    "ImageOrientationPatientDICOM": [
      0.999987,
      0.000670966,
      0.00502985,
      -1.8623e-11,
      0.99122,
      -0.132226
    ],
    "ImageType": [
      "ORIGINAL",
      "PRIMARY",
      "M",
      "MB",
      "TE3",
      "ND",
      "NORM",
      "MOSAIC"
    ],
    "ImagingFrequency": 123.252,
    "InPlanePhaseEncodingDirectionDICOM": "ROW",
    "InstitutionAddress": "Blackburn Road 770,Clayton,Victoria,AU,3800",
    "InstitutionName": "Monash Biomedical Imaging",
    "InstitutionalDepartmentName": "Department",
    "MRAcquisitionType": "2D",
    "MagneticFieldStrength": 3,
    "Manufacturer": "Siemens",
    "ManufacturersModelName": "Skyra",
    "Modality": "MR",
    "MultibandAccelerationFactor": 4,
    "ParallelReductionFactorInPlane": 2,
    "PartialFourier": 1,
    "PatientPosition": "HFS",
    "PercentPhaseFOV": 100,
    "PercentSampling": 100,
    "PhaseEncodingDirection": "i",
    "PhaseEncodingSteps": 63,
    "PhaseResolution": 1,
    "PixelBandwidth": 2520,
    "ProcedureStepDescription": "MR Scan",
    "ProtocolName": "Movie_R-L_mmb_4_4_cmrr_mbep2d_bold_TE_12.6_29.23_45.86_62.49",
    "PulseSequenceDetails": "%CustomerSeq%\\cmrr_mbep2d_bold",
    "ReceiveCoilActiveElements": "HEA;HEP",
    "ReceiveCoilName": "Head_32",
    "ReconMatrixPE": 64,
    "RefLinesPE": 24,
    "RepetitionTime": 0.91,
    "SAR": 0.0771334,
    "ScanOptions": "FS",
    "ScanningSequence": "EP",
    "SequenceName": "epfid2d4_64",
    "SequenceVariant": "SK\\SS",
    "SeriesDescription": "Movie_R-L_mmb_4_4_cmrr_mbep2d_bold_TE_12.6_29.23_45.86_62.49",
    "SeriesNumber": 14,
    "ShimSetting": [
      -4135,
      15425,
      -15496,
      84,
      -18,
      -77,
      -316,
      121
    ],
    "SliceThickness": 3.2,
    "SliceTiming": [
      0,
      0.6225,
      0.355,
      0.0875,
      0.7125,
      0.445,
      0.1775,
      0.8,
      0.5325,
      0.2675,
      0,
      0.6225,
      0.355,
      0.0875,
      0.7125,
      0.445,
      0.1775,
      0.8,
      0.5325,
      0.2675,
      0,
      0.6225,
      0.355,
      0.0875,
      0.7125,
      0.445,
      0.1775,
      0.8,
      0.5325,
      0.2675,
      0,
      0.6225,
      0.355,
      0.0875,
      0.7125,
      0.445,
      0.1775,
      0.8,
      0.5325,
      0.2675
    ],
    "SoftwareVersions": "syngo MR E11",
    "SpacingBetweenSlices": 3.2,
    "StationName": "AWP45193",
    "TaskName": "movie",
    "TotalReadoutTime": 0.01575,
    "TxRefAmp": 356.879,
    "WipMemBlock": "acf40fc6-1427-4648-bb28-e278f16e4826||Sequence: R016 ve11c/master r/e634e98; Dec 19 2017 11:00:25 by eja",
    "dataset": "<unset>",
    "modality": "bold",
    "run_id": 1,
    "session_id": "01",
    "subject_id": "PC229",
    "task_id": "movie"
  },
  "dummy_trs": 1,
  "dvars_nstd": 41.1413109958919,
  "dvars_std": 1.1446987817837835,
  "dvars_vstd": 0.9890759055405409,
  "efc": 0.4456132099809932,
  "fber": 3286.82568359375,
  "fd_mean": 0.15834371095337105,
  "fd_num": 110,
  "fd_perc": 29.649595687331537,
  "fwhm_avg": 1.6143216423173656,
  "fwhm_x": 1.6080031067961167,
  "fwhm_y": 1.5905118446601942,
  "fwhm_z": 1.644449975495786,
  "gcor": 0.011526,
  "gsr_x": 0.0031567809637635946,
  "gsr_y": 0.0035208910703659058,
  "provenance": {
    "md5sum": "857cb8f44dcdce874e20c2685d93a80b",
    "settings": {
      "fd_thres": 0.2,
      "testing": false
    },
    "software": "mriqc",
    "version": "22.0.6",
    "webapi_port": null,
    "webapi_url": "https://mriqc.nimh.nih.gov/api/v1"
  },
  "size_t": 371,
  "size_x": 64,
  "size_y": 64,
  "size_z": 40,
  "snr": 3.917664763288467,
  "spacing_tr": 0.9100000262260437,
  "spacing_x": 3.21875,
  "spacing_y": 3.21875,
  "spacing_z": 3.200000047683716,
  "summary_bg_k": 109.79846619925074,
  "summary_bg_mad": 36.32175789883123,
  "summary_bg_mean": 91.78338623046875,
  "summary_bg_median": 54.04043197631836,
  "summary_bg_n": 107455.0,
  "summary_bg_p05": 19.425874710083008,
  "summary_bg_p95": 279.2889373779296,
  "summary_bg_stdv": 141.67636108398438,
  "summary_fg_k": 4.976670170034062,
  "summary_fg_mad": 585.2919742445825,
  "summary_fg_mean": 3214.862548828125,
  "summary_fg_median": 3075.204833984375,
  "summary_fg_n": 24131.0,
  "summary_fg_p05": 2276.406982421875,
  "summary_fg_p95": 4622.008056640625,
  "summary_fg_stdv": 784.9423828125,
  "tsnr": 37.95230908202939
}