{
  "aor": 0.00042380246913580245,
  "aqi": 0.011688004419753087,
  "bids_meta": {
    "AcquisitionMatrixPE": 64,
    "AcquisitionNumber": 1,
    "AcquisitionTime": "13:13:26.072500",
    "BandwidthPerPixelPhaseEncode": 62.5,
    "BaseResolution": 64,
    "BodyPartExamined": "BRAIN",
    "ConsistencyInfo": "N4_VE11C_LATEST_20160120",
    "ConversionSoftware": "dcm2niix",
    "ConversionSoftwareVersion": "v1.0.20210317",
    "DerivedVendorReportedEchoSpacing": 0.0005,
    "DeviceSerialNumber": "45193",
    "DwellTime": 3.1e-06,
    "EchoNumber": 3,
    "EchoTime": 0.04586,
    "EchoTrainLength": 31,
    "EffectiveEchoSpacing": 0.00025,
    "FlipAngle": 56,
    "ImageComments": "Unaliased MB4/PE4/LB",
    "ImageOrientationPatientDICOM": [
      0.999987,
      0.000670966,
      0.00502985,
      -1.8623e-11,
      0.99122,
      -0.132226
    ],
    "ImageType": [
      "ORIGINAL",
      "PRIMARY",
      "M",
      "MB",
      "TE3",
      "ND",
      "NORM",
      "MOSAIC"
    ],
    "ImagingFrequency": 123.252,
    "InPlanePhaseEncodingDirectionDICOM": "ROW",
    "InstitutionAddress": "Blackburn Road 770,Clayton,Victoria,AU,3800",
    "InstitutionName": "Monash Biomedical Imaging",
    "InstitutionalDepartmentName": "Department",
    "MRAcquisitionType": "2D",
    "MagneticFieldStrength": 3,
    "Manufacturer": "Siemens",
    "ManufacturersModelName": "Skyra",
    "Modality": "MR",
    "MultibandAccelerationFactor": 4,
    "ParallelReductionFactorInPlane": 2,
    "PartialFourier": 1,
    "PatientPosition": "HFS",
    "PercentPhaseFOV": 100,
    "PercentSampling": 100,
    "PhaseEncodingDirection": "i",
    "PhaseEncodingSteps": 63,
    "PhaseResolution": 1,
    "PixelBandwidth": 2520,
    "ProcedureStepDescription": "MR Scan",
    "ProtocolName": "Meditation_R-L_mmb_4_4_cmrr_mbep2d_bold_TE_12.6_29.23_45.86_62.5",
    "PulseSequenceDetails": "%CustomerSeq%\\cmrr_mbep2d_bold",
    "ReceiveCoilActiveElements": "HEA;HEP",
    "ReceiveCoilName": "Head_32",
    "ReconMatrixPE": 64,
    "RefLinesPE": 24,
    "RepetitionTime": 0.91,
    "SAR": 0.0772632,
    "ScanOptions": "FS",
    "ScanningSequence": "EP",
    "SequenceName": "epfid2d4_64",
    "SequenceVariant": "SK\\SS",
    "SeriesDescription": "Meditation_R-L_mmb_4_4_cmrr_mbep2d_bold_TE_12.6_29.23_45.86_62.5",
    "SeriesNumber": 10,
    "ShimSetting": [
      -4135,
      15425,
      -15496,
      84,
      -18,
      -77,
      -316,
      121
    ],
    "SliceThickness": 3.2,
    "SliceTiming": [
      0,
      0.6225,
      0.355,
      0.0875,
      0.7125,
      0.445,
      0.1775,
      0.8,
      0.5325,
      0.2675,
      0,
      0.6225,
      0.355,
      0.0875,
      0.7125,
      0.445,
      0.1775,
      0.8,
      0.5325,
      0.2675,
      0,
      0.6225,
      0.355,
      0.0875,
      0.7125,
      0.445,
      0.1775,
      0.8,
      0.5325,
      0.2675,
      0,
      0.6225,
      0.355,
      0.0875,
      0.7125,
      0.445,
      0.1775,
      0.8,
      0.5325,
      0.2675
    ],
    "SoftwareVersions": "syngo MR E11",
    "SpacingBetweenSlices": 3.2,
    "StationName": "AWP45193",
    "TaskName": "meditation",
    "TotalReadoutTime": 0.01575,
    "TxRefAmp": 356.879,
    "WipMemBlock": "0261e709-dd93-42dc-bc6b-a8b70979dc28||Sequence: R016 ve11c/master r/e634e98; Dec 19 2017 11:00:25 by eja",
    "dataset": "<unset>",
    "modality": "bold",
    "run_id": 1,
    "session_id": "01",
    "subject_id": "PC229",
    "task_id": "meditation"
  },
  "dummy_trs": 0,
  "dvars_nstd": 40.453600317079236,
  "dvars_std": 1.1463237585643564,
  "dvars_vstd": 0.9905845830940591,
  "efc": 0.44648599685670814,
  "fber": 3373.959716796875,
  "fd_mean": 0.13081242703365759,
  "fd_num": 51,
  "fd_perc": 12.592592592592593,
  "fwhm_avg": 1.6166817920069345,
  "fwhm_x": 1.612197281553398,
  "fwhm_y": 1.5960543689320388,
  "fwhm_z": 1.641793725535367,
  "gcor": 0.0172742,
  "gsr_x": 0.0024007465690374374,
  "gsr_y": 0.007465044967830181,
  "provenance": {
    "md5sum": "173c168d2f4228a64fd8b69850b86ec7",
    "settings": {
      "fd_thres": 0.2,
      "testing": false
    },
    "software": "mriqc",
    "version": "22.0.6",
    "webapi_port": null,
    "webapi_url": "https://mriqc.nimh.nih.gov/api/v1"
  },
  "size_t": 405,
  "size_x": 64,
  "size_y": 64,
  "size_z": 40,
  "snr": 3.9418846136520393,
  "spacing_tr": 0.9100000262260437,
  "spacing_x": 3.21875,
  "spacing_y": 3.21875,
  "spacing_z": 3.200000047683716,
  "summary_bg_k": 217.00002691636826,
  "summary_bg_mad": 34.67093034734704,
  "summary_bg_mean": 96.16424560546875,
  "summary_bg_median": 53.39506530761719,
  "summary_bg_n": 107483.0,
  "summary_bg_p05": 20.60740852355957,
  "summary_bg_p95": 288.97976379394515,
  "summary_bg_stdv": 176.59698486328125,
  "summary_fg_k": 4.922738240041603,
  "summary_fg_mad": 587.5093622305604,
  "summary_fg_mean": 3228.252197265625,
  "summary_fg_median": 3089.8076171875,
  "summary_fg_n": 24067.0,
  "summary_fg_p05": 2285.56259765625,
  "summary_fg_p95": 4643.866259765625,
  "summary_fg_stdv": 783.8239135742188,
  "tsnr": 36.30340767093003
}