{
  "aor": 0.0002875595238095238,
  "aqi": 0.01408557876984127,
  "bids_meta": {
    "AcquisitionMatrixPE": 64,
    "AcquisitionNumber": 1,
    "AcquisitionTime": "12:56:18.575000",
    "BandwidthPerPixelPhaseEncode": 62.5,
    "BaseResolution": 64,
    "BodyPartExamined": "BRAIN",
    "ConsistencyInfo": "N4_VE11C_LATEST_20160120",
    "ConversionSoftware": "dcm2niix",
    "ConversionSoftwareVersion": "v1.0.20210317",
    "DerivedVendorReportedEchoSpacing": 0.0005,
    "DeviceSerialNumber": "45193",
    "DwellTime": 3.1e-06,
    "EchoNumber": 3,
    "EchoTime": 0.04586,
    "EchoTrainLength": 31,
    "EffectiveEchoSpacing": 0.00025,
    "FlipAngle": 56,
    "ImageComments": "Unaliased MB4/PE4/LB",
    "ImageOrientationPatientDICOM": [
      0.999784,
      0.00162775,
      0.0207,
      -1.3146e-11,
      0.996922,
      -0.0783933
    ],
    "ImageType": [
      "ORIGINAL",
      "PRIMARY",
      "M",
      "MB",
      "TE3",
      "ND",
      "NORM",
      "MOSAIC"
    ],
    "ImagingFrequency": 123.247,
    "InPlanePhaseEncodingDirectionDICOM": "ROW",
    "InstitutionAddress": "Blackburn Road 770,Clayton,Victoria,AU,3800",
    "InstitutionName": "Monash Biomedical Imaging",
    "InstitutionalDepartmentName": "Department",
    "MRAcquisitionType": "2D",
    "MagneticFieldStrength": 3,
    "Manufacturer": "Siemens",
    "ManufacturersModelName": "Skyra",
    "Modality": "MR",
    "MultibandAccelerationFactor": 4,
    "ParallelReductionFactorInPlane": 2,
    "PartialFourier": 1,
    "PatientPosition": "HFS",
    "PercentPhaseFOV": 100,
    "PercentSampling": 100,
    "PhaseEncodingDirection": "i",
    "PhaseEncodingSteps": 63,
    "PhaseResolution": 1,
    "PixelBandwidth": 2520,
    "ProcedureStepDescription": "MR Scan",
    "ProtocolName": "Rest_R-L_mmb_4_4_cmrr_mbep2d_bold_TE_12.6_29.23_45.86_62.49",
    "PulseSequenceDetails": "%CustomerSeq%\\cmrr_mbep2d_bold",
    "ReceiveCoilActiveElements": "HEA;HEP",
    "ReceiveCoilName": "Head_32",
    "ReconMatrixPE": 64,
    "RefLinesPE": 24,
    "RepetitionTime": 0.91,
    "SAR": 0.0811073,
    "ScanOptions": "FS",
    "ScanningSequence": "EP",
    "SequenceName": "epfid2d4_64",
    "SequenceVariant": "SK\\SS",
    "SeriesDescription": "Rest_R-L_mmb_4_4_cmrr_mbep2d_bold_TE_12.6_29.23_45.86_62.49",
    "SeriesNumber": 3,
    "ShimSetting": [
      -4109,
      15352,
      -15175,
      481,
      -82,
      -158,
      -271,
      121
    ],
    "SliceThickness": 3.2,
    "SliceTiming": [
      0,
      0.625,
      0.3575,
      0.09,
      0.7125,
      0.445,
      0.18,
      0.8025,
      0.535,
      0.2675,
      0,
      0.625,
      0.3575,
      0.09,
      0.7125,
      0.445,
      0.18,
      0.8025,
      0.535,
      0.2675,
      0,
      0.625,
      0.3575,
      0.09,
      0.7125,
      0.445,
      0.18,
      0.8025,
      0.535,
      0.2675,
      0,
      0.625,
      0.3575,
      0.09,
      0.7125,
      0.445,
      0.18,
      0.8025,
      0.535,
      0.2675
    ],
    "SoftwareVersions": "syngo MR E11",
    "SpacingBetweenSlices": 3.2,
    "StationName": "AWP45193",
    "TaskName": "rest",
    "TotalReadoutTime": 0.01575,
    "TxRefAmp": 354.449,
    "WipMemBlock": "edb04404-b821-4123-b2a7-5235d01ae209||Sequence: R016 ve11c/master r/e634e98; Dec 19 2017 11:00:25 by eja",
    "dataset": "<unset>",
    "modality": "bold",
    "run_id": 1,
    "session_id": "02",
    "subject_id": "PC029",
    "task_id": "rest"
  },
  "dummy_trs": 0,
  "dvars_nstd": 45.091546340934386,
  "dvars_std": 1.1520959845328032,
  "dvars_vstd": 0.9736991538170973,
  "efc": 0.4522023640813749,
  "fber": 3362.88330078125,
  "fd_mean": 0.11807159547311674,
  "fd_num": 69,
  "fd_perc": 13.69047619047619,
  "fwhm_avg": 1.5955319277971611,
  "fwhm_x": 1.550431067961165,
  "fwhm_y": 1.6492178640776698,
  "fwhm_z": 1.586946851352649,
  "gcor": 0.0321712,
  "gsr_x": 0.0020494365599006414,
  "gsr_y": 0.008939828723669052,
  "provenance": {
    "md5sum": "c39567015a95bb5240bb575b3fd22b9d",
    "settings": {
      "fd_thres": 0.2,
      "testing": false
    },
    "software": "mriqc",
    "version": "22.0.6",
    "webapi_port": null,
    "webapi_url": "https://mriqc.nimh.nih.gov/api/v1"
  },
  "size_t": 504,
  "size_x": 64,
  "size_y": 64,
  "size_z": 40,
  "snr": 4.234666206866478,
  "spacing_tr": 0.9100000262260437,
  "spacing_x": 3.21875,
  "spacing_y": 3.21875,
  "spacing_z": 3.200000047683716,
  "summary_bg_k": 77.57434603761135,
  "summary_bg_mad": 43.2425665916396,
  "summary_bg_mean": 105.61747741699219,
  "summary_bg_median": 52.851192474365234,
  "summary_bg_n": 107427.0,
  "summary_bg_p05": 15.208333969116211,
  "summary_bg_p95": 343.2657012939452,
  "summary_bg_stdv": 188.3352508544922,
  "summary_fg_k": 6.84893560754648,
  "summary_fg_mad": 546.1478008270851,
  "summary_fg_mean": 3160.2470703125,
  "summary_fg_median": 3069.20263671875,
  "summary_fg_n": 23247.0,
  "summary_fg_p05": 2238.8191650390627,
  "summary_fg_p95": 4332.183105468751,
  "summary_fg_stdv": 724.7647094726562,
  "tsnr": 34.05061859404668
}