{
  "aor": 0.0009716584158415841,
  "aqi": 0.010821445792079207,
  "bids_meta": {
    "AcquisitionMatrixPE": 64,
    "AcquisitionNumber": 1,
    "AcquisitionTime": "13:05:40.410000",
    "BandwidthPerPixelPhaseEncode": 62.5,
    "BaseResolution": 64,
    "BodyPartExamined": "BRAIN",
    "ConsistencyInfo": "N4_VE11C_LATEST_20160120",
    "ConversionSoftware": "dcm2niix",
    "ConversionSoftwareVersion": "v1.0.20210317",
    "DerivedVendorReportedEchoSpacing": 0.0005,
    "DeviceSerialNumber": "45193",
    "DwellTime": 3.1e-06,
    "EchoNumber": 3,
    "EchoTime": 0.04586,
    "EchoTrainLength": 31,
    "EffectiveEchoSpacing": 0.00025,
    "FlipAngle": 56,
    "ImageComments": "Unaliased MB4/PE4/LB",
    "ImageOrientationPatientDICOM": [
      0.999784,
      0.00162775,
      0.0207,
      -1.3146e-11,
      0.996922,
      -0.0783933
    ],
    "ImageType": [
      "ORIGINAL",
      "PRIMARY",
      "M",
      "MB",
      "TE3",
      "ND",
      "NORM",
      "MOSAIC"
    ],
    "ImagingFrequency": 123.247,
    "InPlanePhaseEncodingDirectionDICOM": "ROW",
    "InstitutionAddress": "Blackburn Road 770,Clayton,Victoria,AU,3800",
    "InstitutionName": "Monash Biomedical Imaging",
    "InstitutionalDepartmentName": "Department",
    "MRAcquisitionType": "2D",
    "MagneticFieldStrength": 3,
    "Manufacturer": "Siemens",
    "ManufacturersModelName": "Skyra",
    "Modality": "MR",
    "MultibandAccelerationFactor": 4,
    "ParallelReductionFactorInPlane": 2,
    "PartialFourier": 1,
    "PatientPosition": "HFS",
    "PercentPhaseFOV": 100,
    "PercentSampling": 100,
    "PhaseEncodingDirection": "i",
    "PhaseEncodingSteps": 63,
    "PhaseResolution": 1,
    "PixelBandwidth": 2520,
    "ProcedureStepDescription": "MR Scan",
    "ProtocolName": "Meditation_R-L_mmb_4_4_cmrr_mbep2d_bold_TE_12.6_29.23_45.86_62.5",
    "PulseSequenceDetails": "%CustomerSeq%\\cmrr_mbep2d_bold",
    "ReceiveCoilActiveElements": "HEA;HEP",
    "ReceiveCoilName": "Head_32",
    "ReconMatrixPE": 64,
    "RefLinesPE": 24,
    "RepetitionTime": 0.91,
    "SAR": 0.0808072,
    "ScanOptions": "FS",
    "ScanningSequence": "EP",
    "SequenceName": "epfid2d4_64",
    "SequenceVariant": "SK\\SS",
    "SeriesDescription": "Meditation_R-L_mmb_4_4_cmrr_mbep2d_bold_TE_12.6_29.23_45.86_62.5",
    "SeriesNumber": 5,
    "ShimSetting": [
      -4109,
      15352,
      -15175,
      481,
      -82,
      -158,
      -271,
      121
    ],
    "SliceThickness": 3.2,
    "SliceTiming": [
      0,
      0.625,
      0.3575,
      0.09,
      0.7125,
      0.445,
      0.18,
      0.8025,
      0.535,
      0.2675,
      0,
      0.625,
      0.3575,
      0.09,
      0.7125,
      0.445,
      0.18,
      0.8025,
      0.535,
      0.2675,
      0,
      0.625,
      0.3575,
      0.09,
      0.7125,
      0.445,
      0.18,
      0.8025,
      0.535,
      0.2675,
      0,
      0.625,
      0.3575,
      0.09,
      0.7125,
      0.445,
      0.18,
      0.8025,
      0.535,
      0.2675
    ],
    "SoftwareVersions": "syngo MR E11",
    "SpacingBetweenSlices": 3.2,
    "StationName": "AWP45193",
    "TaskName": "meditation",
    "TotalReadoutTime": 0.01575,
    "TxRefAmp": 354.449,
    "WipMemBlock": "45fa8954-4159-4b41-a780-3318efd23720||Sequence: R016 ve11c/master r/e634e98; Dec 19 2017 11:00:25 by eja",
    "dataset": "<unset>",
    "modality": "bold",
    "run_id": 1,
    "session_id": "02",
    "subject_id": "PC029",
    "task_id": "meditation"
  },
  "dummy_trs": 1,
  "dvars_nstd": 44.77398072054592,
  "dvars_std": 1.1671154145657563,
  "dvars_vstd": 1.0077460949875932,
  "efc": 0.4494555017374071,
  "fber": 3950.755615234375,
  "fd_mean": 0.15433470655071455,
  "fd_num": 128,
  "fd_perc": 31.683168316831683,
  "fwhm_avg": 1.594674559272028,
  "fwhm_x": 1.5524038834951457,
  "fwhm_y": 1.645151067961165,
  "fwhm_z": 1.5864687263597737,
  "gcor": 0.0175319,
  "gsr_x": 0.002027422422543168,
  "gsr_y": 0.00917279627174139,
  "provenance": {
    "md5sum": "2f0451b7750b3717aa1288c37e50b5e2",
    "settings": {
      "fd_thres": 0.2,
      "testing": false
    },
    "software": "mriqc",
    "version": "22.0.6",
    "webapi_port": null,
    "webapi_url": "https://mriqc.nimh.nih.gov/api/v1"
  },
  "size_t": 404,
  "size_x": 64,
  "size_y": 64,
  "size_z": 40,
  "snr": 4.1776008632710795,
  "spacing_tr": 0.9100000262260437,
  "spacing_x": 3.21875,
  "spacing_y": 3.21875,
  "spacing_z": 3.200000047683716,
  "summary_bg_k": 76.02269562850468,
  "summary_bg_mad": 39.42841368619161,
  "summary_bg_mean": 101.35590362548828,
  "summary_bg_median": 48.54207992553711,
  "summary_bg_n": 107385.0,
  "summary_bg_p05": 14.970296859741211,
  "summary_bg_p95": 337.76237182617115,
  "summary_bg_stdv": 187.29949951171875,
  "summary_fg_k": 6.938584993047536,
  "summary_fg_mad": 550.4196932545273,
  "summary_fg_mean": 3144.739501953125,
  "summary_fg_median": 3056.68310546875,
  "summary_fg_n": 23207.0,
  "summary_fg_p05": 2215.8096435546877,
  "summary_fg_p95": 4338.15126953125,
  "summary_fg_stdv": 731.6680908203125,
  "tsnr": 37.927378833293915
}