{
  "aor": 0.0007562585969738651,
  "aqi": 0.01572672828060523,
  "bids_meta": {
    "AcquisitionMatrixPE": 64,
    "AcquisitionNumber": 1,
    "AcquisitionTime": "13:13:2.647500",
    "BandwidthPerPixelPhaseEncode": 62.5,
    "BaseResolution": 64,
    "BodyPartExamined": "BRAIN",
    "ConsistencyInfo": "N4_VE11C_LATEST_20160120",
    "ConversionSoftware": "dcm2niix",
    "ConversionSoftwareVersion": "v1.0.20210317",
    "DerivedVendorReportedEchoSpacing": 0.0005,
    "DeviceSerialNumber": "45193",
    "DwellTime": 3.1e-06,
    "EchoNumber": 4,
    "EchoTime": 0.06249,
    "EchoTrainLength": 31,
    "EffectiveEchoSpacing": 0.00025,
    "FlipAngle": 56,
    "ImageComments": "Unaliased MB4/PE4/LB",
    "ImageOrientationPatientDICOM": [
      0.999784,
      0.00162775,
      0.0207,
      -1.3146e-11,
      0.996922,
      -0.0783933
    ],
    "ImageType": [
      "ORIGINAL",
      "PRIMARY",
      "M",
      "MB",
      "TE4",
      "ND",
      "NORM",
      "MOSAIC"
    ],
    "ImagingFrequency": 123.247,
    "InPlanePhaseEncodingDirectionDICOM": "ROW",
    "InstitutionAddress": "Blackburn Road 770,Clayton,Victoria,AU,3800",
    "InstitutionName": "Monash Biomedical Imaging",
    "InstitutionalDepartmentName": "Department",
    "MRAcquisitionType": "2D",
    "MagneticFieldStrength": 3,
    "Manufacturer": "Siemens",
    "ManufacturersModelName": "Skyra",
    "Modality": "MR",
    "MultibandAccelerationFactor": 4,
    "ParallelReductionFactorInPlane": 2,
    "PartialFourier": 1,
    "PatientPosition": "HFS",
    "PercentPhaseFOV": 100,
    "PercentSampling": 100,
    "PhaseEncodingDirection": "i",
    "PhaseEncodingSteps": 63,
    "PhaseResolution": 1,
    "PixelBandwidth": 2520,
    "ProcedureStepDescription": "MR Scan",
    "ProtocolName": "Music_R-L_mmb_4_4_cmrr_mbep2d_bold_TE_12.6_29.23_45.86_62.49",
    "PulseSequenceDetails": "%CustomerSeq%\\cmrr_mbep2d_bold",
    "ReceiveCoilActiveElements": "HEA;HEP",
    "ReceiveCoilName": "Head_32",
    "ReconMatrixPE": 64,
    "RefLinesPE": 24,
    "RepetitionTime": 0.91,
    "SAR": 0.0814946,
    "ScanOptions": "FS",
    "ScanningSequence": "EP",
    "SequenceName": "epfid2d4_64",
    "SequenceVariant": "SK\\SS",
    "SeriesDescription": "Music_R-L_mmb_4_4_cmrr_mbep2d_bold_TE_12.6_29.23_45.86_62.49",
    "SeriesNumber": 7,
    "ShimSetting": [
      -4109,
      15352,
      -15175,
      481,
      -82,
      -158,
      -271,
      121
    ],
    "SliceThickness": 3.2,
    "SliceTiming": [
      0,
      0.6225,
      0.355,
      0.0875,
      0.71,
      0.445,
      0.1775,
      0.8,
      0.5325,
      0.265,
      0,
      0.6225,
      0.355,
      0.0875,
      0.71,
      0.445,
      0.1775,
      0.8,
      0.5325,
      0.265,
      0,
      0.6225,
      0.355,
      0.0875,
      0.71,
      0.445,
      0.1775,
      0.8,
      0.5325,
      0.265,
      0,
      0.6225,
      0.355,
      0.0875,
      0.71,
      0.445,
      0.1775,
      0.8,
      0.5325,
      0.265
    ],
    "SoftwareVersions": "syngo MR E11",
    "SpacingBetweenSlices": 3.2,
    "StationName": "AWP45193",
    "TaskName": "music",
    "TotalReadoutTime": 0.01575,
    "TxRefAmp": 354.449,
    "WipMemBlock": "c7901d4e-2175-4c48-8207-636dd1e24d64||Sequence: R016 ve11c/master r/e634e98; Dec 19 2017 11:00:25 by eja",
    "dataset": "<unset>",
    "modality": "bold",
    "run_id": 1,
    "session_id": "02",
    "subject_id": "PC029",
    "task_id": "music"
  },
  "dummy_trs": 1,
  "dvars_nstd": 60.702883822741036,
  "dvars_std": 1.1846836279338835,
  "dvars_vstd": 1.0075125653305785,
  "efc": 0.4307959271856012,
  "fber": 2914.9931640625,
  "fd_mean": 0.17819065303843953,
  "fd_num": 252,
  "fd_perc": 34.66299862448418,
  "fwhm_avg": 1.5398115276693833,
  "fwhm_x": 1.4855891262135923,
  "fwhm_y": 1.618904854368932,
  "fwhm_z": 1.5149406024256258,
  "gcor": 0.0129928,
  "gsr_x": -0.004065975546836853,
  "gsr_y": 0.009015340358018875,
  "provenance": {
    "md5sum": "1a865023bd22659f205215a79e4c04eb",
    "settings": {
      "fd_thres": 0.2,
      "testing": false
    },
    "software": "mriqc",
    "version": "22.0.6",
    "webapi_port": null,
    "webapi_url": "https://mriqc.nimh.nih.gov/api/v1"
  },
  "size_t": 727,
  "size_x": 64,
  "size_y": 64,
  "size_z": 40,
  "snr": 3.1545140359388397,
  "spacing_tr": 0.9100000262260437,
  "spacing_x": 3.21875,
  "spacing_y": 3.21875,
  "spacing_z": 3.200000047683716,
  "summary_bg_k": 102.38860201623741,
  "summary_bg_mad": 28.39377181658414,
  "summary_bg_mean": 74.61566925048828,
  "summary_bg_median": 40.15956115722656,
  "summary_bg_n": 110440.0,
  "summary_bg_p05": 14.610729217529297,
  "summary_bg_p95": 236.6431236267085,
  "summary_bg_stdv": 123.74205017089844,
  "summary_fg_k": 13.518244190027982,
  "summary_fg_mad": 449.38773611738844,
  "summary_fg_mean": 2300.9130859375,
  "summary_fg_median": 2194.297119140625,
  "summary_fg_n": 20461.0,
  "summary_fg_p05": 1513.696044921875,
  "summary_fg_p95": 3396.298583984375,
  "summary_fg_stdv": 695.5884399414062,
  "tsnr": 27.785451211966574
}