{
  "aor": 0.0004784938271604939,
  "aqi": 0.021703720493827162,
  "bids_meta": {
    "AcquisitionMatrixPE": 64,
    "AcquisitionNumber": 1,
    "AcquisitionTime": "13:21:2.382500",
    "BandwidthPerPixelPhaseEncode": 62.5,
    "BaseResolution": 64,
    "BodyPartExamined": "BRAIN",
    "ConsistencyInfo": "N4_VE11C_LATEST_20160120",
    "ConversionSoftware": "dcm2niix",
    "ConversionSoftwareVersion": "v1.0.20210317",
    "DerivedVendorReportedEchoSpacing": 0.0005,
    "DeviceSerialNumber": "45193",
    "DwellTime": 3.1e-06,
    "EchoNumber": 3,
    "EchoTime": 0.04586,
    "EchoTrainLength": 31,
    "EffectiveEchoSpacing": 0.00025,
    "FlipAngle": 56,
    "ImageComments": "Unaliased MB4/PE4/LB",
    "ImageOrientationPatientDICOM": [
      0.999795,
      0.00511858,
      0.0196098,
      -2.33042e-10,
      0.967581,
      -0.252559
    ],
    "ImageType": [
      "ORIGINAL",
      "PRIMARY",
      "M",
      "MB",
      "TE3",
      "ND",
      "NORM",
      "MOSAIC"
    ],
    "ImagingFrequency": 123.247,
    "InPlanePhaseEncodingDirectionDICOM": "ROW",
    "InstitutionAddress": "Blackburn Road 770,Clayton,Victoria,AU,3800",
    "InstitutionName": "Monash Biomedical Imaging",
    "InstitutionalDepartmentName": "Department",
    "MRAcquisitionType": "2D",
    "MagneticFieldStrength": 3,
    "Manufacturer": "Siemens",
    "ManufacturersModelName": "Skyra",
    "Modality": "MR",
    "MultibandAccelerationFactor": 4,
    "ParallelReductionFactorInPlane": 2,
    "PartialFourier": 1,
    "PatientPosition": "HFS",
    "PercentPhaseFOV": 100,
    "PercentSampling": 100,
    "PhaseEncodingDirection": "i",
    "PhaseEncodingSteps": 63,
    "PhaseResolution": 1,
    "PixelBandwidth": 2520,
    "ProcedureStepDescription": "MR Scan",
    "ProtocolName": "Meditation_R-L_mmb_4_4_cmrr_mbep2d_bold_TE_12.6_29.23_45.86_62.5",
    "PulseSequenceDetails": "%CustomerSeq%\\cmrr_mbep2d_bold",
    "ReceiveCoilActiveElements": "HEA;HEP",
    "ReceiveCoilName": "Head_32",
    "ReconMatrixPE": 64,
    "RefLinesPE": 24,
    "RepetitionTime": 0.91,
    "SAR": 0.066195,
    "ScanOptions": "FS",
    "ScanningSequence": "EP",
    "SequenceName": "epfid2d4_64",
    "SequenceVariant": "SK\\SS",
    "SeriesDescription": "Meditation_R-L_mmb_4_4_cmrr_mbep2d_bold_TE_12.6_29.23_45.86_62.5",
    "SeriesNumber": 10,
    "ShimSetting": [
      -4091,
      15314,
      -15132,
      277,
      87,
      -36,
      110,
      33
    ],
    "SliceThickness": 3.2,
    "SliceTiming": [
      0,
      0.625,
      0.3575,
      0.09,
      0.7125,
      0.445,
      0.18,
      0.8025,
      0.535,
      0.2675,
      0,
      0.625,
      0.3575,
      0.09,
      0.7125,
      0.445,
      0.18,
      0.8025,
      0.535,
      0.2675,
      0,
      0.625,
      0.3575,
      0.09,
      0.7125,
      0.445,
      0.18,
      0.8025,
      0.535,
      0.2675,
      0,
      0.625,
      0.3575,
      0.09,
      0.7125,
      0.445,
      0.18,
      0.8025,
      0.535,
      0.2675
    ],
    "SoftwareVersions": "syngo MR E11",
    "SpacingBetweenSlices": 3.2,
    "StationName": "AWP45193",
    "TaskName": "meditation",
    "TotalReadoutTime": 0.01575,
    "TxRefAmp": 385.013,
    "WipMemBlock": "101fb1d3-8fd5-482a-be78-96311b265211||Sequence: R016 ve11c/master r/e634e98; Dec 19 2017 11:00:25 by eja",
    "dataset": "<unset>",
    "modality": "bold",
    "run_id": 1,
    "session_id": "01",
    "subject_id": "PC011",
    "task_id": "meditation"
  },
  "dummy_trs": 0,
  "dvars_nstd": 45.11050437698019,
  "dvars_std": 1.0854995208663367,
  "dvars_vstd": 0.9797754879207915,
  "efc": 0.4973733800117395,
  "fber": 2286.760009765625,
  "fd_mean": 0.15063985259891657,
  "fd_num": 98,
  "fd_perc": 24.19753086419753,
  "fwhm_avg": 1.5849060115367484,
  "fwhm_x": 1.5534291262135922,
  "fwhm_y": 1.614688932038835,
  "fwhm_z": 1.586599976357818,
  "gcor": 0.0292805,
  "gsr_x": 0.01017668005079031,
  "gsr_y": 0.0065809451043605804,
  "provenance": {
    "md5sum": "8e9ee78de13d91a60015f95fc7a8737a",
    "settings": {
      "fd_thres": 0.2,
      "testing": false
    },
    "software": "mriqc",
    "version": "22.0.6",
    "webapi_port": null,
    "webapi_url": "https://mriqc.nimh.nih.gov/api/v1"
  },
  "size_t": 405,
  "size_x": 64,
  "size_y": 64,
  "size_z": 40,
  "snr": 4.151095795758586,
  "spacing_tr": 0.9100000262260437,
  "spacing_x": 3.21875,
  "spacing_y": 3.21875,
  "spacing_z": 3.200000047683716,
  "summary_bg_k": 70.81015014121243,
  "summary_bg_mad": 46.29745878034858,
  "summary_bg_mean": 117.31544494628906,
  "summary_bg_median": 63.592594146728516,
  "summary_bg_n": 99828.0,
  "summary_bg_p05": 22.585186004638672,
  "summary_bg_p95": 412.0231140136713,
  "summary_bg_stdv": 182.88636779785156,
  "summary_fg_k": 5.273524950908135,
  "summary_fg_mad": 604.6289657040834,
  "summary_fg_mean": 3109.05322265625,
  "summary_fg_median": 3013.963134765625,
  "summary_fg_n": 29868.0,
  "summary_fg_p05": 2196.364221191406,
  "summary_fg_p95": 4285.746630859375,
  "summary_fg_stdv": 726.0523071289062,
  "tsnr": 26.961711066542193
}