{
  "aor": 0.0002797619047619047,
  "aqi": 0.029043490476190478,
  "bids_meta": {
    "AcquisitionMatrixPE": 64,
    "AcquisitionNumber": 1,
    "AcquisitionTime": "12:59:37.735000",
    "BandwidthPerPixelPhaseEncode": 62.5,
    "BaseResolution": 64,
    "BodyPartExamined": "BRAIN",
    "ConsistencyInfo": "N4_VE11C_LATEST_20160120",
    "ConversionSoftware": "dcm2niix",
    "ConversionSoftwareVersion": "v1.0.20210317",
    "DerivedVendorReportedEchoSpacing": 0.0005,
    "DeviceSerialNumber": "45193",
    "DwellTime": 3.1e-06,
    "EchoNumber": 3,
    "EchoTime": 0.04586,
    "EchoTrainLength": 31,
    "EffectiveEchoSpacing": 0.00025,
    "FlipAngle": 56,
    "ImageComments": "Unaliased MB4/PE4/LB",
    "ImageOrientationPatientDICOM": [
      0.999795,
      0.00511858,
      0.0196098,
      -2.33042e-10,
      0.967581,
      -0.252559
    ],
    "ImageType": [
      "ORIGINAL",
      "PRIMARY",
      "M",
      "MB",
      "TE3",
      "ND",
      "NORM",
      "MOSAIC"
    ],
    "ImagingFrequency": 123.247,
    "InPlanePhaseEncodingDirectionDICOM": "ROW",
    "InstitutionAddress": "Blackburn Road 770,Clayton,Victoria,AU,3800",
    "InstitutionName": "Monash Biomedical Imaging",
    "InstitutionalDepartmentName": "Department",
    "MRAcquisitionType": "2D",
    "MagneticFieldStrength": 3,
    "Manufacturer": "Siemens",
    "ManufacturersModelName": "Skyra",
    "Modality": "MR",
    "MultibandAccelerationFactor": 4,
    "ParallelReductionFactorInPlane": 2,
    "PartialFourier": 1,
    "PatientPosition": "HFS",
    "PercentPhaseFOV": 100,
    "PercentSampling": 100,
    "PhaseEncodingDirection": "i",
    "PhaseEncodingSteps": 63,
    "PhaseResolution": 1,
    "PixelBandwidth": 2520,
    "ProcedureStepDescription": "MR Scan",
    "ProtocolName": "Rest_R-L_mmb_4_4_cmrr_mbep2d_bold_TE_12.6_29.23_45.86_62.49",
    "PulseSequenceDetails": "%CustomerSeq%\\cmrr_mbep2d_bold",
    "ReceiveCoilActiveElements": "HEA;HEP",
    "ReceiveCoilName": "Head_32",
    "ReconMatrixPE": 64,
    "RefLinesPE": 24,
    "RepetitionTime": 0.91,
    "SAR": 0.0664609,
    "ScanOptions": "FS",
    "ScanningSequence": "EP",
    "SequenceName": "epfid2d4_64",
    "SequenceVariant": "SK\\SS",
    "SeriesDescription": "Rest_R-L_mmb_4_4_cmrr_mbep2d_bold_TE_12.6_29.23_45.86_62.49",
    "SeriesNumber": 5,
    "ShimSetting": [
      -4091,
      15314,
      -15132,
      277,
      87,
      -36,
      110,
      33
    ],
    "SliceThickness": 3.2,
    "SliceTiming": [
      0,
      0.6225,
      0.3575,
      0.09,
      0.7125,
      0.445,
      0.1775,
      0.8025,
      0.535,
      0.2675,
      0,
      0.6225,
      0.3575,
      0.09,
      0.7125,
      0.445,
      0.1775,
      0.8025,
      0.535,
      0.2675,
      0,
      0.6225,
      0.3575,
      0.09,
      0.7125,
      0.445,
      0.1775,
      0.8025,
      0.535,
      0.2675,
      0,
      0.6225,
      0.3575,
      0.09,
      0.7125,
      0.445,
      0.1775,
      0.8025,
      0.535,
      0.2675
    ],
    "SoftwareVersions": "syngo MR E11",
    "SpacingBetweenSlices": 3.2,
    "StationName": "AWP45193",
    "TaskName": "rest",
    "TotalReadoutTime": 0.01575,
    "TxRefAmp": 385.013,
    "WipMemBlock": "2823644b-8635-4cf3-9c24-9364d4d86791||Sequence: R016 ve11c/master r/e634e98; Dec 19 2017 11:00:25 by eja",
    "dataset": "<unset>",
    "modality": "bold",
    "run_id": 1,
    "session_id": "01",
    "subject_id": "PC011",
    "task_id": "rest"
  },
  "dummy_trs": 0,
  "dvars_nstd": 43.36016393705765,
  "dvars_std": 1.0427985886282305,
  "dvars_vstd": 0.9445323080318088,
  "efc": 0.49405544357987446,
  "fber": 2693.43994140625,
  "fd_mean": 0.1777685844911647,
  "fd_num": 177,
  "fd_perc": 35.11904761904762,
  "fwhm_avg": 1.6252792516441363,
  "fwhm_x": 1.5908815533980583,
  "fwhm_y": 1.6613374757281554,
  "fwhm_z": 1.6236187258061956,
  "gcor": 0.0267409,
  "gsr_x": 0.007617982570081949,
  "gsr_y": 0.007238216698169708,
  "provenance": {
    "md5sum": "a6c4c3a39afb5be472add16481c949b0",
    "settings": {
      "fd_thres": 0.2,
      "testing": false
    },
    "software": "mriqc",
    "version": "22.0.6",
    "webapi_port": null,
    "webapi_url": "https://mriqc.nimh.nih.gov/api/v1"
  },
  "size_t": 504,
  "size_x": 64,
  "size_y": 64,
  "size_z": 40,
  "snr": 4.158211620175749,
  "spacing_tr": 0.9100000262260437,
  "spacing_x": 3.21875,
  "spacing_y": 3.21875,
  "spacing_z": 3.200000047683716,
  "summary_bg_k": 106.04805054262978,
  "summary_bg_mad": 44.38687439295499,
  "summary_bg_mean": 111.64314270019531,
  "summary_bg_median": 59.107147216796875,
  "summary_bg_n": 99787.0,
  "summary_bg_p05": 19.94444465637207,
  "summary_bg_p95": 400.0670776367187,
  "summary_bg_stdv": 179.93496704101562,
  "summary_fg_k": 4.8026436462635695,
  "summary_fg_mad": 634.5009028592888,
  "summary_fg_mean": 3153.622802734375,
  "summary_fg_median": 3056.534912109375,
  "summary_fg_n": 30024.0,
  "summary_fg_p05": 2218.9292236328124,
  "summary_fg_p95": 4370.0348388671855,
  "summary_fg_stdv": 735.0477294921875,
  "tsnr": 24.151039767893963
}