{
  "aor": 0.00016475274725274725,
  "aqi": 0.010289206648351647,
  "bids_meta": {
    "AcquisitionMatrixPE": 64,
    "AcquisitionNumber": 1,
    "AcquisitionTime": "13:28:21.335000",
    "BandwidthPerPixelPhaseEncode": 62.5,
    "BaseResolution": 64,
    "BodyPartExamined": "BRAIN",
    "ConsistencyInfo": "N4_VE11C_LATEST_20160120",
    "ConversionSoftware": "dcm2niix",
    "ConversionSoftwareVersion": "v1.0.20210317",
    "DerivedVendorReportedEchoSpacing": 0.0005,
    "DeviceSerialNumber": "45193",
    "DwellTime": 3.1e-06,
    "EchoNumber": 1,
    "EchoTime": 0.0126,
    "EchoTrainLength": 31,
    "EffectiveEchoSpacing": 0.00025,
    "FlipAngle": 56,
    "ImageComments": "Unaliased MB4/PE4/LB",
    "ImageOrientationPatientDICOM": [
      0.999795,
      0.00511858,
      0.0196098,
      -2.33042e-10,
      0.967581,
      -0.252559
    ],
    "ImageType": [
      "ORIGINAL",
      "PRIMARY",
      "M",
      "MB",
      "TE1",
      "ND",
      "NORM",
      "MOSAIC"
    ],
    "ImagingFrequency": 123.247,
    "InPlanePhaseEncodingDirectionDICOM": "ROW",
    "InstitutionAddress": "Blackburn Road 770,Clayton,Victoria,AU,3800",
    "InstitutionName": "Monash Biomedical Imaging",
    "InstitutionalDepartmentName": "Department",
    "MRAcquisitionType": "2D",
    "MagneticFieldStrength": 3,
    "Manufacturer": "Siemens",
    "ManufacturersModelName": "Skyra",
    "Modality": "MR",
    "MultibandAccelerationFactor": 4,
    "ParallelReductionFactorInPlane": 2,
    "PartialFourier": 1,
    "PatientPosition": "HFS",
    "PercentPhaseFOV": 100,
    "PercentSampling": 100,
    "PhaseEncodingDirection": "i",
    "PhaseEncodingSteps": 63,
    "PhaseResolution": 1,
    "PixelBandwidth": 2520,
    "ProcedureStepDescription": "MR Scan",
    "ProtocolName": "Music_R-L_mmb_4_4_cmrr_mbep2d_bold_TE_12.6_29.23_45.86_62.49",
    "PulseSequenceDetails": "%CustomerSeq%\\cmrr_mbep2d_bold",
    "ReceiveCoilActiveElements": "HEA;HEP",
    "ReceiveCoilName": "Head_32",
    "ReconMatrixPE": 64,
    "RefLinesPE": 24,
    "RepetitionTime": 0.91,
    "SAR": 0.0668043,
    "ScanOptions": "FS",
    "ScanningSequence": "EP",
    "SequenceName": "epfid2d4_64",
    "SequenceVariant": "SK\\SS",
    "SeriesDescription": "Music_R-L_mmb_4_4_cmrr_mbep2d_bold_TE_12.6_29.23_45.86_62.49",
    "SeriesNumber": 12,
    "ShimSetting": [
      -4091,
      15314,
      -15132,
      277,
      87,
      -36,
      110,
      33
    ],
    "SliceThickness": 3.2,
    "SliceTiming": [
      0,
      0.6225,
      0.355,
      0.0875,
      0.71,
      0.445,
      0.1775,
      0.8,
      0.5325,
      0.265,
      0,
      0.6225,
      0.355,
      0.0875,
      0.71,
      0.445,
      0.1775,
      0.8,
      0.5325,
      0.265,
      0,
      0.6225,
      0.355,
      0.0875,
      0.71,
      0.445,
      0.1775,
      0.8,
      0.5325,
      0.265,
      0,
      0.6225,
      0.355,
      0.0875,
      0.71,
      0.445,
      0.1775,
      0.8,
      0.5325,
      0.265
    ],
    "SoftwareVersions": "syngo MR E11",
    "SpacingBetweenSlices": 3.2,
    "StationName": "AWP45193",
    "TaskName": "music",
    "TotalReadoutTime": 0.01575,
    "TxRefAmp": 385.013,
    "WipMemBlock": "65971d7e-f93a-4dc3-aa83-abaa6b136fbe||Sequence: R016 ve11c/master r/e634e98; Dec 19 2017 11:00:25 by eja",
    "dataset": "<unset>",
    "modality": "bold",
    "run_id": 1,
    "session_id": "01",
    "subject_id": "PC011",
    "task_id": "music"
  },
  "dummy_trs": 0,
  "dvars_nstd": 28.31504990469053,
  "dvars_std": 1.0941249783493816,
  "dvars_vstd": 0.9911092788583218,
  "efc": 0.5927524983250958,
  "fber": 1020.6578979492188,
  "fd_mean": 0.14560899344534078,
  "fd_num": 177,
  "fd_perc": 24.313186813186814,
  "fwhm_avg": 1.9021561713259654,
  "fwhm_x": 1.8100225242718446,
  "fwhm_y": 1.902546019417476,
  "fwhm_z": 1.9938999702885754,
  "gcor": 0.0174571,
  "gsr_x": 0.02639264240860939,
  "gsr_y": 0.017709629610180855,
  "provenance": {
    "md5sum": "aee58f12248e68e06a1b8e847a33f51d",
    "settings": {
      "fd_thres": 0.2,
      "testing": false
    },
    "software": "mriqc",
    "version": "22.0.6",
    "webapi_port": null,
    "webapi_url": "https://mriqc.nimh.nih.gov/api/v1"
  },
  "size_t": 728,
  "size_x": 64,
  "size_y": 64,
  "size_z": 40,
  "snr": 6.897598992784961,
  "spacing_tr": 0.9100000262260437,
  "spacing_x": 3.21875,
  "spacing_y": 3.21875,
  "spacing_z": 3.200000047683716,
  "summary_bg_k": 6.701053877976257,
  "summary_bg_mad": 192.03974422691027,
  "summary_bg_mean": 613.7819213867188,
  "summary_bg_median": 177.45330810546875,
  "summary_bg_n": 96109.0,
  "summary_bg_p05": 33.86071548461914,
  "summary_bg_p95": 2835.231152343748,
  "summary_bg_stdv": 956.4390869140625,
  "summary_fg_k": 0.2130053369566549,
  "summary_fg_mad": 802.7820460745907,
  "summary_fg_mean": 5699.3984375,
  "summary_fg_median": 5614.44384765625,
  "summary_fg_n": 33879.0,
  "summary_fg_p05": 4507.196533203125,
  "summary_fg_p95": 7175.425048828125,
  "summary_fg_stdv": 813.958740234375,
  "tsnr": 47.32875230524223
}