{
  "aor": 0.0006917473118279569,
  "aqi": 0.020555370161290325,
  "bids_meta": {
    "AcquisitionMatrixPE": 64,
    "AcquisitionNumber": 1,
    "AcquisitionTime": "13:40:2.017500",
    "BandwidthPerPixelPhaseEncode": 62.5,
    "BaseResolution": 64,
    "BodyPartExamined": "BRAIN",
    "ConsistencyInfo": "N4_VE11C_LATEST_20160120",
    "ConversionSoftware": "dcm2niix",
    "ConversionSoftwareVersion": "v1.0.20210317",
    "DerivedVendorReportedEchoSpacing": 0.0005,
    "DeviceSerialNumber": "45193",
    "DwellTime": 3.1e-06,
    "EchoNumber": 4,
    "EchoTime": 0.06249,
    "EchoTrainLength": 31,
    "EffectiveEchoSpacing": 0.00025,
    "FlipAngle": 56,
    "ImageComments": "Unaliased MB4/PE4/LB",
    "ImageOrientationPatientDICOM": [
      0.999795,
      0.00511858,
      0.0196098,
      -2.33042e-10,
      0.967581,
      -0.252559
    ],
    "ImageType": [
      "ORIGINAL",
      "PRIMARY",
      "M",
      "MB",
      "TE4",
      "ND",
      "NORM",
      "MOSAIC"
    ],
    "ImagingFrequency": 123.247,
    "InPlanePhaseEncodingDirectionDICOM": "ROW",
    "InstitutionAddress": "Blackburn Road 770,Clayton,Victoria,AU,3800",
    "InstitutionName": "Monash Biomedical Imaging",
    "InstitutionalDepartmentName": "Department",
    "MRAcquisitionType": "2D",
    "MagneticFieldStrength": 3,
    "Manufacturer": "Siemens",
    "ManufacturersModelName": "Skyra",
    "Modality": "MR",
    "MultibandAccelerationFactor": 4,
    "ParallelReductionFactorInPlane": 2,
    "PartialFourier": 1,
    "PatientPosition": "HFS",
    "PercentPhaseFOV": 100,
    "PercentSampling": 100,
    "PhaseEncodingDirection": "i",
    "PhaseEncodingSteps": 63,
    "PhaseResolution": 1,
    "PixelBandwidth": 2520,
    "ProcedureStepDescription": "MR Scan",
    "ProtocolName": "Movie_R-L_mmb_4_4_cmrr_mbep2d_bold_TE_12.6_29.23_45.86_62.49",
    "PulseSequenceDetails": "%CustomerSeq%\\cmrr_mbep2d_bold",
    "ReceiveCoilActiveElements": "HEA;HEP",
    "ReceiveCoilName": "Head_32",
    "ReconMatrixPE": 64,
    "RefLinesPE": 24,
    "RepetitionTime": 0.91,
    "SAR": 0.0660767,
    "ScanOptions": "FS",
    "ScanningSequence": "EP",
    "SequenceName": "epfid2d4_64",
    "SequenceVariant": "SK\\SS",
    "SeriesDescription": "Movie_R-L_mmb_4_4_cmrr_mbep2d_bold_TE_12.6_29.23_45.86_62.49",
    "SeriesNumber": 13,
    "ShimSetting": [
      -4091,
      15314,
      -15132,
      277,
      87,
      -36,
      110,
      33
    ],
    "SliceThickness": 3.2,
    "SliceTiming": [
      0,
      0.6225,
      0.355,
      0.09,
      0.7125,
      0.445,
      0.1775,
      0.8,
      0.535,
      0.2675,
      0,
      0.6225,
      0.355,
      0.09,
      0.7125,
      0.445,
      0.1775,
      0.8,
      0.535,
      0.2675,
      0,
      0.6225,
      0.355,
      0.09,
      0.7125,
      0.445,
      0.1775,
      0.8,
      0.535,
      0.2675,
      0,
      0.6225,
      0.355,
      0.09,
      0.7125,
      0.445,
      0.1775,
      0.8,
      0.535,
      0.2675
    ],
    "SoftwareVersions": "syngo MR E11",
    "SpacingBetweenSlices": 3.2,
    "StationName": "AWP45193",
    "TaskName": "movie",
    "TotalReadoutTime": 0.01575,
    "TxRefAmp": 385.013,
    "WipMemBlock": "3abd2514-5ced-495f-8703-d7439c238286||Sequence: R016 ve11c/master r/e634e98; Dec 19 2017 11:00:25 by eja",
    "dataset": "<unset>",
    "modality": "bold",
    "run_id": 1,
    "session_id": "01",
    "subject_id": "PC011",
    "task_id": "movie"
  },
  "dummy_trs": 0,
  "dvars_nstd": 56.46045073021566,
  "dvars_std": 1.0920027558760115,
  "dvars_vstd": 0.9953781974393525,
  "efc": 0.4763861058701368,
  "fber": 1980.8380126953125,
  "fd_mean": 0.10304814612249127,
  "fd_num": 46,
  "fd_perc": 12.365591397849462,
  "fwhm_avg": 1.5627058923458532,
  "fwhm_x": 1.5252846601941747,
  "fwhm_y": 1.6055611650485437,
  "fwhm_z": 1.5572718517948412,
  "gcor": 0.020596,
  "gsr_x": 0.0033536269329488277,
  "gsr_y": 0.0077532571740448475,
  "provenance": {
    "md5sum": "d768c2c0c48c24b858b0595754e0d8fb",
    "settings": {
      "fd_thres": 0.2,
      "testing": false
    },
    "software": "mriqc",
    "version": "22.0.6",
    "webapi_port": null,
    "webapi_url": "https://mriqc.nimh.nih.gov/api/v1"
  },
  "size_t": 372,
  "size_x": 64,
  "size_y": 64,
  "size_z": 40,
  "snr": 3.0690759532623746,
  "spacing_tr": 0.9100000262260437,
  "spacing_x": 3.21875,
  "spacing_y": 3.21875,
  "spacing_z": 3.200000047683716,
  "summary_bg_k": 76.70830012813371,
  "summary_bg_mad": 29.81146663930468,
  "summary_bg_mean": 74.64217376708984,
  "summary_bg_median": 48.502689361572266,
  "summary_bg_n": 101461.0,
  "summary_bg_p05": 20.5053768157959,
  "summary_bg_p95": 225.27957153320312,
  "summary_bg_stdv": 87.41767883300781,
  "summary_fg_k": 9.615518909438,
  "summary_fg_mad": 529.5778388254373,
  "summary_fg_mean": 2290.623046875,
  "summary_fg_median": 2168.568603515625,
  "summary_fg_n": 27912.0,
  "summary_fg_p05": 1457.62890625,
  "summary_fg_p95": 3419.091284179687,
  "summary_fg_stdv": 706.5741577148438,
  "tsnr": 22.720348222530447
}