{
  "aor": 0.00223021978021978,
  "aqi": 0.015498094917582417,
  "bids_meta": {
    "AcquisitionMatrixPE": 64,
    "AcquisitionNumber": 1,
    "AcquisitionTime": "11:53:36.605000",
    "BandwidthPerPixelPhaseEncode": 62.5,
    "BaseResolution": 64,
    "BodyPartExamined": "BRAIN",
    "ConsistencyInfo": "N4_VE11C_LATEST_20160120",
    "ConversionSoftware": "dcm2niix",
    "ConversionSoftwareVersion": "v1.0.20210317",
    "DerivedVendorReportedEchoSpacing": 0.0005,
    "DeviceSerialNumber": "45193",
    "DwellTime": 3.1e-06,
    "EchoNumber": 1,
    "EchoTime": 0.0126,
    "EchoTrainLength": 31,
    "EffectiveEchoSpacing": 0.00025,
    "FlipAngle": 56,
    "ImageComments": "Unaliased MB4/PE4/LB",
    "ImageOrientationPatientDICOM": [
      0.999907,
      -0.00105692,
      -0.0135684,
      1.7808e-11,
      0.99698,
      -0.0776606
    ],
    "ImageType": [
      "ORIGINAL",
      "PRIMARY",
      "M",
      "MB",
      "TE1",
      "ND",
      "NORM",
      "MOSAIC"
    ],
    "ImagingFrequency": 123.252,
    "InPlanePhaseEncodingDirectionDICOM": "ROW",
    "InstitutionAddress": "Blackburn Road 770,Clayton,Victoria,AU,3800",
    "InstitutionName": "Monash Biomedical Imaging",
    "InstitutionalDepartmentName": "Department",
    "MRAcquisitionType": "2D",
    "MagneticFieldStrength": 3,
    "Manufacturer": "Siemens",
    "ManufacturersModelName": "Skyra",
    "Modality": "MR",
    "MultibandAccelerationFactor": 4,
    "ParallelReductionFactorInPlane": 2,
    "PartialFourier": 1,
    "PatientPosition": "HFS",
    "PercentPhaseFOV": 100,
    "PercentSampling": 100,
    "PhaseEncodingDirection": "i",
    "PhaseEncodingSteps": 63,
    "PhaseResolution": 1,
    "PixelBandwidth": 2520,
    "ProcedureStepDescription": "MR Scan",
    "ProtocolName": "Music_R-L_mmb_4_4_cmrr_mbep2d_bold_TE_12.6_29.23_45.86_62.49",
    "PulseSequenceDetails": "%CustomerSeq%\\cmrr_mbep2d_bold",
    "ReceiveCoilActiveElements": "HEA;HEP",
    "ReceiveCoilName": "Head_32",
    "ReconMatrixPE": 64,
    "RefLinesPE": 24,
    "RepetitionTime": 0.91,
    "SAR": 0.091263,
    "ScanOptions": "FS",
    "ScanningSequence": "EP",
    "SequenceName": "epfid2d4_64",
    "SequenceVariant": "SK\\SS",
    "SeriesDescription": "Music_R-L_mmb_4_4_cmrr_mbep2d_bold_TE_12.6_29.23_45.86_62.49",
    "SeriesNumber": 7,
    "ShimSetting": [
      -4138,
      15337,
      -14906,
      412,
      61,
      -579,
      -64,
      258
    ],
    "SliceThickness": 3.2,
    "SliceTiming": [
      0,
      0.6225,
      0.355,
      0.0875,
      0.71,
      0.445,
      0.1775,
      0.8,
      0.5325,
      0.265,
      0,
      0.6225,
      0.355,
      0.0875,
      0.71,
      0.445,
      0.1775,
      0.8,
      0.5325,
      0.265,
      0,
      0.6225,
      0.355,
      0.0875,
      0.71,
      0.445,
      0.1775,
      0.8,
      0.5325,
      0.265,
      0,
      0.6225,
      0.355,
      0.0875,
      0.71,
      0.445,
      0.1775,
      0.8,
      0.5325,
      0.265
    ],
    "SoftwareVersions": "syngo MR E11",
    "SpacingBetweenSlices": 3.2,
    "StationName": "AWP45193",
    "TaskName": "music",
    "TotalReadoutTime": 0.01575,
    "TxRefAmp": 349.777,
    "WipMemBlock": "c6a9df3a-2e82-425f-a671-bcd8a4761b27||Sequence: R016 ve11c/master r/e634e98; Dec 19 2017 11:00:25 by eja",
    "dataset": "<unset>",
    "modality": "bold",
    "run_id": 1,
    "session_id": "02",
    "subject_id": "PC216",
    "task_id": "music"
  },
  "dummy_trs": 0,
  "dvars_nstd": 34.684118315584634,
  "dvars_std": 1.1387514631361761,
  "dvars_vstd": 1.0109408890784044,
  "efc": 0.5432209640117559,
  "fber": 1226.187744140625,
  "fd_mean": 0.257825164701868,
  "fd_num": 371,
  "fd_perc": 50.96153846153846,
  "fwhm_avg": 2.1109436828540753,
  "fwhm_x": 2.0307262135922333,
  "fwhm_y": 2.1858361165048543,
  "fwhm_z": 2.1162687184651388,
  "gcor": 0.00798764,
  "gsr_x": 0.0012923636240884662,
  "gsr_y": 0.011527582071721554,
  "provenance": {
    "md5sum": "c269705218dcb6e887522061f360db23",
    "settings": {
      "fd_thres": 0.2,
      "testing": false
    },
    "software": "mriqc",
    "version": "22.0.6",
    "webapi_port": null,
    "webapi_url": "https://mriqc.nimh.nih.gov/api/v1"
  },
  "size_t": 728,
  "size_x": 64,
  "size_y": 64,
  "size_z": 40,
  "snr": 6.382828450590928,
  "spacing_tr": 0.9100000262260437,
  "spacing_x": 3.21875,
  "spacing_y": 3.21875,
  "spacing_z": 3.200000047683716,
  "summary_bg_k": 12.060300540496353,
  "summary_bg_mad": 140.2220037639957,
  "summary_bg_mean": 388.5384216308594,
  "summary_bg_median": 141.84547424316406,
  "summary_bg_n": 102064.0,
  "summary_bg_p05": 24.195467281341553,
  "summary_bg_p95": 1735.4840576171864,
  "summary_bg_stdv": 637.2141723632812,
  "summary_fg_k": -0.14370708733720994,
  "summary_fg_mad": 769.4654839163559,
  "summary_fg_mean": 4950.44384765625,
  "summary_fg_median": 4879.0849609375,
  "summary_fg_n": 28826.0,
  "summary_fg_p05": 3798.0125122070312,
  "summary_fg_p95": 6324.848876953125,
  "summary_fg_stdv": 764.3947143554688,
  "tsnr": 37.44468259380665
}