{
  "aor": 0.002716579670329671,
  "aqi": 0.044011995467032966,
  "bids_meta": {
    "AcquisitionMatrixPE": 64,
    "AcquisitionNumber": 1,
    "AcquisitionTime": "11:53:36.655000",
    "BandwidthPerPixelPhaseEncode": 62.5,
    "BaseResolution": 64,
    "BodyPartExamined": "BRAIN",
    "ConsistencyInfo": "N4_VE11C_LATEST_20160120",
    "ConversionSoftware": "dcm2niix",
    "ConversionSoftwareVersion": "v1.0.20210317",
    "DerivedVendorReportedEchoSpacing": 0.0005,
    "DeviceSerialNumber": "45193",
    "DwellTime": 3.1e-06,
    "EchoNumber": 4,
    "EchoTime": 0.06249,
    "EchoTrainLength": 31,
    "EffectiveEchoSpacing": 0.00025,
    "FlipAngle": 56,
    "ImageComments": "Unaliased MB4/PE4/LB",
    "ImageOrientationPatientDICOM": [
      0.999907,
      -0.00105692,
      -0.0135684,
      1.7808e-11,
      0.99698,
      -0.0776606
    ],
    "ImageType": [
      "ORIGINAL",
      "PRIMARY",
      "M",
      "MB",
      "TE4",
      "ND",
      "NORM",
      "MOSAIC"
    ],
    "ImagingFrequency": 123.252,
    "InPlanePhaseEncodingDirectionDICOM": "ROW",
    "InstitutionAddress": "Blackburn Road 770,Clayton,Victoria,AU,3800",
    "InstitutionName": "Monash Biomedical Imaging",
    "InstitutionalDepartmentName": "Department",
    "MRAcquisitionType": "2D",
    "MagneticFieldStrength": 3,
    "Manufacturer": "Siemens",
    "ManufacturersModelName": "Skyra",
    "Modality": "MR",
    "MultibandAccelerationFactor": 4,
    "ParallelReductionFactorInPlane": 2,
    "PartialFourier": 1,
    "PatientPosition": "HFS",
    "PercentPhaseFOV": 100,
    "PercentSampling": 100,
    "PhaseEncodingDirection": "i",
    "PhaseEncodingSteps": 63,
    "PhaseResolution": 1,
    "PixelBandwidth": 2520,
    "ProcedureStepDescription": "MR Scan",
    "ProtocolName": "Music_R-L_mmb_4_4_cmrr_mbep2d_bold_TE_12.6_29.23_45.86_62.49",
    "PulseSequenceDetails": "%CustomerSeq%\\cmrr_mbep2d_bold",
    "ReceiveCoilActiveElements": "HEA;HEP",
    "ReceiveCoilName": "Head_32",
    "ReconMatrixPE": 64,
    "RefLinesPE": 24,
    "RepetitionTime": 0.91,
    "SAR": 0.091263,
    "ScanOptions": "FS",
    "ScanningSequence": "EP",
    "SequenceName": "epfid2d4_64",
    "SequenceVariant": "SK\\SS",
    "SeriesDescription": "Music_R-L_mmb_4_4_cmrr_mbep2d_bold_TE_12.6_29.23_45.86_62.49",
    "SeriesNumber": 7,
    "ShimSetting": [
      -4138,
      15337,
      -14906,
      412,
      61,
      -579,
      -64,
      258
    ],
    "SliceThickness": 3.2,
    "SliceTiming": [
      0,
      0.6225,
      0.355,
      0.0875,
      0.71,
      0.4425,
      0.1775,
      0.8,
      0.5325,
      0.265,
      0,
      0.6225,
      0.355,
      0.0875,
      0.71,
      0.4425,
      0.1775,
      0.8,
      0.5325,
      0.265,
      0,
      0.6225,
      0.355,
      0.0875,
      0.71,
      0.4425,
      0.1775,
      0.8,
      0.5325,
      0.265,
      0,
      0.6225,
      0.355,
      0.0875,
      0.71,
      0.4425,
      0.1775,
      0.8,
      0.5325,
      0.265
    ],
    "SoftwareVersions": "syngo MR E11",
    "SpacingBetweenSlices": 3.2,
    "StationName": "AWP45193",
    "TaskName": "music",
    "TotalReadoutTime": 0.01575,
    "TxRefAmp": 349.777,
    "WipMemBlock": "c6a9df3a-2e82-425f-a671-bcd8a4761b27||Sequence: R016 ve11c/master r/e634e98; Dec 19 2017 11:00:25 by eja",
    "dataset": "<unset>",
    "modality": "bold",
    "run_id": 1,
    "session_id": "02",
    "subject_id": "PC216",
    "task_id": "music"
  },
  "dummy_trs": 0,
  "dvars_nstd": 83.80495293360387,
  "dvars_std": 1.1149323305364522,
  "dvars_vstd": 1.006448750990371,
  "efc": 0.47494636419533587,
  "fber": 530.1207885742188,
  "fd_mean": 0.27596415696350657,
  "fd_num": 393,
  "fd_perc": 53.98351648351648,
  "fwhm_avg": 1.7920093379778537,
  "fwhm_x": 1.713078058252427,
  "fwhm_y": 1.9104031067961167,
  "fwhm_z": 1.7525468488850169,
  "gcor": 0.00474387,
  "gsr_x": -0.005194480065256357,
  "gsr_y": 0.0035960061941295862,
  "provenance": {
    "md5sum": "02ab06c6fdc1602cf309c9800f4fb588",
    "settings": {
      "fd_thres": 0.2,
      "testing": false
    },
    "software": "mriqc",
    "version": "22.0.6",
    "webapi_port": null,
    "webapi_url": "https://mriqc.nimh.nih.gov/api/v1"
  },
  "size_t": 728,
  "size_x": 64,
  "size_y": 64,
  "size_z": 40,
  "snr": 2.3247388117253496,
  "spacing_tr": 0.9100000262260437,
  "spacing_x": 3.21875,
  "spacing_y": 3.21875,
  "spacing_z": 3.200000047683716,
  "summary_bg_k": 54.82085890846554,
  "summary_bg_mad": 51.3737979689357,
  "summary_bg_mean": 100.53118896484375,
  "summary_bg_median": 76.08516693115234,
  "summary_bg_n": 107445.0,
  "summary_bg_p05": 21.2445068359375,
  "summary_bg_p95": 265.52581787109364,
  "summary_bg_stdv": 90.73139190673828,
  "summary_fg_k": 10.782507195774471,
  "summary_fg_mad": 470.7466553094509,
  "summary_fg_mean": 1920.0194091796875,
  "summary_fg_median": 1766.9588623046875,
  "summary_fg_n": 23851.0,
  "summary_fg_p05": 1140.3434448242188,
  "summary_fg_p95": 3176.117431640625,
  "summary_fg_stdv": 760.0517578125,
  "tsnr": 14.10120887705125
}