{
  "aor": 0.002967160493827161,
  "aqi": 0.009569098518518518,
  "bids_meta": {
    "AcquisitionMatrixPE": 64,
    "AcquisitionNumber": 1,
    "AcquisitionTime": "11:46:13.135000",
    "BandwidthPerPixelPhaseEncode": 62.5,
    "BaseResolution": 64,
    "BodyPartExamined": "BRAIN",
    "ConsistencyInfo": "N4_VE11C_LATEST_20160120",
    "ConversionSoftware": "dcm2niix",
    "ConversionSoftwareVersion": "v1.0.20210317",
    "DerivedVendorReportedEchoSpacing": 0.0005,
    "DeviceSerialNumber": "45193",
    "DwellTime": 3.1e-06,
    "EchoNumber": 1,
    "EchoTime": 0.0126,
    "EchoTrainLength": 31,
    "EffectiveEchoSpacing": 0.00025,
    "FlipAngle": 56,
    "ImageComments": "Unaliased MB4/PE4/LB",
    "ImageOrientationPatientDICOM": [
      0.999907,
      -0.00105692,
      -0.0135684,
      1.7808e-11,
      0.99698,
      -0.0776606
    ],
    "ImageType": [
      "ORIGINAL",
      "PRIMARY",
      "M",
      "MB",
      "TE1",
      "ND",
      "NORM",
      "MOSAIC"
    ],
    "ImagingFrequency": 123.252,
    "InPlanePhaseEncodingDirectionDICOM": "ROW",
    "InstitutionAddress": "Blackburn Road 770,Clayton,Victoria,AU,3800",
    "InstitutionName": "Monash Biomedical Imaging",
    "InstitutionalDepartmentName": "Department",
    "MRAcquisitionType": "2D",
    "MagneticFieldStrength": 3,
    "Manufacturer": "Siemens",
    "ManufacturersModelName": "Skyra",
    "Modality": "MR",
    "MultibandAccelerationFactor": 4,
    "ParallelReductionFactorInPlane": 2,
    "PartialFourier": 1,
    "PatientPosition": "HFS",
    "PercentPhaseFOV": 100,
    "PercentSampling": 100,
    "PhaseEncodingDirection": "i",
    "PhaseEncodingSteps": 63,
    "PhaseResolution": 1,
    "PixelBandwidth": 2520,
    "ProcedureStepDescription": "MR Scan",
    "ProtocolName": "Meditation_R-L_mmb_4_4_cmrr_mbep2d_bold_TE_12.6_29.23_45.86_62.5",
    "PulseSequenceDetails": "%CustomerSeq%\\cmrr_mbep2d_bold",
    "ReceiveCoilActiveElements": "HEA;HEP",
    "ReceiveCoilName": "Head_32",
    "ReconMatrixPE": 64,
    "RefLinesPE": 24,
    "RepetitionTime": 0.91,
    "SAR": 0.0904623,
    "ScanOptions": "FS",
    "ScanningSequence": "EP",
    "SequenceName": "epfid2d4_64",
    "SequenceVariant": "SK\\SS",
    "SeriesDescription": "Meditation_R-L_mmb_4_4_cmrr_mbep2d_bold_TE_12.6_29.23_45.86_62.5",
    "SeriesNumber": 5,
    "ShimSetting": [
      -4138,
      15337,
      -14906,
      412,
      61,
      -579,
      -64,
      258
    ],
    "SliceThickness": 3.2,
    "SliceTiming": [
      0,
      0.6225,
      0.355,
      0.0875,
      0.71,
      0.445,
      0.1775,
      0.8,
      0.5325,
      0.265,
      0,
      0.6225,
      0.355,
      0.0875,
      0.71,
      0.445,
      0.1775,
      0.8,
      0.5325,
      0.265,
      0,
      0.6225,
      0.355,
      0.0875,
      0.71,
      0.445,
      0.1775,
      0.8,
      0.5325,
      0.265,
      0,
      0.6225,
      0.355,
      0.0875,
      0.71,
      0.445,
      0.1775,
      0.8,
      0.5325,
      0.265
    ],
    "SoftwareVersions": "syngo MR E11",
    "SpacingBetweenSlices": 3.2,
    "StationName": "AWP45193",
    "TaskName": "meditation",
    "TotalReadoutTime": 0.01575,
    "TxRefAmp": 349.777,
    "WipMemBlock": "9a77ef80-787b-4b43-8b47-5eb0936d1ce8||Sequence: R016 ve11c/master r/e634e98; Dec 19 2017 11:00:25 by eja",
    "dataset": "<unset>",
    "modality": "bold",
    "run_id": 1,
    "session_id": "02",
    "subject_id": "PC216",
    "task_id": "meditation"
  },
  "dummy_trs": 0,
  "dvars_nstd": 30.8066722187129,
  "dvars_std": 1.1948589038118813,
  "dvars_vstd": 1.0222460466831684,
  "efc": 0.5328377439751908,
  "fber": 4532.98974609375,
  "fd_mean": 0.2808964949156605,
  "fd_num": 236,
  "fd_perc": 58.27160493827161,
  "fwhm_avg": 2.0630834664672713,
  "fwhm_x": 1.967593009708738,
  "fwhm_y": 2.112866796116505,
  "fwhm_z": 2.1087905935765714,
  "gcor": 0.010823,
  "gsr_x": -0.01021601166576147,
  "gsr_y": 0.025219663977622986,
  "provenance": {
    "md5sum": "dbb5e00fb2572d2e8ead22f170f345d3",
    "settings": {
      "fd_thres": 0.2,
      "testing": false
    },
    "software": "mriqc",
    "version": "22.0.6",
    "webapi_port": null,
    "webapi_url": "https://mriqc.nimh.nih.gov/api/v1"
  },
  "size_t": 405,
  "size_x": 64,
  "size_y": 64,
  "size_z": 40,
  "snr": 6.392585473469544,
  "spacing_tr": 0.9100000262260437,
  "spacing_x": 3.21875,
  "spacing_y": 3.21875,
  "spacing_z": 3.200000047683716,
  "summary_bg_k": 12.363804507224337,
  "summary_bg_mad": 74.80003454239632,
  "summary_bg_mean": 359.6561279296875,
  "summary_bg_median": 74.0666732788086,
  "summary_bg_n": 100749.0,
  "summary_bg_p05": 14.815803146362306,
  "summary_bg_p95": 1874.0435302734375,
  "summary_bg_stdv": 712.4468994140625,
  "summary_fg_k": -0.11617116653857806,
  "summary_fg_mad": 811.4112542994866,
  "summary_fg_mean": 5030.12744140625,
  "summary_fg_median": 4969.22509765625,
  "summary_fg_n": 29329.0,
  "summary_fg_p05": 3853.137890625,
  "summary_fg_p95": 6386.63310546875,
  "summary_fg_stdv": 777.3287353515625,
  "tsnr": 49.76690077432431
}