{
  "aor": 0.0008767032967032966,
  "aqi": 0.011847131799450548,
  "bids_meta": {
    "AcquisitionMatrixPE": 64,
    "AcquisitionNumber": 1,
    "AcquisitionTime": "14:42:56.420000",
    "BandwidthPerPixelPhaseEncode": 62.5,
    "BaseResolution": 64,
    "BodyPartExamined": "BRAIN",
    "ConsistencyInfo": "N4_VE11C_LATEST_20160120",
    "ConversionSoftware": "dcm2niix",
    "ConversionSoftwareVersion": "v1.0.20210317",
    "DerivedVendorReportedEchoSpacing": 0.0005,
    "DeviceSerialNumber": "45193",
    "DwellTime": 3.1e-06,
    "EchoNumber": 3,
    "EchoTime": 0.04586,
    "EchoTrainLength": 31,
    "EffectiveEchoSpacing": 0.00025,
    "FlipAngle": 56,
    "ImageComments": "Unaliased MB4/PE4/LB",
    "ImageOrientationPatientDICOM": [
      0.999431,
      0.0299227,
      0.0155555,
      -0.0279166,
      0.992833,
      -0.116199
    ],
    "ImageType": [
      "ORIGINAL",
      "PRIMARY",
      "M",
      "MB",
      "TE3",
      "ND",
      "NORM",
      "MOSAIC"
    ],
    "ImagingFrequency": 123.252,
    "InPlanePhaseEncodingDirectionDICOM": "ROW",
    "InstitutionAddress": "Blackburn Road 770,Clayton,Victoria,AU,3800",
    "InstitutionName": "Monash Biomedical Imaging",
    "InstitutionalDepartmentName": "Department",
    "MRAcquisitionType": "2D",
    "MagneticFieldStrength": 3,
    "Manufacturer": "Siemens",
    "ManufacturersModelName": "Skyra",
    "Modality": "MR",
    "MultibandAccelerationFactor": 4,
    "ParallelReductionFactorInPlane": 2,
    "PartialFourier": 1,
    "PatientPosition": "HFS",
    "PercentPhaseFOV": 100,
    "PercentSampling": 100,
    "PhaseEncodingDirection": "i",
    "PhaseEncodingSteps": 63,
    "PhaseResolution": 1,
    "PixelBandwidth": 2520,
    "ProcedureStepDescription": "MR Scan",
    "ProtocolName": "Music_R-L_mmb_4_4_cmrr_mbep2d_bold_TE_12.6_29.23_45.86_62.49",
    "PulseSequenceDetails": "%CustomerSeq%\\cmrr_mbep2d_bold",
    "ReceiveCoilActiveElements": "HEA;HEP",
    "ReceiveCoilName": "Head_32",
    "ReconMatrixPE": 64,
    "RefLinesPE": 24,
    "RepetitionTime": 0.91,
    "SAR": 0.0922299,
    "ScanOptions": "FS",
    "ScanningSequence": "EP",
    "SequenceName": "epfid2d4_64",
    "SequenceVariant": "SK\\SS",
    "SeriesDescription": "Music_R-L_mmb_4_4_cmrr_mbep2d_bold_TE_12.6_29.23_45.86_62.49",
    "SeriesNumber": 12,
    "ShimSetting": [
      -4102,
      15369,
      -14986,
      626,
      190,
      -22,
      -181,
      46
    ],
    "SliceThickness": 3.2,
    "SliceTiming": [
      0,
      0.6225,
      0.355,
      0.0875,
      0.71,
      0.445,
      0.1775,
      0.8,
      0.5325,
      0.265,
      0,
      0.6225,
      0.355,
      0.0875,
      0.71,
      0.445,
      0.1775,
      0.8,
      0.5325,
      0.265,
      0,
      0.6225,
      0.355,
      0.0875,
      0.71,
      0.445,
      0.1775,
      0.8,
      0.5325,
      0.265,
      0,
      0.6225,
      0.355,
      0.0875,
      0.71,
      0.445,
      0.1775,
      0.8,
      0.5325,
      0.265
    ],
    "SoftwareVersions": "syngo MR E11",
    "SpacingBetweenSlices": 3.2,
    "StationName": "AWP45193",
    "TaskName": "music",
    "TotalReadoutTime": 0.01575,
    "TxRefAmp": 370.438,
    "WipMemBlock": "ca6118f6-3793-40e3-8759-70806de55476||Sequence: R016 ve11c/master r/e634e98; Dec 19 2017 11:00:25 by eja",
    "dataset": "<unset>",
    "modality": "bold",
    "run_id": 1,
    "session_id": "01",
    "subject_id": "PC207",
    "task_id": "music"
  },
  "dummy_trs": 0,
  "dvars_nstd": 39.468435017193904,
  "dvars_std": 1.1269712844429163,
  "dvars_vstd": 1.0104544130123796,
  "efc": 0.48517119255358104,
  "fber": 3560.84521484375,
  "fd_mean": 0.09451562123754559,
  "fd_num": 21,
  "fd_perc": 2.8846153846153846,
  "fwhm_avg": 1.649236994295838,
  "fwhm_x": 1.5973996116504854,
  "fwhm_y": 1.713255145631068,
  "fwhm_z": 1.6370562256059613,
  "gcor": 0.0286297,
  "gsr_x": -0.00045272090937942266,
  "gsr_y": 0.020493652671575546,
  "provenance": {
    "md5sum": "e3ba5c41f3c1c27cce2e3101a71f8364",
    "settings": {
      "fd_thres": 0.2,
      "testing": false
    },
    "software": "mriqc",
    "version": "22.0.6",
    "webapi_port": null,
    "webapi_url": "https://mriqc.nimh.nih.gov/api/v1"
  },
  "size_t": 728,
  "size_x": 64,
  "size_y": 64,
  "size_z": 40,
  "snr": 4.302047877041539,
  "spacing_tr": 0.9100000262260437,
  "spacing_x": 3.21875,
  "spacing_y": 3.21875,
  "spacing_z": 3.200000047683716,
  "summary_bg_k": 124.36088521773407,
  "summary_bg_mad": 33.79436802800444,
  "summary_bg_mean": 95.84567260742188,
  "summary_bg_median": 46.98488998413086,
  "summary_bg_n": 100823.0,
  "summary_bg_p05": 17.635990142822266,
  "summary_bg_p95": 330.24382019042923,
  "summary_bg_stdv": 170.57754516601562,
  "summary_fg_k": 4.133844309971383,
  "summary_fg_mad": 573.6651658554889,
  "summary_fg_mean": 2890.8994140625,
  "summary_fg_median": 2807.24658203125,
  "summary_fg_n": 28950.0,
  "summary_fg_p05": 2049.0871704101564,
  "summary_fg_p95": 3970.153576660156,
  "summary_fg_stdv": 652.5260009765625,
  "tsnr": 35.585582115338184
}