{
  "aor": 0.00031414682539682544,
  "aqi": 0.007830238412698413,
  "bids_meta": {
    "AcquisitionMatrixPE": 64,
    "AcquisitionNumber": 1,
    "AcquisitionTime": "14:16:39.890000",
    "BandwidthPerPixelPhaseEncode": 62.5,
    "BaseResolution": 64,
    "BodyPartExamined": "BRAIN",
    "ConsistencyInfo": "N4_VE11C_LATEST_20160120",
    "ConversionSoftware": "dcm2niix",
    "ConversionSoftwareVersion": "v1.0.20210317",
    "DerivedVendorReportedEchoSpacing": 0.0005,
    "DeviceSerialNumber": "45193",
    "DwellTime": 3.1e-06,
    "EchoNumber": 2,
    "EchoTime": 0.02923,
    "EchoTrainLength": 31,
    "EffectiveEchoSpacing": 0.00025,
    "FlipAngle": 56,
    "ImageComments": "Unaliased MB4/PE4/LB",
    "ImageOrientationPatientDICOM": [
      0.999431,
      0.0299227,
      0.0155555,
      -0.0279166,
      0.992833,
      -0.116199
    ],
    "ImageType": [
      "ORIGINAL",
      "PRIMARY",
      "M",
      "MB",
      "TE2",
      "ND",
      "NORM",
      "MOSAIC"
    ],
    "ImagingFrequency": 123.252,
    "InPlanePhaseEncodingDirectionDICOM": "ROW",
    "InstitutionAddress": "Blackburn Road 770,Clayton,Victoria,AU,3800",
    "InstitutionName": "Monash Biomedical Imaging",
    "InstitutionalDepartmentName": "Department",
    "MRAcquisitionType": "2D",
    "MagneticFieldStrength": 3,
    "Manufacturer": "Siemens",
    "ManufacturersModelName": "Skyra",
    "Modality": "MR",
    "MultibandAccelerationFactor": 4,
    "ParallelReductionFactorInPlane": 2,
    "PartialFourier": 1,
    "PatientPosition": "HFS",
    "PercentPhaseFOV": 100,
    "PercentSampling": 100,
    "PhaseEncodingDirection": "i",
    "PhaseEncodingSteps": 63,
    "PhaseResolution": 1,
    "PixelBandwidth": 2520,
    "ProcedureStepDescription": "MR Scan",
    "ProtocolName": "Rest_R-L_mmb_4_4_cmrr_mbep2d_bold_TE_12.6_29.23_45.86_62.49",
    "PulseSequenceDetails": "%CustomerSeq%\\cmrr_mbep2d_bold",
    "ReceiveCoilActiveElements": "HEA;HEP",
    "ReceiveCoilName": "Head_32",
    "ReconMatrixPE": 64,
    "RefLinesPE": 24,
    "RepetitionTime": 0.91,
    "SAR": 0.0917617,
    "ScanOptions": "FS",
    "ScanningSequence": "EP",
    "SequenceName": "epfid2d4_64",
    "SequenceVariant": "SK\\SS",
    "SeriesDescription": "Rest_R-L_mmb_4_4_cmrr_mbep2d_bold_TE_12.6_29.23_45.86_62.49",
    "SeriesNumber": 5,
    "ShimSetting": [
      -4102,
      15369,
      -14986,
      626,
      190,
      -22,
      -181,
      46
    ],
    "SliceThickness": 3.2,
    "SliceTiming": [
      0,
      0.6225,
      0.3575,
      0.09,
      0.7125,
      0.445,
      0.1775,
      0.8,
      0.535,
      0.2675,
      0,
      0.6225,
      0.3575,
      0.09,
      0.7125,
      0.445,
      0.1775,
      0.8,
      0.535,
      0.2675,
      0,
      0.6225,
      0.3575,
      0.09,
      0.7125,
      0.445,
      0.1775,
      0.8,
      0.535,
      0.2675,
      0,
      0.6225,
      0.3575,
      0.09,
      0.7125,
      0.445,
      0.1775,
      0.8,
      0.535,
      0.2675
    ],
    "SoftwareVersions": "syngo MR E11",
    "SpacingBetweenSlices": 3.2,
    "StationName": "AWP45193",
    "TaskName": "rest",
    "TotalReadoutTime": 0.01575,
    "TxRefAmp": 370.438,
    "WipMemBlock": "28382ab5-e2b1-4ab9-8de6-1b5b60907703||Sequence: R016 ve11c/master r/e634e98; Dec 19 2017 11:00:25 by eja",
    "dataset": "<unset>",
    "modality": "bold",
    "run_id": 1,
    "session_id": "01",
    "subject_id": "PC207",
    "task_id": "rest"
  },
  "dummy_trs": 0,
  "dvars_nstd": 30.279710838071573,
  "dvars_std": 1.106560578369781,
  "dvars_vstd": 0.9938465154671976,
  "efc": 0.5126183655503016,
  "fber": 3701.354248046875,
  "fd_mean": 0.08442217579490324,
  "fd_num": 8,
  "fd_perc": 1.5873015873015872,
  "fwhm_avg": 1.780673136321588,
  "fwhm_x": 1.7110400000000001,
  "fwhm_y": 1.8381763106796116,
  "fwhm_z": 1.7928030982851522,
  "gcor": 0.0384298,
  "gsr_x": 0.0029510464519262314,
  "gsr_y": 0.022301629185676575,
  "provenance": {
    "md5sum": "f181da685c75f5e9f144cd96e390335d",
    "settings": {
      "fd_thres": 0.2,
      "testing": false
    },
    "software": "mriqc",
    "version": "22.0.6",
    "webapi_port": null,
    "webapi_url": "https://mriqc.nimh.nih.gov/api/v1"
  },
  "size_t": 504,
  "size_x": 64,
  "size_y": 64,
  "size_z": 40,
  "snr": 5.495095167216867,
  "spacing_tr": 0.9100000262260437,
  "spacing_x": 3.21875,
  "spacing_y": 3.21875,
  "spacing_z": 3.200000047683716,
  "summary_bg_k": 37.586712370460845,
  "summary_bg_mad": 57.25668500327841,
  "summary_bg_mean": 182.38111877441406,
  "summary_bg_median": 64.2123031616211,
  "summary_bg_n": 98905.0,
  "summary_bg_p05": 18.641271591186523,
  "summary_bg_p95": 750.033752441406,
  "summary_bg_stdv": 352.5622863769531,
  "summary_fg_k": 1.1237572516739345,
  "summary_fg_mad": 678.5670550285537,
  "summary_fg_mean": 3954.7587890625,
  "summary_fg_median": 3873.57568359375,
  "summary_fg_n": 30820.0,
  "summary_fg_p05": 2981.8015014648436,
  "summary_fg_p95": 5209.687158203124,
  "summary_fg_stdv": 704.9036865234375,
  "tsnr": 49.34524569287896
}