{
  "bids_meta": {
    "AcquisitionMatrixPE": 256,
    "AcquisitionNumber": 1,
    "AcquisitionTime": "11:04:27.220000",
    "BaseResolution": 256,
    "BodyPartExamined": "BRAIN",
    "ConsistencyInfo": "N4_VE11C_LATEST_20160120",
    "ConversionSoftware": "dcm2niix",
    "ConversionSoftwareVersion": "v1.0.20210317",
    "DeviceSerialNumber": "45193",
    "DwellTime": 2.8e-06,
    "EchoTime": 0.452,
    "EchoTrainLength": 270,
    "FlipAngle": 120,
    "ImageOrientationPatientDICOM": [
      -0.0121875,
      0.999926,
      -3.28009e-08,
      0.0366169,
      0.000446269,
      -0.999329
    ],
    "ImageType": [
      "ORIGINAL",
      "PRIMARY",
      "M",
      "ND",
      "NORM"
    ],
    "ImagingFrequency": 123.247,
    "InPlanePhaseEncodingDirectionDICOM": "ROW",
    "InstitutionAddress": "Blackburn Road 770,Clayton,Victoria,AU,3800",
    "InstitutionName": "Monash Biomedical Imaging",
    "InstitutionalDepartmentName": "Department",
    "MRAcquisitionType": "3D",
    "MagneticFieldStrength": 3,
    "Manufacturer": "Siemens",
    "ManufacturersModelName": "Skyra",
    "Modality": "MR",
    "ParallelReductionFactorInPlane": 2,
    "PartialFourier": 1,
    "PatientPosition": "HFS",
    "PercentPhaseFOV": 100,
    "PercentSampling": 100,
    "PhaseEncodingDirection": "i",
    "PhaseEncodingSteps": 245,
    "PhaseResolution": 1,
    "PixelBandwidth": 700,
    "ProcedureStepDescription": "MR Scan",
    "ProtocolName": "t2_space_sag_p2_iso",
    "PulseSequenceDetails": "%SiemensSeq%\\tse_vfl",
    "ReceiveCoilActiveElements": "HEA;HEP",
    "ReceiveCoilName": "Head_32",
    "ReconMatrixPE": 256,
    "RefLinesPE": 24,
    "RepetitionTime": 3.2,
    "SAR": 0.267037,
    "ScanOptions": "PFP",
    "ScanningSequence": "SE",
    "SequenceName": "*spcR_282ns",
    "SequenceVariant": "SK\\SP",
    "SeriesDescription": "t2_space_sag_p2_iso",
    "SeriesNumber": 4,
    "ShimSetting": [
      -4069,
      15336,
      -15557,
      -117,
      159,
      -103,
      -245,
      164
    ],
    "SliceThickness": 1,
    "SoftwareVersions": "syngo MR E11",
    "StationName": "AWP45193",
    "TxRefAmp": 385.979,
    "dataset": "<unset>",
    "modality": "T2w",
    "run_id": 1,
    "session_id": "01",
    "subject_id": "PC009"
  },
  "cjv": 0.4473336865917826,
  "cnr": 2.742165191668231,
  "efc": 0.521233911125103,
  "fber": -1.0,
  "fwhm_avg": 2.9121966666666665,
  "fwhm_x": 3.0428,
  "fwhm_y": 3.03506,
  "fwhm_z": 2.65873,
  "icvs_csf": 0.18440116778786805,
  "icvs_gm": 0.2756020541616467,
  "icvs_wm": 0.5399967780504853,
  "inu_med": 0.9337478280067444,
  "inu_range": 0.19281597435474396,
  "provenance": {
    "md5sum": "ff59c12db5e08ccd4b8529d1a488f916",
    "settings": {
      "testing": false
    },
    "software": "mriqc",
    "version": "22.0.6",
    "warnings": {
      "large_rot_frame": true,
      "small_air_mask": false
    },
    "webapi_port": null,
    "webapi_url": "https://mriqc.nimh.nih.gov/api/v1"
  },
  "qi_1": 0.004908992282313211,
  "qi_2": 0.01882071107663881,
  "rpve_csf": 28.906671596293727,
  "rpve_gm": 14.886559475267095,
  "rpve_wm": 10.325920527283097,
  "size_x": 176,
  "size_y": 256,
  "size_z": 256,
  "snr_csf": 4.118249653561819,
  "snr_gm": 6.824393508489796,
  "snr_total": 6.675318588040722,
  "snr_wm": 9.083312602070551,
  "snrd_csf": 60.65211109702478,
  "snrd_gm": 23.515622814007063,
  "snrd_total": 32.42748016390763,
  "snrd_wm": 13.114706580691063,
  "spacing_x": 1.0,
  "spacing_y": 1.0,
  "spacing_z": 1.0,
  "summary_bg_k": 2488.930681799609,
  "summary_bg_mad": 0.0,
  "summary_bg_mean": 4.219375383374108,
  "summary_bg_median": 0.0,
  "summary_bg_n": 616514.0,
  "summary_bg_p05": 0.0,
  "summary_bg_p95": 21.375557363033295,
  "summary_bg_stdv": 49.954333150027274,
  "summary_csf_k": 3.2984015316750117,
  "summary_csf_mad": 1004.5895820187486,
  "summary_csf_mean": 4602.659558634047,
  "summary_csf_median": 4624.740380771458,
  "summary_csf_n": 57269.0,
  "summary_csf_p05": 2630.143580424786,
  "summary_csf_p95": 5914.497969254851,
  "summary_csf_stdv": 1122.977087911611,
  "summary_gm_k": 0.4010529816261412,
  "summary_gm_mad": 252.50455245425243,
  "summary_gm_mean": 1814.4772065626207,
  "summary_gm_median": 1793.072795651853,
  "summary_gm_n": 12306.0,
  "summary_gm_p05": 1418.1098935753107,
  "summary_gm_p95": 2278.599778579548,
  "summary_gm_stdv": 262.73396139034185,
  "summary_wm_k": 0.5998167541321546,
  "summary_wm_mad": 102.26361014562112,
  "summary_wm_mean": 1003.1172088695939,
  "summary_wm_median": 1000.0000331178308,
  "summary_wm_n": 317529.0,
  "summary_wm_p05": 825.7298640608788,
  "summary_wm_p95": 1188.3226519227028,
  "summary_wm_stdv": 110.09182467520337,
  "tpm_overlap_csf": 0.1582577990875576,
  "tpm_overlap_gm": 0.33582605586156916,
  "tpm_overlap_wm": 0.47737587352079774,
  "wm2max": 0.17042196512294666
}