{
  "bids_meta": {
    "AcquisitionMatrixPE": 240,
    "AcquisitionNumber": 1,
    "AcquisitionTime": "14:38:46.090000",
    "BaseResolution": 256,
    "BodyPartExamined": "BRAIN",
    "ConsistencyInfo": "N4_VE11C_LATEST_20160120",
    "ConversionSoftware": "dcm2niix",
    "ConversionSoftwareVersion": "v1.0.20210317",
    "DeviceSerialNumber": "45193",
    "DwellTime": 8.5e-06,
    "EchoTime": 0.00207,
    "FlipAngle": 9,
    "ImageOrientationPatientDICOM": [
      -0.0593017,
      0.99824,
      -8.82662e-09,
      0.0104504,
      0.000620807,
      -0.999945
    ],
    "ImageType": [
      "ORIGINAL",
      "PRIMARY",
      "M",
      "ND",
      "NORM"
    ],
    "ImagingFrequency": 123.247,
    "InPlanePhaseEncodingDirectionDICOM": "ROW",
    "InstitutionAddress": "Blackburn Road 770,Clayton,Victoria,AU,3800",
    "InstitutionName": "Monash Biomedical Imaging",
    "InstitutionalDepartmentName": "Department",
    "InversionTime": 0.9,
    "MRAcquisitionType": "3D",
    "MagneticFieldStrength": 3,
    "Manufacturer": "Siemens",
    "ManufacturersModelName": "Skyra",
    "Modality": "MR",
    "ParallelReductionFactorInPlane": 2,
    "PartialFourier": 1,
    "PatientPosition": "HFS",
    "PercentPhaseFOV": 93.75,
    "PercentSampling": 100,
    "PhaseEncodingSteps": 239,
    "PhaseResolution": 1,
    "PixelBandwidth": 230,
    "ProcedureStepDescription": "MR Scan",
    "ProtocolName": "t1_mprage_sag_p2_iso_1_ADNI",
    "PulseSequenceDetails": "%SiemensSeq%\\tfl",
    "ReceiveCoilActiveElements": "HEA;HEP",
    "ReceiveCoilName": "Head_32",
    "ReconMatrixPE": 240,
    "RefLinesPE": 32,
    "RepetitionTime": 2.3,
    "SAR": 0.100283,
    "ScanOptions": "IR",
    "ScanningSequence": "GR\\IR",
    "SequenceName": "*tfl3d1_16ns",
    "SequenceVariant": "SK\\SP\\MP",
    "SeriesDescription": "t1_mprage_sag_p2_iso_1_ADNI",
    "SeriesNumber": 3,
    "ShimSetting": [
      -4069,
      15336,
      -15557,
      -117,
      159,
      -103,
      -245,
      164
    ],
    "SliceThickness": 1,
    "SoftwareVersions": "syngo MR E11",
    "StationName": "AWP45193",
    "TxRefAmp": 378.29,
    "dataset": "<unset>",
    "modality": "T1w",
    "run_id": 1,
    "session_id": "01",
    "subject_id": "PC022"
  },
  "cjv": 0.3306220639418071,
  "cnr": 4.081027340361018,
  "efc": 0.5018291570824003,
  "fber": 12798.630963139121,
  "fwhm_avg": 4.219246666666666,
  "fwhm_x": 4.16982,
  "fwhm_y": 4.24529,
  "fwhm_z": 4.24263,
  "icvs_csf": 0.197644355598499,
  "icvs_gm": 0.45124213594835916,
  "icvs_wm": 0.3511135084531418,
  "inu_med": 0.4767875373363495,
  "inu_range": 0.14725864827632906,
  "provenance": {
    "md5sum": "011924bffdfdb517c67b34ca2fef8a2d",
    "settings": {
      "testing": false
    },
    "software": "mriqc",
    "version": "22.0.6",
    "warnings": {
      "large_rot_frame": true,
      "small_air_mask": false
    },
    "webapi_port": null,
    "webapi_url": "https://mriqc.nimh.nih.gov/api/v1"
  },
  "qi_1": 0.026588602311054386,
  "qi_2": 0.011646275513675131,
  "rpve_csf": 25.091011464477248,
  "rpve_gm": 11.843993600989974,
  "rpve_wm": 16.896500843778398,
  "size_x": 192,
  "size_y": 240,
  "size_z": 256,
  "snr_csf": 2.103537883007712,
  "snr_gm": 12.43344441513856,
  "snr_total": 12.702507084605827,
  "snr_wm": 23.570538955671207,
  "snrd_csf": 22.793657092626812,
  "snrd_gm": 68.73494931370603,
  "snrd_total": 62.8381247327701,
  "snrd_wm": 96.98576779197744,
  "spacing_x": 1.0,
  "spacing_y": 1.0,
  "spacing_z": 1.0,
  "summary_bg_k": 3479.738989889896,
  "summary_bg_mad": 0.0,
  "summary_bg_mean": 2.8801339237143964,
  "summary_bg_median": 0.0,
  "summary_bg_n": 3051612.0,
  "summary_bg_p05": 0.0,
  "summary_bg_p95": 14.990223571658134,
  "summary_bg_stdv": 6.754974532584828,
  "summary_csf_k": 69.74547061810026,
  "summary_csf_mad": 70.66759124460621,
  "summary_csf_mean": 254.2925280473939,
  "summary_csf_median": 235.02063564956188,
  "summary_csf_n": 58567.0,
  "summary_csf_p05": 133.01325049251318,
  "summary_csf_p95": 438.3228272199631,
  "summary_csf_stdv": 111.72540847209989,
  "summary_gm_k": 0.08507773745482439,
  "summary_gm_mad": 56.62425952963433,
  "summary_gm_mean": 709.2503992033783,
  "summary_gm_median": 708.7117005139589,
  "summary_gm_n": 55150.0,
  "summary_gm_p05": 616.3371633738279,
  "summary_gm_p95": 802.8242345899343,
  "summary_gm_stdv": 56.99991502852318,
  "summary_wm_k": 0.7717182394823312,
  "summary_wm_mad": 39.68207493771871,
  "summary_wm_mean": 1001.4489738526477,
  "summary_wm_median": 999.999986961484,
  "summary_wm_n": 224100.0,
  "summary_wm_p05": 935.0423514842987,
  "summary_wm_p95": 1072.9089584201574,
  "summary_wm_stdv": 42.42574841809502,
  "tpm_overlap_csf": 0.13474285708775374,
  "tpm_overlap_gm": 0.4515088399916971,
  "tpm_overlap_wm": 0.48759918566571103,
  "wm2max": 0.41697798471287273
}