{
  "bids_meta": {
    "AcquisitionMatrixPE": 256,
    "AcquisitionNumber": 1,
    "AcquisitionTime": "14:44:13.240000",
    "BaseResolution": 256,
    "BodyPartExamined": "BRAIN",
    "ConsistencyInfo": "N4_VE11C_LATEST_20160120",
    "ConversionSoftware": "dcm2niix",
    "ConversionSoftwareVersion": "v1.0.20210317",
    "DeviceSerialNumber": "45193",
    "DwellTime": 2.8e-06,
    "EchoTime": 0.452,
    "EchoTrainLength": 270,
    "FlipAngle": 120,
    "ImageOrientationPatientDICOM": [
      -0.0593017,
      0.99824,
      -8.82662e-09,
      0.0104504,
      0.000620807,
      -0.999945
    ],
    "ImageType": [
      "ORIGINAL",
      "PRIMARY",
      "M",
      "ND",
      "NORM"
    ],
    "ImagingFrequency": 123.247,
    "InPlanePhaseEncodingDirectionDICOM": "ROW",
    "InstitutionAddress": "Blackburn Road 770,Clayton,Victoria,AU,3800",
    "InstitutionName": "Monash Biomedical Imaging",
    "InstitutionalDepartmentName": "Department",
    "MRAcquisitionType": "3D",
    "MagneticFieldStrength": 3,
    "Manufacturer": "Siemens",
    "ManufacturersModelName": "Skyra",
    "Modality": "MR",
    "ParallelReductionFactorInPlane": 2,
    "PartialFourier": 1,
    "PatientPosition": "HFS",
    "PercentPhaseFOV": 100,
    "PercentSampling": 100,
    "PhaseEncodingDirection": "i",
    "PhaseEncodingSteps": 245,
    "PhaseResolution": 1,
    "PixelBandwidth": 700,
    "ProcedureStepDescription": "MR Scan",
    "ProtocolName": "t2_space_sag_p2_iso",
    "PulseSequenceDetails": "%SiemensSeq%\\tse_vfl",
    "ReceiveCoilActiveElements": "HEA;HEP",
    "ReceiveCoilName": "Head_32",
    "ReconMatrixPE": 256,
    "RefLinesPE": 24,
    "RepetitionTime": 3.2,
    "SAR": 0.258299,
    "ScanOptions": "PFP",
    "ScanningSequence": "SE",
    "SequenceName": "*spcR_282ns",
    "SequenceVariant": "SK\\SP",
    "SeriesDescription": "t2_space_sag_p2_iso",
    "SeriesNumber": 4,
    "ShimSetting": [
      -4069,
      15336,
      -15557,
      -117,
      159,
      -103,
      -245,
      164
    ],
    "SliceThickness": 1,
    "SoftwareVersions": "syngo MR E11",
    "StationName": "AWP45193",
    "TxRefAmp": 378.29,
    "dataset": "<unset>",
    "modality": "T2w",
    "run_id": 1,
    "session_id": "01",
    "subject_id": "PC022"
  },
  "cjv": 0.4253897397317214,
  "cnr": 3.079488640260074,
  "efc": 0.5036260548330113,
  "fber": 4244.061855933068,
  "fwhm_avg": 2.9381633333333332,
  "fwhm_x": 2.93698,
  "fwhm_y": 3.11356,
  "fwhm_z": 2.76395,
  "icvs_csf": 0.18865078073213476,
  "icvs_gm": 0.3387868989557556,
  "icvs_wm": 0.47256232031210965,
  "inu_med": 0.9009914398193359,
  "inu_range": 0.20228172540664668,
  "provenance": {
    "md5sum": "bcd055e452fd9736dd5006afbb43212e",
    "settings": {
      "testing": false
    },
    "software": "mriqc",
    "version": "22.0.6",
    "warnings": {
      "large_rot_frame": true,
      "small_air_mask": false
    },
    "webapi_port": null,
    "webapi_url": "https://mriqc.nimh.nih.gov/api/v1"
  },
  "qi_1": 0.003938314775126094,
  "qi_2": 0.004352366459521947,
  "rpve_csf": 29.919713349350925,
  "rpve_gm": 13.948352086335346,
  "rpve_wm": 11.883802328624439,
  "size_x": 176,
  "size_y": 256,
  "size_z": 256,
  "snr_csf": 4.105469347051663,
  "snr_gm": 10.33927665342443,
  "snr_total": 8.015908262657033,
  "snr_wm": 9.602978787495008,
  "snrd_csf": 86.37500084659862,
  "snrd_gm": 34.295541011964616,
  "snrd_total": 47.47731056994639,
  "snrd_wm": 21.76138985127593,
  "spacing_x": 1.0,
  "spacing_y": 1.0,
  "spacing_z": 1.0,
  "summary_bg_k": 1358.9654318337741,
  "summary_bg_mad": 0.0,
  "summary_bg_mean": 6.071575166267485,
  "summary_bg_median": 0.0,
  "summary_bg_n": 881099.0,
  "summary_bg_p05": 0.0,
  "summary_bg_p95": 32.68053239583969,
  "summary_bg_stdv": 30.106668002977464,
  "summary_csf_k": 5.048975037237277,
  "summary_csf_mad": 540.4287173571029,
  "summary_csf_mean": 3753.1032979537536,
  "summary_csf_median": 3969.3466494083405,
  "summary_csf_n": 63456.0,
  "summary_csf_p05": 1324.4738597720861,
  "summary_csf_p95": 4677.776254892349,
  "summary_csf_stdv": 966.8359540343017,
  "summary_gm_k": 0.5317985007338697,
  "summary_gm_mad": 143.79371434017688,
  "summary_gm_mean": 1577.491497991886,
  "summary_gm_median": 1576.0450300574303,
  "summary_gm_n": 24736.0,
  "summary_gm_p05": 1331.6100554317236,
  "summary_gm_p95": 1831.893863081932,
  "summary_gm_stdv": 152.4297322965655,
  "summary_wm_k": 0.40252898654915015,
  "summary_wm_mad": 101.23269855721482,
  "summary_wm_mean": 996.1665664840316,
  "summary_wm_median": 1000.0405099391937,
  "summary_wm_n": 198057.0,
  "summary_wm_p05": 819.2839176058769,
  "summary_wm_p95": 1155.9826037287712,
  "summary_wm_stdv": 104.13831035534719,
  "tpm_overlap_csf": 0.12290087976437322,
  "tpm_overlap_gm": 0.3601686204189445,
  "tpm_overlap_wm": 0.42633446139840253,
  "wm2max": 0.21257304397290264
}