{
  "aor": 0.0011577884615384616,
  "aqi": 0.018995443818681318,
  "bids_meta": {
    "AcquisitionMatrixPE": 64,
    "AcquisitionNumber": 1,
    "AcquisitionTime": "10:00:5.387500",
    "BandwidthPerPixelPhaseEncode": 62.5,
    "BaseResolution": 64,
    "BodyPartExamined": "BRAIN",
    "ConsistencyInfo": "N4_VE11C_LATEST_20160120",
    "ConversionSoftware": "dcm2niix",
    "ConversionSoftwareVersion": "v1.0.20210317",
    "DerivedVendorReportedEchoSpacing": 0.0005,
    "DeviceSerialNumber": "45193",
    "DwellTime": 3.1e-06,
    "EchoNumber": 3,
    "EchoTime": 0.04586,
    "EchoTrainLength": 31,
    "EffectiveEchoSpacing": 0.00025,
    "FlipAngle": 56,
    "ImageComments": "Unaliased MB4/PE4/LB",
    "ImageOrientationPatientDICOM": [
      0.999742,
      -0.00337572,
      -0.0224523,
      -3.6505e-11,
      0.988885,
      -0.14868
    ],
    "ImageType": [
      "ORIGINAL",
      "PRIMARY",
      "M",
      "MB",
      "TE3",
      "ND",
      "NORM",
      "MOSAIC"
    ],
    "ImagingFrequency": 123.247,
    "InPlanePhaseEncodingDirectionDICOM": "ROW",
    "InstitutionAddress": "Blackburn Road 770,Clayton,Victoria,AU,3800",
    "InstitutionName": "Monash Biomedical Imaging",
    "InstitutionalDepartmentName": "Department",
    "MRAcquisitionType": "2D",
    "MagneticFieldStrength": 3,
    "Manufacturer": "Siemens",
    "ManufacturersModelName": "Skyra",
    "Modality": "MR",
    "MultibandAccelerationFactor": 4,
    "ParallelReductionFactorInPlane": 2,
    "PartialFourier": 1,
    "PatientPosition": "HFS",
    "PercentPhaseFOV": 100,
    "PercentSampling": 100,
    "PhaseEncodingDirection": "i",
    "PhaseEncodingSteps": 63,
    "PhaseResolution": 1,
    "PixelBandwidth": 2520,
    "ProcedureStepDescription": "MR Scan",
    "ProtocolName": "Music_R-L_mmb_4_4_cmrr_mbep2d_bold_TE_12.6_29.23_45.86_62.49",
    "PulseSequenceDetails": "%CustomerSeq%\\cmrr_mbep2d_bold",
    "ReceiveCoilActiveElements": "HEA;HEP",
    "ReceiveCoilName": "Head_32",
    "ReconMatrixPE": 64,
    "RefLinesPE": 24,
    "RepetitionTime": 0.91,
    "SAR": 0.0894883,
    "ScanOptions": "FS",
    "ScanningSequence": "EP",
    "SequenceName": "epfid2d4_64",
    "SequenceVariant": "SK\\SS",
    "SeriesDescription": "Music_R-L_mmb_4_4_cmrr_mbep2d_bold_TE_12.6_29.23_45.86_62.49",
    "SeriesNumber": 12,
    "ShimSetting": [
      -4097,
      15243,
      -15112,
      414,
      256,
      -518,
      -134,
      266
    ],
    "SliceThickness": 3.2,
    "SliceTiming": [
      0,
      0.6225,
      0.355,
      0.09,
      0.7125,
      0.445,
      0.1775,
      0.8,
      0.535,
      0.2675,
      0,
      0.6225,
      0.355,
      0.09,
      0.7125,
      0.445,
      0.1775,
      0.8,
      0.535,
      0.2675,
      0,
      0.6225,
      0.355,
      0.09,
      0.7125,
      0.445,
      0.1775,
      0.8,
      0.535,
      0.2675,
      0,
      0.6225,
      0.355,
      0.09,
      0.7125,
      0.445,
      0.1775,
      0.8,
      0.535,
      0.2675
    ],
    "SoftwareVersions": "syngo MR E11",
    "SpacingBetweenSlices": 3.2,
    "StationName": "AWP45193",
    "TaskName": "music",
    "TotalReadoutTime": 0.01575,
    "TxRefAmp": 403.241,
    "WipMemBlock": "e0598e21-536d-4183-b144-9b2121b73f61||Sequence: R016 ve11c/master r/e634e98; Dec 19 2017 11:00:25 by eja",
    "dataset": "<unset>",
    "modality": "bold",
    "run_id": 1,
    "session_id": "01",
    "subject_id": "PC023",
    "task_id": "music"
  },
  "dummy_trs": 0,
  "dvars_nstd": 38.96654292220083,
  "dvars_std": 1.0944189183493815,
  "dvars_vstd": 0.979201291196699,
  "efc": 0.51524320652204,
  "fber": 2782.44287109375,
  "fd_mean": 0.10152791293585253,
  "fd_num": 4,
  "fd_perc": 0.5494505494505495,
  "fwhm_avg": 1.6742974351151714,
  "fwhm_x": 1.6394097087378638,
  "fwhm_y": 1.7224326213592234,
  "fwhm_z": 1.6610499752484267,
  "gcor": 0.00580522,
  "gsr_x": 0.00537009397521615,
  "gsr_y": 0.012451388873159885,
  "provenance": {
    "md5sum": "0997696619464a6dea9e81e3a1405190",
    "settings": {
      "fd_thres": 0.2,
      "testing": false
    },
    "software": "mriqc",
    "version": "22.0.6",
    "webapi_port": null,
    "webapi_url": "https://mriqc.nimh.nih.gov/api/v1"
  },
  "size_t": 728,
  "size_x": 64,
  "size_y": 64,
  "size_z": 40,
  "snr": 4.067256153842435,
  "spacing_tr": 0.9100000262260437,
  "spacing_x": 3.21875,
  "spacing_y": 3.21875,
  "spacing_z": 3.200000047683716,
  "summary_bg_k": 115.8077313333911,
  "summary_bg_mad": 49.858613385848756,
  "summary_bg_mean": 128.77432250976562,
  "summary_bg_median": 59.315250396728516,
  "summary_bg_n": 96082.0,
  "summary_bg_p05": 18.219917392730714,
  "summary_bg_p95": 480.1131896972654,
  "summary_bg_stdv": 224.8970489501953,
  "summary_fg_k": 6.035684372901256,
  "summary_fg_mad": 596.6026075756039,
  "summary_fg_mean": 3247.17578125,
  "summary_fg_median": 3133.39013671875,
  "summary_fg_n": 33059.0,
  "summary_fg_p05": 2317.1240234375,
  "summary_fg_p95": 4510.29111328125,
  "summary_fg_stdv": 770.3824462890625,
  "tsnr": 32.03297030925751
}