{
  "aor": 0.00023673024523160758,
  "aqi": 0.00891894523160763,
  "bids_meta": {
    "AcquisitionMatrixPE": 64,
    "AcquisitionNumber": 1,
    "AcquisitionTime": "10:11:44.607500",
    "BandwidthPerPixelPhaseEncode": 62.5,
    "BaseResolution": 64,
    "BodyPartExamined": "BRAIN",
    "ConsistencyInfo": "N4_VE11C_LATEST_20160120",
    "ConversionSoftware": "dcm2niix",
    "ConversionSoftwareVersion": "v1.0.20210317",
    "DerivedVendorReportedEchoSpacing": 0.0005,
    "DeviceSerialNumber": "45193",
    "DwellTime": 3.1e-06,
    "EchoNumber": 2,
    "EchoTime": 0.02923,
    "EchoTrainLength": 31,
    "EffectiveEchoSpacing": 0.00025,
    "FlipAngle": 56,
    "ImageComments": "Unaliased MB4/PE4/LB",
    "ImageOrientationPatientDICOM": [
      0.999742,
      -0.00337572,
      -0.0224523,
      -3.6505e-11,
      0.988885,
      -0.14868
    ],
    "ImageType": [
      "ORIGINAL",
      "PRIMARY",
      "M",
      "MB",
      "TE2",
      "ND",
      "NORM",
      "MOSAIC"
    ],
    "ImagingFrequency": 123.247,
    "InPlanePhaseEncodingDirectionDICOM": "ROW",
    "InstitutionAddress": "Blackburn Road 770,Clayton,Victoria,AU,3800",
    "InstitutionName": "Monash Biomedical Imaging",
    "InstitutionalDepartmentName": "Department",
    "MRAcquisitionType": "2D",
    "MagneticFieldStrength": 3,
    "Manufacturer": "Siemens",
    "ManufacturersModelName": "Skyra",
    "Modality": "MR",
    "MultibandAccelerationFactor": 4,
    "ParallelReductionFactorInPlane": 2,
    "PartialFourier": 1,
    "PatientPosition": "HFS",
    "PercentPhaseFOV": 100,
    "PercentSampling": 100,
    "PhaseEncodingDirection": "i",
    "PhaseEncodingSteps": 63,
    "PhaseResolution": 1,
    "PixelBandwidth": 2520,
    "ProcedureStepDescription": "MR Scan",
    "ProtocolName": "Movie_R-L_mmb_4_4_cmrr_mbep2d_bold_TE_12.6_29.23_45.86_62.49",
    "PulseSequenceDetails": "%CustomerSeq%\\cmrr_mbep2d_bold",
    "ReceiveCoilActiveElements": "HEA;HEP",
    "ReceiveCoilName": "Head_32",
    "ReconMatrixPE": 64,
    "RefLinesPE": 24,
    "RepetitionTime": 0.91,
    "SAR": 0.0885584,
    "ScanOptions": "FS",
    "ScanningSequence": "EP",
    "SequenceName": "epfid2d4_64",
    "SequenceVariant": "SK\\SS",
    "SeriesDescription": "Movie_R-L_mmb_4_4_cmrr_mbep2d_bold_TE_12.6_29.23_45.86_62.49",
    "SeriesNumber": 13,
    "ShimSetting": [
      -4097,
      15243,
      -15112,
      414,
      256,
      -518,
      -134,
      266
    ],
    "SliceThickness": 3.2,
    "SliceTiming": [
      0,
      0.625,
      0.3575,
      0.09,
      0.7125,
      0.445,
      0.18,
      0.8025,
      0.535,
      0.2675,
      0,
      0.625,
      0.3575,
      0.09,
      0.7125,
      0.445,
      0.18,
      0.8025,
      0.535,
      0.2675,
      0,
      0.625,
      0.3575,
      0.09,
      0.7125,
      0.445,
      0.18,
      0.8025,
      0.535,
      0.2675,
      0,
      0.625,
      0.3575,
      0.09,
      0.7125,
      0.445,
      0.18,
      0.8025,
      0.535,
      0.2675
    ],
    "SoftwareVersions": "syngo MR E11",
    "SpacingBetweenSlices": 3.2,
    "StationName": "AWP45193",
    "TaskName": "movie",
    "TotalReadoutTime": 0.01575,
    "TxRefAmp": 403.241,
    "WipMemBlock": "55d926a0-9196-4e96-b93c-d6f2429f115d||Sequence: R016 ve11c/master r/e634e98; Dec 19 2017 11:00:25 by eja",
    "dataset": "<unset>",
    "modality": "bold",
    "run_id": 1,
    "session_id": "01",
    "subject_id": "PC023",
    "task_id": "movie"
  },
  "dummy_trs": 5,
  "dvars_nstd": 30.461645918633845,
  "dvars_std": 1.122894155956284,
  "dvars_vstd": 0.994511647814209,
  "efc": 0.5482990926468083,
  "fber": 2447.5771484375,
  "fd_mean": 0.0854049283710875,
  "fd_num": 0,
  "fd_perc": 0.0,
  "fwhm_avg": 1.7587510955473515,
  "fwhm_x": 1.7140970873786407,
  "fwhm_y": 1.7861374757281554,
  "fwhm_z": 1.7760187235352587,
  "gcor": 0.0113923,
  "gsr_x": 0.015440639108419418,
  "gsr_y": 0.015036359429359436,
  "provenance": {
    "md5sum": "82ca665c14e4673527ab67879b7985e3",
    "settings": {
      "fd_thres": 0.2,
      "testing": false
    },
    "software": "mriqc",
    "version": "22.0.6",
    "webapi_port": null,
    "webapi_url": "https://mriqc.nimh.nih.gov/api/v1"
  },
  "size_t": 367,
  "size_x": 64,
  "size_y": 64,
  "size_z": 40,
  "snr": 5.5448567369119885,
  "spacing_tr": 0.9100000262260437,
  "spacing_x": 3.21875,
  "spacing_y": 3.21875,
  "spacing_z": 3.200000047683716,
  "summary_bg_k": 16.703623621106026,
  "summary_bg_mad": 84.78100651639585,
  "summary_bg_mean": 241.14462280273438,
  "summary_bg_median": 86.93324279785156,
  "summary_bg_n": 93678.0,
  "summary_bg_p05": 20.34604835510254,
  "summary_bg_p95": 1069.5851562499993,
  "summary_bg_stdv": 409.39801025390625,
  "summary_fg_k": 2.2243025744951446,
  "summary_fg_mad": 682.7949688989772,
  "summary_fg_mean": 4379.20263671875,
  "summary_fg_median": 4291.42919921875,
  "summary_fg_n": 35350.0,
  "summary_fg_p05": 3332.2067138671873,
  "summary_fg_p95": 5728.714404296874,
  "summary_fg_stdv": 773.936767578125,
  "tsnr": 51.20841229776852
}