{
  "aor": 0.00027228287841191075,
  "aqi": 0.005451777568238213,
  "bids_meta": {
    "AcquisitionMatrixPE": 64,
    "AcquisitionNumber": 1,
    "AcquisitionTime": "09:52:43.382500",
    "BandwidthPerPixelPhaseEncode": 62.5,
    "BaseResolution": 64,
    "BodyPartExamined": "BRAIN",
    "ConsistencyInfo": "N4_VE11C_LATEST_20160120",
    "ConversionSoftware": "dcm2niix",
    "ConversionSoftwareVersion": "v1.0.20210317",
    "DerivedVendorReportedEchoSpacing": 0.0005,
    "DeviceSerialNumber": "45193",
    "DwellTime": 3.1e-06,
    "EchoNumber": 1,
    "EchoTime": 0.0126,
    "EchoTrainLength": 31,
    "EffectiveEchoSpacing": 0.00025,
    "FlipAngle": 56,
    "ImageComments": "Unaliased MB4/PE4/LB",
    "ImageOrientationPatientDICOM": [
      0.999742,
      -0.00337572,
      -0.0224523,
      -3.6505e-11,
      0.988885,
      -0.14868
    ],
    "ImageType": [
      "ORIGINAL",
      "PRIMARY",
      "M",
      "MB",
      "TE1",
      "ND",
      "NORM",
      "MOSAIC"
    ],
    "ImagingFrequency": 123.247,
    "InPlanePhaseEncodingDirectionDICOM": "ROW",
    "InstitutionAddress": "Blackburn Road 770,Clayton,Victoria,AU,3800",
    "InstitutionName": "Monash Biomedical Imaging",
    "InstitutionalDepartmentName": "Department",
    "MRAcquisitionType": "2D",
    "MagneticFieldStrength": 3,
    "Manufacturer": "Siemens",
    "ManufacturersModelName": "Skyra",
    "Modality": "MR",
    "MultibandAccelerationFactor": 4,
    "ParallelReductionFactorInPlane": 2,
    "PartialFourier": 1,
    "PatientPosition": "HFS",
    "PercentPhaseFOV": 100,
    "PercentSampling": 100,
    "PhaseEncodingDirection": "i",
    "PhaseEncodingSteps": 63,
    "PhaseResolution": 1,
    "PixelBandwidth": 2520,
    "ProcedureStepDescription": "MR Scan",
    "ProtocolName": "Meditation_R-L_mmb_4_4_cmrr_mbep2d_bold_TE_12.6_29.23_45.86_62.5",
    "PulseSequenceDetails": "%CustomerSeq%\\cmrr_mbep2d_bold",
    "ReceiveCoilActiveElements": "HEA;HEP",
    "ReceiveCoilName": "Head_32",
    "ReconMatrixPE": 64,
    "RefLinesPE": 24,
    "RepetitionTime": 0.91,
    "SAR": 0.0887095,
    "ScanOptions": "FS",
    "ScanningSequence": "EP",
    "SequenceName": "epfid2d4_64",
    "SequenceVariant": "SK\\SS",
    "SeriesDescription": "Meditation_R-L_mmb_4_4_cmrr_mbep2d_bold_TE_12.6_29.23_45.86_62.5",
    "SeriesNumber": 10,
    "ShimSetting": [
      -4097,
      15243,
      -15112,
      414,
      256,
      -518,
      -134,
      266
    ],
    "SliceThickness": 3.2,
    "SliceTiming": [
      0,
      0.6225,
      0.355,
      0.09,
      0.7125,
      0.445,
      0.1775,
      0.8,
      0.535,
      0.2675,
      0,
      0.6225,
      0.355,
      0.09,
      0.7125,
      0.445,
      0.1775,
      0.8,
      0.535,
      0.2675,
      0,
      0.6225,
      0.355,
      0.09,
      0.7125,
      0.445,
      0.1775,
      0.8,
      0.535,
      0.2675,
      0,
      0.6225,
      0.355,
      0.09,
      0.7125,
      0.445,
      0.1775,
      0.8,
      0.535,
      0.2675
    ],
    "SoftwareVersions": "syngo MR E11",
    "SpacingBetweenSlices": 3.2,
    "StationName": "AWP45193",
    "TaskName": "meditation",
    "TotalReadoutTime": 0.01575,
    "TxRefAmp": 403.241,
    "WipMemBlock": "6798908b-acdd-4197-8b04-5fbc772bb943||Sequence: R016 ve11c/master r/e634e98; Dec 19 2017 11:00:25 by eja",
    "dataset": "<unset>",
    "modality": "bold",
    "run_id": 1,
    "session_id": "01",
    "subject_id": "PC023",
    "task_id": "meditation"
  },
  "dummy_trs": 2,
  "dvars_nstd": 23.69087297537313,
  "dvars_std": 1.140895298109452,
  "dvars_vstd": 0.9983643420149244,
  "efc": 0.6068282086639835,
  "fber": 1683.1390380859375,
  "fd_mean": 0.07182571843709341,
  "fd_num": 0,
  "fd_perc": 0.0,
  "fwhm_avg": 2.0096610311260665,
  "fwhm_x": 1.8842376699029126,
  "fwhm_y": 2.0226423300970873,
  "fwhm_z": 2.1221030933782,
  "gcor": 0.0551193,
  "gsr_x": 0.022579826414585114,
  "gsr_y": 0.03947708010673523,
  "provenance": {
    "md5sum": "7c292f00bed1bf6f3b7a0f83ce3ec9bb",
    "settings": {
      "fd_thres": 0.2,
      "testing": false
    },
    "software": "mriqc",
    "version": "22.0.6",
    "webapi_port": null,
    "webapi_url": "https://mriqc.nimh.nih.gov/api/v1"
  },
  "size_t": 403,
  "size_x": 64,
  "size_y": 64,
  "size_z": 40,
  "snr": 6.975194272816673,
  "spacing_tr": 0.9100000262260437,
  "spacing_x": 3.21875,
  "spacing_y": 3.21875,
  "spacing_z": 3.200000047683716,
  "summary_bg_k": 4.611056082961403,
  "summary_bg_mad": 156.75851808223194,
  "summary_bg_mean": 655.4175415039062,
  "summary_bg_median": 142.33126831054688,
  "summary_bg_n": 90912.0,
  "summary_bg_p05": 24.966624355316164,
  "summary_bg_p95": 3237.7643432617188,
  "summary_bg_stdv": 1078.9609375,
  "summary_fg_k": 0.3941490834985095,
  "summary_fg_mad": 790.6370870322278,
  "summary_fg_mean": 5927.5498046875,
  "summary_fg_median": 5823.80859375,
  "summary_fg_n": 38262.0,
  "summary_fg_p05": 4740.7872314453125,
  "summary_fg_p95": 7476.635083007813,
  "summary_fg_stdv": 834.9204711914062,
  "tsnr": 67.88771296059713
}