{
  "aor": 0.00030876739562624253,
  "aqi": 0.006110088389662028,
  "bids_meta": {
    "AcquisitionMatrixPE": 64,
    "AcquisitionNumber": 1,
    "AcquisitionTime": "09:33:59.062500",
    "BandwidthPerPixelPhaseEncode": 62.5,
    "BaseResolution": 64,
    "BodyPartExamined": "BRAIN",
    "ConsistencyInfo": "N4_VE11C_LATEST_20160120",
    "ConversionSoftware": "dcm2niix",
    "ConversionSoftwareVersion": "v1.0.20210317",
    "DerivedVendorReportedEchoSpacing": 0.0005,
    "DeviceSerialNumber": "45193",
    "DwellTime": 3.1e-06,
    "EchoNumber": 1,
    "EchoTime": 0.0126,
    "EchoTrainLength": 31,
    "EffectiveEchoSpacing": 0.00025,
    "FlipAngle": 56,
    "ImageComments": "Unaliased MB4/PE4/LB",
    "ImageOrientationPatientDICOM": [
      0.999742,
      -0.00337572,
      -0.0224523,
      -3.6505e-11,
      0.988885,
      -0.14868
    ],
    "ImageType": [
      "ORIGINAL",
      "PRIMARY",
      "M",
      "MB",
      "TE1",
      "ND",
      "NORM",
      "MOSAIC"
    ],
    "ImagingFrequency": 123.246,
    "InPlanePhaseEncodingDirectionDICOM": "ROW",
    "InstitutionAddress": "Blackburn Road 770,Clayton,Victoria,AU,3800",
    "InstitutionName": "Monash Biomedical Imaging",
    "InstitutionalDepartmentName": "Department",
    "MRAcquisitionType": "2D",
    "MagneticFieldStrength": 3,
    "Manufacturer": "Siemens",
    "ManufacturersModelName": "Skyra",
    "Modality": "MR",
    "MultibandAccelerationFactor": 4,
    "ParallelReductionFactorInPlane": 2,
    "PartialFourier": 1,
    "PatientPosition": "HFS",
    "PercentPhaseFOV": 100,
    "PercentSampling": 100,
    "PhaseEncodingDirection": "i",
    "PhaseEncodingSteps": 63,
    "PhaseResolution": 1,
    "PixelBandwidth": 2520,
    "ProcedureStepDescription": "MR Scan",
    "ProtocolName": "Rest_R-L_mmb_4_4_cmrr_mbep2d_bold_TE_12.6_29.23_45.86_62.49",
    "PulseSequenceDetails": "%CustomerSeq%\\cmrr_mbep2d_bold",
    "ReceiveCoilActiveElements": "HEA;HEP",
    "ReceiveCoilName": "Head_32",
    "ReconMatrixPE": 64,
    "RefLinesPE": 24,
    "RepetitionTime": 0.91,
    "SAR": 0.0890495,
    "ScanOptions": "FS",
    "ScanningSequence": "EP",
    "SequenceName": "epfid2d4_64",
    "SequenceVariant": "SK\\SS",
    "SeriesDescription": "Rest_R-L_mmb_4_4_cmrr_mbep2d_bold_TE_12.6_29.23_45.86_62.49",
    "SeriesNumber": 5,
    "ShimSetting": [
      -4097,
      15243,
      -15112,
      414,
      256,
      -518,
      -134,
      266
    ],
    "SliceThickness": 3.2,
    "SliceTiming": [
      0,
      0.6225,
      0.355,
      0.0875,
      0.7125,
      0.445,
      0.1775,
      0.8,
      0.5325,
      0.2675,
      0,
      0.6225,
      0.355,
      0.0875,
      0.7125,
      0.445,
      0.1775,
      0.8,
      0.5325,
      0.2675,
      0,
      0.6225,
      0.355,
      0.0875,
      0.7125,
      0.445,
      0.1775,
      0.8,
      0.5325,
      0.2675,
      0,
      0.6225,
      0.355,
      0.0875,
      0.7125,
      0.445,
      0.1775,
      0.8,
      0.5325,
      0.2675
    ],
    "SoftwareVersions": "syngo MR E11",
    "SpacingBetweenSlices": 3.2,
    "StationName": "AWP45193",
    "TaskName": "rest",
    "TotalReadoutTime": 0.01575,
    "TxRefAmp": 403.241,
    "WipMemBlock": "999287ad-c6c5-42c0-abb7-030bb2c322ba||Sequence: R016 ve11c/master r/e634e98; Dec 19 2017 11:00:25 by eja",
    "dataset": "<unset>",
    "modality": "bold",
    "run_id": 1,
    "session_id": "01",
    "subject_id": "PC023",
    "task_id": "rest"
  },
  "dummy_trs": 1,
  "dvars_nstd": 24.20342882691236,
  "dvars_std": 1.1423005054980078,
  "dvars_vstd": 0.9879732848207182,
  "efc": 0.6058184303176759,
  "fber": 1692.791015625,
  "fd_mean": 0.07288573626340193,
  "fd_num": 3,
  "fd_perc": 0.5964214711729622,
  "fwhm_avg": 2.02009322162936,
  "fwhm_x": 1.8935829126213592,
  "fwhm_y": 2.0384155339805825,
  "fwhm_z": 2.1282812182861384,
  "gcor": 0.05442,
  "gsr_x": 0.022718699648976326,
  "gsr_y": 0.039548344910144806,
  "provenance": {
    "md5sum": "2411d81926833303a39fa3035de1ed45",
    "settings": {
      "fd_thres": 0.2,
      "testing": false
    },
    "software": "mriqc",
    "version": "22.0.6",
    "webapi_port": null,
    "webapi_url": "https://mriqc.nimh.nih.gov/api/v1"
  },
  "size_t": 503,
  "size_x": 64,
  "size_y": 64,
  "size_z": 40,
  "snr": 6.913366605259816,
  "spacing_tr": 0.9100000262260437,
  "spacing_x": 3.21875,
  "spacing_y": 3.21875,
  "spacing_z": 3.200000047683716,
  "summary_bg_k": 4.800005279442713,
  "summary_bg_mad": 156.64295560080674,
  "summary_bg_mean": 643.6806030273438,
  "summary_bg_median": 141.7435302734375,
  "summary_bg_n": 90757.0,
  "summary_bg_p05": 23.884293365478516,
  "summary_bg_p95": 3168.0168945312485,
  "summary_bg_stdv": 1060.3983154296875,
  "summary_fg_k": 0.44518530458006955,
  "summary_fg_mad": 789.3546505917577,
  "summary_fg_mean": 5918.66455078125,
  "summary_fg_median": 5810.87060546875,
  "summary_fg_n": 38309.0,
  "summary_fg_p05": 4736.07333984375,
  "summary_fg_p95": 7490.021191406248,
  "summary_fg_stdv": 840.5159301757812,
  "tsnr": 62.72011519421358
}