{
  "bids_meta": {
    "AcquisitionMatrixPE": 256,
    "AcquisitionNumber": 1,
    "AcquisitionTime": "14:32:10.085000",
    "BaseResolution": 256,
    "BodyPartExamined": "BRAIN",
    "ConsistencyInfo": "N4_VE11C_LATEST_20160120",
    "ConversionSoftware": "dcm2niix",
    "ConversionSoftwareVersion": "v1.0.20210317",
    "DeviceSerialNumber": "45193",
    "DwellTime": 2.8e-06,
    "EchoTime": 0.452,
    "EchoTrainLength": 270,
    "FlipAngle": 120,
    "ImageOrientationPatientDICOM": [
      -0.0732113,
      0.997316,
      -2.36582e-08,
      0.0347832,
      0.00255335,
      -0.999392
    ],
    "ImageType": [
      "ORIGINAL",
      "PRIMARY",
      "M",
      "ND",
      "NORM"
    ],
    "ImagingFrequency": 123.252,
    "InPlanePhaseEncodingDirectionDICOM": "ROW",
    "InstitutionAddress": "Blackburn Road 770,Clayton,Victoria,AU,3800",
    "InstitutionName": "Monash Biomedical Imaging",
    "InstitutionalDepartmentName": "Department",
    "MRAcquisitionType": "3D",
    "MagneticFieldStrength": 3,
    "Manufacturer": "Siemens",
    "ManufacturersModelName": "Skyra",
    "Modality": "MR",
    "ParallelReductionFactorInPlane": 2,
    "PartialFourier": 1,
    "PatientPosition": "HFS",
    "PercentPhaseFOV": 100,
    "PercentSampling": 100,
    "PhaseEncodingDirection": "i",
    "PhaseEncodingSteps": 245,
    "PhaseResolution": 1,
    "PixelBandwidth": 700,
    "ProcedureStepDescription": "MR Scan",
    "ProtocolName": "t2_space_sag_p2_iso",
    "PulseSequenceDetails": "%SiemensSeq%\\tse_vfl",
    "ReceiveCoilActiveElements": "HEA;HEP",
    "ReceiveCoilName": "Head_32",
    "ReconMatrixPE": 256,
    "RefLinesPE": 24,
    "RepetitionTime": 3.2,
    "SAR": 0.248043,
    "ScanOptions": "PFP",
    "ScanningSequence": "SE",
    "SequenceName": "*spcR_282ns",
    "SequenceVariant": "SK\\SP",
    "SeriesDescription": "t2_space_sag_p2_iso",
    "SeriesNumber": 6,
    "ShimSetting": [
      -4121,
      15461,
      -15515,
      -92,
      142,
      -177,
      -175,
      57
    ],
    "SliceThickness": 1,
    "SoftwareVersions": "syngo MR E11",
    "StationName": "AWP45193",
    "TxRefAmp": 356.678,
    "dataset": "<unset>",
    "modality": "T2w",
    "run_id": 1,
    "session_id": "01",
    "subject_id": "PC201"
  },
  "cjv": 0.23185453043618365,
  "cnr": 2.622302429062597,
  "efc": 0.539350841691585,
  "fber": 4691.10202552979,
  "fwhm_avg": 2.5140466666666668,
  "fwhm_x": 2.54644,
  "fwhm_y": 2.65195,
  "fwhm_z": 2.34375,
  "icvs_csf": 0.34533541135545737,
  "icvs_gm": 0.17777851865996214,
  "icvs_wm": 0.47688606998458055,
  "inu_med": 0.9320263862609863,
  "inu_range": 0.23302796483039856,
  "provenance": {
    "md5sum": "1c3b52b84ba7d9f2cb32c4a7c498b48b",
    "settings": {
      "testing": false
    },
    "software": "mriqc",
    "version": "22.0.6",
    "warnings": {
      "large_rot_frame": true,
      "small_air_mask": false
    },
    "webapi_port": null,
    "webapi_url": "https://mriqc.nimh.nih.gov/api/v1"
  },
  "qi_1": 0.009288666342195788,
  "qi_2": 0.03279190398589793,
  "rpve_csf": 12.890676912183874,
  "rpve_gm": 29.559967078612672,
  "rpve_wm": 11.073216697736429,
  "size_x": 176,
  "size_y": 256,
  "size_z": 256,
  "snr_csf": 9.417844373140484,
  "snr_gm": 3.5564492103834326,
  "snr_total": 7.5795770257262545,
  "snr_wm": 9.764437493654842,
  "snrd_csf": 56.62767731599727,
  "snrd_gm": 129.1943172909003,
  "snrd_total": 73.10618957459378,
  "snrd_wm": 33.4965741168838,
  "spacing_x": 1.0,
  "spacing_y": 1.0,
  "spacing_z": 1.0,
  "summary_bg_k": 9673.12406073983,
  "summary_bg_mad": 0.0,
  "summary_bg_mean": 4.11635855766417,
  "summary_bg_median": 0.0,
  "summary_bg_n": 650966.0,
  "summary_bg_p05": 0.0,
  "summary_bg_p95": 17.020924016833305,
  "summary_bg_stdv": 19.558311426852196,
  "summary_csf_k": 0.8356405191541403,
  "summary_csf_mad": 166.79891173094887,
  "summary_csf_mean": 1702.8059818590993,
  "summary_csf_median": 1690.5513849109411,
  "summary_csf_n": 26415.0,
  "summary_csf_p05": 1430.920021981001,
  "summary_csf_p95": 2013.9738499000669,
  "summary_csf_stdv": 179.5017328585807,
  "summary_gm_k": 2.695130585310551,
  "summary_gm_mad": 564.3465762586975,
  "summary_gm_mean": 3483.955456175879,
  "summary_gm_median": 3856.941382214427,
  "summary_gm_n": 37528.0,
  "summary_gm_p05": 442.91765447705995,
  "summary_gm_p95": 4425.660270955414,
  "summary_gm_stdv": 1084.4777378222475,
  "summary_wm_k": 0.6873614890396813,
  "summary_wm_mad": 98.04821637911496,
  "summary_wm_mean": 995.2389676221592,
  "summary_wm_median": 1000.0000432133675,
  "summary_wm_n": 221410.0,
  "summary_wm_p05": 822.5672889500856,
  "summary_wm_p95": 1150.8635502308607,
  "summary_wm_stdv": 102.41222657286954,
  "tpm_overlap_csf": 0.10460835884069666,
  "tpm_overlap_gm": 0.12134594512571316,
  "tpm_overlap_wm": 0.4492786686111472,
  "wm2max": 0.22689423910176706
}