{
  "aor": 0.000555268817204301,
  "aqi": 0.014541198629032259,
  "bids_meta": {
    "AcquisitionMatrixPE": 64,
    "AcquisitionNumber": 1,
    "AcquisitionTime": "15:17:12.877500",
    "BandwidthPerPixelPhaseEncode": 62.5,
    "BaseResolution": 64,
    "BodyPartExamined": "BRAIN",
    "ConsistencyInfo": "N4_VE11C_LATEST_20160120",
    "ConversionSoftware": "dcm2niix",
    "ConversionSoftwareVersion": "v1.0.20210317",
    "DerivedVendorReportedEchoSpacing": 0.0005,
    "DeviceSerialNumber": "45193",
    "DwellTime": 3.1e-06,
    "EchoNumber": 2,
    "EchoTime": 0.02923,
    "EchoTrainLength": 31,
    "EffectiveEchoSpacing": 0.00025,
    "FlipAngle": 56,
    "ImageComments": "Unaliased MB4/PE4/LB",
    "ImageOrientationPatientDICOM": [
      0.999924,
      0.00202333,
      0.0121431,
      6.9045e-11,
      0.986401,
      -0.164357
    ],
    "ImageType": [
      "ORIGINAL",
      "PRIMARY",
      "M",
      "MB",
      "TE2",
      "ND",
      "NORM",
      "MOSAIC"
    ],
    "ImagingFrequency": 123.252,
    "InPlanePhaseEncodingDirectionDICOM": "ROW",
    "InstitutionAddress": "Blackburn Road 770,Clayton,Victoria,AU,3800",
    "InstitutionName": "Monash Biomedical Imaging",
    "InstitutionalDepartmentName": "Department",
    "MRAcquisitionType": "2D",
    "MagneticFieldStrength": 3,
    "Manufacturer": "Siemens",
    "ManufacturersModelName": "Skyra",
    "Modality": "MR",
    "MultibandAccelerationFactor": 4,
    "ParallelReductionFactorInPlane": 2,
    "PartialFourier": 1,
    "PatientPosition": "HFS",
    "PercentPhaseFOV": 100,
    "PercentSampling": 100,
    "PhaseEncodingDirection": "i",
    "PhaseEncodingSteps": 63,
    "PhaseResolution": 1,
    "PixelBandwidth": 2520,
    "ProcedureStepDescription": "MR Scan",
    "ProtocolName": "Movie_R-L_mmb_4_4_cmrr_mbep2d_bold_TE_12.6_29.23_45.86_62.49",
    "PulseSequenceDetails": "%CustomerSeq%\\cmrr_mbep2d_bold",
    "ReceiveCoilActiveElements": "HEA;HEP",
    "ReceiveCoilName": "Head_32",
    "ReconMatrixPE": 64,
    "RefLinesPE": 24,
    "RepetitionTime": 0.91,
    "SAR": 0.0911666,
    "ScanOptions": "FS",
    "ScanningSequence": "EP",
    "SequenceName": "epfid2d4_64",
    "SequenceVariant": "SK\\SS",
    "SeriesDescription": "Movie_R-L_mmb_4_4_cmrr_mbep2d_bold_TE_12.6_29.23_45.86_62.49",
    "SeriesNumber": 13,
    "ShimSetting": [
      -4106,
      15400,
      -15032,
      493,
      361,
      486,
      -37,
      137
    ],
    "SliceThickness": 3.2,
    "SliceTiming": [
      0,
      0.625,
      0.3575,
      0.09,
      0.7125,
      0.445,
      0.18,
      0.8025,
      0.535,
      0.2675,
      0,
      0.625,
      0.3575,
      0.09,
      0.7125,
      0.445,
      0.18,
      0.8025,
      0.535,
      0.2675,
      0,
      0.625,
      0.3575,
      0.09,
      0.7125,
      0.445,
      0.18,
      0.8025,
      0.535,
      0.2675,
      0,
      0.625,
      0.3575,
      0.09,
      0.7125,
      0.445,
      0.18,
      0.8025,
      0.535,
      0.2675
    ],
    "SoftwareVersions": "syngo MR E11",
    "SpacingBetweenSlices": 3.2,
    "StationName": "AWP45193",
    "TaskName": "movie",
    "TotalReadoutTime": 0.01575,
    "TxRefAmp": 364.743,
    "WipMemBlock": "e23da90e-6211-4323-a3a7-5d65f8202e99||Sequence: R016 ve11c/master r/e634e98; Dec 19 2017 11:00:25 by eja",
    "dataset": "<unset>",
    "modality": "bold",
    "run_id": 1,
    "session_id": "01",
    "subject_id": "PC205",
    "task_id": "movie"
  },
  "dummy_trs": 0,
  "dvars_nstd": 29.61315155008086,
  "dvars_std": 1.0694024452830189,
  "dvars_vstd": 0.9678987629919137,
  "efc": 0.5354493228463658,
  "fber": 3722.872802734375,
  "fd_mean": 0.08577514223163255,
  "fd_num": 4,
  "fd_perc": 1.075268817204301,
  "fwhm_avg": 1.8520086699435492,
  "fwhm_x": 1.7896823300970872,
  "fwhm_y": 1.9013405825242717,
  "fwhm_z": 1.8650030972092881,
  "gcor": 0.00525923,
  "gsr_x": 0.01022153627127409,
  "gsr_y": 0.023931976407766342,
  "provenance": {
    "md5sum": "5a7d379f0b954315cb9609e91d2344af",
    "settings": {
      "fd_thres": 0.2,
      "testing": false
    },
    "software": "mriqc",
    "version": "22.0.6",
    "webapi_port": null,
    "webapi_url": "https://mriqc.nimh.nih.gov/api/v1"
  },
  "size_t": 372,
  "size_x": 64,
  "size_y": 64,
  "size_z": 40,
  "snr": 5.669199109120536,
  "spacing_tr": 0.9100000262260437,
  "spacing_x": 3.21875,
  "spacing_y": 3.21875,
  "spacing_z": 3.200000047683716,
  "summary_bg_k": 23.338209964924573,
  "summary_bg_mad": 63.58649507423745,
  "summary_bg_mean": 187.74267578125,
  "summary_bg_median": 67.75940704345703,
  "summary_bg_n": 93818.0,
  "summary_bg_p05": 17.572580337524414,
  "summary_bg_p95": 810.6009124755857,
  "summary_bg_stdv": 344.5644836425781,
  "summary_fg_k": 1.4655745694059528,
  "summary_fg_mad": 703.2674396454537,
  "summary_fg_mean": 4209.59521484375,
  "summary_fg_median": 4131.7421875,
  "summary_fg_n": 34804.0,
  "summary_fg_p05": 3207.4836181640626,
  "summary_fg_p95": 5476.4627685546875,
  "summary_fg_stdv": 728.7947998046875,
  "tsnr": 41.374677766347304
}