{
  "aor": 0.0005031451612903226,
  "aqi": 0.021159037365591396,
  "bids_meta": {
    "AcquisitionMatrixPE": 64,
    "AcquisitionNumber": 1,
    "AcquisitionTime": "15:17:12.912500",
    "BandwidthPerPixelPhaseEncode": 62.5,
    "BaseResolution": 64,
    "BodyPartExamined": "BRAIN",
    "ConsistencyInfo": "N4_VE11C_LATEST_20160120",
    "ConversionSoftware": "dcm2niix",
    "ConversionSoftwareVersion": "v1.0.20210317",
    "DerivedVendorReportedEchoSpacing": 0.0005,
    "DeviceSerialNumber": "45193",
    "DwellTime": 3.1e-06,
    "EchoNumber": 4,
    "EchoTime": 0.06249,
    "EchoTrainLength": 31,
    "EffectiveEchoSpacing": 0.00025,
    "FlipAngle": 56,
    "ImageComments": "Unaliased MB4/PE4/LB",
    "ImageOrientationPatientDICOM": [
      0.999924,
      0.00202333,
      0.0121431,
      6.9045e-11,
      0.986401,
      -0.164357
    ],
    "ImageType": [
      "ORIGINAL",
      "PRIMARY",
      "M",
      "MB",
      "TE4",
      "ND",
      "NORM",
      "MOSAIC"
    ],
    "ImagingFrequency": 123.252,
    "InPlanePhaseEncodingDirectionDICOM": "ROW",
    "InstitutionAddress": "Blackburn Road 770,Clayton,Victoria,AU,3800",
    "InstitutionName": "Monash Biomedical Imaging",
    "InstitutionalDepartmentName": "Department",
    "MRAcquisitionType": "2D",
    "MagneticFieldStrength": 3,
    "Manufacturer": "Siemens",
    "ManufacturersModelName": "Skyra",
    "Modality": "MR",
    "MultibandAccelerationFactor": 4,
    "ParallelReductionFactorInPlane": 2,
    "PartialFourier": 1,
    "PatientPosition": "HFS",
    "PercentPhaseFOV": 100,
    "PercentSampling": 100,
    "PhaseEncodingDirection": "i",
    "PhaseEncodingSteps": 63,
    "PhaseResolution": 1,
    "PixelBandwidth": 2520,
    "ProcedureStepDescription": "MR Scan",
    "ProtocolName": "Movie_R-L_mmb_4_4_cmrr_mbep2d_bold_TE_12.6_29.23_45.86_62.49",
    "PulseSequenceDetails": "%CustomerSeq%\\cmrr_mbep2d_bold",
    "ReceiveCoilActiveElements": "HEA;HEP",
    "ReceiveCoilName": "Head_32",
    "ReconMatrixPE": 64,
    "RefLinesPE": 24,
    "RepetitionTime": 0.91,
    "SAR": 0.0911666,
    "ScanOptions": "FS",
    "ScanningSequence": "EP",
    "SequenceName": "epfid2d4_64",
    "SequenceVariant": "SK\\SS",
    "SeriesDescription": "Movie_R-L_mmb_4_4_cmrr_mbep2d_bold_TE_12.6_29.23_45.86_62.49",
    "SeriesNumber": 13,
    "ShimSetting": [
      -4106,
      15400,
      -15032,
      493,
      361,
      486,
      -37,
      137
    ],
    "SliceThickness": 3.2,
    "SliceTiming": [
      0,
      0.6225,
      0.355,
      0.0875,
      0.71,
      0.445,
      0.1775,
      0.8,
      0.5325,
      0.265,
      0,
      0.6225,
      0.355,
      0.0875,
      0.71,
      0.445,
      0.1775,
      0.8,
      0.5325,
      0.265,
      0,
      0.6225,
      0.355,
      0.0875,
      0.71,
      0.445,
      0.1775,
      0.8,
      0.5325,
      0.265,
      0,
      0.6225,
      0.355,
      0.0875,
      0.71,
      0.445,
      0.1775,
      0.8,
      0.5325,
      0.265
    ],
    "SoftwareVersions": "syngo MR E11",
    "SpacingBetweenSlices": 3.2,
    "StationName": "AWP45193",
    "TaskName": "movie",
    "TotalReadoutTime": 0.01575,
    "TxRefAmp": 364.743,
    "WipMemBlock": "e23da90e-6211-4323-a3a7-5d65f8202e99||Sequence: R016 ve11c/master r/e634e98; Dec 19 2017 11:00:25 by eja",
    "dataset": "<unset>",
    "modality": "bold",
    "run_id": 1,
    "session_id": "01",
    "subject_id": "PC205",
    "task_id": "movie"
  },
  "dummy_trs": 0,
  "dvars_nstd": 48.270473099865185,
  "dvars_std": 1.057612731239892,
  "dvars_vstd": 0.9620989581132077,
  "efc": 0.48711454240318586,
  "fber": 2678.51953125,
  "fd_mean": 0.09414795141374027,
  "fd_num": 7,
  "fd_perc": 1.881720430107527,
  "fwhm_avg": 1.7507965631011555,
  "fwhm_x": 1.6932753398058253,
  "fwhm_y": 1.84768,
  "fwhm_z": 1.7114343494976407,
  "gcor": 0.00505582,
  "gsr_x": -1.4656232451670803e-05,
  "gsr_y": 0.021757887676358223,
  "provenance": {
    "md5sum": "9c7fc7ad3ebb6877694895a088ecc2f8",
    "settings": {
      "fd_thres": 0.2,
      "testing": false
    },
    "software": "mriqc",
    "version": "22.0.6",
    "webapi_port": null,
    "webapi_url": "https://mriqc.nimh.nih.gov/api/v1"
  },
  "size_t": 372,
  "size_x": 64,
  "size_y": 64,
  "size_z": 40,
  "snr": 3.0764526020357064,
  "spacing_tr": 0.9100000262260437,
  "spacing_x": 3.21875,
  "spacing_y": 3.21875,
  "spacing_z": 3.200000047683716,
  "summary_bg_k": 42.562092720918415,
  "summary_bg_mad": 28.82505548787178,
  "summary_bg_mean": 72.39881896972656,
  "summary_bg_median": 42.60752868652344,
  "summary_bg_n": 98494.0,
  "summary_bg_p05": 16.642473220825195,
  "summary_bg_p95": 238.60578308105465,
  "summary_bg_stdv": 96.91756439208984,
  "summary_fg_k": 11.579754920510402,
  "summary_fg_mad": 521.7804225678573,
  "summary_fg_mean": 2357.249755859375,
  "summary_fg_median": 2241.4677734375,
  "summary_fg_n": 30321.0,
  "summary_fg_p05": 1531.502685546875,
  "summary_fg_p95": 3406.96240234375,
  "summary_fg_stdv": 728.576416015625,
  "tsnr": 24.663378610042855
}