{
  "aor": 0.00040171656686626746,
  "aqi": 0.017407486866267464,
  "bids_meta": {
    "AcquisitionMatrixPE": 64,
    "AcquisitionNumber": 1,
    "AcquisitionTime": "14:38:3.070000",
    "BandwidthPerPixelPhaseEncode": 62.5,
    "BaseResolution": 64,
    "BodyPartExamined": "BRAIN",
    "ConsistencyInfo": "N4_VE11C_LATEST_20160120",
    "ConversionSoftware": "dcm2niix",
    "ConversionSoftwareVersion": "v1.0.20210317",
    "DerivedVendorReportedEchoSpacing": 0.0005,
    "DeviceSerialNumber": "45193",
    "DwellTime": 3.1e-06,
    "EchoNumber": 1,
    "EchoTime": 0.0126,
    "EchoTrainLength": 31,
    "EffectiveEchoSpacing": 0.00025,
    "FlipAngle": 56,
    "ImageComments": "Unaliased MB4/PE4/LB",
    "ImageOrientationPatientDICOM": [
      0.999924,
      0.00202333,
      0.0121431,
      6.9045e-11,
      0.986401,
      -0.164357
    ],
    "ImageType": [
      "ORIGINAL",
      "PRIMARY",
      "M",
      "MB",
      "TE1",
      "ND",
      "NORM",
      "MOSAIC"
    ],
    "ImagingFrequency": 123.252,
    "InPlanePhaseEncodingDirectionDICOM": "ROW",
    "InstitutionAddress": "Blackburn Road 770,Clayton,Victoria,AU,3800",
    "InstitutionName": "Monash Biomedical Imaging",
    "InstitutionalDepartmentName": "Department",
    "MRAcquisitionType": "2D",
    "MagneticFieldStrength": 3,
    "Manufacturer": "Siemens",
    "ManufacturersModelName": "Skyra",
    "Modality": "MR",
    "MultibandAccelerationFactor": 4,
    "ParallelReductionFactorInPlane": 2,
    "PartialFourier": 1,
    "PatientPosition": "HFS",
    "PercentPhaseFOV": 100,
    "PercentSampling": 100,
    "PhaseEncodingDirection": "i",
    "PhaseEncodingSteps": 63,
    "PhaseResolution": 1,
    "PixelBandwidth": 2520,
    "ProcedureStepDescription": "MR Scan",
    "ProtocolName": "Rest_R-L_mmb_4_4_cmrr_mbep2d_bold_TE_12.6_29.23_45.86_62.49",
    "PulseSequenceDetails": "%CustomerSeq%\\cmrr_mbep2d_bold",
    "ReceiveCoilActiveElements": "HEA;HEP",
    "ReceiveCoilName": "Head_32",
    "ReconMatrixPE": 64,
    "RefLinesPE": 24,
    "RepetitionTime": 0.91,
    "SAR": 0.091717,
    "ScanOptions": "FS",
    "ScanningSequence": "EP",
    "SequenceName": "epfid2d4_64",
    "SequenceVariant": "SK\\SS",
    "SeriesDescription": "Rest_R-L_mmb_4_4_cmrr_mbep2d_bold_TE_12.6_29.23_45.86_62.49",
    "SeriesNumber": 5,
    "ShimSetting": [
      -4106,
      15400,
      -15032,
      493,
      361,
      486,
      -37,
      137
    ],
    "SliceThickness": 3.2,
    "SliceTiming": [
      0,
      0.6225,
      0.355,
      0.0875,
      0.71,
      0.445,
      0.1775,
      0.8,
      0.5325,
      0.265,
      0,
      0.6225,
      0.355,
      0.0875,
      0.71,
      0.445,
      0.1775,
      0.8,
      0.5325,
      0.265,
      0,
      0.6225,
      0.355,
      0.0875,
      0.71,
      0.445,
      0.1775,
      0.8,
      0.5325,
      0.265,
      0,
      0.6225,
      0.355,
      0.0875,
      0.71,
      0.445,
      0.1775,
      0.8,
      0.5325,
      0.265
    ],
    "SoftwareVersions": "syngo MR E11",
    "SpacingBetweenSlices": 3.2,
    "StationName": "AWP45193",
    "TaskName": "rest",
    "TotalReadoutTime": 0.01575,
    "TxRefAmp": 364.743,
    "WipMemBlock": "33a19bc8-bee3-4224-a17a-8bf193aa1c12||Sequence: R016 ve11c/master r/e634e98; Dec 19 2017 11:00:25 by eja",
    "dataset": "<unset>",
    "modality": "bold",
    "run_id": 1,
    "session_id": "01",
    "subject_id": "PC205",
    "task_id": "rest"
  },
  "dummy_trs": 3,
  "dvars_nstd": 23.881493709619974,
  "dvars_std": 1.05571496816,
  "dvars_vstd": 0.9401379031799995,
  "efc": 0.5895845642882397,
  "fber": 3111.90576171875,
  "fd_mean": 0.11429466180374483,
  "fd_num": 58,
  "fd_perc": 11.57684630738523,
  "fwhm_avg": 2.006787712721001,
  "fwhm_x": 1.9250671844660197,
  "fwhm_y": 2.128152233009709,
  "fwhm_z": 1.9671437206872744,
  "gcor": 0.0126673,
  "gsr_x": 0.002642656210809946,
  "gsr_y": 0.05492400750517845,
  "provenance": {
    "md5sum": "868f89baddc29f5a5126249affbc6b89",
    "settings": {
      "fd_thres": 0.2,
      "testing": false
    },
    "software": "mriqc",
    "version": "22.0.6",
    "webapi_port": null,
    "webapi_url": "https://mriqc.nimh.nih.gov/api/v1"
  },
  "size_t": 501,
  "size_x": 64,
  "size_y": 64,
  "size_z": 40,
  "snr": 7.107919098915619,
  "spacing_tr": 0.9100000262260437,
  "spacing_x": 3.21875,
  "spacing_y": 3.21875,
  "spacing_z": 3.200000047683716,
  "summary_bg_k": 8.247260512944335,
  "summary_bg_mad": 101.65442961055822,
  "summary_bg_mean": 500.8709716796875,
  "summary_bg_median": 100.466064453125,
  "summary_bg_n": 90656.0,
  "summary_bg_p05": 21.771955966949463,
  "summary_bg_p95": 2600.5164184570312,
  "summary_bg_stdv": 911.384033203125,
  "summary_fg_k": 0.08213745269049033,
  "summary_fg_mad": 785.7878629303431,
  "summary_fg_mean": 5613.18505859375,
  "summary_fg_median": 5528.57470703125,
  "summary_fg_n": 37835.0,
  "summary_fg_p05": 4470.011865234375,
  "summary_fg_p95": 6980.502734374999,
  "summary_fg_stdv": 777.794677734375,
  "tsnr": 45.63912623457145
}