{
  "aor": 0.0005384408602150538,
  "aqi": 0.01775737543010753,
  "bids_meta": {
    "AcquisitionMatrixPE": 64,
    "AcquisitionNumber": 1,
    "AcquisitionTime": "15:17:12.895000",
    "BandwidthPerPixelPhaseEncode": 62.5,
    "BaseResolution": 64,
    "BodyPartExamined": "BRAIN",
    "ConsistencyInfo": "N4_VE11C_LATEST_20160120",
    "ConversionSoftware": "dcm2niix",
    "ConversionSoftwareVersion": "v1.0.20210317",
    "DerivedVendorReportedEchoSpacing": 0.0005,
    "DeviceSerialNumber": "45193",
    "DwellTime": 3.1e-06,
    "EchoNumber": 3,
    "EchoTime": 0.04586,
    "EchoTrainLength": 31,
    "EffectiveEchoSpacing": 0.00025,
    "FlipAngle": 56,
    "ImageComments": "Unaliased MB4/PE4/LB",
    "ImageOrientationPatientDICOM": [
      0.999924,
      0.00202333,
      0.0121431,
      6.9045e-11,
      0.986401,
      -0.164357
    ],
    "ImageType": [
      "ORIGINAL",
      "PRIMARY",
      "M",
      "MB",
      "TE3",
      "ND",
      "NORM",
      "MOSAIC"
    ],
    "ImagingFrequency": 123.252,
    "InPlanePhaseEncodingDirectionDICOM": "ROW",
    "InstitutionAddress": "Blackburn Road 770,Clayton,Victoria,AU,3800",
    "InstitutionName": "Monash Biomedical Imaging",
    "InstitutionalDepartmentName": "Department",
    "MRAcquisitionType": "2D",
    "MagneticFieldStrength": 3,
    "Manufacturer": "Siemens",
    "ManufacturersModelName": "Skyra",
    "Modality": "MR",
    "MultibandAccelerationFactor": 4,
    "ParallelReductionFactorInPlane": 2,
    "PartialFourier": 1,
    "PatientPosition": "HFS",
    "PercentPhaseFOV": 100,
    "PercentSampling": 100,
    "PhaseEncodingDirection": "i",
    "PhaseEncodingSteps": 63,
    "PhaseResolution": 1,
    "PixelBandwidth": 2520,
    "ProcedureStepDescription": "MR Scan",
    "ProtocolName": "Movie_R-L_mmb_4_4_cmrr_mbep2d_bold_TE_12.6_29.23_45.86_62.49",
    "PulseSequenceDetails": "%CustomerSeq%\\cmrr_mbep2d_bold",
    "ReceiveCoilActiveElements": "HEA;HEP",
    "ReceiveCoilName": "Head_32",
    "ReconMatrixPE": 64,
    "RefLinesPE": 24,
    "RepetitionTime": 0.91,
    "SAR": 0.0911666,
    "ScanOptions": "FS",
    "ScanningSequence": "EP",
    "SequenceName": "epfid2d4_64",
    "SequenceVariant": "SK\\SS",
    "SeriesDescription": "Movie_R-L_mmb_4_4_cmrr_mbep2d_bold_TE_12.6_29.23_45.86_62.49",
    "SeriesNumber": 13,
    "ShimSetting": [
      -4106,
      15400,
      -15032,
      493,
      361,
      486,
      -37,
      137
    ],
    "SliceThickness": 3.2,
    "SliceTiming": [
      0,
      0.6225,
      0.355,
      0.09,
      0.7125,
      0.445,
      0.1775,
      0.8,
      0.535,
      0.2675,
      0,
      0.6225,
      0.355,
      0.09,
      0.7125,
      0.445,
      0.1775,
      0.8,
      0.535,
      0.2675,
      0,
      0.6225,
      0.355,
      0.09,
      0.7125,
      0.445,
      0.1775,
      0.8,
      0.535,
      0.2675,
      0,
      0.6225,
      0.355,
      0.09,
      0.7125,
      0.445,
      0.1775,
      0.8,
      0.535,
      0.2675
    ],
    "SoftwareVersions": "syngo MR E11",
    "SpacingBetweenSlices": 3.2,
    "StationName": "AWP45193",
    "TaskName": "movie",
    "TotalReadoutTime": 0.01575,
    "TxRefAmp": 364.743,
    "WipMemBlock": "e23da90e-6211-4323-a3a7-5d65f8202e99||Sequence: R016 ve11c/master r/e634e98; Dec 19 2017 11:00:25 by eja",
    "dataset": "<unset>",
    "modality": "bold",
    "run_id": 1,
    "session_id": "01",
    "subject_id": "PC205",
    "task_id": "movie"
  },
  "dummy_trs": 0,
  "dvars_nstd": 37.26642073983828,
  "dvars_std": 1.062394115390836,
  "dvars_vstd": 0.9643378423450141,
  "efc": 0.5066899554223084,
  "fber": 3606.215576171875,
  "fd_mean": 0.09031537840317516,
  "fd_num": 4,
  "fd_perc": 1.075268817204301,
  "fwhm_avg": 1.7731676833940548,
  "fwhm_x": 1.7129568932038834,
  "fwhm_y": 1.8433180582524271,
  "fwhm_z": 1.763228098725854,
  "gcor": 0.00556051,
  "gsr_x": 0.005174465477466583,
  "gsr_y": 0.019749844446778297,
  "provenance": {
    "md5sum": "c6a8f5e8c84d7116d6116d8dd8c85921",
    "settings": {
      "fd_thres": 0.2,
      "testing": false
    },
    "software": "mriqc",
    "version": "22.0.6",
    "webapi_port": null,
    "webapi_url": "https://mriqc.nimh.nih.gov/api/v1"
  },
  "size_t": 372,
  "size_x": 64,
  "size_y": 64,
  "size_z": 40,
  "snr": 4.222050711721556,
  "spacing_tr": 0.9100000262260437,
  "spacing_x": 3.21875,
  "spacing_y": 3.21875,
  "spacing_z": 3.200000047683716,
  "summary_bg_k": 35.23957378106367,
  "summary_bg_mad": 39.74928578536537,
  "summary_bg_mean": 101.94586181640625,
  "summary_bg_median": 50.528228759765625,
  "summary_bg_n": 96160.0,
  "summary_bg_p05": 16.999865627288816,
  "summary_bg_p95": 368.3352005004887,
  "summary_bg_stdv": 162.8990936279297,
  "summary_fg_k": 5.810436759207429,
  "summary_fg_mad": 604.387355113055,
  "summary_fg_mean": 3150.949951171875,
  "summary_fg_median": 3055.811767578125,
  "summary_fg_n": 32576.0,
  "summary_fg_p05": 2244.4449462890625,
  "summary_fg_p95": 4290.030029296875,
  "summary_fg_stdv": 723.76318359375,
  "tsnr": 32.068122648692224
}