{
  "bids_meta": {
    "AcquisitionMatrixPE": 240,
    "AcquisitionNumber": 1,
    "AcquisitionTime": "11:24:11.810000",
    "BaseResolution": 256,
    "BodyPartExamined": "BRAIN",
    "ConsistencyInfo": "N4_VE11C_LATEST_20160120",
    "ConversionSoftware": "dcm2niix",
    "ConversionSoftwareVersion": "v1.0.20210317",
    "DeviceSerialNumber": "45193",
    "DwellTime": 8.5e-06,
    "EchoTime": 0.00207,
    "FlipAngle": 9,
    "ImageOrientationPatientDICOM": [
      -0.00338181,
      0.999994,
      -2.31608e-08,
      3.13221e-05,
      8.27653e-08,
      -1
    ],
    "ImageType": [
      "ORIGINAL",
      "PRIMARY",
      "M",
      "ND",
      "NORM"
    ],
    "ImagingFrequency": 123.247,
    "InPlanePhaseEncodingDirectionDICOM": "ROW",
    "InstitutionAddress": "Blackburn Road 770,Clayton,Victoria,AU,3800",
    "InstitutionName": "Monash Biomedical Imaging",
    "InstitutionalDepartmentName": "Department",
    "InversionTime": 0.9,
    "MRAcquisitionType": "3D",
    "MagneticFieldStrength": 3,
    "Manufacturer": "Siemens",
    "ManufacturersModelName": "Skyra",
    "Modality": "MR",
    "ParallelReductionFactorInPlane": 3,
    "PartialFourier": 1,
    "PatientPosition": "HFS",
    "PercentPhaseFOV": 93.75,
    "PercentSampling": 100,
    "PhaseEncodingSteps": 238,
    "PhaseResolution": 1,
    "PixelBandwidth": 230,
    "ProcedureStepDescription": "MR Scan",
    "ProtocolName": "t1_mprage_sag_p3_iso_1",
    "PulseSequenceDetails": "%SiemensSeq%\\tfl",
    "ReceiveCoilActiveElements": "HEA;HEP",
    "ReceiveCoilName": "Head_32",
    "ReconMatrixPE": 240,
    "RefLinesPE": 32,
    "RepetitionTime": 2.3,
    "SAR": 0.074839,
    "ScanOptions": "IR",
    "ScanningSequence": "GR\\IR",
    "SequenceName": "*tfl3d1_16ns",
    "SequenceVariant": "SK\\SP\\MP",
    "SeriesDescription": "t1_mprage_sag_p3_iso_1",
    "SeriesNumber": 2,
    "ShimSetting": [
      -4069,
      15336,
      -15557,
      -117,
      159,
      -103,
      -245,
      164
    ],
    "SliceThickness": 1,
    "SoftwareVersions": "syngo MR E11",
    "StationName": "AWP45193",
    "TxRefAmp": 377.12,
    "dataset": "<unset>",
    "modality": "T1w",
    "run_id": 1,
    "session_id": "02",
    "subject_id": "PC017"
  },
  "cjv": 0.3974748193640687,
  "cnr": 3.4404076203052623,
  "efc": 0.5149852475742703,
  "fber": -1.0,
  "fwhm_avg": 3.731946666666667,
  "fwhm_x": 3.76047,
  "fwhm_y": 3.7022,
  "fwhm_z": 3.73317,
  "icvs_csf": 0.22635884134507975,
  "icvs_gm": 0.4157814998510308,
  "icvs_wm": 0.3578596588038895,
  "inu_med": 0.5209147930145264,
  "inu_range": 0.17021194994449612,
  "provenance": {
    "md5sum": "6ba026b3321f509cb0485ac2f5d4a423",
    "settings": {
      "testing": false
    },
    "software": "mriqc",
    "version": "22.0.6",
    "warnings": {
      "large_rot_frame": true,
      "small_air_mask": false
    },
    "webapi_port": null,
    "webapi_url": "https://mriqc.nimh.nih.gov/api/v1"
  },
  "qi_1": 0.00031026628224342927,
  "qi_2": 0.007589897339480929,
  "rpve_csf": 25.511838356754687,
  "rpve_gm": 14.08415498619865,
  "rpve_wm": 18.9078004574651,
  "size_x": 192,
  "size_y": 240,
  "size_z": 256,
  "snr_csf": 2.6776431865191963,
  "snr_gm": 10.83408921268444,
  "snr_total": 11.402350678880246,
  "snr_wm": 20.695319637437105,
  "snrd_csf": 25.660432598428766,
  "snrd_gm": 69.77380726238155,
  "snrd_total": 64.24430295293045,
  "snrd_wm": 97.29866899798105,
  "spacing_x": 1.0,
  "spacing_y": 1.0,
  "spacing_z": 1.0,
  "summary_bg_k": 755.3198806318686,
  "summary_bg_mad": 0.0,
  "summary_bg_mean": 2.490860489636606,
  "summary_bg_median": 0.0,
  "summary_bg_n": 3575210.0,
  "summary_bg_p05": 0.0,
  "summary_bg_p95": 14.876449927687645,
  "summary_bg_stdv": 6.733591003614277,
  "summary_csf_k": 1.4784037698120125,
  "summary_csf_mad": 81.49452493641408,
  "summary_csf_mean": 273.87969289190113,
  "summary_csf_median": 263.741807192564,
  "summary_csf_n": 38778.0,
  "summary_csf_p05": 126.87846785783768,
  "summary_csf_p95": 456.2355049602688,
  "summary_csf_stdv": 98.49647176129056,
  "summary_gm_k": -0.11311625048900842,
  "summary_gm_mad": 67.06476042932424,
  "summary_gm_mean": 717.621995417953,
  "summary_gm_median": 717.1457438021898,
  "summary_gm_n": 22224.0,
  "summary_gm_p05": 608.3711590766907,
  "summary_gm_p95": 826.979330047965,
  "summary_gm_stdv": 66.19196086114952,
  "summary_wm_k": 0.6638230067579567,
  "summary_wm_mad": 45.38273085908563,
  "summary_wm_mean": 1000.7164422029522,
  "summary_wm_median": 1000.0504356473684,
  "summary_wm_n": 175603.0,
  "summary_wm_p05": 922.8946105986834,
  "summary_wm_p95": 1080.1311220377684,
  "summary_wm_stdv": 48.32240360080698,
  "tpm_overlap_csf": 0.16263428367405944,
  "tpm_overlap_gm": 0.44823865732822243,
  "tpm_overlap_wm": 0.5035663078959638,
  "wm2max": 0.3793228768171385
}