{
  "bids_meta": {
    "AcquisitionMatrixPE": 256,
    "AcquisitionNumber": 1,
    "AcquisitionTime": "15:13:8.375000",
    "BaseResolution": 256,
    "BodyPartExamined": "BRAIN",
    "ConsistencyInfo": "N4_VE11C_LATEST_20160120",
    "ConversionSoftware": "dcm2niix",
    "ConversionSoftwareVersion": "v1.0.20210317",
    "DeviceSerialNumber": "45193",
    "DwellTime": 2.8e-06,
    "EchoTime": 0.452,
    "EchoTrainLength": 270,
    "FlipAngle": 120,
    "ImageOrientationPatientDICOM": [
      -0.0139575,
      0.999903,
      4.31519e-08,
      0.0104678,
      0.000146161,
      -0.999945
    ],
    "ImageType": [
      "ORIGINAL",
      "PRIMARY",
      "M",
      "ND",
      "NORM"
    ],
    "ImagingFrequency": 123.252,
    "InPlanePhaseEncodingDirectionDICOM": "ROW",
    "InstitutionAddress": "Blackburn Road 770,Clayton,Victoria,AU,3800",
    "InstitutionName": "Monash Biomedical Imaging",
    "InstitutionalDepartmentName": "Department",
    "MRAcquisitionType": "3D",
    "MagneticFieldStrength": 3,
    "Manufacturer": "Siemens",
    "ManufacturersModelName": "Skyra",
    "Modality": "MR",
    "ParallelReductionFactorInPlane": 2,
    "PartialFourier": 1,
    "PatientPosition": "HFS",
    "PercentPhaseFOV": 100,
    "PercentSampling": 100,
    "PhaseEncodingDirection": "i",
    "PhaseEncodingSteps": 245,
    "PhaseResolution": 1,
    "PixelBandwidth": 700,
    "ProcedureStepDescription": "MR Scan",
    "ProtocolName": "t2_space_sag_p2_iso",
    "PulseSequenceDetails": "%SiemensSeq%\\tse_vfl",
    "ReceiveCoilActiveElements": "HEA;HEP",
    "ReceiveCoilName": "Head_32",
    "ReconMatrixPE": 256,
    "RefLinesPE": 24,
    "RepetitionTime": 3.2,
    "SAR": 0.244007,
    "ScanOptions": "PFP",
    "ScanningSequence": "SE",
    "SequenceName": "*spcR_282ns",
    "SequenceVariant": "SK\\SP",
    "SeriesDescription": "t2_space_sag_p2_iso",
    "SeriesNumber": 4,
    "ShimSetting": [
      -4121,
      15461,
      -15515,
      -92,
      142,
      -177,
      -175,
      57
    ],
    "SliceThickness": 1,
    "SoftwareVersions": "syngo MR E11",
    "StationName": "AWP45193",
    "TxRefAmp": 357.493,
    "dataset": "<unset>",
    "modality": "T2w",
    "run_id": 1,
    "session_id": "01",
    "subject_id": "PC224"
  },
  "cjv": 0.42934405892628874,
  "cnr": 3.041329872904125,
  "efc": 0.4870707769289819,
  "fber": -1.0,
  "fwhm_avg": 2.52507,
  "fwhm_x": 2.50244,
  "fwhm_y": 2.68766,
  "fwhm_z": 2.38511,
  "icvs_csf": 0.18519019913869758,
  "icvs_gm": 0.32344488558268797,
  "icvs_wm": 0.4913649152786145,
  "inu_med": 0.9653617739677429,
  "inu_range": 0.18096026182174674,
  "provenance": {
    "md5sum": "6cbd3d20e04518085076fc8e484be761",
    "settings": {
      "testing": false
    },
    "software": "mriqc",
    "version": "22.0.6",
    "warnings": {
      "large_rot_frame": true,
      "small_air_mask": false
    },
    "webapi_port": null,
    "webapi_url": "https://mriqc.nimh.nih.gov/api/v1"
  },
  "qi_1": 0.0003456773221986447,
  "qi_2": 0.019997455087634355,
  "rpve_csf": 38.06924497944104,
  "rpve_gm": 17.853784588600362,
  "rpve_wm": 14.466720456393588,
  "size_x": 176,
  "size_y": 256,
  "size_z": 256,
  "snr_csf": 3.4023455285502315,
  "snr_gm": 9.981921456101086,
  "snr_total": 7.545606269290992,
  "snr_wm": 9.252551823221658,
  "snrd_csf": 115.71118520890728,
  "snrd_gm": 44.4469233707059,
  "snrd_total": 62.70607938292712,
  "snrd_wm": 27.960129569168178,
  "spacing_x": 1.0,
  "spacing_y": 1.0,
  "spacing_z": 1.0,
  "summary_bg_k": 6502.784730938452,
  "summary_bg_mad": 0.0,
  "summary_bg_mean": 1.5064591315255054,
  "summary_bg_median": 0.0,
  "summary_bg_n": 553627.0,
  "summary_bg_p05": 0.0,
  "summary_bg_p95": 16.84624656289816,
  "summary_bg_stdv": 23.43309768910754,
  "summary_csf_k": 2.375059014604747,
  "summary_csf_mad": 970.2715237769978,
  "summary_csf_mean": 3998.728066963134,
  "summary_csf_median": 4138.7892761304975,
  "summary_csf_n": 29892.0,
  "summary_csf_p05": 944.8221660498531,
  "summary_csf_p95": 5314.635907735303,
  "summary_csf_stdv": 1216.4314328971768,
  "summary_gm_k": 0.8247550783974167,
  "summary_gm_mad": 149.8576951658711,
  "summary_gm_mean": 1595.2286558343653,
  "summary_gm_median": 1589.789694674313,
  "summary_gm_n": 13211.0,
  "summary_gm_p05": 1348.0845377705991,
  "summary_gm_p95": 1863.819121632725,
  "summary_gm_stdv": 159.26087290522025,
  "summary_wm_k": 0.4906030656496001,
  "summary_wm_mad": 103.32827543162854,
  "summary_wm_mean": 998.8053845698494,
  "summary_wm_median": 1000.0855510309339,
  "summary_wm_n": 144414.0,
  "summary_wm_p05": 820.732884895429,
  "summary_wm_p95": 1171.7120325118303,
  "summary_wm_stdv": 108.0871642297182,
  "tpm_overlap_csf": 0.1456939433789244,
  "tpm_overlap_gm": 0.37810156958000657,
  "tpm_overlap_wm": 0.471593355116083,
  "wm2max": 0.1918785890073831
}