{
  "aor": 0.0029888395061728394,
  "aqi": 0.04121459135802469,
  "bids_meta": {
    "AcquisitionMatrixPE": 64,
    "AcquisitionNumber": 1,
    "AcquisitionTime": "13:05:46.102500",
    "BandwidthPerPixelPhaseEncode": 62.5,
    "BaseResolution": 64,
    "BodyPartExamined": "BRAIN",
    "ConsistencyInfo": "N4_VE11C_LATEST_20160120",
    "ConversionSoftware": "dcm2niix",
    "ConversionSoftwareVersion": "v1.0.20210317",
    "DerivedVendorReportedEchoSpacing": 0.0005,
    "DeviceSerialNumber": "45193",
    "DwellTime": 3.1e-06,
    "EchoNumber": 4,
    "EchoTime": 0.06249,
    "EchoTrainLength": 31,
    "EffectiveEchoSpacing": 0.00025,
    "FlipAngle": 56,
    "ImageComments": "Unaliased MB4/PE4/LB",
    "ImageOrientationPatientDICOM": [
      0.997096,
      0.0065195,
      0.0758696,
      -3.5506e-11,
      0.996328,
      -0.0856148
    ],
    "ImageType": [
      "ORIGINAL",
      "PRIMARY",
      "M",
      "MB",
      "TE4",
      "ND",
      "NORM",
      "MOSAIC"
    ],
    "ImagingFrequency": 123.247,
    "InPlanePhaseEncodingDirectionDICOM": "ROW",
    "InstitutionAddress": "Blackburn Road 770,Clayton,Victoria,AU,3800",
    "InstitutionName": "Monash Biomedical Imaging",
    "InstitutionalDepartmentName": "Department",
    "MRAcquisitionType": "2D",
    "MagneticFieldStrength": 3,
    "Manufacturer": "Siemens",
    "ManufacturersModelName": "Skyra",
    "Modality": "MR",
    "MultibandAccelerationFactor": 4,
    "ParallelReductionFactorInPlane": 2,
    "PartialFourier": 1,
    "PatientPosition": "HFS",
    "PercentPhaseFOV": 100,
    "PercentSampling": 100,
    "PhaseEncodingDirection": "i",
    "PhaseEncodingSteps": 63,
    "PhaseResolution": 1,
    "PixelBandwidth": 2520,
    "ProcedureStepDescription": "MR Scan",
    "ProtocolName": "Meditation_R-L_mmb_4_4_cmrr_mbep2d_bold_TE_12.6_29.23_45.86_62.5",
    "PulseSequenceDetails": "%CustomerSeq%\\cmrr_mbep2d_bold",
    "ReceiveCoilActiveElements": "HEA;HEP",
    "ReceiveCoilName": "Head_32",
    "ReconMatrixPE": 64,
    "RefLinesPE": 24,
    "RepetitionTime": 0.91,
    "SAR": 0.0859098,
    "ScanOptions": "FS",
    "ScanningSequence": "EP",
    "SequenceName": "epfid2d4_64",
    "SequenceVariant": "SK\\SS",
    "SeriesDescription": "Meditation_R-L_mmb_4_4_cmrr_mbep2d_bold_TE_12.6_29.23_45.86_62.5",
    "SeriesNumber": 5,
    "ShimSetting": [
      -4085,
      15317,
      -15164,
      411,
      251,
      80,
      -211,
      96
    ],
    "SliceThickness": 3.2,
    "SliceTiming": [
      0,
      0.6225,
      0.3575,
      0.09,
      0.7125,
      0.445,
      0.18,
      0.8025,
      0.535,
      0.2675,
      0,
      0.6225,
      0.3575,
      0.09,
      0.7125,
      0.445,
      0.18,
      0.8025,
      0.535,
      0.2675,
      0,
      0.6225,
      0.3575,
      0.09,
      0.7125,
      0.445,
      0.18,
      0.8025,
      0.535,
      0.2675,
      0,
      0.6225,
      0.3575,
      0.09,
      0.7125,
      0.445,
      0.18,
      0.8025,
      0.535,
      0.2675
    ],
    "SoftwareVersions": "syngo MR E11",
    "SpacingBetweenSlices": 3.2,
    "StationName": "AWP45193",
    "TaskName": "meditation",
    "TotalReadoutTime": 0.01575,
    "TxRefAmp": 351.49,
    "WipMemBlock": "8208651e-fbec-49d9-be54-f1956a94bd6c||Sequence: R016 ve11c/master r/e634e98; Dec 19 2017 11:00:25 by eja",
    "dataset": "<unset>",
    "modality": "bold",
    "run_id": 1,
    "session_id": "02",
    "subject_id": "PC018",
    "task_id": "meditation"
  },
  "dummy_trs": 0,
  "dvars_nstd": 59.96536772319307,
  "dvars_std": 1.0741468581683178,
  "dvars_vstd": 0.9732620956683163,
  "efc": 0.46563476207247817,
  "fber": 2016.750244140625,
  "fd_mean": 0.2188941643151427,
  "fd_num": 128,
  "fd_perc": 31.604938271604937,
  "fwhm_avg": 1.7767979826209528,
  "fwhm_x": 1.6769335922330098,
  "fwhm_y": 1.8648947572815533,
  "fwhm_z": 1.7885655983482958,
  "gcor": 0.00988564,
  "gsr_x": -0.0030528686475008726,
  "gsr_y": 0.012695512734353542,
  "provenance": {
    "md5sum": "0e584e20c911b7931d0d6af1c08e43bb",
    "settings": {
      "fd_thres": 0.2,
      "testing": false
    },
    "software": "mriqc",
    "version": "22.0.6",
    "webapi_port": null,
    "webapi_url": "https://mriqc.nimh.nih.gov/api/v1"
  },
  "size_t": 405,
  "size_x": 64,
  "size_y": 64,
  "size_z": 40,
  "snr": 2.698865764633003,
  "spacing_tr": 0.9100000262260437,
  "spacing_x": 3.21875,
  "spacing_y": 3.21875,
  "spacing_z": 3.200000047683716,
  "summary_bg_k": 116.87240162719715,
  "summary_bg_mad": 37.79720568387122,
  "summary_bg_mean": 89.72338104248047,
  "summary_bg_median": 52.2814826965332,
  "summary_bg_n": 103478.0,
  "summary_bg_p05": 15.37493863105774,
  "summary_bg_p95": 276.83260345458945,
  "summary_bg_stdv": 135.2621612548828,
  "summary_fg_k": 12.125753129960172,
  "summary_fg_mad": 542.092543513846,
  "summary_fg_mean": 2498.514892578125,
  "summary_fg_median": 2326.45556640625,
  "summary_fg_n": 26546.0,
  "summary_fg_p05": 1613.8815002441406,
  "summary_fg_p95": 3842.71630859375,
  "summary_fg_stdv": 861.99609375,
  "tsnr": 16.735102341044694
}