{
  "aor": 0.0032499506172839507,
  "aqi": 0.03176896098765432,
  "bids_meta": {
    "AcquisitionMatrixPE": 64,
    "AcquisitionNumber": 1,
    "AcquisitionTime": "13:05:46.087500",
    "BandwidthPerPixelPhaseEncode": 62.5,
    "BaseResolution": 64,
    "BodyPartExamined": "BRAIN",
    "ConsistencyInfo": "N4_VE11C_LATEST_20160120",
    "ConversionSoftware": "dcm2niix",
    "ConversionSoftwareVersion": "v1.0.20210317",
    "DerivedVendorReportedEchoSpacing": 0.0005,
    "DeviceSerialNumber": "45193",
    "DwellTime": 3.1e-06,
    "EchoNumber": 3,
    "EchoTime": 0.04586,
    "EchoTrainLength": 31,
    "EffectiveEchoSpacing": 0.00025,
    "FlipAngle": 56,
    "ImageComments": "Unaliased MB4/PE4/LB",
    "ImageOrientationPatientDICOM": [
      0.997096,
      0.0065195,
      0.0758696,
      -3.5506e-11,
      0.996328,
      -0.0856148
    ],
    "ImageType": [
      "ORIGINAL",
      "PRIMARY",
      "M",
      "MB",
      "TE3",
      "ND",
      "NORM",
      "MOSAIC"
    ],
    "ImagingFrequency": 123.247,
    "InPlanePhaseEncodingDirectionDICOM": "ROW",
    "InstitutionAddress": "Blackburn Road 770,Clayton,Victoria,AU,3800",
    "InstitutionName": "Monash Biomedical Imaging",
    "InstitutionalDepartmentName": "Department",
    "MRAcquisitionType": "2D",
    "MagneticFieldStrength": 3,
    "Manufacturer": "Siemens",
    "ManufacturersModelName": "Skyra",
    "Modality": "MR",
    "MultibandAccelerationFactor": 4,
    "ParallelReductionFactorInPlane": 2,
    "PartialFourier": 1,
    "PatientPosition": "HFS",
    "PercentPhaseFOV": 100,
    "PercentSampling": 100,
    "PhaseEncodingDirection": "i",
    "PhaseEncodingSteps": 63,
    "PhaseResolution": 1,
    "PixelBandwidth": 2520,
    "ProcedureStepDescription": "MR Scan",
    "ProtocolName": "Meditation_R-L_mmb_4_4_cmrr_mbep2d_bold_TE_12.6_29.23_45.86_62.5",
    "PulseSequenceDetails": "%CustomerSeq%\\cmrr_mbep2d_bold",
    "ReceiveCoilActiveElements": "HEA;HEP",
    "ReceiveCoilName": "Head_32",
    "ReconMatrixPE": 64,
    "RefLinesPE": 24,
    "RepetitionTime": 0.91,
    "SAR": 0.0859098,
    "ScanOptions": "FS",
    "ScanningSequence": "EP",
    "SequenceName": "epfid2d4_64",
    "SequenceVariant": "SK\\SS",
    "SeriesDescription": "Meditation_R-L_mmb_4_4_cmrr_mbep2d_bold_TE_12.6_29.23_45.86_62.5",
    "SeriesNumber": 5,
    "ShimSetting": [
      -4085,
      15317,
      -15164,
      411,
      251,
      80,
      -211,
      96
    ],
    "SliceThickness": 3.2,
    "SliceTiming": [
      0,
      0.6225,
      0.355,
      0.0875,
      0.71,
      0.445,
      0.1775,
      0.8,
      0.5325,
      0.265,
      0,
      0.6225,
      0.355,
      0.0875,
      0.71,
      0.445,
      0.1775,
      0.8,
      0.5325,
      0.265,
      0,
      0.6225,
      0.355,
      0.0875,
      0.71,
      0.445,
      0.1775,
      0.8,
      0.5325,
      0.265,
      0,
      0.6225,
      0.355,
      0.0875,
      0.71,
      0.445,
      0.1775,
      0.8,
      0.5325,
      0.265
    ],
    "SoftwareVersions": "syngo MR E11",
    "SpacingBetweenSlices": 3.2,
    "StationName": "AWP45193",
    "TaskName": "meditation",
    "TotalReadoutTime": 0.01575,
    "TxRefAmp": 351.49,
    "WipMemBlock": "8208651e-fbec-49d9-be54-f1956a94bd6c||Sequence: R016 ve11c/master r/e634e98; Dec 19 2017 11:00:25 by eja",
    "dataset": "<unset>",
    "modality": "bold",
    "run_id": 1,
    "session_id": "02",
    "subject_id": "PC018",
    "task_id": "meditation"
  },
  "dummy_trs": 0,
  "dvars_nstd": 45.8582042941089,
  "dvars_std": 1.083391031905941,
  "dvars_vstd": 0.9793661532425737,
  "efc": 0.4846394024150799,
  "fber": 2773.32763671875,
  "fd_mean": 0.21584548684837906,
  "fd_num": 126,
  "fd_perc": 31.11111111111111,
  "fwhm_avg": 1.8132913765651972,
  "fwhm_x": 1.7358601941747573,
  "fwhm_y": 1.9016170873786407,
  "fwhm_z": 1.802396848142194,
  "gcor": 0.0114788,
  "gsr_x": 0.0049575325101614,
  "gsr_y": 0.012969532050192356,
  "provenance": {
    "md5sum": "b459be8629086d04e2033fa6768a58ca",
    "settings": {
      "fd_thres": 0.2,
      "testing": false
    },
    "software": "mriqc",
    "version": "22.0.6",
    "webapi_port": null,
    "webapi_url": "https://mriqc.nimh.nih.gov/api/v1"
  },
  "size_t": 405,
  "size_x": 64,
  "size_y": 64,
  "size_z": 40,
  "snr": 3.6993468641431826,
  "spacing_tr": 0.9100000262260437,
  "spacing_x": 3.21875,
  "spacing_y": 3.21875,
  "spacing_z": 3.200000047683716,
  "summary_bg_k": 96.3874786690228,
  "summary_bg_mad": 52.47679669354528,
  "summary_bg_mean": 121.46814727783203,
  "summary_bg_median": 63.140743255615234,
  "summary_bg_n": 100955.0,
  "summary_bg_p05": 15.70296382904053,
  "summary_bg_p95": 394.5412567138671,
  "summary_bg_stdv": 207.09417724609375,
  "summary_fg_k": 6.127365118137991,
  "summary_fg_mad": 659.7690271196766,
  "summary_fg_mean": 3395.945068359375,
  "summary_fg_median": 3250.37060546875,
  "summary_fg_n": 28956.0,
  "summary_fg_p05": 2372.1051025390625,
  "summary_fg_p95": 4870.6353759765625,
  "summary_fg_stdv": 878.6184692382812,
  "tsnr": 22.059159295458812
}