{
  "aor": 0.0007437735849056602,
  "aqi": 0.025609243935309976,
  "bids_meta": {
    "AcquisitionMatrixPE": 64,
    "AcquisitionNumber": 1,
    "AcquisitionTime": "13:25:25.462500",
    "BandwidthPerPixelPhaseEncode": 62.5,
    "BaseResolution": 64,
    "BodyPartExamined": "BRAIN",
    "ConsistencyInfo": "N4_VE11C_LATEST_20160120",
    "ConversionSoftware": "dcm2niix",
    "ConversionSoftwareVersion": "v1.0.20210317",
    "DerivedVendorReportedEchoSpacing": 0.0005,
    "DeviceSerialNumber": "45193",
    "DwellTime": 3.1e-06,
    "EchoNumber": 3,
    "EchoTime": 0.04586,
    "EchoTrainLength": 31,
    "EffectiveEchoSpacing": 0.00025,
    "FlipAngle": 56,
    "ImageComments": "Unaliased MB4/PE4/LB",
    "ImageOrientationPatientDICOM": [
      0.997096,
      0.0065195,
      0.0758696,
      -3.5506e-11,
      0.996328,
      -0.0856148
    ],
    "ImageType": [
      "ORIGINAL",
      "PRIMARY",
      "M",
      "MB",
      "TE3",
      "ND",
      "NORM",
      "MOSAIC"
    ],
    "ImagingFrequency": 123.247,
    "InPlanePhaseEncodingDirectionDICOM": "ROW",
    "InstitutionAddress": "Blackburn Road 770,Clayton,Victoria,AU,3800",
    "InstitutionName": "Monash Biomedical Imaging",
    "InstitutionalDepartmentName": "Department",
    "MRAcquisitionType": "2D",
    "MagneticFieldStrength": 3,
    "Manufacturer": "Siemens",
    "ManufacturersModelName": "Skyra",
    "Modality": "MR",
    "MultibandAccelerationFactor": 4,
    "ParallelReductionFactorInPlane": 2,
    "PartialFourier": 1,
    "PatientPosition": "HFS",
    "PercentPhaseFOV": 100,
    "PercentSampling": 100,
    "PhaseEncodingDirection": "i",
    "PhaseEncodingSteps": 63,
    "PhaseResolution": 1,
    "PixelBandwidth": 2520,
    "ProcedureStepDescription": "MR Scan",
    "ProtocolName": "Movie_R-L_mmb_4_4_cmrr_mbep2d_bold_TE_12.6_29.23_45.86_62.49",
    "PulseSequenceDetails": "%CustomerSeq%\\cmrr_mbep2d_bold",
    "ReceiveCoilActiveElements": "HEA;HEP",
    "ReceiveCoilName": "Head_32",
    "ReconMatrixPE": 64,
    "RefLinesPE": 24,
    "RepetitionTime": 0.91,
    "SAR": 0.0857616,
    "ScanOptions": "FS",
    "ScanningSequence": "EP",
    "SequenceName": "epfid2d4_64",
    "SequenceVariant": "SK\\SS",
    "SeriesDescription": "Movie_R-L_mmb_4_4_cmrr_mbep2d_bold_TE_12.6_29.23_45.86_62.49",
    "SeriesNumber": 8,
    "ShimSetting": [
      -4085,
      15317,
      -15164,
      411,
      251,
      80,
      -211,
      96
    ],
    "SliceThickness": 3.2,
    "SliceTiming": [
      0,
      0.6225,
      0.3575,
      0.09,
      0.7125,
      0.445,
      0.18,
      0.8025,
      0.535,
      0.2675,
      0,
      0.6225,
      0.3575,
      0.09,
      0.7125,
      0.445,
      0.18,
      0.8025,
      0.535,
      0.2675,
      0,
      0.6225,
      0.3575,
      0.09,
      0.7125,
      0.445,
      0.18,
      0.8025,
      0.535,
      0.2675,
      0,
      0.6225,
      0.3575,
      0.09,
      0.7125,
      0.445,
      0.18,
      0.8025,
      0.535,
      0.2675
    ],
    "SoftwareVersions": "syngo MR E11",
    "SpacingBetweenSlices": 3.2,
    "StationName": "AWP45193",
    "TaskName": "movie",
    "TotalReadoutTime": 0.01575,
    "TxRefAmp": 351.49,
    "WipMemBlock": "fd18a209-bbab-449a-a1d9-2e0857e004ae||Sequence: R016 ve11c/master r/e634e98; Dec 19 2017 11:00:25 by eja",
    "dataset": "<unset>",
    "modality": "bold",
    "run_id": 1,
    "session_id": "02",
    "subject_id": "PC018",
    "task_id": "movie"
  },
  "dummy_trs": 1,
  "dvars_nstd": 43.3729647766216,
  "dvars_std": 1.0543975866216218,
  "dvars_vstd": 0.942441467783784,
  "efc": 0.48521605261344136,
  "fber": 2471.216064453125,
  "fd_mean": 0.13753336275139744,
  "fd_num": 72,
  "fd_perc": 19.40700808625337,
  "fwhm_avg": 1.7779744026139863,
  "fwhm_x": 1.7079704854368933,
  "fwhm_y": 1.8555308737864076,
  "fwhm_z": 1.7704218486186587,
  "gcor": 0.00617007,
  "gsr_x": 0.005104938521981239,
  "gsr_y": 0.011017922312021255,
  "provenance": {
    "md5sum": "6a1a0fc2482827ba416d7c6acf0d0bb4",
    "settings": {
      "fd_thres": 0.2,
      "testing": false
    },
    "software": "mriqc",
    "version": "22.0.6",
    "webapi_port": null,
    "webapi_url": "https://mriqc.nimh.nih.gov/api/v1"
  },
  "size_t": 371,
  "size_x": 64,
  "size_y": 64,
  "size_z": 40,
  "snr": 3.676712342172865,
  "spacing_tr": 0.9100000262260437,
  "spacing_x": 3.21875,
  "spacing_y": 3.21875,
  "spacing_z": 3.200000047683716,
  "summary_bg_k": 116.75314616119839,
  "summary_bg_mad": 52.99004670128253,
  "summary_bg_mean": 120.11865234375,
  "summary_bg_median": 65.72237396240234,
  "summary_bg_n": 101457.0,
  "summary_bg_p05": 19.94824676513672,
  "summary_bg_p95": 383.49594726562486,
  "summary_bg_stdv": 188.43270874023438,
  "summary_fg_k": 6.438497031648536,
  "summary_fg_mad": 652.9483691840295,
  "summary_fg_mean": 3381.635498046875,
  "summary_fg_median": 3231.15087890625,
  "summary_fg_n": 28905.0,
  "summary_fg_p05": 2372.71689453125,
  "summary_fg_p95": 4858.5970703124985,
  "summary_fg_stdv": 878.800048828125,
  "tsnr": 27.872091742465273
}