{
  "aor": 0.001128409542743539,
  "aqi": 0.02559186560636183,
  "bids_meta": {
    "AcquisitionMatrixPE": 64,
    "AcquisitionNumber": 1,
    "AcquisitionTime": "12:53:16.532500",
    "BandwidthPerPixelPhaseEncode": 62.5,
    "BaseResolution": 64,
    "BodyPartExamined": "BRAIN",
    "ConsistencyInfo": "N4_VE11C_LATEST_20160120",
    "ConversionSoftware": "dcm2niix",
    "ConversionSoftwareVersion": "v1.0.20210317",
    "DerivedVendorReportedEchoSpacing": 0.0005,
    "DeviceSerialNumber": "45193",
    "DwellTime": 3.1e-06,
    "EchoNumber": 3,
    "EchoTime": 0.04586,
    "EchoTrainLength": 31,
    "EffectiveEchoSpacing": 0.00025,
    "FlipAngle": 56,
    "ImageComments": "Unaliased MB4/PE4/LB",
    "ImageOrientationPatientDICOM": [
      0.999391,
      0.00102368,
      0.0348695,
      4.7961e-11,
      0.999569,
      -0.029345
    ],
    "ImageType": [
      "ORIGINAL",
      "PRIMARY",
      "M",
      "MB",
      "TE3",
      "ND",
      "NORM",
      "MOSAIC"
    ],
    "ImagingFrequency": 123.247,
    "InPlanePhaseEncodingDirectionDICOM": "ROW",
    "InstitutionAddress": "Blackburn Road 770,Clayton,Victoria,AU,3800",
    "InstitutionName": "Monash Biomedical Imaging",
    "InstitutionalDepartmentName": "Department",
    "MRAcquisitionType": "2D",
    "MagneticFieldStrength": 3,
    "Manufacturer": "Siemens",
    "ManufacturersModelName": "Skyra",
    "Modality": "MR",
    "MultibandAccelerationFactor": 4,
    "ParallelReductionFactorInPlane": 2,
    "PartialFourier": 1,
    "PatientPosition": "HFS",
    "PercentPhaseFOV": 100,
    "PercentSampling": 100,
    "PhaseEncodingDirection": "i",
    "PhaseEncodingSteps": 63,
    "PhaseResolution": 1,
    "PixelBandwidth": 2520,
    "ProcedureStepDescription": "MR Scan",
    "ProtocolName": "Rest_R-L_mmb_4_4_cmrr_mbep2d_bold_TE_12.6_29.23_45.86_62.49",
    "PulseSequenceDetails": "%CustomerSeq%\\cmrr_mbep2d_bold",
    "ReceiveCoilActiveElements": "HEA;HEP",
    "ReceiveCoilName": "Head_32",
    "ReconMatrixPE": 64,
    "RefLinesPE": 24,
    "RepetitionTime": 0.91,
    "SAR": 0.0862434,
    "ScanOptions": "FS",
    "ScanningSequence": "EP",
    "SequenceName": "epfid2d4_64",
    "SequenceVariant": "SK\\SS",
    "SeriesDescription": "Rest_R-L_mmb_4_4_cmrr_mbep2d_bold_TE_12.6_29.23_45.86_62.49",
    "SeriesNumber": 3,
    "ShimSetting": [
      -4089,
      15315,
      -15165,
      403,
      211,
      57,
      -176,
      103
    ],
    "SliceThickness": 3.2,
    "SliceTiming": [
      0,
      0.625,
      0.3575,
      0.09,
      0.7125,
      0.445,
      0.18,
      0.8025,
      0.535,
      0.2675,
      0,
      0.625,
      0.3575,
      0.09,
      0.7125,
      0.445,
      0.18,
      0.8025,
      0.535,
      0.2675,
      0,
      0.625,
      0.3575,
      0.09,
      0.7125,
      0.445,
      0.18,
      0.8025,
      0.535,
      0.2675,
      0,
      0.625,
      0.3575,
      0.09,
      0.7125,
      0.445,
      0.18,
      0.8025,
      0.535,
      0.2675
    ],
    "SoftwareVersions": "syngo MR E11",
    "SpacingBetweenSlices": 3.2,
    "StationName": "AWP45193",
    "TaskName": "rest",
    "TotalReadoutTime": 0.01575,
    "TxRefAmp": 351.49,
    "WipMemBlock": "f2319076-1f73-4dec-9033-eb330606565d||Sequence: R016 ve11c/master r/e634e98; Dec 19 2017 11:00:25 by eja",
    "dataset": "<unset>",
    "modality": "bold",
    "run_id": 1,
    "session_id": "02",
    "subject_id": "PC018",
    "task_id": "rest"
  },
  "dummy_trs": 1,
  "dvars_nstd": 41.24562970968136,
  "dvars_std": 1.0639571557370513,
  "dvars_vstd": 0.9621479511952191,
  "efc": 0.4816161458389156,
  "fber": 3117.96484375,
  "fd_mean": 0.16783986651706692,
  "fd_num": 122,
  "fd_perc": 24.254473161033797,
  "fwhm_avg": 1.8074952161978792,
  "fwhm_x": 1.724498640776699,
  "fwhm_y": 1.876902524271845,
  "fwhm_z": 1.8210844835450937,
  "gcor": 0.0131515,
  "gsr_x": 0.003773994278162718,
  "gsr_y": 0.016493670642375946,
  "provenance": {
    "md5sum": "3ec3947200304ce60acb28cc19c4b978",
    "settings": {
      "fd_thres": 0.2,
      "testing": false
    },
    "software": "mriqc",
    "version": "22.0.6",
    "webapi_port": null,
    "webapi_url": "https://mriqc.nimh.nih.gov/api/v1"
  },
  "size_t": 503,
  "size_x": 64,
  "size_y": 64,
  "size_z": 40,
  "snr": 3.7818968605715155,
  "spacing_tr": 0.9100000262260437,
  "spacing_x": 3.21875,
  "spacing_y": 3.21875,
  "spacing_z": 3.1999998092651367,
  "summary_bg_k": 175.03709291047562,
  "summary_bg_mad": 49.14251398056652,
  "summary_bg_mean": 120.141845703125,
  "summary_bg_median": 60.35089111328125,
  "summary_bg_n": 101504.0,
  "summary_bg_p05": 17.680218315124513,
  "summary_bg_p95": 385.9681701660156,
  "summary_bg_stdv": 234.05955505371094,
  "summary_fg_k": 6.59231030731031,
  "summary_fg_mad": 645.415548195426,
  "summary_fg_mean": 3413.89013671875,
  "summary_fg_median": 3271.75439453125,
  "summary_fg_n": 28710.0,
  "summary_fg_p05": 2414.6461791992188,
  "summary_fg_p95": 4843.1446533203125,
  "summary_fg_stdv": 865.0942993164062,
  "tsnr": 25.394500921363942
}