{
  "aor": 0.0002905168986083499,
  "aqi": 0.007777806262425447,
  "bids_meta": {
    "AcquisitionMatrixPE": 64,
    "AcquisitionNumber": 1,
    "AcquisitionTime": "09:24:55.737500",
    "BandwidthPerPixelPhaseEncode": 62.5,
    "BaseResolution": 64,
    "BodyPartExamined": "BRAIN",
    "ConsistencyInfo": "N4_VE11C_LATEST_20160120",
    "ConversionSoftware": "dcm2niix",
    "ConversionSoftwareVersion": "v1.0.20210317",
    "DerivedVendorReportedEchoSpacing": 0.0005,
    "DeviceSerialNumber": "45193",
    "DwellTime": 3.1e-06,
    "EchoNumber": 1,
    "EchoTime": 0.0126,
    "EchoTrainLength": 31,
    "EffectiveEchoSpacing": 0.00025,
    "FlipAngle": 56,
    "ImageComments": "Unaliased MB4/PE4/LB",
    "ImageOrientationPatientDICOM": [
      0.998519,
      0.00395725,
      0.0542626,
      1.20002e-10,
      0.997351,
      -0.0727346
    ],
    "ImageType": [
      "ORIGINAL",
      "PRIMARY",
      "M",
      "MB",
      "TE1",
      "ND",
      "NORM",
      "MOSAIC"
    ],
    "ImagingFrequency": 123.252,
    "InPlanePhaseEncodingDirectionDICOM": "ROW",
    "InstitutionAddress": "Blackburn Road 770,Clayton,Victoria,AU,3800",
    "InstitutionName": "Monash Biomedical Imaging",
    "InstitutionalDepartmentName": "Department",
    "MRAcquisitionType": "2D",
    "MagneticFieldStrength": 3,
    "Manufacturer": "Siemens",
    "ManufacturersModelName": "Skyra",
    "Modality": "MR",
    "MultibandAccelerationFactor": 4,
    "ParallelReductionFactorInPlane": 2,
    "PartialFourier": 1,
    "PatientPosition": "HFS",
    "PercentPhaseFOV": 100,
    "PercentSampling": 100,
    "PhaseEncodingDirection": "i",
    "PhaseEncodingSteps": 63,
    "PhaseResolution": 1,
    "PixelBandwidth": 2520,
    "ProcedureStepDescription": "MR Scan",
    "ProtocolName": "Rest_R-L_mmb_4_4_cmrr_mbep2d_bold_TE_12.6_29.23_45.86_62.49",
    "PulseSequenceDetails": "%CustomerSeq%\\cmrr_mbep2d_bold",
    "ReceiveCoilActiveElements": "HEA;HEP",
    "ReceiveCoilName": "Head_32",
    "ReconMatrixPE": 64,
    "RefLinesPE": 24,
    "RepetitionTime": 0.91,
    "SAR": 0.0803212,
    "ScanOptions": "FS",
    "ScanningSequence": "EP",
    "SequenceName": "epfid2d4_64",
    "SequenceVariant": "SK\\SS",
    "SeriesDescription": "Rest_R-L_mmb_4_4_cmrr_mbep2d_bold_TE_12.6_29.23_45.86_62.49",
    "SeriesNumber": 5,
    "ShimSetting": [
      -4119,
      15275,
      -15064,
      447,
      204,
      -171,
      318,
      69
    ],
    "SliceThickness": 3.2,
    "SliceTiming": [
      0,
      0.6225,
      0.355,
      0.09,
      0.7125,
      0.445,
      0.1775,
      0.8,
      0.535,
      0.2675,
      0,
      0.6225,
      0.355,
      0.09,
      0.7125,
      0.445,
      0.1775,
      0.8,
      0.535,
      0.2675,
      0,
      0.6225,
      0.355,
      0.09,
      0.7125,
      0.445,
      0.1775,
      0.8,
      0.535,
      0.2675,
      0,
      0.6225,
      0.355,
      0.09,
      0.7125,
      0.445,
      0.1775,
      0.8,
      0.535,
      0.2675
    ],
    "SoftwareVersions": "syngo MR E11",
    "SpacingBetweenSlices": 3.2,
    "StationName": "AWP45193",
    "TaskName": "rest",
    "TotalReadoutTime": 0.01575,
    "TxRefAmp": 397.819,
    "WipMemBlock": "b1b23438-9eb0-41af-bc23-788dad280637||Sequence: R016 ve11c/master r/e634e98; Dec 19 2017 11:00:25 by eja",
    "dataset": "<unset>",
    "modality": "bold",
    "run_id": 1,
    "session_id": "01",
    "subject_id": "PC225",
    "task_id": "rest"
  },
  "dummy_trs": 1,
  "dvars_nstd": 26.822072241952185,
  "dvars_std": 1.179793877828684,
  "dvars_vstd": 0.9773907146613533,
  "efc": 0.6190903769860537,
  "fber": 1151.646484375,
  "fd_mean": 0.08078303018259926,
  "fd_num": 3,
  "fd_perc": 0.5964214711729622,
  "fwhm_avg": 2.039362204190533,
  "fwhm_x": 1.973993009708738,
  "fwhm_y": 2.006953009708738,
  "fwhm_z": 2.1371405931541236,
  "gcor": 0.0160155,
  "gsr_x": 0.0340900644659996,
  "gsr_y": 0.02807777188718319,
  "provenance": {
    "md5sum": "c6f5c12c54f8c8fe226b2057d544199a",
    "settings": {
      "fd_thres": 0.2,
      "testing": false
    },
    "software": "mriqc",
    "version": "22.0.6",
    "webapi_port": null,
    "webapi_url": "https://mriqc.nimh.nih.gov/api/v1"
  },
  "size_t": 503,
  "size_x": 64,
  "size_y": 64,
  "size_z": 40,
  "snr": 7.02314009787147,
  "spacing_tr": 0.9100000262260437,
  "spacing_x": 3.21875,
  "spacing_y": 3.21875,
  "spacing_z": 3.200000047683716,
  "summary_bg_k": 6.286918508233054,
  "summary_bg_mad": 228.7392873189583,
  "summary_bg_mean": 696.24267578125,
  "summary_bg_median": 194.4194793701172,
  "summary_bg_n": 87132.0,
  "summary_bg_p05": 26.347911834716797,
  "summary_bg_p95": 3020.5007080078108,
  "summary_bg_stdv": 1064.44970703125,
  "summary_fg_k": 0.2327978834325135,
  "summary_fg_mad": 910.5711365650162,
  "summary_fg_mean": 6628.6123046875,
  "summary_fg_median": 6534.017578125,
  "summary_fg_n": 40796.0,
  "summary_fg_p05": 5259.8287353515625,
  "summary_fg_p95": 8295.00927734375,
  "summary_fg_stdv": 930.3441772460938,
  "tsnr": 58.338977903011255
}