{
  "bids_meta": {
    "AcquisitionMatrixPE": 240,
    "AcquisitionNumber": 1,
    "AcquisitionTime": "12:52:10.910000",
    "BaseResolution": 256,
    "BodyPartExamined": "BRAIN",
    "ConsistencyInfo": "N4_VE11C_LATEST_20160120",
    "ConversionSoftware": "dcm2niix",
    "ConversionSoftwareVersion": "v1.0.20210317",
    "DeviceSerialNumber": "45193",
    "DwellTime": 8.5e-06,
    "EchoTime": 0.00207,
    "FlipAngle": 9,
    "ImageOrientationPatientDICOM": [
      0.0280329,
      0.999607,
      7.84623e-09,
      -0.0505417,
      0.00141739,
      -0.998721
    ],
    "ImageType": [
      "ORIGINAL",
      "PRIMARY",
      "M",
      "ND",
      "NORM"
    ],
    "ImagingFrequency": 123.252,
    "InPlanePhaseEncodingDirectionDICOM": "ROW",
    "InstitutionAddress": "Blackburn Road 770,Clayton,Victoria,AU,3800",
    "InstitutionName": "Monash Biomedical Imaging",
    "InstitutionalDepartmentName": "Department",
    "InversionTime": 0.9,
    "MRAcquisitionType": "3D",
    "MagneticFieldStrength": 3,
    "Manufacturer": "Siemens",
    "ManufacturersModelName": "Skyra",
    "Modality": "MR",
    "ParallelReductionFactorInPlane": 3,
    "PartialFourier": 1,
    "PatientPosition": "HFS",
    "PercentPhaseFOV": 93.75,
    "PercentSampling": 100,
    "PhaseEncodingSteps": 238,
    "PhaseResolution": 1,
    "PixelBandwidth": 230,
    "ProcedureStepDescription": "MR Scan",
    "ProtocolName": "t1_mprage_sag_p3_iso_1",
    "PulseSequenceDetails": "%SiemensSeq%\\tfl",
    "ReceiveCoilActiveElements": "HEA;HEP",
    "ReceiveCoilName": "Head_32",
    "ReconMatrixPE": 240,
    "RefLinesPE": 32,
    "RepetitionTime": 2.3,
    "SAR": 0.0972932,
    "ScanOptions": "IR",
    "ScanningSequence": "GR\\IR",
    "SequenceName": "*tfl3d1_16ns",
    "SequenceVariant": "SK\\SP\\MP",
    "SeriesDescription": "t1_mprage_sag_p3_iso_1",
    "SeriesNumber": 2,
    "ShimSetting": [
      -4121,
      15461,
      -15515,
      -92,
      142,
      -177,
      -175,
      57
    ],
    "SliceThickness": 1,
    "SoftwareVersions": "syngo MR E11",
    "StationName": "AWP45193",
    "TxRefAmp": 371.727,
    "dataset": "<unset>",
    "modality": "T1w",
    "run_id": 1,
    "session_id": "02",
    "subject_id": "PC213"
  },
  "cjv": 0.3516035385292376,
  "cnr": 3.8777493255104742,
  "efc": 0.5112060174603856,
  "fber": 15634.329750501223,
  "fwhm_avg": 3.79116,
  "fwhm_x": 3.79558,
  "fwhm_y": 3.75836,
  "fwhm_z": 3.81954,
  "icvs_csf": 0.17079788467540566,
  "icvs_gm": 0.4638672385906313,
  "icvs_wm": 0.36533487673396303,
  "inu_med": 0.4734026789665222,
  "inu_range": 0.15018149018287658,
  "provenance": {
    "md5sum": "d2d249945b02240415c83b6931396a05",
    "settings": {
      "testing": false
    },
    "software": "mriqc",
    "version": "22.0.6",
    "warnings": {
      "large_rot_frame": true,
      "small_air_mask": false
    },
    "webapi_port": null,
    "webapi_url": "https://mriqc.nimh.nih.gov/api/v1"
  },
  "qi_1": 0.047976852879653836,
  "qi_2": 0.023590035797641507,
  "rpve_csf": 26.06641277105323,
  "rpve_gm": 10.910074350454563,
  "rpve_wm": 15.518517978381661,
  "size_x": 192,
  "size_y": 240,
  "size_z": 256,
  "snr_csf": 1.808669042567274,
  "snr_gm": 11.844804372495775,
  "snr_total": 11.927767631651866,
  "snr_wm": 22.12982947989255,
  "snrd_csf": 32.58101386527475,
  "snrd_gm": 85.20232728358268,
  "snrd_total": 79.34516328715124,
  "snrd_wm": 120.25214871259627,
  "spacing_x": 1.0,
  "spacing_y": 1.0,
  "spacing_z": 1.0,
  "summary_bg_k": 17.007752425035992,
  "summary_bg_mad": 0.0,
  "summary_bg_mean": 2.487620670707223,
  "summary_bg_median": 0.0,
  "summary_bg_n": 2662043.0,
  "summary_bg_p05": 0.0,
  "summary_bg_p95": 9.512331482023,
  "summary_bg_stdv": 5.448256830356343,
  "summary_csf_k": 51.5988070742885,
  "summary_csf_mad": 83.9160630873597,
  "summary_csf_mean": 293.09358806905357,
  "summary_csf_median": 270.9507994540036,
  "summary_csf_n": 27931.0,
  "summary_csf_p05": 142.53432444669306,
  "summary_csf_p95": 492.7689003255218,
  "summary_csf_stdv": 149.80405075446834,
  "summary_gm_k": -0.05776915171550723,
  "summary_gm_mad": 60.30469932893911,
  "summary_gm_mean": 708.4780345941308,
  "summary_gm_median": 708.5610898509622,
  "summary_gm_n": 47217.0,
  "summary_gm_p05": 609.5984086588026,
  "summary_gm_p95": 807.1277825832367,
  "summary_gm_stdv": 59.819779566408144,
  "summary_wm_k": 0.716852724756134,
  "summary_wm_mad": 42.181382281935186,
  "summary_wm_mean": 999.9397344120885,
  "summary_wm_median": 1000.0430301055312,
  "summary_wm_n": 222688.0,
  "summary_wm_p05": 925.6660672053695,
  "summary_wm_p95": 1073.1287262886763,
  "summary_wm_stdv": 45.189719406612745,
  "tpm_overlap_csf": 0.15030843357326532,
  "tpm_overlap_gm": 0.4433420726006638,
  "tpm_overlap_wm": 0.4882225060529523,
  "wm2max": 0.4124988903683977
}