{
  "bids_meta": {
    "AcquisitionMatrixPE": 240,
    "AcquisitionNumber": 1,
    "AcquisitionTime": "15:09:11.825000",
    "BaseResolution": 256,
    "BodyPartExamined": "BRAIN",
    "ConsistencyInfo": "N4_VE11C_LATEST_20160120",
    "ConversionSoftware": "dcm2niix",
    "ConversionSoftwareVersion": "v1.0.20210317",
    "DeviceSerialNumber": "45193",
    "DwellTime": 8.5e-06,
    "EchoTime": 0.00207,
    "FlipAngle": 9,
    "ImageOrientationPatientDICOM": [
      -0.00691207,
      0.999976,
      -4.4225e-08,
      0.0575217,
      0.000397559,
      -0.998344
    ],
    "ImageType": [
      "ORIGINAL",
      "PRIMARY",
      "M",
      "ND",
      "NORM"
    ],
    "ImagingFrequency": 123.247,
    "InPlanePhaseEncodingDirectionDICOM": "ROW",
    "InstitutionAddress": "Blackburn Road 770,Clayton,Victoria,AU,3800",
    "InstitutionName": "Monash Biomedical Imaging",
    "InstitutionalDepartmentName": "Department",
    "InversionTime": 0.9,
    "MRAcquisitionType": "3D",
    "MagneticFieldStrength": 3,
    "Manufacturer": "Siemens",
    "ManufacturersModelName": "Skyra",
    "Modality": "MR",
    "ParallelReductionFactorInPlane": 2,
    "PartialFourier": 1,
    "PatientPosition": "HFS",
    "PercentPhaseFOV": 93.75,
    "PercentSampling": 100,
    "PhaseEncodingSteps": 239,
    "PhaseResolution": 1,
    "PixelBandwidth": 230,
    "ProcedureStepDescription": "MR Scan",
    "ProtocolName": "t1_mprage_sag_p2_iso_1_ADNI",
    "PulseSequenceDetails": "%SiemensSeq%\\tfl",
    "ReceiveCoilActiveElements": "HEA;HEP",
    "ReceiveCoilName": "Head_32",
    "ReconMatrixPE": 240,
    "RefLinesPE": 32,
    "RepetitionTime": 2.3,
    "SAR": 0.0885737,
    "ScanOptions": "IR",
    "ScanningSequence": "GR\\IR",
    "SequenceName": "*tfl3d1_16ns",
    "SequenceVariant": "SK\\SP\\MP",
    "SeriesDescription": "t1_mprage_sag_p2_iso_1_ADNI",
    "SeriesNumber": 2,
    "ShimSetting": [
      -4069,
      15336,
      -15557,
      -117,
      159,
      -103,
      -245,
      164
    ],
    "SliceThickness": 1,
    "SoftwareVersions": "syngo MR E11",
    "StationName": "AWP45193",
    "TxRefAmp": 347.421,
    "dataset": "<unset>",
    "modality": "T1w",
    "run_id": 1,
    "session_id": "01",
    "subject_id": "PC008"
  },
  "cjv": 0.32664430762669316,
  "cnr": 4.06846589749016,
  "efc": 0.44739177473073144,
  "fber": -1.0,
  "fwhm_avg": 3.9012733333333336,
  "fwhm_x": 3.89049,
  "fwhm_y": 3.9364,
  "fwhm_z": 3.87693,
  "icvs_csf": 0.2348272887036684,
  "icvs_gm": 0.4284384065394542,
  "icvs_wm": 0.33673430475687743,
  "inu_med": 0.4062640070915222,
  "inu_range": 0.0901551231741905,
  "provenance": {
    "md5sum": "47c38251b331d2462fdb1f4df5644169",
    "settings": {
      "testing": false
    },
    "software": "mriqc",
    "version": "22.0.6",
    "warnings": {
      "large_rot_frame": true,
      "small_air_mask": false
    },
    "webapi_port": null,
    "webapi_url": "https://mriqc.nimh.nih.gov/api/v1"
  },
  "qi_1": 0.007401493329269552,
  "qi_2": 0.0769061054955306,
  "rpve_csf": 27.588301319384147,
  "rpve_gm": 15.492757530680551,
  "rpve_wm": 23.02259472502035,
  "size_x": 192,
  "size_y": 240,
  "size_z": 256,
  "snr_csf": 2.368627603402973,
  "snr_gm": 11.153161807650354,
  "snr_total": 13.743806049358765,
  "snr_wm": 27.709628737022967,
  "snrd_csf": 40.639961028389585,
  "snrd_gm": 105.66716555170909,
  "snrd_total": 98.819426494898,
  "snrd_wm": 150.15115290459534,
  "spacing_x": 1.0,
  "spacing_y": 1.0,
  "spacing_z": 1.0,
  "summary_bg_k": 29293.44612398412,
  "summary_bg_mad": 0.0,
  "summary_bg_mean": 1.4377093654555084,
  "summary_bg_median": 0.0,
  "summary_bg_n": 3259979.0,
  "summary_bg_p05": 0.0,
  "summary_bg_p95": 7.216158382594585,
  "summary_bg_stdv": 4.36317927897609,
  "summary_csf_k": 4.305841526455375,
  "summary_csf_mad": 107.25573563874093,
  "summary_csf_mean": 286.7180262642627,
  "summary_csf_median": 270.6603325009346,
  "summary_csf_n": 34863.0,
  "summary_csf_p05": 121.7318778410554,
  "summary_csf_p95": 485.00561993569136,
  "summary_csf_stdv": 114.26720279444204,
  "summary_gm_k": 0.01603432803991023,
  "summary_gm_mad": 62.90185999866009,
  "summary_gm_mean": 703.6010976779928,
  "summary_gm_median": 703.738621763885,
  "summary_gm_n": 30487.0,
  "summary_gm_p05": 598.5422626286745,
  "summary_gm_p95": 806.0593961767851,
  "summary_gm_stdv": 63.09664399994917,
  "summary_wm_k": 0.6022529969039239,
  "summary_wm_mad": 33.87023230697082,
  "summary_wm_mean": 999.5763301263381,
  "summary_wm_median": 999.9999985769391,
  "summary_wm_n": 157004.0,
  "summary_wm_p05": 939.4785496294498,
  "summary_wm_p95": 1057.5479551255703,
  "summary_wm_stdv": 36.08842339354528,
  "tpm_overlap_csf": 0.1699118717560159,
  "tpm_overlap_gm": 0.48835558152735964,
  "tpm_overlap_wm": 0.5196971938728039,
  "wm2max": 0.5140382327795322
}