{
  "aor": 0.0003708641975308642,
  "aqi": 0.013753829679012347,
  "bids_meta": {
    "AcquisitionMatrixPE": 64,
    "AcquisitionNumber": 1,
    "AcquisitionTime": "10:53:33.250000",
    "BandwidthPerPixelPhaseEncode": 62.5,
    "BaseResolution": 64,
    "BodyPartExamined": "BRAIN",
    "ConsistencyInfo": "N4_VE11C_LATEST_20160120",
    "ConversionSoftware": "dcm2niix",
    "ConversionSoftwareVersion": "v1.0.20210317",
    "DerivedVendorReportedEchoSpacing": 0.0005,
    "DeviceSerialNumber": "45193",
    "DwellTime": 3.1e-06,
    "EchoNumber": 3,
    "EchoTime": 0.04586,
    "EchoTrainLength": 31,
    "EffectiveEchoSpacing": 0.00025,
    "FlipAngle": 56,
    "ImageComments": "Unaliased MB4/PE4/LB",
    "ImageOrientationPatientDICOM": [
      0.999986,
      0.00065608,
      0.00515487,
      2.2992e-11,
      0.991998,
      -0.126255
    ],
    "ImageType": [
      "ORIGINAL",
      "PRIMARY",
      "M",
      "MB",
      "TE3",
      "ND",
      "NORM",
      "MOSAIC"
    ],
    "ImagingFrequency": 123.252,
    "InPlanePhaseEncodingDirectionDICOM": "ROW",
    "InstitutionAddress": "Blackburn Road 770,Clayton,Victoria,AU,3800",
    "InstitutionName": "Monash Biomedical Imaging",
    "InstitutionalDepartmentName": "Department",
    "MRAcquisitionType": "2D",
    "MagneticFieldStrength": 3,
    "Manufacturer": "Siemens",
    "ManufacturersModelName": "Skyra",
    "Modality": "MR",
    "MultibandAccelerationFactor": 4,
    "ParallelReductionFactorInPlane": 2,
    "PartialFourier": 1,
    "PatientPosition": "HFS",
    "PercentPhaseFOV": 100,
    "PercentSampling": 100,
    "PhaseEncodingDirection": "i",
    "PhaseEncodingSteps": 63,
    "PhaseResolution": 1,
    "PixelBandwidth": 2520,
    "ProcedureStepDescription": "MR Scan",
    "ProtocolName": "Meditation_R-L_mmb_4_4_cmrr_mbep2d_bold_TE_12.6_29.23_45.86_62.5",
    "PulseSequenceDetails": "%CustomerSeq%\\cmrr_mbep2d_bold",
    "ReceiveCoilActiveElements": "HEA;HEP",
    "ReceiveCoilName": "Head_32",
    "ReconMatrixPE": 64,
    "RefLinesPE": 24,
    "RepetitionTime": 0.91,
    "SAR": 0.0761977,
    "ScanOptions": "FS",
    "ScanningSequence": "EP",
    "SequenceName": "epfid2d4_64",
    "SequenceVariant": "SK\\SS",
    "SeriesDescription": "Meditation_R-L_mmb_4_4_cmrr_mbep2d_bold_TE_12.6_29.23_45.86_62.5",
    "SeriesNumber": 6,
    "ShimSetting": [
      -4111,
      15569,
      -14933,
      777,
      125,
      -175,
      -476,
      25
    ],
    "SliceThickness": 3.2,
    "SliceTiming": [
      0,
      0.6225,
      0.355,
      0.0875,
      0.7125,
      0.445,
      0.1775,
      0.8,
      0.5325,
      0.2675,
      0,
      0.6225,
      0.355,
      0.0875,
      0.7125,
      0.445,
      0.1775,
      0.8,
      0.5325,
      0.2675,
      0,
      0.6225,
      0.355,
      0.0875,
      0.7125,
      0.445,
      0.1775,
      0.8,
      0.5325,
      0.2675,
      0,
      0.6225,
      0.355,
      0.0875,
      0.7125,
      0.445,
      0.1775,
      0.8,
      0.5325,
      0.2675
    ],
    "SoftwareVersions": "syngo MR E11",
    "SpacingBetweenSlices": 3.2,
    "StationName": "AWP45193",
    "TaskName": "meditation",
    "TotalReadoutTime": 0.01575,
    "TxRefAmp": 376.793,
    "WipMemBlock": "b99724d2-1de6-478e-bfa5-c5a6ae54577d||Sequence: R016 ve11c/master r/e634e98; Dec 19 2017 11:00:25 by eja",
    "dataset": "<unset>",
    "modality": "bold",
    "run_id": 1,
    "session_id": "02",
    "subject_id": "PC004",
    "task_id": "meditation"
  },
  "dummy_trs": 0,
  "dvars_nstd": 41.91949425118812,
  "dvars_std": 1.0850940531188111,
  "dvars_vstd": 0.9866025488366332,
  "efc": 0.4840373331906386,
  "fber": 2985.330322265625,
  "fd_mean": 0.16129701697285215,
  "fd_num": 125,
  "fd_perc": 30.864197530864196,
  "fwhm_avg": 1.651939247463673,
  "fwhm_x": 1.640953786407767,
  "fwhm_y": 1.6915013592233008,
  "fwhm_z": 1.6233625967599508,
  "gcor": 0.00891838,
  "gsr_x": -0.004779389128088951,
  "gsr_y": 0.014920138753950596,
  "provenance": {
    "md5sum": "bb614e9e1aa42e26f5ebd599c1479951",
    "settings": {
      "fd_thres": 0.2,
      "testing": false
    },
    "software": "mriqc",
    "version": "22.0.6",
    "webapi_port": null,
    "webapi_url": "https://mriqc.nimh.nih.gov/api/v1"
  },
  "size_t": 405,
  "size_x": 64,
  "size_y": 64,
  "size_z": 40,
  "snr": 4.107315947682955,
  "spacing_tr": 0.9100000262260437,
  "spacing_x": 3.21875,
  "spacing_y": 3.21875,
  "spacing_z": 3.1999998092651367,
  "summary_bg_k": 165.2910168514964,
  "summary_bg_mad": 33.60565782703181,
  "summary_bg_mean": 95.00973510742188,
  "summary_bg_median": 50.06913757324219,
  "summary_bg_n": 101291.0,
  "summary_bg_p05": 18.63703727722168,
  "summary_bg_p95": 297.7963104248047,
  "summary_bg_stdv": 174.01622009277344,
  "summary_fg_k": 4.2936184806578295,
  "summary_fg_mad": 553.1901613649867,
  "summary_fg_mean": 2831.24658203125,
  "summary_fg_median": 2726.158203125,
  "summary_fg_n": 29112.0,
  "summary_fg_p05": 2014.2524719238281,
  "summary_fg_p95": 3968.1182006835934,
  "summary_fg_stdv": 663.7208862304688,
  "tsnr": 33.52343989536166
}