{
  "aor": 0.00229720987654321,
  "aqi": 0.014334238271604937,
  "bids_meta": {
    "AcquisitionMatrixPE": 64,
    "AcquisitionNumber": 1,
    "AcquisitionTime": "11:50:59.675000",
    "BandwidthPerPixelPhaseEncode": 62.5,
    "BaseResolution": 64,
    "BodyPartExamined": "BRAIN",
    "ConsistencyInfo": "N4_VE11C_LATEST_20160120",
    "ConversionSoftware": "dcm2niix",
    "ConversionSoftwareVersion": "v1.0.20210317",
    "DerivedVendorReportedEchoSpacing": 0.0005,
    "DeviceSerialNumber": "45193",
    "DwellTime": 3.1e-06,
    "EchoNumber": 4,
    "EchoTime": 0.06249,
    "EchoTrainLength": 31,
    "EffectiveEchoSpacing": 0.00025,
    "FlipAngle": 56,
    "ImageComments": "Unaliased MB4/PE4/LB",
    "ImageOrientationPatientDICOM": [
      0.999312,
      0.00893178,
      0.0359921,
      -4.5772e-11,
      0.970561,
      -0.240854
    ],
    "ImageType": [
      "ORIGINAL",
      "PRIMARY",
      "M",
      "MB",
      "TE4",
      "ND",
      "NORM",
      "MOSAIC"
    ],
    "ImagingFrequency": 123.252,
    "InPlanePhaseEncodingDirectionDICOM": "ROW",
    "InstitutionAddress": "Blackburn Road 770,Clayton,Victoria,AU,3800",
    "InstitutionName": "Monash Biomedical Imaging",
    "InstitutionalDepartmentName": "Department",
    "MRAcquisitionType": "2D",
    "MagneticFieldStrength": 3,
    "Manufacturer": "Siemens",
    "ManufacturersModelName": "Skyra",
    "Modality": "MR",
    "MultibandAccelerationFactor": 4,
    "ParallelReductionFactorInPlane": 2,
    "PartialFourier": 1,
    "PatientPosition": "HFS",
    "PercentPhaseFOV": 100,
    "PercentSampling": 100,
    "PhaseEncodingDirection": "i",
    "PhaseEncodingSteps": 63,
    "PhaseResolution": 1,
    "PixelBandwidth": 2520,
    "ProcedureStepDescription": "MR Scan",
    "ProtocolName": "Meditation_R-L_mmb_4_4_cmrr_mbep2d_bold_TE_12.6_29.23_45.86_62.5",
    "PulseSequenceDetails": "%CustomerSeq%\\cmrr_mbep2d_bold",
    "ReceiveCoilActiveElements": "HEA;HEP",
    "ReceiveCoilName": "Head_32",
    "ReconMatrixPE": 64,
    "RefLinesPE": 24,
    "RepetitionTime": 0.91,
    "SAR": 0.090018,
    "ScanOptions": "FS",
    "ScanningSequence": "EP",
    "SequenceName": "epfid2d4_64",
    "SequenceVariant": "SK\\SS",
    "SeriesDescription": "Meditation_R-L_mmb_4_4_cmrr_mbep2d_bold_TE_12.6_29.23_45.86_62.5",
    "SeriesNumber": 5,
    "ShimSetting": [
      -4103,
      15421,
      -15070,
      457,
      227,
      -57,
      92,
      70
    ],
    "SliceThickness": 3.2,
    "SliceTiming": [
      0,
      0.6225,
      0.355,
      0.09,
      0.7125,
      0.445,
      0.1775,
      0.8,
      0.535,
      0.2675,
      0,
      0.6225,
      0.355,
      0.09,
      0.7125,
      0.445,
      0.1775,
      0.8,
      0.535,
      0.2675,
      0,
      0.6225,
      0.355,
      0.09,
      0.7125,
      0.445,
      0.1775,
      0.8,
      0.535,
      0.2675,
      0,
      0.6225,
      0.355,
      0.09,
      0.7125,
      0.445,
      0.1775,
      0.8,
      0.535,
      0.2675
    ],
    "SoftwareVersions": "syngo MR E11",
    "SpacingBetweenSlices": 3.2,
    "StationName": "AWP45193",
    "TaskName": "meditation",
    "TotalReadoutTime": 0.01575,
    "TxRefAmp": 348.589,
    "WipMemBlock": "83d46448-e218-4dc6-bd79-c7771ab4d257||Sequence: R016 ve11c/master r/e634e98; Dec 19 2017 11:00:25 by eja",
    "dataset": "<unset>",
    "modality": "bold",
    "run_id": 1,
    "session_id": "02",
    "subject_id": "PC203",
    "task_id": "meditation"
  },
  "dummy_trs": 0,
  "dvars_nstd": 45.84478773935643,
  "dvars_std": 1.1779440058168311,
  "dvars_vstd": 1.0172424703960399,
  "efc": 0.42808598773524753,
  "fber": 3428.443115234375,
  "fd_mean": 0.10338268741847234,
  "fd_num": 15,
  "fd_perc": 3.7037037037037037,
  "fwhm_avg": 1.5364115941177687,
  "fwhm_x": 1.491224854368932,
  "fwhm_y": 1.5428349514563107,
  "fwhm_z": 1.5751749765280638,
  "gcor": 0.0216135,
  "gsr_x": -0.007832502946257591,
  "gsr_y": 0.006031091790646315,
  "provenance": {
    "md5sum": "9f6b92864ec133da9585b011a09cf0ea",
    "settings": {
      "fd_thres": 0.2,
      "testing": false
    },
    "software": "mriqc",
    "version": "22.0.6",
    "webapi_port": null,
    "webapi_url": "https://mriqc.nimh.nih.gov/api/v1"
  },
  "size_t": 405,
  "size_x": 64,
  "size_y": 64,
  "size_z": 40,
  "snr": 4.279456053706546,
  "spacing_tr": 0.9100000262260437,
  "spacing_x": 3.21875,
  "spacing_y": 3.21875,
  "spacing_z": 3.200000047683716,
  "summary_bg_k": 86.15756167364943,
  "summary_bg_mad": 23.674048616105704,
  "summary_bg_mean": 64.12179565429688,
  "summary_bg_median": 37.90123748779297,
  "summary_bg_n": 111253.0,
  "summary_bg_p05": 15.535802841186523,
  "summary_bg_p95": 196.80790710449213,
  "summary_bg_stdv": 95.70824432373047,
  "summary_fg_k": 7.517074795302655,
  "summary_fg_mad": 395.75425699768766,
  "summary_fg_mean": 2297.44921875,
  "summary_fg_median": 2232.248291015625,
  "summary_fg_n": 20942.0,
  "summary_fg_p05": 1654.8318115234374,
  "summary_fg_p95": 3166.451513671875,
  "summary_fg_stdv": 521.607177734375,
  "tsnr": 33.68322265264578
}