{
  "aor": 0.00020084254143646406,
  "aqi": 0.006334549544198895,
  "bids_meta": {
    "AcquisitionMatrixPE": 64,
    "AcquisitionNumber": 1,
    "AcquisitionTime": "11:58:18.372500",
    "BandwidthPerPixelPhaseEncode": 62.5,
    "BaseResolution": 64,
    "BodyPartExamined": "BRAIN",
    "ConsistencyInfo": "N4_VE11C_LATEST_20160120",
    "ConversionSoftware": "dcm2niix",
    "ConversionSoftwareVersion": "v1.0.20210317",
    "DerivedVendorReportedEchoSpacing": 0.0005,
    "DeviceSerialNumber": "45193",
    "DwellTime": 3.1e-06,
    "EchoNumber": 1,
    "EchoTime": 0.0126,
    "EchoTrainLength": 31,
    "EffectiveEchoSpacing": 0.00025,
    "FlipAngle": 56,
    "ImageComments": "Unaliased MB4/PE4/LB",
    "ImageOrientationPatientDICOM": [
      0.999312,
      0.00893178,
      0.0359921,
      -4.5772e-11,
      0.970561,
      -0.240854
    ],
    "ImageType": [
      "ORIGINAL",
      "PRIMARY",
      "M",
      "MB",
      "TE1",
      "ND",
      "NORM",
      "MOSAIC"
    ],
    "ImagingFrequency": 123.252,
    "InPlanePhaseEncodingDirectionDICOM": "ROW",
    "InstitutionAddress": "Blackburn Road 770,Clayton,Victoria,AU,3800",
    "InstitutionName": "Monash Biomedical Imaging",
    "InstitutionalDepartmentName": "Department",
    "MRAcquisitionType": "2D",
    "MagneticFieldStrength": 3,
    "Manufacturer": "Siemens",
    "ManufacturersModelName": "Skyra",
    "Modality": "MR",
    "MultibandAccelerationFactor": 4,
    "ParallelReductionFactorInPlane": 2,
    "PartialFourier": 1,
    "PatientPosition": "HFS",
    "PercentPhaseFOV": 100,
    "PercentSampling": 100,
    "PhaseEncodingDirection": "i",
    "PhaseEncodingSteps": 63,
    "PhaseResolution": 1,
    "PixelBandwidth": 2520,
    "ProcedureStepDescription": "MR Scan",
    "ProtocolName": "Music_R-L_mmb_4_4_cmrr_mbep2d_bold_TE_12.6_29.23_45.86_62.49",
    "PulseSequenceDetails": "%CustomerSeq%\\cmrr_mbep2d_bold",
    "ReceiveCoilActiveElements": "HEA;HEP",
    "ReceiveCoilName": "Head_32",
    "ReconMatrixPE": 64,
    "RefLinesPE": 24,
    "RepetitionTime": 0.91,
    "SAR": 0.0908461,
    "ScanOptions": "FS",
    "ScanningSequence": "EP",
    "SequenceName": "epfid2d4_64",
    "SequenceVariant": "SK\\SS",
    "SeriesDescription": "Music_R-L_mmb_4_4_cmrr_mbep2d_bold_TE_12.6_29.23_45.86_62.49",
    "SeriesNumber": 7,
    "ShimSetting": [
      -4103,
      15421,
      -15070,
      457,
      227,
      -57,
      92,
      70
    ],
    "SliceThickness": 3.2,
    "SliceTiming": [
      0,
      0.6225,
      0.355,
      0.0875,
      0.7125,
      0.445,
      0.1775,
      0.8,
      0.5325,
      0.2675,
      0,
      0.6225,
      0.355,
      0.0875,
      0.7125,
      0.445,
      0.1775,
      0.8,
      0.5325,
      0.2675,
      0,
      0.6225,
      0.355,
      0.0875,
      0.7125,
      0.445,
      0.1775,
      0.8,
      0.5325,
      0.2675,
      0,
      0.6225,
      0.355,
      0.0875,
      0.7125,
      0.445,
      0.1775,
      0.8,
      0.5325,
      0.2675
    ],
    "SoftwareVersions": "syngo MR E11",
    "SpacingBetweenSlices": 3.2,
    "StationName": "AWP45193",
    "TaskName": "music",
    "TotalReadoutTime": 0.01575,
    "TxRefAmp": 348.589,
    "WipMemBlock": "9d2ef668-acf4-4bf5-8fc4-1d9986466a61||Sequence: R016 ve11c/master r/e634e98; Dec 19 2017 11:00:25 by eja",
    "dataset": "<unset>",
    "modality": "bold",
    "run_id": 1,
    "session_id": "02",
    "subject_id": "PC203",
    "task_id": "music"
  },
  "dummy_trs": 4,
  "dvars_nstd": 23.538118560207472,
  "dvars_std": 1.1995378561964054,
  "dvars_vstd": 0.9935542462793912,
  "efc": 0.5104540811617653,
  "fber": 5536.1728515625,
  "fd_mean": 0.09695567090175165,
  "fd_num": 41,
  "fd_perc": 5.662983425414365,
  "fwhm_avg": 1.9245430806359518,
  "fwhm_x": 1.818609708737864,
  "fwhm_y": 1.9459945631067963,
  "fwhm_z": 2.0090249700631952,
  "gcor": 0.0133062,
  "gsr_x": -0.020585820078849792,
  "gsr_y": 0.019854862242937088,
  "provenance": {
    "md5sum": "20303d1d8cce3d892ca24faa150662d1",
    "settings": {
      "fd_thres": 0.2,
      "testing": false
    },
    "software": "mriqc",
    "version": "22.0.6",
    "webapi_port": null,
    "webapi_url": "https://mriqc.nimh.nih.gov/api/v1"
  },
  "size_t": 724,
  "size_x": 64,
  "size_y": 64,
  "size_z": 40,
  "snr": 8.066061129836758,
  "spacing_tr": 0.9100000262260437,
  "spacing_x": 3.21875,
  "spacing_y": 3.21875,
  "spacing_z": 3.200000047683716,
  "summary_bg_k": 16.15217980357645,
  "summary_bg_mad": 75.41100619332377,
  "summary_bg_mean": 350.1815185546875,
  "summary_bg_median": 77.24378967285156,
  "summary_bg_n": 103864.0,
  "summary_bg_p05": 18.875897884368896,
  "summary_bg_p95": 1712.4581115722654,
  "summary_bg_stdv": 690.5550537109375,
  "summary_fg_k": 0.38362023853280025,
  "summary_fg_mad": 694.447838655193,
  "summary_fg_mean": 5710.125,
  "summary_fg_median": 5650.49462890625,
  "summary_fg_n": 27531.0,
  "summary_fg_p05": 4676.714111328125,
  "summary_fg_p95": 6944.630859375,
  "summary_fg_stdv": 700.514404296875,
  "tsnr": 73.23235281859525
}