{
  "aor": 0.0008336827956989246,
  "aqi": 0.005432909677419355,
  "bids_meta": {
    "AcquisitionMatrixPE": 64,
    "AcquisitionNumber": 1,
    "AcquisitionTime": "14:18:11.720000",
    "BandwidthPerPixelPhaseEncode": 62.5,
    "BaseResolution": 64,
    "BodyPartExamined": "BRAIN",
    "ConsistencyInfo": "N4_VE11C_LATEST_20160120",
    "ConversionSoftware": "dcm2niix",
    "ConversionSoftwareVersion": "v1.0.20210317",
    "DerivedVendorReportedEchoSpacing": 0.0005,
    "DeviceSerialNumber": "45193",
    "DwellTime": 3.1e-06,
    "EchoNumber": 1,
    "EchoTime": 0.0126,
    "EchoTrainLength": 31,
    "EffectiveEchoSpacing": 0.00025,
    "FlipAngle": 56,
    "ImageComments": "Unaliased MB4/PE4/LB",
    "ImageOrientationPatientDICOM": [
      0.997695,
      -0.0107178,
      -0.0670111,
      4.43115e-10,
      0.98745,
      -0.157934
    ],
    "ImageType": [
      "ORIGINAL",
      "PRIMARY",
      "M",
      "MB",
      "TE1",
      "ND",
      "NORM",
      "MOSAIC"
    ],
    "ImagingFrequency": 123.247,
    "InPlanePhaseEncodingDirectionDICOM": "ROW",
    "InstitutionAddress": "Blackburn Road 770,Clayton,Victoria,AU,3800",
    "InstitutionName": "Monash Biomedical Imaging",
    "InstitutionalDepartmentName": "Department",
    "MRAcquisitionType": "2D",
    "MagneticFieldStrength": 3,
    "Manufacturer": "Siemens",
    "ManufacturersModelName": "Skyra",
    "Modality": "MR",
    "MultibandAccelerationFactor": 4,
    "ParallelReductionFactorInPlane": 2,
    "PartialFourier": 1,
    "PatientPosition": "HFS",
    "PercentPhaseFOV": 100,
    "PercentSampling": 100,
    "PhaseEncodingDirection": "i",
    "PhaseEncodingSteps": 63,
    "PhaseResolution": 1,
    "PixelBandwidth": 2520,
    "ProcedureStepDescription": "MR Scan",
    "ProtocolName": "Movie_R-L_mmb_4_4_cmrr_mbep2d_bold_TE_12.6_29.23_45.86_62.49",
    "PulseSequenceDetails": "%CustomerSeq%\\cmrr_mbep2d_bold",
    "ReceiveCoilActiveElements": "HEA;HEP",
    "ReceiveCoilName": "Head_32",
    "ReconMatrixPE": 64,
    "RefLinesPE": 24,
    "RepetitionTime": 0.91,
    "SAR": 0.090214,
    "ScanOptions": "FS",
    "ScanningSequence": "EP",
    "SequenceName": "epfid2d4_64",
    "SequenceVariant": "SK\\SS",
    "SeriesDescription": "Movie_R-L_mmb_4_4_cmrr_mbep2d_bold_TE_12.6_29.23_45.86_62.49",
    "SeriesNumber": 8,
    "ShimSetting": [
      -4082,
      15191,
      -14994,
      506,
      305,
      -480,
      49,
      336
    ],
    "SliceThickness": 3.2,
    "SliceTiming": [
      0,
      0.6225,
      0.355,
      0.0875,
      0.7125,
      0.445,
      0.1775,
      0.8,
      0.5325,
      0.2675,
      0,
      0.6225,
      0.355,
      0.0875,
      0.7125,
      0.445,
      0.1775,
      0.8,
      0.5325,
      0.2675,
      0,
      0.6225,
      0.355,
      0.0875,
      0.7125,
      0.445,
      0.1775,
      0.8,
      0.5325,
      0.2675,
      0,
      0.6225,
      0.355,
      0.0875,
      0.7125,
      0.445,
      0.1775,
      0.8,
      0.5325,
      0.2675
    ],
    "SoftwareVersions": "syngo MR E11",
    "SpacingBetweenSlices": 3.2,
    "StationName": "AWP45193",
    "TaskName": "movie",
    "TotalReadoutTime": 0.01575,
    "TxRefAmp": 399.361,
    "WipMemBlock": "6a3f0b61-3832-44db-a004-0a3ad75e53f7||Sequence: R016 ve11c/master r/e634e98; Dec 19 2017 11:00:25 by eja",
    "dataset": "<unset>",
    "modality": "bold",
    "run_id": 1,
    "session_id": "02",
    "subject_id": "PC023",
    "task_id": "movie"
  },
  "dummy_trs": 0,
  "dvars_nstd": 26.75653701342319,
  "dvars_std": 1.1842371752830185,
  "dvars_vstd": 1.0030763860916438,
  "efc": 0.6055602212385246,
  "fber": 1302.6390380859375,
  "fd_mean": 0.08208680163763978,
  "fd_num": 16,
  "fd_perc": 4.301075268817204,
  "fwhm_avg": 2.0670945707005095,
  "fwhm_x": 1.9684194174757281,
  "fwhm_y": 2.0967549514563104,
  "fwhm_z": 2.1361093431694904,
  "gcor": 0.00853803,
  "gsr_x": 0.03091043420135975,
  "gsr_y": 0.027893969789147377,
  "provenance": {
    "md5sum": "b5cf1f26110a505806c1378163fb800f",
    "settings": {
      "fd_thres": 0.2,
      "testing": false
    },
    "software": "mriqc",
    "version": "22.0.6",
    "webapi_port": null,
    "webapi_url": "https://mriqc.nimh.nih.gov/api/v1"
  },
  "size_t": 372,
  "size_x": 64,
  "size_y": 64,
  "size_z": 40,
  "snr": 6.560840632266913,
  "spacing_tr": 0.9100000262260437,
  "spacing_x": 3.21875,
  "spacing_y": 3.21875,
  "spacing_z": 3.200000047683716,
  "summary_bg_k": 5.342632854688482,
  "summary_bg_mad": 190.56620806124684,
  "summary_bg_mean": 737.5738525390625,
  "summary_bg_median": 181.27420043945312,
  "summary_bg_n": 91591.0,
  "summary_bg_p05": 33.95429992675781,
  "summary_bg_p95": 3586.270263671875,
  "summary_bg_stdv": 1198.4251708984375,
  "summary_fg_k": 0.24303896456139196,
  "summary_fg_mad": 986.2851994698326,
  "summary_fg_mean": 6773.265625,
  "summary_fg_median": 6642.85205078125,
  "summary_fg_n": 37485.0,
  "summary_fg_p05": 5316.37861328125,
  "summary_fg_p95": 8626.68671875,
  "summary_fg_stdv": 1012.4866333007812,
  "tsnr": 64.64609171252232
}