{
  "aor": 0.0005286419753086421,
  "aqi": 0.008305393209876544,
  "bids_meta": {
    "AcquisitionMatrixPE": 64,
    "AcquisitionNumber": 1,
    "AcquisitionTime": "13:59:1.290000",
    "BandwidthPerPixelPhaseEncode": 62.5,
    "BaseResolution": 64,
    "BodyPartExamined": "BRAIN",
    "ConsistencyInfo": "N4_VE11C_LATEST_20160120",
    "ConversionSoftware": "dcm2niix",
    "ConversionSoftwareVersion": "v1.0.20210317",
    "DerivedVendorReportedEchoSpacing": 0.0005,
    "DeviceSerialNumber": "45193",
    "DwellTime": 3.1e-06,
    "EchoNumber": 3,
    "EchoTime": 0.04586,
    "EchoTrainLength": 31,
    "EffectiveEchoSpacing": 0.00025,
    "FlipAngle": 56,
    "ImageComments": "Unaliased MB4/PE4/LB",
    "ImageOrientationPatientDICOM": [
      0.997695,
      -0.0107178,
      -0.0670111,
      4.43115e-10,
      0.98745,
      -0.157934
    ],
    "ImageType": [
      "ORIGINAL",
      "PRIMARY",
      "M",
      "MB",
      "TE3",
      "ND",
      "NORM",
      "MOSAIC"
    ],
    "ImagingFrequency": 123.247,
    "InPlanePhaseEncodingDirectionDICOM": "ROW",
    "InstitutionAddress": "Blackburn Road 770,Clayton,Victoria,AU,3800",
    "InstitutionName": "Monash Biomedical Imaging",
    "InstitutionalDepartmentName": "Department",
    "MRAcquisitionType": "2D",
    "MagneticFieldStrength": 3,
    "Manufacturer": "Siemens",
    "ManufacturersModelName": "Skyra",
    "Modality": "MR",
    "MultibandAccelerationFactor": 4,
    "ParallelReductionFactorInPlane": 2,
    "PartialFourier": 1,
    "PatientPosition": "HFS",
    "PercentPhaseFOV": 100,
    "PercentSampling": 100,
    "PhaseEncodingDirection": "i",
    "PhaseEncodingSteps": 63,
    "PhaseResolution": 1,
    "PixelBandwidth": 2520,
    "ProcedureStepDescription": "MR Scan",
    "ProtocolName": "Meditation_R-L_mmb_4_4_cmrr_mbep2d_bold_TE_12.6_29.23_45.86_62.5",
    "PulseSequenceDetails": "%CustomerSeq%\\cmrr_mbep2d_bold",
    "ReceiveCoilActiveElements": "HEA;HEP",
    "ReceiveCoilName": "Head_32",
    "ReconMatrixPE": 64,
    "RefLinesPE": 24,
    "RepetitionTime": 0.91,
    "SAR": 0.0903629,
    "ScanOptions": "FS",
    "ScanningSequence": "EP",
    "SequenceName": "epfid2d4_64",
    "SequenceVariant": "SK\\SS",
    "SeriesDescription": "Meditation_R-L_mmb_4_4_cmrr_mbep2d_bold_TE_12.6_29.23_45.86_62.5",
    "SeriesNumber": 5,
    "ShimSetting": [
      -4082,
      15191,
      -14994,
      506,
      305,
      -480,
      49,
      336
    ],
    "SliceThickness": 3.2,
    "SliceTiming": [
      0,
      0.6225,
      0.355,
      0.0875,
      0.71,
      0.445,
      0.1775,
      0.8,
      0.5325,
      0.265,
      0,
      0.6225,
      0.355,
      0.0875,
      0.71,
      0.445,
      0.1775,
      0.8,
      0.5325,
      0.265,
      0,
      0.6225,
      0.355,
      0.0875,
      0.71,
      0.445,
      0.1775,
      0.8,
      0.5325,
      0.265,
      0,
      0.6225,
      0.355,
      0.0875,
      0.71,
      0.445,
      0.1775,
      0.8,
      0.5325,
      0.265
    ],
    "SoftwareVersions": "syngo MR E11",
    "SpacingBetweenSlices": 3.2,
    "StationName": "AWP45193",
    "TaskName": "meditation",
    "TotalReadoutTime": 0.01575,
    "TxRefAmp": 399.361,
    "WipMemBlock": "1e2e47de-cba9-4532-9b4b-6db4fa7bef7b||Sequence: R016 ve11c/master r/e634e98; Dec 19 2017 11:00:25 by eja",
    "dataset": "<unset>",
    "modality": "bold",
    "run_id": 1,
    "session_id": "02",
    "subject_id": "PC023",
    "task_id": "meditation"
  },
  "dummy_trs": 0,
  "dvars_nstd": 39.32128107428221,
  "dvars_std": 1.1730550789603955,
  "dvars_vstd": 1.0080165840346538,
  "efc": 0.5080701683502622,
  "fber": 2875.30810546875,
  "fd_mean": 0.07238914821836105,
  "fd_num": 8,
  "fd_perc": 1.9753086419753085,
  "fwhm_avg": 1.7157540752712572,
  "fwhm_x": 1.680012427184466,
  "fwhm_y": 1.7626966990291262,
  "fwhm_z": 1.7045530996001796,
  "gcor": 0.0213331,
  "gsr_x": 0.006181909237056971,
  "gsr_y": 0.008054524660110474,
  "provenance": {
    "md5sum": "b29080d33d1e2004375a05895973fb95",
    "settings": {
      "fd_thres": 0.2,
      "testing": false
    },
    "software": "mriqc",
    "version": "22.0.6",
    "webapi_port": null,
    "webapi_url": "https://mriqc.nimh.nih.gov/api/v1"
  },
  "size_t": 405,
  "size_x": 64,
  "size_y": 64,
  "size_z": 40,
  "snr": 3.8247366183770426,
  "spacing_tr": 0.9100000262260437,
  "spacing_x": 3.21875,
  "spacing_y": 3.21875,
  "spacing_z": 3.200000047683716,
  "summary_bg_k": 106.03982065779782,
  "summary_bg_mad": 55.72753937749592,
  "summary_bg_mean": 142.76234436035156,
  "summary_bg_median": 66.69383239746094,
  "summary_bg_n": 96961.0,
  "summary_bg_p05": 18.646913528442383,
  "summary_bg_p95": 538.2123413085938,
  "summary_bg_stdv": 248.9794158935547,
  "summary_fg_k": 5.9352157596815385,
  "summary_fg_mad": 732.3378087799362,
  "summary_fg_mean": 3720.6044921875,
  "summary_fg_median": 3577.897705078125,
  "summary_fg_n": 32238.0,
  "summary_fg_p05": 2594.6302978515623,
  "summary_fg_p95": 5277.242993164063,
  "summary_fg_stdv": 935.447998046875,
  "tsnr": 42.84727794234641
}