{
  "bids_meta": {
    "AcquisitionMatrixPE": 256,
    "AcquisitionNumber": 1,
    "AcquisitionTime": "11:21:35.215000",
    "BaseResolution": 256,
    "BodyPartExamined": "BRAIN",
    "ConsistencyInfo": "N4_VE11C_LATEST_20160120",
    "ConversionSoftware": "dcm2niix",
    "ConversionSoftwareVersion": "v1.0.20210317",
    "DeviceSerialNumber": "45193",
    "DwellTime": 2.8e-06,
    "EchoTime": 0.452,
    "EchoTrainLength": 270,
    "FlipAngle": 120,
    "ImageOrientationPatientDICOM": [
      -0.0505817,
      0.99872,
      2.57904e-08,
      0.0209042,
      0.00105875,
      -0.999781
    ],
    "ImageType": [
      "ORIGINAL",
      "PRIMARY",
      "M",
      "ND",
      "NORM"
    ],
    "ImagingFrequency": 123.247,
    "InPlanePhaseEncodingDirectionDICOM": "ROW",
    "InstitutionAddress": "Blackburn Road 770,Clayton,Victoria,AU,3800",
    "InstitutionName": "Monash Biomedical Imaging",
    "InstitutionalDepartmentName": "Department",
    "MRAcquisitionType": "3D",
    "MagneticFieldStrength": 3,
    "Manufacturer": "Siemens",
    "ManufacturersModelName": "Skyra",
    "Modality": "MR",
    "ParallelReductionFactorInPlane": 2,
    "PartialFourier": 1,
    "PatientPosition": "HFS",
    "PercentPhaseFOV": 100,
    "PercentSampling": 100,
    "PhaseEncodingDirection": "i",
    "PhaseEncodingSteps": 245,
    "PhaseResolution": 1,
    "PixelBandwidth": 700,
    "ProcedureStepDescription": "MR Scan",
    "ProtocolName": "t2_space_sag_p2_iso",
    "PulseSequenceDetails": "%SiemensSeq%\\tse_vfl",
    "ReceiveCoilActiveElements": "HEA;HEP",
    "ReceiveCoilName": "Head_32",
    "ReconMatrixPE": 256,
    "RefLinesPE": 24,
    "RepetitionTime": 3.2,
    "SAR": 0.213443,
    "ScanOptions": "PFP",
    "ScanningSequence": "SE",
    "SequenceName": "*spcR_282ns",
    "SequenceVariant": "SK\\SP",
    "SeriesDescription": "t2_space_sag_p2_iso",
    "SeriesNumber": 3,
    "ShimSetting": [
      -4069,
      15336,
      -15557,
      -117,
      159,
      -103,
      -245,
      164
    ],
    "SliceThickness": 1,
    "SoftwareVersions": "syngo MR E11",
    "StationName": "AWP45193",
    "TxRefAmp": 347.635,
    "dataset": "<unset>",
    "modality": "T2w",
    "run_id": 1,
    "session_id": "01",
    "subject_id": "PC013"
  },
  "cjv": 0.27793759412845326,
  "cnr": 2.994707131174342,
  "efc": 0.5318692159399585,
  "fber": -1.0,
  "fwhm_avg": 2.63677,
  "fwhm_x": 2.58555,
  "fwhm_y": 2.87124,
  "fwhm_z": 2.45352,
  "icvs_csf": 0.3718518057049514,
  "icvs_gm": 0.16233459039926934,
  "icvs_wm": 0.46581360389577925,
  "inu_med": 0.9349938035011292,
  "inu_range": 0.1748394429683684,
  "provenance": {
    "md5sum": "bf3bbe265b2956ae580ea4157038049f",
    "settings": {
      "testing": false
    },
    "software": "mriqc",
    "version": "22.0.6",
    "warnings": {
      "large_rot_frame": true,
      "small_air_mask": false
    },
    "webapi_port": null,
    "webapi_url": "https://mriqc.nimh.nih.gov/api/v1"
  },
  "qi_1": 0.0006770879929729246,
  "qi_2": 0.0018629385809123397,
  "rpve_csf": 14.670445863647432,
  "rpve_gm": 37.21447852204759,
  "rpve_wm": 13.405312870475136,
  "size_x": 176,
  "size_y": 256,
  "size_z": 256,
  "snr_csf": 10.84802161143358,
  "snr_gm": 4.07131605458358,
  "snr_total": 8.668615832414895,
  "snr_wm": 11.086509831227524,
  "snrd_csf": 16.08048441736868,
  "snrd_gm": 39.05305377548885,
  "snrd_total": 21.75477920526481,
  "snrd_wm": 10.1307994229369,
  "spacing_x": 1.0,
  "spacing_y": 1.0,
  "spacing_z": 1.0,
  "summary_bg_k": 993.1592941775933,
  "summary_bg_mad": 0.0,
  "summary_bg_mean": 6.148526533401764,
  "summary_bg_median": 0.0,
  "summary_bg_n": 691888.0,
  "summary_bg_p05": 0.0,
  "summary_bg_p95": 17.51802261173725,
  "summary_bg_stdv": 64.66277921198619,
  "summary_csf_k": 0.4773550119389274,
  "summary_csf_mad": 140.43407401649284,
  "summary_csf_mean": 1585.7108008338632,
  "summary_csf_median": 1587.1638539731503,
  "summary_csf_n": 31173.0,
  "summary_csf_p05": 1348.5466822564601,
  "summary_csf_p95": 1825.2074267193675,
  "summary_csf_stdv": 146.30671409684555,
  "summary_gm_k": 3.851424736374156,
  "summary_gm_mad": 706.5373871140737,
  "summary_gm_mean": 3696.9707181974118,
  "summary_gm_median": 3854.585081577301,
  "summary_gm_n": 37846.0,
  "summary_gm_p05": 1674.59894028306,
  "summary_gm_p95": 4662.196929328144,
  "summary_gm_stdv": 946.7538518160405,
  "summary_wm_k": 0.3724326894398535,
  "summary_wm_mad": 86.88065462886136,
  "summary_wm_mean": 994.8821431006692,
  "summary_wm_median": 999.9225296080112,
  "summary_wm_n": 172075.0,
  "summary_wm_p05": 838.5396841317415,
  "summary_wm_p95": 1131.77277944237,
  "summary_wm_stdv": 90.19246267230913,
  "tpm_overlap_csf": 0.10714554441434013,
  "tpm_overlap_gm": 0.09496843515028901,
  "tpm_overlap_wm": 0.449675702408319,
  "wm2max": 0.21673387096774194
}