{
  "aor": 0.0006178908188585608,
  "aqi": 0.014676375062034739,
  "bids_meta": {
    "AcquisitionMatrixPE": 64,
    "AcquisitionNumber": 1,
    "AcquisitionTime": "12:45:40.900000",
    "BandwidthPerPixelPhaseEncode": 62.5,
    "BaseResolution": 64,
    "BodyPartExamined": "BRAIN",
    "ConsistencyInfo": "N4_VE11C_LATEST_20160120",
    "ConversionSoftware": "dcm2niix",
    "ConversionSoftwareVersion": "v1.0.20210317",
    "DerivedVendorReportedEchoSpacing": 0.0005,
    "DeviceSerialNumber": "45193",
    "DwellTime": 3.1e-06,
    "EchoNumber": 3,
    "EchoTime": 0.04586,
    "EchoTrainLength": 31,
    "EffectiveEchoSpacing": 0.00025,
    "FlipAngle": 56,
    "ImageComments": "Unaliased MB4/PE4/LB",
    "ImageOrientationPatientDICOM": [
      0.999668,
      -0.00106866,
      -0.0257533,
      -1.274e-11,
      0.99914,
      -0.0414603
    ],
    "ImageType": [
      "ORIGINAL",
      "PRIMARY",
      "M",
      "MB",
      "TE3",
      "ND",
      "NORM",
      "MOSAIC"
    ],
    "ImagingFrequency": 123.247,
    "InPlanePhaseEncodingDirectionDICOM": "ROW",
    "InstitutionAddress": "Blackburn Road 770,Clayton,Victoria,AU,3800",
    "InstitutionName": "Monash Biomedical Imaging",
    "InstitutionalDepartmentName": "Department",
    "MRAcquisitionType": "2D",
    "MagneticFieldStrength": 3,
    "Manufacturer": "Siemens",
    "ManufacturersModelName": "Skyra",
    "Modality": "MR",
    "MultibandAccelerationFactor": 4,
    "ParallelReductionFactorInPlane": 2,
    "PartialFourier": 1,
    "PatientPosition": "HFS",
    "PercentPhaseFOV": 100,
    "PercentSampling": 100,
    "PhaseEncodingDirection": "i",
    "PhaseEncodingSteps": 63,
    "PhaseResolution": 1,
    "PixelBandwidth": 2520,
    "ProcedureStepDescription": "MR Scan",
    "ProtocolName": "Meditation_R-L_mmb_4_4_cmrr_mbep2d_bold_TE_12.6_29.23_45.86_62.5",
    "PulseSequenceDetails": "%CustomerSeq%\\cmrr_mbep2d_bold",
    "ReceiveCoilActiveElements": "HEA;HEP",
    "ReceiveCoilName": "Head_32",
    "ReconMatrixPE": 64,
    "RefLinesPE": 24,
    "RepetitionTime": 0.91,
    "SAR": 0.074947,
    "ScanOptions": "FS",
    "ScanningSequence": "EP",
    "SequenceName": "epfid2d4_64",
    "SequenceVariant": "SK\\SS",
    "SeriesDescription": "Meditation_R-L_mmb_4_4_cmrr_mbep2d_bold_TE_12.6_29.23_45.86_62.5",
    "SeriesNumber": 9,
    "ShimSetting": [
      -4093,
      15274,
      -15049,
      161,
      293,
      -78,
      174,
      114
    ],
    "SliceThickness": 3.2,
    "SliceTiming": [
      0,
      0.625,
      0.3575,
      0.09,
      0.7125,
      0.445,
      0.18,
      0.8025,
      0.535,
      0.2675,
      0,
      0.625,
      0.3575,
      0.09,
      0.7125,
      0.445,
      0.18,
      0.8025,
      0.535,
      0.2675,
      0,
      0.625,
      0.3575,
      0.09,
      0.7125,
      0.445,
      0.18,
      0.8025,
      0.535,
      0.2675,
      0,
      0.625,
      0.3575,
      0.09,
      0.7125,
      0.445,
      0.18,
      0.8025,
      0.535,
      0.2675
    ],
    "SoftwareVersions": "syngo MR E11",
    "SpacingBetweenSlices": 3.2,
    "StationName": "AWP45193",
    "TaskName": "meditation",
    "TotalReadoutTime": 0.01575,
    "TxRefAmp": 371.384,
    "WipMemBlock": "c4477e98-66c4-47da-b1db-52c943ac63f0||Sequence: R016 ve11c/master r/e634e98; Dec 19 2017 11:00:25 by eja",
    "dataset": "<unset>",
    "modality": "bold",
    "run_id": 1,
    "session_id": "01",
    "subject_id": "PC016",
    "task_id": "meditation"
  },
  "dummy_trs": 2,
  "dvars_nstd": 39.423588909228855,
  "dvars_std": 1.072278903308457,
  "dvars_vstd": 0.9858068756716416,
  "efc": 0.47872736897187346,
  "fber": 3815.951171875,
  "fd_mean": 0.191437786222078,
  "fd_num": 197,
  "fd_perc": 48.883374689826304,
  "fwhm_avg": 1.984250961060627,
  "fwhm_x": 1.8609739805825243,
  "fwhm_y": 2.116128932038835,
  "fwhm_z": 1.9756499705605213,
  "gcor": 0.0230579,
  "gsr_x": 0.002161657903343439,
  "gsr_y": 0.03704074025154114,
  "provenance": {
    "md5sum": "629bcb8e9099b1d363c0218d5397085a",
    "settings": {
      "fd_thres": 0.2,
      "testing": false
    },
    "software": "mriqc",
    "version": "22.0.6",
    "webapi_port": null,
    "webapi_url": "https://mriqc.nimh.nih.gov/api/v1"
  },
  "size_t": 403,
  "size_x": 64,
  "size_y": 64,
  "size_z": 40,
  "snr": 3.268315530251545,
  "spacing_tr": 0.9100000262260437,
  "spacing_x": 3.21875,
  "spacing_y": 3.21875,
  "spacing_z": 3.200000047683716,
  "summary_bg_k": 280.59361847378625,
  "summary_bg_mad": 41.93961700478237,
  "summary_bg_mean": 97.1778564453125,
  "summary_bg_median": 48.392059326171875,
  "summary_bg_n": 100232.0,
  "summary_bg_p05": 14.08076868057251,
  "summary_bg_p95": 304.8772964477538,
  "summary_bg_stdv": 229.6367645263672,
  "summary_fg_k": 5.552587011249772,
  "summary_fg_mad": 576.1216306884694,
  "summary_fg_mean": 3095.55712890625,
  "summary_fg_median": 2915.274169921875,
  "summary_fg_n": 30350.0,
  "summary_fg_p05": 2140.6966064453127,
  "summary_fg_p95": 4798.079345703122,
  "summary_fg_stdv": 891.9659423828125,
  "tsnr": 33.800201306294184
}