{
  "aor": 0.0010595467032967032,
  "aqi": 0.0183693565521978,
  "bids_meta": {
    "AcquisitionMatrixPE": 64,
    "AcquisitionNumber": 1,
    "AcquisitionTime": "11:47:13.075000",
    "BandwidthPerPixelPhaseEncode": 62.5,
    "BaseResolution": 64,
    "BodyPartExamined": "BRAIN",
    "ConsistencyInfo": "N4_VE11C_LATEST_20160120",
    "ConversionSoftware": "dcm2niix",
    "ConversionSoftwareVersion": "v1.0.20210317",
    "DerivedVendorReportedEchoSpacing": 0.0005,
    "DeviceSerialNumber": "45193",
    "DwellTime": 3.1e-06,
    "EchoNumber": 3,
    "EchoTime": 0.04586,
    "EchoTrainLength": 31,
    "EffectiveEchoSpacing": 0.00025,
    "FlipAngle": 56,
    "ImageComments": "Unaliased MB4/PE4/LB",
    "ImageOrientationPatientDICOM": [
      0.999721,
      -0.0010574,
      -0.0235906,
      7.79e-12,
      0.998997,
      -0.0447781
    ],
    "ImageType": [
      "ORIGINAL",
      "PRIMARY",
      "M",
      "MB",
      "TE3",
      "ND",
      "NORM",
      "MOSAIC"
    ],
    "ImagingFrequency": 123.247,
    "InPlanePhaseEncodingDirectionDICOM": "ROW",
    "InstitutionAddress": "Blackburn Road 770,Clayton,Victoria,AU,3800",
    "InstitutionName": "Monash Biomedical Imaging",
    "InstitutionalDepartmentName": "Department",
    "MRAcquisitionType": "2D",
    "MagneticFieldStrength": 3,
    "Manufacturer": "Siemens",
    "ManufacturersModelName": "Skyra",
    "Modality": "MR",
    "MultibandAccelerationFactor": 4,
    "ParallelReductionFactorInPlane": 2,
    "PartialFourier": 1,
    "PatientPosition": "HFS",
    "PercentPhaseFOV": 100,
    "PercentSampling": 100,
    "PhaseEncodingDirection": "i",
    "PhaseEncodingSteps": 63,
    "PhaseResolution": 1,
    "PixelBandwidth": 2520,
    "ProcedureStepDescription": "MR Scan",
    "ProtocolName": "Music_R-L_mmb_4_4_cmrr_mbep2d_bold_TE_12.6_29.23_45.86_62.49",
    "PulseSequenceDetails": "%CustomerSeq%\\cmrr_mbep2d_bold",
    "ReceiveCoilActiveElements": "HEA;HEP",
    "ReceiveCoilName": "Head_32",
    "ReconMatrixPE": 64,
    "RefLinesPE": 24,
    "RepetitionTime": 0.91,
    "SAR": 0.0922853,
    "ScanOptions": "FS",
    "ScanningSequence": "EP",
    "SequenceName": "epfid2d4_64",
    "SequenceVariant": "SK\\SS",
    "SeriesDescription": "Music_R-L_mmb_4_4_cmrr_mbep2d_bold_TE_12.6_29.23_45.86_62.49",
    "SeriesNumber": 7,
    "ShimSetting": [
      -4077,
      15314,
      -15332,
      499,
      279,
      -53,
      -165,
      137
    ],
    "SliceThickness": 3.2,
    "SliceTiming": [
      0,
      0.625,
      0.3575,
      0.09,
      0.7125,
      0.445,
      0.18,
      0.8025,
      0.535,
      0.2675,
      0,
      0.625,
      0.3575,
      0.09,
      0.7125,
      0.445,
      0.18,
      0.8025,
      0.535,
      0.2675,
      0,
      0.625,
      0.3575,
      0.09,
      0.7125,
      0.445,
      0.18,
      0.8025,
      0.535,
      0.2675,
      0,
      0.625,
      0.3575,
      0.09,
      0.7125,
      0.445,
      0.18,
      0.8025,
      0.535,
      0.2675
    ],
    "SoftwareVersions": "syngo MR E11",
    "SpacingBetweenSlices": 3.2,
    "StationName": "AWP45193",
    "TaskName": "music",
    "TotalReadoutTime": 0.01575,
    "TxRefAmp": 377.179,
    "WipMemBlock": "1917469f-0056-4a81-a562-e6ba623102c8||Sequence: R016 ve11c/master r/e634e98; Dec 19 2017 11:00:25 by eja",
    "dataset": "<unset>",
    "modality": "bold",
    "run_id": 1,
    "session_id": "02",
    "subject_id": "PC015",
    "task_id": "music"
  },
  "dummy_trs": 0,
  "dvars_nstd": 45.16689349843195,
  "dvars_std": 1.1302248735488323,
  "dvars_vstd": 0.9643121643878961,
  "efc": 0.47467941418626775,
  "fber": 3221.895751953125,
  "fd_mean": 0.13007161206780476,
  "fd_num": 72,
  "fd_perc": 9.89010989010989,
  "fwhm_avg": 1.7795013846464371,
  "fwhm_x": 1.7080947572815535,
  "fwhm_y": 1.8261250485436893,
  "fwhm_z": 1.8042843481140682,
  "gcor": 0.0114325,
  "gsr_x": 0.005743194837123156,
  "gsr_y": 0.012305528856813908,
  "provenance": {
    "md5sum": "bbd6ade433788cb8169ec9f0ac698442",
    "settings": {
      "fd_thres": 0.2,
      "testing": false
    },
    "software": "mriqc",
    "version": "22.0.6",
    "webapi_port": null,
    "webapi_url": "https://mriqc.nimh.nih.gov/api/v1"
  },
  "size_t": 728,
  "size_x": 64,
  "size_y": 64,
  "size_z": 40,
  "snr": 3.3377852931537273,
  "spacing_tr": 0.9100000262260437,
  "spacing_x": 3.21875,
  "spacing_y": 3.21875,
  "spacing_z": 3.200000047683716,
  "summary_bg_k": 92.12768775160325,
  "summary_bg_mad": 43.34473359823214,
  "summary_bg_mean": 110.85214233398438,
  "summary_bg_median": 55.47046661376953,
  "summary_bg_n": 102070.0,
  "summary_bg_p05": 18.379121780395508,
  "summary_bg_p95": 380.4944549560539,
  "summary_bg_stdv": 189.60113525390625,
  "summary_fg_k": 5.426521387940561,
  "summary_fg_mad": 637.9934880170916,
  "summary_fg_mean": 3302.265625,
  "summary_fg_median": 3123.635986328125,
  "summary_fg_n": 28261.0,
  "summary_fg_p05": 2252.954833984375,
  "summary_fg_p95": 4989.25146484375,
  "summary_fg_stdv": 935.8243408203125,
  "tsnr": 29.590409784810618
}