{
  "aor": 0.003414960317460318,
  "aqi": 0.014100984543650793,
  "bids_meta": {
    "AcquisitionMatrixPE": 64,
    "AcquisitionNumber": 1,
    "AcquisitionTime": "11:30:17.385000",
    "BandwidthPerPixelPhaseEncode": 62.5,
    "BaseResolution": 64,
    "BodyPartExamined": "BRAIN",
    "ConsistencyInfo": "N4_VE11C_LATEST_20160120",
    "ConversionSoftware": "dcm2niix",
    "ConversionSoftwareVersion": "v1.0.20210317",
    "DerivedVendorReportedEchoSpacing": 0.0005,
    "DeviceSerialNumber": "45193",
    "DwellTime": 3.1e-06,
    "EchoNumber": 3,
    "EchoTime": 0.04586,
    "EchoTrainLength": 31,
    "EffectiveEchoSpacing": 0.00025,
    "FlipAngle": 56,
    "ImageComments": "Unaliased MB4/PE4/LB",
    "ImageOrientationPatientDICOM": [
      0.999721,
      -0.0010574,
      -0.0235906,
      7.79e-12,
      0.998997,
      -0.0447781
    ],
    "ImageType": [
      "ORIGINAL",
      "PRIMARY",
      "M",
      "MB",
      "TE3",
      "ND",
      "NORM",
      "MOSAIC"
    ],
    "ImagingFrequency": 123.247,
    "InPlanePhaseEncodingDirectionDICOM": "ROW",
    "InstitutionAddress": "Blackburn Road 770,Clayton,Victoria,AU,3800",
    "InstitutionName": "Monash Biomedical Imaging",
    "InstitutionalDepartmentName": "Department",
    "MRAcquisitionType": "2D",
    "MagneticFieldStrength": 3,
    "Manufacturer": "Siemens",
    "ManufacturersModelName": "Skyra",
    "Modality": "MR",
    "MultibandAccelerationFactor": 4,
    "ParallelReductionFactorInPlane": 2,
    "PartialFourier": 1,
    "PatientPosition": "HFS",
    "PercentPhaseFOV": 100,
    "PercentSampling": 100,
    "PhaseEncodingDirection": "i",
    "PhaseEncodingSteps": 63,
    "PhaseResolution": 1,
    "PixelBandwidth": 2520,
    "ProcedureStepDescription": "MR Scan",
    "ProtocolName": "Rest_R-L_mmb_4_4_cmrr_mbep2d_bold_TE_12.6_29.23_45.86_62.49",
    "PulseSequenceDetails": "%CustomerSeq%\\cmrr_mbep2d_bold",
    "ReceiveCoilActiveElements": "HEA;HEP",
    "ReceiveCoilName": "Head_32",
    "ReconMatrixPE": 64,
    "RefLinesPE": 24,
    "RepetitionTime": 0.91,
    "SAR": 0.0918022,
    "ScanOptions": "FS",
    "ScanningSequence": "EP",
    "SequenceName": "epfid2d4_64",
    "SequenceVariant": "SK\\SS",
    "SeriesDescription": "Rest_R-L_mmb_4_4_cmrr_mbep2d_bold_TE_12.6_29.23_45.86_62.49",
    "SeriesNumber": 3,
    "ShimSetting": [
      -4077,
      15314,
      -15332,
      499,
      279,
      -53,
      -165,
      137
    ],
    "SliceThickness": 3.2,
    "SliceTiming": [
      0,
      0.625,
      0.3575,
      0.09,
      0.7125,
      0.445,
      0.18,
      0.8025,
      0.535,
      0.2675,
      0,
      0.625,
      0.3575,
      0.09,
      0.7125,
      0.445,
      0.18,
      0.8025,
      0.535,
      0.2675,
      0,
      0.625,
      0.3575,
      0.09,
      0.7125,
      0.445,
      0.18,
      0.8025,
      0.535,
      0.2675,
      0,
      0.625,
      0.3575,
      0.09,
      0.7125,
      0.445,
      0.18,
      0.8025,
      0.535,
      0.2675
    ],
    "SoftwareVersions": "syngo MR E11",
    "SpacingBetweenSlices": 3.2,
    "StationName": "AWP45193",
    "TaskName": "rest",
    "TotalReadoutTime": 0.01575,
    "TxRefAmp": 377.179,
    "WipMemBlock": "e3258cf9-b87b-465a-b814-4dcdfffed336||Sequence: R016 ve11c/master r/e634e98; Dec 19 2017 11:00:25 by eja",
    "dataset": "<unset>",
    "modality": "bold",
    "run_id": 1,
    "session_id": "02",
    "subject_id": "PC015",
    "task_id": "rest"
  },
  "dummy_trs": 0,
  "dvars_nstd": 47.349125234373766,
  "dvars_std": 1.2121977407753484,
  "dvars_vstd": 1.0260563237972171,
  "efc": 0.4761192563315275,
  "fber": 2801.54931640625,
  "fd_mean": 0.12849323544416735,
  "fd_num": 53,
  "fd_perc": 10.515873015873016,
  "fwhm_avg": 1.7638855068546755,
  "fwhm_x": 1.6965530097087378,
  "fwhm_y": 1.7988629126213593,
  "fwhm_z": 1.7962405982339291,
  "gcor": 0.0155013,
  "gsr_x": 0.007029622793197632,
  "gsr_y": 0.010888897813856602,
  "provenance": {
    "md5sum": "25bd099c6712e8d28445b8a1e4441a8d",
    "settings": {
      "fd_thres": 0.2,
      "testing": false
    },
    "software": "mriqc",
    "version": "22.0.6",
    "webapi_port": null,
    "webapi_url": "https://mriqc.nimh.nih.gov/api/v1"
  },
  "size_t": 504,
  "size_x": 64,
  "size_y": 64,
  "size_z": 40,
  "snr": 3.385726997631233,
  "spacing_tr": 0.9100000262260437,
  "spacing_x": 3.21875,
  "spacing_y": 3.21875,
  "spacing_z": 3.200000047683716,
  "summary_bg_k": 94.04043192659512,
  "summary_bg_mad": 45.06051661876974,
  "summary_bg_mean": 112.61776733398438,
  "summary_bg_median": 59.66071701049805,
  "summary_bg_n": 102095.0,
  "summary_bg_p05": 20.22222328186035,
  "summary_bg_p95": 372.80894470214776,
  "summary_bg_stdv": 185.92666625976562,
  "summary_fg_k": 5.071309425059281,
  "summary_fg_mad": 642.0141778225507,
  "summary_fg_mean": 3317.97509765625,
  "summary_fg_median": 3146.166748046875,
  "summary_fg_n": 28309.0,
  "summary_fg_p05": 2268.059716796875,
  "summary_fg_p95": 4969.330078124999,
  "summary_fg_stdv": 929.2276611328125,
  "tsnr": 31.659791302401572
}