{
  "aor": 0.00028779917469050895,
  "aqi": 0.009403592077028887,
  "bids_meta": {
    "AcquisitionMatrixPE": 64,
    "AcquisitionNumber": 1,
    "AcquisitionTime": "09:58:13.927500",
    "BandwidthPerPixelPhaseEncode": 62.5,
    "BaseResolution": 64,
    "BodyPartExamined": "BRAIN",
    "ConsistencyInfo": "N4_VE11C_LATEST_20160120",
    "ConversionSoftware": "dcm2niix",
    "ConversionSoftwareVersion": "v1.0.20210317",
    "DerivedVendorReportedEchoSpacing": 0.0005,
    "DeviceSerialNumber": "45193",
    "DwellTime": 3.1e-06,
    "EchoNumber": 1,
    "EchoTime": 0.0126,
    "EchoTrainLength": 31,
    "EffectiveEchoSpacing": 0.00025,
    "FlipAngle": 56,
    "ImageComments": "Unaliased MB4/PE4/LB",
    "ImageOrientationPatientDICOM": [
      1,
      -4.22674e-05,
      -0.000170448,
      -4.72e-12,
      0.970603,
      -0.240688
    ],
    "ImageType": [
      "ORIGINAL",
      "PRIMARY",
      "M",
      "MB",
      "TE1",
      "ND",
      "NORM",
      "MOSAIC"
    ],
    "ImagingFrequency": 123.247,
    "InPlanePhaseEncodingDirectionDICOM": "ROW",
    "InstitutionAddress": "Blackburn Road 770,Clayton,Victoria,AU,3800",
    "InstitutionName": "Monash Biomedical Imaging",
    "InstitutionalDepartmentName": "Department",
    "MRAcquisitionType": "2D",
    "MagneticFieldStrength": 3,
    "Manufacturer": "Siemens",
    "ManufacturersModelName": "Skyra",
    "Modality": "MR",
    "MultibandAccelerationFactor": 4,
    "ParallelReductionFactorInPlane": 2,
    "PartialFourier": 1,
    "PatientPosition": "HFS",
    "PercentPhaseFOV": 100,
    "PercentSampling": 100,
    "PhaseEncodingDirection": "i",
    "PhaseEncodingSteps": 63,
    "PhaseResolution": 1,
    "PixelBandwidth": 2520,
    "ProcedureStepDescription": "MR Scan",
    "ProtocolName": "Music_R-L_mmb_4_4_cmrr_mbep2d_bold_TE_12.6_29.23_45.86_62.49",
    "PulseSequenceDetails": "%CustomerSeq%\\cmrr_mbep2d_bold",
    "ReceiveCoilActiveElements": "HEA;HEP",
    "ReceiveCoilName": "Head_32",
    "ReconMatrixPE": 64,
    "RefLinesPE": 24,
    "RepetitionTime": 0.91,
    "SAR": 0.0668214,
    "ScanOptions": "FS",
    "ScanningSequence": "EP",
    "SequenceName": "epfid2d4_64",
    "SequenceVariant": "SK\\SS",
    "SeriesDescription": "Music_R-L_mmb_4_4_cmrr_mbep2d_bold_TE_12.6_29.23_45.86_62.49",
    "SeriesNumber": 12,
    "ShimSetting": [
      -4125,
      14987,
      -15659,
      143,
      -12,
      -698,
      84,
      47
    ],
    "SliceThickness": 3.2,
    "SliceTiming": [
      0,
      0.6225,
      0.355,
      0.0875,
      0.71,
      0.445,
      0.1775,
      0.8,
      0.5325,
      0.265,
      0,
      0.6225,
      0.355,
      0.0875,
      0.71,
      0.445,
      0.1775,
      0.8,
      0.5325,
      0.265,
      0,
      0.6225,
      0.355,
      0.0875,
      0.71,
      0.445,
      0.1775,
      0.8,
      0.5325,
      0.265,
      0,
      0.6225,
      0.355,
      0.0875,
      0.71,
      0.445,
      0.1775,
      0.8,
      0.5325,
      0.265
    ],
    "SoftwareVersions": "syngo MR E11",
    "SpacingBetweenSlices": 3.2,
    "StationName": "AWP45193",
    "TaskName": "music",
    "TotalReadoutTime": 0.01575,
    "TxRefAmp": 398.1,
    "WipMemBlock": "d609e2e1-22a5-42c8-a50a-4e72e01019c9||Sequence: R016 ve11c/master r/e634e98; Dec 19 2017 11:00:25 by eja",
    "dataset": "<unset>",
    "modality": "bold",
    "run_id": 1,
    "session_id": "01",
    "subject_id": "PC020",
    "task_id": "music"
  },
  "dummy_trs": 1,
  "dvars_nstd": 26.531031096391157,
  "dvars_std": 1.0978783454958665,
  "dvars_vstd": 0.9966589363085391,
  "efc": 0.5555065419507297,
  "fber": 1775.5010986328125,
  "fd_mean": 0.19036944704028738,
  "fd_num": 299,
  "fd_perc": 41.12792297111417,
  "fwhm_avg": 1.908456321037886,
  "fwhm_x": 1.8169506796116504,
  "fwhm_y": 1.9216745631067962,
  "fwhm_z": 1.9867437203952114,
  "gcor": 0.0152447,
  "gsr_x": 0.001492669922299683,
  "gsr_y": 0.040877606719732285,
  "provenance": {
    "md5sum": "75d40005179039ebb38e4af4fb4be3c8",
    "settings": {
      "fd_thres": 0.2,
      "testing": false
    },
    "software": "mriqc",
    "version": "22.0.6",
    "webapi_port": null,
    "webapi_url": "https://mriqc.nimh.nih.gov/api/v1"
  },
  "size_t": 727,
  "size_x": 64,
  "size_y": 64,
  "size_z": 40,
  "snr": 7.698264541712806,
  "spacing_tr": 0.9100000262260437,
  "spacing_x": 3.21875,
  "spacing_y": 3.21875,
  "spacing_z": 3.200000047683716,
  "summary_bg_k": 8.970138173108477,
  "summary_bg_mad": 156.1677711380816,
  "summary_bg_mean": 458.61859130859375,
  "summary_bg_median": 138.65679931640625,
  "summary_bg_n": 99260.0,
  "summary_bg_p05": 24.17469024658203,
  "summary_bg_p95": 2040.232434082028,
  "summary_bg_stdv": 719.447021484375,
  "summary_fg_k": 0.29946207708089023,
  "summary_fg_mad": 724.9363805172402,
  "summary_fg_mean": 5754.73486328125,
  "summary_fg_median": 5695.4208984375,
  "summary_fg_n": 31052.0,
  "summary_fg_p05": 4635.078637695313,
  "summary_fg_p95": 7063.182641601562,
  "summary_fg_stdv": 739.8198852539062,
  "tsnr": 55.78577530104667
}