{
  "aor": 0.004011563342318059,
  "aqi": 0.012712768840970348,
  "bids_meta": {
    "AcquisitionMatrixPE": 64,
    "AcquisitionNumber": 1,
    "AcquisitionTime": "10:09:50.340000",
    "BandwidthPerPixelPhaseEncode": 62.5,
    "BaseResolution": 64,
    "BodyPartExamined": "BRAIN",
    "ConsistencyInfo": "N4_VE11C_LATEST_20160120",
    "ConversionSoftware": "dcm2niix",
    "ConversionSoftwareVersion": "v1.0.20210317",
    "DerivedVendorReportedEchoSpacing": 0.0005,
    "DeviceSerialNumber": "45193",
    "DwellTime": 3.1e-06,
    "EchoNumber": 2,
    "EchoTime": 0.02923,
    "EchoTrainLength": 31,
    "EffectiveEchoSpacing": 0.00025,
    "FlipAngle": 56,
    "ImageComments": "Unaliased MB4/PE4/LB",
    "ImageOrientationPatientDICOM": [
      1,
      -4.22674e-05,
      -0.000170448,
      -4.72e-12,
      0.970603,
      -0.240688
    ],
    "ImageType": [
      "ORIGINAL",
      "PRIMARY",
      "M",
      "MB",
      "TE2",
      "ND",
      "NORM",
      "MOSAIC"
    ],
    "ImagingFrequency": 123.247,
    "InPlanePhaseEncodingDirectionDICOM": "ROW",
    "InstitutionAddress": "Blackburn Road 770,Clayton,Victoria,AU,3800",
    "InstitutionName": "Monash Biomedical Imaging",
    "InstitutionalDepartmentName": "Department",
    "MRAcquisitionType": "2D",
    "MagneticFieldStrength": 3,
    "Manufacturer": "Siemens",
    "ManufacturersModelName": "Skyra",
    "Modality": "MR",
    "MultibandAccelerationFactor": 4,
    "ParallelReductionFactorInPlane": 2,
    "PartialFourier": 1,
    "PatientPosition": "HFS",
    "PercentPhaseFOV": 100,
    "PercentSampling": 100,
    "PhaseEncodingDirection": "i",
    "PhaseEncodingSteps": 63,
    "PhaseResolution": 1,
    "PixelBandwidth": 2520,
    "ProcedureStepDescription": "MR Scan",
    "ProtocolName": "Movie_R-L_mmb_4_4_cmrr_mbep2d_bold_TE_12.6_29.23_45.86_62.49",
    "PulseSequenceDetails": "%CustomerSeq%\\cmrr_mbep2d_bold",
    "ReceiveCoilActiveElements": "HEA;HEP",
    "ReceiveCoilName": "Head_32",
    "ReconMatrixPE": 64,
    "RefLinesPE": 24,
    "RepetitionTime": 0.91,
    "SAR": 0.0661322,
    "ScanOptions": "FS",
    "ScanningSequence": "EP",
    "SequenceName": "epfid2d4_64",
    "SequenceVariant": "SK\\SS",
    "SeriesDescription": "Movie_R-L_mmb_4_4_cmrr_mbep2d_bold_TE_12.6_29.23_45.86_62.49",
    "SeriesNumber": 13,
    "ShimSetting": [
      -4125,
      14987,
      -15659,
      143,
      -12,
      -698,
      84,
      47
    ],
    "SliceThickness": 3.2,
    "SliceTiming": [
      0,
      0.6225,
      0.355,
      0.0875,
      0.7125,
      0.445,
      0.1775,
      0.8,
      0.5325,
      0.2675,
      0,
      0.6225,
      0.355,
      0.0875,
      0.7125,
      0.445,
      0.1775,
      0.8,
      0.5325,
      0.2675,
      0,
      0.6225,
      0.355,
      0.0875,
      0.7125,
      0.445,
      0.1775,
      0.8,
      0.5325,
      0.2675,
      0,
      0.6225,
      0.355,
      0.0875,
      0.7125,
      0.445,
      0.1775,
      0.8,
      0.5325,
      0.2675
    ],
    "SoftwareVersions": "syngo MR E11",
    "SpacingBetweenSlices": 3.2,
    "StationName": "AWP45193",
    "TaskName": "movie",
    "TotalReadoutTime": 0.01575,
    "TxRefAmp": 398.1,
    "WipMemBlock": "3cb167e5-0b85-4936-8972-cd13e453fe3b||Sequence: R016 ve11c/master r/e634e98; Dec 19 2017 11:00:25 by eja",
    "dataset": "<unset>",
    "modality": "bold",
    "run_id": 1,
    "session_id": "01",
    "subject_id": "PC020",
    "task_id": "movie"
  },
  "dummy_trs": 1,
  "dvars_nstd": 33.34178890048647,
  "dvars_std": 1.129862094675675,
  "dvars_vstd": 1.056011028945946,
  "efc": 0.4924625849258414,
  "fber": 3096.6962890625,
  "fd_mean": 0.16757320020816077,
  "fd_num": 94,
  "fd_perc": 25.336927223719677,
  "fwhm_avg": 1.6950376857803746,
  "fwhm_x": 1.6682376699029127,
  "fwhm_y": 1.7268629126213593,
  "fwhm_z": 1.6900124748168517,
  "gcor": 0.0123762,
  "gsr_x": 0.00706239091232419,
  "gsr_y": 0.015033015049993992,
  "provenance": {
    "md5sum": "437ee4ad676dc08be33c8ab26516da31",
    "settings": {
      "fd_thres": 0.2,
      "testing": false
    },
    "software": "mriqc",
    "version": "22.0.6",
    "webapi_port": null,
    "webapi_url": "https://mriqc.nimh.nih.gov/api/v1"
  },
  "size_t": 371,
  "size_x": 64,
  "size_y": 64,
  "size_z": 40,
  "snr": 5.89636649958432,
  "spacing_tr": 0.9100000262260437,
  "spacing_x": 3.21875,
  "spacing_y": 3.21875,
  "spacing_z": 3.200000047683716,
  "summary_bg_k": 28.573471733754744,
  "summary_bg_mad": 70.87917029257744,
  "summary_bg_mean": 157.0716094970703,
  "summary_bg_median": 74.7021484375,
  "summary_bg_n": 101724.0,
  "summary_bg_p05": 18.660377502441406,
  "summary_bg_p95": 569.5273620605467,
  "summary_bg_stdv": 246.1351318359375,
  "summary_fg_k": 2.245643924321671,
  "summary_fg_mad": 617.4399374617906,
  "summary_fg_mean": 4178.697265625,
  "summary_fg_median": 4106.046875,
  "summary_fg_n": 28412.0,
  "summary_fg_p05": 3232.804296875,
  "summary_fg_p95": 5382.972827148436,
  "summary_fg_stdv": 696.3567504882812,
  "tsnr": 43.161956685595214
}