{
    "Modality": "MR",
    "MagneticFieldStrength": 3,
    "ImagingFrequency": 123.252,
    "Manufacturer": "Siemens",
    "ManufacturersModelName": "Skyra",
    "InstitutionName": "Monash Biomedical Imaging",
    "InstitutionalDepartmentName": "Department",
    "InstitutionAddress": "Blackburn Road 770,Clayton,Victoria,AU,3800",
    "DeviceSerialNumber": "45193",
    "StationName": "AWP45193",
    "BodyPartExamined": "BRAIN",
    "PatientPosition": "HFS",
    "ProcedureStepDescription": "MR Scan",
    "SoftwareVersions": "syngo MR E11",
    "MRAcquisitionType": "2D",
    "SeriesDescription": "Rest_L-R_SMS_ep2d_dti_2.5mm_iso_mrtrix_71_dx",
    "ProtocolName": "Rest_L-R_SMS_ep2d_dti_2.5mm_iso_mrtrix_71_dx",
    "ScanningSequence": "EP",
    "SequenceVariant": "SK\\SP",
    "ScanOptions": "FS",
    "SequenceName": "*ep_b0",
    "ImageType": [
        "ORIGINAL",
        "PRIMARY",
        "DIFFUSION",
        "NONE",
        "ND",
        "NORM"
    ],
    "SeriesNumber": 9,
    "AcquisitionTime": "13:26:36.740000",
    "AcquisitionNumber": 1,
    "SliceThickness": 2.5,
    "SpacingBetweenSlices": 2.5,
    "SAR": 0.16534,
    "EchoTime": 0.171,
    "RepetitionTime": 5.9,
    "FlipAngle": 90,
    "PartialFourier": 1,
    "BaseResolution": 86,
    "ShimSetting": [
        -4096,
        15433,
        -14914,
        443,
        238,
        -37,
        -387,
        242
    ],
    "DiffusionScheme": "Monopolar",
    "TxRefAmp": 353.92,
    "PhaseResolution": 1,
    "ReceiveCoilName": "Head_32",
    "ReceiveCoilActiveElements": "HEA;HEP",
    "PulseSequenceDetails": "%SiemensSeq%\\ep2d_diff",
    "RefLinesPE": 40,
    "ConsistencyInfo": "N4_VE11C_LATEST_20160120",
    "MultibandAccelerationFactor": 2,
    "PercentPhaseFOV": 100,
    "PercentSampling": 100,
    "EchoTrainLength": 43,
    "PhaseEncodingSteps": 86,
    "AcquisitionMatrixPE": 86,
    "ReconMatrixPE": 86,
    "BandwidthPerPixelPhaseEncode": 22.148,
    "ParallelReductionFactorInPlane": 2,
    "EffectiveEchoSpacing": 0.000525009,
    "DerivedVendorReportedEchoSpacing": 0.00105002,
    "TotalReadoutTime": 0.0446258,
    "PixelBandwidth": 1040,
    "DwellTime": 5.6e-06,
    "PhaseEncodingDirection": "i-",
    "SliceTiming": [
        4.40625,
        0,
        2.9375,
        0.21875,
        3.15625,
        0.42188,
        3.35938,
        0.625,
        3.57812,
        0.84375,
        3.78125,
        1.04688,
        3.98438,
        1.26562,
        4.20312,
        1.6875,
        4.625,
        1.89062,
        4.82812,
        2.10938,
        5.04688,
        2.3125,
        5.25,
        2.51562,
        5.46875,
        2.73438,
        5.67188,
        1.46875,
        4.40625,
        0,
        2.9375,
        0.21875,
        3.15625,
        0.42188,
        3.35938,
        0.625,
        3.57812,
        0.84375,
        3.78125,
        1.04688,
        3.98438,
        1.26562,
        4.20312,
        1.6875,
        4.625,
        1.89062,
        4.82812,
        2.10938,
        5.04688,
        2.3125,
        5.25,
        2.51562,
        5.46875,
        2.73438,
        5.67188,
        1.46875
    ],
    "ImageOrientationPatientDICOM": [
        0.998347,
        0.0100651,
        0.0565852,
        5.0319e-11,
        0.984546,
        -0.175127
    ],
    "InPlanePhaseEncodingDirectionDICOM": "ROW",
    "ConversionSoftware": "dcm2niix",
    "ConversionSoftwareVersion": "v1.0.20210317",
    "IntendedFor": [
        "ses-01/dwi/sub-PC213_ses-01_acq-RL_run-1_dwi.nii.gz",
        "ses-01/fmap/sub-PC213_ses-01_acq-LRdwi_dir-ROW_run-1_epi.nii.gz"
    ]
}