{
  "bids_meta": {
    "AcquisitionMatrixPE": 240,
    "AcquisitionNumber": 1,
    "AcquisitionTime": "13:42:9.800000",
    "BaseResolution": 256,
    "BodyPartExamined": "BRAIN",
    "ConsistencyInfo": "N4_VE11C_LATEST_20160120",
    "ConversionSoftware": "dcm2niix",
    "ConversionSoftwareVersion": "v1.0.20210317",
    "DeviceSerialNumber": "45193",
    "DwellTime": 8.5e-06,
    "EchoTime": 0.00207,
    "FlipAngle": 9,
    "ImageOrientationPatientDICOM": [
      0,
      1,
      0,
      -0.0226873,
      0,
      -0.999743
    ],
    "ImageType": [
      "ORIGINAL",
      "PRIMARY",
      "M",
      "ND",
      "NORM"
    ],
    "ImagingFrequency": 123.247,
    "InPlanePhaseEncodingDirectionDICOM": "ROW",
    "InstitutionAddress": "Blackburn Road 770,Clayton,Victoria,AU,3800",
    "InstitutionName": "Monash Biomedical Imaging",
    "InstitutionalDepartmentName": "Department",
    "InversionTime": 0.9,
    "MRAcquisitionType": "3D",
    "MagneticFieldStrength": 3,
    "Manufacturer": "Siemens",
    "ManufacturersModelName": "Skyra",
    "Modality": "MR",
    "ParallelReductionFactorInPlane": 3,
    "PartialFourier": 1,
    "PatientPosition": "HFS",
    "PercentPhaseFOV": 93.75,
    "PercentSampling": 100,
    "PhaseEncodingSteps": 238,
    "PhaseResolution": 1,
    "PixelBandwidth": 230,
    "ProcedureStepDescription": "MR Scan",
    "ProtocolName": "t1_mprage_sag_p3_iso_1",
    "PulseSequenceDetails": "%SiemensSeq%\\tfl",
    "ReceiveCoilActiveElements": "HEA;HEP",
    "ReceiveCoilName": "Head_32",
    "ReconMatrixPE": 240,
    "RefLinesPE": 32,
    "RepetitionTime": 2.3,
    "SAR": 0.0867561,
    "ScanOptions": "IR",
    "ScanningSequence": "GR\\IR",
    "SequenceName": "*tfl3d1_16ns",
    "SequenceVariant": "SK\\SP\\MP",
    "SeriesDescription": "t1_mprage_sag_p3_iso_1",
    "SeriesNumber": 2,
    "ShimSetting": [
      -4085,
      15379,
      -15541,
      -112,
      159,
      -108,
      -206,
      160
    ],
    "SliceThickness": 1,
    "SoftwareVersions": "syngo MR E11",
    "StationName": "AWP45193",
    "TxRefAmp": 392.939,
    "dataset": "<unset>",
    "modality": "T1w",
    "run_id": 1,
    "session_id": "02",
    "subject_id": "PC019"
  },
  "cjv": 0.3856496432182859,
  "cnr": 3.172769291442479,
  "efc": 0.5297745028747904,
  "fber": -1.0,
  "fwhm_avg": 4.17887,
  "fwhm_x": 4.12123,
  "fwhm_y": 4.29091,
  "fwhm_z": 4.12447,
  "icvs_csf": 0.22331022473067497,
  "icvs_gm": 0.394586950733392,
  "icvs_wm": 0.38210282453593303,
  "inu_med": 0.3951777219772339,
  "inu_range": 0.09552676081657407,
  "provenance": {
    "md5sum": "15a13449c3a6529812a533cacb85d0cd",
    "settings": {
      "testing": false
    },
    "software": "mriqc",
    "version": "22.0.6",
    "warnings": {
      "large_rot_frame": true,
      "small_air_mask": false
    },
    "webapi_port": null,
    "webapi_url": "https://mriqc.nimh.nih.gov/api/v1"
  },
  "qi_1": 0.04720025798774558,
  "qi_2": 0.003137889820016087,
  "rpve_csf": 23.084748702906435,
  "rpve_gm": 13.159432895242835,
  "rpve_wm": 16.355658076148053,
  "size_x": 192,
  "size_y": 240,
  "size_z": 256,
  "snr_csf": 2.3347562687008554,
  "snr_gm": 11.28154055281964,
  "snr_total": 13.082070326084649,
  "snr_wm": 25.629914156733456,
  "snrd_csf": 4.967421349214741,
  "snrd_gm": 13.887749534535294,
  "snrd_total": 12.58244647256341,
  "snrd_wm": 18.89216853394019,
  "spacing_x": 1.0,
  "spacing_y": 1.0,
  "spacing_z": 1.0,
  "summary_bg_k": 5401.253945725989,
  "summary_bg_mad": 0.0,
  "summary_bg_mean": 2.976305335425466,
  "summary_bg_median": 0.0,
  "summary_bg_n": 2156691.0,
  "summary_bg_p05": 0.0,
  "summary_bg_p95": 12.214606180787086,
  "summary_bg_stdv": 34.67945851842808,
  "summary_csf_k": 0.6730413986955304,
  "summary_csf_mad": 100.9389043671193,
  "summary_csf_mean": 277.86015916924947,
  "summary_csf_median": 262.9490326344967,
  "summary_csf_n": 42563.0,
  "summary_csf_p05": 109.15837928652763,
  "summary_csf_p95": 489.1460160389543,
  "summary_csf_stdv": 112.62243824000223,
  "summary_gm_k": 0.009722928363951056,
  "summary_gm_mad": 64.9493328630215,
  "summary_gm_mean": 735.154600736195,
  "summary_gm_median": 735.1440614461899,
  "summary_gm_n": 29062.0,
  "summary_gm_p05": 627.7895269542933,
  "summary_gm_p95": 842.9624417424202,
  "summary_gm_stdv": 65.1623251308784,
  "summary_wm_k": 0.5765792842588264,
  "summary_wm_mad": 37.21214718151938,
  "summary_wm_mean": 1001.0006015425846,
  "summary_wm_median": 1000.0515541434288,
  "summary_wm_n": 251782.0,
  "summary_wm_p05": 938.8754463940859,
  "summary_wm_p95": 1065.9176583588123,
  "summary_wm_stdv": 39.018841892275674,
  "tpm_overlap_csf": 0.16172498494027066,
  "tpm_overlap_gm": 0.45993878321187687,
  "tpm_overlap_wm": 0.5257586078869281,
  "wm2max": 0.3752337923207953
}