{
  "bids_meta": {
    "AcquisitionMatrixPE": 256,
    "AcquisitionNumber": 1,
    "AcquisitionTime": "10:41:9.912500",
    "BaseResolution": 256,
    "BodyPartExamined": "BRAIN",
    "ConsistencyInfo": "N4_VE11C_LATEST_20160120",
    "ConversionSoftware": "dcm2niix",
    "ConversionSoftwareVersion": "v1.0.20210317",
    "DeviceSerialNumber": "45193",
    "DwellTime": 2.8e-06,
    "EchoTime": 0.452,
    "EchoTrainLength": 270,
    "FlipAngle": 120,
    "ImageOrientationPatientDICOM": [
      0.0401345,
      0.999194,
      -1.02442e-08,
      -0.00347961,
      0.000139755,
      -0.999994
    ],
    "ImageType": [
      "ORIGINAL",
      "PRIMARY",
      "M",
      "ND",
      "NORM"
    ],
    "ImagingFrequency": 123.252,
    "InPlanePhaseEncodingDirectionDICOM": "ROW",
    "InstitutionAddress": "Blackburn Road 770,Clayton,Victoria,AU,3800",
    "InstitutionName": "Monash Biomedical Imaging",
    "InstitutionalDepartmentName": "Department",
    "MRAcquisitionType": "3D",
    "MagneticFieldStrength": 3,
    "Manufacturer": "Siemens",
    "ManufacturersModelName": "Skyra",
    "Modality": "MR",
    "ParallelReductionFactorInPlane": 2,
    "PartialFourier": 1,
    "PatientPosition": "HFS",
    "PercentPhaseFOV": 100,
    "PercentSampling": 100,
    "PhaseEncodingDirection": "i",
    "PhaseEncodingSteps": 245,
    "PhaseResolution": 1,
    "PixelBandwidth": 700,
    "ProcedureStepDescription": "MR Scan",
    "ProtocolName": "t2_space_sag_p2_iso",
    "PulseSequenceDetails": "%SiemensSeq%\\tse_vfl",
    "ReceiveCoilActiveElements": "HEA;HEP",
    "ReceiveCoilName": "Head_32",
    "ReconMatrixPE": 256,
    "RefLinesPE": 24,
    "RepetitionTime": 3.2,
    "SAR": 0.236193,
    "ScanOptions": "PFP",
    "ScanningSequence": "SE",
    "SequenceName": "*spcR_282ns",
    "SequenceVariant": "SK\\SP",
    "SeriesDescription": "t2_space_sag_p2_iso",
    "SeriesNumber": 4,
    "ShimSetting": [
      -4121,
      15461,
      -15515,
      -92,
      142,
      -177,
      -175,
      57
    ],
    "SliceThickness": 1,
    "SoftwareVersions": "syngo MR E11",
    "StationName": "AWP45193",
    "TxRefAmp": 356.235,
    "dataset": "<unset>",
    "modality": "T2w",
    "run_id": 1,
    "session_id": "01",
    "subject_id": "PC002"
  },
  "cjv": 0.38339068575349683,
  "cnr": 2.90796267972288,
  "efc": 0.5134954797935791,
  "fber": -1.0,
  "fwhm_avg": 2.8708166666666664,
  "fwhm_x": 2.9452,
  "fwhm_y": 2.96448,
  "fwhm_z": 2.70277,
  "icvs_csf": 0.18497828104246256,
  "icvs_gm": 0.16743452057312627,
  "icvs_wm": 0.6475871983844111,
  "inu_med": 0.9330721497535706,
  "inu_range": 0.21223497986793527,
  "provenance": {
    "md5sum": "813f49fdc359deed0e35a1e15038c56c",
    "settings": {
      "testing": false
    },
    "software": "mriqc",
    "version": "22.0.6",
    "warnings": {
      "large_rot_frame": true,
      "small_air_mask": false
    },
    "webapi_port": null,
    "webapi_url": "https://mriqc.nimh.nih.gov/api/v1"
  },
  "qi_1": 0.00022794443336381225,
  "qi_2": 0.014549187226118856,
  "rpve_csf": 21.24286456113445,
  "rpve_gm": 35.88797659081976,
  "rpve_wm": 9.817588377507395,
  "size_x": 176,
  "size_y": 256,
  "size_z": 256,
  "snr_csf": 4.838493826227572,
  "snr_gm": 3.649540459714135,
  "snr_total": 5.050975783539804,
  "snr_wm": 6.664893064677703,
  "snrd_csf": 52.10705380713542,
  "snrd_gm": 138.34209355343833,
  "snrd_total": 72.63205759067442,
  "snrd_wm": 27.447025411449495,
  "spacing_x": 1.0,
  "spacing_y": 1.0,
  "spacing_z": 1.0,
  "summary_bg_k": 6128.255151533056,
  "summary_bg_mad": 0.0,
  "summary_bg_mean": 1.8450689401958693,
  "summary_bg_median": 0.0,
  "summary_bg_n": 464874.0,
  "summary_bg_p05": 0.0,
  "summary_bg_p95": 18.088347241282463,
  "summary_bg_stdv": 23.889573453681063,
  "summary_csf_k": 1.5757925354975724,
  "summary_csf_mad": 317.5794917647705,
  "summary_csf_mean": 1976.8498767811757,
  "summary_csf_median": 1900.085675869137,
  "summary_csf_n": 924.0,
  "summary_csf_p05": 1482.0782513972372,
  "summary_csf_p95": 2731.230951331928,
  "summary_csf_stdv": 392.4893325989931,
  "summary_gm_k": 1.4460105100254346,
  "summary_gm_mad": 1406.806575297541,
  "summary_gm_mean": 4691.149944368929,
  "summary_gm_median": 5044.649641938508,
  "summary_gm_n": 45581.0,
  "summary_gm_p05": 2482.1972506418824,
  "summary_gm_p95": 6046.363271795213,
  "summary_gm_stdv": 1382.2546592159592,
  "summary_wm_k": 0.3385742452553271,
  "summary_wm_mad": 143.54593027767626,
  "summary_wm_mean": 1013.2442340033016,
  "summary_wm_median": 1000.8568134084344,
  "summary_wm_n": 354110.0,
  "summary_wm_p05": 788.0807287544012,
  "summary_wm_p95": 1282.368617579341,
  "summary_wm_stdv": 150.1682608399657,
  "tpm_overlap_csf": 0.12215038766049448,
  "tpm_overlap_gm": 0.11286405182603527,
  "tpm_overlap_wm": 0.4249920550186555,
  "wm2max": 0.16683064618509585
}