{
  "bids_meta": {
    "AcquisitionMatrixPE": 240,
    "AcquisitionNumber": 1,
    "AcquisitionTime": "10:35:53.170000",
    "BaseResolution": 256,
    "BodyPartExamined": "BRAIN",
    "ConsistencyInfo": "N4_VE11C_LATEST_20160120",
    "ConversionSoftware": "dcm2niix",
    "ConversionSoftwareVersion": "v1.0.20210317",
    "DeviceSerialNumber": "45193",
    "DwellTime": 8.5e-06,
    "EchoTime": 0.00207,
    "FlipAngle": 9,
    "ImageOrientationPatientDICOM": [
      0.0401345,
      0.999194,
      -1.02442e-08,
      -0.00347961,
      0.000139755,
      -0.999994
    ],
    "ImageType": [
      "ORIGINAL",
      "PRIMARY",
      "M",
      "ND",
      "NORM"
    ],
    "ImagingFrequency": 123.252,
    "InPlanePhaseEncodingDirectionDICOM": "ROW",
    "InstitutionAddress": "Blackburn Road 770,Clayton,Victoria,AU,3800",
    "InstitutionName": "Monash Biomedical Imaging",
    "InstitutionalDepartmentName": "Department",
    "InversionTime": 0.9,
    "MRAcquisitionType": "3D",
    "MagneticFieldStrength": 3,
    "Manufacturer": "Siemens",
    "ManufacturersModelName": "Skyra",
    "Modality": "MR",
    "ParallelReductionFactorInPlane": 2,
    "PartialFourier": 1,
    "PatientPosition": "HFS",
    "PercentPhaseFOV": 93.75,
    "PercentSampling": 100,
    "PhaseEncodingSteps": 239,
    "PhaseResolution": 1,
    "PixelBandwidth": 230,
    "ProcedureStepDescription": "MR Scan",
    "ProtocolName": "t1_mprage_sag_p2_iso_1_ADNI",
    "PulseSequenceDetails": "%SiemensSeq%\\tfl",
    "ReceiveCoilActiveElements": "HEA;HEP",
    "ReceiveCoilName": "Head_32",
    "ReconMatrixPE": 240,
    "RefLinesPE": 32,
    "RepetitionTime": 2.3,
    "SAR": 0.0917002,
    "ScanOptions": "IR",
    "ScanningSequence": "GR\\IR",
    "SequenceName": "*tfl3d1_16ns",
    "SequenceVariant": "SK\\SP\\MP",
    "SeriesDescription": "t1_mprage_sag_p2_iso_1_ADNI",
    "SeriesNumber": 3,
    "ShimSetting": [
      -4121,
      15461,
      -15515,
      -92,
      142,
      -177,
      -175,
      57
    ],
    "SliceThickness": 1,
    "SoftwareVersions": "syngo MR E11",
    "StationName": "AWP45193",
    "TxRefAmp": 356.235,
    "dataset": "<unset>",
    "modality": "T1w",
    "run_id": 1,
    "session_id": "01",
    "subject_id": "PC002"
  },
  "cjv": 0.342482533564145,
  "cnr": 3.886362268542754,
  "efc": 0.4718036713308548,
  "fber": -1.0,
  "fwhm_avg": 3.90232,
  "fwhm_x": 3.90037,
  "fwhm_y": 3.86424,
  "fwhm_z": 3.94235,
  "icvs_csf": 0.23988529746517034,
  "icvs_gm": 0.4363347683734396,
  "icvs_wm": 0.32377993416139006,
  "inu_med": 0.46761053800582886,
  "inu_range": 0.13494482934474938,
  "provenance": {
    "md5sum": "aa7f07cc132ec36783947e7c35835d75",
    "settings": {
      "testing": false
    },
    "software": "mriqc",
    "version": "22.0.6",
    "warnings": {
      "large_rot_frame": true,
      "small_air_mask": false
    },
    "webapi_port": null,
    "webapi_url": "https://mriqc.nimh.nih.gov/api/v1"
  },
  "qi_1": 0.010613765503892088,
  "qi_2": 0.026876329780621135,
  "rpve_csf": 21.69595597706923,
  "rpve_gm": 12.239488170870697,
  "rpve_wm": 18.91242282331906,
  "size_x": 192,
  "size_y": 240,
  "size_z": 256,
  "snr_csf": 2.7497410727673532,
  "snr_gm": 11.587034561243865,
  "snr_total": 12.880913112178325,
  "snr_wm": 24.305963702523755,
  "snrd_csf": 16.790933266657966,
  "snrd_gm": 49.58771171177323,
  "snrd_total": 45.38491033820134,
  "snrd_wm": 69.77608603617281,
  "spacing_x": 1.0,
  "spacing_y": 1.0,
  "spacing_z": 1.0,
  "summary_bg_k": 22741.77801421053,
  "summary_bg_mad": 0.0,
  "summary_bg_mean": 1.8234962612886856,
  "summary_bg_median": 0.0,
  "summary_bg_n": 3643079.0,
  "summary_bg_p05": 0.0,
  "summary_bg_p95": 8.042789090424776,
  "summary_bg_stdv": 9.389496927350345,
  "summary_csf_k": 12.771458442543066,
  "summary_csf_mad": 60.44364729035016,
  "summary_csf_mean": 254.26237223137935,
  "summary_csf_median": 240.64975830167532,
  "summary_csf_n": 60220.0,
  "summary_csf_p05": 143.46077417228372,
  "summary_csf_p95": 426.70363795012236,
  "summary_csf_stdv": 87.51651658709179,
  "summary_gm_k": 0.12077685498057189,
  "summary_gm_mad": 59.91498565224214,
  "summary_gm_mean": 708.735350990852,
  "summary_gm_median": 710.6972941085696,
  "summary_gm_n": 33376.0,
  "summary_gm_p05": 604.3185320012271,
  "summary_gm_p95": 806.2202719263732,
  "summary_gm_stdv": 61.334644635862716,
  "summary_wm_k": 0.3886823552169685,
  "summary_wm_mad": 39.1797014020054,
  "summary_wm_mean": 999.2584321000422,
  "summary_wm_median": 1000.0396031104028,
  "summary_wm_n": 175817.0,
  "summary_wm_p05": 929.992060687393,
  "summary_wm_p95": 1065.1346891969442,
  "summary_wm_stdv": 41.143678620067675,
  "tpm_overlap_csf": 0.16183624016390497,
  "tpm_overlap_gm": 0.46883238024256346,
  "tpm_overlap_wm": 0.5025823271865318,
  "wm2max": 0.4551267040846701
}