{
  "aor": 0.0005980913978494624,
  "aqi": 0.012383048978494625,
  "bids_meta": {
    "AcquisitionMatrixPE": 64,
    "AcquisitionNumber": 1,
    "AcquisitionTime": "11:58:40.160000",
    "BandwidthPerPixelPhaseEncode": 62.5,
    "BaseResolution": 64,
    "BodyPartExamined": "BRAIN",
    "ConsistencyInfo": "N4_VE11C_LATEST_20160120",
    "ConversionSoftware": "dcm2niix",
    "ConversionSoftwareVersion": "v1.0.20210317",
    "DerivedVendorReportedEchoSpacing": 0.0005,
    "DeviceSerialNumber": "45193",
    "DwellTime": 3.1e-06,
    "EchoNumber": 3,
    "EchoTime": 0.04586,
    "EchoTrainLength": 31,
    "EffectiveEchoSpacing": 0.00025,
    "FlipAngle": 56,
    "ImageComments": "Unaliased MB4/PE4/LB",
    "ImageOrientationPatientDICOM": [
      1,
      4.875e-12,
      -4.64e-13,
      -4.897e-12,
      0.995429,
      -0.095508
    ],
    "ImageType": [
      "ORIGINAL",
      "PRIMARY",
      "M",
      "MB",
      "TE3",
      "ND",
      "NORM",
      "MOSAIC"
    ],
    "ImagingFrequency": 123.252,
    "InPlanePhaseEncodingDirectionDICOM": "ROW",
    "InstitutionAddress": "Blackburn Road 770,Clayton,Victoria,AU,3800",
    "InstitutionName": "Monash Biomedical Imaging",
    "InstitutionalDepartmentName": "Department",
    "MRAcquisitionType": "2D",
    "MagneticFieldStrength": 3,
    "Manufacturer": "Siemens",
    "ManufacturersModelName": "Skyra",
    "Modality": "MR",
    "MultibandAccelerationFactor": 4,
    "ParallelReductionFactorInPlane": 2,
    "PartialFourier": 1,
    "PatientPosition": "HFS",
    "PercentPhaseFOV": 100,
    "PercentSampling": 100,
    "PhaseEncodingDirection": "i",
    "PhaseEncodingSteps": 63,
    "PhaseResolution": 1,
    "PixelBandwidth": 2520,
    "ProcedureStepDescription": "MR Scan",
    "ProtocolName": "Movie_R-L_mmb_4_4_cmrr_mbep2d_bold_TE_12.6_29.23_45.86_62.49",
    "PulseSequenceDetails": "%CustomerSeq%\\cmrr_mbep2d_bold",
    "ReceiveCoilActiveElements": "HEA;HEP",
    "ReceiveCoilName": "Head_32",
    "ReconMatrixPE": 64,
    "RefLinesPE": 24,
    "RepetitionTime": 0.91,
    "SAR": 0.088194,
    "ScanOptions": "FS",
    "ScanningSequence": "EP",
    "SequenceName": "epfid2d4_64",
    "SequenceVariant": "SK\\SS",
    "SeriesDescription": "Movie_R-L_mmb_4_4_cmrr_mbep2d_bold_TE_12.6_29.23_45.86_62.49",
    "SeriesNumber": 8,
    "ShimSetting": [
      -4123,
      15386,
      -14933,
      599,
      196,
      65,
      -126,
      40
    ],
    "SliceThickness": 3.2,
    "SliceTiming": [
      0,
      0.6225,
      0.355,
      0.09,
      0.7125,
      0.445,
      0.1775,
      0.8,
      0.535,
      0.2675,
      0,
      0.6225,
      0.355,
      0.09,
      0.7125,
      0.445,
      0.1775,
      0.8,
      0.535,
      0.2675,
      0,
      0.6225,
      0.355,
      0.09,
      0.7125,
      0.445,
      0.1775,
      0.8,
      0.535,
      0.2675,
      0,
      0.6225,
      0.355,
      0.09,
      0.7125,
      0.445,
      0.1775,
      0.8,
      0.535,
      0.2675
    ],
    "SoftwareVersions": "syngo MR E11",
    "SpacingBetweenSlices": 3.2,
    "StationName": "AWP45193",
    "TaskName": "movie",
    "TotalReadoutTime": 0.01575,
    "TxRefAmp": 361.729,
    "WipMemBlock": "9a76c19f-0ae6-40d1-a518-a9cfa69d9a5a||Sequence: R016 ve11c/master r/e634e98; Dec 19 2017 11:00:25 by eja",
    "dataset": "<unset>",
    "modality": "bold",
    "run_id": 1,
    "session_id": "02",
    "subject_id": "PC207",
    "task_id": "movie"
  },
  "dummy_trs": 0,
  "dvars_nstd": 41.35148457118599,
  "dvars_std": 1.1287388734501345,
  "dvars_vstd": 0.9743267734501346,
  "efc": 0.4838077079570197,
  "fber": 3701.294921875,
  "fd_mean": 0.09464201173954734,
  "fd_num": 13,
  "fd_perc": 3.4946236559139785,
  "fwhm_avg": 1.677493468395486,
  "fwhm_x": 1.6072916504854369,
  "fwhm_y": 1.732091778784578,
  "fwhm_z": 1.6930969759164438,
  "gcor": 0.018973,
  "gsr_x": 0.003736302023753524,
  "gsr_y": 0.019680652767419815,
  "provenance": {
    "md5sum": "59bfdb846a0b82c77a78b6d28ece4078",
    "settings": {
      "fd_thres": 0.2,
      "testing": false
    },
    "software": "mriqc",
    "version": "22.0.6",
    "webapi_port": null,
    "webapi_url": "https://mriqc.nimh.nih.gov/api/v1"
  },
  "size_t": 372,
  "size_x": 64,
  "size_y": 64,
  "size_z": 40,
  "snr": 4.400996687125132,
  "spacing_tr": 0.9100000262260437,
  "spacing_x": 3.21875,
  "spacing_y": 3.218749761581421,
  "spacing_z": 3.1999998092651367,
  "summary_bg_k": 65.43496366148875,
  "summary_bg_mad": 38.32247683653429,
  "summary_bg_mean": 104.64114379882812,
  "summary_bg_median": 51.01612854003906,
  "summary_bg_n": 101246.0,
  "summary_bg_p05": 17.479166507720947,
  "summary_bg_p95": 368.9751281738281,
  "summary_bg_stdv": 179.30902099609375,
  "summary_fg_k": 3.497911649016581,
  "summary_fg_mad": 648.8098602813723,
  "summary_fg_mean": 3174.971923828125,
  "summary_fg_median": 3088.3896484375,
  "summary_fg_n": 28946.0,
  "summary_fg_p05": 2243.0215454101562,
  "summary_fg_p95": 4333.1641845703125,
  "summary_fg_stdv": 701.7356567382812,
  "tsnr": 35.54571934486739
}