{
  "aor": 0.001136662087912088,
  "aqi": 0.00872431092032967,
  "bids_meta": {
    "AcquisitionMatrixPE": 64,
    "AcquisitionNumber": 1,
    "AcquisitionTime": "11:47:0.187500",
    "BandwidthPerPixelPhaseEncode": 62.5,
    "BaseResolution": 64,
    "BodyPartExamined": "BRAIN",
    "ConsistencyInfo": "N4_VE11C_LATEST_20160120",
    "ConversionSoftware": "dcm2niix",
    "ConversionSoftwareVersion": "v1.0.20210317",
    "DerivedVendorReportedEchoSpacing": 0.0005,
    "DeviceSerialNumber": "45193",
    "DwellTime": 3.1e-06,
    "EchoNumber": 2,
    "EchoTime": 0.02923,
    "EchoTrainLength": 31,
    "EffectiveEchoSpacing": 0.00025,
    "FlipAngle": 56,
    "ImageComments": "Unaliased MB4/PE4/LB",
    "ImageOrientationPatientDICOM": [
      1,
      4.875e-12,
      -4.64e-13,
      -4.897e-12,
      0.995429,
      -0.095508
    ],
    "ImageType": [
      "ORIGINAL",
      "PRIMARY",
      "M",
      "MB",
      "TE2",
      "ND",
      "NORM",
      "MOSAIC"
    ],
    "ImagingFrequency": 123.252,
    "InPlanePhaseEncodingDirectionDICOM": "ROW",
    "InstitutionAddress": "Blackburn Road 770,Clayton,Victoria,AU,3800",
    "InstitutionName": "Monash Biomedical Imaging",
    "InstitutionalDepartmentName": "Department",
    "MRAcquisitionType": "2D",
    "MagneticFieldStrength": 3,
    "Manufacturer": "Siemens",
    "ManufacturersModelName": "Skyra",
    "Modality": "MR",
    "MultibandAccelerationFactor": 4,
    "ParallelReductionFactorInPlane": 2,
    "PartialFourier": 1,
    "PatientPosition": "HFS",
    "PercentPhaseFOV": 100,
    "PercentSampling": 100,
    "PhaseEncodingDirection": "i",
    "PhaseEncodingSteps": 63,
    "PhaseResolution": 1,
    "PixelBandwidth": 2520,
    "ProcedureStepDescription": "MR Scan",
    "ProtocolName": "Music_R-L_mmb_4_4_cmrr_mbep2d_bold_TE_12.6_29.23_45.86_62.49",
    "PulseSequenceDetails": "%CustomerSeq%\\cmrr_mbep2d_bold",
    "ReceiveCoilActiveElements": "HEA;HEP",
    "ReceiveCoilName": "Head_32",
    "ReconMatrixPE": 64,
    "RefLinesPE": 24,
    "RepetitionTime": 0.91,
    "SAR": 0.0891468,
    "ScanOptions": "FS",
    "ScanningSequence": "EP",
    "SequenceName": "epfid2d4_64",
    "SequenceVariant": "SK\\SS",
    "SeriesDescription": "Music_R-L_mmb_4_4_cmrr_mbep2d_bold_TE_12.6_29.23_45.86_62.49",
    "SeriesNumber": 7,
    "ShimSetting": [
      -4123,
      15386,
      -14933,
      599,
      196,
      65,
      -126,
      40
    ],
    "SliceThickness": 3.2,
    "SliceTiming": [
      0,
      0.625,
      0.3575,
      0.09,
      0.7125,
      0.445,
      0.18,
      0.8025,
      0.535,
      0.2675,
      0,
      0.625,
      0.3575,
      0.09,
      0.7125,
      0.445,
      0.18,
      0.8025,
      0.535,
      0.2675,
      0,
      0.625,
      0.3575,
      0.09,
      0.7125,
      0.445,
      0.18,
      0.8025,
      0.535,
      0.2675,
      0,
      0.625,
      0.3575,
      0.09,
      0.7125,
      0.445,
      0.18,
      0.8025,
      0.535,
      0.2675
    ],
    "SoftwareVersions": "syngo MR E11",
    "SpacingBetweenSlices": 3.2,
    "StationName": "AWP45193",
    "TaskName": "music",
    "TotalReadoutTime": 0.01575,
    "TxRefAmp": 361.729,
    "WipMemBlock": "428c55c6-f656-43e7-9165-9b4993bbc25c||Sequence: R016 ve11c/master r/e634e98; Dec 19 2017 11:00:25 by eja",
    "dataset": "<unset>",
    "modality": "bold",
    "run_id": 1,
    "session_id": "02",
    "subject_id": "PC207",
    "task_id": "music"
  },
  "dummy_trs": 0,
  "dvars_nstd": 28.995189889642393,
  "dvars_std": 1.115179486258596,
  "dvars_vstd": 1.015024296134801,
  "efc": 0.5098724074404631,
  "fber": 3772.17626953125,
  "fd_mean": 0.09047026559699556,
  "fd_num": 32,
  "fd_perc": 4.395604395604396,
  "fwhm_avg": 1.806651890382577,
  "fwhm_x": 1.7385662135922328,
  "fwhm_y": 1.8637080992132464,
  "fwhm_z": 1.8176813583422518,
  "gcor": 0.0167587,
  "gsr_x": 0.005563178565353155,
  "gsr_y": 0.02354893460869789,
  "provenance": {
    "md5sum": "d3867a2fdb7afebc53b828752fc3389b",
    "settings": {
      "fd_thres": 0.2,
      "testing": false
    },
    "software": "mriqc",
    "version": "22.0.6",
    "webapi_port": null,
    "webapi_url": "https://mriqc.nimh.nih.gov/api/v1"
  },
  "size_t": 728,
  "size_x": 64,
  "size_y": 64,
  "size_z": 40,
  "snr": 5.578278059492782,
  "spacing_tr": 0.9100000262260437,
  "spacing_x": 3.21875,
  "spacing_y": 3.218749761581421,
  "spacing_z": 3.1999998092651367,
  "summary_bg_k": 38.00362402875889,
  "summary_bg_mad": 64.75183634437387,
  "summary_bg_mean": 192.39781188964844,
  "summary_bg_median": 69.53296661376953,
  "summary_bg_n": 99404.0,
  "summary_bg_p05": 18.217239379882812,
  "summary_bg_p95": 776.9347259521478,
  "summary_bg_stdv": 365.1959228515625,
  "summary_fg_k": 0.7686225994510258,
  "summary_fg_mad": 751.7310855531523,
  "summary_fg_mean": 4290.60205078125,
  "summary_fg_median": 4213.458984375,
  "summary_fg_n": 30750.0,
  "summary_fg_p05": 3226.0181274414062,
  "summary_fg_p95": 5606.8646484375,
  "summary_fg_stdv": 755.3209838867188,
  "tsnr": 47.90230399230495
}