{
  "bids_meta": {
    "AcquisitionMatrixPE": 256,
    "AcquisitionNumber": 1,
    "AcquisitionTime": "14:27:42.760000",
    "BaseResolution": 256,
    "BodyPartExamined": "BRAIN",
    "ConsistencyInfo": "N4_VE11C_LATEST_20160120",
    "ConversionSoftware": "dcm2niix",
    "ConversionSoftwareVersion": "v1.0.20210317",
    "DeviceSerialNumber": "45193",
    "DwellTime": 2.8e-06,
    "EchoTime": 0.452,
    "EchoTrainLength": 270,
    "FlipAngle": 120,
    "ImageOrientationPatientDICOM": [
      -0.0139575,
      0.999903,
      4.31519e-08,
      0.0104678,
      0.000146161,
      -0.999945
    ],
    "ImageType": [
      "ORIGINAL",
      "PRIMARY",
      "M",
      "ND",
      "NORM"
    ],
    "ImagingFrequency": 123.252,
    "InPlanePhaseEncodingDirectionDICOM": "ROW",
    "InstitutionAddress": "Blackburn Road 770,Clayton,Victoria,AU,3800",
    "InstitutionName": "Monash Biomedical Imaging",
    "InstitutionalDepartmentName": "Department",
    "MRAcquisitionType": "3D",
    "MagneticFieldStrength": 3,
    "Manufacturer": "Siemens",
    "ManufacturersModelName": "Skyra",
    "Modality": "MR",
    "ParallelReductionFactorInPlane": 2,
    "PartialFourier": 1,
    "PatientPosition": "HFS",
    "PercentPhaseFOV": 100,
    "PercentSampling": 100,
    "PhaseEncodingDirection": "i",
    "PhaseEncodingSteps": 245,
    "PhaseResolution": 1,
    "PixelBandwidth": 700,
    "ProcedureStepDescription": "MR Scan",
    "ProtocolName": "t2_space_sag_p2_iso",
    "PulseSequenceDetails": "%SiemensSeq%\\tse_vfl",
    "ReceiveCoilActiveElements": "HEA;HEP",
    "ReceiveCoilName": "Head_32",
    "ReconMatrixPE": 256,
    "RefLinesPE": 24,
    "RepetitionTime": 3.2,
    "SAR": 0.204437,
    "ScanOptions": "PFP",
    "ScanningSequence": "SE",
    "SequenceName": "*spcR_282ns",
    "SequenceVariant": "SK\\SP",
    "SeriesDescription": "t2_space_sag_p2_iso",
    "SeriesNumber": 4,
    "ShimSetting": [
      -4121,
      15461,
      -15515,
      -92,
      142,
      -177,
      -175,
      57
    ],
    "SliceThickness": 1,
    "SoftwareVersions": "syngo MR E11",
    "StationName": "AWP45193",
    "TxRefAmp": 389.897,
    "dataset": "<unset>",
    "modality": "T2w",
    "run_id": 1,
    "session_id": "01",
    "subject_id": "PC222"
  },
  "cjv": 0.19663530279934321,
  "cnr": 2.1969229239809613,
  "efc": 0.5528327237777371,
  "fber": 1043.6442337189565,
  "fwhm_avg": 2.541376666666667,
  "fwhm_x": 2.54359,
  "fwhm_y": 2.74195,
  "fwhm_z": 2.33859,
  "icvs_csf": 0.2794490840586957,
  "icvs_gm": 0.2049888692127003,
  "icvs_wm": 0.5155620467286041,
  "inu_med": 0.8406080603599548,
  "inu_range": 0.1549811065196991,
  "provenance": {
    "md5sum": "3f89356caacc9b2571d5cae3d1434eba",
    "settings": {
      "testing": false
    },
    "software": "mriqc",
    "version": "22.0.6",
    "warnings": {
      "large_rot_frame": true,
      "small_air_mask": false
    },
    "webapi_port": null,
    "webapi_url": "https://mriqc.nimh.nih.gov/api/v1"
  },
  "qi_1": 0.0003639354418963347,
  "qi_2": 0.00512787045148339,
  "rpve_csf": 16.118047260231318,
  "rpve_gm": 28.4240530424765,
  "rpve_wm": 11.346619833230513,
  "size_x": 176,
  "size_y": 256,
  "size_z": 256,
  "snr_csf": 8.50712249160444,
  "snr_gm": 2.9066593714351123,
  "snr_total": 7.086213692409058,
  "snr_wm": 9.844859214187625,
  "snrd_csf": 27.01014491935532,
  "snrd_gm": 65.79908487549811,
  "snrd_total": 36.24295413106034,
  "snrd_wm": 15.91963259832758,
  "spacing_x": 1.0,
  "spacing_y": 1.0,
  "spacing_z": 1.0,
  "summary_bg_k": 3195.66915419014,
  "summary_bg_mad": 0.0,
  "summary_bg_mean": 2.818301820860686,
  "summary_bg_median": 0.0,
  "summary_bg_n": 1018086.0,
  "summary_bg_p05": 0.0,
  "summary_bg_p95": 15.940901525318623,
  "summary_bg_stdv": 41.15273236052144,
  "summary_csf_k": 0.5871769470134529,
  "summary_csf_mad": 190.6861580900159,
  "summary_csf_mean": 1705.0259424840897,
  "summary_csf_median": 1696.6562457606196,
  "summary_csf_n": 16325.0,
  "summary_csf_p05": 1395.9719627454876,
  "summary_csf_p95": 2046.0808071956037,
  "summary_csf_stdv": 199.43339027619734,
  "summary_gm_k": 0.4545460700746107,
  "summary_gm_mad": 519.8330633784049,
  "summary_gm_mean": 3428.4395004254484,
  "summary_gm_median": 4133.20360378176,
  "summary_gm_n": 43735.0,
  "summary_gm_p05": 206.4307867281139,
  "summary_gm_p95": 4575.917431362718,
  "summary_gm_stdv": 1421.9610289792558,
  "summary_wm_k": 0.7693906678223095,
  "summary_wm_mad": 96.26538210711202,
  "summary_wm_mean": 1000.4831511174655,
  "summary_wm_median": 999.9999688565731,
  "summary_wm_n": 249649.0,
  "summary_wm_p05": 835.9253238886595,
  "summary_wm_p95": 1163.9968533292413,
  "summary_wm_stdv": 101.57564920802166,
  "tpm_overlap_csf": 0.10520334242584559,
  "tpm_overlap_gm": 0.12813264369824542,
  "tpm_overlap_wm": 0.4766749939527094,
  "wm2max": 0.2183695301489192
}