{
  "aor": 0.0004024197530864198,
  "aqi": 0.005297938691358025,
  "bids_meta": {
    "AcquisitionMatrixPE": 64,
    "AcquisitionNumber": 1,
    "AcquisitionTime": "10:01:18.792500",
    "BandwidthPerPixelPhaseEncode": 62.5,
    "BaseResolution": 64,
    "BodyPartExamined": "BRAIN",
    "ConsistencyInfo": "N4_VE11C_LATEST_20160120",
    "ConversionSoftware": "dcm2niix",
    "ConversionSoftwareVersion": "v1.0.20210317",
    "DerivedVendorReportedEchoSpacing": 0.0005,
    "DeviceSerialNumber": "45193",
    "DwellTime": 3.1e-06,
    "EchoNumber": 1,
    "EchoTime": 0.0126,
    "EchoTrainLength": 31,
    "EffectiveEchoSpacing": 0.00025,
    "FlipAngle": 56,
    "ImageComments": "Unaliased MB4/PE4/LB",
    "ImageOrientationPatientDICOM": [
      0.992494,
      -0.00792868,
      0.122035,
      1.44929e-10,
      0.997896,
      0.064834
    ],
    "ImageType": [
      "ORIGINAL",
      "PRIMARY",
      "M",
      "MB",
      "TE1",
      "ND",
      "NORM",
      "MOSAIC"
    ],
    "ImagingFrequency": 123.252,
    "InPlanePhaseEncodingDirectionDICOM": "ROW",
    "InstitutionAddress": "Blackburn Road 770,Clayton,Victoria,AU,3800",
    "InstitutionName": "Monash Biomedical Imaging",
    "InstitutionalDepartmentName": "Department",
    "MRAcquisitionType": "2D",
    "MagneticFieldStrength": 3,
    "Manufacturer": "Siemens",
    "ManufacturersModelName": "Skyra",
    "Modality": "MR",
    "MultibandAccelerationFactor": 4,
    "ParallelReductionFactorInPlane": 2,
    "PartialFourier": 1,
    "PatientPosition": "HFS",
    "PercentPhaseFOV": 100,
    "PercentSampling": 100,
    "PhaseEncodingDirection": "i",
    "PhaseEncodingSteps": 63,
    "PhaseResolution": 1,
    "PixelBandwidth": 2520,
    "ProcedureStepDescription": "MR Scan",
    "ProtocolName": "Meditation_R-L_mmb_4_4_cmrr_mbep2d_bold_TE_12.6_29.23_45.86_62.5",
    "PulseSequenceDetails": "%CustomerSeq%\\cmrr_mbep2d_bold",
    "ReceiveCoilActiveElements": "HEA;HEP",
    "ReceiveCoilName": "Head_32",
    "ReconMatrixPE": 64,
    "RefLinesPE": 24,
    "RepetitionTime": 0.91,
    "SAR": 0.0891028,
    "ScanOptions": "FS",
    "ScanningSequence": "EP",
    "SequenceName": "epfid2d4_64",
    "SequenceVariant": "SK\\SS",
    "SeriesDescription": "Meditation_R-L_mmb_4_4_cmrr_mbep2d_bold_TE_12.6_29.23_45.86_62.5",
    "SeriesNumber": 10,
    "ShimSetting": [
      -4065,
      15313,
      -15143,
      465,
      132,
      -259,
      14,
      -164
    ],
    "SliceThickness": 3.2,
    "SliceTiming": [
      0,
      0.6225,
      0.355,
      0.0875,
      0.7125,
      0.445,
      0.1775,
      0.8,
      0.5325,
      0.2675,
      0,
      0.6225,
      0.355,
      0.0875,
      0.7125,
      0.445,
      0.1775,
      0.8,
      0.5325,
      0.2675,
      0,
      0.6225,
      0.355,
      0.0875,
      0.7125,
      0.445,
      0.1775,
      0.8,
      0.5325,
      0.2675,
      0,
      0.6225,
      0.355,
      0.0875,
      0.7125,
      0.445,
      0.1775,
      0.8,
      0.5325,
      0.2675
    ],
    "SoftwareVersions": "syngo MR E11",
    "SpacingBetweenSlices": 3.2,
    "StationName": "AWP45193",
    "TaskName": "meditation",
    "TotalReadoutTime": 0.01575,
    "TxRefAmp": 384.757,
    "WipMemBlock": "3638031d-a273-4560-93e5-83c999a8a269||Sequence: R016 ve11c/master r/e634e98; Dec 19 2017 11:00:25 by eja",
    "dataset": "<unset>",
    "modality": "bold",
    "run_id": 1,
    "session_id": "01",
    "subject_id": "PC218",
    "task_id": "meditation"
  },
  "dummy_trs": 0,
  "dvars_nstd": 22.712664561930694,
  "dvars_std": 1.1209737499009902,
  "dvars_vstd": 0.9944567596782172,
  "efc": 0.5845536567688296,
  "fber": 1341.808349609375,
  "fd_mean": 0.0690360763109205,
  "fd_num": 2,
  "fd_perc": 0.49382716049382713,
  "fwhm_avg": 2.144627274754044,
  "fwhm_x": 1.9822073786407768,
  "fwhm_y": 2.2683557281553397,
  "fwhm_z": 2.183318717466016,
  "gcor": 0.0311737,
  "gsr_x": -0.0032505772542208433,
  "gsr_y": 0.04215506464242935,
  "provenance": {
    "md5sum": "cc8f76302e8555ade5d7a5da5e509d83",
    "settings": {
      "fd_thres": 0.2,
      "testing": false
    },
    "software": "mriqc",
    "version": "22.0.6",
    "webapi_port": null,
    "webapi_url": "https://mriqc.nimh.nih.gov/api/v1"
  },
  "size_t": 405,
  "size_x": 64,
  "size_y": 64,
  "size_z": 40,
  "snr": 6.722195894140673,
  "spacing_tr": 0.9100000262260437,
  "spacing_x": 3.21875,
  "spacing_y": 3.21875,
  "spacing_z": 3.200000047683716,
  "summary_bg_k": 5.150849833550046,
  "summary_bg_mad": 193.60589495796194,
  "summary_bg_mean": 660.7515869140625,
  "summary_bg_median": 169.86544799804688,
  "summary_bg_n": 97122.0,
  "summary_bg_p05": 26.81987714767456,
  "summary_bg_p95": 3019.6796508789052,
  "summary_bg_stdv": 1026.7772216796875,
  "summary_fg_k": 0.6152974016775086,
  "summary_fg_mad": 871.226435406051,
  "summary_fg_mean": 6231.0849609375,
  "summary_fg_median": 6150.23828125,
  "summary_fg_n": 31572.0,
  "summary_fg_p05": 4868.986376953125,
  "summary_fg_p95": 7849.709985351561,
  "summary_fg_stdv": 914.9005737304688,
  "tsnr": 63.295669248793274
}