{
  "aor": 0.0003997283950617284,
  "aqi": 0.011705440049382718,
  "bids_meta": {
    "AcquisitionMatrixPE": 64,
    "AcquisitionNumber": 1,
    "AcquisitionTime": "10:01:18.825000",
    "BandwidthPerPixelPhaseEncode": 62.5,
    "BaseResolution": 64,
    "BodyPartExamined": "BRAIN",
    "ConsistencyInfo": "N4_VE11C_LATEST_20160120",
    "ConversionSoftware": "dcm2niix",
    "ConversionSoftwareVersion": "v1.0.20210317",
    "DerivedVendorReportedEchoSpacing": 0.0005,
    "DeviceSerialNumber": "45193",
    "DwellTime": 3.1e-06,
    "EchoNumber": 3,
    "EchoTime": 0.04586,
    "EchoTrainLength": 31,
    "EffectiveEchoSpacing": 0.00025,
    "FlipAngle": 56,
    "ImageComments": "Unaliased MB4/PE4/LB",
    "ImageOrientationPatientDICOM": [
      0.992494,
      -0.00792868,
      0.122035,
      1.44929e-10,
      0.997896,
      0.064834
    ],
    "ImageType": [
      "ORIGINAL",
      "PRIMARY",
      "M",
      "MB",
      "TE3",
      "ND",
      "NORM",
      "MOSAIC"
    ],
    "ImagingFrequency": 123.252,
    "InPlanePhaseEncodingDirectionDICOM": "ROW",
    "InstitutionAddress": "Blackburn Road 770,Clayton,Victoria,AU,3800",
    "InstitutionName": "Monash Biomedical Imaging",
    "InstitutionalDepartmentName": "Department",
    "MRAcquisitionType": "2D",
    "MagneticFieldStrength": 3,
    "Manufacturer": "Siemens",
    "ManufacturersModelName": "Skyra",
    "Modality": "MR",
    "MultibandAccelerationFactor": 4,
    "ParallelReductionFactorInPlane": 2,
    "PartialFourier": 1,
    "PatientPosition": "HFS",
    "PercentPhaseFOV": 100,
    "PercentSampling": 100,
    "PhaseEncodingDirection": "i",
    "PhaseEncodingSteps": 63,
    "PhaseResolution": 1,
    "PixelBandwidth": 2520,
    "ProcedureStepDescription": "MR Scan",
    "ProtocolName": "Meditation_R-L_mmb_4_4_cmrr_mbep2d_bold_TE_12.6_29.23_45.86_62.5",
    "PulseSequenceDetails": "%CustomerSeq%\\cmrr_mbep2d_bold",
    "ReceiveCoilActiveElements": "HEA;HEP",
    "ReceiveCoilName": "Head_32",
    "ReconMatrixPE": 64,
    "RefLinesPE": 24,
    "RepetitionTime": 0.91,
    "SAR": 0.0891028,
    "ScanOptions": "FS",
    "ScanningSequence": "EP",
    "SequenceName": "epfid2d4_64",
    "SequenceVariant": "SK\\SS",
    "SeriesDescription": "Meditation_R-L_mmb_4_4_cmrr_mbep2d_bold_TE_12.6_29.23_45.86_62.5",
    "SeriesNumber": 10,
    "ShimSetting": [
      -4065,
      15313,
      -15143,
      465,
      132,
      -259,
      14,
      -164
    ],
    "SliceThickness": 3.2,
    "SliceTiming": [
      0,
      0.6225,
      0.355,
      0.09,
      0.7125,
      0.445,
      0.1775,
      0.8,
      0.535,
      0.2675,
      0,
      0.6225,
      0.355,
      0.09,
      0.7125,
      0.445,
      0.1775,
      0.8,
      0.535,
      0.2675,
      0,
      0.6225,
      0.355,
      0.09,
      0.7125,
      0.445,
      0.1775,
      0.8,
      0.535,
      0.2675,
      0,
      0.6225,
      0.355,
      0.09,
      0.7125,
      0.445,
      0.1775,
      0.8,
      0.535,
      0.2675
    ],
    "SoftwareVersions": "syngo MR E11",
    "SpacingBetweenSlices": 3.2,
    "StationName": "AWP45193",
    "TaskName": "meditation",
    "TotalReadoutTime": 0.01575,
    "TxRefAmp": 384.757,
    "WipMemBlock": "3638031d-a273-4560-93e5-83c999a8a269||Sequence: R016 ve11c/master r/e634e98; Dec 19 2017 11:00:25 by eja",
    "dataset": "<unset>",
    "modality": "bold",
    "run_id": 1,
    "session_id": "01",
    "subject_id": "PC218",
    "task_id": "meditation"
  },
  "dummy_trs": 0,
  "dvars_nstd": 34.43882756185645,
  "dvars_std": 1.0992080486138616,
  "dvars_vstd": 0.9906554353712875,
  "efc": 0.4743915663217664,
  "fber": 2777.1669921875,
  "fd_mean": 0.07101784480677702,
  "fd_num": 2,
  "fd_perc": 0.49382716049382713,
  "fwhm_avg": 1.6043503420041094,
  "fwhm_x": 1.5554609708737863,
  "fwhm_y": 1.6640932038834952,
  "fwhm_z": 1.5934968512550467,
  "gcor": 0.0210199,
  "gsr_x": -0.0010032955324277282,
  "gsr_y": 0.0172889307141304,
  "provenance": {
    "md5sum": "234345f66e670dbccf9a6d1be52ff035",
    "settings": {
      "fd_thres": 0.2,
      "testing": false
    },
    "software": "mriqc",
    "version": "22.0.6",
    "webapi_port": null,
    "webapi_url": "https://mriqc.nimh.nih.gov/api/v1"
  },
  "size_t": 405,
  "size_x": 64,
  "size_y": 64,
  "size_z": 40,
  "snr": 4.5479787638238545,
  "spacing_tr": 0.9100000262260437,
  "spacing_x": 3.21875,
  "spacing_y": 3.21875,
  "spacing_z": 3.200000047683716,
  "summary_bg_k": 79.61402454959351,
  "summary_bg_mad": 52.11439211835988,
  "summary_bg_mean": 137.84249877929688,
  "summary_bg_median": 64.3234634399414,
  "summary_bg_n": 105253.0,
  "summary_bg_p05": 19.501235961914062,
  "summary_bg_p95": 519.1945922851551,
  "summary_bg_stdv": 240.80462646484375,
  "summary_fg_k": 4.565436352973464,
  "summary_fg_mad": 614.705122749408,
  "summary_fg_mean": 3463.1884765625,
  "summary_fg_median": 3368.918701171875,
  "summary_fg_n": 25038.0,
  "summary_fg_p05": 2523.8981811523436,
  "summary_fg_p95": 4714.095263671875,
  "summary_fg_stdv": 740.7359619140625,
  "tsnr": 38.1439518998377
}