{
  "bids_meta": {
    "AcquisitionMatrixPE": 240,
    "AcquisitionNumber": 1,
    "AcquisitionTime": "14:19:12.957500",
    "BaseResolution": 256,
    "BodyPartExamined": "BRAIN",
    "ConsistencyInfo": "N4_VE11C_LATEST_20160120",
    "ConversionSoftware": "dcm2niix",
    "ConversionSoftwareVersion": "v1.0.20210317",
    "DeviceSerialNumber": "45193",
    "DwellTime": 8.5e-06,
    "EchoTime": 0.00207,
    "FlipAngle": 9,
    "ImageOrientationPatientDICOM": [
      0.0698214,
      0.997559,
      5.49246e-08,
      0.0556458,
      -0.00389472,
      -0.998443
    ],
    "ImageType": [
      "ORIGINAL",
      "PRIMARY",
      "M",
      "ND",
      "NORM"
    ],
    "ImagingFrequency": 123.247,
    "InPlanePhaseEncodingDirectionDICOM": "ROW",
    "InstitutionAddress": "Blackburn Road 770,Clayton,Victoria,AU,3800",
    "InstitutionName": "Monash Biomedical Imaging",
    "InstitutionalDepartmentName": "Department",
    "InversionTime": 0.9,
    "MRAcquisitionType": "3D",
    "MagneticFieldStrength": 3,
    "Manufacturer": "Siemens",
    "ManufacturersModelName": "Skyra",
    "Modality": "MR",
    "ParallelReductionFactorInPlane": 2,
    "PartialFourier": 1,
    "PatientPosition": "HFS",
    "PercentPhaseFOV": 93.75,
    "PercentSampling": 100,
    "PhaseEncodingSteps": 239,
    "PhaseResolution": 1,
    "PixelBandwidth": 230,
    "ProcedureStepDescription": "MR Scan",
    "ProtocolName": "t1_mprage_sag_p2_iso_1_ADNI",
    "PulseSequenceDetails": "%SiemensSeq%\\tfl",
    "ReceiveCoilActiveElements": "HEA;HEP",
    "ReceiveCoilName": "Head_32",
    "ReconMatrixPE": 240,
    "RefLinesPE": 32,
    "RepetitionTime": 2.3,
    "SAR": 0.0872533,
    "ScanOptions": "IR",
    "ScanningSequence": "GR\\IR",
    "SequenceName": "*tfl3d1_16ns",
    "SequenceVariant": "SK\\SP\\MP",
    "SeriesDescription": "t1_mprage_sag_p2_iso_1_ADNI",
    "SeriesNumber": 3,
    "ShimSetting": [
      -4085,
      15379,
      -15541,
      -112,
      159,
      -108,
      -206,
      160
    ],
    "SliceThickness": 1,
    "SoftwareVersions": "syngo MR E11",
    "StationName": "AWP45193",
    "TxRefAmp": 404.435,
    "dataset": "<unset>",
    "modality": "T1w",
    "run_id": 1,
    "session_id": "01",
    "subject_id": "PC026"
  },
  "cjv": 0.37501581811771784,
  "cnr": 3.567947530647292,
  "efc": 0.5264035155346586,
  "fber": 18919.49305898491,
  "fwhm_avg": 4.078096666666666,
  "fwhm_x": 4.05091,
  "fwhm_y": 4.06876,
  "fwhm_z": 4.11462,
  "icvs_csf": 0.2719764085704116,
  "icvs_gm": 0.3866697688742229,
  "icvs_wm": 0.3413538225553655,
  "inu_med": 0.4493722915649414,
  "inu_range": 0.09899270534515381,
  "provenance": {
    "md5sum": "69becbafab88798296be14e118899f18",
    "settings": {
      "testing": false
    },
    "software": "mriqc",
    "version": "22.0.6",
    "warnings": {
      "large_rot_frame": true,
      "small_air_mask": false
    },
    "webapi_port": null,
    "webapi_url": "https://mriqc.nimh.nih.gov/api/v1"
  },
  "qi_1": 9.390625782014682e-05,
  "qi_2": 0.009951943052290737,
  "rpve_csf": 19.483419614993046,
  "rpve_gm": 13.020169605503284,
  "rpve_wm": 17.351578208609595,
  "size_x": 192,
  "size_y": 240,
  "size_z": 256,
  "snr_csf": 2.965539738067233,
  "snr_gm": 10.94414468719679,
  "snr_total": 12.600103254153955,
  "snr_wm": 23.890625337197847,
  "snrd_csf": 10.050484059794034,
  "snrd_gm": 28.69375997551411,
  "snrd_total": 26.261236110309387,
  "snrd_wm": 40.039464295620014,
  "spacing_x": 1.0,
  "spacing_y": 1.0,
  "spacing_z": 1.0,
  "summary_bg_k": 9992.939875672342,
  "summary_bg_mad": 0.0,
  "summary_bg_mean": 3.975983990696944,
  "summary_bg_median": 0.0,
  "summary_bg_n": 3625004.0,
  "summary_bg_p05": 0.0,
  "summary_bg_p95": 15.359527431428432,
  "summary_bg_stdv": 16.36288818182685,
  "summary_csf_k": 2.165003607295211,
  "summary_csf_mad": 63.53688511824146,
  "summary_csf_mean": 264.7629921521982,
  "summary_csf_median": 251.02398041635752,
  "summary_csf_n": 89075.0,
  "summary_csf_p05": 154.69509232789278,
  "summary_csf_p95": 435.6417076662183,
  "summary_csf_stdv": 84.64650401762401,
  "summary_gm_k": -0.06695445435439495,
  "summary_gm_mad": 66.46070638031983,
  "summary_gm_mean": 716.0940908210548,
  "summary_gm_median": 716.6641725227237,
  "summary_gm_n": 24535.0,
  "summary_gm_p05": 608.150059338659,
  "summary_gm_p95": 822.6259494200349,
  "summary_gm_stdv": 65.48246463490591,
  "summary_wm_k": 0.5195328357444335,
  "summary_wm_mad": 39.808951029836244,
  "summary_wm_mean": 1000.4779150859713,
  "summary_wm_median": 1000.0379724428058,
  "summary_wm_n": 218640.0,
  "summary_wm_p05": 932.8732240945101,
  "summary_wm_p95": 1069.4782063364983,
  "summary_wm_stdv": 41.85891626419839,
  "tpm_overlap_csf": 0.1665675695572647,
  "tpm_overlap_gm": 0.45369048645051396,
  "tpm_overlap_wm": 0.5163135403753484,
  "wm2max": 0.4416326120452871
}