{
  "aor": 0.0077302469135802476,
  "aqi": 0.017222031876543212,
  "bids_meta": {
    "AcquisitionMatrixPE": 64,
    "AcquisitionNumber": 1,
    "AcquisitionTime": "14:07:17.937500",
    "BandwidthPerPixelPhaseEncode": 62.5,
    "BaseResolution": 64,
    "BodyPartExamined": "BRAIN",
    "ConsistencyInfo": "N4_VE11C_LATEST_20160120",
    "ConversionSoftware": "dcm2niix",
    "ConversionSoftwareVersion": "v1.0.20210317",
    "DerivedVendorReportedEchoSpacing": 0.0005,
    "DeviceSerialNumber": "45193",
    "DwellTime": 3.1e-06,
    "EchoNumber": 4,
    "EchoTime": 0.06249,
    "EchoTrainLength": 31,
    "EffectiveEchoSpacing": 0.00025,
    "FlipAngle": 56,
    "ImageComments": "Unaliased MB4/PE4/LB",
    "ImageOrientationPatientDICOM": [
      0.999778,
      -0.000493142,
      -0.0210485,
      2.2712e-11,
      0.999726,
      -0.0234224
    ],
    "ImageType": [
      "ORIGINAL",
      "PRIMARY",
      "M",
      "MB",
      "TE4",
      "ND",
      "NORM",
      "MOSAIC"
    ],
    "ImagingFrequency": 123.252,
    "InPlanePhaseEncodingDirectionDICOM": "ROW",
    "InstitutionAddress": "Blackburn Road 770,Clayton,Victoria,AU,3800",
    "InstitutionName": "Monash Biomedical Imaging",
    "InstitutionalDepartmentName": "Department",
    "MRAcquisitionType": "2D",
    "MagneticFieldStrength": 3,
    "Manufacturer": "Siemens",
    "ManufacturersModelName": "Skyra",
    "Modality": "MR",
    "MultibandAccelerationFactor": 4,
    "ParallelReductionFactorInPlane": 2,
    "PartialFourier": 1,
    "PatientPosition": "HFS",
    "PercentPhaseFOV": 100,
    "PercentSampling": 100,
    "PhaseEncodingDirection": "i",
    "PhaseEncodingSteps": 63,
    "PhaseResolution": 1,
    "PixelBandwidth": 2520,
    "ProcedureStepDescription": "MR Scan",
    "ProtocolName": "Meditation_R-L_mmb_4_4_cmrr_mbep2d_bold_TE_12.6_29.23_45.86_62.5",
    "PulseSequenceDetails": "%CustomerSeq%\\cmrr_mbep2d_bold",
    "ReceiveCoilActiveElements": "HEA;HEP",
    "ReceiveCoilName": "Head_32",
    "ReconMatrixPE": 64,
    "RefLinesPE": 24,
    "RepetitionTime": 0.91,
    "SAR": 0.0838868,
    "ScanOptions": "FS",
    "ScanningSequence": "EP",
    "SequenceName": "epfid2d4_64",
    "SequenceVariant": "SK\\SS",
    "SeriesDescription": "Meditation_R-L_mmb_4_4_cmrr_mbep2d_bold_TE_12.6_29.23_45.86_62.5",
    "SeriesNumber": 5,
    "ShimSetting": [
      -4131,
      15343,
      -15078,
      661,
      294,
      320,
      -112,
      -6
    ],
    "SliceThickness": 3.2,
    "SliceTiming": [
      0,
      0.6225,
      0.355,
      0.0875,
      0.71,
      0.445,
      0.1775,
      0.8,
      0.5325,
      0.265,
      0,
      0.6225,
      0.355,
      0.0875,
      0.71,
      0.445,
      0.1775,
      0.8,
      0.5325,
      0.265,
      0,
      0.6225,
      0.355,
      0.0875,
      0.71,
      0.445,
      0.1775,
      0.8,
      0.5325,
      0.265,
      0,
      0.6225,
      0.355,
      0.0875,
      0.71,
      0.445,
      0.1775,
      0.8,
      0.5325,
      0.265
    ],
    "SoftwareVersions": "syngo MR E11",
    "SpacingBetweenSlices": 3.2,
    "StationName": "AWP45193",
    "TaskName": "meditation",
    "TotalReadoutTime": 0.01575,
    "TxRefAmp": 360.052,
    "WipMemBlock": "9a493a77-fb58-4c72-9c15-7a09bf229d76||Sequence: R016 ve11c/master r/e634e98; Dec 19 2017 11:00:25 by eja",
    "dataset": "<unset>",
    "modality": "bold",
    "run_id": 1,
    "session_id": "02",
    "subject_id": "PC201",
    "task_id": "meditation"
  },
  "dummy_trs": 0,
  "dvars_nstd": 54.82298740532176,
  "dvars_std": 1.1925105635396045,
  "dvars_vstd": 1.0946047398267325,
  "efc": 0.5037199984245448,
  "fber": 2022.268798828125,
  "fd_mean": 0.08969791338028213,
  "fd_num": 7,
  "fd_perc": 1.728395061728395,
  "fwhm_avg": 1.6206818270788774,
  "fwhm_x": 1.5387246601941749,
  "fwhm_y": 1.6631300970873788,
  "fwhm_z": 1.6601907239550784,
  "gcor": 0.00465872,
  "gsr_x": -0.007558535318821669,
  "gsr_y": 0.03729631006717682,
  "provenance": {
    "md5sum": "f3b7f40805868cc195fde237464b8b5d",
    "settings": {
      "fd_thres": 0.2,
      "testing": false
    },
    "software": "mriqc",
    "version": "22.0.6",
    "webapi_port": null,
    "webapi_url": "https://mriqc.nimh.nih.gov/api/v1"
  },
  "size_t": 405,
  "size_x": 64,
  "size_y": 64,
  "size_z": 40,
  "snr": 2.795255269157129,
  "spacing_tr": 0.9100000262260437,
  "spacing_x": 3.21875,
  "spacing_y": 3.21875,
  "spacing_z": 3.1999998092651367,
  "summary_bg_k": 377.35584592397277,
  "summary_bg_mad": 33.22493450876727,
  "summary_bg_mean": 83.3525390625,
  "summary_bg_median": 46.2814826965332,
  "summary_bg_n": 95257.0,
  "summary_bg_p05": 15.5925931930542,
  "summary_bg_p95": 262.81483764648425,
  "summary_bg_stdv": 159.26919555664062,
  "summary_fg_k": 8.051296814577084,
  "summary_fg_mad": 548.8668701301647,
  "summary_fg_mean": 2263.443115234375,
  "summary_fg_median": 2112.46435546875,
  "summary_fg_n": 32753.0,
  "summary_fg_p05": 1414.3477294921875,
  "summary_fg_p95": 3555.8530273437495,
  "summary_fg_stdv": 755.7206420898438,
  "tsnr": 24.24975674878806
}