{
  "aor": 0.0001719123505976096,
  "aqi": 0.008098246772908366,
  "bids_meta": {
    "AcquisitionMatrixPE": 64,
    "AcquisitionNumber": 1,
    "AcquisitionTime": "13:57:35.005000",
    "BandwidthPerPixelPhaseEncode": 62.5,
    "BaseResolution": 64,
    "BodyPartExamined": "BRAIN",
    "ConsistencyInfo": "N4_VE11C_LATEST_20160120",
    "ConversionSoftware": "dcm2niix",
    "ConversionSoftwareVersion": "v1.0.20210317",
    "DerivedVendorReportedEchoSpacing": 0.0005,
    "DeviceSerialNumber": "45193",
    "DwellTime": 3.1e-06,
    "EchoNumber": 2,
    "EchoTime": 0.02923,
    "EchoTrainLength": 31,
    "EffectiveEchoSpacing": 0.00025,
    "FlipAngle": 56,
    "ImageComments": "Unaliased MB4/PE4/LB",
    "ImageOrientationPatientDICOM": [
      0.99921,
      -0.00454064,
      -0.0394788,
      -6.3804e-11,
      0.993451,
      -0.114261
    ],
    "ImageType": [
      "ORIGINAL",
      "PRIMARY",
      "M",
      "MB",
      "TE2",
      "ND",
      "NORM",
      "MOSAIC"
    ],
    "ImagingFrequency": 123.252,
    "InPlanePhaseEncodingDirectionDICOM": "ROW",
    "InstitutionAddress": "Blackburn Road 770,Clayton,Victoria,AU,3800",
    "InstitutionName": "Monash Biomedical Imaging",
    "InstitutionalDepartmentName": "Department",
    "MRAcquisitionType": "2D",
    "MagneticFieldStrength": 3,
    "Manufacturer": "Siemens",
    "ManufacturersModelName": "Skyra",
    "Modality": "MR",
    "MultibandAccelerationFactor": 4,
    "ParallelReductionFactorInPlane": 2,
    "PartialFourier": 1,
    "PatientPosition": "HFS",
    "PercentPhaseFOV": 100,
    "PercentSampling": 100,
    "PhaseEncodingDirection": "i",
    "PhaseEncodingSteps": 63,
    "PhaseResolution": 1,
    "PixelBandwidth": 2520,
    "ProcedureStepDescription": "MR Scan",
    "ProtocolName": "Rest_R-L_mmb_4_4_cmrr_mbep2d_bold_TE_12.6_29.23_45.86_62.49",
    "PulseSequenceDetails": "%CustomerSeq%\\cmrr_mbep2d_bold",
    "ReceiveCoilActiveElements": "HEA;HEP",
    "ReceiveCoilName": "Head_32",
    "ReconMatrixPE": 64,
    "RefLinesPE": 24,
    "RepetitionTime": 0.91,
    "SAR": 0.0842095,
    "ScanOptions": "FS",
    "ScanningSequence": "EP",
    "SequenceName": "epfid2d4_64",
    "SequenceVariant": "SK\\SS",
    "SeriesDescription": "Rest_R-L_mmb_4_4_cmrr_mbep2d_bold_TE_12.6_29.23_45.86_62.49",
    "SeriesNumber": 3,
    "ShimSetting": [
      -4132,
      15341,
      -15074,
      684,
      284,
      323,
      -117,
      1
    ],
    "SliceThickness": 3.2,
    "SliceTiming": [
      0,
      0.6225,
      0.355,
      0.0875,
      0.7125,
      0.445,
      0.1775,
      0.8,
      0.5325,
      0.2675,
      0,
      0.6225,
      0.355,
      0.0875,
      0.7125,
      0.445,
      0.1775,
      0.8,
      0.5325,
      0.2675,
      0,
      0.6225,
      0.355,
      0.0875,
      0.7125,
      0.445,
      0.1775,
      0.8,
      0.5325,
      0.2675,
      0,
      0.6225,
      0.355,
      0.0875,
      0.7125,
      0.445,
      0.1775,
      0.8,
      0.5325,
      0.2675
    ],
    "SoftwareVersions": "syngo MR E11",
    "SpacingBetweenSlices": 3.2,
    "StationName": "AWP45193",
    "TaskName": "rest",
    "TotalReadoutTime": 0.01575,
    "TxRefAmp": 360.052,
    "WipMemBlock": "bb0d71dd-44dc-4d29-bcff-145522cfd0af||Sequence: R016 ve11c/master r/e634e98; Dec 19 2017 11:00:25 by eja",
    "dataset": "<unset>",
    "modality": "bold",
    "run_id": 1,
    "session_id": "02",
    "subject_id": "PC201",
    "task_id": "rest"
  },
  "dummy_trs": 2,
  "dvars_nstd": 30.982181050199596,
  "dvars_std": 1.128425420079842,
  "dvars_vstd": 0.9919005797604797,
  "efc": 0.5493152508672504,
  "fber": 3356.04296875,
  "fd_mean": 0.07845827170090011,
  "fd_num": 0,
  "fd_perc": 0.0,
  "fwhm_avg": 1.7362829340198944,
  "fwhm_x": 1.6468535922330099,
  "fwhm_y": 1.7618796116504856,
  "fwhm_z": 1.8001155981761874,
  "gcor": 0.018142,
  "gsr_x": 0.0029544185381382704,
  "gsr_y": 0.03573765605688095,
  "provenance": {
    "md5sum": "99d780c0a6c8929c5840991396f29822",
    "settings": {
      "fd_thres": 0.2,
      "testing": false
    },
    "software": "mriqc",
    "version": "22.0.6",
    "webapi_port": null,
    "webapi_url": "https://mriqc.nimh.nih.gov/api/v1"
  },
  "size_t": 502,
  "size_x": 64,
  "size_y": 64,
  "size_z": 40,
  "snr": 5.23716906276842,
  "spacing_tr": 0.9100000262260437,
  "spacing_x": 3.21875,
  "spacing_y": 3.21875,
  "spacing_z": 3.200000047683716,
  "summary_bg_k": 65.24083728404848,
  "summary_bg_mad": 65.19906195979685,
  "summary_bg_mean": 185.83984375,
  "summary_bg_median": 70.14741516113281,
  "summary_bg_n": 90067.0,
  "summary_bg_p05": 17.322710037231445,
  "summary_bg_p95": 717.6253051757809,
  "summary_bg_stdv": 385.4625549316406,
  "summary_fg_k": 1.373697166217645,
  "summary_fg_mad": 758.4855041806971,
  "summary_fg_mean": 4177.53173828125,
  "summary_fg_median": 4089.42529296875,
  "summary_fg_n": 37726.0,
  "summary_fg_p05": 3101.4683227539062,
  "summary_fg_p95": 5541.1331787109375,
  "summary_fg_stdv": 780.836181640625,
  "tsnr": 47.92452404089272
}