{
  "bids_meta": {
    "AcquisitionMatrixPE": 256,
    "AcquisitionNumber": 1,
    "AcquisitionTime": "12:49:26.150000",
    "BaseResolution": 256,
    "BodyPartExamined": "BRAIN",
    "ConsistencyInfo": "N4_VE11C_LATEST_20160120",
    "ConversionSoftware": "dcm2niix",
    "ConversionSoftwareVersion": "v1.0.20210317",
    "DeviceSerialNumber": "45193",
    "DwellTime": 2.8e-06,
    "EchoTime": 0.452,
    "EchoTrainLength": 270,
    "FlipAngle": 120,
    "ImageOrientationPatientDICOM": [
      0.0401365,
      0.999194,
      -1.79579e-10,
      0.0104604,
      -0.000420182,
      -0.999945
    ],
    "ImageType": [
      "ORIGINAL",
      "PRIMARY",
      "M",
      "ND",
      "NORM"
    ],
    "ImagingFrequency": 123.252,
    "InPlanePhaseEncodingDirectionDICOM": "ROW",
    "InstitutionAddress": "Blackburn Road 770,Clayton,Victoria,AU,3800",
    "InstitutionName": "Monash Biomedical Imaging",
    "InstitutionalDepartmentName": "Department",
    "MRAcquisitionType": "3D",
    "MagneticFieldStrength": 3,
    "Manufacturer": "Siemens",
    "ManufacturersModelName": "Skyra",
    "Modality": "MR",
    "ParallelReductionFactorInPlane": 2,
    "PartialFourier": 1,
    "PatientPosition": "HFS",
    "PercentPhaseFOV": 100,
    "PercentSampling": 100,
    "PhaseEncodingDirection": "i",
    "PhaseEncodingSteps": 245,
    "PhaseResolution": 1,
    "PixelBandwidth": 700,
    "ProcedureStepDescription": "MR Scan",
    "ProtocolName": "t2_space_sag_p2_iso",
    "PulseSequenceDetails": "%SiemensSeq%\\tse_vfl",
    "ReceiveCoilActiveElements": "HEA;HEP",
    "ReceiveCoilName": "Head_32",
    "ReconMatrixPE": 256,
    "RefLinesPE": 24,
    "RepetitionTime": 3.2,
    "SAR": 0.20653,
    "ScanOptions": "PFP",
    "ScanningSequence": "SE",
    "SequenceName": "*spcR_282ns",
    "SequenceVariant": "SK\\SP",
    "SeriesDescription": "t2_space_sag_p2_iso",
    "SeriesNumber": 4,
    "ShimSetting": [
      -4121,
      15461,
      -15515,
      -92,
      142,
      -177,
      -175,
      57
    ],
    "SliceThickness": 1,
    "SoftwareVersions": "syngo MR E11",
    "StationName": "AWP45193",
    "TxRefAmp": 356.879,
    "dataset": "<unset>",
    "modality": "T2w",
    "run_id": 1,
    "session_id": "01",
    "subject_id": "PC229"
  },
  "cjv": 0.19498215651745954,
  "cnr": 3.0479431446207936,
  "efc": 0.4922333194092922,
  "fber": -1.0,
  "fwhm_avg": 2.6105199999999997,
  "fwhm_x": 2.7248,
  "fwhm_y": 2.66486,
  "fwhm_z": 2.4419,
  "icvs_csf": 0.133544934089135,
  "icvs_gm": 0.18152459482744518,
  "icvs_wm": 0.6849304710834198,
  "inu_med": 0.8523042798042297,
  "inu_range": 0.15870127677917478,
  "provenance": {
    "md5sum": "9827ae97727af7a32b0cf89213eddef1",
    "settings": {
      "testing": false
    },
    "software": "mriqc",
    "version": "22.0.6",
    "warnings": {
      "large_rot_frame": true,
      "small_air_mask": false
    },
    "webapi_port": null,
    "webapi_url": "https://mriqc.nimh.nih.gov/api/v1"
  },
  "qi_1": 0.06592631919184828,
  "qi_2": 0.030656905390161904,
  "rpve_csf": 33.83855806781323,
  "rpve_gm": 41.08361498845422,
  "rpve_wm": 11.428088290489766,
  "size_x": 176,
  "size_y": 256,
  "size_z": 256,
  "snr_csf": 4.18632212632739,
  "snr_gm": 4.096086777980268,
  "snr_total": 5.146230373238397,
  "snr_wm": 7.156282215407532,
  "snrd_csf": 22.40230909886283,
  "snrd_gm": 51.68223714816004,
  "snrd_total": 28.95829571046465,
  "snrd_wm": 12.790340884371075,
  "spacing_x": 1.0,
  "spacing_y": 1.0,
  "spacing_z": 1.0,
  "summary_bg_k": 1260.8920615036657,
  "summary_bg_mad": 0.0,
  "summary_bg_mean": 6.305706464071632,
  "summary_bg_median": 0.0,
  "summary_bg_n": 841695.0,
  "summary_bg_p05": 0.0,
  "summary_bg_p95": 28.80261328816414,
  "summary_bg_stdv": 51.259207471596795,
  "summary_csf_k": 2.3403730529642095,
  "summary_csf_mad": 228.48208998692343,
  "summary_csf_mean": 1796.327410037345,
  "summary_csf_median": 1752.8023323714733,
  "summary_csf_n": 95.0,
  "summary_csf_p05": 1289.7335135787725,
  "summary_csf_p95": 2617.890307152271,
  "summary_csf_stdv": 416.4879334802081,
  "summary_gm_k": 5.10833087046462,
  "summary_gm_mad": 460.48606190042756,
  "summary_gm_mean": 3708.758395106578,
  "summary_gm_median": 4043.7235918715596,
  "summary_gm_n": 30235.0,
  "summary_gm_p05": 1168.576953919977,
  "summary_gm_p95": 4488.85016419068,
  "summary_gm_stdv": 987.1999639974829,
  "summary_wm_k": 0.24538543277996316,
  "summary_wm_mad": 132.84098391821607,
  "summary_wm_mean": 1011.0930889233346,
  "summary_wm_median": 1000.7423446848989,
  "summary_wm_n": 349317.0,
  "summary_wm_p05": 796.228943631053,
  "summary_wm_p95": 1260.262798435986,
  "summary_wm_stdv": 139.84089533278473,
  "tpm_overlap_csf": 0.11169566368324262,
  "tpm_overlap_gm": 0.13195201908506768,
  "tpm_overlap_wm": 0.43869204257236205,
  "wm2max": 0.22446323777605373
}