{
  "aor": 0.00324265873015873,
  "aqi": 0.07854084861111112,
  "bids_meta": {
    "AcquisitionMatrixPE": 64,
    "AcquisitionNumber": 1,
    "AcquisitionTime": "13:41:58.162500",
    "BandwidthPerPixelPhaseEncode": 62.5,
    "BaseResolution": 64,
    "BodyPartExamined": "BRAIN",
    "ConsistencyInfo": "N4_VE11C_LATEST_20160120",
    "ConversionSoftware": "dcm2niix",
    "ConversionSoftwareVersion": "v1.0.20210317",
    "DerivedVendorReportedEchoSpacing": 0.0005,
    "DeviceSerialNumber": "45193",
    "DwellTime": 3.1e-06,
    "EchoNumber": 4,
    "EchoTime": 0.06249,
    "EchoTrainLength": 31,
    "EffectiveEchoSpacing": 0.00025,
    "FlipAngle": 56,
    "ImageComments": "Unaliased MB4/PE4/LB",
    "ImageOrientationPatientDICOM": [
      0.997758,
      0.00997092,
      0.0661847,
      2.47531e-10,
      0.988841,
      -0.148972
    ],
    "ImageType": [
      "ORIGINAL",
      "PRIMARY",
      "M",
      "MB",
      "TE4",
      "ND",
      "NORM",
      "MOSAIC"
    ],
    "ImagingFrequency": 123.252,
    "InPlanePhaseEncodingDirectionDICOM": "ROW",
    "InstitutionAddress": "Blackburn Road 770,Clayton,Victoria,AU,3800",
    "InstitutionName": "Monash Biomedical Imaging",
    "InstitutionalDepartmentName": "Department",
    "MRAcquisitionType": "2D",
    "MagneticFieldStrength": 3,
    "Manufacturer": "Siemens",
    "ManufacturersModelName": "Skyra",
    "Modality": "MR",
    "MultibandAccelerationFactor": 4,
    "ParallelReductionFactorInPlane": 2,
    "PartialFourier": 1,
    "PatientPosition": "HFS",
    "PercentPhaseFOV": 100,
    "PercentSampling": 100,
    "PhaseEncodingDirection": "i",
    "PhaseEncodingSteps": 63,
    "PhaseResolution": 1,
    "PixelBandwidth": 2520,
    "ProcedureStepDescription": "MR Scan",
    "ProtocolName": "Rest_R-L_mmb_4_4_cmrr_mbep2d_bold_TE_12.6_29.23_45.86_62.49",
    "PulseSequenceDetails": "%CustomerSeq%\\cmrr_mbep2d_bold",
    "ReceiveCoilActiveElements": "HEA;HEP",
    "ReceiveCoilName": "Head_32",
    "ReconMatrixPE": 64,
    "RefLinesPE": 24,
    "RepetitionTime": 0.91,
    "SAR": 0.0863771,
    "ScanOptions": "FS",
    "ScanningSequence": "EP",
    "SequenceName": "epfid2d4_64",
    "SequenceVariant": "SK\\SS",
    "SeriesDescription": "Rest_R-L_mmb_4_4_cmrr_mbep2d_bold_TE_12.6_29.23_45.86_62.49",
    "SeriesNumber": 3,
    "ShimSetting": [
      -4058,
      15336,
      -15140,
      414,
      156,
      -566,
      -160,
      73
    ],
    "SliceThickness": 3.2,
    "SliceTiming": [
      0,
      0.625,
      0.3575,
      0.09,
      0.7125,
      0.445,
      0.18,
      0.8025,
      0.535,
      0.2675,
      0,
      0.625,
      0.3575,
      0.09,
      0.7125,
      0.445,
      0.18,
      0.8025,
      0.535,
      0.2675,
      0,
      0.625,
      0.3575,
      0.09,
      0.7125,
      0.445,
      0.18,
      0.8025,
      0.535,
      0.2675,
      0,
      0.625,
      0.3575,
      0.09,
      0.7125,
      0.445,
      0.18,
      0.8025,
      0.535,
      0.2675
    ],
    "SoftwareVersions": "syngo MR E11",
    "SpacingBetweenSlices": 3.2,
    "StationName": "AWP45193",
    "TaskName": "rest",
    "TotalReadoutTime": 0.01575,
    "TxRefAmp": 367.468,
    "WipMemBlock": "4cc9d4f1-52f9-46ed-920a-32cfd094b03e||Sequence: R016 ve11c/master r/e634e98; Dec 19 2017 11:00:25 by eja",
    "dataset": "<unset>",
    "modality": "bold",
    "run_id": 1,
    "session_id": "02",
    "subject_id": "PC003",
    "task_id": "rest"
  },
  "dummy_trs": 0,
  "dvars_nstd": 106.97016895363814,
  "dvars_std": 1.0215697107157062,
  "dvars_vstd": 0.9469912121669978,
  "efc": 0.4969239756494656,
  "fber": 1020.7659301757812,
  "fd_mean": 1.1946934508868448,
  "fd_num": 465,
  "fd_perc": 92.26190476190476,
  "fwhm_avg": 1.9036248146096832,
  "fwhm_x": 1.80460427184466,
  "fwhm_y": 2.0098858252427183,
  "fwhm_z": 1.8963843467416712,
  "gcor": 0.00621978,
  "gsr_x": 0.0003098842571489513,
  "gsr_y": 0.020654700696468353,
  "provenance": {
    "md5sum": "6481e9331e234f166e211e55acff8023",
    "settings": {
      "fd_thres": 0.2,
      "testing": false
    },
    "software": "mriqc",
    "version": "22.0.6",
    "webapi_port": null,
    "webapi_url": "https://mriqc.nimh.nih.gov/api/v1"
  },
  "size_t": 504,
  "size_x": 64,
  "size_y": 64,
  "size_z": 40,
  "snr": 2.631264194850129,
  "spacing_tr": 0.9100000262260437,
  "spacing_x": 3.21875,
  "spacing_y": 3.21875,
  "spacing_z": 3.200000047683716,
  "summary_bg_k": 66.50388160736739,
  "summary_bg_mad": 46.68432416560416,
  "summary_bg_mean": 113.65188598632812,
  "summary_bg_median": 75.9761962890625,
  "summary_bg_n": 99720.0,
  "summary_bg_p05": 29.05744171142578,
  "summary_bg_p95": 324.26074218749983,
  "summary_bg_stdv": 124.01927947998047,
  "summary_fg_k": 10.470389096889894,
  "summary_fg_mad": 524.0940928268143,
  "summary_fg_mean": 2644.833984375,
  "summary_fg_median": 2439.476318359375,
  "summary_fg_n": 29879.0,
  "summary_fg_p05": 1736.3495239257813,
  "summary_fg_p95": 4237.890966796875,
  "summary_fg_stdv": 927.0963745117188,
  "tsnr": 12.16242587659508
}