{
  "aor": 0.004347293956043956,
  "aqi": 0.059017853846153844,
  "bids_meta": {
    "AcquisitionMatrixPE": 64,
    "AcquisitionNumber": 1,
    "AcquisitionTime": "14:04:31.725000",
    "BandwidthPerPixelPhaseEncode": 62.5,
    "BaseResolution": 64,
    "BodyPartExamined": "BRAIN",
    "ConsistencyInfo": "N4_VE11C_LATEST_20160120",
    "ConversionSoftware": "dcm2niix",
    "ConversionSoftwareVersion": "v1.0.20210317",
    "DerivedVendorReportedEchoSpacing": 0.0005,
    "DeviceSerialNumber": "45193",
    "DwellTime": 3.1e-06,
    "EchoNumber": 3,
    "EchoTime": 0.04586,
    "EchoTrainLength": 31,
    "EffectiveEchoSpacing": 0.00025,
    "FlipAngle": 56,
    "ImageComments": "Unaliased MB4/PE4/LB",
    "ImageOrientationPatientDICOM": [
      0.999367,
      0.0120131,
      0.0334881,
      1.84805e-10,
      0.941269,
      -0.337658
    ],
    "ImageType": [
      "ORIGINAL",
      "PRIMARY",
      "M",
      "MB",
      "TE3",
      "ND",
      "NORM",
      "MOSAIC"
    ],
    "ImagingFrequency": 123.252,
    "InPlanePhaseEncodingDirectionDICOM": "ROW",
    "InstitutionAddress": "Blackburn Road 770,Clayton,Victoria,AU,3800",
    "InstitutionName": "Monash Biomedical Imaging",
    "InstitutionalDepartmentName": "Department",
    "MRAcquisitionType": "2D",
    "MagneticFieldStrength": 3,
    "Manufacturer": "Siemens",
    "ManufacturersModelName": "Skyra",
    "Modality": "MR",
    "MultibandAccelerationFactor": 4,
    "ParallelReductionFactorInPlane": 2,
    "PartialFourier": 1,
    "PatientPosition": "HFS",
    "PercentPhaseFOV": 100,
    "PercentSampling": 100,
    "PhaseEncodingDirection": "i",
    "PhaseEncodingSteps": 63,
    "PhaseResolution": 1,
    "PixelBandwidth": 2520,
    "ProcedureStepDescription": "MR Scan",
    "ProtocolName": "Music_R-L_mmb_4_4_cmrr_mbep2d_bold_TE_12.6_29.23_45.86_62.49",
    "PulseSequenceDetails": "%CustomerSeq%\\cmrr_mbep2d_bold",
    "ReceiveCoilActiveElements": "HEA;HEP",
    "ReceiveCoilName": "Head_32",
    "ReconMatrixPE": 64,
    "RefLinesPE": 24,
    "RepetitionTime": 0.91,
    "SAR": 0.0987887,
    "ScanOptions": "FS",
    "ScanningSequence": "EP",
    "SequenceName": "epfid2d4_64",
    "SequenceVariant": "SK\\SS",
    "SeriesDescription": "Music_R-L_mmb_4_4_cmrr_mbep2d_bold_TE_12.6_29.23_45.86_62.49",
    "SeriesNumber": 9,
    "ShimSetting": [
      -4077,
      15360,
      -15171,
      439,
      218,
      -573,
      -250,
      -21
    ],
    "SliceThickness": 3.2,
    "SliceTiming": [
      0,
      0.6225,
      0.355,
      0.0875,
      0.71,
      0.445,
      0.1775,
      0.8,
      0.5325,
      0.265,
      0,
      0.6225,
      0.355,
      0.0875,
      0.71,
      0.445,
      0.1775,
      0.8,
      0.5325,
      0.265,
      0,
      0.6225,
      0.355,
      0.0875,
      0.71,
      0.445,
      0.1775,
      0.8,
      0.5325,
      0.265,
      0,
      0.6225,
      0.355,
      0.0875,
      0.71,
      0.445,
      0.1775,
      0.8,
      0.5325,
      0.265
    ],
    "SoftwareVersions": "syngo MR E11",
    "SpacingBetweenSlices": 3.2,
    "StationName": "AWP45193",
    "TaskName": "music",
    "TotalReadoutTime": 0.01575,
    "TxRefAmp": 384.637,
    "WipMemBlock": "550687e7-a94c-4468-9497-4474d5fad311||Sequence: R016 ve11c/master r/e634e98; Dec 19 2017 11:00:25 by eja",
    "dataset": "<unset>",
    "modality": "bold",
    "run_id": 1,
    "session_id": "02",
    "subject_id": "PC003",
    "task_id": "music"
  },
  "dummy_trs": 0,
  "dvars_nstd": 81.17548659492441,
  "dvars_std": 1.0520536815130688,
  "dvars_vstd": 0.9836008297111412,
  "efc": 0.5124746927941979,
  "fber": 2137.2314453125,
  "fd_mean": 1.2188658887664003,
  "fd_num": 638,
  "fd_perc": 87.63736263736264,
  "fwhm_avg": 1.8588412101682978,
  "fwhm_x": 1.7925405825242717,
  "fwhm_y": 1.9202454368932038,
  "fwhm_z": 1.8637376110874182,
  "gcor": 0.0114333,
  "gsr_x": 0.006690315902233124,
  "gsr_y": 0.01752781681716442,
  "provenance": {
    "md5sum": "c0eca493c7b3f6e2166335ac8a80e2bd",
    "settings": {
      "fd_thres": 0.2,
      "testing": false
    },
    "software": "mriqc",
    "version": "22.0.6",
    "webapi_port": null,
    "webapi_url": "https://mriqc.nimh.nih.gov/api/v1"
  },
  "size_t": 728,
  "size_x": 64,
  "size_y": 64,
  "size_z": 40,
  "snr": 3.7531880920538474,
  "spacing_tr": 0.9100000262260437,
  "spacing_x": 3.21875,
  "spacing_y": 3.21875,
  "spacing_z": 3.1999998092651367,
  "summary_bg_k": 50.16486717246709,
  "summary_bg_mad": 50.43495531653117,
  "summary_bg_mean": 126.80912017822266,
  "summary_bg_median": 66.7761001586914,
  "summary_bg_n": 96863.0,
  "summary_bg_p05": 20.45741844177246,
  "summary_bg_p95": 437.70440368652254,
  "summary_bg_stdv": 192.17105102539062,
  "summary_fg_k": 6.670978569909151,
  "summary_fg_mad": 575.0786330584343,
  "summary_fg_mean": 3241.8203125,
  "summary_fg_median": 3078.61962890625,
  "summary_fg_n": 32478.0,
  "summary_fg_p05": 2340.917028808594,
  "summary_fg_p95": 4639.543627929683,
  "summary_fg_stdv": 820.2552490234375,
  "tsnr": 16.072113893460482
}