{
  "aor": 0.0002974451097804391,
  "aqi": 0.010845993253493015,
  "bids_meta": {
    "AcquisitionMatrixPE": 64,
    "AcquisitionNumber": 1,
    "AcquisitionTime": "11:29:48.515000",
    "BandwidthPerPixelPhaseEncode": 62.5,
    "BaseResolution": 64,
    "BodyPartExamined": "BRAIN",
    "ConsistencyInfo": "N4_VE11C_LATEST_20160120",
    "ConversionSoftware": "dcm2niix",
    "ConversionSoftwareVersion": "v1.0.20210317",
    "DerivedVendorReportedEchoSpacing": 0.0005,
    "DeviceSerialNumber": "45193",
    "DwellTime": 3.1e-06,
    "EchoNumber": 3,
    "EchoTime": 0.04586,
    "EchoTrainLength": 31,
    "EffectiveEchoSpacing": 0.00025,
    "FlipAngle": 56,
    "ImageComments": "Unaliased MB4/PE4/LB",
    "ImageOrientationPatientDICOM": [
      0.999784,
      -0.00693575,
      -0.0195766,
      -1.75768e-10,
      0.942591,
      -0.333949
    ],
    "ImageType": [
      "ORIGINAL",
      "PRIMARY",
      "M",
      "MB",
      "TE3",
      "ND",
      "NORM",
      "MOSAIC"
    ],
    "ImagingFrequency": 123.247,
    "InPlanePhaseEncodingDirectionDICOM": "ROW",
    "InstitutionAddress": "Blackburn Road 770,Clayton,Victoria,AU,3800",
    "InstitutionName": "Monash Biomedical Imaging",
    "InstitutionalDepartmentName": "Department",
    "MRAcquisitionType": "2D",
    "MagneticFieldStrength": 3,
    "Manufacturer": "Siemens",
    "ManufacturersModelName": "Skyra",
    "Modality": "MR",
    "MultibandAccelerationFactor": 4,
    "ParallelReductionFactorInPlane": 2,
    "PartialFourier": 1,
    "PatientPosition": "HFS",
    "PercentPhaseFOV": 100,
    "PercentSampling": 100,
    "PhaseEncodingDirection": "i",
    "PhaseEncodingSteps": 63,
    "PhaseResolution": 1,
    "PixelBandwidth": 2520,
    "ProcedureStepDescription": "MR Scan",
    "ProtocolName": "Rest_R-L_mmb_4_4_cmrr_mbep2d_bold_TE_12.6_29.23_45.86_62.49",
    "PulseSequenceDetails": "%CustomerSeq%\\cmrr_mbep2d_bold",
    "ReceiveCoilActiveElements": "HEA;HEP",
    "ReceiveCoilName": "Head_32",
    "ReconMatrixPE": 64,
    "RefLinesPE": 24,
    "RepetitionTime": 0.91,
    "SAR": 0.0730872,
    "ScanOptions": "FS",
    "ScanningSequence": "EP",
    "SequenceName": "epfid2d4_64",
    "SequenceVariant": "SK\\SS",
    "SeriesDescription": "Rest_R-L_mmb_4_4_cmrr_mbep2d_bold_TE_12.6_29.23_45.86_62.49",
    "SeriesNumber": 3,
    "ShimSetting": [
      -4072,
      15391,
      -15189,
      3,
      316,
      -403,
      -86,
      203
    ],
    "SliceThickness": 3.2,
    "SliceTiming": [
      0,
      0.6225,
      0.3575,
      0.09,
      0.7125,
      0.445,
      0.1775,
      0.8025,
      0.535,
      0.2675,
      0,
      0.6225,
      0.3575,
      0.09,
      0.7125,
      0.445,
      0.1775,
      0.8025,
      0.535,
      0.2675,
      0,
      0.6225,
      0.3575,
      0.09,
      0.7125,
      0.445,
      0.1775,
      0.8025,
      0.535,
      0.2675,
      0,
      0.6225,
      0.3575,
      0.09,
      0.7125,
      0.445,
      0.1775,
      0.8025,
      0.535,
      0.2675
    ],
    "SoftwareVersions": "syngo MR E11",
    "SpacingBetweenSlices": 3.2,
    "StationName": "AWP45193",
    "TaskName": "rest",
    "TotalReadoutTime": 0.01575,
    "TxRefAmp": 377.12,
    "WipMemBlock": "e81aaa8d-16cb-4c20-8695-7945532ce5f9||Sequence: R016 ve11c/master r/e634e98; Dec 19 2017 11:00:25 by eja",
    "dataset": "<unset>",
    "modality": "bold",
    "run_id": 1,
    "session_id": "02",
    "subject_id": "PC017",
    "task_id": "rest"
  },
  "dummy_trs": 3,
  "dvars_nstd": 44.84454803461997,
  "dvars_std": 1.0914083155199996,
  "dvars_vstd": 0.9885906149199999,
  "efc": 0.4761662262710229,
  "fber": 2468.29052734375,
  "fd_mean": 0.09829608555389291,
  "fd_num": 13,
  "fd_perc": 2.594810379241517,
  "fwhm_avg": 1.6301483653940119,
  "fwhm_x": 1.5876629126213593,
  "fwhm_y": 1.613169708737864,
  "fwhm_z": 1.6896124748228123,
  "gcor": 0.0186613,
  "gsr_x": 0.001763216103427112,
  "gsr_y": 0.008975046686828136,
  "provenance": {
    "md5sum": "a19cd86ed4e000c403b8e1c05fc49889",
    "settings": {
      "fd_thres": 0.2,
      "testing": false
    },
    "software": "mriqc",
    "version": "22.0.6",
    "webapi_port": null,
    "webapi_url": "https://mriqc.nimh.nih.gov/api/v1"
  },
  "size_t": 501,
  "size_x": 64,
  "size_y": 64,
  "size_z": 40,
  "snr": 3.3329664899806986,
  "spacing_tr": 0.9100000262260437,
  "spacing_x": 3.21875,
  "spacing_y": 3.21875,
  "spacing_z": 3.200000047683716,
  "summary_bg_k": 199.8612707975855,
  "summary_bg_mad": 42.31778961198526,
  "summary_bg_mean": 111.48590087890625,
  "summary_bg_median": 58.39321517944336,
  "summary_bg_n": 102549.0,
  "summary_bg_p05": 21.028742599487305,
  "summary_bg_p95": 357.057482910156,
  "summary_bg_stdv": 207.23780822753906,
  "summary_fg_k": 3.369487185229384,
  "summary_fg_mad": 680.2376972501144,
  "summary_fg_mean": 3055.781982421875,
  "summary_fg_median": 2884.512939453125,
  "summary_fg_n": 27858.0,
  "summary_fg_p05": 2034.841796875,
  "summary_fg_p95": 4676.637890625,
  "summary_fg_stdv": 865.43359375,
  "tsnr": 31.94332976778969
}