{
  "aor": 0.00029390781563126255,
  "aqi": 0.007009618917835671,
  "bids_meta": {
    "AcquisitionMatrixPE": 64,
    "AcquisitionNumber": 1,
    "AcquisitionTime": "11:29:48.482500",
    "BandwidthPerPixelPhaseEncode": 62.5,
    "BaseResolution": 64,
    "BodyPartExamined": "BRAIN",
    "ConsistencyInfo": "N4_VE11C_LATEST_20160120",
    "ConversionSoftware": "dcm2niix",
    "ConversionSoftwareVersion": "v1.0.20210317",
    "DerivedVendorReportedEchoSpacing": 0.0005,
    "DeviceSerialNumber": "45193",
    "DwellTime": 3.1e-06,
    "EchoNumber": 1,
    "EchoTime": 0.0126,
    "EchoTrainLength": 31,
    "EffectiveEchoSpacing": 0.00025,
    "FlipAngle": 56,
    "ImageComments": "Unaliased MB4/PE4/LB",
    "ImageOrientationPatientDICOM": [
      0.999784,
      -0.00693575,
      -0.0195766,
      -1.75768e-10,
      0.942591,
      -0.333949
    ],
    "ImageType": [
      "ORIGINAL",
      "PRIMARY",
      "M",
      "MB",
      "TE1",
      "ND",
      "NORM",
      "MOSAIC"
    ],
    "ImagingFrequency": 123.247,
    "InPlanePhaseEncodingDirectionDICOM": "ROW",
    "InstitutionAddress": "Blackburn Road 770,Clayton,Victoria,AU,3800",
    "InstitutionName": "Monash Biomedical Imaging",
    "InstitutionalDepartmentName": "Department",
    "MRAcquisitionType": "2D",
    "MagneticFieldStrength": 3,
    "Manufacturer": "Siemens",
    "ManufacturersModelName": "Skyra",
    "Modality": "MR",
    "MultibandAccelerationFactor": 4,
    "ParallelReductionFactorInPlane": 2,
    "PartialFourier": 1,
    "PatientPosition": "HFS",
    "PercentPhaseFOV": 100,
    "PercentSampling": 100,
    "PhaseEncodingDirection": "i",
    "PhaseEncodingSteps": 63,
    "PhaseResolution": 1,
    "PixelBandwidth": 2520,
    "ProcedureStepDescription": "MR Scan",
    "ProtocolName": "Rest_R-L_mmb_4_4_cmrr_mbep2d_bold_TE_12.6_29.23_45.86_62.49",
    "PulseSequenceDetails": "%CustomerSeq%\\cmrr_mbep2d_bold",
    "ReceiveCoilActiveElements": "HEA;HEP",
    "ReceiveCoilName": "Head_32",
    "ReconMatrixPE": 64,
    "RefLinesPE": 24,
    "RepetitionTime": 0.91,
    "SAR": 0.0730872,
    "ScanOptions": "FS",
    "ScanningSequence": "EP",
    "SequenceName": "epfid2d4_64",
    "SequenceVariant": "SK\\SS",
    "SeriesDescription": "Rest_R-L_mmb_4_4_cmrr_mbep2d_bold_TE_12.6_29.23_45.86_62.49",
    "SeriesNumber": 3,
    "ShimSetting": [
      -4072,
      15391,
      -15189,
      3,
      316,
      -403,
      -86,
      203
    ],
    "SliceThickness": 3.2,
    "SliceTiming": [
      0,
      0.6225,
      0.355,
      0.09,
      0.7125,
      0.445,
      0.1775,
      0.8,
      0.535,
      0.2675,
      0,
      0.6225,
      0.355,
      0.09,
      0.7125,
      0.445,
      0.1775,
      0.8,
      0.535,
      0.2675,
      0,
      0.6225,
      0.355,
      0.09,
      0.7125,
      0.445,
      0.1775,
      0.8,
      0.535,
      0.2675,
      0,
      0.6225,
      0.355,
      0.09,
      0.7125,
      0.445,
      0.1775,
      0.8,
      0.535,
      0.2675
    ],
    "SoftwareVersions": "syngo MR E11",
    "SpacingBetweenSlices": 3.2,
    "StationName": "AWP45193",
    "TaskName": "rest",
    "TotalReadoutTime": 0.01575,
    "TxRefAmp": 377.12,
    "WipMemBlock": "e81aaa8d-16cb-4c20-8695-7945532ce5f9||Sequence: R016 ve11c/master r/e634e98; Dec 19 2017 11:00:25 by eja",
    "dataset": "<unset>",
    "modality": "bold",
    "run_id": 1,
    "session_id": "02",
    "subject_id": "PC017",
    "task_id": "rest"
  },
  "dummy_trs": 5,
  "dvars_nstd": 26.773118375240955,
  "dvars_std": 1.1041362632128502,
  "dvars_vstd": 0.9907641907831325,
  "efc": 0.5829818466759181,
  "fber": 1337.143310546875,
  "fd_mean": 0.09478615125902777,
  "fd_num": 10,
  "fd_perc": 2.004008016032064,
  "fwhm_avg": 1.9324470348941596,
  "fwhm_x": 1.8448466019417478,
  "fwhm_y": 1.9374664077669903,
  "fwhm_z": 2.0150280949737414,
  "gcor": 0.0381476,
  "gsr_x": 0.005738075356930494,
  "gsr_y": 0.026057342067360878,
  "provenance": {
    "md5sum": "70154d69e9e4f92bd7bf9d33f91ba6b0",
    "settings": {
      "fd_thres": 0.2,
      "testing": false
    },
    "software": "mriqc",
    "version": "22.0.6",
    "webapi_port": null,
    "webapi_url": "https://mriqc.nimh.nih.gov/api/v1"
  },
  "size_t": 499,
  "size_x": 64,
  "size_y": 64,
  "size_z": 40,
  "snr": 6.681760785019094,
  "spacing_tr": 0.9100000262260437,
  "spacing_x": 3.21875,
  "spacing_y": 3.21875,
  "spacing_z": 3.200000047683716,
  "summary_bg_k": 10.258983286052185,
  "summary_bg_mad": 174.0586904073412,
  "summary_bg_mean": 592.9124755859375,
  "summary_bg_median": 155.4789581298828,
  "summary_bg_n": 97947.0,
  "summary_bg_p05": 28.433466529846193,
  "summary_bg_p95": 2616.405639648437,
  "summary_bg_stdv": 948.0068359375,
  "summary_fg_k": 0.14442620661291317,
  "summary_fg_mad": 810.8407999302568,
  "summary_fg_mean": 5608.595703125,
  "summary_fg_median": 5528.06640625,
  "summary_fg_n": 32322.0,
  "summary_fg_p05": 4377.935278320312,
  "summary_fg_p95": 7097.6409912109375,
  "summary_fg_stdv": 827.323974609375,
  "tsnr": 55.82082471228205
}