{
  "aor": 0.0003197512437810945,
  "aqi": 0.006146303756218906,
  "bids_meta": {
    "AcquisitionMatrixPE": 64,
    "AcquisitionNumber": 1,
    "AcquisitionTime": "11:44:58.692500",
    "BandwidthPerPixelPhaseEncode": 62.5,
    "BaseResolution": 64,
    "BodyPartExamined": "BRAIN",
    "ConsistencyInfo": "N4_VE11C_LATEST_20160120",
    "ConversionSoftware": "dcm2niix",
    "ConversionSoftwareVersion": "v1.0.20210317",
    "DerivedVendorReportedEchoSpacing": 0.0005,
    "DeviceSerialNumber": "45193",
    "DwellTime": 3.1e-06,
    "EchoNumber": 1,
    "EchoTime": 0.0126,
    "EchoTrainLength": 31,
    "EffectiveEchoSpacing": 0.00025,
    "FlipAngle": 56,
    "ImageComments": "Unaliased MB4/PE4/LB",
    "ImageOrientationPatientDICOM": [
      0.999968,
      -0.000822871,
      -0.00797835,
      -1.4091e-11,
      0.994723,
      -0.102594
    ],
    "ImageType": [
      "ORIGINAL",
      "PRIMARY",
      "M",
      "MB",
      "TE1",
      "ND",
      "NORM",
      "MOSAIC"
    ],
    "ImagingFrequency": 123.247,
    "InPlanePhaseEncodingDirectionDICOM": "ROW",
    "InstitutionAddress": "Blackburn Road 770,Clayton,Victoria,AU,3800",
    "InstitutionName": "Monash Biomedical Imaging",
    "InstitutionalDepartmentName": "Department",
    "MRAcquisitionType": "2D",
    "MagneticFieldStrength": 3,
    "Manufacturer": "Siemens",
    "ManufacturersModelName": "Skyra",
    "Modality": "MR",
    "MultibandAccelerationFactor": 4,
    "ParallelReductionFactorInPlane": 2,
    "PartialFourier": 1,
    "PatientPosition": "HFS",
    "PercentPhaseFOV": 100,
    "PercentSampling": 100,
    "PhaseEncodingDirection": "i",
    "PhaseEncodingSteps": 63,
    "PhaseResolution": 1,
    "PixelBandwidth": 2520,
    "ProcedureStepDescription": "MR Scan",
    "ProtocolName": "Meditation_R-L_mmb_4_4_cmrr_mbep2d_bold_TE_12.6_29.23_45.86_62.5",
    "PulseSequenceDetails": "%CustomerSeq%\\cmrr_mbep2d_bold",
    "ReceiveCoilActiveElements": "HEA;HEP",
    "ReceiveCoilName": "Head_32",
    "ReconMatrixPE": 64,
    "RefLinesPE": 24,
    "RepetitionTime": 0.91,
    "SAR": 0.0854531,
    "ScanOptions": "FS",
    "ScanningSequence": "EP",
    "SequenceName": "epfid2d4_64",
    "SequenceVariant": "SK\\SS",
    "SeriesDescription": "Meditation_R-L_mmb_4_4_cmrr_mbep2d_bold_TE_12.6_29.23_45.86_62.5",
    "SeriesNumber": 9,
    "ShimSetting": [
      -4056,
      15275,
      -15057,
      475,
      157,
      253,
      286,
      172
    ],
    "SliceThickness": 3.2,
    "SliceTiming": [
      0,
      0.625,
      0.3575,
      0.09,
      0.7125,
      0.445,
      0.18,
      0.8025,
      0.535,
      0.2675,
      0,
      0.625,
      0.3575,
      0.09,
      0.7125,
      0.445,
      0.18,
      0.8025,
      0.535,
      0.2675,
      0,
      0.625,
      0.3575,
      0.09,
      0.7125,
      0.445,
      0.18,
      0.8025,
      0.535,
      0.2675,
      0,
      0.625,
      0.3575,
      0.09,
      0.7125,
      0.445,
      0.18,
      0.8025,
      0.535,
      0.2675
    ],
    "SoftwareVersions": "syngo MR E11",
    "SpacingBetweenSlices": 3.2,
    "StationName": "AWP45193",
    "TaskName": "meditation",
    "TotalReadoutTime": 0.01575,
    "TxRefAmp": 347.635,
    "WipMemBlock": "d16d9417-d4f9-4f84-aaf8-c1a4e3292827||Sequence: R016 ve11c/master r/e634e98; Dec 19 2017 11:00:25 by eja",
    "dataset": "<unset>",
    "modality": "bold",
    "run_id": 1,
    "session_id": "01",
    "subject_id": "PC013",
    "task_id": "meditation"
  },
  "dummy_trs": 3,
  "dvars_nstd": 21.347232281296748,
  "dvars_std": 1.1090280067331673,
  "dvars_vstd": 0.9956339913965084,
  "efc": 0.5471187656966644,
  "fber": 3646.066162109375,
  "fd_mean": 0.0732858847248843,
  "fd_num": 4,
  "fd_perc": 0.9950248756218906,
  "fwhm_avg": 1.9994767211562265,
  "fwhm_x": 1.8923526213592232,
  "fwhm_y": 2.045427572815534,
  "fwhm_z": 2.0606499692939226,
  "gcor": 0.030228,
  "gsr_x": -0.017672253772616386,
  "gsr_y": 0.04394864663481712,
  "provenance": {
    "md5sum": "44d536d9b5b8b4647a5b2670fcff0215",
    "settings": {
      "fd_thres": 0.2,
      "testing": false
    },
    "software": "mriqc",
    "version": "22.0.6",
    "webapi_port": null,
    "webapi_url": "https://mriqc.nimh.nih.gov/api/v1"
  },
  "size_t": 402,
  "size_x": 64,
  "size_y": 64,
  "size_z": 40,
  "snr": 7.045885750214096,
  "spacing_tr": 0.9100000262260437,
  "spacing_x": 3.21875,
  "spacing_y": 3.21875,
  "spacing_z": 3.200000047683716,
  "summary_bg_k": 13.669670021337328,
  "summary_bg_mad": 111.75021327464495,
  "summary_bg_mean": 437.7977294921875,
  "summary_bg_median": 105.08955383300781,
  "summary_bg_n": 97596.0,
  "summary_bg_p05": 20.308456420898438,
  "summary_bg_p95": 2081.12060546875,
  "summary_bg_stdv": 809.2321166992188,
  "summary_fg_k": -0.14896762448218093,
  "summary_fg_mad": 891.084473226279,
  "summary_fg_mean": 6299.53662109375,
  "summary_fg_median": 6209.091796875,
  "summary_fg_n": 32659.0,
  "summary_fg_p05": 4959.9609375,
  "summary_fg_p95": 7855.948193359375,
  "summary_fg_stdv": 881.2230224609375,
  "tsnr": 65.68173218821175
}