{
  "aor": 0.00041770889487870616,
  "aqi": 0.011510165013477089,
  "bids_meta": {
    "AcquisitionMatrixPE": 64,
    "AcquisitionNumber": 1,
    "AcquisitionTime": "12:04:13.935000",
    "BandwidthPerPixelPhaseEncode": 62.5,
    "BaseResolution": 64,
    "BodyPartExamined": "BRAIN",
    "ConsistencyInfo": "N4_VE11C_LATEST_20160120",
    "ConversionSoftware": "dcm2niix",
    "ConversionSoftwareVersion": "v1.0.20210317",
    "DerivedVendorReportedEchoSpacing": 0.0005,
    "DeviceSerialNumber": "45193",
    "DwellTime": 3.1e-06,
    "EchoNumber": 4,
    "EchoTime": 0.06249,
    "EchoTrainLength": 31,
    "EffectiveEchoSpacing": 0.00025,
    "FlipAngle": 56,
    "ImageComments": "Unaliased MB4/PE4/LB",
    "ImageOrientationPatientDICOM": [
      0.999968,
      -0.000822871,
      -0.00797835,
      -1.4091e-11,
      0.994723,
      -0.102594
    ],
    "ImageType": [
      "ORIGINAL",
      "PRIMARY",
      "M",
      "MB",
      "TE4",
      "ND",
      "NORM",
      "MOSAIC"
    ],
    "ImagingFrequency": 123.247,
    "InPlanePhaseEncodingDirectionDICOM": "ROW",
    "InstitutionAddress": "Blackburn Road 770,Clayton,Victoria,AU,3800",
    "InstitutionName": "Monash Biomedical Imaging",
    "InstitutionalDepartmentName": "Department",
    "MRAcquisitionType": "2D",
    "MagneticFieldStrength": 3,
    "Manufacturer": "Siemens",
    "ManufacturersModelName": "Skyra",
    "Modality": "MR",
    "MultibandAccelerationFactor": 4,
    "ParallelReductionFactorInPlane": 2,
    "PartialFourier": 1,
    "PatientPosition": "HFS",
    "PercentPhaseFOV": 100,
    "PercentSampling": 100,
    "PhaseEncodingDirection": "i",
    "PhaseEncodingSteps": 63,
    "PhaseResolution": 1,
    "PixelBandwidth": 2520,
    "ProcedureStepDescription": "MR Scan",
    "ProtocolName": "Movie_R-L_mmb_4_4_cmrr_mbep2d_bold_TE_12.6_29.23_45.86_62.49",
    "PulseSequenceDetails": "%CustomerSeq%\\cmrr_mbep2d_bold",
    "ReceiveCoilActiveElements": "HEA;HEP",
    "ReceiveCoilName": "Head_32",
    "ReconMatrixPE": 64,
    "RefLinesPE": 24,
    "RepetitionTime": 0.91,
    "SAR": 0.0852961,
    "ScanOptions": "FS",
    "ScanningSequence": "EP",
    "SequenceName": "epfid2d4_64",
    "SequenceVariant": "SK\\SS",
    "SeriesDescription": "Movie_R-L_mmb_4_4_cmrr_mbep2d_bold_TE_12.6_29.23_45.86_62.49",
    "SeriesNumber": 12,
    "ShimSetting": [
      -4056,
      15275,
      -15057,
      475,
      157,
      253,
      286,
      172
    ],
    "SliceThickness": 3.2,
    "SliceTiming": [
      0,
      0.6225,
      0.355,
      0.0875,
      0.7125,
      0.445,
      0.1775,
      0.8,
      0.5325,
      0.2675,
      0,
      0.6225,
      0.355,
      0.0875,
      0.7125,
      0.445,
      0.1775,
      0.8,
      0.5325,
      0.2675,
      0,
      0.6225,
      0.355,
      0.0875,
      0.7125,
      0.445,
      0.1775,
      0.8,
      0.5325,
      0.2675,
      0,
      0.6225,
      0.355,
      0.0875,
      0.7125,
      0.445,
      0.1775,
      0.8,
      0.5325,
      0.2675
    ],
    "SoftwareVersions": "syngo MR E11",
    "SpacingBetweenSlices": 3.2,
    "StationName": "AWP45193",
    "TaskName": "movie",
    "TotalReadoutTime": 0.01575,
    "TxRefAmp": 347.635,
    "WipMemBlock": "cc2753e7-cb32-4eab-8713-2e62175a6755||Sequence: R016 ve11c/master r/e634e98; Dec 19 2017 11:00:25 by eja",
    "dataset": "<unset>",
    "modality": "bold",
    "run_id": 1,
    "session_id": "01",
    "subject_id": "PC013",
    "task_id": "movie"
  },
  "dummy_trs": 1,
  "dvars_nstd": 49.51524055078375,
  "dvars_std": 1.1139268838108112,
  "dvars_vstd": 1.0051261477837845,
  "efc": 0.45387273569438275,
  "fber": 2764.71240234375,
  "fd_mean": 0.07607374248476946,
  "fd_num": 1,
  "fd_perc": 0.2695417789757412,
  "fwhm_avg": 1.6797440493189733,
  "fwhm_x": 1.6395153398058253,
  "fwhm_y": 1.764060582524272,
  "fwhm_z": 1.6356562256268228,
  "gcor": 0.0156007,
  "gsr_x": -0.008529975078999996,
  "gsr_y": 0.016939548775553703,
  "provenance": {
    "md5sum": "cb5b405b81d63e7dac24cd733cc1b8d5",
    "settings": {
      "fd_thres": 0.2,
      "testing": false
    },
    "software": "mriqc",
    "version": "22.0.6",
    "webapi_port": null,
    "webapi_url": "https://mriqc.nimh.nih.gov/api/v1"
  },
  "size_t": 371,
  "size_x": 64,
  "size_y": 64,
  "size_z": 40,
  "snr": 2.762889013024799,
  "spacing_tr": 0.9100000262260437,
  "spacing_x": 3.21875,
  "spacing_y": 3.21875,
  "spacing_z": 3.200000047683716,
  "summary_bg_k": 133.9459300556179,
  "summary_bg_mad": 28.545089498301508,
  "summary_bg_mean": 70.00936889648438,
  "summary_bg_median": 42.47169876098633,
  "summary_bg_n": 104266.0,
  "summary_bg_p05": 15.811320304870605,
  "summary_bg_p95": 211.38274765014648,
  "summary_bg_stdv": 99.36160278320312,
  "summary_fg_k": 10.619913571211715,
  "summary_fg_mad": 515.2021896409613,
  "summary_fg_mean": 2394.296142578125,
  "summary_fg_median": 2237.15625,
  "summary_fg_n": 26454.0,
  "summary_fg_p05": 1535.6464477539062,
  "summary_fg_p95": 3690.864904785156,
  "summary_fg_stdv": 809.7009887695312,
  "tsnr": 31.062203510664403
}