{
  "aor": 0.0009348214285714285,
  "aqi": 0.015390284175824177,
  "bids_meta": {
    "AcquisitionMatrixPE": 64,
    "AcquisitionNumber": 1,
    "AcquisitionTime": "11:52:21.437500",
    "BandwidthPerPixelPhaseEncode": 62.5,
    "BaseResolution": 64,
    "BodyPartExamined": "BRAIN",
    "ConsistencyInfo": "N4_VE11C_LATEST_20160120",
    "ConversionSoftware": "dcm2niix",
    "ConversionSoftwareVersion": "v1.0.20210317",
    "DerivedVendorReportedEchoSpacing": 0.0005,
    "DeviceSerialNumber": "45193",
    "DwellTime": 3.1e-06,
    "EchoNumber": 3,
    "EchoTime": 0.04586,
    "EchoTrainLength": 31,
    "EffectiveEchoSpacing": 0.00025,
    "FlipAngle": 56,
    "ImageComments": "Unaliased MB4/PE4/LB",
    "ImageOrientationPatientDICOM": [
      0.999968,
      -0.000822871,
      -0.00797835,
      -1.4091e-11,
      0.994723,
      -0.102594
    ],
    "ImageType": [
      "ORIGINAL",
      "PRIMARY",
      "M",
      "MB",
      "TE3",
      "ND",
      "NORM",
      "MOSAIC"
    ],
    "ImagingFrequency": 123.247,
    "InPlanePhaseEncodingDirectionDICOM": "ROW",
    "InstitutionAddress": "Blackburn Road 770,Clayton,Victoria,AU,3800",
    "InstitutionName": "Monash Biomedical Imaging",
    "InstitutionalDepartmentName": "Department",
    "MRAcquisitionType": "2D",
    "MagneticFieldStrength": 3,
    "Manufacturer": "Siemens",
    "ManufacturersModelName": "Skyra",
    "Modality": "MR",
    "MultibandAccelerationFactor": 4,
    "ParallelReductionFactorInPlane": 2,
    "PartialFourier": 1,
    "PatientPosition": "HFS",
    "PercentPhaseFOV": 100,
    "PercentSampling": 100,
    "PhaseEncodingDirection": "i",
    "PhaseEncodingSteps": 63,
    "PhaseResolution": 1,
    "PixelBandwidth": 2520,
    "ProcedureStepDescription": "MR Scan",
    "ProtocolName": "Music_R-L_mmb_4_4_cmrr_mbep2d_bold_TE_12.6_29.23_45.86_62.49",
    "PulseSequenceDetails": "%CustomerSeq%\\cmrr_mbep2d_bold",
    "ReceiveCoilActiveElements": "HEA;HEP",
    "ReceiveCoilName": "Head_32",
    "ReconMatrixPE": 64,
    "RefLinesPE": 24,
    "RepetitionTime": 0.91,
    "SAR": 0.0862622,
    "ScanOptions": "FS",
    "ScanningSequence": "EP",
    "SequenceName": "epfid2d4_64",
    "SequenceVariant": "SK\\SS",
    "SeriesDescription": "Music_R-L_mmb_4_4_cmrr_mbep2d_bold_TE_12.6_29.23_45.86_62.49",
    "SeriesNumber": 11,
    "ShimSetting": [
      -4056,
      15275,
      -15057,
      475,
      157,
      253,
      286,
      172
    ],
    "SliceThickness": 3.2,
    "SliceTiming": [
      0,
      0.6225,
      0.355,
      0.0875,
      0.71,
      0.445,
      0.1775,
      0.8,
      0.5325,
      0.265,
      0,
      0.6225,
      0.355,
      0.0875,
      0.71,
      0.445,
      0.1775,
      0.8,
      0.5325,
      0.265,
      0,
      0.6225,
      0.355,
      0.0875,
      0.71,
      0.445,
      0.1775,
      0.8,
      0.5325,
      0.265,
      0,
      0.6225,
      0.355,
      0.0875,
      0.71,
      0.445,
      0.1775,
      0.8,
      0.5325,
      0.265
    ],
    "SoftwareVersions": "syngo MR E11",
    "SpacingBetweenSlices": 3.2,
    "StationName": "AWP45193",
    "TaskName": "music",
    "TotalReadoutTime": 0.01575,
    "TxRefAmp": 347.635,
    "WipMemBlock": "49254a78-d10f-4e12-9790-44ecaae45e30||Sequence: R016 ve11c/master r/e634e98; Dec 19 2017 11:00:25 by eja",
    "dataset": "<unset>",
    "modality": "bold",
    "run_id": 1,
    "session_id": "01",
    "subject_id": "PC013",
    "task_id": "music"
  },
  "dummy_trs": 0,
  "dvars_nstd": 38.87824619202202,
  "dvars_std": 1.1096885207840448,
  "dvars_vstd": 0.9967292262448415,
  "efc": 0.47373629798938316,
  "fber": 3731.0078125,
  "fd_mean": 0.10739808804618921,
  "fd_num": 55,
  "fd_perc": 7.554945054945055,
  "fwhm_avg": 1.7081205499133028,
  "fwhm_x": 1.667846213592233,
  "fwhm_y": 1.7776279611650485,
  "fwhm_z": 1.6788874749826272,
  "gcor": 0.0260593,
  "gsr_x": -0.0063122911378741264,
  "gsr_y": 0.01998157799243927,
  "provenance": {
    "md5sum": "1c4d0d98a0a0a864b54f92efded62ee7",
    "settings": {
      "fd_thres": 0.2,
      "testing": false
    },
    "software": "mriqc",
    "version": "22.0.6",
    "webapi_port": null,
    "webapi_url": "https://mriqc.nimh.nih.gov/api/v1"
  },
  "size_t": 728,
  "size_x": 64,
  "size_y": 64,
  "size_z": 40,
  "snr": 3.8714623094563874,
  "spacing_tr": 0.9100000262260437,
  "spacing_x": 3.21875,
  "spacing_y": 3.21875,
  "spacing_z": 3.200000047683716,
  "summary_bg_k": 158.67075033942223,
  "summary_bg_mad": 42.60037559468039,
  "summary_bg_mean": 98.10734558105469,
  "summary_bg_median": 51.94780349731445,
  "summary_bg_n": 101904.0,
  "summary_bg_p05": 15.13777542114258,
  "summary_bg_p95": 320.25096130371094,
  "summary_bg_stdv": 169.40167236328125,
  "summary_fg_k": 5.22308267509659,
  "summary_fg_mad": 612.8055386569478,
  "summary_fg_mean": 3289.86279296875,
  "summary_fg_median": 3143.31591796875,
  "summary_fg_n": 28445.0,
  "summary_fg_p05": 2326.278857421875,
  "summary_fg_p95": 4683.61787109375,
  "summary_fg_stdv": 811.9052734375,
  "tsnr": 33.30126572563313
}