{
  "aor": 0.001615289421157685,
  "aqi": 0.006442735568862276,
  "bids_meta": {
    "AcquisitionMatrixPE": 64,
    "AcquisitionNumber": 1,
    "AcquisitionTime": "09:17:1.597500",
    "BandwidthPerPixelPhaseEncode": 62.5,
    "BaseResolution": 64,
    "BodyPartExamined": "BRAIN",
    "ConsistencyInfo": "N4_VE11C_LATEST_20160120",
    "ConversionSoftware": "dcm2niix",
    "ConversionSoftwareVersion": "v1.0.20210317",
    "DerivedVendorReportedEchoSpacing": 0.0005,
    "DeviceSerialNumber": "45193",
    "DwellTime": 3.1e-06,
    "EchoNumber": 1,
    "EchoTime": 0.0126,
    "EchoTrainLength": 31,
    "EffectiveEchoSpacing": 0.00025,
    "FlipAngle": 56,
    "ImageComments": "Unaliased MB4/PE4/LB",
    "ImageOrientationPatientDICOM": [
      0.997952,
      0.00343374,
      0.0638772,
      3.5086e-11,
      0.998558,
      -0.0536778
    ],
    "ImageType": [
      "ORIGINAL",
      "PRIMARY",
      "M",
      "MB",
      "TE1",
      "ND",
      "NORM",
      "MOSAIC"
    ],
    "ImagingFrequency": 123.247,
    "InPlanePhaseEncodingDirectionDICOM": "ROW",
    "InstitutionAddress": "Blackburn Road 770,Clayton,Victoria,AU,3800",
    "InstitutionName": "Monash Biomedical Imaging",
    "InstitutionalDepartmentName": "Department",
    "MRAcquisitionType": "2D",
    "MagneticFieldStrength": 3,
    "Manufacturer": "Siemens",
    "ManufacturersModelName": "Skyra",
    "Modality": "MR",
    "MultibandAccelerationFactor": 4,
    "ParallelReductionFactorInPlane": 2,
    "PartialFourier": 1,
    "PatientPosition": "HFS",
    "PercentPhaseFOV": 100,
    "PercentSampling": 100,
    "PhaseEncodingDirection": "i",
    "PhaseEncodingSteps": 63,
    "PhaseResolution": 1,
    "PixelBandwidth": 2520,
    "ProcedureStepDescription": "MR Scan",
    "ProtocolName": "Rest_R-L_mmb_4_4_cmrr_mbep2d_bold_TE_12.6_29.23_45.86_62.49",
    "PulseSequenceDetails": "%CustomerSeq%\\cmrr_mbep2d_bold",
    "ReceiveCoilActiveElements": "HEA;HEP",
    "ReceiveCoilName": "Head_32",
    "ReconMatrixPE": 64,
    "RefLinesPE": 24,
    "RepetitionTime": 0.91,
    "SAR": 0.107909,
    "ScanOptions": "FS",
    "ScanningSequence": "EP",
    "SequenceName": "epfid2d4_64",
    "SequenceVariant": "SK\\SS",
    "SeriesDescription": "Rest_R-L_mmb_4_4_cmrr_mbep2d_bold_TE_12.6_29.23_45.86_62.49",
    "SeriesNumber": 4,
    "ShimSetting": [
      -4057,
      15200,
      -15124,
      300,
      89,
      -288,
      32,
      184
    ],
    "SliceThickness": 3.2,
    "SliceTiming": [
      0,
      0.6225,
      0.3575,
      0.09,
      0.7125,
      0.445,
      0.1775,
      0.8025,
      0.535,
      0.2675,
      0,
      0.6225,
      0.3575,
      0.09,
      0.7125,
      0.445,
      0.1775,
      0.8025,
      0.535,
      0.2675,
      0,
      0.6225,
      0.3575,
      0.09,
      0.7125,
      0.445,
      0.1775,
      0.8025,
      0.535,
      0.2675,
      0,
      0.6225,
      0.3575,
      0.09,
      0.7125,
      0.445,
      0.1775,
      0.8025,
      0.535,
      0.2675
    ],
    "SoftwareVersions": "syngo MR E11",
    "SpacingBetweenSlices": 3.2,
    "StationName": "AWP45193",
    "TaskName": "rest",
    "TotalReadoutTime": 0.01575,
    "TxRefAmp": 374.15,
    "WipMemBlock": "1c2a8103-6e16-47b7-a674-c2ff0e78c412||Sequence: R016 ve11c/master r/e634e98; Dec 19 2017 11:00:25 by eja",
    "dataset": "<unset>",
    "modality": "bold",
    "run_id": 1,
    "session_id": "01",
    "subject_id": "PC007",
    "task_id": "rest"
  },
  "dummy_trs": 3,
  "dvars_nstd": 23.940367526980026,
  "dvars_std": 1.1222273709000001,
  "dvars_vstd": 1.0012408652799998,
  "efc": 0.609760991591986,
  "fber": 2133.11865234375,
  "fd_mean": 0.10368407602687386,
  "fd_num": 3,
  "fd_perc": 0.5988023952095808,
  "fwhm_avg": 2.3486151598866853,
  "fwhm_x": 2.1373949514563106,
  "fwhm_y": 2.4847036893203884,
  "fwhm_z": 2.4237468388833574,
  "gcor": 0.0475875,
  "gsr_x": 0.014890852384269238,
  "gsr_y": 0.06664420664310455,
  "provenance": {
    "md5sum": "9283edeb32161c3954e7d3956ee75bbd",
    "settings": {
      "fd_thres": 0.2,
      "testing": false
    },
    "software": "mriqc",
    "version": "22.0.6",
    "webapi_port": null,
    "webapi_url": "https://mriqc.nimh.nih.gov/api/v1"
  },
  "size_t": 501,
  "size_x": 64,
  "size_y": 64,
  "size_z": 40,
  "snr": 6.447493519000655,
  "spacing_tr": 0.9100000262260437,
  "spacing_x": 3.21875,
  "spacing_y": 3.21875,
  "spacing_z": 3.200000047683716,
  "summary_bg_k": 3.545279891696187,
  "summary_bg_mad": 139.14858423861548,
  "summary_bg_mean": 777.0750122070312,
  "summary_bg_median": 127.6067886352539,
  "summary_bg_n": 89405.0,
  "summary_bg_p05": 20.507385635375975,
  "summary_bg_p95": 4277.675195312501,
  "summary_bg_stdv": 1363.3203125,
  "summary_fg_k": 1.1874955466097443,
  "summary_fg_mad": 914.4072250200265,
  "summary_fg_mean": 6055.64208984375,
  "summary_fg_median": 5979.8642578125,
  "summary_fg_n": 36459.0,
  "summary_fg_p05": 4721.74853515625,
  "summary_fg_p95": 7640.979638671874,
  "summary_fg_stdv": 927.4584350585938,
  "tsnr": 54.92605892941356
}