{
  "aor": 0.00305831043956044,
  "aqi": 0.023885698763736262,
  "bids_meta": {
    "AcquisitionMatrixPE": 64,
    "AcquisitionNumber": 1,
    "AcquisitionTime": "09:42:46.705000",
    "BandwidthPerPixelPhaseEncode": 62.5,
    "BaseResolution": 64,
    "BodyPartExamined": "BRAIN",
    "ConsistencyInfo": "N4_VE11C_LATEST_20160120",
    "ConversionSoftware": "dcm2niix",
    "ConversionSoftwareVersion": "v1.0.20210317",
    "DerivedVendorReportedEchoSpacing": 0.0005,
    "DeviceSerialNumber": "45193",
    "DwellTime": 3.1e-06,
    "EchoNumber": 3,
    "EchoTime": 0.04586,
    "EchoTrainLength": 31,
    "EffectiveEchoSpacing": 0.00025,
    "FlipAngle": 56,
    "ImageComments": "Unaliased MB4/PE4/LB",
    "ImageOrientationPatientDICOM": [
      0.997952,
      0.00343374,
      0.0638772,
      3.5086e-11,
      0.998558,
      -0.0536778
    ],
    "ImageType": [
      "ORIGINAL",
      "PRIMARY",
      "M",
      "MB",
      "TE3",
      "ND",
      "NORM",
      "MOSAIC"
    ],
    "ImagingFrequency": 123.247,
    "InPlanePhaseEncodingDirectionDICOM": "ROW",
    "InstitutionAddress": "Blackburn Road 770,Clayton,Victoria,AU,3800",
    "InstitutionName": "Monash Biomedical Imaging",
    "InstitutionalDepartmentName": "Department",
    "MRAcquisitionType": "2D",
    "MagneticFieldStrength": 3,
    "Manufacturer": "Siemens",
    "ManufacturersModelName": "Skyra",
    "Modality": "MR",
    "MultibandAccelerationFactor": 4,
    "ParallelReductionFactorInPlane": 2,
    "PartialFourier": 1,
    "PatientPosition": "HFS",
    "PercentPhaseFOV": 100,
    "PercentSampling": 100,
    "PhaseEncodingDirection": "i",
    "PhaseEncodingSteps": 63,
    "PhaseResolution": 1,
    "PixelBandwidth": 2520,
    "ProcedureStepDescription": "MR Scan",
    "ProtocolName": "Music_R-L_mmb_4_4_cmrr_mbep2d_bold_TE_12.6_29.23_45.86_62.49",
    "PulseSequenceDetails": "%CustomerSeq%\\cmrr_mbep2d_bold",
    "ReceiveCoilActiveElements": "HEA;HEP",
    "ReceiveCoilName": "Head_32",
    "ReconMatrixPE": 64,
    "RefLinesPE": 24,
    "RepetitionTime": 0.91,
    "SAR": 0.108456,
    "ScanOptions": "FS",
    "ScanningSequence": "EP",
    "SequenceName": "epfid2d4_64",
    "SequenceVariant": "SK\\SS",
    "SeriesDescription": "Music_R-L_mmb_4_4_cmrr_mbep2d_bold_TE_12.6_29.23_45.86_62.49",
    "SeriesNumber": 11,
    "ShimSetting": [
      -4057,
      15200,
      -15124,
      300,
      89,
      -288,
      32,
      184
    ],
    "SliceThickness": 3.2,
    "SliceTiming": [
      0,
      0.625,
      0.3575,
      0.09,
      0.7125,
      0.445,
      0.18,
      0.8025,
      0.535,
      0.2675,
      0,
      0.625,
      0.3575,
      0.09,
      0.7125,
      0.445,
      0.18,
      0.8025,
      0.535,
      0.2675,
      0,
      0.625,
      0.3575,
      0.09,
      0.7125,
      0.445,
      0.18,
      0.8025,
      0.535,
      0.2675,
      0,
      0.625,
      0.3575,
      0.09,
      0.7125,
      0.445,
      0.18,
      0.8025,
      0.535,
      0.2675
    ],
    "SoftwareVersions": "syngo MR E11",
    "SpacingBetweenSlices": 3.2,
    "StationName": "AWP45193",
    "TaskName": "music",
    "TotalReadoutTime": 0.01575,
    "TxRefAmp": 374.15,
    "WipMemBlock": "546d5260-8dad-4f53-8e49-65b37b23a577||Sequence: R016 ve11c/master r/e634e98; Dec 19 2017 11:00:25 by eja",
    "dataset": "<unset>",
    "modality": "bold",
    "run_id": 1,
    "session_id": "01",
    "subject_id": "PC007",
    "task_id": "music"
  },
  "dummy_trs": 0,
  "dvars_nstd": 41.482033069587374,
  "dvars_std": 1.1034016577854195,
  "dvars_vstd": 1.0174885692709763,
  "efc": 0.5247880005798043,
  "fber": 2041.3543701171875,
  "fd_mean": 0.1188660592840223,
  "fd_num": 45,
  "fd_perc": 6.181318681318682,
  "fwhm_avg": 1.7057886160835534,
  "fwhm_x": 1.6561801941747571,
  "fwhm_y": 1.7475106796116504,
  "fwhm_z": 1.713674974464253,
  "gcor": 0.0203001,
  "gsr_x": 0.01278800331056118,
  "gsr_y": 0.024758070707321167,
  "provenance": {
    "md5sum": "f80404d646c019d7ddd936999c2aae63",
    "settings": {
      "fd_thres": 0.2,
      "testing": false
    },
    "software": "mriqc",
    "version": "22.0.6",
    "webapi_port": null,
    "webapi_url": "https://mriqc.nimh.nih.gov/api/v1"
  },
  "size_t": 728,
  "size_x": 64,
  "size_y": 64,
  "size_z": 40,
  "snr": 4.133597497775878,
  "spacing_tr": 0.9100000262260437,
  "spacing_x": 3.21875,
  "spacing_y": 3.21875,
  "spacing_z": 3.200000047683716,
  "summary_bg_k": 43.42646836492876,
  "summary_bg_mad": 74.44272149189663,
  "summary_bg_mean": 200.537109375,
  "summary_bg_median": 78.21566009521484,
  "summary_bg_n": 97730.0,
  "summary_bg_p05": 17.819917678833008,
  "summary_bg_p95": 886.7927947998047,
  "summary_bg_stdv": 328.23248291015625,
  "summary_fg_k": 4.95157146143301,
  "summary_fg_mad": 688.25536825622,
  "summary_fg_mean": 3529.634521484375,
  "summary_fg_median": 3415.482177734375,
  "summary_fg_n": 31565.0,
  "summary_fg_p05": 2489.164453125,
  "summary_fg_p95": 4860.135253906249,
  "summary_fg_stdv": 826.2604370117188,
  "tsnr": 25.929450290626846
}