{
  "aor": 0.0012886827956989247,
  "aqi": 0.00631434505376344,
  "bids_meta": {
    "AcquisitionMatrixPE": 64,
    "AcquisitionNumber": 1,
    "AcquisitionTime": "09:54:24.285000",
    "BandwidthPerPixelPhaseEncode": 62.5,
    "BaseResolution": 64,
    "BodyPartExamined": "BRAIN",
    "ConsistencyInfo": "N4_VE11C_LATEST_20160120",
    "ConversionSoftware": "dcm2niix",
    "ConversionSoftwareVersion": "v1.0.20210317",
    "DerivedVendorReportedEchoSpacing": 0.0005,
    "DeviceSerialNumber": "45193",
    "DwellTime": 3.1e-06,
    "EchoNumber": 1,
    "EchoTime": 0.0126,
    "EchoTrainLength": 31,
    "EffectiveEchoSpacing": 0.00025,
    "FlipAngle": 56,
    "ImageComments": "Unaliased MB4/PE4/LB",
    "ImageOrientationPatientDICOM": [
      0.997952,
      0.00343374,
      0.0638772,
      3.5086e-11,
      0.998558,
      -0.0536778
    ],
    "ImageType": [
      "ORIGINAL",
      "PRIMARY",
      "M",
      "MB",
      "TE1",
      "ND",
      "NORM",
      "MOSAIC"
    ],
    "ImagingFrequency": 123.247,
    "InPlanePhaseEncodingDirectionDICOM": "ROW",
    "InstitutionAddress": "Blackburn Road 770,Clayton,Victoria,AU,3800",
    "InstitutionName": "Monash Biomedical Imaging",
    "InstitutionalDepartmentName": "Department",
    "MRAcquisitionType": "2D",
    "MagneticFieldStrength": 3,
    "Manufacturer": "Siemens",
    "ManufacturersModelName": "Skyra",
    "Modality": "MR",
    "MultibandAccelerationFactor": 4,
    "ParallelReductionFactorInPlane": 2,
    "PartialFourier": 1,
    "PatientPosition": "HFS",
    "PercentPhaseFOV": 100,
    "PercentSampling": 100,
    "PhaseEncodingDirection": "i",
    "PhaseEncodingSteps": 63,
    "PhaseResolution": 1,
    "PixelBandwidth": 2520,
    "ProcedureStepDescription": "MR Scan",
    "ProtocolName": "Movie_R-L_mmb_4_4_cmrr_mbep2d_bold_TE_12.6_29.23_45.86_62.49",
    "PulseSequenceDetails": "%CustomerSeq%\\cmrr_mbep2d_bold",
    "ReceiveCoilActiveElements": "HEA;HEP",
    "ReceiveCoilName": "Head_32",
    "ReconMatrixPE": 64,
    "RefLinesPE": 24,
    "RepetitionTime": 0.91,
    "SAR": 0.107296,
    "ScanOptions": "FS",
    "ScanningSequence": "EP",
    "SequenceName": "epfid2d4_64",
    "SequenceVariant": "SK\\SS",
    "SeriesDescription": "Movie_R-L_mmb_4_4_cmrr_mbep2d_bold_TE_12.6_29.23_45.86_62.49",
    "SeriesNumber": 12,
    "ShimSetting": [
      -4057,
      15200,
      -15124,
      300,
      89,
      -288,
      32,
      184
    ],
    "SliceThickness": 3.2,
    "SliceTiming": [
      0,
      0.6225,
      0.355,
      0.09,
      0.7125,
      0.445,
      0.1775,
      0.8,
      0.535,
      0.2675,
      0,
      0.6225,
      0.355,
      0.09,
      0.7125,
      0.445,
      0.1775,
      0.8,
      0.535,
      0.2675,
      0,
      0.6225,
      0.355,
      0.09,
      0.7125,
      0.445,
      0.1775,
      0.8,
      0.535,
      0.2675,
      0,
      0.6225,
      0.355,
      0.09,
      0.7125,
      0.445,
      0.1775,
      0.8,
      0.535,
      0.2675
    ],
    "SoftwareVersions": "syngo MR E11",
    "SpacingBetweenSlices": 3.2,
    "StationName": "AWP45193",
    "TaskName": "movie",
    "TotalReadoutTime": 0.01575,
    "TxRefAmp": 374.15,
    "WipMemBlock": "032930e0-1ac8-4553-8656-a35dcdc7ba27||Sequence: R016 ve11c/master r/e634e98; Dec 19 2017 11:00:25 by eja",
    "dataset": "<unset>",
    "modality": "bold",
    "run_id": 1,
    "session_id": "01",
    "subject_id": "PC007",
    "task_id": "movie"
  },
  "dummy_trs": 0,
  "dvars_nstd": 27.64938658870619,
  "dvars_std": 1.0999078949326138,
  "dvars_vstd": 1.0027906524797847,
  "efc": 0.6114477398897805,
  "fber": 1348.416015625,
  "fd_mean": 0.10873663088455733,
  "fd_num": 28,
  "fd_perc": 7.526881720430108,
  "fwhm_avg": 2.3660487801895815,
  "fwhm_x": 2.115193786407767,
  "fwhm_y": 2.5094244660194174,
  "fwhm_z": 2.4735280881415593,
  "gcor": 0.0351944,
  "gsr_x": 0.027309849858283997,
  "gsr_y": 0.06135243922472,
  "provenance": {
    "md5sum": "b6e78bb087ab7139e21ed9abb70d111d",
    "settings": {
      "fd_thres": 0.2,
      "testing": false
    },
    "software": "mriqc",
    "version": "22.0.6",
    "webapi_port": null,
    "webapi_url": "https://mriqc.nimh.nih.gov/api/v1"
  },
  "size_t": 372,
  "size_x": 64,
  "size_y": 64,
  "size_z": 40,
  "snr": 6.641838206262277,
  "spacing_tr": 0.9100000262260437,
  "spacing_x": 3.21875,
  "spacing_y": 3.21875,
  "spacing_z": 3.200000047683716,
  "summary_bg_k": 3.891741094732817,
  "summary_bg_mad": 162.56015563739126,
  "summary_bg_mean": 765.1799926757812,
  "summary_bg_median": 156.98387145996094,
  "summary_bg_n": 89738.0,
  "summary_bg_p05": 25.953898429870605,
  "summary_bg_p95": 4154.157812499998,
  "summary_bg_stdv": 1321.6451416015625,
  "summary_fg_k": 1.5991515697864331,
  "summary_fg_mad": 871.8417732408799,
  "summary_fg_mean": 6030.056640625,
  "summary_fg_median": 5973.6318359375,
  "summary_fg_n": 36077.0,
  "summary_fg_p05": 4728.394140625,
  "summary_fg_p95": 7541.674707031248,
  "summary_fg_stdv": 899.3818969726562,
  "tsnr": 50.83755086665042
}