{
  "aor": 0.0006652972972972974,
  "aqi": 0.0071220655945945935,
  "bids_meta": {
    "AcquisitionMatrixPE": 64,
    "AcquisitionNumber": 1,
    "AcquisitionTime": "10:10:41.357500",
    "BandwidthPerPixelPhaseEncode": 62.5,
    "BaseResolution": 64,
    "BodyPartExamined": "BRAIN",
    "ConsistencyInfo": "N4_VE11C_LATEST_20160120",
    "ConversionSoftware": "dcm2niix",
    "ConversionSoftwareVersion": "v1.0.20210317",
    "DerivedVendorReportedEchoSpacing": 0.0005,
    "DeviceSerialNumber": "45193",
    "DwellTime": 3.1e-06,
    "EchoNumber": 2,
    "EchoTime": 0.02923,
    "EchoTrainLength": 31,
    "EffectiveEchoSpacing": 0.00025,
    "FlipAngle": 56,
    "ImageComments": "Unaliased MB4/PE4/LB",
    "ImageOrientationPatientDICOM": [
      0.998342,
      0.0575317,
      0.00192806,
      -0.057564,
      0.997782,
      0.0334387
    ],
    "ImageType": [
      "ORIGINAL",
      "PRIMARY",
      "M",
      "MB",
      "TE2",
      "ND",
      "NORM",
      "MOSAIC"
    ],
    "ImagingFrequency": 123.247,
    "InPlanePhaseEncodingDirectionDICOM": "ROW",
    "InstitutionAddress": "Blackburn Road 770,Clayton,Victoria,AU,3800",
    "InstitutionName": "Monash Biomedical Imaging",
    "InstitutionalDepartmentName": "Department",
    "MRAcquisitionType": "2D",
    "MagneticFieldStrength": 3,
    "Manufacturer": "Siemens",
    "ManufacturersModelName": "Skyra",
    "Modality": "MR",
    "MultibandAccelerationFactor": 4,
    "ParallelReductionFactorInPlane": 2,
    "PartialFourier": 1,
    "PatientPosition": "HFS",
    "PercentPhaseFOV": 100,
    "PercentSampling": 100,
    "PhaseEncodingDirection": "i",
    "PhaseEncodingSteps": 63,
    "PhaseResolution": 1,
    "PixelBandwidth": 2520,
    "ProcedureStepDescription": "MR Scan",
    "ProtocolName": "Movie_R-L_mmb_4_4_cmrr_mbep2d_bold_TE_12.6_29.23_45.86_62.49",
    "PulseSequenceDetails": "%CustomerSeq%\\cmrr_mbep2d_bold",
    "ReceiveCoilActiveElements": "HEA;HEP",
    "ReceiveCoilName": "Head_32",
    "ReconMatrixPE": 64,
    "RefLinesPE": 24,
    "RepetitionTime": 0.91,
    "SAR": 0.0892707,
    "ScanOptions": "FS",
    "ScanningSequence": "EP",
    "SequenceName": "epfid2d4_64",
    "SequenceVariant": "SK\\SS",
    "SeriesDescription": "Movie_R-L_mmb_4_4_cmrr_mbep2d_bold_TE_12.6_29.23_45.86_62.49",
    "SeriesNumber": 12,
    "ShimSetting": [
      -4099,
      15350,
      -15090,
      583,
      166,
      375,
      255,
      164
    ],
    "SliceThickness": 3.2,
    "SliceTiming": [
      0,
      0.6225,
      0.355,
      0.0875,
      0.71,
      0.4425,
      0.1775,
      0.8,
      0.5325,
      0.265,
      0,
      0.6225,
      0.355,
      0.0875,
      0.71,
      0.4425,
      0.1775,
      0.8,
      0.5325,
      0.265,
      0,
      0.6225,
      0.355,
      0.0875,
      0.71,
      0.4425,
      0.1775,
      0.8,
      0.5325,
      0.265,
      0,
      0.6225,
      0.355,
      0.0875,
      0.71,
      0.4425,
      0.1775,
      0.8,
      0.5325,
      0.265
    ],
    "SoftwareVersions": "syngo MR E11",
    "SpacingBetweenSlices": 3.2,
    "StationName": "AWP45193",
    "TaskName": "movie",
    "TotalReadoutTime": 0.01575,
    "TxRefAmp": 364.849,
    "WipMemBlock": "37ae4626-b832-4089-bd33-5b49e2458978||Sequence: R016 ve11c/master r/e634e98; Dec 19 2017 11:00:25 by eja",
    "dataset": "<unset>",
    "modality": "bold",
    "run_id": 1,
    "session_id": "01",
    "subject_id": "PC005",
    "task_id": "movie"
  },
  "dummy_trs": 2,
  "dvars_nstd": 29.145531119132805,
  "dvars_std": 1.1064032261246608,
  "dvars_vstd": 1.0067451170460704,
  "efc": 0.4892518504735306,
  "fber": 3559.03076171875,
  "fd_mean": 0.11929240048927153,
  "fd_num": 8,
  "fd_perc": 2.1621621621621623,
  "fwhm_avg": 1.7953406065086426,
  "fwhm_x": 1.7793677669902912,
  "fwhm_y": 1.7886601941747573,
  "fwhm_z": 1.8179938583608783,
  "gcor": 0.00779294,
  "gsr_x": 0.009659805335104465,
  "gsr_y": 0.009967542253434658,
  "provenance": {
    "md5sum": "b071d3fa59b20e7d0ec374d4fa5eaff7",
    "settings": {
      "fd_thres": 0.2,
      "testing": false
    },
    "software": "mriqc",
    "version": "22.0.6",
    "webapi_port": null,
    "webapi_url": "https://mriqc.nimh.nih.gov/api/v1"
  },
  "size_t": 370,
  "size_x": 64,
  "size_y": 64,
  "size_z": 40,
  "snr": 5.125919599909127,
  "spacing_tr": 0.9100000262260437,
  "spacing_x": 3.21875,
  "spacing_y": 3.21875,
  "spacing_z": 3.1999998092651367,
  "summary_bg_k": 37.85400591072974,
  "summary_bg_mad": 61.91467364368262,
  "summary_bg_mean": 165.37905883789062,
  "summary_bg_median": 65.86351776123047,
  "summary_bg_n": 102284.0,
  "summary_bg_p05": 16.348649978637695,
  "summary_bg_p95": 621.4016571044914,
  "summary_bg_stdv": 306.31549072265625,
  "summary_fg_k": 1.5119078125993166,
  "summary_fg_mad": 682.8823830678662,
  "summary_fg_mean": 3970.090576171875,
  "summary_fg_median": 3856.873046875,
  "summary_fg_n": 27921.0,
  "summary_fg_p05": 2972.743408203125,
  "summary_fg_p95": 5342.0,
  "summary_fg_stdv": 752.412109375,
  "tsnr": 51.66885341517627
}