{
  "aor": 0.0002192452830188679,
  "aqi": 0.014673799730458221,
  "bids_meta": {
    "AcquisitionMatrixPE": 64,
    "AcquisitionNumber": 1,
    "AcquisitionTime": "15:50:32.962500",
    "BandwidthPerPixelPhaseEncode": 62.5,
    "BaseResolution": 64,
    "BodyPartExamined": "BRAIN",
    "ConsistencyInfo": "N4_VE11C_LATEST_20160120",
    "ConversionSoftware": "dcm2niix",
    "ConversionSoftwareVersion": "v1.0.20210317",
    "DerivedVendorReportedEchoSpacing": 0.0005,
    "DeviceSerialNumber": "45193",
    "DwellTime": 3.1e-06,
    "EchoNumber": 4,
    "EchoTime": 0.06249,
    "EchoTrainLength": 31,
    "EffectiveEchoSpacing": 0.00025,
    "FlipAngle": 56,
    "ImageComments": "Unaliased MB4/PE4/LB",
    "ImageOrientationPatientDICOM": [
      1,
      -9.22487e-05,
      -0.000387804,
      -2.849e-12,
      0.972855,
      -0.231417
    ],
    "ImageType": [
      "ORIGINAL",
      "PRIMARY",
      "M",
      "MB",
      "TE4",
      "ND",
      "NORM",
      "MOSAIC"
    ],
    "ImagingFrequency": 123.252,
    "InPlanePhaseEncodingDirectionDICOM": "ROW",
    "InstitutionAddress": "Blackburn Road 770,Clayton,Victoria,AU,3800",
    "InstitutionName": "Monash Biomedical Imaging",
    "InstitutionalDepartmentName": "Department",
    "MRAcquisitionType": "2D",
    "MagneticFieldStrength": 3,
    "Manufacturer": "Siemens",
    "ManufacturersModelName": "Skyra",
    "Modality": "MR",
    "MultibandAccelerationFactor": 4,
    "ParallelReductionFactorInPlane": 2,
    "PartialFourier": 1,
    "PatientPosition": "HFS",
    "PercentPhaseFOV": 100,
    "PercentSampling": 100,
    "PhaseEncodingDirection": "i",
    "PhaseEncodingSteps": 63,
    "PhaseResolution": 1,
    "PixelBandwidth": 2520,
    "ProcedureStepDescription": "MR Scan",
    "ProtocolName": "Movie_R-L_mmb_4_4_cmrr_mbep2d_bold_TE_12.6_29.23_45.86_62.49",
    "PulseSequenceDetails": "%CustomerSeq%\\cmrr_mbep2d_bold",
    "ReceiveCoilActiveElements": "HEA;HEP",
    "ReceiveCoilName": "Head_32",
    "ReconMatrixPE": 64,
    "RefLinesPE": 24,
    "RepetitionTime": 0.91,
    "SAR": 0.080666,
    "ScanOptions": "FS",
    "ScanningSequence": "EP",
    "SequenceName": "epfid2d4_64",
    "SequenceVariant": "SK\\SS",
    "SeriesDescription": "Movie_R-L_mmb_4_4_cmrr_mbep2d_bold_TE_12.6_29.23_45.86_62.49",
    "SeriesNumber": 8,
    "ShimSetting": [
      -4108,
      15506,
      -15216,
      289,
      134,
      -367,
      -390,
      25
    ],
    "SliceThickness": 3.2,
    "SliceTiming": [
      0,
      0.6225,
      0.355,
      0.0875,
      0.7125,
      0.445,
      0.1775,
      0.8,
      0.5325,
      0.2675,
      0,
      0.6225,
      0.355,
      0.0875,
      0.7125,
      0.445,
      0.1775,
      0.8,
      0.5325,
      0.2675,
      0,
      0.6225,
      0.355,
      0.0875,
      0.7125,
      0.445,
      0.1775,
      0.8,
      0.5325,
      0.2675,
      0,
      0.6225,
      0.355,
      0.0875,
      0.7125,
      0.445,
      0.1775,
      0.8,
      0.5325,
      0.2675
    ],
    "SoftwareVersions": "syngo MR E11",
    "SpacingBetweenSlices": 3.2,
    "StationName": "AWP45193",
    "TaskName": "movie",
    "TotalReadoutTime": 0.01575,
    "TxRefAmp": 367.129,
    "WipMemBlock": "22436335-8e2b-4df9-9f16-f3f1253b6a1f||Sequence: R016 ve11c/master r/e634e98; Dec 19 2017 11:00:25 by eja",
    "dataset": "<unset>",
    "modality": "bold",
    "run_id": 1,
    "session_id": "02",
    "subject_id": "PC208",
    "task_id": "movie"
  },
  "dummy_trs": 1,
  "dvars_nstd": 48.32923344808111,
  "dvars_std": 1.0800989717567568,
  "dvars_vstd": 0.994387367675676,
  "efc": 0.4643691859380309,
  "fber": 2408.188720703125,
  "fd_mean": 0.08235163061499076,
  "fd_num": 7,
  "fd_perc": 1.8867924528301887,
  "fwhm_avg": 1.5616603097623492,
  "fwhm_x": 1.4938003883495143,
  "fwhm_y": 1.6219836893203885,
  "fwhm_z": 1.5691968516171446,
  "gcor": 0.00689917,
  "gsr_x": -0.006379462778568268,
  "gsr_y": 0.022236870601773262,
  "provenance": {
    "md5sum": "e10535ed5d935573dd7402a29cb6d91f",
    "settings": {
      "fd_thres": 0.2,
      "testing": false
    },
    "software": "mriqc",
    "version": "22.0.6",
    "webapi_port": null,
    "webapi_url": "https://mriqc.nimh.nih.gov/api/v1"
  },
  "size_t": 371,
  "size_x": 64,
  "size_y": 64,
  "size_z": 40,
  "snr": 3.2482997402327896,
  "spacing_tr": 0.9100000262260437,
  "spacing_x": 3.21875,
  "spacing_y": 3.21875,
  "spacing_z": 3.200000047683716,
  "summary_bg_k": 172.07030791594227,
  "summary_bg_mad": 26.055434315287023,
  "summary_bg_mean": 74.90995025634766,
  "summary_bg_median": 43.32614517211914,
  "summary_bg_n": 104583.0,
  "summary_bg_p05": 18.501616287231446,
  "summary_bg_p95": 239.07573089599595,
  "summary_bg_stdv": 112.35447692871094,
  "summary_fg_k": 11.613529531049547,
  "summary_fg_mad": 435.21967296130913,
  "summary_fg_mean": 2241.0478515625,
  "summary_fg_median": 2127.19677734375,
  "summary_fg_n": 26048.0,
  "summary_fg_p05": 1526.6498107910156,
  "summary_fg_p95": 3287.132922363278,
  "summary_fg_stdv": 654.8521118164062,
  "tsnr": 30.129617851926014
}