{
  "aor": 0.0002035054347826087,
  "aqi": 0.006740384347826087,
  "bids_meta": {
    "AcquisitionMatrixPE": 64,
    "AcquisitionNumber": 1,
    "AcquisitionTime": "15:50:32.912500",
    "BandwidthPerPixelPhaseEncode": 62.5,
    "BaseResolution": 64,
    "BodyPartExamined": "BRAIN",
    "ConsistencyInfo": "N4_VE11C_LATEST_20160120",
    "ConversionSoftware": "dcm2niix",
    "ConversionSoftwareVersion": "v1.0.20210317",
    "DerivedVendorReportedEchoSpacing": 0.0005,
    "DeviceSerialNumber": "45193",
    "DwellTime": 3.1e-06,
    "EchoNumber": 1,
    "EchoTime": 0.0126,
    "EchoTrainLength": 31,
    "EffectiveEchoSpacing": 0.00025,
    "FlipAngle": 56,
    "ImageComments": "Unaliased MB4/PE4/LB",
    "ImageOrientationPatientDICOM": [
      1,
      -9.22487e-05,
      -0.000387804,
      -2.849e-12,
      0.972855,
      -0.231417
    ],
    "ImageType": [
      "ORIGINAL",
      "PRIMARY",
      "M",
      "MB",
      "TE1",
      "ND",
      "NORM",
      "MOSAIC"
    ],
    "ImagingFrequency": 123.252,
    "InPlanePhaseEncodingDirectionDICOM": "ROW",
    "InstitutionAddress": "Blackburn Road 770,Clayton,Victoria,AU,3800",
    "InstitutionName": "Monash Biomedical Imaging",
    "InstitutionalDepartmentName": "Department",
    "MRAcquisitionType": "2D",
    "MagneticFieldStrength": 3,
    "Manufacturer": "Siemens",
    "ManufacturersModelName": "Skyra",
    "Modality": "MR",
    "MultibandAccelerationFactor": 4,
    "ParallelReductionFactorInPlane": 2,
    "PartialFourier": 1,
    "PatientPosition": "HFS",
    "PercentPhaseFOV": 100,
    "PercentSampling": 100,
    "PhaseEncodingDirection": "i",
    "PhaseEncodingSteps": 63,
    "PhaseResolution": 1,
    "PixelBandwidth": 2520,
    "ProcedureStepDescription": "MR Scan",
    "ProtocolName": "Movie_R-L_mmb_4_4_cmrr_mbep2d_bold_TE_12.6_29.23_45.86_62.49",
    "PulseSequenceDetails": "%CustomerSeq%\\cmrr_mbep2d_bold",
    "ReceiveCoilActiveElements": "HEA;HEP",
    "ReceiveCoilName": "Head_32",
    "ReconMatrixPE": 64,
    "RefLinesPE": 24,
    "RepetitionTime": 0.91,
    "SAR": 0.080666,
    "ScanOptions": "FS",
    "ScanningSequence": "EP",
    "SequenceName": "epfid2d4_64",
    "SequenceVariant": "SK\\SS",
    "SeriesDescription": "Movie_R-L_mmb_4_4_cmrr_mbep2d_bold_TE_12.6_29.23_45.86_62.49",
    "SeriesNumber": 8,
    "ShimSetting": [
      -4108,
      15506,
      -15216,
      289,
      134,
      -367,
      -390,
      25
    ],
    "SliceThickness": 3.2,
    "SliceTiming": [
      0,
      0.6225,
      0.355,
      0.0875,
      0.7125,
      0.445,
      0.1775,
      0.8,
      0.5325,
      0.2675,
      0,
      0.6225,
      0.355,
      0.0875,
      0.7125,
      0.445,
      0.1775,
      0.8,
      0.5325,
      0.2675,
      0,
      0.6225,
      0.355,
      0.0875,
      0.7125,
      0.445,
      0.1775,
      0.8,
      0.5325,
      0.2675,
      0,
      0.6225,
      0.355,
      0.0875,
      0.7125,
      0.445,
      0.1775,
      0.8,
      0.5325,
      0.2675
    ],
    "SoftwareVersions": "syngo MR E11",
    "SpacingBetweenSlices": 3.2,
    "StationName": "AWP45193",
    "TaskName": "movie",
    "TotalReadoutTime": 0.01575,
    "TxRefAmp": 367.129,
    "WipMemBlock": "22436335-8e2b-4df9-9f16-f3f1253b6a1f||Sequence: R016 ve11c/master r/e634e98; Dec 19 2017 11:00:25 by eja",
    "dataset": "<unset>",
    "modality": "bold",
    "run_id": 1,
    "session_id": "02",
    "subject_id": "PC208",
    "task_id": "movie"
  },
  "dummy_trs": 4,
  "dvars_nstd": 23.269406648501338,
  "dvars_std": 1.0954015699182567,
  "dvars_vstd": 0.9951579453406004,
  "efc": 0.5781262098719088,
  "fber": 1841.62109375,
  "fd_mean": 0.08193582470938438,
  "fd_num": 5,
  "fd_perc": 1.358695652173913,
  "fwhm_avg": 2.0046331994108564,
  "fwhm_x": 1.849046990291262,
  "fwhm_y": 2.042749514563107,
  "fwhm_z": 2.1221030933782,
  "gcor": 0.00274844,
  "gsr_x": 0.0016675996594130993,
  "gsr_y": 0.04456980898976326,
  "provenance": {
    "md5sum": "9f53819c41b6119989c2ee6778517842",
    "settings": {
      "fd_thres": 0.2,
      "testing": false
    },
    "software": "mriqc",
    "version": "22.0.6",
    "webapi_port": null,
    "webapi_url": "https://mriqc.nimh.nih.gov/api/v1"
  },
  "size_t": 368,
  "size_x": 64,
  "size_y": 64,
  "size_z": 40,
  "snr": 7.32897997435106,
  "spacing_tr": 0.9100000262260437,
  "spacing_x": 3.21875,
  "spacing_y": 3.21875,
  "spacing_z": 3.200000047683716,
  "summary_bg_k": 10.293616855004498,
  "summary_bg_mad": 151.7793886979191,
  "summary_bg_mean": 533.422119140625,
  "summary_bg_median": 135.7567901611328,
  "summary_bg_n": 96112.0,
  "summary_bg_p05": 24.904891967773438,
  "summary_bg_p95": 2407.031164550781,
  "summary_bg_stdv": 885.02099609375,
  "summary_fg_k": 0.42745599628811837,
  "summary_fg_mad": 748.2870034952712,
  "summary_fg_mean": 5803.84814453125,
  "summary_fg_median": 5712.3291015625,
  "summary_fg_n": 33859.0,
  "summary_fg_p05": 4674.804833984375,
  "summary_fg_p95": 7222.369677734375,
  "summary_fg_stdv": 779.4051513671875,
  "tsnr": 66.61824144935235
}