{
  "aor": 0.0009242837465564739,
  "aqi": 0.02459119049586777,
  "bids_meta": {
    "AcquisitionMatrixPE": 64,
    "AcquisitionNumber": 1,
    "AcquisitionTime": "15:38:43.912500",
    "BandwidthPerPixelPhaseEncode": 62.5,
    "BaseResolution": 64,
    "BodyPartExamined": "BRAIN",
    "ConsistencyInfo": "N4_VE11C_LATEST_20160120",
    "ConversionSoftware": "dcm2niix",
    "ConversionSoftwareVersion": "v1.0.20210317",
    "DerivedVendorReportedEchoSpacing": 0.0005,
    "DeviceSerialNumber": "45193",
    "DwellTime": 3.1e-06,
    "EchoNumber": 4,
    "EchoTime": 0.06249,
    "EchoTrainLength": 31,
    "EffectiveEchoSpacing": 0.00025,
    "FlipAngle": 56,
    "ImageComments": "Unaliased MB4/PE4/LB",
    "ImageOrientationPatientDICOM": [
      1,
      -9.22487e-05,
      -0.000387804,
      7.65e-13,
      0.972855,
      -0.231417
    ],
    "ImageType": [
      "ORIGINAL",
      "PRIMARY",
      "M",
      "MB",
      "TE4",
      "ND",
      "NORM",
      "MOSAIC"
    ],
    "ImagingFrequency": 123.252,
    "InPlanePhaseEncodingDirectionDICOM": "ROW",
    "InstitutionAddress": "Blackburn Road 770,Clayton,Victoria,AU,3800",
    "InstitutionName": "Monash Biomedical Imaging",
    "InstitutionalDepartmentName": "Department",
    "MRAcquisitionType": "2D",
    "MagneticFieldStrength": 3,
    "Manufacturer": "Siemens",
    "ManufacturersModelName": "Skyra",
    "Modality": "MR",
    "MultibandAccelerationFactor": 4,
    "ParallelReductionFactorInPlane": 2,
    "PartialFourier": 1,
    "PatientPosition": "HFS",
    "PercentPhaseFOV": 100,
    "PercentSampling": 100,
    "PhaseEncodingDirection": "i",
    "PhaseEncodingSteps": 63,
    "PhaseResolution": 1,
    "PixelBandwidth": 2520,
    "ProcedureStepDescription": "MR Scan",
    "ProtocolName": "Music_R-L_mmb_4_4_cmrr_mbep2d_bold_TE_12.6_29.23_45.86_62.49",
    "PulseSequenceDetails": "%CustomerSeq%\\cmrr_mbep2d_bold",
    "ReceiveCoilActiveElements": "HEA;HEP",
    "ReceiveCoilName": "Head_32",
    "ReconMatrixPE": 64,
    "RefLinesPE": 24,
    "RepetitionTime": 0.91,
    "SAR": 0.0815436,
    "ScanOptions": "FS",
    "ScanningSequence": "EP",
    "SequenceName": "epfid2d4_64",
    "SequenceVariant": "SK\\SS",
    "SeriesDescription": "Music_R-L_mmb_4_4_cmrr_mbep2d_bold_TE_12.6_29.23_45.86_62.49",
    "SeriesNumber": 7,
    "ShimSetting": [
      -4108,
      15506,
      -15216,
      289,
      134,
      -367,
      -390,
      25
    ],
    "SliceThickness": 3.2,
    "SliceTiming": [
      0,
      0.6225,
      0.3575,
      0.09,
      0.7125,
      0.445,
      0.1775,
      0.8025,
      0.535,
      0.2675,
      0,
      0.6225,
      0.3575,
      0.09,
      0.7125,
      0.445,
      0.1775,
      0.8025,
      0.535,
      0.2675,
      0,
      0.6225,
      0.3575,
      0.09,
      0.7125,
      0.445,
      0.1775,
      0.8025,
      0.535,
      0.2675,
      0,
      0.6225,
      0.3575,
      0.09,
      0.7125,
      0.445,
      0.1775,
      0.8025,
      0.535,
      0.2675
    ],
    "SoftwareVersions": "syngo MR E11",
    "SpacingBetweenSlices": 3.2,
    "StationName": "AWP45193",
    "TaskName": "music",
    "TotalReadoutTime": 0.01575,
    "TxRefAmp": 367.129,
    "WipMemBlock": "213f834e-c3ca-4d2c-8a16-27fdc9ccc439||Sequence: R016 ve11c/master r/e634e98; Dec 19 2017 11:00:25 by eja",
    "dataset": "<unset>",
    "modality": "bold",
    "run_id": 1,
    "session_id": "02",
    "subject_id": "PC208",
    "task_id": "music"
  },
  "dummy_trs": 2,
  "dvars_nstd": 48.944823897889584,
  "dvars_std": 1.0560271826620677,
  "dvars_vstd": 0.9828841652551722,
  "efc": 0.4661229982670836,
  "fber": 2200.437744140625,
  "fd_mean": 0.10803668297064684,
  "fd_num": 43,
  "fd_perc": 5.922865013774104,
  "fwhm_avg": 1.5746786733987788,
  "fwhm_x": 1.5008932038834952,
  "fwhm_y": 1.6465553398058252,
  "fwhm_z": 1.5765874765070158,
  "gcor": 0.00273021,
  "gsr_x": -0.006558442022651434,
  "gsr_y": 0.02341390959918499,
  "provenance": {
    "md5sum": "5bae09d93448c4c676ddde2ae4c7efb1",
    "settings": {
      "fd_thres": 0.2,
      "testing": false
    },
    "software": "mriqc",
    "version": "22.0.6",
    "webapi_port": null,
    "webapi_url": "https://mriqc.nimh.nih.gov/api/v1"
  },
  "size_t": 726,
  "size_x": 64,
  "size_y": 64,
  "size_z": 40,
  "snr": 3.2236217893686847,
  "spacing_tr": 0.9100000262260437,
  "spacing_x": 3.21875,
  "spacing_y": 3.21875,
  "spacing_z": 3.200000047683716,
  "summary_bg_k": 289.71776593238064,
  "summary_bg_mad": 28.100007385078904,
  "summary_bg_mean": 76.67961883544922,
  "summary_bg_median": 45.05509567260742,
  "summary_bg_n": 104498.0,
  "summary_bg_p05": 17.773691940307618,
  "summary_bg_p95": 240.46673965454087,
  "summary_bg_stdv": 115.56092071533203,
  "summary_fg_k": 11.722745683951059,
  "summary_fg_mad": 425.84174337679923,
  "summary_fg_mean": 2228.39404296875,
  "summary_fg_median": 2111.4951171875,
  "summary_fg_n": 26034.0,
  "summary_fg_p05": 1520.03203125,
  "summary_fg_p95": 3265.009814453125,
  "summary_fg_stdv": 654.9945068359375,
  "tsnr": 24.563120330916718
}