{
  "bids_meta": {
    "AcquisitionMatrixPE": 256,
    "AcquisitionNumber": 1,
    "AcquisitionTime": "12:56:14.942500",
    "BaseResolution": 256,
    "BodyPartExamined": "BRAIN",
    "ConsistencyInfo": "N4_VE11C_LATEST_20160120",
    "ConversionSoftware": "dcm2niix",
    "ConversionSoftwareVersion": "v1.0.20210317",
    "DeviceSerialNumber": "45193",
    "DwellTime": 2.8e-06,
    "EchoTime": 0.452,
    "EchoTrainLength": 270,
    "FlipAngle": 120,
    "ImageOrientationPatientDICOM": [
      -0.040088,
      0.999196,
      -2.02777e-08,
      -0.0452846,
      -0.00181685,
      -0.998972
    ],
    "ImageType": [
      "ORIGINAL",
      "PRIMARY",
      "M",
      "ND",
      "NORM"
    ],
    "ImagingFrequency": 123.252,
    "InPlanePhaseEncodingDirectionDICOM": "ROW",
    "InstitutionAddress": "Blackburn Road 770,Clayton,Victoria,AU,3800",
    "InstitutionName": "Monash Biomedical Imaging",
    "InstitutionalDepartmentName": "Department",
    "MRAcquisitionType": "3D",
    "MagneticFieldStrength": 3,
    "Manufacturer": "Siemens",
    "ManufacturersModelName": "Skyra",
    "Modality": "MR",
    "ParallelReductionFactorInPlane": 2,
    "PartialFourier": 1,
    "PatientPosition": "HFS",
    "PercentPhaseFOV": 100,
    "PercentSampling": 100,
    "PhaseEncodingDirection": "i",
    "PhaseEncodingSteps": 245,
    "PhaseResolution": 1,
    "PixelBandwidth": 700,
    "ProcedureStepDescription": "MR Scan",
    "ProtocolName": "t2_space_sag_p2_iso",
    "PulseSequenceDetails": "%SiemensSeq%\\tse_vfl",
    "ReceiveCoilActiveElements": "HEA;HEP",
    "ReceiveCoilName": "Head_32",
    "ReconMatrixPE": 256,
    "RefLinesPE": 24,
    "RepetitionTime": 3.2,
    "SAR": 0.213468,
    "ScanOptions": "PFP",
    "ScanningSequence": "SE",
    "SequenceName": "*spcR_282ns",
    "SequenceVariant": "SK\\SP",
    "SeriesDescription": "t2_space_sag_p2_iso",
    "SeriesNumber": 3,
    "ShimSetting": [
      -4121,
      15461,
      -15515,
      -92,
      142,
      -177,
      -175,
      57
    ],
    "SliceThickness": 1,
    "SoftwareVersions": "syngo MR E11",
    "StationName": "AWP45193",
    "TxRefAmp": 365.734,
    "dataset": "<unset>",
    "modality": "T2w",
    "run_id": 1,
    "session_id": "01",
    "subject_id": "PC232"
  },
  "cjv": 0.07566984761833034,
  "cnr": 2.9296441930345427,
  "efc": 0.5139645387158434,
  "fber": -1.0,
  "fwhm_avg": 2.7577800000000003,
  "fwhm_x": 2.78877,
  "fwhm_y": 2.91345,
  "fwhm_z": 2.57112,
  "icvs_csf": 0.22112450774472336,
  "icvs_gm": 0.07481280999440228,
  "icvs_wm": 0.7040626822608743,
  "inu_med": 0.9231059551239014,
  "inu_range": 0.15621471405029297,
  "provenance": {
    "md5sum": "7a3c47a1e71be5fb1225056f45148dc7",
    "settings": {
      "testing": false
    },
    "software": "mriqc",
    "version": "22.0.6",
    "warnings": {
      "large_rot_frame": true,
      "small_air_mask": false
    },
    "webapi_port": null,
    "webapi_url": "https://mriqc.nimh.nih.gov/api/v1"
  },
  "qi_1": 0.0012436514554275318,
  "qi_2": 0.007148177843519893,
  "rpve_csf": 21.19814313733116,
  "rpve_gm": 88.37765557651895,
  "rpve_wm": 10.125056429811936,
  "size_x": 176,
  "size_y": 256,
  "size_z": 256,
  "snr_csf": 5.86470833683169,
  "snr_gm": 3.6884506447058767,
  "snr_total": 5.812511204175837,
  "snr_wm": 7.884374630989944,
  "snrd_csf": 43.81886409957886,
  "snrd_gm": 61.19189233537649,
  "snrd_total": 39.11583437485699,
  "snrd_wm": 12.336746689615618,
  "spacing_x": 1.0,
  "spacing_y": 1.0,
  "spacing_z": 1.0,
  "summary_bg_k": 1583.4313051983838,
  "summary_bg_mad": 0.0,
  "summary_bg_mean": 3.961810504298943,
  "summary_bg_median": 0.0,
  "summary_bg_n": 545639.0,
  "summary_bg_p05": 0.0,
  "summary_bg_p95": 18.004696547985077,
  "summary_bg_stdv": 53.17837323451778,
  "summary_csf_k": 2.482310874801156,
  "summary_csf_mad": 380.8057990026427,
  "summary_csf_mean": 3390.0850385936474,
  "summary_csf_median": 3556.8408499360085,
  "summary_csf_n": 18591.0,
  "summary_csf_p05": 2105.4622559845448,
  "summary_csf_p95": 4068.670013397932,
  "summary_csf_stdv": 606.4658264459384,
  "summary_gm_k": 5.458874924857623,
  "summary_gm_mad": 181.82735407847144,
  "summary_gm_mean": 4469.312596055407,
  "summary_gm_median": 4967.034787774086,
  "summary_gm_n": 16627.0,
  "summary_gm_p05": 249.91736517548563,
  "summary_gm_p95": 5202.6353749215605,
  "summary_gm_stdv": 1346.60482067756,
  "summary_wm_k": 0.5323548078354867,
  "summary_wm_mad": 118.25225793614064,
  "summary_wm_mean": 1008.9820191507001,
  "summary_wm_median": 1001.3916490674019,
  "summary_wm_n": 386560.0,
  "summary_wm_p05": 812.5597833395004,
  "summary_wm_p95": 1233.2782239317894,
  "summary_wm_stdv": 127.0094840331711,
  "tpm_overlap_csf": 0.13769777001550648,
  "tpm_overlap_gm": 0.03761728234248204,
  "tpm_overlap_wm": 0.425834075095132,
  "wm2max": 0.19823682352738606
}