{
  "bids_meta": {
    "AcquisitionMatrixPE": 240,
    "AcquisitionNumber": 1,
    "AcquisitionTime": "12:50:46.587500",
    "BaseResolution": 256,
    "BodyPartExamined": "BRAIN",
    "ConsistencyInfo": "N4_VE11C_LATEST_20160120",
    "ConversionSoftware": "dcm2niix",
    "ConversionSoftwareVersion": "v1.0.20210317",
    "DeviceSerialNumber": "45193",
    "DwellTime": 8.5e-06,
    "EchoTime": 0.00207,
    "FlipAngle": 9,
    "ImageOrientationPatientDICOM": [
      -0.040088,
      0.999196,
      -2.02777e-08,
      -0.0452846,
      -0.00181685,
      -0.998972
    ],
    "ImageType": [
      "ORIGINAL",
      "PRIMARY",
      "M",
      "ND",
      "NORM"
    ],
    "ImagingFrequency": 123.252,
    "InPlanePhaseEncodingDirectionDICOM": "ROW",
    "InstitutionAddress": "Blackburn Road 770,Clayton,Victoria,AU,3800",
    "InstitutionName": "Monash Biomedical Imaging",
    "InstitutionalDepartmentName": "Department",
    "InversionTime": 0.9,
    "MRAcquisitionType": "3D",
    "MagneticFieldStrength": 3,
    "Manufacturer": "Siemens",
    "ManufacturersModelName": "Skyra",
    "Modality": "MR",
    "ParallelReductionFactorInPlane": 2,
    "PartialFourier": 1,
    "PatientPosition": "HFS",
    "PercentPhaseFOV": 93.75,
    "PercentSampling": 100,
    "PhaseEncodingSteps": 239,
    "PhaseResolution": 1,
    "PixelBandwidth": 230,
    "ProcedureStepDescription": "MR Scan",
    "ProtocolName": "t1_mprage_sag_p2_iso_1_ADNI",
    "PulseSequenceDetails": "%SiemensSeq%\\tfl",
    "ReceiveCoilActiveElements": "HEA;HEP",
    "ReceiveCoilName": "Head_32",
    "ReconMatrixPE": 240,
    "RefLinesPE": 32,
    "RepetitionTime": 2.3,
    "SAR": 0.0828777,
    "ScanOptions": "IR",
    "ScanningSequence": "GR\\IR",
    "SequenceName": "*tfl3d1_16ns",
    "SequenceVariant": "SK\\SP\\MP",
    "SeriesDescription": "t1_mprage_sag_p2_iso_1_ADNI",
    "SeriesNumber": 2,
    "ShimSetting": [
      -4121,
      15461,
      -15515,
      -92,
      142,
      -177,
      -175,
      57
    ],
    "SliceThickness": 1,
    "SoftwareVersions": "syngo MR E11",
    "StationName": "AWP45193",
    "TxRefAmp": 365.734,
    "dataset": "<unset>",
    "modality": "T1w",
    "run_id": 1,
    "session_id": "01",
    "subject_id": "PC232"
  },
  "cjv": 0.36340104315430694,
  "cnr": 3.6553324807115186,
  "efc": 0.47673156607101747,
  "fber": -1.0,
  "fwhm_avg": 4.011736666666667,
  "fwhm_x": 3.92484,
  "fwhm_y": 4.03759,
  "fwhm_z": 4.07278,
  "icvs_csf": 0.25356992360798813,
  "icvs_gm": 0.4132912554716434,
  "icvs_wm": 0.33313882092036845,
  "inu_med": 0.45122551918029785,
  "inu_range": 0.11822121143341058,
  "provenance": {
    "md5sum": "96e6648e2c7a1cb782d028ba1745bc40",
    "settings": {
      "testing": false
    },
    "software": "mriqc",
    "version": "22.0.6",
    "warnings": {
      "large_rot_frame": true,
      "small_air_mask": false
    },
    "webapi_port": null,
    "webapi_url": "https://mriqc.nimh.nih.gov/api/v1"
  },
  "qi_1": 0.008439175816482519,
  "qi_2": 0.03191134241813054,
  "rpve_csf": 23.209424934048435,
  "rpve_gm": 14.064192541410454,
  "rpve_wm": 20.254700459078457,
  "size_x": 192,
  "size_y": 240,
  "size_z": 256,
  "snr_csf": 2.6361621229475807,
  "snr_gm": 11.579487114951881,
  "snr_total": 13.129163023785281,
  "snr_wm": 25.171839833456378,
  "snrd_csf": 10.631668437693165,
  "snrd_gm": 32.576019067010265,
  "snrd_total": 29.40002169157186,
  "snrd_wm": 44.99237757001215,
  "spacing_x": 1.0,
  "spacing_y": 1.0,
  "spacing_z": 1.0,
  "summary_bg_k": 15813.830411978272,
  "summary_bg_mad": 0.0,
  "summary_bg_mean": 2.1056321254799157,
  "summary_bg_median": 0.0,
  "summary_bg_n": 3213547.0,
  "summary_bg_p05": 0.0,
  "summary_bg_p95": 9.463432915508747,
  "summary_bg_stdv": 14.561722589376139,
  "summary_csf_k": 1.8460325334830356,
  "summary_csf_mad": 74.23908850670536,
  "summary_csf_mean": 250.58341853698568,
  "summary_csf_median": 236.3101889193058,
  "summary_csf_n": 58402.0,
  "summary_csf_p05": 136.48475335910916,
  "summary_csf_p95": 422.22300366405386,
  "summary_csf_stdv": 89.64098365544926,
  "summary_gm_k": 0.04851139417495842,
  "summary_gm_mad": 62.14969565354921,
  "summary_gm_mean": 723.1891827245029,
  "summary_gm_median": 724.0674655232579,
  "summary_gm_n": 26870.0,
  "summary_gm_p05": 617.6038452237844,
  "summary_gm_p95": 824.446465970017,
  "summary_gm_stdv": 62.52902090401336,
  "summary_wm_k": 0.4204914396599566,
  "summary_wm_mad": 38.14118308601376,
  "summary_wm_mean": 1000.2042841138632,
  "summary_wm_median": 1000.0459763966501,
  "summary_wm_n": 174683.0,
  "summary_wm_p05": 935.2719938196242,
  "summary_wm_p95": 1065.0037149526179,
  "summary_wm_stdv": 39.728646000838516,
  "tpm_overlap_csf": 0.16280804508521798,
  "tpm_overlap_gm": 0.4582977506219582,
  "tpm_overlap_wm": 0.5071542765687923,
  "wm2max": 0.3833936566181835
}