{
  "bids_meta": {
    "AcquisitionMatrixPE": 240,
    "AcquisitionNumber": 1,
    "AcquisitionTime": "10:39:25.950000",
    "BaseResolution": 256,
    "BodyPartExamined": "BRAIN",
    "ConsistencyInfo": "N4_VE11C_LATEST_20160120",
    "ConversionSoftware": "dcm2niix",
    "ConversionSoftwareVersion": "v1.0.20210317",
    "DeviceSerialNumber": "45193",
    "DwellTime": 8.5e-06,
    "EchoTime": 0.00207,
    "FlipAngle": 9,
    "ImageOrientationPatientDICOM": [
      0.0279336,
      0.99961,
      1.31778e-08,
      0.0244128,
      -0.00068219,
      -0.999702
    ],
    "ImageType": [
      "ORIGINAL",
      "PRIMARY",
      "M",
      "ND",
      "NORM"
    ],
    "ImagingFrequency": 123.252,
    "InPlanePhaseEncodingDirectionDICOM": "ROW",
    "InstitutionAddress": "Blackburn Road 770,Clayton,Victoria,AU,3800",
    "InstitutionName": "Monash Biomedical Imaging",
    "InstitutionalDepartmentName": "Department",
    "InversionTime": 0.9,
    "MRAcquisitionType": "3D",
    "MagneticFieldStrength": 3,
    "Manufacturer": "Siemens",
    "ManufacturersModelName": "Skyra",
    "Modality": "MR",
    "ParallelReductionFactorInPlane": 2,
    "PartialFourier": 1,
    "PatientPosition": "HFS",
    "PercentPhaseFOV": 93.75,
    "PercentSampling": 100,
    "PhaseEncodingSteps": 239,
    "PhaseResolution": 1,
    "PixelBandwidth": 230,
    "ProcedureStepDescription": "MR Scan",
    "ProtocolName": "t1_mprage_sag_p2_iso_1_ADNI",
    "PulseSequenceDetails": "%SiemensSeq%\\tfl",
    "ReceiveCoilActiveElements": "HEA;HEP",
    "ReceiveCoilName": "Head_32",
    "ReconMatrixPE": 240,
    "RefLinesPE": 32,
    "RepetitionTime": 2.3,
    "SAR": 0.0870749,
    "ScanOptions": "IR",
    "ScanningSequence": "GR\\IR",
    "SequenceName": "*tfl3d1_16ns",
    "SequenceVariant": "SK\\SP\\MP",
    "SeriesDescription": "t1_mprage_sag_p2_iso_1_ADNI",
    "SeriesNumber": 3,
    "ShimSetting": [
      -4121,
      15461,
      -15515,
      -92,
      142,
      -177,
      -175,
      57
    ],
    "SliceThickness": 1,
    "SoftwareVersions": "syngo MR E11",
    "StationName": "AWP45193",
    "TxRefAmp": 351.248,
    "dataset": "<unset>",
    "modality": "T1w",
    "run_id": 1,
    "session_id": "01",
    "subject_id": "PC203"
  },
  "cjv": 0.3530888473469948,
  "cnr": 3.8709108010150675,
  "efc": 0.45102958618685113,
  "fber": 17572.6794617854,
  "fwhm_avg": 3.898786666666666,
  "fwhm_x": 3.85248,
  "fwhm_y": 3.88979,
  "fwhm_z": 3.95409,
  "icvs_csf": 0.18982008880058931,
  "icvs_gm": 0.4562997448783957,
  "icvs_wm": 0.353880166321015,
  "inu_med": 0.41333454847335815,
  "inu_range": 0.09800156950950623,
  "provenance": {
    "md5sum": "fb6f0ec3f3a35bdaffa92ab6ca685289",
    "settings": {
      "testing": false
    },
    "software": "mriqc",
    "version": "22.0.6",
    "warnings": {
      "large_rot_frame": true,
      "small_air_mask": false
    },
    "webapi_port": null,
    "webapi_url": "https://mriqc.nimh.nih.gov/api/v1"
  },
  "qi_1": 0.01784943693081745,
  "qi_2": 0.022220862805054194,
  "rpve_csf": 32.00006001598608,
  "rpve_gm": 14.597315427841954,
  "rpve_wm": 21.223772275991596,
  "size_x": 192,
  "size_y": 240,
  "size_z": 256,
  "snr_csf": 1.7888142409185535,
  "snr_gm": 11.874824136073544,
  "snr_total": 13.186779219293962,
  "snr_wm": 25.896699280889788,
  "snrd_csf": 27.777227086899767,
  "snrd_gm": 78.02602509482038,
  "snrd_total": 71.36103600726285,
  "snrd_wm": 108.27985584006845,
  "spacing_x": 1.0,
  "spacing_y": 1.0,
  "spacing_z": 1.0,
  "summary_bg_k": 9709.791815449838,
  "summary_bg_mad": 0.0,
  "summary_bg_mean": 2.278562123191409,
  "summary_bg_median": 0.0,
  "summary_bg_n": 2955480.0,
  "summary_bg_p05": 0.0,
  "summary_bg_p95": 9.612023681402206,
  "summary_bg_stdv": 6.05039957821171,
  "summary_csf_k": 4.749239107843972,
  "summary_csf_mad": 130.49205445204106,
  "summary_csf_mean": 268.2382505405295,
  "summary_csf_median": 256.5318047516048,
  "summary_csf_n": 16718.0,
  "summary_csf_p05": 49.40143262073398,
  "summary_csf_p95": 510.97954800501464,
  "summary_csf_stdv": 143.40456736399787,
  "summary_gm_k": -0.0753742888387885,
  "summary_gm_mad": 61.66713121784218,
  "summary_gm_mean": 719.8276574796428,
  "summary_gm_median": 720.59593898803,
  "summary_gm_n": 44257.0,
  "summary_gm_p05": 618.7871317952871,
  "summary_gm_p95": 818.3327434211969,
  "summary_gm_stdv": 60.68197639356039,
  "summary_wm_k": 0.4105313263859949,
  "summary_wm_mad": 36.987323451037696,
  "summary_wm_mean": 1000.3040353099782,
  "summary_wm_median": 999.9999909996986,
  "summary_wm_n": 175514.0,
  "summary_wm_p05": 937.0849269032478,
  "summary_wm_p95": 1063.7451844140887,
  "summary_wm_stdv": 38.614849381905906,
  "tpm_overlap_csf": 0.1411644243390348,
  "tpm_overlap_gm": 0.4917870489275318,
  "tpm_overlap_wm": 0.5208111977345894,
  "wm2max": 0.4037769551835662
}