{
  "aor": 0.0005455256064690028,
  "aqi": 0.00422565153638814,
  "bids_meta": {
    "AcquisitionMatrixPE": 64,
    "AcquisitionNumber": 1,
    "AcquisitionTime": "11:13:3.485000",
    "BandwidthPerPixelPhaseEncode": 62.5,
    "BaseResolution": 64,
    "BodyPartExamined": "BRAIN",
    "ConsistencyInfo": "N4_VE11C_LATEST_20160120",
    "ConversionSoftware": "dcm2niix",
    "ConversionSoftwareVersion": "v1.0.20210317",
    "DerivedVendorReportedEchoSpacing": 0.0005,
    "DeviceSerialNumber": "45193",
    "DwellTime": 3.1e-06,
    "EchoNumber": 1,
    "EchoTime": 0.0126,
    "EchoTrainLength": 31,
    "EffectiveEchoSpacing": 0.00025,
    "FlipAngle": 56,
    "ImageComments": "Unaliased MB4/PE4/LB",
    "ImageOrientationPatientDICOM": [
      0.995881,
      0.0906166,
      -0.00310771,
      -0.0906323,
      0.99587,
      -0.00533691
    ],
    "ImageType": [
      "ORIGINAL",
      "PRIMARY",
      "M",
      "MB",
      "TE1",
      "ND",
      "MOSAIC"
    ],
    "ImagingFrequency": 123.252,
    "InPlanePhaseEncodingDirectionDICOM": "ROW",
    "InstitutionAddress": "Blackburn Road 770,Clayton,Victoria,AU,3800",
    "InstitutionName": "Monash Biomedical Imaging",
    "InstitutionalDepartmentName": "Department",
    "MRAcquisitionType": "2D",
    "MagneticFieldStrength": 3,
    "Manufacturer": "Siemens",
    "ManufacturersModelName": "Skyra",
    "Modality": "MR",
    "MultibandAccelerationFactor": 4,
    "ParallelReductionFactorInPlane": 2,
    "PartialFourier": 1,
    "PatientPosition": "HFS",
    "PercentPhaseFOV": 100,
    "PercentSampling": 100,
    "PhaseEncodingDirection": "i",
    "PhaseEncodingSteps": 63,
    "PhaseResolution": 1,
    "PixelBandwidth": 2520,
    "ProcedureStepDescription": "MR Scan",
    "ProtocolName": "Movie_R-L_mmb_4_4_cmrr_mbep2d_bold_TE_12.6_29.23_45.86_62.49",
    "PulseSequenceDetails": "%CustomerSeq%\\cmrr_mbep2d_bold",
    "ReceiveCoilActiveElements": "HEA;HEP",
    "ReceiveCoilName": "Head_32",
    "ReconMatrixPE": 64,
    "RefLinesPE": 24,
    "RepetitionTime": 0.91,
    "SAR": 0.104386,
    "ScanOptions": "FS",
    "ScanningSequence": "EP",
    "SequenceName": "epfid2d4_64",
    "SequenceVariant": "SK\\SS",
    "SeriesDescription": "Movie_R-L_mmb_4_4_cmrr_mbep2d_bold_TE_12.6_29.23_45.86_62.49",
    "SeriesNumber": 9,
    "ShimSetting": [
      -4120,
      15610,
      -15163,
      708,
      61,
      6,
      -1491,
      293
    ],
    "SliceThickness": 3.2,
    "SliceTiming": [
      0,
      0.6225,
      0.3575,
      0.09,
      0.7125,
      0.445,
      0.1775,
      0.8025,
      0.535,
      0.2675,
      0,
      0.6225,
      0.3575,
      0.09,
      0.7125,
      0.445,
      0.1775,
      0.8025,
      0.535,
      0.2675,
      0,
      0.6225,
      0.3575,
      0.09,
      0.7125,
      0.445,
      0.1775,
      0.8025,
      0.535,
      0.2675,
      0,
      0.6225,
      0.3575,
      0.09,
      0.7125,
      0.445,
      0.1775,
      0.8025,
      0.535,
      0.2675
    ],
    "SoftwareVersions": "syngo MR E11",
    "SpacingBetweenSlices": 3.2,
    "StationName": "AWP45193",
    "TaskName": "movie",
    "TotalReadoutTime": 0.01575,
    "TxRefAmp": 386.176,
    "WipMemBlock": "a9bf5d8a-aa59-41fd-ae4c-ce63d6450ba5||Sequence: R016 ve11c/master r/e634e98; Dec 19 2017 11:00:25 by eja",
    "dataset": "<unset>",
    "modality": "bold",
    "run_id": 1,
    "session_id": "02",
    "subject_id": "PC230",
    "task_id": "movie"
  },
  "dummy_trs": 1,
  "dvars_nstd": 26.81402107462164,
  "dvars_std": 1.0774797538378378,
  "dvars_vstd": 0.9927525743513518,
  "efc": 0.6055455023163084,
  "fber": 468.1300964355469,
  "fd_mean": 0.1328757750057593,
  "fd_num": 75,
  "fd_perc": 20.21563342318059,
  "fwhm_avg": 2.5462027923936277,
  "fwhm_x": 1.9786500970873786,
  "fwhm_y": 2.6300458252427186,
  "fwhm_z": 3.029912454850786,
  "gcor": 0.0236806,
  "gsr_x": 0.008145044557750225,
  "gsr_y": 0.08106157928705215,
  "provenance": {
    "md5sum": "de4a7f71852338276046804473b640e6",
    "settings": {
      "fd_thres": 0.2,
      "testing": false
    },
    "software": "mriqc",
    "version": "22.0.6",
    "webapi_port": null,
    "webapi_url": "https://mriqc.nimh.nih.gov/api/v1"
  },
  "size_t": 371,
  "size_x": 64,
  "size_y": 64,
  "size_z": 40,
  "snr": 3.23175330482434,
  "spacing_tr": 0.9100000262260437,
  "spacing_x": 3.21875,
  "spacing_y": 3.21875,
  "spacing_z": 3.200000047683716,
  "summary_bg_k": 16.16033982191934,
  "summary_bg_mad": 157.09789273404027,
  "summary_bg_mean": 577.5076293945312,
  "summary_bg_median": 203.0458221435547,
  "summary_bg_n": 87924.0,
  "summary_bg_p05": 68.30538978576661,
  "summary_bg_p95": 2707.3909423828054,
  "summary_bg_stdv": 989.7568359375,
  "summary_fg_k": 0.7408154240802474,
  "summary_fg_mad": 1279.9772609113331,
  "summary_fg_mean": 4642.97998046875,
  "summary_fg_median": 4451.02685546875,
  "summary_fg_n": 38419.0,
  "summary_fg_p05": 2743.91044921875,
  "summary_fg_p95": 7148.398193359375,
  "summary_fg_stdv": 1377.2613525390625,
  "tsnr": 49.44440864189528
}