{
  "aor": 0.0028150315789473687,
  "aqi": 0.026127335157894734,
  "bids_meta": {
    "AcquisitionMatrixPE": 64,
    "AcquisitionNumber": 1,
    "AcquisitionTime": "10:57:14.340000",
    "BandwidthPerPixelPhaseEncode": 62.5,
    "BaseResolution": 64,
    "BodyPartExamined": "BRAIN",
    "ConsistencyInfo": "N4_VE11C_LATEST_20160120",
    "ConversionSoftware": "dcm2niix",
    "ConversionSoftwareVersion": "v1.0.20210317",
    "DerivedVendorReportedEchoSpacing": 0.0005,
    "DeviceSerialNumber": "45193",
    "DwellTime": 3.1e-06,
    "EchoNumber": 4,
    "EchoTime": 0.06249,
    "EchoTrainLength": 31,
    "EffectiveEchoSpacing": 0.00025,
    "FlipAngle": 56,
    "ImageComments": "Unaliased MB4/PE4/LB",
    "ImageOrientationPatientDICOM": [
      0.998537,
      0.0524769,
      -0.013065,
      -0.0540788,
      0.968958,
      -0.241239
    ],
    "ImageType": [
      "ORIGINAL",
      "PRIMARY",
      "M",
      "MB",
      "TE4",
      "ND",
      "NORM",
      "MOSAIC"
    ],
    "ImagingFrequency": 123.252,
    "InPlanePhaseEncodingDirectionDICOM": "ROW",
    "InstitutionAddress": "Blackburn Road 770,Clayton,Victoria,AU,3800",
    "InstitutionName": "Monash Biomedical Imaging",
    "InstitutionalDepartmentName": "Department",
    "MRAcquisitionType": "2D",
    "MagneticFieldStrength": 3,
    "Manufacturer": "Siemens",
    "ManufacturersModelName": "Skyra",
    "Modality": "MR",
    "MultibandAccelerationFactor": 4,
    "ParallelReductionFactorInPlane": 2,
    "PartialFourier": 1,
    "PatientPosition": "HFS",
    "PercentPhaseFOV": 100,
    "PercentSampling": 100,
    "PhaseEncodingDirection": "i",
    "PhaseEncodingSteps": 63,
    "PhaseResolution": 1,
    "PixelBandwidth": 2520,
    "ProcedureStepDescription": "MR Scan",
    "ProtocolName": "Music_R-L_mmb_4_4_cmrr_mbep2d_bold_TE_12.6_29.23_45.86_62.49",
    "PulseSequenceDetails": "%CustomerSeq%\\cmrr_mbep2d_bold",
    "ReceiveCoilActiveElements": "HEA;HEP",
    "ReceiveCoilName": "Head_32",
    "ReconMatrixPE": 64,
    "RefLinesPE": 24,
    "RepetitionTime": 0.91,
    "SAR": 0.105505,
    "ScanOptions": "FS",
    "ScanningSequence": "EP",
    "SequenceName": "epfid2d4_64",
    "SequenceVariant": "SK\\SS",
    "SeriesDescription": "Music_R-L_mmb_4_4_cmrr_mbep2d_bold_TE_12.6_29.23_45.86_62.49",
    "SeriesNumber": 7,
    "ShimSetting": [
      -4123,
      15621,
      -15135,
      761,
      88,
      74,
      -1527,
      305
    ],
    "SliceThickness": 3.2,
    "SliceTiming": [
      0,
      0.6225,
      0.355,
      0.0875,
      0.71,
      0.445,
      0.1775,
      0.8,
      0.5325,
      0.2675,
      0,
      0.6225,
      0.355,
      0.0875,
      0.71,
      0.445,
      0.1775,
      0.8,
      0.5325,
      0.2675,
      0,
      0.6225,
      0.355,
      0.0875,
      0.71,
      0.445,
      0.1775,
      0.8,
      0.5325,
      0.2675,
      0,
      0.6225,
      0.355,
      0.0875,
      0.71,
      0.445,
      0.1775,
      0.8,
      0.5325,
      0.2675
    ],
    "SoftwareVersions": "syngo MR E11",
    "SpacingBetweenSlices": 3.2,
    "StationName": "AWP45193",
    "TaskName": "music",
    "TotalReadoutTime": 0.01575,
    "TxRefAmp": 386.176,
    "WipMemBlock": "050828e7-90be-430a-8b3e-3f0052d194ed||Sequence: R016 ve11c/master r/e634e98; Dec 19 2017 11:00:25 by eja",
    "dataset": "<unset>",
    "modality": "bold",
    "run_id": 1,
    "session_id": "02",
    "subject_id": "PC230",
    "task_id": "music"
  },
  "dummy_trs": 1,
  "dvars_nstd": 56.09706461763716,
  "dvars_std": 1.1057006394936697,
  "dvars_vstd": 1.0075005668987338,
  "efc": 0.46698679303673474,
  "fber": 2100.28076171875,
  "fd_mean": 0.12436010076950638,
  "fd_num": 64,
  "fd_perc": 13.473684210526315,
  "fwhm_avg": 1.7813675618573217,
  "fwhm_x": 1.6927409708737864,
  "fwhm_y": 1.8523961165048544,
  "fwhm_z": 1.7989655981933237,
  "gcor": 0.00332798,
  "gsr_x": -0.007318437565118074,
  "gsr_y": 0.020793359726667404,
  "provenance": {
    "md5sum": "b700dc446d1ade42e71b27e60a105385",
    "settings": {
      "fd_thres": 0.2,
      "testing": false
    },
    "software": "mriqc",
    "version": "22.0.6",
    "webapi_port": null,
    "webapi_url": "https://mriqc.nimh.nih.gov/api/v1"
  },
  "size_t": 475,
  "size_x": 64,
  "size_y": 64,
  "size_z": 40,
  "snr": 2.302505791818155,
  "spacing_tr": 0.9100000262260437,
  "spacing_x": 3.21875,
  "spacing_y": 3.21875,
  "spacing_z": 3.200000047683716,
  "summary_bg_k": 279.18069327013376,
  "summary_bg_mad": 26.847582803253335,
  "summary_bg_mean": 75.56803131103516,
  "summary_bg_median": 40.9105224609375,
  "summary_bg_n": 101512.0,
  "summary_bg_p05": 15.378946304321289,
  "summary_bg_p95": 249.6680953979492,
  "summary_bg_stdv": 135.9976806640625,
  "summary_fg_k": 6.921773114338221,
  "summary_fg_mad": 509.12563803116694,
  "summary_fg_mean": 2105.901611328125,
  "summary_fg_median": 1911.903076171875,
  "summary_fg_n": 27747.0,
  "summary_fg_p05": 1246.5062377929687,
  "summary_fg_p95": 3695.1596191406225,
  "summary_fg_stdv": 830.3425903320312,
  "tsnr": 19.92933067213744
}