{
  "aor": 0.00024925742574257424,
  "aqi": 0.007347481311881188,
  "bids_meta": {
    "AcquisitionMatrixPE": 64,
    "AcquisitionNumber": 1,
    "AcquisitionTime": "10:49:41.692500",
    "BandwidthPerPixelPhaseEncode": 62.5,
    "BaseResolution": 64,
    "BodyPartExamined": "BRAIN",
    "ConsistencyInfo": "N4_VE11C_LATEST_20160120",
    "ConversionSoftware": "dcm2niix",
    "ConversionSoftwareVersion": "v1.0.20210317",
    "DerivedVendorReportedEchoSpacing": 0.0005,
    "DeviceSerialNumber": "45193",
    "DwellTime": 3.1e-06,
    "EchoNumber": 1,
    "EchoTime": 0.0126,
    "EchoTrainLength": 31,
    "EffectiveEchoSpacing": 0.00025,
    "FlipAngle": 56,
    "ImageComments": "Unaliased MB4/PE4/LB",
    "ImageOrientationPatientDICOM": [
      0.998537,
      0.0524769,
      -0.013065,
      -0.0540788,
      0.968958,
      -0.241239
    ],
    "ImageType": [
      "ORIGINAL",
      "PRIMARY",
      "M",
      "MB",
      "TE1",
      "ND",
      "NORM",
      "MOSAIC"
    ],
    "ImagingFrequency": 123.252,
    "InPlanePhaseEncodingDirectionDICOM": "ROW",
    "InstitutionAddress": "Blackburn Road 770,Clayton,Victoria,AU,3800",
    "InstitutionName": "Monash Biomedical Imaging",
    "InstitutionalDepartmentName": "Department",
    "MRAcquisitionType": "2D",
    "MagneticFieldStrength": 3,
    "Manufacturer": "Siemens",
    "ManufacturersModelName": "Skyra",
    "Modality": "MR",
    "MultibandAccelerationFactor": 4,
    "ParallelReductionFactorInPlane": 2,
    "PartialFourier": 1,
    "PatientPosition": "HFS",
    "PercentPhaseFOV": 100,
    "PercentSampling": 100,
    "PhaseEncodingDirection": "i",
    "PhaseEncodingSteps": 63,
    "PhaseResolution": 1,
    "PixelBandwidth": 2520,
    "ProcedureStepDescription": "MR Scan",
    "ProtocolName": "Meditation_R-L_mmb_4_4_cmrr_mbep2d_bold_TE_12.6_29.23_45.86_62.5",
    "PulseSequenceDetails": "%CustomerSeq%\\cmrr_mbep2d_bold",
    "ReceiveCoilActiveElements": "HEA;HEP",
    "ReceiveCoilName": "Head_32",
    "ReconMatrixPE": 64,
    "RefLinesPE": 24,
    "RepetitionTime": 0.91,
    "SAR": 0.104568,
    "ScanOptions": "FS",
    "ScanningSequence": "EP",
    "SequenceName": "epfid2d4_64",
    "SequenceVariant": "SK\\SS",
    "SeriesDescription": "Meditation_R-L_mmb_4_4_cmrr_mbep2d_bold_TE_12.6_29.23_45.86_62.5",
    "SeriesNumber": 5,
    "ShimSetting": [
      -4123,
      15621,
      -15135,
      761,
      88,
      74,
      -1527,
      305
    ],
    "SliceThickness": 3.2,
    "SliceTiming": [
      0,
      0.6225,
      0.355,
      0.0875,
      0.71,
      0.445,
      0.1775,
      0.8,
      0.5325,
      0.265,
      0,
      0.6225,
      0.355,
      0.0875,
      0.71,
      0.445,
      0.1775,
      0.8,
      0.5325,
      0.265,
      0,
      0.6225,
      0.355,
      0.0875,
      0.71,
      0.445,
      0.1775,
      0.8,
      0.5325,
      0.265,
      0,
      0.6225,
      0.355,
      0.0875,
      0.71,
      0.445,
      0.1775,
      0.8,
      0.5325,
      0.265
    ],
    "SoftwareVersions": "syngo MR E11",
    "SpacingBetweenSlices": 3.2,
    "StationName": "AWP45193",
    "TaskName": "meditation",
    "TotalReadoutTime": 0.01575,
    "TxRefAmp": 386.176,
    "WipMemBlock": "ba00bf54-2a7e-4f09-80dd-fb481133062f||Sequence: R016 ve11c/master r/e634e98; Dec 19 2017 11:00:25 by eja",
    "dataset": "<unset>",
    "modality": "bold",
    "run_id": 1,
    "session_id": "02",
    "subject_id": "PC230",
    "task_id": "meditation"
  },
  "dummy_trs": 1,
  "dvars_nstd": 26.390897571042178,
  "dvars_std": 1.1207800456079402,
  "dvars_vstd": 0.9963712028287837,
  "efc": 0.574222832076536,
  "fber": 2907.226318359375,
  "fd_mean": 0.10687426643044724,
  "fd_num": 30,
  "fd_perc": 7.425742574257426,
  "fwhm_avg": 1.9400362499817676,
  "fwhm_x": 1.8250532038834952,
  "fwhm_y": 1.9553149514563106,
  "fwhm_z": 2.0397405946054965,
  "gcor": 0.00673792,
  "gsr_x": 0.006494820583611727,
  "gsr_y": 0.04840643331408501,
  "provenance": {
    "md5sum": "00d85528aa0128cdc21f669768ae1bf8",
    "settings": {
      "fd_thres": 0.2,
      "testing": false
    },
    "software": "mriqc",
    "version": "22.0.6",
    "webapi_port": null,
    "webapi_url": "https://mriqc.nimh.nih.gov/api/v1"
  },
  "size_t": 404,
  "size_x": 64,
  "size_y": 64,
  "size_z": 40,
  "snr": 7.315097198874059,
  "spacing_tr": 0.9100000262260437,
  "spacing_x": 3.21875,
  "spacing_y": 3.21875,
  "spacing_z": 3.200000047683716,
  "summary_bg_k": 11.639374801589746,
  "summary_bg_mad": 97.34531433421967,
  "summary_bg_mean": 422.0430908203125,
  "summary_bg_median": 92.40841674804688,
  "summary_bg_n": 94071.0,
  "summary_bg_p05": 19.319307327270508,
  "summary_bg_p95": 2088.2177734375,
  "summary_bg_stdv": 775.6846313476562,
  "summary_fg_k": -0.06765449188542672,
  "summary_fg_mad": 690.1021056875713,
  "summary_fg_mean": 4980.1103515625,
  "summary_fg_median": 4948.8017578125,
  "summary_fg_n": 35478.0,
  "summary_fg_p05": 3923.1154296875,
  "summary_fg_p95": 6146.13017578125,
  "summary_fg_stdv": 676.5093994140625,
  "tsnr": 59.734843420796096
}