{
  "aor": 0.0005324528301886792,
  "aqi": 0.006315278814016173,
  "bids_meta": {
    "AcquisitionMatrixPE": 64,
    "AcquisitionNumber": 1,
    "AcquisitionTime": "11:13:3.502500",
    "BandwidthPerPixelPhaseEncode": 62.5,
    "BaseResolution": 64,
    "BodyPartExamined": "BRAIN",
    "ConsistencyInfo": "N4_VE11C_LATEST_20160120",
    "ConversionSoftware": "dcm2niix",
    "ConversionSoftwareVersion": "v1.0.20210317",
    "DerivedVendorReportedEchoSpacing": 0.0005,
    "DeviceSerialNumber": "45193",
    "DwellTime": 3.1e-06,
    "EchoNumber": 2,
    "EchoTime": 0.02923,
    "EchoTrainLength": 31,
    "EffectiveEchoSpacing": 0.00025,
    "FlipAngle": 56,
    "ImageComments": "Unaliased MB4/PE4/LB",
    "ImageOrientationPatientDICOM": [
      0.995881,
      0.0906166,
      -0.00310771,
      -0.0906323,
      0.99587,
      -0.00533691
    ],
    "ImageType": [
      "ORIGINAL",
      "PRIMARY",
      "M",
      "MB",
      "TE2",
      "ND",
      "MOSAIC"
    ],
    "ImagingFrequency": 123.252,
    "InPlanePhaseEncodingDirectionDICOM": "ROW",
    "InstitutionAddress": "Blackburn Road 770,Clayton,Victoria,AU,3800",
    "InstitutionName": "Monash Biomedical Imaging",
    "InstitutionalDepartmentName": "Department",
    "MRAcquisitionType": "2D",
    "MagneticFieldStrength": 3,
    "Manufacturer": "Siemens",
    "ManufacturersModelName": "Skyra",
    "Modality": "MR",
    "MultibandAccelerationFactor": 4,
    "ParallelReductionFactorInPlane": 2,
    "PartialFourier": 1,
    "PatientPosition": "HFS",
    "PercentPhaseFOV": 100,
    "PercentSampling": 100,
    "PhaseEncodingDirection": "i",
    "PhaseEncodingSteps": 63,
    "PhaseResolution": 1,
    "PixelBandwidth": 2520,
    "ProcedureStepDescription": "MR Scan",
    "ProtocolName": "Movie_R-L_mmb_4_4_cmrr_mbep2d_bold_TE_12.6_29.23_45.86_62.49",
    "PulseSequenceDetails": "%CustomerSeq%\\cmrr_mbep2d_bold",
    "ReceiveCoilActiveElements": "HEA;HEP",
    "ReceiveCoilName": "Head_32",
    "ReconMatrixPE": 64,
    "RefLinesPE": 24,
    "RepetitionTime": 0.91,
    "SAR": 0.104386,
    "ScanOptions": "FS",
    "ScanningSequence": "EP",
    "SequenceName": "epfid2d4_64",
    "SequenceVariant": "SK\\SS",
    "SeriesDescription": "Movie_R-L_mmb_4_4_cmrr_mbep2d_bold_TE_12.6_29.23_45.86_62.49",
    "SeriesNumber": 9,
    "ShimSetting": [
      -4120,
      15610,
      -15163,
      708,
      61,
      6,
      -1491,
      293
    ],
    "SliceThickness": 3.2,
    "SliceTiming": [
      0,
      0.6225,
      0.355,
      0.0875,
      0.7125,
      0.445,
      0.1775,
      0.8,
      0.5325,
      0.2675,
      0,
      0.6225,
      0.355,
      0.0875,
      0.7125,
      0.445,
      0.1775,
      0.8,
      0.5325,
      0.2675,
      0,
      0.6225,
      0.355,
      0.0875,
      0.7125,
      0.445,
      0.1775,
      0.8,
      0.5325,
      0.2675,
      0,
      0.6225,
      0.355,
      0.0875,
      0.7125,
      0.445,
      0.1775,
      0.8,
      0.5325,
      0.2675
    ],
    "SoftwareVersions": "syngo MR E11",
    "SpacingBetweenSlices": 3.2,
    "StationName": "AWP45193",
    "TaskName": "movie",
    "TotalReadoutTime": 0.01575,
    "TxRefAmp": 386.176,
    "WipMemBlock": "a9bf5d8a-aa59-41fd-ae4c-ce63d6450ba5||Sequence: R016 ve11c/master r/e634e98; Dec 19 2017 11:00:25 by eja",
    "dataset": "<unset>",
    "modality": "bold",
    "run_id": 1,
    "session_id": "02",
    "subject_id": "PC230",
    "task_id": "movie"
  },
  "dummy_trs": 1,
  "dvars_nstd": 31.175885143810817,
  "dvars_std": 1.013908540108108,
  "dvars_vstd": 0.9911148492162163,
  "efc": 0.5436256087846282,
  "fber": 656.058837890625,
  "fd_mean": 0.13257603724745878,
  "fd_num": 76,
  "fd_perc": 20.485175202156334,
  "fwhm_avg": 2.332730139257413,
  "fwhm_x": 2.124116504854369,
  "fwhm_y": 2.3692458252427184,
  "fwhm_z": 2.5048280876751527,
  "gcor": 0.0197858,
  "gsr_x": 0.029542427510023117,
  "gsr_y": 0.022760482504963875,
  "provenance": {
    "md5sum": "5ef462adc184b6fe383c4249a633c23e",
    "settings": {
      "fd_thres": 0.2,
      "testing": false
    },
    "software": "mriqc",
    "version": "22.0.6",
    "webapi_port": null,
    "webapi_url": "https://mriqc.nimh.nih.gov/api/v1"
  },
  "size_t": 371,
  "size_x": 64,
  "size_y": 64,
  "size_z": 40,
  "snr": 3.0235509191478247,
  "spacing_tr": 0.9100000262260437,
  "spacing_x": 3.21875,
  "spacing_y": 3.21875,
  "spacing_z": 3.200000047683716,
  "summary_bg_k": 82.53728987545713,
  "summary_bg_mad": 80.64395960666425,
  "summary_bg_mean": 241.33880615234375,
  "summary_bg_median": 129.86521911621094,
  "summary_bg_n": 94371.0,
  "summary_bg_p05": 58.3665771484375,
  "summary_bg_p95": 776.3247680664062,
  "summary_bg_stdv": 380.97735595703125,
  "summary_fg_k": 1.918523791912813,
  "summary_fg_mad": 961.4454589315154,
  "summary_fg_mean": 3490.1748046875,
  "summary_fg_median": 3310.7734375,
  "summary_fg_n": 33761.0,
  "summary_fg_p05": 2037.9244384765625,
  "summary_fg_p95": 5523.638671875,
  "summary_fg_stdv": 1094.9788818359375,
  "tsnr": 37.79918999026995
}