{
  "aor": 0.007507706043956045,
  "aqi": 0.03493266593406594,
  "bids_meta": {
    "AcquisitionMatrixPE": 64,
    "AcquisitionNumber": 1,
    "AcquisitionTime": "13:42:8.365000",
    "BandwidthPerPixelPhaseEncode": 62.5,
    "BaseResolution": 64,
    "BodyPartExamined": "BRAIN",
    "ConsistencyInfo": "N4_VE11C_LATEST_20160120",
    "ConversionSoftware": "dcm2niix",
    "ConversionSoftwareVersion": "v1.0.20210317",
    "DerivedVendorReportedEchoSpacing": 0.0005,
    "DeviceSerialNumber": "45193",
    "DwellTime": 3.1e-06,
    "EchoNumber": 3,
    "EchoTime": 0.04586,
    "EchoTrainLength": 31,
    "EffectiveEchoSpacing": 0.00025,
    "FlipAngle": 56,
    "ImageComments": "Unaliased MB4/PE4/LB",
    "ImageOrientationPatientDICOM": [
      0.99945,
      0.0315715,
      -0.0101247,
      -0.0331552,
      0.95171,
      -0.305204
    ],
    "ImageType": [
      "ORIGINAL",
      "PRIMARY",
      "M",
      "MB",
      "TE3",
      "ND",
      "NORM",
      "MOSAIC"
    ],
    "ImagingFrequency": 123.247,
    "InPlanePhaseEncodingDirectionDICOM": "ROW",
    "InstitutionAddress": "Blackburn Road 770,Clayton,Victoria,AU,3800",
    "InstitutionName": "Monash Biomedical Imaging",
    "InstitutionalDepartmentName": "Department",
    "MRAcquisitionType": "2D",
    "MagneticFieldStrength": 3,
    "Manufacturer": "Siemens",
    "ManufacturersModelName": "Skyra",
    "Modality": "MR",
    "MultibandAccelerationFactor": 4,
    "ParallelReductionFactorInPlane": 2,
    "PartialFourier": 1,
    "PatientPosition": "HFS",
    "PercentPhaseFOV": 100,
    "PercentSampling": 100,
    "PhaseEncodingDirection": "i",
    "PhaseEncodingSteps": 63,
    "PhaseResolution": 1,
    "PixelBandwidth": 2520,
    "ProcedureStepDescription": "MR Scan",
    "ProtocolName": "Music_R-L_mmb_4_4_cmrr_mbep2d_bold_TE_12.6_29.23_45.86_62.49",
    "PulseSequenceDetails": "%CustomerSeq%\\cmrr_mbep2d_bold",
    "ReceiveCoilActiveElements": "HEA;HEP",
    "ReceiveCoilName": "Head_32",
    "ReconMatrixPE": 64,
    "RefLinesPE": 24,
    "RepetitionTime": 0.91,
    "SAR": 0.0907603,
    "ScanOptions": "FS",
    "ScanningSequence": "EP",
    "SequenceName": "epfid2d4_64",
    "SequenceVariant": "SK\\SS",
    "SeriesDescription": "Music_R-L_mmb_4_4_cmrr_mbep2d_bold_TE_12.6_29.23_45.86_62.49",
    "SeriesNumber": 7,
    "ShimSetting": [
      -4078,
      15332,
      -14994,
      334,
      497,
      202,
      -19,
      215
    ],
    "SliceThickness": 3.2,
    "SliceTiming": [
      0,
      0.6225,
      0.355,
      0.09,
      0.7125,
      0.445,
      0.1775,
      0.8,
      0.535,
      0.2675,
      0,
      0.6225,
      0.355,
      0.09,
      0.7125,
      0.445,
      0.1775,
      0.8,
      0.535,
      0.2675,
      0,
      0.6225,
      0.355,
      0.09,
      0.7125,
      0.445,
      0.1775,
      0.8,
      0.535,
      0.2675,
      0,
      0.6225,
      0.355,
      0.09,
      0.7125,
      0.445,
      0.1775,
      0.8,
      0.535,
      0.2675
    ],
    "SoftwareVersions": "syngo MR E11",
    "SpacingBetweenSlices": 3.2,
    "StationName": "AWP45193",
    "TaskName": "music",
    "TotalReadoutTime": 0.01575,
    "TxRefAmp": 389.038,
    "WipMemBlock": "ff2909ec-beae-440f-8d76-53d48d788c9b||Sequence: R016 ve11c/master r/e634e98; Dec 19 2017 11:00:25 by eja",
    "dataset": "<unset>",
    "modality": "bold",
    "run_id": 1,
    "session_id": "02",
    "subject_id": "PC030",
    "task_id": "music"
  },
  "dummy_trs": 0,
  "dvars_nstd": 55.92950077409908,
  "dvars_std": 1.1275881277579085,
  "dvars_vstd": 1.0461444494360386,
  "efc": 0.511037060999032,
  "fber": 2538.03076171875,
  "fd_mean": 0.16969359835425685,
  "fd_num": 179,
  "fd_perc": 24.587912087912088,
  "fwhm_avg": 1.7064055353681191,
  "fwhm_x": 1.6493514563106795,
  "fwhm_y": 1.7131433009708736,
  "fwhm_z": 1.7567218488228045,
  "gcor": 0.0127649,
  "gsr_x": 0.008111454546451569,
  "gsr_y": 0.005408269353210926,
  "provenance": {
    "md5sum": "4b5da332be1b645257a5796decb2c602",
    "settings": {
      "fd_thres": 0.2,
      "testing": false
    },
    "software": "mriqc",
    "version": "22.0.6",
    "webapi_port": null,
    "webapi_url": "https://mriqc.nimh.nih.gov/api/v1"
  },
  "size_t": 728,
  "size_x": 64,
  "size_y": 64,
  "size_z": 40,
  "snr": 4.286207757475915,
  "spacing_tr": 0.9100000262260437,
  "spacing_x": 3.21875,
  "spacing_y": 3.21875,
  "spacing_z": 3.200000047683716,
  "summary_bg_k": 84.13927247377018,
  "summary_bg_mad": 48.35869630722064,
  "summary_bg_mean": 120.78978729248047,
  "summary_bg_median": 60.81181335449219,
  "summary_bg_n": 96572.0,
  "summary_bg_p05": 18.648351669311523,
  "summary_bg_p95": 438.46223449707026,
  "summary_bg_stdv": 206.5875701904297,
  "summary_fg_k": 4.267293537829275,
  "summary_fg_mad": 599.1508301386604,
  "summary_fg_mean": 3178.350341796875,
  "summary_fg_median": 3078.60595703125,
  "summary_fg_n": 32095.0,
  "summary_fg_p05": 2245.7697509765626,
  "summary_fg_p95": 4416.7205078125,
  "summary_fg_stdv": 718.2474975585938,
  "tsnr": 17.820949258748442
}