{
  "aor": 0.00024424317617866004,
  "aqi": 0.01153621729528536,
  "bids_meta": {
    "AcquisitionMatrixPE": 64,
    "AcquisitionNumber": 1,
    "AcquisitionTime": "14:05:55.297500",
    "BandwidthPerPixelPhaseEncode": 62.5,
    "BaseResolution": 64,
    "BodyPartExamined": "BRAIN",
    "ConsistencyInfo": "N4_VE11C_LATEST_20160120",
    "ConversionSoftware": "dcm2niix",
    "ConversionSoftwareVersion": "v1.0.20210317",
    "DerivedVendorReportedEchoSpacing": 0.0005,
    "DeviceSerialNumber": "45193",
    "DwellTime": 3.1e-06,
    "EchoNumber": 3,
    "EchoTime": 0.04586,
    "EchoTrainLength": 31,
    "EffectiveEchoSpacing": 0.00025,
    "FlipAngle": 56,
    "ImageComments": "Unaliased MB4/PE4/LB",
    "ImageOrientationPatientDICOM": [
      1,
      4.895e-12,
      1.08e-13,
      -4.897e-12,
      0.999774,
      0.0212816
    ],
    "ImageType": [
      "ORIGINAL",
      "PRIMARY",
      "M",
      "MB",
      "TE3",
      "ND",
      "NORM",
      "MOSAIC"
    ],
    "ImagingFrequency": 123.252,
    "InPlanePhaseEncodingDirectionDICOM": "ROW",
    "InstitutionAddress": "Blackburn Road 770,Clayton,Victoria,AU,3800",
    "InstitutionName": "Monash Biomedical Imaging",
    "InstitutionalDepartmentName": "Department",
    "MRAcquisitionType": "2D",
    "MagneticFieldStrength": 3,
    "Manufacturer": "Siemens",
    "ManufacturersModelName": "Skyra",
    "Modality": "MR",
    "MultibandAccelerationFactor": 4,
    "ParallelReductionFactorInPlane": 2,
    "PartialFourier": 1,
    "PatientPosition": "HFS",
    "PercentPhaseFOV": 100,
    "PercentSampling": 100,
    "PhaseEncodingDirection": "i",
    "PhaseEncodingSteps": 63,
    "PhaseResolution": 1,
    "PixelBandwidth": 2520,
    "ProcedureStepDescription": "MR Scan",
    "ProtocolName": "Meditation_R-L_mmb_4_4_cmrr_mbep2d_bold_TE_12.6_29.23_45.86_62.5",
    "PulseSequenceDetails": "%CustomerSeq%\\cmrr_mbep2d_bold",
    "ReceiveCoilActiveElements": "HEA;HEP",
    "ReceiveCoilName": "Head_32",
    "ReconMatrixPE": 64,
    "RefLinesPE": 24,
    "RepetitionTime": 0.91,
    "SAR": 0.125358,
    "ScanOptions": "FS",
    "ScanningSequence": "EP",
    "SequenceName": "epfid2d4_64",
    "SequenceVariant": "SK\\SS",
    "SeriesDescription": "Meditation_R-L_mmb_4_4_cmrr_mbep2d_bold_TE_12.6_29.23_45.86_62.5",
    "SeriesNumber": 5,
    "ShimSetting": [
      -4092,
      15292,
      -15011,
      347,
      222,
      0,
      -39,
      72
    ],
    "SliceThickness": 3.2,
    "SliceTiming": [
      0,
      0.6225,
      0.355,
      0.0875,
      0.71,
      0.445,
      0.1775,
      0.8,
      0.5325,
      0.265,
      0,
      0.6225,
      0.355,
      0.0875,
      0.71,
      0.445,
      0.1775,
      0.8,
      0.5325,
      0.265,
      0,
      0.6225,
      0.355,
      0.0875,
      0.71,
      0.445,
      0.1775,
      0.8,
      0.5325,
      0.265,
      0,
      0.6225,
      0.355,
      0.0875,
      0.71,
      0.445,
      0.1775,
      0.8,
      0.5325,
      0.265
    ],
    "SoftwareVersions": "syngo MR E11",
    "SpacingBetweenSlices": 3.2,
    "StationName": "AWP45193",
    "TaskName": "meditation",
    "TotalReadoutTime": 0.01575,
    "TxRefAmp": 378.285,
    "WipMemBlock": "da3b4d41-8d58-489b-a246-2009e4b2d5ca||Sequence: R016 ve11c/master r/e634e98; Dec 19 2017 11:00:25 by eja",
    "dataset": "<unset>",
    "modality": "bold",
    "run_id": 1,
    "session_id": "02",
    "subject_id": "PC204",
    "task_id": "meditation"
  },
  "dummy_trs": 2,
  "dvars_nstd": 41.60971761114429,
  "dvars_std": 1.1452420659203972,
  "dvars_vstd": 0.98605903721393,
  "efc": 0.496968835709326,
  "fber": 2936.20703125,
  "fd_mean": 0.09097590698244848,
  "fd_num": 11,
  "fd_perc": 2.729528535980149,
  "fwhm_avg": 1.633472010522268,
  "fwhm_x": 1.6223316504854368,
  "fwhm_y": 1.6501281553398057,
  "fwhm_z": 1.6279562257415618,
  "gcor": 0.0172745,
  "gsr_x": 0.008176401257514954,
  "gsr_y": 0.014180111698806286,
  "provenance": {
    "md5sum": "43444e18e97922c4c9b104b5c5540be2",
    "settings": {
      "fd_thres": 0.2,
      "testing": false
    },
    "software": "mriqc",
    "version": "22.0.6",
    "webapi_port": null,
    "webapi_url": "https://mriqc.nimh.nih.gov/api/v1"
  },
  "size_t": 403,
  "size_x": 64,
  "size_y": 64,
  "size_z": 40,
  "snr": 3.722482357808518,
  "spacing_tr": 0.9100000262260437,
  "spacing_x": 3.21875,
  "spacing_y": 3.21875,
  "spacing_z": 3.200000047683716,
  "summary_bg_k": 233.76608641341585,
  "summary_bg_mad": 44.77973479755724,
  "summary_bg_mean": 118.81539916992188,
  "summary_bg_median": 56.816375732421875,
  "summary_bg_n": 98077.0,
  "summary_bg_p05": 18.68982696533203,
  "summary_bg_p95": 380.9801452636714,
  "summary_bg_stdv": 271.81988525390625,
  "summary_fg_k": 4.721448639296249,
  "summary_fg_mad": 660.1204936123936,
  "summary_fg_mean": 3235.127685546875,
  "summary_fg_median": 3090.8212890625,
  "summary_fg_n": 31104.0,
  "summary_fg_p05": 2242.158447265625,
  "summary_fg_p95": 4663.231396484374,
  "summary_fg_stdv": 830.2985229492188,
  "tsnr": 35.55577754508704
}