{
  "aor": 0.0002647410358565737,
  "aqi": 0.013641068406374503,
  "bids_meta": {
    "AcquisitionMatrixPE": 64,
    "AcquisitionNumber": 1,
    "AcquisitionTime": "13:56:59.267500",
    "BandwidthPerPixelPhaseEncode": 62.5,
    "BaseResolution": 64,
    "BodyPartExamined": "BRAIN",
    "ConsistencyInfo": "N4_VE11C_LATEST_20160120",
    "ConversionSoftware": "dcm2niix",
    "ConversionSoftwareVersion": "v1.0.20210317",
    "DerivedVendorReportedEchoSpacing": 0.0005,
    "DeviceSerialNumber": "45193",
    "DwellTime": 3.1e-06,
    "EchoNumber": 3,
    "EchoTime": 0.04586,
    "EchoTrainLength": 31,
    "EffectiveEchoSpacing": 0.00025,
    "FlipAngle": 56,
    "ImageComments": "Unaliased MB4/PE4/LB",
    "ImageOrientationPatientDICOM": [
      1,
      4.895e-12,
      1.08e-13,
      -4.897e-12,
      0.999774,
      0.0212816
    ],
    "ImageType": [
      "ORIGINAL",
      "PRIMARY",
      "M",
      "MB",
      "TE3",
      "ND",
      "NORM",
      "MOSAIC"
    ],
    "ImagingFrequency": 123.252,
    "InPlanePhaseEncodingDirectionDICOM": "ROW",
    "InstitutionAddress": "Blackburn Road 770,Clayton,Victoria,AU,3800",
    "InstitutionName": "Monash Biomedical Imaging",
    "InstitutionalDepartmentName": "Department",
    "MRAcquisitionType": "2D",
    "MagneticFieldStrength": 3,
    "Manufacturer": "Siemens",
    "ManufacturersModelName": "Skyra",
    "Modality": "MR",
    "MultibandAccelerationFactor": 4,
    "ParallelReductionFactorInPlane": 2,
    "PartialFourier": 1,
    "PatientPosition": "HFS",
    "PercentPhaseFOV": 100,
    "PercentSampling": 100,
    "PhaseEncodingDirection": "i",
    "PhaseEncodingSteps": 63,
    "PhaseResolution": 1,
    "PixelBandwidth": 2520,
    "ProcedureStepDescription": "MR Scan",
    "ProtocolName": "Rest_R-L_mmb_4_4_cmrr_mbep2d_bold_TE_12.6_29.23_45.86_62.49",
    "PulseSequenceDetails": "%CustomerSeq%\\cmrr_mbep2d_bold",
    "ReceiveCoilActiveElements": "HEA;HEP",
    "ReceiveCoilName": "Head_32",
    "ReconMatrixPE": 64,
    "RefLinesPE": 24,
    "RepetitionTime": 0.91,
    "SAR": 0.125842,
    "ScanOptions": "FS",
    "ScanningSequence": "EP",
    "SequenceName": "epfid2d4_64",
    "SequenceVariant": "SK\\SS",
    "SeriesDescription": "Rest_R-L_mmb_4_4_cmrr_mbep2d_bold_TE_12.6_29.23_45.86_62.49",
    "SeriesNumber": 3,
    "ShimSetting": [
      -4092,
      15292,
      -15011,
      347,
      222,
      0,
      -39,
      72
    ],
    "SliceThickness": 3.2,
    "SliceTiming": [
      0,
      0.6225,
      0.355,
      0.0875,
      0.71,
      0.445,
      0.1775,
      0.8,
      0.5325,
      0.265,
      0,
      0.6225,
      0.355,
      0.0875,
      0.71,
      0.445,
      0.1775,
      0.8,
      0.5325,
      0.265,
      0,
      0.6225,
      0.355,
      0.0875,
      0.71,
      0.445,
      0.1775,
      0.8,
      0.5325,
      0.265,
      0,
      0.6225,
      0.355,
      0.0875,
      0.71,
      0.445,
      0.1775,
      0.8,
      0.5325,
      0.265
    ],
    "SoftwareVersions": "syngo MR E11",
    "SpacingBetweenSlices": 3.2,
    "StationName": "AWP45193",
    "TaskName": "rest",
    "TotalReadoutTime": 0.01575,
    "TxRefAmp": 378.285,
    "WipMemBlock": "51e1156e-d19c-427c-9a07-19abc4267cdc||Sequence: R016 ve11c/master r/e634e98; Dec 19 2017 11:00:25 by eja",
    "dataset": "<unset>",
    "modality": "bold",
    "run_id": 1,
    "session_id": "02",
    "subject_id": "PC204",
    "task_id": "rest"
  },
  "dummy_trs": 2,
  "dvars_nstd": 40.685992090439136,
  "dvars_std": 1.12637192259481,
  "dvars_vstd": 0.9769630382435133,
  "efc": 0.4974344158154688,
  "fber": 2663.8642578125,
  "fd_mean": 0.0820176182864866,
  "fd_num": 5,
  "fd_perc": 0.9960159362549801,
  "fwhm_avg": 1.6371010962712997,
  "fwhm_x": 1.6331650485436895,
  "fwhm_y": 1.6478695145631068,
  "fwhm_z": 1.630268725707103,
  "gcor": 0.0156394,
  "gsr_x": 0.00772861298173666,
  "gsr_y": 0.013246974907815456,
  "provenance": {
    "md5sum": "bbb994d0b884b0b97db5347f6b241907",
    "settings": {
      "fd_thres": 0.2,
      "testing": false
    },
    "software": "mriqc",
    "version": "22.0.6",
    "webapi_port": null,
    "webapi_url": "https://mriqc.nimh.nih.gov/api/v1"
  },
  "size_t": 502,
  "size_x": 64,
  "size_y": 64,
  "size_z": 40,
  "snr": 3.740503025157788,
  "spacing_tr": 0.9100000262260437,
  "spacing_x": 3.21875,
  "spacing_y": 3.21875,
  "spacing_z": 3.200000047683716,
  "summary_bg_k": 230.66164291376188,
  "summary_bg_mad": 48.75605580417223,
  "summary_bg_mean": 119.31600189208984,
  "summary_bg_median": 60.30577850341797,
  "summary_bg_n": 98032.0,
  "summary_bg_p05": 18.710259914398193,
  "summary_bg_p95": 378.4059005737304,
  "summary_bg_stdv": 257.7971496582031,
  "summary_fg_k": 4.815913562548307,
  "summary_fg_mad": 656.9317767559666,
  "summary_fg_mean": 3244.794921875,
  "summary_fg_median": 3101.5400390625,
  "summary_fg_n": 31133.0,
  "summary_fg_p05": 2250.31689453125,
  "summary_fg_p95": 4665.097070312499,
  "summary_fg_stdv": 829.1639404296875,
  "tsnr": 34.178386949934065
}