{
  "aor": 0.0011774007936507936,
  "aqi": 0.021695129761904762,
  "bids_meta": {
    "AcquisitionMatrixPE": 64,
    "AcquisitionNumber": 1,
    "AcquisitionTime": "11:16:23.765000",
    "BandwidthPerPixelPhaseEncode": 62.5,
    "BaseResolution": 64,
    "BodyPartExamined": "BRAIN",
    "ConsistencyInfo": "N4_VE11C_LATEST_20160120",
    "ConversionSoftware": "dcm2niix",
    "ConversionSoftwareVersion": "v1.0.20210317",
    "DerivedVendorReportedEchoSpacing": 0.0005,
    "DeviceSerialNumber": "45193",
    "DwellTime": 3.1e-06,
    "EchoNumber": 3,
    "EchoTime": 0.04586,
    "EchoTrainLength": 31,
    "EffectiveEchoSpacing": 0.00025,
    "FlipAngle": 56,
    "ImageComments": "Unaliased MB4/PE4/LB",
    "ImageOrientationPatientDICOM": [
      0.995232,
      0.0111864,
      0.0968897,
      -1.52524e-10,
      0.993401,
      -0.114693
    ],
    "ImageType": [
      "ORIGINAL",
      "PRIMARY",
      "M",
      "MB",
      "TE3",
      "ND",
      "NORM",
      "MOSAIC"
    ],
    "ImagingFrequency": 123.247,
    "InPlanePhaseEncodingDirectionDICOM": "ROW",
    "InstitutionAddress": "Blackburn Road 770,Clayton,Victoria,AU,3800",
    "InstitutionName": "Monash Biomedical Imaging",
    "InstitutionalDepartmentName": "Department",
    "MRAcquisitionType": "2D",
    "MagneticFieldStrength": 3,
    "Manufacturer": "Siemens",
    "ManufacturersModelName": "Skyra",
    "Modality": "MR",
    "MultibandAccelerationFactor": 4,
    "ParallelReductionFactorInPlane": 2,
    "PartialFourier": 1,
    "PatientPosition": "HFS",
    "PercentPhaseFOV": 100,
    "PercentSampling": 100,
    "PhaseEncodingDirection": "i",
    "PhaseEncodingSteps": 63,
    "PhaseResolution": 1,
    "PixelBandwidth": 2520,
    "ProcedureStepDescription": "MR Scan",
    "ProtocolName": "Rest_R-L_mmb_4_4_cmrr_mbep2d_bold_TE_12.6_29.23_45.86_62.49",
    "PulseSequenceDetails": "%CustomerSeq%\\cmrr_mbep2d_bold",
    "ReceiveCoilActiveElements": "HEA;HEP",
    "ReceiveCoilName": "Head_32",
    "ReconMatrixPE": 64,
    "RefLinesPE": 24,
    "RepetitionTime": 0.91,
    "SAR": 0.10877,
    "ScanOptions": "FS",
    "ScanningSequence": "EP",
    "SequenceName": "epfid2d4_64",
    "SequenceVariant": "SK\\SS",
    "SeriesDescription": "Rest_R-L_mmb_4_4_cmrr_mbep2d_bold_TE_12.6_29.23_45.86_62.49",
    "SeriesNumber": 3,
    "ShimSetting": [
      -4072,
      15211,
      -15156,
      243,
      74,
      -271,
      -123,
      215
    ],
    "SliceThickness": 3.2,
    "SliceTiming": [
      0,
      0.6225,
      0.355,
      0.0875,
      0.7125,
      0.445,
      0.1775,
      0.8,
      0.5325,
      0.2675,
      0,
      0.6225,
      0.355,
      0.0875,
      0.7125,
      0.445,
      0.1775,
      0.8,
      0.5325,
      0.2675,
      0,
      0.6225,
      0.355,
      0.0875,
      0.7125,
      0.445,
      0.1775,
      0.8,
      0.5325,
      0.2675,
      0,
      0.6225,
      0.355,
      0.0875,
      0.7125,
      0.445,
      0.1775,
      0.8,
      0.5325,
      0.2675
    ],
    "SoftwareVersions": "syngo MR E11",
    "SpacingBetweenSlices": 3.2,
    "StationName": "AWP45193",
    "TaskName": "rest",
    "TotalReadoutTime": 0.01575,
    "TxRefAmp": 397.671,
    "WipMemBlock": "25253fdb-384b-4f6b-a30a-ab3fb5235dcd||Sequence: R016 ve11c/master r/e634e98; Dec 19 2017 11:00:25 by eja",
    "dataset": "<unset>",
    "modality": "bold",
    "run_id": 1,
    "session_id": "02",
    "subject_id": "PC233",
    "task_id": "rest"
  },
  "dummy_trs": 0,
  "dvars_nstd": 42.24194753819086,
  "dvars_std": 1.040585917335985,
  "dvars_vstd": 0.9565548927037765,
  "efc": 0.4836270620720726,
  "fber": 2516.556396484375,
  "fd_mean": 0.18065510598448067,
  "fd_num": 159,
  "fd_perc": 31.547619047619047,
  "fwhm_avg": 1.6481970468933103,
  "fwhm_x": 1.6310928155339806,
  "fwhm_y": 1.678148349514563,
  "fwhm_z": 1.6353499756313865,
  "gcor": 0.0202069,
  "gsr_x": 0.0012637447798624635,
  "gsr_y": 0.012258018366992474,
  "provenance": {
    "md5sum": "bc9108f80da1d64ef23541be407851d0",
    "settings": {
      "fd_thres": 0.2,
      "testing": false
    },
    "software": "mriqc",
    "version": "22.0.6",
    "webapi_port": null,
    "webapi_url": "https://mriqc.nimh.nih.gov/api/v1"
  },
  "size_t": 504,
  "size_x": 64,
  "size_y": 64,
  "size_z": 40,
  "snr": 3.548871171543589,
  "spacing_tr": 0.9100000262260437,
  "spacing_x": 3.21875,
  "spacing_y": 3.21875,
  "spacing_z": 3.200000047683716,
  "summary_bg_k": 25.64828745255843,
  "summary_bg_mad": 49.24063434910005,
  "summary_bg_mean": 119.52893829345703,
  "summary_bg_median": 63.64484405517578,
  "summary_bg_n": 101361.0,
  "summary_bg_p05": 19.7658748626709,
  "summary_bg_p95": 416.0694580078125,
  "summary_bg_stdv": 180.15293884277344,
  "summary_fg_k": 3.0258894069505073,
  "summary_fg_mad": 755.3445664973274,
  "summary_fg_mean": 3279.363525390625,
  "summary_fg_median": 3152.61328125,
  "summary_fg_n": 28493.0,
  "summary_fg_p05": 2154.387060546875,
  "summary_fg_p95": 4884.603906249998,
  "summary_fg_stdv": 888.3269653320312,
  "tsnr": 24.230891091632657
}