{
  "aor": 0.0019884615384615383,
  "aqi": 0.0064255977419354834,
  "bids_meta": {
    "AcquisitionMatrixPE": 64,
    "AcquisitionNumber": 1,
    "AcquisitionTime": "11:27:40.287500",
    "BandwidthPerPixelPhaseEncode": 62.5,
    "BaseResolution": 64,
    "BodyPartExamined": "BRAIN",
    "ConsistencyInfo": "N4_VE11C_LATEST_20160120",
    "ConversionSoftware": "dcm2niix",
    "ConversionSoftwareVersion": "v1.0.20210317",
    "DerivedVendorReportedEchoSpacing": 0.0005,
    "DeviceSerialNumber": "45193",
    "DwellTime": 3.1e-06,
    "EchoNumber": 1,
    "EchoTime": 0.0126,
    "EchoTrainLength": 31,
    "EffectiveEchoSpacing": 0.00025,
    "FlipAngle": 56,
    "ImageComments": "Unaliased MB4/PE4/LB",
    "ImageOrientationPatientDICOM": [
      0.996388,
      0.0100248,
      0.084325,
      -1.64808e-10,
      0.993007,
      -0.118051
    ],
    "ImageType": [
      "ORIGINAL",
      "PRIMARY",
      "M",
      "MB",
      "TE1",
      "ND",
      "NORM",
      "MOSAIC"
    ],
    "ImagingFrequency": 123.247,
    "InPlanePhaseEncodingDirectionDICOM": "ROW",
    "InstitutionAddress": "Blackburn Road 770,Clayton,Victoria,AU,3800",
    "InstitutionName": "Monash Biomedical Imaging",
    "InstitutionalDepartmentName": "Department",
    "MRAcquisitionType": "2D",
    "MagneticFieldStrength": 3,
    "Manufacturer": "Siemens",
    "ManufacturersModelName": "Skyra",
    "Modality": "MR",
    "MultibandAccelerationFactor": 4,
    "ParallelReductionFactorInPlane": 2,
    "PartialFourier": 1,
    "PatientPosition": "HFS",
    "PercentPhaseFOV": 100,
    "PercentSampling": 100,
    "PhaseEncodingDirection": "i",
    "PhaseEncodingSteps": 63,
    "PhaseResolution": 1,
    "PixelBandwidth": 2520,
    "ProcedureStepDescription": "MR Scan",
    "ProtocolName": "Meditation_R-L_mmb_4_4_cmrr_mbep2d_bold_TE_12.6_29.23_45.86_62.5",
    "PulseSequenceDetails": "%CustomerSeq%\\cmrr_mbep2d_bold",
    "ReceiveCoilActiveElements": "HEA;HEP",
    "ReceiveCoilName": "Head_32",
    "ReconMatrixPE": 64,
    "RefLinesPE": 24,
    "RepetitionTime": 0.91,
    "SAR": 0.10836,
    "ScanOptions": "FS",
    "ScanningSequence": "EP",
    "SequenceName": "epfid2d4_64",
    "SequenceVariant": "SK\\SS",
    "SeriesDescription": "Meditation_R-L_mmb_4_4_cmrr_mbep2d_bold_TE_12.6_29.23_45.86_62.5",
    "SeriesNumber": 6,
    "ShimSetting": [
      -4076,
      15211,
      -15157,
      236,
      56,
      -267,
      -127,
      200
    ],
    "SliceThickness": 3.2,
    "SliceTiming": [
      0,
      0.6225,
      0.355,
      0.0875,
      0.71,
      0.445,
      0.1775,
      0.8,
      0.5325,
      0.265,
      0,
      0.6225,
      0.355,
      0.0875,
      0.71,
      0.445,
      0.1775,
      0.8,
      0.5325,
      0.265,
      0,
      0.6225,
      0.355,
      0.0875,
      0.71,
      0.445,
      0.1775,
      0.8,
      0.5325,
      0.265,
      0,
      0.6225,
      0.355,
      0.0875,
      0.71,
      0.445,
      0.1775,
      0.8,
      0.5325,
      0.265
    ],
    "SoftwareVersions": "syngo MR E11",
    "SpacingBetweenSlices": 3.2,
    "StationName": "AWP45193",
    "TaskName": "meditation",
    "TotalReadoutTime": 0.01575,
    "TxRefAmp": 397.671,
    "WipMemBlock": "5ed3a4c1-4866-41ba-a4d9-e948a2ec685a||Sequence: R016 ve11c/master r/e634e98; Dec 19 2017 11:00:25 by eja",
    "dataset": "<unset>",
    "modality": "bold",
    "run_id": 1,
    "session_id": "02",
    "subject_id": "PC233",
    "task_id": "meditation"
  },
  "dummy_trs": 2,
  "dvars_nstd": 26.63044958425374,
  "dvars_std": 1.1366176736815925,
  "dvars_vstd": 1.0203641079353234,
  "efc": 0.5898987856481797,
  "fber": 1335.7027587890625,
  "fd_mean": 0.15015482692346516,
  "fd_num": 101,
  "fd_perc": 25.062034739454095,
  "fwhm_avg": 2.112369004004807,
  "fwhm_x": 1.9651168932038834,
  "fwhm_y": 2.1648807766990292,
  "fwhm_z": 2.207109342111508,
  "gcor": 0.0169304,
  "gsr_x": 0.008662662468850613,
  "gsr_y": 0.057365331798791885,
  "provenance": {
    "md5sum": "4bf8478517f41ed3cb2866b49b079e61",
    "settings": {
      "fd_thres": 0.2,
      "testing": false
    },
    "software": "mriqc",
    "version": "22.0.6",
    "webapi_port": null,
    "webapi_url": "https://mriqc.nimh.nih.gov/api/v1"
  },
  "size_t": 403,
  "size_x": 64,
  "size_y": 64,
  "size_z": 40,
  "snr": 6.182078321100179,
  "spacing_tr": 0.9100000262260437,
  "spacing_x": 3.21875,
  "spacing_y": 3.21875,
  "spacing_z": 3.200000047683716,
  "summary_bg_k": 7.047691781262415,
  "summary_bg_mad": 172.95308441488368,
  "summary_bg_mean": 575.2510375976562,
  "summary_bg_median": 155.92555236816406,
  "summary_bg_n": 94045.0,
  "summary_bg_p05": 25.94342460632324,
  "summary_bg_p95": 2714.012402343751,
  "summary_bg_stdv": 929.922607421875,
  "summary_fg_k": 0.6020824488182819,
  "summary_fg_mad": 938.799940719512,
  "summary_fg_mean": 5913.1591796875,
  "summary_fg_median": 5877.12890625,
  "summary_fg_n": 33363.0,
  "summary_fg_p05": 4448.09091796875,
  "summary_fg_p95": 7522.115673828125,
  "summary_fg_stdv": 950.6577758789062,
  "tsnr": 53.205443241633475
}