{
  "aor": 0.0010954258241758243,
  "aqi": 0.031194803296703294,
  "bids_meta": {
    "AcquisitionMatrixPE": 64,
    "AcquisitionNumber": 1,
    "AcquisitionTime": "11:35:52.135000",
    "BandwidthPerPixelPhaseEncode": 62.5,
    "BaseResolution": 64,
    "BodyPartExamined": "BRAIN",
    "ConsistencyInfo": "N4_VE11C_LATEST_20160120",
    "ConversionSoftware": "dcm2niix",
    "ConversionSoftwareVersion": "v1.0.20210317",
    "DerivedVendorReportedEchoSpacing": 0.0005,
    "DeviceSerialNumber": "45193",
    "DwellTime": 3.1e-06,
    "EchoNumber": 3,
    "EchoTime": 0.04586,
    "EchoTrainLength": 31,
    "EffectiveEchoSpacing": 0.00025,
    "FlipAngle": 56,
    "ImageComments": "Unaliased MB4/PE4/LB",
    "ImageOrientationPatientDICOM": [
      0.996388,
      0.0100248,
      0.084325,
      -1.64808e-10,
      0.993007,
      -0.118051
    ],
    "ImageType": [
      "ORIGINAL",
      "PRIMARY",
      "M",
      "MB",
      "TE3",
      "ND",
      "NORM",
      "MOSAIC"
    ],
    "ImagingFrequency": 123.247,
    "InPlanePhaseEncodingDirectionDICOM": "ROW",
    "InstitutionAddress": "Blackburn Road 770,Clayton,Victoria,AU,3800",
    "InstitutionName": "Monash Biomedical Imaging",
    "InstitutionalDepartmentName": "Department",
    "MRAcquisitionType": "2D",
    "MagneticFieldStrength": 3,
    "Manufacturer": "Siemens",
    "ManufacturersModelName": "Skyra",
    "Modality": "MR",
    "MultibandAccelerationFactor": 4,
    "ParallelReductionFactorInPlane": 2,
    "PartialFourier": 1,
    "PatientPosition": "HFS",
    "PercentPhaseFOV": 100,
    "PercentSampling": 100,
    "PhaseEncodingDirection": "i",
    "PhaseEncodingSteps": 63,
    "PhaseResolution": 1,
    "PixelBandwidth": 2520,
    "ProcedureStepDescription": "MR Scan",
    "ProtocolName": "Music_R-L_mmb_4_4_cmrr_mbep2d_bold_TE_12.6_29.23_45.86_62.49",
    "PulseSequenceDetails": "%CustomerSeq%\\cmrr_mbep2d_bold",
    "ReceiveCoilActiveElements": "HEA;HEP",
    "ReceiveCoilName": "Head_32",
    "ReconMatrixPE": 64,
    "RefLinesPE": 24,
    "RepetitionTime": 0.91,
    "SAR": 0.1093,
    "ScanOptions": "FS",
    "ScanningSequence": "EP",
    "SequenceName": "epfid2d4_64",
    "SequenceVariant": "SK\\SS",
    "SeriesDescription": "Music_R-L_mmb_4_4_cmrr_mbep2d_bold_TE_12.6_29.23_45.86_62.49",
    "SeriesNumber": 8,
    "ShimSetting": [
      -4076,
      15211,
      -15157,
      236,
      56,
      -267,
      -127,
      200
    ],
    "SliceThickness": 3.2,
    "SliceTiming": [
      0,
      0.6225,
      0.355,
      0.0875,
      0.71,
      0.445,
      0.1775,
      0.8,
      0.5325,
      0.265,
      0,
      0.6225,
      0.355,
      0.0875,
      0.71,
      0.445,
      0.1775,
      0.8,
      0.5325,
      0.265,
      0,
      0.6225,
      0.355,
      0.0875,
      0.71,
      0.445,
      0.1775,
      0.8,
      0.5325,
      0.265,
      0,
      0.6225,
      0.355,
      0.0875,
      0.71,
      0.445,
      0.1775,
      0.8,
      0.5325,
      0.265
    ],
    "SoftwareVersions": "syngo MR E11",
    "SpacingBetweenSlices": 3.2,
    "StationName": "AWP45193",
    "TaskName": "music",
    "TotalReadoutTime": 0.01575,
    "TxRefAmp": 397.671,
    "WipMemBlock": "5dba89e5-a778-4079-a20c-2f69291cfd3c||Sequence: R016 ve11c/master r/e634e98; Dec 19 2017 11:00:25 by eja",
    "dataset": "<unset>",
    "modality": "bold",
    "run_id": 1,
    "session_id": "02",
    "subject_id": "PC233",
    "task_id": "music"
  },
  "dummy_trs": 0,
  "dvars_nstd": 49.106007325557066,
  "dvars_std": 1.0415246027785434,
  "dvars_vstd": 0.9513380167400274,
  "efc": 0.49212359759780383,
  "fber": 1695.5751953125,
  "fd_mean": 0.2055657903369603,
  "fd_num": 279,
  "fd_perc": 38.324175824175825,
  "fwhm_avg": 1.6235293508409214,
  "fwhm_x": 1.6046664077669903,
  "fwhm_y": 1.6597685436893206,
  "fwhm_z": 1.6061531010664536,
  "gcor": 0.00697831,
  "gsr_x": -0.0007051491993479431,
  "gsr_y": 0.016352249309420586,
  "provenance": {
    "md5sum": "13a48314427c369dbdbc1512b0a80a7f",
    "settings": {
      "fd_thres": 0.2,
      "testing": false
    },
    "software": "mriqc",
    "version": "22.0.6",
    "webapi_port": null,
    "webapi_url": "https://mriqc.nimh.nih.gov/api/v1"
  },
  "size_t": 728,
  "size_x": 64,
  "size_y": 64,
  "size_z": 40,
  "snr": 3.540910588988063,
  "spacing_tr": 0.9100000262260437,
  "spacing_x": 3.21875,
  "spacing_y": 3.21875,
  "spacing_z": 3.200000047683716,
  "summary_bg_k": 64.79220871182065,
  "summary_bg_mad": 58.62795801581259,
  "summary_bg_mean": 136.10577392578125,
  "summary_bg_median": 76.09066009521484,
  "summary_bg_n": 101397.0,
  "summary_bg_p05": 22.400825119018556,
  "summary_bg_p95": 458.6898498535156,
  "summary_bg_stdv": 206.2047576904297,
  "summary_fg_k": 3.2695145567181765,
  "summary_fg_mad": 729.391426441402,
  "summary_fg_mean": 3214.990234375,
  "summary_fg_median": 3083.8984375,
  "summary_fg_n": 28528.0,
  "summary_fg_p05": 2121.1243286132812,
  "summary_fg_p95": 4790.481347656249,
  "summary_fg_stdv": 870.91845703125,
  "tsnr": 20.669929348980077
}