{
  "aor": 0.002270173267326733,
  "aqi": 0.0094617375,
  "bids_meta": {
    "AcquisitionMatrixPE": 64,
    "AcquisitionNumber": 1,
    "AcquisitionTime": "11:27:40.302500",
    "BandwidthPerPixelPhaseEncode": 62.5,
    "BaseResolution": 64,
    "BodyPartExamined": "BRAIN",
    "ConsistencyInfo": "N4_VE11C_LATEST_20160120",
    "ConversionSoftware": "dcm2niix",
    "ConversionSoftwareVersion": "v1.0.20210317",
    "DerivedVendorReportedEchoSpacing": 0.0005,
    "DeviceSerialNumber": "45193",
    "DwellTime": 3.1e-06,
    "EchoNumber": 2,
    "EchoTime": 0.02923,
    "EchoTrainLength": 31,
    "EffectiveEchoSpacing": 0.00025,
    "FlipAngle": 56,
    "ImageComments": "Unaliased MB4/PE4/LB",
    "ImageOrientationPatientDICOM": [
      0.996388,
      0.0100248,
      0.084325,
      -1.64808e-10,
      0.993007,
      -0.118051
    ],
    "ImageType": [
      "ORIGINAL",
      "PRIMARY",
      "M",
      "MB",
      "TE2",
      "ND",
      "NORM",
      "MOSAIC"
    ],
    "ImagingFrequency": 123.247,
    "InPlanePhaseEncodingDirectionDICOM": "ROW",
    "InstitutionAddress": "Blackburn Road 770,Clayton,Victoria,AU,3800",
    "InstitutionName": "Monash Biomedical Imaging",
    "InstitutionalDepartmentName": "Department",
    "MRAcquisitionType": "2D",
    "MagneticFieldStrength": 3,
    "Manufacturer": "Siemens",
    "ManufacturersModelName": "Skyra",
    "Modality": "MR",
    "MultibandAccelerationFactor": 4,
    "ParallelReductionFactorInPlane": 2,
    "PartialFourier": 1,
    "PatientPosition": "HFS",
    "PercentPhaseFOV": 100,
    "PercentSampling": 100,
    "PhaseEncodingDirection": "i",
    "PhaseEncodingSteps": 63,
    "PhaseResolution": 1,
    "PixelBandwidth": 2520,
    "ProcedureStepDescription": "MR Scan",
    "ProtocolName": "Meditation_R-L_mmb_4_4_cmrr_mbep2d_bold_TE_12.6_29.23_45.86_62.5",
    "PulseSequenceDetails": "%CustomerSeq%\\cmrr_mbep2d_bold",
    "ReceiveCoilActiveElements": "HEA;HEP",
    "ReceiveCoilName": "Head_32",
    "ReconMatrixPE": 64,
    "RefLinesPE": 24,
    "RepetitionTime": 0.91,
    "SAR": 0.10836,
    "ScanOptions": "FS",
    "ScanningSequence": "EP",
    "SequenceName": "epfid2d4_64",
    "SequenceVariant": "SK\\SS",
    "SeriesDescription": "Meditation_R-L_mmb_4_4_cmrr_mbep2d_bold_TE_12.6_29.23_45.86_62.5",
    "SeriesNumber": 6,
    "ShimSetting": [
      -4076,
      15211,
      -15157,
      236,
      56,
      -267,
      -127,
      200
    ],
    "SliceThickness": 3.2,
    "SliceTiming": [
      0,
      0.6225,
      0.3575,
      0.09,
      0.7125,
      0.445,
      0.1775,
      0.8025,
      0.535,
      0.2675,
      0,
      0.6225,
      0.3575,
      0.09,
      0.7125,
      0.445,
      0.1775,
      0.8025,
      0.535,
      0.2675,
      0,
      0.6225,
      0.3575,
      0.09,
      0.7125,
      0.445,
      0.1775,
      0.8025,
      0.535,
      0.2675,
      0,
      0.6225,
      0.3575,
      0.09,
      0.7125,
      0.445,
      0.1775,
      0.8025,
      0.535,
      0.2675
    ],
    "SoftwareVersions": "syngo MR E11",
    "SpacingBetweenSlices": 3.2,
    "StationName": "AWP45193",
    "TaskName": "meditation",
    "TotalReadoutTime": 0.01575,
    "TxRefAmp": 397.671,
    "WipMemBlock": "5ed3a4c1-4866-41ba-a4d9-e948a2ec685a||Sequence: R016 ve11c/master r/e634e98; Dec 19 2017 11:00:25 by eja",
    "dataset": "<unset>",
    "modality": "bold",
    "run_id": 1,
    "session_id": "02",
    "subject_id": "PC233",
    "task_id": "meditation"
  },
  "dummy_trs": 1,
  "dvars_nstd": 33.706855267543446,
  "dvars_std": 1.1259950705210913,
  "dvars_vstd": 1.016597353300248,
  "efc": 0.5195496717981735,
  "fber": 2419.90380859375,
  "fd_mean": 0.15607791083785802,
  "fd_num": 110,
  "fd_perc": 27.22772277227723,
  "fwhm_avg": 1.6961063932888294,
  "fwhm_x": 1.6550990291262135,
  "fwhm_y": 1.7400233009708737,
  "fwhm_z": 1.693196849769401,
  "gcor": 0.0160503,
  "gsr_x": 0.001953073893673718,
  "gsr_y": 0.01968403346836567,
  "provenance": {
    "md5sum": "526ba9570bb09c6b5ff4a109cc6091b3",
    "settings": {
      "fd_thres": 0.2,
      "testing": false
    },
    "software": "mriqc",
    "version": "22.0.6",
    "webapi_port": null,
    "webapi_url": "https://mriqc.nimh.nih.gov/api/v1"
  },
  "size_t": 404,
  "size_x": 64,
  "size_y": 64,
  "size_z": 40,
  "snr": 4.832654588197619,
  "spacing_tr": 0.9100000262260437,
  "spacing_x": 3.21875,
  "spacing_y": 3.21875,
  "spacing_z": 3.200000047683716,
  "summary_bg_k": 20.16941937015131,
  "summary_bg_mad": 85.46614390902393,
  "summary_bg_mean": 233.7393341064453,
  "summary_bg_median": 89.02474975585938,
  "summary_bg_n": 99505.0,
  "summary_bg_p05": 20.182177734375006,
  "summary_bg_p95": 1004.503430175781,
  "summary_bg_stdv": 421.7254638671875,
  "summary_fg_k": 1.2676609672592845,
  "summary_fg_mad": 860.7935633982415,
  "summary_fg_mean": 4389.890625,
  "summary_fg_median": 4314.9580078125,
  "summary_fg_n": 30448.0,
  "summary_fg_p05": 3133.288330078125,
  "summary_fg_p95": 5905.816699218749,
  "summary_fg_stdv": 892.8606567382812,
  "tsnr": 39.963840313022956
}