{
  "bids_meta": {
    "AcquisitionMatrixPE": 240,
    "AcquisitionNumber": 1,
    "AcquisitionTime": "14:54:2.237500",
    "BaseResolution": 256,
    "BodyPartExamined": "BRAIN",
    "ConsistencyInfo": "N4_VE11C_LATEST_20160120",
    "ConversionSoftware": "dcm2niix",
    "ConversionSoftwareVersion": "v1.0.20210317",
    "DeviceSerialNumber": "45193",
    "DwellTime": 8.5e-06,
    "EchoTime": 0.00207,
    "FlipAngle": 9,
    "ImageOrientationPatientDICOM": [
      0.0296688,
      0.99956,
      -1.30107e-08,
      -0.00173771,
      5.15653e-05,
      -0.999999
    ],
    "ImageType": [
      "ORIGINAL",
      "PRIMARY",
      "M",
      "ND",
      "NORM"
    ],
    "ImagingFrequency": 123.252,
    "InPlanePhaseEncodingDirectionDICOM": "ROW",
    "InstitutionAddress": "Blackburn Road 770,Clayton,Victoria,AU,3800",
    "InstitutionName": "Monash Biomedical Imaging",
    "InstitutionalDepartmentName": "Department",
    "InversionTime": 0.9,
    "MRAcquisitionType": "3D",
    "MagneticFieldStrength": 3,
    "Manufacturer": "Siemens",
    "ManufacturersModelName": "Skyra",
    "Modality": "MR",
    "ParallelReductionFactorInPlane": 2,
    "PartialFourier": 1,
    "PatientPosition": "HFS",
    "PercentPhaseFOV": 93.75,
    "PercentSampling": 100,
    "PhaseEncodingSteps": 239,
    "PhaseResolution": 1,
    "PixelBandwidth": 230,
    "ProcedureStepDescription": "MR Scan",
    "ProtocolName": "t1_mprage_sag_p2_iso_1_ADNI",
    "PulseSequenceDetails": "%SiemensSeq%\\tfl",
    "ReceiveCoilActiveElements": "HEA;HEP",
    "ReceiveCoilName": "Head_32",
    "ReconMatrixPE": 240,
    "RefLinesPE": 32,
    "RepetitionTime": 2.3,
    "SAR": 0.0830673,
    "ScanOptions": "IR",
    "ScanningSequence": "GR\\IR",
    "SequenceName": "*tfl3d1_16ns",
    "SequenceVariant": "SK\\SP\\MP",
    "SeriesDescription": "t1_mprage_sag_p2_iso_1_ADNI",
    "SeriesNumber": 4,
    "ShimSetting": [
      -4121,
      15461,
      -15515,
      -92,
      142,
      -177,
      -175,
      57
    ],
    "SliceThickness": 1,
    "SoftwareVersions": "syngo MR E11",
    "StationName": "AWP45193",
    "TxRefAmp": 407.727,
    "dataset": "<unset>",
    "modality": "T1w",
    "run_id": 1,
    "session_id": "01",
    "subject_id": "PC001"
  },
  "cjv": 0.3708870897601761,
  "cnr": 3.7194293086480616,
  "efc": 0.4830212764907985,
  "fber": 20855.421447753906,
  "fwhm_avg": 3.8406833333333332,
  "fwhm_x": 3.79085,
  "fwhm_y": 3.92871,
  "fwhm_z": 3.80249,
  "icvs_csf": 0.2085572575451243,
  "icvs_gm": 0.4298504436845072,
  "icvs_wm": 0.3615922987703685,
  "inu_med": 0.45495080947875977,
  "inu_range": 0.12126035094261167,
  "provenance": {
    "md5sum": "bc6add09d87deb5ba414bde78bfd6892",
    "settings": {
      "testing": false
    },
    "software": "mriqc",
    "version": "22.0.6",
    "warnings": {
      "large_rot_frame": true,
      "small_air_mask": false
    },
    "webapi_port": null,
    "webapi_url": "https://mriqc.nimh.nih.gov/api/v1"
  },
  "qi_1": 0.0,
  "qi_2": 0.01720631894986405,
  "rpve_csf": 24.27717800184458,
  "rpve_gm": 12.568856060344231,
  "rpve_wm": 17.263212476449038,
  "size_x": 192,
  "size_y": 240,
  "size_z": 256,
  "snr_csf": 1.972208113448821,
  "snr_gm": 11.536248964987651,
  "snr_total": 12.832244256193809,
  "snr_wm": 24.988275690144953,
  "snrd_csf": 17.16564150451084,
  "snrd_gm": 47.89463137274633,
  "snrd_total": 43.81631624065858,
  "snrd_wm": 66.38867584471856,
  "spacing_x": 1.0,
  "spacing_y": 1.0,
  "spacing_z": 1.0,
  "summary_bg_k": 18288.353796096548,
  "summary_bg_mad": 0.0,
  "summary_bg_mean": 3.38135552278362,
  "summary_bg_median": 0.0,
  "summary_bg_n": 3471604.0,
  "summary_bg_p05": 0.0,
  "summary_bg_p95": 14.854614406824112,
  "summary_bg_stdv": 9.868584873438563,
  "summary_csf_k": 39.260060370262984,
  "summary_csf_mad": 76.90647567168445,
  "summary_csf_mean": 278.8532973958362,
  "summary_csf_median": 258.5730087570846,
  "summary_csf_n": 37763.0,
  "summary_csf_p05": 130.88653598353267,
  "summary_csf_p95": 485.34292018041015,
  "summary_csf_stdv": 131.10664302723652,
  "summary_gm_k": -0.14876233563276742,
  "summary_gm_mad": 64.89899089430797,
  "summary_gm_mean": 721.3216617454108,
  "summary_gm_median": 721.4562260378152,
  "summary_gm_n": 37036.0,
  "summary_gm_p05": 619.9826167188585,
  "summary_gm_p95": 823.8878789721057,
  "summary_gm_stdv": 62.53735405935482,
  "summary_wm_k": 0.4030041121615642,
  "summary_wm_mad": 38.423951287604716,
  "summary_wm_mean": 999.9391694814911,
  "summary_wm_median": 1000.0395065955818,
  "summary_wm_n": 214708.0,
  "summary_wm_p05": 934.102401688695,
  "summary_wm_p95": 1064.830909859389,
  "summary_wm_stdv": 40.02025550530948,
  "tpm_overlap_csf": 0.16582247792369356,
  "tpm_overlap_gm": 0.46558029574216653,
  "tpm_overlap_wm": 0.5159459301514687,
  "wm2max": 0.42995940414111733
}