{
  "aor": 0.00017582504970178924,
  "aqi": 0.008921608568588469,
  "bids_meta": {
    "AcquisitionMatrixPE": 64,
    "AcquisitionNumber": 1,
    "AcquisitionTime": "14:32:6.110000",
    "BandwidthPerPixelPhaseEncode": 62.5,
    "BaseResolution": 64,
    "BodyPartExamined": "BRAIN",
    "ConsistencyInfo": "N4_VE11C_LATEST_20160120",
    "ConversionSoftware": "dcm2niix",
    "ConversionSoftwareVersion": "v1.0.20210317",
    "DerivedVendorReportedEchoSpacing": 0.0005,
    "DeviceSerialNumber": "45193",
    "DwellTime": 3.1e-06,
    "EchoNumber": 1,
    "EchoTime": 0.0126,
    "EchoTrainLength": 31,
    "EffectiveEchoSpacing": 0.00025,
    "FlipAngle": 56,
    "ImageComments": "Unaliased MB4/PE4/LB",
    "ImageOrientationPatientDICOM": [
      0.999754,
      -0.00534362,
      -0.0215431,
      7.3853e-11,
      0.970588,
      -0.240747
    ],
    "ImageType": [
      "ORIGINAL",
      "PRIMARY",
      "M",
      "MB",
      "TE1",
      "ND",
      "NORM",
      "MOSAIC"
    ],
    "ImagingFrequency": 123.252,
    "InPlanePhaseEncodingDirectionDICOM": "ROW",
    "InstitutionAddress": "Blackburn Road 770,Clayton,Victoria,AU,3800",
    "InstitutionName": "Monash Biomedical Imaging",
    "InstitutionalDepartmentName": "Department",
    "MRAcquisitionType": "2D",
    "MagneticFieldStrength": 3,
    "Manufacturer": "Siemens",
    "ManufacturersModelName": "Skyra",
    "Modality": "MR",
    "MultibandAccelerationFactor": 4,
    "ParallelReductionFactorInPlane": 2,
    "PartialFourier": 1,
    "PatientPosition": "HFS",
    "PercentPhaseFOV": 100,
    "PercentSampling": 100,
    "PhaseEncodingDirection": "i",
    "PhaseEncodingSteps": 63,
    "PhaseResolution": 1,
    "PixelBandwidth": 2520,
    "ProcedureStepDescription": "MR Scan",
    "ProtocolName": "Rest_R-L_mmb_4_4_cmrr_mbep2d_bold_TE_12.6_29.23_45.86_62.49",
    "PulseSequenceDetails": "%CustomerSeq%\\cmrr_mbep2d_bold",
    "ReceiveCoilActiveElements": "HEA;HEP",
    "ReceiveCoilName": "Head_32",
    "ReconMatrixPE": 64,
    "RefLinesPE": 24,
    "RepetitionTime": 0.91,
    "SAR": 0.0826784,
    "ScanOptions": "FS",
    "ScanningSequence": "EP",
    "SequenceName": "epfid2d4_64",
    "SequenceVariant": "SK\\SS",
    "SeriesDescription": "Rest_R-L_mmb_4_4_cmrr_mbep2d_bold_TE_12.6_29.23_45.86_62.49",
    "SeriesNumber": 5,
    "ShimSetting": [
      -4122,
      15445,
      -15145,
      364,
      276,
      -310,
      -133,
      80
    ],
    "SliceThickness": 3.2,
    "SliceTiming": [
      0,
      0.6225,
      0.355,
      0.09,
      0.7125,
      0.445,
      0.1775,
      0.8,
      0.535,
      0.2675,
      0,
      0.6225,
      0.355,
      0.09,
      0.7125,
      0.445,
      0.1775,
      0.8,
      0.535,
      0.2675,
      0,
      0.6225,
      0.355,
      0.09,
      0.7125,
      0.445,
      0.1775,
      0.8,
      0.535,
      0.2675,
      0,
      0.6225,
      0.355,
      0.09,
      0.7125,
      0.445,
      0.1775,
      0.8,
      0.535,
      0.2675
    ],
    "SoftwareVersions": "syngo MR E11",
    "SpacingBetweenSlices": 3.2,
    "StationName": "AWP45193",
    "TaskName": "rest",
    "TotalReadoutTime": 0.01575,
    "TxRefAmp": 389.897,
    "WipMemBlock": "e29bb0d4-c937-4c8a-ba72-2ff6fbc661be||Sequence: R016 ve11c/master r/e634e98; Dec 19 2017 11:00:25 by eja",
    "dataset": "<unset>",
    "modality": "bold",
    "run_id": 1,
    "session_id": "01",
    "subject_id": "PC222",
    "task_id": "rest"
  },
  "dummy_trs": 1,
  "dvars_nstd": 30.945713389063723,
  "dvars_std": 1.122223320796812,
  "dvars_vstd": 0.9977544801195222,
  "efc": 0.6010875778235133,
  "fber": 804.3566284179688,
  "fd_mean": 0.10775874687191875,
  "fd_num": 15,
  "fd_perc": 2.982107355864811,
  "fwhm_avg": 1.9724022149163793,
  "fwhm_x": 1.8534493203883495,
  "fwhm_y": 2.049944854368932,
  "fwhm_z": 2.013812469991856,
  "gcor": 0.0170934,
  "gsr_x": -0.013054278679192066,
  "gsr_y": 0.05888724699616432,
  "provenance": {
    "md5sum": "93695437a249df7212a516eccce3eebb",
    "settings": {
      "fd_thres": 0.2,
      "testing": false
    },
    "software": "mriqc",
    "version": "22.0.6",
    "webapi_port": null,
    "webapi_url": "https://mriqc.nimh.nih.gov/api/v1"
  },
  "size_t": 503,
  "size_x": 64,
  "size_y": 64,
  "size_z": 40,
  "snr": 7.088829098343626,
  "spacing_tr": 0.9100000262260437,
  "spacing_x": 3.21875,
  "spacing_y": 3.21875,
  "spacing_z": 3.200000047683716,
  "summary_bg_k": 7.337098930029768,
  "summary_bg_mad": 214.1829505136448,
  "summary_bg_mean": 538.802734375,
  "summary_bg_median": 182.44729614257812,
  "summary_bg_n": 93304.0,
  "summary_bg_p05": 27.176937103271484,
  "summary_bg_p95": 2215.7302368164055,
  "summary_bg_stdv": 776.5371704101562,
  "summary_fg_k": 0.5283666206126645,
  "summary_fg_mad": 689.843301833511,
  "summary_fg_mean": 5153.39453125,
  "summary_fg_median": 5065.1708984375,
  "summary_fg_n": 35466.0,
  "summary_fg_p05": 4140.7730712890625,
  "summary_fg_p95": 6452.673583984375,
  "summary_fg_stdv": 714.5184936523438,
  "tsnr": 52.57039601798169
}