{
  "aor": 0.00019101190476190474,
  "aqi": 0.017212526984126984,
  "bids_meta": {
    "AcquisitionMatrixPE": 64,
    "AcquisitionNumber": 1,
    "AcquisitionTime": "14:32:6.160000",
    "BandwidthPerPixelPhaseEncode": 62.5,
    "BaseResolution": 64,
    "BodyPartExamined": "BRAIN",
    "ConsistencyInfo": "N4_VE11C_LATEST_20160120",
    "ConversionSoftware": "dcm2niix",
    "ConversionSoftwareVersion": "v1.0.20210317",
    "DerivedVendorReportedEchoSpacing": 0.0005,
    "DeviceSerialNumber": "45193",
    "DwellTime": 3.1e-06,
    "EchoNumber": 4,
    "EchoTime": 0.06249,
    "EchoTrainLength": 31,
    "EffectiveEchoSpacing": 0.00025,
    "FlipAngle": 56,
    "ImageComments": "Unaliased MB4/PE4/LB",
    "ImageOrientationPatientDICOM": [
      0.999754,
      -0.00534362,
      -0.0215431,
      7.3853e-11,
      0.970588,
      -0.240747
    ],
    "ImageType": [
      "ORIGINAL",
      "PRIMARY",
      "M",
      "MB",
      "TE4",
      "ND",
      "NORM",
      "MOSAIC"
    ],
    "ImagingFrequency": 123.252,
    "InPlanePhaseEncodingDirectionDICOM": "ROW",
    "InstitutionAddress": "Blackburn Road 770,Clayton,Victoria,AU,3800",
    "InstitutionName": "Monash Biomedical Imaging",
    "InstitutionalDepartmentName": "Department",
    "MRAcquisitionType": "2D",
    "MagneticFieldStrength": 3,
    "Manufacturer": "Siemens",
    "ManufacturersModelName": "Skyra",
    "Modality": "MR",
    "MultibandAccelerationFactor": 4,
    "ParallelReductionFactorInPlane": 2,
    "PartialFourier": 1,
    "PatientPosition": "HFS",
    "PercentPhaseFOV": 100,
    "PercentSampling": 100,
    "PhaseEncodingDirection": "i",
    "PhaseEncodingSteps": 63,
    "PhaseResolution": 1,
    "PixelBandwidth": 2520,
    "ProcedureStepDescription": "MR Scan",
    "ProtocolName": "Rest_R-L_mmb_4_4_cmrr_mbep2d_bold_TE_12.6_29.23_45.86_62.49",
    "PulseSequenceDetails": "%CustomerSeq%\\cmrr_mbep2d_bold",
    "ReceiveCoilActiveElements": "HEA;HEP",
    "ReceiveCoilName": "Head_32",
    "ReconMatrixPE": 64,
    "RefLinesPE": 24,
    "RepetitionTime": 0.91,
    "SAR": 0.0826784,
    "ScanOptions": "FS",
    "ScanningSequence": "EP",
    "SequenceName": "epfid2d4_64",
    "SequenceVariant": "SK\\SS",
    "SeriesDescription": "Rest_R-L_mmb_4_4_cmrr_mbep2d_bold_TE_12.6_29.23_45.86_62.49",
    "SeriesNumber": 5,
    "ShimSetting": [
      -4122,
      15445,
      -15145,
      364,
      276,
      -310,
      -133,
      80
    ],
    "SliceThickness": 3.2,
    "SliceTiming": [
      0,
      0.6225,
      0.355,
      0.09,
      0.7125,
      0.445,
      0.1775,
      0.8,
      0.535,
      0.2675,
      0,
      0.6225,
      0.355,
      0.09,
      0.7125,
      0.445,
      0.1775,
      0.8,
      0.535,
      0.2675,
      0,
      0.6225,
      0.355,
      0.09,
      0.7125,
      0.445,
      0.1775,
      0.8,
      0.535,
      0.2675,
      0,
      0.6225,
      0.355,
      0.09,
      0.7125,
      0.445,
      0.1775,
      0.8,
      0.535,
      0.2675
    ],
    "SoftwareVersions": "syngo MR E11",
    "SpacingBetweenSlices": 3.2,
    "StationName": "AWP45193",
    "TaskName": "rest",
    "TotalReadoutTime": 0.01575,
    "TxRefAmp": 389.897,
    "WipMemBlock": "e29bb0d4-c937-4c8a-ba72-2ff6fbc661be||Sequence: R016 ve11c/master r/e634e98; Dec 19 2017 11:00:25 by eja",
    "dataset": "<unset>",
    "modality": "bold",
    "run_id": 1,
    "session_id": "01",
    "subject_id": "PC222",
    "task_id": "rest"
  },
  "dummy_trs": 0,
  "dvars_nstd": 57.899245563956235,
  "dvars_std": 1.0833870757455255,
  "dvars_vstd": 0.990611337395626,
  "efc": 0.47797539782288195,
  "fber": 1718.32763671875,
  "fd_mean": 0.11163361428120838,
  "fd_num": 20,
  "fd_perc": 3.9682539682539684,
  "fwhm_avg": 1.569290267263633,
  "fwhm_x": 1.5050407766990292,
  "fwhm_y": 1.6290050485436893,
  "fwhm_z": 1.5738249765481804,
  "gcor": 0.0154872,
  "gsr_x": -0.013371561653912067,
  "gsr_y": 0.027526266872882843,
  "provenance": {
    "md5sum": "700f9f51ec91511e00ef26a388d53832",
    "settings": {
      "fd_thres": 0.2,
      "testing": false
    },
    "software": "mriqc",
    "version": "22.0.6",
    "webapi_port": null,
    "webapi_url": "https://mriqc.nimh.nih.gov/api/v1"
  },
  "size_t": 504,
  "size_x": 64,
  "size_y": 64,
  "size_z": 40,
  "snr": 3.0456494100706597,
  "spacing_tr": 0.9100000262260437,
  "spacing_x": 3.21875,
  "spacing_y": 3.21875,
  "spacing_z": 3.200000047683716,
  "summary_bg_k": 104.05452726640209,
  "summary_bg_mad": 29.306397570704195,
  "summary_bg_mean": 74.89186096191406,
  "summary_bg_median": 45.88591384887695,
  "summary_bg_n": 101992.0,
  "summary_bg_p05": 18.6170654296875,
  "summary_bg_p95": 223.82888717651346,
  "summary_bg_stdv": 97.15019989013672,
  "summary_fg_k": 8.65878638842882,
  "summary_fg_mad": 441.64769106382045,
  "summary_fg_mean": 2068.883544921875,
  "summary_fg_median": 1941.6588134765625,
  "summary_fg_n": 27015.0,
  "summary_fg_p05": 1369.71240234375,
  "summary_fg_p95": 3152.875805664062,
  "summary_fg_stdv": 637.5070190429688,
  "tsnr": 25.07986902189441
}