{
  "aor": 0.00019088888888888885,
  "aqi": 0.011777659432098766,
  "bids_meta": {
    "AcquisitionMatrixPE": 64,
    "AcquisitionNumber": 1,
    "AcquisitionTime": "14:50:42.390000",
    "BandwidthPerPixelPhaseEncode": 62.5,
    "BaseResolution": 64,
    "BodyPartExamined": "BRAIN",
    "ConsistencyInfo": "N4_VE11C_LATEST_20160120",
    "ConversionSoftware": "dcm2niix",
    "ConversionSoftwareVersion": "v1.0.20210317",
    "DerivedVendorReportedEchoSpacing": 0.0005,
    "DeviceSerialNumber": "45193",
    "DwellTime": 3.1e-06,
    "EchoNumber": 2,
    "EchoTime": 0.02923,
    "EchoTrainLength": 31,
    "EffectiveEchoSpacing": 0.00025,
    "FlipAngle": 56,
    "ImageComments": "Unaliased MB4/PE4/LB",
    "ImageOrientationPatientDICOM": [
      0.999754,
      -0.00534362,
      -0.0215431,
      7.3853e-11,
      0.970588,
      -0.240747
    ],
    "ImageType": [
      "ORIGINAL",
      "PRIMARY",
      "M",
      "MB",
      "TE2",
      "ND",
      "NORM",
      "MOSAIC"
    ],
    "ImagingFrequency": 123.252,
    "InPlanePhaseEncodingDirectionDICOM": "ROW",
    "InstitutionAddress": "Blackburn Road 770,Clayton,Victoria,AU,3800",
    "InstitutionName": "Monash Biomedical Imaging",
    "InstitutionalDepartmentName": "Department",
    "MRAcquisitionType": "2D",
    "MagneticFieldStrength": 3,
    "Manufacturer": "Siemens",
    "ManufacturersModelName": "Skyra",
    "Modality": "MR",
    "MultibandAccelerationFactor": 4,
    "ParallelReductionFactorInPlane": 2,
    "PartialFourier": 1,
    "PatientPosition": "HFS",
    "PercentPhaseFOV": 100,
    "PercentSampling": 100,
    "PhaseEncodingDirection": "i",
    "PhaseEncodingSteps": 63,
    "PhaseResolution": 1,
    "PixelBandwidth": 2520,
    "ProcedureStepDescription": "MR Scan",
    "ProtocolName": "Meditation_R-L_mmb_4_4_cmrr_mbep2d_bold_TE_12.6_29.23_45.86_62.5",
    "PulseSequenceDetails": "%CustomerSeq%\\cmrr_mbep2d_bold",
    "ReceiveCoilActiveElements": "HEA;HEP",
    "ReceiveCoilName": "Head_32",
    "ReconMatrixPE": 64,
    "RefLinesPE": 24,
    "RepetitionTime": 0.91,
    "SAR": 0.0823356,
    "ScanOptions": "FS",
    "ScanningSequence": "EP",
    "SequenceName": "epfid2d4_64",
    "SequenceVariant": "SK\\SS",
    "SeriesDescription": "Meditation_R-L_mmb_4_4_cmrr_mbep2d_bold_TE_12.6_29.23_45.86_62.5",
    "SeriesNumber": 10,
    "ShimSetting": [
      -4122,
      15445,
      -15145,
      364,
      276,
      -310,
      -133,
      80
    ],
    "SliceThickness": 3.2,
    "SliceTiming": [
      0,
      0.6225,
      0.355,
      0.0875,
      0.71,
      0.445,
      0.1775,
      0.8,
      0.5325,
      0.265,
      0,
      0.6225,
      0.355,
      0.0875,
      0.71,
      0.445,
      0.1775,
      0.8,
      0.5325,
      0.265,
      0,
      0.6225,
      0.355,
      0.0875,
      0.71,
      0.445,
      0.1775,
      0.8,
      0.5325,
      0.265,
      0,
      0.6225,
      0.355,
      0.0875,
      0.71,
      0.445,
      0.1775,
      0.8,
      0.5325,
      0.265
    ],
    "SoftwareVersions": "syngo MR E11",
    "SpacingBetweenSlices": 3.2,
    "StationName": "AWP45193",
    "TaskName": "meditation",
    "TotalReadoutTime": 0.01575,
    "TxRefAmp": 389.897,
    "WipMemBlock": "50bdc630-9038-42eb-b59c-babecdffaf81||Sequence: R016 ve11c/master r/e634e98; Dec 19 2017 11:00:25 by eja",
    "dataset": "<unset>",
    "modality": "bold",
    "run_id": 1,
    "session_id": "01",
    "subject_id": "PC222",
    "task_id": "meditation"
  },
  "dummy_trs": 0,
  "dvars_nstd": 37.26228228663369,
  "dvars_std": 1.1202525708415851,
  "dvars_vstd": 0.9962254868811884,
  "efc": 0.5277483626487512,
  "fber": 1978.600830078125,
  "fd_mean": 0.08928957566008905,
  "fd_num": 4,
  "fd_perc": 0.9876543209876543,
  "fwhm_avg": 1.691800616692494,
  "fwhm_x": 1.6424388349514563,
  "fwhm_y": 1.7604411650485436,
  "fwhm_z": 1.6725218500774823,
  "gcor": 0.0217488,
  "gsr_x": -0.0055966004729270935,
  "gsr_y": 0.028059888631105423,
  "provenance": {
    "md5sum": "8eb13bb37e354595008878d0143cada5",
    "settings": {
      "fd_thres": 0.2,
      "testing": false
    },
    "software": "mriqc",
    "version": "22.0.6",
    "webapi_port": null,
    "webapi_url": "https://mriqc.nimh.nih.gov/api/v1"
  },
  "size_t": 405,
  "size_x": 64,
  "size_y": 64,
  "size_z": 40,
  "snr": 5.605829023634659,
  "spacing_tr": 0.9100000262260437,
  "spacing_x": 3.21875,
  "spacing_y": 3.21875,
  "spacing_z": 3.200000047683716,
  "summary_bg_k": 39.69384638344463,
  "summary_bg_mad": 78.49372714872646,
  "summary_bg_mean": 181.57740783691406,
  "summary_bg_median": 83.0666732788086,
  "summary_bg_n": 96585.0,
  "summary_bg_p05": 19.740741729736328,
  "summary_bg_p95": 663.9235107421881,
  "summary_bg_stdv": 290.33935546875,
  "summary_fg_k": 2.0860348059583984,
  "summary_fg_mad": 598.4095290294076,
  "summary_fg_mean": 3811.512451171875,
  "summary_fg_median": 3723.376708984375,
  "summary_fg_n": 32164.0,
  "summary_fg_p05": 2947.8234741210936,
  "summary_fg_p95": 4972.881909179687,
  "summary_fg_stdv": 664.18701171875,
  "tsnr": 42.55111424950883
}