{
  "bids_meta": {
    "AcquisitionMatrixPE": 240,
    "AcquisitionNumber": 1,
    "AcquisitionTime": "12:48:54.520000",
    "BaseResolution": 256,
    "BodyPartExamined": "BRAIN",
    "ConsistencyInfo": "N4_VE11C_LATEST_20160120",
    "ConversionSoftware": "dcm2niix",
    "ConversionSoftwareVersion": "v1.0.20210317",
    "DeviceSerialNumber": "45193",
    "DwellTime": 8.5e-06,
    "EchoTime": 0.00207,
    "FlipAngle": 9,
    "ImageOrientationPatientDICOM": [
      0.0349218,
      0.99939,
      2.07149e-08,
      0.0313717,
      -0.00109621,
      -0.999507
    ],
    "ImageType": [
      "ORIGINAL",
      "PRIMARY",
      "M",
      "ND",
      "NORM"
    ],
    "ImagingFrequency": 123.252,
    "InPlanePhaseEncodingDirectionDICOM": "ROW",
    "InstitutionAddress": "Blackburn Road 770,Clayton,Victoria,AU,3800",
    "InstitutionName": "Monash Biomedical Imaging",
    "InstitutionalDepartmentName": "Department",
    "InversionTime": 0.9,
    "MRAcquisitionType": "3D",
    "MagneticFieldStrength": 3,
    "Manufacturer": "Siemens",
    "ManufacturersModelName": "Skyra",
    "Modality": "MR",
    "ParallelReductionFactorInPlane": 2,
    "PartialFourier": 1,
    "PatientPosition": "HFS",
    "PercentPhaseFOV": 93.75,
    "PercentSampling": 100,
    "PhaseEncodingSteps": 239,
    "PhaseResolution": 1,
    "PixelBandwidth": 230,
    "ProcedureStepDescription": "MR Scan",
    "ProtocolName": "t1_mprage_sag_p2_iso_1_ADNI",
    "PulseSequenceDetails": "%SiemensSeq%\\tfl",
    "ReceiveCoilActiveElements": "HEA;HEP",
    "ReceiveCoilName": "Head_32",
    "ReconMatrixPE": 240,
    "RefLinesPE": 32,
    "RepetitionTime": 2.3,
    "SAR": 0.10638,
    "ScanOptions": "IR",
    "ScanningSequence": "GR\\IR",
    "SequenceName": "*tfl3d1_16ns",
    "SequenceVariant": "SK\\SP\\MP",
    "SeriesDescription": "t1_mprage_sag_p2_iso_1_ADNI",
    "SeriesNumber": 3,
    "ShimSetting": [
      -4121,
      15461,
      -15515,
      -92,
      142,
      -177,
      -175,
      57
    ],
    "SliceThickness": 1,
    "SoftwareVersions": "syngo MR E11",
    "StationName": "AWP45193",
    "TxRefAmp": 371.852,
    "dataset": "<unset>",
    "modality": "T1w",
    "run_id": 1,
    "session_id": "01",
    "subject_id": "PC226"
  },
  "cjv": 0.3278071295213927,
  "cnr": 3.9029293966124374,
  "efc": 0.5232076982497067,
  "fber": 22543.220736,
  "fwhm_avg": 4.0804133333333334,
  "fwhm_x": 4.04884,
  "fwhm_y": 4.04645,
  "fwhm_z": 4.14595,
  "icvs_csf": 0.24075175428961212,
  "icvs_gm": 0.42817523923383194,
  "icvs_wm": 0.3310730064765559,
  "inu_med": 0.5140328407287598,
  "inu_range": 0.1627774775028229,
  "provenance": {
    "md5sum": "cda4de27f09b59774f450fac45de8a11",
    "settings": {
      "testing": false
    },
    "software": "mriqc",
    "version": "22.0.6",
    "warnings": {
      "large_rot_frame": true,
      "small_air_mask": false
    },
    "webapi_port": null,
    "webapi_url": "https://mriqc.nimh.nih.gov/api/v1"
  },
  "qi_1": 0.014497838895794929,
  "qi_2": 0.04757787554106158,
  "rpve_csf": 18.67089214253193,
  "rpve_gm": 10.720353437729838,
  "rpve_wm": 16.298068224520186,
  "size_x": 192,
  "size_y": 240,
  "size_z": 256,
  "snr_csf": 2.5920049808583494,
  "snr_gm": 11.906640670549226,
  "snr_total": 13.23008828470244,
  "snr_wm": 25.191619202699744,
  "snrd_csf": 6.532112590329025,
  "snrd_gm": 18.60997586417758,
  "snrd_total": 17.175910126146462,
  "snrd_wm": 26.385641923932784,
  "spacing_x": 1.0,
  "spacing_y": 1.0,
  "spacing_z": 1.0,
  "summary_bg_k": 5694.488388325039,
  "summary_bg_mad": 0.0,
  "summary_bg_mean": 1.9927872638469089,
  "summary_bg_median": 0.0,
  "summary_bg_n": 2765149.0,
  "summary_bg_p05": 0.0,
  "summary_bg_p95": 7.266883194446564,
  "summary_bg_stdv": 24.8292762618599,
  "summary_csf_k": 1.0960849163416828,
  "summary_csf_mad": 79.45749144959319,
  "summary_csf_mean": 266.19310946588735,
  "summary_csf_median": 247.56314574927092,
  "summary_csf_n": 60043.0,
  "summary_csf_p05": 144.49917736649513,
  "summary_csf_p95": 457.708830434829,
  "summary_csf_stdv": 95.50949400951204,
  "summary_gm_k": 0.15472189259199398,
  "summary_gm_mad": 58.893851224372526,
  "summary_gm_mean": 704.3434616431772,
  "summary_gm_median": 705.3069131225348,
  "summary_gm_n": 36899.0,
  "summary_gm_p05": 606.047577335313,
  "summary_gm_p95": 799.566773019731,
  "summary_gm_stdv": 59.23562953731096,
  "summary_wm_k": 0.49362559740998124,
  "summary_wm_mad": 37.70864000997643,
  "summary_wm_mean": 1000.6687020109882,
  "summary_wm_median": 999.9999888204038,
  "summary_wm_n": 223442.0,
  "summary_wm_p05": 936.9737518839538,
  "summary_wm_p95": 1066.694604292512,
  "summary_wm_stdv": 39.69565207597241,
  "tpm_overlap_csf": 0.15883605294217507,
  "tpm_overlap_gm": 0.45625362052325946,
  "tpm_overlap_wm": 0.508048747347277,
  "wm2max": 0.5222363143132283
}