{
  "bids_meta": {
    "AcquisitionMatrixPE": 256,
    "AcquisitionNumber": 1,
    "AcquisitionTime": "15:30:34.127500",
    "BaseResolution": 256,
    "BodyPartExamined": "BRAIN",
    "ConsistencyInfo": "N4_VE11C_LATEST_20160120",
    "ConversionSoftware": "dcm2niix",
    "ConversionSoftwareVersion": "v1.0.20210317",
    "DeviceSerialNumber": "45193",
    "DwellTime": 2.8e-06,
    "EchoTime": 0.452,
    "EchoTrainLength": 270,
    "FlipAngle": 120,
    "ImageOrientationPatientDICOM": [
      0.040218,
      0.999191,
      -2.90479e-08,
      0.0644336,
      -0.00259352,
      -0.997919
    ],
    "ImageType": [
      "ORIGINAL",
      "PRIMARY",
      "M",
      "ND",
      "NORM"
    ],
    "ImagingFrequency": 123.252,
    "InPlanePhaseEncodingDirectionDICOM": "ROW",
    "InstitutionAddress": "Blackburn Road 770,Clayton,Victoria,AU,3800",
    "InstitutionName": "Monash Biomedical Imaging",
    "InstitutionalDepartmentName": "Department",
    "MRAcquisitionType": "3D",
    "MagneticFieldStrength": 3,
    "Manufacturer": "Siemens",
    "ManufacturersModelName": "Skyra",
    "Modality": "MR",
    "ParallelReductionFactorInPlane": 2,
    "PartialFourier": 1,
    "PatientPosition": "HFS",
    "PercentPhaseFOV": 100,
    "PercentSampling": 100,
    "PhaseEncodingDirection": "i",
    "PhaseEncodingSteps": 245,
    "PhaseResolution": 1,
    "PixelBandwidth": 700,
    "ProcedureStepDescription": "MR Scan",
    "ProtocolName": "t2_space_sag_p2_iso",
    "PulseSequenceDetails": "%SiemensSeq%\\tse_vfl",
    "ReceiveCoilActiveElements": "HEA;HEP",
    "ReceiveCoilName": "Head_32",
    "ReconMatrixPE": 256,
    "RefLinesPE": 24,
    "RepetitionTime": 3.2,
    "SAR": 0.256717,
    "ScanOptions": "PFP",
    "ScanningSequence": "SE",
    "SequenceName": "*spcR_282ns",
    "SequenceVariant": "SK\\SP",
    "SeriesDescription": "t2_space_sag_p2_iso",
    "SeriesNumber": 4,
    "ShimSetting": [
      -4121,
      15461,
      -15515,
      -92,
      142,
      -177,
      -175,
      57
    ],
    "SliceThickness": 1,
    "SoftwareVersions": "syngo MR E11",
    "StationName": "AWP45193",
    "TxRefAmp": 362.906,
    "dataset": "<unset>",
    "modality": "T2w",
    "run_id": 1,
    "session_id": "01",
    "subject_id": "PC227"
  },
  "cjv": 0.48666420357155776,
  "cnr": 2.6437697739112562,
  "efc": 0.5187513301262935,
  "fber": 3321.3340101232516,
  "fwhm_avg": 2.6527499999999997,
  "fwhm_x": 2.71188,
  "fwhm_y": 2.77861,
  "fwhm_z": 2.46776,
  "icvs_csf": 0.20267509457479105,
  "icvs_gm": 0.20431665006401606,
  "icvs_wm": 0.5930082553611928,
  "inu_med": 0.9607462882995605,
  "inu_range": 0.2291231006383896,
  "provenance": {
    "md5sum": "b17c228b1a0c3c053c452db5b569024f",
    "settings": {
      "testing": false
    },
    "software": "mriqc",
    "version": "22.0.6",
    "warnings": {
      "large_rot_frame": true,
      "small_air_mask": false
    },
    "webapi_port": null,
    "webapi_url": "https://mriqc.nimh.nih.gov/api/v1"
  },
  "qi_1": 0.013961848189406354,
  "qi_2": 0.015088594313066507,
  "rpve_csf": 30.88377283091227,
  "rpve_gm": 21.645320635907506,
  "rpve_wm": 11.000985150517131,
  "size_x": 176,
  "size_y": 256,
  "size_z": 256,
  "snr_csf": 3.6174881202431517,
  "snr_gm": 7.822549783155845,
  "snr_total": 6.67205349042541,
  "snr_wm": 8.576122567877233,
  "snrd_csf": 61.15342929329626,
  "snrd_gm": 26.124060250516226,
  "snrd_total": 34.38637128666094,
  "snrd_wm": 15.881624316170335,
  "spacing_x": 1.0,
  "spacing_y": 1.0,
  "spacing_z": 1.0,
  "summary_bg_k": 2170.9247799863683,
  "summary_bg_mad": 0.0,
  "summary_bg_mean": 4.522716691691099,
  "summary_bg_median": 0.0,
  "summary_bg_n": 738889.0,
  "summary_bg_p05": 0.0,
  "summary_bg_p95": 18.266854718327522,
  "summary_bg_stdv": 41.26942209062557,
  "summary_csf_k": 2.3616620511353235,
  "summary_csf_mad": 772.308577236772,
  "summary_csf_mean": 3727.8488621072124,
  "summary_csf_median": 3852.2766950428486,
  "summary_csf_n": 45503.0,
  "summary_csf_p05": 1301.5884075045585,
  "summary_csf_p95": 5044.6522552073,
  "summary_csf_stdv": 1064.8920568207418,
  "summary_gm_k": 0.6996994156887575,
  "summary_gm_mad": 202.39901219469527,
  "summary_gm_mean": 1663.0952722971067,
  "summary_gm_median": 1645.6494696363807,
  "summary_gm_n": 5382.0,
  "summary_gm_p05": 1350.8736169740557,
  "summary_gm_p95": 2032.995035339892,
  "summary_gm_stdv": 210.3529697581682,
  "summary_wm_k": 0.4052741473138859,
  "summary_wm_mad": 111.60074815906597,
  "summary_wm_mean": 1003.0283317461603,
  "summary_wm_median": 1000.441217109561,
  "summary_wm_n": 303159.0,
  "summary_wm_p05": 815.5665280520916,
  "summary_wm_p95": 1197.76737090498,
  "summary_wm_stdv": 116.65406588616281,
  "tpm_overlap_csf": 0.13682223132103355,
  "tpm_overlap_gm": 0.25461601895076974,
  "tpm_overlap_wm": 0.4398159631384973,
  "wm2max": 0.20220450532398737
}