{
  "bids_meta": {
    "AcquisitionMatrixPE": 240,
    "AcquisitionNumber": 1,
    "AcquisitionTime": "11:19:54.682500",
    "BaseResolution": 256,
    "BodyPartExamined": "BRAIN",
    "ConsistencyInfo": "N4_VE11C_LATEST_20160120",
    "ConversionSoftware": "dcm2niix",
    "ConversionSoftwareVersion": "v1.0.20210317",
    "DeviceSerialNumber": "45193",
    "DwellTime": 8.5e-06,
    "EchoTime": 0.00207,
    "FlipAngle": 9,
    "ImageOrientationPatientDICOM": [
      0.0596278,
      0.998221,
      1.64917e-08,
      0.11982,
      -0.00715733,
      -0.99277
    ],
    "ImageType": [
      "ORIGINAL",
      "PRIMARY",
      "M",
      "ND",
      "NORM"
    ],
    "ImagingFrequency": 123.247,
    "InPlanePhaseEncodingDirectionDICOM": "ROW",
    "InstitutionAddress": "Blackburn Road 770,Clayton,Victoria,AU,3800",
    "InstitutionName": "Monash Biomedical Imaging",
    "InstitutionalDepartmentName": "Department",
    "InversionTime": 0.9,
    "MRAcquisitionType": "3D",
    "MagneticFieldStrength": 3,
    "Manufacturer": "Siemens",
    "ManufacturersModelName": "Skyra",
    "Modality": "MR",
    "ParallelReductionFactorInPlane": 2,
    "PartialFourier": 1,
    "PatientPosition": "HFS",
    "PercentPhaseFOV": 93.75,
    "PercentSampling": 100,
    "PhaseEncodingSteps": 239,
    "PhaseResolution": 1,
    "PixelBandwidth": 230,
    "ProcedureStepDescription": "MR Scan",
    "ProtocolName": "t1_mprage_sag_p2_iso_1_ADNI",
    "PulseSequenceDetails": "%SiemensSeq%\\tfl",
    "ReceiveCoilActiveElements": "HEA;HEP",
    "ReceiveCoilName": "Head_32",
    "ReconMatrixPE": 240,
    "RefLinesPE": 32,
    "RepetitionTime": 2.3,
    "SAR": 0.0852407,
    "ScanOptions": "IR",
    "ScanningSequence": "GR\\IR",
    "SequenceName": "*tfl3d1_16ns",
    "SequenceVariant": "SK\\SP\\MP",
    "SeriesDescription": "t1_mprage_sag_p2_iso_1_ADNI",
    "SeriesNumber": 3,
    "ShimSetting": [
      -4085,
      15379,
      -15541,
      -112,
      159,
      -108,
      -206,
      160
    ],
    "SliceThickness": 1,
    "SoftwareVersions": "syngo MR E11",
    "StationName": "AWP45193",
    "TxRefAmp": 357.572,
    "dataset": "<unset>",
    "modality": "T1w",
    "run_id": 1,
    "session_id": "01",
    "subject_id": "PC029"
  },
  "cjv": 0.3407862768098766,
  "cnr": 4.0669433999808815,
  "efc": 0.48611513371908066,
  "fber": -1.0,
  "fwhm_avg": 4.325793333333333,
  "fwhm_x": 4.26291,
  "fwhm_y": 4.45659,
  "fwhm_z": 4.25788,
  "icvs_csf": 0.2263560485540567,
  "icvs_gm": 0.4167114157537838,
  "icvs_wm": 0.3569325356921595,
  "inu_med": 0.4254623353481293,
  "inu_range": 0.10007324218749997,
  "provenance": {
    "md5sum": "335acc670bed074867d272365e7c630b",
    "settings": {
      "testing": false
    },
    "software": "mriqc",
    "version": "22.0.6",
    "warnings": {
      "large_rot_frame": true,
      "small_air_mask": false
    },
    "webapi_port": null,
    "webapi_url": "https://mriqc.nimh.nih.gov/api/v1"
  },
  "qi_1": 0.014396771239313986,
  "qi_2": 0.004681347278323414,
  "rpve_csf": 26.66034068017807,
  "rpve_gm": 14.441030598207979,
  "rpve_wm": 19.53783631539651,
  "size_x": 192,
  "size_y": 240,
  "size_z": 256,
  "snr_csf": 1.9649807652288616,
  "snr_gm": 11.046882375532665,
  "snr_total": 12.886864011336327,
  "snr_wm": 25.64872889324745,
  "snrd_csf": 30.610113738463227,
  "snrd_gm": 93.36471042189757,
  "snrd_total": 85.94123350551945,
  "snrd_wm": 133.84887635619756,
  "spacing_x": 1.0,
  "spacing_y": 1.0,
  "spacing_z": 1.0,
  "summary_bg_k": 59.38235614932068,
  "summary_bg_mad": 0.0,
  "summary_bg_mean": 2.0900576743120056,
  "summary_bg_median": 0.0,
  "summary_bg_n": 3570830.0,
  "summary_bg_p05": 0.0,
  "summary_bg_p95": 8.741907641291618,
  "summary_bg_stdv": 4.8945977333634065,
  "summary_csf_k": 1.9303788034669696,
  "summary_csf_mad": 109.49406626577122,
  "summary_csf_mean": 236.48602741129983,
  "summary_csf_median": 228.69160272926092,
  "summary_csf_n": 45195.0,
  "summary_csf_p05": 49.63506711237134,
  "summary_csf_p95": 441.631277538836,
  "summary_csf_stdv": 116.38234669151603,
  "summary_gm_k": -0.21974803054253123,
  "summary_gm_mad": 65.65975833022797,
  "summary_gm_mean": 698.7430536308551,
  "summary_gm_median": 697.5382531136274,
  "summary_gm_n": 33899.0,
  "summary_gm_p05": 597.29496313259,
  "summary_gm_p95": 802.6473218761384,
  "summary_gm_stdv": 63.142517576213166,
  "summary_wm_k": 0.47614635266676686,
  "summary_wm_mad": 37.41505781945951,
  "summary_wm_mean": 1000.1728482908343,
  "summary_wm_median": 1000.000010419637,
  "summary_wm_n": 188181.0,
  "summary_wm_p05": 936.8685925006866,
  "summary_wm_p95": 1064.0798428468406,
  "summary_wm_stdv": 38.988183685896644,
  "tpm_overlap_csf": 0.14037835551655112,
  "tpm_overlap_gm": 0.470961298571629,
  "tpm_overlap_wm": 0.5152902666052394,
  "wm2max": 0.4570141715664104
}