{
  "bids_meta": {
    "AcquisitionMatrixPE": 240,
    "AcquisitionNumber": 1,
    "AcquisitionTime": "12:45:45.715000",
    "BaseResolution": 256,
    "BodyPartExamined": "BRAIN",
    "ConsistencyInfo": "N4_VE11C_LATEST_20160120",
    "ConversionSoftware": "dcm2niix",
    "ConversionSoftwareVersion": "v1.0.20210317",
    "DeviceSerialNumber": "45193",
    "DwellTime": 8.5e-06,
    "EchoTime": 0.00207,
    "FlipAngle": 9,
    "ImageOrientationPatientDICOM": [
      0.0122892,
      0.999924,
      -2.89211e-08,
      0.0714539,
      -0.000878204,
      -0.997443
    ],
    "ImageType": [
      "ORIGINAL",
      "PRIMARY",
      "M",
      "ND",
      "NORM"
    ],
    "ImagingFrequency": 123.247,
    "InPlanePhaseEncodingDirectionDICOM": "ROW",
    "InstitutionAddress": "Blackburn Road 770,Clayton,Victoria,AU,3800",
    "InstitutionName": "Monash Biomedical Imaging",
    "InstitutionalDepartmentName": "Department",
    "InversionTime": 0.9,
    "MRAcquisitionType": "3D",
    "MagneticFieldStrength": 3,
    "Manufacturer": "Siemens",
    "ManufacturersModelName": "Skyra",
    "Modality": "MR",
    "ParallelReductionFactorInPlane": 2,
    "PartialFourier": 1,
    "PatientPosition": "HFS",
    "PercentPhaseFOV": 93.75,
    "PercentSampling": 100,
    "PhaseEncodingSteps": 239,
    "PhaseResolution": 1,
    "PixelBandwidth": 230,
    "ProcedureStepDescription": "MR Scan",
    "ProtocolName": "t1_mprage_sag_p2_iso_1_ADNI",
    "PulseSequenceDetails": "%SiemensSeq%\\tfl",
    "ReceiveCoilActiveElements": "HEA;HEP",
    "ReceiveCoilName": "Head_32",
    "ReconMatrixPE": 240,
    "RefLinesPE": 32,
    "RepetitionTime": 2.3,
    "SAR": 0.100773,
    "ScanOptions": "IR",
    "ScanningSequence": "GR\\IR",
    "SequenceName": "*tfl3d1_16ns",
    "SequenceVariant": "SK\\SP\\MP",
    "SeriesDescription": "t1_mprage_sag_p2_iso_1_ADNI",
    "SeriesNumber": 3,
    "ShimSetting": [
      -4085,
      15379,
      -15541,
      -112,
      159,
      -108,
      -206,
      160
    ],
    "SliceThickness": 1,
    "SoftwareVersions": "syngo MR E11",
    "StationName": "AWP45193",
    "TxRefAmp": 400.857,
    "dataset": "<unset>",
    "modality": "T1w",
    "run_id": 1,
    "session_id": "01",
    "subject_id": "PC032"
  },
  "cjv": 0.3489944592595775,
  "cnr": 3.7345210266708597,
  "efc": 0.5462743263336299,
  "fber": 13905.25134862506,
  "fwhm_avg": 3.9818,
  "fwhm_x": 3.85941,
  "fwhm_y": 4.06827,
  "fwhm_z": 4.01772,
  "icvs_csf": 0.2322727991874843,
  "icvs_gm": 0.42198191276305896,
  "icvs_wm": 0.34574528804945676,
  "inu_med": 0.4741494208574295,
  "inu_range": 0.131809189915657,
  "provenance": {
    "md5sum": "56ad3fd7176649b3c459e027cd5b18a2",
    "settings": {
      "testing": false
    },
    "software": "mriqc",
    "version": "22.0.6",
    "warnings": {
      "large_rot_frame": true,
      "small_air_mask": false
    },
    "webapi_port": null,
    "webapi_url": "https://mriqc.nimh.nih.gov/api/v1"
  },
  "qi_1": 0.01719523066636951,
  "qi_2": 0.028881234557414134,
  "rpve_csf": 19.736360629512003,
  "rpve_gm": 11.22781669783064,
  "rpve_wm": 16.054641378261053,
  "size_x": 192,
  "size_y": 240,
  "size_z": 256,
  "snr_csf": 2.5286721903697535,
  "snr_gm": 10.961479858581313,
  "snr_total": 12.944253965440708,
  "snr_wm": 25.34260984737106,
  "snrd_csf": 8.383261680890918,
  "snrd_gm": 23.739682639231415,
  "snrd_total": 21.88363957762742,
  "snrd_wm": 33.527974412759924,
  "spacing_x": 1.0,
  "spacing_y": 1.0,
  "spacing_z": 1.0,
  "summary_bg_k": 9685.750274263497,
  "summary_bg_mad": 0.0,
  "summary_bg_mean": 2.2878404876886402,
  "summary_bg_median": 0.0,
  "summary_bg_n": 2231422.0,
  "summary_bg_p05": 0.0,
  "summary_bg_p95": 8.018457636237144,
  "summary_bg_stdv": 19.540732630175786,
  "summary_csf_k": 9.359920156828126,
  "summary_csf_mad": 86.35755633932405,
  "summary_csf_mean": 262.7874770280844,
  "summary_csf_median": 250.04728034511209,
  "summary_csf_n": 53939.0,
  "summary_csf_p05": 131.32115525007248,
  "summary_csf_p95": 446.80207573994994,
  "summary_csf_stdv": 98.88389780838884,
  "summary_gm_k": -0.09029672970289004,
  "summary_gm_mad": 65.04854893091941,
  "summary_gm_mean": 707.929857346025,
  "summary_gm_median": 708.0827613584697,
  "summary_gm_n": 41732.0,
  "summary_gm_p05": 601.5356143712997,
  "summary_gm_p95": 814.2895021252334,
  "summary_gm_stdv": 64.59659523641909,
  "summary_wm_k": 0.7401626830907624,
  "summary_wm_mad": 36.84215228242591,
  "summary_wm_mean": 1000.6540194735472,
  "summary_wm_median": 1000.0378297269344,
  "summary_wm_n": 232785.0,
  "summary_wm_p05": 937.138324778527,
  "summary_wm_p95": 1065.9253448322415,
  "summary_wm_stdv": 39.46064307352282,
  "tpm_overlap_csf": 0.17707611765148165,
  "tpm_overlap_gm": 0.4640883424925068,
  "tpm_overlap_wm": 0.5160616049578749,
  "wm2max": 0.490802101316107
}