{
  "bids_meta": {
    "AcquisitionMatrixPE": 240,
    "AcquisitionNumber": 1,
    "AcquisitionTime": "14:28:12.240000",
    "BaseResolution": 256,
    "BodyPartExamined": "BRAIN",
    "ConsistencyInfo": "N4_VE11C_LATEST_20160120",
    "ConversionSoftware": "dcm2niix",
    "ConversionSoftwareVersion": "v1.0.20210317",
    "DeviceSerialNumber": "45193",
    "DwellTime": 8.5e-06,
    "EchoTime": 0.00207,
    "FlipAngle": 9,
    "ImageOrientationPatientDICOM": [
      -0.0401292,
      0.999195,
      2.02537e-08,
      -0.00173708,
      -6.97436e-05,
      -0.999999
    ],
    "ImageType": [
      "ORIGINAL",
      "PRIMARY",
      "M",
      "ND",
      "NORM"
    ],
    "ImagingFrequency": 123.252,
    "InPlanePhaseEncodingDirectionDICOM": "ROW",
    "InstitutionAddress": "Blackburn Road 770,Clayton,Victoria,AU,3800",
    "InstitutionName": "Monash Biomedical Imaging",
    "InstitutionalDepartmentName": "Department",
    "InversionTime": 0.9,
    "MRAcquisitionType": "3D",
    "MagneticFieldStrength": 3,
    "Manufacturer": "Siemens",
    "ManufacturersModelName": "Skyra",
    "Modality": "MR",
    "ParallelReductionFactorInPlane": 2,
    "PartialFourier": 1,
    "PatientPosition": "HFS",
    "PercentPhaseFOV": 93.75,
    "PercentSampling": 100,
    "PhaseEncodingSteps": 239,
    "PhaseResolution": 1,
    "PixelBandwidth": 230,
    "ProcedureStepDescription": "MR Scan",
    "ProtocolName": "t1_mprage_sag_p2_iso_1_ADNI",
    "PulseSequenceDetails": "%SiemensSeq%\\tfl",
    "ReceiveCoilActiveElements": "HEA;HEP",
    "ReceiveCoilName": "Head_32",
    "ReconMatrixPE": 240,
    "RefLinesPE": 32,
    "RepetitionTime": 2.3,
    "SAR": 0.0878931,
    "ScanOptions": "IR",
    "ScanningSequence": "GR\\IR",
    "SequenceName": "*tfl3d1_16ns",
    "SequenceVariant": "SK\\SP\\MP",
    "SeriesDescription": "t1_mprage_sag_p2_iso_1_ADNI",
    "SeriesNumber": 3,
    "ShimSetting": [
      -4121,
      15461,
      -15515,
      -92,
      142,
      -177,
      -175,
      57
    ],
    "SliceThickness": 1,
    "SoftwareVersions": "syngo MR E11",
    "StationName": "AWP45193",
    "TxRefAmp": 364.743,
    "dataset": "<unset>",
    "modality": "T1w",
    "run_id": 1,
    "session_id": "01",
    "subject_id": "PC205"
  },
  "cjv": 0.3163398117943199,
  "cnr": 4.06845055801628,
  "efc": 0.499019491696217,
  "fber": -1.0,
  "fwhm_avg": 3.92977,
  "fwhm_x": 3.85576,
  "fwhm_y": 3.98348,
  "fwhm_z": 3.95007,
  "icvs_csf": 0.18226383062587168,
  "icvs_gm": 0.47241728861270627,
  "icvs_wm": 0.34531888076142203,
  "inu_med": 0.4629005491733551,
  "inu_range": 0.14107540249824524,
  "provenance": {
    "md5sum": "c587f55bd344f9b14722e1f1d18516e5",
    "settings": {
      "testing": false
    },
    "software": "mriqc",
    "version": "22.0.6",
    "warnings": {
      "large_rot_frame": true,
      "small_air_mask": false
    },
    "webapi_port": null,
    "webapi_url": "https://mriqc.nimh.nih.gov/api/v1"
  },
  "qi_1": 0.018234829056109545,
  "qi_2": 0.03971070965354055,
  "rpve_csf": 24.93767774783507,
  "rpve_gm": 10.972896343881354,
  "rpve_wm": 16.835493952279503,
  "size_x": 192,
  "size_y": 240,
  "size_z": 256,
  "snr_csf": 2.125731180121757,
  "snr_gm": 12.582105351083623,
  "snr_total": 12.9934784672694,
  "snr_wm": 24.27259887060282,
  "snrd_csf": 8.35415620659886,
  "snrd_gm": 22.316071701725093,
  "snrd_total": 20.77723783166147,
  "snrd_wm": 31.661485586660454,
  "spacing_x": 1.0,
  "spacing_y": 1.0,
  "spacing_z": 1.0,
  "summary_bg_k": 8932.465251470745,
  "summary_bg_mad": 0.0,
  "summary_bg_mean": 2.305161026162084,
  "summary_bg_median": 0.0,
  "summary_bg_n": 3295957.0,
  "summary_bg_p05": 0.0,
  "summary_bg_p95": 8.230452597141266,
  "summary_bg_stdv": 20.691903164731055,
  "summary_csf_k": 35.62018057404218,
  "summary_csf_mad": 77.40205166713687,
  "summary_csf_mean": 284.21494109830155,
  "summary_csf_median": 263.8586273789406,
  "summary_csf_n": 28122.0,
  "summary_csf_p05": 133.82756268307568,
  "summary_csf_p95": 487.40820970982287,
  "summary_csf_stdv": 124.12384900035762,
  "summary_gm_k": 0.11138225949956215,
  "summary_gm_mad": 54.671928302753564,
  "summary_gm_mean": 704.1939794547147,
  "summary_gm_median": 704.8333670198917,
  "summary_gm_n": 55850.0,
  "summary_gm_p05": 610.3223536305129,
  "summary_gm_p95": 795.650763079524,
  "summary_gm_stdv": 56.01821295145508,
  "summary_wm_k": 0.6745335437560498,
  "summary_wm_mad": 38.70102583356844,
  "summary_wm_mean": 1000.3417152725365,
  "summary_wm_median": 999.9999905526638,
  "summary_wm_n": 214288.0,
  "summary_wm_p05": 933.1477358788252,
  "summary_wm_p95": 1067.5784616321325,
  "summary_wm_stdv": 41.198623294213554,
  "tpm_overlap_csf": 0.16564269035187418,
  "tpm_overlap_gm": 0.48115708429254117,
  "tpm_overlap_wm": 0.5203529389813794,
  "wm2max": 0.4459938248406783
}