{
  "aor": 0.006031544827586207,
  "aqi": 0.008424996841379312,
  "bids_meta": {
    "AcquisitionMatrixPE": 64,
    "AcquisitionNumber": 1,
    "AcquisitionTime": "10:55:46.347500",
    "BandwidthPerPixelPhaseEncode": 62.5,
    "BaseResolution": 64,
    "BodyPartExamined": "BRAIN",
    "ConsistencyInfo": "N4_VE11C_LATEST_20160120",
    "ConversionSoftware": "dcm2niix",
    "ConversionSoftwareVersion": "v1.0.20210317",
    "DerivedVendorReportedEchoSpacing": 0.0005,
    "DeviceSerialNumber": "45193",
    "DwellTime": 3.1e-06,
    "EchoNumber": 1,
    "EchoTime": 0.0126,
    "EchoTrainLength": 31,
    "EffectiveEchoSpacing": 0.00025,
    "FlipAngle": 56,
    "ImageComments": "Unaliased MB4/PE4/LB",
    "ImageOrientationPatientDICOM": [
      0.999975,
      0.000605325,
      0.00698228,
      -2.022e-12,
      0.996263,
      -0.0863706
    ],
    "ImageType": [
      "ORIGINAL",
      "PRIMARY",
      "M",
      "MB",
      "TE1",
      "ND",
      "NORM",
      "MOSAIC"
    ],
    "ImagingFrequency": 123.247,
    "InPlanePhaseEncodingDirectionDICOM": "ROW",
    "InstitutionAddress": "Blackburn Road 770,Clayton,Victoria,AU,3800",
    "InstitutionName": "Monash Biomedical Imaging",
    "InstitutionalDepartmentName": "Department",
    "MRAcquisitionType": "2D",
    "MagneticFieldStrength": 3,
    "Manufacturer": "Siemens",
    "ManufacturersModelName": "Skyra",
    "Modality": "MR",
    "MultibandAccelerationFactor": 4,
    "ParallelReductionFactorInPlane": 2,
    "PartialFourier": 1,
    "PatientPosition": "HFS",
    "PercentPhaseFOV": 100,
    "PercentSampling": 100,
    "PhaseEncodingDirection": "i",
    "PhaseEncodingSteps": 63,
    "PhaseResolution": 1,
    "PixelBandwidth": 2520,
    "ProcedureStepDescription": "MR Scan",
    "ProtocolName": "Music_R-L_mmb_4_4_cmrr_mbep2d_bold_TE_12.6_29.23_45.86_62.49",
    "PulseSequenceDetails": "%CustomerSeq%\\cmrr_mbep2d_bold",
    "ReceiveCoilActiveElements": "HEA;HEP",
    "ReceiveCoilName": "Head_32",
    "ReconMatrixPE": 64,
    "RefLinesPE": 24,
    "RepetitionTime": 0.91,
    "SAR": 0.109839,
    "ScanOptions": "FS",
    "ScanningSequence": "EP",
    "SequenceName": "epfid2d4_64",
    "SequenceVariant": "SK\\SS",
    "SeriesDescription": "Music_R-L_mmb_4_4_cmrr_mbep2d_bold_TE_12.6_29.23_45.86_62.49",
    "SeriesNumber": 8,
    "ShimSetting": [
      -4038,
      15221,
      -15079,
      315,
      252,
      -201,
      121,
      237
    ],
    "SliceThickness": 3.2,
    "SliceTiming": [
      0,
      0.6225,
      0.355,
      0.0875,
      0.7125,
      0.445,
      0.1775,
      0.8,
      0.5325,
      0.2675,
      0,
      0.6225,
      0.355,
      0.0875,
      0.7125,
      0.445,
      0.1775,
      0.8,
      0.5325,
      0.2675,
      0,
      0.6225,
      0.355,
      0.0875,
      0.7125,
      0.445,
      0.1775,
      0.8,
      0.5325,
      0.2675,
      0,
      0.6225,
      0.355,
      0.0875,
      0.7125,
      0.445,
      0.1775,
      0.8,
      0.5325,
      0.2675
    ],
    "SoftwareVersions": "syngo MR E11",
    "SpacingBetweenSlices": 3.2,
    "StationName": "AWP45193",
    "TaskName": "music",
    "TotalReadoutTime": 0.01575,
    "TxRefAmp": 367.421,
    "WipMemBlock": "3cb914bc-658e-494b-af4f-ea21408b4e31||Sequence: R016 ve11c/master r/e634e98; Dec 19 2017 11:00:25 by eja",
    "dataset": "<unset>",
    "modality": "bold",
    "run_id": 1,
    "session_id": "02",
    "subject_id": "PC007",
    "task_id": "music"
  },
  "dummy_trs": 3,
  "dvars_nstd": 26.134190253646402,
  "dvars_std": 1.0953805340883969,
  "dvars_vstd": 0.9881539592679561,
  "efc": 0.6100388426458354,
  "fber": 1750.8988037109375,
  "fd_mean": 0.174682552895371,
  "fd_num": 70,
  "fd_perc": 9.655172413793103,
  "fwhm_avg": 2.4749722501037947,
  "fwhm_x": 2.140153786407767,
  "fwhm_y": 2.6180473786407767,
  "fwhm_z": 2.6667155852628412,
  "gcor": 0.0313489,
  "gsr_x": -0.015644876286387444,
  "gsr_y": 0.06397591531276703,
  "provenance": {
    "md5sum": "5159a156f31f4dfc899a9d19c62a50c7",
    "settings": {
      "fd_thres": 0.2,
      "testing": false
    },
    "software": "mriqc",
    "version": "22.0.6",
    "webapi_port": null,
    "webapi_url": "https://mriqc.nimh.nih.gov/api/v1"
  },
  "size_t": 725,
  "size_x": 64,
  "size_y": 64,
  "size_z": 40,
  "snr": 5.891806130609039,
  "spacing_tr": 0.9100000262260437,
  "spacing_x": 3.21875,
  "spacing_y": 3.21875,
  "spacing_z": 3.200000047683716,
  "summary_bg_k": 5.257324677148388,
  "summary_bg_mad": 152.62418872608157,
  "summary_bg_mean": 762.0403442382812,
  "summary_bg_median": 147.5,
  "summary_bg_n": 87072.0,
  "summary_bg_p05": 26.449655532836914,
  "summary_bg_p95": 4213.571337890625,
  "summary_bg_stdv": 1373.2066650390625,
  "summary_fg_k": 1.008518530248753,
  "summary_fg_mad": 1158.04010574446,
  "summary_fg_mean": 6725.3017578125,
  "summary_fg_median": 6648.369140625,
  "summary_fg_n": 36562.0,
  "summary_fg_p05": 5115.8612060546875,
  "summary_fg_p95": 8618.180859375,
  "summary_fg_stdv": 1128.3939208984375,
  "tsnr": 45.84622950269841
}