{
  "aor": 0.0021508977556109724,
  "aqi": 0.004365187007481297,
  "bids_meta": {
    "AcquisitionMatrixPE": 64,
    "AcquisitionNumber": 1,
    "AcquisitionTime": "10:48:28.755000",
    "BandwidthPerPixelPhaseEncode": 62.5,
    "BaseResolution": 64,
    "BodyPartExamined": "BRAIN",
    "ConsistencyInfo": "N4_VE11C_LATEST_20160120",
    "ConversionSoftware": "dcm2niix",
    "ConversionSoftwareVersion": "v1.0.20210317",
    "DerivedVendorReportedEchoSpacing": 0.0005,
    "DeviceSerialNumber": "45193",
    "DwellTime": 3.1e-06,
    "EchoNumber": 1,
    "EchoTime": 0.0126,
    "EchoTrainLength": 31,
    "EffectiveEchoSpacing": 0.00025,
    "FlipAngle": 56,
    "ImageComments": "Unaliased MB4/PE4/LB",
    "ImageOrientationPatientDICOM": [
      0.999975,
      0.000605325,
      0.00698228,
      -2.022e-12,
      0.996263,
      -0.0863706
    ],
    "ImageType": [
      "ORIGINAL",
      "PRIMARY",
      "M",
      "MB",
      "TE1",
      "ND",
      "NORM",
      "MOSAIC"
    ],
    "ImagingFrequency": 123.247,
    "InPlanePhaseEncodingDirectionDICOM": "ROW",
    "InstitutionAddress": "Blackburn Road 770,Clayton,Victoria,AU,3800",
    "InstitutionName": "Monash Biomedical Imaging",
    "InstitutionalDepartmentName": "Department",
    "MRAcquisitionType": "2D",
    "MagneticFieldStrength": 3,
    "Manufacturer": "Siemens",
    "ManufacturersModelName": "Skyra",
    "Modality": "MR",
    "MultibandAccelerationFactor": 4,
    "ParallelReductionFactorInPlane": 2,
    "PartialFourier": 1,
    "PatientPosition": "HFS",
    "PercentPhaseFOV": 100,
    "PercentSampling": 100,
    "PhaseEncodingDirection": "i",
    "PhaseEncodingSteps": 63,
    "PhaseResolution": 1,
    "PixelBandwidth": 2520,
    "ProcedureStepDescription": "MR Scan",
    "ProtocolName": "Meditation_R-L_mmb_4_4_cmrr_mbep2d_bold_TE_12.6_29.23_45.86_62.5",
    "PulseSequenceDetails": "%CustomerSeq%\\cmrr_mbep2d_bold",
    "ReceiveCoilActiveElements": "HEA;HEP",
    "ReceiveCoilName": "Head_32",
    "ReconMatrixPE": 64,
    "RefLinesPE": 24,
    "RepetitionTime": 0.91,
    "SAR": 0.108835,
    "ScanOptions": "FS",
    "ScanningSequence": "EP",
    "SequenceName": "epfid2d4_64",
    "SequenceVariant": "SK\\SS",
    "SeriesDescription": "Meditation_R-L_mmb_4_4_cmrr_mbep2d_bold_TE_12.6_29.23_45.86_62.5",
    "SeriesNumber": 6,
    "ShimSetting": [
      -4038,
      15221,
      -15079,
      315,
      252,
      -201,
      121,
      237
    ],
    "SliceThickness": 3.2,
    "SliceTiming": [
      0,
      0.6225,
      0.355,
      0.09,
      0.7125,
      0.445,
      0.1775,
      0.8,
      0.535,
      0.2675,
      0,
      0.6225,
      0.355,
      0.09,
      0.7125,
      0.445,
      0.1775,
      0.8,
      0.535,
      0.2675,
      0,
      0.6225,
      0.355,
      0.09,
      0.7125,
      0.445,
      0.1775,
      0.8,
      0.535,
      0.2675,
      0,
      0.6225,
      0.355,
      0.09,
      0.7125,
      0.445,
      0.1775,
      0.8,
      0.535,
      0.2675
    ],
    "SoftwareVersions": "syngo MR E11",
    "SpacingBetweenSlices": 3.2,
    "StationName": "AWP45193",
    "TaskName": "meditation",
    "TotalReadoutTime": 0.01575,
    "TxRefAmp": 367.421,
    "WipMemBlock": "810d3345-1836-46eb-9aec-20a1e8ac2337||Sequence: R016 ve11c/master r/e634e98; Dec 19 2017 11:00:25 by eja",
    "dataset": "<unset>",
    "modality": "bold",
    "run_id": 1,
    "session_id": "02",
    "subject_id": "PC007",
    "task_id": "meditation"
  },
  "dummy_trs": 4,
  "dvars_nstd": 24.671451120100013,
  "dvars_std": 1.1467963821750007,
  "dvars_vstd": 1.015720576975,
  "efc": 0.60854866480071,
  "fber": 1929.52392578125,
  "fd_mean": 0.10485149425066527,
  "fd_num": 32,
  "fd_perc": 7.980049875311721,
  "fwhm_avg": 2.496726214438407,
  "fwhm_x": 2.1584466019417476,
  "fwhm_y": 2.6515914563106797,
  "fwhm_z": 2.680140585062793,
  "gcor": 0.0830154,
  "gsr_x": -0.01826387271285057,
  "gsr_y": 0.07058527320623398,
  "provenance": {
    "md5sum": "f1bfdc68ced39730848d67ec22517731",
    "settings": {
      "fd_thres": 0.2,
      "testing": false
    },
    "software": "mriqc",
    "version": "22.0.6",
    "webapi_port": null,
    "webapi_url": "https://mriqc.nimh.nih.gov/api/v1"
  },
  "size_t": 401,
  "size_x": 64,
  "size_y": 64,
  "size_z": 40,
  "snr": 5.8335571396013695,
  "spacing_tr": 0.9100000262260437,
  "spacing_x": 3.21875,
  "spacing_y": 3.21875,
  "spacing_z": 3.200000047683716,
  "summary_bg_k": 5.7889753017101455,
  "summary_bg_mad": 142.9749901718131,
  "summary_bg_mean": 736.222900390625,
  "summary_bg_median": 139.53616333007812,
  "summary_bg_n": 86418.0,
  "summary_bg_p05": 26.15099849700928,
  "summary_bg_p95": 4188.207543945312,
  "summary_bg_stdv": 1360.1578369140625,
  "summary_fg_k": 1.3219000351430275,
  "summary_fg_mad": 1150.3349901621045,
  "summary_fg_mean": 6747.6787109375,
  "summary_fg_median": 6675.8095703125,
  "summary_fg_n": 36676.0,
  "summary_fg_p05": 5134.8516845703125,
  "summary_fg_p95": 8650.147216796875,
  "summary_fg_stdv": 1144.364990234375,
  "tsnr": 57.81254588859156
}