{
  "aor": 0.00017223325062034738,
  "aqi": 0.008754845583126551,
  "bids_meta": {
    "AcquisitionMatrixPE": 64,
    "AcquisitionNumber": 1,
    "AcquisitionTime": "14:54:23.402500",
    "BandwidthPerPixelPhaseEncode": 62.5,
    "BaseResolution": 64,
    "BodyPartExamined": "BRAIN",
    "ConsistencyInfo": "N4_VE11C_LATEST_20160120",
    "ConversionSoftware": "dcm2niix",
    "ConversionSoftwareVersion": "v1.0.20210317",
    "DerivedVendorReportedEchoSpacing": 0.0005,
    "DeviceSerialNumber": "45193",
    "DwellTime": 3.1e-06,
    "EchoNumber": 1,
    "EchoTime": 0.0126,
    "EchoTrainLength": 31,
    "EffectiveEchoSpacing": 0.00025,
    "FlipAngle": 56,
    "ImageComments": "Unaliased MB4/PE4/LB",
    "ImageOrientationPatientDICOM": [
      0.99805,
      -0.0101548,
      -0.0615833,
      -1.3242e-11,
      0.986676,
      -0.162698
    ],
    "ImageType": [
      "ORIGINAL",
      "PRIMARY",
      "M",
      "MB",
      "TE1",
      "ND",
      "NORM",
      "MOSAIC"
    ],
    "ImagingFrequency": 123.247,
    "InPlanePhaseEncodingDirectionDICOM": "ROW",
    "InstitutionAddress": "Blackburn Road 770,Clayton,Victoria,AU,3800",
    "InstitutionName": "Monash Biomedical Imaging",
    "InstitutionalDepartmentName": "Department",
    "MRAcquisitionType": "2D",
    "MagneticFieldStrength": 3,
    "Manufacturer": "Siemens",
    "ManufacturersModelName": "Skyra",
    "Modality": "MR",
    "MultibandAccelerationFactor": 4,
    "ParallelReductionFactorInPlane": 2,
    "PartialFourier": 1,
    "PatientPosition": "HFS",
    "PercentPhaseFOV": 100,
    "PercentSampling": 100,
    "PhaseEncodingDirection": "i",
    "PhaseEncodingSteps": 63,
    "PhaseResolution": 1,
    "PixelBandwidth": 2520,
    "ProcedureStepDescription": "MR Scan",
    "ProtocolName": "Meditation_R-L_mmb_4_4_cmrr_mbep2d_bold_TE_12.6_29.23_45.86_62.5",
    "PulseSequenceDetails": "%CustomerSeq%\\cmrr_mbep2d_bold",
    "ReceiveCoilActiveElements": "HEA;HEP",
    "ReceiveCoilName": "Head_32",
    "ReconMatrixPE": 64,
    "RefLinesPE": 24,
    "RepetitionTime": 0.91,
    "SAR": 0.0760612,
    "ScanOptions": "FS",
    "ScanningSequence": "EP",
    "SequenceName": "epfid2d4_64",
    "SequenceVariant": "SK\\SS",
    "SeriesDescription": "Meditation_R-L_mmb_4_4_cmrr_mbep2d_bold_TE_12.6_29.23_45.86_62.5",
    "SeriesNumber": 9,
    "ShimSetting": [
      -4067,
      15307,
      -15097,
      276,
      348,
      -160,
      82,
      201
    ],
    "SliceThickness": 3.2,
    "SliceTiming": [
      0,
      0.6225,
      0.3575,
      0.09,
      0.7125,
      0.445,
      0.1775,
      0.8025,
      0.535,
      0.2675,
      0,
      0.6225,
      0.3575,
      0.09,
      0.7125,
      0.445,
      0.1775,
      0.8025,
      0.535,
      0.2675,
      0,
      0.6225,
      0.3575,
      0.09,
      0.7125,
      0.445,
      0.1775,
      0.8025,
      0.535,
      0.2675,
      0,
      0.6225,
      0.3575,
      0.09,
      0.7125,
      0.445,
      0.1775,
      0.8025,
      0.535,
      0.2675
    ],
    "SoftwareVersions": "syngo MR E11",
    "SpacingBetweenSlices": 3.2,
    "StationName": "AWP45193",
    "TaskName": "meditation",
    "TotalReadoutTime": 0.01575,
    "TxRefAmp": 396.938,
    "WipMemBlock": "c60fa6b5-2097-41b5-b19f-0f9c3e5e2b90||Sequence: R016 ve11c/master r/e634e98; Dec 19 2017 11:00:25 by eja",
    "dataset": "<unset>",
    "modality": "bold",
    "run_id": 1,
    "session_id": "01",
    "subject_id": "PC010",
    "task_id": "meditation"
  },
  "dummy_trs": 2,
  "dvars_nstd": 31.073704729079612,
  "dvars_std": 1.1626643650497515,
  "dvars_vstd": 0.9937918071890541,
  "efc": 0.6117060494393907,
  "fber": 972.2232055664062,
  "fd_mean": 0.2135263864879163,
  "fd_num": 220,
  "fd_perc": 54.59057071960298,
  "fwhm_avg": 1.935876874527799,
  "fwhm_x": 1.8046508737864078,
  "fwhm_y": 1.9906765048543689,
  "fwhm_z": 2.01230324494262,
  "gcor": 0.041894,
  "gsr_x": -0.004422327969223261,
  "gsr_y": 0.05658648535609245,
  "provenance": {
    "md5sum": "34644381196b574cfa0583e0a522eb2e",
    "settings": {
      "fd_thres": 0.2,
      "testing": false
    },
    "software": "mriqc",
    "version": "22.0.6",
    "webapi_port": null,
    "webapi_url": "https://mriqc.nimh.nih.gov/api/v1"
  },
  "size_t": 403,
  "size_x": 64,
  "size_y": 64,
  "size_z": 40,
  "snr": 7.171644156001621,
  "spacing_tr": 0.9100000262260437,
  "spacing_x": 3.21875,
  "spacing_y": 3.21875,
  "spacing_z": 3.1999998092651367,
  "summary_bg_k": 6.462193365183991,
  "summary_bg_mad": 205.1767036451111,
  "summary_bg_mean": 646.748291015625,
  "summary_bg_median": 183.27047729492188,
  "summary_bg_n": 91719.0,
  "summary_bg_p05": 34.09429168701172,
  "summary_bg_p95": 2730.7324951171818,
  "summary_bg_stdv": 964.5372314453125,
  "summary_fg_k": 0.4229707770688642,
  "summary_fg_mad": 773.3631061548491,
  "summary_fg_mean": 5781.00244140625,
  "summary_fg_median": 5693.63671875,
  "summary_fg_n": 37182.0,
  "summary_fg_p05": 4651.53251953125,
  "summary_fg_p95": 7201.506323242186,
  "summary_fg_stdv": 793.8988647460938,
  "tsnr": 53.70954745914787
}