{
  "aor": 0.0001588980716253444,
  "aqi": 0.011530066432506888,
  "bids_meta": {
    "AcquisitionMatrixPE": 64,
    "AcquisitionNumber": 1,
    "AcquisitionTime": "15:01:51.550000",
    "BandwidthPerPixelPhaseEncode": 62.5,
    "BaseResolution": 64,
    "BodyPartExamined": "BRAIN",
    "ConsistencyInfo": "N4_VE11C_LATEST_20160120",
    "ConversionSoftware": "dcm2niix",
    "ConversionSoftwareVersion": "v1.0.20210317",
    "DerivedVendorReportedEchoSpacing": 0.0005,
    "DeviceSerialNumber": "45193",
    "DwellTime": 3.1e-06,
    "EchoNumber": 2,
    "EchoTime": 0.02923,
    "EchoTrainLength": 31,
    "EffectiveEchoSpacing": 0.00025,
    "FlipAngle": 56,
    "ImageComments": "Unaliased MB4/PE4/LB",
    "ImageOrientationPatientDICOM": [
      0.99805,
      -0.0101548,
      -0.0615833,
      -1.3242e-11,
      0.986676,
      -0.162698
    ],
    "ImageType": [
      "ORIGINAL",
      "PRIMARY",
      "M",
      "MB",
      "TE2",
      "ND",
      "NORM",
      "MOSAIC"
    ],
    "ImagingFrequency": 123.247,
    "InPlanePhaseEncodingDirectionDICOM": "ROW",
    "InstitutionAddress": "Blackburn Road 770,Clayton,Victoria,AU,3800",
    "InstitutionName": "Monash Biomedical Imaging",
    "InstitutionalDepartmentName": "Department",
    "MRAcquisitionType": "2D",
    "MagneticFieldStrength": 3,
    "Manufacturer": "Siemens",
    "ManufacturersModelName": "Skyra",
    "Modality": "MR",
    "MultibandAccelerationFactor": 4,
    "ParallelReductionFactorInPlane": 2,
    "PartialFourier": 1,
    "PatientPosition": "HFS",
    "PercentPhaseFOV": 100,
    "PercentSampling": 100,
    "PhaseEncodingDirection": "i",
    "PhaseEncodingSteps": 63,
    "PhaseResolution": 1,
    "PixelBandwidth": 2520,
    "ProcedureStepDescription": "MR Scan",
    "ProtocolName": "Music_R-L_mmb_4_4_cmrr_mbep2d_bold_TE_12.6_29.23_45.86_62.49",
    "PulseSequenceDetails": "%CustomerSeq%\\cmrr_mbep2d_bold",
    "ReceiveCoilActiveElements": "HEA;HEP",
    "ReceiveCoilName": "Head_32",
    "ReconMatrixPE": 64,
    "RefLinesPE": 24,
    "RepetitionTime": 0.91,
    "SAR": 0.0767791,
    "ScanOptions": "FS",
    "ScanningSequence": "EP",
    "SequenceName": "epfid2d4_64",
    "SequenceVariant": "SK\\SS",
    "SeriesDescription": "Music_R-L_mmb_4_4_cmrr_mbep2d_bold_TE_12.6_29.23_45.86_62.49",
    "SeriesNumber": 11,
    "ShimSetting": [
      -4067,
      15307,
      -15097,
      276,
      348,
      -160,
      82,
      201
    ],
    "SliceThickness": 3.2,
    "SliceTiming": [
      0,
      0.625,
      0.3575,
      0.09,
      0.7125,
      0.445,
      0.18,
      0.8025,
      0.535,
      0.2675,
      0,
      0.625,
      0.3575,
      0.09,
      0.7125,
      0.445,
      0.18,
      0.8025,
      0.535,
      0.2675,
      0,
      0.625,
      0.3575,
      0.09,
      0.7125,
      0.445,
      0.18,
      0.8025,
      0.535,
      0.2675,
      0,
      0.625,
      0.3575,
      0.09,
      0.7125,
      0.445,
      0.18,
      0.8025,
      0.535,
      0.2675
    ],
    "SoftwareVersions": "syngo MR E11",
    "SpacingBetweenSlices": 3.2,
    "StationName": "AWP45193",
    "TaskName": "music",
    "TotalReadoutTime": 0.01575,
    "TxRefAmp": 396.938,
    "WipMemBlock": "487a998c-75cb-45cc-8790-f7cc8034db10||Sequence: R016 ve11c/master r/e634e98; Dec 19 2017 11:00:25 by eja",
    "dataset": "<unset>",
    "modality": "bold",
    "run_id": 1,
    "session_id": "01",
    "subject_id": "PC010",
    "task_id": "music"
  },
  "dummy_trs": 2,
  "dvars_nstd": 40.1932393462483,
  "dvars_std": 1.1293381383034489,
  "dvars_vstd": 0.9949910099172409,
  "efc": 0.5430252475579868,
  "fber": 1864.369873046875,
  "fd_mean": 0.32400073302305793,
  "fd_num": 545,
  "fd_perc": 75.06887052341598,
  "fwhm_avg": 1.7977262756007812,
  "fwhm_x": 1.7170392233009708,
  "fwhm_y": 1.8785926213592232,
  "fwhm_z": 1.7975469821421495,
  "gcor": 0.026719,
  "gsr_x": 0.0008194984402507544,
  "gsr_y": 0.028340697288513184,
  "provenance": {
    "md5sum": "a17052e68d1e64f7054b440b66f480ee",
    "settings": {
      "fd_thres": 0.2,
      "testing": false
    },
    "software": "mriqc",
    "version": "22.0.6",
    "webapi_port": null,
    "webapi_url": "https://mriqc.nimh.nih.gov/api/v1"
  },
  "size_t": 726,
  "size_x": 64,
  "size_y": 64,
  "size_z": 40,
  "snr": 4.950361970890192,
  "spacing_tr": 0.9100000262260437,
  "spacing_x": 3.21875,
  "spacing_y": 3.21875,
  "spacing_z": 3.1999998092651367,
  "summary_bg_k": 46.55656450816863,
  "summary_bg_mad": 93.63572361526357,
  "summary_bg_mean": 236.97401428222656,
  "summary_bg_median": 97.33058166503906,
  "summary_bg_n": 93906.0,
  "summary_bg_p05": 22.719009399414062,
  "summary_bg_p95": 924.5516815185547,
  "summary_bg_stdv": 434.94110107421875,
  "summary_fg_k": 1.9168367232334926,
  "summary_fg_mad": 752.0065397250963,
  "summary_fg_mean": 4365.5087890625,
  "summary_fg_median": 4233.58154296875,
  "summary_fg_n": 34741.0,
  "summary_fg_p05": 3288.5400390625,
  "summary_fg_p95": 5960.21923828125,
  "summary_fg_stdv": 855.1941528320312,
  "tsnr": 41.01440181484213
}