{
  "aor": 0.00037025793650793655,
  "aqi": 0.014553432460317461,
  "bids_meta": {
    "AcquisitionMatrixPE": 64,
    "AcquisitionNumber": 1,
    "AcquisitionTime": "14:35:34.222500",
    "BandwidthPerPixelPhaseEncode": 62.5,
    "BaseResolution": 64,
    "BodyPartExamined": "BRAIN",
    "ConsistencyInfo": "N4_VE11C_LATEST_20160120",
    "ConversionSoftware": "dcm2niix",
    "ConversionSoftwareVersion": "v1.0.20210317",
    "DerivedVendorReportedEchoSpacing": 0.0005,
    "DeviceSerialNumber": "45193",
    "DwellTime": 3.1e-06,
    "EchoNumber": 3,
    "EchoTime": 0.04586,
    "EchoTrainLength": 31,
    "EffectiveEchoSpacing": 0.00025,
    "FlipAngle": 56,
    "ImageComments": "Unaliased MB4/PE4/LB",
    "ImageOrientationPatientDICOM": [
      0.99805,
      -0.0101548,
      -0.0615833,
      -1.3242e-11,
      0.986676,
      -0.162698
    ],
    "ImageType": [
      "ORIGINAL",
      "PRIMARY",
      "M",
      "MB",
      "TE3",
      "ND",
      "NORM",
      "MOSAIC"
    ],
    "ImagingFrequency": 123.247,
    "InPlanePhaseEncodingDirectionDICOM": "ROW",
    "InstitutionAddress": "Blackburn Road 770,Clayton,Victoria,AU,3800",
    "InstitutionName": "Monash Biomedical Imaging",
    "InstitutionalDepartmentName": "Department",
    "MRAcquisitionType": "2D",
    "MagneticFieldStrength": 3,
    "Manufacturer": "Siemens",
    "ManufacturersModelName": "Skyra",
    "Modality": "MR",
    "MultibandAccelerationFactor": 4,
    "ParallelReductionFactorInPlane": 2,
    "PartialFourier": 1,
    "PatientPosition": "HFS",
    "PercentPhaseFOV": 100,
    "PercentSampling": 100,
    "PhaseEncodingDirection": "i",
    "PhaseEncodingSteps": 63,
    "PhaseResolution": 1,
    "PixelBandwidth": 2520,
    "ProcedureStepDescription": "MR Scan",
    "ProtocolName": "Rest_R-L_mmb_4_4_cmrr_mbep2d_bold_TE_12.6_29.23_45.86_62.49",
    "PulseSequenceDetails": "%CustomerSeq%\\cmrr_mbep2d_bold",
    "ReceiveCoilActiveElements": "HEA;HEP",
    "ReceiveCoilName": "Head_32",
    "ReconMatrixPE": 64,
    "RefLinesPE": 24,
    "RepetitionTime": 0.91,
    "SAR": 0.0763746,
    "ScanOptions": "FS",
    "ScanningSequence": "EP",
    "SequenceName": "epfid2d4_64",
    "SequenceVariant": "SK\\SS",
    "SeriesDescription": "Rest_R-L_mmb_4_4_cmrr_mbep2d_bold_TE_12.6_29.23_45.86_62.49",
    "SeriesNumber": 4,
    "ShimSetting": [
      -4067,
      15307,
      -15097,
      276,
      348,
      -160,
      82,
      201
    ],
    "SliceThickness": 3.2,
    "SliceTiming": [
      0,
      0.6225,
      0.3575,
      0.09,
      0.7125,
      0.445,
      0.1775,
      0.8025,
      0.535,
      0.2675,
      0,
      0.6225,
      0.3575,
      0.09,
      0.7125,
      0.445,
      0.1775,
      0.8025,
      0.535,
      0.2675,
      0,
      0.6225,
      0.3575,
      0.09,
      0.7125,
      0.445,
      0.1775,
      0.8025,
      0.535,
      0.2675,
      0,
      0.6225,
      0.3575,
      0.09,
      0.7125,
      0.445,
      0.1775,
      0.8025,
      0.535,
      0.2675
    ],
    "SoftwareVersions": "syngo MR E11",
    "SpacingBetweenSlices": 3.2,
    "StationName": "AWP45193",
    "TaskName": "rest",
    "TotalReadoutTime": 0.01575,
    "TxRefAmp": 396.938,
    "WipMemBlock": "024463ec-19d8-4d42-b164-854cbb8ab76d||Sequence: R016 ve11c/master r/e634e98; Dec 19 2017 11:00:25 by eja",
    "dataset": "<unset>",
    "modality": "bold",
    "run_id": 1,
    "session_id": "01",
    "subject_id": "PC010",
    "task_id": "rest"
  },
  "dummy_trs": 0,
  "dvars_nstd": 49.607795002345945,
  "dvars_std": 1.106087502664016,
  "dvars_vstd": 0.989955837872763,
  "efc": 0.5096836234483522,
  "fber": 2045.9093017578125,
  "fd_mean": 0.27510884276839664,
  "fd_num": 321,
  "fd_perc": 63.69047619047619,
  "fwhm_avg": 1.8356290937074544,
  "fwhm_x": 1.7584279611650484,
  "fwhm_y": 1.9232279611650485,
  "fwhm_z": 1.8252313587922668,
  "gcor": 0.0340274,
  "gsr_x": 3.624072633101605e-05,
  "gsr_y": 0.023777972906827927,
  "provenance": {
    "md5sum": "7324ed83100e73195372fac0bd4de1b9",
    "settings": {
      "fd_thres": 0.2,
      "testing": false
    },
    "software": "mriqc",
    "version": "22.0.6",
    "webapi_port": null,
    "webapi_url": "https://mriqc.nimh.nih.gov/api/v1"
  },
  "size_t": 504,
  "size_x": 64,
  "size_y": 64,
  "size_z": 40,
  "snr": 3.309272019544271,
  "spacing_tr": 0.9100000262260437,
  "spacing_x": 3.21875,
  "spacing_y": 3.21875,
  "spacing_z": 3.1999998092651367,
  "summary_bg_k": 161.11082165120257,
  "summary_bg_mad": 54.60329792395603,
  "summary_bg_mean": 129.85549926757812,
  "summary_bg_median": 69.27777862548828,
  "summary_bg_n": 95450.0,
  "summary_bg_p05": 20.95833396911621,
  "summary_bg_p95": 428.97294006347676,
  "summary_bg_stdv": 237.11187744140625,
  "summary_fg_k": 4.449685796015359,
  "summary_fg_mad": 680.5203906907034,
  "summary_fg_mean": 3341.948974609375,
  "summary_fg_median": 3157.33935546875,
  "summary_fg_n": 32864.0,
  "summary_fg_p05": 2286.62236328125,
  "summary_fg_p95": 5152.669116210934,
  "summary_fg_stdv": 954.0742797851562,
  "tsnr": 30.537590593099594
}