{
  "aor": 0.0008248924731182795,
  "aqi": 0.03224062258064516,
  "bids_meta": {
    "AcquisitionMatrixPE": 64,
    "AcquisitionNumber": 1,
    "AcquisitionTime": "13:20:43.617500",
    "BandwidthPerPixelPhaseEncode": 62.5,
    "BaseResolution": 64,
    "BodyPartExamined": "BRAIN",
    "ConsistencyInfo": "N4_VE11C_LATEST_20160120",
    "ConversionSoftware": "dcm2niix",
    "ConversionSoftwareVersion": "v1.0.20210317",
    "DerivedVendorReportedEchoSpacing": 0.0005,
    "DeviceSerialNumber": "45193",
    "DwellTime": 3.1e-06,
    "EchoNumber": 4,
    "EchoTime": 0.06249,
    "EchoTrainLength": 31,
    "EffectiveEchoSpacing": 0.00025,
    "FlipAngle": 56,
    "ImageComments": "Unaliased MB4/PE4/LB",
    "ImageOrientationPatientDICOM": [
      0.999418,
      -0.000900357,
      0.0341019,
      2.129e-11,
      0.999652,
      0.0263928
    ],
    "ImageType": [
      "ORIGINAL",
      "PRIMARY",
      "M",
      "MB",
      "TE4",
      "ND",
      "NORM",
      "MOSAIC"
    ],
    "ImagingFrequency": 123.247,
    "InPlanePhaseEncodingDirectionDICOM": "ROW",
    "InstitutionAddress": "Blackburn Road 770,Clayton,Victoria,AU,3800",
    "InstitutionName": "Monash Biomedical Imaging",
    "InstitutionalDepartmentName": "Department",
    "MRAcquisitionType": "2D",
    "MagneticFieldStrength": 3,
    "Manufacturer": "Siemens",
    "ManufacturersModelName": "Skyra",
    "Modality": "MR",
    "MultibandAccelerationFactor": 4,
    "ParallelReductionFactorInPlane": 2,
    "PartialFourier": 1,
    "PatientPosition": "HFS",
    "PercentPhaseFOV": 100,
    "PercentSampling": 100,
    "PhaseEncodingDirection": "i",
    "PhaseEncodingSteps": 63,
    "PhaseResolution": 1,
    "PixelBandwidth": 2520,
    "ProcedureStepDescription": "MR Scan",
    "ProtocolName": "Movie_R-L_mmb_4_4_cmrr_mbep2d_bold_TE_12.6_29.23_45.86_62.49",
    "PulseSequenceDetails": "%CustomerSeq%\\cmrr_mbep2d_bold",
    "ReceiveCoilActiveElements": "HEA;HEP",
    "ReceiveCoilName": "Head_32",
    "ReconMatrixPE": 64,
    "RefLinesPE": 24,
    "RepetitionTime": 0.91,
    "SAR": 0.0956556,
    "ScanOptions": "FS",
    "ScanningSequence": "EP",
    "SequenceName": "epfid2d4_64",
    "SequenceVariant": "SK\\SS",
    "SeriesDescription": "Movie_R-L_mmb_4_4_cmrr_mbep2d_bold_TE_12.6_29.23_45.86_62.49",
    "SeriesNumber": 8,
    "ShimSetting": [
      -4086,
      15174,
      -15026,
      359,
      237,
      -400,
      73,
      21
    ],
    "SliceThickness": 3.2,
    "SliceTiming": [
      0,
      0.6225,
      0.355,
      0.0875,
      0.7125,
      0.445,
      0.1775,
      0.8,
      0.5325,
      0.2675,
      0,
      0.6225,
      0.355,
      0.0875,
      0.7125,
      0.445,
      0.1775,
      0.8,
      0.5325,
      0.2675,
      0,
      0.6225,
      0.355,
      0.0875,
      0.7125,
      0.445,
      0.1775,
      0.8,
      0.5325,
      0.2675,
      0,
      0.6225,
      0.355,
      0.0875,
      0.7125,
      0.445,
      0.1775,
      0.8,
      0.5325,
      0.2675
    ],
    "SoftwareVersions": "syngo MR E11",
    "SpacingBetweenSlices": 3.2,
    "StationName": "AWP45193",
    "TaskName": "movie",
    "TotalReadoutTime": 0.01575,
    "TxRefAmp": 379.583,
    "WipMemBlock": "13b0d219-a0dd-4d70-9369-95cfa08f3461||Sequence: R016 ve11c/master r/e634e98; Dec 19 2017 11:00:25 by eja",
    "dataset": "<unset>",
    "modality": "bold",
    "run_id": 1,
    "session_id": "02",
    "subject_id": "PC218",
    "task_id": "movie"
  },
  "dummy_trs": 0,
  "dvars_nstd": 57.67987980773586,
  "dvars_std": 1.0254753034501358,
  "dvars_vstd": 0.9540466083827491,
  "efc": 0.4517646142923234,
  "fber": 1746.26806640625,
  "fd_mean": 0.26608353400991946,
  "fd_num": 197,
  "fd_perc": 52.956989247311824,
  "fwhm_avg": 1.5378997336790488,
  "fwhm_x": 1.4864683495145632,
  "fwhm_y": 1.6331308737864079,
  "fwhm_z": 1.4940999777361752,
  "gcor": 0.00585428,
  "gsr_x": -0.004063028376549482,
  "gsr_y": 0.021945660933852196,
  "provenance": {
    "md5sum": "77226a9753ba54fbf3ea4974a677c398",
    "settings": {
      "fd_thres": 0.2,
      "testing": false
    },
    "software": "mriqc",
    "version": "22.0.6",
    "webapi_port": null,
    "webapi_url": "https://mriqc.nimh.nih.gov/api/v1"
  },
  "size_t": 372,
  "size_x": 64,
  "size_y": 64,
  "size_z": 40,
  "snr": 3.400697459517485,
  "spacing_tr": 0.9100000262260437,
  "spacing_x": 3.21875,
  "spacing_y": 3.21875,
  "spacing_z": 3.200000047683716,
  "summary_bg_k": 70.07445739865543,
  "summary_bg_mad": 35.20183738376385,
  "summary_bg_mean": 87.59903717041016,
  "summary_bg_median": 52.88306427001953,
  "summary_bg_n": 108928.0,
  "summary_bg_p05": 18.712366104125977,
  "summary_bg_p95": 274.977276611328,
  "summary_bg_stdv": 115.22694396972656,
  "summary_fg_k": 9.401740754131339,
  "summary_fg_mad": 472.2685305603558,
  "summary_fg_mean": 2320.8623046875,
  "summary_fg_median": 2223.5966796875,
  "summary_fg_n": 21651.0,
  "summary_fg_p05": 1549.5658569335938,
  "summary_fg_p95": 3369.5308837890625,
  "summary_fg_stdv": 653.8497924804688,
  "tsnr": 20.324377799406648
}