{
  "aor": 0.0015629166666666669,
  "aqi": 0.016571656746031744,
  "bids_meta": {
    "AcquisitionMatrixPE": 64,
    "AcquisitionNumber": 1,
    "AcquisitionTime": "12:52:0.315000",
    "BandwidthPerPixelPhaseEncode": 62.5,
    "BaseResolution": 64,
    "BodyPartExamined": "BRAIN",
    "ConsistencyInfo": "N4_VE11C_LATEST_20160120",
    "ConversionSoftware": "dcm2niix",
    "ConversionSoftwareVersion": "v1.0.20210317",
    "DerivedVendorReportedEchoSpacing": 0.0005,
    "DeviceSerialNumber": "45193",
    "DwellTime": 3.1e-06,
    "EchoNumber": 2,
    "EchoTime": 0.02923,
    "EchoTrainLength": 31,
    "EffectiveEchoSpacing": 0.00025,
    "FlipAngle": 56,
    "ImageComments": "Unaliased MB4/PE4/LB",
    "ImageOrientationPatientDICOM": [
      0.999234,
      0.0182906,
      0.0346023,
      -0.0191863,
      0.999485,
      0.0257332
    ],
    "ImageType": [
      "ORIGINAL",
      "PRIMARY",
      "M",
      "MB",
      "TE2",
      "ND",
      "NORM",
      "MOSAIC"
    ],
    "ImagingFrequency": 123.247,
    "InPlanePhaseEncodingDirectionDICOM": "ROW",
    "InstitutionAddress": "Blackburn Road 770,Clayton,Victoria,AU,3800",
    "InstitutionName": "Monash Biomedical Imaging",
    "InstitutionalDepartmentName": "Department",
    "MRAcquisitionType": "2D",
    "MagneticFieldStrength": 3,
    "Manufacturer": "Siemens",
    "ManufacturersModelName": "Skyra",
    "Modality": "MR",
    "MultibandAccelerationFactor": 4,
    "ParallelReductionFactorInPlane": 2,
    "PartialFourier": 1,
    "PatientPosition": "HFS",
    "PercentPhaseFOV": 100,
    "PercentSampling": 100,
    "PhaseEncodingDirection": "i",
    "PhaseEncodingSteps": 63,
    "PhaseResolution": 1,
    "PixelBandwidth": 2520,
    "ProcedureStepDescription": "MR Scan",
    "ProtocolName": "Rest_R-L_mmb_4_4_cmrr_mbep2d_bold_TE_12.6_29.23_45.86_62.49",
    "PulseSequenceDetails": "%CustomerSeq%\\cmrr_mbep2d_bold",
    "ReceiveCoilActiveElements": "HEA;HEP",
    "ReceiveCoilName": "Head_32",
    "ReconMatrixPE": 64,
    "RefLinesPE": 24,
    "RepetitionTime": 0.91,
    "SAR": 0.0961912,
    "ScanOptions": "FS",
    "ScanningSequence": "EP",
    "SequenceName": "epfid2d4_64",
    "SequenceVariant": "SK\\SS",
    "SeriesDescription": "Rest_R-L_mmb_4_4_cmrr_mbep2d_bold_TE_12.6_29.23_45.86_62.49",
    "SeriesNumber": 3,
    "ShimSetting": [
      -4086,
      15174,
      -15027,
      359,
      239,
      -400,
      74,
      20
    ],
    "SliceThickness": 3.2,
    "SliceTiming": [
      0,
      0.6225,
      0.355,
      0.0875,
      0.71,
      0.445,
      0.1775,
      0.8,
      0.5325,
      0.265,
      0,
      0.6225,
      0.355,
      0.0875,
      0.71,
      0.445,
      0.1775,
      0.8,
      0.5325,
      0.265,
      0,
      0.6225,
      0.355,
      0.0875,
      0.71,
      0.445,
      0.1775,
      0.8,
      0.5325,
      0.265,
      0,
      0.6225,
      0.355,
      0.0875,
      0.71,
      0.445,
      0.1775,
      0.8,
      0.5325,
      0.265
    ],
    "SoftwareVersions": "syngo MR E11",
    "SpacingBetweenSlices": 3.2,
    "StationName": "AWP45193",
    "TaskName": "rest",
    "TotalReadoutTime": 0.01575,
    "TxRefAmp": 379.583,
    "WipMemBlock": "c04a97d2-167d-4859-96be-21bb4ace8a8e||Sequence: R016 ve11c/master r/e634e98; Dec 19 2017 11:00:25 by eja",
    "dataset": "<unset>",
    "modality": "bold",
    "run_id": 1,
    "session_id": "02",
    "subject_id": "PC218",
    "task_id": "rest"
  },
  "dummy_trs": 0,
  "dvars_nstd": 36.31653894548708,
  "dvars_std": 1.107238104910536,
  "dvars_vstd": 1.0008774869184889,
  "efc": 0.4982083899949405,
  "fber": 2684.564697265625,
  "fd_mean": 0.2921290322768616,
  "fd_num": 305,
  "fd_perc": 60.51587301587302,
  "fwhm_avg": 1.8121336885746768,
  "fwhm_x": 1.7426050485436893,
  "fwhm_y": 1.9148085436893203,
  "fwhm_z": 1.778987473491021,
  "gcor": 0.0442684,
  "gsr_x": 0.007899891585111618,
  "gsr_y": 0.02028511092066765,
  "provenance": {
    "md5sum": "760ea0a26b4f578b47110eac04aa3e82",
    "settings": {
      "fd_thres": 0.2,
      "testing": false
    },
    "software": "mriqc",
    "version": "22.0.6",
    "webapi_port": null,
    "webapi_url": "https://mriqc.nimh.nih.gov/api/v1"
  },
  "size_t": 504,
  "size_x": 64,
  "size_y": 64,
  "size_z": 40,
  "snr": 5.4870032030028435,
  "spacing_tr": 0.9100000262260437,
  "spacing_x": 3.21875,
  "spacing_y": 3.21875,
  "spacing_z": 3.200000047683716,
  "summary_bg_k": 32.69386805527264,
  "summary_bg_mad": 75.64508059257913,
  "summary_bg_mean": 207.46665954589844,
  "summary_bg_median": 82.18453216552734,
  "summary_bg_n": 102389.0,
  "summary_bg_p05": 21.338890075683597,
  "summary_bg_p95": 831.3679077148428,
  "summary_bg_stdv": 381.9832763671875,
  "summary_fg_k": 1.8091937402823959,
  "summary_fg_mad": 694.0755592651215,
  "summary_fg_mean": 4284.48193359375,
  "summary_fg_median": 4218.08251953125,
  "summary_fg_n": 27012.0,
  "summary_fg_p05": 3230.1026245117187,
  "summary_fg_p95": 5603.181811523437,
  "summary_fg_stdv": 768.7264404296875,
  "tsnr": 33.746918632648885
}