{
  "aor": 0.0009411570247933886,
  "aqi": 0.008603214132231404,
  "bids_meta": {
    "AcquisitionMatrixPE": 64,
    "AcquisitionNumber": 1,
    "AcquisitionTime": "11:39:41.792500",
    "BandwidthPerPixelPhaseEncode": 62.5,
    "BaseResolution": 64,
    "BodyPartExamined": "BRAIN",
    "ConsistencyInfo": "N4_VE11C_LATEST_20160120",
    "ConversionSoftware": "dcm2niix",
    "ConversionSoftwareVersion": "v1.0.20210317",
    "DerivedVendorReportedEchoSpacing": 0.0005,
    "DeviceSerialNumber": "45193",
    "DwellTime": 3.1e-06,
    "EchoNumber": 3,
    "EchoTime": 0.04586,
    "EchoTrainLength": 31,
    "EffectiveEchoSpacing": 0.00025,
    "FlipAngle": 56,
    "ImageComments": "Unaliased MB4/PE4/LB",
    "ImageOrientationPatientDICOM": [
      0.999121,
      -0.000105329,
      0.0419113,
      -1.202e-12,
      0.999997,
      0.00251313
    ],
    "ImageType": [
      "ORIGINAL",
      "PRIMARY",
      "M",
      "MB",
      "TE3",
      "ND",
      "NORM",
      "MOSAIC"
    ],
    "ImagingFrequency": 123.247,
    "InPlanePhaseEncodingDirectionDICOM": "ROW",
    "InstitutionAddress": "Blackburn Road 770,Clayton,Victoria,AU,3800",
    "InstitutionName": "Monash Biomedical Imaging",
    "InstitutionalDepartmentName": "Department",
    "MRAcquisitionType": "2D",
    "MagneticFieldStrength": 3,
    "Manufacturer": "Siemens",
    "ManufacturersModelName": "Skyra",
    "Modality": "MR",
    "MultibandAccelerationFactor": 4,
    "ParallelReductionFactorInPlane": 2,
    "PartialFourier": 1,
    "PatientPosition": "HFS",
    "PercentPhaseFOV": 100,
    "PercentSampling": 100,
    "PhaseEncodingDirection": "i",
    "PhaseEncodingSteps": 63,
    "PhaseResolution": 1,
    "PixelBandwidth": 2520,
    "ProcedureStepDescription": "MR Scan",
    "ProtocolName": "Movie_R-L_mmb_4_4_cmrr_mbep2d_bold_TE_12.6_29.23_45.86_62.49",
    "PulseSequenceDetails": "%CustomerSeq%\\cmrr_mbep2d_bold",
    "ReceiveCoilActiveElements": "HEA;HEP",
    "ReceiveCoilName": "Head_32",
    "ReconMatrixPE": 64,
    "RefLinesPE": 24,
    "RepetitionTime": 0.91,
    "SAR": 0.098839,
    "ScanOptions": "FS",
    "ScanningSequence": "EP",
    "SequenceName": "epfid2d4_64",
    "SequenceVariant": "SK\\SS",
    "SeriesDescription": "Movie_R-L_mmb_4_4_cmrr_mbep2d_bold_TE_12.6_29.23_45.86_62.49",
    "SeriesNumber": 8,
    "ShimSetting": [
      -4001,
      15222,
      -14861,
      702,
      515,
      -144,
      20,
      108
    ],
    "SliceThickness": 3.2,
    "SliceTiming": [
      0,
      0.6225,
      0.355,
      0.0875,
      0.7125,
      0.445,
      0.1775,
      0.8,
      0.5325,
      0.2675,
      0,
      0.6225,
      0.355,
      0.0875,
      0.7125,
      0.445,
      0.1775,
      0.8,
      0.5325,
      0.2675,
      0,
      0.6225,
      0.355,
      0.0875,
      0.7125,
      0.445,
      0.1775,
      0.8,
      0.5325,
      0.2675,
      0,
      0.6225,
      0.355,
      0.0875,
      0.7125,
      0.445,
      0.1775,
      0.8,
      0.5325,
      0.2675
    ],
    "SoftwareVersions": "syngo MR E11",
    "SpacingBetweenSlices": 3.2,
    "StationName": "AWP45193",
    "TaskName": "movie",
    "TotalReadoutTime": 0.01575,
    "TxRefAmp": 381.451,
    "WipMemBlock": "e3ee4577-bee7-4b0a-99c3-e2ee71f9bbf3||Sequence: R016 ve11c/master r/e634e98; Dec 19 2017 11:00:25 by eja",
    "dataset": "<unset>",
    "modality": "bold",
    "run_id": 1,
    "session_id": "02",
    "subject_id": "PC031",
    "task_id": "movie"
  },
  "dummy_trs": 9,
  "dvars_nstd": 48.19718848790055,
  "dvars_std": 1.3062996913535923,
  "dvars_vstd": 0.9927408124585634,
  "efc": 0.5178786973624127,
  "fber": 2633.505615234375,
  "fd_mean": 0.11584072226245054,
  "fd_num": 21,
  "fd_perc": 5.785123966942149,
  "fwhm_avg": 1.8760148037485334,
  "fwhm_x": 1.7774261510746152,
  "fwhm_y": 1.9270120388349514,
  "fwhm_z": 1.9236062213360337,
  "gcor": 0.00651027,
  "gsr_x": -0.0031321507412940264,
  "gsr_y": 0.023304911330342293,
  "provenance": {
    "md5sum": "19fdabe0bc280c4d3ed933ac87a2caae",
    "settings": {
      "fd_thres": 0.2,
      "testing": false
    },
    "software": "mriqc",
    "version": "22.0.6",
    "webapi_port": null,
    "webapi_url": "https://mriqc.nimh.nih.gov/api/v1"
  },
  "size_t": 363,
  "size_x": 64,
  "size_y": 64,
  "size_z": 40,
  "snr": 3.0021757860891385,
  "spacing_tr": 0.9100000262260437,
  "spacing_x": 3.218749761581421,
  "spacing_y": 3.21875,
  "spacing_z": 3.200000047683716,
  "summary_bg_k": 31.056205425432566,
  "summary_bg_mad": 57.63769958899235,
  "summary_bg_mean": 139.88706970214844,
  "summary_bg_median": 74.28926086425781,
  "summary_bg_n": 92541.0,
  "summary_bg_p05": 19.661157608032227,
  "summary_bg_p95": 480.2782287597656,
  "summary_bg_stdv": 211.58779907226562,
  "summary_fg_k": 3.807204855075418,
  "summary_fg_mad": 983.4779920709996,
  "summary_fg_mean": 4062.266357421875,
  "summary_fg_median": 3802.6982421875,
  "summary_fg_n": 36094.0,
  "summary_fg_p05": 2644.7190551757812,
  "summary_fg_p95": 6464.414038085934,
  "summary_fg_stdv": 1266.6298828125,
  "tsnr": 38.01190410135314
}