{
  "bids_meta": {
    "AcquisitionMatrixPE": 240,
    "AcquisitionNumber": 1,
    "AcquisitionTime": "11:16:14.290000",
    "BaseResolution": 256,
    "BodyPartExamined": "BRAIN",
    "ConsistencyInfo": "N4_VE11C_LATEST_20160120",
    "ConversionSoftware": "dcm2niix",
    "ConversionSoftwareVersion": "v1.0.20210317",
    "DeviceSerialNumber": "45193",
    "DwellTime": 8.5e-06,
    "EchoTime": 0.00207,
    "FlipAngle": 9,
    "ImageOrientationPatientDICOM": [
      0.0401365,
      0.999194,
      -1.79579e-10,
      0.0104604,
      -0.000420182,
      -0.999945
    ],
    "ImageType": [
      "ORIGINAL",
      "PRIMARY",
      "M",
      "ND",
      "NORM"
    ],
    "ImagingFrequency": 123.247,
    "InPlanePhaseEncodingDirectionDICOM": "ROW",
    "InstitutionAddress": "Blackburn Road 770,Clayton,Victoria,AU,3800",
    "InstitutionName": "Monash Biomedical Imaging",
    "InstitutionalDepartmentName": "Department",
    "InversionTime": 0.9,
    "MRAcquisitionType": "3D",
    "MagneticFieldStrength": 3,
    "Manufacturer": "Siemens",
    "ManufacturersModelName": "Skyra",
    "Modality": "MR",
    "ParallelReductionFactorInPlane": 2,
    "PartialFourier": 1,
    "PatientPosition": "HFS",
    "PercentPhaseFOV": 93.75,
    "PercentSampling": 100,
    "PhaseEncodingSteps": 239,
    "PhaseResolution": 1,
    "PixelBandwidth": 230,
    "ProcedureStepDescription": "MR Scan",
    "ProtocolName": "t1_mprage_sag_p2_iso_1_ADNI",
    "PulseSequenceDetails": "%SiemensSeq%\\tfl",
    "ReceiveCoilActiveElements": "HEA;HEP",
    "ReceiveCoilName": "Head_32",
    "ReconMatrixPE": 240,
    "RefLinesPE": 32,
    "RepetitionTime": 2.3,
    "SAR": 0.0744206,
    "ScanOptions": "IR",
    "ScanningSequence": "GR\\IR",
    "SequenceName": "*tfl3d1_16ns",
    "SequenceVariant": "SK\\SP\\MP",
    "SeriesDescription": "t1_mprage_sag_p2_iso_1_ADNI",
    "SeriesNumber": 3,
    "ShimSetting": [
      -4069,
      15336,
      -15557,
      -117,
      159,
      -103,
      -245,
      164
    ],
    "SliceThickness": 1,
    "SoftwareVersions": "syngo MR E11",
    "StationName": "AWP45193",
    "TxRefAmp": 375.196,
    "dataset": "<unset>",
    "modality": "T1w",
    "run_id": 1,
    "session_id": "01",
    "subject_id": "PC012"
  },
  "cjv": 0.37665980486353406,
  "cnr": 3.591534852600832,
  "efc": 0.5142025466787653,
  "fber": -1.0,
  "fwhm_avg": 3.6509633333333333,
  "fwhm_x": 3.60091,
  "fwhm_y": 3.7256,
  "fwhm_z": 3.62638,
  "icvs_csf": 0.21368249114696636,
  "icvs_gm": 0.42862160156759116,
  "icvs_wm": 0.3576959072854425,
  "inu_med": 0.45956024527549744,
  "inu_range": 0.11577279120683659,
  "provenance": {
    "md5sum": "0b4bd1676be904b23b7ce0fc214ec547",
    "settings": {
      "testing": false
    },
    "software": "mriqc",
    "version": "22.0.6",
    "warnings": {
      "large_rot_frame": true,
      "small_air_mask": false
    },
    "webapi_port": null,
    "webapi_url": "https://mriqc.nimh.nih.gov/api/v1"
  },
  "qi_1": 0.023882286468411482,
  "qi_2": 0.012940346232797011,
  "rpve_csf": 23.361515348610784,
  "rpve_gm": 12.237712060618817,
  "rpve_wm": 17.016644271903893,
  "size_x": 192,
  "size_y": 240,
  "size_z": 256,
  "snr_csf": 2.289849324920821,
  "snr_gm": 11.34655712224514,
  "snr_total": 12.150089273114737,
  "snr_wm": 22.813861372178252,
  "snrd_csf": 12.070453472683594,
  "snrd_gm": 31.31944066080476,
  "snrd_total": 28.998301753186396,
  "snrd_wm": 43.605011126070835,
  "spacing_x": 1.0,
  "spacing_y": 1.0,
  "spacing_z": 1.0,
  "summary_bg_k": 13824.571173862965,
  "summary_bg_mad": 0.0,
  "summary_bg_mean": 2.8807470993739925,
  "summary_bg_median": 0.0,
  "summary_bg_n": 3587816.0,
  "summary_bg_p05": 0.0,
  "summary_bg_p95": 10.323877319693565,
  "summary_bg_stdv": 15.025023630565897,
  "summary_csf_k": 21.43118649224862,
  "summary_csf_mad": 91.56631425136254,
  "summary_csf_mean": 288.36471143396375,
  "summary_csf_median": 276.8260909616947,
  "summary_csf_n": 39541.0,
  "summary_csf_p05": 121.46544156223536,
  "summary_csf_p95": 489.2878317311406,
  "summary_csf_stdv": 120.89118154305861,
  "summary_gm_k": -0.09850580798820285,
  "summary_gm_mad": 64.27250904182178,
  "summary_gm_mean": 717.5725976103182,
  "summary_gm_median": 718.2860485613346,
  "summary_gm_n": 33071.0,
  "summary_gm_p05": 612.3521038517356,
  "summary_gm_p95": 819.9716720730066,
  "summary_gm_stdv": 63.303359863586365,
  "summary_wm_k": 0.5296416255631717,
  "summary_wm_mad": 41.855016425548854,
  "summary_wm_mean": 999.9235516074688,
  "summary_wm_median": 1000.0456738173962,
  "summary_wm_n": 206140.0,
  "summary_wm_p05": 928.0982986912131,
  "summary_wm_p95": 1071.0794314816594,
  "summary_wm_stdv": 43.83489633136769,
  "tpm_overlap_csf": 0.15659095078218443,
  "tpm_overlap_gm": 0.44434408489598803,
  "tpm_overlap_wm": 0.48729890474176235,
  "wm2max": 0.3965582827642424
}