{
  "aor": 0.001073149931224209,
  "aqi": 0.01652697235213205,
  "bids_meta": {
    "AcquisitionMatrixPE": 64,
    "AcquisitionNumber": 1,
    "AcquisitionTime": "11:15:55.977500",
    "BandwidthPerPixelPhaseEncode": 62.5,
    "BaseResolution": 64,
    "BodyPartExamined": "BRAIN",
    "ConsistencyInfo": "N4_VE11C_LATEST_20160120",
    "ConversionSoftware": "dcm2niix",
    "ConversionSoftwareVersion": "v1.0.20210317",
    "DerivedVendorReportedEchoSpacing": 0.0005,
    "DeviceSerialNumber": "45193",
    "DwellTime": 3.1e-06,
    "EchoNumber": 3,
    "EchoTime": 0.04586,
    "EchoTrainLength": 31,
    "EffectiveEchoSpacing": 0.00025,
    "FlipAngle": 56,
    "ImageComments": "Unaliased MB4/PE4/LB",
    "ImageOrientationPatientDICOM": [
      0.998249,
      -0.0273112,
      -0.0524714,
      0.0278836,
      0.999559,
      0.010208
    ],
    "ImageType": [
      "ORIGINAL",
      "PRIMARY",
      "M",
      "MB",
      "TE3",
      "ND",
      "NORM",
      "MOSAIC"
    ],
    "ImagingFrequency": 123.247,
    "InPlanePhaseEncodingDirectionDICOM": "ROW",
    "InstitutionAddress": "Blackburn Road 770,Clayton,Victoria,AU,3800",
    "InstitutionName": "Monash Biomedical Imaging",
    "InstitutionalDepartmentName": "Department",
    "MRAcquisitionType": "2D",
    "MagneticFieldStrength": 3,
    "Manufacturer": "Siemens",
    "ManufacturersModelName": "Skyra",
    "Modality": "MR",
    "MultibandAccelerationFactor": 4,
    "ParallelReductionFactorInPlane": 2,
    "PartialFourier": 1,
    "PatientPosition": "HFS",
    "PercentPhaseFOV": 100,
    "PercentSampling": 100,
    "PhaseEncodingDirection": "i",
    "PhaseEncodingSteps": 63,
    "PhaseResolution": 1,
    "PixelBandwidth": 2520,
    "ProcedureStepDescription": "MR Scan",
    "ProtocolName": "Music_R-L_mmb_4_4_cmrr_mbep2d_bold_TE_12.6_29.23_45.86_62.49",
    "PulseSequenceDetails": "%CustomerSeq%\\cmrr_mbep2d_bold",
    "ReceiveCoilActiveElements": "HEA;HEP",
    "ReceiveCoilName": "Head_32",
    "ReconMatrixPE": 64,
    "RefLinesPE": 24,
    "RepetitionTime": 0.91,
    "SAR": 0.104002,
    "ScanOptions": "FS",
    "ScanningSequence": "EP",
    "SequenceName": "epfid2d4_64",
    "SequenceVariant": "SK\\SS",
    "SeriesDescription": "Music_R-L_mmb_4_4_cmrr_mbep2d_bold_TE_12.6_29.23_45.86_62.49",
    "SeriesNumber": 7,
    "ShimSetting": [
      -4157,
      15375,
      -14913,
      765,
      82,
      481,
      127,
      401
    ],
    "SliceThickness": 3.2,
    "SliceTiming": [
      0,
      0.6225,
      0.3575,
      0.09,
      0.7125,
      0.445,
      0.1775,
      0.8,
      0.535,
      0.2675,
      0,
      0.6225,
      0.3575,
      0.09,
      0.7125,
      0.445,
      0.1775,
      0.8,
      0.535,
      0.2675,
      0,
      0.6225,
      0.3575,
      0.09,
      0.7125,
      0.445,
      0.1775,
      0.8,
      0.535,
      0.2675,
      0,
      0.6225,
      0.3575,
      0.09,
      0.7125,
      0.445,
      0.1775,
      0.8,
      0.535,
      0.2675
    ],
    "SoftwareVersions": "syngo MR E11",
    "SpacingBetweenSlices": 3.2,
    "StationName": "AWP45193",
    "TaskName": "music",
    "TotalReadoutTime": 0.01575,
    "TxRefAmp": 353.888,
    "WipMemBlock": "55f92224-0477-4720-a154-07aa76bb8fd7||Sequence: R016 ve11c/master r/e634e98; Dec 19 2017 11:00:25 by eja",
    "dataset": "<unset>",
    "modality": "bold",
    "run_id": 1,
    "session_id": "02",
    "subject_id": "PC231",
    "task_id": "music"
  },
  "dummy_trs": 1,
  "dvars_nstd": 45.07350225943528,
  "dvars_std": 1.146121720647383,
  "dvars_vstd": 0.9936381317355378,
  "efc": 0.4739862182556823,
  "fber": 2682.0341796875,
  "fd_mean": 0.15885491297144924,
  "fd_num": 211,
  "fd_perc": 29.02338376891334,
  "fwhm_avg": 1.645129136113012,
  "fwhm_x": 1.5645452427184465,
  "fwhm_y": 1.6989328155339807,
  "fwhm_z": 1.6719093500866093,
  "gcor": 0.0217543,
  "gsr_x": -0.0033841950353235006,
  "gsr_y": 0.021358944475650787,
  "provenance": {
    "md5sum": "716f20bddfab7a574040f3d06e794a1f",
    "settings": {
      "fd_thres": 0.2,
      "testing": false
    },
    "software": "mriqc",
    "version": "22.0.6",
    "webapi_port": null,
    "webapi_url": "https://mriqc.nimh.nih.gov/api/v1"
  },
  "size_t": 727,
  "size_x": 64,
  "size_y": 64,
  "size_z": 40,
  "snr": 3.788320440471734,
  "spacing_tr": 0.9100000262260437,
  "spacing_x": 3.21875,
  "spacing_y": 3.21875,
  "spacing_z": 3.200000047683716,
  "summary_bg_k": 172.77327397356868,
  "summary_bg_mad": 42.36939202379574,
  "summary_bg_mean": 96.90880584716797,
  "summary_bg_median": 54.698760986328125,
  "summary_bg_n": 102067.0,
  "summary_bg_p05": 15.551994895935058,
  "summary_bg_p95": 292.8403076171875,
  "summary_bg_stdv": 178.98208618164062,
  "summary_fg_k": 3.36022634388733,
  "summary_fg_mad": 594.2726489621955,
  "summary_fg_mean": 2915.7138671875,
  "summary_fg_median": 2794.778564453125,
  "summary_fg_n": 28133.0,
  "summary_fg_p05": 2004.8239013671875,
  "summary_fg_p95": 4242.120117187497,
  "summary_fg_stdv": 737.722412109375,
  "tsnr": 29.90546244510915
}