{
  "aor": 0.0007716758241758241,
  "aqi": 0.012611178489010989,
  "bids_meta": {
    "AcquisitionMatrixPE": 64,
    "AcquisitionNumber": 1,
    "AcquisitionTime": "11:15:55.960000",
    "BandwidthPerPixelPhaseEncode": 62.5,
    "BaseResolution": 64,
    "BodyPartExamined": "BRAIN",
    "ConsistencyInfo": "N4_VE11C_LATEST_20160120",
    "ConversionSoftware": "dcm2niix",
    "ConversionSoftwareVersion": "v1.0.20210317",
    "DerivedVendorReportedEchoSpacing": 0.0005,
    "DeviceSerialNumber": "45193",
    "DwellTime": 3.1e-06,
    "EchoNumber": 2,
    "EchoTime": 0.02923,
    "EchoTrainLength": 31,
    "EffectiveEchoSpacing": 0.00025,
    "FlipAngle": 56,
    "ImageComments": "Unaliased MB4/PE4/LB",
    "ImageOrientationPatientDICOM": [
      0.998249,
      -0.0273112,
      -0.0524714,
      0.0278836,
      0.999559,
      0.010208
    ],
    "ImageType": [
      "ORIGINAL",
      "PRIMARY",
      "M",
      "MB",
      "TE2",
      "ND",
      "NORM",
      "MOSAIC"
    ],
    "ImagingFrequency": 123.247,
    "InPlanePhaseEncodingDirectionDICOM": "ROW",
    "InstitutionAddress": "Blackburn Road 770,Clayton,Victoria,AU,3800",
    "InstitutionName": "Monash Biomedical Imaging",
    "InstitutionalDepartmentName": "Department",
    "MRAcquisitionType": "2D",
    "MagneticFieldStrength": 3,
    "Manufacturer": "Siemens",
    "ManufacturersModelName": "Skyra",
    "Modality": "MR",
    "MultibandAccelerationFactor": 4,
    "ParallelReductionFactorInPlane": 2,
    "PartialFourier": 1,
    "PatientPosition": "HFS",
    "PercentPhaseFOV": 100,
    "PercentSampling": 100,
    "PhaseEncodingDirection": "i",
    "PhaseEncodingSteps": 63,
    "PhaseResolution": 1,
    "PixelBandwidth": 2520,
    "ProcedureStepDescription": "MR Scan",
    "ProtocolName": "Music_R-L_mmb_4_4_cmrr_mbep2d_bold_TE_12.6_29.23_45.86_62.49",
    "PulseSequenceDetails": "%CustomerSeq%\\cmrr_mbep2d_bold",
    "ReceiveCoilActiveElements": "HEA;HEP",
    "ReceiveCoilName": "Head_32",
    "ReconMatrixPE": 64,
    "RefLinesPE": 24,
    "RepetitionTime": 0.91,
    "SAR": 0.104002,
    "ScanOptions": "FS",
    "ScanningSequence": "EP",
    "SequenceName": "epfid2d4_64",
    "SequenceVariant": "SK\\SS",
    "SeriesDescription": "Music_R-L_mmb_4_4_cmrr_mbep2d_bold_TE_12.6_29.23_45.86_62.49",
    "SeriesNumber": 7,
    "ShimSetting": [
      -4157,
      15375,
      -14913,
      765,
      82,
      481,
      127,
      401
    ],
    "SliceThickness": 3.2,
    "SliceTiming": [
      0,
      0.625,
      0.3575,
      0.09,
      0.7125,
      0.445,
      0.18,
      0.8025,
      0.535,
      0.2675,
      0,
      0.625,
      0.3575,
      0.09,
      0.7125,
      0.445,
      0.18,
      0.8025,
      0.535,
      0.2675,
      0,
      0.625,
      0.3575,
      0.09,
      0.7125,
      0.445,
      0.18,
      0.8025,
      0.535,
      0.2675,
      0,
      0.625,
      0.3575,
      0.09,
      0.7125,
      0.445,
      0.18,
      0.8025,
      0.535,
      0.2675
    ],
    "SoftwareVersions": "syngo MR E11",
    "SpacingBetweenSlices": 3.2,
    "StationName": "AWP45193",
    "TaskName": "music",
    "TotalReadoutTime": 0.01575,
    "TxRefAmp": 353.888,
    "WipMemBlock": "55f92224-0477-4720-a154-07aa76bb8fd7||Sequence: R016 ve11c/master r/e634e98; Dec 19 2017 11:00:25 by eja",
    "dataset": "<unset>",
    "modality": "bold",
    "run_id": 1,
    "session_id": "02",
    "subject_id": "PC231",
    "task_id": "music"
  },
  "dummy_trs": 0,
  "dvars_nstd": 34.7125101810454,
  "dvars_std": 1.1468303571389276,
  "dvars_vstd": 0.9943036218844566,
  "efc": 0.4976336487352965,
  "fber": 3663.447265625,
  "fd_mean": 0.16036565894664556,
  "fd_num": 218,
  "fd_perc": 29.945054945054945,
  "fwhm_avg": 1.7244646798588128,
  "fwhm_x": 1.6385460194174757,
  "fwhm_y": 1.7928667961165048,
  "fwhm_z": 1.741981224042457,
  "gcor": 0.0245618,
  "gsr_x": 0.0010990304872393608,
  "gsr_y": 0.023007523268461227,
  "provenance": {
    "md5sum": "8cc7828022b90ecd80b7ae930aec8a0a",
    "settings": {
      "fd_thres": 0.2,
      "testing": false
    },
    "software": "mriqc",
    "version": "22.0.6",
    "webapi_port": null,
    "webapi_url": "https://mriqc.nimh.nih.gov/api/v1"
  },
  "size_t": 728,
  "size_x": 64,
  "size_y": 64,
  "size_z": 40,
  "snr": 5.32414307668036,
  "spacing_tr": 0.9100000262260437,
  "spacing_x": 3.21875,
  "spacing_y": 3.21875,
  "spacing_z": 3.200000047683716,
  "summary_bg_k": 61.99700139151001,
  "summary_bg_mad": 56.39997977160203,
  "summary_bg_mean": 146.9328155517578,
  "summary_bg_median": 64.56181335449219,
  "summary_bg_n": 99551.0,
  "summary_bg_p05": 15.787775039672852,
  "summary_bg_p95": 507.0041198730469,
  "summary_bg_stdv": 304.5346374511719,
  "summary_fg_k": 1.0802306101495835,
  "summary_fg_mad": 690.4456089847788,
  "summary_fg_mean": 3904.4775390625,
  "summary_fg_median": 3829.99267578125,
  "summary_fg_n": 30550.0,
  "summary_fg_p05": 2887.6385131835937,
  "summary_fg_p95": 5151.96455078125,
  "summary_fg_stdv": 719.3514404296875,
  "tsnr": 39.65634200628847
}