{
  "aor": 0.0012340438247011951,
  "aqi": 0.009011397231075698,
  "bids_meta": {
    "AcquisitionMatrixPE": 64,
    "AcquisitionNumber": 1,
    "AcquisitionTime": "10:59:28.632500",
    "BandwidthPerPixelPhaseEncode": 62.5,
    "BaseResolution": 64,
    "BodyPartExamined": "BRAIN",
    "ConsistencyInfo": "N4_VE11C_LATEST_20160120",
    "ConversionSoftware": "dcm2niix",
    "ConversionSoftwareVersion": "v1.0.20210317",
    "DerivedVendorReportedEchoSpacing": 0.0005,
    "DeviceSerialNumber": "45193",
    "DwellTime": 3.1e-06,
    "EchoNumber": 1,
    "EchoTime": 0.0126,
    "EchoTrainLength": 31,
    "EffectiveEchoSpacing": 0.00025,
    "FlipAngle": 56,
    "ImageComments": "Unaliased MB4/PE4/LB",
    "ImageOrientationPatientDICOM": [
      0.998249,
      -0.0273112,
      -0.0524714,
      0.0278836,
      0.999559,
      0.010208
    ],
    "ImageType": [
      "ORIGINAL",
      "PRIMARY",
      "M",
      "MB",
      "TE1",
      "ND",
      "NORM",
      "MOSAIC"
    ],
    "ImagingFrequency": 123.247,
    "InPlanePhaseEncodingDirectionDICOM": "ROW",
    "InstitutionAddress": "Blackburn Road 770,Clayton,Victoria,AU,3800",
    "InstitutionName": "Monash Biomedical Imaging",
    "InstitutionalDepartmentName": "Department",
    "MRAcquisitionType": "2D",
    "MagneticFieldStrength": 3,
    "Manufacturer": "Siemens",
    "ManufacturersModelName": "Skyra",
    "Modality": "MR",
    "MultibandAccelerationFactor": 4,
    "ParallelReductionFactorInPlane": 2,
    "PartialFourier": 1,
    "PatientPosition": "HFS",
    "PercentPhaseFOV": 100,
    "PercentSampling": 100,
    "PhaseEncodingDirection": "i",
    "PhaseEncodingSteps": 63,
    "PhaseResolution": 1,
    "PixelBandwidth": 2520,
    "ProcedureStepDescription": "MR Scan",
    "ProtocolName": "Rest_R-L_mmb_4_4_cmrr_mbep2d_bold_TE_12.6_29.23_45.86_62.49",
    "PulseSequenceDetails": "%CustomerSeq%\\cmrr_mbep2d_bold",
    "ReceiveCoilActiveElements": "HEA;HEP",
    "ReceiveCoilName": "Head_32",
    "ReconMatrixPE": 64,
    "RefLinesPE": 24,
    "RepetitionTime": 0.91,
    "SAR": 0.103431,
    "ScanOptions": "FS",
    "ScanningSequence": "EP",
    "SequenceName": "epfid2d4_64",
    "SequenceVariant": "SK\\SS",
    "SeriesDescription": "Rest_R-L_mmb_4_4_cmrr_mbep2d_bold_TE_12.6_29.23_45.86_62.49",
    "SeriesNumber": 3,
    "ShimSetting": [
      -4153,
      15376,
      -14910,
      771,
      104,
      481,
      110,
      399
    ],
    "SliceThickness": 3.2,
    "SliceTiming": [
      0,
      0.6225,
      0.3575,
      0.09,
      0.7125,
      0.445,
      0.18,
      0.8025,
      0.535,
      0.2675,
      0,
      0.6225,
      0.3575,
      0.09,
      0.7125,
      0.445,
      0.18,
      0.8025,
      0.535,
      0.2675,
      0,
      0.6225,
      0.3575,
      0.09,
      0.7125,
      0.445,
      0.18,
      0.8025,
      0.535,
      0.2675,
      0,
      0.6225,
      0.3575,
      0.09,
      0.7125,
      0.445,
      0.18,
      0.8025,
      0.535,
      0.2675
    ],
    "SoftwareVersions": "syngo MR E11",
    "SpacingBetweenSlices": 3.2,
    "StationName": "AWP45193",
    "TaskName": "rest",
    "TotalReadoutTime": 0.01575,
    "TxRefAmp": 353.888,
    "WipMemBlock": "a024fc9f-5226-4943-8aa4-f0c87e329acb||Sequence: R016 ve11c/master r/e634e98; Dec 19 2017 11:00:25 by eja",
    "dataset": "<unset>",
    "modality": "bold",
    "run_id": 1,
    "session_id": "02",
    "subject_id": "PC231",
    "task_id": "rest"
  },
  "dummy_trs": 2,
  "dvars_nstd": 26.20669046662674,
  "dvars_std": 1.191601025508982,
  "dvars_vstd": 0.9950358764271474,
  "efc": 0.5408078645319674,
  "fber": 4353.8876953125,
  "fd_mean": 0.11775429058390416,
  "fd_num": 94,
  "fd_perc": 18.725099601593627,
  "fwhm_avg": 1.9667888506114977,
  "fwhm_x": 1.8298594174757281,
  "fwhm_y": 2.060669514563107,
  "fwhm_z": 2.009837619795657,
  "gcor": 0.0681337,
  "gsr_x": -0.005262731574475765,
  "gsr_y": 0.03447355702519417,
  "provenance": {
    "md5sum": "1d193a96e7e451213907f51956c4a966",
    "settings": {
      "fd_thres": 0.2,
      "testing": false
    },
    "software": "mriqc",
    "version": "22.0.6",
    "webapi_port": null,
    "webapi_url": "https://mriqc.nimh.nih.gov/api/v1"
  },
  "size_t": 502,
  "size_x": 64,
  "size_y": 64,
  "size_z": 40,
  "snr": 6.984917400506157,
  "spacing_tr": 0.9100000262260437,
  "spacing_x": 3.21875,
  "spacing_y": 3.21875,
  "spacing_z": 3.1999998092651367,
  "summary_bg_k": 15.974075019378368,
  "summary_bg_mad": 75.3513430255474,
  "summary_bg_mean": 324.03564453125,
  "summary_bg_median": 80.75697326660156,
  "summary_bg_n": 96314.0,
  "summary_bg_p05": 17.685258865356445,
  "summary_bg_p95": 1654.8249877929686,
  "summary_bg_stdv": 653.0162353515625,
  "summary_fg_k": 0.1184352240462947,
  "summary_fg_mad": 752.777883799226,
  "summary_fg_mean": 5282.177734375,
  "summary_fg_median": 5246.5498046875,
  "summary_fg_n": 33130.0,
  "summary_fg_p05": 4106.90986328125,
  "summary_fg_p95": 6564.435083007812,
  "summary_fg_stdv": 751.1141967773438,
  "tsnr": 53.713293958688155
}