{
  "aor": 0.0016810354223433242,
  "aqi": 0.011201401035422344,
  "bids_meta": {
    "AcquisitionMatrixPE": 64,
    "AcquisitionNumber": 1,
    "AcquisitionTime": "12:13:32.107500",
    "BandwidthPerPixelPhaseEncode": 62.5,
    "BaseResolution": 64,
    "BodyPartExamined": "BRAIN",
    "ConsistencyInfo": "N4_VE11C_LATEST_20160120",
    "ConversionSoftware": "dcm2niix",
    "ConversionSoftwareVersion": "v1.0.20210317",
    "DerivedVendorReportedEchoSpacing": 0.0005,
    "DeviceSerialNumber": "45193",
    "DwellTime": 3.1e-06,
    "EchoNumber": 1,
    "EchoTime": 0.0126,
    "EchoTrainLength": 31,
    "EffectiveEchoSpacing": 0.00025,
    "FlipAngle": 56,
    "ImageComments": "Unaliased MB4/PE4/LB",
    "ImageOrientationPatientDICOM": [
      0.999964,
      -0.000958455,
      -0.00846951,
      -1.1044e-11,
      0.993658,
      -0.112448
    ],
    "ImageType": [
      "ORIGINAL",
      "PRIMARY",
      "M",
      "MB",
      "TE1",
      "ND",
      "NORM",
      "MOSAIC"
    ],
    "ImagingFrequency": 123.252,
    "InPlanePhaseEncodingDirectionDICOM": "ROW",
    "InstitutionAddress": "Blackburn Road 770,Clayton,Victoria,AU,3800",
    "InstitutionName": "Monash Biomedical Imaging",
    "InstitutionalDepartmentName": "Department",
    "MRAcquisitionType": "2D",
    "MagneticFieldStrength": 3,
    "Manufacturer": "Siemens",
    "ManufacturersModelName": "Skyra",
    "Modality": "MR",
    "MultibandAccelerationFactor": 4,
    "ParallelReductionFactorInPlane": 2,
    "PartialFourier": 1,
    "PatientPosition": "HFS",
    "PercentPhaseFOV": 100,
    "PercentSampling": 100,
    "PhaseEncodingDirection": "i",
    "PhaseEncodingSteps": 63,
    "PhaseResolution": 1,
    "PixelBandwidth": 2520,
    "ProcedureStepDescription": "MR Scan",
    "ProtocolName": "Movie_R-L_mmb_4_4_cmrr_mbep2d_bold_TE_12.6_29.23_45.86_62.49",
    "PulseSequenceDetails": "%CustomerSeq%\\cmrr_mbep2d_bold",
    "ReceiveCoilActiveElements": "HEA;HEP",
    "ReceiveCoilName": "Head_32",
    "ReconMatrixPE": 64,
    "RefLinesPE": 24,
    "RepetitionTime": 0.91,
    "SAR": 0.0794785,
    "ScanOptions": "FS",
    "ScanningSequence": "EP",
    "SequenceName": "epfid2d4_64",
    "SequenceVariant": "SK\\SS",
    "SeriesDescription": "Movie_R-L_mmb_4_4_cmrr_mbep2d_bold_TE_12.6_29.23_45.86_62.49",
    "SeriesNumber": 8,
    "ShimSetting": [
      -4160,
      15543,
      -15141,
      648,
      26,
      272,
      -827,
      154
    ],
    "SliceThickness": 3.2,
    "SliceTiming": [
      0,
      0.625,
      0.3575,
      0.09,
      0.7125,
      0.445,
      0.18,
      0.8025,
      0.535,
      0.2675,
      0,
      0.625,
      0.3575,
      0.09,
      0.7125,
      0.445,
      0.18,
      0.8025,
      0.535,
      0.2675,
      0,
      0.625,
      0.3575,
      0.09,
      0.7125,
      0.445,
      0.18,
      0.8025,
      0.535,
      0.2675,
      0,
      0.625,
      0.3575,
      0.09,
      0.7125,
      0.445,
      0.18,
      0.8025,
      0.535,
      0.2675
    ],
    "SoftwareVersions": "syngo MR E11",
    "SpacingBetweenSlices": 3.2,
    "StationName": "AWP45193",
    "TaskName": "movie",
    "TotalReadoutTime": 0.01575,
    "TxRefAmp": 347.596,
    "WipMemBlock": "22fc4f52-99f4-4a5d-96e5-1bc26d46e14b||Sequence: R016 ve11c/master r/e634e98; Dec 19 2017 11:00:25 by eja",
    "dataset": "<unset>",
    "modality": "bold",
    "run_id": 1,
    "session_id": "02",
    "subject_id": "PC214",
    "task_id": "movie"
  },
  "dummy_trs": 5,
  "dvars_nstd": 26.571757264535535,
  "dvars_std": 1.1043212627322407,
  "dvars_vstd": 1.006709988142077,
  "efc": 0.5678602890960087,
  "fber": 2866.3642578125,
  "fd_mean": 0.20527416662430345,
  "fd_num": 126,
  "fd_perc": 34.33242506811989,
  "fwhm_avg": 1.9432069562828171,
  "fwhm_x": 1.7947215533980583,
  "fwhm_y": 1.9798710679611649,
  "fwhm_z": 2.0550282474892287,
  "gcor": 0.0170103,
  "gsr_x": -0.0225534625351429,
  "gsr_y": 0.04240548238158226,
  "provenance": {
    "md5sum": "c3460a0ce94747ce07e58d7f2cd2b5f1",
    "settings": {
      "fd_thres": 0.2,
      "testing": false
    },
    "software": "mriqc",
    "version": "22.0.6",
    "webapi_port": null,
    "webapi_url": "https://mriqc.nimh.nih.gov/api/v1"
  },
  "size_t": 367,
  "size_x": 64,
  "size_y": 64,
  "size_z": 40,
  "snr": 6.51929992887413,
  "spacing_tr": 0.9100000262260437,
  "spacing_x": 3.21875,
  "spacing_y": 3.21875,
  "spacing_z": 3.1999998092651367,
  "summary_bg_k": 8.72780269901276,
  "summary_bg_mad": 92.0526284710396,
  "summary_bg_mean": 417.3111267089844,
  "summary_bg_median": 90.91007995605469,
  "summary_bg_n": 95828.0,
  "summary_bg_p05": 18.92098045349121,
  "summary_bg_p95": 2123.422619628906,
  "summary_bg_stdv": 744.7855834960938,
  "summary_fg_k": -0.09876098933985267,
  "summary_fg_mad": 753.9618661861234,
  "summary_fg_mean": 4860.15380859375,
  "summary_fg_median": 4786.6376953125,
  "summary_fg_n": 33939.0,
  "summary_fg_p05": 3781.8685546875,
  "summary_fg_p95": 6198.769287109375,
  "summary_fg_stdv": 734.2149047851562,
  "tsnr": 50.29729480948299
}