{
  "aor": 0.0014146565934065932,
  "aqi": 0.022309225274725272,
  "bids_meta": {
    "AcquisitionMatrixPE": 64,
    "AcquisitionNumber": 1,
    "AcquisitionTime": "12:01:53.280000",
    "BandwidthPerPixelPhaseEncode": 62.5,
    "BaseResolution": 64,
    "BodyPartExamined": "BRAIN",
    "ConsistencyInfo": "N4_VE11C_LATEST_20160120",
    "ConversionSoftware": "dcm2niix",
    "ConversionSoftwareVersion": "v1.0.20210317",
    "DerivedVendorReportedEchoSpacing": 0.0005,
    "DeviceSerialNumber": "45193",
    "DwellTime": 3.1e-06,
    "EchoNumber": 3,
    "EchoTime": 0.04586,
    "EchoTrainLength": 31,
    "EffectiveEchoSpacing": 0.00025,
    "FlipAngle": 56,
    "ImageComments": "Unaliased MB4/PE4/LB",
    "ImageOrientationPatientDICOM": [
      0.999964,
      -0.000958455,
      -0.00846951,
      -1.1044e-11,
      0.993658,
      -0.112448
    ],
    "ImageType": [
      "ORIGINAL",
      "PRIMARY",
      "M",
      "MB",
      "TE3",
      "ND",
      "NORM",
      "MOSAIC"
    ],
    "ImagingFrequency": 123.252,
    "InPlanePhaseEncodingDirectionDICOM": "ROW",
    "InstitutionAddress": "Blackburn Road 770,Clayton,Victoria,AU,3800",
    "InstitutionName": "Monash Biomedical Imaging",
    "InstitutionalDepartmentName": "Department",
    "MRAcquisitionType": "2D",
    "MagneticFieldStrength": 3,
    "Manufacturer": "Siemens",
    "ManufacturersModelName": "Skyra",
    "Modality": "MR",
    "MultibandAccelerationFactor": 4,
    "ParallelReductionFactorInPlane": 2,
    "PartialFourier": 1,
    "PatientPosition": "HFS",
    "PercentPhaseFOV": 100,
    "PercentSampling": 100,
    "PhaseEncodingDirection": "i",
    "PhaseEncodingSteps": 63,
    "PhaseResolution": 1,
    "PixelBandwidth": 2520,
    "ProcedureStepDescription": "MR Scan",
    "ProtocolName": "Music_R-L_mmb_4_4_cmrr_mbep2d_bold_TE_12.6_29.23_45.86_62.49",
    "PulseSequenceDetails": "%CustomerSeq%\\cmrr_mbep2d_bold",
    "ReceiveCoilActiveElements": "HEA;HEP",
    "ReceiveCoilName": "Head_32",
    "ReconMatrixPE": 64,
    "RefLinesPE": 24,
    "RepetitionTime": 0.91,
    "SAR": 0.0803021,
    "ScanOptions": "FS",
    "ScanningSequence": "EP",
    "SequenceName": "epfid2d4_64",
    "SequenceVariant": "SK\\SS",
    "SeriesDescription": "Music_R-L_mmb_4_4_cmrr_mbep2d_bold_TE_12.6_29.23_45.86_62.49",
    "SeriesNumber": 7,
    "ShimSetting": [
      -4160,
      15543,
      -15141,
      648,
      26,
      272,
      -827,
      154
    ],
    "SliceThickness": 3.2,
    "SliceTiming": [
      0,
      0.6225,
      0.355,
      0.09,
      0.7125,
      0.445,
      0.1775,
      0.8,
      0.535,
      0.2675,
      0,
      0.6225,
      0.355,
      0.09,
      0.7125,
      0.445,
      0.1775,
      0.8,
      0.535,
      0.2675,
      0,
      0.6225,
      0.355,
      0.09,
      0.7125,
      0.445,
      0.1775,
      0.8,
      0.535,
      0.2675,
      0,
      0.6225,
      0.355,
      0.09,
      0.7125,
      0.445,
      0.1775,
      0.8,
      0.535,
      0.2675
    ],
    "SoftwareVersions": "syngo MR E11",
    "SpacingBetweenSlices": 3.2,
    "StationName": "AWP45193",
    "TaskName": "music",
    "TotalReadoutTime": 0.01575,
    "TxRefAmp": 347.596,
    "WipMemBlock": "3dfdf335-f313-440f-b766-fd08cd7e53f0||Sequence: R016 ve11c/master r/e634e98; Dec 19 2017 11:00:25 by eja",
    "dataset": "<unset>",
    "modality": "bold",
    "run_id": 1,
    "session_id": "02",
    "subject_id": "PC214",
    "task_id": "music"
  },
  "dummy_trs": 0,
  "dvars_nstd": 44.44200712528196,
  "dvars_std": 1.082892168707016,
  "dvars_vstd": 0.9919645512104538,
  "efc": 0.4903101560514452,
  "fber": 3080.495361328125,
  "fd_mean": 0.20714066787042032,
  "fd_num": 235,
  "fd_perc": 32.28021978021978,
  "fwhm_avg": 1.6916084988670876,
  "fwhm_x": 1.60460427184466,
  "fwhm_y": 1.7558617475728155,
  "fwhm_z": 1.7143594771837876,
  "gcor": 0.0172789,
  "gsr_x": -0.01203069370239973,
  "gsr_y": 0.024890786036849022,
  "provenance": {
    "md5sum": "cc58a5ba28da410d8ea43bdc42b8c7e4",
    "settings": {
      "fd_thres": 0.2,
      "testing": false
    },
    "software": "mriqc",
    "version": "22.0.6",
    "webapi_port": null,
    "webapi_url": "https://mriqc.nimh.nih.gov/api/v1"
  },
  "size_t": 728,
  "size_x": 64,
  "size_y": 64,
  "size_z": 40,
  "snr": 3.924184276779888,
  "spacing_tr": 0.9100000262260437,
  "spacing_x": 3.21875,
  "spacing_y": 3.21875,
  "spacing_z": 3.1999998092651367,
  "summary_bg_k": 273.47375508141715,
  "summary_bg_mad": 32.62844846472821,
  "summary_bg_mean": 90.02806854248047,
  "summary_bg_median": 45.120880126953125,
  "summary_bg_n": 99518.0,
  "summary_bg_p05": 15.491552352905273,
  "summary_bg_p95": 280.8742446899414,
  "summary_bg_stdv": 200.29922485351562,
  "summary_fg_k": 4.991236504975075,
  "summary_fg_mad": 556.529816972663,
  "summary_fg_mean": 2601.64111328125,
  "summary_fg_median": 2509.34130859375,
  "summary_fg_n": 30230.0,
  "summary_fg_p05": 1812.3900817871095,
  "summary_fg_p95": 3644.3851806640623,
  "summary_fg_stdv": 639.4449462890625,
  "tsnr": 26.806279875338078
}