{
  "bids_meta": {
    "AcquisitionMatrixPE": 240,
    "AcquisitionNumber": 1,
    "AcquisitionTime": "12:17:20.952500",
    "BaseResolution": 256,
    "BodyPartExamined": "BRAIN",
    "ConsistencyInfo": "N4_VE11C_LATEST_20160120",
    "ConversionSoftware": "dcm2niix",
    "ConversionSoftwareVersion": "v1.0.20210317",
    "DeviceSerialNumber": "45193",
    "DwellTime": 8.5e-06,
    "EchoTime": 0.00207,
    "FlipAngle": 9,
    "ImageOrientationPatientDICOM": [
      -0.0017426,
      0.999999,
      5.5713e-08,
      0.0034933,
      6.14316e-06,
      -0.999994
    ],
    "ImageType": [
      "ORIGINAL",
      "PRIMARY",
      "M",
      "ND",
      "NORM"
    ],
    "ImagingFrequency": 123.247,
    "InPlanePhaseEncodingDirectionDICOM": "ROW",
    "InstitutionAddress": "Blackburn Road 770,Clayton,Victoria,AU,3800",
    "InstitutionName": "Monash Biomedical Imaging",
    "InstitutionalDepartmentName": "Department",
    "InversionTime": 0.9,
    "MRAcquisitionType": "3D",
    "MagneticFieldStrength": 3,
    "Manufacturer": "Siemens",
    "ManufacturersModelName": "Skyra",
    "Modality": "MR",
    "ParallelReductionFactorInPlane": 2,
    "PartialFourier": 1,
    "PatientPosition": "HFS",
    "PercentPhaseFOV": 93.75,
    "PercentSampling": 100,
    "PhaseEncodingSteps": 239,
    "PhaseResolution": 1,
    "PixelBandwidth": 230,
    "ProcedureStepDescription": "MR Scan",
    "ProtocolName": "t1_mprage_sag_p2_iso_1_ADNI",
    "PulseSequenceDetails": "%SiemensSeq%\\tfl",
    "ReceiveCoilActiveElements": "HEA;HEP",
    "ReceiveCoilName": "Head_32",
    "ReconMatrixPE": 240,
    "RefLinesPE": 32,
    "RepetitionTime": 2.3,
    "SAR": 0.0763113,
    "ScanOptions": "IR",
    "ScanningSequence": "GR\\IR",
    "SequenceName": "*tfl3d1_16ns",
    "SequenceVariant": "SK\\SP\\MP",
    "SeriesDescription": "t1_mprage_sag_p2_iso_1_ADNI",
    "SeriesNumber": 2,
    "ShimSetting": [
      -4069,
      15336,
      -15557,
      -117,
      159,
      -103,
      -245,
      164
    ],
    "SliceThickness": 1,
    "SoftwareVersions": "syngo MR E11",
    "StationName": "AWP45193",
    "TxRefAmp": 371.384,
    "dataset": "<unset>",
    "modality": "T1w",
    "run_id": 1,
    "session_id": "01",
    "subject_id": "PC016"
  },
  "cjv": 0.3785230631555265,
  "cnr": 3.6293246908849865,
  "efc": 0.5050012960713761,
  "fber": -1.0,
  "fwhm_avg": 3.926273333333333,
  "fwhm_x": 3.81519,
  "fwhm_y": 4.00475,
  "fwhm_z": 3.95888,
  "icvs_csf": 0.22578114590609785,
  "icvs_gm": 0.4332278113486753,
  "icvs_wm": 0.34099104274522685,
  "inu_med": 0.4652680605649948,
  "inu_range": 0.13829883337020876,
  "provenance": {
    "md5sum": "c525dc0afd11ee34ae159a4358393f5a",
    "settings": {
      "testing": false
    },
    "software": "mriqc",
    "version": "22.0.6",
    "warnings": {
      "large_rot_frame": true,
      "small_air_mask": false
    },
    "webapi_port": null,
    "webapi_url": "https://mriqc.nimh.nih.gov/api/v1"
  },
  "qi_1": 0.022012495749529598,
  "qi_2": 0.02719056395498561,
  "rpve_csf": 22.951540598684133,
  "rpve_gm": 12.266289501401717,
  "rpve_wm": 17.667006988408954,
  "size_x": 192,
  "size_y": 240,
  "size_z": 256,
  "snr_csf": 2.92400796957322,
  "snr_gm": 12.360463674990624,
  "snr_total": 13.224920511779223,
  "snr_wm": 24.39028989077382,
  "snrd_csf": 21.643187881700218,
  "snrd_gm": 60.5303504561029,
  "snrd_total": 54.80431574914004,
  "snrd_wm": 82.23940890961698,
  "spacing_x": 1.0,
  "spacing_y": 1.0,
  "spacing_z": 1.0,
  "summary_bg_k": 33721.90704969791,
  "summary_bg_mad": 0.0,
  "summary_bg_mean": 1.1910844637523794,
  "summary_bg_median": 0.0,
  "summary_bg_n": 3395080.0,
  "summary_bg_p05": 0.0,
  "summary_bg_p95": 11.499513678252697,
  "summary_bg_stdv": 7.966209963378629,
  "summary_csf_k": 3.0922520407577885,
  "summary_csf_mad": 64.71911953591638,
  "summary_csf_mean": 276.318109317354,
  "summary_csf_median": 263.17294985055923,
  "summary_csf_n": 64910.0,
  "summary_csf_p05": 156.27038127593698,
  "summary_csf_p95": 453.458434894681,
  "summary_csf_stdv": 90.00349019806006,
  "summary_gm_k": -0.10954043858028317,
  "summary_gm_mad": 60.902133455816454,
  "summary_gm_mean": 734.2255185929208,
  "summary_gm_median": 736.0260869190097,
  "summary_gm_n": 40228.0,
  "summary_gm_p05": 634.4384677011519,
  "summary_gm_p95": 829.6813301593065,
  "summary_gm_stdv": 59.546062189391364,
  "summary_wm_k": 0.6508393556035164,
  "summary_wm_mad": 39.018079929910265,
  "summary_wm_mean": 1000.3638232986466,
  "summary_wm_median": 999.999997921288,
  "summary_wm_n": 193733.0,
  "summary_wm_p05": 933.8634913936257,
  "summary_wm_p95": 1067.6812152415514,
  "summary_wm_stdv": 40.99981679285504,
  "tpm_overlap_csf": 0.15365064850898208,
  "tpm_overlap_gm": 0.45276558907842307,
  "tpm_overlap_wm": 0.48023495031847213,
  "wm2max": 0.3630132282797069
}