{
  "aor": 0.0042121471172962225,
  "aqi": 0.02011344777335984,
  "bids_meta": {
    "AcquisitionMatrixPE": 64,
    "AcquisitionNumber": 1,
    "AcquisitionTime": "11:41:44.595000",
    "BandwidthPerPixelPhaseEncode": 62.5,
    "BaseResolution": 64,
    "BodyPartExamined": "BRAIN",
    "ConsistencyInfo": "N4_VE11C_LATEST_20160120",
    "ConversionSoftware": "dcm2niix",
    "ConversionSoftwareVersion": "v1.0.20210317",
    "DerivedVendorReportedEchoSpacing": 0.0005,
    "DeviceSerialNumber": "45193",
    "DwellTime": 3.1e-06,
    "EchoNumber": 3,
    "EchoTime": 0.04586,
    "EchoTrainLength": 31,
    "EffectiveEchoSpacing": 0.00025,
    "FlipAngle": 56,
    "ImageComments": "Unaliased MB4/PE4/LB",
    "ImageOrientationPatientDICOM": [
      0.996689,
      0.0219973,
      0.0782803,
      9.08137e-10,
      0.962712,
      -0.270528
    ],
    "ImageType": [
      "ORIGINAL",
      "PRIMARY",
      "M",
      "MB",
      "TE3",
      "ND",
      "NORM",
      "MOSAIC"
    ],
    "ImagingFrequency": 123.252,
    "InPlanePhaseEncodingDirectionDICOM": "ROW",
    "InstitutionAddress": "Blackburn Road 770,Clayton,Victoria,AU,3800",
    "InstitutionName": "Monash Biomedical Imaging",
    "InstitutionalDepartmentName": "Department",
    "MRAcquisitionType": "2D",
    "MagneticFieldStrength": 3,
    "Manufacturer": "Siemens",
    "ManufacturersModelName": "Skyra",
    "Modality": "MR",
    "MultibandAccelerationFactor": 4,
    "ParallelReductionFactorInPlane": 2,
    "PartialFourier": 1,
    "PatientPosition": "HFS",
    "PercentPhaseFOV": 100,
    "PercentSampling": 100,
    "PhaseEncodingDirection": "i",
    "PhaseEncodingSteps": 63,
    "PhaseResolution": 1,
    "PixelBandwidth": 2520,
    "ProcedureStepDescription": "MR Scan",
    "ProtocolName": "Rest_R-L_mmb_4_4_cmrr_mbep2d_bold_TE_12.6_29.23_45.86_62.49",
    "PulseSequenceDetails": "%CustomerSeq%\\cmrr_mbep2d_bold",
    "ReceiveCoilActiveElements": "HEA;HEP",
    "ReceiveCoilName": "Head_32",
    "ReconMatrixPE": 64,
    "RefLinesPE": 24,
    "RepetitionTime": 0.91,
    "SAR": 0.0894468,
    "ScanOptions": "FS",
    "ScanningSequence": "EP",
    "SequenceName": "epfid2d4_64",
    "SequenceVariant": "SK\\SS",
    "SeriesDescription": "Rest_R-L_mmb_4_4_cmrr_mbep2d_bold_TE_12.6_29.23_45.86_62.49",
    "SeriesNumber": 3,
    "ShimSetting": [
      -4053,
      15479,
      -15018,
      400,
      274,
      75,
      9,
      33
    ],
    "SliceThickness": 3.2,
    "SliceTiming": [
      0,
      0.6225,
      0.355,
      0.0875,
      0.7125,
      0.445,
      0.1775,
      0.8,
      0.5325,
      0.2675,
      0,
      0.6225,
      0.355,
      0.0875,
      0.7125,
      0.445,
      0.1775,
      0.8,
      0.5325,
      0.2675,
      0,
      0.6225,
      0.355,
      0.0875,
      0.7125,
      0.445,
      0.1775,
      0.8,
      0.5325,
      0.2675,
      0,
      0.6225,
      0.355,
      0.0875,
      0.7125,
      0.445,
      0.1775,
      0.8,
      0.5325,
      0.2675
    ],
    "SoftwareVersions": "syngo MR E11",
    "SpacingBetweenSlices": 3.2,
    "StationName": "AWP45193",
    "TaskName": "rest",
    "TotalReadoutTime": 0.01575,
    "TxRefAmp": 374.761,
    "WipMemBlock": "7ca65891-8bab-4237-ae70-1698cedb4c24||Sequence: R016 ve11c/master r/e634e98; Dec 19 2017 11:00:25 by eja",
    "dataset": "<unset>",
    "modality": "bold",
    "run_id": 1,
    "session_id": "02",
    "subject_id": "PC001",
    "task_id": "rest"
  },
  "dummy_trs": 1,
  "dvars_nstd": 46.36068864633467,
  "dvars_std": 1.066931943326693,
  "dvars_vstd": 0.9873161601394431,
  "efc": 0.5000115333192707,
  "fber": 2704.703857421875,
  "fd_mean": 0.26590049350547756,
  "fd_num": 218,
  "fd_perc": 43.33996023856859,
  "fwhm_avg": 1.6023028906115633,
  "fwhm_x": 1.5705600000000002,
  "fwhm_y": 1.6556893203883496,
  "fwhm_z": 1.5806593514463403,
  "gcor": 0.00807973,
  "gsr_x": -0.007694167084991932,
  "gsr_y": 0.02440144121646881,
  "provenance": {
    "md5sum": "854901613f5bf9f4c3deaee7d9de22f2",
    "settings": {
      "fd_thres": 0.2,
      "testing": false
    },
    "software": "mriqc",
    "version": "22.0.6",
    "webapi_port": null,
    "webapi_url": "https://mriqc.nimh.nih.gov/api/v1"
  },
  "size_t": 503,
  "size_x": 64,
  "size_y": 64,
  "size_z": 40,
  "snr": 3.6740259822110253,
  "spacing_tr": 0.9100000262260437,
  "spacing_x": 3.21875,
  "spacing_y": 3.21875,
  "spacing_z": 3.200000047683716,
  "summary_bg_k": 183.91376059559568,
  "summary_bg_mad": 41.89014395597569,
  "summary_bg_mean": 105.17115783691406,
  "summary_bg_median": 56.9244499206543,
  "summary_bg_n": 96988.0,
  "summary_bg_p05": 19.16898536682129,
  "summary_bg_p95": 329.34630279541005,
  "summary_bg_stdv": 188.50982666015625,
  "summary_fg_k": 3.968389416239023,
  "summary_fg_mad": 640.2126858202308,
  "summary_fg_mean": 3060.925048828125,
  "summary_fg_median": 2923.224609375,
  "summary_fg_n": 31727.0,
  "summary_fg_p05": 2086.0931640625,
  "summary_fg_p95": 4468.111181640623,
  "summary_fg_stdv": 795.6336059570312,
  "tsnr": 25.922855524520855
}