{
  "aor": 0.004199837398373984,
  "aqi": 0.013358362628726287,
  "bids_meta": {
    "AcquisitionMatrixPE": 64,
    "AcquisitionNumber": 1,
    "AcquisitionTime": "12:11:3.675000",
    "BandwidthPerPixelPhaseEncode": 62.5,
    "BaseResolution": 64,
    "BodyPartExamined": "BRAIN",
    "ConsistencyInfo": "N4_VE11C_LATEST_20160120",
    "ConversionSoftware": "dcm2niix",
    "ConversionSoftwareVersion": "v1.0.20210317",
    "DerivedVendorReportedEchoSpacing": 0.0005,
    "DeviceSerialNumber": "45193",
    "DwellTime": 3.1e-06,
    "EchoNumber": 1,
    "EchoTime": 0.0126,
    "EchoTrainLength": 31,
    "EffectiveEchoSpacing": 0.00025,
    "FlipAngle": 56,
    "ImageComments": "Unaliased MB4/PE4/LB",
    "ImageOrientationPatientDICOM": [
      0.990628,
      0.0331854,
      0.132492,
      -1.75995e-09,
      0.970035,
      -0.242965
    ],
    "ImageType": [
      "ORIGINAL",
      "PRIMARY",
      "M",
      "MB",
      "TE1",
      "ND",
      "NORM",
      "MOSAIC"
    ],
    "ImagingFrequency": 123.252,
    "InPlanePhaseEncodingDirectionDICOM": "ROW",
    "InstitutionAddress": "Blackburn Road 770,Clayton,Victoria,AU,3800",
    "InstitutionName": "Monash Biomedical Imaging",
    "InstitutionalDepartmentName": "Department",
    "MRAcquisitionType": "2D",
    "MagneticFieldStrength": 3,
    "Manufacturer": "Siemens",
    "ManufacturersModelName": "Skyra",
    "Modality": "MR",
    "MultibandAccelerationFactor": 4,
    "ParallelReductionFactorInPlane": 2,
    "PartialFourier": 1,
    "PatientPosition": "HFS",
    "PercentPhaseFOV": 100,
    "PercentSampling": 100,
    "PhaseEncodingDirection": "i",
    "PhaseEncodingSteps": 63,
    "PhaseResolution": 1,
    "PixelBandwidth": 2520,
    "ProcedureStepDescription": "MR Scan",
    "ProtocolName": "Movie_R-L_mmb_4_4_cmrr_mbep2d_bold_TE_12.6_29.23_45.86_62.49",
    "PulseSequenceDetails": "%CustomerSeq%\\cmrr_mbep2d_bold",
    "ReceiveCoilActiveElements": "HEA;HEP",
    "ReceiveCoilName": "Head_32",
    "ReconMatrixPE": 64,
    "RefLinesPE": 24,
    "RepetitionTime": 0.91,
    "SAR": 0.0889475,
    "ScanOptions": "FS",
    "ScanningSequence": "EP",
    "SequenceName": "epfid2d4_64",
    "SequenceVariant": "SK\\SS",
    "SeriesDescription": "Movie_R-L_mmb_4_4_cmrr_mbep2d_bold_TE_12.6_29.23_45.86_62.49",
    "SeriesNumber": 8,
    "ShimSetting": [
      -4047,
      15479,
      -15022,
      392,
      328,
      77,
      8,
      69
    ],
    "SliceThickness": 3.2,
    "SliceTiming": [
      0,
      0.6225,
      0.355,
      0.09,
      0.7125,
      0.445,
      0.1775,
      0.8,
      0.535,
      0.2675,
      0,
      0.6225,
      0.355,
      0.09,
      0.7125,
      0.445,
      0.1775,
      0.8,
      0.535,
      0.2675,
      0,
      0.6225,
      0.355,
      0.09,
      0.7125,
      0.445,
      0.1775,
      0.8,
      0.535,
      0.2675,
      0,
      0.6225,
      0.355,
      0.09,
      0.7125,
      0.445,
      0.1775,
      0.8,
      0.535,
      0.2675
    ],
    "SoftwareVersions": "syngo MR E11",
    "SpacingBetweenSlices": 3.2,
    "StationName": "AWP45193",
    "TaskName": "movie",
    "TotalReadoutTime": 0.01575,
    "TxRefAmp": 374.761,
    "WipMemBlock": "6223dea6-2a5e-4a28-910d-90cd2ec7ea9a||Sequence: R016 ve11c/master r/e634e98; Dec 19 2017 11:00:25 by eja",
    "dataset": "<unset>",
    "modality": "bold",
    "run_id": 1,
    "session_id": "02",
    "subject_id": "PC001",
    "task_id": "movie"
  },
  "dummy_trs": 3,
  "dvars_nstd": 29.86486782722827,
  "dvars_std": 1.1084259930163038,
  "dvars_vstd": 1.0238632138586952,
  "efc": 0.589988103886065,
  "fber": 1899.9124755859375,
  "fd_mean": 0.393768657551328,
  "fd_num": 224,
  "fd_perc": 60.704607046070464,
  "fwhm_avg": 2.0324100391008906,
  "fwhm_x": 1.8816434951456311,
  "fwhm_y": 2.145770873786408,
  "fwhm_z": 2.0698157483706323,
  "gcor": 0.012866,
  "gsr_x": -0.014543987810611725,
  "gsr_y": 0.055081967264413834,
  "provenance": {
    "md5sum": "08f15760b5b9f7b796be72f64dc40ad9",
    "settings": {
      "fd_thres": 0.2,
      "testing": false
    },
    "software": "mriqc",
    "version": "22.0.6",
    "webapi_port": null,
    "webapi_url": "https://mriqc.nimh.nih.gov/api/v1"
  },
  "size_t": 369,
  "size_x": 64,
  "size_y": 64,
  "size_z": 40,
  "snr": 6.844368949051088,
  "spacing_tr": 0.9100000262260437,
  "spacing_x": 3.21875,
  "spacing_y": 3.21875,
  "spacing_z": 3.1999998092651367,
  "summary_bg_k": 7.226260064287738,
  "summary_bg_mad": 137.00209583993004,
  "summary_bg_mean": 504.42022705078125,
  "summary_bg_median": 128.7967529296875,
  "summary_bg_n": 91891.0,
  "summary_bg_p05": 23.80487823486328,
  "summary_bg_p95": 2422.77783203125,
  "summary_bg_stdv": 830.1670532226562,
  "summary_fg_k": 0.33405998659588176,
  "summary_fg_mad": 801.8565055783214,
  "summary_fg_mean": 5668.25634765625,
  "summary_fg_median": 5591.9365234375,
  "summary_fg_n": 36678.0,
  "summary_fg_p05": 4461.456127929688,
  "summary_fg_p95": 7145.592651367188,
  "summary_fg_stdv": 817.0015869140625,
  "tsnr": 44.20162782049738
}