{
  "aor": 0.003937992047713718,
  "aqi": 0.015610988966202785,
  "bids_meta": {
    "AcquisitionMatrixPE": 64,
    "AcquisitionNumber": 1,
    "AcquisitionTime": "11:41:44.577500",
    "BandwidthPerPixelPhaseEncode": 62.5,
    "BaseResolution": 64,
    "BodyPartExamined": "BRAIN",
    "ConsistencyInfo": "N4_VE11C_LATEST_20160120",
    "ConversionSoftware": "dcm2niix",
    "ConversionSoftwareVersion": "v1.0.20210317",
    "DerivedVendorReportedEchoSpacing": 0.0005,
    "DeviceSerialNumber": "45193",
    "DwellTime": 3.1e-06,
    "EchoNumber": 2,
    "EchoTime": 0.02923,
    "EchoTrainLength": 31,
    "EffectiveEchoSpacing": 0.00025,
    "FlipAngle": 56,
    "ImageComments": "Unaliased MB4/PE4/LB",
    "ImageOrientationPatientDICOM": [
      0.996689,
      0.0219973,
      0.0782803,
      9.08137e-10,
      0.962712,
      -0.270528
    ],
    "ImageType": [
      "ORIGINAL",
      "PRIMARY",
      "M",
      "MB",
      "TE2",
      "ND",
      "NORM",
      "MOSAIC"
    ],
    "ImagingFrequency": 123.252,
    "InPlanePhaseEncodingDirectionDICOM": "ROW",
    "InstitutionAddress": "Blackburn Road 770,Clayton,Victoria,AU,3800",
    "InstitutionName": "Monash Biomedical Imaging",
    "InstitutionalDepartmentName": "Department",
    "MRAcquisitionType": "2D",
    "MagneticFieldStrength": 3,
    "Manufacturer": "Siemens",
    "ManufacturersModelName": "Skyra",
    "Modality": "MR",
    "MultibandAccelerationFactor": 4,
    "ParallelReductionFactorInPlane": 2,
    "PartialFourier": 1,
    "PatientPosition": "HFS",
    "PercentPhaseFOV": 100,
    "PercentSampling": 100,
    "PhaseEncodingDirection": "i",
    "PhaseEncodingSteps": 63,
    "PhaseResolution": 1,
    "PixelBandwidth": 2520,
    "ProcedureStepDescription": "MR Scan",
    "ProtocolName": "Rest_R-L_mmb_4_4_cmrr_mbep2d_bold_TE_12.6_29.23_45.86_62.49",
    "PulseSequenceDetails": "%CustomerSeq%\\cmrr_mbep2d_bold",
    "ReceiveCoilActiveElements": "HEA;HEP",
    "ReceiveCoilName": "Head_32",
    "ReconMatrixPE": 64,
    "RefLinesPE": 24,
    "RepetitionTime": 0.91,
    "SAR": 0.0894468,
    "ScanOptions": "FS",
    "ScanningSequence": "EP",
    "SequenceName": "epfid2d4_64",
    "SequenceVariant": "SK\\SS",
    "SeriesDescription": "Rest_R-L_mmb_4_4_cmrr_mbep2d_bold_TE_12.6_29.23_45.86_62.49",
    "SeriesNumber": 3,
    "ShimSetting": [
      -4053,
      15479,
      -15018,
      400,
      274,
      75,
      9,
      33
    ],
    "SliceThickness": 3.2,
    "SliceTiming": [
      0,
      0.6225,
      0.3575,
      0.09,
      0.7125,
      0.445,
      0.1775,
      0.8025,
      0.535,
      0.2675,
      0,
      0.6225,
      0.3575,
      0.09,
      0.7125,
      0.445,
      0.1775,
      0.8025,
      0.535,
      0.2675,
      0,
      0.6225,
      0.3575,
      0.09,
      0.7125,
      0.445,
      0.1775,
      0.8025,
      0.535,
      0.2675,
      0,
      0.6225,
      0.3575,
      0.09,
      0.7125,
      0.445,
      0.1775,
      0.8025,
      0.535,
      0.2675
    ],
    "SoftwareVersions": "syngo MR E11",
    "SpacingBetweenSlices": 3.2,
    "StationName": "AWP45193",
    "TaskName": "rest",
    "TotalReadoutTime": 0.01575,
    "TxRefAmp": 374.761,
    "WipMemBlock": "7ca65891-8bab-4237-ae70-1698cedb4c24||Sequence: R016 ve11c/master r/e634e98; Dec 19 2017 11:00:25 by eja",
    "dataset": "<unset>",
    "modality": "bold",
    "run_id": 1,
    "session_id": "02",
    "subject_id": "PC001",
    "task_id": "rest"
  },
  "dummy_trs": 1,
  "dvars_nstd": 35.7774532780478,
  "dvars_std": 1.088805044223107,
  "dvars_vstd": 0.9955486292629473,
  "efc": 0.5294470669311446,
  "fber": 2851.63037109375,
  "fd_mean": 0.2656101445495187,
  "fd_num": 216,
  "fd_perc": 42.94234592445328,
  "fwhm_avg": 1.6911141220093997,
  "fwhm_x": 1.6463471844660194,
  "fwhm_y": 1.7661514563106797,
  "fwhm_z": 1.6608437252515,
  "gcor": 0.012581,
  "gsr_x": -0.007695617154240608,
  "gsr_y": 0.032878704369068146,
  "provenance": {
    "md5sum": "f3fa5cc8c3464d8f2bfd44d1fa612efb",
    "settings": {
      "fd_thres": 0.2,
      "testing": false
    },
    "software": "mriqc",
    "version": "22.0.6",
    "webapi_port": null,
    "webapi_url": "https://mriqc.nimh.nih.gov/api/v1"
  },
  "size_t": 503,
  "size_x": 64,
  "size_y": 64,
  "size_z": 40,
  "snr": 5.1783594445953165,
  "spacing_tr": 0.9100000262260437,
  "spacing_x": 3.21875,
  "spacing_y": 3.21875,
  "spacing_z": 3.200000047683716,
  "summary_bg_k": 61.78644050107357,
  "summary_bg_mad": 69.72356668712041,
  "summary_bg_mean": 187.57644653320312,
  "summary_bg_median": 77.50794982910156,
  "summary_bg_n": 94656.0,
  "summary_bg_p05": 20.015406608581543,
  "summary_bg_p95": 700.2812652587891,
  "summary_bg_stdv": 355.959716796875,
  "summary_fg_k": 1.4304893484437935,
  "summary_fg_mad": 724.1789720352522,
  "summary_fg_mean": 4180.49267578125,
  "summary_fg_median": 4079.833740234375,
  "summary_fg_n": 33876.0,
  "summary_fg_p05": 3090.9909057617188,
  "summary_fg_p95": 5601.4112548828125,
  "summary_fg_stdv": 787.8505859375,
  "tsnr": 35.34515043022111
}