{
  "aor": 0.003920407608695653,
  "aqi": 0.020252231494565218,
  "bids_meta": {
    "AcquisitionMatrixPE": 64,
    "AcquisitionNumber": 1,
    "AcquisitionTime": "12:11:3.692500",
    "BandwidthPerPixelPhaseEncode": 62.5,
    "BaseResolution": 64,
    "BodyPartExamined": "BRAIN",
    "ConsistencyInfo": "N4_VE11C_LATEST_20160120",
    "ConversionSoftware": "dcm2niix",
    "ConversionSoftwareVersion": "v1.0.20210317",
    "DerivedVendorReportedEchoSpacing": 0.0005,
    "DeviceSerialNumber": "45193",
    "DwellTime": 3.1e-06,
    "EchoNumber": 2,
    "EchoTime": 0.02923,
    "EchoTrainLength": 31,
    "EffectiveEchoSpacing": 0.00025,
    "FlipAngle": 56,
    "ImageComments": "Unaliased MB4/PE4/LB",
    "ImageOrientationPatientDICOM": [
      0.990628,
      0.0331854,
      0.132492,
      -1.75995e-09,
      0.970035,
      -0.242965
    ],
    "ImageType": [
      "ORIGINAL",
      "PRIMARY",
      "M",
      "MB",
      "TE2",
      "ND",
      "NORM",
      "MOSAIC"
    ],
    "ImagingFrequency": 123.252,
    "InPlanePhaseEncodingDirectionDICOM": "ROW",
    "InstitutionAddress": "Blackburn Road 770,Clayton,Victoria,AU,3800",
    "InstitutionName": "Monash Biomedical Imaging",
    "InstitutionalDepartmentName": "Department",
    "MRAcquisitionType": "2D",
    "MagneticFieldStrength": 3,
    "Manufacturer": "Siemens",
    "ManufacturersModelName": "Skyra",
    "Modality": "MR",
    "MultibandAccelerationFactor": 4,
    "ParallelReductionFactorInPlane": 2,
    "PartialFourier": 1,
    "PatientPosition": "HFS",
    "PercentPhaseFOV": 100,
    "PercentSampling": 100,
    "PhaseEncodingDirection": "i",
    "PhaseEncodingSteps": 63,
    "PhaseResolution": 1,
    "PixelBandwidth": 2520,
    "ProcedureStepDescription": "MR Scan",
    "ProtocolName": "Movie_R-L_mmb_4_4_cmrr_mbep2d_bold_TE_12.6_29.23_45.86_62.49",
    "PulseSequenceDetails": "%CustomerSeq%\\cmrr_mbep2d_bold",
    "ReceiveCoilActiveElements": "HEA;HEP",
    "ReceiveCoilName": "Head_32",
    "ReconMatrixPE": 64,
    "RefLinesPE": 24,
    "RepetitionTime": 0.91,
    "SAR": 0.0889475,
    "ScanOptions": "FS",
    "ScanningSequence": "EP",
    "SequenceName": "epfid2d4_64",
    "SequenceVariant": "SK\\SS",
    "SeriesDescription": "Movie_R-L_mmb_4_4_cmrr_mbep2d_bold_TE_12.6_29.23_45.86_62.49",
    "SeriesNumber": 8,
    "ShimSetting": [
      -4047,
      15479,
      -15022,
      392,
      328,
      77,
      8,
      69
    ],
    "SliceThickness": 3.2,
    "SliceTiming": [
      0,
      0.6225,
      0.355,
      0.0875,
      0.71,
      0.445,
      0.1775,
      0.8,
      0.5325,
      0.265,
      0,
      0.6225,
      0.355,
      0.0875,
      0.71,
      0.445,
      0.1775,
      0.8,
      0.5325,
      0.265,
      0,
      0.6225,
      0.355,
      0.0875,
      0.71,
      0.445,
      0.1775,
      0.8,
      0.5325,
      0.265,
      0,
      0.6225,
      0.355,
      0.0875,
      0.71,
      0.445,
      0.1775,
      0.8,
      0.5325,
      0.265
    ],
    "SoftwareVersions": "syngo MR E11",
    "SpacingBetweenSlices": 3.2,
    "StationName": "AWP45193",
    "TaskName": "movie",
    "TotalReadoutTime": 0.01575,
    "TxRefAmp": 374.761,
    "WipMemBlock": "6223dea6-2a5e-4a28-910d-90cd2ec7ea9a||Sequence: R016 ve11c/master r/e634e98; Dec 19 2017 11:00:25 by eja",
    "dataset": "<unset>",
    "modality": "bold",
    "run_id": 1,
    "session_id": "02",
    "subject_id": "PC001",
    "task_id": "movie"
  },
  "dummy_trs": 4,
  "dvars_nstd": 39.270600596893736,
  "dvars_std": 1.0753553807901912,
  "dvars_vstd": 1.0056119179836511,
  "efc": 0.5302283754541097,
  "fber": 2529.32373046875,
  "fd_mean": 0.40249258103149144,
  "fd_num": 222,
  "fd_perc": 60.32608695652174,
  "fwhm_avg": 1.705835523225261,
  "fwhm_x": 1.6419759223300971,
  "fwhm_y": 1.7771867961165049,
  "fwhm_z": 1.698343851229182,
  "gcor": 0.0116601,
  "gsr_x": -0.00583359831944108,
  "gsr_y": 0.02771499939262867,
  "provenance": {
    "md5sum": "20ea29b56dcb91048b31268ea7f7b44c",
    "settings": {
      "fd_thres": 0.2,
      "testing": false
    },
    "software": "mriqc",
    "version": "22.0.6",
    "webapi_port": null,
    "webapi_url": "https://mriqc.nimh.nih.gov/api/v1"
  },
  "size_t": 368,
  "size_x": 64,
  "size_y": 64,
  "size_z": 40,
  "snr": 5.242678336220768,
  "spacing_tr": 0.9100000262260437,
  "spacing_x": 3.21875,
  "spacing_y": 3.21875,
  "spacing_z": 3.1999998092651367,
  "summary_bg_k": 32.47804848808443,
  "summary_bg_mad": 72.98593320457319,
  "summary_bg_mean": 184.31321716308594,
  "summary_bg_median": 81.36956787109375,
  "summary_bg_n": 94713.0,
  "summary_bg_p05": 19.288043975830078,
  "summary_bg_p95": 694.7098022460934,
  "summary_bg_stdv": 308.88140869140625,
  "summary_fg_k": 1.59026276272479,
  "summary_fg_mad": 704.9853180949233,
  "summary_fg_mean": 4156.25830078125,
  "summary_fg_median": 4057.78271484375,
  "summary_fg_n": 33771.0,
  "summary_fg_p05": 3104.941650390625,
  "summary_fg_p95": 5548.419921875,
  "summary_fg_stdv": 773.9789428710938,
  "tsnr": 31.582852129940875
}