{
  "aor": 0.00014784860557768927,
  "aqi": 0.010079636892430278,
  "bids_meta": {
    "AcquisitionMatrixPE": 64,
    "AcquisitionNumber": 1,
    "AcquisitionTime": "11:25:1.887500",
    "BandwidthPerPixelPhaseEncode": 62.5,
    "BaseResolution": 64,
    "BodyPartExamined": "BRAIN",
    "ConsistencyInfo": "N4_VE11C_LATEST_20160120",
    "ConversionSoftware": "dcm2niix",
    "ConversionSoftwareVersion": "v1.0.20210317",
    "DerivedVendorReportedEchoSpacing": 0.0005,
    "DeviceSerialNumber": "45193",
    "DwellTime": 3.1e-06,
    "EchoNumber": 2,
    "EchoTime": 0.02923,
    "EchoTrainLength": 31,
    "EffectiveEchoSpacing": 0.00025,
    "FlipAngle": 56,
    "ImageComments": "Unaliased MB4/PE4/LB",
    "ImageOrientationPatientDICOM": [
      0.999863,
      0.00149147,
      0.0164971,
      4.6259e-11,
      0.995938,
      -0.090041
    ],
    "ImageType": [
      "ORIGINAL",
      "PRIMARY",
      "M",
      "MB",
      "TE2",
      "ND",
      "NORM",
      "MOSAIC"
    ],
    "ImagingFrequency": 123.247,
    "InPlanePhaseEncodingDirectionDICOM": "ROW",
    "InstitutionAddress": "Blackburn Road 770,Clayton,Victoria,AU,3800",
    "InstitutionName": "Monash Biomedical Imaging",
    "InstitutionalDepartmentName": "Department",
    "MRAcquisitionType": "2D",
    "MagneticFieldStrength": 3,
    "Manufacturer": "Siemens",
    "ManufacturersModelName": "Skyra",
    "Modality": "MR",
    "MultibandAccelerationFactor": 4,
    "ParallelReductionFactorInPlane": 2,
    "PartialFourier": 1,
    "PatientPosition": "HFS",
    "PercentPhaseFOV": 100,
    "PercentSampling": 100,
    "PhaseEncodingDirection": "i",
    "PhaseEncodingSteps": 63,
    "PhaseResolution": 1,
    "PixelBandwidth": 2520,
    "ProcedureStepDescription": "MR Scan",
    "ProtocolName": "Rest_R-L_mmb_4_4_cmrr_mbep2d_bold_TE_12.6_29.23_45.86_62.49",
    "PulseSequenceDetails": "%CustomerSeq%\\cmrr_mbep2d_bold",
    "ReceiveCoilActiveElements": "HEA;HEP",
    "ReceiveCoilName": "Head_32",
    "ReconMatrixPE": 64,
    "RefLinesPE": 24,
    "RepetitionTime": 0.91,
    "SAR": 0.0901877,
    "ScanOptions": "FS",
    "ScanningSequence": "EP",
    "SequenceName": "epfid2d4_64",
    "SequenceVariant": "SK\\SS",
    "SeriesDescription": "Rest_R-L_mmb_4_4_cmrr_mbep2d_bold_TE_12.6_29.23_45.86_62.49",
    "SeriesNumber": 5,
    "ShimSetting": [
      -4116,
      15349,
      -15549,
      312,
      98,
      172,
      -728,
      118
    ],
    "SliceThickness": 3.2,
    "SliceTiming": [
      0,
      0.6225,
      0.3575,
      0.09,
      0.7125,
      0.445,
      0.18,
      0.8025,
      0.535,
      0.2675,
      0,
      0.6225,
      0.3575,
      0.09,
      0.7125,
      0.445,
      0.18,
      0.8025,
      0.535,
      0.2675,
      0,
      0.6225,
      0.3575,
      0.09,
      0.7125,
      0.445,
      0.18,
      0.8025,
      0.535,
      0.2675,
      0,
      0.6225,
      0.3575,
      0.09,
      0.7125,
      0.445,
      0.18,
      0.8025,
      0.535,
      0.2675
    ],
    "SoftwareVersions": "syngo MR E11",
    "SpacingBetweenSlices": 3.2,
    "StationName": "AWP45193",
    "TaskName": "rest",
    "TotalReadoutTime": 0.01575,
    "TxRefAmp": 357.38,
    "WipMemBlock": "ccf1dd73-42d0-45d7-aa61-492686eb551f||Sequence: R016 ve11c/master r/e634e98; Dec 19 2017 11:00:25 by eja",
    "dataset": "<unset>",
    "modality": "bold",
    "run_id": 1,
    "session_id": "01",
    "subject_id": "PC024",
    "task_id": "rest"
  },
  "dummy_trs": 2,
  "dvars_nstd": 32.67042833123754,
  "dvars_std": 1.1347003376047915,
  "dvars_vstd": 0.9865533374650698,
  "efc": 0.5015689259013426,
  "fber": 3950.2197265625,
  "fd_mean": 0.11911165194653829,
  "fd_num": 50,
  "fd_perc": 9.9601593625498,
  "fwhm_avg": 1.7424184075604323,
  "fwhm_x": 1.6966306796116506,
  "fwhm_y": 1.7787401941747574,
  "fwhm_z": 1.7518843488948888,
  "gcor": 0.0373773,
  "gsr_x": 0.005881056655198336,
  "gsr_y": 0.021081726998090744,
  "provenance": {
    "md5sum": "9ffd0d19c939445b1a929ea7712b06f2",
    "settings": {
      "fd_thres": 0.2,
      "testing": false
    },
    "software": "mriqc",
    "version": "22.0.6",
    "webapi_port": null,
    "webapi_url": "https://mriqc.nimh.nih.gov/api/v1"
  },
  "size_t": 502,
  "size_x": 64,
  "size_y": 64,
  "size_z": 40,
  "snr": 5.47062572182132,
  "spacing_tr": 0.9100000262260437,
  "spacing_x": 3.21875,
  "spacing_y": 3.21875,
  "spacing_z": 3.200000047683716,
  "summary_bg_k": 68.9296870892422,
  "summary_bg_mad": 61.516180183165936,
  "summary_bg_mean": 158.86410522460938,
  "summary_bg_median": 67.11553955078125,
  "summary_bg_n": 99131.0,
  "summary_bg_p05": 17.337650299072266,
  "summary_bg_p95": 578.5976257324219,
  "summary_bg_stdv": 315.8978271484375,
  "summary_fg_k": 1.4796785062101323,
  "summary_fg_mad": 715.52062575406,
  "summary_fg_mean": 4225.97802734375,
  "summary_fg_median": 4147.986328125,
  "summary_fg_n": 30947.0,
  "summary_fg_p05": 3174.6392822265625,
  "summary_fg_p95": 5537.212695312499,
  "summary_fg_stdv": 758.2166137695312,
  "tsnr": 45.95670135458931
}