{
  "aor": 0.00017641434262948206,
  "aqi": 0.012075105517928288,
  "bids_meta": {
    "AcquisitionMatrixPE": 64,
    "AcquisitionNumber": 1,
    "AcquisitionTime": "11:25:1.905000",
    "BandwidthPerPixelPhaseEncode": 62.5,
    "BaseResolution": 64,
    "BodyPartExamined": "BRAIN",
    "ConsistencyInfo": "N4_VE11C_LATEST_20160120",
    "ConversionSoftware": "dcm2niix",
    "ConversionSoftwareVersion": "v1.0.20210317",
    "DerivedVendorReportedEchoSpacing": 0.0005,
    "DeviceSerialNumber": "45193",
    "DwellTime": 3.1e-06,
    "EchoNumber": 3,
    "EchoTime": 0.04586,
    "EchoTrainLength": 31,
    "EffectiveEchoSpacing": 0.00025,
    "FlipAngle": 56,
    "ImageComments": "Unaliased MB4/PE4/LB",
    "ImageOrientationPatientDICOM": [
      0.999863,
      0.00149147,
      0.0164971,
      4.6259e-11,
      0.995938,
      -0.090041
    ],
    "ImageType": [
      "ORIGINAL",
      "PRIMARY",
      "M",
      "MB",
      "TE3",
      "ND",
      "NORM",
      "MOSAIC"
    ],
    "ImagingFrequency": 123.247,
    "InPlanePhaseEncodingDirectionDICOM": "ROW",
    "InstitutionAddress": "Blackburn Road 770,Clayton,Victoria,AU,3800",
    "InstitutionName": "Monash Biomedical Imaging",
    "InstitutionalDepartmentName": "Department",
    "MRAcquisitionType": "2D",
    "MagneticFieldStrength": 3,
    "Manufacturer": "Siemens",
    "ManufacturersModelName": "Skyra",
    "Modality": "MR",
    "MultibandAccelerationFactor": 4,
    "ParallelReductionFactorInPlane": 2,
    "PartialFourier": 1,
    "PatientPosition": "HFS",
    "PercentPhaseFOV": 100,
    "PercentSampling": 100,
    "PhaseEncodingDirection": "i",
    "PhaseEncodingSteps": 63,
    "PhaseResolution": 1,
    "PixelBandwidth": 2520,
    "ProcedureStepDescription": "MR Scan",
    "ProtocolName": "Rest_R-L_mmb_4_4_cmrr_mbep2d_bold_TE_12.6_29.23_45.86_62.49",
    "PulseSequenceDetails": "%CustomerSeq%\\cmrr_mbep2d_bold",
    "ReceiveCoilActiveElements": "HEA;HEP",
    "ReceiveCoilName": "Head_32",
    "ReconMatrixPE": 64,
    "RefLinesPE": 24,
    "RepetitionTime": 0.91,
    "SAR": 0.0901877,
    "ScanOptions": "FS",
    "ScanningSequence": "EP",
    "SequenceName": "epfid2d4_64",
    "SequenceVariant": "SK\\SS",
    "SeriesDescription": "Rest_R-L_mmb_4_4_cmrr_mbep2d_bold_TE_12.6_29.23_45.86_62.49",
    "SeriesNumber": 5,
    "ShimSetting": [
      -4116,
      15349,
      -15549,
      312,
      98,
      172,
      -728,
      118
    ],
    "SliceThickness": 3.2,
    "SliceTiming": [
      0,
      0.6225,
      0.355,
      0.09,
      0.7125,
      0.445,
      0.1775,
      0.8,
      0.535,
      0.2675,
      0,
      0.6225,
      0.355,
      0.09,
      0.7125,
      0.445,
      0.1775,
      0.8,
      0.535,
      0.2675,
      0,
      0.6225,
      0.355,
      0.09,
      0.7125,
      0.445,
      0.1775,
      0.8,
      0.535,
      0.2675,
      0,
      0.6225,
      0.355,
      0.09,
      0.7125,
      0.445,
      0.1775,
      0.8,
      0.535,
      0.2675
    ],
    "SoftwareVersions": "syngo MR E11",
    "SpacingBetweenSlices": 3.2,
    "StationName": "AWP45193",
    "TaskName": "rest",
    "TotalReadoutTime": 0.01575,
    "TxRefAmp": 357.38,
    "WipMemBlock": "ccf1dd73-42d0-45d7-aa61-492686eb551f||Sequence: R016 ve11c/master r/e634e98; Dec 19 2017 11:00:25 by eja",
    "dataset": "<unset>",
    "modality": "bold",
    "run_id": 1,
    "session_id": "01",
    "subject_id": "PC024",
    "task_id": "rest"
  },
  "dummy_trs": 2,
  "dvars_nstd": 41.670563086926116,
  "dvars_std": 1.126316781596806,
  "dvars_vstd": 0.9869124958682634,
  "efc": 0.47724608276235303,
  "fber": 3584.297607421875,
  "fd_mean": 0.11758664728511316,
  "fd_num": 43,
  "fd_perc": 8.565737051792828,
  "fwhm_avg": 1.6476093688877995,
  "fwhm_x": 1.6143968932038835,
  "fwhm_y": 1.6906687378640777,
  "fwhm_z": 1.6377624755954374,
  "gcor": 0.024539,
  "gsr_x": -6.057614154997282e-05,
  "gsr_y": 0.021030141040682793,
  "provenance": {
    "md5sum": "b3f094b6523dc06183c1cf74e0044014",
    "settings": {
      "fd_thres": 0.2,
      "testing": false
    },
    "software": "mriqc",
    "version": "22.0.6",
    "webapi_port": null,
    "webapi_url": "https://mriqc.nimh.nih.gov/api/v1"
  },
  "size_t": 502,
  "size_x": 64,
  "size_y": 64,
  "size_z": 40,
  "snr": 3.9875333684883985,
  "spacing_tr": 0.9100000262260437,
  "spacing_x": 3.21875,
  "spacing_y": 3.21875,
  "spacing_z": 3.200000047683716,
  "summary_bg_k": 184.5763965956326,
  "summary_bg_mad": 39.81171316607164,
  "summary_bg_mean": 96.87657165527344,
  "summary_bg_median": 51.07569885253906,
  "summary_bg_n": 101533.0,
  "summary_bg_p05": 16.690439224243164,
  "summary_bg_p95": 309.72271728515625,
  "summary_bg_stdv": 183.51866149902344,
  "summary_fg_k": 4.232026646452798,
  "summary_fg_mad": 633.7476569567716,
  "summary_fg_mean": 3128.516357421875,
  "summary_fg_median": 3024.3486328125,
  "summary_fg_n": 28629.0,
  "summary_fg_p05": 2170.991259765625,
  "summary_fg_p95": 4404.776171874999,
  "summary_fg_stdv": 758.437744140625,
  "tsnr": 35.24456190154888
}