{
  "aor": 0.0001981430536451169,
  "aqi": 0.011614835818431911,
  "bids_meta": {
    "AcquisitionMatrixPE": 64,
    "AcquisitionNumber": 1,
    "AcquisitionTime": "11:39:48.597500",
    "BandwidthPerPixelPhaseEncode": 62.5,
    "BaseResolution": 64,
    "BodyPartExamined": "BRAIN",
    "ConsistencyInfo": "N4_VE11C_LATEST_20160120",
    "ConversionSoftware": "dcm2niix",
    "ConversionSoftwareVersion": "v1.0.20210317",
    "DerivedVendorReportedEchoSpacing": 0.0005,
    "DeviceSerialNumber": "45193",
    "DwellTime": 3.1e-06,
    "EchoNumber": 3,
    "EchoTime": 0.04586,
    "EchoTrainLength": 31,
    "EffectiveEchoSpacing": 0.00025,
    "FlipAngle": 56,
    "ImageComments": "Unaliased MB4/PE4/LB",
    "ImageOrientationPatientDICOM": [
      0.998059,
      0.00225506,
      -0.0622299,
      1.7196e-11,
      0.999344,
      0.0362137
    ],
    "ImageType": [
      "ORIGINAL",
      "PRIMARY",
      "M",
      "MB",
      "TE3",
      "ND",
      "NORM",
      "MOSAIC"
    ],
    "ImagingFrequency": 123.247,
    "InPlanePhaseEncodingDirectionDICOM": "ROW",
    "InstitutionAddress": "Blackburn Road 770,Clayton,Victoria,AU,3800",
    "InstitutionName": "Monash Biomedical Imaging",
    "InstitutionalDepartmentName": "Department",
    "MRAcquisitionType": "2D",
    "MagneticFieldStrength": 3,
    "Manufacturer": "Siemens",
    "ManufacturersModelName": "Skyra",
    "Modality": "MR",
    "MultibandAccelerationFactor": 4,
    "ParallelReductionFactorInPlane": 2,
    "PartialFourier": 1,
    "PatientPosition": "HFS",
    "PercentPhaseFOV": 100,
    "PercentSampling": 100,
    "PhaseEncodingDirection": "i",
    "PhaseEncodingSteps": 63,
    "PhaseResolution": 1,
    "PixelBandwidth": 2520,
    "ProcedureStepDescription": "MR Scan",
    "ProtocolName": "Music_R-L_mmb_4_4_cmrr_mbep2d_bold_TE_12.6_29.23_45.86_62.49",
    "PulseSequenceDetails": "%CustomerSeq%\\cmrr_mbep2d_bold",
    "ReceiveCoilActiveElements": "HEA;HEP",
    "ReceiveCoilName": "Head_32",
    "ReconMatrixPE": 64,
    "RefLinesPE": 24,
    "RepetitionTime": 0.91,
    "SAR": 0.0929981,
    "ScanOptions": "FS",
    "ScanningSequence": "EP",
    "SequenceName": "epfid2d4_64",
    "SequenceVariant": "SK\\SS",
    "SeriesDescription": "Music_R-L_mmb_4_4_cmrr_mbep2d_bold_TE_12.6_29.23_45.86_62.49",
    "SeriesNumber": 12,
    "ShimSetting": [
      -4130,
      15111,
      -15136,
      576,
      248,
      -40,
      361,
      74
    ],
    "SliceThickness": 3.2,
    "SliceTiming": [
      0,
      0.6225,
      0.355,
      0.0875,
      0.71,
      0.445,
      0.1775,
      0.8,
      0.5325,
      0.265,
      0,
      0.6225,
      0.355,
      0.0875,
      0.71,
      0.445,
      0.1775,
      0.8,
      0.5325,
      0.265,
      0,
      0.6225,
      0.355,
      0.0875,
      0.71,
      0.445,
      0.1775,
      0.8,
      0.5325,
      0.265,
      0,
      0.6225,
      0.355,
      0.0875,
      0.71,
      0.445,
      0.1775,
      0.8,
      0.5325,
      0.265
    ],
    "SoftwareVersions": "syngo MR E11",
    "SpacingBetweenSlices": 3.2,
    "StationName": "AWP45193",
    "TaskName": "music",
    "TotalReadoutTime": 0.01575,
    "TxRefAmp": 352.713,
    "WipMemBlock": "8165f2c5-c7d5-4560-a5bb-0e9417941d91||Sequence: R016 ve11c/master r/e634e98; Dec 19 2017 11:00:25 by eja",
    "dataset": "<unset>",
    "modality": "bold",
    "run_id": 1,
    "session_id": "01",
    "subject_id": "PC021",
    "task_id": "music"
  },
  "dummy_trs": 1,
  "dvars_nstd": 34.75669710582647,
  "dvars_std": 1.0408406186225898,
  "dvars_vstd": 0.9612116569421484,
  "efc": 0.4621321107020841,
  "fber": 4099.0546875,
  "fd_mean": 0.0817584421327227,
  "fd_num": 6,
  "fd_perc": 0.8253094910591472,
  "fwhm_avg": 1.6973162964740143,
  "fwhm_x": 1.5927861373979986,
  "fwhm_y": 1.7455970225033823,
  "fwhm_z": 1.7535657295206624,
  "gcor": 0.00833156,
  "gsr_x": -0.003181533655151725,
  "gsr_y": 0.025792689993977547,
  "provenance": {
    "md5sum": "124a4e87b6ab9ee5f0b163e6c65eb588",
    "settings": {
      "fd_thres": 0.2,
      "testing": false
    },
    "software": "mriqc",
    "version": "22.0.6",
    "webapi_port": null,
    "webapi_url": "https://mriqc.nimh.nih.gov/api/v1"
  },
  "size_t": 727,
  "size_x": 64,
  "size_y": 64,
  "size_z": 40,
  "snr": 3.4471133217330476,
  "spacing_tr": 0.9100000262260437,
  "spacing_x": 3.218749761581421,
  "spacing_y": 3.218749761581421,
  "spacing_z": 3.1999998092651367,
  "summary_bg_k": 319.1046942319695,
  "summary_bg_mad": 39.57548395325864,
  "summary_bg_mean": 93.8978500366211,
  "summary_bg_median": 48.658870697021484,
  "summary_bg_n": 103223.0,
  "summary_bg_p05": 15.84456729888916,
  "summary_bg_p95": 284.08363342285105,
  "summary_bg_stdv": 206.8014373779297,
  "summary_fg_k": 3.090195171915644,
  "summary_fg_mad": 686.5711524059498,
  "summary_fg_mean": 3217.033935546875,
  "summary_fg_median": 3048.0234375,
  "summary_fg_n": 27883.0,
  "summary_fg_p05": 2162.689453125,
  "summary_fg_p95": 4958.209765624999,
  "summary_fg_stdv": 884.2090454101562,
  "tsnr": 33.82219267450273
}