{
  "bids_meta": {
    "AcquisitionMatrixPE": 256,
    "AcquisitionNumber": 1,
    "AcquisitionTime": "11:25:59.877500",
    "BaseResolution": 256,
    "BodyPartExamined": "BRAIN",
    "ConsistencyInfo": "N4_VE11C_LATEST_20160120",
    "ConversionSoftware": "dcm2niix",
    "ConversionSoftwareVersion": "v1.0.20210317",
    "DeviceSerialNumber": "45193",
    "DwellTime": 2.8e-06,
    "EchoTime": 0.452,
    "EchoTrainLength": 270,
    "FlipAngle": 120,
    "ImageOrientationPatientDICOM": [
      0.0506075,
      0.998719,
      8.32265e-09,
      0.0243866,
      -0.00123572,
      -0.999702
    ],
    "ImageType": [
      "ORIGINAL",
      "PRIMARY",
      "M",
      "ND",
      "NORM"
    ],
    "ImagingFrequency": 123.252,
    "InPlanePhaseEncodingDirectionDICOM": "ROW",
    "InstitutionAddress": "Blackburn Road 770,Clayton,Victoria,AU,3800",
    "InstitutionName": "Monash Biomedical Imaging",
    "InstitutionalDepartmentName": "Department",
    "MRAcquisitionType": "3D",
    "MagneticFieldStrength": 3,
    "Manufacturer": "Siemens",
    "ManufacturersModelName": "Skyra",
    "Modality": "MR",
    "ParallelReductionFactorInPlane": 2,
    "PartialFourier": 1,
    "PatientPosition": "HFS",
    "PercentPhaseFOV": 100,
    "PercentSampling": 100,
    "PhaseEncodingDirection": "i",
    "PhaseEncodingSteps": 245,
    "PhaseResolution": 1,
    "PixelBandwidth": 700,
    "ProcedureStepDescription": "MR Scan",
    "ProtocolName": "t2_space_sag_p2_iso",
    "PulseSequenceDetails": "%SiemensSeq%\\tse_vfl",
    "ReceiveCoilActiveElements": "HEA;HEP",
    "ReceiveCoilName": "Head_32",
    "ReconMatrixPE": 256,
    "RefLinesPE": 24,
    "RepetitionTime": 3.2,
    "SAR": 0.217101,
    "ScanOptions": "PFP",
    "ScanningSequence": "SE",
    "SequenceName": "*spcR_282ns",
    "SequenceVariant": "SK\\SP",
    "SeriesDescription": "t2_space_sag_p2_iso",
    "SeriesNumber": 3,
    "ShimSetting": [
      -4121,
      15461,
      -15515,
      -92,
      142,
      -177,
      -175,
      57
    ],
    "SliceThickness": 1,
    "SoftwareVersions": "syngo MR E11",
    "StationName": "AWP45193",
    "TxRefAmp": 344.297,
    "dataset": "<unset>",
    "modality": "T2w",
    "run_id": 1,
    "session_id": "01",
    "subject_id": "PC214"
  },
  "cjv": 0.14938114086656745,
  "cnr": 2.231273899603285,
  "efc": 0.550787553726163,
  "fber": -1.0,
  "fwhm_avg": 2.4704800000000002,
  "fwhm_x": 2.48276,
  "fwhm_y": 2.67662,
  "fwhm_z": 2.25206,
  "icvs_csf": 0.3835385984963327,
  "icvs_gm": 0.1575241057991277,
  "icvs_wm": 0.45893729570453956,
  "inu_med": 0.9095896482467651,
  "inu_range": 0.15157231092453005,
  "provenance": {
    "md5sum": "d605bdb681c73a84e0f2b2d41efa4fb9",
    "settings": {
      "testing": false
    },
    "software": "mriqc",
    "version": "22.0.6",
    "warnings": {
      "large_rot_frame": true,
      "small_air_mask": false
    },
    "webapi_port": null,
    "webapi_url": "https://mriqc.nimh.nih.gov/api/v1"
  },
  "qi_1": 0.00034818508524317,
  "qi_2": 0.010544448440028732,
  "rpve_csf": 14.4566015290101,
  "rpve_gm": 38.26361464385303,
  "rpve_wm": 13.639965551057657,
  "size_x": 176,
  "size_y": 256,
  "size_z": 256,
  "snr_csf": 11.035560489315696,
  "snr_gm": 3.069211582376722,
  "snr_total": 8.707225744681887,
  "snr_wm": 12.016905162353241,
  "snrd_csf": 27.76493964537115,
  "snrd_gm": 60.81913102515734,
  "snrd_total": 35.01992005099601,
  "snrd_wm": 16.475689482459526,
  "spacing_x": 1.0,
  "spacing_y": 1.0,
  "spacing_z": 1.0,
  "summary_bg_k": 2371.5156595439394,
  "summary_bg_mad": 0.0,
  "summary_bg_mean": 3.1517275625764323,
  "summary_bg_median": 0.0,
  "summary_bg_n": 464702.0,
  "summary_bg_p05": 0.0,
  "summary_bg_p95": 14.174296982586384,
  "summary_bg_stdv": 39.758431157249916,
  "summary_csf_k": 0.638356616129331,
  "summary_csf_mad": 142.98137982939159,
  "summary_csf_mean": 1680.8588295667823,
  "summary_csf_median": 1684.9780312553048,
  "summary_csf_n": 45237.0,
  "summary_csf_p05": 1425.2832082614302,
  "summary_csf_p95": 1923.974311478436,
  "summary_csf_stdv": 152.68453368466564,
  "summary_gm_k": 0.957052266352556,
  "summary_gm_mad": 325.67980961139193,
  "summary_gm_mean": 3098.554335859658,
  "summary_gm_median": 3690.946242503822,
  "summary_gm_n": 21611.0,
  "summary_gm_p05": 175.04239479452372,
  "summary_gm_p95": 3962.428112462163,
  "summary_gm_stdv": 1202.5436329077154,
  "summary_wm_k": 0.7247561823035937,
  "summary_wm_mad": 76.31706560513939,
  "summary_wm_mean": 998.5450412846081,
  "summary_wm_median": 999.8644038960338,
  "summary_wm_n": 191471.0,
  "summary_wm_p05": 858.0536144673824,
  "summary_wm_p95": 1130.959696084261,
  "summary_wm_stdv": 83.20460046714749,
  "tpm_overlap_csf": 0.11085781722023713,
  "tpm_overlap_gm": 0.0935443971258791,
  "tpm_overlap_wm": 0.4776663792538519,
  "wm2max": 0.25435191415213154
}