{
  "bids_meta": {
    "AcquisitionMatrixPE": 240,
    "AcquisitionNumber": 1,
    "AcquisitionTime": "11:20:43.162500",
    "BaseResolution": 256,
    "BodyPartExamined": "BRAIN",
    "ConsistencyInfo": "N4_VE11C_LATEST_20160120",
    "ConversionSoftware": "dcm2niix",
    "ConversionSoftwareVersion": "v1.0.20210317",
    "DeviceSerialNumber": "45193",
    "DwellTime": 8.5e-06,
    "EchoTime": 0.00207,
    "FlipAngle": 9,
    "ImageOrientationPatientDICOM": [
      0.0506075,
      0.998719,
      8.32265e-09,
      0.0243866,
      -0.00123572,
      -0.999702
    ],
    "ImageType": [
      "ORIGINAL",
      "PRIMARY",
      "M",
      "ND",
      "NORM"
    ],
    "ImagingFrequency": 123.252,
    "InPlanePhaseEncodingDirectionDICOM": "ROW",
    "InstitutionAddress": "Blackburn Road 770,Clayton,Victoria,AU,3800",
    "InstitutionName": "Monash Biomedical Imaging",
    "InstitutionalDepartmentName": "Department",
    "InversionTime": 0.9,
    "MRAcquisitionType": "3D",
    "MagneticFieldStrength": 3,
    "Manufacturer": "Siemens",
    "ManufacturersModelName": "Skyra",
    "Modality": "MR",
    "ParallelReductionFactorInPlane": 2,
    "PartialFourier": 1,
    "PatientPosition": "HFS",
    "PercentPhaseFOV": 93.75,
    "PercentSampling": 100,
    "PhaseEncodingSteps": 239,
    "PhaseResolution": 1,
    "PixelBandwidth": 230,
    "ProcedureStepDescription": "MR Scan",
    "ProtocolName": "t1_mprage_sag_p2_iso_1_ADNI",
    "PulseSequenceDetails": "%SiemensSeq%\\tfl",
    "ReceiveCoilActiveElements": "HEA;HEP",
    "ReceiveCoilName": "Head_32",
    "ReconMatrixPE": 240,
    "RefLinesPE": 32,
    "RepetitionTime": 2.3,
    "SAR": 0.0842882,
    "ScanOptions": "IR",
    "ScanningSequence": "GR\\IR",
    "SequenceName": "*tfl3d1_16ns",
    "SequenceVariant": "SK\\SP\\MP",
    "SeriesDescription": "t1_mprage_sag_p2_iso_1_ADNI",
    "SeriesNumber": 2,
    "ShimSetting": [
      -4121,
      15461,
      -15515,
      -92,
      142,
      -177,
      -175,
      57
    ],
    "SliceThickness": 1,
    "SoftwareVersions": "syngo MR E11",
    "StationName": "AWP45193",
    "TxRefAmp": 344.297,
    "dataset": "<unset>",
    "modality": "T1w",
    "run_id": 1,
    "session_id": "01",
    "subject_id": "PC214"
  },
  "cjv": 0.33076888688904116,
  "cnr": 4.033443298593724,
  "efc": 0.4783212096310424,
  "fber": 27752.8400666389,
  "fwhm_avg": 3.944646666666667,
  "fwhm_x": 3.79567,
  "fwhm_y": 4.03484,
  "fwhm_z": 4.00343,
  "icvs_csf": 0.1809490317837818,
  "icvs_gm": 0.43795457262363663,
  "icvs_wm": 0.38109639559258157,
  "inu_med": 0.3681017756462097,
  "inu_range": 0.09056627750396723,
  "provenance": {
    "md5sum": "2c50bcd7c533ba5de6a8b8464bb23808",
    "settings": {
      "testing": false
    },
    "software": "mriqc",
    "version": "22.0.6",
    "warnings": {
      "large_rot_frame": true,
      "small_air_mask": false
    },
    "webapi_port": null,
    "webapi_url": "https://mriqc.nimh.nih.gov/api/v1"
  },
  "qi_1": 0.005715492185903072,
  "qi_2": 0.022871900986438303,
  "rpve_csf": 28.48540348216629,
  "rpve_gm": 12.810162010398766,
  "rpve_wm": 17.109038274564305,
  "size_x": 192,
  "size_y": 240,
  "size_z": 256,
  "snr_csf": 1.7362215871202433,
  "snr_gm": 10.540976430407179,
  "snr_total": 13.139872966281283,
  "snr_wm": 27.14242088131643,
  "snrd_csf": 16.166763614126832,
  "snrd_gm": 46.59001867313826,
  "snrd_total": 43.31668771646795,
  "snrd_wm": 67.19328086213876,
  "spacing_x": 1.0,
  "spacing_y": 1.0,
  "spacing_z": 1.0,
  "summary_bg_k": 20699.343628632294,
  "summary_bg_mad": 0.0,
  "summary_bg_mean": 1.7249063361218253,
  "summary_bg_median": 0.0,
  "summary_bg_n": 2994090.0,
  "summary_bg_p05": 0.0,
  "summary_bg_p95": 8.763073798269033,
  "summary_bg_stdv": 9.750028290423934,
  "summary_csf_k": 2.0350468374958615,
  "summary_csf_mad": 147.52379788042506,
  "summary_csf_mean": 255.43180148719279,
  "summary_csf_median": 240.60089258104563,
  "summary_csf_n": 23580.0,
  "summary_csf_p05": 52.98025193382055,
  "summary_csf_p95": 489.00374764055005,
  "summary_csf_stdv": 138.5743573928933,
  "summary_gm_k": -0.03021256631569713,
  "summary_gm_mad": 66.75691340774105,
  "summary_gm_mean": 695.5005612057519,
  "summary_gm_median": 693.3731664344668,
  "summary_gm_n": 49057.0,
  "summary_gm_p05": 592.0526495687664,
  "summary_gm_p95": 807.091211669147,
  "summary_gm_stdv": 65.77816618418248,
  "summary_wm_k": 0.605895186311904,
  "summary_wm_mad": 34.66569763505118,
  "summary_wm_mean": 1000.3606039514187,
  "summary_wm_median": 999.9999837167561,
  "summary_wm_n": 223496.0,
  "summary_wm_p05": 940.9602883569896,
  "summary_wm_p95": 1061.220351818949,
  "summary_wm_stdv": 36.84261440460299,
  "tpm_overlap_csf": 0.13317838793682463,
  "tpm_overlap_gm": 0.46647023974161717,
  "tpm_overlap_wm": 0.5143071130896527,
  "wm2max": 0.47173908902139333
}