{
  "aor": 0.0004525876010781672,
  "aqi": 0.007663095902964961,
  "bids_meta": {
    "AcquisitionMatrixPE": 64,
    "AcquisitionNumber": 1,
    "AcquisitionTime": "10:01:12.440000",
    "BandwidthPerPixelPhaseEncode": 62.5,
    "BaseResolution": 64,
    "BodyPartExamined": "BRAIN",
    "ConsistencyInfo": "N4_VE11C_LATEST_20160120",
    "ConversionSoftware": "dcm2niix",
    "ConversionSoftwareVersion": "v1.0.20210317",
    "DerivedVendorReportedEchoSpacing": 0.0005,
    "DeviceSerialNumber": "45193",
    "DwellTime": 3.1e-06,
    "EchoNumber": 2,
    "EchoTime": 0.02923,
    "EchoTrainLength": 31,
    "EffectiveEchoSpacing": 0.00025,
    "FlipAngle": 56,
    "ImageComments": "Unaliased MB4/PE4/LB",
    "ImageOrientationPatientDICOM": [
      0.999914,
      -0.000552954,
      0.0130939,
      3.401e-12,
      0.99911,
      0.0421924
    ],
    "ImageType": [
      "ORIGINAL",
      "PRIMARY",
      "M",
      "MB",
      "TE2",
      "ND",
      "NORM",
      "MOSAIC"
    ],
    "ImagingFrequency": 123.252,
    "InPlanePhaseEncodingDirectionDICOM": "ROW",
    "InstitutionAddress": "Blackburn Road 770,Clayton,Victoria,AU,3800",
    "InstitutionName": "Monash Biomedical Imaging",
    "InstitutionalDepartmentName": "Department",
    "MRAcquisitionType": "2D",
    "MagneticFieldStrength": 3,
    "Manufacturer": "Siemens",
    "ManufacturersModelName": "Skyra",
    "Modality": "MR",
    "MultibandAccelerationFactor": 4,
    "ParallelReductionFactorInPlane": 2,
    "PartialFourier": 1,
    "PatientPosition": "HFS",
    "PercentPhaseFOV": 100,
    "PercentSampling": 100,
    "PhaseEncodingDirection": "i",
    "PhaseEncodingSteps": 63,
    "PhaseResolution": 1,
    "PixelBandwidth": 2520,
    "ProcedureStepDescription": "MR Scan",
    "ProtocolName": "Movie_R-L_mmb_4_4_cmrr_mbep2d_bold_TE_12.6_29.23_45.86_62.49",
    "PulseSequenceDetails": "%CustomerSeq%\\cmrr_mbep2d_bold",
    "ReceiveCoilActiveElements": "HEA;HEP",
    "ReceiveCoilName": "Head_32",
    "ReconMatrixPE": 64,
    "RefLinesPE": 24,
    "RepetitionTime": 0.91,
    "SAR": 0.0951199,
    "ScanOptions": "FS",
    "ScanningSequence": "EP",
    "SequenceName": "epfid2d4_64",
    "SequenceVariant": "SK\\SS",
    "SeriesDescription": "Movie_R-L_mmb_4_4_cmrr_mbep2d_bold_TE_12.6_29.23_45.86_62.49",
    "SeriesNumber": 12,
    "ShimSetting": [
      -4114,
      15264,
      -15113,
      462,
      164,
      -661,
      222,
      25
    ],
    "SliceThickness": 3.2,
    "SliceTiming": [
      0,
      0.6225,
      0.355,
      0.09,
      0.7125,
      0.445,
      0.1775,
      0.8,
      0.535,
      0.2675,
      0,
      0.6225,
      0.355,
      0.09,
      0.7125,
      0.445,
      0.1775,
      0.8,
      0.535,
      0.2675,
      0,
      0.6225,
      0.355,
      0.09,
      0.7125,
      0.445,
      0.1775,
      0.8,
      0.535,
      0.2675,
      0,
      0.6225,
      0.355,
      0.09,
      0.7125,
      0.445,
      0.1775,
      0.8,
      0.535,
      0.2675
    ],
    "SoftwareVersions": "syngo MR E11",
    "SpacingBetweenSlices": 3.2,
    "StationName": "AWP45193",
    "TaskName": "movie",
    "TotalReadoutTime": 0.01575,
    "TxRefAmp": 391.897,
    "WipMemBlock": "426a1559-3993-4693-915e-070ba4fa21f5||Sequence: R016 ve11c/master r/e634e98; Dec 19 2017 11:00:25 by eja",
    "dataset": "<unset>",
    "modality": "bold",
    "run_id": 1,
    "session_id": "01",
    "subject_id": "PC219",
    "task_id": "movie"
  },
  "dummy_trs": 1,
  "dvars_nstd": 30.819336989378364,
  "dvars_std": 1.1335518058648646,
  "dvars_vstd": 1.0025253983513507,
  "efc": 0.518192215429141,
  "fber": 3090.71923828125,
  "fd_mean": 0.08778839446488776,
  "fd_num": 3,
  "fd_perc": 0.8086253369272237,
  "fwhm_avg": 1.815804709971309,
  "fwhm_x": 1.749340582524272,
  "fwhm_y": 1.9053328155339806,
  "fwhm_z": 1.7927407318556745,
  "gcor": 0.0126346,
  "gsr_x": 0.003531445050612092,
  "gsr_y": 0.017082303762435913,
  "provenance": {
    "md5sum": "f33e8c5b1313cb48dfa15795647cd6d0",
    "settings": {
      "fd_thres": 0.2,
      "testing": false
    },
    "software": "mriqc",
    "version": "22.0.6",
    "webapi_port": null,
    "webapi_url": "https://mriqc.nimh.nih.gov/api/v1"
  },
  "size_t": 371,
  "size_x": 64,
  "size_y": 64,
  "size_z": 40,
  "snr": 5.358946612855008,
  "spacing_tr": 0.9100000262260437,
  "spacing_x": 3.21875,
  "spacing_y": 3.21875,
  "spacing_z": 3.1999998092651367,
  "summary_bg_k": 18.77313578413246,
  "summary_bg_mad": 69.91408529133463,
  "summary_bg_mean": 207.14793395996094,
  "summary_bg_median": 75.89218139648438,
  "summary_bg_n": 98359.0,
  "summary_bg_p05": 19.239891052246094,
  "summary_bg_p95": 866.1525451660129,
  "summary_bg_stdv": 366.9425354003906,
  "summary_fg_k": 2.348875861043066,
  "summary_fg_mad": 699.971762594796,
  "summary_fg_mean": 4369.703125,
  "summary_fg_median": 4284.65771484375,
  "summary_fg_n": 30606.0,
  "summary_fg_p05": 3297.1569213867188,
  "summary_fg_p95": 5742.46142578125,
  "summary_fg_stdv": 799.5205078125,
  "tsnr": 50.69947630306706
}