{
  "aor": 0.0007685185185185185,
  "aqi": 0.018985112098765432,
  "bids_meta": {
    "AcquisitionMatrixPE": 64,
    "AcquisitionNumber": 1,
    "AcquisitionTime": "09:42:2.507500",
    "BandwidthPerPixelPhaseEncode": 62.5,
    "BaseResolution": 64,
    "BodyPartExamined": "BRAIN",
    "ConsistencyInfo": "N4_VE11C_LATEST_20160120",
    "ConversionSoftware": "dcm2niix",
    "ConversionSoftwareVersion": "v1.0.20210317",
    "DerivedVendorReportedEchoSpacing": 0.0005,
    "DeviceSerialNumber": "45193",
    "DwellTime": 3.1e-06,
    "EchoNumber": 4,
    "EchoTime": 0.06249,
    "EchoTrainLength": 31,
    "EffectiveEchoSpacing": 0.00025,
    "FlipAngle": 56,
    "ImageComments": "Unaliased MB4/PE4/LB",
    "ImageOrientationPatientDICOM": [
      0.999914,
      -0.000552954,
      0.0130939,
      3.401e-12,
      0.99911,
      0.0421924
    ],
    "ImageType": [
      "ORIGINAL",
      "PRIMARY",
      "M",
      "MB",
      "TE4",
      "ND",
      "NORM",
      "MOSAIC"
    ],
    "ImagingFrequency": 123.252,
    "InPlanePhaseEncodingDirectionDICOM": "ROW",
    "InstitutionAddress": "Blackburn Road 770,Clayton,Victoria,AU,3800",
    "InstitutionName": "Monash Biomedical Imaging",
    "InstitutionalDepartmentName": "Department",
    "MRAcquisitionType": "2D",
    "MagneticFieldStrength": 3,
    "Manufacturer": "Siemens",
    "ManufacturersModelName": "Skyra",
    "Modality": "MR",
    "MultibandAccelerationFactor": 4,
    "ParallelReductionFactorInPlane": 2,
    "PartialFourier": 1,
    "PatientPosition": "HFS",
    "PercentPhaseFOV": 100,
    "PercentSampling": 100,
    "PhaseEncodingDirection": "i",
    "PhaseEncodingSteps": 63,
    "PhaseResolution": 1,
    "PixelBandwidth": 2520,
    "ProcedureStepDescription": "MR Scan",
    "ProtocolName": "Meditation_R-L_mmb_4_4_cmrr_mbep2d_bold_TE_12.6_29.23_45.86_62.5",
    "PulseSequenceDetails": "%CustomerSeq%\\cmrr_mbep2d_bold",
    "ReceiveCoilActiveElements": "HEA;HEP",
    "ReceiveCoilName": "Head_32",
    "ReconMatrixPE": 64,
    "RefLinesPE": 24,
    "RepetitionTime": 0.91,
    "SAR": 0.095287,
    "ScanOptions": "FS",
    "ScanningSequence": "EP",
    "SequenceName": "epfid2d4_64",
    "SequenceVariant": "SK\\SS",
    "SeriesDescription": "Meditation_R-L_mmb_4_4_cmrr_mbep2d_bold_TE_12.6_29.23_45.86_62.5",
    "SeriesNumber": 9,
    "ShimSetting": [
      -4114,
      15264,
      -15113,
      462,
      164,
      -661,
      222,
      25
    ],
    "SliceThickness": 3.2,
    "SliceTiming": [
      0,
      0.6225,
      0.355,
      0.0875,
      0.7125,
      0.445,
      0.1775,
      0.8,
      0.5325,
      0.2675,
      0,
      0.6225,
      0.355,
      0.0875,
      0.7125,
      0.445,
      0.1775,
      0.8,
      0.5325,
      0.2675,
      0,
      0.6225,
      0.355,
      0.0875,
      0.7125,
      0.445,
      0.1775,
      0.8,
      0.5325,
      0.2675,
      0,
      0.6225,
      0.355,
      0.0875,
      0.7125,
      0.445,
      0.1775,
      0.8,
      0.5325,
      0.2675
    ],
    "SoftwareVersions": "syngo MR E11",
    "SpacingBetweenSlices": 3.2,
    "StationName": "AWP45193",
    "TaskName": "meditation",
    "TotalReadoutTime": 0.01575,
    "TxRefAmp": 391.897,
    "WipMemBlock": "ea80eb3d-c54f-4754-adad-8a21b1e5afda||Sequence: R016 ve11c/master r/e634e98; Dec 19 2017 11:00:25 by eja",
    "dataset": "<unset>",
    "modality": "bold",
    "run_id": 1,
    "session_id": "01",
    "subject_id": "PC219",
    "task_id": "meditation"
  },
  "dummy_trs": 0,
  "dvars_nstd": 51.699112165074204,
  "dvars_std": 1.121254495569307,
  "dvars_vstd": 0.9805945739356433,
  "efc": 0.4606511761391695,
  "fber": 2214.734619140625,
  "fd_mean": 0.09983395377981899,
  "fd_num": 13,
  "fd_perc": 3.2098765432098766,
  "fwhm_avg": 1.6791143466791931,
  "fwhm_x": 1.6193770873786408,
  "fwhm_y": 1.7892939805825243,
  "fwhm_z": 1.6286719720764145,
  "gcor": 0.0110722,
  "gsr_x": -0.012383510358631611,
  "gsr_y": 0.02008332870900631,
  "provenance": {
    "md5sum": "b7fad9833ef0844431925880c6633f19",
    "settings": {
      "fd_thres": 0.2,
      "testing": false
    },
    "software": "mriqc",
    "version": "22.0.6",
    "webapi_port": null,
    "webapi_url": "https://mriqc.nimh.nih.gov/api/v1"
  },
  "size_t": 405,
  "size_x": 64,
  "size_y": 64,
  "size_z": 40,
  "snr": 2.7736305614298127,
  "spacing_tr": 0.9100000262260437,
  "spacing_x": 3.21875,
  "spacing_y": 3.21875,
  "spacing_z": 3.1999998092651367,
  "summary_bg_k": 64.52184921087358,
  "summary_bg_mad": 31.08156804468501,
  "summary_bg_mean": 86.02442932128906,
  "summary_bg_median": 46.52222442626953,
  "summary_bg_n": 104944.0,
  "summary_bg_p05": 17.143211364746094,
  "summary_bg_p95": 289.66434326171844,
  "summary_bg_stdv": 130.20704650878906,
  "summary_fg_k": 12.100327536335923,
  "summary_fg_mad": 485.0999532519853,
  "summary_fg_mean": 2368.301513671875,
  "summary_fg_median": 2216.367919921875,
  "summary_fg_n": 24931.0,
  "summary_fg_p05": 1544.1383666992188,
  "summary_fg_p95": 3678.818603515625,
  "summary_fg_stdv": 799.0694580078125,
  "tsnr": 26.264467931818217
}