{
  "aor": 0.0001808011049723757,
  "aqi": 0.007030831878453039,
  "bids_meta": {
    "AcquisitionMatrixPE": 64,
    "AcquisitionNumber": 1,
    "AcquisitionTime": "09:54:30.062500",
    "BandwidthPerPixelPhaseEncode": 62.5,
    "BaseResolution": 64,
    "BodyPartExamined": "BRAIN",
    "ConsistencyInfo": "N4_VE11C_LATEST_20160120",
    "ConversionSoftware": "dcm2niix",
    "ConversionSoftwareVersion": "v1.0.20210317",
    "DerivedVendorReportedEchoSpacing": 0.0005,
    "DeviceSerialNumber": "45193",
    "DwellTime": 3.1e-06,
    "EchoNumber": 3,
    "EchoTime": 0.04586,
    "EchoTrainLength": 31,
    "EffectiveEchoSpacing": 0.00025,
    "FlipAngle": 56,
    "ImageComments": "Unaliased MB4/PE4/LB",
    "ImageOrientationPatientDICOM": [
      0.99615,
      -0.0248521,
      0.0840726,
      0.0243454,
      0.999679,
      0.00704722
    ],
    "ImageType": [
      "ORIGINAL",
      "PRIMARY",
      "M",
      "MB",
      "TE3",
      "ND",
      "NORM",
      "MOSAIC"
    ],
    "ImagingFrequency": 123.246,
    "InPlanePhaseEncodingDirectionDICOM": "ROW",
    "InstitutionAddress": "Blackburn Road 770,Clayton,Victoria,AU,3800",
    "InstitutionName": "Monash Biomedical Imaging",
    "InstitutionalDepartmentName": "Department",
    "MRAcquisitionType": "2D",
    "MagneticFieldStrength": 3,
    "Manufacturer": "Siemens",
    "ManufacturersModelName": "Skyra",
    "Modality": "MR",
    "MultibandAccelerationFactor": 4,
    "ParallelReductionFactorInPlane": 2,
    "PartialFourier": 1,
    "PatientPosition": "HFS",
    "PercentPhaseFOV": 100,
    "PercentSampling": 100,
    "PhaseEncodingDirection": "i",
    "PhaseEncodingSteps": 63,
    "PhaseResolution": 1,
    "PixelBandwidth": 2520,
    "ProcedureStepDescription": "MR Scan",
    "ProtocolName": "Music_R-L_mmb_4_4_cmrr_mbep2d_bold_TE_12.6_29.23_45.86_62.49",
    "PulseSequenceDetails": "%CustomerSeq%\\cmrr_mbep2d_bold",
    "ReceiveCoilActiveElements": "HEA;HEP",
    "ReceiveCoilName": "Head_32",
    "ReconMatrixPE": 64,
    "RefLinesPE": 24,
    "RepetitionTime": 0.91,
    "SAR": 0.108383,
    "ScanOptions": "FS",
    "ScanningSequence": "EP",
    "SequenceName": "epfid2d4_64",
    "SequenceVariant": "SK\\SS",
    "SeriesDescription": "Music_R-L_mmb_4_4_cmrr_mbep2d_bold_TE_12.6_29.23_45.86_62.49",
    "SeriesNumber": 12,
    "ShimSetting": [
      -3956,
      15251,
      -14868,
      667,
      564,
      -144,
      43,
      162
    ],
    "SliceThickness": 3.2,
    "SliceTiming": [
      0,
      0.6225,
      0.355,
      0.0875,
      0.71,
      0.445,
      0.1775,
      0.8,
      0.5325,
      0.265,
      0,
      0.6225,
      0.355,
      0.0875,
      0.71,
      0.445,
      0.1775,
      0.8,
      0.5325,
      0.265,
      0,
      0.6225,
      0.355,
      0.0875,
      0.71,
      0.445,
      0.1775,
      0.8,
      0.5325,
      0.265,
      0,
      0.6225,
      0.355,
      0.0875,
      0.71,
      0.445,
      0.1775,
      0.8,
      0.5325,
      0.265
    ],
    "SoftwareVersions": "syngo MR E11",
    "SpacingBetweenSlices": 3.2,
    "StationName": "AWP45193",
    "TaskName": "music",
    "TotalReadoutTime": 0.01575,
    "TxRefAmp": 394.867,
    "WipMemBlock": "9e01cded-3345-4353-8b87-828f19a18a1a||Sequence: R016 ve11c/master r/e634e98; Dec 19 2017 11:00:25 by eja",
    "dataset": "<unset>",
    "modality": "bold",
    "run_id": 1,
    "session_id": "01",
    "subject_id": "PC031",
    "task_id": "music"
  },
  "dummy_trs": 4,
  "dvars_nstd": 42.82910802058092,
  "dvars_std": 1.2233669293775915,
  "dvars_vstd": 0.9812245538589213,
  "efc": 0.5181028469560262,
  "fber": 2678.081298828125,
  "fd_mean": 0.08198241776321595,
  "fd_num": 1,
  "fd_perc": 0.13812154696132597,
  "fwhm_avg": 1.87318595433653,
  "fwhm_x": 1.7773390291262137,
  "fwhm_y": 1.9258718446601941,
  "fwhm_z": 1.9163469892231817,
  "gcor": 0.00840095,
  "gsr_x": -0.006880329921841621,
  "gsr_y": 0.03175169602036476,
  "provenance": {
    "md5sum": "023036d14f8606c780020b4c0fa3a9a6",
    "settings": {
      "fd_thres": 0.2,
      "testing": false
    },
    "software": "mriqc",
    "version": "22.0.6",
    "webapi_port": null,
    "webapi_url": "https://mriqc.nimh.nih.gov/api/v1"
  },
  "size_t": 724,
  "size_x": 64,
  "size_y": 64,
  "size_z": 40,
  "snr": 2.957460472253851,
  "spacing_tr": 0.9100000262260437,
  "spacing_x": 3.21875,
  "spacing_y": 3.21875,
  "spacing_z": 3.1999998092651367,
  "summary_bg_k": 87.63194328968129,
  "summary_bg_mad": 57.942303128589955,
  "summary_bg_mean": 142.447265625,
  "summary_bg_median": 70.5138168334961,
  "summary_bg_n": 92545.0,
  "summary_bg_p05": 18.436740493774415,
  "summary_bg_p95": 476.6958801269532,
  "summary_bg_stdv": 261.9698791503906,
  "summary_fg_k": 3.6604973682494295,
  "summary_fg_mad": 954.5717733530435,
  "summary_fg_mean": 3881.804931640625,
  "summary_fg_median": 3626.970458984375,
  "summary_fg_n": 36088.0,
  "summary_fg_p05": 2513.38642578125,
  "summary_fg_p95": 6254.066040039065,
  "summary_fg_stdv": 1226.363037109375,
  "tsnr": 41.38099055481143
}