{
  "aor": 0.00025729729729729727,
  "aqi": 0.004685851,
  "bids_meta": {
    "AcquisitionMatrixPE": 64,
    "AcquisitionNumber": 1,
    "AcquisitionTime": "10:06:6.677500",
    "BandwidthPerPixelPhaseEncode": 62.5,
    "BaseResolution": 64,
    "BodyPartExamined": "BRAIN",
    "ConsistencyInfo": "N4_VE11C_LATEST_20160120",
    "ConversionSoftware": "dcm2niix",
    "ConversionSoftwareVersion": "v1.0.20210317",
    "DerivedVendorReportedEchoSpacing": 0.0005,
    "DeviceSerialNumber": "45193",
    "DwellTime": 3.1e-06,
    "EchoNumber": 1,
    "EchoTime": 0.0126,
    "EchoTrainLength": 31,
    "EffectiveEchoSpacing": 0.00025,
    "FlipAngle": 56,
    "ImageComments": "Unaliased MB4/PE4/LB",
    "ImageOrientationPatientDICOM": [
      0.99615,
      -0.0248521,
      0.0840726,
      0.0243454,
      0.999679,
      0.00704722
    ],
    "ImageType": [
      "ORIGINAL",
      "PRIMARY",
      "M",
      "MB",
      "TE1",
      "ND",
      "NORM",
      "MOSAIC"
    ],
    "ImagingFrequency": 123.247,
    "InPlanePhaseEncodingDirectionDICOM": "ROW",
    "InstitutionAddress": "Blackburn Road 770,Clayton,Victoria,AU,3800",
    "InstitutionName": "Monash Biomedical Imaging",
    "InstitutionalDepartmentName": "Department",
    "MRAcquisitionType": "2D",
    "MagneticFieldStrength": 3,
    "Manufacturer": "Siemens",
    "ManufacturersModelName": "Skyra",
    "Modality": "MR",
    "MultibandAccelerationFactor": 4,
    "ParallelReductionFactorInPlane": 2,
    "PartialFourier": 1,
    "PatientPosition": "HFS",
    "PercentPhaseFOV": 100,
    "PercentSampling": 100,
    "PhaseEncodingDirection": "i",
    "PhaseEncodingSteps": 63,
    "PhaseResolution": 1,
    "PixelBandwidth": 2520,
    "ProcedureStepDescription": "MR Scan",
    "ProtocolName": "Movie_R-L_mmb_4_4_cmrr_mbep2d_bold_TE_12.6_29.23_45.86_62.49",
    "PulseSequenceDetails": "%CustomerSeq%\\cmrr_mbep2d_bold",
    "ReceiveCoilActiveElements": "HEA;HEP",
    "ReceiveCoilName": "Head_32",
    "ReconMatrixPE": 64,
    "RefLinesPE": 24,
    "RepetitionTime": 0.91,
    "SAR": 0.107318,
    "ScanOptions": "FS",
    "ScanningSequence": "EP",
    "SequenceName": "epfid2d4_64",
    "SequenceVariant": "SK\\SS",
    "SeriesDescription": "Movie_R-L_mmb_4_4_cmrr_mbep2d_bold_TE_12.6_29.23_45.86_62.49",
    "SeriesNumber": 13,
    "ShimSetting": [
      -3956,
      15251,
      -14868,
      667,
      564,
      -144,
      43,
      162
    ],
    "SliceThickness": 3.2,
    "SliceTiming": [
      0,
      0.625,
      0.3575,
      0.09,
      0.7125,
      0.445,
      0.18,
      0.8025,
      0.535,
      0.2675,
      0,
      0.625,
      0.3575,
      0.09,
      0.7125,
      0.445,
      0.18,
      0.8025,
      0.535,
      0.2675,
      0,
      0.625,
      0.3575,
      0.09,
      0.7125,
      0.445,
      0.18,
      0.8025,
      0.535,
      0.2675,
      0,
      0.625,
      0.3575,
      0.09,
      0.7125,
      0.445,
      0.18,
      0.8025,
      0.535,
      0.2675
    ],
    "SoftwareVersions": "syngo MR E11",
    "SpacingBetweenSlices": 3.2,
    "StationName": "AWP45193",
    "TaskName": "movie",
    "TotalReadoutTime": 0.01575,
    "TxRefAmp": 394.867,
    "WipMemBlock": "09b95ed7-87fe-4b2a-bb55-e98ebbcbc43f||Sequence: R016 ve11c/master r/e634e98; Dec 19 2017 11:00:25 by eja",
    "dataset": "<unset>",
    "modality": "bold",
    "run_id": 1,
    "session_id": "01",
    "subject_id": "PC031",
    "task_id": "movie"
  },
  "dummy_trs": 2,
  "dvars_nstd": 26.962924910731726,
  "dvars_std": 1.277964569186992,
  "dvars_vstd": 0.9894053806775073,
  "efc": 0.6000891024038223,
  "fber": 2366.666259765625,
  "fd_mean": 0.08211573236480925,
  "fd_num": 0,
  "fd_perc": 0.0,
  "fwhm_avg": 1.978377674957753,
  "fwhm_x": 1.8425413592233009,
  "fwhm_y": 2.005710291262136,
  "fwhm_z": 2.086881374387823,
  "gcor": 0.00302627,
  "gsr_x": -0.009947720915079117,
  "gsr_y": 0.07097440958023071,
  "provenance": {
    "md5sum": "9a55928446d1f40682a5ffaf7b5b795f",
    "settings": {
      "fd_thres": 0.2,
      "testing": false
    },
    "software": "mriqc",
    "version": "22.0.6",
    "webapi_port": null,
    "webapi_url": "https://mriqc.nimh.nih.gov/api/v1"
  },
  "size_t": 370,
  "size_x": 64,
  "size_y": 64,
  "size_z": 40,
  "snr": 6.357387824541804,
  "spacing_tr": 0.9100000262260437,
  "spacing_x": 3.21875,
  "spacing_y": 3.21875,
  "spacing_z": 3.1999998092651367,
  "summary_bg_k": 7.136110487971324,
  "summary_bg_mad": 136.09887547936992,
  "summary_bg_mean": 594.8682861328125,
  "summary_bg_median": 136.1527099609375,
  "summary_bg_n": 88046.0,
  "summary_bg_p05": 24.31621742248535,
  "summary_bg_p95": 3162.7196655273438,
  "summary_bg_stdv": 1064.609619140625,
  "summary_fg_k": -0.13064060729355687,
  "summary_fg_mad": 1125.887979947781,
  "summary_fg_mean": 6732.54150390625,
  "summary_fg_median": 6650.56494140625,
  "summary_fg_n": 40031.0,
  "summary_fg_p05": 5190.7177734375,
  "summary_fg_p95": 8547.77734375,
  "summary_fg_stdv": 1046.1029052734375,
  "tsnr": 71.77723931148648
}