{
    "TaskName": "series",
    "Manufacturer": "BrainProducts",
    "PowerLineFrequency": 50,
    "SamplingFrequency": 500,
    "SoftwareFilters": "n/a",
    "RecordingDuration": 1326.798,
    "RecordingType": "continuous",
    "EEGReference": "single electrode placed on FCz",
    "EEGGround": "single electrode placed at 10 percent of inion-nasion between Fp1 and Fp2",
    "EEGPlacementScheme": "10 percent system",
    "SoftwareVersions": "1.22.0001",
    "CapManufacturer": "Brain Products",
    "CapManufacturersModelName": "actiCAP slim 64 Ch",
    "InstitutionName": "Monash Biomedical Imaging",
    "InstitutionAddress": "770 Blackburn Road, Building 220, Monash University, Clayton, VIC 3800, Australia"
}
