{
  "bids_meta": {
    "AcquisitionMatrixPE": 240,
    "AcquisitionNumber": 1,
    "AcquisitionTime": "09:06:52.357500",
    "BaseResolution": 256,
    "BodyPartExamined": "BRAIN",
    "ConsistencyInfo": "N4_VE11C_LATEST_20160120",
    "ConversionSoftware": "dcm2niix",
    "ConversionSoftwareVersion": "v1.0.20210317",
    "DeviceSerialNumber": "45193",
    "DwellTime": 8.5e-06,
    "EchoTime": 0.00207,
    "FlipAngle": 9,
    "ImageOrientationPatientDICOM": [
      0.0872168,
      0.996189,
      -3.91994e-08,
      0.0538348,
      -0.0047133,
      -0.998539
    ],
    "ImageType": [
      "ORIGINAL",
      "PRIMARY",
      "M",
      "ND",
      "NORM"
    ],
    "ImagingFrequency": 123.247,
    "InPlanePhaseEncodingDirectionDICOM": "ROW",
    "InstitutionAddress": "Blackburn Road 770,Clayton,Victoria,AU,3800",
    "InstitutionName": "Monash Biomedical Imaging",
    "InstitutionalDepartmentName": "Department",
    "InversionTime": 0.9,
    "MRAcquisitionType": "3D",
    "MagneticFieldStrength": 3,
    "Manufacturer": "Siemens",
    "ManufacturersModelName": "Skyra",
    "Modality": "MR",
    "ParallelReductionFactorInPlane": 2,
    "PartialFourier": 1,
    "PatientPosition": "HFS",
    "PercentPhaseFOV": 93.75,
    "PercentSampling": 100,
    "PhaseEncodingSteps": 239,
    "PhaseResolution": 1,
    "PixelBandwidth": 230,
    "ProcedureStepDescription": "MR Scan",
    "ProtocolName": "t1_mprage_sag_p2_iso_1_ADNI",
    "PulseSequenceDetails": "%SiemensSeq%\\tfl",
    "ReceiveCoilActiveElements": "HEA;HEP",
    "ReceiveCoilName": "Head_32",
    "ReconMatrixPE": 240,
    "RefLinesPE": 32,
    "RepetitionTime": 2.3,
    "SAR": 0.108108,
    "ScanOptions": "IR",
    "ScanningSequence": "GR\\IR",
    "SequenceName": "*tfl3d1_16ns",
    "SequenceVariant": "SK\\SP\\MP",
    "SeriesDescription": "t1_mprage_sag_p2_iso_1_ADNI",
    "SeriesNumber": 2,
    "ShimSetting": [
      -4069,
      15336,
      -15557,
      -117,
      159,
      -103,
      -245,
      164
    ],
    "SliceThickness": 1,
    "SoftwareVersions": "syngo MR E11",
    "StationName": "AWP45193",
    "TxRefAmp": 374.15,
    "dataset": "<unset>",
    "modality": "T1w",
    "run_id": 1,
    "session_id": "01",
    "subject_id": "PC007"
  },
  "cjv": 0.35212048446406746,
  "cnr": 3.910149318325397,
  "efc": 0.539299974611344,
  "fber": -1.0,
  "fwhm_avg": 4.1501133333333335,
  "fwhm_x": 4.04818,
  "fwhm_y": 4.25436,
  "fwhm_z": 4.1478,
  "icvs_csf": 0.22757762726250963,
  "icvs_gm": 0.4166388016013747,
  "icvs_wm": 0.3557835711361157,
  "inu_med": 0.5337058901786804,
  "inu_range": 0.19291154742240907,
  "provenance": {
    "md5sum": "d46a5dacf5ecf33d13c634ec1d50a1a2",
    "settings": {
      "testing": false
    },
    "software": "mriqc",
    "version": "22.0.6",
    "warnings": {
      "large_rot_frame": true,
      "small_air_mask": false
    },
    "webapi_port": null,
    "webapi_url": "https://mriqc.nimh.nih.gov/api/v1"
  },
  "qi_1": 0.004831544318376774,
  "qi_2": 0.018829808098032173,
  "rpve_csf": 21.949164401574965,
  "rpve_gm": 11.953639423230458,
  "rpve_wm": 16.359850365346293,
  "size_x": 192,
  "size_y": 240,
  "size_z": 256,
  "snr_csf": 2.6626350752813766,
  "snr_gm": 11.987339282139159,
  "snr_total": 11.361072940936559,
  "snr_wm": 19.43324446538914,
  "snrd_csf": 34.52621455036862,
  "snrd_gm": 87.1714956221242,
  "snrd_total": 82.31685163776153,
  "snrd_wm": 125.25284474079173,
  "spacing_x": 1.0,
  "spacing_y": 1.0,
  "spacing_z": 1.0,
  "summary_bg_k": 27.49117010653366,
  "summary_bg_mad": 0.0,
  "summary_bg_mean": 2.2420248857147036,
  "summary_bg_median": 0.0,
  "summary_bg_n": 3610469.0,
  "summary_bg_p05": 0.0,
  "summary_bg_p95": 9.515361234545708,
  "summary_bg_stdv": 5.2307217965417845,
  "summary_csf_k": 0.20912585083205482,
  "summary_csf_mad": 98.63291468543413,
  "summary_csf_mean": 284.9511812603972,
  "summary_csf_median": 275.66324051097035,
  "summary_csf_n": 47027.0,
  "summary_csf_p05": 128.17514137551188,
  "summary_csf_p95": 472.57073907516883,
  "summary_csf_stdv": 103.52913628703111,
  "summary_gm_k": 0.047921373405508394,
  "summary_gm_mad": 58.04397585427669,
  "summary_gm_mean": 694.6748722352867,
  "summary_gm_median": 695.9922272488475,
  "summary_gm_n": 25887.0,
  "summary_gm_p05": 598.322688882053,
  "summary_gm_p95": 788.8758614692836,
  "summary_gm_stdv": 58.05948825234582,
  "summary_wm_k": 0.6958753966964033,
  "summary_wm_mad": 49.01756972245818,
  "summary_wm_mean": 1000.8929167224617,
  "summary_wm_median": 1000.0402741543949,
  "summary_wm_n": 200303.0,
  "summary_wm_p05": 918.1920398063958,
  "summary_wm_p95": 1086.0010798834264,
  "summary_wm_stdv": 51.460155282541564,
  "tpm_overlap_csf": 0.16584600297031063,
  "tpm_overlap_gm": 0.45845950143499253,
  "tpm_overlap_wm": 0.5117178803160378,
  "wm2max": 0.45493396918561996
}