{
  "bids_meta": {
    "AcquisitionMatrixPE": 240,
    "AcquisitionNumber": 1,
    "AcquisitionTime": "10:21:15.152500",
    "BaseResolution": 256,
    "BodyPartExamined": "BRAIN",
    "ConsistencyInfo": "N4_VE11C_LATEST_20160120",
    "ConversionSoftware": "dcm2niix",
    "ConversionSoftwareVersion": "v1.0.20210317",
    "DeviceSerialNumber": "45193",
    "DwellTime": 8.5e-06,
    "EchoTime": 0.00207,
    "FlipAngle": 9,
    "ImageOrientationPatientDICOM": [
      -0.0818289,
      0.996646,
      -1.02688e-08,
      -0.0347513,
      -0.00285324,
      -0.999392
    ],
    "ImageType": [
      "ORIGINAL",
      "PRIMARY",
      "M",
      "ND",
      "NORM"
    ],
    "ImagingFrequency": 123.247,
    "InPlanePhaseEncodingDirectionDICOM": "ROW",
    "InstitutionAddress": "Blackburn Road 770,Clayton,Victoria,AU,3800",
    "InstitutionName": "Monash Biomedical Imaging",
    "InstitutionalDepartmentName": "Department",
    "InversionTime": 0.9,
    "MRAcquisitionType": "3D",
    "MagneticFieldStrength": 3,
    "Manufacturer": "Siemens",
    "ManufacturersModelName": "Skyra",
    "Modality": "MR",
    "ParallelReductionFactorInPlane": 3,
    "PartialFourier": 1,
    "PatientPosition": "HFS",
    "PercentPhaseFOV": 93.75,
    "PercentSampling": 100,
    "PhaseEncodingSteps": 238,
    "PhaseResolution": 1,
    "PixelBandwidth": 230,
    "ProcedureStepDescription": "MR Scan",
    "ProtocolName": "t1_mprage_sag_p3_iso_1",
    "PulseSequenceDetails": "%SiemensSeq%\\tfl",
    "ReceiveCoilActiveElements": "HEA;HEP",
    "ReceiveCoilName": "Head_32",
    "ReconMatrixPE": 240,
    "RefLinesPE": 32,
    "RepetitionTime": 2.3,
    "SAR": 0.094165,
    "ScanOptions": "IR",
    "ScanningSequence": "GR\\IR",
    "SequenceName": "*tfl3d1_16ns",
    "SequenceVariant": "SK\\SP\\MP",
    "SeriesDescription": "t1_mprage_sag_p3_iso_1",
    "SeriesNumber": 2,
    "ShimSetting": [
      -4069,
      15336,
      -15557,
      -117,
      159,
      -103,
      -245,
      164
    ],
    "SliceThickness": 1,
    "SoftwareVersions": "syngo MR E11",
    "StationName": "AWP45193",
    "TxRefAmp": 374.803,
    "dataset": "<unset>",
    "modality": "T1w",
    "run_id": 1,
    "session_id": "02",
    "subject_id": "PC009"
  },
  "cjv": 0.3959021169473034,
  "cnr": 3.435391898420552,
  "efc": 0.52055808147312,
  "fber": -1.0,
  "fwhm_avg": 4.005046666666666,
  "fwhm_x": 4.04209,
  "fwhm_y": 3.97727,
  "fwhm_z": 3.99578,
  "icvs_csf": 0.21318554838091366,
  "icvs_gm": 0.39805961811587537,
  "icvs_wm": 0.388754833503211,
  "inu_med": 0.4351343512535095,
  "inu_range": 0.1201080650091172,
  "provenance": {
    "md5sum": "784d455f65095ad618c82d187b193519",
    "settings": {
      "testing": false
    },
    "software": "mriqc",
    "version": "22.0.6",
    "warnings": {
      "large_rot_frame": true,
      "small_air_mask": false
    },
    "webapi_port": null,
    "webapi_url": "https://mriqc.nimh.nih.gov/api/v1"
  },
  "qi_1": 0.027423204518148076,
  "qi_2": 0.04383000938675052,
  "rpve_csf": 21.549848263873542,
  "rpve_gm": 11.710662104231611,
  "rpve_wm": 14.45012699345163,
  "size_x": 192,
  "size_y": 240,
  "size_z": 256,
  "snr_csf": 2.3611465587021545,
  "snr_gm": 10.278623754626427,
  "snr_total": 11.909075382442865,
  "snr_wm": 23.087455834000018,
  "snrd_csf": 21.36389566576147,
  "snrd_gm": 65.2644141339881,
  "snrd_total": 59.22272040353564,
  "snrd_wm": 91.03985141085737,
  "spacing_x": 1.0,
  "spacing_y": 1.0,
  "spacing_z": 1.0,
  "summary_bg_k": 21422.48730569264,
  "summary_bg_mad": 0.0,
  "summary_bg_mean": 1.970711985557122,
  "summary_bg_median": 0.0,
  "summary_bg_n": 3293804.0,
  "summary_bg_p05": 0.0,
  "summary_bg_p95": 7.553786873817444,
  "summary_bg_stdv": 7.196392246931084,
  "summary_csf_k": 17.701819781278072,
  "summary_csf_mad": 74.9450558244782,
  "summary_csf_mean": 248.44756854825903,
  "summary_csf_median": 234.6732270307839,
  "summary_csf_n": 54739.0,
  "summary_csf_p05": 117.65360278598965,
  "summary_csf_p95": 424.66782803870734,
  "summary_csf_stdv": 99.388613803296,
  "summary_gm_k": -0.08958526316953863,
  "summary_gm_mad": 70.54534607627667,
  "summary_gm_mean": 716.5551392459864,
  "summary_gm_median": 716.9015854932368,
  "summary_gm_n": 31073.0,
  "summary_gm_p05": 601.6254022367299,
  "summary_gm_p95": 831.7393793329596,
  "summary_gm_stdv": 69.74572343051425,
  "summary_wm_k": 0.48894030508023834,
  "summary_wm_mad": 41.54725909949392,
  "summary_wm_mean": 1000.7011701264192,
  "summary_wm_median": 1000.0337042100728,
  "summary_wm_n": 268615.0,
  "summary_wm_p05": 930.9705099351704,
  "summary_wm_p95": 1072.3679579794407,
  "summary_wm_stdv": 43.314943401981495,
  "tpm_overlap_csf": 0.17206554200580151,
  "tpm_overlap_gm": 0.4440183176393774,
  "tpm_overlap_wm": 0.5159269373076903,
  "wm2max": 0.5256696192057536
}