{
  "bids_meta": {
    "AcquisitionMatrixPE": 240,
    "AcquisitionNumber": 1,
    "AcquisitionTime": "11:31:36.212500",
    "BaseResolution": 256,
    "BodyPartExamined": "BRAIN",
    "ConsistencyInfo": "N4_VE11C_LATEST_20160120",
    "ConversionSoftware": "dcm2niix",
    "ConversionSoftwareVersion": "v1.0.20210317",
    "DeviceSerialNumber": "45193",
    "DwellTime": 8.5e-06,
    "EchoTime": 0.00207,
    "FlipAngle": 9,
    "ImageOrientationPatientDICOM": [
      -0.0260679,
      0.99966,
      -1.05981e-08,
      -0.0156707,
      -0.000408651,
      -0.999877
    ],
    "ImageType": [
      "ORIGINAL",
      "PRIMARY",
      "M",
      "ND",
      "NORM"
    ],
    "ImagingFrequency": 123.252,
    "InPlanePhaseEncodingDirectionDICOM": "ROW",
    "InstitutionAddress": "Blackburn Road 770,Clayton,Victoria,AU,3800",
    "InstitutionName": "Monash Biomedical Imaging",
    "InstitutionalDepartmentName": "Department",
    "InversionTime": 0.9,
    "MRAcquisitionType": "3D",
    "MagneticFieldStrength": 3,
    "Manufacturer": "Siemens",
    "ManufacturersModelName": "Skyra",
    "Modality": "MR",
    "ParallelReductionFactorInPlane": 3,
    "PartialFourier": 1,
    "PatientPosition": "HFS",
    "PercentPhaseFOV": 93.75,
    "PercentSampling": 100,
    "PhaseEncodingSteps": 238,
    "PhaseResolution": 1,
    "PixelBandwidth": 230,
    "ProcedureStepDescription": "MR Scan",
    "ProtocolName": "t1_mprage_sag_p3_iso_1",
    "PulseSequenceDetails": "%SiemensSeq%\\tfl",
    "ReceiveCoilActiveElements": "HEA;HEP",
    "ReceiveCoilName": "Head_32",
    "ReconMatrixPE": 240,
    "RefLinesPE": 32,
    "RepetitionTime": 2.3,
    "SAR": 0.0922623,
    "ScanOptions": "IR",
    "ScanningSequence": "GR\\IR",
    "SequenceName": "*tfl3d1_16ns",
    "SequenceVariant": "SK\\SP\\MP",
    "SeriesDescription": "t1_mprage_sag_p3_iso_1",
    "SeriesNumber": 2,
    "ShimSetting": [
      -4121,
      15461,
      -15515,
      -92,
      142,
      -177,
      -175,
      57
    ],
    "SliceThickness": 1,
    "SoftwareVersions": "syngo MR E11",
    "StationName": "AWP45193",
    "TxRefAmp": 349.777,
    "dataset": "<unset>",
    "modality": "T1w",
    "run_id": 1,
    "session_id": "02",
    "subject_id": "PC216"
  },
  "cjv": 0.45140453646723233,
  "cnr": 2.8906828174468133,
  "efc": 0.5253563086085613,
  "fber": 1751.6156591715978,
  "fwhm_avg": 3.8403066666666668,
  "fwhm_x": 3.75407,
  "fwhm_y": 3.88133,
  "fwhm_z": 3.88552,
  "icvs_csf": 0.20625584857773493,
  "icvs_gm": 0.37913644296671634,
  "icvs_wm": 0.41460770845554873,
  "inu_med": 0.6821322441101074,
  "inu_range": 0.22238675355911242,
  "provenance": {
    "md5sum": "6c07426f9f77503e10c91da6812c1e58",
    "settings": {
      "testing": false
    },
    "software": "mriqc",
    "version": "22.0.6",
    "warnings": {
      "large_rot_frame": true,
      "small_air_mask": false
    },
    "webapi_port": null,
    "webapi_url": "https://mriqc.nimh.nih.gov/api/v1"
  },
  "qi_1": 0.0003694492231397987,
  "qi_2": 0.016849157786120117,
  "rpve_csf": 30.251877226425364,
  "rpve_gm": 15.82237214895742,
  "rpve_wm": 17.487647546307702,
  "size_x": 192,
  "size_y": 240,
  "size_z": 256,
  "snr_csf": 2.2778926391828005,
  "snr_gm": 10.25823157711231,
  "snr_total": 9.215628553390081,
  "snr_wm": 15.11076144387513,
  "snrd_csf": 5.903108564656524,
  "snrd_gm": 17.415529236136415,
  "snrd_total": 15.924544569071228,
  "snrd_wm": 24.454995906420745,
  "spacing_x": 1.0,
  "spacing_y": 1.0,
  "spacing_z": 1.0,
  "summary_bg_k": 3412.2419669829387,
  "summary_bg_mad": 0.0,
  "summary_bg_mean": 10.74910205182606,
  "summary_bg_median": 0.0,
  "summary_bg_n": 2367357.0,
  "summary_bg_p05": 0.0,
  "summary_bg_p95": 46.57563090324402,
  "summary_bg_stdv": 26.790887828967495,
  "summary_csf_k": 0.7442538905049947,
  "summary_csf_mad": 92.28009686091642,
  "summary_csf_mean": 254.81425119140826,
  "summary_csf_median": 241.39937789738178,
  "summary_csf_n": 29460.0,
  "summary_csf_p05": 102.3578879378736,
  "summary_csf_p95": 457.4997199177742,
  "summary_csf_stdv": 105.97307205794615,
  "summary_gm_k": 0.18686332262412098,
  "summary_gm_mad": 68.34690847436922,
  "summary_gm_mean": 712.6782171085828,
  "summary_gm_median": 712.1837379932404,
  "summary_gm_n": 11366.0,
  "summary_gm_p05": 598.3116131201386,
  "summary_gm_p95": 826.2278751395643,
  "summary_gm_stdv": 69.42253178658031,
  "summary_wm_k": 0.8702881902947315,
  "summary_wm_mad": 61.5985340440641,
  "summary_wm_mean": 1006.5073315951727,
  "summary_wm_median": 1000.0528930872679,
  "summary_wm_n": 184831.0,
  "summary_wm_p05": 910.2360230386257,
  "summary_wm_p95": 1125.6483159661293,
  "summary_wm_stdv": 66.18132325634458,
  "tpm_overlap_csf": 0.15728575454365312,
  "tpm_overlap_gm": 0.4305913862797006,
  "tpm_overlap_wm": 0.4875659448939283,
  "wm2max": 0.349900927760597
}