{
  "aor": 0.00016248508946322069,
  "aqi": 0.006914615387673956,
  "bids_meta": {
    "AcquisitionMatrixPE": 64,
    "AcquisitionNumber": 1,
    "AcquisitionTime": "10:28:50.270000",
    "BandwidthPerPixelPhaseEncode": 62.5,
    "BaseResolution": 64,
    "BodyPartExamined": "BRAIN",
    "ConsistencyInfo": "N4_VE11C_LATEST_20160120",
    "ConversionSoftware": "dcm2niix",
    "ConversionSoftwareVersion": "v1.0.20210317",
    "DerivedVendorReportedEchoSpacing": 0.0005,
    "DeviceSerialNumber": "45193",
    "DwellTime": 3.1e-06,
    "EchoNumber": 1,
    "EchoTime": 0.0126,
    "EchoTrainLength": 31,
    "EffectiveEchoSpacing": 0.00025,
    "FlipAngle": 56,
    "ImageComments": "Unaliased MB4/PE4/LB",
    "ImageOrientationPatientDICOM": [
      0.99998,
      -0.00025143,
      -0.00633712,
      1.107e-12,
      0.999214,
      -0.0396446
    ],
    "ImageType": [
      "ORIGINAL",
      "PRIMARY",
      "M",
      "MB",
      "TE1",
      "ND",
      "NORM",
      "MOSAIC"
    ],
    "ImagingFrequency": 123.252,
    "InPlanePhaseEncodingDirectionDICOM": "ROW",
    "InstitutionAddress": "Blackburn Road 770,Clayton,Victoria,AU,3800",
    "InstitutionName": "Monash Biomedical Imaging",
    "InstitutionalDepartmentName": "Department",
    "MRAcquisitionType": "2D",
    "MagneticFieldStrength": 3,
    "Manufacturer": "Siemens",
    "ManufacturersModelName": "Skyra",
    "Modality": "MR",
    "MultibandAccelerationFactor": 4,
    "ParallelReductionFactorInPlane": 2,
    "PartialFourier": 1,
    "PatientPosition": "HFS",
    "PercentPhaseFOV": 100,
    "PercentSampling": 100,
    "PhaseEncodingDirection": "i",
    "PhaseEncodingSteps": 63,
    "PhaseResolution": 1,
    "PixelBandwidth": 2520,
    "ProcedureStepDescription": "MR Scan",
    "ProtocolName": "Rest_R-L_mmb_4_4_cmrr_mbep2d_bold_TE_12.6_29.23_45.86_62.49",
    "PulseSequenceDetails": "%CustomerSeq%\\cmrr_mbep2d_bold",
    "ReceiveCoilActiveElements": "HEA;HEP",
    "ReceiveCoilName": "Head_32",
    "ReconMatrixPE": 64,
    "RefLinesPE": 24,
    "RepetitionTime": 0.91,
    "SAR": 0.0950444,
    "ScanOptions": "FS",
    "ScanningSequence": "EP",
    "SequenceName": "epfid2d4_64",
    "SequenceVariant": "SK\\SS",
    "SeriesDescription": "Rest_R-L_mmb_4_4_cmrr_mbep2d_bold_TE_12.6_29.23_45.86_62.49",
    "SeriesNumber": 3,
    "ShimSetting": [
      -4098,
      15354,
      -14976,
      541,
      275,
      -60,
      104,
      68
    ],
    "SliceThickness": 3.2,
    "SliceTiming": [
      0,
      0.6225,
      0.355,
      0.0875,
      0.71,
      0.445,
      0.1775,
      0.8,
      0.5325,
      0.265,
      0,
      0.6225,
      0.355,
      0.0875,
      0.71,
      0.445,
      0.1775,
      0.8,
      0.5325,
      0.265,
      0,
      0.6225,
      0.355,
      0.0875,
      0.71,
      0.445,
      0.1775,
      0.8,
      0.5325,
      0.265,
      0,
      0.6225,
      0.355,
      0.0875,
      0.71,
      0.445,
      0.1775,
      0.8,
      0.5325,
      0.265
    ],
    "SoftwareVersions": "syngo MR E11",
    "SpacingBetweenSlices": 3.2,
    "StationName": "AWP45193",
    "TaskName": "rest",
    "TotalReadoutTime": 0.01575,
    "TxRefAmp": 354.319,
    "WipMemBlock": "b20f16f5-ade9-4f29-9ac3-d8d14080f744||Sequence: R016 ve11c/master r/e634e98; Dec 19 2017 11:00:25 by eja",
    "dataset": "<unset>",
    "modality": "bold",
    "run_id": 1,
    "session_id": "02",
    "subject_id": "PC224",
    "task_id": "rest"
  },
  "dummy_trs": 1,
  "dvars_nstd": 21.09443566916336,
  "dvars_std": 1.1346123977290836,
  "dvars_vstd": 0.9739985679482072,
  "efc": 0.5115471495184294,
  "fber": 6553.35302734375,
  "fd_mean": 0.09818492646860173,
  "fd_num": 74,
  "fd_perc": 14.711729622266402,
  "fwhm_avg": 1.8753227982285618,
  "fwhm_x": 1.6975409708737865,
  "fwhm_y": 1.9489398058252427,
  "fwhm_z": 1.9794876179866563,
  "gcor": 0.0539891,
  "gsr_x": -0.030458642169833183,
  "gsr_y": 0.03698809817433357,
  "provenance": {
    "md5sum": "f962c0d4a25f15360202233df21c295e",
    "settings": {
      "fd_thres": 0.2,
      "testing": false
    },
    "software": "mriqc",
    "version": "22.0.6",
    "webapi_port": null,
    "webapi_url": "https://mriqc.nimh.nih.gov/api/v1"
  },
  "size_t": 503,
  "size_x": 64,
  "size_y": 64,
  "size_z": 40,
  "snr": 7.8492127511362,
  "spacing_tr": 0.9100000262260437,
  "spacing_x": 3.21875,
  "spacing_y": 3.21875,
  "spacing_z": 3.1999998092651367,
  "summary_bg_k": 12.978866039493223,
  "summary_bg_mad": 75.07773543267571,
  "summary_bg_mean": 383.7206115722656,
  "summary_bg_median": 76.62425231933594,
  "summary_bg_n": 103224.0,
  "summary_bg_p05": 16.723657608032227,
  "summary_bg_p95": 2224.580505371092,
  "summary_bg_stdv": 805.533935546875,
  "summary_fg_k": 0.08234434532049173,
  "summary_fg_mad": 788.1869565593116,
  "summary_fg_mean": 6134.99755859375,
  "summary_fg_median": 6082.5146484375,
  "summary_fg_n": 28099.0,
  "summary_fg_p05": 4959.148681640625,
  "summary_fg_p95": 7487.965966796874,
  "summary_fg_stdv": 774.9065551757812,
  "tsnr": 68.45792912319303
}