{
  "aor": 0.0002510669975186104,
  "aqi": 0.0056338444416873445,
  "bids_meta": {
    "AcquisitionMatrixPE": 64,
    "AcquisitionNumber": 1,
    "AcquisitionTime": "10:38:5.872500",
    "BandwidthPerPixelPhaseEncode": 62.5,
    "BaseResolution": 64,
    "BodyPartExamined": "BRAIN",
    "ConsistencyInfo": "N4_VE11C_LATEST_20160120",
    "ConversionSoftware": "dcm2niix",
    "ConversionSoftwareVersion": "v1.0.20210317",
    "DerivedVendorReportedEchoSpacing": 0.0005,
    "DeviceSerialNumber": "45193",
    "DwellTime": 3.1e-06,
    "EchoNumber": 1,
    "EchoTime": 0.0126,
    "EchoTrainLength": 31,
    "EffectiveEchoSpacing": 0.00025,
    "FlipAngle": 56,
    "ImageComments": "Unaliased MB4/PE4/LB",
    "ImageOrientationPatientDICOM": [
      0.99998,
      -0.00025143,
      -0.00633712,
      1.107e-12,
      0.999214,
      -0.0396446
    ],
    "ImageType": [
      "ORIGINAL",
      "PRIMARY",
      "M",
      "MB",
      "TE1",
      "ND",
      "NORM",
      "MOSAIC"
    ],
    "ImagingFrequency": 123.252,
    "InPlanePhaseEncodingDirectionDICOM": "ROW",
    "InstitutionAddress": "Blackburn Road 770,Clayton,Victoria,AU,3800",
    "InstitutionName": "Monash Biomedical Imaging",
    "InstitutionalDepartmentName": "Department",
    "MRAcquisitionType": "2D",
    "MagneticFieldStrength": 3,
    "Manufacturer": "Siemens",
    "ManufacturersModelName": "Skyra",
    "Modality": "MR",
    "MultibandAccelerationFactor": 4,
    "ParallelReductionFactorInPlane": 2,
    "PartialFourier": 1,
    "PatientPosition": "HFS",
    "PercentPhaseFOV": 100,
    "PercentSampling": 100,
    "PhaseEncodingDirection": "i",
    "PhaseEncodingSteps": 63,
    "PhaseResolution": 1,
    "PixelBandwidth": 2520,
    "ProcedureStepDescription": "MR Scan",
    "ProtocolName": "Meditation_R-L_mmb_4_4_cmrr_mbep2d_bold_TE_12.6_29.23_45.86_62.5",
    "PulseSequenceDetails": "%CustomerSeq%\\cmrr_mbep2d_bold",
    "ReceiveCoilActiveElements": "HEA;HEP",
    "ReceiveCoilName": "Head_32",
    "ReconMatrixPE": 64,
    "RefLinesPE": 24,
    "RepetitionTime": 0.91,
    "SAR": 0.094657,
    "ScanOptions": "FS",
    "ScanningSequence": "EP",
    "SequenceName": "epfid2d4_64",
    "SequenceVariant": "SK\\SS",
    "SeriesDescription": "Meditation_R-L_mmb_4_4_cmrr_mbep2d_bold_TE_12.6_29.23_45.86_62.5",
    "SeriesNumber": 5,
    "ShimSetting": [
      -4098,
      15354,
      -14976,
      541,
      275,
      -60,
      104,
      68
    ],
    "SliceThickness": 3.2,
    "SliceTiming": [
      0,
      0.625,
      0.3575,
      0.09,
      0.7125,
      0.445,
      0.18,
      0.8025,
      0.535,
      0.2675,
      0,
      0.625,
      0.3575,
      0.09,
      0.7125,
      0.445,
      0.18,
      0.8025,
      0.535,
      0.2675,
      0,
      0.625,
      0.3575,
      0.09,
      0.7125,
      0.445,
      0.18,
      0.8025,
      0.535,
      0.2675,
      0,
      0.625,
      0.3575,
      0.09,
      0.7125,
      0.445,
      0.18,
      0.8025,
      0.535,
      0.2675
    ],
    "SoftwareVersions": "syngo MR E11",
    "SpacingBetweenSlices": 3.2,
    "StationName": "AWP45193",
    "TaskName": "meditation",
    "TotalReadoutTime": 0.01575,
    "TxRefAmp": 354.319,
    "WipMemBlock": "eb1832da-aa7a-45db-9023-f4231fcea10b||Sequence: R016 ve11c/master r/e634e98; Dec 19 2017 11:00:25 by eja",
    "dataset": "<unset>",
    "modality": "bold",
    "run_id": 1,
    "session_id": "02",
    "subject_id": "PC224",
    "task_id": "meditation"
  },
  "dummy_trs": 2,
  "dvars_nstd": 20.34821738047264,
  "dvars_std": 1.1390454815422886,
  "dvars_vstd": 0.9921596374129354,
  "efc": 0.5110384675854555,
  "fber": 6956.4921875,
  "fd_mean": 0.08648774569764521,
  "fd_num": 26,
  "fd_perc": 6.451612903225806,
  "fwhm_avg": 1.8758539896450541,
  "fwhm_x": 1.7031922330097087,
  "fwhm_y": 1.9411852427184466,
  "fwhm_z": 1.9831844932070073,
  "gcor": 0.00744307,
  "gsr_x": -0.03100532479584217,
  "gsr_y": 0.029858864843845367,
  "provenance": {
    "md5sum": "e8caee0a8ac9892f4bd4e07819368354",
    "settings": {
      "fd_thres": 0.2,
      "testing": false
    },
    "software": "mriqc",
    "version": "22.0.6",
    "webapi_port": null,
    "webapi_url": "https://mriqc.nimh.nih.gov/api/v1"
  },
  "size_t": 403,
  "size_x": 64,
  "size_y": 64,
  "size_z": 40,
  "snr": 7.8086406275749605,
  "spacing_tr": 0.9100000262260437,
  "spacing_x": 3.21875,
  "spacing_y": 3.21875,
  "spacing_z": 3.1999998092651367,
  "summary_bg_k": 12.493362544177206,
  "summary_bg_mad": 69.76323703094346,
  "summary_bg_mean": 373.0784606933594,
  "summary_bg_median": 73.69727325439453,
  "summary_bg_n": 102913.0,
  "summary_bg_p05": 17.347394943237305,
  "summary_bg_p95": 2178.4748535156214,
  "summary_bg_stdv": 784.1603393554688,
  "summary_fg_k": 0.021778251193342424,
  "summary_fg_mad": 791.5734864314645,
  "summary_fg_mean": 6113.783203125,
  "summary_fg_median": 6060.5751953125,
  "summary_fg_n": 28108.0,
  "summary_fg_p05": 4931.495556640625,
  "summary_fg_p95": 7470.217651367187,
  "summary_fg_stdv": 776.1232299804688,
  "tsnr": 77.22597247338854
}