{
  "aor": 0.0004559408602150538,
  "aqi": 0.006157872231182797,
  "bids_meta": {
    "AcquisitionMatrixPE": 64,
    "AcquisitionNumber": 1,
    "AcquisitionTime": "10:42:59.350000",
    "BandwidthPerPixelPhaseEncode": 62.5,
    "BaseResolution": 64,
    "BodyPartExamined": "BRAIN",
    "ConsistencyInfo": "N4_VE11C_LATEST_20160120",
    "ConversionSoftware": "dcm2niix",
    "ConversionSoftwareVersion": "v1.0.20210317",
    "DerivedVendorReportedEchoSpacing": 0.0005,
    "DeviceSerialNumber": "45193",
    "DwellTime": 3.1e-06,
    "EchoNumber": 1,
    "EchoTime": 0.0126,
    "EchoTrainLength": 31,
    "EffectiveEchoSpacing": 0.00025,
    "FlipAngle": 56,
    "ImageComments": "Unaliased MB4/PE4/LB",
    "ImageOrientationPatientDICOM": [
      0.998365,
      0.00703198,
      0.0567344,
      -4.0564e-11,
      0.992406,
      -0.123004
    ],
    "ImageType": [
      "ORIGINAL",
      "PRIMARY",
      "M",
      "MB",
      "TE1",
      "ND",
      "NORM",
      "MOSAIC"
    ],
    "ImagingFrequency": 123.252,
    "InPlanePhaseEncodingDirectionDICOM": "ROW",
    "InstitutionAddress": "Blackburn Road 770,Clayton,Victoria,AU,3800",
    "InstitutionName": "Monash Biomedical Imaging",
    "InstitutionalDepartmentName": "Department",
    "MRAcquisitionType": "2D",
    "MagneticFieldStrength": 3,
    "Manufacturer": "Siemens",
    "ManufacturersModelName": "Skyra",
    "Modality": "MR",
    "MultibandAccelerationFactor": 4,
    "ParallelReductionFactorInPlane": 2,
    "PartialFourier": 1,
    "PatientPosition": "HFS",
    "PercentPhaseFOV": 100,
    "PercentSampling": 100,
    "PhaseEncodingDirection": "i",
    "PhaseEncodingSteps": 63,
    "PhaseResolution": 1,
    "PixelBandwidth": 2520,
    "ProcedureStepDescription": "MR Scan",
    "ProtocolName": "Movie_R-L_mmb_4_4_cmrr_mbep2d_bold_TE_12.6_29.23_45.86_62.49",
    "PulseSequenceDetails": "%CustomerSeq%\\cmrr_mbep2d_bold",
    "ReceiveCoilActiveElements": "HEA;HEP",
    "ReceiveCoilName": "Head_32",
    "ReconMatrixPE": 64,
    "RefLinesPE": 24,
    "RepetitionTime": 0.91,
    "SAR": 0.0912706,
    "ScanOptions": "FS",
    "ScanningSequence": "EP",
    "SequenceName": "epfid2d4_64",
    "SequenceVariant": "SK\\SS",
    "SeriesDescription": "Movie_R-L_mmb_4_4_cmrr_mbep2d_bold_TE_12.6_29.23_45.86_62.49",
    "SeriesNumber": 8,
    "ShimSetting": [
      -4125,
      15296,
      -15133,
      509,
      185,
      -599,
      212,
      90
    ],
    "SliceThickness": 3.2,
    "SliceTiming": [
      0,
      0.6225,
      0.3575,
      0.09,
      0.7125,
      0.445,
      0.1775,
      0.8025,
      0.535,
      0.2675,
      0,
      0.6225,
      0.3575,
      0.09,
      0.7125,
      0.445,
      0.1775,
      0.8025,
      0.535,
      0.2675,
      0,
      0.6225,
      0.3575,
      0.09,
      0.7125,
      0.445,
      0.1775,
      0.8025,
      0.535,
      0.2675,
      0,
      0.6225,
      0.3575,
      0.09,
      0.7125,
      0.445,
      0.1775,
      0.8025,
      0.535,
      0.2675
    ],
    "SoftwareVersions": "syngo MR E11",
    "SpacingBetweenSlices": 3.2,
    "StationName": "AWP45193",
    "TaskName": "movie",
    "TotalReadoutTime": 0.01575,
    "TxRefAmp": 386.026,
    "WipMemBlock": "7cc7d89e-c25a-46bb-9995-104a7bb5b66e||Sequence: R016 ve11c/master r/e634e98; Dec 19 2017 11:00:25 by eja",
    "dataset": "<unset>",
    "modality": "bold",
    "run_id": 1,
    "session_id": "02",
    "subject_id": "PC219",
    "task_id": "movie"
  },
  "dummy_trs": 0,
  "dvars_nstd": 24.996513798463596,
  "dvars_std": 1.1265115376819417,
  "dvars_vstd": 0.9931463342048515,
  "efc": 0.5869762004717467,
  "fber": 1782.7645263671875,
  "fd_mean": 0.09723257188559459,
  "fd_num": 8,
  "fd_perc": 2.150537634408602,
  "fwhm_avg": 2.076395533631389,
  "fwhm_x": 1.9589965048543687,
  "fwhm_y": 2.1638182524271845,
  "fwhm_z": 2.1063718436126133,
  "gcor": 0.0151024,
  "gsr_x": -0.007406480144709349,
  "gsr_y": 0.05121651291847229,
  "provenance": {
    "md5sum": "5c1000a75faccedce1d3418d99dc2f75",
    "settings": {
      "fd_thres": 0.2,
      "testing": false
    },
    "software": "mriqc",
    "version": "22.0.6",
    "webapi_port": null,
    "webapi_url": "https://mriqc.nimh.nih.gov/api/v1"
  },
  "size_t": 372,
  "size_x": 64,
  "size_y": 64,
  "size_z": 40,
  "snr": 6.8934561128741825,
  "spacing_tr": 0.9100000262260437,
  "spacing_x": 3.21875,
  "spacing_y": 3.21875,
  "spacing_z": 3.200000047683716,
  "summary_bg_k": 6.944082230532171,
  "summary_bg_mad": 154.14679355952967,
  "summary_bg_mean": 563.7685546875,
  "summary_bg_median": 136.7016143798828,
  "summary_bg_n": 94583.0,
  "summary_bg_p05": 21.659408187866212,
  "summary_bg_p95": 2620.5241699218745,
  "summary_bg_stdv": 911.8428344726562,
  "summary_fg_k": 0.7227332583537032,
  "summary_fg_mad": 816.122570333683,
  "summary_fg_mean": 5897.79931640625,
  "summary_fg_median": 5826.171875,
  "summary_fg_n": 33846.0,
  "summary_fg_p05": 4671.72314453125,
  "summary_fg_p95": 7415.7457275390625,
  "summary_fg_stdv": 845.1618041992188,
  "tsnr": 60.84774329792708
}