{
  "aor": 0.0004864444444444445,
  "aqi": 0.008370201530864197,
  "bids_meta": {
    "AcquisitionMatrixPE": 64,
    "AcquisitionNumber": 1,
    "AcquisitionTime": "10:24:2.565000",
    "BandwidthPerPixelPhaseEncode": 62.5,
    "BaseResolution": 64,
    "BodyPartExamined": "BRAIN",
    "ConsistencyInfo": "N4_VE11C_LATEST_20160120",
    "ConversionSoftware": "dcm2niix",
    "ConversionSoftwareVersion": "v1.0.20210317",
    "DerivedVendorReportedEchoSpacing": 0.0005,
    "DeviceSerialNumber": "45193",
    "DwellTime": 3.1e-06,
    "EchoNumber": 2,
    "EchoTime": 0.02923,
    "EchoTrainLength": 31,
    "EffectiveEchoSpacing": 0.00025,
    "FlipAngle": 56,
    "ImageComments": "Unaliased MB4/PE4/LB",
    "ImageOrientationPatientDICOM": [
      0.998365,
      0.00703198,
      0.0567344,
      -4.0564e-11,
      0.992406,
      -0.123004
    ],
    "ImageType": [
      "ORIGINAL",
      "PRIMARY",
      "M",
      "MB",
      "TE2",
      "ND",
      "NORM",
      "MOSAIC"
    ],
    "ImagingFrequency": 123.252,
    "InPlanePhaseEncodingDirectionDICOM": "ROW",
    "InstitutionAddress": "Blackburn Road 770,Clayton,Victoria,AU,3800",
    "InstitutionName": "Monash Biomedical Imaging",
    "InstitutionalDepartmentName": "Department",
    "MRAcquisitionType": "2D",
    "MagneticFieldStrength": 3,
    "Manufacturer": "Siemens",
    "ManufacturersModelName": "Skyra",
    "Modality": "MR",
    "MultibandAccelerationFactor": 4,
    "ParallelReductionFactorInPlane": 2,
    "PartialFourier": 1,
    "PatientPosition": "HFS",
    "PercentPhaseFOV": 100,
    "PercentSampling": 100,
    "PhaseEncodingDirection": "i",
    "PhaseEncodingSteps": 63,
    "PhaseResolution": 1,
    "PixelBandwidth": 2520,
    "ProcedureStepDescription": "MR Scan",
    "ProtocolName": "Meditation_R-L_mmb_4_4_cmrr_mbep2d_bold_TE_12.6_29.23_45.86_62.5",
    "PulseSequenceDetails": "%CustomerSeq%\\cmrr_mbep2d_bold",
    "ReceiveCoilActiveElements": "HEA;HEP",
    "ReceiveCoilName": "Head_32",
    "ReconMatrixPE": 64,
    "RefLinesPE": 24,
    "RepetitionTime": 0.91,
    "SAR": 0.0914318,
    "ScanOptions": "FS",
    "ScanningSequence": "EP",
    "SequenceName": "epfid2d4_64",
    "SequenceVariant": "SK\\SS",
    "SeriesDescription": "Meditation_R-L_mmb_4_4_cmrr_mbep2d_bold_TE_12.6_29.23_45.86_62.5",
    "SeriesNumber": 5,
    "ShimSetting": [
      -4125,
      15296,
      -15133,
      509,
      185,
      -599,
      212,
      90
    ],
    "SliceThickness": 3.2,
    "SliceTiming": [
      0,
      0.6225,
      0.355,
      0.0875,
      0.7125,
      0.445,
      0.1775,
      0.8,
      0.5325,
      0.2675,
      0,
      0.6225,
      0.355,
      0.0875,
      0.7125,
      0.445,
      0.1775,
      0.8,
      0.5325,
      0.2675,
      0,
      0.6225,
      0.355,
      0.0875,
      0.7125,
      0.445,
      0.1775,
      0.8,
      0.5325,
      0.2675,
      0,
      0.6225,
      0.355,
      0.0875,
      0.7125,
      0.445,
      0.1775,
      0.8,
      0.5325,
      0.2675
    ],
    "SoftwareVersions": "syngo MR E11",
    "SpacingBetweenSlices": 3.2,
    "StationName": "AWP45193",
    "TaskName": "meditation",
    "TotalReadoutTime": 0.01575,
    "TxRefAmp": 386.026,
    "WipMemBlock": "4ce2af03-0b60-4217-9140-79de003b9034||Sequence: R016 ve11c/master r/e634e98; Dec 19 2017 11:00:25 by eja",
    "dataset": "<unset>",
    "modality": "bold",
    "run_id": 1,
    "session_id": "02",
    "subject_id": "PC219",
    "task_id": "meditation"
  },
  "dummy_trs": 0,
  "dvars_nstd": 32.81672882789604,
  "dvars_std": 1.1626255170792086,
  "dvars_vstd": 1.0067594436138605,
  "efc": 0.5196717434056322,
  "fber": 3060.177978515625,
  "fd_mean": 0.08818580859531853,
  "fd_num": 8,
  "fd_perc": 1.9753086419753085,
  "fwhm_avg": 1.771286263559346,
  "fwhm_x": 1.691852427184466,
  "fwhm_y": 1.8725095145631068,
  "fwhm_z": 1.7494968489304654,
  "gcor": 0.0216836,
  "gsr_x": 0.002642321866005659,
  "gsr_y": 0.017354238778352737,
  "provenance": {
    "md5sum": "3a94d17a3181184218ef9eaf01ecb105",
    "settings": {
      "fd_thres": 0.2,
      "testing": false
    },
    "software": "mriqc",
    "version": "22.0.6",
    "webapi_port": null,
    "webapi_url": "https://mriqc.nimh.nih.gov/api/v1"
  },
  "size_t": 405,
  "size_x": 64,
  "size_y": 64,
  "size_z": 40,
  "snr": 5.320914871297779,
  "spacing_tr": 0.9100000262260437,
  "spacing_x": 3.21875,
  "spacing_y": 3.21875,
  "spacing_z": 3.200000047683716,
  "summary_bg_k": 17.42451603713627,
  "summary_bg_mad": 70.60482180580537,
  "summary_bg_mean": 208.44134521484375,
  "summary_bg_median": 75.35062408447266,
  "summary_bg_n": 98205.0,
  "summary_bg_p05": 18.795063018798828,
  "summary_bg_p95": 903.8627563476563,
  "summary_bg_stdv": 377.3790283203125,
  "summary_fg_k": 3.117894601736351,
  "summary_fg_mad": 672.5595479434616,
  "summary_fg_mean": 4299.9990234375,
  "summary_fg_median": 4204.154296875,
  "summary_fg_n": 30728.0,
  "summary_fg_p05": 3266.0201049804687,
  "summary_fg_p95": 5649.1827880859355,
  "summary_fg_stdv": 790.1058349609375,
  "tsnr": 49.10803754662629
}