{
  "aor": 0.0002142032967032967,
  "aqi": 0.015495438324175825,
  "bids_meta": {
    "AcquisitionMatrixPE": 64,
    "AcquisitionNumber": 1,
    "AcquisitionTime": "10:31:22.595000",
    "BandwidthPerPixelPhaseEncode": 62.5,
    "BaseResolution": 64,
    "BodyPartExamined": "BRAIN",
    "ConsistencyInfo": "N4_VE11C_LATEST_20160120",
    "ConversionSoftware": "dcm2niix",
    "ConversionSoftwareVersion": "v1.0.20210317",
    "DerivedVendorReportedEchoSpacing": 0.0005,
    "DeviceSerialNumber": "45193",
    "DwellTime": 3.1e-06,
    "EchoNumber": 4,
    "EchoTime": 0.06249,
    "EchoTrainLength": 31,
    "EffectiveEchoSpacing": 0.00025,
    "FlipAngle": 56,
    "ImageComments": "Unaliased MB4/PE4/LB",
    "ImageOrientationPatientDICOM": [
      0.998365,
      0.00703198,
      0.0567344,
      -4.0564e-11,
      0.992406,
      -0.123004
    ],
    "ImageType": [
      "ORIGINAL",
      "PRIMARY",
      "M",
      "MB",
      "TE4",
      "ND",
      "NORM",
      "MOSAIC"
    ],
    "ImagingFrequency": 123.252,
    "InPlanePhaseEncodingDirectionDICOM": "ROW",
    "InstitutionAddress": "Blackburn Road 770,Clayton,Victoria,AU,3800",
    "InstitutionName": "Monash Biomedical Imaging",
    "InstitutionalDepartmentName": "Department",
    "MRAcquisitionType": "2D",
    "MagneticFieldStrength": 3,
    "Manufacturer": "Siemens",
    "ManufacturersModelName": "Skyra",
    "Modality": "MR",
    "MultibandAccelerationFactor": 4,
    "ParallelReductionFactorInPlane": 2,
    "PartialFourier": 1,
    "PatientPosition": "HFS",
    "PercentPhaseFOV": 100,
    "PercentSampling": 100,
    "PhaseEncodingDirection": "i",
    "PhaseEncodingSteps": 63,
    "PhaseResolution": 1,
    "PixelBandwidth": 2520,
    "ProcedureStepDescription": "MR Scan",
    "ProtocolName": "Music_R-L_mmb_4_4_cmrr_mbep2d_bold_TE_12.6_29.23_45.86_62.49",
    "PulseSequenceDetails": "%CustomerSeq%\\cmrr_mbep2d_bold",
    "ReceiveCoilActiveElements": "HEA;HEP",
    "ReceiveCoilName": "Head_32",
    "ReconMatrixPE": 64,
    "RefLinesPE": 24,
    "RepetitionTime": 0.91,
    "SAR": 0.0922628,
    "ScanOptions": "FS",
    "ScanningSequence": "EP",
    "SequenceName": "epfid2d4_64",
    "SequenceVariant": "SK\\SS",
    "SeriesDescription": "Music_R-L_mmb_4_4_cmrr_mbep2d_bold_TE_12.6_29.23_45.86_62.49",
    "SeriesNumber": 7,
    "ShimSetting": [
      -4125,
      15296,
      -15133,
      509,
      185,
      -599,
      212,
      90
    ],
    "SliceThickness": 3.2,
    "SliceTiming": [
      0,
      0.625,
      0.3575,
      0.09,
      0.7125,
      0.445,
      0.18,
      0.8025,
      0.535,
      0.2675,
      0,
      0.625,
      0.3575,
      0.09,
      0.7125,
      0.445,
      0.18,
      0.8025,
      0.535,
      0.2675,
      0,
      0.625,
      0.3575,
      0.09,
      0.7125,
      0.445,
      0.18,
      0.8025,
      0.535,
      0.2675,
      0,
      0.625,
      0.3575,
      0.09,
      0.7125,
      0.445,
      0.18,
      0.8025,
      0.535,
      0.2675
    ],
    "SoftwareVersions": "syngo MR E11",
    "SpacingBetweenSlices": 3.2,
    "StationName": "AWP45193",
    "TaskName": "music",
    "TotalReadoutTime": 0.01575,
    "TxRefAmp": 386.026,
    "WipMemBlock": "0c1a9ec2-6b7e-4d4f-bc03-d78565c718f4||Sequence: R016 ve11c/master r/e634e98; Dec 19 2017 11:00:25 by eja",
    "dataset": "<unset>",
    "modality": "bold",
    "run_id": 1,
    "session_id": "02",
    "subject_id": "PC219",
    "task_id": "music"
  },
  "dummy_trs": 0,
  "dvars_nstd": 51.92613152515812,
  "dvars_std": 1.1157050549518566,
  "dvars_vstd": 0.9890557246492434,
  "efc": 0.4600296658809477,
  "fber": 2197.484130859375,
  "fd_mean": 0.08781650053239061,
  "fd_num": 5,
  "fd_perc": 0.6868131868131868,
  "fwhm_avg": 1.673086284427906,
  "fwhm_x": 1.6017833009708737,
  "fwhm_y": 1.7972349514563106,
  "fwhm_z": 1.6202406008565338,
  "gcor": 0.0250319,
  "gsr_x": -0.012634025886654854,
  "gsr_y": 0.019141266122460365,
  "provenance": {
    "md5sum": "3f212dbc3e00ce223ece928aeebc353a",
    "settings": {
      "fd_thres": 0.2,
      "testing": false
    },
    "software": "mriqc",
    "version": "22.0.6",
    "webapi_port": null,
    "webapi_url": "https://mriqc.nimh.nih.gov/api/v1"
  },
  "size_t": 728,
  "size_x": 64,
  "size_y": 64,
  "size_z": 40,
  "snr": 2.7117196824279373,
  "spacing_tr": 0.9100000262260437,
  "spacing_x": 3.21875,
  "spacing_y": 3.21875,
  "spacing_z": 3.200000047683716,
  "summary_bg_k": 75.49157569707369,
  "summary_bg_mad": 29.41988159023325,
  "summary_bg_mean": 82.94159698486328,
  "summary_bg_median": 45.475276947021484,
  "summary_bg_n": 104823.0,
  "summary_bg_p05": 17.934066772460938,
  "summary_bg_p95": 277.20440673828114,
  "summary_bg_stdv": 125.5595474243164,
  "summary_fg_k": 12.528835585861778,
  "summary_fg_mad": 460.8684017707102,
  "summary_fg_mean": 2319.711181640625,
  "summary_fg_median": 2165.8564453125,
  "summary_fg_n": 25006.0,
  "summary_fg_p05": 1517.3036499023438,
  "summary_fg_p95": 3616.402587890625,
  "summary_fg_stdv": 798.6862182617188,
  "tsnr": 28.021709132473916
}