{
  "bids_meta": {
    "AcquisitionMatrixPE": 240,
    "AcquisitionNumber": 1,
    "AcquisitionTime": "12:45:27.230000",
    "BaseResolution": 256,
    "BodyPartExamined": "BRAIN",
    "ConsistencyInfo": "N4_VE11C_LATEST_20160120",
    "ConversionSoftware": "dcm2niix",
    "ConversionSoftwareVersion": "v1.0.20210317",
    "DeviceSerialNumber": "45193",
    "DwellTime": 8.5e-06,
    "EchoTime": 0.00207,
    "FlipAngle": 9,
    "ImageOrientationPatientDICOM": [
      0.0472173,
      0.998885,
      1.61573e-08,
      -0.0470226,
      0.00222278,
      -0.998891
    ],
    "ImageType": [
      "ORIGINAL",
      "PRIMARY",
      "M",
      "ND",
      "NORM"
    ],
    "ImagingFrequency": 123.252,
    "InPlanePhaseEncodingDirectionDICOM": "ROW",
    "InstitutionAddress": "Blackburn Road 770,Clayton,Victoria,AU,3800",
    "InstitutionName": "Monash Biomedical Imaging",
    "InstitutionalDepartmentName": "Department",
    "InversionTime": 0.9,
    "MRAcquisitionType": "3D",
    "MagneticFieldStrength": 3,
    "Manufacturer": "Siemens",
    "ManufacturersModelName": "Skyra",
    "Modality": "MR",
    "ParallelReductionFactorInPlane": 3,
    "PartialFourier": 1,
    "PatientPosition": "HFS",
    "PercentPhaseFOV": 93.75,
    "PercentSampling": 100,
    "PhaseEncodingSteps": 238,
    "PhaseResolution": 1,
    "PixelBandwidth": 230,
    "ProcedureStepDescription": "MR Scan",
    "ProtocolName": "t1_mprage_sag_p3_iso_1",
    "PulseSequenceDetails": "%SiemensSeq%\\tfl",
    "ReceiveCoilActiveElements": "HEA;HEP",
    "ReceiveCoilName": "Head_32",
    "ReconMatrixPE": 240,
    "RefLinesPE": 32,
    "RepetitionTime": 2.3,
    "SAR": 0.0589539,
    "ScanOptions": "IR",
    "ScanningSequence": "GR\\IR",
    "SequenceName": "*tfl3d1_16ns",
    "SequenceVariant": "SK\\SP\\MP",
    "SeriesDescription": "t1_mprage_sag_p3_iso_1",
    "SeriesNumber": 2,
    "ShimSetting": [
      -4121,
      15461,
      -15515,
      -92,
      142,
      -177,
      -175,
      57
    ],
    "SliceThickness": 1,
    "SoftwareVersions": "syngo MR E11",
    "StationName": "AWP45193",
    "TxRefAmp": 394.306,
    "dataset": "<unset>",
    "modality": "T1w",
    "run_id": 1,
    "session_id": "02",
    "subject_id": "PC215"
  },
  "cjv": 0.3919410268090459,
  "cnr": 3.469333640631079,
  "efc": 0.5486440589153316,
  "fber": 8462.972098249118,
  "fwhm_avg": 3.6482733333333335,
  "fwhm_x": 3.63043,
  "fwhm_y": 3.70229,
  "fwhm_z": 3.6121,
  "icvs_csf": 0.17914771709911828,
  "icvs_gm": 0.4533352402200004,
  "icvs_wm": 0.3675170426808813,
  "inu_med": 0.540605902671814,
  "inu_range": 0.17865307033061978,
  "provenance": {
    "md5sum": "667b12a5f0e48e329108efa0903ec525",
    "settings": {
      "testing": false
    },
    "software": "mriqc",
    "version": "22.0.6",
    "warnings": {
      "large_rot_frame": true,
      "small_air_mask": false
    },
    "webapi_port": null,
    "webapi_url": "https://mriqc.nimh.nih.gov/api/v1"
  },
  "qi_1": 0.0,
  "qi_2": 0.021579312670912006,
  "rpve_csf": 24.72624539962796,
  "rpve_gm": 10.737294522923266,
  "rpve_wm": 14.761072658245741,
  "size_x": 192,
  "size_y": 240,
  "size_z": 256,
  "snr_csf": 1.5880521297158048,
  "snr_gm": 11.340742211323025,
  "snr_total": 10.716068685661538,
  "snr_wm": 19.219411715945782,
  "snrd_csf": 13.268759889137108,
  "snrd_gm": 34.189330822018405,
  "snrd_total": 31.80431129875488,
  "snrd_wm": 47.95484318510913,
  "spacing_x": 1.0,
  "spacing_y": 1.0,
  "spacing_z": 1.0,
  "summary_bg_k": 13389.252538047349,
  "summary_bg_mad": 0.0,
  "summary_bg_mean": 5.665908732811215,
  "summary_bg_median": 0.0,
  "summary_bg_n": 3331867.0,
  "summary_bg_p05": 0.0,
  "summary_bg_p95": 21.526325650513172,
  "summary_bg_stdv": 13.662176411667772,
  "summary_csf_k": 23.645489747212537,
  "summary_csf_mad": 108.77864522710641,
  "summary_csf_mean": 297.21623155308555,
  "summary_csf_median": 276.7059476003051,
  "summary_csf_n": 29438.0,
  "summary_csf_p05": 85.90096882656218,
  "summary_csf_p95": 526.3733095601201,
  "summary_csf_stdv": 174.23939842644205,
  "summary_gm_k": -0.06156549289633073,
  "summary_gm_mad": 62.84362146540086,
  "summary_gm_mean": 713.1606297619213,
  "summary_gm_median": 712.9823180139065,
  "summary_gm_n": 33961.0,
  "summary_gm_p05": 608.9621704444289,
  "summary_gm_p95": 816.4797512739897,
  "summary_gm_stdv": 62.86817984010989,
  "summary_wm_k": 0.46365339468398226,
  "summary_wm_mad": 49.66900575460494,
  "summary_wm_mean": 1001.4632469538827,
  "summary_wm_median": 1000.0475128367543,
  "summary_wm_n": 228143.0,
  "summary_wm_p05": 918.8367169499397,
  "summary_wm_p95": 1088.6713480204344,
  "summary_wm_stdv": 52.033086959296455,
  "tpm_overlap_csf": 0.14128708226854533,
  "tpm_overlap_gm": 0.4538828213163791,
  "tpm_overlap_wm": 0.48732472557393736,
  "wm2max": 0.34867538148019284
}