{
  "bids_meta": {
    "AcquisitionMatrixPE": 256,
    "AcquisitionNumber": 1,
    "AcquisitionTime": "09:23:22.235000",
    "BaseResolution": 256,
    "BodyPartExamined": "BRAIN",
    "ConsistencyInfo": "N4_VE11C_LATEST_20160120",
    "ConversionSoftware": "dcm2niix",
    "ConversionSoftwareVersion": "v1.0.20210317",
    "DeviceSerialNumber": "45193",
    "DwellTime": 2.8e-06,
    "EchoTime": 0.452,
    "EchoTrainLength": 270,
    "FlipAngle": 120,
    "ImageOrientationPatientDICOM": [
      0.0402874,
      0.999188,
      -1.0836e-08,
      0.0870203,
      -0.00350868,
      -0.9962
    ],
    "ImageType": [
      "ORIGINAL",
      "PRIMARY",
      "M",
      "ND",
      "NORM"
    ],
    "ImagingFrequency": 123.247,
    "InPlanePhaseEncodingDirectionDICOM": "ROW",
    "InstitutionAddress": "Blackburn Road 770,Clayton,Victoria,AU,3800",
    "InstitutionName": "Monash Biomedical Imaging",
    "InstitutionalDepartmentName": "Department",
    "MRAcquisitionType": "3D",
    "MagneticFieldStrength": 3,
    "Manufacturer": "Siemens",
    "ManufacturersModelName": "Skyra",
    "Modality": "MR",
    "ParallelReductionFactorInPlane": 2,
    "PartialFourier": 1,
    "PatientPosition": "HFS",
    "PercentPhaseFOV": 100,
    "PercentSampling": 100,
    "PhaseEncodingDirection": "i",
    "PhaseEncodingSteps": 245,
    "PhaseResolution": 1,
    "PixelBandwidth": 700,
    "ProcedureStepDescription": "MR Scan",
    "ProtocolName": "t2_space_sag_p2_iso",
    "PulseSequenceDetails": "%SiemensSeq%\\tse_vfl",
    "ReceiveCoilActiveElements": "HEA;HEP",
    "ReceiveCoilName": "Head_32",
    "ReconMatrixPE": 256,
    "RefLinesPE": 24,
    "RepetitionTime": 3.2,
    "SAR": 0.295639,
    "ScanOptions": "PFP",
    "ScanningSequence": "SE",
    "SequenceName": "*spcR_282ns",
    "SequenceVariant": "SK\\SP",
    "SeriesDescription": "t2_space_sag_p2_iso",
    "SeriesNumber": 4,
    "ShimSetting": [
      -4085,
      15379,
      -15541,
      -112,
      159,
      -108,
      -206,
      160
    ],
    "SliceThickness": 1,
    "SoftwareVersions": "syngo MR E11",
    "StationName": "AWP45193",
    "TxRefAmp": 394.867,
    "dataset": "<unset>",
    "modality": "T2w",
    "run_id": 1,
    "session_id": "01",
    "subject_id": "PC031"
  },
  "cjv": 0.4279902777329273,
  "cnr": 2.7194631896220285,
  "efc": 0.5033403814353166,
  "fber": 2427.339887341907,
  "fwhm_avg": 2.7554633333333336,
  "fwhm_x": 2.73569,
  "fwhm_y": 2.95635,
  "fwhm_z": 2.57435,
  "icvs_csf": 0.19839163711798613,
  "icvs_gm": 0.22382049022406583,
  "icvs_wm": 0.5777878726579481,
  "inu_med": 0.9180160164833069,
  "inu_range": 0.22005592286586761,
  "provenance": {
    "md5sum": "a6c1ea954e67f6c6c94952d0de68331a",
    "settings": {
      "testing": false
    },
    "software": "mriqc",
    "version": "22.0.6",
    "warnings": {
      "large_rot_frame": true,
      "small_air_mask": false
    },
    "webapi_port": null,
    "webapi_url": "https://mriqc.nimh.nih.gov/api/v1"
  },
  "qi_1": 0.03858791328682588,
  "qi_2": 0.03272115293428182,
  "rpve_csf": 27.028575124050512,
  "rpve_gm": 17.01183652066349,
  "rpve_wm": 9.533935409811102,
  "size_x": 176,
  "size_y": 256,
  "size_z": 256,
  "snr_csf": 4.101488571925455,
  "snr_gm": 7.114853461061422,
  "snr_total": 6.314198049788168,
  "snr_wm": 7.726252116377626,
  "snrd_csf": 314.56821057941994,
  "snrd_gm": 103.3242510761009,
  "snrd_total": 158.8699532978791,
  "snrd_wm": 58.71739823811654,
  "spacing_x": 1.0,
  "spacing_y": 1.0,
  "spacing_z": 1.0,
  "summary_bg_k": 136.7918636313294,
  "summary_bg_mad": 0.0,
  "summary_bg_mean": 4.506331729256923,
  "summary_bg_median": 0.0,
  "summary_bg_n": 591858.0,
  "summary_bg_p05": 0.0,
  "summary_bg_p95": 20.863162010908127,
  "summary_bg_stdv": 11.160872533327465,
  "summary_csf_k": 3.1566226328625637,
  "summary_csf_mad": 731.2937650592334,
  "summary_csf_mean": 4770.787081647748,
  "summary_csf_median": 5358.969065546989,
  "summary_csf_n": 63834.0,
  "summary_csf_p05": 2144.0222754273564,
  "summary_csf_p95": 5907.854313157499,
  "summary_csf_stdv": 1306.5810121339,
  "summary_gm_k": 1.7968205450652377,
  "summary_gm_mad": 203.9374070090543,
  "summary_gm_mean": 1776.4862978628375,
  "summary_gm_median": 1760.227024268359,
  "summary_gm_n": 6896.0,
  "summary_gm_p05": 1408.6213821433485,
  "summary_gm_p95": 2229.4947639107704,
  "summary_gm_stdv": 247.3837869753139,
  "summary_wm_k": 0.5889169460682293,
  "summary_wm_mad": 121.30105993103602,
  "summary_wm_mean": 1004.6221524785406,
  "summary_wm_median": 1000.3068021014333,
  "summary_wm_n": 333198.0,
  "summary_wm_p05": 798.6295693293214,
  "summary_wm_p95": 1221.0063296481967,
  "summary_wm_stdv": 129.46837431181996,
  "tpm_overlap_csf": 0.12558420090588188,
  "tpm_overlap_gm": 0.2752885009613238,
  "tpm_overlap_wm": 0.4333145353950512,
  "wm2max": 0.17024350338537586
}