{
  "bids_meta": {
    "AcquisitionMatrixPE": 256,
    "AcquisitionNumber": 1,
    "AcquisitionTime": "10:14:50.445000",
    "BaseResolution": 256,
    "BodyPartExamined": "BRAIN",
    "ConsistencyInfo": "N4_VE11C_LATEST_20160120",
    "ConversionSoftware": "dcm2niix",
    "ConversionSoftwareVersion": "v1.0.20210317",
    "DeviceSerialNumber": "45193",
    "DwellTime": 2.8e-06,
    "EchoTime": 0.452,
    "EchoTrainLength": 270,
    "FlipAngle": 120,
    "ImageOrientationPatientDICOM": [
      0.0401345,
      0.999194,
      -6.8788e-08,
      0.00349051,
      -0.000140272,
      -0.999994
    ],
    "ImageType": [
      "ORIGINAL",
      "PRIMARY",
      "M",
      "ND",
      "NORM"
    ],
    "ImagingFrequency": 123.252,
    "InPlanePhaseEncodingDirectionDICOM": "ROW",
    "InstitutionAddress": "Blackburn Road 770,Clayton,Victoria,AU,3800",
    "InstitutionName": "Monash Biomedical Imaging",
    "InstitutionalDepartmentName": "Department",
    "MRAcquisitionType": "3D",
    "MagneticFieldStrength": 3,
    "Manufacturer": "Siemens",
    "ManufacturersModelName": "Skyra",
    "Modality": "MR",
    "ParallelReductionFactorInPlane": 2,
    "PartialFourier": 1,
    "PatientPosition": "HFS",
    "PercentPhaseFOV": 100,
    "PercentSampling": 100,
    "PhaseEncodingDirection": "i",
    "PhaseEncodingSteps": 245,
    "PhaseResolution": 1,
    "PixelBandwidth": 700,
    "ProcedureStepDescription": "MR Scan",
    "ProtocolName": "t2_space_sag_p2_iso",
    "PulseSequenceDetails": "%SiemensSeq%\\tse_vfl",
    "ReceiveCoilActiveElements": "HEA;HEP",
    "ReceiveCoilName": "Head_32",
    "ReconMatrixPE": 256,
    "RefLinesPE": 24,
    "RepetitionTime": 3.2,
    "SAR": 0.252896,
    "ScanOptions": "PFP",
    "ScanningSequence": "SE",
    "SequenceName": "*spcR_282ns",
    "SequenceVariant": "SK\\SP",
    "SeriesDescription": "t2_space_sag_p2_iso",
    "SeriesNumber": 4,
    "ShimSetting": [
      -4121,
      15461,
      -15515,
      -92,
      142,
      -177,
      -175,
      57
    ],
    "SliceThickness": 1,
    "SoftwareVersions": "syngo MR E11",
    "StationName": "AWP45193",
    "TxRefAmp": 370.802,
    "dataset": "<unset>",
    "modality": "T2w",
    "run_id": 1,
    "session_id": "01",
    "subject_id": "PC216"
  },
  "cjv": 0.40428397667218624,
  "cnr": 3.2052869021755517,
  "efc": 0.510892831775453,
  "fber": -1.0,
  "fwhm_avg": 2.7075366666666665,
  "fwhm_x": 2.70701,
  "fwhm_y": 2.88338,
  "fwhm_z": 2.53222,
  "icvs_csf": 0.1791857471773688,
  "icvs_gm": 0.3544361061326817,
  "icvs_wm": 0.4663781466899495,
  "inu_med": 0.9449406862258911,
  "inu_range": 0.17619585990905762,
  "provenance": {
    "md5sum": "4128a6007706aee6267163bf43fbc22b",
    "settings": {
      "testing": false
    },
    "software": "mriqc",
    "version": "22.0.6",
    "warnings": {
      "large_rot_frame": true,
      "small_air_mask": false
    },
    "webapi_port": null,
    "webapi_url": "https://mriqc.nimh.nih.gov/api/v1"
  },
  "qi_1": 0.0018770285846567863,
  "qi_2": 0.04975941084813908,
  "rpve_csf": 36.47154456067543,
  "rpve_gm": 16.494898778397378,
  "rpve_wm": 14.937215511461874,
  "size_x": 176,
  "size_y": 256,
  "size_z": 256,
  "snr_csf": 3.0881788444768317,
  "snr_gm": 9.72850572361775,
  "snr_total": 7.825783505971011,
  "snr_wm": 10.660665949818451,
  "snrd_csf": 71.50139376966321,
  "snrd_gm": 25.74108195822616,
  "snrd_total": 37.67973846286444,
  "snrd_wm": 15.796739660703949,
  "spacing_x": 1.0,
  "spacing_y": 1.0,
  "spacing_z": 1.0,
  "summary_bg_k": 2462.6999889877857,
  "summary_bg_mad": 0.0,
  "summary_bg_mean": 4.638195451461371,
  "summary_bg_median": 0.0,
  "summary_bg_n": 711065.0,
  "summary_bg_p05": 0.0,
  "summary_bg_p95": 21.747535094618797,
  "summary_bg_stdv": 41.47288671631486,
  "summary_csf_k": 1.4855786518608474,
  "summary_csf_mad": 1241.138382506423,
  "summary_csf_mean": 4402.6933766994625,
  "summary_csf_median": 4526.338643170893,
  "summary_csf_n": 34522.0,
  "summary_csf_p05": 509.0131408534945,
  "summary_csf_p95": 6033.5394809395075,
  "summary_csf_stdv": 1465.677123423472,
  "summary_gm_k": 0.3253769406585292,
  "summary_gm_mad": 165.37047608964465,
  "summary_gm_mean": 1627.9496784349449,
  "summary_gm_median": 1629.5186407119036,
  "summary_gm_n": 14401.0,
  "summary_gm_p05": 1356.4662556350231,
  "summary_gm_p95": 1898.9947644621134,
  "summary_gm_stdv": 167.49356061891964,
  "summary_wm_k": 0.464961835151116,
  "summary_wm_mad": 89.13382680048437,
  "summary_wm_mean": 995.9697169189001,
  "summary_wm_median": 999.9999915063381,
  "summary_wm_n": 157696.0,
  "summary_wm_p05": 835.2020033448935,
  "summary_wm_p95": 1140.1507732272148,
  "summary_wm_stdv": 93.80247214864666,
  "tpm_overlap_csf": 0.13508037902108563,
  "tpm_overlap_gm": 0.3746143393830009,
  "tpm_overlap_wm": 0.4557674019618144,
  "wm2max": 0.16848790815080206
}