{
  "aor": 0.008860099206349207,
  "aqi": 0.028056396825396825,
  "bids_meta": {
    "AcquisitionMatrixPE": 64,
    "AcquisitionNumber": 1,
    "AcquisitionTime": "14:15:56.115000",
    "BandwidthPerPixelPhaseEncode": 62.5,
    "BaseResolution": 64,
    "BodyPartExamined": "BRAIN",
    "ConsistencyInfo": "N4_VE11C_LATEST_20160120",
    "ConversionSoftware": "dcm2niix",
    "ConversionSoftwareVersion": "v1.0.20210317",
    "DerivedVendorReportedEchoSpacing": 0.0005,
    "DeviceSerialNumber": "45193",
    "DwellTime": 3.1e-06,
    "EchoNumber": 3,
    "EchoTime": 0.04586,
    "EchoTrainLength": 31,
    "EffectiveEchoSpacing": 0.00025,
    "FlipAngle": 56,
    "ImageComments": "Unaliased MB4/PE4/LB",
    "ImageOrientationPatientDICOM": [
      0.999633,
      0.00440093,
      0.0267327,
      7.9014e-11,
      0.986718,
      -0.162441
    ],
    "ImageType": [
      "ORIGINAL",
      "PRIMARY",
      "M",
      "MB",
      "TE3",
      "ND",
      "NORM",
      "MOSAIC"
    ],
    "ImagingFrequency": 123.252,
    "InPlanePhaseEncodingDirectionDICOM": "ROW",
    "InstitutionAddress": "Blackburn Road 770,Clayton,Victoria,AU,3800",
    "InstitutionName": "Monash Biomedical Imaging",
    "InstitutionalDepartmentName": "Department",
    "MRAcquisitionType": "2D",
    "MagneticFieldStrength": 3,
    "Manufacturer": "Siemens",
    "ManufacturersModelName": "Skyra",
    "Modality": "MR",
    "MultibandAccelerationFactor": 4,
    "ParallelReductionFactorInPlane": 2,
    "PartialFourier": 1,
    "PatientPosition": "HFS",
    "PercentPhaseFOV": 100,
    "PercentSampling": 100,
    "PhaseEncodingDirection": "i",
    "PhaseEncodingSteps": 63,
    "PhaseResolution": 1,
    "PixelBandwidth": 2520,
    "ProcedureStepDescription": "MR Scan",
    "ProtocolName": "Rest_R-L_mmb_4_4_cmrr_mbep2d_bold_TE_12.6_29.23_45.86_62.49",
    "PulseSequenceDetails": "%CustomerSeq%\\cmrr_mbep2d_bold",
    "ReceiveCoilActiveElements": "HEA;HEP",
    "ReceiveCoilName": "Head_32",
    "ReconMatrixPE": 64,
    "RefLinesPE": 24,
    "RepetitionTime": 0.91,
    "SAR": 0.0855094,
    "ScanOptions": "FS",
    "ScanningSequence": "EP",
    "SequenceName": "epfid2d4_64",
    "SequenceVariant": "SK\\SS",
    "SeriesDescription": "Rest_R-L_mmb_4_4_cmrr_mbep2d_bold_TE_12.6_29.23_45.86_62.49",
    "SeriesNumber": 5,
    "ShimSetting": [
      -4093,
      15351,
      -15125,
      508,
      108,
      21,
      -357,
      -108
    ],
    "SliceThickness": 3.2,
    "SliceTiming": [
      0,
      0.625,
      0.3575,
      0.09,
      0.7125,
      0.445,
      0.18,
      0.8025,
      0.535,
      0.2675,
      0,
      0.625,
      0.3575,
      0.09,
      0.7125,
      0.445,
      0.18,
      0.8025,
      0.535,
      0.2675,
      0,
      0.625,
      0.3575,
      0.09,
      0.7125,
      0.445,
      0.18,
      0.8025,
      0.535,
      0.2675,
      0,
      0.625,
      0.3575,
      0.09,
      0.7125,
      0.445,
      0.18,
      0.8025,
      0.535,
      0.2675
    ],
    "SoftwareVersions": "syngo MR E11",
    "SpacingBetweenSlices": 3.2,
    "StationName": "AWP45193",
    "TaskName": "rest",
    "TotalReadoutTime": 0.01575,
    "TxRefAmp": 382.808,
    "WipMemBlock": "eccaf450-5066-4827-af12-fda9d868c55f||Sequence: R016 ve11c/master r/e634e98; Dec 19 2017 11:00:25 by eja",
    "dataset": "<unset>",
    "modality": "bold",
    "run_id": 1,
    "session_id": "01",
    "subject_id": "PC210",
    "task_id": "rest"
  },
  "dummy_trs": 0,
  "dvars_nstd": 46.35215357335985,
  "dvars_std": 1.070232284612326,
  "dvars_vstd": 1.0168120220874741,
  "efc": 0.5250972988872624,
  "fber": 2855.012451171875,
  "fd_mean": 0.287037097620562,
  "fd_num": 101,
  "fd_perc": 20.03968253968254,
  "fwhm_avg": 1.6766508270935574,
  "fwhm_x": 1.6378935922330096,
  "fwhm_y": 1.7286120388349515,
  "fwhm_z": 1.6634468502127104,
  "gcor": 0.0198148,
  "gsr_x": 0.005716744344681501,
  "gsr_y": 0.020831510424613953,
  "provenance": {
    "md5sum": "443be3c0559cbbcf9f663484adbf500f",
    "settings": {
      "fd_thres": 0.2,
      "testing": false
    },
    "software": "mriqc",
    "version": "22.0.6",
    "webapi_port": null,
    "webapi_url": "https://mriqc.nimh.nih.gov/api/v1"
  },
  "size_t": 504,
  "size_x": 64,
  "size_y": 64,
  "size_z": 40,
  "snr": 4.089160751165181,
  "spacing_tr": 0.9100000262260437,
  "spacing_x": 3.21875,
  "spacing_y": 3.21875,
  "spacing_z": 3.200000047683716,
  "summary_bg_k": 127.76336158472651,
  "summary_bg_mad": 47.428566227744014,
  "summary_bg_mean": 122.20718383789062,
  "summary_bg_median": 58.79365539550781,
  "summary_bg_n": 92825.0,
  "summary_bg_p05": 18.087303161621094,
  "summary_bg_p95": 438.54327392578136,
  "summary_bg_stdv": 222.075927734375,
  "summary_fg_k": 4.810878862220499,
  "summary_fg_mad": 615.3195556756564,
  "summary_fg_mean": 3289.378662109375,
  "summary_fg_median": 3168.3701171875,
  "summary_fg_n": 34826.0,
  "summary_fg_p05": 2335.2402954101562,
  "summary_fg_p95": 4594.0955810546875,
  "summary_fg_stdv": 774.8104858398438,
  "tsnr": 23.889670863747597
}