{
  "aor": 0.0042614758620689655,
  "aqi": 0.021267390179310345,
  "bids_meta": {
    "AcquisitionMatrixPE": 64,
    "AcquisitionNumber": 1,
    "AcquisitionTime": "14:45:56.830000",
    "BandwidthPerPixelPhaseEncode": 62.5,
    "BaseResolution": 64,
    "BodyPartExamined": "BRAIN",
    "ConsistencyInfo": "N4_VE11C_LATEST_20160120",
    "ConversionSoftware": "dcm2niix",
    "ConversionSoftwareVersion": "v1.0.20210317",
    "DerivedVendorReportedEchoSpacing": 0.0005,
    "DeviceSerialNumber": "45193",
    "DwellTime": 3.1e-06,
    "EchoNumber": 1,
    "EchoTime": 0.0126,
    "EchoTrainLength": 31,
    "EffectiveEchoSpacing": 0.00025,
    "FlipAngle": 56,
    "ImageComments": "Unaliased MB4/PE4/LB",
    "ImageOrientationPatientDICOM": [
      0.999633,
      0.00440093,
      0.0267327,
      7.9014e-11,
      0.986718,
      -0.162441
    ],
    "ImageType": [
      "ORIGINAL",
      "PRIMARY",
      "M",
      "MB",
      "TE1",
      "ND",
      "NORM",
      "MOSAIC"
    ],
    "ImagingFrequency": 123.252,
    "InPlanePhaseEncodingDirectionDICOM": "ROW",
    "InstitutionAddress": "Blackburn Road 770,Clayton,Victoria,AU,3800",
    "InstitutionName": "Monash Biomedical Imaging",
    "InstitutionalDepartmentName": "Department",
    "MRAcquisitionType": "2D",
    "MagneticFieldStrength": 3,
    "Manufacturer": "Siemens",
    "ManufacturersModelName": "Skyra",
    "Modality": "MR",
    "MultibandAccelerationFactor": 4,
    "ParallelReductionFactorInPlane": 2,
    "PartialFourier": 1,
    "PatientPosition": "HFS",
    "PercentPhaseFOV": 100,
    "PercentSampling": 100,
    "PhaseEncodingDirection": "i",
    "PhaseEncodingSteps": 63,
    "PhaseResolution": 1,
    "PixelBandwidth": 2520,
    "ProcedureStepDescription": "MR Scan",
    "ProtocolName": "Music_R-L_mmb_4_4_cmrr_mbep2d_bold_TE_12.6_29.23_45.86_62.49",
    "PulseSequenceDetails": "%CustomerSeq%\\cmrr_mbep2d_bold",
    "ReceiveCoilActiveElements": "HEA;HEP",
    "ReceiveCoilName": "Head_32",
    "ReconMatrixPE": 64,
    "RefLinesPE": 24,
    "RepetitionTime": 0.91,
    "SAR": 0.085956,
    "ScanOptions": "FS",
    "ScanningSequence": "EP",
    "SequenceName": "epfid2d4_64",
    "SequenceVariant": "SK\\SS",
    "SeriesDescription": "Music_R-L_mmb_4_4_cmrr_mbep2d_bold_TE_12.6_29.23_45.86_62.49",
    "SeriesNumber": 13,
    "ShimSetting": [
      -4093,
      15351,
      -15125,
      508,
      108,
      21,
      -357,
      -108
    ],
    "SliceThickness": 3.2,
    "SliceTiming": [
      0,
      0.6225,
      0.355,
      0.0875,
      0.7125,
      0.445,
      0.1775,
      0.8,
      0.5325,
      0.2675,
      0,
      0.6225,
      0.355,
      0.0875,
      0.7125,
      0.445,
      0.1775,
      0.8,
      0.5325,
      0.2675,
      0,
      0.6225,
      0.355,
      0.0875,
      0.7125,
      0.445,
      0.1775,
      0.8,
      0.5325,
      0.2675,
      0,
      0.6225,
      0.355,
      0.0875,
      0.7125,
      0.445,
      0.1775,
      0.8,
      0.5325,
      0.2675
    ],
    "SoftwareVersions": "syngo MR E11",
    "SpacingBetweenSlices": 3.2,
    "StationName": "AWP45193",
    "TaskName": "music",
    "TotalReadoutTime": 0.01575,
    "TxRefAmp": 382.808,
    "WipMemBlock": "15663c2d-2afb-4417-830e-c43e11be6712||Sequence: R016 ve11c/master r/e634e98; Dec 19 2017 11:00:25 by eja",
    "dataset": "<unset>",
    "modality": "bold",
    "run_id": 1,
    "session_id": "01",
    "subject_id": "PC210",
    "task_id": "music"
  },
  "dummy_trs": 3,
  "dvars_nstd": 27.452134640814908,
  "dvars_std": 1.019720367389503,
  "dvars_vstd": 0.9823738754972363,
  "efc": 0.590793726260063,
  "fber": 3918.571044921875,
  "fd_mean": 0.2673354142846351,
  "fd_num": 183,
  "fd_perc": 25.24137931034483,
  "fwhm_avg": 2.267657844415496,
  "fwhm_x": 2.0547355339805824,
  "fwhm_y": 2.4185755339805826,
  "fwhm_z": 2.3296624652853244,
  "gcor": 0.00903647,
  "gsr_x": 0.044561717659235,
  "gsr_y": 0.0649656131863594,
  "provenance": {
    "md5sum": "0184cfb9a34d2b3f544b25450de20507",
    "settings": {
      "fd_thres": 0.2,
      "testing": false
    },
    "software": "mriqc",
    "version": "22.0.6",
    "webapi_port": null,
    "webapi_url": "https://mriqc.nimh.nih.gov/api/v1"
  },
  "size_t": 725,
  "size_x": 64,
  "size_y": 64,
  "size_z": 40,
  "snr": 6.871631056156218,
  "spacing_tr": 0.9100000262260437,
  "spacing_x": 3.21875,
  "spacing_y": 3.21875,
  "spacing_z": 3.200000047683716,
  "summary_bg_k": 6.140691960069795,
  "summary_bg_mad": 103.03779163616176,
  "summary_bg_mean": 495.737060546875,
  "summary_bg_median": 96.80138397216797,
  "summary_bg_n": 89097.0,
  "summary_bg_p05": 17.225931930541993,
  "summary_bg_p95": 2485.56279296875,
  "summary_bg_stdv": 867.2820434570312,
  "summary_fg_k": 0.9167104376524455,
  "summary_fg_mad": 838.2765422046878,
  "summary_fg_mean": 6050.52099609375,
  "summary_fg_median": 5993.55322265625,
  "summary_fg_n": 39078.0,
  "summary_fg_p05": 4744.101831054688,
  "summary_fg_p95": 7570.658740234376,
  "summary_fg_stdv": 872.205810546875,
  "tsnr": 37.686690225382335
}