{
  "aor": 0.00892904761904762,
  "aqi": 0.02223900367063492,
  "bids_meta": {
    "AcquisitionMatrixPE": 64,
    "AcquisitionNumber": 1,
    "AcquisitionTime": "14:15:56.100000",
    "BandwidthPerPixelPhaseEncode": 62.5,
    "BaseResolution": 64,
    "BodyPartExamined": "BRAIN",
    "ConsistencyInfo": "N4_VE11C_LATEST_20160120",
    "ConversionSoftware": "dcm2niix",
    "ConversionSoftwareVersion": "v1.0.20210317",
    "DerivedVendorReportedEchoSpacing": 0.0005,
    "DeviceSerialNumber": "45193",
    "DwellTime": 3.1e-06,
    "EchoNumber": 2,
    "EchoTime": 0.02923,
    "EchoTrainLength": 31,
    "EffectiveEchoSpacing": 0.00025,
    "FlipAngle": 56,
    "ImageComments": "Unaliased MB4/PE4/LB",
    "ImageOrientationPatientDICOM": [
      0.999633,
      0.00440093,
      0.0267327,
      7.9014e-11,
      0.986718,
      -0.162441
    ],
    "ImageType": [
      "ORIGINAL",
      "PRIMARY",
      "M",
      "MB",
      "TE2",
      "ND",
      "NORM",
      "MOSAIC"
    ],
    "ImagingFrequency": 123.252,
    "InPlanePhaseEncodingDirectionDICOM": "ROW",
    "InstitutionAddress": "Blackburn Road 770,Clayton,Victoria,AU,3800",
    "InstitutionName": "Monash Biomedical Imaging",
    "InstitutionalDepartmentName": "Department",
    "MRAcquisitionType": "2D",
    "MagneticFieldStrength": 3,
    "Manufacturer": "Siemens",
    "ManufacturersModelName": "Skyra",
    "Modality": "MR",
    "MultibandAccelerationFactor": 4,
    "ParallelReductionFactorInPlane": 2,
    "PartialFourier": 1,
    "PatientPosition": "HFS",
    "PercentPhaseFOV": 100,
    "PercentSampling": 100,
    "PhaseEncodingDirection": "i",
    "PhaseEncodingSteps": 63,
    "PhaseResolution": 1,
    "PixelBandwidth": 2520,
    "ProcedureStepDescription": "MR Scan",
    "ProtocolName": "Rest_R-L_mmb_4_4_cmrr_mbep2d_bold_TE_12.6_29.23_45.86_62.49",
    "PulseSequenceDetails": "%CustomerSeq%\\cmrr_mbep2d_bold",
    "ReceiveCoilActiveElements": "HEA;HEP",
    "ReceiveCoilName": "Head_32",
    "ReconMatrixPE": 64,
    "RefLinesPE": 24,
    "RepetitionTime": 0.91,
    "SAR": 0.0855094,
    "ScanOptions": "FS",
    "ScanningSequence": "EP",
    "SequenceName": "epfid2d4_64",
    "SequenceVariant": "SK\\SS",
    "SeriesDescription": "Rest_R-L_mmb_4_4_cmrr_mbep2d_bold_TE_12.6_29.23_45.86_62.49",
    "SeriesNumber": 5,
    "ShimSetting": [
      -4093,
      15351,
      -15125,
      508,
      108,
      21,
      -357,
      -108
    ],
    "SliceThickness": 3.2,
    "SliceTiming": [
      0,
      0.6225,
      0.355,
      0.0875,
      0.71,
      0.445,
      0.1775,
      0.8,
      0.5325,
      0.265,
      0,
      0.6225,
      0.355,
      0.0875,
      0.71,
      0.445,
      0.1775,
      0.8,
      0.5325,
      0.265,
      0,
      0.6225,
      0.355,
      0.0875,
      0.71,
      0.445,
      0.1775,
      0.8,
      0.5325,
      0.265,
      0,
      0.6225,
      0.355,
      0.0875,
      0.71,
      0.445,
      0.1775,
      0.8,
      0.5325,
      0.265
    ],
    "SoftwareVersions": "syngo MR E11",
    "SpacingBetweenSlices": 3.2,
    "StationName": "AWP45193",
    "TaskName": "rest",
    "TotalReadoutTime": 0.01575,
    "TxRefAmp": 382.808,
    "WipMemBlock": "eccaf450-5066-4827-af12-fda9d868c55f||Sequence: R016 ve11c/master r/e634e98; Dec 19 2017 11:00:25 by eja",
    "dataset": "<unset>",
    "modality": "bold",
    "run_id": 1,
    "session_id": "01",
    "subject_id": "PC210",
    "task_id": "rest"
  },
  "dummy_trs": 0,
  "dvars_nstd": 36.55168971669977,
  "dvars_std": 1.0891239143339966,
  "dvars_vstd": 1.0281737917296219,
  "efc": 0.5567040493493307,
  "fber": 2853.030517578125,
  "fd_mean": 0.28569454760523233,
  "fd_num": 100,
  "fd_perc": 19.841269841269842,
  "fwhm_avg": 1.8086247301998533,
  "fwhm_x": 1.7626998058252425,
  "fwhm_y": 1.875833786407767,
  "fwhm_z": 1.7873405983665498,
  "gcor": 0.0229634,
  "gsr_x": 0.019036155194044113,
  "gsr_y": 0.03193105757236481,
  "provenance": {
    "md5sum": "85cdaa5d9856fbce90cf1d64d7659bb0",
    "settings": {
      "fd_thres": 0.2,
      "testing": false
    },
    "software": "mriqc",
    "version": "22.0.6",
    "webapi_port": null,
    "webapi_url": "https://mriqc.nimh.nih.gov/api/v1"
  },
  "size_t": 504,
  "size_x": 64,
  "size_y": 64,
  "size_z": 40,
  "snr": 5.53515356978671,
  "spacing_tr": 0.9100000262260437,
  "spacing_x": 3.21875,
  "spacing_y": 3.21875,
  "spacing_z": 3.200000047683716,
  "summary_bg_k": 36.42726125415703,
  "summary_bg_mad": 78.79413983046001,
  "summary_bg_mean": 225.5567169189453,
  "summary_bg_median": 81.11012268066406,
  "summary_bg_n": 90168.0,
  "summary_bg_p05": 19.024505615234375,
  "summary_bg_p95": 909.706311035156,
  "summary_bg_stdv": 413.7990417480469,
  "summary_fg_k": 1.5884010228645415,
  "summary_fg_mad": 726.3809765753593,
  "summary_fg_mean": 4444.087890625,
  "summary_fg_median": 4355.9228515625,
  "summary_fg_n": 37547.0,
  "summary_fg_p05": 3373.716357421875,
  "summary_fg_p95": 5841.359814453124,
  "summary_fg_stdv": 786.9456176757812,
  "tsnr": 30.98514543613419
}