{
  "aor": 0.009893084577114427,
  "aqi": 0.024131832039800998,
  "bids_meta": {
    "AcquisitionMatrixPE": 64,
    "AcquisitionNumber": 1,
    "AcquisitionTime": "14:38:29.727500",
    "BandwidthPerPixelPhaseEncode": 62.5,
    "BaseResolution": 64,
    "BodyPartExamined": "BRAIN",
    "ConsistencyInfo": "N4_VE11C_LATEST_20160120",
    "ConversionSoftware": "dcm2niix",
    "ConversionSoftwareVersion": "v1.0.20210317",
    "DerivedVendorReportedEchoSpacing": 0.0005,
    "DeviceSerialNumber": "45193",
    "DwellTime": 3.1e-06,
    "EchoNumber": 2,
    "EchoTime": 0.02923,
    "EchoTrainLength": 31,
    "EffectiveEchoSpacing": 0.00025,
    "FlipAngle": 56,
    "ImageComments": "Unaliased MB4/PE4/LB",
    "ImageOrientationPatientDICOM": [
      0.999633,
      0.00440093,
      0.0267327,
      7.9014e-11,
      0.986718,
      -0.162441
    ],
    "ImageType": [
      "ORIGINAL",
      "PRIMARY",
      "M",
      "MB",
      "TE2",
      "ND",
      "NORM",
      "MOSAIC"
    ],
    "ImagingFrequency": 123.252,
    "InPlanePhaseEncodingDirectionDICOM": "ROW",
    "InstitutionAddress": "Blackburn Road 770,Clayton,Victoria,AU,3800",
    "InstitutionName": "Monash Biomedical Imaging",
    "InstitutionalDepartmentName": "Department",
    "MRAcquisitionType": "2D",
    "MagneticFieldStrength": 3,
    "Manufacturer": "Siemens",
    "ManufacturersModelName": "Skyra",
    "Modality": "MR",
    "MultibandAccelerationFactor": 4,
    "ParallelReductionFactorInPlane": 2,
    "PartialFourier": 1,
    "PatientPosition": "HFS",
    "PercentPhaseFOV": 100,
    "PercentSampling": 100,
    "PhaseEncodingDirection": "i",
    "PhaseEncodingSteps": 63,
    "PhaseResolution": 1,
    "PixelBandwidth": 2520,
    "ProcedureStepDescription": "MR Scan",
    "ProtocolName": "Meditation_R-L_mmb_4_4_cmrr_mbep2d_bold_TE_12.6_29.23_45.86_62.5",
    "PulseSequenceDetails": "%CustomerSeq%\\cmrr_mbep2d_bold",
    "ReceiveCoilActiveElements": "HEA;HEP",
    "ReceiveCoilName": "Head_32",
    "ReconMatrixPE": 64,
    "RefLinesPE": 24,
    "RepetitionTime": 0.91,
    "SAR": 0.0851634,
    "ScanOptions": "FS",
    "ScanningSequence": "EP",
    "SequenceName": "epfid2d4_64",
    "SequenceVariant": "SK\\SS",
    "SeriesDescription": "Meditation_R-L_mmb_4_4_cmrr_mbep2d_bold_TE_12.6_29.23_45.86_62.5",
    "SeriesNumber": 11,
    "ShimSetting": [
      -4093,
      15351,
      -15125,
      508,
      108,
      21,
      -357,
      -108
    ],
    "SliceThickness": 3.2,
    "SliceTiming": [
      0,
      0.6225,
      0.3575,
      0.09,
      0.7125,
      0.445,
      0.1775,
      0.8025,
      0.535,
      0.2675,
      0,
      0.6225,
      0.3575,
      0.09,
      0.7125,
      0.445,
      0.1775,
      0.8025,
      0.535,
      0.2675,
      0,
      0.6225,
      0.3575,
      0.09,
      0.7125,
      0.445,
      0.1775,
      0.8025,
      0.535,
      0.2675,
      0,
      0.6225,
      0.3575,
      0.09,
      0.7125,
      0.445,
      0.1775,
      0.8025,
      0.535,
      0.2675
    ],
    "SoftwareVersions": "syngo MR E11",
    "SpacingBetweenSlices": 3.2,
    "StationName": "AWP45193",
    "TaskName": "meditation",
    "TotalReadoutTime": 0.01575,
    "TxRefAmp": 382.808,
    "WipMemBlock": "27abc7b9-b673-41b2-9abc-264f1a1d4b2a||Sequence: R016 ve11c/master r/e634e98; Dec 19 2017 11:00:25 by eja",
    "dataset": "<unset>",
    "modality": "bold",
    "run_id": 1,
    "session_id": "01",
    "subject_id": "PC210",
    "task_id": "meditation"
  },
  "dummy_trs": 3,
  "dvars_nstd": 33.808561558029936,
  "dvars_std": 1.1087316116209487,
  "dvars_vstd": 1.064233730049875,
  "efc": 0.5418392440269199,
  "fber": 4258.40478515625,
  "fd_mean": 0.21449783947040754,
  "fd_num": 69,
  "fd_perc": 17.16417910447761,
  "fwhm_avg": 1.8231541030078542,
  "fwhm_x": 1.7601677669902913,
  "fwhm_y": 1.8878601941747573,
  "fwhm_z": 1.8214343478585133,
  "gcor": 0.0171342,
  "gsr_x": 0.030179543420672417,
  "gsr_y": 0.03459247201681137,
  "provenance": {
    "md5sum": "3a6b3eb22fc4d7cbe412409a2e4256fc",
    "settings": {
      "fd_thres": 0.2,
      "testing": false
    },
    "software": "mriqc",
    "version": "22.0.6",
    "webapi_port": null,
    "webapi_url": "https://mriqc.nimh.nih.gov/api/v1"
  },
  "size_t": 402,
  "size_x": 64,
  "size_y": 64,
  "size_z": 40,
  "snr": 5.644422483745921,
  "spacing_tr": 0.9100000262260437,
  "spacing_x": 3.21875,
  "spacing_y": 3.21875,
  "spacing_z": 3.200000047683716,
  "summary_bg_k": 24.809392934940362,
  "summary_bg_mad": 67.35882282230475,
  "summary_bg_mean": 198.8212432861328,
  "summary_bg_median": 68.17288208007812,
  "summary_bg_n": 92480.0,
  "summary_bg_p05": 15.7610689163208,
  "summary_bg_p95": 822.147241210938,
  "summary_bg_stdv": 364.7726745605469,
  "summary_fg_k": 1.7677339865134511,
  "summary_fg_mad": 710.9446840435259,
  "summary_fg_mean": 4517.14404296875,
  "summary_fg_median": 4430.93505859375,
  "summary_fg_n": 36321.0,
  "summary_fg_p05": 3449.74609375,
  "summary_fg_p95": 5906.2412109375,
  "summary_fg_stdv": 785.0004272460938,
  "tsnr": 30.518436632468365
}