{
  "bids_meta": {
    "AcquisitionMatrixPE": 240,
    "AcquisitionNumber": 1,
    "AcquisitionTime": "14:36:20.080000",
    "BaseResolution": 256,
    "BodyPartExamined": "BRAIN",
    "ConsistencyInfo": "N4_VE11C_LATEST_20160120",
    "ConversionSoftware": "dcm2niix",
    "ConversionSoftwareVersion": "v1.0.20210317",
    "DeviceSerialNumber": "45193",
    "DwellTime": 8.5e-06,
    "EchoTime": 0.00207,
    "FlipAngle": 9,
    "ImageOrientationPatientDICOM": [
      -0.0348675,
      0.999392,
      -2.03182e-08,
      -0.0383281,
      -0.00133724,
      -0.999264
    ],
    "ImageType": [
      "ORIGINAL",
      "PRIMARY",
      "M",
      "ND",
      "NORM"
    ],
    "ImagingFrequency": 123.252,
    "InPlanePhaseEncodingDirectionDICOM": "ROW",
    "InstitutionAddress": "Blackburn Road 770,Clayton,Victoria,AU,3800",
    "InstitutionName": "Monash Biomedical Imaging",
    "InstitutionalDepartmentName": "Department",
    "InversionTime": 0.9,
    "MRAcquisitionType": "3D",
    "MagneticFieldStrength": 3,
    "Manufacturer": "Siemens",
    "ManufacturersModelName": "Skyra",
    "Modality": "MR",
    "ParallelReductionFactorInPlane": 2,
    "PartialFourier": 1,
    "PatientPosition": "HFS",
    "PercentPhaseFOV": 93.75,
    "PercentSampling": 100,
    "PhaseEncodingSteps": 239,
    "PhaseResolution": 1,
    "PixelBandwidth": 230,
    "ProcedureStepDescription": "MR Scan",
    "ProtocolName": "t1_mprage_sag_p2_iso_1_ADNI",
    "PulseSequenceDetails": "%SiemensSeq%\\tfl",
    "ReceiveCoilActiveElements": "HEA;HEP",
    "ReceiveCoilName": "Head_32",
    "ReconMatrixPE": 240,
    "RefLinesPE": 32,
    "RepetitionTime": 2.3,
    "SAR": 0.0860869,
    "ScanOptions": "IR",
    "ScanningSequence": "GR\\IR",
    "SequenceName": "*tfl3d1_16ns",
    "SequenceVariant": "SK\\SP\\MP",
    "SeriesDescription": "t1_mprage_sag_p2_iso_1_ADNI",
    "SeriesNumber": 2,
    "ShimSetting": [
      -4121,
      15461,
      -15515,
      -92,
      142,
      -177,
      -175,
      57
    ],
    "SliceThickness": 1,
    "SoftwareVersions": "syngo MR E11",
    "StationName": "AWP45193",
    "TxRefAmp": 397.977,
    "dataset": "<unset>",
    "modality": "T1w",
    "run_id": 1,
    "session_id": "01",
    "subject_id": "PC221"
  },
  "cjv": 0.3529516700110222,
  "cnr": 3.8926642612886346,
  "efc": 0.5132312107901638,
  "fber": 9544.659687825182,
  "fwhm_avg": 3.7847733333333338,
  "fwhm_x": 3.77371,
  "fwhm_y": 3.82106,
  "fwhm_z": 3.75955,
  "icvs_csf": 0.17476298706948565,
  "icvs_gm": 0.45967895041627327,
  "icvs_wm": 0.3655580625142411,
  "inu_med": 0.46974772214889526,
  "inu_range": 0.14851146936416615,
  "provenance": {
    "md5sum": "ff7ca2a742493b19ddc574e2fe28afa8",
    "settings": {
      "testing": false
    },
    "software": "mriqc",
    "version": "22.0.6",
    "warnings": {
      "large_rot_frame": true,
      "small_air_mask": false
    },
    "webapi_port": null,
    "webapi_url": "https://mriqc.nimh.nih.gov/api/v1"
  },
  "qi_1": 0.04688837122184999,
  "qi_2": 0.0263663396981991,
  "rpve_csf": 24.82191623978017,
  "rpve_gm": 10.590047561970128,
  "rpve_wm": 15.01687363451284,
  "size_x": 192,
  "size_y": 240,
  "size_z": 256,
  "snr_csf": 1.475172697779813,
  "snr_gm": 12.413303721330234,
  "snr_total": 12.531535791856385,
  "snr_wm": 23.706130956459113,
  "snrd_csf": 29.232052001701682,
  "snrd_gm": 81.6102646826914,
  "snrd_total": 74.73342719563192,
  "snrd_wm": 113.35796490250269,
  "spacing_x": 1.0,
  "spacing_y": 1.0,
  "spacing_z": 1.0,
  "summary_bg_k": 11.048165704036046,
  "summary_bg_mad": 0.0,
  "summary_bg_mean": 2.9608302909680693,
  "summary_bg_median": 0.0,
  "summary_bg_n": 2747965.0,
  "summary_bg_p05": 0.0,
  "summary_bg_p95": 11.048117101192474,
  "summary_bg_stdv": 5.7796390846277355,
  "summary_csf_k": 36.66430254955331,
  "summary_csf_mad": 93.1789996189707,
  "summary_csf_mean": 288.3149821529375,
  "summary_csf_median": 257.8863123357296,
  "summary_csf_n": 25643.0,
  "summary_csf_p05": 117.11973260343075,
  "summary_csf_p95": 516.3783328458661,
  "summary_csf_stdv": 174.81430091468064,
  "summary_gm_k": -0.01224809355447487,
  "summary_gm_mad": 58.982234916865806,
  "summary_gm_mean": 719.9553759163912,
  "summary_gm_median": 719.9689644277096,
  "summary_gm_n": 42899.0,
  "summary_gm_p05": 625.284662604332,
  "summary_gm_p95": 814.7501795589924,
  "summary_gm_stdv": 57.99911039793506,
  "summary_wm_k": 0.6314431399957177,
  "summary_wm_mad": 39.87227817157189,
  "summary_wm_mean": 1000.6050434531493,
  "summary_wm_median": 1000.0484242737293,
  "summary_wm_n": 227861.0,
  "summary_wm_p05": 932.7905885875225,
  "summary_wm_p95": 1070.3105725049973,
  "summary_wm_stdv": 42.185130575783106,
  "tpm_overlap_csf": 0.1526249493275923,
  "tpm_overlap_gm": 0.4709677043416816,
  "tpm_overlap_wm": 0.5062459126086526,
  "wm2max": 0.36818225603257626
}