{
  "aor": 0.0006451031636863824,
  "aqi": 0.008732988349381018,
  "bids_meta": {
    "AcquisitionMatrixPE": 64,
    "AcquisitionNumber": 1,
    "AcquisitionTime": "11:52:33.585000",
    "BandwidthPerPixelPhaseEncode": 62.5,
    "BaseResolution": 64,
    "BodyPartExamined": "BRAIN",
    "ConsistencyInfo": "N4_VE11C_LATEST_20160120",
    "ConversionSoftware": "dcm2niix",
    "ConversionSoftwareVersion": "v1.0.20210317",
    "DerivedVendorReportedEchoSpacing": 0.0005,
    "DeviceSerialNumber": "45193",
    "DwellTime": 3.1e-06,
    "EchoNumber": 1,
    "EchoTime": 0.0126,
    "EchoTrainLength": 31,
    "EffectiveEchoSpacing": 0.00025,
    "FlipAngle": 56,
    "ImageComments": "Unaliased MB4/PE4/LB",
    "ImageOrientationPatientDICOM": [
      0.998647,
      -0.00650112,
      -0.0515934,
      -2.62052e-10,
      0.992154,
      -0.125018
    ],
    "ImageType": [
      "ORIGINAL",
      "PRIMARY",
      "M",
      "MB",
      "TE1",
      "ND",
      "NORM",
      "MOSAIC"
    ],
    "ImagingFrequency": 123.247,
    "InPlanePhaseEncodingDirectionDICOM": "ROW",
    "InstitutionAddress": "Blackburn Road 770,Clayton,Victoria,AU,3800",
    "InstitutionName": "Monash Biomedical Imaging",
    "InstitutionalDepartmentName": "Department",
    "MRAcquisitionType": "2D",
    "MagneticFieldStrength": 3,
    "Manufacturer": "Siemens",
    "ManufacturersModelName": "Skyra",
    "Modality": "MR",
    "MultibandAccelerationFactor": 4,
    "ParallelReductionFactorInPlane": 2,
    "PartialFourier": 1,
    "PatientPosition": "HFS",
    "PercentPhaseFOV": 100,
    "PercentSampling": 100,
    "PhaseEncodingDirection": "i",
    "PhaseEncodingSteps": 63,
    "PhaseResolution": 1,
    "PixelBandwidth": 2520,
    "ProcedureStepDescription": "MR Scan",
    "ProtocolName": "Music_R-L_mmb_4_4_cmrr_mbep2d_bold_TE_12.6_29.23_45.86_62.49",
    "PulseSequenceDetails": "%CustomerSeq%\\cmrr_mbep2d_bold",
    "ReceiveCoilActiveElements": "HEA;HEP",
    "ReceiveCoilName": "Head_32",
    "ReconMatrixPE": 64,
    "RefLinesPE": 24,
    "RepetitionTime": 0.91,
    "SAR": 0.0771038,
    "ScanOptions": "FS",
    "ScanningSequence": "EP",
    "SequenceName": "epfid2d4_64",
    "SequenceVariant": "SK\\SS",
    "SeriesDescription": "Music_R-L_mmb_4_4_cmrr_mbep2d_bold_TE_12.6_29.23_45.86_62.49",
    "SeriesNumber": 12,
    "ShimSetting": [
      -4101,
      15313,
      -15110,
      383,
      72,
      133,
      -187,
      265
    ],
    "SliceThickness": 3.2,
    "SliceTiming": [
      0,
      0.6225,
      0.3575,
      0.09,
      0.7125,
      0.445,
      0.1775,
      0.8025,
      0.535,
      0.2675,
      0,
      0.6225,
      0.3575,
      0.09,
      0.7125,
      0.445,
      0.1775,
      0.8025,
      0.535,
      0.2675,
      0,
      0.6225,
      0.3575,
      0.09,
      0.7125,
      0.445,
      0.1775,
      0.8025,
      0.535,
      0.2675,
      0,
      0.6225,
      0.3575,
      0.09,
      0.7125,
      0.445,
      0.1775,
      0.8025,
      0.535,
      0.2675
    ],
    "SoftwareVersions": "syngo MR E11",
    "SpacingBetweenSlices": 3.2,
    "StationName": "AWP45193",
    "TaskName": "music",
    "TotalReadoutTime": 0.01575,
    "TxRefAmp": 375.196,
    "WipMemBlock": "3404eb35-f099-419f-8cb0-d07e191f1232||Sequence: R016 ve11c/master r/e634e98; Dec 19 2017 11:00:25 by eja",
    "dataset": "<unset>",
    "modality": "bold",
    "run_id": 1,
    "session_id": "01",
    "subject_id": "PC012",
    "task_id": "music"
  },
  "dummy_trs": 1,
  "dvars_nstd": 25.620327599889805,
  "dvars_std": 1.1004972262672168,
  "dvars_vstd": 0.9955812793388429,
  "efc": 0.5963346218284116,
  "fber": 1405.231689453125,
  "fd_mean": 0.11212197873661495,
  "fd_num": 38,
  "fd_perc": 5.226960110041265,
  "fwhm_avg": 1.9221038533198171,
  "fwhm_x": 1.7794547572815533,
  "fwhm_y": 1.9839005825242717,
  "fwhm_z": 2.0029562201536266,
  "gcor": 0.00911358,
  "gsr_x": -0.012225181795656681,
  "gsr_y": 0.06022319197654724,
  "provenance": {
    "md5sum": "f9e738475558706af0dc898229f060aa",
    "settings": {
      "fd_thres": 0.2,
      "testing": false
    },
    "software": "mriqc",
    "version": "22.0.6",
    "webapi_port": null,
    "webapi_url": "https://mriqc.nimh.nih.gov/api/v1"
  },
  "size_t": 727,
  "size_x": 64,
  "size_y": 64,
  "size_z": 40,
  "snr": 7.514436458103657,
  "spacing_tr": 0.9100000262260437,
  "spacing_x": 3.21875,
  "spacing_y": 3.21875,
  "spacing_z": 3.200000047683716,
  "summary_bg_k": 6.436963040624198,
  "summary_bg_mad": 158.50894496221113,
  "summary_bg_mean": 544.1160278320312,
  "summary_bg_median": 140.11004638671875,
  "summary_bg_n": 93760.0,
  "summary_bg_p05": 20.991678142547606,
  "summary_bg_p95": 2480.3140502929705,
  "summary_bg_stdv": 855.134033203125,
  "summary_fg_k": 0.5135847731894483,
  "summary_fg_mad": 669.0691345662522,
  "summary_fg_mean": 5251.22021484375,
  "summary_fg_median": 5190.26025390625,
  "summary_fg_n": 35405.0,
  "summary_fg_p05": 4246.18212890625,
  "summary_fg_p95": 6490.530273437499,
  "summary_fg_stdv": 690.6954345703125,
  "tsnr": 57.15941554168239
}