{
  "aor": 0.0005179245283018867,
  "aqi": 0.014670210242587602,
  "bids_meta": {
    "AcquisitionMatrixPE": 64,
    "AcquisitionNumber": 1,
    "AcquisitionTime": "12:04:6.730000",
    "BandwidthPerPixelPhaseEncode": 62.5,
    "BaseResolution": 64,
    "BodyPartExamined": "BRAIN",
    "ConsistencyInfo": "N4_VE11C_LATEST_20160120",
    "ConversionSoftware": "dcm2niix",
    "ConversionSoftwareVersion": "v1.0.20210317",
    "DerivedVendorReportedEchoSpacing": 0.0005,
    "DeviceSerialNumber": "45193",
    "DwellTime": 3.1e-06,
    "EchoNumber": 3,
    "EchoTime": 0.04586,
    "EchoTrainLength": 31,
    "EffectiveEchoSpacing": 0.00025,
    "FlipAngle": 56,
    "ImageComments": "Unaliased MB4/PE4/LB",
    "ImageOrientationPatientDICOM": [
      0.998647,
      -0.00650112,
      -0.0515934,
      -2.62052e-10,
      0.992154,
      -0.125018
    ],
    "ImageType": [
      "ORIGINAL",
      "PRIMARY",
      "M",
      "MB",
      "TE3",
      "ND",
      "NORM",
      "MOSAIC"
    ],
    "ImagingFrequency": 123.247,
    "InPlanePhaseEncodingDirectionDICOM": "ROW",
    "InstitutionAddress": "Blackburn Road 770,Clayton,Victoria,AU,3800",
    "InstitutionName": "Monash Biomedical Imaging",
    "InstitutionalDepartmentName": "Department",
    "MRAcquisitionType": "2D",
    "MagneticFieldStrength": 3,
    "Manufacturer": "Siemens",
    "ManufacturersModelName": "Skyra",
    "Modality": "MR",
    "MultibandAccelerationFactor": 4,
    "ParallelReductionFactorInPlane": 2,
    "PartialFourier": 1,
    "PatientPosition": "HFS",
    "PercentPhaseFOV": 100,
    "PercentSampling": 100,
    "PhaseEncodingDirection": "i",
    "PhaseEncodingSteps": 63,
    "PhaseResolution": 1,
    "PixelBandwidth": 2520,
    "ProcedureStepDescription": "MR Scan",
    "ProtocolName": "Movie_R-L_mmb_4_4_cmrr_mbep2d_bold_TE_12.6_29.23_45.86_62.49",
    "PulseSequenceDetails": "%CustomerSeq%\\cmrr_mbep2d_bold",
    "ReceiveCoilActiveElements": "HEA;HEP",
    "ReceiveCoilName": "Head_32",
    "ReconMatrixPE": 64,
    "RefLinesPE": 24,
    "RepetitionTime": 0.91,
    "SAR": 0.0762452,
    "ScanOptions": "FS",
    "ScanningSequence": "EP",
    "SequenceName": "epfid2d4_64",
    "SequenceVariant": "SK\\SS",
    "SeriesDescription": "Movie_R-L_mmb_4_4_cmrr_mbep2d_bold_TE_12.6_29.23_45.86_62.49",
    "SeriesNumber": 13,
    "ShimSetting": [
      -4101,
      15313,
      -15110,
      383,
      72,
      133,
      -187,
      265
    ],
    "SliceThickness": 3.2,
    "SliceTiming": [
      0,
      0.6225,
      0.355,
      0.0875,
      0.7125,
      0.445,
      0.1775,
      0.8,
      0.5325,
      0.2675,
      0,
      0.6225,
      0.355,
      0.0875,
      0.7125,
      0.445,
      0.1775,
      0.8,
      0.5325,
      0.2675,
      0,
      0.6225,
      0.355,
      0.0875,
      0.7125,
      0.445,
      0.1775,
      0.8,
      0.5325,
      0.2675,
      0,
      0.6225,
      0.355,
      0.0875,
      0.7125,
      0.445,
      0.1775,
      0.8,
      0.5325,
      0.2675
    ],
    "SoftwareVersions": "syngo MR E11",
    "SpacingBetweenSlices": 3.2,
    "StationName": "AWP45193",
    "TaskName": "movie",
    "TotalReadoutTime": 0.01575,
    "TxRefAmp": 375.196,
    "WipMemBlock": "8eaba220-b6e4-459a-8c94-5f99b904b20a||Sequence: R016 ve11c/master r/e634e98; Dec 19 2017 11:00:25 by eja",
    "dataset": "<unset>",
    "modality": "bold",
    "run_id": 1,
    "session_id": "01",
    "subject_id": "PC012",
    "task_id": "movie"
  },
  "dummy_trs": 1,
  "dvars_nstd": 39.93735839232432,
  "dvars_std": 1.0803202115135133,
  "dvars_vstd": 0.9864353272702702,
  "efc": 0.49932411444006713,
  "fber": 2578.3720703125,
  "fd_mean": 0.09573288291125832,
  "fd_num": 18,
  "fd_perc": 4.8517520215633425,
  "fwhm_avg": 1.6408735859783945,
  "fwhm_x": 1.531274563106796,
  "fwhm_y": 1.724911844660194,
  "fwhm_z": 1.666434350168193,
  "gcor": 0.00600796,
  "gsr_x": 0.0035240764264017344,
  "gsr_y": 0.01431485079228878,
  "provenance": {
    "md5sum": "a1dbf84bbed802f08a3427a6c1e64d30",
    "settings": {
      "fd_thres": 0.2,
      "testing": false
    },
    "software": "mriqc",
    "version": "22.0.6",
    "webapi_port": null,
    "webapi_url": "https://mriqc.nimh.nih.gov/api/v1"
  },
  "size_t": 371,
  "size_x": 64,
  "size_y": 64,
  "size_z": 40,
  "snr": 4.020690719023551,
  "spacing_tr": 0.9100000262260437,
  "spacing_x": 3.21875,
  "spacing_y": 3.21875,
  "spacing_z": 3.200000047683716,
  "summary_bg_k": 28.964050408158084,
  "summary_bg_mad": 43.075387559207364,
  "summary_bg_mean": 102.63450622558594,
  "summary_bg_median": 53.81401443481445,
  "summary_bg_n": 98650.0,
  "summary_bg_p05": 16.7681941986084,
  "summary_bg_p95": 360.12465667724564,
  "summary_bg_stdv": 152.2473907470703,
  "summary_fg_k": 6.218391167124112,
  "summary_fg_mad": 504.0310027222152,
  "summary_fg_mean": 2851.359375,
  "summary_fg_median": 2756.697998046875,
  "summary_fg_n": 30594.0,
  "summary_fg_p05": 2023.8356628417969,
  "summary_fg_p95": 3965.5340576171866,
  "summary_fg_stdv": 685.6167602539062,
  "tsnr": 33.98116698139347
}