{
  "bids_meta": {
    "AcquisitionMatrixPE": 240,
    "AcquisitionNumber": 1,
    "AcquisitionTime": "10:38:4.602500",
    "BaseResolution": 256,
    "BodyPartExamined": "BRAIN",
    "ConsistencyInfo": "N4_VE11C_LATEST_20160120",
    "ConversionSoftware": "dcm2niix",
    "ConversionSoftwareVersion": "v1.0.20210317",
    "DeviceSerialNumber": "45193",
    "DwellTime": 8.5e-06,
    "EchoTime": 0.00207,
    "FlipAngle": 9,
    "ImageOrientationPatientDICOM": [
      0.00185421,
      0.999998,
      -7.63286e-10,
      3.13222e-05,
      -5.88413e-08,
      -1
    ],
    "ImageType": [
      "ORIGINAL",
      "PRIMARY",
      "M",
      "ND",
      "NORM"
    ],
    "ImagingFrequency": 123.252,
    "InPlanePhaseEncodingDirectionDICOM": "ROW",
    "InstitutionAddress": "Blackburn Road 770,Clayton,Victoria,AU,3800",
    "InstitutionName": "Monash Biomedical Imaging",
    "InstitutionalDepartmentName": "Department",
    "InversionTime": 0.9,
    "MRAcquisitionType": "3D",
    "MagneticFieldStrength": 3,
    "Manufacturer": "Siemens",
    "ManufacturersModelName": "Skyra",
    "Modality": "MR",
    "ParallelReductionFactorInPlane": 3,
    "PartialFourier": 1,
    "PatientPosition": "HFS",
    "PercentPhaseFOV": 93.75,
    "PercentSampling": 100,
    "PhaseEncodingSteps": 238,
    "PhaseResolution": 1,
    "PixelBandwidth": 230,
    "ProcedureStepDescription": "MR Scan",
    "ProtocolName": "t1_mprage_sag_p3_iso_1",
    "PulseSequenceDetails": "%SiemensSeq%\\tfl",
    "ReceiveCoilActiveElements": "HEA;HEP",
    "ReceiveCoilName": "Head_32",
    "ReconMatrixPE": 240,
    "RefLinesPE": 32,
    "RepetitionTime": 2.3,
    "SAR": 0.0759343,
    "ScanOptions": "IR",
    "ScanningSequence": "GR\\IR",
    "SequenceName": "*tfl3d1_16ns",
    "SequenceVariant": "SK\\SP\\MP",
    "SeriesDescription": "t1_mprage_sag_p3_iso_1",
    "SeriesNumber": 2,
    "ShimSetting": [
      -4121,
      15461,
      -15515,
      -92,
      142,
      -177,
      -175,
      57
    ],
    "SliceThickness": 1,
    "SoftwareVersions": "syngo MR E11",
    "StationName": "AWP45193",
    "TxRefAmp": 376.793,
    "dataset": "<unset>",
    "modality": "T1w",
    "run_id": 1,
    "session_id": "02",
    "subject_id": "PC004"
  },
  "cjv": 0.352227534358213,
  "cnr": 3.87007671670518,
  "efc": 0.502443373680536,
  "fber": -1.0,
  "fwhm_avg": 3.929876666666667,
  "fwhm_x": 3.85964,
  "fwhm_y": 3.98338,
  "fwhm_z": 3.94661,
  "icvs_csf": 0.17907977469153472,
  "icvs_gm": 0.46372414527556083,
  "icvs_wm": 0.35719608003290443,
  "inu_med": 0.4760236144065857,
  "inu_range": 0.13029430210590365,
  "provenance": {
    "md5sum": "903dc18b7363fec15df9cd3f91f0e1c7",
    "settings": {
      "testing": false
    },
    "software": "mriqc",
    "version": "22.0.6",
    "warnings": {
      "large_rot_frame": true,
      "small_air_mask": false
    },
    "webapi_port": null,
    "webapi_url": "https://mriqc.nimh.nih.gov/api/v1"
  },
  "qi_1": 0.04823860183726064,
  "qi_2": 0.014142364598916529,
  "rpve_csf": 28.888672048256897,
  "rpve_gm": 12.41842093475168,
  "rpve_wm": 17.783822676669086,
  "size_x": 192,
  "size_y": 240,
  "size_z": 256,
  "snr_csf": 2.038597419788106,
  "snr_gm": 11.748237724031162,
  "snr_total": 11.896388952463495,
  "snr_wm": 21.902331713571215,
  "snrd_csf": 12.241645050743257,
  "snrd_gm": 37.820769834736346,
  "snrd_total": 34.58196955088358,
  "snrd_wm": 53.68349376717114,
  "spacing_x": 1.0,
  "spacing_y": 1.0,
  "spacing_z": 1.0,
  "summary_bg_k": 16782.976169535883,
  "summary_bg_mad": 0.0,
  "summary_bg_mean": 1.7058140359132472,
  "summary_bg_median": 0.0,
  "summary_bg_n": 3098198.0,
  "summary_bg_p05": 0.0,
  "summary_bg_p95": 12.17132319509983,
  "summary_bg_stdv": 12.204311113167401,
  "summary_csf_k": 5.261354529835623,
  "summary_csf_mad": 97.19298345755917,
  "summary_csf_mean": 246.7116470079687,
  "summary_csf_median": 228.04540357738733,
  "summary_csf_n": 29564.0,
  "summary_csf_p05": 90.56337505653502,
  "summary_csf_p95": 451.70245455130913,
  "summary_csf_stdv": 111.86198143989519,
  "summary_gm_k": -0.05755955035821536,
  "summary_gm_mad": 60.53147030846811,
  "summary_gm_mean": 704.7093150624069,
  "summary_gm_median": 704.5501388758421,
  "summary_gm_n": 50061.0,
  "summary_gm_p05": 606.4092164039612,
  "summary_gm_p95": 803.5127540528774,
  "summary_gm_stdv": 59.97010943038698,
  "summary_wm_k": 0.44038133982372285,
  "summary_wm_mad": 43.55220253640724,
  "summary_wm_mean": 1000.6936163737508,
  "summary_wm_median": 1000.051377967,
  "summary_wm_n": 198730.0,
  "summary_wm_p05": 926.9207272082567,
  "summary_wm_p95": 1076.2633763700724,
  "summary_wm_stdv": 45.65947018501523,
  "tpm_overlap_csf": 0.14254708888584722,
  "tpm_overlap_gm": 0.4797804185885338,
  "tpm_overlap_wm": 0.5192597453705462,
  "wm2max": 0.3759356365293664
}