{
  "bids_meta": {
    "AcquisitionMatrixPE": 240,
    "AcquisitionNumber": 1,
    "AcquisitionTime": "13:40:42.047500",
    "BaseResolution": 256,
    "BodyPartExamined": "BRAIN",
    "ConsistencyInfo": "N4_VE11C_LATEST_20160120",
    "ConversionSoftware": "dcm2niix",
    "ConversionSoftwareVersion": "v1.0.20210317",
    "DeviceSerialNumber": "45193",
    "DwellTime": 8.5e-06,
    "EchoTime": 0.00207,
    "FlipAngle": 9,
    "ImageOrientationPatientDICOM": [
      -0.00697874,
      0.999976,
      1.63286e-08,
      -0.00173843,
      -1.2116e-05,
      -0.999999
    ],
    "ImageType": [
      "ORIGINAL",
      "PRIMARY",
      "M",
      "ND",
      "NORM"
    ],
    "ImagingFrequency": 123.247,
    "InPlanePhaseEncodingDirectionDICOM": "ROW",
    "InstitutionAddress": "Blackburn Road 770,Clayton,Victoria,AU,3800",
    "InstitutionName": "Monash Biomedical Imaging",
    "InstitutionalDepartmentName": "Department",
    "InversionTime": 0.9,
    "MRAcquisitionType": "3D",
    "MagneticFieldStrength": 3,
    "Manufacturer": "Siemens",
    "ManufacturersModelName": "Skyra",
    "Modality": "MR",
    "ParallelReductionFactorInPlane": 2,
    "PartialFourier": 1,
    "PatientPosition": "HFS",
    "PercentPhaseFOV": 93.75,
    "PercentSampling": 100,
    "PhaseEncodingSteps": 239,
    "PhaseResolution": 1,
    "PixelBandwidth": 230,
    "ProcedureStepDescription": "MR Scan",
    "ProtocolName": "t1_mprage_sag_p2_iso_1_ADNI",
    "PulseSequenceDetails": "%SiemensSeq%\\tfl",
    "ReceiveCoilActiveElements": "HEA;HEP",
    "ReceiveCoilName": "Head_32",
    "ReconMatrixPE": 240,
    "RefLinesPE": 32,
    "RepetitionTime": 2.3,
    "SAR": 0.101619,
    "ScanOptions": "IR",
    "ScanningSequence": "GR\\IR",
    "SequenceName": "*tfl3d1_16ns",
    "SequenceVariant": "SK\\SP\\MP",
    "SeriesDescription": "t1_mprage_sag_p2_iso_1_ADNI",
    "SeriesNumber": 3,
    "ShimSetting": [
      -4085,
      15379,
      -15541,
      -112,
      159,
      -108,
      -206,
      160
    ],
    "SliceThickness": 1,
    "SoftwareVersions": "syngo MR E11",
    "StationName": "AWP45193",
    "TxRefAmp": 406.925,
    "dataset": "<unset>",
    "modality": "T1w",
    "run_id": 1,
    "session_id": "01",
    "subject_id": "PC030"
  },
  "cjv": 0.39388454956979574,
  "cnr": 3.2189934023568987,
  "efc": 0.5139544721147078,
  "fber": 15451.24334251607,
  "fwhm_avg": 3.723786666666667,
  "fwhm_x": 3.78955,
  "fwhm_y": 3.6288,
  "fwhm_z": 3.75301,
  "icvs_csf": 0.20584033907261892,
  "icvs_gm": 0.43051739924805926,
  "icvs_wm": 0.36364226167932184,
  "inu_med": 0.4461820125579834,
  "inu_range": 0.13538530468940735,
  "provenance": {
    "md5sum": "8690ad143706468f6bdd3f90a58feede",
    "settings": {
      "testing": false
    },
    "software": "mriqc",
    "version": "22.0.6",
    "warnings": {
      "large_rot_frame": true,
      "small_air_mask": false
    },
    "webapi_port": null,
    "webapi_url": "https://mriqc.nimh.nih.gov/api/v1"
  },
  "qi_1": 0.0423816594244758,
  "qi_2": 0.012060148757629022,
  "rpve_csf": 23.36094489256963,
  "rpve_gm": 11.902258794149857,
  "rpve_wm": 16.20751430050007,
  "size_x": 192,
  "size_y": 240,
  "size_z": 256,
  "snr_csf": 1.9975305890236768,
  "snr_gm": 12.425867053002387,
  "snr_total": 12.475184423077364,
  "snr_wm": 23.002155627206026,
  "snrd_csf": 5.696907832829825,
  "snrd_gm": 15.807718156999085,
  "snrd_total": 14.266122591642413,
  "snrd_wm": 21.293741785098327,
  "spacing_x": 1.0,
  "spacing_y": 1.0,
  "spacing_z": 1.0,
  "summary_bg_k": 6942.0737354258,
  "summary_bg_mad": 0.0,
  "summary_bg_mean": 3.532863001433717,
  "summary_bg_median": 0.0,
  "summary_bg_n": 3107655.0,
  "summary_bg_p05": 0.0,
  "summary_bg_p95": 17.24219822511077,
  "summary_bg_stdv": 30.76661702898403,
  "summary_csf_k": 20.701416562148165,
  "summary_csf_mad": 92.85189858787854,
  "summary_csf_mean": 285.1923550825812,
  "summary_csf_median": 267.5390675012022,
  "summary_csf_n": 32910.0,
  "summary_csf_p05": 104.66204319316894,
  "summary_csf_p95": 508.0083587806671,
  "summary_csf_stdv": 133.93286902969757,
  "summary_gm_k": 0.019682828598156288,
  "summary_gm_mad": 59.57732742157394,
  "summary_gm_mean": 741.9817257565318,
  "summary_gm_median": 742.3645070530474,
  "summary_gm_n": 36971.0,
  "summary_gm_p05": 643.5662362314761,
  "summary_gm_p95": 840.0702969953418,
  "summary_gm_stdv": 59.74266938450292,
  "summary_wm_k": 0.37403603865846247,
  "summary_wm_mad": 41.90131183905023,
  "summary_wm_mean": 1000.7429834161538,
  "summary_wm_median": 999.9999978877604,
  "summary_wm_n": 232322.0,
  "summary_wm_p05": 930.8887074813247,
  "summary_wm_p95": 1073.0537192933261,
  "summary_wm_stdv": 43.474092685355224,
  "tpm_overlap_csf": 0.1551245813947842,
  "tpm_overlap_gm": 0.4636223422953222,
  "tpm_overlap_wm": 0.5173785602014529,
  "wm2max": 0.35032421297006006
}