{
  "aor": 0.0003911633663366337,
  "aqi": 0.009269411806930694,
  "bids_meta": {
    "AcquisitionMatrixPE": 64,
    "AcquisitionNumber": 1,
    "AcquisitionTime": "14:08:34.550000",
    "BandwidthPerPixelPhaseEncode": 62.5,
    "BaseResolution": 64,
    "BodyPartExamined": "BRAIN",
    "ConsistencyInfo": "N4_VE11C_LATEST_20160120",
    "ConversionSoftware": "dcm2niix",
    "ConversionSoftwareVersion": "v1.0.20210317",
    "DerivedVendorReportedEchoSpacing": 0.0005,
    "DeviceSerialNumber": "45193",
    "DwellTime": 3.1e-06,
    "EchoNumber": 2,
    "EchoTime": 0.02923,
    "EchoTrainLength": 31,
    "EffectiveEchoSpacing": 0.00025,
    "FlipAngle": 56,
    "ImageComments": "Unaliased MB4/PE4/LB",
    "ImageOrientationPatientDICOM": [
      0.998719,
      -6.07411e-05,
      0.0505933,
      -2.305e-12,
      0.999999,
      0.00120057
    ],
    "ImageType": [
      "ORIGINAL",
      "PRIMARY",
      "M",
      "MB",
      "TE2",
      "ND",
      "NORM",
      "MOSAIC"
    ],
    "ImagingFrequency": 123.252,
    "InPlanePhaseEncodingDirectionDICOM": "ROW",
    "InstitutionAddress": "Blackburn Road 770,Clayton,Victoria,AU,3800",
    "InstitutionName": "Monash Biomedical Imaging",
    "InstitutionalDepartmentName": "Department",
    "MRAcquisitionType": "2D",
    "MagneticFieldStrength": 3,
    "Manufacturer": "Siemens",
    "ManufacturersModelName": "Skyra",
    "Modality": "MR",
    "MultibandAccelerationFactor": 4,
    "ParallelReductionFactorInPlane": 2,
    "PartialFourier": 1,
    "PatientPosition": "HFS",
    "PercentPhaseFOV": 100,
    "PercentSampling": 100,
    "PhaseEncodingDirection": "i",
    "PhaseEncodingSteps": 63,
    "PhaseResolution": 1,
    "PixelBandwidth": 2520,
    "ProcedureStepDescription": "MR Scan",
    "ProtocolName": "Meditation_R-L_mmb_4_4_cmrr_mbep2d_bold_TE_12.6_29.23_45.86_62.5",
    "PulseSequenceDetails": "%CustomerSeq%\\cmrr_mbep2d_bold",
    "ReceiveCoilActiveElements": "HEA;HEP",
    "ReceiveCoilName": "Head_32",
    "ReconMatrixPE": 64,
    "RefLinesPE": 24,
    "RepetitionTime": 0.91,
    "SAR": 0.0775421,
    "ScanOptions": "FS",
    "ScanningSequence": "EP",
    "SequenceName": "epfid2d4_64",
    "SequenceVariant": "SK\\SS",
    "SeriesDescription": "Meditation_R-L_mmb_4_4_cmrr_mbep2d_bold_TE_12.6_29.23_45.86_62.5",
    "SeriesNumber": 9,
    "ShimSetting": [
      -4091,
      15382,
      -15106,
      367,
      146,
      -116,
      -133,
      141
    ],
    "SliceThickness": 3.2,
    "SliceTiming": [
      0,
      0.6225,
      0.355,
      0.09,
      0.7125,
      0.445,
      0.1775,
      0.8,
      0.535,
      0.2675,
      0,
      0.6225,
      0.355,
      0.09,
      0.7125,
      0.445,
      0.1775,
      0.8,
      0.535,
      0.2675,
      0,
      0.6225,
      0.355,
      0.09,
      0.7125,
      0.445,
      0.1775,
      0.8,
      0.535,
      0.2675,
      0,
      0.6225,
      0.355,
      0.09,
      0.7125,
      0.445,
      0.1775,
      0.8,
      0.535,
      0.2675
    ],
    "SoftwareVersions": "syngo MR E11",
    "SpacingBetweenSlices": 3.2,
    "StationName": "AWP45193",
    "TaskName": "meditation",
    "TotalReadoutTime": 0.01575,
    "TxRefAmp": 361.502,
    "WipMemBlock": "99ba51e6-40f7-474f-8c0a-8ce05eb73e0a||Sequence: R016 ve11c/master r/e634e98; Dec 19 2017 11:00:25 by eja",
    "dataset": "<unset>",
    "modality": "bold",
    "run_id": 1,
    "session_id": "01",
    "subject_id": "PC006",
    "task_id": "meditation"
  },
  "dummy_trs": 1,
  "dvars_nstd": 31.08753617059556,
  "dvars_std": 1.1398082188089333,
  "dvars_vstd": 0.9981219663771714,
  "efc": 0.5490238363014612,
  "fber": 2962.0048828125,
  "fd_mean": 0.07816906405306465,
  "fd_num": 22,
  "fd_perc": 5.445544554455446,
  "fwhm_avg": 1.8329174240391481,
  "fwhm_x": 1.7492038834951458,
  "fwhm_y": 1.8946702912621358,
  "fwhm_z": 1.8548780973601624,
  "gcor": 0.026661,
  "gsr_x": 0.0030905830208212137,
  "gsr_y": 0.02145502343773842,
  "provenance": {
    "md5sum": "deb34e5b1f27fcd58e717d642e516f6e",
    "settings": {
      "fd_thres": 0.2,
      "testing": false
    },
    "software": "mriqc",
    "version": "22.0.6",
    "webapi_port": null,
    "webapi_url": "https://mriqc.nimh.nih.gov/api/v1"
  },
  "size_t": 404,
  "size_x": 64,
  "size_y": 64,
  "size_z": 40,
  "snr": 5.865041025936585,
  "spacing_tr": 0.9100000262260437,
  "spacing_x": 3.21875,
  "spacing_y": 3.21875,
  "spacing_z": 3.200000047683716,
  "summary_bg_k": 16.988647068905863,
  "summary_bg_mad": 69.58688448777508,
  "summary_bg_mean": 233.77613830566406,
  "summary_bg_median": 75.15593719482422,
  "summary_bg_n": 93934.0,
  "summary_bg_p05": 18.74257469177246,
  "summary_bg_p95": 1071.5945312499998,
  "summary_bg_stdv": 409.7226257324219,
  "summary_fg_k": 0.9867396808972968,
  "summary_fg_mad": 688.7235679558382,
  "summary_fg_mean": 4188.5966796875,
  "summary_fg_median": 4121.6298828125,
  "summary_fg_n": 35400.0,
  "summary_fg_p05": 3202.731201171875,
  "summary_fg_p95": 5411.339892578125,
  "summary_fg_stdv": 702.7353515625,
  "tsnr": 49.263844376429915
}