{
  "aor": 0.0026299462365591397,
  "aqi": 0.018742179569892475,
  "bids_meta": {
    "AcquisitionMatrixPE": 64,
    "AcquisitionNumber": 1,
    "AcquisitionTime": "14:28:21.597500",
    "BandwidthPerPixelPhaseEncode": 62.5,
    "BaseResolution": 64,
    "BodyPartExamined": "BRAIN",
    "ConsistencyInfo": "N4_VE11C_LATEST_20160120",
    "ConversionSoftware": "dcm2niix",
    "ConversionSoftwareVersion": "v1.0.20210317",
    "DerivedVendorReportedEchoSpacing": 0.0005,
    "DeviceSerialNumber": "45193",
    "DwellTime": 3.1e-06,
    "EchoNumber": 4,
    "EchoTime": 0.06249,
    "EchoTrainLength": 31,
    "EffectiveEchoSpacing": 0.00025,
    "FlipAngle": 56,
    "ImageComments": "Unaliased MB4/PE4/LB",
    "ImageOrientationPatientDICOM": [
      0.998719,
      -6.07411e-05,
      0.0505933,
      -2.305e-12,
      0.999999,
      0.00120057
    ],
    "ImageType": [
      "ORIGINAL",
      "PRIMARY",
      "M",
      "MB",
      "TE4",
      "ND",
      "NORM",
      "MOSAIC"
    ],
    "ImagingFrequency": 123.252,
    "InPlanePhaseEncodingDirectionDICOM": "ROW",
    "InstitutionAddress": "Blackburn Road 770,Clayton,Victoria,AU,3800",
    "InstitutionName": "Monash Biomedical Imaging",
    "InstitutionalDepartmentName": "Department",
    "MRAcquisitionType": "2D",
    "MagneticFieldStrength": 3,
    "Manufacturer": "Siemens",
    "ManufacturersModelName": "Skyra",
    "Modality": "MR",
    "MultibandAccelerationFactor": 4,
    "ParallelReductionFactorInPlane": 2,
    "PartialFourier": 1,
    "PatientPosition": "HFS",
    "PercentPhaseFOV": 100,
    "PercentSampling": 100,
    "PhaseEncodingDirection": "i",
    "PhaseEncodingSteps": 63,
    "PhaseResolution": 1,
    "PixelBandwidth": 2520,
    "ProcedureStepDescription": "MR Scan",
    "ProtocolName": "Movie_R-L_mmb_4_4_cmrr_mbep2d_bold_TE_12.6_29.23_45.86_62.49",
    "PulseSequenceDetails": "%CustomerSeq%\\cmrr_mbep2d_bold",
    "ReceiveCoilActiveElements": "HEA;HEP",
    "ReceiveCoilName": "Head_32",
    "ReconMatrixPE": 64,
    "RefLinesPE": 24,
    "RepetitionTime": 0.91,
    "SAR": 0.0774078,
    "ScanOptions": "FS",
    "ScanningSequence": "EP",
    "SequenceName": "epfid2d4_64",
    "SequenceVariant": "SK\\SS",
    "SeriesDescription": "Movie_R-L_mmb_4_4_cmrr_mbep2d_bold_TE_12.6_29.23_45.86_62.49",
    "SeriesNumber": 12,
    "ShimSetting": [
      -4091,
      15382,
      -15106,
      367,
      146,
      -116,
      -133,
      141
    ],
    "SliceThickness": 3.2,
    "SliceTiming": [
      0,
      0.6225,
      0.355,
      0.09,
      0.7125,
      0.445,
      0.1775,
      0.8,
      0.535,
      0.2675,
      0,
      0.6225,
      0.355,
      0.09,
      0.7125,
      0.445,
      0.1775,
      0.8,
      0.535,
      0.2675,
      0,
      0.6225,
      0.355,
      0.09,
      0.7125,
      0.445,
      0.1775,
      0.8,
      0.535,
      0.2675,
      0,
      0.6225,
      0.355,
      0.09,
      0.7125,
      0.445,
      0.1775,
      0.8,
      0.535,
      0.2675
    ],
    "SoftwareVersions": "syngo MR E11",
    "SpacingBetweenSlices": 3.2,
    "StationName": "AWP45193",
    "TaskName": "movie",
    "TotalReadoutTime": 0.01575,
    "TxRefAmp": 361.502,
    "WipMemBlock": "0ac3b9f0-d88e-473a-af2f-9f40f662a994||Sequence: R016 ve11c/master r/e634e98; Dec 19 2017 11:00:25 by eja",
    "dataset": "<unset>",
    "modality": "bold",
    "run_id": 1,
    "session_id": "01",
    "subject_id": "PC006",
    "task_id": "movie"
  },
  "dummy_trs": 0,
  "dvars_nstd": 49.88983754800538,
  "dvars_std": 1.1559020123989219,
  "dvars_vstd": 1.0352683139892171,
  "efc": 0.502727099115318,
  "fber": 2326.732666015625,
  "fd_mean": 0.09824046900107906,
  "fd_num": 32,
  "fd_perc": 8.602150537634408,
  "fwhm_avg": 1.6158440839276815,
  "fwhm_x": 1.541138640776699,
  "fwhm_y": 1.7157530097087377,
  "fwhm_z": 1.590640601297608,
  "gcor": 0.0132965,
  "gsr_x": -0.0043864683248102665,
  "gsr_y": 0.014754747040569782,
  "provenance": {
    "md5sum": "548fd227e75edca1dcac2431de3ca30d",
    "settings": {
      "fd_thres": 0.2,
      "testing": false
    },
    "software": "mriqc",
    "version": "22.0.6",
    "webapi_port": null,
    "webapi_url": "https://mriqc.nimh.nih.gov/api/v1"
  },
  "size_t": 372,
  "size_x": 64,
  "size_y": 64,
  "size_z": 40,
  "snr": 3.7988740498157463,
  "spacing_tr": 0.9100000262260437,
  "spacing_x": 3.21875,
  "spacing_y": 3.21875,
  "spacing_z": 3.200000047683716,
  "summary_bg_k": 38.71950711256529,
  "summary_bg_mad": 31.325949918241633,
  "summary_bg_mean": 79.17239379882812,
  "summary_bg_median": 46.18817138671875,
  "summary_bg_n": 97821.0,
  "summary_bg_p05": 15.790322303771973,
  "summary_bg_p95": 260.1021423339844,
  "summary_bg_stdv": 104.00291442871094,
  "summary_fg_k": 8.712522840855303,
  "summary_fg_mad": 489.045445154394,
  "summary_fg_mean": 2327.90087890625,
  "summary_fg_median": 2260.927490234375,
  "summary_fg_n": 31530.0,
  "summary_fg_p05": 1581.861962890625,
  "summary_fg_p95": 3251.6009765625,
  "summary_fg_stdv": 595.1478271484375,
  "tsnr": 27.334954993915744
}