{
  "aor": 0.0004254838709677419,
  "aqi": 0.007148233399503723,
  "bids_meta": {
    "AcquisitionMatrixPE": 64,
    "AcquisitionNumber": 1,
    "AcquisitionTime": "11:39:18.615000",
    "BandwidthPerPixelPhaseEncode": 62.5,
    "BaseResolution": 64,
    "BodyPartExamined": "BRAIN",
    "ConsistencyInfo": "N4_VE11C_LATEST_20160120",
    "ConversionSoftware": "dcm2niix",
    "ConversionSoftwareVersion": "v1.0.20210317",
    "DerivedVendorReportedEchoSpacing": 0.0005,
    "DeviceSerialNumber": "45193",
    "DwellTime": 3.1e-06,
    "EchoNumber": 2,
    "EchoTime": 0.02923,
    "EchoTrainLength": 31,
    "EffectiveEchoSpacing": 0.00025,
    "FlipAngle": 56,
    "ImageComments": "Unaliased MB4/PE4/LB",
    "ImageOrientationPatientDICOM": [
      0.999677,
      -0.0190225,
      -0.0168766,
      0.0174494,
      0.995887,
      -0.088911
    ],
    "ImageType": [
      "ORIGINAL",
      "PRIMARY",
      "M",
      "MB",
      "TE2",
      "ND",
      "NORM",
      "MOSAIC"
    ],
    "ImagingFrequency": 123.247,
    "InPlanePhaseEncodingDirectionDICOM": "ROW",
    "InstitutionAddress": "Blackburn Road 770,Clayton,Victoria,AU,3800",
    "InstitutionName": "Monash Biomedical Imaging",
    "InstitutionalDepartmentName": "Department",
    "MRAcquisitionType": "2D",
    "MagneticFieldStrength": 3,
    "Manufacturer": "Siemens",
    "ManufacturersModelName": "Skyra",
    "Modality": "MR",
    "MultibandAccelerationFactor": 4,
    "ParallelReductionFactorInPlane": 2,
    "PartialFourier": 1,
    "PatientPosition": "HFS",
    "PercentPhaseFOV": 100,
    "PercentSampling": 100,
    "PhaseEncodingDirection": "i",
    "PhaseEncodingSteps": 63,
    "PhaseResolution": 1,
    "PixelBandwidth": 2520,
    "ProcedureStepDescription": "MR Scan",
    "ProtocolName": "Meditation_R-L_mmb_4_4_cmrr_mbep2d_bold_TE_12.6_29.23_45.86_62.5",
    "PulseSequenceDetails": "%CustomerSeq%\\cmrr_mbep2d_bold",
    "ReceiveCoilActiveElements": "HEA;HEP",
    "ReceiveCoilName": "Head_32",
    "ReconMatrixPE": 64,
    "RefLinesPE": 24,
    "RepetitionTime": 0.91,
    "SAR": 0.0922663,
    "ScanOptions": "FS",
    "ScanningSequence": "EP",
    "SequenceName": "epfid2d4_64",
    "SequenceVariant": "SK\\SS",
    "SeriesDescription": "Meditation_R-L_mmb_4_4_cmrr_mbep2d_bold_TE_12.6_29.23_45.86_62.5",
    "SeriesNumber": 5,
    "ShimSetting": [
      -4174,
      15406,
      -15132,
      586,
      -72,
      576,
      467,
      429
    ],
    "SliceThickness": 3.2,
    "SliceTiming": [
      0,
      0.625,
      0.3575,
      0.09,
      0.7125,
      0.445,
      0.18,
      0.8025,
      0.535,
      0.2675,
      0,
      0.625,
      0.3575,
      0.09,
      0.7125,
      0.445,
      0.18,
      0.8025,
      0.535,
      0.2675,
      0,
      0.625,
      0.3575,
      0.09,
      0.7125,
      0.445,
      0.18,
      0.8025,
      0.535,
      0.2675,
      0,
      0.625,
      0.3575,
      0.09,
      0.7125,
      0.445,
      0.18,
      0.8025,
      0.535,
      0.2675
    ],
    "SoftwareVersions": "syngo MR E11",
    "SpacingBetweenSlices": 3.2,
    "StationName": "AWP45193",
    "TaskName": "meditation",
    "TotalReadoutTime": 0.01575,
    "TxRefAmp": 349.294,
    "WipMemBlock": "d17d39eb-f99c-4e92-9614-2dd3f8dc87b1||Sequence: R016 ve11c/master r/e634e98; Dec 19 2017 11:00:25 by eja",
    "dataset": "<unset>",
    "modality": "bold",
    "run_id": 1,
    "session_id": "02",
    "subject_id": "PC021",
    "task_id": "meditation"
  },
  "dummy_trs": 2,
  "dvars_nstd": 29.311209313308446,
  "dvars_std": 1.1359842423134323,
  "dvars_vstd": 1.0024873927114428,
  "efc": 0.4872683124404003,
  "fber": 4514.6689453125,
  "fd_mean": 0.08003492922609305,
  "fd_num": 4,
  "fd_perc": 0.9925558312655087,
  "fwhm_avg": 1.7089983466589487,
  "fwhm_x": 1.6030166990291261,
  "fwhm_y": 1.7274252427184467,
  "fwhm_z": 1.7965530982292726,
  "gcor": 0.0209802,
  "gsr_x": 0.00065534224268049,
  "gsr_y": 0.023757942020893097,
  "provenance": {
    "md5sum": "8dda971a7c2711dbc65f5ab7355307cb",
    "settings": {
      "fd_thres": 0.2,
      "testing": false
    },
    "software": "mriqc",
    "version": "22.0.6",
    "webapi_port": null,
    "webapi_url": "https://mriqc.nimh.nih.gov/api/v1"
  },
  "size_t": 403,
  "size_x": 64,
  "size_y": 64,
  "size_z": 40,
  "snr": 5.137337487844458,
  "spacing_tr": 0.9100000262260437,
  "spacing_x": 3.21875,
  "spacing_y": 3.21875,
  "spacing_z": 3.200000047683716,
  "summary_bg_k": 96.89249045962973,
  "summary_bg_mad": 65.96659976220931,
  "summary_bg_mean": 161.77186584472656,
  "summary_bg_median": 69.3424301147461,
  "summary_bg_n": 101188.0,
  "summary_bg_p05": 15.45161247253418,
  "summary_bg_p95": 540.8651336669905,
  "summary_bg_stdv": 344.4998779296875,
  "summary_fg_k": 1.5655356195664973,
  "summary_fg_mad": 813.1320284564142,
  "summary_fg_mean": 4620.0263671875,
  "summary_fg_median": 4527.26318359375,
  "summary_fg_n": 29753.0,
  "summary_fg_p05": 3404.6203125,
  "summary_fg_p95": 6166.951269531248,
  "summary_fg_stdv": 881.232177734375,
  "tsnr": 50.02719836961478
}