{
  "aor": 0.0002771900826446281,
  "aqi": 0.009846031928374655,
  "bids_meta": {
    "AcquisitionMatrixPE": 64,
    "AcquisitionNumber": 1,
    "AcquisitionTime": "11:46:46.772500",
    "BandwidthPerPixelPhaseEncode": 62.5,
    "BaseResolution": 64,
    "BodyPartExamined": "BRAIN",
    "ConsistencyInfo": "N4_VE11C_LATEST_20160120",
    "ConversionSoftware": "dcm2niix",
    "ConversionSoftwareVersion": "v1.0.20210317",
    "DerivedVendorReportedEchoSpacing": 0.0005,
    "DeviceSerialNumber": "45193",
    "DwellTime": 3.1e-06,
    "EchoNumber": 3,
    "EchoTime": 0.04586,
    "EchoTrainLength": 31,
    "EffectiveEchoSpacing": 0.00025,
    "FlipAngle": 56,
    "ImageComments": "Unaliased MB4/PE4/LB",
    "ImageOrientationPatientDICOM": [
      0.999677,
      -0.0190225,
      -0.0168766,
      0.0174494,
      0.995887,
      -0.088911
    ],
    "ImageType": [
      "ORIGINAL",
      "PRIMARY",
      "M",
      "MB",
      "TE3",
      "ND",
      "NORM",
      "MOSAIC"
    ],
    "ImagingFrequency": 123.247,
    "InPlanePhaseEncodingDirectionDICOM": "ROW",
    "InstitutionAddress": "Blackburn Road 770,Clayton,Victoria,AU,3800",
    "InstitutionName": "Monash Biomedical Imaging",
    "InstitutionalDepartmentName": "Department",
    "MRAcquisitionType": "2D",
    "MagneticFieldStrength": 3,
    "Manufacturer": "Siemens",
    "ManufacturersModelName": "Skyra",
    "Modality": "MR",
    "MultibandAccelerationFactor": 4,
    "ParallelReductionFactorInPlane": 2,
    "PartialFourier": 1,
    "PatientPosition": "HFS",
    "PercentPhaseFOV": 100,
    "PercentSampling": 100,
    "PhaseEncodingDirection": "i",
    "PhaseEncodingSteps": 63,
    "PhaseResolution": 1,
    "PixelBandwidth": 2520,
    "ProcedureStepDescription": "MR Scan",
    "ProtocolName": "Music_R-L_mmb_4_4_cmrr_mbep2d_bold_TE_12.6_29.23_45.86_62.49",
    "PulseSequenceDetails": "%CustomerSeq%\\cmrr_mbep2d_bold",
    "ReceiveCoilActiveElements": "HEA;HEP",
    "ReceiveCoilName": "Head_32",
    "ReconMatrixPE": 64,
    "RefLinesPE": 24,
    "RepetitionTime": 0.91,
    "SAR": 0.093085,
    "ScanOptions": "FS",
    "ScanningSequence": "EP",
    "SequenceName": "epfid2d4_64",
    "SequenceVariant": "SK\\SS",
    "SeriesDescription": "Music_R-L_mmb_4_4_cmrr_mbep2d_bold_TE_12.6_29.23_45.86_62.49",
    "SeriesNumber": 7,
    "ShimSetting": [
      -4174,
      15406,
      -15132,
      586,
      -72,
      576,
      467,
      429
    ],
    "SliceThickness": 3.2,
    "SliceTiming": [
      0,
      0.6225,
      0.355,
      0.09,
      0.7125,
      0.445,
      0.1775,
      0.8,
      0.535,
      0.2675,
      0,
      0.6225,
      0.355,
      0.09,
      0.7125,
      0.445,
      0.1775,
      0.8,
      0.535,
      0.2675,
      0,
      0.6225,
      0.355,
      0.09,
      0.7125,
      0.445,
      0.1775,
      0.8,
      0.535,
      0.2675,
      0,
      0.6225,
      0.355,
      0.09,
      0.7125,
      0.445,
      0.1775,
      0.8,
      0.535,
      0.2675
    ],
    "SoftwareVersions": "syngo MR E11",
    "SpacingBetweenSlices": 3.2,
    "StationName": "AWP45193",
    "TaskName": "music",
    "TotalReadoutTime": 0.01575,
    "TxRefAmp": 349.294,
    "WipMemBlock": "5ae900b0-7ea5-44a9-9d72-863bbb41303b||Sequence: R016 ve11c/master r/e634e98; Dec 19 2017 11:00:25 by eja",
    "dataset": "<unset>",
    "modality": "bold",
    "run_id": 1,
    "session_id": "02",
    "subject_id": "PC021",
    "task_id": "music"
  },
  "dummy_trs": 2,
  "dvars_nstd": 36.3542911768138,
  "dvars_std": 1.107647088993103,
  "dvars_vstd": 0.9824110598758624,
  "efc": 0.4614712662592367,
  "fber": 3888.4326171875,
  "fd_mean": 0.07922546446102385,
  "fd_num": 10,
  "fd_perc": 1.3774104683195592,
  "fwhm_avg": 1.6772495342307245,
  "fwhm_x": 1.577649708737864,
  "fwhm_y": 1.7127176699029125,
  "fwhm_z": 1.7413812240513977,
  "gcor": 0.0188042,
  "gsr_x": -0.0038197701796889305,
  "gsr_y": 0.020649434998631477,
  "provenance": {
    "md5sum": "db86183bf47f44af97e40e77bb71e7ef",
    "settings": {
      "fd_thres": 0.2,
      "testing": false
    },
    "software": "mriqc",
    "version": "22.0.6",
    "webapi_port": null,
    "webapi_url": "https://mriqc.nimh.nih.gov/api/v1"
  },
  "size_t": 726,
  "size_x": 64,
  "size_y": 64,
  "size_z": 40,
  "snr": 3.3855973424827877,
  "spacing_tr": 0.9100000262260437,
  "spacing_x": 3.21875,
  "spacing_y": 3.21875,
  "spacing_z": 3.200000047683716,
  "summary_bg_k": 240.17955903434603,
  "summary_bg_mad": 43.9338333259818,
  "summary_bg_mean": 102.36795043945312,
  "summary_bg_median": 53.880165100097656,
  "summary_bg_n": 103296.0,
  "summary_bg_p05": 15.601584434509277,
  "summary_bg_p95": 312.7551803588867,
  "summary_bg_stdv": 208.93630981445312,
  "summary_fg_k": 3.584276479248615,
  "summary_fg_mad": 739.5102951717325,
  "summary_fg_mean": 3510.34619140625,
  "summary_fg_median": 3322.1962890625,
  "summary_fg_n": 27738.0,
  "summary_fg_p05": 2349.8712768554688,
  "summary_fg_p95": 5442.796215820311,
  "summary_fg_stdv": 981.255615234375,
  "tsnr": 35.6327056302689
}