{
  "aor": 0.0004584722222222222,
  "aqi": 0.020376919841269842,
  "bids_meta": {
    "AcquisitionMatrixPE": 64,
    "AcquisitionNumber": 1,
    "AcquisitionTime": "11:30:30.785000",
    "BandwidthPerPixelPhaseEncode": 62.5,
    "BaseResolution": 64,
    "BodyPartExamined": "BRAIN",
    "ConsistencyInfo": "N4_VE11C_LATEST_20160120",
    "ConversionSoftware": "dcm2niix",
    "ConversionSoftwareVersion": "v1.0.20210317",
    "DerivedVendorReportedEchoSpacing": 0.0005,
    "DeviceSerialNumber": "45193",
    "DwellTime": 3.1e-06,
    "EchoNumber": 3,
    "EchoTime": 0.04586,
    "EchoTrainLength": 31,
    "EffectiveEchoSpacing": 0.00025,
    "FlipAngle": 56,
    "ImageComments": "Unaliased MB4/PE4/LB",
    "ImageOrientationPatientDICOM": [
      0.993395,
      0.0278023,
      0.11133,
      -5.7308e-11,
      0.970204,
      -0.242289
    ],
    "ImageType": [
      "ORIGINAL",
      "PRIMARY",
      "M",
      "MB",
      "TE3",
      "ND",
      "NORM",
      "MOSAIC"
    ],
    "ImagingFrequency": 123.252,
    "InPlanePhaseEncodingDirectionDICOM": "ROW",
    "InstitutionAddress": "Blackburn Road 770,Clayton,Victoria,AU,3800",
    "InstitutionName": "Monash Biomedical Imaging",
    "InstitutionalDepartmentName": "Department",
    "MRAcquisitionType": "2D",
    "MagneticFieldStrength": 3,
    "Manufacturer": "Siemens",
    "ManufacturersModelName": "Skyra",
    "Modality": "MR",
    "MultibandAccelerationFactor": 4,
    "ParallelReductionFactorInPlane": 2,
    "PartialFourier": 1,
    "PatientPosition": "HFS",
    "PercentPhaseFOV": 100,
    "PercentSampling": 100,
    "PhaseEncodingDirection": "i",
    "PhaseEncodingSteps": 63,
    "PhaseResolution": 1,
    "PixelBandwidth": 2520,
    "ProcedureStepDescription": "MR Scan",
    "ProtocolName": "Rest_R-L_mmb_4_4_cmrr_mbep2d_bold_TE_12.6_29.23_45.86_62.49",
    "PulseSequenceDetails": "%CustomerSeq%\\cmrr_mbep2d_bold",
    "ReceiveCoilActiveElements": "HEA;HEP",
    "ReceiveCoilName": "Head_32",
    "ReconMatrixPE": 64,
    "RefLinesPE": 24,
    "RepetitionTime": 0.91,
    "SAR": 0.0818588,
    "ScanOptions": "FS",
    "ScanningSequence": "EP",
    "SequenceName": "epfid2d4_64",
    "SequenceVariant": "SK\\SS",
    "SeriesDescription": "Rest_R-L_mmb_4_4_cmrr_mbep2d_bold_TE_12.6_29.23_45.86_62.49",
    "SeriesNumber": 3,
    "ShimSetting": [
      -4090,
      15519,
      -15172,
      356,
      202,
      74,
      -418,
      -8
    ],
    "SliceThickness": 3.2,
    "SliceTiming": [
      0,
      0.6225,
      0.355,
      0.0875,
      0.71,
      0.445,
      0.1775,
      0.8,
      0.5325,
      0.265,
      0,
      0.6225,
      0.355,
      0.0875,
      0.71,
      0.445,
      0.1775,
      0.8,
      0.5325,
      0.265,
      0,
      0.6225,
      0.355,
      0.0875,
      0.71,
      0.445,
      0.1775,
      0.8,
      0.5325,
      0.265,
      0,
      0.6225,
      0.355,
      0.0875,
      0.71,
      0.445,
      0.1775,
      0.8,
      0.5325,
      0.265
    ],
    "SoftwareVersions": "syngo MR E11",
    "SpacingBetweenSlices": 3.2,
    "StationName": "AWP45193",
    "TaskName": "rest",
    "TotalReadoutTime": 0.01575,
    "TxRefAmp": 372.698,
    "WipMemBlock": "cb58de65-cfd7-4048-9588-1cf0ce305edb||Sequence: R016 ve11c/master r/e634e98; Dec 19 2017 11:00:25 by eja",
    "dataset": "<unset>",
    "modality": "bold",
    "run_id": 1,
    "session_id": "02",
    "subject_id": "PC210",
    "task_id": "rest"
  },
  "dummy_trs": 0,
  "dvars_nstd": 41.04277070417495,
  "dvars_std": 1.0701788738966205,
  "dvars_vstd": 0.959842804572565,
  "efc": 0.5312812556272484,
  "fber": 2017.76220703125,
  "fd_mean": 0.13163147247835277,
  "fd_num": 52,
  "fd_perc": 10.317460317460318,
  "fwhm_avg": 1.665186514722248,
  "fwhm_x": 1.6130951456310678,
  "fwhm_y": 1.7042050485436893,
  "fwhm_z": 1.678259349991987,
  "gcor": 0.0108858,
  "gsr_x": 0.0021613386925309896,
  "gsr_y": 0.01585659198462963,
  "provenance": {
    "md5sum": "bb57b048dea58012f195d3d18b7ca05b",
    "settings": {
      "fd_thres": 0.2,
      "testing": false
    },
    "software": "mriqc",
    "version": "22.0.6",
    "webapi_port": null,
    "webapi_url": "https://mriqc.nimh.nih.gov/api/v1"
  },
  "size_t": 504,
  "size_x": 64,
  "size_y": 64,
  "size_z": 40,
  "snr": 3.982947809377462,
  "spacing_tr": 0.9100000262260437,
  "spacing_x": 3.21875,
  "spacing_y": 3.21875,
  "spacing_z": 3.200000047683716,
  "summary_bg_k": 66.13432402128467,
  "summary_bg_mad": 53.63549254129269,
  "summary_bg_mean": 133.27125549316406,
  "summary_bg_median": 67.76587677001953,
  "summary_bg_n": 93476.0,
  "summary_bg_p05": 20.83482313156128,
  "summary_bg_p95": 474.70735931396484,
  "summary_bg_stdv": 210.1597442626953,
  "summary_fg_k": 5.982078883254319,
  "summary_fg_mad": 575.0672312103184,
  "summary_fg_mean": 3166.991943359375,
  "summary_fg_median": 3039.694580078125,
  "summary_fg_n": 34987.0,
  "summary_fg_p05": 2264.631103515625,
  "summary_fg_p95": 4449.060449218749,
  "summary_fg_stdv": 763.1661987304688,
  "tsnr": 30.15577708929777
}