{
  "aor": 0.0004423856858846919,
  "aqi": 0.00935456755467197,
  "bids_meta": {
    "AcquisitionMatrixPE": 64,
    "AcquisitionNumber": 1,
    "AcquisitionTime": "11:30:30.750000",
    "BandwidthPerPixelPhaseEncode": 62.5,
    "BaseResolution": 64,
    "BodyPartExamined": "BRAIN",
    "ConsistencyInfo": "N4_VE11C_LATEST_20160120",
    "ConversionSoftware": "dcm2niix",
    "ConversionSoftwareVersion": "v1.0.20210317",
    "DerivedVendorReportedEchoSpacing": 0.0005,
    "DeviceSerialNumber": "45193",
    "DwellTime": 3.1e-06,
    "EchoNumber": 1,
    "EchoTime": 0.0126,
    "EchoTrainLength": 31,
    "EffectiveEchoSpacing": 0.00025,
    "FlipAngle": 56,
    "ImageComments": "Unaliased MB4/PE4/LB",
    "ImageOrientationPatientDICOM": [
      0.993395,
      0.0278023,
      0.11133,
      -5.7308e-11,
      0.970204,
      -0.242289
    ],
    "ImageType": [
      "ORIGINAL",
      "PRIMARY",
      "M",
      "MB",
      "TE1",
      "ND",
      "NORM",
      "MOSAIC"
    ],
    "ImagingFrequency": 123.252,
    "InPlanePhaseEncodingDirectionDICOM": "ROW",
    "InstitutionAddress": "Blackburn Road 770,Clayton,Victoria,AU,3800",
    "InstitutionName": "Monash Biomedical Imaging",
    "InstitutionalDepartmentName": "Department",
    "MRAcquisitionType": "2D",
    "MagneticFieldStrength": 3,
    "Manufacturer": "Siemens",
    "ManufacturersModelName": "Skyra",
    "Modality": "MR",
    "MultibandAccelerationFactor": 4,
    "ParallelReductionFactorInPlane": 2,
    "PartialFourier": 1,
    "PatientPosition": "HFS",
    "PercentPhaseFOV": 100,
    "PercentSampling": 100,
    "PhaseEncodingDirection": "i",
    "PhaseEncodingSteps": 63,
    "PhaseResolution": 1,
    "PixelBandwidth": 2520,
    "ProcedureStepDescription": "MR Scan",
    "ProtocolName": "Rest_R-L_mmb_4_4_cmrr_mbep2d_bold_TE_12.6_29.23_45.86_62.49",
    "PulseSequenceDetails": "%CustomerSeq%\\cmrr_mbep2d_bold",
    "ReceiveCoilActiveElements": "HEA;HEP",
    "ReceiveCoilName": "Head_32",
    "ReconMatrixPE": 64,
    "RefLinesPE": 24,
    "RepetitionTime": 0.91,
    "SAR": 0.0818588,
    "ScanOptions": "FS",
    "ScanningSequence": "EP",
    "SequenceName": "epfid2d4_64",
    "SequenceVariant": "SK\\SS",
    "SeriesDescription": "Rest_R-L_mmb_4_4_cmrr_mbep2d_bold_TE_12.6_29.23_45.86_62.49",
    "SeriesNumber": 3,
    "ShimSetting": [
      -4090,
      15519,
      -15172,
      356,
      202,
      74,
      -418,
      -8
    ],
    "SliceThickness": 3.2,
    "SliceTiming": [
      0,
      0.6225,
      0.3575,
      0.09,
      0.7125,
      0.445,
      0.1775,
      0.8025,
      0.535,
      0.2675,
      0,
      0.6225,
      0.3575,
      0.09,
      0.7125,
      0.445,
      0.1775,
      0.8025,
      0.535,
      0.2675,
      0,
      0.6225,
      0.3575,
      0.09,
      0.7125,
      0.445,
      0.1775,
      0.8025,
      0.535,
      0.2675,
      0,
      0.6225,
      0.3575,
      0.09,
      0.7125,
      0.445,
      0.1775,
      0.8025,
      0.535,
      0.2675
    ],
    "SoftwareVersions": "syngo MR E11",
    "SpacingBetweenSlices": 3.2,
    "StationName": "AWP45193",
    "TaskName": "rest",
    "TotalReadoutTime": 0.01575,
    "TxRefAmp": 372.698,
    "WipMemBlock": "cb58de65-cfd7-4048-9588-1cf0ce305edb||Sequence: R016 ve11c/master r/e634e98; Dec 19 2017 11:00:25 by eja",
    "dataset": "<unset>",
    "modality": "bold",
    "run_id": 1,
    "session_id": "02",
    "subject_id": "PC210",
    "task_id": "rest"
  },
  "dummy_trs": 1,
  "dvars_nstd": 25.397262926533866,
  "dvars_std": 1.0951539019322718,
  "dvars_vstd": 0.9714160000199203,
  "efc": 0.630419626862809,
  "fber": 1187.6734619140625,
  "fd_mean": 0.1283560974418084,
  "fd_num": 49,
  "fd_perc": 9.74155069582505,
  "fwhm_avg": 2.1495031399087385,
  "fwhm_x": 1.9440434951456311,
  "fwhm_y": 2.212209708737864,
  "fwhm_z": 2.2922562158427207,
  "gcor": 0.0132762,
  "gsr_x": -0.0025254026986658573,
  "gsr_y": 0.06203507259488106,
  "provenance": {
    "md5sum": "633fc4c35b4704cd865e185474a9671f",
    "settings": {
      "fd_thres": 0.2,
      "testing": false
    },
    "software": "mriqc",
    "version": "22.0.6",
    "webapi_port": null,
    "webapi_url": "https://mriqc.nimh.nih.gov/api/v1"
  },
  "size_t": 503,
  "size_x": 64,
  "size_y": 64,
  "size_z": 40,
  "snr": 6.810426980380611,
  "spacing_tr": 0.9100000262260437,
  "spacing_x": 3.21875,
  "spacing_y": 3.21875,
  "spacing_z": 3.200000047683716,
  "summary_bg_k": 6.619478140058375,
  "summary_bg_mad": 171.46014644368367,
  "summary_bg_mean": 609.1420288085938,
  "summary_bg_median": 160.66798400878906,
  "summary_bg_n": 84718.0,
  "summary_bg_p05": 32.116698074340825,
  "summary_bg_p95": 2763.000744628904,
  "summary_bg_stdv": 948.8433227539062,
  "summary_fg_k": 1.2880586211337084,
  "summary_fg_mad": 780.5299821134455,
  "summary_fg_mean": 5805.4853515625,
  "summary_fg_median": 5723.88232421875,
  "summary_fg_n": 41561.0,
  "summary_fg_p05": 4633.30419921875,
  "summary_fg_p95": 7309.5205078125,
  "summary_fg_stdv": 840.4485473632812,
  "tsnr": 52.80257937544957
}