{
  "bids_meta": {
    "AcquisitionMatrixPE": 240,
    "AcquisitionNumber": 1,
    "AcquisitionTime": "11:05:39.982500",
    "BaseResolution": 256,
    "BodyPartExamined": "BRAIN",
    "ConsistencyInfo": "N4_VE11C_LATEST_20160120",
    "ConversionSoftware": "dcm2niix",
    "ConversionSoftwareVersion": "v1.0.20210317",
    "DeviceSerialNumber": "45193",
    "DwellTime": 8.5e-06,
    "EchoTime": 0.00207,
    "FlipAngle": 9,
    "ImageOrientationPatientDICOM": [
      0.00185587,
      0.999998,
      3.35709e-09,
      0.0419068,
      -7.77703e-05,
      -0.999122
    ],
    "ImageType": [
      "ORIGINAL",
      "PRIMARY",
      "M",
      "ND",
      "NORM"
    ],
    "ImagingFrequency": 123.247,
    "InPlanePhaseEncodingDirectionDICOM": "ROW",
    "InstitutionAddress": "Blackburn Road 770,Clayton,Victoria,AU,3800",
    "InstitutionName": "Monash Biomedical Imaging",
    "InstitutionalDepartmentName": "Department",
    "InversionTime": 0.9,
    "MRAcquisitionType": "3D",
    "MagneticFieldStrength": 3,
    "Manufacturer": "Siemens",
    "ManufacturersModelName": "Skyra",
    "Modality": "MR",
    "ParallelReductionFactorInPlane": 3,
    "PartialFourier": 1,
    "PatientPosition": "HFS",
    "PercentPhaseFOV": 93.75,
    "PercentSampling": 100,
    "PhaseEncodingSteps": 238,
    "PhaseResolution": 1,
    "PixelBandwidth": 230,
    "ProcedureStepDescription": "MR Scan",
    "ProtocolName": "t1_mprage_sag_p3_iso_1",
    "PulseSequenceDetails": "%SiemensSeq%\\tfl",
    "ReceiveCoilActiveElements": "HEA;HEP",
    "ReceiveCoilName": "Head_32",
    "ReconMatrixPE": 240,
    "RefLinesPE": 32,
    "RepetitionTime": 2.3,
    "SAR": 0.101835,
    "ScanOptions": "IR",
    "ScanningSequence": "GR\\IR",
    "SequenceName": "*tfl3d1_16ns",
    "SequenceVariant": "SK\\SP\\MP",
    "SeriesDescription": "t1_mprage_sag_p3_iso_1",
    "SeriesNumber": 2,
    "ShimSetting": [
      -4085,
      15379,
      -15541,
      -112,
      159,
      -108,
      -206,
      160
    ],
    "SliceThickness": 1,
    "SoftwareVersions": "syngo MR E11",
    "StationName": "AWP45193",
    "TxRefAmp": 381.451,
    "dataset": "<unset>",
    "modality": "T1w",
    "run_id": 1,
    "session_id": "02",
    "subject_id": "PC031"
  },
  "cjv": 0.3609250298694396,
  "cnr": 3.7473361273834334,
  "efc": 0.518324213422902,
  "fber": -1.0,
  "fwhm_avg": 3.82029,
  "fwhm_x": 3.73491,
  "fwhm_y": 3.91893,
  "fwhm_z": 3.80703,
  "icvs_csf": 0.24377430271766318,
  "icvs_gm": 0.4141703931595215,
  "icvs_wm": 0.3420553041228154,
  "inu_med": 0.43168342113494873,
  "inu_range": 0.10871849954128265,
  "provenance": {
    "md5sum": "82d23a10d27a2bcece37db18375be670",
    "settings": {
      "testing": false
    },
    "software": "mriqc",
    "version": "22.0.6",
    "warnings": {
      "large_rot_frame": true,
      "small_air_mask": false
    },
    "webapi_port": null,
    "webapi_url": "https://mriqc.nimh.nih.gov/api/v1"
  },
  "qi_1": 0.02448163152897863,
  "qi_2": 0.04389306546754068,
  "rpve_csf": 18.78385081195689,
  "rpve_gm": 11.128689930335534,
  "rpve_wm": 15.79452782896565,
  "size_x": 192,
  "size_y": 240,
  "size_z": 256,
  "snr_csf": 2.610119289835658,
  "snr_gm": 11.393967517753227,
  "snr_total": 12.77839032203804,
  "snr_wm": 24.331084158525236,
  "snrd_csf": 23.113442001982968,
  "snrd_gm": 68.90455553209699,
  "snrd_total": 62.699594811828725,
  "snrd_wm": 96.08078690140623,
  "spacing_x": 1.0,
  "spacing_y": 1.0,
  "spacing_z": 1.0,
  "summary_bg_k": 80231.14997641281,
  "summary_bg_mad": 0.0,
  "summary_bg_mean": 0.6806723442412395,
  "summary_bg_median": 0.0,
  "summary_bg_n": 2548305.0,
  "summary_bg_p05": 0.0,
  "summary_bg_p95": 7.7881621569395065,
  "summary_bg_stdv": 6.818599585347437,
  "summary_csf_k": 1.7472293970037214,
  "summary_csf_mad": 70.3672315627673,
  "summary_csf_mean": 255.0962170567605,
  "summary_csf_median": 240.5625852122903,
  "summary_csf_n": 71759.0,
  "summary_csf_p05": 132.49038210511208,
  "summary_csf_p95": 438.7025930285454,
  "summary_csf_stdv": 92.16471827903626,
  "summary_gm_k": -0.04781626746921841,
  "summary_gm_mad": 63.575027743967375,
  "summary_gm_mean": 716.546599883992,
  "summary_gm_median": 717.1522964984179,
  "summary_gm_n": 36528.0,
  "summary_gm_p05": 611.2493256155401,
  "summary_gm_p95": 818.3984045386314,
  "summary_gm_stdv": 62.94054102227505,
  "summary_wm_k": 0.7829100378203973,
  "summary_wm_mad": 38.51179565259562,
  "summary_wm_mean": 1000.3649574771882,
  "summary_wm_median": 1000.0000209510326,
  "summary_wm_n": 218260.0,
  "summary_wm_p05": 933.8006426170468,
  "summary_wm_p95": 1067.3928206037724,
  "summary_wm_stdv": 41.099596038847146,
  "tpm_overlap_csf": 0.15709229587627163,
  "tpm_overlap_gm": 0.43598470350139024,
  "tpm_overlap_wm": 0.48070188849359224,
  "wm2max": 0.42204371770050375
}