{
  "aor": 0.003664016506189821,
  "aqi": 0.014174940715268227,
  "bids_meta": {
    "AcquisitionMatrixPE": 64,
    "AcquisitionNumber": 1,
    "AcquisitionTime": "15:32:40.132500",
    "BandwidthPerPixelPhaseEncode": 62.5,
    "BaseResolution": 64,
    "BodyPartExamined": "BRAIN",
    "ConsistencyInfo": "N4_VE11C_LATEST_20160120",
    "ConversionSoftware": "dcm2niix",
    "ConversionSoftwareVersion": "v1.0.20210317",
    "DerivedVendorReportedEchoSpacing": 0.0005,
    "DeviceSerialNumber": "45193",
    "DwellTime": 3.1e-06,
    "EchoNumber": 3,
    "EchoTime": 0.04586,
    "EchoTrainLength": 31,
    "EffectiveEchoSpacing": 0.00025,
    "FlipAngle": 56,
    "ImageComments": "Unaliased MB4/PE4/LB",
    "ImageOrientationPatientDICOM": [
      0.999991,
      -0.000342549,
      -0.00415691,
      1.205e-12,
      0.996622,
      -0.0821265
    ],
    "ImageType": [
      "ORIGINAL",
      "PRIMARY",
      "M",
      "MB",
      "TE3",
      "ND",
      "NORM",
      "MOSAIC"
    ],
    "ImagingFrequency": 123.252,
    "InPlanePhaseEncodingDirectionDICOM": "ROW",
    "InstitutionAddress": "Blackburn Road 770,Clayton,Victoria,AU,3800",
    "InstitutionName": "Monash Biomedical Imaging",
    "InstitutionalDepartmentName": "Department",
    "MRAcquisitionType": "2D",
    "MagneticFieldStrength": 3,
    "Manufacturer": "Siemens",
    "ManufacturersModelName": "Skyra",
    "Modality": "MR",
    "MultibandAccelerationFactor": 4,
    "ParallelReductionFactorInPlane": 2,
    "PartialFourier": 1,
    "PatientPosition": "HFS",
    "PercentPhaseFOV": 100,
    "PercentSampling": 100,
    "PhaseEncodingDirection": "i",
    "PhaseEncodingSteps": 63,
    "PhaseResolution": 1,
    "PixelBandwidth": 2520,
    "ProcedureStepDescription": "MR Scan",
    "ProtocolName": "Music_R-L_mmb_4_4_cmrr_mbep2d_bold_TE_12.6_29.23_45.86_62.49",
    "PulseSequenceDetails": "%CustomerSeq%\\cmrr_mbep2d_bold",
    "ReceiveCoilActiveElements": "HEA;HEP",
    "ReceiveCoilName": "Head_32",
    "ReconMatrixPE": 64,
    "RefLinesPE": 24,
    "RepetitionTime": 0.91,
    "SAR": 0.085497,
    "ScanOptions": "FS",
    "ScanningSequence": "EP",
    "SequenceName": "epfid2d4_64",
    "SequenceVariant": "SK\\SS",
    "SeriesDescription": "Music_R-L_mmb_4_4_cmrr_mbep2d_bold_TE_12.6_29.23_45.86_62.49",
    "SeriesNumber": 13,
    "ShimSetting": [
      -4136,
      15429,
      -15233,
      430,
      131,
      149,
      -212,
      60
    ],
    "SliceThickness": 3.2,
    "SliceTiming": [
      0,
      0.6225,
      0.355,
      0.0875,
      0.7125,
      0.445,
      0.1775,
      0.8,
      0.5325,
      0.2675,
      0,
      0.6225,
      0.355,
      0.0875,
      0.7125,
      0.445,
      0.1775,
      0.8,
      0.5325,
      0.2675,
      0,
      0.6225,
      0.355,
      0.0875,
      0.7125,
      0.445,
      0.1775,
      0.8,
      0.5325,
      0.2675,
      0,
      0.6225,
      0.355,
      0.0875,
      0.7125,
      0.445,
      0.1775,
      0.8,
      0.5325,
      0.2675
    ],
    "SoftwareVersions": "syngo MR E11",
    "SpacingBetweenSlices": 3.2,
    "StationName": "AWP45193",
    "TaskName": "music",
    "TotalReadoutTime": 0.01575,
    "TxRefAmp": 407.727,
    "WipMemBlock": "4a45d6f7-393f-48ef-8156-235f04f66669||Sequence: R016 ve11c/master r/e634e98; Dec 19 2017 11:00:25 by eja",
    "dataset": "<unset>",
    "modality": "bold",
    "run_id": 1,
    "session_id": "01",
    "subject_id": "PC001",
    "task_id": "music"
  },
  "dummy_trs": 1,
  "dvars_nstd": 39.81934873727269,
  "dvars_std": 1.10988881993113,
  "dvars_vstd": 1.0260876692975198,
  "efc": 0.49328865303820796,
  "fber": 2912.62646484375,
  "fd_mean": 0.1524425598849982,
  "fd_num": 88,
  "fd_perc": 12.104539202200826,
  "fwhm_avg": 1.596796559655216,
  "fwhm_x": 1.5513475728155341,
  "fwhm_y": 1.648276504854369,
  "fwhm_z": 1.5907656012957452,
  "gcor": 0.0132939,
  "gsr_x": -0.008664250373840332,
  "gsr_y": 0.03128597512841225,
  "provenance": {
    "md5sum": "4cdfbcc618fb62e40cbaf72ba493d4e3",
    "settings": {
      "fd_thres": 0.2,
      "testing": false
    },
    "software": "mriqc",
    "version": "22.0.6",
    "webapi_port": null,
    "webapi_url": "https://mriqc.nimh.nih.gov/api/v1"
  },
  "size_t": 727,
  "size_x": 64,
  "size_y": 64,
  "size_z": 40,
  "snr": 3.9376017537634334,
  "spacing_tr": 0.9100000262260437,
  "spacing_x": 3.21875,
  "spacing_y": 3.21875,
  "spacing_z": 3.200000047683716,
  "summary_bg_k": 234.25735689221534,
  "summary_bg_mad": 44.15381236017419,
  "summary_bg_mean": 111.19347381591797,
  "summary_bg_median": 58.7799186706543,
  "summary_bg_n": 98537.0,
  "summary_bg_p05": 19.965612411499023,
  "summary_bg_p95": 351.93507080078115,
  "summary_bg_stdv": 211.3099822998047,
  "summary_fg_k": 4.04815461559205,
  "summary_fg_mad": 628.8640463288231,
  "summary_fg_mean": 3317.595947265625,
  "summary_fg_median": 3173.484130859375,
  "summary_fg_n": 30765.0,
  "summary_fg_p05": 2342.69580078125,
  "summary_fg_p95": 4746.26279296875,
  "summary_fg_stdv": 805.9302978515625,
  "tsnr": 32.59432446816936
}