{
  "aor": 0.003954718019257222,
  "aqi": 0.018004044814305363,
  "bids_meta": {
    "AcquisitionMatrixPE": 64,
    "AcquisitionNumber": 1,
    "AcquisitionTime": "15:32:40.150000",
    "BandwidthPerPixelPhaseEncode": 62.5,
    "BaseResolution": 64,
    "BodyPartExamined": "BRAIN",
    "ConsistencyInfo": "N4_VE11C_LATEST_20160120",
    "ConversionSoftware": "dcm2niix",
    "ConversionSoftwareVersion": "v1.0.20210317",
    "DerivedVendorReportedEchoSpacing": 0.0005,
    "DeviceSerialNumber": "45193",
    "DwellTime": 3.1e-06,
    "EchoNumber": 4,
    "EchoTime": 0.06249,
    "EchoTrainLength": 31,
    "EffectiveEchoSpacing": 0.00025,
    "FlipAngle": 56,
    "ImageComments": "Unaliased MB4/PE4/LB",
    "ImageOrientationPatientDICOM": [
      0.999991,
      -0.000342549,
      -0.00415691,
      1.205e-12,
      0.996622,
      -0.0821265
    ],
    "ImageType": [
      "ORIGINAL",
      "PRIMARY",
      "M",
      "MB",
      "TE4",
      "ND",
      "NORM",
      "MOSAIC"
    ],
    "ImagingFrequency": 123.252,
    "InPlanePhaseEncodingDirectionDICOM": "ROW",
    "InstitutionAddress": "Blackburn Road 770,Clayton,Victoria,AU,3800",
    "InstitutionName": "Monash Biomedical Imaging",
    "InstitutionalDepartmentName": "Department",
    "MRAcquisitionType": "2D",
    "MagneticFieldStrength": 3,
    "Manufacturer": "Siemens",
    "ManufacturersModelName": "Skyra",
    "Modality": "MR",
    "MultibandAccelerationFactor": 4,
    "ParallelReductionFactorInPlane": 2,
    "PartialFourier": 1,
    "PatientPosition": "HFS",
    "PercentPhaseFOV": 100,
    "PercentSampling": 100,
    "PhaseEncodingDirection": "i",
    "PhaseEncodingSteps": 63,
    "PhaseResolution": 1,
    "PixelBandwidth": 2520,
    "ProcedureStepDescription": "MR Scan",
    "ProtocolName": "Music_R-L_mmb_4_4_cmrr_mbep2d_bold_TE_12.6_29.23_45.86_62.49",
    "PulseSequenceDetails": "%CustomerSeq%\\cmrr_mbep2d_bold",
    "ReceiveCoilActiveElements": "HEA;HEP",
    "ReceiveCoilName": "Head_32",
    "ReconMatrixPE": 64,
    "RefLinesPE": 24,
    "RepetitionTime": 0.91,
    "SAR": 0.085497,
    "ScanOptions": "FS",
    "ScanningSequence": "EP",
    "SequenceName": "epfid2d4_64",
    "SequenceVariant": "SK\\SS",
    "SeriesDescription": "Music_R-L_mmb_4_4_cmrr_mbep2d_bold_TE_12.6_29.23_45.86_62.49",
    "SeriesNumber": 13,
    "ShimSetting": [
      -4136,
      15429,
      -15233,
      430,
      131,
      149,
      -212,
      60
    ],
    "SliceThickness": 3.2,
    "SliceTiming": [
      0,
      0.6225,
      0.355,
      0.0875,
      0.71,
      0.4425,
      0.1775,
      0.8,
      0.5325,
      0.265,
      0,
      0.6225,
      0.355,
      0.0875,
      0.71,
      0.4425,
      0.1775,
      0.8,
      0.5325,
      0.265,
      0,
      0.6225,
      0.355,
      0.0875,
      0.71,
      0.4425,
      0.1775,
      0.8,
      0.5325,
      0.265,
      0,
      0.6225,
      0.355,
      0.0875,
      0.71,
      0.4425,
      0.1775,
      0.8,
      0.5325,
      0.265
    ],
    "SoftwareVersions": "syngo MR E11",
    "SpacingBetweenSlices": 3.2,
    "StationName": "AWP45193",
    "TaskName": "music",
    "TotalReadoutTime": 0.01575,
    "TxRefAmp": 407.727,
    "WipMemBlock": "4a45d6f7-393f-48ef-8156-235f04f66669||Sequence: R016 ve11c/master r/e634e98; Dec 19 2017 11:00:25 by eja",
    "dataset": "<unset>",
    "modality": "bold",
    "run_id": 1,
    "session_id": "01",
    "subject_id": "PC001",
    "task_id": "music"
  },
  "dummy_trs": 1,
  "dvars_nstd": 53.2624031308127,
  "dvars_std": 1.1059521693801646,
  "dvars_vstd": 1.0271543485812669,
  "efc": 0.47319662091986514,
  "fber": 1986.415771484375,
  "fd_mean": 0.15079032739141282,
  "fd_num": 87,
  "fd_perc": 11.966987620357633,
  "fwhm_avg": 1.587556318974278,
  "fwhm_x": 1.5423099029126215,
  "fwhm_y": 1.632584077669903,
  "fwhm_z": 1.587774976340309,
  "gcor": 0.0124567,
  "gsr_x": -0.011426561512053013,
  "gsr_y": 0.03306030109524727,
  "provenance": {
    "md5sum": "ad101b4eda9b8f53d7f44a7846a0333c",
    "settings": {
      "fd_thres": 0.2,
      "testing": false
    },
    "software": "mriqc",
    "version": "22.0.6",
    "webapi_port": null,
    "webapi_url": "https://mriqc.nimh.nih.gov/api/v1"
  },
  "size_t": 727,
  "size_x": 64,
  "size_y": 64,
  "size_z": 40,
  "snr": 2.7424298407757064,
  "spacing_tr": 0.9100000262260437,
  "spacing_x": 3.21875,
  "spacing_y": 3.21875,
  "spacing_z": 3.200000047683716,
  "summary_bg_k": 348.72213620709346,
  "summary_bg_mad": 32.94761961855431,
  "summary_bg_mean": 83.84343719482422,
  "summary_bg_median": 50.59009552001953,
  "summary_bg_n": 100975.0,
  "summary_bg_p05": 19.705638885498047,
  "summary_bg_p95": 249.2610778808593,
  "summary_bg_stdv": 139.6893310546875,
  "summary_fg_k": 6.803416971933807,
  "summary_fg_mad": 548.0814094821772,
  "summary_fg_mean": 2449.719970703125,
  "summary_fg_median": 2274.214599609375,
  "summary_fg_n": 28245.0,
  "summary_fg_p05": 1539.31279296875,
  "summary_fg_p95": 3986.0523437499996,
  "summary_fg_stdv": 829.2552490234375,
  "tsnr": 23.94338782480918
}