{
  "aor": 0.00854272972972973,
  "aqi": 0.018895772216216217,
  "bids_meta": {
    "AcquisitionMatrixPE": 64,
    "AcquisitionNumber": 1,
    "AcquisitionTime": "15:44:55.900000",
    "BandwidthPerPixelPhaseEncode": 62.5,
    "BaseResolution": 64,
    "BodyPartExamined": "BRAIN",
    "ConsistencyInfo": "N4_VE11C_LATEST_20160120",
    "ConversionSoftware": "dcm2niix",
    "ConversionSoftwareVersion": "v1.0.20210317",
    "DerivedVendorReportedEchoSpacing": 0.0005,
    "DeviceSerialNumber": "45193",
    "DwellTime": 3.1e-06,
    "EchoNumber": 4,
    "EchoTime": 0.06249,
    "EchoTrainLength": 31,
    "EffectiveEchoSpacing": 0.00025,
    "FlipAngle": 56,
    "ImageComments": "Unaliased MB4/PE4/LB",
    "ImageOrientationPatientDICOM": [
      0.999991,
      -0.000342549,
      -0.00415691,
      1.205e-12,
      0.996622,
      -0.0821265
    ],
    "ImageType": [
      "ORIGINAL",
      "PRIMARY",
      "M",
      "MB",
      "TE4",
      "ND",
      "NORM",
      "MOSAIC"
    ],
    "ImagingFrequency": 123.252,
    "InPlanePhaseEncodingDirectionDICOM": "ROW",
    "InstitutionAddress": "Blackburn Road 770,Clayton,Victoria,AU,3800",
    "InstitutionName": "Monash Biomedical Imaging",
    "InstitutionalDepartmentName": "Department",
    "MRAcquisitionType": "2D",
    "MagneticFieldStrength": 3,
    "Manufacturer": "Siemens",
    "ManufacturersModelName": "Skyra",
    "Modality": "MR",
    "MultibandAccelerationFactor": 4,
    "ParallelReductionFactorInPlane": 2,
    "PartialFourier": 1,
    "PatientPosition": "HFS",
    "PercentPhaseFOV": 100,
    "PercentSampling": 100,
    "PhaseEncodingDirection": "i",
    "PhaseEncodingSteps": 63,
    "PhaseResolution": 1,
    "PixelBandwidth": 2520,
    "ProcedureStepDescription": "MR Scan",
    "ProtocolName": "Movie_R-L_mmb_4_4_cmrr_mbep2d_bold_TE_12.6_29.23_45.86_62.49",
    "PulseSequenceDetails": "%CustomerSeq%\\cmrr_mbep2d_bold",
    "ReceiveCoilActiveElements": "HEA;HEP",
    "ReceiveCoilName": "Head_32",
    "ReconMatrixPE": 64,
    "RefLinesPE": 24,
    "RepetitionTime": 0.91,
    "SAR": 0.0845524,
    "ScanOptions": "FS",
    "ScanningSequence": "EP",
    "SequenceName": "epfid2d4_64",
    "SequenceVariant": "SK\\SS",
    "SeriesDescription": "Movie_R-L_mmb_4_4_cmrr_mbep2d_bold_TE_12.6_29.23_45.86_62.49",
    "SeriesNumber": 14,
    "ShimSetting": [
      -4136,
      15429,
      -15233,
      430,
      131,
      149,
      -212,
      60
    ],
    "SliceThickness": 3.2,
    "SliceTiming": [
      0,
      0.625,
      0.3575,
      0.09,
      0.7125,
      0.445,
      0.18,
      0.8025,
      0.535,
      0.2675,
      0,
      0.625,
      0.3575,
      0.09,
      0.7125,
      0.445,
      0.18,
      0.8025,
      0.535,
      0.2675,
      0,
      0.625,
      0.3575,
      0.09,
      0.7125,
      0.445,
      0.18,
      0.8025,
      0.535,
      0.2675,
      0,
      0.625,
      0.3575,
      0.09,
      0.7125,
      0.445,
      0.18,
      0.8025,
      0.535,
      0.2675
    ],
    "SoftwareVersions": "syngo MR E11",
    "SpacingBetweenSlices": 3.2,
    "StationName": "AWP45193",
    "TaskName": "movie",
    "TotalReadoutTime": 0.01575,
    "TxRefAmp": 407.727,
    "WipMemBlock": "1303db28-f2e9-4266-9713-dec7fd33c3a3||Sequence: R016 ve11c/master r/e634e98; Dec 19 2017 11:00:25 by eja",
    "dataset": "<unset>",
    "modality": "bold",
    "run_id": 1,
    "session_id": "01",
    "subject_id": "PC001",
    "task_id": "movie"
  },
  "dummy_trs": 2,
  "dvars_nstd": 50.187140395013564,
  "dvars_std": 1.1333721631707323,
  "dvars_vstd": 1.0930732639295404,
  "efc": 0.4744720933945056,
  "fber": 1843.8363037109375,
  "fd_mean": 0.12227952473731822,
  "fd_num": 20,
  "fd_perc": 5.405405405405405,
  "fwhm_avg": 1.5877854331095964,
  "fwhm_x": 1.5512574757281552,
  "fwhm_y": 1.6359300970873787,
  "fwhm_z": 1.5761687265132556,
  "gcor": 0.00309501,
  "gsr_x": -0.01137823611497879,
  "gsr_y": 0.029865127056837082,
  "provenance": {
    "md5sum": "a6669c80dfa949d6e6aecb789cfda4fe",
    "settings": {
      "fd_thres": 0.2,
      "testing": false
    },
    "software": "mriqc",
    "version": "22.0.6",
    "webapi_port": null,
    "webapi_url": "https://mriqc.nimh.nih.gov/api/v1"
  },
  "size_t": 370,
  "size_x": 64,
  "size_y": 64,
  "size_z": 40,
  "snr": 2.743472716620952,
  "spacing_tr": 0.9100000262260437,
  "spacing_x": 3.21875,
  "spacing_y": 3.21875,
  "spacing_z": 3.200000047683716,
  "summary_bg_k": 112.61100563845027,
  "summary_bg_mad": 37.08509353202239,
  "summary_bg_mean": 84.32966613769531,
  "summary_bg_median": 53.0189208984375,
  "summary_bg_n": 100984.0,
  "summary_bg_p05": 18.043243408203125,
  "summary_bg_p95": 256.0231094360351,
  "summary_bg_stdv": 113.77289581298828,
  "summary_fg_k": 6.6712170626747,
  "summary_fg_mad": 548.7290525533347,
  "summary_fg_mean": 2452.9482421875,
  "summary_fg_median": 2278.7431640625,
  "summary_fg_n": 28194.0,
  "summary_fg_p05": 1527.600567626953,
  "summary_fg_p95": 3982.1193359374984,
  "summary_fg_stdv": 830.5906372070312,
  "tsnr": 23.759895980358124
}