{
  "bids_meta": {
    "AcquisitionMatrixPE": 240,
    "AcquisitionNumber": 1,
    "AcquisitionTime": "12:59:14.215000",
    "BaseResolution": 256,
    "BodyPartExamined": "BRAIN",
    "ConsistencyInfo": "N4_VE11C_LATEST_20160120",
    "ConversionSoftware": "dcm2niix",
    "ConversionSoftwareVersion": "v1.0.20210317",
    "DeviceSerialNumber": "45193",
    "DwellTime": 8.5e-06,
    "EchoTime": 0.00207,
    "FlipAngle": 9,
    "ImageOrientationPatientDICOM": [
      -0.0243709,
      0.999703,
      -2.05906e-08,
      0.0540246,
      0.001317,
      -0.998539
    ],
    "ImageType": [
      "ORIGINAL",
      "PRIMARY",
      "M",
      "ND",
      "NORM"
    ],
    "ImagingFrequency": 123.252,
    "InPlanePhaseEncodingDirectionDICOM": "ROW",
    "InstitutionAddress": "Blackburn Road 770,Clayton,Victoria,AU,3800",
    "InstitutionName": "Monash Biomedical Imaging",
    "InstitutionalDepartmentName": "Department",
    "InversionTime": 0.9,
    "MRAcquisitionType": "3D",
    "MagneticFieldStrength": 3,
    "Manufacturer": "Siemens",
    "ManufacturersModelName": "Skyra",
    "Modality": "MR",
    "ParallelReductionFactorInPlane": 2,
    "PartialFourier": 1,
    "PatientPosition": "HFS",
    "PercentPhaseFOV": 93.75,
    "PercentSampling": 100,
    "PhaseEncodingSteps": 239,
    "PhaseResolution": 1,
    "PixelBandwidth": 230,
    "ProcedureStepDescription": "MR Scan",
    "ProtocolName": "t1_mprage_sag_p2_iso_1_ADNI",
    "PulseSequenceDetails": "%SiemensSeq%\\tfl",
    "ReceiveCoilActiveElements": "HEA;HEP",
    "ReceiveCoilName": "Head_32",
    "ReconMatrixPE": 240,
    "RefLinesPE": 32,
    "RepetitionTime": 2.3,
    "SAR": 0.0884677,
    "ScanOptions": "IR",
    "ScanningSequence": "GR\\IR",
    "SequenceName": "*tfl3d1_16ns",
    "SequenceVariant": "SK\\SP\\MP",
    "SeriesDescription": "t1_mprage_sag_p2_iso_1_ADNI",
    "SeriesNumber": 3,
    "ShimSetting": [
      -4121,
      15461,
      -15515,
      -92,
      142,
      -177,
      -175,
      57
    ],
    "SliceThickness": 1,
    "SoftwareVersions": "syngo MR E11",
    "StationName": "AWP45193",
    "TxRefAmp": 353.92,
    "dataset": "<unset>",
    "modality": "T1w",
    "run_id": 1,
    "session_id": "01",
    "subject_id": "PC213"
  },
  "cjv": 0.32909276516828895,
  "cnr": 3.918096359954777,
  "efc": 0.530131510661912,
  "fber": -1.0,
  "fwhm_avg": 4.056673333333333,
  "fwhm_x": 4.07889,
  "fwhm_y": 4.01104,
  "fwhm_z": 4.08009,
  "icvs_csf": 0.18814860919424534,
  "icvs_gm": 0.4557568730105731,
  "icvs_wm": 0.3560945177951816,
  "inu_med": 0.4712086319923401,
  "inu_range": 0.149270536005497,
  "provenance": {
    "md5sum": "b0aba43862e2934980686f048ab68237",
    "settings": {
      "testing": false
    },
    "software": "mriqc",
    "version": "22.0.6",
    "warnings": {
      "large_rot_frame": true,
      "small_air_mask": false
    },
    "webapi_port": null,
    "webapi_url": "https://mriqc.nimh.nih.gov/api/v1"
  },
  "qi_1": 0.020109264128749717,
  "qi_2": 0.022367096992381923,
  "rpve_csf": 23.83704257394889,
  "rpve_gm": 10.949636544610001,
  "rpve_wm": 16.00065455489584,
  "size_x": 192,
  "size_y": 240,
  "size_z": 256,
  "snr_csf": 2.5468102559723724,
  "snr_gm": 12.148938769452704,
  "snr_total": 13.31952088342195,
  "snr_wm": 25.262813624840774,
  "snrd_csf": 7.25509947734709,
  "snrd_gm": 19.558178466733764,
  "snrd_total": 18.138358058349866,
  "snrd_wm": 27.60179623096874,
  "spacing_x": 1.0,
  "spacing_y": 1.0,
  "spacing_z": 1.0,
  "summary_bg_k": 7961.818501091799,
  "summary_bg_mad": 0.0,
  "summary_bg_mean": 1.3748290211335912,
  "summary_bg_median": 0.0,
  "summary_bg_n": 2365143.0,
  "summary_bg_p05": 0.0,
  "summary_bg_p95": 9.272342249751091,
  "summary_bg_stdv": 23.735282197051994,
  "summary_csf_k": 1.4192014315718149,
  "summary_csf_mad": 89.48769440493557,
  "summary_csf_mean": 273.1866810109425,
  "summary_csf_median": 262.8488257750869,
  "summary_csf_n": 32079.0,
  "summary_csf_p05": 127.69339898228645,
  "summary_csf_p95": 468.0854983717202,
  "summary_csf_stdv": 103.2054619020371,
  "summary_gm_k": -0.03663093803308559,
  "summary_gm_mad": 58.654699478289885,
  "summary_gm_mean": 708.2588971003692,
  "summary_gm_median": 708.5835639238358,
  "summary_gm_n": 50590.0,
  "summary_gm_p05": 611.5772023871541,
  "summary_gm_p95": 803.8679190427065,
  "summary_gm_stdv": 58.324152762459306,
  "summary_wm_k": 0.535037693832523,
  "summary_wm_mad": 37.24835268208364,
  "summary_wm_mean": 1000.6168272500503,
  "summary_wm_median": 1000.0000346302986,
  "summary_wm_n": 220328.0,
  "summary_wm_p05": 936.5948752462864,
  "summary_wm_p95": 1066.3193587213755,
  "summary_wm_stdv": 39.58378429790045,
  "tpm_overlap_csf": 0.15476533573884965,
  "tpm_overlap_gm": 0.4502772466572221,
  "tpm_overlap_wm": 0.49538393387298485,
  "wm2max": 0.42835527311242244
}