{
  "aor": 0.0005006930693069307,
  "aqi": 0.01078404777227723,
  "bids_meta": {
    "AcquisitionMatrixPE": 64,
    "AcquisitionNumber": 1,
    "AcquisitionTime": "13:15:2.590000",
    "BandwidthPerPixelPhaseEncode": 62.5,
    "BaseResolution": 64,
    "BodyPartExamined": "BRAIN",
    "ConsistencyInfo": "N4_VE11C_LATEST_20160120",
    "ConversionSoftware": "dcm2niix",
    "ConversionSoftwareVersion": "v1.0.20210317",
    "DerivedVendorReportedEchoSpacing": 0.0005,
    "DeviceSerialNumber": "45193",
    "DwellTime": 3.1e-06,
    "EchoNumber": 4,
    "EchoTime": 0.06249,
    "EchoTrainLength": 31,
    "EffectiveEchoSpacing": 0.00025,
    "FlipAngle": 56,
    "ImageComments": "Unaliased MB4/PE4/LB",
    "ImageOrientationPatientDICOM": [
      0.998945,
      0.00388034,
      0.0457639,
      -4.169e-11,
      0.996425,
      -0.0844874
    ],
    "ImageType": [
      "ORIGINAL",
      "PRIMARY",
      "M",
      "MB",
      "TE4",
      "ND",
      "NORM",
      "MOSAIC"
    ],
    "ImagingFrequency": 123.247,
    "InPlanePhaseEncodingDirectionDICOM": "ROW",
    "InstitutionAddress": "Blackburn Road 770,Clayton,Victoria,AU,3800",
    "InstitutionName": "Monash Biomedical Imaging",
    "InstitutionalDepartmentName": "Department",
    "MRAcquisitionType": "2D",
    "MagneticFieldStrength": 3,
    "Manufacturer": "Siemens",
    "ManufacturersModelName": "Skyra",
    "Modality": "MR",
    "MultibandAccelerationFactor": 4,
    "ParallelReductionFactorInPlane": 2,
    "PartialFourier": 1,
    "PatientPosition": "HFS",
    "PercentPhaseFOV": 100,
    "PercentSampling": 100,
    "PhaseEncodingDirection": "i",
    "PhaseEncodingSteps": 63,
    "PhaseResolution": 1,
    "PixelBandwidth": 2520,
    "ProcedureStepDescription": "MR Scan",
    "ProtocolName": "Meditation_R-L_mmb_4_4_cmrr_mbep2d_bold_TE_12.6_29.23_45.86_62.5",
    "PulseSequenceDetails": "%CustomerSeq%\\cmrr_mbep2d_bold",
    "ReceiveCoilActiveElements": "HEA;HEP",
    "ReceiveCoilName": "Head_32",
    "ReconMatrixPE": 64,
    "RefLinesPE": 24,
    "RepetitionTime": 0.91,
    "SAR": 0.0948155,
    "ScanOptions": "FS",
    "ScanningSequence": "EP",
    "SequenceName": "epfid2d4_64",
    "SequenceVariant": "SK\\SS",
    "SeriesDescription": "Meditation_R-L_mmb_4_4_cmrr_mbep2d_bold_TE_12.6_29.23_45.86_62.5",
    "SeriesNumber": 10,
    "ShimSetting": [
      -4027,
      15290,
      -15005,
      454,
      216,
      265,
      201,
      195
    ],
    "SliceThickness": 3.2,
    "SliceTiming": [
      0,
      0.6225,
      0.355,
      0.0875,
      0.7125,
      0.445,
      0.1775,
      0.8,
      0.5325,
      0.2675,
      0,
      0.6225,
      0.355,
      0.0875,
      0.7125,
      0.445,
      0.1775,
      0.8,
      0.5325,
      0.2675,
      0,
      0.6225,
      0.355,
      0.0875,
      0.7125,
      0.445,
      0.1775,
      0.8,
      0.5325,
      0.2675,
      0,
      0.6225,
      0.355,
      0.0875,
      0.7125,
      0.445,
      0.1775,
      0.8,
      0.5325,
      0.2675
    ],
    "SoftwareVersions": "syngo MR E11",
    "SpacingBetweenSlices": 3.2,
    "StationName": "AWP45193",
    "TaskName": "meditation",
    "TotalReadoutTime": 0.01575,
    "TxRefAmp": 400.857,
    "WipMemBlock": "b385f197-7cb1-4f95-bf9a-d2e91535528c||Sequence: R016 ve11c/master r/e634e98; Dec 19 2017 11:00:25 by eja",
    "dataset": "<unset>",
    "modality": "bold",
    "run_id": 1,
    "session_id": "01",
    "subject_id": "PC032",
    "task_id": "meditation"
  },
  "dummy_trs": 1,
  "dvars_nstd": 58.01990628292807,
  "dvars_std": 1.1772040348387098,
  "dvars_vstd": 0.9923417313399489,
  "efc": 0.4912931087852494,
  "fber": 1879.201416015625,
  "fd_mean": 0.07138321439961709,
  "fd_num": 2,
  "fd_perc": 0.49504950495049505,
  "fwhm_avg": 1.6161899310859138,
  "fwhm_x": 1.5298640776699028,
  "fwhm_y": 1.6608869902912622,
  "fwhm_z": 1.657818725296576,
  "gcor": 0.013599,
  "gsr_x": -0.001947685144841671,
  "gsr_y": 0.02455805242061615,
  "provenance": {
    "md5sum": "868db23617be1e5f4a5b38e298be0493",
    "settings": {
      "fd_thres": 0.2,
      "testing": false
    },
    "software": "mriqc",
    "version": "22.0.6",
    "webapi_port": null,
    "webapi_url": "https://mriqc.nimh.nih.gov/api/v1"
  },
  "size_t": 404,
  "size_x": 64,
  "size_y": 64,
  "size_z": 40,
  "snr": 2.3679339859032753,
  "spacing_tr": 0.9100000262260437,
  "spacing_x": 3.21875,
  "spacing_y": 3.21875,
  "spacing_z": 3.200000047683716,
  "summary_bg_k": 139.94261488662227,
  "summary_bg_mad": 34.6283034975207,
  "summary_bg_mean": 86.31852722167969,
  "summary_bg_median": 46.653465270996094,
  "summary_bg_n": 96841.0,
  "summary_bg_p05": 15.86881160736084,
  "summary_bg_p95": 289.6955261230469,
  "summary_bg_stdv": 139.95423889160156,
  "summary_fg_k": 8.213523431331355,
  "summary_fg_mad": 577.5708417803498,
  "summary_fg_mean": 2210.57275390625,
  "summary_fg_median": 2021.6868896484375,
  "summary_fg_n": 31276.0,
  "summary_fg_p05": 1309.7184753417969,
  "summary_fg_p95": 3732.0674438476562,
  "summary_fg_stdv": 853.7630615234375,
  "tsnr": 27.495489097200334
}