{
  "aor": 0.0007037724550898203,
  "aqi": 0.01181203650698603,
  "bids_meta": {
    "AcquisitionMatrixPE": 64,
    "AcquisitionNumber": 1,
    "AcquisitionTime": "12:56:13.610000",
    "BandwidthPerPixelPhaseEncode": 62.5,
    "BaseResolution": 64,
    "BodyPartExamined": "BRAIN",
    "ConsistencyInfo": "N4_VE11C_LATEST_20160120",
    "ConversionSoftware": "dcm2niix",
    "ConversionSoftwareVersion": "v1.0.20210317",
    "DerivedVendorReportedEchoSpacing": 0.0005,
    "DeviceSerialNumber": "45193",
    "DwellTime": 3.1e-06,
    "EchoNumber": 4,
    "EchoTime": 0.06249,
    "EchoTrainLength": 31,
    "EffectiveEchoSpacing": 0.00025,
    "FlipAngle": 56,
    "ImageComments": "Unaliased MB4/PE4/LB",
    "ImageOrientationPatientDICOM": [
      0.998945,
      0.00388034,
      0.0457639,
      -4.169e-11,
      0.996425,
      -0.0844874
    ],
    "ImageType": [
      "ORIGINAL",
      "PRIMARY",
      "M",
      "MB",
      "TE4",
      "ND",
      "NORM",
      "MOSAIC"
    ],
    "ImagingFrequency": 123.247,
    "InPlanePhaseEncodingDirectionDICOM": "ROW",
    "InstitutionAddress": "Blackburn Road 770,Clayton,Victoria,AU,3800",
    "InstitutionName": "Monash Biomedical Imaging",
    "InstitutionalDepartmentName": "Department",
    "MRAcquisitionType": "2D",
    "MagneticFieldStrength": 3,
    "Manufacturer": "Siemens",
    "ManufacturersModelName": "Skyra",
    "Modality": "MR",
    "MultibandAccelerationFactor": 4,
    "ParallelReductionFactorInPlane": 2,
    "PartialFourier": 1,
    "PatientPosition": "HFS",
    "PercentPhaseFOV": 100,
    "PercentSampling": 100,
    "PhaseEncodingDirection": "i",
    "PhaseEncodingSteps": 63,
    "PhaseResolution": 1,
    "PixelBandwidth": 2520,
    "ProcedureStepDescription": "MR Scan",
    "ProtocolName": "Rest_R-L_mmb_4_4_cmrr_mbep2d_bold_TE_12.6_29.23_45.86_62.49",
    "PulseSequenceDetails": "%CustomerSeq%\\cmrr_mbep2d_bold",
    "ReceiveCoilActiveElements": "HEA;HEP",
    "ReceiveCoilName": "Head_32",
    "ReconMatrixPE": 64,
    "RefLinesPE": 24,
    "RepetitionTime": 0.91,
    "SAR": 0.0951615,
    "ScanOptions": "FS",
    "ScanningSequence": "EP",
    "SequenceName": "epfid2d4_64",
    "SequenceVariant": "SK\\SS",
    "SeriesDescription": "Rest_R-L_mmb_4_4_cmrr_mbep2d_bold_TE_12.6_29.23_45.86_62.49",
    "SeriesNumber": 5,
    "ShimSetting": [
      -4028,
      15288,
      -15005,
      455,
      211,
      246,
      202,
      190
    ],
    "SliceThickness": 3.2,
    "SliceTiming": [
      0,
      0.6225,
      0.3575,
      0.09,
      0.7125,
      0.445,
      0.1775,
      0.8,
      0.535,
      0.2675,
      0,
      0.6225,
      0.3575,
      0.09,
      0.7125,
      0.445,
      0.1775,
      0.8,
      0.535,
      0.2675,
      0,
      0.6225,
      0.3575,
      0.09,
      0.7125,
      0.445,
      0.1775,
      0.8,
      0.535,
      0.2675,
      0,
      0.6225,
      0.3575,
      0.09,
      0.7125,
      0.445,
      0.1775,
      0.8,
      0.535,
      0.2675
    ],
    "SoftwareVersions": "syngo MR E11",
    "SpacingBetweenSlices": 3.2,
    "StationName": "AWP45193",
    "TaskName": "rest",
    "TotalReadoutTime": 0.01575,
    "TxRefAmp": 400.857,
    "WipMemBlock": "bf467c93-ec80-47c3-a996-61ff2a15271e||Sequence: R016 ve11c/master r/e634e98; Dec 19 2017 11:00:25 by eja",
    "dataset": "<unset>",
    "modality": "bold",
    "run_id": 1,
    "session_id": "01",
    "subject_id": "PC032",
    "task_id": "rest"
  },
  "dummy_trs": 3,
  "dvars_nstd": 57.24025672927996,
  "dvars_std": 1.1703549524399985,
  "dvars_vstd": 1.0029622793999997,
  "efc": 0.49158281535323883,
  "fber": 1866.31884765625,
  "fd_mean": 0.07960388499887615,
  "fd_num": 3,
  "fd_perc": 0.5988023952095808,
  "fwhm_avg": 1.6153106794652141,
  "fwhm_x": 1.5324831067961167,
  "fwhm_y": 1.6551114563106797,
  "fwhm_z": 1.658337475288846,
  "gcor": 0.0112367,
  "gsr_x": -0.002521745627745986,
  "gsr_y": 0.024378502741456032,
  "provenance": {
    "md5sum": "ed970584d8058556f6129e99644cccdd",
    "settings": {
      "fd_thres": 0.2,
      "testing": false
    },
    "software": "mriqc",
    "version": "22.0.6",
    "webapi_port": null,
    "webapi_url": "https://mriqc.nimh.nih.gov/api/v1"
  },
  "size_t": 501,
  "size_x": 64,
  "size_y": 64,
  "size_z": 40,
  "snr": 2.3629800902896174,
  "spacing_tr": 0.9100000262260437,
  "spacing_x": 3.21875,
  "spacing_y": 3.21875,
  "spacing_z": 3.200000047683716,
  "summary_bg_k": 162.67420847371085,
  "summary_bg_mad": 34.01846863799767,
  "summary_bg_mean": 86.27356719970703,
  "summary_bg_median": 46.62175750732422,
  "summary_bg_n": 96788.0,
  "summary_bg_p05": 16.37724494934082,
  "summary_bg_p95": 289.6746536254878,
  "summary_bg_stdv": 144.45339965820312,
  "summary_fg_k": 8.218566137218032,
  "summary_fg_mad": 579.1958766094467,
  "summary_fg_mean": 2210.605224609375,
  "summary_fg_median": 2022.193603515625,
  "summary_fg_n": 31316.0,
  "summary_fg_p05": 1305.9475708007812,
  "summary_fg_p95": 3733.47314453125,
  "summary_fg_stdv": 855.7673950195312,
  "tsnr": 26.601754250004888
}