{
  "aor": 0.0003783168316831683,
  "aqi": 0.00692833745049505,
  "bids_meta": {
    "AcquisitionMatrixPE": 64,
    "AcquisitionNumber": 1,
    "AcquisitionTime": "13:15:2.557500",
    "BandwidthPerPixelPhaseEncode": 62.5,
    "BaseResolution": 64,
    "BodyPartExamined": "BRAIN",
    "ConsistencyInfo": "N4_VE11C_LATEST_20160120",
    "ConversionSoftware": "dcm2niix",
    "ConversionSoftwareVersion": "v1.0.20210317",
    "DerivedVendorReportedEchoSpacing": 0.0005,
    "DeviceSerialNumber": "45193",
    "DwellTime": 3.1e-06,
    "EchoNumber": 2,
    "EchoTime": 0.02923,
    "EchoTrainLength": 31,
    "EffectiveEchoSpacing": 0.00025,
    "FlipAngle": 56,
    "ImageComments": "Unaliased MB4/PE4/LB",
    "ImageOrientationPatientDICOM": [
      0.998945,
      0.00388034,
      0.0457639,
      -4.169e-11,
      0.996425,
      -0.0844874
    ],
    "ImageType": [
      "ORIGINAL",
      "PRIMARY",
      "M",
      "MB",
      "TE2",
      "ND",
      "NORM",
      "MOSAIC"
    ],
    "ImagingFrequency": 123.247,
    "InPlanePhaseEncodingDirectionDICOM": "ROW",
    "InstitutionAddress": "Blackburn Road 770,Clayton,Victoria,AU,3800",
    "InstitutionName": "Monash Biomedical Imaging",
    "InstitutionalDepartmentName": "Department",
    "MRAcquisitionType": "2D",
    "MagneticFieldStrength": 3,
    "Manufacturer": "Siemens",
    "ManufacturersModelName": "Skyra",
    "Modality": "MR",
    "MultibandAccelerationFactor": 4,
    "ParallelReductionFactorInPlane": 2,
    "PartialFourier": 1,
    "PatientPosition": "HFS",
    "PercentPhaseFOV": 100,
    "PercentSampling": 100,
    "PhaseEncodingDirection": "i",
    "PhaseEncodingSteps": 63,
    "PhaseResolution": 1,
    "PixelBandwidth": 2520,
    "ProcedureStepDescription": "MR Scan",
    "ProtocolName": "Meditation_R-L_mmb_4_4_cmrr_mbep2d_bold_TE_12.6_29.23_45.86_62.5",
    "PulseSequenceDetails": "%CustomerSeq%\\cmrr_mbep2d_bold",
    "ReceiveCoilActiveElements": "HEA;HEP",
    "ReceiveCoilName": "Head_32",
    "ReconMatrixPE": 64,
    "RefLinesPE": 24,
    "RepetitionTime": 0.91,
    "SAR": 0.0948155,
    "ScanOptions": "FS",
    "ScanningSequence": "EP",
    "SequenceName": "epfid2d4_64",
    "SequenceVariant": "SK\\SS",
    "SeriesDescription": "Meditation_R-L_mmb_4_4_cmrr_mbep2d_bold_TE_12.6_29.23_45.86_62.5",
    "SeriesNumber": 10,
    "ShimSetting": [
      -4027,
      15290,
      -15005,
      454,
      216,
      265,
      201,
      195
    ],
    "SliceThickness": 3.2,
    "SliceTiming": [
      0,
      0.6225,
      0.355,
      0.0875,
      0.71,
      0.4425,
      0.1775,
      0.8,
      0.5325,
      0.265,
      0,
      0.6225,
      0.355,
      0.0875,
      0.71,
      0.4425,
      0.1775,
      0.8,
      0.5325,
      0.265,
      0,
      0.6225,
      0.355,
      0.0875,
      0.71,
      0.4425,
      0.1775,
      0.8,
      0.5325,
      0.265,
      0,
      0.6225,
      0.355,
      0.0875,
      0.71,
      0.4425,
      0.1775,
      0.8,
      0.5325,
      0.265
    ],
    "SoftwareVersions": "syngo MR E11",
    "SpacingBetweenSlices": 3.2,
    "StationName": "AWP45193",
    "TaskName": "meditation",
    "TotalReadoutTime": 0.01575,
    "TxRefAmp": 400.857,
    "WipMemBlock": "b385f197-7cb1-4f95-bf9a-d2e91535528c||Sequence: R016 ve11c/master r/e634e98; Dec 19 2017 11:00:25 by eja",
    "dataset": "<unset>",
    "modality": "bold",
    "run_id": 1,
    "session_id": "01",
    "subject_id": "PC032",
    "task_id": "meditation"
  },
  "dummy_trs": 1,
  "dvars_nstd": 33.420639189429295,
  "dvars_std": 1.1723781389081878,
  "dvars_vstd": 0.9933326312406945,
  "efc": 0.5481605438841042,
  "fber": 2801.60986328125,
  "fd_mean": 0.07099966318154312,
  "fd_num": 2,
  "fd_perc": 0.49504950495049505,
  "fwhm_avg": 1.7213221109602188,
  "fwhm_x": 1.6586252427184467,
  "fwhm_y": 1.7375161165048543,
  "fwhm_z": 1.7678249736573552,
  "gcor": 0.0314469,
  "gsr_x": 0.012034144252538681,
  "gsr_y": 0.031629081815481186,
  "provenance": {
    "md5sum": "45b3518b990a0570cbac3a3887ebf2ac",
    "settings": {
      "fd_thres": 0.2,
      "testing": false
    },
    "software": "mriqc",
    "version": "22.0.6",
    "webapi_port": null,
    "webapi_url": "https://mriqc.nimh.nih.gov/api/v1"
  },
  "size_t": 404,
  "size_x": 64,
  "size_y": 64,
  "size_z": 40,
  "snr": 4.8096902334905165,
  "spacing_tr": 0.9100000262260437,
  "spacing_x": 3.21875,
  "spacing_y": 3.21875,
  "spacing_z": 3.200000047683716,
  "summary_bg_k": 28.72253599251495,
  "summary_bg_mad": 72.72090244834229,
  "summary_bg_mean": 215.96014404296875,
  "summary_bg_median": 74.39356231689453,
  "summary_bg_n": 91879.0,
  "summary_bg_p05": 16.890840911865237,
  "summary_bg_p95": 905.473742675781,
  "summary_bg_stdv": 411.0547180175781,
  "summary_fg_k": 2.1296124881998155,
  "summary_fg_mad": 758.9196793176839,
  "summary_fg_mean": 4009.226806640625,
  "summary_fg_median": 3904.3984375,
  "summary_fg_n": 36343.0,
  "summary_fg_p05": 2921.343310546875,
  "summary_fg_p95": 5397.928759765626,
  "summary_fg_stdv": 811.766357421875,
  "tsnr": 48.392314477823675
}