{
  "bids_meta": {
    "AcquisitionMatrixPE": 240,
    "AcquisitionNumber": 1,
    "AcquisitionTime": "14:21:43.690000",
    "BaseResolution": 256,
    "BodyPartExamined": "BRAIN",
    "ConsistencyInfo": "N4_VE11C_LATEST_20160120",
    "ConversionSoftware": "dcm2niix",
    "ConversionSoftwareVersion": "v1.0.20210317",
    "DeviceSerialNumber": "45193",
    "DwellTime": 8.5e-06,
    "EchoTime": 0.00207,
    "FlipAngle": 9,
    "ImageOrientationPatientDICOM": [
      0.00185669,
      0.999998,
      -2.54528e-08,
      -0.0523045,
      9.70881e-05,
      -0.998631
    ],
    "ImageType": [
      "ORIGINAL",
      "PRIMARY",
      "M",
      "ND",
      "NORM"
    ],
    "ImagingFrequency": 123.252,
    "InPlanePhaseEncodingDirectionDICOM": "ROW",
    "InstitutionAddress": "Blackburn Road 770,Clayton,Victoria,AU,3800",
    "InstitutionName": "Monash Biomedical Imaging",
    "InstitutionalDepartmentName": "Department",
    "InversionTime": 0.9,
    "MRAcquisitionType": "3D",
    "MagneticFieldStrength": 3,
    "Manufacturer": "Siemens",
    "ManufacturersModelName": "Skyra",
    "Modality": "MR",
    "ParallelReductionFactorInPlane": 3,
    "PartialFourier": 1,
    "PatientPosition": "HFS",
    "PercentPhaseFOV": 93.75,
    "PercentSampling": 100,
    "PhaseEncodingSteps": 238,
    "PhaseResolution": 1,
    "PixelBandwidth": 230,
    "ProcedureStepDescription": "MR Scan",
    "ProtocolName": "t1_mprage_sag_p3_iso_1",
    "PulseSequenceDetails": "%SiemensSeq%\\tfl",
    "ReceiveCoilActiveElements": "HEA;HEP",
    "ReceiveCoilName": "Head_32",
    "ReconMatrixPE": 240,
    "RefLinesPE": 32,
    "RepetitionTime": 2.3,
    "SAR": 0.0950142,
    "ScanOptions": "IR",
    "ScanningSequence": "GR\\IR",
    "SequenceName": "*tfl3d1_16ns",
    "SequenceVariant": "SK\\SP\\MP",
    "SeriesDescription": "t1_mprage_sag_p3_iso_1",
    "SeriesNumber": 2,
    "ShimSetting": [
      -4121,
      15461,
      -15515,
      -92,
      142,
      -177,
      -175,
      57
    ],
    "SliceThickness": 1,
    "SoftwareVersions": "syngo MR E11",
    "StationName": "AWP45193",
    "TxRefAmp": 378.546,
    "dataset": "<unset>",
    "modality": "T1w",
    "run_id": 1,
    "session_id": "02",
    "subject_id": "PC212"
  },
  "cjv": 0.4122123575018128,
  "cnr": 3.2833533305372553,
  "efc": 0.485213322365819,
  "fber": -1.0,
  "fwhm_avg": 3.8929266666666664,
  "fwhm_x": 3.80689,
  "fwhm_y": 4.00459,
  "fwhm_z": 3.8673,
  "icvs_csf": 0.2195614644637452,
  "icvs_gm": 0.4057415209807368,
  "icvs_wm": 0.374697014555518,
  "inu_med": 0.46613889932632446,
  "inu_range": 0.12690061330795288,
  "provenance": {
    "md5sum": "5882efddf4b0e95998ed1d537011124d",
    "settings": {
      "testing": false
    },
    "software": "mriqc",
    "version": "22.0.6",
    "warnings": {
      "large_rot_frame": true,
      "small_air_mask": false
    },
    "webapi_port": null,
    "webapi_url": "https://mriqc.nimh.nih.gov/api/v1"
  },
  "qi_1": 0.029068645418028678,
  "qi_2": 0.026523117492188917,
  "rpve_csf": 25.508658979472752,
  "rpve_gm": 14.000327151139015,
  "rpve_wm": 18.084989638608874,
  "size_x": 192,
  "size_y": 240,
  "size_z": 256,
  "snr_csf": 2.2203078700844823,
  "snr_gm": 11.035171859403315,
  "snr_total": 11.65823666909892,
  "snr_wm": 21.719230277808965,
  "snrd_csf": 9.463009768917749,
  "snrd_gm": 26.206915962457515,
  "snrd_total": 23.873911801800904,
  "snrd_wm": 35.95180967402745,
  "spacing_x": 1.0,
  "spacing_y": 1.0,
  "spacing_z": 1.0,
  "summary_bg_k": 9104.354958958857,
  "summary_bg_mad": 0.0,
  "summary_bg_mean": 2.9847371474401805,
  "summary_bg_median": 0.0,
  "summary_bg_n": 3272287.0,
  "summary_bg_p05": 0.0,
  "summary_bg_p95": 11.162361420691013,
  "summary_bg_stdv": 18.22430723145224,
  "summary_csf_k": 1.9767516898154085,
  "summary_csf_mad": 109.34875019801018,
  "summary_csf_mean": 280.90765976929714,
  "summary_csf_median": 263.2380025945604,
  "summary_csf_n": 30611.0,
  "summary_csf_p05": 118.17342958599329,
  "summary_csf_p95": 498.33947433531284,
  "summary_csf_stdv": 118.55729846173534,
  "summary_gm_k": -0.0960419211455279,
  "summary_gm_mad": 67.35992429333335,
  "summary_gm_mean": 728.4561904214243,
  "summary_gm_median": 729.0129018761218,
  "summary_gm_n": 19639.0,
  "summary_gm_p05": 617.6660404317081,
  "summary_gm_p95": 834.9630844518542,
  "summary_gm_stdv": 66.06098668794466,
  "summary_wm_k": 0.3969085524336742,
  "summary_wm_mad": 44.3823257526633,
  "summary_wm_mean": 1000.7523125725752,
  "summary_wm_median": 1000.0922327414155,
  "summary_wm_n": 202260.0,
  "summary_wm_p05": 926.2914960756898,
  "summary_wm_p95": 1077.0756261758506,
  "summary_wm_stdv": 46.0462800777296,
  "tpm_overlap_csf": 0.15528247678619583,
  "tpm_overlap_gm": 0.4533914431060266,
  "tpm_overlap_wm": 0.5207465202913217,
  "wm2max": 0.37418241435844335
}