{
  "aor": 0.0007025686813186815,
  "aqi": 0.028078624862637364,
  "bids_meta": {
    "AcquisitionMatrixPE": 64,
    "AcquisitionNumber": 1,
    "AcquisitionTime": "10:43:4.785000",
    "BandwidthPerPixelPhaseEncode": 62.5,
    "BaseResolution": 64,
    "BodyPartExamined": "BRAIN",
    "ConsistencyInfo": "N4_VE11C_LATEST_20160120",
    "ConversionSoftware": "dcm2niix",
    "ConversionSoftwareVersion": "v1.0.20210317",
    "DerivedVendorReportedEchoSpacing": 0.0005,
    "DeviceSerialNumber": "45193",
    "DwellTime": 3.1e-06,
    "EchoNumber": 2,
    "EchoTime": 0.02923,
    "EchoTrainLength": 31,
    "EffectiveEchoSpacing": 0.00025,
    "FlipAngle": 56,
    "ImageComments": "Unaliased MB4/PE4/LB",
    "ImageOrientationPatientDICOM": [
      0.999754,
      -0.00534362,
      -0.0215431,
      7.3853e-11,
      0.970588,
      -0.240747
    ],
    "ImageType": [
      "ORIGINAL",
      "PRIMARY",
      "M",
      "MB",
      "TE2",
      "ND",
      "NORM",
      "MOSAIC"
    ],
    "ImagingFrequency": 123.247,
    "InPlanePhaseEncodingDirectionDICOM": "ROW",
    "InstitutionAddress": "Blackburn Road 770,Clayton,Victoria,AU,3800",
    "InstitutionName": "Monash Biomedical Imaging",
    "InstitutionalDepartmentName": "Department",
    "MRAcquisitionType": "2D",
    "MagneticFieldStrength": 3,
    "Manufacturer": "Siemens",
    "ManufacturersModelName": "Skyra",
    "Modality": "MR",
    "MultibandAccelerationFactor": 4,
    "ParallelReductionFactorInPlane": 2,
    "PartialFourier": 1,
    "PatientPosition": "HFS",
    "PercentPhaseFOV": 100,
    "PercentSampling": 100,
    "PhaseEncodingDirection": "i",
    "PhaseEncodingSteps": 63,
    "PhaseResolution": 1,
    "PixelBandwidth": 2520,
    "ProcedureStepDescription": "MR Scan",
    "ProtocolName": "Music_R-L_mmb_4_4_cmrr_mbep2d_bold_TE_12.6_29.23_45.86_62.49",
    "PulseSequenceDetails": "%CustomerSeq%\\cmrr_mbep2d_bold",
    "ReceiveCoilActiveElements": "HEA;HEP",
    "ReceiveCoilName": "Head_32",
    "ReconMatrixPE": 64,
    "RefLinesPE": 24,
    "RepetitionTime": 0.91,
    "SAR": 0.0933679,
    "ScanOptions": "FS",
    "ScanningSequence": "EP",
    "SequenceName": "epfid2d4_64",
    "SequenceVariant": "SK\\SS",
    "SeriesDescription": "Music_R-L_mmb_4_4_cmrr_mbep2d_bold_TE_12.6_29.23_45.86_62.49",
    "SeriesNumber": 7,
    "ShimSetting": [
      -4065,
      15444,
      -15175,
      113,
      196,
      152,
      -216,
      243
    ],
    "SliceThickness": 3.2,
    "SliceTiming": [
      0,
      0.6225,
      0.355,
      0.0875,
      0.7125,
      0.445,
      0.1775,
      0.8,
      0.5325,
      0.2675,
      0,
      0.6225,
      0.355,
      0.0875,
      0.7125,
      0.445,
      0.1775,
      0.8,
      0.5325,
      0.2675,
      0,
      0.6225,
      0.355,
      0.0875,
      0.7125,
      0.445,
      0.1775,
      0.8,
      0.5325,
      0.2675,
      0,
      0.6225,
      0.355,
      0.0875,
      0.7125,
      0.445,
      0.1775,
      0.8,
      0.5325,
      0.2675
    ],
    "SoftwareVersions": "syngo MR E11",
    "SpacingBetweenSlices": 3.2,
    "StationName": "AWP45193",
    "TaskName": "music",
    "TotalReadoutTime": 0.01575,
    "TxRefAmp": 374.803,
    "WipMemBlock": "450edb72-2d1f-486d-8c02-6cb669fb9e06||Sequence: R016 ve11c/master r/e634e98; Dec 19 2017 11:00:25 by eja",
    "dataset": "<unset>",
    "modality": "bold",
    "run_id": 1,
    "session_id": "02",
    "subject_id": "PC009",
    "task_id": "music"
  },
  "dummy_trs": 0,
  "dvars_nstd": 37.13396970709764,
  "dvars_std": 1.0497491088308124,
  "dvars_vstd": 0.9391344868363132,
  "efc": 0.5570299252824931,
  "fber": 1888.23876953125,
  "fd_mean": 0.2296554945428894,
  "fd_num": 316,
  "fd_perc": 43.40659340659341,
  "fwhm_avg": 1.7424205578239242,
  "fwhm_x": 1.7288326213592233,
  "fwhm_y": 1.783304077669903,
  "fwhm_z": 1.7151249744426464,
  "gcor": 0.0130656,
  "gsr_x": 0.017937107011675835,
  "gsr_y": 0.029621973633766174,
  "provenance": {
    "md5sum": "901fc321c7b86942be0fca1e196600d2",
    "settings": {
      "fd_thres": 0.2,
      "testing": false
    },
    "software": "mriqc",
    "version": "22.0.6",
    "webapi_port": null,
    "webapi_url": "https://mriqc.nimh.nih.gov/api/v1"
  },
  "size_t": 728,
  "size_x": 64,
  "size_y": 64,
  "size_z": 40,
  "snr": 4.853699236296646,
  "spacing_tr": 0.9100000262260437,
  "spacing_x": 3.21875,
  "spacing_y": 3.21875,
  "spacing_z": 3.200000047683716,
  "summary_bg_k": 47.62893282845185,
  "summary_bg_mad": 92.27060963675632,
  "summary_bg_mean": 236.817626953125,
  "summary_bg_median": 97.16072082519531,
  "summary_bg_n": 90684.0,
  "summary_bg_p05": 21.218612670898438,
  "summary_bg_p95": 951.1486633300754,
  "summary_bg_stdv": 424.5942687988281,
  "summary_fg_k": 2.6916312984392645,
  "summary_fg_mad": 739.1076108533517,
  "summary_fg_mean": 4256.9150390625,
  "summary_fg_median": 4128.36279296875,
  "summary_fg_n": 37403.0,
  "summary_fg_p05": 3156.2216552734376,
  "summary_fg_p95": 5764.177197265625,
  "summary_fg_stdv": 850.5487060546875,
  "tsnr": 28.393034359964076
}