{
  "aor": 0.0002591869918699187,
  "aqi": 0.008914096422764228,
  "bids_meta": {
    "AcquisitionMatrixPE": 64,
    "AcquisitionNumber": 1,
    "AcquisitionTime": "11:39:12.472500",
    "BandwidthPerPixelPhaseEncode": 62.5,
    "BaseResolution": 64,
    "BodyPartExamined": "BRAIN",
    "ConsistencyInfo": "N4_VE11C_LATEST_20160120",
    "ConversionSoftware": "dcm2niix",
    "ConversionSoftwareVersion": "v1.0.20210317",
    "DerivedVendorReportedEchoSpacing": 0.0005,
    "DeviceSerialNumber": "45193",
    "DwellTime": 3.1e-06,
    "EchoNumber": 1,
    "EchoTime": 0.0126,
    "EchoTrainLength": 31,
    "EffectiveEchoSpacing": 0.00025,
    "FlipAngle": 56,
    "ImageComments": "Unaliased MB4/PE4/LB",
    "ImageOrientationPatientDICOM": [
      0.99988,
      -0.001259,
      -0.0154296,
      1.6504e-11,
      0.996688,
      -0.0813258
    ],
    "ImageType": [
      "ORIGINAL",
      "PRIMARY",
      "M",
      "MB",
      "TE1",
      "ND",
      "NORM",
      "MOSAIC"
    ],
    "ImagingFrequency": 123.247,
    "InPlanePhaseEncodingDirectionDICOM": "ROW",
    "InstitutionAddress": "Blackburn Road 770,Clayton,Victoria,AU,3800",
    "InstitutionName": "Monash Biomedical Imaging",
    "InstitutionalDepartmentName": "Department",
    "MRAcquisitionType": "2D",
    "MagneticFieldStrength": 3,
    "Manufacturer": "Siemens",
    "ManufacturersModelName": "Skyra",
    "Modality": "MR",
    "MultibandAccelerationFactor": 4,
    "ParallelReductionFactorInPlane": 2,
    "PartialFourier": 1,
    "PatientPosition": "HFS",
    "PercentPhaseFOV": 100,
    "PercentSampling": 100,
    "PhaseEncodingDirection": "i",
    "PhaseEncodingSteps": 63,
    "PhaseResolution": 1,
    "PixelBandwidth": 2520,
    "ProcedureStepDescription": "MR Scan",
    "ProtocolName": "Movie_R-L_mmb_4_4_cmrr_mbep2d_bold_TE_12.6_29.23_45.86_62.49",
    "PulseSequenceDetails": "%CustomerSeq%\\cmrr_mbep2d_bold",
    "ReceiveCoilActiveElements": "HEA;HEP",
    "ReceiveCoilName": "Head_32",
    "ReconMatrixPE": 64,
    "RefLinesPE": 24,
    "RepetitionTime": 0.91,
    "SAR": 0.0848726,
    "ScanOptions": "FS",
    "ScanningSequence": "EP",
    "SequenceName": "epfid2d4_64",
    "SequenceVariant": "SK\\SS",
    "SeriesDescription": "Movie_R-L_mmb_4_4_cmrr_mbep2d_bold_TE_12.6_29.23_45.86_62.49",
    "SeriesNumber": 13,
    "ShimSetting": [
      -4095,
      15265,
      -15163,
      470,
      101,
      -63,
      -116,
      118
    ],
    "SliceThickness": 3.2,
    "SliceTiming": [
      0,
      0.6225,
      0.355,
      0.09,
      0.7125,
      0.445,
      0.1775,
      0.8,
      0.535,
      0.2675,
      0,
      0.6225,
      0.355,
      0.09,
      0.7125,
      0.445,
      0.1775,
      0.8,
      0.535,
      0.2675,
      0,
      0.6225,
      0.355,
      0.09,
      0.7125,
      0.445,
      0.1775,
      0.8,
      0.535,
      0.2675,
      0,
      0.6225,
      0.355,
      0.09,
      0.7125,
      0.445,
      0.1775,
      0.8,
      0.535,
      0.2675
    ],
    "SoftwareVersions": "syngo MR E11",
    "SpacingBetweenSlices": 3.2,
    "StationName": "AWP45193",
    "TaskName": "movie",
    "TotalReadoutTime": 0.01575,
    "TxRefAmp": 388.331,
    "WipMemBlock": "1f0e50a5-5fec-48d7-a7d9-7afa6d28fd37||Sequence: R016 ve11c/master r/e634e98; Dec 19 2017 11:00:25 by eja",
    "dataset": "<unset>",
    "modality": "bold",
    "run_id": 1,
    "session_id": "01",
    "subject_id": "PC025",
    "task_id": "movie"
  },
  "dummy_trs": 3,
  "dvars_nstd": 26.02623525396738,
  "dvars_std": 1.0627256139402188,
  "dvars_vstd": 0.9843555825543473,
  "efc": 0.556092184255155,
  "fber": 3207.478759765625,
  "fd_mean": 0.16426384031969943,
  "fd_num": 120,
  "fd_perc": 32.520325203252035,
  "fwhm_avg": 2.1505656356484337,
  "fwhm_x": 2.0026749514563105,
  "fwhm_y": 2.1824093203883494,
  "fwhm_z": 2.2666126351006413,
  "gcor": 0.00425286,
  "gsr_x": 0.004586913622915745,
  "gsr_y": 0.053921137005090714,
  "provenance": {
    "md5sum": "347b7aac498981e57adb73d275309c8f",
    "settings": {
      "fd_thres": 0.2,
      "testing": false
    },
    "software": "mriqc",
    "version": "22.0.6",
    "webapi_port": null,
    "webapi_url": "https://mriqc.nimh.nih.gov/api/v1"
  },
  "size_t": 369,
  "size_x": 64,
  "size_y": 64,
  "size_z": 40,
  "snr": 6.666500703840484,
  "spacing_tr": 0.9100000262260437,
  "spacing_x": 3.21875,
  "spacing_y": 3.21875,
  "spacing_z": 3.1999998092651367,
  "summary_bg_k": 15.11902610901134,
  "summary_bg_mad": 91.00526182926362,
  "summary_bg_mean": 328.52197265625,
  "summary_bg_median": 84.56639862060547,
  "summary_bg_n": 95300.0,
  "summary_bg_p05": 15.813008308410645,
  "summary_bg_p95": 1558.5246948242188,
  "summary_bg_stdv": 589.826904296875,
  "summary_fg_k": 0.0014091114115002412,
  "summary_fg_mad": 696.5059627309798,
  "summary_fg_mean": 4773.28369140625,
  "summary_fg_median": 4694.888671875,
  "summary_fg_n": 34414.0,
  "summary_fg_p05": 3730.860949707031,
  "summary_fg_p95": 6066.695361328124,
  "summary_fg_stdv": 704.2406005859375,
  "tsnr": 53.961479855235666
}