{
  "aor": 0.001308,
  "aqi": 0.0217066644,
  "bids_meta": {
    "AcquisitionMatrixPE": 64,
    "AcquisitionNumber": 1,
    "AcquisitionTime": "11:27:31.135000",
    "BandwidthPerPixelPhaseEncode": 62.5,
    "BaseResolution": 64,
    "BodyPartExamined": "BRAIN",
    "ConsistencyInfo": "N4_VE11C_LATEST_20160120",
    "ConversionSoftware": "dcm2niix",
    "ConversionSoftwareVersion": "v1.0.20210317",
    "DerivedVendorReportedEchoSpacing": 0.0005,
    "DeviceSerialNumber": "45193",
    "DwellTime": 3.1e-06,
    "EchoNumber": 1,
    "EchoTime": 0.0126,
    "EchoTrainLength": 31,
    "EffectiveEchoSpacing": 0.00025,
    "FlipAngle": 56,
    "ImageComments": "Unaliased MB4/PE4/LB",
    "ImageOrientationPatientDICOM": [
      0.99988,
      -0.001259,
      -0.0154296,
      1.6504e-11,
      0.996688,
      -0.0813258
    ],
    "ImageType": [
      "ORIGINAL",
      "PRIMARY",
      "M",
      "MB",
      "TE1",
      "ND",
      "NORM",
      "MOSAIC"
    ],
    "ImagingFrequency": 123.247,
    "InPlanePhaseEncodingDirectionDICOM": "ROW",
    "InstitutionAddress": "Blackburn Road 770,Clayton,Victoria,AU,3800",
    "InstitutionName": "Monash Biomedical Imaging",
    "InstitutionalDepartmentName": "Department",
    "MRAcquisitionType": "2D",
    "MagneticFieldStrength": 3,
    "Manufacturer": "Siemens",
    "ManufacturersModelName": "Skyra",
    "Modality": "MR",
    "MultibandAccelerationFactor": 4,
    "ParallelReductionFactorInPlane": 2,
    "PartialFourier": 1,
    "PatientPosition": "HFS",
    "PercentPhaseFOV": 100,
    "PercentSampling": 100,
    "PhaseEncodingDirection": "i",
    "PhaseEncodingSteps": 63,
    "PhaseResolution": 1,
    "PixelBandwidth": 2520,
    "ProcedureStepDescription": "MR Scan",
    "ProtocolName": "Music_R-L_mmb_4_4_cmrr_mbep2d_bold_TE_12.6_29.23_45.86_62.49",
    "PulseSequenceDetails": "%CustomerSeq%\\cmrr_mbep2d_bold",
    "ReceiveCoilActiveElements": "HEA;HEP",
    "ReceiveCoilName": "Head_32",
    "ReconMatrixPE": 64,
    "RefLinesPE": 24,
    "RepetitionTime": 0.91,
    "SAR": 0.0857624,
    "ScanOptions": "FS",
    "ScanningSequence": "EP",
    "SequenceName": "epfid2d4_64",
    "SequenceVariant": "SK\\SS",
    "SeriesDescription": "Music_R-L_mmb_4_4_cmrr_mbep2d_bold_TE_12.6_29.23_45.86_62.49",
    "SeriesNumber": 12,
    "ShimSetting": [
      -4095,
      15265,
      -15163,
      470,
      101,
      -63,
      -116,
      118
    ],
    "SliceThickness": 3.2,
    "SliceTiming": [
      0,
      0.625,
      0.3575,
      0.09,
      0.7125,
      0.445,
      0.18,
      0.8025,
      0.535,
      0.2675,
      0,
      0.625,
      0.3575,
      0.09,
      0.7125,
      0.445,
      0.18,
      0.8025,
      0.535,
      0.2675,
      0,
      0.625,
      0.3575,
      0.09,
      0.7125,
      0.445,
      0.18,
      0.8025,
      0.535,
      0.2675,
      0,
      0.625,
      0.3575,
      0.09,
      0.7125,
      0.445,
      0.18,
      0.8025,
      0.535,
      0.2675
    ],
    "SoftwareVersions": "syngo MR E11",
    "SpacingBetweenSlices": 3.2,
    "StationName": "AWP45193",
    "TaskName": "music",
    "TotalReadoutTime": 0.01575,
    "TxRefAmp": 388.331,
    "WipMemBlock": "3f193b46-e92f-47df-a455-b67fc2e5adeb||Sequence: R016 ve11c/master r/e634e98; Dec 19 2017 11:00:25 by eja",
    "dataset": "<unset>",
    "modality": "bold",
    "run_id": 1,
    "session_id": "01",
    "subject_id": "PC025",
    "task_id": "music"
  },
  "dummy_trs": 3,
  "dvars_nstd": 25.754176461132637,
  "dvars_std": 1.0391178269198902,
  "dvars_vstd": 0.9670965893508292,
  "efc": 0.5579733428907542,
  "fber": 3225.3291015625,
  "fd_mean": 0.1727045345183315,
  "fd_num": 290,
  "fd_perc": 40.0,
  "fwhm_avg": 2.1385767302018173,
  "fwhm_x": 2.029728932038835,
  "fwhm_y": 2.2062073786407765,
  "fwhm_z": 2.17979387992584,
  "gcor": 0.00533947,
  "gsr_x": 0.0020335151348263025,
  "gsr_y": 0.05679459497332573,
  "provenance": {
    "md5sum": "bc4b36f593d34264d25fae4199f6c748",
    "settings": {
      "fd_thres": 0.2,
      "testing": false
    },
    "software": "mriqc",
    "version": "22.0.6",
    "webapi_port": null,
    "webapi_url": "https://mriqc.nimh.nih.gov/api/v1"
  },
  "size_t": 725,
  "size_x": 64,
  "size_y": 64,
  "size_z": 40,
  "snr": 6.589701149402881,
  "spacing_tr": 0.9100000262260437,
  "spacing_x": 3.21875,
  "spacing_y": 3.21875,
  "spacing_z": 3.1999998092651367,
  "summary_bg_k": 16.777546003918825,
  "summary_bg_mad": 89.9561306157554,
  "summary_bg_mean": 337.89306640625,
  "summary_bg_median": 84.54759216308594,
  "summary_bg_n": 95003.0,
  "summary_bg_p05": 16.267723846435548,
  "summary_bg_p95": 1601.6612426757806,
  "summary_bg_stdv": 618.7850952148438,
  "summary_fg_k": 0.08385944881905205,
  "summary_fg_mad": 704.6863362998829,
  "summary_fg_mean": 4808.34423828125,
  "summary_fg_median": 4723.2509765625,
  "summary_fg_n": 34629.0,
  "summary_fg_p05": 3759.497216796875,
  "summary_fg_p95": 6128.898828124999,
  "summary_fg_stdv": 716.752197265625,
  "tsnr": 44.81911113392562
}