{
  "aor": 0.0003461633663366337,
  "aqi": 0.014900384628712873,
  "bids_meta": {
    "AcquisitionMatrixPE": 64,
    "AcquisitionNumber": 1,
    "AcquisitionTime": "11:20:5.912500",
    "BandwidthPerPixelPhaseEncode": 62.5,
    "BaseResolution": 64,
    "BodyPartExamined": "BRAIN",
    "ConsistencyInfo": "N4_VE11C_LATEST_20160120",
    "ConversionSoftware": "dcm2niix",
    "ConversionSoftwareVersion": "v1.0.20210317",
    "DerivedVendorReportedEchoSpacing": 0.0005,
    "DeviceSerialNumber": "45193",
    "DwellTime": 3.1e-06,
    "EchoNumber": 3,
    "EchoTime": 0.04586,
    "EchoTrainLength": 31,
    "EffectiveEchoSpacing": 0.00025,
    "FlipAngle": 56,
    "ImageComments": "Unaliased MB4/PE4/LB",
    "ImageOrientationPatientDICOM": [
      0.99988,
      -0.001259,
      -0.0154296,
      1.6504e-11,
      0.996688,
      -0.0813258
    ],
    "ImageType": [
      "ORIGINAL",
      "PRIMARY",
      "M",
      "MB",
      "TE3",
      "ND",
      "NORM",
      "MOSAIC"
    ],
    "ImagingFrequency": 123.247,
    "InPlanePhaseEncodingDirectionDICOM": "ROW",
    "InstitutionAddress": "Blackburn Road 770,Clayton,Victoria,AU,3800",
    "InstitutionName": "Monash Biomedical Imaging",
    "InstitutionalDepartmentName": "Department",
    "MRAcquisitionType": "2D",
    "MagneticFieldStrength": 3,
    "Manufacturer": "Siemens",
    "ManufacturersModelName": "Skyra",
    "Modality": "MR",
    "MultibandAccelerationFactor": 4,
    "ParallelReductionFactorInPlane": 2,
    "PartialFourier": 1,
    "PatientPosition": "HFS",
    "PercentPhaseFOV": 100,
    "PercentSampling": 100,
    "PhaseEncodingDirection": "i",
    "PhaseEncodingSteps": 63,
    "PhaseResolution": 1,
    "PixelBandwidth": 2520,
    "ProcedureStepDescription": "MR Scan",
    "ProtocolName": "Meditation_R-L_mmb_4_4_cmrr_mbep2d_bold_TE_12.6_29.23_45.86_62.5",
    "PulseSequenceDetails": "%CustomerSeq%\\cmrr_mbep2d_bold",
    "ReceiveCoilActiveElements": "HEA;HEP",
    "ReceiveCoilName": "Head_32",
    "ReconMatrixPE": 64,
    "RefLinesPE": 24,
    "RepetitionTime": 0.91,
    "SAR": 0.0850172,
    "ScanOptions": "FS",
    "ScanningSequence": "EP",
    "SequenceName": "epfid2d4_64",
    "SequenceVariant": "SK\\SS",
    "SeriesDescription": "Meditation_R-L_mmb_4_4_cmrr_mbep2d_bold_TE_12.6_29.23_45.86_62.5",
    "SeriesNumber": 10,
    "ShimSetting": [
      -4095,
      15265,
      -15163,
      470,
      101,
      -63,
      -116,
      118
    ],
    "SliceThickness": 3.2,
    "SliceTiming": [
      0,
      0.625,
      0.3575,
      0.09,
      0.7125,
      0.445,
      0.18,
      0.8025,
      0.535,
      0.2675,
      0,
      0.625,
      0.3575,
      0.09,
      0.7125,
      0.445,
      0.18,
      0.8025,
      0.535,
      0.2675,
      0,
      0.625,
      0.3575,
      0.09,
      0.7125,
      0.445,
      0.18,
      0.8025,
      0.535,
      0.2675,
      0,
      0.625,
      0.3575,
      0.09,
      0.7125,
      0.445,
      0.18,
      0.8025,
      0.535,
      0.2675
    ],
    "SoftwareVersions": "syngo MR E11",
    "SpacingBetweenSlices": 3.2,
    "StationName": "AWP45193",
    "TaskName": "meditation",
    "TotalReadoutTime": 0.01575,
    "TxRefAmp": 388.331,
    "WipMemBlock": "0796e857-0d35-4c72-a110-f7dec1b48db5||Sequence: R016 ve11c/master r/e634e98; Dec 19 2017 11:00:25 by eja",
    "dataset": "<unset>",
    "modality": "bold",
    "run_id": 1,
    "session_id": "01",
    "subject_id": "PC025",
    "task_id": "meditation"
  },
  "dummy_trs": 1,
  "dvars_nstd": 41.18579643022331,
  "dvars_std": 1.0444115279404464,
  "dvars_vstd": 0.9680781720843677,
  "efc": 0.4858909126852933,
  "fber": 3369.68212890625,
  "fd_mean": 0.16345854529195344,
  "fd_num": 152,
  "fd_perc": 37.62376237623762,
  "fwhm_avg": 1.7872342105200705,
  "fwhm_x": 1.7121025242718448,
  "fwhm_y": 1.8496000000000001,
  "fwhm_z": 1.800000107288367,
  "gcor": 0.0145049,
  "gsr_x": -0.00017949777247849852,
  "gsr_y": 0.02232394739985466,
  "provenance": {
    "md5sum": "01291bb26140ad9038ecd6020d2f29fb",
    "settings": {
      "fd_thres": 0.2,
      "testing": false
    },
    "software": "mriqc",
    "version": "22.0.6",
    "webapi_port": null,
    "webapi_url": "https://mriqc.nimh.nih.gov/api/v1"
  },
  "size_t": 404,
  "size_x": 64,
  "size_y": 64,
  "size_z": 40,
  "snr": 3.6179080813560773,
  "spacing_tr": 0.9100000262260437,
  "spacing_x": 3.21875,
  "spacing_y": 3.21875,
  "spacing_z": 3.1999998092651367,
  "summary_bg_k": 117.56802944928708,
  "summary_bg_mad": 32.98973321554507,
  "summary_bg_mean": 80.128173828125,
  "summary_bg_median": 43.529701232910156,
  "summary_bg_n": 99312.0,
  "summary_bg_p05": 14.767326354980469,
  "summary_bg_p95": 259.6169509887695,
  "summary_bg_stdv": 127.62501525878906,
  "summary_fg_k": 5.394566766163257,
  "summary_fg_mad": 512.2079376385118,
  "summary_fg_mean": 2638.86962890625,
  "summary_fg_median": 2512.158203125,
  "summary_fg_n": 30420.0,
  "summary_fg_p05": 1829.3595581054688,
  "summary_fg_p95": 3837.663061523437,
  "summary_fg_stdv": 694.356201171875,
  "tsnr": 32.04399893153459
}