{
  "aor": 0.00012477045908183633,
  "aqi": 0.012726139161676645,
  "bids_meta": {
    "AcquisitionMatrixPE": 64,
    "AcquisitionNumber": 1,
    "AcquisitionTime": "11:01:3.685000",
    "BandwidthPerPixelPhaseEncode": 62.5,
    "BaseResolution": 64,
    "BodyPartExamined": "BRAIN",
    "ConsistencyInfo": "N4_VE11C_LATEST_20160120",
    "ConversionSoftware": "dcm2niix",
    "ConversionSoftwareVersion": "v1.0.20210317",
    "DerivedVendorReportedEchoSpacing": 0.0005,
    "DeviceSerialNumber": "45193",
    "DwellTime": 3.1e-06,
    "EchoNumber": 1,
    "EchoTime": 0.0126,
    "EchoTrainLength": 31,
    "EffectiveEchoSpacing": 0.00025,
    "FlipAngle": 56,
    "ImageComments": "Unaliased MB4/PE4/LB",
    "ImageOrientationPatientDICOM": [
      0.99988,
      -0.001259,
      -0.0154296,
      1.6504e-11,
      0.996688,
      -0.0813258
    ],
    "ImageType": [
      "ORIGINAL",
      "PRIMARY",
      "M",
      "MB",
      "TE1",
      "ND",
      "NORM",
      "MOSAIC"
    ],
    "ImagingFrequency": 123.247,
    "InPlanePhaseEncodingDirectionDICOM": "ROW",
    "InstitutionAddress": "Blackburn Road 770,Clayton,Victoria,AU,3800",
    "InstitutionName": "Monash Biomedical Imaging",
    "InstitutionalDepartmentName": "Department",
    "MRAcquisitionType": "2D",
    "MagneticFieldStrength": 3,
    "Manufacturer": "Siemens",
    "ManufacturersModelName": "Skyra",
    "Modality": "MR",
    "MultibandAccelerationFactor": 4,
    "ParallelReductionFactorInPlane": 2,
    "PartialFourier": 1,
    "PatientPosition": "HFS",
    "PercentPhaseFOV": 100,
    "PercentSampling": 100,
    "PhaseEncodingDirection": "i",
    "PhaseEncodingSteps": 63,
    "PhaseResolution": 1,
    "PixelBandwidth": 2520,
    "ProcedureStepDescription": "MR Scan",
    "ProtocolName": "Rest_R-L_mmb_4_4_cmrr_mbep2d_bold_TE_12.6_29.23_45.86_62.49",
    "PulseSequenceDetails": "%CustomerSeq%\\cmrr_mbep2d_bold",
    "ReceiveCoilActiveElements": "HEA;HEP",
    "ReceiveCoilName": "Head_32",
    "ReconMatrixPE": 64,
    "RefLinesPE": 24,
    "RepetitionTime": 0.91,
    "SAR": 0.0853425,
    "ScanOptions": "FS",
    "ScanningSequence": "EP",
    "SequenceName": "epfid2d4_64",
    "SequenceVariant": "SK\\SS",
    "SeriesDescription": "Rest_R-L_mmb_4_4_cmrr_mbep2d_bold_TE_12.6_29.23_45.86_62.49",
    "SeriesNumber": 5,
    "ShimSetting": [
      -4095,
      15265,
      -15163,
      470,
      101,
      -63,
      -116,
      118
    ],
    "SliceThickness": 3.2,
    "SliceTiming": [
      0,
      0.6225,
      0.355,
      0.09,
      0.7125,
      0.445,
      0.1775,
      0.8,
      0.535,
      0.2675,
      0,
      0.6225,
      0.355,
      0.09,
      0.7125,
      0.445,
      0.1775,
      0.8,
      0.535,
      0.2675,
      0,
      0.6225,
      0.355,
      0.09,
      0.7125,
      0.445,
      0.1775,
      0.8,
      0.535,
      0.2675,
      0,
      0.6225,
      0.355,
      0.09,
      0.7125,
      0.445,
      0.1775,
      0.8,
      0.535,
      0.2675
    ],
    "SoftwareVersions": "syngo MR E11",
    "SpacingBetweenSlices": 3.2,
    "StationName": "AWP45193",
    "TaskName": "rest",
    "TotalReadoutTime": 0.01575,
    "TxRefAmp": 388.331,
    "WipMemBlock": "befc9a47-4f72-418c-8d2b-a305067ddd37||Sequence: R016 ve11c/master r/e634e98; Dec 19 2017 11:00:25 by eja",
    "dataset": "<unset>",
    "modality": "bold",
    "run_id": 1,
    "session_id": "01",
    "subject_id": "PC025",
    "task_id": "rest"
  },
  "dummy_trs": 3,
  "dvars_nstd": 25.59494851320001,
  "dvars_std": 1.0436070659600005,
  "dvars_vstd": 0.9572795711199991,
  "efc": 0.5622258555305046,
  "fber": 3199.737548828125,
  "fd_mean": 0.1665934365394682,
  "fd_num": 185,
  "fd_perc": 36.92614770459082,
  "fwhm_avg": 2.0854549669795026,
  "fwhm_x": 1.9793833009708737,
  "fwhm_y": 2.172228349514563,
  "fwhm_z": 2.10475325045307,
  "gcor": 0.0336874,
  "gsr_x": -0.0016281011048704386,
  "gsr_y": 0.051045406609773636,
  "provenance": {
    "md5sum": "91a4386b692a759358883ff4714f502f",
    "settings": {
      "fd_thres": 0.2,
      "testing": false
    },
    "software": "mriqc",
    "version": "22.0.6",
    "webapi_port": null,
    "webapi_url": "https://mriqc.nimh.nih.gov/api/v1"
  },
  "size_t": 501,
  "size_x": 64,
  "size_y": 64,
  "size_z": 40,
  "snr": 6.585993677016844,
  "spacing_tr": 0.9100000262260437,
  "spacing_x": 3.21875,
  "spacing_y": 3.21875,
  "spacing_z": 3.1999998092651367,
  "summary_bg_k": 16.789341168828635,
  "summary_bg_mad": 90.48755938852572,
  "summary_bg_mean": 347.3737487792969,
  "summary_bg_median": 85.73452758789062,
  "summary_bg_n": 94322.0,
  "summary_bg_p05": 16.96207618713379,
  "summary_bg_p95": 1622.7838195800778,
  "summary_bg_stdv": 638.4952392578125,
  "summary_fg_k": 0.20843513359172983,
  "summary_fg_mad": 699.8649833822816,
  "summary_fg_mean": 4823.60205078125,
  "summary_fg_median": 4730.3603515625,
  "summary_fg_n": 35160.0,
  "summary_fg_p05": 3783.1861083984377,
  "summary_fg_p95": 6136.156542968749,
  "summary_fg_stdv": 718.2352905273438,
  "tsnr": 49.82658509281464
}