{
  "aor": 0.0011970344827586204,
  "aqi": 0.03861120510344827,
  "bids_meta": {
    "AcquisitionMatrixPE": 64,
    "AcquisitionNumber": 1,
    "AcquisitionTime": "11:27:31.185000",
    "BandwidthPerPixelPhaseEncode": 62.5,
    "BaseResolution": 64,
    "BodyPartExamined": "BRAIN",
    "ConsistencyInfo": "N4_VE11C_LATEST_20160120",
    "ConversionSoftware": "dcm2niix",
    "ConversionSoftwareVersion": "v1.0.20210317",
    "DerivedVendorReportedEchoSpacing": 0.0005,
    "DeviceSerialNumber": "45193",
    "DwellTime": 3.1e-06,
    "EchoNumber": 4,
    "EchoTime": 0.06249,
    "EchoTrainLength": 31,
    "EffectiveEchoSpacing": 0.00025,
    "FlipAngle": 56,
    "ImageComments": "Unaliased MB4/PE4/LB",
    "ImageOrientationPatientDICOM": [
      0.99988,
      -0.001259,
      -0.0154296,
      1.6504e-11,
      0.996688,
      -0.0813258
    ],
    "ImageType": [
      "ORIGINAL",
      "PRIMARY",
      "M",
      "MB",
      "TE4",
      "ND",
      "NORM",
      "MOSAIC"
    ],
    "ImagingFrequency": 123.247,
    "InPlanePhaseEncodingDirectionDICOM": "ROW",
    "InstitutionAddress": "Blackburn Road 770,Clayton,Victoria,AU,3800",
    "InstitutionName": "Monash Biomedical Imaging",
    "InstitutionalDepartmentName": "Department",
    "MRAcquisitionType": "2D",
    "MagneticFieldStrength": 3,
    "Manufacturer": "Siemens",
    "ManufacturersModelName": "Skyra",
    "Modality": "MR",
    "MultibandAccelerationFactor": 4,
    "ParallelReductionFactorInPlane": 2,
    "PartialFourier": 1,
    "PatientPosition": "HFS",
    "PercentPhaseFOV": 100,
    "PercentSampling": 100,
    "PhaseEncodingDirection": "i",
    "PhaseEncodingSteps": 63,
    "PhaseResolution": 1,
    "PixelBandwidth": 2520,
    "ProcedureStepDescription": "MR Scan",
    "ProtocolName": "Music_R-L_mmb_4_4_cmrr_mbep2d_bold_TE_12.6_29.23_45.86_62.49",
    "PulseSequenceDetails": "%CustomerSeq%\\cmrr_mbep2d_bold",
    "ReceiveCoilActiveElements": "HEA;HEP",
    "ReceiveCoilName": "Head_32",
    "ReconMatrixPE": 64,
    "RefLinesPE": 24,
    "RepetitionTime": 0.91,
    "SAR": 0.0857624,
    "ScanOptions": "FS",
    "ScanningSequence": "EP",
    "SequenceName": "epfid2d4_64",
    "SequenceVariant": "SK\\SS",
    "SeriesDescription": "Music_R-L_mmb_4_4_cmrr_mbep2d_bold_TE_12.6_29.23_45.86_62.49",
    "SeriesNumber": 12,
    "ShimSetting": [
      -4095,
      15265,
      -15163,
      470,
      101,
      -63,
      -116,
      118
    ],
    "SliceThickness": 3.2,
    "SliceTiming": [
      0,
      0.625,
      0.3575,
      0.09,
      0.7125,
      0.445,
      0.18,
      0.8025,
      0.535,
      0.2675,
      0,
      0.625,
      0.3575,
      0.09,
      0.7125,
      0.445,
      0.18,
      0.8025,
      0.535,
      0.2675,
      0,
      0.625,
      0.3575,
      0.09,
      0.7125,
      0.445,
      0.18,
      0.8025,
      0.535,
      0.2675,
      0,
      0.625,
      0.3575,
      0.09,
      0.7125,
      0.445,
      0.18,
      0.8025,
      0.535,
      0.2675
    ],
    "SoftwareVersions": "syngo MR E11",
    "SpacingBetweenSlices": 3.2,
    "StationName": "AWP45193",
    "TaskName": "music",
    "TotalReadoutTime": 0.01575,
    "TxRefAmp": 388.331,
    "WipMemBlock": "3f193b46-e92f-47df-a455-b67fc2e5adeb||Sequence: R016 ve11c/master r/e634e98; Dec 19 2017 11:00:25 by eja",
    "dataset": "<unset>",
    "modality": "bold",
    "run_id": 1,
    "session_id": "01",
    "subject_id": "PC025",
    "task_id": "music"
  },
  "dummy_trs": 3,
  "dvars_nstd": 53.55649503951656,
  "dvars_std": 1.0105638429005552,
  "dvars_vstd": 0.9494783132734808,
  "efc": 0.4670553641248751,
  "fber": 2307.48291015625,
  "fd_mean": 0.175074726299806,
  "fd_num": 296,
  "fd_perc": 40.827586206896555,
  "fwhm_avg": 1.8042593419172495,
  "fwhm_x": 1.6928466019417476,
  "fwhm_y": 1.9237219417475728,
  "fwhm_z": 1.7962094820624281,
  "gcor": 0.00377016,
  "gsr_x": -0.005167422816157341,
  "gsr_y": 0.024874214082956314,
  "provenance": {
    "md5sum": "859b961962c309bb92b8abdde43c3e79",
    "settings": {
      "fd_thres": 0.2,
      "testing": false
    },
    "software": "mriqc",
    "version": "22.0.6",
    "webapi_port": null,
    "webapi_url": "https://mriqc.nimh.nih.gov/api/v1"
  },
  "size_t": 725,
  "size_x": 64,
  "size_y": 64,
  "size_z": 40,
  "snr": 2.5853976772702767,
  "spacing_tr": 0.9100000262260437,
  "spacing_x": 3.21875,
  "spacing_y": 3.21875,
  "spacing_z": 3.1999998092651367,
  "summary_bg_k": 94.49353874973595,
  "summary_bg_mad": 25.73797541816583,
  "summary_bg_mean": 61.216888427734375,
  "summary_bg_median": 37.4289665222168,
  "summary_bg_n": 101665.0,
  "summary_bg_p05": 14.388965606689453,
  "summary_bg_p95": 186.6874542236318,
  "summary_bg_stdv": 79.10832977294922,
  "summary_fg_k": 10.441662272201812,
  "summary_fg_mad": 425.263416302918,
  "summary_fg_mean": 1959.1173095703125,
  "summary_fg_median": 1811.7510986328125,
  "summary_fg_n": 27812.0,
  "summary_fg_p05": 1247.7843994140626,
  "summary_fg_p95": 3113.38135986328,
  "summary_fg_stdv": 700.7504272460938,
  "tsnr": 18.944333461346105
}