{
  "bids_meta": {
    "AcquisitionMatrixPE": 240,
    "AcquisitionNumber": 1,
    "AcquisitionTime": "10:12:57.937500",
    "BaseResolution": 256,
    "BodyPartExamined": "BRAIN",
    "ConsistencyInfo": "N4_VE11C_LATEST_20160120",
    "ConversionSoftware": "dcm2niix",
    "ConversionSoftwareVersion": "v1.0.20210317",
    "DeviceSerialNumber": "45193",
    "DwellTime": 8.5e-06,
    "EchoTime": 0.00207,
    "FlipAngle": 9,
    "ImageOrientationPatientDICOM": [
      -0.0173381,
      0.99985,
      -2.82532e-08,
      0.00526206,
      9.12196e-05,
      -0.999986
    ],
    "ImageType": [
      "ORIGINAL",
      "PRIMARY",
      "M",
      "ND",
      "NORM"
    ],
    "ImagingFrequency": 123.247,
    "InPlanePhaseEncodingDirectionDICOM": "ROW",
    "InstitutionAddress": "Blackburn Road 770,Clayton,Victoria,AU,3800",
    "InstitutionName": "Monash Biomedical Imaging",
    "InstitutionalDepartmentName": "Department",
    "InversionTime": 0.9,
    "MRAcquisitionType": "3D",
    "MagneticFieldStrength": 3,
    "Manufacturer": "Siemens",
    "ManufacturersModelName": "Skyra",
    "Modality": "MR",
    "ParallelReductionFactorInPlane": 3,
    "PartialFourier": 1,
    "PatientPosition": "HFS",
    "PercentPhaseFOV": 93.75,
    "PercentSampling": 100,
    "PhaseEncodingSteps": 238,
    "PhaseResolution": 1,
    "PixelBandwidth": 230,
    "ProcedureStepDescription": "MR Scan",
    "ProtocolName": "t1_mprage_sag_p3_iso_1",
    "PulseSequenceDetails": "%SiemensSeq%\\tfl",
    "ReceiveCoilActiveElements": "HEA;HEP",
    "ReceiveCoilName": "Head_32",
    "ReconMatrixPE": 240,
    "RefLinesPE": 32,
    "RepetitionTime": 2.3,
    "SAR": 0.0941874,
    "ScanOptions": "IR",
    "ScanningSequence": "GR\\IR",
    "SequenceName": "*tfl3d1_16ns",
    "SequenceVariant": "SK\\SP\\MP",
    "SeriesDescription": "t1_mprage_sag_p3_iso_1",
    "SeriesNumber": 2,
    "ShimSetting": [
      -4085,
      15379,
      -15541,
      -112,
      159,
      -108,
      -206,
      160
    ],
    "SliceThickness": 1,
    "SoftwareVersions": "syngo MR E11",
    "StationName": "AWP45193",
    "TxRefAmp": 360.833,
    "dataset": "<unset>",
    "modality": "T1w",
    "run_id": 1,
    "session_id": "02",
    "subject_id": "PC028"
  },
  "cjv": 0.34158184199792385,
  "cnr": 3.7008333199552728,
  "efc": 0.47157810817604934,
  "fber": -1.0,
  "fwhm_avg": 3.7468533333333336,
  "fwhm_x": 3.73137,
  "fwhm_y": 3.7088,
  "fwhm_z": 3.80039,
  "icvs_csf": 0.15943750747854252,
  "icvs_gm": 0.4786487265635215,
  "icvs_wm": 0.36191376595793606,
  "inu_med": 0.46119052171707153,
  "inu_range": 0.12650935351848597,
  "provenance": {
    "md5sum": "1b3f1888b8342bf3d730e1bdfdfab563",
    "settings": {
      "testing": false
    },
    "software": "mriqc",
    "version": "22.0.6",
    "warnings": {
      "large_rot_frame": true,
      "small_air_mask": false
    },
    "webapi_port": null,
    "webapi_url": "https://mriqc.nimh.nih.gov/api/v1"
  },
  "qi_1": 0.017377599894490985,
  "qi_2": 0.060981868448281136,
  "rpve_csf": 34.354632101540915,
  "rpve_gm": 12.92226104538763,
  "rpve_wm": 18.444147810003543,
  "size_x": 192,
  "size_y": 240,
  "size_z": 256,
  "snr_csf": 1.0273513775220653,
  "snr_gm": 11.864757624218127,
  "snr_total": 11.895158016752427,
  "snr_wm": 22.79336504851709,
  "snrd_csf": 5.588722746612475,
  "snrd_gm": 15.328729086325936,
  "snrd_total": 14.221833134388433,
  "snrd_wm": 21.74804757022689,
  "spacing_x": 1.0,
  "spacing_y": 1.0,
  "spacing_z": 1.0,
  "summary_bg_k": 5608.669855265469,
  "summary_bg_mad": 0.0,
  "summary_bg_mean": 2.4642110857987722,
  "summary_bg_median": 0.0,
  "summary_bg_n": 2883117.0,
  "summary_bg_p05": 0.0,
  "summary_bg_p95": 8.34015341848135,
  "summary_bg_stdv": 30.12509144965501,
  "summary_csf_k": 20.177796655696717,
  "summary_csf_mad": 140.8122510035328,
  "summary_csf_mean": 293.3415609170768,
  "summary_csf_median": 256.9858487918973,
  "summary_csf_n": 18176.0,
  "summary_csf_p05": 58.29338540043682,
  "summary_csf_p95": 572.4112305324525,
  "summary_csf_stdv": 250.13718280248196,
  "summary_gm_k": -0.00370321656872008,
  "summary_gm_mad": 59.6299725218079,
  "summary_gm_mean": 705.9969762812933,
  "summary_gm_median": 704.8598819002509,
  "summary_gm_n": 58923.0,
  "summary_gm_p05": 610.6239428073168,
  "summary_gm_p95": 805.8770672306418,
  "summary_gm_stdv": 59.407357739979695,
  "summary_wm_k": 0.586178532773729,
  "summary_wm_mad": 41.19783954268317,
  "summary_wm_mean": 1000.9995204558107,
  "summary_wm_median": 1000.0389566272497,
  "summary_wm_n": 186649.0,
  "summary_wm_p05": 931.0962865464389,
  "summary_wm_p95": 1074.5547198802233,
  "summary_wm_stdv": 43.87400787754262,
  "tpm_overlap_csf": 0.13117889928343174,
  "tpm_overlap_gm": 0.4844502618834424,
  "tpm_overlap_wm": 0.5198065646780691,
  "wm2max": 0.4354631961007895
}