{
  "bids_meta": {
    "AcquisitionMatrixPE": 256,
    "AcquisitionNumber": 1,
    "AcquisitionTime": "09:27:59.502500",
    "BaseResolution": 256,
    "BodyPartExamined": "BRAIN",
    "ConsistencyInfo": "N4_VE11C_LATEST_20160120",
    "ConversionSoftware": "dcm2niix",
    "ConversionSoftwareVersion": "v1.0.20210317",
    "DeviceSerialNumber": "45193",
    "DwellTime": 2.8e-06,
    "EchoTime": 0.452,
    "EchoTrainLength": 270,
    "FlipAngle": 120,
    "ImageOrientationPatientDICOM": [
      -0.0366256,
      0.999329,
      -1.41587e-08,
      -0.027875,
      -0.00102164,
      -0.999611
    ],
    "ImageType": [
      "ORIGINAL",
      "PRIMARY",
      "M",
      "ND",
      "NORM"
    ],
    "ImagingFrequency": 123.247,
    "InPlanePhaseEncodingDirectionDICOM": "ROW",
    "InstitutionAddress": "Blackburn Road 770,Clayton,Victoria,AU,3800",
    "InstitutionName": "Monash Biomedical Imaging",
    "InstitutionalDepartmentName": "Department",
    "MRAcquisitionType": "3D",
    "MagneticFieldStrength": 3,
    "Manufacturer": "Siemens",
    "ManufacturersModelName": "Skyra",
    "Modality": "MR",
    "ParallelReductionFactorInPlane": 2,
    "PartialFourier": 1,
    "PatientPosition": "HFS",
    "PercentPhaseFOV": 100,
    "PercentSampling": 100,
    "PhaseEncodingDirection": "i",
    "PhaseEncodingSteps": 245,
    "PhaseResolution": 1,
    "PixelBandwidth": 700,
    "ProcedureStepDescription": "MR Scan",
    "ProtocolName": "t2_space_sag_p2_iso",
    "PulseSequenceDetails": "%SiemensSeq%\\tse_vfl",
    "ReceiveCoilActiveElements": "HEA;HEP",
    "ReceiveCoilName": "Head_32",
    "ReconMatrixPE": 256,
    "RefLinesPE": 24,
    "RepetitionTime": 3.2,
    "SAR": 0.243915,
    "ScanOptions": "PFP",
    "ScanningSequence": "SE",
    "SequenceName": "*spcR_282ns",
    "SequenceVariant": "SK\\SP",
    "SeriesDescription": "t2_space_sag_p2_iso",
    "SeriesNumber": 3,
    "ShimSetting": [
      -4085,
      15379,
      -15541,
      -112,
      159,
      -108,
      -206,
      160
    ],
    "SliceThickness": 1,
    "SoftwareVersions": "syngo MR E11",
    "StationName": "AWP45193",
    "TxRefAmp": 364.849,
    "dataset": "<unset>",
    "modality": "T2w",
    "run_id": 1,
    "session_id": "01",
    "subject_id": "PC005"
  },
  "cjv": 0.24741012231860732,
  "cnr": 2.3681565407666483,
  "efc": 0.5355466902120427,
  "fber": 3390.952320940979,
  "fwhm_avg": 2.5825833333333335,
  "fwhm_x": 2.65744,
  "fwhm_y": 2.71809,
  "fwhm_z": 2.37222,
  "icvs_csf": 0.2505858220851308,
  "icvs_gm": 0.208603545791324,
  "icvs_wm": 0.5408106321235452,
  "inu_med": 0.898994505405426,
  "inu_range": 0.1635601967573166,
  "provenance": {
    "md5sum": "5b1df5ea92a28c9e69a4114e45d13909",
    "settings": {
      "testing": false
    },
    "software": "mriqc",
    "version": "22.0.6",
    "warnings": {
      "large_rot_frame": true,
      "small_air_mask": false
    },
    "webapi_port": null,
    "webapi_url": "https://mriqc.nimh.nih.gov/api/v1"
  },
  "qi_1": 3.908378141506976e-05,
  "qi_2": 0.00748881482149854,
  "rpve_csf": 20.23860603599466,
  "rpve_gm": 32.65949841141848,
  "rpve_wm": 12.734244907380047,
  "size_x": 176,
  "size_y": 256,
  "size_z": 256,
  "snr_csf": 8.51999118682825,
  "snr_gm": 3.174047662679166,
  "snr_total": 7.144800567329443,
  "snr_wm": 9.740362852480912,
  "snrd_csf": 39.83262628514136,
  "snrd_gm": 96.49252941768425,
  "snrd_total": 53.52265599915946,
  "snrd_wm": 24.24281229465275,
  "spacing_x": 1.0,
  "spacing_y": 1.0,
  "spacing_z": 1.0,
  "summary_bg_k": 4256.240273929433,
  "summary_bg_mad": 0.0,
  "summary_bg_mean": 2.948063034714795,
  "summary_bg_median": 0.0,
  "summary_bg_n": 569787.0,
  "summary_bg_p05": 0.0,
  "summary_bg_p95": 17.157236114144325,
  "summary_bg_stdv": 27.02806463939283,
  "summary_csf_k": 1.7556578537059666,
  "summary_csf_mad": 169.75195788387376,
  "summary_csf_mean": 1654.861442874575,
  "summary_csf_median": 1643.3200750127435,
  "summary_csf_n": 9966.0,
  "summary_csf_p05": 1370.0243673101068,
  "summary_csf_p95": 1984.9015824496746,
  "summary_csf_stdv": 192.8684655406243,
  "summary_gm_k": 1.7070433326831598,
  "summary_gm_mad": 641.1344343386268,
  "summary_gm_mean": 3514.433114160342,
  "summary_gm_median": 3980.860050395131,
  "summary_gm_n": 40815.0,
  "summary_gm_p05": 239.59889597445726,
  "summary_gm_p95": 4593.411506861448,
  "summary_gm_stdv": 1254.1750175281638,
  "summary_wm_k": 0.8073629330679064,
  "summary_wm_mad": 96.32278928875155,
  "summary_wm_mean": 1001.5166054332586,
  "summary_wm_median": 1000.1524838805199,
  "summary_wm_n": 228727.0,
  "summary_wm_p05": 836.8155960738659,
  "summary_wm_p95": 1167.9883802682161,
  "summary_wm_stdv": 102.68101021287009,
  "tpm_overlap_csf": 0.10823525757516972,
  "tpm_overlap_gm": 0.1279993641155338,
  "tpm_overlap_wm": 0.4810227713653427,
  "wm2max": 0.21916984158812913
}