{
  "bids_meta": {
    "AcquisitionMatrixPE": 256,
    "AcquisitionNumber": 1,
    "AcquisitionTime": "09:11:5.870000",
    "BaseResolution": 256,
    "BodyPartExamined": "BRAIN",
    "ConsistencyInfo": "N4_VE11C_LATEST_20160120",
    "ConversionSoftware": "dcm2niix",
    "ConversionSoftwareVersion": "v1.0.20210317",
    "DeviceSerialNumber": "45193",
    "DwellTime": 2.8e-06,
    "EchoTime": 0.452,
    "EchoTrainLength": 270,
    "FlipAngle": 120,
    "ImageOrientationPatientDICOM": [
      -0.0104555,
      0.999945,
      -1.12393e-08,
      -0.026149,
      -0.000273428,
      -0.999658
    ],
    "ImageType": [
      "ORIGINAL",
      "PRIMARY",
      "M",
      "ND",
      "NORM"
    ],
    "ImagingFrequency": 123.252,
    "InPlanePhaseEncodingDirectionDICOM": "ROW",
    "InstitutionAddress": "Blackburn Road 770,Clayton,Victoria,AU,3800",
    "InstitutionName": "Monash Biomedical Imaging",
    "InstitutionalDepartmentName": "Department",
    "MRAcquisitionType": "3D",
    "MagneticFieldStrength": 3,
    "Manufacturer": "Siemens",
    "ManufacturersModelName": "Skyra",
    "Modality": "MR",
    "ParallelReductionFactorInPlane": 2,
    "PartialFourier": 1,
    "PatientPosition": "HFS",
    "PercentPhaseFOV": 100,
    "PercentSampling": 100,
    "PhaseEncodingDirection": "i",
    "PhaseEncodingSteps": 245,
    "PhaseResolution": 1,
    "PixelBandwidth": 700,
    "ProcedureStepDescription": "MR Scan",
    "ProtocolName": "t2_space_sag_p2_iso",
    "PulseSequenceDetails": "%SiemensSeq%\\tse_vfl",
    "ReceiveCoilActiveElements": "HEA;HEP",
    "ReceiveCoilName": "Head_32",
    "ReconMatrixPE": 256,
    "RefLinesPE": 24,
    "RepetitionTime": 3.2,
    "SAR": 0.274167,
    "ScanOptions": "PFP",
    "ScanningSequence": "SE",
    "SequenceName": "*spcR_282ns",
    "SequenceVariant": "SK\\SP",
    "SeriesDescription": "t2_space_sag_p2_iso",
    "SeriesNumber": 4,
    "ShimSetting": [
      -4121,
      15461,
      -15515,
      -92,
      142,
      -177,
      -175,
      57
    ],
    "SliceThickness": 1,
    "SoftwareVersions": "syngo MR E11",
    "StationName": "AWP45193",
    "TxRefAmp": 360.07,
    "dataset": "<unset>",
    "modality": "T2w",
    "run_id": 1,
    "session_id": "01",
    "subject_id": "PC211"
  },
  "cjv": 0.12888581945795868,
  "cnr": 2.7580741018068067,
  "efc": 0.5457957876801517,
  "fber": 5796.448173199214,
  "fwhm_avg": 2.5008966666666668,
  "fwhm_x": 2.53225,
  "fwhm_y": 2.6269,
  "fwhm_z": 2.34354,
  "icvs_csf": 0.3484002154253332,
  "icvs_gm": 0.18818692661290284,
  "icvs_wm": 0.4634128579617639,
  "inu_med": 0.8181954026222229,
  "inu_range": 0.12998181581497192,
  "provenance": {
    "md5sum": "e5da4a61b306664e3fb0a68fcd7028de",
    "settings": {
      "testing": false
    },
    "software": "mriqc",
    "version": "22.0.6",
    "warnings": {
      "large_rot_frame": true,
      "small_air_mask": false
    },
    "webapi_port": null,
    "webapi_url": "https://mriqc.nimh.nih.gov/api/v1"
  },
  "qi_1": 5.368262830148164e-05,
  "qi_2": 0.0026384097102889336,
  "rpve_csf": 15.930810714045963,
  "rpve_gm": 35.7205029313857,
  "rpve_wm": 13.794604582320085,
  "size_x": 176,
  "size_y": 256,
  "size_z": 256,
  "snr_csf": 10.468209504739564,
  "snr_gm": 3.7797479509191882,
  "snr_total": 8.183478617675782,
  "snr_wm": 10.302478397368596,
  "snrd_csf": 26.041316415731476,
  "snrd_gm": 59.241506552157446,
  "snrd_total": 33.68443678360799,
  "snrd_wm": 15.770487382935048,
  "spacing_x": 1.0,
  "spacing_y": 1.0,
  "spacing_z": 1.0,
  "summary_bg_k": 2213.6513698397803,
  "summary_bg_mad": 0.0,
  "summary_bg_mean": 3.3699917501601075,
  "summary_bg_median": 0.0,
  "summary_bg_n": 527564.0,
  "summary_bg_p05": 0.0,
  "summary_bg_p95": 14.636766463518143,
  "summary_bg_stdv": 41.54192468587271,
  "summary_csf_k": 0.8217974627735205,
  "summary_csf_mad": 145.53272730953805,
  "summary_csf_mean": 1653.4117656613462,
  "summary_csf_median": 1651.2689651548862,
  "summary_csf_n": 22366.0,
  "summary_csf_p05": 1401.1682537943125,
  "summary_csf_p95": 1915.872160717845,
  "summary_csf_stdv": 157.73777256570273,
  "summary_gm_k": 3.720229955860205,
  "summary_gm_mad": 265.48275221240624,
  "summary_gm_mean": 3343.3300867543253,
  "summary_gm_median": 3756.4791140705347,
  "summary_gm_n": 34199.0,
  "summary_gm_p05": 430.56935621052986,
  "summary_gm_p95": 4016.120580084622,
  "summary_gm_stdv": 993.8292821520984,
  "summary_wm_k": 0.8878454340183528,
  "summary_wm_mad": 89.78831739617189,
  "summary_wm_mean": 996.9652672372307,
  "summary_wm_median": 999.9999986588955,
  "summary_wm_n": 162502.0,
  "summary_wm_p05": 831.3414786756039,
  "summary_wm_p95": 1145.2262640744448,
  "summary_wm_stdv": 97.0637242029425,
  "tpm_overlap_csf": 0.10617433987854744,
  "tpm_overlap_gm": 0.1115666531430179,
  "tpm_overlap_wm": 0.4679278701198402,
  "wm2max": 0.2498071181778538
}