{
  "bids_meta": {
    "AcquisitionMatrixPE": 240,
    "AcquisitionNumber": 1,
    "AcquisitionTime": "14:06:14.230000",
    "BaseResolution": 256,
    "BodyPartExamined": "BRAIN",
    "ConsistencyInfo": "N4_VE11C_LATEST_20160120",
    "ConversionSoftware": "dcm2niix",
    "ConversionSoftwareVersion": "v1.0.20210317",
    "DeviceSerialNumber": "45193",
    "DwellTime": 8.5e-06,
    "EchoTime": 0.00207,
    "FlipAngle": 9,
    "ImageOrientationPatientDICOM": [
      0.0889239,
      0.996038,
      1.57028e-08,
      0.0260107,
      -0.00232216,
      -0.999659
    ],
    "ImageType": [
      "ORIGINAL",
      "PRIMARY",
      "M",
      "ND",
      "NORM"
    ],
    "ImagingFrequency": 123.252,
    "InPlanePhaseEncodingDirectionDICOM": "ROW",
    "InstitutionAddress": "Blackburn Road 770,Clayton,Victoria,AU,3800",
    "InstitutionName": "Monash Biomedical Imaging",
    "InstitutionalDepartmentName": "Department",
    "InversionTime": 0.9,
    "MRAcquisitionType": "3D",
    "MagneticFieldStrength": 3,
    "Manufacturer": "Siemens",
    "ManufacturersModelName": "Skyra",
    "Modality": "MR",
    "ParallelReductionFactorInPlane": 2,
    "PartialFourier": 1,
    "PatientPosition": "HFS",
    "PercentPhaseFOV": 93.75,
    "PercentSampling": 100,
    "PhaseEncodingSteps": 239,
    "PhaseResolution": 1,
    "PixelBandwidth": 230,
    "ProcedureStepDescription": "MR Scan",
    "ProtocolName": "t1_mprage_sag_p2_iso_1_ADNI",
    "PulseSequenceDetails": "%SiemensSeq%\\tfl",
    "ReceiveCoilActiveElements": "HEA;HEP",
    "ReceiveCoilName": "Head_32",
    "ReconMatrixPE": 240,
    "RefLinesPE": 32,
    "RepetitionTime": 2.3,
    "SAR": 0.0837409,
    "ScanOptions": "IR",
    "ScanningSequence": "GR\\IR",
    "SequenceName": "*tfl3d1_16ns",
    "SequenceVariant": "SK\\SP\\MP",
    "SeriesDescription": "t1_mprage_sag_p2_iso_1_ADNI",
    "SeriesNumber": 3,
    "ShimSetting": [
      -4121,
      15461,
      -15515,
      -92,
      142,
      -177,
      -175,
      57
    ],
    "SliceThickness": 1,
    "SoftwareVersions": "syngo MR E11",
    "StationName": "AWP45193",
    "TxRefAmp": 382.808,
    "dataset": "<unset>",
    "modality": "T1w",
    "run_id": 1,
    "session_id": "01",
    "subject_id": "PC210"
  },
  "cjv": 0.3528434995108973,
  "cnr": 3.7121175060230582,
  "efc": 0.5317313903347994,
  "fber": -1.0,
  "fwhm_avg": 4.064806666666667,
  "fwhm_x": 4.04502,
  "fwhm_y": 4.04543,
  "fwhm_z": 4.10397,
  "icvs_csf": 0.2210797988324647,
  "icvs_gm": 0.4230556400030489,
  "icvs_wm": 0.3558645611644864,
  "inu_med": 0.4790114462375641,
  "inu_range": 0.1614718556404114,
  "provenance": {
    "md5sum": "b96e355355eb69910e58a946448e7565",
    "settings": {
      "testing": false
    },
    "software": "mriqc",
    "version": "22.0.6",
    "warnings": {
      "large_rot_frame": true,
      "small_air_mask": false
    },
    "webapi_port": null,
    "webapi_url": "https://mriqc.nimh.nih.gov/api/v1"
  },
  "qi_1": 0.02798742837109513,
  "qi_2": 0.015740438145466027,
  "rpve_csf": 19.57280003480653,
  "rpve_gm": 10.596039072435929,
  "rpve_wm": 14.671288920754018,
  "size_x": 192,
  "size_y": 240,
  "size_z": 256,
  "snr_csf": 2.2547247264941195,
  "snr_gm": 11.36695399813163,
  "snr_total": 12.59315557737501,
  "snr_wm": 24.157788007499285,
  "snrd_csf": 8.967009341657123,
  "snrd_gm": 24.35152699549566,
  "snrd_total": 22.502117781894288,
  "snrd_wm": 34.18781700853008,
  "spacing_x": 1.0,
  "spacing_y": 1.0,
  "spacing_z": 1.0,
  "summary_bg_k": 11255.86452105888,
  "summary_bg_mad": 0.0,
  "summary_bg_mean": 2.802247244764469,
  "summary_bg_median": 0.0,
  "summary_bg_n": 3330019.0,
  "summary_bg_p05": 0.0,
  "summary_bg_p95": 9.470990113914013,
  "summary_bg_stdv": 19.16286214595895,
  "summary_csf_k": 8.468106524670022,
  "summary_csf_mad": 96.3944481729924,
  "summary_csf_mean": 282.1022842193151,
  "summary_csf_median": 262.2866991907358,
  "summary_csf_n": 57214.0,
  "summary_csf_p05": 117.17790538910776,
  "summary_csf_p95": 498.77774895634496,
  "summary_csf_stdv": 116.32657589809732,
  "summary_gm_k": 0.07925068626074161,
  "summary_gm_mad": 61.98593123985076,
  "summary_gm_mean": 711.9119077891777,
  "summary_gm_median": 712.2867159545422,
  "summary_gm_n": 40243.0,
  "summary_gm_p05": 608.105824701488,
  "summary_gm_p95": 815.1834774669261,
  "summary_gm_stdv": 62.66215788287303,
  "summary_wm_k": 0.4138635256507972,
  "summary_wm_mad": 39.531843902966045,
  "summary_wm_mean": 1000.550720315803,
  "summary_wm_median": 1000.000037252903,
  "summary_wm_n": 264802.0,
  "summary_wm_p05": 933.4897958673537,
  "summary_wm_p95": 1069.1553299315274,
  "summary_wm_stdv": 41.394441773284875,
  "tpm_overlap_csf": 0.15726141953098294,
  "tpm_overlap_gm": 0.46976245393424076,
  "tpm_overlap_wm": 0.5210128076413474,
  "wm2max": 0.4429410986602166
}