{
  "aor": 0.0007845316804407714,
  "aqi": 0.02221659958677686,
  "bids_meta": {
    "AcquisitionMatrixPE": 64,
    "AcquisitionNumber": 1,
    "AcquisitionTime": "13:11:32.312500",
    "BandwidthPerPixelPhaseEncode": 62.5,
    "BaseResolution": 64,
    "BodyPartExamined": "BRAIN",
    "ConsistencyInfo": "N4_VE11C_LATEST_20160120",
    "ConversionSoftware": "dcm2niix",
    "ConversionSoftwareVersion": "v1.0.20210317",
    "DerivedVendorReportedEchoSpacing": 0.0005,
    "DeviceSerialNumber": "45193",
    "DwellTime": 3.1e-06,
    "EchoNumber": 4,
    "EchoTime": 0.06249,
    "EchoTrainLength": 31,
    "EffectiveEchoSpacing": 0.00025,
    "FlipAngle": 56,
    "ImageComments": "Unaliased MB4/PE4/LB",
    "ImageOrientationPatientDICOM": [
      0.999853,
      0.00251722,
      0.0169336,
      -2.2473e-11,
      0.989131,
      -0.147037
    ],
    "ImageType": [
      "ORIGINAL",
      "PRIMARY",
      "M",
      "MB",
      "TE4",
      "ND",
      "NORM",
      "MOSAIC"
    ],
    "ImagingFrequency": 123.252,
    "InPlanePhaseEncodingDirectionDICOM": "ROW",
    "InstitutionAddress": "Blackburn Road 770,Clayton,Victoria,AU,3800",
    "InstitutionName": "Monash Biomedical Imaging",
    "InstitutionalDepartmentName": "Department",
    "MRAcquisitionType": "2D",
    "MagneticFieldStrength": 3,
    "Manufacturer": "Siemens",
    "ManufacturersModelName": "Skyra",
    "Modality": "MR",
    "MultibandAccelerationFactor": 4,
    "ParallelReductionFactorInPlane": 2,
    "PartialFourier": 1,
    "PatientPosition": "HFS",
    "PercentPhaseFOV": 100,
    "PercentSampling": 100,
    "PhaseEncodingDirection": "i",
    "PhaseEncodingSteps": 63,
    "PhaseResolution": 1,
    "PixelBandwidth": 2520,
    "ProcedureStepDescription": "MR Scan",
    "ProtocolName": "Music_R-L_mmb_4_4_cmrr_mbep2d_bold_TE_12.6_29.23_45.86_62.49",
    "PulseSequenceDetails": "%CustomerSeq%\\cmrr_mbep2d_bold",
    "ReceiveCoilActiveElements": "HEA;HEP",
    "ReceiveCoilName": "Head_32",
    "ReconMatrixPE": 64,
    "RefLinesPE": 24,
    "RepetitionTime": 0.91,
    "SAR": 0.100141,
    "ScanOptions": "FS",
    "ScanningSequence": "EP",
    "SequenceName": "epfid2d4_64",
    "SequenceVariant": "SK\\SS",
    "SeriesDescription": "Music_R-L_mmb_4_4_cmrr_mbep2d_bold_TE_12.6_29.23_45.86_62.49",
    "SeriesNumber": 7,
    "ShimSetting": [
      -4096,
      15261,
      -15036,
      476,
      269,
      -335,
      238,
      78
    ],
    "SliceThickness": 3.2,
    "SliceTiming": [
      0,
      0.6225,
      0.355,
      0.0875,
      0.7125,
      0.445,
      0.1775,
      0.8,
      0.5325,
      0.2675,
      0,
      0.6225,
      0.355,
      0.0875,
      0.7125,
      0.445,
      0.1775,
      0.8,
      0.5325,
      0.2675,
      0,
      0.6225,
      0.355,
      0.0875,
      0.7125,
      0.445,
      0.1775,
      0.8,
      0.5325,
      0.2675,
      0,
      0.6225,
      0.355,
      0.0875,
      0.7125,
      0.445,
      0.1775,
      0.8,
      0.5325,
      0.2675
    ],
    "SoftwareVersions": "syngo MR E11",
    "SpacingBetweenSlices": 3.2,
    "StationName": "AWP45193",
    "TaskName": "music",
    "TotalReadoutTime": 0.01575,
    "TxRefAmp": 356.764,
    "WipMemBlock": "b601b8e5-e4bf-45c4-9310-997a448c35ea||Sequence: R016 ve11c/master r/e634e98; Dec 19 2017 11:00:25 by eja",
    "dataset": "<unset>",
    "modality": "bold",
    "run_id": 1,
    "session_id": "02",
    "subject_id": "PC211",
    "task_id": "music"
  },
  "dummy_trs": 2,
  "dvars_nstd": 46.06427653347588,
  "dvars_std": 1.0588819366758617,
  "dvars_vstd": 0.9523450767999996,
  "efc": 0.44634357998133967,
  "fber": 3075.09326171875,
  "fd_mean": 0.11697789103928553,
  "fd_num": 89,
  "fd_perc": 12.258953168044076,
  "fwhm_avg": 1.5471168995297109,
  "fwhm_x": 1.5096046601941748,
  "fwhm_y": 1.5548054368932038,
  "fwhm_z": 1.576940601501754,
  "gcor": 0.00534861,
  "gsr_x": -0.003895420813933015,
  "gsr_y": 0.006906834896653891,
  "provenance": {
    "md5sum": "d9091016db29853d0bd41b67607bd16e",
    "settings": {
      "fd_thres": 0.2,
      "testing": false
    },
    "software": "mriqc",
    "version": "22.0.6",
    "webapi_port": null,
    "webapi_url": "https://mriqc.nimh.nih.gov/api/v1"
  },
  "size_t": 726,
  "size_x": 64,
  "size_y": 64,
  "size_z": 40,
  "snr": 3.2485343753529317,
  "spacing_tr": 0.9100000262260437,
  "spacing_x": 3.21875,
  "spacing_y": 3.21875,
  "spacing_z": 3.200000047683716,
  "summary_bg_k": 338.8809316600558,
  "summary_bg_mad": 33.96813451211973,
  "summary_bg_mean": 88.62483215332031,
  "summary_bg_median": 46.29751968383789,
  "summary_bg_n": 106814.0,
  "summary_bg_p05": 14.94214916229248,
  "summary_bg_p95": 302.5909820556638,
  "summary_bg_stdv": 168.42254638671875,
  "summary_fg_k": 7.313342484379916,
  "summary_fg_mad": 593.2522740466761,
  "summary_fg_mean": 2713.61669921875,
  "summary_fg_median": 2568.64111328125,
  "summary_fg_n": 23832.0,
  "summary_fg_p05": 1796.1426391601562,
  "summary_fg_p95": 4035.748571777344,
  "summary_fg_stdv": 790.6911010742188,
  "tsnr": 24.582919275853783
}