{
  "aor": 0.0004770430107526882,
  "aqi": 0.011063289354838711,
  "bids_meta": {
    "AcquisitionMatrixPE": 64,
    "AcquisitionNumber": 1,
    "AcquisitionTime": "13:23:23.037500",
    "BandwidthPerPixelPhaseEncode": 62.5,
    "BaseResolution": 64,
    "BodyPartExamined": "BRAIN",
    "ConsistencyInfo": "N4_VE11C_LATEST_20160120",
    "ConversionSoftware": "dcm2niix",
    "ConversionSoftwareVersion": "v1.0.20210317",
    "DerivedVendorReportedEchoSpacing": 0.0005,
    "DeviceSerialNumber": "45193",
    "DwellTime": 3.1e-06,
    "EchoNumber": 3,
    "EchoTime": 0.04586,
    "EchoTrainLength": 31,
    "EffectiveEchoSpacing": 0.00025,
    "FlipAngle": 56,
    "ImageComments": "Unaliased MB4/PE4/LB",
    "ImageOrientationPatientDICOM": [
      0.999853,
      0.00251722,
      0.0169336,
      -2.2473e-11,
      0.989131,
      -0.147037
    ],
    "ImageType": [
      "ORIGINAL",
      "PRIMARY",
      "M",
      "MB",
      "TE3",
      "ND",
      "NORM",
      "MOSAIC"
    ],
    "ImagingFrequency": 123.252,
    "InPlanePhaseEncodingDirectionDICOM": "ROW",
    "InstitutionAddress": "Blackburn Road 770,Clayton,Victoria,AU,3800",
    "InstitutionName": "Monash Biomedical Imaging",
    "InstitutionalDepartmentName": "Department",
    "MRAcquisitionType": "2D",
    "MagneticFieldStrength": 3,
    "Manufacturer": "Siemens",
    "ManufacturersModelName": "Skyra",
    "Modality": "MR",
    "MultibandAccelerationFactor": 4,
    "ParallelReductionFactorInPlane": 2,
    "PartialFourier": 1,
    "PatientPosition": "HFS",
    "PercentPhaseFOV": 100,
    "PercentSampling": 100,
    "PhaseEncodingDirection": "i",
    "PhaseEncodingSteps": 63,
    "PhaseResolution": 1,
    "PixelBandwidth": 2520,
    "ProcedureStepDescription": "MR Scan",
    "ProtocolName": "Movie_R-L_mmb_4_4_cmrr_mbep2d_bold_TE_12.6_29.23_45.86_62.49",
    "PulseSequenceDetails": "%CustomerSeq%\\cmrr_mbep2d_bold",
    "ReceiveCoilActiveElements": "HEA;HEP",
    "ReceiveCoilName": "Head_32",
    "ReconMatrixPE": 64,
    "RefLinesPE": 24,
    "RepetitionTime": 0.91,
    "SAR": 0.0990828,
    "ScanOptions": "FS",
    "ScanningSequence": "EP",
    "SequenceName": "epfid2d4_64",
    "SequenceVariant": "SK\\SS",
    "SeriesDescription": "Movie_R-L_mmb_4_4_cmrr_mbep2d_bold_TE_12.6_29.23_45.86_62.49",
    "SeriesNumber": 8,
    "ShimSetting": [
      -4096,
      15261,
      -15036,
      476,
      269,
      -335,
      238,
      78
    ],
    "SliceThickness": 3.2,
    "SliceTiming": [
      0,
      0.6225,
      0.3575,
      0.09,
      0.7125,
      0.445,
      0.1775,
      0.8025,
      0.535,
      0.2675,
      0,
      0.6225,
      0.3575,
      0.09,
      0.7125,
      0.445,
      0.1775,
      0.8025,
      0.535,
      0.2675,
      0,
      0.6225,
      0.3575,
      0.09,
      0.7125,
      0.445,
      0.1775,
      0.8025,
      0.535,
      0.2675,
      0,
      0.6225,
      0.3575,
      0.09,
      0.7125,
      0.445,
      0.1775,
      0.8025,
      0.535,
      0.2675
    ],
    "SoftwareVersions": "syngo MR E11",
    "SpacingBetweenSlices": 3.2,
    "StationName": "AWP45193",
    "TaskName": "movie",
    "TotalReadoutTime": 0.01575,
    "TxRefAmp": 356.764,
    "WipMemBlock": "0dfb2980-71e6-491b-a836-d29ed83f9b9d||Sequence: R016 ve11c/master r/e634e98; Dec 19 2017 11:00:25 by eja",
    "dataset": "<unset>",
    "modality": "bold",
    "run_id": 1,
    "session_id": "02",
    "subject_id": "PC211",
    "task_id": "movie"
  },
  "dummy_trs": 0,
  "dvars_nstd": 37.72624017334233,
  "dvars_std": 1.108577756846362,
  "dvars_vstd": 0.9894148112668469,
  "efc": 0.46309964122046043,
  "fber": 4176.70263671875,
  "fd_mean": 0.11906927374845061,
  "fd_num": 45,
  "fd_perc": 12.096774193548388,
  "fwhm_avg": 1.582333572128971,
  "fwhm_x": 1.5544108737864077,
  "fwhm_y": 1.5883961165048546,
  "fwhm_z": 1.6041937260956507,
  "gcor": 0.0280497,
  "gsr_x": 0.006454790476709604,
  "gsr_y": 0.002483858959749341,
  "provenance": {
    "md5sum": "e1f3d3d958d7c974017abed363eebe53",
    "settings": {
      "fd_thres": 0.2,
      "testing": false
    },
    "software": "mriqc",
    "version": "22.0.6",
    "webapi_port": null,
    "webapi_url": "https://mriqc.nimh.nih.gov/api/v1"
  },
  "size_t": 372,
  "size_x": 64,
  "size_y": 64,
  "size_z": 40,
  "snr": 4.379275762450932,
  "spacing_tr": 0.9100000262260437,
  "spacing_x": 3.21875,
  "spacing_y": 3.21875,
  "spacing_z": 3.200000047683716,
  "summary_bg_k": 47.74467699379164,
  "summary_bg_mad": 43.74075269934866,
  "summary_bg_mean": 114.7010498046875,
  "summary_bg_median": 54.82258224487305,
  "summary_bg_n": 104356.0,
  "summary_bg_p05": 16.07526969909668,
  "summary_bg_p95": 419.96573638916016,
  "summary_bg_stdv": 195.474609375,
  "summary_fg_k": 3.644060442473471,
  "summary_fg_mad": 699.8200999166824,
  "summary_fg_mean": 3652.7646484375,
  "summary_fg_median": 3539.279541015625,
  "summary_fg_n": 25912.0,
  "summary_fg_p05": 2623.5942626953124,
  "summary_fg_p95": 5009.527392578124,
  "summary_fg_stdv": 808.1727294921875,
  "tsnr": 37.49746399035212
}