{
  "aor": 0.0012454074074074073,
  "aqi": 0.020289305679012343,
  "bids_meta": {
    "AcquisitionMatrixPE": 64,
    "AcquisitionNumber": 1,
    "AcquisitionTime": "13:04:9.012500",
    "BandwidthPerPixelPhaseEncode": 62.5,
    "BaseResolution": 64,
    "BodyPartExamined": "BRAIN",
    "ConsistencyInfo": "N4_VE11C_LATEST_20160120",
    "ConversionSoftware": "dcm2niix",
    "ConversionSoftwareVersion": "v1.0.20210317",
    "DerivedVendorReportedEchoSpacing": 0.0005,
    "DeviceSerialNumber": "45193",
    "DwellTime": 3.1e-06,
    "EchoNumber": 4,
    "EchoTime": 0.06249,
    "EchoTrainLength": 31,
    "EffectiveEchoSpacing": 0.00025,
    "FlipAngle": 56,
    "ImageComments": "Unaliased MB4/PE4/LB",
    "ImageOrientationPatientDICOM": [
      0.999853,
      0.00251722,
      0.0169336,
      -2.2473e-11,
      0.989131,
      -0.147037
    ],
    "ImageType": [
      "ORIGINAL",
      "PRIMARY",
      "M",
      "MB",
      "TE4",
      "ND",
      "NORM",
      "MOSAIC"
    ],
    "ImagingFrequency": 123.252,
    "InPlanePhaseEncodingDirectionDICOM": "ROW",
    "InstitutionAddress": "Blackburn Road 770,Clayton,Victoria,AU,3800",
    "InstitutionName": "Monash Biomedical Imaging",
    "InstitutionalDepartmentName": "Department",
    "MRAcquisitionType": "2D",
    "MagneticFieldStrength": 3,
    "Manufacturer": "Siemens",
    "ManufacturersModelName": "Skyra",
    "Modality": "MR",
    "MultibandAccelerationFactor": 4,
    "ParallelReductionFactorInPlane": 2,
    "PartialFourier": 1,
    "PatientPosition": "HFS",
    "PercentPhaseFOV": 100,
    "PercentSampling": 100,
    "PhaseEncodingDirection": "i",
    "PhaseEncodingSteps": 63,
    "PhaseResolution": 1,
    "PixelBandwidth": 2520,
    "ProcedureStepDescription": "MR Scan",
    "ProtocolName": "Meditation_R-L_mmb_4_4_cmrr_mbep2d_bold_TE_12.6_29.23_45.86_62.5",
    "PulseSequenceDetails": "%CustomerSeq%\\cmrr_mbep2d_bold",
    "ReceiveCoilActiveElements": "HEA;HEP",
    "ReceiveCoilName": "Head_32",
    "ReconMatrixPE": 64,
    "RefLinesPE": 24,
    "RepetitionTime": 0.91,
    "SAR": 0.0992548,
    "ScanOptions": "FS",
    "ScanningSequence": "EP",
    "SequenceName": "epfid2d4_64",
    "SequenceVariant": "SK\\SS",
    "SeriesDescription": "Meditation_R-L_mmb_4_4_cmrr_mbep2d_bold_TE_12.6_29.23_45.86_62.5",
    "SeriesNumber": 5,
    "ShimSetting": [
      -4096,
      15261,
      -15036,
      476,
      269,
      -335,
      238,
      78
    ],
    "SliceThickness": 3.2,
    "SliceTiming": [
      0,
      0.625,
      0.3575,
      0.09,
      0.7125,
      0.445,
      0.18,
      0.8025,
      0.535,
      0.2675,
      0,
      0.625,
      0.3575,
      0.09,
      0.7125,
      0.445,
      0.18,
      0.8025,
      0.535,
      0.2675,
      0,
      0.625,
      0.3575,
      0.09,
      0.7125,
      0.445,
      0.18,
      0.8025,
      0.535,
      0.2675,
      0,
      0.625,
      0.3575,
      0.09,
      0.7125,
      0.445,
      0.18,
      0.8025,
      0.535,
      0.2675
    ],
    "SoftwareVersions": "syngo MR E11",
    "SpacingBetweenSlices": 3.2,
    "StationName": "AWP45193",
    "TaskName": "meditation",
    "TotalReadoutTime": 0.01575,
    "TxRefAmp": 356.764,
    "WipMemBlock": "932406f3-5ae6-4c2b-aa88-fc3500aba2a9||Sequence: R016 ve11c/master r/e634e98; Dec 19 2017 11:00:25 by eja",
    "dataset": "<unset>",
    "modality": "bold",
    "run_id": 1,
    "session_id": "02",
    "subject_id": "PC211",
    "task_id": "meditation"
  },
  "dummy_trs": 0,
  "dvars_nstd": 47.12925692814358,
  "dvars_std": 1.0554700779702966,
  "dvars_vstd": 0.9684775061633668,
  "efc": 0.4462793793581577,
  "fber": 2974.9248046875,
  "fd_mean": 0.16585412677477768,
  "fd_num": 101,
  "fd_perc": 24.938271604938272,
  "fwhm_avg": 1.5362808903540417,
  "fwhm_x": 1.5096978640776701,
  "fwhm_y": 1.5480823300970874,
  "fwhm_z": 1.551062476887368,
  "gcor": 0.00923896,
  "gsr_x": -0.004542337264865637,
  "gsr_y": 0.007243688218295574,
  "provenance": {
    "md5sum": "13adc4f45bf720aeb8076cc1f2d06e58",
    "settings": {
      "fd_thres": 0.2,
      "testing": false
    },
    "software": "mriqc",
    "version": "22.0.6",
    "webapi_port": null,
    "webapi_url": "https://mriqc.nimh.nih.gov/api/v1"
  },
  "size_t": 405,
  "size_x": 64,
  "size_y": 64,
  "size_z": 40,
  "snr": 3.22993190703872,
  "spacing_tr": 0.9100000262260437,
  "spacing_x": 3.21875,
  "spacing_y": 3.21875,
  "spacing_z": 3.200000047683716,
  "summary_bg_k": 370.2316369213603,
  "summary_bg_mad": 34.88324735091687,
  "summary_bg_mean": 89.39224243164062,
  "summary_bg_median": 47.12099075317383,
  "summary_bg_n": 106923.0,
  "summary_bg_p05": 15.071605682373047,
  "summary_bg_p95": 301.2634796142578,
  "summary_bg_stdv": 172.52639770507812,
  "summary_fg_k": 7.370479862771383,
  "summary_fg_mad": 594.6737044451311,
  "summary_fg_mean": 2713.629638671875,
  "summary_fg_median": 2565.318603515625,
  "summary_fg_n": 23837.0,
  "summary_fg_p05": 1794.3798095703125,
  "summary_fg_p95": 4046.671826171875,
  "summary_fg_stdv": 794.2163696289062,
  "tsnr": 25.037089791498147
}