{
  "aor": 0.00016204365079365077,
  "aqi": 0.011243556011904762,
  "bids_meta": {
    "AcquisitionMatrixPE": 64,
    "AcquisitionNumber": 1,
    "AcquisitionTime": "10:49:19.527500",
    "BandwidthPerPixelPhaseEncode": 62.5,
    "BaseResolution": 64,
    "BodyPartExamined": "BRAIN",
    "ConsistencyInfo": "N4_VE11C_LATEST_20160120",
    "ConversionSoftware": "dcm2niix",
    "ConversionSoftwareVersion": "v1.0.20210317",
    "DerivedVendorReportedEchoSpacing": 0.0005,
    "DeviceSerialNumber": "45193",
    "DwellTime": 3.1e-06,
    "EchoNumber": 4,
    "EchoTime": 0.06249,
    "EchoTrainLength": 31,
    "EffectiveEchoSpacing": 0.00025,
    "FlipAngle": 56,
    "ImageComments": "Unaliased MB4/PE4/LB",
    "ImageOrientationPatientDICOM": [
      0.995553,
      0.0830457,
      0.0444673,
      -0.0835989,
      0.996442,
      0.0107273
    ],
    "ImageType": [
      "ORIGINAL",
      "PRIMARY",
      "M",
      "MB",
      "TE4",
      "ND",
      "NORM",
      "MOSAIC"
    ],
    "ImagingFrequency": 123.252,
    "InPlanePhaseEncodingDirectionDICOM": "ROW",
    "InstitutionAddress": "Blackburn Road 770,Clayton,Victoria,AU,3800",
    "InstitutionName": "Monash Biomedical Imaging",
    "InstitutionalDepartmentName": "Department",
    "MRAcquisitionType": "2D",
    "MagneticFieldStrength": 3,
    "Manufacturer": "Siemens",
    "ManufacturersModelName": "Skyra",
    "Modality": "MR",
    "MultibandAccelerationFactor": 4,
    "ParallelReductionFactorInPlane": 2,
    "PartialFourier": 1,
    "PatientPosition": "HFS",
    "PercentPhaseFOV": 100,
    "PercentSampling": 100,
    "PhaseEncodingDirection": "i",
    "PhaseEncodingSteps": 63,
    "PhaseResolution": 1,
    "PixelBandwidth": 2520,
    "ProcedureStepDescription": "MR Scan",
    "ProtocolName": "Rest_R-L_mmb_4_4_cmrr_mbep2d_bold_TE_12.6_29.23_45.86_62.49",
    "PulseSequenceDetails": "%CustomerSeq%\\cmrr_mbep2d_bold",
    "ReceiveCoilActiveElements": "HEA;HEP",
    "ReceiveCoilName": "Head_32",
    "ReconMatrixPE": 64,
    "RefLinesPE": 24,
    "RepetitionTime": 0.91,
    "SAR": 0.0877093,
    "ScanOptions": "FS",
    "ScanningSequence": "EP",
    "SequenceName": "epfid2d4_64",
    "SequenceVariant": "SK\\SS",
    "SeriesDescription": "Rest_R-L_mmb_4_4_cmrr_mbep2d_bold_TE_12.6_29.23_45.86_62.49",
    "SeriesNumber": 3,
    "ShimSetting": [
      -4095,
      15329,
      -15109,
      645,
      94,
      -55,
      17,
      24
    ],
    "SliceThickness": 3.2,
    "SliceTiming": [
      0,
      0.6225,
      0.3575,
      0.09,
      0.7125,
      0.445,
      0.1775,
      0.8025,
      0.535,
      0.2675,
      0,
      0.6225,
      0.3575,
      0.09,
      0.7125,
      0.445,
      0.1775,
      0.8025,
      0.535,
      0.2675,
      0,
      0.6225,
      0.3575,
      0.09,
      0.7125,
      0.445,
      0.1775,
      0.8025,
      0.535,
      0.2675,
      0,
      0.6225,
      0.3575,
      0.09,
      0.7125,
      0.445,
      0.1775,
      0.8025,
      0.535,
      0.2675
    ],
    "SoftwareVersions": "syngo MR E11",
    "SpacingBetweenSlices": 3.2,
    "StationName": "AWP45193",
    "TaskName": "rest",
    "TotalReadoutTime": 0.01575,
    "TxRefAmp": 349.044,
    "WipMemBlock": "19332dd6-51af-4b66-ad4e-26c298f38f6b||Sequence: R016 ve11c/master r/e634e98; Dec 19 2017 11:00:25 by eja",
    "dataset": "<unset>",
    "modality": "bold",
    "run_id": 1,
    "session_id": "02",
    "subject_id": "PC220",
    "task_id": "rest"
  },
  "dummy_trs": 0,
  "dvars_nstd": 57.24518486604373,
  "dvars_std": 1.202370092345925,
  "dvars_vstd": 0.9870547355666007,
  "efc": 0.45901195036839393,
  "fber": 2462.29052734375,
  "fd_mean": 0.0710563586461616,
  "fd_num": 2,
  "fd_perc": 0.3968253968253968,
  "fwhm_avg": 1.6485175544456407,
  "fwhm_x": 1.5803588349514563,
  "fwhm_y": 1.7029157281553398,
  "fwhm_z": 1.662278100230126,
  "gcor": 0.010979,
  "gsr_x": -0.003503652988001704,
  "gsr_y": 0.012297874316573143,
  "provenance": {
    "md5sum": "b16e3853ec9cbd2bcb66c3af243a2cda",
    "settings": {
      "fd_thres": 0.2,
      "testing": false
    },
    "software": "mriqc",
    "version": "22.0.6",
    "webapi_port": null,
    "webapi_url": "https://mriqc.nimh.nih.gov/api/v1"
  },
  "size_t": 504,
  "size_x": 64,
  "size_y": 64,
  "size_z": 40,
  "snr": 2.9726083033583217,
  "spacing_tr": 0.9100000262260437,
  "spacing_x": 3.21875,
  "spacing_y": 3.21875,
  "spacing_z": 3.200000047683716,
  "summary_bg_k": 90.4396505437935,
  "summary_bg_mad": 27.40461059141792,
  "summary_bg_mean": 71.09446716308594,
  "summary_bg_median": 42.41865158081055,
  "summary_bg_n": 104318.0,
  "summary_bg_p05": 16.410417556762695,
  "summary_bg_p95": 219.82233657836863,
  "summary_bg_stdv": 104.83589935302734,
  "summary_fg_k": 8.867364931284277,
  "summary_fg_mad": 569.8178565340788,
  "summary_fg_mean": 2227.698974609375,
  "summary_fg_median": 2105.96923828125,
  "summary_fg_n": 25914.0,
  "summary_fg_p05": 1407.5820251464845,
  "summary_fg_p95": 3325.6647583007802,
  "summary_fg_stdv": 708.4447021484375,
  "tsnr": 28.697008267510682
}