{
  "aor": 0.00022706199460916445,
  "aqi": 0.004652739649595688,
  "bids_meta": {
    "AcquisitionMatrixPE": 64,
    "AcquisitionNumber": 1,
    "AcquisitionTime": "11:18:28.117500",
    "BandwidthPerPixelPhaseEncode": 62.5,
    "BaseResolution": 64,
    "BodyPartExamined": "BRAIN",
    "ConsistencyInfo": "N4_VE11C_LATEST_20160120",
    "ConversionSoftware": "dcm2niix",
    "ConversionSoftwareVersion": "v1.0.20210317",
    "DerivedVendorReportedEchoSpacing": 0.0005,
    "DeviceSerialNumber": "45193",
    "DwellTime": 3.1e-06,
    "EchoNumber": 1,
    "EchoTime": 0.0126,
    "EchoTrainLength": 31,
    "EffectiveEchoSpacing": 0.00025,
    "FlipAngle": 56,
    "ImageComments": "Unaliased MB4/PE4/LB",
    "ImageOrientationPatientDICOM": [
      0.995553,
      0.0830457,
      0.0444673,
      -0.0835989,
      0.996442,
      0.0107273
    ],
    "ImageType": [
      "ORIGINAL",
      "PRIMARY",
      "M",
      "MB",
      "TE1",
      "ND",
      "NORM",
      "MOSAIC"
    ],
    "ImagingFrequency": 123.252,
    "InPlanePhaseEncodingDirectionDICOM": "ROW",
    "InstitutionAddress": "Blackburn Road 770,Clayton,Victoria,AU,3800",
    "InstitutionName": "Monash Biomedical Imaging",
    "InstitutionalDepartmentName": "Department",
    "MRAcquisitionType": "2D",
    "MagneticFieldStrength": 3,
    "Manufacturer": "Siemens",
    "ManufacturersModelName": "Skyra",
    "Modality": "MR",
    "MultibandAccelerationFactor": 4,
    "ParallelReductionFactorInPlane": 2,
    "PartialFourier": 1,
    "PatientPosition": "HFS",
    "PercentPhaseFOV": 100,
    "PercentSampling": 100,
    "PhaseEncodingDirection": "i",
    "PhaseEncodingSteps": 63,
    "PhaseResolution": 1,
    "PixelBandwidth": 2520,
    "ProcedureStepDescription": "MR Scan",
    "ProtocolName": "Movie_R-L_mmb_4_4_cmrr_mbep2d_bold_TE_12.6_29.23_45.86_62.49",
    "PulseSequenceDetails": "%CustomerSeq%\\cmrr_mbep2d_bold",
    "ReceiveCoilActiveElements": "HEA;HEP",
    "ReceiveCoilName": "Head_32",
    "ReconMatrixPE": 64,
    "RefLinesPE": 24,
    "RepetitionTime": 0.91,
    "SAR": 0.0872152,
    "ScanOptions": "FS",
    "ScanningSequence": "EP",
    "SequenceName": "epfid2d4_64",
    "SequenceVariant": "SK\\SS",
    "SeriesDescription": "Movie_R-L_mmb_4_4_cmrr_mbep2d_bold_TE_12.6_29.23_45.86_62.49",
    "SeriesNumber": 8,
    "ShimSetting": [
      -4098,
      15329,
      -15112,
      620,
      93,
      -73,
      31,
      8
    ],
    "SliceThickness": 3.2,
    "SliceTiming": [
      0,
      0.6225,
      0.355,
      0.09,
      0.7125,
      0.445,
      0.1775,
      0.8,
      0.535,
      0.2675,
      0,
      0.6225,
      0.355,
      0.09,
      0.7125,
      0.445,
      0.1775,
      0.8,
      0.535,
      0.2675,
      0,
      0.6225,
      0.355,
      0.09,
      0.7125,
      0.445,
      0.1775,
      0.8,
      0.535,
      0.2675,
      0,
      0.6225,
      0.355,
      0.09,
      0.7125,
      0.445,
      0.1775,
      0.8,
      0.535,
      0.2675
    ],
    "SoftwareVersions": "syngo MR E11",
    "SpacingBetweenSlices": 3.2,
    "StationName": "AWP45193",
    "TaskName": "movie",
    "TotalReadoutTime": 0.01575,
    "TxRefAmp": 349.044,
    "WipMemBlock": "24119b54-49ee-41c4-94dc-34a69de03a85||Sequence: R016 ve11c/master r/e634e98; Dec 19 2017 11:00:25 by eja",
    "dataset": "<unset>",
    "modality": "bold",
    "run_id": 1,
    "session_id": "02",
    "subject_id": "PC220",
    "task_id": "movie"
  },
  "dummy_trs": 1,
  "dvars_nstd": 27.711164381675705,
  "dvars_std": 1.3185343736756765,
  "dvars_vstd": 0.9991510849999999,
  "efc": 0.5467551631062175,
  "fber": 4476.9697265625,
  "fd_mean": 0.07532955822222154,
  "fd_num": 4,
  "fd_perc": 1.0781671159029649,
  "fwhm_avg": 1.9687785333610772,
  "fwhm_x": 1.8131541747572817,
  "fwhm_y": 2.0138314563106796,
  "fwhm_z": 2.079349969015271,
  "gcor": 0.00626183,
  "gsr_x": -0.002652417402714491,
  "gsr_y": 0.021991344168782234,
  "provenance": {
    "md5sum": "12090afd81c50938cc0b484cf9362800",
    "settings": {
      "fd_thres": 0.2,
      "testing": false
    },
    "software": "mriqc",
    "version": "22.0.6",
    "webapi_port": null,
    "webapi_url": "https://mriqc.nimh.nih.gov/api/v1"
  },
  "size_t": 371,
  "size_x": 64,
  "size_y": 64,
  "size_z": 40,
  "snr": 6.77565039742795,
  "spacing_tr": 0.9100000262260437,
  "spacing_x": 3.21875,
  "spacing_y": 3.21875,
  "spacing_z": 3.200000047683716,
  "summary_bg_k": 11.95847484916516,
  "summary_bg_mad": 83.00973563282969,
  "summary_bg_mean": 420.083984375,
  "summary_bg_median": 84.334228515625,
  "summary_bg_n": 97839.0,
  "summary_bg_p05": 19.091644287109375,
  "summary_bg_p95": 2176.8241943359367,
  "summary_bg_stdv": 827.3322143554688,
  "summary_fg_k": -0.07158872614923961,
  "summary_fg_mad": 870.6252141450798,
  "summary_fg_mean": 5596.21435546875,
  "summary_fg_median": 5542.45947265625,
  "summary_fg_n": 32456.0,
  "summary_fg_p05": 4367.761962890625,
  "summary_fg_p95": 7002.9654541015625,
  "summary_fg_stdv": 817.9840698242188,
  "tsnr": 75.12652193009853
}