{
  "bids_meta": {
    "AcquisitionMatrixPE": 240,
    "AcquisitionNumber": 1,
    "AcquisitionTime": "10:13:17.097500",
    "BaseResolution": 256,
    "BodyPartExamined": "BRAIN",
    "ConsistencyInfo": "N4_VE11C_LATEST_20160120",
    "ConversionSoftware": "dcm2niix",
    "ConversionSoftwareVersion": "v1.0.20210317",
    "DeviceSerialNumber": "45193",
    "DwellTime": 8.5e-06,
    "EchoTime": 0.00207,
    "FlipAngle": 9,
    "ImageOrientationPatientDICOM": [
      -0.0367501,
      0.999325,
      1.1313e-08,
      0.0783575,
      0.00288161,
      -0.996921
    ],
    "ImageType": [
      "ORIGINAL",
      "PRIMARY",
      "M",
      "ND",
      "NORM"
    ],
    "ImagingFrequency": 123.252,
    "InPlanePhaseEncodingDirectionDICOM": "ROW",
    "InstitutionAddress": "Blackburn Road 770,Clayton,Victoria,AU,3800",
    "InstitutionName": "Monash Biomedical Imaging",
    "InstitutionalDepartmentName": "Department",
    "InversionTime": 0.9,
    "MRAcquisitionType": "3D",
    "MagneticFieldStrength": 3,
    "Manufacturer": "Siemens",
    "ManufacturersModelName": "Skyra",
    "Modality": "MR",
    "ParallelReductionFactorInPlane": 2,
    "PartialFourier": 1,
    "PatientPosition": "HFS",
    "PercentPhaseFOV": 93.75,
    "PercentSampling": 100,
    "PhaseEncodingSteps": 239,
    "PhaseResolution": 1,
    "PixelBandwidth": 230,
    "ProcedureStepDescription": "MR Scan",
    "ProtocolName": "t1_mprage_sag_p2_iso_1_ADNI",
    "PulseSequenceDetails": "%SiemensSeq%\\tfl",
    "ReceiveCoilActiveElements": "HEA;HEP",
    "ReceiveCoilName": "Head_32",
    "ReconMatrixPE": 240,
    "RefLinesPE": 32,
    "RepetitionTime": 2.3,
    "SAR": 0.125132,
    "ScanOptions": "IR",
    "ScanningSequence": "GR\\IR",
    "SequenceName": "*tfl3d1_16ns",
    "SequenceVariant": "SK\\SP\\MP",
    "SeriesDescription": "t1_mprage_sag_p2_iso_1_ADNI",
    "SeriesNumber": 3,
    "ShimSetting": [
      -4121,
      15461,
      -15515,
      -92,
      142,
      -177,
      -175,
      57
    ],
    "SliceThickness": 1,
    "SoftwareVersions": "syngo MR E11",
    "StationName": "AWP45193",
    "TxRefAmp": 376.191,
    "dataset": "<unset>",
    "modality": "T1w",
    "run_id": 1,
    "session_id": "01",
    "subject_id": "PC204"
  },
  "cjv": 0.348174297609459,
  "cnr": 3.474993647921233,
  "efc": 0.5289239185722268,
  "fber": 17190.955918367345,
  "fwhm_avg": 3.877076666666667,
  "fwhm_x": 4.00855,
  "fwhm_y": 3.76358,
  "fwhm_z": 3.8591,
  "icvs_csf": 0.23358754803641407,
  "icvs_gm": 0.42265296239548183,
  "icvs_wm": 0.3437594895681041,
  "inu_med": 0.45501700043678284,
  "inu_range": 0.12547574192285538,
  "provenance": {
    "md5sum": "9ac09496530b6834d21d7763a90a7662",
    "settings": {
      "testing": false
    },
    "software": "mriqc",
    "version": "22.0.6",
    "warnings": {
      "large_rot_frame": true,
      "small_air_mask": false
    },
    "webapi_port": null,
    "webapi_url": "https://mriqc.nimh.nih.gov/api/v1"
  },
  "qi_1": 0.01944898333794335,
  "qi_2": 0.04456497044371804,
  "rpve_csf": 21.96667548218047,
  "rpve_gm": 12.520869307942656,
  "rpve_wm": 17.829577899705356,
  "size_x": 192,
  "size_y": 240,
  "size_z": 256,
  "snr_csf": 1.7978154909297763,
  "snr_gm": 10.942186912218443,
  "snr_total": 13.536137686404103,
  "snr_wm": 27.868410656064096,
  "snrd_csf": 4.441569939089677,
  "snrd_gm": 12.831918729051704,
  "snrd_total": 11.761839651365127,
  "snrd_wm": 18.012030285953998,
  "spacing_x": 1.0,
  "spacing_y": 1.0,
  "spacing_z": 1.0,
  "summary_bg_k": 2642.5801877521985,
  "summary_bg_mad": 0.0,
  "summary_bg_mean": 2.7275276905476065,
  "summary_bg_median": 0.0,
  "summary_bg_n": 2344487.0,
  "summary_bg_p05": 0.0,
  "summary_bg_p95": 7.627846855670214,
  "summary_bg_stdv": 36.37345915300045,
  "summary_csf_k": 47.34877192929861,
  "summary_csf_mad": 97.64021714226581,
  "summary_csf_mean": 265.27349901833026,
  "summary_csf_median": 246.59790351241827,
  "summary_csf_n": 61083.0,
  "summary_csf_p05": 112.05772580318154,
  "summary_csf_p95": 465.9038723360745,
  "summary_csf_stdv": 137.1641785269534,
  "summary_gm_k": -0.09494804425654824,
  "summary_gm_mad": 66.20845610462506,
  "summary_gm_mean": 711.0586623593125,
  "summary_gm_median": 712.4337340220809,
  "summary_gm_n": 43313.0,
  "summary_gm_p05": 601.5828553505241,
  "summary_gm_p95": 815.370273937285,
  "summary_gm_stdv": 65.10814661105644,
  "summary_wm_k": 0.581770373320948,
  "summary_wm_mad": 33.92718801191292,
  "summary_wm_mean": 1000.7818641125472,
  "summary_wm_median": 1000.0357908196747,
  "summary_wm_n": 206836.0,
  "summary_wm_p05": 943.4178289473057,
  "summary_wm_p95": 1060.5930163264275,
  "summary_wm_stdv": 35.884119324130765,
  "tpm_overlap_csf": 0.15954715274252337,
  "tpm_overlap_gm": 0.4579898110642609,
  "tpm_overlap_wm": 0.4956546257096965,
  "wm2max": 0.4950890007800865
}