{
  "aor": 0.0001382936507936508,
  "aqi": 0.015423894642857141,
  "bids_meta": {
    "AcquisitionMatrixPE": 64,
    "AcquisitionNumber": 1,
    "AcquisitionTime": "12:49:20.992500",
    "BandwidthPerPixelPhaseEncode": 62.5,
    "BaseResolution": 64,
    "BodyPartExamined": "BRAIN",
    "ConsistencyInfo": "N4_VE11C_LATEST_20160120",
    "ConversionSoftware": "dcm2niix",
    "ConversionSoftwareVersion": "v1.0.20210317",
    "DerivedVendorReportedEchoSpacing": 0.0005,
    "DeviceSerialNumber": "45193",
    "DwellTime": 3.1e-06,
    "EchoNumber": 4,
    "EchoTime": 0.06249,
    "EchoTrainLength": 31,
    "EffectiveEchoSpacing": 0.00025,
    "FlipAngle": 56,
    "ImageComments": "Unaliased MB4/PE4/LB",
    "ImageOrientationPatientDICOM": [
      0.999097,
      -0.00965786,
      -0.0413667,
      -5.057e-12,
      0.973812,
      -0.227355
    ],
    "ImageType": [
      "ORIGINAL",
      "PRIMARY",
      "M",
      "MB",
      "TE4",
      "ND",
      "NORM",
      "MOSAIC"
    ],
    "ImagingFrequency": 123.252,
    "InPlanePhaseEncodingDirectionDICOM": "ROW",
    "InstitutionAddress": "Blackburn Road 770,Clayton,Victoria,AU,3800",
    "InstitutionName": "Monash Biomedical Imaging",
    "InstitutionalDepartmentName": "Department",
    "MRAcquisitionType": "2D",
    "MagneticFieldStrength": 3,
    "Manufacturer": "Siemens",
    "ManufacturersModelName": "Skyra",
    "Modality": "MR",
    "MultibandAccelerationFactor": 4,
    "ParallelReductionFactorInPlane": 2,
    "PartialFourier": 1,
    "PatientPosition": "HFS",
    "PercentPhaseFOV": 100,
    "PercentSampling": 100,
    "PhaseEncodingDirection": "i",
    "PhaseEncodingSteps": 63,
    "PhaseResolution": 1,
    "PixelBandwidth": 2520,
    "ProcedureStepDescription": "MR Scan",
    "ProtocolName": "Rest_R-L_mmb_4_4_cmrr_mbep2d_bold_TE_12.6_29.23_45.86_62.49",
    "PulseSequenceDetails": "%CustomerSeq%\\cmrr_mbep2d_bold",
    "ReceiveCoilActiveElements": "HEA;HEP",
    "ReceiveCoilName": "Head_32",
    "ReconMatrixPE": 64,
    "RefLinesPE": 24,
    "RepetitionTime": 0.91,
    "SAR": 0.09198,
    "ScanOptions": "FS",
    "ScanningSequence": "EP",
    "SequenceName": "epfid2d4_64",
    "SequenceVariant": "SK\\SS",
    "SeriesDescription": "Rest_R-L_mmb_4_4_cmrr_mbep2d_bold_TE_12.6_29.23_45.86_62.49",
    "SeriesNumber": 3,
    "ShimSetting": [
      -4136,
      15456,
      -15013,
      357,
      206,
      2,
      -221,
      99
    ],
    "SliceThickness": 3.2,
    "SliceTiming": [
      0,
      0.6225,
      0.355,
      0.09,
      0.7125,
      0.445,
      0.1775,
      0.8,
      0.535,
      0.2675,
      0,
      0.6225,
      0.355,
      0.09,
      0.7125,
      0.445,
      0.1775,
      0.8,
      0.535,
      0.2675,
      0,
      0.6225,
      0.355,
      0.09,
      0.7125,
      0.445,
      0.1775,
      0.8,
      0.535,
      0.2675,
      0,
      0.6225,
      0.355,
      0.09,
      0.7125,
      0.445,
      0.1775,
      0.8,
      0.535,
      0.2675
    ],
    "SoftwareVersions": "syngo MR E11",
    "SpacingBetweenSlices": 3.2,
    "StationName": "AWP45193",
    "TaskName": "rest",
    "TotalReadoutTime": 0.01575,
    "TxRefAmp": 366.527,
    "WipMemBlock": "a63bff30-4a1f-4326-8a24-7318ffd263e6||Sequence: R016 ve11c/master r/e634e98; Dec 19 2017 11:00:25 by eja",
    "dataset": "<unset>",
    "modality": "bold",
    "run_id": 1,
    "session_id": "02",
    "subject_id": "PC223",
    "task_id": "rest"
  },
  "dummy_trs": 0,
  "dvars_nstd": 51.895708247157096,
  "dvars_std": 1.109568401829026,
  "dvars_vstd": 0.9761364405964201,
  "efc": 0.46108651463720945,
  "fber": 2758.04296875,
  "fd_mean": 0.07473906339361307,
  "fd_num": 1,
  "fd_perc": 0.1984126984126984,
  "fwhm_avg": 1.585083904257999,
  "fwhm_x": 1.5704636893203883,
  "fwhm_y": 1.6639067961165048,
  "fwhm_z": 1.5208812273371035,
  "gcor": 0.00989458,
  "gsr_x": -0.009036349132657051,
  "gsr_y": 0.020556557923555374,
  "provenance": {
    "md5sum": "78665d31ff3d5925606c4bf0403fc341",
    "settings": {
      "fd_thres": 0.2,
      "testing": false
    },
    "software": "mriqc",
    "version": "22.0.6",
    "webapi_port": null,
    "webapi_url": "https://mriqc.nimh.nih.gov/api/v1"
  },
  "size_t": 504,
  "size_x": 64,
  "size_y": 64,
  "size_z": 40,
  "snr": 3.77830258453299,
  "spacing_tr": 0.9100000262260437,
  "spacing_x": 3.21875,
  "spacing_y": 3.21875,
  "spacing_z": 3.200000047683716,
  "summary_bg_k": 224.72183709892136,
  "summary_bg_mad": 25.980841569849897,
  "summary_bg_mean": 73.72864532470703,
  "summary_bg_median": 38.628971099853516,
  "summary_bg_n": 105886.0,
  "summary_bg_p05": 15.240079879760742,
  "summary_bg_p95": 241.48463821411133,
  "summary_bg_stdv": 137.34214782714844,
  "summary_fg_k": 8.3074036871811,
  "summary_fg_mad": 453.7513862749065,
  "summary_fg_mean": 2118.614501953125,
  "summary_fg_median": 2050.1171875,
  "summary_fg_n": 24470.0,
  "summary_fg_p05": 1432.921453857422,
  "summary_fg_p95": 2982.831030273437,
  "summary_fg_stdv": 542.5916137695312,
  "tsnr": 27.443926692008972
}