{
  "aor": 0.00016260989010989012,
  "aqi": 0.01247591771978022,
  "bids_meta": {
    "AcquisitionMatrixPE": 64,
    "AcquisitionNumber": 1,
    "AcquisitionTime": "13:06:28.685000",
    "BandwidthPerPixelPhaseEncode": 62.5,
    "BaseResolution": 64,
    "BodyPartExamined": "BRAIN",
    "ConsistencyInfo": "N4_VE11C_LATEST_20160120",
    "ConversionSoftware": "dcm2niix",
    "ConversionSoftwareVersion": "v1.0.20210317",
    "DerivedVendorReportedEchoSpacing": 0.0005,
    "DeviceSerialNumber": "45193",
    "DwellTime": 3.1e-06,
    "EchoNumber": 4,
    "EchoTime": 0.06249,
    "EchoTrainLength": 31,
    "EffectiveEchoSpacing": 0.00025,
    "FlipAngle": 56,
    "ImageComments": "Unaliased MB4/PE4/LB",
    "ImageOrientationPatientDICOM": [
      0.999103,
      -0.0102085,
      -0.0410853,
      2.79912e-10,
      0.97049,
      -0.24114
    ],
    "ImageType": [
      "ORIGINAL",
      "PRIMARY",
      "M",
      "MB",
      "TE4",
      "ND",
      "NORM",
      "MOSAIC"
    ],
    "ImagingFrequency": 123.252,
    "InPlanePhaseEncodingDirectionDICOM": "ROW",
    "InstitutionAddress": "Blackburn Road 770,Clayton,Victoria,AU,3800",
    "InstitutionName": "Monash Biomedical Imaging",
    "InstitutionalDepartmentName": "Department",
    "MRAcquisitionType": "2D",
    "MagneticFieldStrength": 3,
    "Manufacturer": "Siemens",
    "ManufacturersModelName": "Skyra",
    "Modality": "MR",
    "MultibandAccelerationFactor": 4,
    "ParallelReductionFactorInPlane": 2,
    "PartialFourier": 1,
    "PatientPosition": "HFS",
    "PercentPhaseFOV": 100,
    "PercentSampling": 100,
    "PhaseEncodingDirection": "i",
    "PhaseEncodingSteps": 63,
    "PhaseResolution": 1,
    "PixelBandwidth": 2520,
    "ProcedureStepDescription": "MR Scan",
    "ProtocolName": "Music_R-L_mmb_4_4_cmrr_mbep2d_bold_TE_12.6_29.23_45.86_62.49",
    "PulseSequenceDetails": "%CustomerSeq%\\cmrr_mbep2d_bold",
    "ReceiveCoilActiveElements": "HEA;HEP",
    "ReceiveCoilName": "Head_32",
    "ReconMatrixPE": 64,
    "RefLinesPE": 24,
    "RepetitionTime": 0.91,
    "SAR": 0.0924228,
    "ScanOptions": "FS",
    "ScanningSequence": "EP",
    "SequenceName": "epfid2d4_64",
    "SequenceVariant": "SK\\SS",
    "SeriesDescription": "Music_R-L_mmb_4_4_cmrr_mbep2d_bold_TE_12.6_29.23_45.86_62.49",
    "SeriesNumber": 7,
    "ShimSetting": [
      -4137,
      15456,
      -15011,
      360,
      201,
      -1,
      -227,
      96
    ],
    "SliceThickness": 3.2,
    "SliceTiming": [
      0,
      0.6225,
      0.3575,
      0.09,
      0.7125,
      0.445,
      0.1775,
      0.8025,
      0.535,
      0.2675,
      0,
      0.6225,
      0.3575,
      0.09,
      0.7125,
      0.445,
      0.1775,
      0.8025,
      0.535,
      0.2675,
      0,
      0.6225,
      0.3575,
      0.09,
      0.7125,
      0.445,
      0.1775,
      0.8025,
      0.535,
      0.2675,
      0,
      0.6225,
      0.3575,
      0.09,
      0.7125,
      0.445,
      0.1775,
      0.8025,
      0.535,
      0.2675
    ],
    "SoftwareVersions": "syngo MR E11",
    "SpacingBetweenSlices": 3.2,
    "StationName": "AWP45193",
    "TaskName": "music",
    "TotalReadoutTime": 0.01575,
    "TxRefAmp": 366.527,
    "WipMemBlock": "2549b86e-7c0a-4d12-b327-b7d1c7607de6||Sequence: R016 ve11c/master r/e634e98; Dec 19 2017 11:00:25 by eja",
    "dataset": "<unset>",
    "modality": "bold",
    "run_id": 1,
    "session_id": "02",
    "subject_id": "PC223",
    "task_id": "music"
  },
  "dummy_trs": 0,
  "dvars_nstd": 51.72407550112786,
  "dvars_std": 1.1228646969876215,
  "dvars_vstd": 0.9983782508390637,
  "efc": 0.46188359702220827,
  "fber": 2643.796142578125,
  "fd_mean": 0.0835997814539256,
  "fd_num": 2,
  "fd_perc": 0.27472527472527475,
  "fwhm_avg": 1.581833788943935,
  "fwhm_x": 1.5705258252427186,
  "fwhm_y": 1.6495036893203883,
  "fwhm_z": 1.5254718522686979,
  "gcor": 0.00523185,
  "gsr_x": -0.008074683137238026,
  "gsr_y": 0.018772706389427185,
  "provenance": {
    "md5sum": "0ce6c23e170da75273e99d4c49f04c0c",
    "settings": {
      "fd_thres": 0.2,
      "testing": false
    },
    "software": "mriqc",
    "version": "22.0.6",
    "webapi_port": null,
    "webapi_url": "https://mriqc.nimh.nih.gov/api/v1"
  },
  "size_t": 728,
  "size_x": 64,
  "size_y": 64,
  "size_z": 40,
  "snr": 3.7576874537538627,
  "spacing_tr": 0.9100000262260437,
  "spacing_x": 3.21875,
  "spacing_y": 3.21875,
  "spacing_z": 3.200000047683716,
  "summary_bg_k": 203.47156973582125,
  "summary_bg_mad": 26.291751191118774,
  "summary_bg_mean": 74.26986694335938,
  "summary_bg_median": 39.103023529052734,
  "summary_bg_n": 105911.0,
  "summary_bg_p05": 15.49725341796875,
  "summary_bg_p95": 244.9951934814453,
  "summary_bg_stdv": 134.5151824951172,
  "summary_fg_k": 8.147884290458135,
  "summary_fg_mad": 455.8116821312869,
  "summary_fg_mean": 2109.3505859375,
  "summary_fg_median": 2043.65869140625,
  "summary_fg_n": 24424.0,
  "summary_fg_p05": 1418.1281860351562,
  "summary_fg_p95": 2967.9343139648436,
  "summary_fg_stdv": 543.849609375,
  "tsnr": 30.31615265319124
}