{
  "aor": 0.00020846913580246915,
  "aqi": 0.007501661901234568,
  "bids_meta": {
    "AcquisitionMatrixPE": 64,
    "AcquisitionNumber": 1,
    "AcquisitionTime": "12:58:59.697500",
    "BandwidthPerPixelPhaseEncode": 62.5,
    "BaseResolution": 64,
    "BodyPartExamined": "BRAIN",
    "ConsistencyInfo": "N4_VE11C_LATEST_20160120",
    "ConversionSoftware": "dcm2niix",
    "ConversionSoftwareVersion": "v1.0.20210317",
    "DerivedVendorReportedEchoSpacing": 0.0005,
    "DeviceSerialNumber": "45193",
    "DwellTime": 3.1e-06,
    "EchoNumber": 2,
    "EchoTime": 0.02923,
    "EchoTrainLength": 31,
    "EffectiveEchoSpacing": 0.00025,
    "FlipAngle": 56,
    "ImageComments": "Unaliased MB4/PE4/LB",
    "ImageOrientationPatientDICOM": [
      0.999103,
      -0.0102085,
      -0.0410853,
      2.79912e-10,
      0.97049,
      -0.24114
    ],
    "ImageType": [
      "ORIGINAL",
      "PRIMARY",
      "M",
      "MB",
      "TE2",
      "ND",
      "NORM",
      "MOSAIC"
    ],
    "ImagingFrequency": 123.252,
    "InPlanePhaseEncodingDirectionDICOM": "ROW",
    "InstitutionAddress": "Blackburn Road 770,Clayton,Victoria,AU,3800",
    "InstitutionName": "Monash Biomedical Imaging",
    "InstitutionalDepartmentName": "Department",
    "MRAcquisitionType": "2D",
    "MagneticFieldStrength": 3,
    "Manufacturer": "Siemens",
    "ManufacturersModelName": "Skyra",
    "Modality": "MR",
    "MultibandAccelerationFactor": 4,
    "ParallelReductionFactorInPlane": 2,
    "PartialFourier": 1,
    "PatientPosition": "HFS",
    "PercentPhaseFOV": 100,
    "PercentSampling": 100,
    "PhaseEncodingDirection": "i",
    "PhaseEncodingSteps": 63,
    "PhaseResolution": 1,
    "PixelBandwidth": 2520,
    "ProcedureStepDescription": "MR Scan",
    "ProtocolName": "Meditation_R-L_mmb_4_4_cmrr_mbep2d_bold_TE_12.6_29.23_45.86_62.5",
    "PulseSequenceDetails": "%CustomerSeq%\\cmrr_mbep2d_bold",
    "ReceiveCoilActiveElements": "HEA;HEP",
    "ReceiveCoilName": "Head_32",
    "ReconMatrixPE": 64,
    "RefLinesPE": 24,
    "RepetitionTime": 0.91,
    "SAR": 0.091637,
    "ScanOptions": "FS",
    "ScanningSequence": "EP",
    "SequenceName": "epfid2d4_64",
    "SequenceVariant": "SK\\SS",
    "SeriesDescription": "Meditation_R-L_mmb_4_4_cmrr_mbep2d_bold_TE_12.6_29.23_45.86_62.5",
    "SeriesNumber": 5,
    "ShimSetting": [
      -4137,
      15456,
      -15011,
      360,
      201,
      -1,
      -227,
      96
    ],
    "SliceThickness": 3.2,
    "SliceTiming": [
      0,
      0.6225,
      0.355,
      0.0875,
      0.71,
      0.445,
      0.1775,
      0.8,
      0.5325,
      0.265,
      0,
      0.6225,
      0.355,
      0.0875,
      0.71,
      0.445,
      0.1775,
      0.8,
      0.5325,
      0.265,
      0,
      0.6225,
      0.355,
      0.0875,
      0.71,
      0.445,
      0.1775,
      0.8,
      0.5325,
      0.265,
      0,
      0.6225,
      0.355,
      0.0875,
      0.71,
      0.445,
      0.1775,
      0.8,
      0.5325,
      0.265
    ],
    "SoftwareVersions": "syngo MR E11",
    "SpacingBetweenSlices": 3.2,
    "StationName": "AWP45193",
    "TaskName": "meditation",
    "TotalReadoutTime": 0.01575,
    "TxRefAmp": 366.527,
    "WipMemBlock": "23e609d7-7c9d-481a-b05d-4a7a48f454cd||Sequence: R016 ve11c/master r/e634e98; Dec 19 2017 11:00:25 by eja",
    "dataset": "<unset>",
    "modality": "bold",
    "run_id": 1,
    "session_id": "02",
    "subject_id": "PC223",
    "task_id": "meditation"
  },
  "dummy_trs": 0,
  "dvars_nstd": 32.27768893279706,
  "dvars_std": 1.1284132843069303,
  "dvars_vstd": 1.0005405961386138,
  "efc": 0.5182040207080516,
  "fber": 2998.349365234375,
  "fd_mean": 0.07073917766726438,
  "fd_num": 0,
  "fd_perc": 0.0,
  "fwhm_avg": 1.8038945239967414,
  "fwhm_x": 1.7755961165048544,
  "fwhm_y": 1.8704031067961167,
  "fwhm_z": 1.765684348689253,
  "gcor": 0.0103384,
  "gsr_x": 0.0041189044713974,
  "gsr_y": 0.028335658833384514,
  "provenance": {
    "md5sum": "32bb691bf0c06877df5b552989b627a8",
    "settings": {
      "fd_thres": 0.2,
      "testing": false
    },
    "software": "mriqc",
    "version": "22.0.6",
    "webapi_port": null,
    "webapi_url": "https://mriqc.nimh.nih.gov/api/v1"
  },
  "size_t": 405,
  "size_x": 64,
  "size_y": 64,
  "size_z": 40,
  "snr": 5.7002753385963905,
  "spacing_tr": 0.9100000262260437,
  "spacing_x": 3.21875,
  "spacing_y": 3.21875,
  "spacing_z": 3.200000047683716,
  "summary_bg_k": 25.938893613732827,
  "summary_bg_mad": 68.14296145541282,
  "summary_bg_mean": 218.87252807617188,
  "summary_bg_median": 71.21111297607422,
  "summary_bg_n": 100252.0,
  "summary_bg_p05": 17.07407569885254,
  "summary_bg_p95": 990.7543701171865,
  "summary_bg_stdv": 398.9681396484375,
  "summary_fg_k": 1.2647413233907594,
  "summary_fg_mad": 655.7970213958554,
  "summary_fg_mean": 3941.37841796875,
  "summary_fg_median": 3871.554443359375,
  "summary_fg_n": 29560.0,
  "summary_fg_p05": 3001.221240234375,
  "summary_fg_p95": 5114.375512695312,
  "summary_fg_stdv": 679.17578125,
  "tsnr": 50.729340304853395
}