{
  "aor": 0.0010792445054945054,
  "aqi": 0.023057795054945058,
  "bids_meta": {
    "AcquisitionMatrixPE": 64,
    "AcquisitionNumber": 1,
    "AcquisitionTime": "13:20:40.262500",
    "BandwidthPerPixelPhaseEncode": 62.5,
    "BaseResolution": 64,
    "BodyPartExamined": "BRAIN",
    "ConsistencyInfo": "N4_VE11C_LATEST_20160120",
    "ConversionSoftware": "dcm2niix",
    "ConversionSoftwareVersion": "v1.0.20210317",
    "DerivedVendorReportedEchoSpacing": 0.0005,
    "DeviceSerialNumber": "45193",
    "DwellTime": 3.1e-06,
    "EchoNumber": 3,
    "EchoTime": 0.04586,
    "EchoTrainLength": 31,
    "EffectiveEchoSpacing": 0.00025,
    "FlipAngle": 56,
    "ImageComments": "Unaliased MB4/PE4/LB",
    "ImageOrientationPatientDICOM": [
      0.999861,
      -0.00275427,
      -0.0164325,
      -6.1509e-11,
      0.986242,
      -0.165305
    ],
    "ImageType": [
      "ORIGINAL",
      "PRIMARY",
      "M",
      "MB",
      "TE3",
      "ND",
      "NORM",
      "MOSAIC"
    ],
    "ImagingFrequency": 123.247,
    "InPlanePhaseEncodingDirectionDICOM": "ROW",
    "InstitutionAddress": "Blackburn Road 770,Clayton,Victoria,AU,3800",
    "InstitutionName": "Monash Biomedical Imaging",
    "InstitutionalDepartmentName": "Department",
    "MRAcquisitionType": "2D",
    "MagneticFieldStrength": 3,
    "Manufacturer": "Siemens",
    "ManufacturersModelName": "Skyra",
    "Modality": "MR",
    "MultibandAccelerationFactor": 4,
    "ParallelReductionFactorInPlane": 2,
    "PartialFourier": 1,
    "PatientPosition": "HFS",
    "PercentPhaseFOV": 100,
    "PercentSampling": 100,
    "PhaseEncodingDirection": "i",
    "PhaseEncodingSteps": 63,
    "PhaseResolution": 1,
    "PixelBandwidth": 2520,
    "ProcedureStepDescription": "MR Scan",
    "ProtocolName": "Music_R-L_mmb_4_4_cmrr_mbep2d_bold_TE_12.6_29.23_45.86_62.49",
    "PulseSequenceDetails": "%CustomerSeq%\\cmrr_mbep2d_bold",
    "ReceiveCoilActiveElements": "HEA;HEP",
    "ReceiveCoilName": "Head_32",
    "ReconMatrixPE": 64,
    "RefLinesPE": 24,
    "RepetitionTime": 0.91,
    "SAR": 0.0986825,
    "ScanOptions": "FS",
    "ScanningSequence": "EP",
    "SequenceName": "epfid2d4_64",
    "SequenceVariant": "SK\\SS",
    "SeriesDescription": "Music_R-L_mmb_4_4_cmrr_mbep2d_bold_TE_12.6_29.23_45.86_62.49",
    "SeriesNumber": 9,
    "ShimSetting": [
      -4103,
      15391,
      -15206,
      238,
      3,
      -440,
      -207,
      13
    ],
    "SliceThickness": 3.2,
    "SliceTiming": [
      0,
      0.625,
      0.3575,
      0.09,
      0.7125,
      0.445,
      0.18,
      0.8025,
      0.535,
      0.2675,
      0,
      0.625,
      0.3575,
      0.09,
      0.7125,
      0.445,
      0.18,
      0.8025,
      0.535,
      0.2675,
      0,
      0.625,
      0.3575,
      0.09,
      0.7125,
      0.445,
      0.18,
      0.8025,
      0.535,
      0.2675,
      0,
      0.625,
      0.3575,
      0.09,
      0.7125,
      0.445,
      0.18,
      0.8025,
      0.535,
      0.2675
    ],
    "SoftwareVersions": "syngo MR E11",
    "SpacingBetweenSlices": 3.2,
    "StationName": "AWP45193",
    "TaskName": "music",
    "TotalReadoutTime": 0.01575,
    "TxRefAmp": 366.746,
    "WipMemBlock": "2f677f64-adec-4c3a-8f6a-19f7189507fc||Sequence: R016 ve11c/master r/e634e98; Dec 19 2017 11:00:25 by eja",
    "dataset": "<unset>",
    "modality": "bold",
    "run_id": 1,
    "session_id": "02",
    "subject_id": "PC014",
    "task_id": "music"
  },
  "dummy_trs": 0,
  "dvars_nstd": 43.97690257452548,
  "dvars_std": 1.073783776244841,
  "dvars_vstd": 0.9571547514030264,
  "efc": 0.46071497488051627,
  "fber": 3410.919677734375,
  "fd_mean": 0.14168611983475973,
  "fd_num": 119,
  "fd_perc": 16.346153846153847,
  "fwhm_avg": 1.6626776555191256,
  "fwhm_x": 1.6133250485436894,
  "fwhm_y": 1.700511067961165,
  "fwhm_z": 1.6741968500525228,
  "gcor": 0.0123837,
  "gsr_x": 0.004763021133840084,
  "gsr_y": 0.005940891802310944,
  "provenance": {
    "md5sum": "6443a58cdeb30fd5531a0a8ffbf80da2",
    "settings": {
      "fd_thres": 0.2,
      "testing": false
    },
    "software": "mriqc",
    "version": "22.0.6",
    "webapi_port": null,
    "webapi_url": "https://mriqc.nimh.nih.gov/api/v1"
  },
  "size_t": 728,
  "size_x": 64,
  "size_y": 64,
  "size_z": 40,
  "snr": 3.955221110230293,
  "spacing_tr": 0.9100000262260437,
  "spacing_x": 3.21875,
  "spacing_y": 3.21875,
  "spacing_z": 3.200000047683716,
  "summary_bg_k": 115.69020825838895,
  "summary_bg_mad": 35.21384156165378,
  "summary_bg_mean": 83.22989654541016,
  "summary_bg_median": 46.97665023803711,
  "summary_bg_n": 104646.0,
  "summary_bg_p05": 15.857486724853516,
  "summary_bg_p95": 262.6425094604492,
  "summary_bg_stdv": 127.88724517822266,
  "summary_fg_k": 5.740416973568282,
  "summary_fg_mad": 514.2736629463759,
  "summary_fg_mean": 2810.021484375,
  "summary_fg_median": 2699.982177734375,
  "summary_fg_n": 26441.0,
  "summary_fg_p05": 1990.541259765625,
  "summary_fg_p95": 3950.0908203125,
  "summary_fg_stdv": 682.6245727539062,
  "tsnr": 27.494398212293163
}