{
  "aor": 0.0030534126984126985,
  "aqi": 0.01751267619047619,
  "bids_meta": {
    "AcquisitionMatrixPE": 64,
    "AcquisitionNumber": 1,
    "AcquisitionTime": "13:03:36.887500",
    "BandwidthPerPixelPhaseEncode": 62.5,
    "BaseResolution": 64,
    "BodyPartExamined": "BRAIN",
    "ConsistencyInfo": "N4_VE11C_LATEST_20160120",
    "ConversionSoftware": "dcm2niix",
    "ConversionSoftwareVersion": "v1.0.20210317",
    "DerivedVendorReportedEchoSpacing": 0.0005,
    "DeviceSerialNumber": "45193",
    "DwellTime": 3.1e-06,
    "EchoNumber": 3,
    "EchoTime": 0.04586,
    "EchoTrainLength": 31,
    "EffectiveEchoSpacing": 0.00025,
    "FlipAngle": 56,
    "ImageComments": "Unaliased MB4/PE4/LB",
    "ImageOrientationPatientDICOM": [
      0.999861,
      -0.00275427,
      -0.0164325,
      -6.1509e-11,
      0.986242,
      -0.165305
    ],
    "ImageType": [
      "ORIGINAL",
      "PRIMARY",
      "M",
      "MB",
      "TE3",
      "ND",
      "NORM",
      "MOSAIC"
    ],
    "ImagingFrequency": 123.247,
    "InPlanePhaseEncodingDirectionDICOM": "ROW",
    "InstitutionAddress": "Blackburn Road 770,Clayton,Victoria,AU,3800",
    "InstitutionName": "Monash Biomedical Imaging",
    "InstitutionalDepartmentName": "Department",
    "MRAcquisitionType": "2D",
    "MagneticFieldStrength": 3,
    "Manufacturer": "Siemens",
    "ManufacturersModelName": "Skyra",
    "Modality": "MR",
    "MultibandAccelerationFactor": 4,
    "ParallelReductionFactorInPlane": 2,
    "PartialFourier": 1,
    "PatientPosition": "HFS",
    "PercentPhaseFOV": 100,
    "PercentSampling": 100,
    "PhaseEncodingDirection": "i",
    "PhaseEncodingSteps": 63,
    "PhaseResolution": 1,
    "PixelBandwidth": 2520,
    "ProcedureStepDescription": "MR Scan",
    "ProtocolName": "Rest_R-L_mmb_4_4_cmrr_mbep2d_bold_TE_12.6_29.23_45.86_62.49",
    "PulseSequenceDetails": "%CustomerSeq%\\cmrr_mbep2d_bold",
    "ReceiveCoilActiveElements": "HEA;HEP",
    "ReceiveCoilName": "Head_32",
    "ReconMatrixPE": 64,
    "RefLinesPE": 24,
    "RepetitionTime": 0.91,
    "SAR": 0.0982045,
    "ScanOptions": "FS",
    "ScanningSequence": "EP",
    "SequenceName": "epfid2d4_64",
    "SequenceVariant": "SK\\SS",
    "SeriesDescription": "Rest_R-L_mmb_4_4_cmrr_mbep2d_bold_TE_12.6_29.23_45.86_62.49",
    "SeriesNumber": 5,
    "ShimSetting": [
      -4103,
      15391,
      -15206,
      238,
      3,
      -440,
      -207,
      13
    ],
    "SliceThickness": 3.2,
    "SliceTiming": [
      0,
      0.6225,
      0.355,
      0.0875,
      0.71,
      0.4425,
      0.1775,
      0.8,
      0.5325,
      0.265,
      0,
      0.6225,
      0.355,
      0.0875,
      0.71,
      0.4425,
      0.1775,
      0.8,
      0.5325,
      0.265,
      0,
      0.6225,
      0.355,
      0.0875,
      0.71,
      0.4425,
      0.1775,
      0.8,
      0.5325,
      0.265,
      0,
      0.6225,
      0.355,
      0.0875,
      0.71,
      0.4425,
      0.1775,
      0.8,
      0.5325,
      0.265
    ],
    "SoftwareVersions": "syngo MR E11",
    "SpacingBetweenSlices": 3.2,
    "StationName": "AWP45193",
    "TaskName": "rest",
    "TotalReadoutTime": 0.01575,
    "TxRefAmp": 366.746,
    "WipMemBlock": "bde636b4-dae9-40b6-b3ac-350fa95c845b||Sequence: R016 ve11c/master r/e634e98; Dec 19 2017 11:00:25 by eja",
    "dataset": "<unset>",
    "modality": "bold",
    "run_id": 1,
    "session_id": "02",
    "subject_id": "PC014",
    "task_id": "rest"
  },
  "dummy_trs": 0,
  "dvars_nstd": 45.57260906914506,
  "dvars_std": 1.1569597648111332,
  "dvars_vstd": 1.0104272683101378,
  "efc": 0.46489389290918565,
  "fber": 3020.644775390625,
  "fd_mean": 0.11912423106187289,
  "fd_num": 69,
  "fd_perc": 13.69047619047619,
  "fwhm_avg": 1.640198325122421,
  "fwhm_x": 1.590813203883495,
  "fwhm_y": 1.6767067961165047,
  "fwhm_z": 1.6530749753672633,
  "gcor": 0.0163389,
  "gsr_x": 0.00447521498426795,
  "gsr_y": 0.004689753521233797,
  "provenance": {
    "md5sum": "a8ceac9e08cf0e8bc47e723ae801c4e1",
    "settings": {
      "fd_thres": 0.2,
      "testing": false
    },
    "software": "mriqc",
    "version": "22.0.6",
    "webapi_port": null,
    "webapi_url": "https://mriqc.nimh.nih.gov/api/v1"
  },
  "size_t": 504,
  "size_x": 64,
  "size_y": 64,
  "size_z": 40,
  "snr": 4.014733502856837,
  "spacing_tr": 0.9100000262260437,
  "spacing_x": 3.21875,
  "spacing_y": 3.21875,
  "spacing_z": 3.200000047683716,
  "summary_bg_k": 109.50373469481049,
  "summary_bg_mad": 36.38847228393824,
  "summary_bg_mean": 88.36333465576172,
  "summary_bg_median": 50.03571701049805,
  "summary_bg_n": 104491.0,
  "summary_bg_p05": 17.331350326538086,
  "summary_bg_p95": 275.3839416503906,
  "summary_bg_stdv": 139.1881561279297,
  "summary_fg_k": 5.5033614694185236,
  "summary_fg_mad": 502.23765489712093,
  "summary_fg_mean": 2807.637939453125,
  "summary_fg_median": 2701.260009765625,
  "summary_fg_n": 26581.0,
  "summary_fg_p05": 2002.8572998046875,
  "summary_fg_p95": 3932.002197265625,
  "summary_fg_stdv": 672.8240356445312,
  "tsnr": 31.344703137350734
}