{
  "aor": 0.0001679532967032967,
  "aqi": 0.012777535247252749,
  "bids_meta": {
    "AcquisitionMatrixPE": 64,
    "AcquisitionNumber": 1,
    "AcquisitionTime": "14:05:54.650000",
    "BandwidthPerPixelPhaseEncode": 62.5,
    "BaseResolution": 64,
    "BodyPartExamined": "BRAIN",
    "ConsistencyInfo": "N4_VE11C_LATEST_20160120",
    "ConversionSoftware": "dcm2niix",
    "ConversionSoftwareVersion": "v1.0.20210317",
    "DerivedVendorReportedEchoSpacing": 0.0005,
    "DeviceSerialNumber": "45193",
    "DwellTime": 3.1e-06,
    "EchoNumber": 3,
    "EchoTime": 0.04586,
    "EchoTrainLength": 31,
    "EffectiveEchoSpacing": 0.00025,
    "FlipAngle": 56,
    "ImageComments": "Unaliased MB4/PE4/LB",
    "ImageOrientationPatientDICOM": [
      0.997978,
      -0.0113118,
      -0.0625519,
      4.34899e-10,
      0.984039,
      -0.177952
    ],
    "ImageType": [
      "ORIGINAL",
      "PRIMARY",
      "M",
      "MB",
      "TE3",
      "ND",
      "NORM",
      "MOSAIC"
    ],
    "ImagingFrequency": 123.247,
    "InPlanePhaseEncodingDirectionDICOM": "ROW",
    "InstitutionAddress": "Blackburn Road 770,Clayton,Victoria,AU,3800",
    "InstitutionName": "Monash Biomedical Imaging",
    "InstitutionalDepartmentName": "Department",
    "MRAcquisitionType": "2D",
    "MagneticFieldStrength": 3,
    "Manufacturer": "Siemens",
    "ManufacturersModelName": "Skyra",
    "Modality": "MR",
    "MultibandAccelerationFactor": 4,
    "ParallelReductionFactorInPlane": 2,
    "PartialFourier": 1,
    "PatientPosition": "HFS",
    "PercentPhaseFOV": 100,
    "PercentSampling": 100,
    "PhaseEncodingDirection": "i",
    "PhaseEncodingSteps": 63,
    "PhaseResolution": 1,
    "PixelBandwidth": 2520,
    "ProcedureStepDescription": "MR Scan",
    "ProtocolName": "Music_R-L_mmb_4_4_cmrr_mbep2d_bold_TE_12.6_29.23_45.86_62.49",
    "PulseSequenceDetails": "%CustomerSeq%\\cmrr_mbep2d_bold",
    "ReceiveCoilActiveElements": "HEA;HEP",
    "ReceiveCoilName": "Head_32",
    "ReconMatrixPE": 64,
    "RefLinesPE": 24,
    "RepetitionTime": 0.91,
    "SAR": 0.0696576,
    "ScanOptions": "FS",
    "ScanningSequence": "EP",
    "SequenceName": "epfid2d4_64",
    "SequenceVariant": "SK\\SS",
    "SeriesDescription": "Music_R-L_mmb_4_4_cmrr_mbep2d_bold_TE_12.6_29.23_45.86_62.49",
    "SeriesNumber": 8,
    "ShimSetting": [
      -4099,
      14948,
      -15660,
      64,
      135,
      -799,
      392,
      185
    ],
    "SliceThickness": 3.2,
    "SliceTiming": [
      0,
      0.6225,
      0.355,
      0.09,
      0.7125,
      0.445,
      0.1775,
      0.8,
      0.535,
      0.2675,
      0,
      0.6225,
      0.355,
      0.09,
      0.7125,
      0.445,
      0.1775,
      0.8,
      0.535,
      0.2675,
      0,
      0.6225,
      0.355,
      0.09,
      0.7125,
      0.445,
      0.1775,
      0.8,
      0.535,
      0.2675,
      0,
      0.6225,
      0.355,
      0.09,
      0.7125,
      0.445,
      0.1775,
      0.8,
      0.535,
      0.2675
    ],
    "SoftwareVersions": "syngo MR E11",
    "SpacingBetweenSlices": 3.2,
    "StationName": "AWP45193",
    "TaskName": "music",
    "TotalReadoutTime": 0.01575,
    "TxRefAmp": 389.584,
    "WipMemBlock": "4ba99b76-08a3-438f-9b57-1c54cd6d1483||Sequence: R016 ve11c/master r/e634e98; Dec 19 2017 11:00:25 by eja",
    "dataset": "<unset>",
    "modality": "bold",
    "run_id": 1,
    "session_id": "02",
    "subject_id": "PC020",
    "task_id": "music"
  },
  "dummy_trs": 0,
  "dvars_nstd": 42.85234058261345,
  "dvars_std": 1.0910960339202191,
  "dvars_vstd": 0.9941098276616229,
  "efc": 0.4682879357136021,
  "fber": 2843.811767578125,
  "fd_mean": 0.15357106706280357,
  "fd_num": 201,
  "fd_perc": 27.60989010989011,
  "fwhm_avg": 1.6855540774472224,
  "fwhm_x": 1.6499231067961166,
  "fwhm_y": 1.733051650485437,
  "fwhm_z": 1.6736874750601132,
  "gcor": 0.0113548,
  "gsr_x": -0.00014684975030831993,
  "gsr_y": 0.011221172288060188,
  "provenance": {
    "md5sum": "d1883a420944f769035ae7e8cd1d69a1",
    "settings": {
      "fd_thres": 0.2,
      "testing": false
    },
    "software": "mriqc",
    "version": "22.0.6",
    "webapi_port": null,
    "webapi_url": "https://mriqc.nimh.nih.gov/api/v1"
  },
  "size_t": 728,
  "size_x": 64,
  "size_y": 64,
  "size_z": 40,
  "snr": 4.268836292891652,
  "spacing_tr": 0.9100000262260437,
  "spacing_x": 3.21875,
  "spacing_y": 3.21875,
  "spacing_z": 3.200000047683716,
  "summary_bg_k": 237.59884062614825,
  "summary_bg_mad": 37.895963730170166,
  "summary_bg_mean": 93.80732727050781,
  "summary_bg_median": 54.28434371948242,
  "summary_bg_n": 104438.0,
  "summary_bg_p05": 20.098901748657227,
  "summary_bg_p95": 293.9309921264645,
  "summary_bg_stdv": 146.12782287597656,
  "summary_fg_k": 5.761033690587821,
  "summary_fg_mad": 530.3868270965213,
  "summary_fg_mean": 2993.4375,
  "summary_fg_median": 2904.67724609375,
  "summary_fg_n": 26213.0,
  "summary_fg_p05": 2145.505224609375,
  "summary_fg_p95": 4113.810937499999,
  "summary_fg_stdv": 680.4247436523438,
  "tsnr": 35.3905932714697
}