{
  "aor": 0.0006418478260869565,
  "aqi": 0.010502447255434784,
  "bids_meta": {
    "AcquisitionMatrixPE": 64,
    "AcquisitionNumber": 1,
    "AcquisitionTime": "13:18:58.062500",
    "BandwidthPerPixelPhaseEncode": 62.5,
    "BaseResolution": 64,
    "BodyPartExamined": "BRAIN",
    "ConsistencyInfo": "N4_VE11C_LATEST_20160120",
    "ConversionSoftware": "dcm2niix",
    "ConversionSoftwareVersion": "v1.0.20210317",
    "DerivedVendorReportedEchoSpacing": 0.0005,
    "DeviceSerialNumber": "45193",
    "DwellTime": 3.1e-06,
    "EchoNumber": 3,
    "EchoTime": 0.04586,
    "EchoTrainLength": 31,
    "EffectiveEchoSpacing": 0.00025,
    "FlipAngle": 56,
    "ImageComments": "Unaliased MB4/PE4/LB",
    "ImageOrientationPatientDICOM": [
      1,
      4.708e-12,
      -1.344e-12,
      -4.897e-12,
      0.961355,
      -0.275311
    ],
    "ImageType": [
      "ORIGINAL",
      "PRIMARY",
      "M",
      "MB",
      "TE3",
      "ND",
      "NORM",
      "MOSAIC"
    ],
    "ImagingFrequency": 123.247,
    "InPlanePhaseEncodingDirectionDICOM": "ROW",
    "InstitutionAddress": "Blackburn Road 770,Clayton,Victoria,AU,3800",
    "InstitutionName": "Monash Biomedical Imaging",
    "InstitutionalDepartmentName": "Department",
    "MRAcquisitionType": "2D",
    "MagneticFieldStrength": 3,
    "Manufacturer": "Siemens",
    "ManufacturersModelName": "Skyra",
    "Modality": "MR",
    "MultibandAccelerationFactor": 4,
    "ParallelReductionFactorInPlane": 2,
    "PartialFourier": 1,
    "PatientPosition": "HFS",
    "PercentPhaseFOV": 100,
    "PercentSampling": 100,
    "PhaseEncodingDirection": "i",
    "PhaseEncodingSteps": 63,
    "PhaseResolution": 1,
    "PixelBandwidth": 2520,
    "ProcedureStepDescription": "MR Scan",
    "ProtocolName": "Movie_R-L_mmb_4_4_cmrr_mbep2d_bold_TE_12.6_29.23_45.86_62.49",
    "PulseSequenceDetails": "%CustomerSeq%\\cmrr_mbep2d_bold",
    "ReceiveCoilActiveElements": "HEA;HEP",
    "ReceiveCoilName": "Head_32",
    "ReconMatrixPE": 64,
    "RefLinesPE": 24,
    "RepetitionTime": 0.91,
    "SAR": 0.104492,
    "ScanOptions": "FS",
    "ScanningSequence": "EP",
    "SequenceName": "epfid2d4_64",
    "SequenceVariant": "SK\\SS",
    "SeriesDescription": "Movie_R-L_mmb_4_4_cmrr_mbep2d_bold_TE_12.6_29.23_45.86_62.49",
    "SeriesNumber": 8,
    "ShimSetting": [
      -4065,
      15327,
      -14893,
      436,
      282,
      135,
      134,
      263
    ],
    "SliceThickness": 3.2,
    "SliceTiming": [
      0,
      0.6225,
      0.3575,
      0.09,
      0.7125,
      0.445,
      0.1775,
      0.8025,
      0.535,
      0.2675,
      0,
      0.6225,
      0.3575,
      0.09,
      0.7125,
      0.445,
      0.1775,
      0.8025,
      0.535,
      0.2675,
      0,
      0.6225,
      0.3575,
      0.09,
      0.7125,
      0.445,
      0.1775,
      0.8025,
      0.535,
      0.2675,
      0,
      0.6225,
      0.3575,
      0.09,
      0.7125,
      0.445,
      0.1775,
      0.8025,
      0.535,
      0.2675
    ],
    "SoftwareVersions": "syngo MR E11",
    "SpacingBetweenSlices": 3.2,
    "StationName": "AWP45193",
    "TaskName": "movie",
    "TotalReadoutTime": 0.01575,
    "TxRefAmp": 421.96,
    "WipMemBlock": "7f256074-b6ca-46c8-8b11-1bf4088b4d47||Sequence: R016 ve11c/master r/e634e98; Dec 19 2017 11:00:25 by eja",
    "dataset": "<unset>",
    "modality": "bold",
    "run_id": 1,
    "session_id": "02",
    "subject_id": "PC027",
    "task_id": "movie"
  },
  "dummy_trs": 4,
  "dvars_nstd": 43.59425899681199,
  "dvars_std": 1.1815068158855593,
  "dvars_vstd": 1.00034991814714,
  "efc": 0.5002846622615559,
  "fber": 2431.626220703125,
  "fd_mean": 0.08240459308761153,
  "fd_num": 1,
  "fd_perc": 0.2717391304347826,
  "fwhm_avg": 1.6752129346787739,
  "fwhm_x": 1.6599114563106796,
  "fwhm_y": 1.6982617475728157,
  "fwhm_z": 1.6674656001528263,
  "gcor": 0.00804842,
  "gsr_x": 0.007949491031467915,
  "gsr_y": 0.018400445580482483,
  "provenance": {
    "md5sum": "5014d140f92a7ccf8928ef38307f35ab",
    "settings": {
      "fd_thres": 0.2,
      "testing": false
    },
    "software": "mriqc",
    "version": "22.0.6",
    "webapi_port": null,
    "webapi_url": "https://mriqc.nimh.nih.gov/api/v1"
  },
  "size_t": 368,
  "size_x": 64,
  "size_y": 64,
  "size_z": 40,
  "snr": 3.9096814576815397,
  "spacing_tr": 0.9100000262260437,
  "spacing_x": 3.21875,
  "spacing_y": 3.21875,
  "spacing_z": 3.200000047683716,
  "summary_bg_k": 73.15080990165316,
  "summary_bg_mad": 58.62926447757587,
  "summary_bg_mean": 136.5432891845703,
  "summary_bg_median": 66.02989196777344,
  "summary_bg_n": 98800.0,
  "summary_bg_p05": 16.49184799194336,
  "summary_bg_p95": 517.7541076660141,
  "summary_bg_stdv": 221.70938110351562,
  "summary_fg_k": 5.069509771184977,
  "summary_fg_mad": 672.601897665035,
  "summary_fg_mean": 3391.922607421875,
  "summary_fg_median": 3244.771728515625,
  "summary_fg_n": 29797.0,
  "summary_fg_p05": 2384.31806640625,
  "summary_fg_p95": 4821.2860351562485,
  "summary_fg_stdv": 829.9185791015625,
  "tsnr": 37.33625626110006
}