{
  "aor": 0.0004043737574552684,
  "aqi": 0.011376988151093441,
  "bids_meta": {
    "AcquisitionMatrixPE": 64,
    "AcquisitionNumber": 1,
    "AcquisitionTime": "11:15:51.737500",
    "BandwidthPerPixelPhaseEncode": 62.5,
    "BaseResolution": 64,
    "BodyPartExamined": "BRAIN",
    "ConsistencyInfo": "N4_VE11C_LATEST_20160120",
    "ConversionSoftware": "dcm2niix",
    "ConversionSoftwareVersion": "v1.0.20210317",
    "DerivedVendorReportedEchoSpacing": 0.0005,
    "DeviceSerialNumber": "45193",
    "DwellTime": 3.1e-06,
    "EchoNumber": 3,
    "EchoTime": 0.04586,
    "EchoTrainLength": 31,
    "EffectiveEchoSpacing": 0.00025,
    "FlipAngle": 56,
    "ImageComments": "Unaliased MB4/PE4/LB",
    "ImageOrientationPatientDICOM": [
      0.998493,
      0.0173565,
      0.0520545,
      1.01813e-09,
      0.948656,
      -0.316309
    ],
    "ImageType": [
      "ORIGINAL",
      "PRIMARY",
      "M",
      "MB",
      "TE3",
      "ND",
      "NORM",
      "MOSAIC"
    ],
    "ImagingFrequency": 123.246,
    "InPlanePhaseEncodingDirectionDICOM": "ROW",
    "InstitutionAddress": "Blackburn Road 770,Clayton,Victoria,AU,3800",
    "InstitutionName": "Monash Biomedical Imaging",
    "InstitutionalDepartmentName": "Department",
    "MRAcquisitionType": "2D",
    "MagneticFieldStrength": 3,
    "Manufacturer": "Siemens",
    "ManufacturersModelName": "Skyra",
    "Modality": "MR",
    "MultibandAccelerationFactor": 4,
    "ParallelReductionFactorInPlane": 2,
    "PartialFourier": 1,
    "PatientPosition": "HFS",
    "PercentPhaseFOV": 100,
    "PercentSampling": 100,
    "PhaseEncodingDirection": "i",
    "PhaseEncodingSteps": 63,
    "PhaseResolution": 1,
    "PixelBandwidth": 2520,
    "ProcedureStepDescription": "MR Scan",
    "ProtocolName": "Rest_R-L_mmb_4_4_cmrr_mbep2d_bold_TE_12.6_29.23_45.86_62.49",
    "PulseSequenceDetails": "%CustomerSeq%\\cmrr_mbep2d_bold",
    "ReceiveCoilActiveElements": "HEA;HEP",
    "ReceiveCoilName": "Head_32",
    "ReconMatrixPE": 64,
    "RefLinesPE": 24,
    "RepetitionTime": 0.91,
    "SAR": 0.0947761,
    "ScanOptions": "FS",
    "ScanningSequence": "EP",
    "SequenceName": "epfid2d4_64",
    "SequenceVariant": "SK\\SS",
    "SeriesDescription": "Rest_R-L_mmb_4_4_cmrr_mbep2d_bold_TE_12.6_29.23_45.86_62.49",
    "SeriesNumber": 3,
    "ShimSetting": [
      -4031,
      15397,
      -15101,
      237,
      191,
      160,
      -169,
      182
    ],
    "SliceThickness": 3.2,
    "SliceTiming": [
      0,
      0.625,
      0.3575,
      0.09,
      0.7125,
      0.445,
      0.18,
      0.8025,
      0.535,
      0.2675,
      0,
      0.625,
      0.3575,
      0.09,
      0.7125,
      0.445,
      0.18,
      0.8025,
      0.535,
      0.2675,
      0,
      0.625,
      0.3575,
      0.09,
      0.7125,
      0.445,
      0.18,
      0.8025,
      0.535,
      0.2675,
      0,
      0.625,
      0.3575,
      0.09,
      0.7125,
      0.445,
      0.18,
      0.8025,
      0.535,
      0.2675
    ],
    "SoftwareVersions": "syngo MR E11",
    "SpacingBetweenSlices": 3.2,
    "StationName": "AWP45193",
    "TaskName": "rest",
    "TotalReadoutTime": 0.01575,
    "TxRefAmp": 413.545,
    "WipMemBlock": "13e5d6bd-65a6-43f1-85e1-9baeeb619dd2||Sequence: R016 ve11c/master r/e634e98; Dec 19 2017 11:00:25 by eja",
    "dataset": "<unset>",
    "modality": "bold",
    "run_id": 1,
    "session_id": "02",
    "subject_id": "PC026",
    "task_id": "rest"
  },
  "dummy_trs": 1,
  "dvars_nstd": 40.631974110219105,
  "dvars_std": 1.1004577199003984,
  "dvars_vstd": 0.9782094933466138,
  "efc": 0.5052685998414704,
  "fber": 2473.195556640625,
  "fd_mean": 0.10923044067472804,
  "fd_num": 25,
  "fd_perc": 4.970178926441352,
  "fwhm_avg": 1.6627818070302849,
  "fwhm_x": 1.6172209708737864,
  "fwhm_y": 1.7019774757281554,
  "fwhm_z": 1.6691469744889125,
  "gcor": 0.0145069,
  "gsr_x": 0.007958394475281239,
  "gsr_y": 0.01154730748385191,
  "provenance": {
    "md5sum": "df14187a046a13e30ee0011369c03b4f",
    "settings": {
      "fd_thres": 0.2,
      "testing": false
    },
    "software": "mriqc",
    "version": "22.0.6",
    "webapi_port": null,
    "webapi_url": "https://mriqc.nimh.nih.gov/api/v1"
  },
  "size_t": 503,
  "size_x": 64,
  "size_y": 64,
  "size_z": 40,
  "snr": 3.0673315695011114,
  "spacing_tr": 0.9100000262260437,
  "spacing_x": 3.21875,
  "spacing_y": 3.21875,
  "spacing_z": 3.1999998092651367,
  "summary_bg_k": 151.93729404733895,
  "summary_bg_mad": 65.27281200911825,
  "summary_bg_mean": 145.62290954589844,
  "summary_bg_median": 75.29423522949219,
  "summary_bg_n": 95184.0,
  "summary_bg_p05": 21.228926277160646,
  "summary_bg_p95": 491.29331359863244,
  "summary_bg_stdv": 252.46482849121094,
  "summary_fg_k": 3.246553945248964,
  "summary_fg_mad": 863.1883134660231,
  "summary_fg_mean": 3914.37060546875,
  "summary_fg_median": 3637.548583984375,
  "summary_fg_n": 33732.0,
  "summary_fg_p05": 2604.0123779296873,
  "summary_fg_p95": 6384.921606445312,
  "summary_fg_stdv": 1185.8824462890625,
  "tsnr": 32.39477089850698
}