{
  "aor": 0.0005484905660377358,
  "aqi": 0.010692681913746631,
  "bids_meta": {
    "AcquisitionMatrixPE": 64,
    "AcquisitionNumber": 1,
    "AcquisitionTime": "10:57:33.852500",
    "BandwidthPerPixelPhaseEncode": 62.5,
    "BaseResolution": 64,
    "BodyPartExamined": "BRAIN",
    "ConsistencyInfo": "N4_VE11C_LATEST_20160120",
    "ConversionSoftware": "dcm2niix",
    "ConversionSoftwareVersion": "v1.0.20210317",
    "DerivedVendorReportedEchoSpacing": 0.0005,
    "DeviceSerialNumber": "45193",
    "DwellTime": 3.1e-06,
    "EchoNumber": 1,
    "EchoTime": 0.0126,
    "EchoTrainLength": 31,
    "EffectiveEchoSpacing": 0.00025,
    "FlipAngle": 56,
    "ImageComments": "Unaliased MB4/PE4/LB",
    "ImageOrientationPatientDICOM": [
      0.998735,
      -0.00731016,
      -0.049747,
      2.79137e-10,
      0.989375,
      -0.145386
    ],
    "ImageType": [
      "ORIGINAL",
      "PRIMARY",
      "M",
      "MB",
      "TE1",
      "ND",
      "NORM",
      "MOSAIC"
    ],
    "ImagingFrequency": 123.252,
    "InPlanePhaseEncodingDirectionDICOM": "ROW",
    "InstitutionAddress": "Blackburn Road 770,Clayton,Victoria,AU,3800",
    "InstitutionName": "Monash Biomedical Imaging",
    "InstitutionalDepartmentName": "Department",
    "MRAcquisitionType": "2D",
    "MagneticFieldStrength": 3,
    "Manufacturer": "Siemens",
    "ManufacturersModelName": "Skyra",
    "Modality": "MR",
    "MultibandAccelerationFactor": 4,
    "ParallelReductionFactorInPlane": 2,
    "PartialFourier": 1,
    "PatientPosition": "HFS",
    "PercentPhaseFOV": 100,
    "PercentSampling": 100,
    "PhaseEncodingDirection": "i",
    "PhaseEncodingSteps": 63,
    "PhaseResolution": 1,
    "PixelBandwidth": 2520,
    "ProcedureStepDescription": "MR Scan",
    "ProtocolName": "Movie_R-L_mmb_4_4_cmrr_mbep2d_bold_TE_12.6_29.23_45.86_62.49",
    "PulseSequenceDetails": "%CustomerSeq%\\cmrr_mbep2d_bold",
    "ReceiveCoilActiveElements": "HEA;HEP",
    "ReceiveCoilName": "Head_32",
    "ReconMatrixPE": 64,
    "RefLinesPE": 24,
    "RepetitionTime": 0.91,
    "SAR": 0.0958361,
    "ScanOptions": "FS",
    "ScanningSequence": "EP",
    "SequenceName": "epfid2d4_64",
    "SequenceVariant": "SK\\SS",
    "SeriesDescription": "Movie_R-L_mmb_4_4_cmrr_mbep2d_bold_TE_12.6_29.23_45.86_62.49",
    "SeriesNumber": 13,
    "ShimSetting": [
      -4146,
      15415,
      -15047,
      535,
      93,
      -108,
      -365,
      162
    ],
    "SliceThickness": 3.2,
    "SliceTiming": [
      0,
      0.6225,
      0.355,
      0.09,
      0.7125,
      0.445,
      0.1775,
      0.8,
      0.535,
      0.2675,
      0,
      0.6225,
      0.355,
      0.09,
      0.7125,
      0.445,
      0.1775,
      0.8,
      0.535,
      0.2675,
      0,
      0.6225,
      0.355,
      0.09,
      0.7125,
      0.445,
      0.1775,
      0.8,
      0.535,
      0.2675,
      0,
      0.6225,
      0.355,
      0.09,
      0.7125,
      0.445,
      0.1775,
      0.8,
      0.535,
      0.2675
    ],
    "SoftwareVersions": "syngo MR E11",
    "SpacingBetweenSlices": 3.2,
    "StationName": "AWP45193",
    "TaskName": "movie",
    "TotalReadoutTime": 0.01575,
    "TxRefAmp": 370.802,
    "WipMemBlock": "b42587a3-b57a-4725-8e7c-30b8e00b79aa||Sequence: R016 ve11c/master r/e634e98; Dec 19 2017 11:00:25 by eja",
    "dataset": "<unset>",
    "modality": "bold",
    "run_id": 1,
    "session_id": "01",
    "subject_id": "PC216",
    "task_id": "movie"
  },
  "dummy_trs": 1,
  "dvars_nstd": 28.261643791243223,
  "dvars_std": 1.108324628108109,
  "dvars_vstd": 0.9850646023243245,
  "efc": 0.5277573045195857,
  "fber": 4672.7177734375,
  "fd_mean": 0.1998529879749139,
  "fd_num": 162,
  "fd_perc": 43.66576819407008,
  "fwhm_avg": 1.9992485576683743,
  "fwhm_x": 1.9156908737864078,
  "fwhm_y": 2.0098423300970873,
  "fwhm_z": 2.0722124691216277,
  "gcor": 0.00853425,
  "gsr_x": -0.00670837564393878,
  "gsr_y": 0.03646929934620857,
  "provenance": {
    "md5sum": "a629730db0bc48a5182d79d4dc33a8dd",
    "settings": {
      "fd_thres": 0.2,
      "testing": false
    },
    "software": "mriqc",
    "version": "22.0.6",
    "webapi_port": null,
    "webapi_url": "https://mriqc.nimh.nih.gov/api/v1"
  },
  "size_t": 371,
  "size_x": 64,
  "size_y": 64,
  "size_z": 40,
  "snr": 6.932536572236518,
  "spacing_tr": 0.9100000262260437,
  "spacing_x": 3.21875,
  "spacing_y": 3.21875,
  "spacing_z": 3.200000047683716,
  "summary_bg_k": 14.676828744621748,
  "summary_bg_mad": 68.09180867005334,
  "summary_bg_mean": 306.9825439453125,
  "summary_bg_median": 68.95148468017578,
  "summary_bg_n": 100539.0,
  "summary_bg_p05": 15.981131553649902,
  "summary_bg_p95": 1563.888354492187,
  "summary_bg_stdv": 608.01416015625,
  "summary_fg_k": -0.09778585679639606,
  "summary_fg_mad": 693.737666401114,
  "summary_fg_mean": 4692.83740234375,
  "summary_fg_median": 4630.716796875,
  "summary_fg_n": 29795.0,
  "summary_fg_p05": 3690.8632080078123,
  "summary_fg_p95": 5870.8296875,
  "summary_fg_stdv": 667.9573974609375,
  "tsnr": 49.98824145295657
}