{
  "aor": 0.0006631451612903225,
  "aqi": 0.015232867741935482,
  "bids_meta": {
    "AcquisitionMatrixPE": 64,
    "AcquisitionNumber": 1,
    "AcquisitionTime": "10:57:33.870000",
    "BandwidthPerPixelPhaseEncode": 62.5,
    "BaseResolution": 64,
    "BodyPartExamined": "BRAIN",
    "ConsistencyInfo": "N4_VE11C_LATEST_20160120",
    "ConversionSoftware": "dcm2niix",
    "ConversionSoftwareVersion": "v1.0.20210317",
    "DerivedVendorReportedEchoSpacing": 0.0005,
    "DeviceSerialNumber": "45193",
    "DwellTime": 3.1e-06,
    "EchoNumber": 2,
    "EchoTime": 0.02923,
    "EchoTrainLength": 31,
    "EffectiveEchoSpacing": 0.00025,
    "FlipAngle": 56,
    "ImageComments": "Unaliased MB4/PE4/LB",
    "ImageOrientationPatientDICOM": [
      0.998735,
      -0.00731016,
      -0.049747,
      2.79137e-10,
      0.989375,
      -0.145386
    ],
    "ImageType": [
      "ORIGINAL",
      "PRIMARY",
      "M",
      "MB",
      "TE2",
      "ND",
      "NORM",
      "MOSAIC"
    ],
    "ImagingFrequency": 123.252,
    "InPlanePhaseEncodingDirectionDICOM": "ROW",
    "InstitutionAddress": "Blackburn Road 770,Clayton,Victoria,AU,3800",
    "InstitutionName": "Monash Biomedical Imaging",
    "InstitutionalDepartmentName": "Department",
    "MRAcquisitionType": "2D",
    "MagneticFieldStrength": 3,
    "Manufacturer": "Siemens",
    "ManufacturersModelName": "Skyra",
    "Modality": "MR",
    "MultibandAccelerationFactor": 4,
    "ParallelReductionFactorInPlane": 2,
    "PartialFourier": 1,
    "PatientPosition": "HFS",
    "PercentPhaseFOV": 100,
    "PercentSampling": 100,
    "PhaseEncodingDirection": "i",
    "PhaseEncodingSteps": 63,
    "PhaseResolution": 1,
    "PixelBandwidth": 2520,
    "ProcedureStepDescription": "MR Scan",
    "ProtocolName": "Movie_R-L_mmb_4_4_cmrr_mbep2d_bold_TE_12.6_29.23_45.86_62.49",
    "PulseSequenceDetails": "%CustomerSeq%\\cmrr_mbep2d_bold",
    "ReceiveCoilActiveElements": "HEA;HEP",
    "ReceiveCoilName": "Head_32",
    "ReconMatrixPE": 64,
    "RefLinesPE": 24,
    "RepetitionTime": 0.91,
    "SAR": 0.0958361,
    "ScanOptions": "FS",
    "ScanningSequence": "EP",
    "SequenceName": "epfid2d4_64",
    "SequenceVariant": "SK\\SS",
    "SeriesDescription": "Movie_R-L_mmb_4_4_cmrr_mbep2d_bold_TE_12.6_29.23_45.86_62.49",
    "SeriesNumber": 13,
    "ShimSetting": [
      -4146,
      15415,
      -15047,
      535,
      93,
      -108,
      -365,
      162
    ],
    "SliceThickness": 3.2,
    "SliceTiming": [
      0,
      0.6225,
      0.355,
      0.0875,
      0.71,
      0.445,
      0.1775,
      0.8,
      0.5325,
      0.2675,
      0,
      0.6225,
      0.355,
      0.0875,
      0.71,
      0.445,
      0.1775,
      0.8,
      0.5325,
      0.2675,
      0,
      0.6225,
      0.355,
      0.0875,
      0.71,
      0.445,
      0.1775,
      0.8,
      0.5325,
      0.2675,
      0,
      0.6225,
      0.355,
      0.0875,
      0.71,
      0.445,
      0.1775,
      0.8,
      0.5325,
      0.2675
    ],
    "SoftwareVersions": "syngo MR E11",
    "SpacingBetweenSlices": 3.2,
    "StationName": "AWP45193",
    "TaskName": "movie",
    "TotalReadoutTime": 0.01575,
    "TxRefAmp": 370.802,
    "WipMemBlock": "b42587a3-b57a-4725-8e7c-30b8e00b79aa||Sequence: R016 ve11c/master r/e634e98; Dec 19 2017 11:00:25 by eja",
    "dataset": "<unset>",
    "modality": "bold",
    "run_id": 1,
    "session_id": "01",
    "subject_id": "PC216",
    "task_id": "movie"
  },
  "dummy_trs": 0,
  "dvars_nstd": 35.839056585929896,
  "dvars_std": 1.0950410787870617,
  "dvars_vstd": 0.9822540444204845,
  "efc": 0.4819693999721047,
  "fber": 4477.63623046875,
  "fd_mean": 0.19815621512351986,
  "fd_num": 160,
  "fd_perc": 43.01075268817204,
  "fwhm_avg": 1.804488569058812,
  "fwhm_x": 1.7636846601941747,
  "fwhm_y": 1.8346966990291262,
  "fwhm_z": 1.8150843479531356,
  "gcor": 0.0144156,
  "gsr_x": -0.0008499023388139904,
  "gsr_y": 0.014226734638214111,
  "provenance": {
    "md5sum": "892ca7ba62b0cae432f6638ba93edb49",
    "settings": {
      "fd_thres": 0.2,
      "testing": false
    },
    "software": "mriqc",
    "version": "22.0.6",
    "webapi_port": null,
    "webapi_url": "https://mriqc.nimh.nih.gov/api/v1"
  },
  "size_t": 372,
  "size_x": 64,
  "size_y": 64,
  "size_z": 40,
  "snr": 5.241262266801566,
  "spacing_tr": 0.9100000262260437,
  "spacing_x": 3.21875,
  "spacing_y": 3.21875,
  "spacing_z": 3.200000047683716,
  "summary_bg_k": 38.76054869069507,
  "summary_bg_mad": 43.89618488726858,
  "summary_bg_mean": 126.08180236816406,
  "summary_bg_median": 51.05107498168945,
  "summary_bg_n": 102856.0,
  "summary_bg_p05": 15.321908473968506,
  "summary_bg_p95": 480.9966506958008,
  "summary_bg_stdv": 241.52818298339844,
  "summary_fg_k": 1.6599462141383663,
  "summary_fg_mad": 595.468214178925,
  "summary_fg_mean": 3450.599609375,
  "summary_fg_median": 3360.650634765625,
  "summary_fg_n": 27833.0,
  "summary_fg_p05": 2585.76826171875,
  "summary_fg_p95": 4567.84892578125,
  "summary_fg_stdv": 641.1795654296875,
  "tsnr": 37.1099906321615
}