{
  "aor": 0.00021086633663366336,
  "aqi": 0.007833655569306932,
  "bids_meta": {
    "AcquisitionMatrixPE": 64,
    "AcquisitionNumber": 1,
    "AcquisitionTime": "10:38:32.572500",
    "BandwidthPerPixelPhaseEncode": 62.5,
    "BaseResolution": 64,
    "BodyPartExamined": "BRAIN",
    "ConsistencyInfo": "N4_VE11C_LATEST_20160120",
    "ConversionSoftware": "dcm2niix",
    "ConversionSoftwareVersion": "v1.0.20210317",
    "DerivedVendorReportedEchoSpacing": 0.0005,
    "DeviceSerialNumber": "45193",
    "DwellTime": 3.1e-06,
    "EchoNumber": 1,
    "EchoTime": 0.0126,
    "EchoTrainLength": 31,
    "EffectiveEchoSpacing": 0.00025,
    "FlipAngle": 56,
    "ImageComments": "Unaliased MB4/PE4/LB",
    "ImageOrientationPatientDICOM": [
      0.998735,
      -0.00731016,
      -0.049747,
      2.79137e-10,
      0.989375,
      -0.145386
    ],
    "ImageType": [
      "ORIGINAL",
      "PRIMARY",
      "M",
      "MB",
      "TE1",
      "ND",
      "NORM",
      "MOSAIC"
    ],
    "ImagingFrequency": 123.252,
    "InPlanePhaseEncodingDirectionDICOM": "ROW",
    "InstitutionAddress": "Blackburn Road 770,Clayton,Victoria,AU,3800",
    "InstitutionName": "Monash Biomedical Imaging",
    "InstitutionalDepartmentName": "Department",
    "MRAcquisitionType": "2D",
    "MagneticFieldStrength": 3,
    "Manufacturer": "Siemens",
    "ManufacturersModelName": "Skyra",
    "Modality": "MR",
    "MultibandAccelerationFactor": 4,
    "ParallelReductionFactorInPlane": 2,
    "PartialFourier": 1,
    "PatientPosition": "HFS",
    "PercentPhaseFOV": 100,
    "PercentSampling": 100,
    "PhaseEncodingDirection": "i",
    "PhaseEncodingSteps": 63,
    "PhaseResolution": 1,
    "PixelBandwidth": 2520,
    "ProcedureStepDescription": "MR Scan",
    "ProtocolName": "Meditation_R-L_mmb_4_4_cmrr_mbep2d_bold_TE_12.6_29.23_45.86_62.5",
    "PulseSequenceDetails": "%CustomerSeq%\\cmrr_mbep2d_bold",
    "ReceiveCoilActiveElements": "HEA;HEP",
    "ReceiveCoilName": "Head_32",
    "ReconMatrixPE": 64,
    "RefLinesPE": 24,
    "RepetitionTime": 0.91,
    "SAR": 0.0960007,
    "ScanOptions": "FS",
    "ScanningSequence": "EP",
    "SequenceName": "epfid2d4_64",
    "SequenceVariant": "SK\\SS",
    "SeriesDescription": "Meditation_R-L_mmb_4_4_cmrr_mbep2d_bold_TE_12.6_29.23_45.86_62.5",
    "SeriesNumber": 10,
    "ShimSetting": [
      -4146,
      15415,
      -15047,
      535,
      93,
      -108,
      -365,
      162
    ],
    "SliceThickness": 3.2,
    "SliceTiming": [
      0,
      0.6225,
      0.355,
      0.0875,
      0.7125,
      0.445,
      0.1775,
      0.8,
      0.5325,
      0.2675,
      0,
      0.6225,
      0.355,
      0.0875,
      0.7125,
      0.445,
      0.1775,
      0.8,
      0.5325,
      0.2675,
      0,
      0.6225,
      0.355,
      0.0875,
      0.7125,
      0.445,
      0.1775,
      0.8,
      0.5325,
      0.2675,
      0,
      0.6225,
      0.355,
      0.0875,
      0.7125,
      0.445,
      0.1775,
      0.8,
      0.5325,
      0.2675
    ],
    "SoftwareVersions": "syngo MR E11",
    "SpacingBetweenSlices": 3.2,
    "StationName": "AWP45193",
    "TaskName": "meditation",
    "TotalReadoutTime": 0.01575,
    "TxRefAmp": 370.802,
    "WipMemBlock": "028226d9-d90a-4481-9e8a-6ae359f0a73d||Sequence: R016 ve11c/master r/e634e98; Dec 19 2017 11:00:25 by eja",
    "dataset": "<unset>",
    "modality": "bold",
    "run_id": 1,
    "session_id": "01",
    "subject_id": "PC216",
    "task_id": "meditation"
  },
  "dummy_trs": 1,
  "dvars_nstd": 28.04896553461537,
  "dvars_std": 1.1175727222828786,
  "dvars_vstd": 0.987170705508685,
  "efc": 0.527855866039682,
  "fber": 4916.310546875,
  "fd_mean": 0.1826961688299276,
  "fd_num": 165,
  "fd_perc": 40.84158415841584,
  "fwhm_avg": 1.9810938934543174,
  "fwhm_x": 1.872984854368932,
  "fwhm_y": 2.0032031067961165,
  "fwhm_z": 2.0670937191979033,
  "gcor": 0.0150539,
  "gsr_x": -0.006135902833193541,
  "gsr_y": 0.03861851617693901,
  "provenance": {
    "md5sum": "aa9349c8a5e3229f58d4e4579950416b",
    "settings": {
      "fd_thres": 0.2,
      "testing": false
    },
    "software": "mriqc",
    "version": "22.0.6",
    "webapi_port": null,
    "webapi_url": "https://mriqc.nimh.nih.gov/api/v1"
  },
  "size_t": 404,
  "size_x": 64,
  "size_y": 64,
  "size_z": 40,
  "snr": 7.032804719671984,
  "spacing_tr": 0.9100000262260437,
  "spacing_x": 3.21875,
  "spacing_y": 3.21875,
  "spacing_z": 3.200000047683716,
  "summary_bg_k": 16.40027807164536,
  "summary_bg_mad": 62.93169474177501,
  "summary_bg_mean": 316.4660339355469,
  "summary_bg_median": 67.54579162597656,
  "summary_bg_n": 100582.0,
  "summary_bg_p05": 17.69801902770996,
  "summary_bg_p95": 1622.7670776367172,
  "summary_bg_stdv": 648.9567260742188,
  "summary_fg_k": -0.25732222008177885,
  "summary_fg_mad": 687.1162693349218,
  "summary_fg_mean": 4703.65966796875,
  "summary_fg_median": 4642.357421875,
  "summary_fg_n": 29802.0,
  "summary_fg_p05": 3713.394189453125,
  "summary_fg_p95": 5864.593286132812,
  "summary_fg_stdv": 660.08935546875,
  "tsnr": 55.40497467620298
}