{
  "bids_meta": {
    "AcquisitionMatrixPE": 240,
    "AcquisitionNumber": 1,
    "AcquisitionTime": "11:25:52.577500",
    "BaseResolution": 256,
    "BodyPartExamined": "BRAIN",
    "ConsistencyInfo": "N4_VE11C_LATEST_20160120",
    "ConversionSoftware": "dcm2niix",
    "ConversionSoftwareVersion": "v1.0.20210317",
    "DeviceSerialNumber": "45193",
    "DwellTime": 8.5e-06,
    "EchoTime": 0.00207,
    "FlipAngle": 9,
    "ImageOrientationPatientDICOM": [
      0.045483,
      0.998965,
      1.46279e-09,
      0.109652,
      -0.00499245,
      -0.993958
    ],
    "ImageType": [
      "ORIGINAL",
      "PRIMARY",
      "M",
      "ND",
      "NORM"
    ],
    "ImagingFrequency": 123.252,
    "InPlanePhaseEncodingDirectionDICOM": "ROW",
    "InstitutionAddress": "Blackburn Road 770,Clayton,Victoria,AU,3800",
    "InstitutionName": "Monash Biomedical Imaging",
    "InstitutionalDepartmentName": "Department",
    "InversionTime": 0.9,
    "MRAcquisitionType": "3D",
    "MagneticFieldStrength": 3,
    "Manufacturer": "Siemens",
    "ManufacturersModelName": "Skyra",
    "Modality": "MR",
    "ParallelReductionFactorInPlane": 3,
    "PartialFourier": 1,
    "PatientPosition": "HFS",
    "PercentPhaseFOV": 93.75,
    "PercentSampling": 100,
    "PhaseEncodingSteps": 238,
    "PhaseResolution": 1,
    "PixelBandwidth": 230,
    "ProcedureStepDescription": "MR Scan",
    "ProtocolName": "t1_mprage_sag_p3_iso_1",
    "PulseSequenceDetails": "%SiemensSeq%\\tfl",
    "ReceiveCoilActiveElements": "HEA;HEP",
    "ReceiveCoilName": "Head_32",
    "ReconMatrixPE": 240,
    "RefLinesPE": 32,
    "RepetitionTime": 2.3,
    "SAR": 0.0799637,
    "ScanOptions": "IR",
    "ScanningSequence": "GR\\IR",
    "SequenceName": "*tfl3d1_16ns",
    "SequenceVariant": "SK\\SP\\MP",
    "SeriesDescription": "t1_mprage_sag_p3_iso_1",
    "SeriesNumber": 2,
    "ShimSetting": [
      -4121,
      15461,
      -15515,
      -92,
      142,
      -177,
      -175,
      57
    ],
    "SliceThickness": 1,
    "SoftwareVersions": "syngo MR E11",
    "StationName": "AWP45193",
    "TxRefAmp": 372.698,
    "dataset": "<unset>",
    "modality": "T1w",
    "run_id": 1,
    "session_id": "02",
    "subject_id": "PC210"
  },
  "cjv": 0.36242369142971737,
  "cnr": 3.6826191171957183,
  "efc": 0.548928452394548,
  "fber": 14686.869203397615,
  "fwhm_avg": 3.9493533333333333,
  "fwhm_x": 3.90264,
  "fwhm_y": 4.00357,
  "fwhm_z": 3.94185,
  "icvs_csf": 0.2070343025066677,
  "icvs_gm": 0.4293526894818275,
  "icvs_wm": 0.3636130080115048,
  "inu_med": 0.49438078701496124,
  "inu_range": 0.14655517935752865,
  "provenance": {
    "md5sum": "31cded12f59d456b937a8bb88d1d62ed",
    "settings": {
      "testing": false
    },
    "software": "mriqc",
    "version": "22.0.6",
    "warnings": {
      "large_rot_frame": true,
      "small_air_mask": false
    },
    "webapi_port": null,
    "webapi_url": "https://mriqc.nimh.nih.gov/api/v1"
  },
  "qi_1": 0.031746864420317496,
  "qi_2": 0.010964924363975146,
  "rpve_csf": 21.07072779309761,
  "rpve_gm": 10.764488506749062,
  "rpve_wm": 14.764076619189611,
  "size_x": 192,
  "size_y": 240,
  "size_z": 256,
  "snr_csf": 2.268476543666832,
  "snr_gm": 10.823691631928435,
  "snr_total": 11.978179677223425,
  "snr_wm": 22.842370856075007,
  "snrd_csf": 15.563053839178867,
  "snrd_gm": 44.6298301167984,
  "snrd_total": 41.0850343323277,
  "snrd_wm": 63.06221904100583,
  "spacing_x": 1.0,
  "spacing_y": 1.0,
  "spacing_z": 1.0,
  "summary_bg_k": 17219.54037204307,
  "summary_bg_mad": 0.0,
  "summary_bg_mean": 2.91230874066733,
  "summary_bg_median": 0.0,
  "summary_bg_n": 2697455.0,
  "summary_bg_p05": 0.0,
  "summary_bg_p95": 15.108633682131767,
  "summary_bg_stdv": 10.38873022013304,
  "summary_csf_k": 9.871931610485177,
  "summary_csf_mad": 88.37385715768472,
  "summary_csf_mean": 261.9281088030371,
  "summary_csf_median": 246.78886371850967,
  "summary_csf_n": 41152.0,
  "summary_csf_p05": 103.67048068344593,
  "summary_csf_p95": 461.70591229200363,
  "summary_csf_stdv": 108.78925148482995,
  "summary_gm_k": 0.06487209705687835,
  "summary_gm_mad": 64.48903089885101,
  "summary_gm_mean": 707.1341914215636,
  "summary_gm_median": 707.7110428512096,
  "summary_gm_n": 32867.0,
  "summary_gm_p05": 598.7851959273219,
  "summary_gm_p95": 814.4293747097254,
  "summary_gm_stdv": 65.38437166813874,
  "summary_wm_k": 0.5222522432748029,
  "summary_wm_mad": 41.44340123830065,
  "summary_wm_mean": 1000.1309726296618,
  "summary_wm_median": 999.9999705404043,
  "summary_wm_n": 256846.0,
  "summary_wm_p05": 928.5931715816259,
  "summary_wm_p95": 1071.6680138856173,
  "summary_wm_stdv": 43.77820630562181,
  "tpm_overlap_csf": 0.16374110917157733,
  "tpm_overlap_gm": 0.46748428863530567,
  "tpm_overlap_wm": 0.5191558729562431,
  "wm2max": 0.42337231598712105
}