{
  "bids_meta": {
    "AcquisitionMatrixPE": 240,
    "AcquisitionNumber": 1,
    "AcquisitionTime": "11:36:59.635000",
    "BaseResolution": 256,
    "BodyPartExamined": "BRAIN",
    "ConsistencyInfo": "N4_VE11C_LATEST_20160120",
    "ConversionSoftware": "dcm2niix",
    "ConversionSoftwareVersion": "v1.0.20210317",
    "DeviceSerialNumber": "45193",
    "DwellTime": 8.5e-06,
    "EchoTime": 0.00207,
    "FlipAngle": 9,
    "ImageOrientationPatientDICOM": [
      0.0472156,
      0.998885,
      2.19018e-08,
      0.0209502,
      -0.000990261,
      -0.99978
    ],
    "ImageType": [
      "ORIGINAL",
      "PRIMARY",
      "M",
      "ND",
      "NORM"
    ],
    "ImagingFrequency": 123.252,
    "InPlanePhaseEncodingDirectionDICOM": "ROW",
    "InstitutionAddress": "Blackburn Road 770,Clayton,Victoria,AU,3800",
    "InstitutionName": "Monash Biomedical Imaging",
    "InstitutionalDepartmentName": "Department",
    "InversionTime": 0.9,
    "MRAcquisitionType": "3D",
    "MagneticFieldStrength": 3,
    "Manufacturer": "Siemens",
    "ManufacturersModelName": "Skyra",
    "Modality": "MR",
    "ParallelReductionFactorInPlane": 3,
    "PartialFourier": 1,
    "PatientPosition": "HFS",
    "PercentPhaseFOV": 93.75,
    "PercentSampling": 100,
    "PhaseEncodingSteps": 238,
    "PhaseResolution": 1,
    "PixelBandwidth": 230,
    "ProcedureStepDescription": "MR Scan",
    "ProtocolName": "t1_mprage_sag_p3_iso_1",
    "PulseSequenceDetails": "%SiemensSeq%\\tfl",
    "ReceiveCoilActiveElements": "HEA;HEP",
    "ReceiveCoilName": "Head_32",
    "ReconMatrixPE": 240,
    "RefLinesPE": 32,
    "RepetitionTime": 2.3,
    "SAR": 0.0891765,
    "ScanOptions": "IR",
    "ScanningSequence": "GR\\IR",
    "SequenceName": "*tfl3d1_16ns",
    "SequenceVariant": "SK\\SP\\MP",
    "SeriesDescription": "t1_mprage_sag_p3_iso_1",
    "SeriesNumber": 2,
    "ShimSetting": [
      -4121,
      15461,
      -15515,
      -92,
      142,
      -177,
      -175,
      57
    ],
    "SliceThickness": 1,
    "SoftwareVersions": "syngo MR E11",
    "StationName": "AWP45193",
    "TxRefAmp": 348.589,
    "dataset": "<unset>",
    "modality": "T1w",
    "run_id": 1,
    "session_id": "02",
    "subject_id": "PC203"
  },
  "cjv": 0.3478984971157508,
  "cnr": 3.9349252496564913,
  "efc": 0.4550803291536891,
  "fber": -1.0,
  "fwhm_avg": 3.88963,
  "fwhm_x": 3.80557,
  "fwhm_y": 3.94275,
  "fwhm_z": 3.92057,
  "icvs_csf": 0.18964894446340796,
  "icvs_gm": 0.4546871775506353,
  "icvs_wm": 0.3556638779859567,
  "inu_med": 0.4297858625650406,
  "inu_range": 0.10650819092988967,
  "provenance": {
    "md5sum": "3c943755d183d3fe06f19edf1e519a54",
    "settings": {
      "testing": false
    },
    "software": "mriqc",
    "version": "22.0.6",
    "warnings": {
      "large_rot_frame": true,
      "small_air_mask": false
    },
    "webapi_port": null,
    "webapi_url": "https://mriqc.nimh.nih.gov/api/v1"
  },
  "qi_1": 0.01608090596245711,
  "qi_2": 0.02501122035911226,
  "rpve_csf": 31.870948196692805,
  "rpve_gm": 14.59196385335634,
  "rpve_wm": 21.001874882484085,
  "size_x": 192,
  "size_y": 240,
  "size_z": 256,
  "snr_csf": 1.8528282533451903,
  "snr_gm": 11.773188850719295,
  "snr_total": 12.784477412818802,
  "snr_wm": 24.72741513439192,
  "snrd_csf": 28.695597550859596,
  "snrd_gm": 77.62718142654614,
  "snrd_total": 71.75319083326566,
  "snrd_wm": 108.93679352239127,
  "spacing_x": 1.0,
  "spacing_y": 1.0,
  "spacing_z": 1.0,
  "summary_bg_k": 2348.7231081584077,
  "summary_bg_mad": 0.0,
  "summary_bg_mean": 2.3670648366367146,
  "summary_bg_median": 0.0,
  "summary_bg_n": 3033631.0,
  "summary_bg_p05": 0.0,
  "summary_bg_p95": 10.849909342825413,
  "summary_bg_stdv": 6.014206798585465,
  "summary_csf_k": 6.627935967526389,
  "summary_csf_mad": 134.99280932786456,
  "summary_csf_mean": 273.05820741452607,
  "summary_csf_median": 263.4279790893197,
  "summary_csf_n": 16619.0,
  "summary_csf_p05": 53.516444731503725,
  "summary_csf_p95": 516.9835181459785,
  "summary_csf_stdv": 142.17186778546787,
  "summary_gm_k": -0.04779539869201743,
  "summary_gm_mad": 61.3735424051,
  "summary_gm_mean": 712.4586374122241,
  "summary_gm_median": 712.6240005753934,
  "summary_gm_n": 39711.0,
  "summary_gm_p05": 612.4822697490454,
  "summary_gm_p95": 810.2976213935763,
  "summary_gm_stdv": 60.52863306003358,
  "summary_wm_k": 0.3776564111584788,
  "summary_wm_mad": 38.62113117109598,
  "summary_wm_mean": 999.9268425308157,
  "summary_wm_median": 1000.0488512292504,
  "summary_wm_n": 176119.0,
  "summary_wm_p05": 933.3365708105266,
  "summary_wm_p95": 1066.3212704584002,
  "summary_wm_stdv": 40.442804339305155,
  "tpm_overlap_csf": 0.1403069850739525,
  "tpm_overlap_gm": 0.4867365858720093,
  "tpm_overlap_wm": 0.5190133877618277,
  "wm2max": 0.39161722488038275
}