{
  "aor": 0.00022918650793650794,
  "aqi": 0.013078739087301587,
  "bids_meta": {
    "AcquisitionMatrixPE": 64,
    "AcquisitionNumber": 1,
    "AcquisitionTime": "15:13:28.367500",
    "BandwidthPerPixelPhaseEncode": 62.5,
    "BaseResolution": 64,
    "BodyPartExamined": "BRAIN",
    "ConsistencyInfo": "N4_VE11C_LATEST_20160120",
    "ConversionSoftware": "dcm2niix",
    "ConversionSoftwareVersion": "v1.0.20210317",
    "DerivedVendorReportedEchoSpacing": 0.0005,
    "DeviceSerialNumber": "45193",
    "DwellTime": 3.1e-06,
    "EchoNumber": 4,
    "EchoTime": 0.06249,
    "EchoTrainLength": 31,
    "EffectiveEchoSpacing": 0.00025,
    "FlipAngle": 56,
    "ImageComments": "Unaliased MB4/PE4/LB",
    "ImageOrientationPatientDICOM": [
      0.999965,
      0.00179722,
      0.00814681,
      -5.681e-12,
      0.976521,
      -0.215424
    ],
    "ImageType": [
      "ORIGINAL",
      "PRIMARY",
      "M",
      "MB",
      "TE4",
      "ND",
      "NORM",
      "MOSAIC"
    ],
    "ImagingFrequency": 123.252,
    "InPlanePhaseEncodingDirectionDICOM": "ROW",
    "InstitutionAddress": "Blackburn Road 770,Clayton,Victoria,AU,3800",
    "InstitutionName": "Monash Biomedical Imaging",
    "InstitutionalDepartmentName": "Department",
    "MRAcquisitionType": "2D",
    "MagneticFieldStrength": 3,
    "Manufacturer": "Siemens",
    "ManufacturersModelName": "Skyra",
    "Modality": "MR",
    "MultibandAccelerationFactor": 4,
    "ParallelReductionFactorInPlane": 2,
    "PartialFourier": 1,
    "PatientPosition": "HFS",
    "PercentPhaseFOV": 100,
    "PercentSampling": 100,
    "PhaseEncodingDirection": "i",
    "PhaseEncodingSteps": 63,
    "PhaseResolution": 1,
    "PixelBandwidth": 2520,
    "ProcedureStepDescription": "MR Scan",
    "ProtocolName": "Rest_R-L_mmb_4_4_cmrr_mbep2d_bold_TE_12.6_29.23_45.86_62.49",
    "PulseSequenceDetails": "%CustomerSeq%\\cmrr_mbep2d_bold",
    "ReceiveCoilActiveElements": "HEA;HEP",
    "ReceiveCoilName": "Head_32",
    "ReconMatrixPE": 64,
    "RefLinesPE": 24,
    "RepetitionTime": 0.91,
    "SAR": 0.0868501,
    "ScanOptions": "FS",
    "ScanningSequence": "EP",
    "SequenceName": "epfid2d4_64",
    "SequenceVariant": "SK\\SS",
    "SeriesDescription": "Rest_R-L_mmb_4_4_cmrr_mbep2d_bold_TE_12.6_29.23_45.86_62.49",
    "SeriesNumber": 5,
    "ShimSetting": [
      -4080,
      15460,
      -15035,
      361,
      233,
      233,
      -228,
      138
    ],
    "SliceThickness": 3.2,
    "SliceTiming": [
      0,
      0.625,
      0.3575,
      0.09,
      0.7125,
      0.445,
      0.18,
      0.8025,
      0.535,
      0.2675,
      0,
      0.625,
      0.3575,
      0.09,
      0.7125,
      0.445,
      0.18,
      0.8025,
      0.535,
      0.2675,
      0,
      0.625,
      0.3575,
      0.09,
      0.7125,
      0.445,
      0.18,
      0.8025,
      0.535,
      0.2675,
      0,
      0.625,
      0.3575,
      0.09,
      0.7125,
      0.445,
      0.18,
      0.8025,
      0.535,
      0.2675
    ],
    "SoftwareVersions": "syngo MR E11",
    "SpacingBetweenSlices": 3.2,
    "StationName": "AWP45193",
    "TaskName": "rest",
    "TotalReadoutTime": 0.01575,
    "TxRefAmp": 392.296,
    "WipMemBlock": "c7292174-8202-407a-b368-bdd9a5ebedb5||Sequence: R016 ve11c/master r/e634e98; Dec 19 2017 11:00:25 by eja",
    "dataset": "<unset>",
    "modality": "bold",
    "run_id": 1,
    "session_id": "01",
    "subject_id": "PC202",
    "task_id": "rest"
  },
  "dummy_trs": 0,
  "dvars_nstd": 56.16021350827038,
  "dvars_std": 1.1967723710337963,
  "dvars_vstd": 0.9853120089264412,
  "efc": 0.4908473213594928,
  "fber": 2089.0576171875,
  "fd_mean": 0.0765728317636901,
  "fd_num": 7,
  "fd_perc": 1.3888888888888888,
  "fwhm_avg": 1.6740451677669619,
  "fwhm_x": 1.6320279611650486,
  "fwhm_y": 1.7384419417475727,
  "fwhm_z": 1.6516656003882646,
  "gcor": 0.0184874,
  "gsr_x": -0.010171734727919102,
  "gsr_y": 0.02429092489182949,
  "provenance": {
    "md5sum": "384178c1df9adfd7569f9473e98e7ceb",
    "settings": {
      "fd_thres": 0.2,
      "testing": false
    },
    "software": "mriqc",
    "version": "22.0.6",
    "webapi_port": null,
    "webapi_url": "https://mriqc.nimh.nih.gov/api/v1"
  },
  "size_t": 504,
  "size_x": 64,
  "size_y": 64,
  "size_z": 40,
  "snr": 2.5122493952890803,
  "spacing_tr": 0.9100000262260437,
  "spacing_x": 3.21875,
  "spacing_y": 3.21875,
  "spacing_z": 3.200000047683716,
  "summary_bg_k": 105.85094543033175,
  "summary_bg_mad": 35.18680034820915,
  "summary_bg_mean": 91.15560913085938,
  "summary_bg_median": 51.40377426147461,
  "summary_bg_n": 96500.0,
  "summary_bg_p05": 18.1408748626709,
  "summary_bg_p95": 303.45695648193373,
  "summary_bg_stdv": 135.40768432617188,
  "summary_fg_k": 5.972481947970781,
  "summary_fg_mad": 611.0704669444461,
  "summary_fg_mean": 2583.744140625,
  "summary_fg_median": 2367.658935546875,
  "summary_fg_n": 31477.0,
  "summary_fg_p05": 1589.3389892578125,
  "summary_fg_p95": 4467.781445312499,
  "summary_fg_stdv": 942.4308471679688,
  "tsnr": 26.609208224108443
}