{
  "aor": 0.0037589043824701202,
  "aqi": 0.026037343027888443,
  "bids_meta": {
    "AcquisitionMatrixPE": 64,
    "AcquisitionNumber": 1,
    "AcquisitionTime": "11:21:1.185000",
    "BandwidthPerPixelPhaseEncode": 62.5,
    "BaseResolution": 64,
    "BodyPartExamined": "BRAIN",
    "ConsistencyInfo": "N4_VE11C_LATEST_20160120",
    "ConversionSoftware": "dcm2niix",
    "ConversionSoftwareVersion": "v1.0.20210317",
    "DerivedVendorReportedEchoSpacing": 0.0005,
    "DeviceSerialNumber": "45193",
    "DwellTime": 3.1e-06,
    "EchoNumber": 3,
    "EchoTime": 0.04586,
    "EchoTrainLength": 31,
    "EffectiveEchoSpacing": 0.00025,
    "FlipAngle": 56,
    "ImageComments": "Unaliased MB4/PE4/LB",
    "ImageOrientationPatientDICOM": [
      0.999133,
      -0.0136705,
      0.0393157,
      0.0226735,
      0.970846,
      -0.23863
    ],
    "ImageType": [
      "ORIGINAL",
      "PRIMARY",
      "M",
      "MB",
      "TE3",
      "ND",
      "NORM",
      "MOSAIC"
    ],
    "ImagingFrequency": 123.247,
    "InPlanePhaseEncodingDirectionDICOM": "ROW",
    "InstitutionAddress": "Blackburn Road 770,Clayton,Victoria,AU,3800",
    "InstitutionName": "Monash Biomedical Imaging",
    "InstitutionalDepartmentName": "Department",
    "MRAcquisitionType": "2D",
    "MagneticFieldStrength": 3,
    "Manufacturer": "Siemens",
    "ManufacturersModelName": "Skyra",
    "Modality": "MR",
    "MultibandAccelerationFactor": 4,
    "ParallelReductionFactorInPlane": 2,
    "PartialFourier": 1,
    "PatientPosition": "HFS",
    "PercentPhaseFOV": 100,
    "PercentSampling": 100,
    "PhaseEncodingDirection": "i",
    "PhaseEncodingSteps": 63,
    "PhaseResolution": 1,
    "PixelBandwidth": 2520,
    "ProcedureStepDescription": "MR Scan",
    "ProtocolName": "Rest_R-L_mmb_4_4_cmrr_mbep2d_bold_TE_12.6_29.23_45.86_62.49",
    "PulseSequenceDetails": "%CustomerSeq%\\cmrr_mbep2d_bold",
    "ReceiveCoilActiveElements": "HEA;HEP",
    "ReceiveCoilName": "Head_32",
    "ReconMatrixPE": 64,
    "RefLinesPE": 24,
    "RepetitionTime": 0.91,
    "SAR": 0.0889893,
    "ScanOptions": "FS",
    "ScanningSequence": "EP",
    "SequenceName": "epfid2d4_64",
    "SequenceVariant": "SK\\SS",
    "SeriesDescription": "Rest_R-L_mmb_4_4_cmrr_mbep2d_bold_TE_12.6_29.23_45.86_62.49",
    "SeriesNumber": 3,
    "ShimSetting": [
      -4076,
      15270,
      -15179,
      285,
      164,
      -88,
      50,
      53
    ],
    "SliceThickness": 3.2,
    "SliceTiming": [
      0,
      0.6225,
      0.3575,
      0.09,
      0.7125,
      0.445,
      0.1775,
      0.8025,
      0.535,
      0.2675,
      0,
      0.6225,
      0.3575,
      0.09,
      0.7125,
      0.445,
      0.1775,
      0.8025,
      0.535,
      0.2675,
      0,
      0.6225,
      0.3575,
      0.09,
      0.7125,
      0.445,
      0.1775,
      0.8025,
      0.535,
      0.2675,
      0,
      0.6225,
      0.3575,
      0.09,
      0.7125,
      0.445,
      0.1775,
      0.8025,
      0.535,
      0.2675
    ],
    "SoftwareVersions": "syngo MR E11",
    "SpacingBetweenSlices": 3.2,
    "StationName": "AWP45193",
    "TaskName": "rest",
    "TotalReadoutTime": 0.01575,
    "TxRefAmp": 389.706,
    "WipMemBlock": "84bed53d-2fd3-4291-91f5-752f1a453e5b||Sequence: R016 ve11c/master r/e634e98; Dec 19 2017 11:00:25 by eja",
    "dataset": "<unset>",
    "modality": "bold",
    "run_id": 1,
    "session_id": "02",
    "subject_id": "PC025",
    "task_id": "rest"
  },
  "dummy_trs": 2,
  "dvars_nstd": 40.362171355868334,
  "dvars_std": 1.0735219494011983,
  "dvars_vstd": 0.9840035594411185,
  "efc": 0.48826141269054474,
  "fber": 2998.315673828125,
  "fd_mean": 0.15379794736587674,
  "fd_num": 151,
  "fd_perc": 30.0796812749004,
  "fwhm_avg": 1.7483072872104115,
  "fwhm_x": 1.6839456310679612,
  "fwhm_y": 1.849385631067961,
  "fwhm_z": 1.7115905994953124,
  "gcor": 0.00758624,
  "gsr_x": 0.004491365049034357,
  "gsr_y": 0.016913719475269318,
  "provenance": {
    "md5sum": "d51a8c6ec2d818f825032307ca767eb9",
    "settings": {
      "fd_thres": 0.2,
      "testing": false
    },
    "software": "mriqc",
    "version": "22.0.6",
    "webapi_port": null,
    "webapi_url": "https://mriqc.nimh.nih.gov/api/v1"
  },
  "size_t": 502,
  "size_x": 64,
  "size_y": 64,
  "size_z": 40,
  "snr": 3.5375585958948665,
  "spacing_tr": 0.9100000262260437,
  "spacing_x": 3.21875,
  "spacing_y": 3.21875,
  "spacing_z": 3.200000047683716,
  "summary_bg_k": 49.12794714476761,
  "summary_bg_mad": 48.01770413132442,
  "summary_bg_mean": 104.07697296142578,
  "summary_bg_median": 57.679283142089844,
  "summary_bg_n": 99110.0,
  "summary_bg_p05": 15.354581832885742,
  "summary_bg_p95": 343.81405944824166,
  "summary_bg_stdv": 161.153564453125,
  "summary_fg_k": 5.335660143285743,
  "summary_fg_mad": 637.0643278864999,
  "summary_fg_mean": 3256.618896484375,
  "summary_fg_median": 3103.794921875,
  "summary_fg_n": 30665.0,
  "summary_fg_p05": 2216.084130859375,
  "summary_fg_p95": 4800.695703124999,
  "summary_fg_stdv": 877.3690185546875,
  "tsnr": 25.48236801242456
}