{
  "aor": 0.0004208379120879121,
  "aqi": 0.02248716785714286,
  "bids_meta": {
    "AcquisitionMatrixPE": 64,
    "AcquisitionNumber": 1,
    "AcquisitionTime": "11:38:8.935000",
    "BandwidthPerPixelPhaseEncode": 62.5,
    "BaseResolution": 64,
    "BodyPartExamined": "BRAIN",
    "ConsistencyInfo": "N4_VE11C_LATEST_20160120",
    "ConversionSoftware": "dcm2niix",
    "ConversionSoftwareVersion": "v1.0.20210317",
    "DerivedVendorReportedEchoSpacing": 0.0005,
    "DeviceSerialNumber": "45193",
    "DwellTime": 3.1e-06,
    "EchoNumber": 2,
    "EchoTime": 0.02923,
    "EchoTrainLength": 31,
    "EffectiveEchoSpacing": 0.00025,
    "FlipAngle": 56,
    "ImageComments": "Unaliased MB4/PE4/LB",
    "ImageOrientationPatientDICOM": [
      0.999238,
      -0.00858702,
      0.0380657,
      0.0174418,
      0.970904,
      -0.238832
    ],
    "ImageType": [
      "ORIGINAL",
      "PRIMARY",
      "M",
      "MB",
      "TE2",
      "ND",
      "NORM",
      "MOSAIC"
    ],
    "ImagingFrequency": 123.247,
    "InPlanePhaseEncodingDirectionDICOM": "ROW",
    "InstitutionAddress": "Blackburn Road 770,Clayton,Victoria,AU,3800",
    "InstitutionName": "Monash Biomedical Imaging",
    "InstitutionalDepartmentName": "Department",
    "MRAcquisitionType": "2D",
    "MagneticFieldStrength": 3,
    "Manufacturer": "Siemens",
    "ManufacturersModelName": "Skyra",
    "Modality": "MR",
    "MultibandAccelerationFactor": 4,
    "ParallelReductionFactorInPlane": 2,
    "PartialFourier": 1,
    "PatientPosition": "HFS",
    "PercentPhaseFOV": 100,
    "PercentSampling": 100,
    "PhaseEncodingDirection": "i",
    "PhaseEncodingSteps": 63,
    "PhaseResolution": 1,
    "PixelBandwidth": 2520,
    "ProcedureStepDescription": "MR Scan",
    "ProtocolName": "Music_R-L_mmb_4_4_cmrr_mbep2d_bold_TE_12.6_29.23_45.86_62.49",
    "PulseSequenceDetails": "%CustomerSeq%\\cmrr_mbep2d_bold",
    "ReceiveCoilActiveElements": "HEA;HEP",
    "ReceiveCoilName": "Head_32",
    "ReconMatrixPE": 64,
    "RefLinesPE": 24,
    "RepetitionTime": 0.91,
    "SAR": 0.0894285,
    "ScanOptions": "FS",
    "ScanningSequence": "EP",
    "SequenceName": "epfid2d4_64",
    "SequenceVariant": "SK\\SS",
    "SeriesDescription": "Music_R-L_mmb_4_4_cmrr_mbep2d_bold_TE_12.6_29.23_45.86_62.49",
    "SeriesNumber": 7,
    "ShimSetting": [
      -4076,
      15270,
      -15179,
      285,
      164,
      -88,
      50,
      53
    ],
    "SliceThickness": 3.2,
    "SliceTiming": [
      0,
      0.625,
      0.3575,
      0.09,
      0.7125,
      0.445,
      0.18,
      0.8025,
      0.535,
      0.2675,
      0,
      0.625,
      0.3575,
      0.09,
      0.7125,
      0.445,
      0.18,
      0.8025,
      0.535,
      0.2675,
      0,
      0.625,
      0.3575,
      0.09,
      0.7125,
      0.445,
      0.18,
      0.8025,
      0.535,
      0.2675,
      0,
      0.625,
      0.3575,
      0.09,
      0.7125,
      0.445,
      0.18,
      0.8025,
      0.535,
      0.2675
    ],
    "SoftwareVersions": "syngo MR E11",
    "SpacingBetweenSlices": 3.2,
    "StationName": "AWP45193",
    "TaskName": "music",
    "TotalReadoutTime": 0.01575,
    "TxRefAmp": 389.706,
    "WipMemBlock": "88845f23-a8c1-4899-be6f-dd69885d012b||Sequence: R016 ve11c/master r/e634e98; Dec 19 2017 11:00:25 by eja",
    "dataset": "<unset>",
    "modality": "bold",
    "run_id": 1,
    "session_id": "02",
    "subject_id": "PC025",
    "task_id": "music"
  },
  "dummy_trs": 0,
  "dvars_nstd": 30.093829801719416,
  "dvars_std": 1.0230843442778548,
  "dvars_vstd": 0.9399063756671251,
  "efc": 0.5108969047089869,
  "fber": 3601.36181640625,
  "fd_mean": 0.15194997899574336,
  "fd_num": 205,
  "fd_perc": 28.15934065934066,
  "fwhm_avg": 1.802918360961864,
  "fwhm_x": 1.7646881553398057,
  "fwhm_y": 1.876573203883495,
  "fwhm_z": 1.767493723662291,
  "gcor": 0.00646123,
  "gsr_x": 0.00845840573310852,
  "gsr_y": 0.025343550369143486,
  "provenance": {
    "md5sum": "c59ea5d8cb2169f67f072737d6499216",
    "settings": {
      "fd_thres": 0.2,
      "testing": false
    },
    "software": "mriqc",
    "version": "22.0.6",
    "webapi_port": null,
    "webapi_url": "https://mriqc.nimh.nih.gov/api/v1"
  },
  "size_t": 728,
  "size_x": 64,
  "size_y": 64,
  "size_z": 40,
  "snr": 4.943897851981951,
  "spacing_tr": 0.9100000262260437,
  "spacing_x": 3.21875,
  "spacing_y": 3.21875,
  "spacing_z": 3.200000047683716,
  "summary_bg_k": 45.30494670550233,
  "summary_bg_mad": 71.9326874848624,
  "summary_bg_mean": 172.31353759765625,
  "summary_bg_median": 72.98077392578125,
  "summary_bg_n": 97464.0,
  "summary_bg_p05": 16.064766216278077,
  "summary_bg_p95": 620.1210388183576,
  "summary_bg_stdv": 328.1784362792969,
  "summary_fg_k": 1.9060013930143223,
  "summary_fg_mad": 751.2027999237799,
  "summary_fg_mean": 4409.10400390625,
  "summary_fg_median": 4290.9208984375,
  "summary_fg_n": 32376.0,
  "summary_fg_p05": 3257.0502319335938,
  "summary_fg_p95": 6004.0147705078125,
  "summary_fg_stdv": 867.9092407226562,
  "tsnr": 34.57690462534083
}