{
  "aor": 0.004586513513513514,
  "aqi": 0.028121837297297295,
  "bids_meta": {
    "AcquisitionMatrixPE": 64,
    "AcquisitionNumber": 1,
    "AcquisitionTime": "14:16:21.642500",
    "BandwidthPerPixelPhaseEncode": 62.5,
    "BaseResolution": 64,
    "BodyPartExamined": "BRAIN",
    "ConsistencyInfo": "N4_VE11C_LATEST_20160120",
    "ConversionSoftware": "dcm2niix",
    "ConversionSoftwareVersion": "v1.0.20210317",
    "DerivedVendorReportedEchoSpacing": 0.0005,
    "DeviceSerialNumber": "45193",
    "DwellTime": 3.1e-06,
    "EchoNumber": 2,
    "EchoTime": 0.02923,
    "EchoTrainLength": 31,
    "EffectiveEchoSpacing": 0.00025,
    "FlipAngle": 56,
    "ImageComments": "Unaliased MB4/PE4/LB",
    "ImageOrientationPatientDICOM": [
      0.999758,
      -0.00531171,
      -0.0213672,
      1.6421e-11,
      0.970463,
      -0.241249
    ],
    "ImageType": [
      "ORIGINAL",
      "PRIMARY",
      "M",
      "MB",
      "TE2",
      "ND",
      "NORM",
      "MOSAIC"
    ],
    "ImagingFrequency": 123.247,
    "InPlanePhaseEncodingDirectionDICOM": "ROW",
    "InstitutionAddress": "Blackburn Road 770,Clayton,Victoria,AU,3800",
    "InstitutionName": "Monash Biomedical Imaging",
    "InstitutionalDepartmentName": "Department",
    "MRAcquisitionType": "2D",
    "MagneticFieldStrength": 3,
    "Manufacturer": "Siemens",
    "ManufacturersModelName": "Skyra",
    "Modality": "MR",
    "MultibandAccelerationFactor": 4,
    "ParallelReductionFactorInPlane": 2,
    "PartialFourier": 1,
    "PatientPosition": "HFS",
    "PercentPhaseFOV": 100,
    "PercentSampling": 100,
    "PhaseEncodingDirection": "i",
    "PhaseEncodingSteps": 63,
    "PhaseResolution": 1,
    "PixelBandwidth": 2520,
    "ProcedureStepDescription": "MR Scan",
    "ProtocolName": "Movie_R-L_mmb_4_4_cmrr_mbep2d_bold_TE_12.6_29.23_45.86_62.49",
    "PulseSequenceDetails": "%CustomerSeq%\\cmrr_mbep2d_bold",
    "ReceiveCoilActiveElements": "HEA;HEP",
    "ReceiveCoilName": "Head_32",
    "ReconMatrixPE": 64,
    "RefLinesPE": 24,
    "RepetitionTime": 0.91,
    "SAR": 0.0801128,
    "ScanOptions": "FS",
    "ScanningSequence": "EP",
    "SequenceName": "epfid2d4_64",
    "SequenceVariant": "SK\\SS",
    "SeriesDescription": "Movie_R-L_mmb_4_4_cmrr_mbep2d_bold_TE_12.6_29.23_45.86_62.49",
    "SeriesNumber": 8,
    "ShimSetting": [
      -4127,
      15406,
      -15075,
      332,
      163,
      152,
      219,
      264
    ],
    "SliceThickness": 3.2,
    "SliceTiming": [
      0,
      0.6225,
      0.355,
      0.0875,
      0.71,
      0.4425,
      0.1775,
      0.8,
      0.5325,
      0.265,
      0,
      0.6225,
      0.355,
      0.0875,
      0.71,
      0.4425,
      0.1775,
      0.8,
      0.5325,
      0.265,
      0,
      0.6225,
      0.355,
      0.0875,
      0.71,
      0.4425,
      0.1775,
      0.8,
      0.5325,
      0.265,
      0,
      0.6225,
      0.355,
      0.0875,
      0.71,
      0.4425,
      0.1775,
      0.8,
      0.5325,
      0.265
    ],
    "SoftwareVersions": "syngo MR E11",
    "SpacingBetweenSlices": 3.2,
    "StationName": "AWP45193",
    "TaskName": "movie",
    "TotalReadoutTime": 0.01575,
    "TxRefAmp": 392.939,
    "WipMemBlock": "d7954498-7e6d-43dc-a38d-982b2ab7e1ba||Sequence: R016 ve11c/master r/e634e98; Dec 19 2017 11:00:25 by eja",
    "dataset": "<unset>",
    "modality": "bold",
    "run_id": 1,
    "session_id": "02",
    "subject_id": "PC019",
    "task_id": "movie"
  },
  "dummy_trs": 2,
  "dvars_nstd": 35.111275039430886,
  "dvars_std": 1.0950731257452564,
  "dvars_vstd": 1.0179419015447162,
  "efc": 0.5043997313136492,
  "fber": 4377.087890625,
  "fd_mean": 0.32457935849404707,
  "fd_num": 222,
  "fd_perc": 60.0,
  "fwhm_avg": 1.8577426100178027,
  "fwhm_x": 1.8215611650485437,
  "fwhm_y": 1.875551067961165,
  "fwhm_z": 1.8761155970436991,
  "gcor": 0.00595679,
  "gsr_x": 0.01736815646290779,
  "gsr_y": 0.028272131457924843,
  "provenance": {
    "md5sum": "cb96e3d193b384852cdd0b92c2bde872",
    "settings": {
      "fd_thres": 0.2,
      "testing": false
    },
    "software": "mriqc",
    "version": "22.0.6",
    "webapi_port": null,
    "webapi_url": "https://mriqc.nimh.nih.gov/api/v1"
  },
  "size_t": 370,
  "size_x": 64,
  "size_y": 64,
  "size_z": 40,
  "snr": 5.026066481259251,
  "spacing_tr": 0.9100000262260437,
  "spacing_x": 3.21875,
  "spacing_y": 3.21875,
  "spacing_z": 3.200000047683716,
  "summary_bg_k": 90.59253663744023,
  "summary_bg_mad": 67.21197171278459,
  "summary_bg_mean": 146.68736267089844,
  "summary_bg_median": 65.90946197509766,
  "summary_bg_n": 97742.0,
  "summary_bg_p05": 13.745945930480957,
  "summary_bg_p95": 490.6547546386716,
  "summary_bg_stdv": 282.0885314941406,
  "summary_fg_k": 2.4654793087324043,
  "summary_fg_mad": 740.3232650405712,
  "summary_fg_mean": 4358.83837890625,
  "summary_fg_median": 4225.302734375,
  "summary_fg_n": 32826.0,
  "summary_fg_p05": 3266.9541015625,
  "summary_fg_p95": 5865.2921142578125,
  "summary_fg_stdv": 840.6650390625,
  "tsnr": 28.683581421268173
}