{
  "aor": 0.00025751861042183627,
  "aqi": 0.008576062481389578,
  "bids_meta": {
    "AcquisitionMatrixPE": 64,
    "AcquisitionNumber": 1,
    "AcquisitionTime": "13:56:59.482500",
    "BandwidthPerPixelPhaseEncode": 62.5,
    "BaseResolution": 64,
    "BodyPartExamined": "BRAIN",
    "ConsistencyInfo": "N4_VE11C_LATEST_20160120",
    "ConversionSoftware": "dcm2niix",
    "ConversionSoftwareVersion": "v1.0.20210317",
    "DerivedVendorReportedEchoSpacing": 0.0005,
    "DeviceSerialNumber": "45193",
    "DwellTime": 3.1e-06,
    "EchoNumber": 1,
    "EchoTime": 0.0126,
    "EchoTrainLength": 31,
    "EffectiveEchoSpacing": 0.00025,
    "FlipAngle": 56,
    "ImageComments": "Unaliased MB4/PE4/LB",
    "ImageOrientationPatientDICOM": [
      0.999758,
      -0.00531171,
      -0.0213672,
      1.6421e-11,
      0.970463,
      -0.241249
    ],
    "ImageType": [
      "ORIGINAL",
      "PRIMARY",
      "M",
      "MB",
      "TE1",
      "ND",
      "NORM",
      "MOSAIC"
    ],
    "ImagingFrequency": 123.247,
    "InPlanePhaseEncodingDirectionDICOM": "ROW",
    "InstitutionAddress": "Blackburn Road 770,Clayton,Victoria,AU,3800",
    "InstitutionName": "Monash Biomedical Imaging",
    "InstitutionalDepartmentName": "Department",
    "MRAcquisitionType": "2D",
    "MagneticFieldStrength": 3,
    "Manufacturer": "Siemens",
    "ManufacturersModelName": "Skyra",
    "Modality": "MR",
    "MultibandAccelerationFactor": 4,
    "ParallelReductionFactorInPlane": 2,
    "PartialFourier": 1,
    "PatientPosition": "HFS",
    "PercentPhaseFOV": 100,
    "PercentSampling": 100,
    "PhaseEncodingDirection": "i",
    "PhaseEncodingSteps": 63,
    "PhaseResolution": 1,
    "PixelBandwidth": 2520,
    "ProcedureStepDescription": "MR Scan",
    "ProtocolName": "Meditation_R-L_mmb_4_4_cmrr_mbep2d_bold_TE_12.6_29.23_45.86_62.5",
    "PulseSequenceDetails": "%CustomerSeq%\\cmrr_mbep2d_bold",
    "ReceiveCoilActiveElements": "HEA;HEP",
    "ReceiveCoilName": "Head_32",
    "ReconMatrixPE": 64,
    "RefLinesPE": 24,
    "RepetitionTime": 0.91,
    "SAR": 0.0802392,
    "ScanOptions": "FS",
    "ScanningSequence": "EP",
    "SequenceName": "epfid2d4_64",
    "SequenceVariant": "SK\\SS",
    "SeriesDescription": "Meditation_R-L_mmb_4_4_cmrr_mbep2d_bold_TE_12.6_29.23_45.86_62.5",
    "SeriesNumber": 5,
    "ShimSetting": [
      -4127,
      15406,
      -15075,
      332,
      163,
      152,
      219,
      264
    ],
    "SliceThickness": 3.2,
    "SliceTiming": [
      0,
      0.6225,
      0.355,
      0.0875,
      0.71,
      0.445,
      0.1775,
      0.8,
      0.5325,
      0.265,
      0,
      0.6225,
      0.355,
      0.0875,
      0.71,
      0.445,
      0.1775,
      0.8,
      0.5325,
      0.265,
      0,
      0.6225,
      0.355,
      0.0875,
      0.71,
      0.445,
      0.1775,
      0.8,
      0.5325,
      0.265,
      0,
      0.6225,
      0.355,
      0.0875,
      0.71,
      0.445,
      0.1775,
      0.8,
      0.5325,
      0.265
    ],
    "SoftwareVersions": "syngo MR E11",
    "SpacingBetweenSlices": 3.2,
    "StationName": "AWP45193",
    "TaskName": "meditation",
    "TotalReadoutTime": 0.01575,
    "TxRefAmp": 392.939,
    "WipMemBlock": "b66f7d58-9d7b-41f2-9125-69528fd9230f||Sequence: R016 ve11c/master r/e634e98; Dec 19 2017 11:00:25 by eja",
    "dataset": "<unset>",
    "modality": "bold",
    "run_id": 1,
    "session_id": "02",
    "subject_id": "PC019",
    "task_id": "meditation"
  },
  "dummy_trs": 2,
  "dvars_nstd": 24.231010085746284,
  "dvars_std": 1.130712117736319,
  "dvars_vstd": 0.9786493601243779,
  "efc": 0.5670290467550132,
  "fber": 2295.98486328125,
  "fd_mean": 0.1126194468279479,
  "fd_num": 20,
  "fd_perc": 4.962779156327543,
  "fwhm_avg": 2.0130492148447092,
  "fwhm_x": 1.899821359223301,
  "fwhm_y": 2.029641941747573,
  "fwhm_z": 2.1096843435632535,
  "gcor": 0.0228072,
  "gsr_x": 0.002882173052057624,
  "gsr_y": 0.05071509629487991,
  "provenance": {
    "md5sum": "68608ddcb0f80747293d3fd93449418c",
    "settings": {
      "fd_thres": 0.2,
      "testing": false
    },
    "software": "mriqc",
    "version": "22.0.6",
    "webapi_port": null,
    "webapi_url": "https://mriqc.nimh.nih.gov/api/v1"
  },
  "size_t": 403,
  "size_x": 64,
  "size_y": 64,
  "size_z": 40,
  "snr": 6.50090516292567,
  "spacing_tr": 0.9100000262260437,
  "spacing_x": 3.21875,
  "spacing_y": 3.21875,
  "spacing_z": 3.200000047683716,
  "summary_bg_k": 17.78243969577934,
  "summary_bg_mad": 133.09390031024,
  "summary_bg_mean": 420.59112548828125,
  "summary_bg_median": 121.09304809570312,
  "summary_bg_n": 93434.0,
  "summary_bg_p05": 19.80719623565674,
  "summary_bg_p95": 1880.0127807617146,
  "summary_bg_stdv": 735.9661865234375,
  "summary_fg_k": 0.2372421489865153,
  "summary_fg_mad": 850.4066607463283,
  "summary_fg_mean": 5815.05908203125,
  "summary_fg_median": 5711.845703125,
  "summary_fg_n": 36076.0,
  "summary_fg_p05": 4548.3802490234375,
  "summary_fg_p95": 7461.9632568359375,
  "summary_fg_stdv": 878.6109619140625,
  "tsnr": 58.89330351026729
}