{
  "aor": 0.00016547619047619047,
  "aqi": 0.013001704126984126,
  "bids_meta": {
    "AcquisitionMatrixPE": 64,
    "AcquisitionNumber": 1,
    "AcquisitionTime": "09:36:55.240000",
    "BandwidthPerPixelPhaseEncode": 62.5,
    "BaseResolution": 64,
    "BodyPartExamined": "BRAIN",
    "ConsistencyInfo": "N4_VE11C_LATEST_20160120",
    "ConversionSoftware": "dcm2niix",
    "ConversionSoftwareVersion": "v1.0.20210317",
    "DerivedVendorReportedEchoSpacing": 0.0005,
    "DeviceSerialNumber": "45193",
    "DwellTime": 3.1e-06,
    "EchoNumber": 3,
    "EchoTime": 0.04586,
    "EchoTrainLength": 31,
    "EffectiveEchoSpacing": 0.00025,
    "FlipAngle": 56,
    "ImageComments": "Unaliased MB4/PE4/LB",
    "ImageOrientationPatientDICOM": [
      0.996502,
      0.0821566,
      -0.0153231,
      -0.0819273,
      0.996525,
      0.0150332
    ],
    "ImageType": [
      "ORIGINAL",
      "PRIMARY",
      "M",
      "MB",
      "TE3",
      "ND",
      "NORM",
      "MOSAIC"
    ],
    "ImagingFrequency": 123.252,
    "InPlanePhaseEncodingDirectionDICOM": "ROW",
    "InstitutionAddress": "Blackburn Road 770,Clayton,Victoria,AU,3800",
    "InstitutionName": "Monash Biomedical Imaging",
    "InstitutionalDepartmentName": "Department",
    "MRAcquisitionType": "2D",
    "MagneticFieldStrength": 3,
    "Manufacturer": "Siemens",
    "ManufacturersModelName": "Skyra",
    "Modality": "MR",
    "MultibandAccelerationFactor": 4,
    "ParallelReductionFactorInPlane": 2,
    "PartialFourier": 1,
    "PatientPosition": "HFS",
    "PercentPhaseFOV": 100,
    "PercentSampling": 100,
    "PhaseEncodingDirection": "i",
    "PhaseEncodingSteps": 63,
    "PhaseResolution": 1,
    "PixelBandwidth": 2520,
    "ProcedureStepDescription": "MR Scan",
    "ProtocolName": "Rest_R-L_mmb_4_4_cmrr_mbep2d_bold_TE_12.6_29.23_45.86_62.49",
    "PulseSequenceDetails": "%CustomerSeq%\\cmrr_mbep2d_bold",
    "ReceiveCoilActiveElements": "HEA;HEP",
    "ReceiveCoilName": "Head_32",
    "ReconMatrixPE": 64,
    "RefLinesPE": 24,
    "RepetitionTime": 0.91,
    "SAR": 0.0986333,
    "ScanOptions": "FS",
    "ScanningSequence": "EP",
    "SequenceName": "epfid2d4_64",
    "SequenceVariant": "SK\\SS",
    "SeriesDescription": "Rest_R-L_mmb_4_4_cmrr_mbep2d_bold_TE_12.6_29.23_45.86_62.49",
    "SeriesNumber": 5,
    "ShimSetting": [
      -4097,
      15322,
      -15046,
      496,
      222,
      -251,
      -96,
      67
    ],
    "SliceThickness": 3.2,
    "SliceTiming": [
      0,
      0.6225,
      0.355,
      0.0875,
      0.71,
      0.445,
      0.1775,
      0.8,
      0.5325,
      0.265,
      0,
      0.6225,
      0.355,
      0.0875,
      0.71,
      0.445,
      0.1775,
      0.8,
      0.5325,
      0.265,
      0,
      0.6225,
      0.355,
      0.0875,
      0.71,
      0.445,
      0.1775,
      0.8,
      0.5325,
      0.265,
      0,
      0.6225,
      0.355,
      0.0875,
      0.71,
      0.445,
      0.1775,
      0.8,
      0.5325,
      0.265
    ],
    "SoftwareVersions": "syngo MR E11",
    "SpacingBetweenSlices": 3.2,
    "StationName": "AWP45193",
    "TaskName": "rest",
    "TotalReadoutTime": 0.01575,
    "TxRefAmp": 381.888,
    "WipMemBlock": "ea2bf306-faae-40c0-95ae-8b3790840be0||Sequence: R016 ve11c/master r/e634e98; Dec 19 2017 11:00:25 by eja",
    "dataset": "<unset>",
    "modality": "bold",
    "run_id": 1,
    "session_id": "01",
    "subject_id": "PC228",
    "task_id": "rest"
  },
  "dummy_trs": 0,
  "dvars_nstd": 41.14867918357857,
  "dvars_std": 1.181084798051689,
  "dvars_vstd": 0.9788062028628229,
  "efc": 0.5025289211353079,
  "fber": 3416.499755859375,
  "fd_mean": 0.09250961771459464,
  "fd_num": 12,
  "fd_perc": 2.380952380952381,
  "fwhm_avg": 1.7376266945449157,
  "fwhm_x": 1.684228349514563,
  "fwhm_y": 1.8114330097087377,
  "fwhm_z": 1.717218724411447,
  "gcor": 0.0232112,
  "gsr_x": 0.008747396059334278,
  "gsr_y": 0.013091505505144596,
  "provenance": {
    "md5sum": "7341994b2f4a8c807fa07080ce1b39b0",
    "settings": {
      "fd_thres": 0.2,
      "testing": false
    },
    "software": "mriqc",
    "version": "22.0.6",
    "webapi_port": null,
    "webapi_url": "https://mriqc.nimh.nih.gov/api/v1"
  },
  "size_t": 504,
  "size_x": 64,
  "size_y": 64,
  "size_z": 40,
  "snr": 4.148371837583755,
  "spacing_tr": 0.9100000262260437,
  "spacing_x": 3.21875,
  "spacing_y": 3.21875,
  "spacing_z": 3.200000047683716,
  "summary_bg_k": 50.932690847957815,
  "summary_bg_mad": 42.977818619340155,
  "summary_bg_mean": 122.02363586425781,
  "summary_bg_median": 54.700401306152344,
  "summary_bg_n": 98423.0,
  "summary_bg_p05": 16.859127044677734,
  "summary_bg_p95": 461.26133422851524,
  "summary_bg_stdv": 212.67576599121094,
  "summary_fg_k": 6.507978677859079,
  "summary_fg_mad": 577.6809691546125,
  "summary_fg_mean": 3314.17138671875,
  "summary_fg_median": 3201.7265625,
  "summary_fg_n": 31262.0,
  "summary_fg_p05": 2394.477294921875,
  "summary_fg_p95": 4538.987475585934,
  "summary_fg_stdv": 771.7908325195312,
  "tsnr": 37.04345250147162
}