{
  "bids_meta": {
    "AcquisitionMatrixPE": 240,
    "AcquisitionNumber": 1,
    "AcquisitionTime": "14:01:11.517500",
    "BaseResolution": 256,
    "BodyPartExamined": "BRAIN",
    "ConsistencyInfo": "N4_VE11C_LATEST_20160120",
    "ConversionSoftware": "dcm2niix",
    "ConversionSoftwareVersion": "v1.0.20210317",
    "DeviceSerialNumber": "45193",
    "DwellTime": 8.5e-06,
    "EchoTime": 0.00207,
    "FlipAngle": 9,
    "ImageOrientationPatientDICOM": [
      0.0367605,
      0.999324,
      -2.14005e-08,
      0.0923391,
      -0.00339675,
      -0.995722
    ],
    "ImageType": [
      "ORIGINAL",
      "PRIMARY",
      "M",
      "ND",
      "NORM"
    ],
    "ImagingFrequency": 123.252,
    "InPlanePhaseEncodingDirectionDICOM": "ROW",
    "InstitutionAddress": "Blackburn Road 770,Clayton,Victoria,AU,3800",
    "InstitutionName": "Monash Biomedical Imaging",
    "InstitutionalDepartmentName": "Department",
    "InversionTime": 0.9,
    "MRAcquisitionType": "3D",
    "MagneticFieldStrength": 3,
    "Manufacturer": "Siemens",
    "ManufacturersModelName": "Skyra",
    "Modality": "MR",
    "ParallelReductionFactorInPlane": 3,
    "PartialFourier": 1,
    "PatientPosition": "HFS",
    "PercentPhaseFOV": 93.75,
    "PercentSampling": 100,
    "PhaseEncodingSteps": 238,
    "PhaseResolution": 1,
    "PixelBandwidth": 230,
    "ProcedureStepDescription": "MR Scan",
    "ProtocolName": "t1_mprage_sag_p3_iso_1",
    "PulseSequenceDetails": "%SiemensSeq%\\tfl",
    "ReceiveCoilActiveElements": "HEA;HEP",
    "ReceiveCoilName": "Head_32",
    "ReconMatrixPE": 240,
    "RefLinesPE": 32,
    "RepetitionTime": 2.3,
    "SAR": 0.0824941,
    "ScanOptions": "IR",
    "ScanningSequence": "GR\\IR",
    "SequenceName": "*tfl3d1_16ns",
    "SequenceVariant": "SK\\SP\\MP",
    "SeriesDescription": "t1_mprage_sag_p3_iso_1",
    "SeriesNumber": 2,
    "ShimSetting": [
      -4121,
      15461,
      -15515,
      -92,
      142,
      -177,
      -175,
      57
    ],
    "SliceThickness": 1,
    "SoftwareVersions": "syngo MR E11",
    "StationName": "AWP45193",
    "TxRefAmp": 372.304,
    "dataset": "<unset>",
    "modality": "T1w",
    "run_id": 1,
    "session_id": "02",
    "subject_id": "PC229"
  },
  "cjv": 0.4319646775640955,
  "cnr": 3.199729844369433,
  "efc": 0.45629073926048586,
  "fber": 9815.318478734214,
  "fwhm_avg": 3.878363333333333,
  "fwhm_x": 3.93337,
  "fwhm_y": 3.84698,
  "fwhm_z": 3.85474,
  "icvs_csf": 0.23650794539019176,
  "icvs_gm": 0.38811250359145566,
  "icvs_wm": 0.3753795510183526,
  "inu_med": 0.544433206319809,
  "inu_range": 0.14700642824172977,
  "provenance": {
    "md5sum": "a826667037ce3e1b333e18c5a713262d",
    "settings": {
      "testing": false
    },
    "software": "mriqc",
    "version": "22.0.6",
    "warnings": {
      "large_rot_frame": true,
      "small_air_mask": false
    },
    "webapi_port": null,
    "webapi_url": "https://mriqc.nimh.nih.gov/api/v1"
  },
  "qi_1": 1.3044138311161536e-05,
  "qi_2": 0.020050158076271467,
  "rpve_csf": 27.563541573625297,
  "rpve_gm": 16.193668772074126,
  "rpve_wm": 19.958015494585748,
  "size_x": 192,
  "size_y": 240,
  "size_z": 256,
  "snr_csf": 2.8147090355311715,
  "snr_gm": 11.628377480924428,
  "snr_total": 11.289049397117664,
  "snr_wm": 19.424061674897388,
  "snrd_csf": 12.43508018513422,
  "snrd_gm": 32.94609062985945,
  "snrd_total": 30.06854043911933,
  "snrd_wm": 44.82445050236433,
  "spacing_x": 1.0,
  "spacing_y": 1.0,
  "spacing_z": 1.0,
  "summary_bg_k": 9804.312080963962,
  "summary_bg_mad": 0.0,
  "summary_bg_mean": 5.148414178160375,
  "summary_bg_median": 0.0,
  "summary_bg_n": 3362983.0,
  "summary_bg_p05": 0.0,
  "summary_bg_p95": 20.086210399866104,
  "summary_bg_stdv": 14.61625285449286,
  "summary_csf_k": 1.1786281275209225,
  "summary_csf_mad": 81.43342275190655,
  "summary_csf_mean": 287.033647880238,
  "summary_csf_median": 277.4296715185046,
  "summary_csf_n": 34747.0,
  "summary_csf_p05": 142.51432909816504,
  "summary_csf_p95": 473.62573106586933,
  "summary_csf_stdv": 98.56282686744836,
  "summary_gm_k": -0.11540731813841765,
  "summary_gm_mad": 64.66578028397757,
  "summary_gm_mean": 733.5579331261877,
  "summary_gm_median": 735.0353166349232,
  "summary_gm_n": 12054.0,
  "summary_gm_p05": 627.5896444771439,
  "summary_gm_p95": 835.2663953006268,
  "summary_gm_stdv": 63.20785749675423,
  "summary_wm_k": 0.3079658080764456,
  "summary_wm_mad": 49.808792556991385,
  "summary_wm_mean": 1001.7678978145294,
  "summary_wm_median": 1000.0444222092628,
  "summary_wm_n": 168621.0,
  "summary_wm_p05": 920.5439124628901,
  "summary_wm_p95": 1089.2769675254822,
  "summary_wm_stdv": 51.48467264886354,
  "tpm_overlap_csf": 0.16668085104271843,
  "tpm_overlap_gm": 0.439288805111363,
  "tpm_overlap_wm": 0.51217412338664,
  "wm2max": 0.3838651076450828
}