{
  "bids_meta": {
    "AcquisitionMatrixPE": 240,
    "AcquisitionNumber": 1,
    "AcquisitionTime": "14:12:14.717500",
    "BaseResolution": 256,
    "BodyPartExamined": "BRAIN",
    "ConsistencyInfo": "N4_VE11C_LATEST_20160120",
    "ConversionSoftware": "dcm2niix",
    "ConversionSoftwareVersion": "v1.0.20210317",
    "DeviceSerialNumber": "45193",
    "DwellTime": 8.5e-06,
    "EchoTime": 0.00207,
    "FlipAngle": 9,
    "ImageOrientationPatientDICOM": [
      0.0384985,
      0.999259,
      9.6788e-10,
      0.0453606,
      -0.00174761,
      -0.998969
    ],
    "ImageType": [
      "ORIGINAL",
      "PRIMARY",
      "M",
      "ND",
      "NORM"
    ],
    "ImagingFrequency": 123.247,
    "InPlanePhaseEncodingDirectionDICOM": "ROW",
    "InstitutionAddress": "Blackburn Road 770,Clayton,Victoria,AU,3800",
    "InstitutionName": "Monash Biomedical Imaging",
    "InstitutionalDepartmentName": "Department",
    "InversionTime": 0.9,
    "MRAcquisitionType": "3D",
    "MagneticFieldStrength": 3,
    "Manufacturer": "Siemens",
    "ManufacturersModelName": "Skyra",
    "Modality": "MR",
    "ParallelReductionFactorInPlane": 3,
    "PartialFourier": 1,
    "PatientPosition": "HFS",
    "PercentPhaseFOV": 93.75,
    "PercentSampling": 100,
    "PhaseEncodingSteps": 238,
    "PhaseResolution": 1,
    "PixelBandwidth": 230,
    "ProcedureStepDescription": "MR Scan",
    "ProtocolName": "t1_mprage_sag_p3_iso_1",
    "PulseSequenceDetails": "%SiemensSeq%\\tfl",
    "ReceiveCoilActiveElements": "HEA;HEP",
    "ReceiveCoilName": "Head_32",
    "ReconMatrixPE": 240,
    "RefLinesPE": 32,
    "RepetitionTime": 2.3,
    "SAR": 0.0865389,
    "ScanOptions": "IR",
    "ScanningSequence": "GR\\IR",
    "SequenceName": "*tfl3d1_16ns",
    "SequenceVariant": "SK\\SP\\MP",
    "SeriesDescription": "t1_mprage_sag_p3_iso_1",
    "SeriesNumber": 2,
    "ShimSetting": [
      -4069,
      15336,
      -15557,
      -117,
      159,
      -103,
      -245,
      164
    ],
    "SliceThickness": 1,
    "SoftwareVersions": "syngo MR E11",
    "StationName": "AWP45193",
    "TxRefAmp": 351.411,
    "dataset": "<unset>",
    "modality": "T1w",
    "run_id": 1,
    "session_id": "02",
    "subject_id": "PC217"
  },
  "cjv": 0.34845857597403923,
  "cnr": 3.828175508668912,
  "efc": 0.4919741049384109,
  "fber": 6730.876008462118,
  "fwhm_avg": 3.890023333333333,
  "fwhm_x": 3.85688,
  "fwhm_y": 3.94777,
  "fwhm_z": 3.86542,
  "icvs_csf": 0.16088192241057905,
  "icvs_gm": 0.4537117144382887,
  "icvs_wm": 0.38540636315113225,
  "inu_med": 0.45504729449748993,
  "inu_range": 0.13769518584012985,
  "provenance": {
    "md5sum": "d7caac8f234d05031c6d1d2fd22b079a",
    "settings": {
      "testing": false
    },
    "software": "mriqc",
    "version": "22.0.6",
    "warnings": {
      "large_rot_frame": true,
      "small_air_mask": false
    },
    "webapi_port": null,
    "webapi_url": "https://mriqc.nimh.nih.gov/api/v1"
  },
  "qi_1": 0.048729017173372906,
  "qi_2": 0.017896972275186124,
  "rpve_csf": 32.46858101653805,
  "rpve_gm": 13.088504711533709,
  "rpve_wm": 17.484839488786815,
  "size_x": 192,
  "size_y": 240,
  "size_z": 256,
  "snr_csf": 2.2320670725834195,
  "snr_gm": 10.87437676137607,
  "snr_total": 11.987358084451808,
  "snr_wm": 22.855630419395936,
  "snrd_csf": 9.74769794785342,
  "snrd_gm": 21.54143115288211,
  "snrd_total": 20.788001702997693,
  "snrd_wm": 31.074876008257544,
  "spacing_x": 1.0,
  "spacing_y": 1.0,
  "spacing_z": 1.0,
  "summary_bg_k": 7488.029831465593,
  "summary_bg_mad": 0.0,
  "summary_bg_mean": 3.545351112438174,
  "summary_bg_median": 0.0,
  "summary_bg_n": 2278775.0,
  "summary_bg_p05": 0.0,
  "summary_bg_p95": 17.3684211820364,
  "summary_bg_stdv": 21.082510665756374,
  "summary_csf_k": 20.627038941468335,
  "summary_csf_mad": 126.4113479933682,
  "summary_csf_mean": 322.0336987374436,
  "summary_csf_median": 313.6842128634453,
  "summary_csf_n": 14929.0,
  "summary_csf_p05": 106.378948161006,
  "summary_csf_p95": 530.6315829008818,
  "summary_csf_stdv": 140.53059187699694,
  "summary_gm_k": -0.07066312630191485,
  "summary_gm_mad": 65.07843470769696,
  "summary_gm_mean": 694.1920348932999,
  "summary_gm_median": 693.2105314806104,
  "summary_gm_n": 50547.0,
  "summary_gm_p05": 591.4736886173487,
  "summary_gm_p95": 799.6842164844275,
  "summary_gm_stdv": 63.74651987597791,
  "summary_wm_k": 0.478144548044408,
  "summary_wm_mad": 41.824989212620586,
  "summary_wm_mean": 1000.4088046776994,
  "summary_wm_median": 1000.0000074505806,
  "summary_wm_n": 221741.0,
  "summary_wm_p05": 929.7368490323424,
  "summary_wm_p95": 1072.578955359757,
  "summary_wm_stdv": 43.75279676015614,
  "tpm_overlap_csf": 0.13219648532615536,
  "tpm_overlap_gm": 0.46931665314531895,
  "tpm_overlap_wm": 0.5188636525059802,
  "wm2max": 0.37623195793258807
}