{
  "aor": 0.001793970223325062,
  "aqi": 0.007482916327543423,
  "bids_meta": {
    "AcquisitionMatrixPE": 64,
    "AcquisitionNumber": 1,
    "AcquisitionTime": "11:28:32.682500",
    "BandwidthPerPixelPhaseEncode": 62.5,
    "BaseResolution": 64,
    "BodyPartExamined": "BRAIN",
    "ConsistencyInfo": "N4_VE11C_LATEST_20160120",
    "ConversionSoftware": "dcm2niix",
    "ConversionSoftwareVersion": "v1.0.20210317",
    "DerivedVendorReportedEchoSpacing": 0.0005,
    "DeviceSerialNumber": "45193",
    "DwellTime": 3.1e-06,
    "EchoNumber": 1,
    "EchoTime": 0.0126,
    "EchoTrainLength": 31,
    "EffectiveEchoSpacing": 0.00025,
    "FlipAngle": 56,
    "ImageComments": "Unaliased MB4/PE4/LB",
    "ImageOrientationPatientDICOM": [
      0.999999,
      0.000365464,
      0.00147377,
      -1.6279e-11,
      0.970602,
      -0.240688
    ],
    "ImageType": [
      "ORIGINAL",
      "PRIMARY",
      "M",
      "MB",
      "TE1",
      "ND",
      "NORM",
      "MOSAIC"
    ],
    "ImagingFrequency": 123.247,
    "InPlanePhaseEncodingDirectionDICOM": "ROW",
    "InstitutionAddress": "Blackburn Road 770,Clayton,Victoria,AU,3800",
    "InstitutionName": "Monash Biomedical Imaging",
    "InstitutionalDepartmentName": "Department",
    "MRAcquisitionType": "2D",
    "MagneticFieldStrength": 3,
    "Manufacturer": "Siemens",
    "ManufacturersModelName": "Skyra",
    "Modality": "MR",
    "MultibandAccelerationFactor": 4,
    "ParallelReductionFactorInPlane": 2,
    "PartialFourier": 1,
    "PatientPosition": "HFS",
    "PercentPhaseFOV": 100,
    "PercentSampling": 100,
    "PhaseEncodingDirection": "i",
    "PhaseEncodingSteps": 63,
    "PhaseResolution": 1,
    "PixelBandwidth": 2520,
    "ProcedureStepDescription": "MR Scan",
    "ProtocolName": "Meditation_R-L_mmb_4_4_cmrr_mbep2d_bold_TE_12.6_29.23_45.86_62.5",
    "PulseSequenceDetails": "%CustomerSeq%\\cmrr_mbep2d_bold",
    "ReceiveCoilActiveElements": "HEA;HEP",
    "ReceiveCoilName": "Head_32",
    "ReconMatrixPE": 64,
    "RefLinesPE": 24,
    "RepetitionTime": 0.91,
    "SAR": 0.102136,
    "ScanOptions": "FS",
    "ScanningSequence": "EP",
    "SequenceName": "epfid2d4_64",
    "SequenceVariant": "SK\\SS",
    "SeriesDescription": "Meditation_R-L_mmb_4_4_cmrr_mbep2d_bold_TE_12.6_29.23_45.86_62.5",
    "SeriesNumber": 11,
    "ShimSetting": [
      -4047,
      15390,
      -15162,
      145,
      302,
      327,
      52,
      188
    ],
    "SliceThickness": 3.2,
    "SliceTiming": [
      0,
      0.6225,
      0.3575,
      0.09,
      0.7125,
      0.445,
      0.1775,
      0.8025,
      0.535,
      0.2675,
      0,
      0.6225,
      0.3575,
      0.09,
      0.7125,
      0.445,
      0.1775,
      0.8025,
      0.535,
      0.2675,
      0,
      0.6225,
      0.3575,
      0.09,
      0.7125,
      0.445,
      0.1775,
      0.8025,
      0.535,
      0.2675,
      0,
      0.6225,
      0.3575,
      0.09,
      0.7125,
      0.445,
      0.1775,
      0.8025,
      0.535,
      0.2675
    ],
    "SoftwareVersions": "syngo MR E11",
    "SpacingBetweenSlices": 3.2,
    "StationName": "AWP45193",
    "TaskName": "meditation",
    "TotalReadoutTime": 0.01575,
    "TxRefAmp": 385.979,
    "WipMemBlock": "ab1bb317-9d4b-4bb2-bdec-2671a9f225d3||Sequence: R016 ve11c/master r/e634e98; Dec 19 2017 11:00:25 by eja",
    "dataset": "<unset>",
    "modality": "bold",
    "run_id": 1,
    "session_id": "01",
    "subject_id": "PC009",
    "task_id": "meditation"
  },
  "dummy_trs": 2,
  "dvars_nstd": 25.983815866965173,
  "dvars_std": 1.1802739503980104,
  "dvars_vstd": 0.969621784651742,
  "efc": 0.6130656156880583,
  "fber": 1813.0267333984375,
  "fd_mean": 0.07927643046668582,
  "fd_num": 8,
  "fd_perc": 1.9851116625310175,
  "fwhm_avg": 1.9593362622751147,
  "fwhm_x": 1.8688714563106796,
  "fwhm_y": 2.0010904854368934,
  "fwhm_z": 2.00804684507777,
  "gcor": 0.0225916,
  "gsr_x": 0.01915702223777771,
  "gsr_y": 0.04692723974585533,
  "provenance": {
    "md5sum": "f67962fceed168a4e0e15e0547c35a6b",
    "settings": {
      "fd_thres": 0.2,
      "testing": false
    },
    "software": "mriqc",
    "version": "22.0.6",
    "webapi_port": null,
    "webapi_url": "https://mriqc.nimh.nih.gov/api/v1"
  },
  "size_t": 403,
  "size_x": 64,
  "size_y": 64,
  "size_z": 40,
  "snr": 6.659871459106541,
  "spacing_tr": 0.9100000262260437,
  "spacing_x": 3.21875,
  "spacing_y": 3.21875,
  "spacing_z": 3.200000047683716,
  "summary_bg_k": 6.78344026360875,
  "summary_bg_mad": 151.0801007973614,
  "summary_bg_mean": 612.8390502929688,
  "summary_bg_median": 139.6774139404297,
  "summary_bg_n": 86412.0,
  "summary_bg_p05": 22.18995008468628,
  "summary_bg_p95": 3126.2742919921866,
  "summary_bg_stdv": 1068.908935546875,
  "summary_fg_k": 0.14972420656771712,
  "summary_fg_mad": 916.8407051750592,
  "summary_fg_mean": 6034.396484375,
  "summary_fg_median": 5960.8388671875,
  "summary_fg_n": 40814.0,
  "summary_fg_p05": 4715.144360351563,
  "summary_fg_p95": 7605.259155273437,
  "summary_fg_stdv": 895.0271606445312,
  "tsnr": 56.756975655443966
}