{
  "aor": 0.00026000000000000003,
  "aqi": 0.004214571967654987,
  "bids_meta": {
    "AcquisitionMatrixPE": 64,
    "AcquisitionNumber": 1,
    "AcquisitionTime": "13:47:43.147500",
    "BandwidthPerPixelPhaseEncode": 62.5,
    "BaseResolution": 64,
    "BodyPartExamined": "BRAIN",
    "ConsistencyInfo": "N4_VE11C_LATEST_20160120",
    "ConversionSoftware": "dcm2niix",
    "ConversionSoftwareVersion": "v1.0.20210317",
    "DerivedVendorReportedEchoSpacing": 0.0005,
    "DeviceSerialNumber": "45193",
    "DwellTime": 3.1e-06,
    "EchoNumber": 1,
    "EchoTime": 0.0126,
    "EchoTrainLength": 31,
    "EffectiveEchoSpacing": 0.00025,
    "FlipAngle": 56,
    "ImageComments": "Unaliased MB4/PE4/LB",
    "ImageOrientationPatientDICOM": [
      0.998347,
      0.0100651,
      0.0565852,
      5.0319e-11,
      0.984546,
      -0.175127
    ],
    "ImageType": [
      "ORIGINAL",
      "PRIMARY",
      "M",
      "MB",
      "TE1",
      "ND",
      "NORM",
      "MOSAIC"
    ],
    "ImagingFrequency": 123.252,
    "InPlanePhaseEncodingDirectionDICOM": "ROW",
    "InstitutionAddress": "Blackburn Road 770,Clayton,Victoria,AU,3800",
    "InstitutionName": "Monash Biomedical Imaging",
    "InstitutionalDepartmentName": "Department",
    "MRAcquisitionType": "2D",
    "MagneticFieldStrength": 3,
    "Manufacturer": "Siemens",
    "ManufacturersModelName": "Skyra",
    "Modality": "MR",
    "MultibandAccelerationFactor": 4,
    "ParallelReductionFactorInPlane": 2,
    "PartialFourier": 1,
    "PatientPosition": "HFS",
    "PercentPhaseFOV": 100,
    "PercentSampling": 100,
    "PhaseEncodingDirection": "i",
    "PhaseEncodingSteps": 63,
    "PhaseResolution": 1,
    "PixelBandwidth": 2520,
    "ProcedureStepDescription": "MR Scan",
    "ProtocolName": "Movie_R-L_mmb_4_4_cmrr_mbep2d_bold_TE_12.6_29.23_45.86_62.49",
    "PulseSequenceDetails": "%CustomerSeq%\\cmrr_mbep2d_bold",
    "ReceiveCoilActiveElements": "HEA;HEP",
    "ReceiveCoilName": "Head_32",
    "ReconMatrixPE": 64,
    "RefLinesPE": 24,
    "RepetitionTime": 0.91,
    "SAR": 0.0858951,
    "ScanOptions": "FS",
    "ScanningSequence": "EP",
    "SequenceName": "epfid2d4_64",
    "SequenceVariant": "SK\\SS",
    "SeriesDescription": "Movie_R-L_mmb_4_4_cmrr_mbep2d_bold_TE_12.6_29.23_45.86_62.49",
    "SeriesNumber": 13,
    "ShimSetting": [
      -4096,
      15454,
      -14883,
      466,
      237,
      89,
      -417,
      254
    ],
    "SliceThickness": 3.2,
    "SliceTiming": [
      0,
      0.6225,
      0.3575,
      0.09,
      0.7125,
      0.445,
      0.18,
      0.8025,
      0.535,
      0.2675,
      0,
      0.6225,
      0.3575,
      0.09,
      0.7125,
      0.445,
      0.18,
      0.8025,
      0.535,
      0.2675,
      0,
      0.6225,
      0.3575,
      0.09,
      0.7125,
      0.445,
      0.18,
      0.8025,
      0.535,
      0.2675,
      0,
      0.6225,
      0.3575,
      0.09,
      0.7125,
      0.445,
      0.18,
      0.8025,
      0.535,
      0.2675
    ],
    "SoftwareVersions": "syngo MR E11",
    "SpacingBetweenSlices": 3.2,
    "StationName": "AWP45193",
    "TaskName": "movie",
    "TotalReadoutTime": 0.01575,
    "TxRefAmp": 353.92,
    "WipMemBlock": "b7a7ca15-be28-4538-9120-25b12aed923f||Sequence: R016 ve11c/master r/e634e98; Dec 19 2017 11:00:25 by eja",
    "dataset": "<unset>",
    "modality": "bold",
    "run_id": 1,
    "session_id": "01",
    "subject_id": "PC213",
    "task_id": "movie"
  },
  "dummy_trs": 1,
  "dvars_nstd": 28.950238996189192,
  "dvars_std": 1.311903941810811,
  "dvars_vstd": 0.997829607648649,
  "efc": 0.6082765907982424,
  "fber": 2098.72021484375,
  "fd_mean": 0.05328193315260734,
  "fd_num": 0,
  "fd_perc": 0.0,
  "fwhm_avg": 2.1179813807568384,
  "fwhm_x": 2.038751067961165,
  "fwhm_y": 2.1350431067961164,
  "fwhm_z": 2.1801499675132336,
  "gcor": 0.00258302,
  "gsr_x": -0.007304307073354721,
  "gsr_y": 0.05034635588526726,
  "provenance": {
    "md5sum": "d492634d618d94e7af8976c4ef21cf2e",
    "settings": {
      "fd_thres": 0.2,
      "testing": false
    },
    "software": "mriqc",
    "version": "22.0.6",
    "webapi_port": null,
    "webapi_url": "https://mriqc.nimh.nih.gov/api/v1"
  },
  "size_t": 371,
  "size_x": 64,
  "size_y": 64,
  "size_z": 40,
  "snr": 6.287973296878709,
  "spacing_tr": 0.9100000262260437,
  "spacing_x": 3.21875,
  "spacing_y": 3.21875,
  "spacing_z": 3.200000047683716,
  "summary_bg_k": 5.696852467102529,
  "summary_bg_mad": 135.00470809693942,
  "summary_bg_mean": 619.6947021484375,
  "summary_bg_median": 133.6900177001953,
  "summary_bg_n": 88087.0,
  "summary_bg_p05": 27.12479763031006,
  "summary_bg_p95": 3072.203710937499,
  "summary_bg_stdv": 1034.8511962890625,
  "summary_fg_k": -0.13079598778359358,
  "summary_fg_mad": 1002.6864865120508,
  "summary_fg_mean": 6274.92578125,
  "summary_fg_median": 6163.92431640625,
  "summary_fg_n": 39981.0,
  "summary_fg_p05": 4827.6845703125,
  "summary_fg_p95": 8023.0400390625,
  "summary_fg_stdv": 980.259765625,
  "tsnr": 74.53324070805684
}