{
  "aor": 0.00019600397614314119,
  "aqi": 0.007572085208747515,
  "bids_meta": {
    "AcquisitionMatrixPE": 64,
    "AcquisitionNumber": 1,
    "AcquisitionTime": "13:09:25.512500",
    "BandwidthPerPixelPhaseEncode": 62.5,
    "BaseResolution": 64,
    "BodyPartExamined": "BRAIN",
    "ConsistencyInfo": "N4_VE11C_LATEST_20160120",
    "ConversionSoftware": "dcm2niix",
    "ConversionSoftwareVersion": "v1.0.20210317",
    "DerivedVendorReportedEchoSpacing": 0.0005,
    "DeviceSerialNumber": "45193",
    "DwellTime": 3.1e-06,
    "EchoNumber": 2,
    "EchoTime": 0.02923,
    "EchoTrainLength": 31,
    "EffectiveEchoSpacing": 0.00025,
    "FlipAngle": 56,
    "ImageComments": "Unaliased MB4/PE4/LB",
    "ImageOrientationPatientDICOM": [
      0.998347,
      0.0100651,
      0.0565852,
      5.0319e-11,
      0.984546,
      -0.175127
    ],
    "ImageType": [
      "ORIGINAL",
      "PRIMARY",
      "M",
      "MB",
      "TE2",
      "ND",
      "NORM",
      "MOSAIC"
    ],
    "ImagingFrequency": 123.252,
    "InPlanePhaseEncodingDirectionDICOM": "ROW",
    "InstitutionAddress": "Blackburn Road 770,Clayton,Victoria,AU,3800",
    "InstitutionName": "Monash Biomedical Imaging",
    "InstitutionalDepartmentName": "Department",
    "MRAcquisitionType": "2D",
    "MagneticFieldStrength": 3,
    "Manufacturer": "Siemens",
    "ManufacturersModelName": "Skyra",
    "Modality": "MR",
    "MultibandAccelerationFactor": 4,
    "ParallelReductionFactorInPlane": 2,
    "PartialFourier": 1,
    "PatientPosition": "HFS",
    "PercentPhaseFOV": 100,
    "PercentSampling": 100,
    "PhaseEncodingDirection": "i",
    "PhaseEncodingSteps": 63,
    "PhaseResolution": 1,
    "PixelBandwidth": 2520,
    "ProcedureStepDescription": "MR Scan",
    "ProtocolName": "Rest_R-L_mmb_4_4_cmrr_mbep2d_bold_TE_12.6_29.23_45.86_62.49",
    "PulseSequenceDetails": "%CustomerSeq%\\cmrr_mbep2d_bold",
    "ReceiveCoilActiveElements": "HEA;HEP",
    "ReceiveCoilName": "Head_32",
    "ReconMatrixPE": 64,
    "RefLinesPE": 24,
    "RepetitionTime": 0.91,
    "SAR": 0.086371,
    "ScanOptions": "FS",
    "ScanningSequence": "EP",
    "SequenceName": "epfid2d4_64",
    "SequenceVariant": "SK\\SS",
    "SeriesDescription": "Rest_R-L_mmb_4_4_cmrr_mbep2d_bold_TE_12.6_29.23_45.86_62.49",
    "SeriesNumber": 5,
    "ShimSetting": [
      -4096,
      15454,
      -14883,
      466,
      237,
      89,
      -417,
      254
    ],
    "SliceThickness": 3.2,
    "SliceTiming": [
      0,
      0.6225,
      0.355,
      0.0875,
      0.7125,
      0.445,
      0.1775,
      0.8,
      0.5325,
      0.2675,
      0,
      0.6225,
      0.355,
      0.0875,
      0.7125,
      0.445,
      0.1775,
      0.8,
      0.5325,
      0.2675,
      0,
      0.6225,
      0.355,
      0.0875,
      0.7125,
      0.445,
      0.1775,
      0.8,
      0.5325,
      0.2675,
      0,
      0.6225,
      0.355,
      0.0875,
      0.7125,
      0.445,
      0.1775,
      0.8,
      0.5325,
      0.2675
    ],
    "SoftwareVersions": "syngo MR E11",
    "SpacingBetweenSlices": 3.2,
    "StationName": "AWP45193",
    "TaskName": "rest",
    "TotalReadoutTime": 0.01575,
    "TxRefAmp": 353.92,
    "WipMemBlock": "20dd469b-54f7-4e2d-a9af-ef08f606f743||Sequence: R016 ve11c/master r/e634e98; Dec 19 2017 11:00:25 by eja",
    "dataset": "<unset>",
    "modality": "bold",
    "run_id": 1,
    "session_id": "01",
    "subject_id": "PC213",
    "task_id": "rest"
  },
  "dummy_trs": 1,
  "dvars_nstd": 35.993947564860584,
  "dvars_std": 1.2705847491832665,
  "dvars_vstd": 0.9926037272709165,
  "efc": 0.5523834177385045,
  "fber": 2730.25830078125,
  "fd_mean": 0.05905245519379407,
  "fd_num": 0,
  "fd_perc": 0.0,
  "fwhm_avg": 1.878000542850953,
  "fwhm_x": 1.8447161165048545,
  "fwhm_y": 1.9102011650485438,
  "fwhm_z": 1.8790843469994611,
  "gcor": 0.0256798,
  "gsr_x": -0.0012609045952558517,
  "gsr_y": 0.02566201612353325,
  "provenance": {
    "md5sum": "f438b4305c49df3e974fade31c40370d",
    "settings": {
      "fd_thres": 0.2,
      "testing": false
    },
    "software": "mriqc",
    "version": "22.0.6",
    "webapi_port": null,
    "webapi_url": "https://mriqc.nimh.nih.gov/api/v1"
  },
  "size_t": 503,
  "size_x": 64,
  "size_y": 64,
  "size_z": 40,
  "snr": 5.002110556487949,
  "spacing_tr": 0.9100000262260437,
  "spacing_x": 3.21875,
  "spacing_y": 3.21875,
  "spacing_z": 3.200000047683716,
  "summary_bg_k": 54.47889641743063,
  "summary_bg_mad": 80.25062695289648,
  "summary_bg_mean": 235.4226837158203,
  "summary_bg_median": 87.69780731201172,
  "summary_bg_n": 90582.0,
  "summary_bg_p05": 21.16729612350464,
  "summary_bg_p95": 999.031964111328,
  "summary_bg_stdv": 452.00469970703125,
  "summary_fg_k": 1.475581969201178,
  "summary_fg_mad": 868.1311051151449,
  "summary_fg_mean": 4706.97607421875,
  "summary_fg_median": 4598.6826171875,
  "summary_fg_n": 37450.0,
  "summary_fg_p05": 3449.803747558594,
  "summary_fg_p95": 6328.415014648437,
  "summary_fg_stdv": 919.336181640625,
  "tsnr": 52.766914220992476
}