{
  "aor": 0.00018394,
  "aqi": 0.00451517626,
  "bids_meta": {
    "AcquisitionMatrixPE": 64,
    "AcquisitionNumber": 1,
    "AcquisitionTime": "13:09:25.495000",
    "BandwidthPerPixelPhaseEncode": 62.5,
    "BaseResolution": 64,
    "BodyPartExamined": "BRAIN",
    "ConsistencyInfo": "N4_VE11C_LATEST_20160120",
    "ConversionSoftware": "dcm2niix",
    "ConversionSoftwareVersion": "v1.0.20210317",
    "DerivedVendorReportedEchoSpacing": 0.0005,
    "DeviceSerialNumber": "45193",
    "DwellTime": 3.1e-06,
    "EchoNumber": 1,
    "EchoTime": 0.0126,
    "EchoTrainLength": 31,
    "EffectiveEchoSpacing": 0.00025,
    "FlipAngle": 56,
    "ImageComments": "Unaliased MB4/PE4/LB",
    "ImageOrientationPatientDICOM": [
      0.998347,
      0.0100651,
      0.0565852,
      5.0319e-11,
      0.984546,
      -0.175127
    ],
    "ImageType": [
      "ORIGINAL",
      "PRIMARY",
      "M",
      "MB",
      "TE1",
      "ND",
      "NORM",
      "MOSAIC"
    ],
    "ImagingFrequency": 123.252,
    "InPlanePhaseEncodingDirectionDICOM": "ROW",
    "InstitutionAddress": "Blackburn Road 770,Clayton,Victoria,AU,3800",
    "InstitutionName": "Monash Biomedical Imaging",
    "InstitutionalDepartmentName": "Department",
    "MRAcquisitionType": "2D",
    "MagneticFieldStrength": 3,
    "Manufacturer": "Siemens",
    "ManufacturersModelName": "Skyra",
    "Modality": "MR",
    "MultibandAccelerationFactor": 4,
    "ParallelReductionFactorInPlane": 2,
    "PartialFourier": 1,
    "PatientPosition": "HFS",
    "PercentPhaseFOV": 100,
    "PercentSampling": 100,
    "PhaseEncodingDirection": "i",
    "PhaseEncodingSteps": 63,
    "PhaseResolution": 1,
    "PixelBandwidth": 2520,
    "ProcedureStepDescription": "MR Scan",
    "ProtocolName": "Rest_R-L_mmb_4_4_cmrr_mbep2d_bold_TE_12.6_29.23_45.86_62.49",
    "PulseSequenceDetails": "%CustomerSeq%\\cmrr_mbep2d_bold",
    "ReceiveCoilActiveElements": "HEA;HEP",
    "ReceiveCoilName": "Head_32",
    "ReconMatrixPE": 64,
    "RefLinesPE": 24,
    "RepetitionTime": 0.91,
    "SAR": 0.086371,
    "ScanOptions": "FS",
    "ScanningSequence": "EP",
    "SequenceName": "epfid2d4_64",
    "SequenceVariant": "SK\\SS",
    "SeriesDescription": "Rest_R-L_mmb_4_4_cmrr_mbep2d_bold_TE_12.6_29.23_45.86_62.49",
    "SeriesNumber": 5,
    "ShimSetting": [
      -4096,
      15454,
      -14883,
      466,
      237,
      89,
      -417,
      254
    ],
    "SliceThickness": 3.2,
    "SliceTiming": [
      0,
      0.6225,
      0.355,
      0.09,
      0.7125,
      0.445,
      0.1775,
      0.8,
      0.535,
      0.2675,
      0,
      0.6225,
      0.355,
      0.09,
      0.7125,
      0.445,
      0.1775,
      0.8,
      0.535,
      0.2675,
      0,
      0.6225,
      0.355,
      0.09,
      0.7125,
      0.445,
      0.1775,
      0.8,
      0.535,
      0.2675,
      0,
      0.6225,
      0.355,
      0.09,
      0.7125,
      0.445,
      0.1775,
      0.8,
      0.535,
      0.2675
    ],
    "SoftwareVersions": "syngo MR E11",
    "SpacingBetweenSlices": 3.2,
    "StationName": "AWP45193",
    "TaskName": "rest",
    "TotalReadoutTime": 0.01575,
    "TxRefAmp": 353.92,
    "WipMemBlock": "20dd469b-54f7-4e2d-a9af-ef08f606f743||Sequence: R016 ve11c/master r/e634e98; Dec 19 2017 11:00:25 by eja",
    "dataset": "<unset>",
    "modality": "bold",
    "run_id": 1,
    "session_id": "01",
    "subject_id": "PC213",
    "task_id": "rest"
  },
  "dummy_trs": 4,
  "dvars_nstd": 29.02584089691385,
  "dvars_std": 1.3188615321242498,
  "dvars_vstd": 0.9888747701803609,
  "efc": 0.6065660812369384,
  "fber": 2227.628173828125,
  "fd_mean": 0.05246451976387893,
  "fd_num": 0,
  "fd_perc": 0.0,
  "fwhm_avg": 2.1343532233279916,
  "fwhm_x": 2.061530097087379,
  "fwhm_y": 2.1480139805825242,
  "fwhm_z": 2.193515592314071,
  "gcor": 0.0378358,
  "gsr_x": -0.006905679125338793,
  "gsr_y": 0.05254363268613815,
  "provenance": {
    "md5sum": "c2747350dc33f4b06ef63adbc4b1024a",
    "settings": {
      "fd_thres": 0.2,
      "testing": false
    },
    "software": "mriqc",
    "version": "22.0.6",
    "webapi_port": null,
    "webapi_url": "https://mriqc.nimh.nih.gov/api/v1"
  },
  "size_t": 500,
  "size_x": 64,
  "size_y": 64,
  "size_z": 40,
  "snr": 6.15312589036274,
  "spacing_tr": 0.9100000262260437,
  "spacing_x": 3.21875,
  "spacing_y": 3.21875,
  "spacing_z": 3.200000047683716,
  "summary_bg_k": 6.7439359922084705,
  "summary_bg_mad": 133.6654942987134,
  "summary_bg_mean": 619.2869873046875,
  "summary_bg_median": 130.84800720214844,
  "summary_bg_n": 88075.0,
  "summary_bg_p05": 26.04400062561035,
  "summary_bg_p95": 3080.4082275390647,
  "summary_bg_stdv": 1056.1905517578125,
  "summary_fg_k": -0.06749426194722297,
  "summary_fg_mad": 1018.4641105604983,
  "summary_fg_mean": 6313.0478515625,
  "summary_fg_median": 6196.755859375,
  "summary_fg_n": 40044.0,
  "summary_fg_p05": 4819.8187255859375,
  "summary_fg_p95": 8116.700708007812,
  "summary_fg_stdv": 1007.078125,
  "tsnr": 70.56923045776784
}