{
  "aor": 0.0002296236559139785,
  "aqi": 0.00930526994623656,
  "bids_meta": {
    "AcquisitionMatrixPE": 64,
    "AcquisitionNumber": 1,
    "AcquisitionTime": "12:18:49.520000",
    "BandwidthPerPixelPhaseEncode": 62.5,
    "BaseResolution": 64,
    "BodyPartExamined": "BRAIN",
    "ConsistencyInfo": "N4_VE11C_LATEST_20160120",
    "ConversionSoftware": "dcm2niix",
    "ConversionSoftwareVersion": "v1.0.20210317",
    "DerivedVendorReportedEchoSpacing": 0.0005,
    "DeviceSerialNumber": "45193",
    "DwellTime": 3.1e-06,
    "EchoNumber": 3,
    "EchoTime": 0.04586,
    "EchoTrainLength": 31,
    "EffectiveEchoSpacing": 0.00025,
    "FlipAngle": 56,
    "ImageComments": "Unaliased MB4/PE4/LB",
    "ImageOrientationPatientDICOM": [
      0.999802,
      0.0053414,
      0.0191615,
      -0.00174499,
      0.983111,
      -0.183
    ],
    "ImageType": [
      "ORIGINAL",
      "PRIMARY",
      "M",
      "MB",
      "TE3",
      "ND",
      "NORM",
      "MOSAIC"
    ],
    "ImagingFrequency": 123.252,
    "InPlanePhaseEncodingDirectionDICOM": "ROW",
    "InstitutionAddress": "Blackburn Road 770,Clayton,Victoria,AU,3800",
    "InstitutionName": "Monash Biomedical Imaging",
    "InstitutionalDepartmentName": "Department",
    "MRAcquisitionType": "2D",
    "MagneticFieldStrength": 3,
    "Manufacturer": "Siemens",
    "ManufacturersModelName": "Skyra",
    "Modality": "MR",
    "MultibandAccelerationFactor": 4,
    "ParallelReductionFactorInPlane": 2,
    "PartialFourier": 1,
    "PatientPosition": "HFS",
    "PercentPhaseFOV": 100,
    "PercentSampling": 100,
    "PhaseEncodingDirection": "i",
    "PhaseEncodingSteps": 63,
    "PhaseResolution": 1,
    "PixelBandwidth": 2520,
    "ProcedureStepDescription": "MR Scan",
    "ProtocolName": "Movie_R-L_mmb_4_4_cmrr_mbep2d_bold_TE_12.6_29.23_45.86_62.49",
    "PulseSequenceDetails": "%CustomerSeq%\\cmrr_mbep2d_bold",
    "ReceiveCoilActiveElements": "HEA;HEP",
    "ReceiveCoilName": "Head_32",
    "ReconMatrixPE": 64,
    "RefLinesPE": 24,
    "RepetitionTime": 0.91,
    "SAR": 0.0940845,
    "ScanOptions": "FS",
    "ScanningSequence": "EP",
    "SequenceName": "epfid2d4_64",
    "SequenceVariant": "SK\\SS",
    "SeriesDescription": "Movie_R-L_mmb_4_4_cmrr_mbep2d_bold_TE_12.6_29.23_45.86_62.49",
    "SeriesNumber": 13,
    "ShimSetting": [
      -4120,
      15380,
      -15024,
      501,
      203,
      19,
      -34,
      105
    ],
    "SliceThickness": 3.2,
    "SliceTiming": [
      0,
      0.6225,
      0.355,
      0.0875,
      0.71,
      0.4425,
      0.1775,
      0.8,
      0.5325,
      0.265,
      0,
      0.6225,
      0.355,
      0.0875,
      0.71,
      0.4425,
      0.1775,
      0.8,
      0.5325,
      0.265,
      0,
      0.6225,
      0.355,
      0.0875,
      0.71,
      0.4425,
      0.1775,
      0.8,
      0.5325,
      0.265,
      0,
      0.6225,
      0.355,
      0.0875,
      0.71,
      0.4425,
      0.1775,
      0.8,
      0.5325,
      0.265
    ],
    "SoftwareVersions": "syngo MR E11",
    "SpacingBetweenSlices": 3.2,
    "StationName": "AWP45193",
    "TaskName": "movie",
    "TotalReadoutTime": 0.01575,
    "TxRefAmp": 379.466,
    "WipMemBlock": "8848d94f-055a-44d4-840d-5a0ce6a7f206||Sequence: R016 ve11c/master r/e634e98; Dec 19 2017 11:00:25 by eja",
    "dataset": "<unset>",
    "modality": "bold",
    "run_id": 1,
    "session_id": "01",
    "subject_id": "PC208",
    "task_id": "movie"
  },
  "dummy_trs": 0,
  "dvars_nstd": 36.62390898649598,
  "dvars_std": 1.118741034663072,
  "dvars_vstd": 0.9920689776280325,
  "efc": 0.4824950614126182,
  "fber": 3089.42578125,
  "fd_mean": 0.05144102628392362,
  "fd_num": 1,
  "fd_perc": 0.26881720430107525,
  "fwhm_avg": 1.6467108313555834,
  "fwhm_x": 1.6042438834951456,
  "fwhm_y": 1.7160730097087378,
  "fwhm_z": 1.6198156008628668,
  "gcor": 0.0116484,
  "gsr_x": -0.0005879823002032936,
  "gsr_y": 0.02260773815214634,
  "provenance": {
    "md5sum": "b2184da292284c09ff8d967a4dceacf3",
    "settings": {
      "fd_thres": 0.2,
      "testing": false
    },
    "software": "mriqc",
    "version": "22.0.6",
    "webapi_port": null,
    "webapi_url": "https://mriqc.nimh.nih.gov/api/v1"
  },
  "size_t": 372,
  "size_x": 64,
  "size_y": 64,
  "size_z": 40,
  "snr": 4.366416319287078,
  "spacing_tr": 0.9100000262260437,
  "spacing_x": 3.21875,
  "spacing_y": 3.21875,
  "spacing_z": 3.200000047683716,
  "summary_bg_k": 202.03118977467784,
  "summary_bg_mad": 51.12187707576669,
  "summary_bg_mean": 123.4251937866211,
  "summary_bg_median": 62.86021423339844,
  "summary_bg_n": 101963.0,
  "summary_bg_p05": 18.940860748291016,
  "summary_bg_p95": 430.5943481445308,
  "summary_bg_stdv": 217.0348358154297,
  "summary_fg_k": 4.809567203077212,
  "summary_fg_mad": 656.6570465108871,
  "summary_fg_mean": 3577.566650390625,
  "summary_fg_median": 3459.895263671875,
  "summary_fg_n": 28025.0,
  "summary_fg_p05": 2586.72099609375,
  "summary_fg_p95": 4892.5125,
  "summary_fg_stdv": 792.3737182617188,
  "tsnr": 42.14729358209297
}