{
  "aor": 0.0004306913580246914,
  "aqi": 0.014271732320987652,
  "bids_meta": {
    "AcquisitionMatrixPE": 64,
    "AcquisitionNumber": 1,
    "AcquisitionTime": "10:36:7.860000",
    "BandwidthPerPixelPhaseEncode": 62.5,
    "BaseResolution": 64,
    "BodyPartExamined": "BRAIN",
    "ConsistencyInfo": "N4_VE11C_LATEST_20160120",
    "ConversionSoftware": "dcm2niix",
    "ConversionSoftwareVersion": "v1.0.20210317",
    "DerivedVendorReportedEchoSpacing": 0.0005,
    "DeviceSerialNumber": "45193",
    "DwellTime": 3.1e-06,
    "EchoNumber": 3,
    "EchoTime": 0.04586,
    "EchoTrainLength": 31,
    "EffectiveEchoSpacing": 0.00025,
    "FlipAngle": 56,
    "ImageComments": "Unaliased MB4/PE4/LB",
    "ImageOrientationPatientDICOM": [
      0.999972,
      -0.000724359,
      -0.00742247,
      -1.9994e-11,
      0.995272,
      -0.0971285
    ],
    "ImageType": [
      "ORIGINAL",
      "PRIMARY",
      "M",
      "MB",
      "TE3",
      "ND",
      "NORM",
      "MOSAIC"
    ],
    "ImagingFrequency": 123.252,
    "InPlanePhaseEncodingDirectionDICOM": "ROW",
    "InstitutionAddress": "Blackburn Road 770,Clayton,Victoria,AU,3800",
    "InstitutionName": "Monash Biomedical Imaging",
    "InstitutionalDepartmentName": "Department",
    "MRAcquisitionType": "2D",
    "MagneticFieldStrength": 3,
    "Manufacturer": "Siemens",
    "ManufacturersModelName": "Skyra",
    "Modality": "MR",
    "MultibandAccelerationFactor": 4,
    "ParallelReductionFactorInPlane": 2,
    "PartialFourier": 1,
    "PatientPosition": "HFS",
    "PercentPhaseFOV": 100,
    "PercentSampling": 100,
    "PhaseEncodingDirection": "i",
    "PhaseEncodingSteps": 63,
    "PhaseResolution": 1,
    "PixelBandwidth": 2520,
    "ProcedureStepDescription": "MR Scan",
    "ProtocolName": "Meditation_R-L_mmb_4_4_cmrr_mbep2d_bold_TE_12.6_29.23_45.86_62.5",
    "PulseSequenceDetails": "%CustomerSeq%\\cmrr_mbep2d_bold",
    "ReceiveCoilActiveElements": "HEA;HEP",
    "ReceiveCoilName": "Head_32",
    "ReconMatrixPE": 64,
    "RefLinesPE": 24,
    "RepetitionTime": 0.91,
    "SAR": 0.0944531,
    "ScanOptions": "FS",
    "ScanningSequence": "EP",
    "SequenceName": "epfid2d4_64",
    "SequenceVariant": "SK\\SS",
    "SeriesDescription": "Meditation_R-L_mmb_4_4_cmrr_mbep2d_bold_TE_12.6_29.23_45.86_62.5",
    "SeriesNumber": 10,
    "ShimSetting": [
      -4124,
      15318,
      -15112,
      521,
      192,
      -398,
      -62,
      66
    ],
    "SliceThickness": 3.2,
    "SliceTiming": [
      0,
      0.6225,
      0.355,
      0.09,
      0.7125,
      0.445,
      0.1775,
      0.8,
      0.535,
      0.2675,
      0,
      0.6225,
      0.355,
      0.09,
      0.7125,
      0.445,
      0.1775,
      0.8,
      0.535,
      0.2675,
      0,
      0.6225,
      0.355,
      0.09,
      0.7125,
      0.445,
      0.1775,
      0.8,
      0.535,
      0.2675,
      0,
      0.6225,
      0.355,
      0.09,
      0.7125,
      0.445,
      0.1775,
      0.8,
      0.535,
      0.2675
    ],
    "SoftwareVersions": "syngo MR E11",
    "SpacingBetweenSlices": 3.2,
    "StationName": "AWP45193",
    "TaskName": "meditation",
    "TotalReadoutTime": 0.01575,
    "TxRefAmp": 379.625,
    "WipMemBlock": "8e2267cc-9c2d-47f3-adbe-3146421a00dc||Sequence: R016 ve11c/master r/e634e98; Dec 19 2017 11:00:25 by eja",
    "dataset": "<unset>",
    "modality": "bold",
    "run_id": 1,
    "session_id": "01",
    "subject_id": "PC209",
    "task_id": "meditation"
  },
  "dummy_trs": 0,
  "dvars_nstd": 40.039380488985145,
  "dvars_std": 1.1065618553960401,
  "dvars_vstd": 0.969896172722773,
  "efc": 0.5259634547126958,
  "fber": 2602.211669921875,
  "fd_mean": 0.09306356760458201,
  "fd_num": 20,
  "fd_perc": 4.938271604938271,
  "fwhm_avg": 1.6366052061151626,
  "fwhm_x": 1.538140582524272,
  "fwhm_y": 1.7034563106796115,
  "fwhm_z": 1.6682187251416039,
  "gcor": 0.0233285,
  "gsr_x": -0.0022704799193888903,
  "gsr_y": 0.029018530622124672,
  "provenance": {
    "md5sum": "c37c010fd5434bb90371aa79406d5705",
    "settings": {
      "fd_thres": 0.2,
      "testing": false
    },
    "software": "mriqc",
    "version": "22.0.6",
    "webapi_port": null,
    "webapi_url": "https://mriqc.nimh.nih.gov/api/v1"
  },
  "size_t": 405,
  "size_x": 64,
  "size_y": 64,
  "size_z": 40,
  "snr": 3.657853568395496,
  "spacing_tr": 0.9100000262260437,
  "spacing_x": 3.21875,
  "spacing_y": 3.21875,
  "spacing_z": 3.200000047683716,
  "summary_bg_k": 190.66462702496247,
  "summary_bg_mad": 52.81359235589883,
  "summary_bg_mean": 126.7960205078125,
  "summary_bg_median": 64.82222747802734,
  "summary_bg_n": 91935.0,
  "summary_bg_p05": 17.989383316040037,
  "summary_bg_p95": 424.76421813964856,
  "summary_bg_stdv": 217.07093811035156,
  "summary_fg_k": 4.786004324816921,
  "summary_fg_mad": 723.6912263102922,
  "summary_fg_mean": 3484.3740234375,
  "summary_fg_median": 3334.900146484375,
  "summary_fg_n": 35602.0,
  "summary_fg_p05": 2394.35390625,
  "summary_fg_p95": 5065.5377441406235,
  "summary_fg_stdv": 911.69677734375,
  "tsnr": 32.008553652092814
}