{
  "aor": 0.00020918650793650797,
  "aqi": 0.014087816666666668,
  "bids_meta": {
    "AcquisitionMatrixPE": 64,
    "AcquisitionNumber": 1,
    "AcquisitionTime": "09:22:19.620000",
    "BandwidthPerPixelPhaseEncode": 62.5,
    "BaseResolution": 64,
    "BodyPartExamined": "BRAIN",
    "ConsistencyInfo": "N4_VE11C_LATEST_20160120",
    "ConversionSoftware": "dcm2niix",
    "ConversionSoftwareVersion": "v1.0.20210317",
    "DerivedVendorReportedEchoSpacing": 0.0005,
    "DeviceSerialNumber": "45193",
    "DwellTime": 3.1e-06,
    "EchoNumber": 3,
    "EchoTime": 0.04586,
    "EchoTrainLength": 31,
    "EffectiveEchoSpacing": 0.00025,
    "FlipAngle": 56,
    "ImageComments": "Unaliased MB4/PE4/LB",
    "ImageOrientationPatientDICOM": [
      0.999447,
      0.00431798,
      0.032967,
      -2.03969e-10,
      0.991531,
      -0.129869
    ],
    "ImageType": [
      "ORIGINAL",
      "PRIMARY",
      "M",
      "MB",
      "TE3",
      "ND",
      "NORM",
      "MOSAIC"
    ],
    "ImagingFrequency": 123.247,
    "InPlanePhaseEncodingDirectionDICOM": "ROW",
    "InstitutionAddress": "Blackburn Road 770,Clayton,Victoria,AU,3800",
    "InstitutionName": "Monash Biomedical Imaging",
    "InstitutionalDepartmentName": "Department",
    "MRAcquisitionType": "2D",
    "MagneticFieldStrength": 3,
    "Manufacturer": "Siemens",
    "ManufacturersModelName": "Skyra",
    "Modality": "MR",
    "MultibandAccelerationFactor": 4,
    "ParallelReductionFactorInPlane": 2,
    "PartialFourier": 1,
    "PatientPosition": "HFS",
    "PercentPhaseFOV": 100,
    "PercentSampling": 100,
    "PhaseEncodingDirection": "i",
    "PhaseEncodingSteps": 63,
    "PhaseResolution": 1,
    "PixelBandwidth": 2520,
    "ProcedureStepDescription": "MR Scan",
    "ProtocolName": "Rest_R-L_mmb_4_4_cmrr_mbep2d_bold_TE_12.6_29.23_45.86_62.49",
    "PulseSequenceDetails": "%CustomerSeq%\\cmrr_mbep2d_bold",
    "ReceiveCoilActiveElements": "HEA;HEP",
    "ReceiveCoilName": "Head_32",
    "ReconMatrixPE": 64,
    "RefLinesPE": 24,
    "RepetitionTime": 0.91,
    "SAR": 0.0900909,
    "ScanOptions": "FS",
    "ScanningSequence": "EP",
    "SequenceName": "epfid2d4_64",
    "SequenceVariant": "SK\\SS",
    "SeriesDescription": "Rest_R-L_mmb_4_4_cmrr_mbep2d_bold_TE_12.6_29.23_45.86_62.49",
    "SeriesNumber": 4,
    "ShimSetting": [
      -4105,
      15341,
      -15352,
      490,
      347,
      -36,
      -316,
      293
    ],
    "SliceThickness": 3.2,
    "SliceTiming": [
      0,
      0.6225,
      0.3575,
      0.09,
      0.7125,
      0.445,
      0.1775,
      0.8025,
      0.535,
      0.2675,
      0,
      0.6225,
      0.3575,
      0.09,
      0.7125,
      0.445,
      0.1775,
      0.8025,
      0.535,
      0.2675,
      0,
      0.6225,
      0.3575,
      0.09,
      0.7125,
      0.445,
      0.1775,
      0.8025,
      0.535,
      0.2675,
      0,
      0.6225,
      0.3575,
      0.09,
      0.7125,
      0.445,
      0.1775,
      0.8025,
      0.535,
      0.2675
    ],
    "SoftwareVersions": "syngo MR E11",
    "SpacingBetweenSlices": 3.2,
    "StationName": "AWP45193",
    "TaskName": "rest",
    "TotalReadoutTime": 0.01575,
    "TxRefAmp": 386.259,
    "WipMemBlock": "6b03e500-ec92-4c5d-b116-c50e862fda02||Sequence: R016 ve11c/master r/e634e98; Dec 19 2017 11:00:25 by eja",
    "dataset": "<unset>",
    "modality": "bold",
    "run_id": 1,
    "session_id": "01",
    "subject_id": "PC015",
    "task_id": "rest"
  },
  "dummy_trs": 0,
  "dvars_nstd": 49.23517484260434,
  "dvars_std": 1.1469400533797216,
  "dvars_vstd": 0.9755729043538766,
  "efc": 0.4755894756022026,
  "fber": 2743.708984375,
  "fd_mean": 0.10671261085229691,
  "fd_num": 21,
  "fd_perc": 4.166666666666667,
  "fwhm_avg": 1.7809733728716302,
  "fwhm_x": 1.7126803883495145,
  "fwhm_y": 1.8172147572815536,
  "fwhm_z": 1.8130249729838226,
  "gcor": 0.0240044,
  "gsr_x": 0.0023846267722547054,
  "gsr_y": 0.010872571729123592,
  "provenance": {
    "md5sum": "d7acdc05dc36075bb13322b9137aa791",
    "settings": {
      "fd_thres": 0.2,
      "testing": false
    },
    "software": "mriqc",
    "version": "22.0.6",
    "webapi_port": null,
    "webapi_url": "https://mriqc.nimh.nih.gov/api/v1"
  },
  "size_t": 504,
  "size_x": 64,
  "size_y": 64,
  "size_z": 40,
  "snr": 3.35892865397486,
  "spacing_tr": 0.9100000262260437,
  "spacing_x": 3.21875,
  "spacing_y": 3.21875,
  "spacing_z": 3.200000047683716,
  "summary_bg_k": 157.78665324407058,
  "summary_bg_mad": 39.84052319300747,
  "summary_bg_mean": 100.1723403930664,
  "summary_bg_median": 54.36309814453125,
  "summary_bg_n": 101798.0,
  "summary_bg_p05": 19.505952835083008,
  "summary_bg_p95": 324.0212554931636,
  "summary_bg_stdv": 165.5576629638672,
  "summary_fg_k": 5.302629039474512,
  "summary_fg_mad": 597.8960839007576,
  "summary_fg_mean": 3029.961669921875,
  "summary_fg_median": 2869.002197265625,
  "summary_fg_n": 28294.0,
  "summary_fg_p05": 2064.721435546875,
  "summary_fg_p95": 4582.908520507812,
  "summary_fg_stdv": 854.126953125,
  "tsnr": 30.88764374051243
}