{
  "aor": 0.00034587654320987656,
  "aqi": 0.015684419259259258,
  "bids_meta": {
    "AcquisitionMatrixPE": 64,
    "AcquisitionNumber": 1,
    "AcquisitionTime": "09:41:22.662500",
    "BandwidthPerPixelPhaseEncode": 62.5,
    "BaseResolution": 64,
    "BodyPartExamined": "BRAIN",
    "ConsistencyInfo": "N4_VE11C_LATEST_20160120",
    "ConversionSoftware": "dcm2niix",
    "ConversionSoftwareVersion": "v1.0.20210317",
    "DerivedVendorReportedEchoSpacing": 0.0005,
    "DeviceSerialNumber": "45193",
    "DwellTime": 3.1e-06,
    "EchoNumber": 4,
    "EchoTime": 0.06249,
    "EchoTrainLength": 31,
    "EffectiveEchoSpacing": 0.00025,
    "FlipAngle": 56,
    "ImageComments": "Unaliased MB4/PE4/LB",
    "ImageOrientationPatientDICOM": [
      0.999447,
      0.00431798,
      0.032967,
      -2.03969e-10,
      0.991531,
      -0.129869
    ],
    "ImageType": [
      "ORIGINAL",
      "PRIMARY",
      "M",
      "MB",
      "TE4",
      "ND",
      "NORM",
      "MOSAIC"
    ],
    "ImagingFrequency": 123.247,
    "InPlanePhaseEncodingDirectionDICOM": "ROW",
    "InstitutionAddress": "Blackburn Road 770,Clayton,Victoria,AU,3800",
    "InstitutionName": "Monash Biomedical Imaging",
    "InstitutionalDepartmentName": "Department",
    "MRAcquisitionType": "2D",
    "MagneticFieldStrength": 3,
    "Manufacturer": "Siemens",
    "ManufacturersModelName": "Skyra",
    "Modality": "MR",
    "MultibandAccelerationFactor": 4,
    "ParallelReductionFactorInPlane": 2,
    "PartialFourier": 1,
    "PatientPosition": "HFS",
    "PercentPhaseFOV": 100,
    "PercentSampling": 100,
    "PhaseEncodingDirection": "i",
    "PhaseEncodingSteps": 63,
    "PhaseResolution": 1,
    "PixelBandwidth": 2520,
    "ProcedureStepDescription": "MR Scan",
    "ProtocolName": "Meditation_R-L_mmb_4_4_cmrr_mbep2d_bold_TE_12.6_29.23_45.86_62.5",
    "PulseSequenceDetails": "%CustomerSeq%\\cmrr_mbep2d_bold",
    "ReceiveCoilActiveElements": "HEA;HEP",
    "ReceiveCoilName": "Head_32",
    "ReconMatrixPE": 64,
    "RefLinesPE": 24,
    "RepetitionTime": 0.91,
    "SAR": 0.0897462,
    "ScanOptions": "FS",
    "ScanningSequence": "EP",
    "SequenceName": "epfid2d4_64",
    "SequenceVariant": "SK\\SS",
    "SeriesDescription": "Meditation_R-L_mmb_4_4_cmrr_mbep2d_bold_TE_12.6_29.23_45.86_62.5",
    "SeriesNumber": 9,
    "ShimSetting": [
      -4105,
      15341,
      -15352,
      490,
      347,
      -36,
      -316,
      293
    ],
    "SliceThickness": 3.2,
    "SliceTiming": [
      0,
      0.625,
      0.3575,
      0.09,
      0.7125,
      0.445,
      0.18,
      0.8025,
      0.535,
      0.2675,
      0,
      0.625,
      0.3575,
      0.09,
      0.7125,
      0.445,
      0.18,
      0.8025,
      0.535,
      0.2675,
      0,
      0.625,
      0.3575,
      0.09,
      0.7125,
      0.445,
      0.18,
      0.8025,
      0.535,
      0.2675,
      0,
      0.625,
      0.3575,
      0.09,
      0.7125,
      0.445,
      0.18,
      0.8025,
      0.535,
      0.2675
    ],
    "SoftwareVersions": "syngo MR E11",
    "SpacingBetweenSlices": 3.2,
    "StationName": "AWP45193",
    "TaskName": "meditation",
    "TotalReadoutTime": 0.01575,
    "TxRefAmp": 386.259,
    "WipMemBlock": "b7fc2fe4-ec00-47ae-bb54-e877831881f9||Sequence: R016 ve11c/master r/e634e98; Dec 19 2017 11:00:25 by eja",
    "dataset": "<unset>",
    "modality": "bold",
    "run_id": 1,
    "session_id": "01",
    "subject_id": "PC015",
    "task_id": "meditation"
  },
  "dummy_trs": 0,
  "dvars_nstd": 63.11508806628713,
  "dvars_std": 1.1647872651732667,
  "dvars_vstd": 0.9971961821782183,
  "efc": 0.4523817038503574,
  "fber": 1988.104248046875,
  "fd_mean": 0.10697958277164286,
  "fd_num": 20,
  "fd_perc": 4.938271604938271,
  "fwhm_avg": 1.777715791996215,
  "fwhm_x": 1.705506796116505,
  "fwhm_y": 1.8208031067961166,
  "fwhm_z": 1.8068374730760235,
  "gcor": 0.0230205,
  "gsr_x": -0.004997990094125271,
  "gsr_y": 0.013195495121181011,
  "provenance": {
    "md5sum": "3c57b6708f217ae539b2fbbab91f7a25",
    "settings": {
      "fd_thres": 0.2,
      "testing": false
    },
    "software": "mriqc",
    "version": "22.0.6",
    "webapi_port": null,
    "webapi_url": "https://mriqc.nimh.nih.gov/api/v1"
  },
  "size_t": 405,
  "size_x": 64,
  "size_y": 64,
  "size_z": 40,
  "snr": 2.3346370403039316,
  "spacing_tr": 0.9100000262260437,
  "spacing_x": 3.21875,
  "spacing_y": 3.21875,
  "spacing_z": 3.200000047683716,
  "summary_bg_k": 311.18129004694276,
  "summary_bg_mad": 30.212140363932825,
  "summary_bg_mean": 77.12980651855469,
  "summary_bg_median": 46.543212890625,
  "summary_bg_n": 104312.0,
  "summary_bg_p05": 17.88148307800293,
  "summary_bg_p95": 233.14137344360347,
  "summary_bg_stdv": 122.97319030761719,
  "summary_fg_k": 8.387608352852437,
  "summary_fg_mad": 503.56135516886775,
  "summary_fg_mean": 2313.42431640625,
  "summary_fg_median": 2106.792724609375,
  "summary_fg_n": 25695.0,
  "summary_fg_p05": 1432.6909301757812,
  "summary_fg_p95": 4018.519897460937,
  "summary_fg_stdv": 902.389404296875,
  "tsnr": 25.386020848993212
}