{
  "aor": 0.0017291397849462367,
  "aqi": 0.014087848387096775,
  "bids_meta": {
    "AcquisitionMatrixPE": 64,
    "AcquisitionNumber": 1,
    "AcquisitionTime": "10:00:28.612500",
    "BandwidthPerPixelPhaseEncode": 62.5,
    "BaseResolution": 64,
    "BodyPartExamined": "BRAIN",
    "ConsistencyInfo": "N4_VE11C_LATEST_20160120",
    "ConversionSoftware": "dcm2niix",
    "ConversionSoftwareVersion": "v1.0.20210317",
    "DerivedVendorReportedEchoSpacing": 0.0005,
    "DeviceSerialNumber": "45193",
    "DwellTime": 3.1e-06,
    "EchoNumber": 4,
    "EchoTime": 0.06249,
    "EchoTrainLength": 31,
    "EffectiveEchoSpacing": 0.00025,
    "FlipAngle": 56,
    "ImageComments": "Unaliased MB4/PE4/LB",
    "ImageOrientationPatientDICOM": [
      0.999447,
      0.00431798,
      0.032967,
      -2.03969e-10,
      0.991531,
      -0.129869
    ],
    "ImageType": [
      "ORIGINAL",
      "PRIMARY",
      "M",
      "MB",
      "TE4",
      "ND",
      "NORM",
      "MOSAIC"
    ],
    "ImagingFrequency": 123.247,
    "InPlanePhaseEncodingDirectionDICOM": "ROW",
    "InstitutionAddress": "Blackburn Road 770,Clayton,Victoria,AU,3800",
    "InstitutionName": "Monash Biomedical Imaging",
    "InstitutionalDepartmentName": "Department",
    "MRAcquisitionType": "2D",
    "MagneticFieldStrength": 3,
    "Manufacturer": "Siemens",
    "ManufacturersModelName": "Skyra",
    "Modality": "MR",
    "MultibandAccelerationFactor": 4,
    "ParallelReductionFactorInPlane": 2,
    "PartialFourier": 1,
    "PatientPosition": "HFS",
    "PercentPhaseFOV": 100,
    "PercentSampling": 100,
    "PhaseEncodingDirection": "i",
    "PhaseEncodingSteps": 63,
    "PhaseResolution": 1,
    "PixelBandwidth": 2520,
    "ProcedureStepDescription": "MR Scan",
    "ProtocolName": "Movie_R-L_mmb_4_4_cmrr_mbep2d_bold_TE_12.6_29.23_45.86_62.49",
    "PulseSequenceDetails": "%CustomerSeq%\\cmrr_mbep2d_bold",
    "ReceiveCoilActiveElements": "HEA;HEP",
    "ReceiveCoilName": "Head_32",
    "ReconMatrixPE": 64,
    "RefLinesPE": 24,
    "RepetitionTime": 0.91,
    "SAR": 0.089593,
    "ScanOptions": "FS",
    "ScanningSequence": "EP",
    "SequenceName": "epfid2d4_64",
    "SequenceVariant": "SK\\SS",
    "SeriesDescription": "Movie_R-L_mmb_4_4_cmrr_mbep2d_bold_TE_12.6_29.23_45.86_62.49",
    "SeriesNumber": 12,
    "ShimSetting": [
      -4105,
      15341,
      -15352,
      490,
      347,
      -36,
      -316,
      293
    ],
    "SliceThickness": 3.2,
    "SliceTiming": [
      0,
      0.6225,
      0.355,
      0.0875,
      0.71,
      0.445,
      0.1775,
      0.8,
      0.5325,
      0.265,
      0,
      0.6225,
      0.355,
      0.0875,
      0.71,
      0.445,
      0.1775,
      0.8,
      0.5325,
      0.265,
      0,
      0.6225,
      0.355,
      0.0875,
      0.71,
      0.445,
      0.1775,
      0.8,
      0.5325,
      0.265,
      0,
      0.6225,
      0.355,
      0.0875,
      0.71,
      0.445,
      0.1775,
      0.8,
      0.5325,
      0.265
    ],
    "SoftwareVersions": "syngo MR E11",
    "SpacingBetweenSlices": 3.2,
    "StationName": "AWP45193",
    "TaskName": "movie",
    "TotalReadoutTime": 0.01575,
    "TxRefAmp": 386.259,
    "WipMemBlock": "c0a56aeb-34c4-4332-a153-0d29b65e4bbd||Sequence: R016 ve11c/master r/e634e98; Dec 19 2017 11:00:25 by eja",
    "dataset": "<unset>",
    "modality": "bold",
    "run_id": 1,
    "session_id": "01",
    "subject_id": "PC015",
    "task_id": "movie"
  },
  "dummy_trs": 0,
  "dvars_nstd": 61.046799096873315,
  "dvars_std": 1.152019100916442,
  "dvars_vstd": 1.009409175390835,
  "efc": 0.44926300033832,
  "fber": 2264.37939453125,
  "fd_mean": 0.11277441305217603,
  "fd_num": 27,
  "fd_perc": 7.258064516129032,
  "fwhm_avg": 1.779086516117889,
  "fwhm_x": 1.7047332038834953,
  "fwhm_y": 1.8280326213592233,
  "fwhm_z": 1.8044937231109481,
  "gcor": 0.0205628,
  "gsr_x": -0.003565068356692791,
  "gsr_y": 0.011056755669414997,
  "provenance": {
    "md5sum": "215a19c8f5f74401901ab82fa795add0",
    "settings": {
      "fd_thres": 0.2,
      "testing": false
    },
    "software": "mriqc",
    "version": "22.0.6",
    "webapi_port": null,
    "webapi_url": "https://mriqc.nimh.nih.gov/api/v1"
  },
  "size_t": 372,
  "size_x": 64,
  "size_y": 64,
  "size_z": 40,
  "snr": 2.319467794434167,
  "spacing_tr": 0.9100000262260437,
  "spacing_x": 3.21875,
  "spacing_y": 3.21875,
  "spacing_z": 3.200000047683716,
  "summary_bg_k": 125.09292923922601,
  "summary_bg_mad": 29.37704830813695,
  "summary_bg_mean": 71.43978881835938,
  "summary_bg_median": 43.467742919921875,
  "summary_bg_n": 104327.0,
  "summary_bg_p05": 15.836021423339844,
  "summary_bg_p95": 220.68280029296875,
  "summary_bg_stdv": 97.84976196289062,
  "summary_fg_k": 8.336312956110524,
  "summary_fg_mad": 506.92833901567906,
  "summary_fg_mean": 2303.400146484375,
  "summary_fg_median": 2095.38720703125,
  "summary_fg_n": 25756.0,
  "summary_fg_p05": 1409.8185424804688,
  "summary_fg_p95": 4013.6875610351562,
  "summary_fg_stdv": 903.3738403320312,
  "tsnr": 25.736536409589462
}