{
  "aor": 0.00021837301587301585,
  "aqi": 0.018322039484126987,
  "bids_meta": {
    "AcquisitionMatrixPE": 64,
    "AcquisitionNumber": 1,
    "AcquisitionTime": "09:22:19.637500",
    "BandwidthPerPixelPhaseEncode": 62.5,
    "BaseResolution": 64,
    "BodyPartExamined": "BRAIN",
    "ConsistencyInfo": "N4_VE11C_LATEST_20160120",
    "ConversionSoftware": "dcm2niix",
    "ConversionSoftwareVersion": "v1.0.20210317",
    "DerivedVendorReportedEchoSpacing": 0.0005,
    "DeviceSerialNumber": "45193",
    "DwellTime": 3.1e-06,
    "EchoNumber": 4,
    "EchoTime": 0.06249,
    "EchoTrainLength": 31,
    "EffectiveEchoSpacing": 0.00025,
    "FlipAngle": 56,
    "ImageComments": "Unaliased MB4/PE4/LB",
    "ImageOrientationPatientDICOM": [
      0.999447,
      0.00431798,
      0.032967,
      -2.03969e-10,
      0.991531,
      -0.129869
    ],
    "ImageType": [
      "ORIGINAL",
      "PRIMARY",
      "M",
      "MB",
      "TE4",
      "ND",
      "NORM",
      "MOSAIC"
    ],
    "ImagingFrequency": 123.247,
    "InPlanePhaseEncodingDirectionDICOM": "ROW",
    "InstitutionAddress": "Blackburn Road 770,Clayton,Victoria,AU,3800",
    "InstitutionName": "Monash Biomedical Imaging",
    "InstitutionalDepartmentName": "Department",
    "MRAcquisitionType": "2D",
    "MagneticFieldStrength": 3,
    "Manufacturer": "Siemens",
    "ManufacturersModelName": "Skyra",
    "Modality": "MR",
    "MultibandAccelerationFactor": 4,
    "ParallelReductionFactorInPlane": 2,
    "PartialFourier": 1,
    "PatientPosition": "HFS",
    "PercentPhaseFOV": 100,
    "PercentSampling": 100,
    "PhaseEncodingDirection": "i",
    "PhaseEncodingSteps": 63,
    "PhaseResolution": 1,
    "PixelBandwidth": 2520,
    "ProcedureStepDescription": "MR Scan",
    "ProtocolName": "Rest_R-L_mmb_4_4_cmrr_mbep2d_bold_TE_12.6_29.23_45.86_62.49",
    "PulseSequenceDetails": "%CustomerSeq%\\cmrr_mbep2d_bold",
    "ReceiveCoilActiveElements": "HEA;HEP",
    "ReceiveCoilName": "Head_32",
    "ReconMatrixPE": 64,
    "RefLinesPE": 24,
    "RepetitionTime": 0.91,
    "SAR": 0.0900909,
    "ScanOptions": "FS",
    "ScanningSequence": "EP",
    "SequenceName": "epfid2d4_64",
    "SequenceVariant": "SK\\SS",
    "SeriesDescription": "Rest_R-L_mmb_4_4_cmrr_mbep2d_bold_TE_12.6_29.23_45.86_62.49",
    "SeriesNumber": 4,
    "ShimSetting": [
      -4105,
      15341,
      -15352,
      490,
      347,
      -36,
      -316,
      293
    ],
    "SliceThickness": 3.2,
    "SliceTiming": [
      0,
      0.6225,
      0.355,
      0.0875,
      0.7125,
      0.445,
      0.1775,
      0.8,
      0.5325,
      0.2675,
      0,
      0.6225,
      0.355,
      0.0875,
      0.7125,
      0.445,
      0.1775,
      0.8,
      0.5325,
      0.2675,
      0,
      0.6225,
      0.355,
      0.0875,
      0.7125,
      0.445,
      0.1775,
      0.8,
      0.5325,
      0.2675,
      0,
      0.6225,
      0.355,
      0.0875,
      0.7125,
      0.445,
      0.1775,
      0.8,
      0.5325,
      0.2675
    ],
    "SoftwareVersions": "syngo MR E11",
    "SpacingBetweenSlices": 3.2,
    "StationName": "AWP45193",
    "TaskName": "rest",
    "TotalReadoutTime": 0.01575,
    "TxRefAmp": 386.259,
    "WipMemBlock": "6b03e500-ec92-4c5d-b116-c50e862fda02||Sequence: R016 ve11c/master r/e634e98; Dec 19 2017 11:00:25 by eja",
    "dataset": "<unset>",
    "modality": "bold",
    "run_id": 1,
    "session_id": "01",
    "subject_id": "PC015",
    "task_id": "rest"
  },
  "dummy_trs": 0,
  "dvars_nstd": 63.5303821524056,
  "dvars_std": 1.1329310840755464,
  "dvars_vstd": 0.9729843502186872,
  "efc": 0.452666738542012,
  "fber": 1906.152587890625,
  "fd_mean": 0.10762924807532252,
  "fd_num": 23,
  "fd_perc": 4.563492063492063,
  "fwhm_avg": 1.7853679824105981,
  "fwhm_x": 1.7021452427184467,
  "fwhm_y": 1.8230431067961164,
  "fwhm_z": 1.8309155977172316,
  "gcor": 0.0185562,
  "gsr_x": -0.0025801958981901407,
  "gsr_y": 0.010534530505537987,
  "provenance": {
    "md5sum": "17b36d10a7223def76c6434ad729e5e0",
    "settings": {
      "fd_thres": 0.2,
      "testing": false
    },
    "software": "mriqc",
    "version": "22.0.6",
    "webapi_port": null,
    "webapi_url": "https://mriqc.nimh.nih.gov/api/v1"
  },
  "size_t": 504,
  "size_x": 64,
  "size_y": 64,
  "size_z": 40,
  "snr": 2.296123250315172,
  "spacing_tr": 0.9100000262260437,
  "spacing_x": 3.21875,
  "spacing_y": 3.21875,
  "spacing_z": 3.200000047683716,
  "summary_bg_k": 237.9005081505967,
  "summary_bg_mad": 30.205082077003905,
  "summary_bg_mean": 77.01012420654297,
  "summary_bg_median": 46.7817497253418,
  "summary_bg_n": 104323.0,
  "summary_bg_p05": 19.01388931274414,
  "summary_bg_p95": 231.30557250976562,
  "summary_bg_stdv": 115.61967468261719,
  "summary_fg_k": 8.298066676535816,
  "summary_fg_mad": 505.8703199032055,
  "summary_fg_mean": 2293.87451171875,
  "summary_fg_median": 2081.740234375,
  "summary_fg_n": 25539.0,
  "summary_fg_p05": 1410.7032470703125,
  "summary_fg_p95": 4032.3940673828124,
  "summary_fg_stdv": 906.6148681640625,
  "tsnr": 23.300201576203108
}