{
  "aor": 0.00020980119284294235,
  "aqi": 0.016288620278330022,
  "bids_meta": {
    "AcquisitionMatrixPE": 64,
    "AcquisitionNumber": 1,
    "AcquisitionTime": "14:49:3.140000",
    "BandwidthPerPixelPhaseEncode": 62.5,
    "BaseResolution": 64,
    "BodyPartExamined": "BRAIN",
    "ConsistencyInfo": "N4_VE11C_LATEST_20160120",
    "ConversionSoftware": "dcm2niix",
    "ConversionSoftwareVersion": "v1.0.20210317",
    "DerivedVendorReportedEchoSpacing": 0.0005,
    "DeviceSerialNumber": "45193",
    "DwellTime": 3.1e-06,
    "EchoNumber": 4,
    "EchoTime": 0.06249,
    "EchoTrainLength": 31,
    "EffectiveEchoSpacing": 0.00025,
    "FlipAngle": 56,
    "ImageComments": "Unaliased MB4/PE4/LB",
    "ImageOrientationPatientDICOM": [
      0.999978,
      0.000505032,
      0.00657099,
      1.416e-12,
      0.997059,
      -0.0766318
    ],
    "ImageType": [
      "ORIGINAL",
      "PRIMARY",
      "M",
      "MB",
      "TE4",
      "ND",
      "NORM",
      "MOSAIC"
    ],
    "ImagingFrequency": 123.247,
    "InPlanePhaseEncodingDirectionDICOM": "ROW",
    "InstitutionAddress": "Blackburn Road 770,Clayton,Victoria,AU,3800",
    "InstitutionName": "Monash Biomedical Imaging",
    "InstitutionalDepartmentName": "Department",
    "MRAcquisitionType": "2D",
    "MagneticFieldStrength": 3,
    "Manufacturer": "Siemens",
    "ManufacturersModelName": "Skyra",
    "Modality": "MR",
    "MultibandAccelerationFactor": 4,
    "ParallelReductionFactorInPlane": 2,
    "PartialFourier": 1,
    "PatientPosition": "HFS",
    "PercentPhaseFOV": 100,
    "PercentSampling": 100,
    "PhaseEncodingDirection": "i",
    "PhaseEncodingSteps": 63,
    "PhaseResolution": 1,
    "PixelBandwidth": 2520,
    "ProcedureStepDescription": "MR Scan",
    "ProtocolName": "Rest_R-L_mmb_4_4_cmrr_mbep2d_bold_TE_12.6_29.23_45.86_62.49",
    "PulseSequenceDetails": "%CustomerSeq%\\cmrr_mbep2d_bold",
    "ReceiveCoilActiveElements": "HEA;HEP",
    "ReceiveCoilName": "Head_32",
    "ReconMatrixPE": 64,
    "RefLinesPE": 24,
    "RepetitionTime": 0.91,
    "SAR": 0.0989658,
    "ScanOptions": "FS",
    "ScanningSequence": "EP",
    "SequenceName": "epfid2d4_64",
    "SequenceVariant": "SK\\SS",
    "SeriesDescription": "Rest_R-L_mmb_4_4_cmrr_mbep2d_bold_TE_12.6_29.23_45.86_62.49",
    "SeriesNumber": 5,
    "ShimSetting": [
      -4096,
      15366,
      -15035,
      538,
      364,
      195,
      -506,
      97
    ],
    "SliceThickness": 3.2,
    "SliceTiming": [
      0,
      0.6225,
      0.355,
      0.0875,
      0.71,
      0.445,
      0.1775,
      0.8,
      0.5325,
      0.265,
      0,
      0.6225,
      0.355,
      0.0875,
      0.71,
      0.445,
      0.1775,
      0.8,
      0.5325,
      0.265,
      0,
      0.6225,
      0.355,
      0.0875,
      0.71,
      0.445,
      0.1775,
      0.8,
      0.5325,
      0.265,
      0,
      0.6225,
      0.355,
      0.0875,
      0.71,
      0.445,
      0.1775,
      0.8,
      0.5325,
      0.265
    ],
    "SoftwareVersions": "syngo MR E11",
    "SpacingBetweenSlices": 3.2,
    "StationName": "AWP45193",
    "TaskName": "rest",
    "TotalReadoutTime": 0.01575,
    "TxRefAmp": 378.29,
    "WipMemBlock": "9a2208bb-c1d8-47ee-bef7-4932d7d83ad2||Sequence: R016 ve11c/master r/e634e98; Dec 19 2017 11:00:25 by eja",
    "dataset": "<unset>",
    "modality": "bold",
    "run_id": 1,
    "session_id": "01",
    "subject_id": "PC022",
    "task_id": "rest"
  },
  "dummy_trs": 1,
  "dvars_nstd": 55.6894789389641,
  "dvars_std": 1.1351512610956176,
  "dvars_vstd": 0.9825420672709163,
  "efc": 0.4931433225195339,
  "fber": 1646.8211669921875,
  "fd_mean": 0.10518898376361256,
  "fd_num": 6,
  "fd_perc": 1.1928429423459244,
  "fwhm_avg": 1.709663140793472,
  "fwhm_x": 1.670250873786408,
  "fwhm_y": 1.7518166990291262,
  "fwhm_z": 1.7069218495648824,
  "gcor": 0.0147932,
  "gsr_x": -0.007668074686080217,
  "gsr_y": 0.023229744285345078,
  "provenance": {
    "md5sum": "b17f4743cac4b7dd161360e10f9e8222",
    "settings": {
      "fd_thres": 0.2,
      "testing": false
    },
    "software": "mriqc",
    "version": "22.0.6",
    "webapi_port": null,
    "webapi_url": "https://mriqc.nimh.nih.gov/api/v1"
  },
  "size_t": 503,
  "size_x": 64,
  "size_y": 64,
  "size_z": 40,
  "snr": 2.835776135947183,
  "spacing_tr": 0.9100000262260437,
  "spacing_x": 3.21875,
  "spacing_y": 3.21875,
  "spacing_z": 3.200000047683716,
  "summary_bg_k": 345.76814614931277,
  "summary_bg_mad": 35.417389435509435,
  "summary_bg_mean": 84.18114471435547,
  "summary_bg_median": 52.192840576171875,
  "summary_bg_n": 97960.0,
  "summary_bg_p05": 18.42932300567627,
  "summary_bg_p95": 235.25326766967777,
  "summary_bg_stdv": 151.97793579101562,
  "summary_fg_k": 8.796138695258968,
  "summary_fg_mad": 499.47334016500974,
  "summary_fg_mean": 2303.12109375,
  "summary_fg_median": 2147.25146484375,
  "summary_fg_n": 31320.0,
  "summary_fg_p05": 1504.708917236328,
  "summary_fg_p95": 3619.423071289062,
  "summary_fg_stdv": 757.1885375976562,
  "tsnr": 26.168787898495793
}