{
  "aor": 0.00143353021978022,
  "aqi": 0.019669997252747252,
  "bids_meta": {
    "AcquisitionMatrixPE": 64,
    "AcquisitionNumber": 1,
    "AcquisitionTime": "14:47:5.010000",
    "BandwidthPerPixelPhaseEncode": 62.5,
    "BaseResolution": 64,
    "BodyPartExamined": "BRAIN",
    "ConsistencyInfo": "N4_VE11C_LATEST_20160120",
    "ConversionSoftware": "dcm2niix",
    "ConversionSoftwareVersion": "v1.0.20210317",
    "DerivedVendorReportedEchoSpacing": 0.0005,
    "DeviceSerialNumber": "45193",
    "DwellTime": 3.1e-06,
    "EchoNumber": 4,
    "EchoTime": 0.06249,
    "EchoTrainLength": 31,
    "EffectiveEchoSpacing": 0.00025,
    "FlipAngle": 56,
    "ImageComments": "Unaliased MB4/PE4/LB",
    "ImageOrientationPatientDICOM": [
      0.995396,
      0.0252847,
      0.0924481,
      6.64788e-10,
      0.964574,
      -0.263813
    ],
    "ImageType": [
      "ORIGINAL",
      "PRIMARY",
      "M",
      "MB",
      "TE4",
      "ND",
      "NORM",
      "MOSAIC"
    ],
    "ImagingFrequency": 123.252,
    "InPlanePhaseEncodingDirectionDICOM": "ROW",
    "InstitutionAddress": "Blackburn Road 770,Clayton,Victoria,AU,3800",
    "InstitutionName": "Monash Biomedical Imaging",
    "InstitutionalDepartmentName": "Department",
    "MRAcquisitionType": "2D",
    "MagneticFieldStrength": 3,
    "Manufacturer": "Siemens",
    "ManufacturersModelName": "Skyra",
    "Modality": "MR",
    "MultibandAccelerationFactor": 4,
    "ParallelReductionFactorInPlane": 2,
    "PartialFourier": 1,
    "PatientPosition": "HFS",
    "PercentPhaseFOV": 100,
    "PercentSampling": 100,
    "PhaseEncodingDirection": "i",
    "PhaseEncodingSteps": 63,
    "PhaseResolution": 1,
    "PixelBandwidth": 2520,
    "ProcedureStepDescription": "MR Scan",
    "ProtocolName": "Music_R-L_mmb_4_4_cmrr_mbep2d_bold_TE_12.6_29.23_45.86_62.49",
    "PulseSequenceDetails": "%CustomerSeq%\\cmrr_mbep2d_bold",
    "ReceiveCoilActiveElements": "HEA;HEP",
    "ReceiveCoilName": "Head_32",
    "ReconMatrixPE": 64,
    "RefLinesPE": 24,
    "RepetitionTime": 0.91,
    "SAR": 0.0888303,
    "ScanOptions": "FS",
    "ScanningSequence": "EP",
    "SequenceName": "epfid2d4_64",
    "SequenceVariant": "SK\\SS",
    "SeriesDescription": "Music_R-L_mmb_4_4_cmrr_mbep2d_bold_TE_12.6_29.23_45.86_62.49",
    "SeriesNumber": 7,
    "ShimSetting": [
      -4068,
      15506,
      -15072,
      334,
      251,
      295,
      -422,
      173
    ],
    "SliceThickness": 3.2,
    "SliceTiming": [
      0,
      0.6225,
      0.355,
      0.0875,
      0.71,
      0.445,
      0.1775,
      0.8,
      0.5325,
      0.265,
      0,
      0.6225,
      0.355,
      0.0875,
      0.71,
      0.445,
      0.1775,
      0.8,
      0.5325,
      0.265,
      0,
      0.6225,
      0.355,
      0.0875,
      0.71,
      0.445,
      0.1775,
      0.8,
      0.5325,
      0.265,
      0,
      0.6225,
      0.355,
      0.0875,
      0.71,
      0.445,
      0.1775,
      0.8,
      0.5325,
      0.265
    ],
    "SoftwareVersions": "syngo MR E11",
    "SpacingBetweenSlices": 3.2,
    "StationName": "AWP45193",
    "TaskName": "music",
    "TotalReadoutTime": 0.01575,
    "TxRefAmp": 370.635,
    "WipMemBlock": "4371d52d-3287-40c5-85d9-ee4ed3bd7dd8||Sequence: R016 ve11c/master r/e634e98; Dec 19 2017 11:00:25 by eja",
    "dataset": "<unset>",
    "modality": "bold",
    "run_id": 1,
    "session_id": "02",
    "subject_id": "PC205",
    "task_id": "music"
  },
  "dummy_trs": 0,
  "dvars_nstd": 60.52878261499312,
  "dvars_std": 1.1761075340852825,
  "dvars_vstd": 0.9857909169738652,
  "efc": 0.4910054116264363,
  "fber": 2174.70166015625,
  "fd_mean": 0.1391861692514241,
  "fd_num": 50,
  "fd_perc": 6.868131868131868,
  "fwhm_avg": 1.7380155232550638,
  "fwhm_x": 1.6846788349514563,
  "fwhm_y": 1.8295238834951455,
  "fwhm_z": 1.699843851318589,
  "gcor": 0.00556189,
  "gsr_x": -0.006111143156886101,
  "gsr_y": 0.022844906896352768,
  "provenance": {
    "md5sum": "6cefa81b6ec648c763871afd22948ff6",
    "settings": {
      "fd_thres": 0.2,
      "testing": false
    },
    "software": "mriqc",
    "version": "22.0.6",
    "webapi_port": null,
    "webapi_url": "https://mriqc.nimh.nih.gov/api/v1"
  },
  "size_t": 728,
  "size_x": 64,
  "size_y": 64,
  "size_z": 40,
  "snr": 2.8385478324931457,
  "spacing_tr": 0.9100000262260437,
  "spacing_x": 3.21875,
  "spacing_y": 3.21875,
  "spacing_z": 3.1999998092651367,
  "summary_bg_k": 144.3454981505348,
  "summary_bg_mad": 29.08588831664034,
  "summary_bg_mean": 76.711181640625,
  "summary_bg_median": 47.3695068359375,
  "summary_bg_n": 97805.0,
  "summary_bg_p05": 18.317583084106445,
  "summary_bg_p95": 235.49560546875009,
  "summary_bg_stdv": 103.53649139404297,
  "summary_fg_k": 11.28006616792259,
  "summary_fg_mad": 557.6294618798455,
  "summary_fg_mean": 2384.85693359375,
  "summary_fg_median": 2252.2431640625,
  "summary_fg_n": 31143.0,
  "summary_fg_p05": 1507.984375,
  "summary_fg_p95": 3505.3341064453125,
  "summary_fg_stdv": 793.4363403320312,
  "tsnr": 24.73973174323328
}