{
  "aor": 0.004258518518518518,
  "aqi": 0.01775758824691358,
  "bids_meta": {
    "AcquisitionMatrixPE": 64,
    "AcquisitionNumber": 1,
    "AcquisitionTime": "14:39:35.085000",
    "BandwidthPerPixelPhaseEncode": 62.5,
    "BaseResolution": 64,
    "BodyPartExamined": "BRAIN",
    "ConsistencyInfo": "N4_VE11C_LATEST_20160120",
    "ConversionSoftware": "dcm2niix",
    "ConversionSoftwareVersion": "v1.0.20210317",
    "DerivedVendorReportedEchoSpacing": 0.0005,
    "DeviceSerialNumber": "45193",
    "DwellTime": 3.1e-06,
    "EchoNumber": 3,
    "EchoTime": 0.04586,
    "EchoTrainLength": 31,
    "EffectiveEchoSpacing": 0.00025,
    "FlipAngle": 56,
    "ImageComments": "Unaliased MB4/PE4/LB",
    "ImageOrientationPatientDICOM": [
      0.995396,
      0.0252847,
      0.0924481,
      6.64788e-10,
      0.964574,
      -0.263813
    ],
    "ImageType": [
      "ORIGINAL",
      "PRIMARY",
      "M",
      "MB",
      "TE3",
      "ND",
      "NORM",
      "MOSAIC"
    ],
    "ImagingFrequency": 123.252,
    "InPlanePhaseEncodingDirectionDICOM": "ROW",
    "InstitutionAddress": "Blackburn Road 770,Clayton,Victoria,AU,3800",
    "InstitutionName": "Monash Biomedical Imaging",
    "InstitutionalDepartmentName": "Department",
    "MRAcquisitionType": "2D",
    "MagneticFieldStrength": 3,
    "Manufacturer": "Siemens",
    "ManufacturersModelName": "Skyra",
    "Modality": "MR",
    "MultibandAccelerationFactor": 4,
    "ParallelReductionFactorInPlane": 2,
    "PartialFourier": 1,
    "PatientPosition": "HFS",
    "PercentPhaseFOV": 100,
    "PercentSampling": 100,
    "PhaseEncodingDirection": "i",
    "PhaseEncodingSteps": 63,
    "PhaseResolution": 1,
    "PixelBandwidth": 2520,
    "ProcedureStepDescription": "MR Scan",
    "ProtocolName": "Meditation_R-L_mmb_4_4_cmrr_mbep2d_bold_TE_12.6_29.23_45.86_62.5",
    "PulseSequenceDetails": "%CustomerSeq%\\cmrr_mbep2d_bold",
    "ReceiveCoilActiveElements": "HEA;HEP",
    "ReceiveCoilName": "Head_32",
    "ReconMatrixPE": 64,
    "RefLinesPE": 24,
    "RepetitionTime": 0.91,
    "SAR": 0.0880483,
    "ScanOptions": "FS",
    "ScanningSequence": "EP",
    "SequenceName": "epfid2d4_64",
    "SequenceVariant": "SK\\SS",
    "SeriesDescription": "Meditation_R-L_mmb_4_4_cmrr_mbep2d_bold_TE_12.6_29.23_45.86_62.5",
    "SeriesNumber": 5,
    "ShimSetting": [
      -4068,
      15506,
      -15072,
      334,
      251,
      295,
      -422,
      173
    ],
    "SliceThickness": 3.2,
    "SliceTiming": [
      0,
      0.6225,
      0.355,
      0.09,
      0.7125,
      0.445,
      0.1775,
      0.8,
      0.535,
      0.2675,
      0,
      0.6225,
      0.355,
      0.09,
      0.7125,
      0.445,
      0.1775,
      0.8,
      0.535,
      0.2675,
      0,
      0.6225,
      0.355,
      0.09,
      0.7125,
      0.445,
      0.1775,
      0.8,
      0.535,
      0.2675,
      0,
      0.6225,
      0.355,
      0.09,
      0.7125,
      0.445,
      0.1775,
      0.8,
      0.535,
      0.2675
    ],
    "SoftwareVersions": "syngo MR E11",
    "SpacingBetweenSlices": 3.2,
    "StationName": "AWP45193",
    "TaskName": "meditation",
    "TotalReadoutTime": 0.01575,
    "TxRefAmp": 370.635,
    "WipMemBlock": "3d503a5c-8ab6-4189-9322-cb54b22614fb||Sequence: R016 ve11c/master r/e634e98; Dec 19 2017 11:00:25 by eja",
    "dataset": "<unset>",
    "modality": "bold",
    "run_id": 1,
    "session_id": "02",
    "subject_id": "PC205",
    "task_id": "meditation"
  },
  "dummy_trs": 0,
  "dvars_nstd": 45.60168530680692,
  "dvars_std": 1.1803501093316833,
  "dvars_vstd": 1.0116588480198012,
  "efc": 0.5109289045501191,
  "fber": 3145.685302734375,
  "fd_mean": 0.14586939845819824,
  "fd_num": 34,
  "fd_perc": 8.395061728395062,
  "fwhm_avg": 1.7256299448733294,
  "fwhm_x": 1.6813949514563107,
  "fwhm_y": 1.790757281553398,
  "fwhm_z": 1.7047376016102793,
  "gcor": 0.00752415,
  "gsr_x": -0.002546250820159912,
  "gsr_y": 0.020438745617866516,
  "provenance": {
    "md5sum": "dc19b1fb622151f27bcb9004b085c354",
    "settings": {
      "fd_thres": 0.2,
      "testing": false
    },
    "software": "mriqc",
    "version": "22.0.6",
    "webapi_port": null,
    "webapi_url": "https://mriqc.nimh.nih.gov/api/v1"
  },
  "size_t": 405,
  "size_x": 64,
  "size_y": 64,
  "size_z": 40,
  "snr": 3.960393594304063,
  "spacing_tr": 0.9100000262260437,
  "spacing_x": 3.21875,
  "spacing_y": 3.21875,
  "spacing_z": 3.1999998092651367,
  "summary_bg_k": 118.3982404117033,
  "summary_bg_mad": 40.02660067557833,
  "summary_bg_mean": 109.18424987792969,
  "summary_bg_median": 55.3358039855957,
  "summary_bg_n": 95561.0,
  "summary_bg_p05": 18.790124893188477,
  "summary_bg_p95": 380.8493957519531,
  "summary_bg_stdv": 184.0528564453125,
  "summary_fg_k": 6.079397166494056,
  "summary_fg_mad": 641.212790783544,
  "summary_fg_mean": 3207.455810546875,
  "summary_fg_median": 3098.07666015625,
  "summary_fg_n": 33181.0,
  "summary_fg_p05": 2256.29150390625,
  "summary_fg_p95": 4441.50390625,
  "summary_fg_stdv": 782.2530517578125,
  "tsnr": 30.616459377575666
}