{
  "aor": 0.001119516129032258,
  "aqi": 0.010616846666666667,
  "bids_meta": {
    "AcquisitionMatrixPE": 64,
    "AcquisitionNumber": 1,
    "AcquisitionTime": "13:38:2.725000",
    "BandwidthPerPixelPhaseEncode": 62.5,
    "BaseResolution": 64,
    "BodyPartExamined": "BRAIN",
    "ConsistencyInfo": "N4_VE11C_LATEST_20160120",
    "ConversionSoftware": "dcm2niix",
    "ConversionSoftwareVersion": "v1.0.20210317",
    "DerivedVendorReportedEchoSpacing": 0.0005,
    "DeviceSerialNumber": "45193",
    "DwellTime": 3.1e-06,
    "EchoNumber": 3,
    "EchoTime": 0.04586,
    "EchoTrainLength": 31,
    "EffectiveEchoSpacing": 0.00025,
    "FlipAngle": 56,
    "ImageComments": "Unaliased MB4/PE4/LB",
    "ImageOrientationPatientDICOM": [
      0.999526,
      -0.00376965,
      0.0305624,
      -7.5109e-11,
      0.992479,
      0.122415
    ],
    "ImageType": [
      "ORIGINAL",
      "PRIMARY",
      "M",
      "MB",
      "TE3",
      "ND",
      "NORM",
      "MOSAIC"
    ],
    "ImagingFrequency": 123.252,
    "InPlanePhaseEncodingDirectionDICOM": "ROW",
    "InstitutionAddress": "Blackburn Road 770,Clayton,Victoria,AU,3800",
    "InstitutionName": "Monash Biomedical Imaging",
    "InstitutionalDepartmentName": "Department",
    "MRAcquisitionType": "2D",
    "MagneticFieldStrength": 3,
    "Manufacturer": "Siemens",
    "ManufacturersModelName": "Skyra",
    "Modality": "MR",
    "MultibandAccelerationFactor": 4,
    "ParallelReductionFactorInPlane": 2,
    "PartialFourier": 1,
    "PatientPosition": "HFS",
    "PercentPhaseFOV": 100,
    "PercentSampling": 100,
    "PhaseEncodingDirection": "i",
    "PhaseEncodingSteps": 63,
    "PhaseResolution": 1,
    "PixelBandwidth": 2520,
    "ProcedureStepDescription": "MR Scan",
    "ProtocolName": "Movie_R-L_mmb_4_4_cmrr_mbep2d_bold_TE_12.6_29.23_45.86_62.49",
    "PulseSequenceDetails": "%CustomerSeq%\\cmrr_mbep2d_bold",
    "ReceiveCoilActiveElements": "HEA;HEP",
    "ReceiveCoilName": "Head_32",
    "ReconMatrixPE": 64,
    "RefLinesPE": 24,
    "RepetitionTime": 0.91,
    "SAR": 0.10399,
    "ScanOptions": "FS",
    "ScanningSequence": "EP",
    "SequenceName": "epfid2d4_64",
    "SequenceVariant": "SK\\SS",
    "SeriesDescription": "Movie_R-L_mmb_4_4_cmrr_mbep2d_bold_TE_12.6_29.23_45.86_62.49",
    "SeriesNumber": 13,
    "ShimSetting": [
      -4120,
      15290,
      -15045,
      506,
      55,
      -197,
      15,
      128
    ],
    "SliceThickness": 3.2,
    "SliceTiming": [
      0,
      0.625,
      0.3575,
      0.09,
      0.7125,
      0.445,
      0.18,
      0.8025,
      0.535,
      0.2675,
      0,
      0.625,
      0.3575,
      0.09,
      0.7125,
      0.445,
      0.18,
      0.8025,
      0.535,
      0.2675,
      0,
      0.625,
      0.3575,
      0.09,
      0.7125,
      0.445,
      0.18,
      0.8025,
      0.535,
      0.2675,
      0,
      0.625,
      0.3575,
      0.09,
      0.7125,
      0.445,
      0.18,
      0.8025,
      0.535,
      0.2675
    ],
    "SoftwareVersions": "syngo MR E11",
    "SpacingBetweenSlices": 3.2,
    "StationName": "AWP45193",
    "TaskName": "movie",
    "TotalReadoutTime": 0.01575,
    "TxRefAmp": 371.852,
    "WipMemBlock": "dc983aa7-18ab-400a-8267-2aa4a6c8b0e5||Sequence: R016 ve11c/master r/e634e98; Dec 19 2017 11:00:25 by eja",
    "dataset": "<unset>",
    "modality": "bold",
    "run_id": 1,
    "session_id": "01",
    "subject_id": "PC226",
    "task_id": "movie"
  },
  "dummy_trs": 0,
  "dvars_nstd": 39.66613686245281,
  "dvars_std": 1.112888921859838,
  "dvars_vstd": 0.9886494830458216,
  "efc": 0.5278609397978521,
  "fber": 1759.3704833984375,
  "fd_mean": 0.0734753158234609,
  "fd_num": 5,
  "fd_perc": 1.3440860215053763,
  "fwhm_avg": 1.6898636545895822,
  "fwhm_x": 1.6382881553398059,
  "fwhm_y": 1.732849708737864,
  "fwhm_z": 1.6984530996910767,
  "gcor": 0.0155312,
  "gsr_x": 0.0017789197154343128,
  "gsr_y": 0.01656845211982727,
  "provenance": {
    "md5sum": "da3ba18674087d3a686036c8017c3417",
    "settings": {
      "fd_thres": 0.2,
      "testing": false
    },
    "software": "mriqc",
    "version": "22.0.6",
    "webapi_port": null,
    "webapi_url": "https://mriqc.nimh.nih.gov/api/v1"
  },
  "size_t": 372,
  "size_x": 64,
  "size_y": 64,
  "size_z": 40,
  "snr": 3.7202837330596243,
  "spacing_tr": 0.9100000262260437,
  "spacing_x": 3.21875,
  "spacing_y": 3.21875,
  "spacing_z": 3.200000047683716,
  "summary_bg_k": 41.30797864625653,
  "summary_bg_mad": 55.63544230670222,
  "summary_bg_mean": 131.3075714111328,
  "summary_bg_median": 77.71774291992188,
  "summary_bg_n": 93390.0,
  "summary_bg_p05": 22.475537395477293,
  "summary_bg_p95": 417.79247894287124,
  "summary_bg_stdv": 184.23057556152344,
  "summary_fg_k": 4.14656502269915,
  "summary_fg_mad": 743.7363992249948,
  "summary_fg_mean": 3398.42822265625,
  "summary_fg_median": 3263.70703125,
  "summary_fg_n": 35559.0,
  "summary_fg_p05": 2332.4793212890627,
  "summary_fg_p95": 4871.717919921873,
  "summary_fg_stdv": 877.2613525390625,
  "tsnr": 35.1758929573698
}