{
  "bids_meta": {
    "AcquisitionMatrixPE": 240,
    "AcquisitionNumber": 1,
    "AcquisitionTime": "12:45:14.712500",
    "BaseResolution": 256,
    "BodyPartExamined": "BRAIN",
    "ConsistencyInfo": "N4_VE11C_LATEST_20160120",
    "ConversionSoftware": "dcm2niix",
    "ConversionSoftwareVersion": "v1.0.20210317",
    "DeviceSerialNumber": "45193",
    "DwellTime": 8.5e-06,
    "EchoTime": 0.00207,
    "FlipAngle": 9,
    "ImageOrientationPatientDICOM": [
      0.00185436,
      0.999998,
      -3.47752e-09,
      -0.0121857,
      2.25932e-05,
      -0.999926
    ],
    "ImageType": [
      "ORIGINAL",
      "PRIMARY",
      "M",
      "ND",
      "NORM"
    ],
    "ImagingFrequency": 123.247,
    "InPlanePhaseEncodingDirectionDICOM": "ROW",
    "InstitutionAddress": "Blackburn Road 770,Clayton,Victoria,AU,3800",
    "InstitutionName": "Monash Biomedical Imaging",
    "InstitutionalDepartmentName": "Department",
    "InversionTime": 0.9,
    "MRAcquisitionType": "3D",
    "MagneticFieldStrength": 3,
    "Manufacturer": "Siemens",
    "ManufacturersModelName": "Skyra",
    "Modality": "MR",
    "ParallelReductionFactorInPlane": 3,
    "PartialFourier": 1,
    "PatientPosition": "HFS",
    "PercentPhaseFOV": 93.75,
    "PercentSampling": 100,
    "PhaseEncodingSteps": 238,
    "PhaseResolution": 1,
    "PixelBandwidth": 230,
    "ProcedureStepDescription": "MR Scan",
    "ProtocolName": "t1_mprage_sag_p3_iso_1",
    "PulseSequenceDetails": "%SiemensSeq%\\tfl",
    "ReceiveCoilActiveElements": "HEA;HEP",
    "ReceiveCoilName": "Head_32",
    "ReconMatrixPE": 240,
    "RefLinesPE": 32,
    "RepetitionTime": 2.3,
    "SAR": 0.108488,
    "ScanOptions": "IR",
    "ScanningSequence": "GR\\IR",
    "SequenceName": "*tfl3d1_16ns",
    "SequenceVariant": "SK\\SP\\MP",
    "SeriesDescription": "t1_mprage_sag_p3_iso_1",
    "SeriesNumber": 2,
    "ShimSetting": [
      -4085,
      15379,
      -15541,
      -112,
      159,
      -108,
      -206,
      160
    ],
    "SliceThickness": 1,
    "SoftwareVersions": "syngo MR E11",
    "StationName": "AWP45193",
    "TxRefAmp": 421.96,
    "dataset": "<unset>",
    "modality": "T1w",
    "run_id": 1,
    "session_id": "02",
    "subject_id": "PC027"
  },
  "cjv": 0.3708542087772941,
  "cnr": 3.522527770268608,
  "efc": 0.5576078958421443,
  "fber": 7722.368068860991,
  "fwhm_avg": 3.98256,
  "fwhm_x": 3.92074,
  "fwhm_y": 4.04016,
  "fwhm_z": 3.98678,
  "icvs_csf": 0.20319696282711006,
  "icvs_gm": 0.4183696343243375,
  "icvs_wm": 0.3784334028485525,
  "inu_med": 0.4353317618370056,
  "inu_range": 0.10306894183158871,
  "provenance": {
    "md5sum": "6b7b1d955218f97694ec44f0701c02f0",
    "settings": {
      "testing": false
    },
    "software": "mriqc",
    "version": "22.0.6",
    "warnings": {
      "large_rot_frame": true,
      "small_air_mask": false
    },
    "webapi_port": null,
    "webapi_url": "https://mriqc.nimh.nih.gov/api/v1"
  },
  "qi_1": 0.0,
  "qi_2": 0.003932299876192246,
  "rpve_csf": 24.612155531975247,
  "rpve_gm": 12.555248931823407,
  "rpve_wm": 16.30328110650377,
  "size_x": 192,
  "size_y": 240,
  "size_z": 256,
  "snr_csf": 2.207806416751248,
  "snr_gm": 10.582104092017016,
  "snr_total": 12.22238271381527,
  "snr_wm": 23.87723763267754,
  "snrd_csf": 6.84391863438265,
  "snrd_gm": 19.256120688141664,
  "snrd_total": 17.75322336958249,
  "snrd_wm": 27.15963078622315,
  "spacing_x": 1.0,
  "spacing_y": 1.0,
  "spacing_z": 1.0,
  "summary_bg_k": 6359.366585837739,
  "summary_bg_mad": 0.0,
  "summary_bg_mean": 4.399508727526634,
  "summary_bg_median": 0.0,
  "summary_bg_n": 2203549.0,
  "summary_bg_p05": 0.0,
  "summary_bg_p95": 16.788584142923355,
  "summary_bg_stdv": 24.121698118089405,
  "summary_csf_k": 0.37334375151379806,
  "summary_csf_mad": 107.97862666349548,
  "summary_csf_mean": 261.6221380842278,
  "summary_csf_median": 251.98865342140198,
  "summary_csf_n": 35213.0,
  "summary_csf_p05": 79.68981273174286,
  "summary_csf_p95": 463.1170908644797,
  "summary_csf_stdv": 114.1336819302993,
  "summary_gm_k": -0.10142311594296638,
  "summary_gm_mad": 68.2126231008141,
  "summary_gm_mean": 709.9600417073765,
  "summary_gm_median": 708.9978974834085,
  "summary_gm_n": 37149.0,
  "summary_gm_p05": 601.8867306515574,
  "summary_gm_p95": 821.5613568797708,
  "summary_gm_stdv": 66.99880748005272,
  "summary_wm_k": 0.6205498417484514,
  "summary_wm_mad": 39.706739771976935,
  "summary_wm_mean": 1000.8342786677464,
  "summary_wm_median": 1000.0000226274133,
  "summary_wm_n": 244249.0,
  "summary_wm_p05": 933.6451424434781,
  "summary_wm_p95": 1069.9764402478925,
  "summary_wm_stdv": 41.88080677161004,
  "tpm_overlap_csf": 0.15987113629284705,
  "tpm_overlap_gm": 0.4633259417376429,
  "tpm_overlap_wm": 0.5250108648855455,
  "wm2max": 0.4218024114260193
}