{
  "bids_meta": {
    "AcquisitionMatrixPE": 240,
    "AcquisitionNumber": 1,
    "AcquisitionTime": "11:08:28.902500",
    "BaseResolution": 256,
    "BodyPartExamined": "BRAIN",
    "ConsistencyInfo": "N4_VE11C_LATEST_20160120",
    "ConversionSoftware": "dcm2niix",
    "ConversionSoftwareVersion": "v1.0.20210317",
    "DeviceSerialNumber": "45193",
    "DwellTime": 8.5e-06,
    "EchoTime": 0.00207,
    "FlipAngle": 9,
    "ImageOrientationPatientDICOM": [
      -0.0243709,
      0.999703,
      -2.05906e-08,
      0.0540246,
      0.001317,
      -0.998539
    ],
    "ImageType": [
      "ORIGINAL",
      "PRIMARY",
      "M",
      "ND",
      "NORM"
    ],
    "ImagingFrequency": 123.247,
    "InPlanePhaseEncodingDirectionDICOM": "ROW",
    "InstitutionAddress": "Blackburn Road 770,Clayton,Victoria,AU,3800",
    "InstitutionName": "Monash Biomedical Imaging",
    "InstitutionalDepartmentName": "Department",
    "InversionTime": 0.9,
    "MRAcquisitionType": "3D",
    "MagneticFieldStrength": 3,
    "Manufacturer": "Siemens",
    "ManufacturersModelName": "Skyra",
    "Modality": "MR",
    "ParallelReductionFactorInPlane": 2,
    "PartialFourier": 1,
    "PatientPosition": "HFS",
    "PercentPhaseFOV": 93.75,
    "PercentSampling": 100,
    "PhaseEncodingSteps": 239,
    "PhaseResolution": 1,
    "PixelBandwidth": 230,
    "ProcedureStepDescription": "MR Scan",
    "ProtocolName": "t1_mprage_sag_p2_iso_1_ADNI",
    "PulseSequenceDetails": "%SiemensSeq%\\tfl",
    "ReceiveCoilActiveElements": "HEA;HEP",
    "ReceiveCoilName": "Head_32",
    "ReconMatrixPE": 240,
    "RefLinesPE": 32,
    "RepetitionTime": 2.3,
    "SAR": 0.0905152,
    "ScanOptions": "IR",
    "ScanningSequence": "GR\\IR",
    "SequenceName": "*tfl3d1_16ns",
    "SequenceVariant": "SK\\SP\\MP",
    "SeriesDescription": "t1_mprage_sag_p2_iso_1_ADNI",
    "SeriesNumber": 2,
    "ShimSetting": [
      -4069,
      15336,
      -15557,
      -117,
      159,
      -103,
      -245,
      164
    ],
    "SliceThickness": 1,
    "SoftwareVersions": "syngo MR E11",
    "StationName": "AWP45193",
    "TxRefAmp": 353.079,
    "dataset": "<unset>",
    "modality": "T1w",
    "run_id": 1,
    "session_id": "01",
    "subject_id": "PC018"
  },
  "cjv": 0.35192070574465406,
  "cnr": 3.9038231162808112,
  "efc": 0.5265399991597995,
  "fber": -1.0,
  "fwhm_avg": 4.162286666666666,
  "fwhm_x": 4.07405,
  "fwhm_y": 4.28344,
  "fwhm_z": 4.12937,
  "icvs_csf": 0.21789209619635652,
  "icvs_gm": 0.4176902964119087,
  "icvs_wm": 0.3644176073917348,
  "inu_med": 0.4344126880168915,
  "inu_range": 0.1277400255203247,
  "provenance": {
    "md5sum": "6ff390529a5e10d55a234082bfb9b569",
    "settings": {
      "testing": false
    },
    "software": "mriqc",
    "version": "22.0.6",
    "warnings": {
      "large_rot_frame": true,
      "small_air_mask": false
    },
    "webapi_port": null,
    "webapi_url": "https://mriqc.nimh.nih.gov/api/v1"
  },
  "qi_1": 0.01389404089324007,
  "qi_2": 0.022511027168629842,
  "rpve_csf": 24.010764039784515,
  "rpve_gm": 12.86239234026557,
  "rpve_wm": 17.274993512391333,
  "size_x": 192,
  "size_y": 240,
  "size_z": 256,
  "snr_csf": 2.1760614159936504,
  "snr_gm": 11.070628855121926,
  "snr_total": 12.97517181896094,
  "snr_wm": 25.678825185767245,
  "snrd_csf": 20.964002345787716,
  "snrd_gm": 59.13924305308749,
  "snrd_total": 54.60188571369225,
  "snrd_wm": 83.70241174220153,
  "spacing_x": 1.0,
  "spacing_y": 1.0,
  "spacing_z": 1.0,
  "summary_bg_k": 18692.816542827684,
  "summary_bg_mad": 0.0,
  "summary_bg_mean": 1.2292301522080893,
  "summary_bg_median": 0.0,
  "summary_bg_n": 2225411.0,
  "summary_bg_p05": 0.0,
  "summary_bg_p95": 9.770371727645397,
  "summary_bg_stdv": 7.826971809679749,
  "summary_csf_k": 5.659114720315092,
  "summary_csf_mad": 116.32578341151165,
  "summary_csf_mean": 257.6705084767798,
  "summary_csf_median": 250.45876763761044,
  "summary_csf_n": 45571.0,
  "summary_csf_p05": 88.13172873109579,
  "summary_csf_p95": 463.0263474583626,
  "summary_csf_stdv": 115.09602522046332,
  "summary_gm_k": -0.09469211358798457,
  "summary_gm_mad": 65.84686412453141,
  "summary_gm_mean": 707.2657397327195,
  "summary_gm_median": 706.5417037159204,
  "summary_gm_n": 40248.0,
  "summary_gm_p05": 604.4735564291477,
  "summary_gm_p95": 811.5855987370014,
  "summary_gm_stdv": 63.82048712461351,
  "summary_wm_k": 0.43055724937932416,
  "summary_wm_mad": 37.42719580054326,
  "summary_wm_mean": 1000.2179129982578,
  "summary_wm_median": 1000.000026114285,
  "summary_wm_n": 218353.0,
  "summary_wm_p05": 936.7653867602348,
  "summary_wm_p95": 1064.1769855841994,
  "summary_wm_stdv": 38.94250336638414,
  "tpm_overlap_csf": 0.16281196767409303,
  "tpm_overlap_gm": 0.47744556707085983,
  "tpm_overlap_wm": 0.5312354435370616,
  "wm2max": 0.38274661480284633
}