{
  "aor": 0.0013145049504950496,
  "aqi": 0.016050116831683166,
  "bids_meta": {
    "AcquisitionMatrixPE": 64,
    "AcquisitionNumber": 1,
    "AcquisitionTime": "14:33:48.675000",
    "BandwidthPerPixelPhaseEncode": 62.5,
    "BaseResolution": 64,
    "BodyPartExamined": "BRAIN",
    "ConsistencyInfo": "N4_VE11C_LATEST_20160120",
    "ConversionSoftware": "dcm2niix",
    "ConversionSoftwareVersion": "v1.0.20210317",
    "DerivedVendorReportedEchoSpacing": 0.0005,
    "DeviceSerialNumber": "45193",
    "DwellTime": 3.1e-06,
    "EchoNumber": 4,
    "EchoTime": 0.06249,
    "EchoTrainLength": 31,
    "EffectiveEchoSpacing": 0.00025,
    "FlipAngle": 56,
    "ImageComments": "Unaliased MB4/PE4/LB",
    "ImageOrientationPatientDICOM": [
      0.99978,
      -0.00315773,
      -0.0207576,
      4.7485e-11,
      0.988626,
      -0.150393
    ],
    "ImageType": [
      "ORIGINAL",
      "PRIMARY",
      "M",
      "MB",
      "TE4",
      "ND",
      "NORM",
      "MOSAIC"
    ],
    "ImagingFrequency": 123.252,
    "InPlanePhaseEncodingDirectionDICOM": "ROW",
    "InstitutionAddress": "Blackburn Road 770,Clayton,Victoria,AU,3800",
    "InstitutionName": "Monash Biomedical Imaging",
    "InstitutionalDepartmentName": "Department",
    "MRAcquisitionType": "2D",
    "MagneticFieldStrength": 3,
    "Manufacturer": "Siemens",
    "ManufacturersModelName": "Skyra",
    "Modality": "MR",
    "MultibandAccelerationFactor": 4,
    "ParallelReductionFactorInPlane": 2,
    "PartialFourier": 1,
    "PatientPosition": "HFS",
    "PercentPhaseFOV": 100,
    "PercentSampling": 100,
    "PhaseEncodingDirection": "i",
    "PhaseEncodingSteps": 63,
    "PhaseResolution": 1,
    "PixelBandwidth": 2520,
    "ProcedureStepDescription": "MR Scan",
    "ProtocolName": "Meditation_R-L_mmb_4_4_cmrr_mbep2d_bold_TE_12.6_29.23_45.86_62.5",
    "PulseSequenceDetails": "%CustomerSeq%\\cmrr_mbep2d_bold",
    "ReceiveCoilActiveElements": "HEA;HEP",
    "ReceiveCoilName": "Head_32",
    "ReconMatrixPE": 64,
    "RefLinesPE": 24,
    "RepetitionTime": 0.91,
    "SAR": 0.0826992,
    "ScanOptions": "FS",
    "ScanningSequence": "EP",
    "SequenceName": "epfid2d4_64",
    "SequenceVariant": "SK\\SS",
    "SeriesDescription": "Meditation_R-L_mmb_4_4_cmrr_mbep2d_bold_TE_12.6_29.23_45.86_62.5",
    "SeriesNumber": 5,
    "ShimSetting": [
      -4103,
      15425,
      -15104,
      338,
      160,
      -315,
      -116,
      111
    ],
    "SliceThickness": 3.2,
    "SliceTiming": [
      0,
      0.6225,
      0.355,
      0.0875,
      0.7125,
      0.445,
      0.1775,
      0.8,
      0.5325,
      0.2675,
      0,
      0.6225,
      0.355,
      0.0875,
      0.7125,
      0.445,
      0.1775,
      0.8,
      0.5325,
      0.2675,
      0,
      0.6225,
      0.355,
      0.0875,
      0.7125,
      0.445,
      0.1775,
      0.8,
      0.5325,
      0.2675,
      0,
      0.6225,
      0.355,
      0.0875,
      0.7125,
      0.445,
      0.1775,
      0.8,
      0.5325,
      0.2675
    ],
    "SoftwareVersions": "syngo MR E11",
    "SpacingBetweenSlices": 3.2,
    "StationName": "AWP45193",
    "TaskName": "meditation",
    "TotalReadoutTime": 0.01575,
    "TxRefAmp": 352.504,
    "WipMemBlock": "b63d270c-510e-4f6c-b017-8231d5a9026c||Sequence: R016 ve11c/master r/e634e98; Dec 19 2017 11:00:25 by eja",
    "dataset": "<unset>",
    "modality": "bold",
    "run_id": 1,
    "session_id": "02",
    "subject_id": "PC227",
    "task_id": "meditation"
  },
  "dummy_trs": 1,
  "dvars_nstd": 56.58546377699747,
  "dvars_std": 1.1433357596774187,
  "dvars_vstd": 1.0134851802977665,
  "efc": 0.47842620877157926,
  "fber": 1665.848876953125,
  "fd_mean": 0.13105907216464133,
  "fd_num": 70,
  "fd_perc": 17.326732673267326,
  "fwhm_avg": 1.5957045003619832,
  "fwhm_x": 1.5700815533980583,
  "fwhm_y": 1.5796100970873785,
  "fwhm_z": 1.637421850600513,
  "gcor": 0.017111,
  "gsr_x": -0.0005031930631957948,
  "gsr_y": 0.005523617845028639,
  "provenance": {
    "md5sum": "349b0541c4ce483b98486e65487c532c",
    "settings": {
      "fd_thres": 0.2,
      "testing": false
    },
    "software": "mriqc",
    "version": "22.0.6",
    "webapi_port": null,
    "webapi_url": "https://mriqc.nimh.nih.gov/api/v1"
  },
  "size_t": 404,
  "size_x": 64,
  "size_y": 64,
  "size_z": 40,
  "snr": 2.7252713111223383,
  "spacing_tr": 0.9100000262260437,
  "spacing_x": 3.21875,
  "spacing_y": 3.21875,
  "spacing_z": 3.200000047683716,
  "summary_bg_k": 310.0737203580357,
  "summary_bg_mad": 35.32372998349449,
  "summary_bg_mean": 86.09455871582031,
  "summary_bg_median": 52.52227783203125,
  "summary_bg_n": 101480.0,
  "summary_bg_p05": 19.37611408233643,
  "summary_bg_p95": 259.3996124267575,
  "summary_bg_stdv": 122.30586242675781,
  "summary_fg_k": 8.565053131428284,
  "summary_fg_mad": 499.90118094193207,
  "summary_fg_mean": 2329.107666015625,
  "summary_fg_median": 2162.989990234375,
  "summary_fg_n": 28267.0,
  "summary_fg_p05": 1495.7472534179688,
  "summary_fg_p95": 3782.5776367187495,
  "summary_fg_stdv": 793.6647338867188,
  "tsnr": 26.4930119253695
}