{
  "aor": 0.00033232604373757457,
  "aqi": 0.006395387654075546,
  "bids_meta": {
    "AcquisitionMatrixPE": 64,
    "AcquisitionNumber": 1,
    "AcquisitionTime": "14:24:26.297500",
    "BandwidthPerPixelPhaseEncode": 62.5,
    "BaseResolution": 64,
    "BodyPartExamined": "BRAIN",
    "ConsistencyInfo": "N4_VE11C_LATEST_20160120",
    "ConversionSoftware": "dcm2niix",
    "ConversionSoftwareVersion": "v1.0.20210317",
    "DerivedVendorReportedEchoSpacing": 0.0005,
    "DeviceSerialNumber": "45193",
    "DwellTime": 3.1e-06,
    "EchoNumber": 1,
    "EchoTime": 0.0126,
    "EchoTrainLength": 31,
    "EffectiveEchoSpacing": 0.00025,
    "FlipAngle": 56,
    "ImageComments": "Unaliased MB4/PE4/LB",
    "ImageOrientationPatientDICOM": [
      0.99978,
      -0.00315773,
      -0.0207576,
      4.7485e-11,
      0.988626,
      -0.150393
    ],
    "ImageType": [
      "ORIGINAL",
      "PRIMARY",
      "M",
      "MB",
      "TE1",
      "ND",
      "NORM",
      "MOSAIC"
    ],
    "ImagingFrequency": 123.252,
    "InPlanePhaseEncodingDirectionDICOM": "ROW",
    "InstitutionAddress": "Blackburn Road 770,Clayton,Victoria,AU,3800",
    "InstitutionName": "Monash Biomedical Imaging",
    "InstitutionalDepartmentName": "Department",
    "MRAcquisitionType": "2D",
    "MagneticFieldStrength": 3,
    "Manufacturer": "Siemens",
    "ManufacturersModelName": "Skyra",
    "Modality": "MR",
    "MultibandAccelerationFactor": 4,
    "ParallelReductionFactorInPlane": 2,
    "PartialFourier": 1,
    "PatientPosition": "HFS",
    "PercentPhaseFOV": 100,
    "PercentSampling": 100,
    "PhaseEncodingDirection": "i",
    "PhaseEncodingSteps": 63,
    "PhaseResolution": 1,
    "PixelBandwidth": 2520,
    "ProcedureStepDescription": "MR Scan",
    "ProtocolName": "Rest_R-L_mmb_4_4_cmrr_mbep2d_bold_TE_12.6_29.23_45.86_62.49",
    "PulseSequenceDetails": "%CustomerSeq%\\cmrr_mbep2d_bold",
    "ReceiveCoilActiveElements": "HEA;HEP",
    "ReceiveCoilName": "Head_32",
    "ReconMatrixPE": 64,
    "RefLinesPE": 24,
    "RepetitionTime": 0.91,
    "SAR": 0.0830196,
    "ScanOptions": "FS",
    "ScanningSequence": "EP",
    "SequenceName": "epfid2d4_64",
    "SequenceVariant": "SK\\SS",
    "SeriesDescription": "Rest_R-L_mmb_4_4_cmrr_mbep2d_bold_TE_12.6_29.23_45.86_62.49",
    "SeriesNumber": 3,
    "ShimSetting": [
      -4103,
      15425,
      -15104,
      338,
      160,
      -315,
      -116,
      111
    ],
    "SliceThickness": 3.2,
    "SliceTiming": [
      0,
      0.6225,
      0.355,
      0.0875,
      0.71,
      0.445,
      0.1775,
      0.8,
      0.5325,
      0.265,
      0,
      0.6225,
      0.355,
      0.0875,
      0.71,
      0.445,
      0.1775,
      0.8,
      0.5325,
      0.265,
      0,
      0.6225,
      0.355,
      0.0875,
      0.71,
      0.445,
      0.1775,
      0.8,
      0.5325,
      0.265,
      0,
      0.6225,
      0.355,
      0.0875,
      0.71,
      0.445,
      0.1775,
      0.8,
      0.5325,
      0.265
    ],
    "SoftwareVersions": "syngo MR E11",
    "SpacingBetweenSlices": 3.2,
    "StationName": "AWP45193",
    "TaskName": "rest",
    "TotalReadoutTime": 0.01575,
    "TxRefAmp": 352.504,
    "WipMemBlock": "2b191b64-7ae0-465f-9eef-d33e41e17b50||Sequence: R016 ve11c/master r/e634e98; Dec 19 2017 11:00:25 by eja",
    "dataset": "<unset>",
    "modality": "bold",
    "run_id": 1,
    "session_id": "02",
    "subject_id": "PC227",
    "task_id": "rest"
  },
  "dummy_trs": 1,
  "dvars_nstd": 24.92261841384463,
  "dvars_std": 1.1509914937051788,
  "dvars_vstd": 0.994513167669323,
  "efc": 0.586395330514115,
  "fber": 2150.7314453125,
  "fd_mean": 0.07972506839800865,
  "fd_num": 21,
  "fd_perc": 4.174950298210735,
  "fwhm_avg": 2.0630122303206377,
  "fwhm_x": 1.9932209708737865,
  "fwhm_y": 2.0255782524271844,
  "fwhm_z": 2.1702374676609417,
  "gcor": 0.0412487,
  "gsr_x": 0.002331191673874855,
  "gsr_y": 0.012761477380990982,
  "provenance": {
    "md5sum": "9a7beacad753acc7b21f0c5e18955ff8",
    "settings": {
      "fd_thres": 0.2,
      "testing": false
    },
    "software": "mriqc",
    "version": "22.0.6",
    "webapi_port": null,
    "webapi_url": "https://mriqc.nimh.nih.gov/api/v1"
  },
  "size_t": 503,
  "size_x": 64,
  "size_y": 64,
  "size_z": 40,
  "snr": 6.883497379998187,
  "spacing_tr": 0.9100000262260437,
  "spacing_x": 3.21875,
  "spacing_y": 3.21875,
  "spacing_z": 3.200000047683716,
  "summary_bg_k": 6.64049874964987,
  "summary_bg_mad": 135.8688392346556,
  "summary_bg_mean": 595.135009765625,
  "summary_bg_median": 123.69284057617188,
  "summary_bg_n": 94962.0,
  "summary_bg_p05": 24.38966178894043,
  "summary_bg_p95": 2910.5388427734374,
  "summary_bg_stdv": 1008.6703491210938,
  "summary_fg_k": 0.13504253109181885,
  "summary_fg_mad": 792.0990573350949,
  "summary_fg_mean": 5697.46484375,
  "summary_fg_median": 5599.353515625,
  "summary_fg_n": 34795.0,
  "summary_fg_p05": 4505.165087890625,
  "summary_fg_p95": 7187.955078124998,
  "summary_fg_stdv": 813.434326171875,
  "tsnr": 63.50282796774991
}