{
  "aor": 0.001539574175824176,
  "aqi": 0.01655283684065934,
  "bids_meta": {
    "AcquisitionMatrixPE": 64,
    "AcquisitionNumber": 1,
    "AcquisitionTime": "14:41:3.847500",
    "BandwidthPerPixelPhaseEncode": 62.5,
    "BaseResolution": 64,
    "BodyPartExamined": "BRAIN",
    "ConsistencyInfo": "N4_VE11C_LATEST_20160120",
    "ConversionSoftware": "dcm2niix",
    "ConversionSoftwareVersion": "v1.0.20210317",
    "DerivedVendorReportedEchoSpacing": 0.0005,
    "DeviceSerialNumber": "45193",
    "DwellTime": 3.1e-06,
    "EchoNumber": 2,
    "EchoTime": 0.02923,
    "EchoTrainLength": 31,
    "EffectiveEchoSpacing": 0.00025,
    "FlipAngle": 56,
    "ImageComments": "Unaliased MB4/PE4/LB",
    "ImageOrientationPatientDICOM": [
      0.99978,
      -0.00315773,
      -0.0207576,
      4.7485e-11,
      0.988626,
      -0.150393
    ],
    "ImageType": [
      "ORIGINAL",
      "PRIMARY",
      "M",
      "MB",
      "TE2",
      "ND",
      "NORM",
      "MOSAIC"
    ],
    "ImagingFrequency": 123.252,
    "InPlanePhaseEncodingDirectionDICOM": "ROW",
    "InstitutionAddress": "Blackburn Road 770,Clayton,Victoria,AU,3800",
    "InstitutionName": "Monash Biomedical Imaging",
    "InstitutionalDepartmentName": "Department",
    "MRAcquisitionType": "2D",
    "MagneticFieldStrength": 3,
    "Manufacturer": "Siemens",
    "ManufacturersModelName": "Skyra",
    "Modality": "MR",
    "MultibandAccelerationFactor": 4,
    "ParallelReductionFactorInPlane": 2,
    "PartialFourier": 1,
    "PatientPosition": "HFS",
    "PercentPhaseFOV": 100,
    "PercentSampling": 100,
    "PhaseEncodingDirection": "i",
    "PhaseEncodingSteps": 63,
    "PhaseResolution": 1,
    "PixelBandwidth": 2520,
    "ProcedureStepDescription": "MR Scan",
    "ProtocolName": "Music_R-L_mmb_4_4_cmrr_mbep2d_bold_TE_12.6_29.23_45.86_62.49",
    "PulseSequenceDetails": "%CustomerSeq%\\cmrr_mbep2d_bold",
    "ReceiveCoilActiveElements": "HEA;HEP",
    "ReceiveCoilName": "Head_32",
    "ReconMatrixPE": 64,
    "RefLinesPE": 24,
    "RepetitionTime": 0.91,
    "SAR": 0.0834331,
    "ScanOptions": "FS",
    "ScanningSequence": "EP",
    "SequenceName": "epfid2d4_64",
    "SequenceVariant": "SK\\SS",
    "SeriesDescription": "Music_R-L_mmb_4_4_cmrr_mbep2d_bold_TE_12.6_29.23_45.86_62.49",
    "SeriesNumber": 7,
    "ShimSetting": [
      -4103,
      15425,
      -15104,
      338,
      160,
      -315,
      -116,
      111
    ],
    "SliceThickness": 3.2,
    "SliceTiming": [
      0,
      0.6225,
      0.355,
      0.09,
      0.7125,
      0.445,
      0.1775,
      0.8,
      0.535,
      0.2675,
      0,
      0.6225,
      0.355,
      0.09,
      0.7125,
      0.445,
      0.1775,
      0.8,
      0.535,
      0.2675,
      0,
      0.6225,
      0.355,
      0.09,
      0.7125,
      0.445,
      0.1775,
      0.8,
      0.535,
      0.2675,
      0,
      0.6225,
      0.355,
      0.09,
      0.7125,
      0.445,
      0.1775,
      0.8,
      0.535,
      0.2675
    ],
    "SoftwareVersions": "syngo MR E11",
    "SpacingBetweenSlices": 3.2,
    "StationName": "AWP45193",
    "TaskName": "music",
    "TotalReadoutTime": 0.01575,
    "TxRefAmp": 352.504,
    "WipMemBlock": "7e85fef6-9989-4d11-ada6-df5b80bc6731||Sequence: R016 ve11c/master r/e634e98; Dec 19 2017 11:00:25 by eja",
    "dataset": "<unset>",
    "modality": "bold",
    "run_id": 1,
    "session_id": "02",
    "subject_id": "PC227",
    "task_id": "music"
  },
  "dummy_trs": 0,
  "dvars_nstd": 37.704310489312256,
  "dvars_std": 1.1202608890096284,
  "dvars_vstd": 1.005993975460798,
  "efc": 0.5321098857363147,
  "fber": 1766.0477294921875,
  "fd_mean": 0.15954851271341883,
  "fd_num": 148,
  "fd_perc": 20.32967032967033,
  "fwhm_avg": 1.7118880961375416,
  "fwhm_x": 1.7127891262135924,
  "fwhm_y": 1.684234563106796,
  "fwhm_z": 1.7386405990922362,
  "gcor": 0.0141144,
  "gsr_x": 0.012141325511038303,
  "gsr_y": 0.004401857033371925,
  "provenance": {
    "md5sum": "9a03edbe08002733f3248645604dc474",
    "settings": {
      "fd_thres": 0.2,
      "testing": false
    },
    "software": "mriqc",
    "version": "22.0.6",
    "webapi_port": null,
    "webapi_url": "https://mriqc.nimh.nih.gov/api/v1"
  },
  "size_t": 728,
  "size_x": 64,
  "size_y": 64,
  "size_z": 40,
  "snr": 5.416554050054831,
  "spacing_tr": 0.9100000262260437,
  "spacing_x": 3.21875,
  "spacing_y": 3.21875,
  "spacing_z": 3.200000047683716,
  "summary_bg_k": 45.31479774397302,
  "summary_bg_mad": 79.82021001435872,
  "summary_bg_mean": 229.21507263183594,
  "summary_bg_median": 98.77335357666016,
  "summary_bg_n": 97392.0,
  "summary_bg_p05": 30.822803497314453,
  "summary_bg_p95": 886.9324859619138,
  "summary_bg_stdv": 400.9303894042969,
  "summary_fg_k": 1.8406169809157875,
  "summary_fg_mad": 681.4164311672441,
  "summary_fg_mean": 4181.0458984375,
  "summary_fg_median": 4087.858642578125,
  "summary_fg_n": 32312.0,
  "summary_fg_p05": 3170.5300537109374,
  "summary_fg_p95": 5503.359667968749,
  "summary_fg_stdv": 754.6856079101562,
  "tsnr": 35.914132540347055
}