{
  "bids_meta": {
    "AcquisitionMatrixPE": 240,
    "AcquisitionNumber": 1,
    "AcquisitionTime": "14:25:10.597500",
    "BaseResolution": 256,
    "BodyPartExamined": "BRAIN",
    "ConsistencyInfo": "N4_VE11C_LATEST_20160120",
    "ConversionSoftware": "dcm2niix",
    "ConversionSoftwareVersion": "v1.0.20210317",
    "DeviceSerialNumber": "45193",
    "DwellTime": 8.5e-06,
    "EchoTime": 0.00207,
    "FlipAngle": 9,
    "ImageOrientationPatientDICOM": [
      0.0645591,
      0.997914,
      -2.26865e-08,
      0.116483,
      -0.00753581,
      -0.993164
    ],
    "ImageType": [
      "ORIGINAL",
      "PRIMARY",
      "M",
      "ND",
      "NORM"
    ],
    "ImagingFrequency": 123.252,
    "InPlanePhaseEncodingDirectionDICOM": "ROW",
    "InstitutionAddress": "Blackburn Road 770,Clayton,Victoria,AU,3800",
    "InstitutionName": "Monash Biomedical Imaging",
    "InstitutionalDepartmentName": "Department",
    "InversionTime": 0.9,
    "MRAcquisitionType": "3D",
    "MagneticFieldStrength": 3,
    "Manufacturer": "Siemens",
    "ManufacturersModelName": "Skyra",
    "Modality": "MR",
    "ParallelReductionFactorInPlane": 3,
    "PartialFourier": 1,
    "PatientPosition": "HFS",
    "PercentPhaseFOV": 93.75,
    "PercentSampling": 100,
    "PhaseEncodingSteps": 238,
    "PhaseResolution": 1,
    "PixelBandwidth": 230,
    "ProcedureStepDescription": "MR Scan",
    "ProtocolName": "t1_mprage_sag_p3_iso_1",
    "PulseSequenceDetails": "%SiemensSeq%\\tfl",
    "ReceiveCoilActiveElements": "HEA;HEP",
    "ReceiveCoilName": "Head_32",
    "ReconMatrixPE": 240,
    "RefLinesPE": 32,
    "RepetitionTime": 2.3,
    "SAR": 0.0895734,
    "ScanOptions": "IR",
    "ScanningSequence": "GR\\IR",
    "SequenceName": "*tfl3d1_16ns",
    "SequenceVariant": "SK\\SP\\MP",
    "SeriesDescription": "t1_mprage_sag_p3_iso_1",
    "SeriesNumber": 2,
    "ShimSetting": [
      -4121,
      15461,
      -15515,
      -92,
      142,
      -177,
      -175,
      57
    ],
    "SliceThickness": 1,
    "SoftwareVersions": "syngo MR E11",
    "StationName": "AWP45193",
    "TxRefAmp": 370.635,
    "dataset": "<unset>",
    "modality": "T1w",
    "run_id": 1,
    "session_id": "02",
    "subject_id": "PC205"
  },
  "cjv": 0.33615987550187354,
  "cnr": 3.9885927797266603,
  "efc": 0.5054906585932308,
  "fber": -1.0,
  "fwhm_avg": 3.7966233333333332,
  "fwhm_x": 3.71149,
  "fwhm_y": 3.88874,
  "fwhm_z": 3.78964,
  "icvs_csf": 0.1866116945331804,
  "icvs_gm": 0.4630697255120397,
  "icvs_wm": 0.35031857995477994,
  "inu_med": 0.5149414539337158,
  "inu_range": 0.15988923907279967,
  "provenance": {
    "md5sum": "9ca8ddbfc3d016c2acd858d318f1baa5",
    "settings": {
      "testing": false
    },
    "software": "mriqc",
    "version": "22.0.6",
    "warnings": {
      "large_rot_frame": true,
      "small_air_mask": false
    },
    "webapi_port": null,
    "webapi_url": "https://mriqc.nimh.nih.gov/api/v1"
  },
  "qi_1": 0.0383227962573733,
  "qi_2": 0.022148436866068905,
  "rpve_csf": 24.4381053414136,
  "rpve_gm": 11.08967048618967,
  "rpve_wm": 16.614185987116546,
  "size_x": 192,
  "size_y": 240,
  "size_z": 256,
  "snr_csf": 2.354713411393035,
  "snr_gm": 11.81467259411022,
  "snr_total": 12.135941259187708,
  "snr_wm": 22.23843777205987,
  "snrd_csf": 23.821965590632452,
  "snrd_gm": 63.94105907269742,
  "snrd_total": 59.63576737890731,
  "snrd_wm": 91.14427747339208,
  "spacing_x": 1.0,
  "spacing_y": 1.0,
  "spacing_z": 1.0,
  "summary_bg_k": 24962.884567948266,
  "summary_bg_mad": 0.0,
  "summary_bg_mean": 2.296116162513479,
  "summary_bg_median": 0.0,
  "summary_bg_n": 2874671.0,
  "summary_bg_p05": 0.0,
  "summary_bg_p95": 8.724537082016468,
  "summary_bg_stdv": 7.1881928465476665,
  "summary_csf_k": 19.01936138971894,
  "summary_csf_mad": 80.28018072918763,
  "summary_csf_mean": 276.64364836966314,
  "summary_csf_median": 261.3759251497686,
  "summary_csf_n": 28537.0,
  "summary_csf_p05": 129.96358587220314,
  "summary_csf_p95": 469.6922573484479,
  "summary_csf_stdv": 110.99921724993176,
  "summary_gm_k": 0.1444045677347785,
  "summary_gm_mad": 57.732901588691476,
  "summary_gm_mean": 700.6041887992471,
  "summary_gm_median": 701.564839668572,
  "summary_gm_n": 38600.0,
  "summary_gm_p05": 600.1501002525911,
  "summary_gm_p95": 796.3741440139711,
  "summary_gm_stdv": 59.38004175689067,
  "summary_wm_k": 0.5497186842690125,
  "summary_wm_mad": 42.602490586516424,
  "summary_wm_mean": 999.7025772461865,
  "summary_wm_median": 1000.0400578230619,
  "summary_wm_n": 211568.0,
  "summary_wm_p05": 925.5613261274993,
  "summary_wm_p95": 1072.1975824050605,
  "summary_wm_stdv": 44.96888246690047,
  "tpm_overlap_csf": 0.16839098662910454,
  "tpm_overlap_gm": 0.47410558025433186,
  "tpm_overlap_wm": 0.518471432434769,
  "wm2max": 0.4331201358917026
}