{
  "aor": 0.0004912774451097804,
  "aqi": 0.01683738736526946,
  "bids_meta": {
    "AcquisitionMatrixPE": 64,
    "AcquisitionNumber": 1,
    "AcquisitionTime": "11:26:6.942500",
    "BandwidthPerPixelPhaseEncode": 62.5,
    "BaseResolution": 64,
    "BodyPartExamined": "BRAIN",
    "ConsistencyInfo": "N4_VE11C_LATEST_20160120",
    "ConversionSoftware": "dcm2niix",
    "ConversionSoftwareVersion": "v1.0.20210317",
    "DerivedVendorReportedEchoSpacing": 0.0005,
    "DeviceSerialNumber": "45193",
    "DwellTime": 3.1e-06,
    "EchoNumber": 1,
    "EchoTime": 0.0126,
    "EchoTrainLength": 31,
    "EffectiveEchoSpacing": 0.00025,
    "FlipAngle": 56,
    "ImageComments": "Unaliased MB4/PE4/LB",
    "ImageOrientationPatientDICOM": [
      0.999903,
      0.000822824,
      0.0139287,
      -4.109e-12,
      0.99826,
      -0.0589712
    ],
    "ImageType": [
      "ORIGINAL",
      "PRIMARY",
      "M",
      "MB",
      "TE1",
      "ND",
      "NORM",
      "MOSAIC"
    ],
    "ImagingFrequency": 123.246,
    "InPlanePhaseEncodingDirectionDICOM": "ROW",
    "InstitutionAddress": "Blackburn Road 770,Clayton,Victoria,AU,3800",
    "InstitutionName": "Monash Biomedical Imaging",
    "InstitutionalDepartmentName": "Department",
    "MRAcquisitionType": "2D",
    "MagneticFieldStrength": 3,
    "Manufacturer": "Siemens",
    "ManufacturersModelName": "Skyra",
    "Modality": "MR",
    "MultibandAccelerationFactor": 4,
    "ParallelReductionFactorInPlane": 2,
    "PartialFourier": 1,
    "PatientPosition": "HFS",
    "PercentPhaseFOV": 100,
    "PercentSampling": 100,
    "PhaseEncodingDirection": "i",
    "PhaseEncodingSteps": 63,
    "PhaseResolution": 1,
    "PixelBandwidth": 2520,
    "ProcedureStepDescription": "MR Scan",
    "ProtocolName": "Rest_R-L_mmb_4_4_cmrr_mbep2d_bold_TE_12.6_29.23_45.86_62.49",
    "PulseSequenceDetails": "%CustomerSeq%\\cmrr_mbep2d_bold",
    "ReceiveCoilActiveElements": "HEA;HEP",
    "ReceiveCoilName": "Head_32",
    "ReconMatrixPE": 64,
    "RefLinesPE": 24,
    "RepetitionTime": 0.91,
    "SAR": 0.0974154,
    "ScanOptions": "FS",
    "ScanningSequence": "EP",
    "SequenceName": "epfid2d4_64",
    "SequenceVariant": "SK\\SS",
    "SeriesDescription": "Rest_R-L_mmb_4_4_cmrr_mbep2d_bold_TE_12.6_29.23_45.86_62.49",
    "SeriesNumber": 3,
    "ShimSetting": [
      -4055,
      15263,
      -14955,
      465,
      278,
      41,
      316,
      219
    ],
    "SliceThickness": 3.2,
    "SliceTiming": [
      0,
      0.6225,
      0.355,
      0.0875,
      0.71,
      0.445,
      0.1775,
      0.8,
      0.5325,
      0.265,
      0,
      0.6225,
      0.355,
      0.0875,
      0.71,
      0.445,
      0.1775,
      0.8,
      0.5325,
      0.265,
      0,
      0.6225,
      0.355,
      0.0875,
      0.71,
      0.445,
      0.1775,
      0.8,
      0.5325,
      0.265,
      0,
      0.6225,
      0.355,
      0.0875,
      0.71,
      0.445,
      0.1775,
      0.8,
      0.5325,
      0.265
    ],
    "SoftwareVersions": "syngo MR E11",
    "SpacingBetweenSlices": 3.2,
    "StationName": "AWP45193",
    "TaskName": "rest",
    "TotalReadoutTime": 0.01575,
    "TxRefAmp": 407.285,
    "WipMemBlock": "a0bd7dbb-53a9-4e19-9edc-78728eff2c27||Sequence: R016 ve11c/master r/e634e98; Dec 19 2017 11:00:25 by eja",
    "dataset": "<unset>",
    "modality": "bold",
    "run_id": 1,
    "session_id": "02",
    "subject_id": "PC032",
    "task_id": "rest"
  },
  "dummy_trs": 3,
  "dvars_nstd": 24.440957115080018,
  "dvars_std": 1.1358080896200002,
  "dvars_vstd": 0.9329366455800001,
  "efc": 0.5985804379942751,
  "fber": 2668.43994140625,
  "fd_mean": 0.09152534759078018,
  "fd_num": 5,
  "fd_perc": 0.998003992015968,
  "fwhm_avg": 2.021905556161079,
  "fwhm_x": 1.8690671844660196,
  "fwhm_y": 2.1467495145631066,
  "fwhm_z": 2.0498999694541102,
  "gcor": 0.0337135,
  "gsr_x": -0.008176271803677082,
  "gsr_y": 0.06546695530414581,
  "provenance": {
    "md5sum": "2763eb639bd85a6d307ab5defb0a224a",
    "settings": {
      "fd_thres": 0.2,
      "testing": false
    },
    "software": "mriqc",
    "version": "22.0.6",
    "webapi_port": null,
    "webapi_url": "https://mriqc.nimh.nih.gov/api/v1"
  },
  "size_t": 501,
  "size_x": 64,
  "size_y": 64,
  "size_z": 40,
  "snr": 6.700044549628121,
  "spacing_tr": 0.9100000262260437,
  "spacing_x": 3.21875,
  "spacing_y": 3.21875,
  "spacing_z": 3.200000047683716,
  "summary_bg_k": 7.82775052364369,
  "summary_bg_mad": 129.75580849770463,
  "summary_bg_mean": 576.0140991210938,
  "summary_bg_median": 125.99002075195312,
  "summary_bg_n": 87285.0,
  "summary_bg_p05": 21.45109748840332,
  "summary_bg_p95": 3044.335791015625,
  "summary_bg_stdv": 1043.0953369140625,
  "summary_fg_k": 0.3746099315919085,
  "summary_fg_mad": 997.7898452005411,
  "summary_fg_mean": 6759.2529296875,
  "summary_fg_median": 6695.38427734375,
  "summary_fg_n": 38988.0,
  "summary_fg_p05": 5257.1324462890625,
  "summary_fg_p95": 8502.676953125001,
  "summary_fg_stdv": 999.2916259765625,
  "tsnr": 46.540458656381816
}