{
  "aor": 0.0004618059299191375,
  "aqi": 0.011804454690026955,
  "bids_meta": {
    "AcquisitionMatrixPE": 64,
    "AcquisitionNumber": 1,
    "AcquisitionTime": "11:54:39.380000",
    "BandwidthPerPixelPhaseEncode": 62.5,
    "BaseResolution": 64,
    "BodyPartExamined": "BRAIN",
    "ConsistencyInfo": "N4_VE11C_LATEST_20160120",
    "ConversionSoftware": "dcm2niix",
    "ConversionSoftwareVersion": "v1.0.20210317",
    "DerivedVendorReportedEchoSpacing": 0.0005,
    "DeviceSerialNumber": "45193",
    "DwellTime": 3.1e-06,
    "EchoNumber": 1,
    "EchoTime": 0.0126,
    "EchoTrainLength": 31,
    "EffectiveEchoSpacing": 0.00025,
    "FlipAngle": 56,
    "ImageComments": "Unaliased MB4/PE4/LB",
    "ImageOrientationPatientDICOM": [
      0.999903,
      0.000822824,
      0.0139287,
      -4.109e-12,
      0.99826,
      -0.0589712
    ],
    "ImageType": [
      "ORIGINAL",
      "PRIMARY",
      "M",
      "MB",
      "TE1",
      "ND",
      "NORM",
      "MOSAIC"
    ],
    "ImagingFrequency": 123.247,
    "InPlanePhaseEncodingDirectionDICOM": "ROW",
    "InstitutionAddress": "Blackburn Road 770,Clayton,Victoria,AU,3800",
    "InstitutionName": "Monash Biomedical Imaging",
    "InstitutionalDepartmentName": "Department",
    "MRAcquisitionType": "2D",
    "MagneticFieldStrength": 3,
    "Manufacturer": "Siemens",
    "ManufacturersModelName": "Skyra",
    "Modality": "MR",
    "MultibandAccelerationFactor": 4,
    "ParallelReductionFactorInPlane": 2,
    "PartialFourier": 1,
    "PatientPosition": "HFS",
    "PercentPhaseFOV": 100,
    "PercentSampling": 100,
    "PhaseEncodingDirection": "i",
    "PhaseEncodingSteps": 63,
    "PhaseResolution": 1,
    "PixelBandwidth": 2520,
    "ProcedureStepDescription": "MR Scan",
    "ProtocolName": "Movie_R-L_mmb_4_4_cmrr_mbep2d_bold_TE_12.6_29.23_45.86_62.49",
    "PulseSequenceDetails": "%CustomerSeq%\\cmrr_mbep2d_bold",
    "ReceiveCoilActiveElements": "HEA;HEP",
    "ReceiveCoilName": "Head_32",
    "ReconMatrixPE": 64,
    "RefLinesPE": 24,
    "RepetitionTime": 0.91,
    "SAR": 0.0968915,
    "ScanOptions": "FS",
    "ScanningSequence": "EP",
    "SequenceName": "epfid2d4_64",
    "SequenceVariant": "SK\\SS",
    "SeriesDescription": "Movie_R-L_mmb_4_4_cmrr_mbep2d_bold_TE_12.6_29.23_45.86_62.49",
    "SeriesNumber": 8,
    "ShimSetting": [
      -4055,
      15263,
      -14955,
      465,
      278,
      41,
      316,
      219
    ],
    "SliceThickness": 3.2,
    "SliceTiming": [
      0,
      0.6225,
      0.355,
      0.0875,
      0.71,
      0.445,
      0.1775,
      0.8,
      0.5325,
      0.265,
      0,
      0.6225,
      0.355,
      0.0875,
      0.71,
      0.445,
      0.1775,
      0.8,
      0.5325,
      0.265,
      0,
      0.6225,
      0.355,
      0.0875,
      0.71,
      0.445,
      0.1775,
      0.8,
      0.5325,
      0.265,
      0,
      0.6225,
      0.355,
      0.0875,
      0.71,
      0.445,
      0.1775,
      0.8,
      0.5325,
      0.265
    ],
    "SoftwareVersions": "syngo MR E11",
    "SpacingBetweenSlices": 3.2,
    "StationName": "AWP45193",
    "TaskName": "movie",
    "TotalReadoutTime": 0.01575,
    "TxRefAmp": 407.285,
    "WipMemBlock": "372d5357-61ec-489e-80d9-714221650d1d||Sequence: R016 ve11c/master r/e634e98; Dec 19 2017 11:00:25 by eja",
    "dataset": "<unset>",
    "modality": "bold",
    "run_id": 1,
    "session_id": "02",
    "subject_id": "PC032",
    "task_id": "movie"
  },
  "dummy_trs": 1,
  "dvars_nstd": 25.483309791891887,
  "dvars_std": 1.1824146215405404,
  "dvars_vstd": 0.9655000465945949,
  "efc": 0.5927286868263569,
  "fber": 2604.81494140625,
  "fd_mean": 0.09052184124966946,
  "fd_num": 8,
  "fd_perc": 2.1563342318059298,
  "fwhm_avg": 2.019957544376835,
  "fwhm_x": 1.8648699029126214,
  "fwhm_y": 2.1344621359223304,
  "fwhm_z": 2.0605405942955524,
  "gcor": 0.00591646,
  "gsr_x": 0.003840090474113822,
  "gsr_y": 0.06755976378917694,
  "provenance": {
    "md5sum": "e542e1088bb3ca9057a2d1a1c9f94526",
    "settings": {
      "fd_thres": 0.2,
      "testing": false
    },
    "software": "mriqc",
    "version": "22.0.6",
    "webapi_port": null,
    "webapi_url": "https://mriqc.nimh.nih.gov/api/v1"
  },
  "size_t": 371,
  "size_x": 64,
  "size_y": 64,
  "size_z": 40,
  "snr": 6.763802612030344,
  "spacing_tr": 0.9100000262260437,
  "spacing_x": 3.21875,
  "spacing_y": 3.21875,
  "spacing_z": 3.200000047683716,
  "summary_bg_k": 7.017253677725689,
  "summary_bg_mad": 136.56324345671723,
  "summary_bg_mean": 559.4640502929688,
  "summary_bg_median": 126.84905242919922,
  "summary_bg_n": 88585.0,
  "summary_bg_p05": 19.8636116027832,
  "summary_bg_p95": 3027.2375976562503,
  "summary_bg_stdv": 1005.366455078125,
  "summary_fg_k": 0.3131008358287031,
  "summary_fg_mad": 990.7420552111557,
  "summary_fg_mean": 6700.94921875,
  "summary_fg_median": 6650.046875,
  "summary_fg_n": 38210.0,
  "summary_fg_p05": 5206.612866210938,
  "summary_fg_p95": 8390.767578124998,
  "summary_fg_stdv": 983.1688232421875,
  "tsnr": 56.15642438340001
}