{
  "aor": 0.00025708791208791206,
  "aqi": 0.01419977434065934,
  "bids_meta": {
    "AcquisitionMatrixPE": 64,
    "AcquisitionNumber": 1,
    "AcquisitionTime": "13:25:9.187500",
    "BandwidthPerPixelPhaseEncode": 62.5,
    "BaseResolution": 64,
    "BodyPartExamined": "BRAIN",
    "ConsistencyInfo": "N4_VE11C_LATEST_20160120",
    "ConversionSoftware": "dcm2niix",
    "ConversionSoftwareVersion": "v1.0.20210317",
    "DerivedVendorReportedEchoSpacing": 0.0005,
    "DeviceSerialNumber": "45193",
    "DwellTime": 3.1e-06,
    "EchoNumber": 4,
    "EchoTime": 0.06249,
    "EchoTrainLength": 31,
    "EffectiveEchoSpacing": 0.00025,
    "FlipAngle": 56,
    "ImageComments": "Unaliased MB4/PE4/LB",
    "ImageOrientationPatientDICOM": [
      0.999144,
      0.00675783,
      -0.0408175,
      -6.642e-11,
      0.98657,
      0.163339
    ],
    "ImageType": [
      "ORIGINAL",
      "PRIMARY",
      "M",
      "MB",
      "TE4",
      "ND",
      "NORM",
      "MOSAIC"
    ],
    "ImagingFrequency": 123.252,
    "InPlanePhaseEncodingDirectionDICOM": "ROW",
    "InstitutionAddress": "Blackburn Road 770,Clayton,Victoria,AU,3800",
    "InstitutionName": "Monash Biomedical Imaging",
    "InstitutionalDepartmentName": "Department",
    "MRAcquisitionType": "2D",
    "MagneticFieldStrength": 3,
    "Manufacturer": "Siemens",
    "ManufacturersModelName": "Skyra",
    "Modality": "MR",
    "MultibandAccelerationFactor": 4,
    "ParallelReductionFactorInPlane": 2,
    "PartialFourier": 1,
    "PatientPosition": "HFS",
    "PercentPhaseFOV": 100,
    "PercentSampling": 100,
    "PhaseEncodingDirection": "i",
    "PhaseEncodingSteps": 63,
    "PhaseResolution": 1,
    "PixelBandwidth": 2520,
    "ProcedureStepDescription": "MR Scan",
    "ProtocolName": "Music_R-L_mmb_4_4_cmrr_mbep2d_bold_TE_12.6_29.23_45.86_62.49",
    "PulseSequenceDetails": "%CustomerSeq%\\cmrr_mbep2d_bold",
    "ReceiveCoilActiveElements": "HEA;HEP",
    "ReceiveCoilName": "Head_32",
    "ReconMatrixPE": 64,
    "RefLinesPE": 24,
    "RepetitionTime": 0.91,
    "SAR": 0.0922445,
    "ScanOptions": "FS",
    "ScanningSequence": "EP",
    "SequenceName": "epfid2d4_64",
    "SequenceVariant": "SK\\SS",
    "SeriesDescription": "Music_R-L_mmb_4_4_cmrr_mbep2d_bold_TE_12.6_29.23_45.86_62.49",
    "SeriesNumber": 11,
    "ShimSetting": [
      -4117,
      15310,
      -15073,
      510,
      350,
      -56,
      119,
      85
    ],
    "SliceThickness": 3.2,
    "SliceTiming": [
      0,
      0.6225,
      0.355,
      0.09,
      0.7125,
      0.445,
      0.1775,
      0.8,
      0.535,
      0.2675,
      0,
      0.6225,
      0.355,
      0.09,
      0.7125,
      0.445,
      0.1775,
      0.8,
      0.535,
      0.2675,
      0,
      0.6225,
      0.355,
      0.09,
      0.7125,
      0.445,
      0.1775,
      0.8,
      0.535,
      0.2675,
      0,
      0.6225,
      0.355,
      0.09,
      0.7125,
      0.445,
      0.1775,
      0.8,
      0.535,
      0.2675
    ],
    "SoftwareVersions": "syngo MR E11",
    "SpacingBetweenSlices": 3.2,
    "StationName": "AWP45193",
    "TaskName": "music",
    "TotalReadoutTime": 0.01575,
    "TxRefAmp": 353.174,
    "WipMemBlock": "efb73c97-a0b2-4aa0-9746-5ffb69abeee5||Sequence: R016 ve11c/master r/e634e98; Dec 19 2017 11:00:25 by eja",
    "dataset": "<unset>",
    "modality": "bold",
    "run_id": 1,
    "session_id": "01",
    "subject_id": "PC220",
    "task_id": "music"
  },
  "dummy_trs": 0,
  "dvars_nstd": 55.48049516414031,
  "dvars_std": 1.1815027104264109,
  "dvars_vstd": 0.9843854340852815,
  "efc": 0.460499867628196,
  "fber": 2215.909912109375,
  "fd_mean": 0.0780741302710022,
  "fd_num": 7,
  "fd_perc": 0.9615384615384616,
  "fwhm_avg": 1.675220379920921,
  "fwhm_x": 1.5874982524271843,
  "fwhm_y": 1.7412629126213592,
  "fwhm_z": 1.69689997471422,
  "gcor": 0.0172252,
  "gsr_x": -0.008316979743540287,
  "gsr_y": 0.012814562767744064,
  "provenance": {
    "md5sum": "b107ab0c3e48f7f3a80bbee892ccdc51",
    "settings": {
      "fd_thres": 0.2,
      "testing": false
    },
    "software": "mriqc",
    "version": "22.0.6",
    "webapi_port": null,
    "webapi_url": "https://mriqc.nimh.nih.gov/api/v1"
  },
  "size_t": 728,
  "size_x": 64,
  "size_y": 64,
  "size_z": 40,
  "snr": 2.9452393305896356,
  "spacing_tr": 0.9100000262260437,
  "spacing_x": 3.21875,
  "spacing_y": 3.21875,
  "spacing_z": 3.200000047683716,
  "summary_bg_k": 69.47924440482228,
  "summary_bg_mad": 29.250847495210717,
  "summary_bg_mean": 69.77163696289062,
  "summary_bg_median": 43.92033004760742,
  "summary_bg_n": 104335.0,
  "summary_bg_p05": 16.56730842590332,
  "summary_bg_p95": 208.99766540527327,
  "summary_bg_stdv": 89.12454986572266,
  "summary_fg_k": 9.886992739875117,
  "summary_fg_mad": 558.9451989560829,
  "summary_fg_mean": 2199.277099609375,
  "summary_fg_median": 2081.813232421875,
  "summary_fg_n": 25963.0,
  "summary_fg_p05": 1380.7450073242187,
  "summary_fg_p95": 3281.5220458984363,
  "summary_fg_stdv": 706.8264770507812,
  "tsnr": 26.7171475290088
}