{
  "aor": 0.0001258366533864542,
  "aqi": 0.008064991414342628,
  "bids_meta": {
    "AcquisitionMatrixPE": 64,
    "AcquisitionNumber": 1,
    "AcquisitionTime": "10:34:14.395000",
    "BandwidthPerPixelPhaseEncode": 62.5,
    "BaseResolution": 64,
    "BodyPartExamined": "BRAIN",
    "ConsistencyInfo": "N4_VE11C_LATEST_20160120",
    "ConversionSoftware": "dcm2niix",
    "ConversionSoftwareVersion": "v1.0.20210317",
    "DerivedVendorReportedEchoSpacing": 0.0005,
    "DeviceSerialNumber": "45193",
    "DwellTime": 3.1e-06,
    "EchoNumber": 2,
    "EchoTime": 0.02923,
    "EchoTrainLength": 31,
    "EffectiveEchoSpacing": 0.00025,
    "FlipAngle": 56,
    "ImageComments": "Unaliased MB4/PE4/LB",
    "ImageOrientationPatientDICOM": [
      0.999831,
      -0.0142571,
      0.0115795,
      0.0157066,
      0.990494,
      -0.136654
    ],
    "ImageType": [
      "ORIGINAL",
      "PRIMARY",
      "M",
      "MB",
      "TE2",
      "ND",
      "NORM",
      "MOSAIC"
    ],
    "ImagingFrequency": 123.252,
    "InPlanePhaseEncodingDirectionDICOM": "ROW",
    "InstitutionAddress": "Blackburn Road 770,Clayton,Victoria,AU,3800",
    "InstitutionName": "Monash Biomedical Imaging",
    "InstitutionalDepartmentName": "Department",
    "MRAcquisitionType": "2D",
    "MagneticFieldStrength": 3,
    "Manufacturer": "Siemens",
    "ManufacturersModelName": "Skyra",
    "Modality": "MR",
    "MultibandAccelerationFactor": 4,
    "ParallelReductionFactorInPlane": 2,
    "PartialFourier": 1,
    "PatientPosition": "HFS",
    "PercentPhaseFOV": 100,
    "PercentSampling": 100,
    "PhaseEncodingDirection": "i",
    "PhaseEncodingSteps": 63,
    "PhaseResolution": 1,
    "PixelBandwidth": 2520,
    "ProcedureStepDescription": "MR Scan",
    "ProtocolName": "Rest_R-L_mmb_4_4_cmrr_mbep2d_bold_TE_12.6_29.23_45.86_62.49",
    "PulseSequenceDetails": "%CustomerSeq%\\cmrr_mbep2d_bold",
    "ReceiveCoilActiveElements": "HEA;HEP",
    "ReceiveCoilName": "Head_32",
    "ReconMatrixPE": 64,
    "RefLinesPE": 24,
    "RepetitionTime": 0.91,
    "SAR": 0.0955443,
    "ScanOptions": "FS",
    "ScanningSequence": "EP",
    "SequenceName": "epfid2d4_64",
    "SequenceVariant": "SK\\SS",
    "SeriesDescription": "Rest_R-L_mmb_4_4_cmrr_mbep2d_bold_TE_12.6_29.23_45.86_62.49",
    "SeriesNumber": 5,
    "ShimSetting": [
      -4081,
      15461,
      -14993,
      491,
      395,
      142,
      -225,
      32
    ],
    "SliceThickness": 3.2,
    "SliceTiming": [
      0,
      0.625,
      0.3575,
      0.09,
      0.7125,
      0.445,
      0.18,
      0.8025,
      0.535,
      0.2675,
      0,
      0.625,
      0.3575,
      0.09,
      0.7125,
      0.445,
      0.18,
      0.8025,
      0.535,
      0.2675,
      0,
      0.625,
      0.3575,
      0.09,
      0.7125,
      0.445,
      0.18,
      0.8025,
      0.535,
      0.2675,
      0,
      0.625,
      0.3575,
      0.09,
      0.7125,
      0.445,
      0.18,
      0.8025,
      0.535,
      0.2675
    ],
    "SoftwareVersions": "syngo MR E11",
    "SpacingBetweenSlices": 3.2,
    "StationName": "AWP45193",
    "TaskName": "rest",
    "TotalReadoutTime": 0.01575,
    "TxRefAmp": 372.981,
    "WipMemBlock": "0f13bd4f-caf6-4a97-800b-5f2daf94e979||Sequence: R016 ve11c/master r/e634e98; Dec 19 2017 11:00:25 by eja",
    "dataset": "<unset>",
    "modality": "bold",
    "run_id": 1,
    "session_id": "01",
    "subject_id": "PC206",
    "task_id": "rest"
  },
  "dummy_trs": 2,
  "dvars_nstd": 28.671170362135726,
  "dvars_std": 1.113636450958084,
  "dvars_vstd": 0.9856145031536918,
  "efc": 0.5089182897283384,
  "fber": 4430.8984375,
  "fd_mean": 0.09597095815264649,
  "fd_num": 6,
  "fd_perc": 1.1952191235059761,
  "fwhm_avg": 1.789635011213477,
  "fwhm_x": 1.7200590291262134,
  "fwhm_y": 1.834277281553398,
  "fwhm_z": 1.814568722960819,
  "gcor": 0.0163626,
  "gsr_x": 0.005470328498631716,
  "gsr_y": 0.02278669737279415,
  "provenance": {
    "md5sum": "ac2ac8597f28853d25bec299f2b1cb08",
    "settings": {
      "fd_thres": 0.2,
      "testing": false
    },
    "software": "mriqc",
    "version": "22.0.6",
    "webapi_port": null,
    "webapi_url": "https://mriqc.nimh.nih.gov/api/v1"
  },
  "size_t": 502,
  "size_x": 64,
  "size_y": 64,
  "size_z": 40,
  "snr": 5.651392982984302,
  "spacing_tr": 0.9100000262260437,
  "spacing_x": 3.21875,
  "spacing_y": 3.21875,
  "spacing_z": 3.200000047683716,
  "summary_bg_k": 61.339793122627796,
  "summary_bg_mad": 56.31526053357978,
  "summary_bg_mean": 172.27488708496094,
  "summary_bg_median": 62.984066009521484,
  "summary_bg_n": 97559.0,
  "summary_bg_p05": 15.774900436401367,
  "summary_bg_p95": 625.601434326171,
  "summary_bg_stdv": 416.1592102050781,
  "summary_fg_k": 1.6995212681598426,
  "summary_fg_mad": 682.9392113267297,
  "summary_fg_mean": 4232.43359375,
  "summary_fg_median": 4141.9921875,
  "summary_fg_n": 32331.0,
  "summary_fg_p05": 3235.57080078125,
  "summary_fg_p95": 5512.77001953125,
  "summary_fg_stdv": 732.9039306640625,
  "tsnr": 52.01781081059016
}