{
  "bids_meta": {
    "AcquisitionMatrixPE": 240,
    "AcquisitionNumber": 1,
    "AcquisitionTime": "10:43:54.830000",
    "BaseResolution": 256,
    "BodyPartExamined": "BRAIN",
    "ConsistencyInfo": "N4_VE11C_LATEST_20160120",
    "ConversionSoftware": "dcm2niix",
    "ConversionSoftwareVersion": "v1.0.20210317",
    "DeviceSerialNumber": "45193",
    "DwellTime": 8.5e-06,
    "EchoTime": 0.00207,
    "FlipAngle": 9,
    "ImageOrientationPatientDICOM": [
      -0.102311,
      0.994753,
      3.69509e-08,
      0.0375344,
      0.00386046,
      -0.999288
    ],
    "ImageType": [
      "ORIGINAL",
      "PRIMARY",
      "M",
      "ND",
      "NORM"
    ],
    "ImagingFrequency": 123.252,
    "InPlanePhaseEncodingDirectionDICOM": "ROW",
    "InstitutionAddress": "Blackburn Road 770,Clayton,Victoria,AU,3800",
    "InstitutionName": "Monash Biomedical Imaging",
    "InstitutionalDepartmentName": "Department",
    "InversionTime": 0.9,
    "MRAcquisitionType": "3D",
    "MagneticFieldStrength": 3,
    "Manufacturer": "Siemens",
    "ManufacturersModelName": "Skyra",
    "Modality": "MR",
    "ParallelReductionFactorInPlane": 3,
    "PartialFourier": 1,
    "PatientPosition": "HFS",
    "PercentPhaseFOV": 93.75,
    "PercentSampling": 100,
    "PhaseEncodingSteps": 238,
    "PhaseResolution": 1,
    "PixelBandwidth": 230,
    "ProcedureStepDescription": "MR Scan",
    "ProtocolName": "t1_mprage_sag_p3_iso_1",
    "PulseSequenceDetails": "%SiemensSeq%\\tfl",
    "ReceiveCoilActiveElements": "HEA;HEP",
    "ReceiveCoilName": "Head_32",
    "ReconMatrixPE": 240,
    "RefLinesPE": 32,
    "RepetitionTime": 2.3,
    "SAR": 0.0882498,
    "ScanOptions": "IR",
    "ScanningSequence": "GR\\IR",
    "SequenceName": "*tfl3d1_16ns",
    "SequenceVariant": "SK\\SP\\MP",
    "SeriesDescription": "t1_mprage_sag_p3_iso_1",
    "SeriesNumber": 2,
    "ShimSetting": [
      -4121,
      15461,
      -15515,
      -92,
      142,
      -177,
      -175,
      57
    ],
    "SliceThickness": 1,
    "SoftwareVersions": "syngo MR E11",
    "StationName": "AWP45193",
    "TxRefAmp": 349.044,
    "dataset": "<unset>",
    "modality": "T1w",
    "run_id": 1,
    "session_id": "02",
    "subject_id": "PC220"
  },
  "cjv": 0.3412723828002545,
  "cnr": 3.7153318468783567,
  "efc": 0.47603617802447723,
  "fber": 24671.841652892563,
  "fwhm_avg": 3.7750299999999997,
  "fwhm_x": 3.66517,
  "fwhm_y": 3.84648,
  "fwhm_z": 3.81344,
  "icvs_csf": 0.19115271777050527,
  "icvs_gm": 0.4615109728006227,
  "icvs_wm": 0.347336309428872,
  "inu_med": 0.46395426988601685,
  "inu_range": 0.125108876824379,
  "provenance": {
    "md5sum": "089e20f64ddd0b35594391436457ff3a",
    "settings": {
      "testing": false
    },
    "software": "mriqc",
    "version": "22.0.6",
    "warnings": {
      "large_rot_frame": true,
      "small_air_mask": false
    },
    "webapi_port": null,
    "webapi_url": "https://mriqc.nimh.nih.gov/api/v1"
  },
  "qi_1": 0.016234365867913502,
  "qi_2": 0.04581071822276022,
  "rpve_csf": 27.25728040131787,
  "rpve_gm": 12.631868435929682,
  "rpve_wm": 19.042151021124244,
  "size_x": 192,
  "size_y": 240,
  "size_z": 256,
  "snr_csf": 2.409543951189313,
  "snr_gm": 11.153937087592366,
  "snr_total": 12.352981973299975,
  "snr_wm": 23.49546488111825,
  "snrd_csf": 5.889936222571463,
  "snrd_gm": 15.199696159245178,
  "snrd_total": 14.293153644777275,
  "snrd_wm": 21.789828552515182,
  "spacing_x": 1.0,
  "spacing_y": 1.0,
  "spacing_z": 1.0,
  "summary_bg_k": 5165.3081227437515,
  "summary_bg_mad": 0.0,
  "summary_bg_mean": 2.2058689029317553,
  "summary_bg_median": 0.0,
  "summary_bg_n": 2865250.0,
  "summary_bg_p05": 0.0,
  "summary_bg_p95": 8.321115486323833,
  "summary_bg_stdv": 30.06734685186934,
  "summary_csf_k": 0.5375520829162017,
  "summary_csf_mad": 99.04771722316215,
  "summary_csf_mean": 282.20817264220113,
  "summary_csf_median": 270.31738022714853,
  "summary_csf_n": 21435.0,
  "summary_csf_p05": 107.00162028223276,
  "summary_csf_p95": 487.02300210669637,
  "summary_csf_stdv": 112.18350032847452,
  "summary_gm_k": -0.036832322078636626,
  "summary_gm_mad": 62.74197034065076,
  "summary_gm_mean": 696.5688114877964,
  "summary_gm_median": 697.586848270148,
  "summary_gm_n": 48599.0,
  "summary_gm_p05": 591.7105597965419,
  "summary_gm_p95": 797.9157264195383,
  "summary_gm_stdv": 62.54111582197418,
  "summary_wm_k": 0.48457928971560804,
  "summary_wm_mad": 40.47679547257338,
  "summary_wm_mean": 1000.1816192257412,
  "summary_wm_median": 1000.03958401829,
  "summary_wm_n": 185776.0,
  "summary_wm_p05": 930.6573306061327,
  "summary_wm_p95": 1070.0558271817863,
  "summary_wm_stdv": 42.56297534672233,
  "tpm_overlap_csf": 0.1567355372170346,
  "tpm_overlap_gm": 0.4695413398654342,
  "tpm_overlap_wm": 0.5037957828176565,
  "wm2max": 0.436473532518572
}