{
  "aor": 0.0021499313186813186,
  "aqi": 0.02505861565934066,
  "bids_meta": {
    "AcquisitionMatrixPE": 64,
    "AcquisitionNumber": 1,
    "AcquisitionTime": "11:07:59.192500",
    "BandwidthPerPixelPhaseEncode": 62.5,
    "BaseResolution": 64,
    "BodyPartExamined": "BRAIN",
    "ConsistencyInfo": "N4_VE11C_LATEST_20160120",
    "ConversionSoftware": "dcm2niix",
    "ConversionSoftwareVersion": "v1.0.20210317",
    "DerivedVendorReportedEchoSpacing": 0.0005,
    "DeviceSerialNumber": "45193",
    "DwellTime": 3.1e-06,
    "EchoNumber": 4,
    "EchoTime": 0.06249,
    "EchoTrainLength": 31,
    "EffectiveEchoSpacing": 0.00025,
    "FlipAngle": 56,
    "ImageComments": "Unaliased MB4/PE4/LB",
    "ImageOrientationPatientDICOM": [
      0.999998,
      0.000141881,
      0.00210345,
      -3.937e-12,
      0.997733,
      -0.0672985
    ],
    "ImageType": [
      "ORIGINAL",
      "PRIMARY",
      "M",
      "MB",
      "TE4",
      "ND",
      "NORM",
      "MOSAIC"
    ],
    "ImagingFrequency": 123.247,
    "InPlanePhaseEncodingDirectionDICOM": "ROW",
    "InstitutionAddress": "Blackburn Road 770,Clayton,Victoria,AU,3800",
    "InstitutionName": "Monash Biomedical Imaging",
    "InstitutionalDepartmentName": "Department",
    "MRAcquisitionType": "2D",
    "MagneticFieldStrength": 3,
    "Manufacturer": "Siemens",
    "ManufacturersModelName": "Skyra",
    "Modality": "MR",
    "MultibandAccelerationFactor": 4,
    "ParallelReductionFactorInPlane": 2,
    "PartialFourier": 1,
    "PatientPosition": "HFS",
    "PercentPhaseFOV": 100,
    "PercentSampling": 100,
    "PhaseEncodingDirection": "i",
    "PhaseEncodingSteps": 63,
    "PhaseResolution": 1,
    "PixelBandwidth": 2520,
    "ProcedureStepDescription": "MR Scan",
    "ProtocolName": "Music_R-L_mmb_4_4_cmrr_mbep2d_bold_TE_12.6_29.23_45.86_62.49",
    "PulseSequenceDetails": "%CustomerSeq%\\cmrr_mbep2d_bold",
    "ReceiveCoilActiveElements": "HEA;HEP",
    "ReceiveCoilName": "Head_32",
    "ReconMatrixPE": 64,
    "RefLinesPE": 24,
    "RepetitionTime": 0.91,
    "SAR": 0.117704,
    "ScanOptions": "FS",
    "ScanningSequence": "EP",
    "SequenceName": "epfid2d4_64",
    "SequenceVariant": "SK\\SS",
    "SeriesDescription": "Music_R-L_mmb_4_4_cmrr_mbep2d_bold_TE_12.6_29.23_45.86_62.49",
    "SeriesNumber": 7,
    "ShimSetting": [
      -4048,
      15196,
      -14900,
      498,
      320,
      -328,
      44,
      289
    ],
    "SliceThickness": 3.2,
    "SliceTiming": [
      0,
      0.6225,
      0.355,
      0.0875,
      0.7125,
      0.445,
      0.1775,
      0.8,
      0.5325,
      0.2675,
      0,
      0.6225,
      0.355,
      0.0875,
      0.7125,
      0.445,
      0.1775,
      0.8,
      0.5325,
      0.2675,
      0,
      0.6225,
      0.355,
      0.0875,
      0.7125,
      0.445,
      0.1775,
      0.8,
      0.5325,
      0.2675,
      0,
      0.6225,
      0.355,
      0.0875,
      0.7125,
      0.445,
      0.1775,
      0.8,
      0.5325,
      0.2675
    ],
    "SoftwareVersions": "syngo MR E11",
    "SpacingBetweenSlices": 3.2,
    "StationName": "AWP45193",
    "TaskName": "music",
    "TotalReadoutTime": 0.01575,
    "TxRefAmp": 365.047,
    "WipMemBlock": "e3acfd2e-ef7b-4b14-b6b6-9fa03619c969||Sequence: R016 ve11c/master r/e634e98; Dec 19 2017 11:00:25 by eja",
    "dataset": "<unset>",
    "modality": "bold",
    "run_id": 1,
    "session_id": "02",
    "subject_id": "PC226",
    "task_id": "music"
  },
  "dummy_trs": 0,
  "dvars_nstd": 59.0519285398625,
  "dvars_std": 1.111488376203576,
  "dvars_vstd": 0.9962546640852821,
  "efc": 0.49740954937691245,
  "fber": 1725.035888671875,
  "fd_mean": 0.23036314525972265,
  "fd_num": 312,
  "fd_perc": 42.857142857142854,
  "fwhm_avg": 1.6683627202635407,
  "fwhm_x": 1.625680776699029,
  "fwhm_y": 1.7091355339805827,
  "fwhm_z": 1.67027185011101,
  "gcor": 0.0248826,
  "gsr_x": -0.00529427919536829,
  "gsr_y": 0.02197263017296791,
  "provenance": {
    "md5sum": "767e059c01ab18736738b0e1f82c7a41",
    "settings": {
      "fd_thres": 0.2,
      "testing": false
    },
    "software": "mriqc",
    "version": "22.0.6",
    "webapi_port": null,
    "webapi_url": "https://mriqc.nimh.nih.gov/api/v1"
  },
  "size_t": 728,
  "size_x": 64,
  "size_y": 64,
  "size_z": 40,
  "snr": 2.794747958943542,
  "spacing_tr": 0.9100000262260437,
  "spacing_x": 3.21875,
  "spacing_y": 3.21875,
  "spacing_z": 3.200000047683716,
  "summary_bg_k": 96.99050584053256,
  "summary_bg_mad": 42.030144624756545,
  "summary_bg_mean": 103.64259338378906,
  "summary_bg_median": 62.427886962890625,
  "summary_bg_n": 97342.0,
  "summary_bg_p05": 21.041278839111328,
  "summary_bg_p95": 323.88145446777327,
  "summary_bg_stdv": 149.7478485107422,
  "summary_fg_k": 8.408774603111238,
  "summary_fg_mad": 682.1894040768191,
  "summary_fg_mean": 2801.695556640625,
  "summary_fg_median": 2631.96484375,
  "summary_fg_n": 31462.0,
  "summary_fg_p05": 1744.3099792480468,
  "summary_fg_p95": 4339.75349121093,
  "summary_fg_stdv": 941.7389526367188,
  "tsnr": 20.40269634872675
}