{
  "bids_meta": {
    "AcquisitionMatrixPE": 256,
    "AcquisitionNumber": 1,
    "AcquisitionTime": "11:17:16.702500",
    "BaseResolution": 256,
    "BodyPartExamined": "BRAIN",
    "ConsistencyInfo": "N4_VE11C_LATEST_20160120",
    "ConversionSoftware": "dcm2niix",
    "ConversionSoftwareVersion": "v1.0.20210317",
    "DeviceSerialNumber": "45193",
    "DwellTime": 2.8e-06,
    "EchoTime": 0.452,
    "EchoTrainLength": 270,
    "FlipAngle": 120,
    "ImageOrientationPatientDICOM": [
      -0.041887,
      0.999122,
      6.12798e-09,
      0.0296204,
      0.00124181,
      -0.99956
    ],
    "ImageType": [
      "ORIGINAL",
      "PRIMARY",
      "M",
      "ND",
      "NORM"
    ],
    "ImagingFrequency": 123.247,
    "InPlanePhaseEncodingDirectionDICOM": "ROW",
    "InstitutionAddress": "Blackburn Road 770,Clayton,Victoria,AU,3800",
    "InstitutionName": "Monash Biomedical Imaging",
    "InstitutionalDepartmentName": "Department",
    "MRAcquisitionType": "3D",
    "MagneticFieldStrength": 3,
    "Manufacturer": "Siemens",
    "ManufacturersModelName": "Skyra",
    "Modality": "MR",
    "ParallelReductionFactorInPlane": 2,
    "PartialFourier": 1,
    "PatientPosition": "HFS",
    "PercentPhaseFOV": 100,
    "PercentSampling": 100,
    "PhaseEncodingDirection": "i",
    "PhaseEncodingSteps": 245,
    "PhaseResolution": 1,
    "PixelBandwidth": 700,
    "ProcedureStepDescription": "MR Scan",
    "ProtocolName": "t2_space_sag_p2_iso",
    "PulseSequenceDetails": "%SiemensSeq%\\tse_vfl",
    "ReceiveCoilActiveElements": "HEA;HEP",
    "ReceiveCoilName": "Head_32",
    "ReconMatrixPE": 256,
    "RefLinesPE": 24,
    "RepetitionTime": 3.2,
    "SAR": 0.199654,
    "ScanOptions": "PFP",
    "ScanningSequence": "SE",
    "SequenceName": "*spcR_282ns",
    "SequenceVariant": "SK\\SP",
    "SeriesDescription": "t2_space_sag_p2_iso",
    "SeriesNumber": 4,
    "ShimSetting": [
      -4085,
      15379,
      -15541,
      -112,
      159,
      -108,
      -206,
      160
    ],
    "SliceThickness": 1,
    "SoftwareVersions": "syngo MR E11",
    "StationName": "AWP45193",
    "TxRefAmp": 388.892,
    "dataset": "<unset>",
    "modality": "T2w",
    "run_id": 1,
    "session_id": "01",
    "subject_id": "PC027"
  },
  "cjv": 0.17657248134797188,
  "cnr": 2.0972648315727342,
  "efc": 0.5525645554018423,
  "fber": 3880.1457986255728,
  "fwhm_avg": 2.6528066666666668,
  "fwhm_x": 2.71015,
  "fwhm_y": 2.7689,
  "fwhm_z": 2.47937,
  "icvs_csf": 0.3300809722073647,
  "icvs_gm": 0.1854736582964248,
  "icvs_wm": 0.48444536949621053,
  "inu_med": 0.8756521940231323,
  "inu_range": 0.1739629983901978,
  "provenance": {
    "md5sum": "7f741ebfe025d7c14b317da63d753d54",
    "settings": {
      "testing": false
    },
    "software": "mriqc",
    "version": "22.0.6",
    "warnings": {
      "large_rot_frame": true,
      "small_air_mask": false
    },
    "webapi_port": null,
    "webapi_url": "https://mriqc.nimh.nih.gov/api/v1"
  },
  "qi_1": 0.03486251000902245,
  "qi_2": 0.003596703922365755,
  "rpve_csf": 14.263398077600373,
  "rpve_gm": 30.01860499127728,
  "rpve_wm": 11.827495262995779,
  "size_x": 176,
  "size_y": 256,
  "size_z": 256,
  "snr_csf": 9.225790823566763,
  "snr_gm": 2.8211300765054346,
  "snr_total": 7.378357339373409,
  "snr_wm": 10.088151118048032,
  "snrd_csf": 72.29818102234186,
  "snrd_gm": 170.54157847008526,
  "snrd_total": 95.42387793540497,
  "snrd_wm": 43.43187431378779,
  "spacing_x": 1.0,
  "spacing_y": 1.0,
  "spacing_z": 1.0,
  "summary_bg_k": 83.9876664626444,
  "summary_bg_mad": 0.0,
  "summary_bg_mean": 6.841371216501481,
  "summary_bg_median": 0.0,
  "summary_bg_n": 795625.0,
  "summary_bg_p05": 0.0,
  "summary_bg_p95": 30.56126832962036,
  "summary_bg_stdv": 15.084229864477413,
  "summary_csf_k": 0.28806438966170633,
  "summary_csf_mad": 175.79487889544708,
  "summary_csf_mean": 1672.1755896505304,
  "summary_csf_median": 1664.634084329009,
  "summary_csf_n": 25059.0,
  "summary_csf_p05": 1390.6038271263242,
  "summary_csf_p95": 1980.1644869148731,
  "summary_csf_stdv": 180.42907123469178,
  "summary_gm_k": 0.34719039575728994,
  "summary_gm_mad": 418.41141714799255,
  "summary_gm_mean": 3214.8308180941153,
  "summary_gm_median": 3926.645460538566,
  "summary_gm_n": 37962.0,
  "summary_gm_p05": 136.5008764900267,
  "summary_gm_p95": 4312.812063843012,
  "summary_gm_stdv": 1391.851362967333,
  "summary_wm_k": 0.1268018926718577,
  "summary_wm_mad": 98.35364042291742,
  "summary_wm_mean": 998.3260903568096,
  "summary_wm_median": 999.999962747097,
  "summary_wm_n": 230362.0,
  "summary_wm_p05": 832.3537744581699,
  "summary_wm_p95": 1155.965281650424,
  "summary_wm_stdv": 99.12597269274876,
  "tpm_overlap_csf": 0.11170723030559164,
  "tpm_overlap_gm": 0.11808068880318859,
  "tpm_overlap_wm": 0.48835167660352674,
  "wm2max": 0.23256449683922775
}