{
  "aor": 0.0003383064516129033,
  "aqi": 0.010695454677419355,
  "bids_meta": {
    "AcquisitionMatrixPE": 64,
    "AcquisitionNumber": 1,
    "AcquisitionTime": "10:22:15.357500",
    "BandwidthPerPixelPhaseEncode": 62.5,
    "BaseResolution": 64,
    "BodyPartExamined": "BRAIN",
    "ConsistencyInfo": "N4_VE11C_LATEST_20160120",
    "ConversionSoftware": "dcm2niix",
    "ConversionSoftwareVersion": "v1.0.20210317",
    "DerivedVendorReportedEchoSpacing": 0.0005,
    "DeviceSerialNumber": "45193",
    "DwellTime": 3.1e-06,
    "EchoNumber": 2,
    "EchoTime": 0.02923,
    "EchoTrainLength": 31,
    "EffectiveEchoSpacing": 0.00025,
    "FlipAngle": 56,
    "ImageComments": "Unaliased MB4/PE4/LB",
    "ImageOrientationPatientDICOM": [
      0.999846,
      -0.00263865,
      -0.0173466,
      -9.4531e-11,
      0.988628,
      -0.150383
    ],
    "ImageType": [
      "ORIGINAL",
      "PRIMARY",
      "M",
      "MB",
      "TE2",
      "ND",
      "NORM",
      "MOSAIC"
    ],
    "ImagingFrequency": 123.252,
    "InPlanePhaseEncodingDirectionDICOM": "ROW",
    "InstitutionAddress": "Blackburn Road 770,Clayton,Victoria,AU,3800",
    "InstitutionName": "Monash Biomedical Imaging",
    "InstitutionalDepartmentName": "Department",
    "MRAcquisitionType": "2D",
    "MagneticFieldStrength": 3,
    "Manufacturer": "Siemens",
    "ManufacturersModelName": "Skyra",
    "Modality": "MR",
    "MultibandAccelerationFactor": 4,
    "ParallelReductionFactorInPlane": 2,
    "PartialFourier": 1,
    "PatientPosition": "HFS",
    "PercentPhaseFOV": 100,
    "PercentSampling": 100,
    "PhaseEncodingDirection": "i",
    "PhaseEncodingSteps": 63,
    "PhaseResolution": 1,
    "PixelBandwidth": 2520,
    "ProcedureStepDescription": "MR Scan",
    "ProtocolName": "Movie_R-L_mmb_4_4_cmrr_mbep2d_bold_TE_12.6_29.23_45.86_62.49",
    "PulseSequenceDetails": "%CustomerSeq%\\cmrr_mbep2d_bold",
    "ReceiveCoilActiveElements": "HEA;HEP",
    "ReceiveCoilName": "Head_32",
    "ReconMatrixPE": 64,
    "RefLinesPE": 24,
    "RepetitionTime": 0.91,
    "SAR": 0.0796287,
    "ScanOptions": "FS",
    "ScanningSequence": "EP",
    "SequenceName": "epfid2d4_64",
    "SequenceVariant": "SK\\SS",
    "SeriesDescription": "Movie_R-L_mmb_4_4_cmrr_mbep2d_bold_TE_12.6_29.23_45.86_62.49",
    "SeriesNumber": 12,
    "ShimSetting": [
      -4101,
      15435,
      -15122,
      597,
      203,
      65,
      -317,
      121
    ],
    "SliceThickness": 3.2,
    "SliceTiming": [
      0,
      0.625,
      0.3575,
      0.09,
      0.7125,
      0.445,
      0.18,
      0.8025,
      0.535,
      0.2675,
      0,
      0.625,
      0.3575,
      0.09,
      0.7125,
      0.445,
      0.18,
      0.8025,
      0.535,
      0.2675,
      0,
      0.625,
      0.3575,
      0.09,
      0.7125,
      0.445,
      0.18,
      0.8025,
      0.535,
      0.2675,
      0,
      0.625,
      0.3575,
      0.09,
      0.7125,
      0.445,
      0.18,
      0.8025,
      0.535,
      0.2675
    ],
    "SoftwareVersions": "syngo MR E11",
    "SpacingBetweenSlices": 3.2,
    "StationName": "AWP45193",
    "TaskName": "movie",
    "TotalReadoutTime": 0.01575,
    "TxRefAmp": 356.322,
    "WipMemBlock": "52e3ab4e-f9ae-48f6-90d6-3e10d230dc2e||Sequence: R016 ve11c/master r/e634e98; Dec 19 2017 11:00:25 by eja",
    "dataset": "<unset>",
    "modality": "bold",
    "run_id": 1,
    "session_id": "01",
    "subject_id": "PC217",
    "task_id": "movie"
  },
  "dummy_trs": 0,
  "dvars_nstd": 31.086821337574136,
  "dvars_std": 1.0826796614016179,
  "dvars_vstd": 0.9979582858490569,
  "efc": 0.5023734431002936,
  "fber": 3101.868408203125,
  "fd_mean": 0.06841010277161953,
  "fd_num": 1,
  "fd_perc": 0.26881720430107525,
  "fwhm_avg": 1.8433217142237421,
  "fwhm_x": 1.8202469902912621,
  "fwhm_y": 1.8822306796116506,
  "fwhm_z": 1.8274874727683144,
  "gcor": 0.0112536,
  "gsr_x": 0.001470907242037356,
  "gsr_y": 0.01658286340534687,
  "provenance": {
    "md5sum": "03958c0c19e288c9858b989560d4dbae",
    "settings": {
      "fd_thres": 0.2,
      "testing": false
    },
    "software": "mriqc",
    "version": "22.0.6",
    "webapi_port": null,
    "webapi_url": "https://mriqc.nimh.nih.gov/api/v1"
  },
  "size_t": 372,
  "size_x": 64,
  "size_y": 64,
  "size_z": 40,
  "snr": 6.020153780291016,
  "spacing_tr": 0.9100000262260437,
  "spacing_x": 3.21875,
  "spacing_y": 3.21875,
  "spacing_z": 3.200000047683716,
  "summary_bg_k": 49.4890397129596,
  "summary_bg_mad": 62.01621852562597,
  "summary_bg_mean": 156.98655700683594,
  "summary_bg_median": 70.05242156982422,
  "summary_bg_n": 100162.0,
  "summary_bg_p05": 18.121102237701418,
  "summary_bg_p95": 576.3584625244129,
  "summary_bg_stdv": 273.9556884765625,
  "summary_fg_k": 1.1947340916358167,
  "summary_fg_mad": 630.9885906944281,
  "summary_fg_mean": 3982.33154296875,
  "summary_fg_median": 3921.32373046875,
  "summary_fg_n": 29776.0,
  "summary_fg_p05": 3052.166015625,
  "summary_fg_p95": 5113.0758056640625,
  "summary_fg_stdv": 651.3551025390625,
  "tsnr": 45.504648499481846
}