{
  "aor": 0.00017250000000000002,
  "aqi": 0.009640434849999999,
  "bids_meta": {
    "AcquisitionMatrixPE": 64,
    "AcquisitionNumber": 1,
    "AcquisitionTime": "10:03:23.970000",
    "BandwidthPerPixelPhaseEncode": 62.5,
    "BaseResolution": 64,
    "BodyPartExamined": "BRAIN",
    "ConsistencyInfo": "N4_VE11C_LATEST_20160120",
    "ConversionSoftware": "dcm2niix",
    "ConversionSoftwareVersion": "v1.0.20210317",
    "DerivedVendorReportedEchoSpacing": 0.0005,
    "DeviceSerialNumber": "45193",
    "DwellTime": 3.1e-06,
    "EchoNumber": 1,
    "EchoTime": 0.0126,
    "EchoTrainLength": 31,
    "EffectiveEchoSpacing": 0.00025,
    "FlipAngle": 56,
    "ImageComments": "Unaliased MB4/PE4/LB",
    "ImageOrientationPatientDICOM": [
      0.999846,
      -0.00263865,
      -0.0173466,
      -9.4531e-11,
      0.988628,
      -0.150383
    ],
    "ImageType": [
      "ORIGINAL",
      "PRIMARY",
      "M",
      "MB",
      "TE1",
      "ND",
      "NORM",
      "MOSAIC"
    ],
    "ImagingFrequency": 123.252,
    "InPlanePhaseEncodingDirectionDICOM": "ROW",
    "InstitutionAddress": "Blackburn Road 770,Clayton,Victoria,AU,3800",
    "InstitutionName": "Monash Biomedical Imaging",
    "InstitutionalDepartmentName": "Department",
    "MRAcquisitionType": "2D",
    "MagneticFieldStrength": 3,
    "Manufacturer": "Siemens",
    "ManufacturersModelName": "Skyra",
    "Modality": "MR",
    "MultibandAccelerationFactor": 4,
    "ParallelReductionFactorInPlane": 2,
    "PartialFourier": 1,
    "PatientPosition": "HFS",
    "PercentPhaseFOV": 100,
    "PercentSampling": 100,
    "PhaseEncodingDirection": "i",
    "PhaseEncodingSteps": 63,
    "PhaseResolution": 1,
    "PixelBandwidth": 2520,
    "ProcedureStepDescription": "MR Scan",
    "ProtocolName": "Meditation_R-L_mmb_4_4_cmrr_mbep2d_bold_TE_12.6_29.23_45.86_62.5",
    "PulseSequenceDetails": "%CustomerSeq%\\cmrr_mbep2d_bold",
    "ReceiveCoilActiveElements": "HEA;HEP",
    "ReceiveCoilName": "Head_32",
    "ReconMatrixPE": 64,
    "RefLinesPE": 24,
    "RepetitionTime": 0.91,
    "SAR": 0.0797676,
    "ScanOptions": "FS",
    "ScanningSequence": "EP",
    "SequenceName": "epfid2d4_64",
    "SequenceVariant": "SK\\SS",
    "SeriesDescription": "Meditation_R-L_mmb_4_4_cmrr_mbep2d_bold_TE_12.6_29.23_45.86_62.5",
    "SeriesNumber": 9,
    "ShimSetting": [
      -4101,
      15435,
      -15122,
      597,
      203,
      65,
      -317,
      121
    ],
    "SliceThickness": 3.2,
    "SliceTiming": [
      0,
      0.6225,
      0.355,
      0.0875,
      0.7125,
      0.445,
      0.1775,
      0.8,
      0.5325,
      0.2675,
      0,
      0.6225,
      0.355,
      0.0875,
      0.7125,
      0.445,
      0.1775,
      0.8,
      0.5325,
      0.2675,
      0,
      0.6225,
      0.355,
      0.0875,
      0.7125,
      0.445,
      0.1775,
      0.8,
      0.5325,
      0.2675,
      0,
      0.6225,
      0.355,
      0.0875,
      0.7125,
      0.445,
      0.1775,
      0.8,
      0.5325,
      0.2675
    ],
    "SoftwareVersions": "syngo MR E11",
    "SpacingBetweenSlices": 3.2,
    "StationName": "AWP45193",
    "TaskName": "meditation",
    "TotalReadoutTime": 0.01575,
    "TxRefAmp": 356.322,
    "WipMemBlock": "05729ea4-99c7-4544-8ccf-62f9c8aca2f8||Sequence: R016 ve11c/master r/e634e98; Dec 19 2017 11:00:25 by eja",
    "dataset": "<unset>",
    "modality": "bold",
    "run_id": 1,
    "session_id": "01",
    "subject_id": "PC217",
    "task_id": "meditation"
  },
  "dummy_trs": 5,
  "dvars_nstd": 24.1145666596742,
  "dvars_std": 1.0709497110025052,
  "dvars_vstd": 0.9566820228320794,
  "efc": 0.5578680498499173,
  "fber": 3485.8310546875,
  "fd_mean": 0.05609454125869043,
  "fd_num": 0,
  "fd_perc": 0.0,
  "fwhm_avg": 2.0440051877309204,
  "fwhm_x": 1.9409895145631069,
  "fwhm_y": 2.0792823300970875,
  "fwhm_z": 2.1117437185325665,
  "gcor": 0.0091458,
  "gsr_x": -0.01276935264468193,
  "gsr_y": 0.039933186024427414,
  "provenance": {
    "md5sum": "8c14e31c8e37268ca7cf8662fcf26394",
    "settings": {
      "fd_thres": 0.2,
      "testing": false
    },
    "software": "mriqc",
    "version": "22.0.6",
    "webapi_port": null,
    "webapi_url": "https://mriqc.nimh.nih.gov/api/v1"
  },
  "size_t": 400,
  "size_x": 64,
  "size_y": 64,
  "size_z": 40,
  "snr": 7.015827362932986,
  "spacing_tr": 0.9100000262260437,
  "spacing_x": 3.21875,
  "spacing_y": 3.21875,
  "spacing_z": 3.200000047683716,
  "summary_bg_k": 10.216841775791806,
  "summary_bg_mad": 97.46812032604888,
  "summary_bg_mean": 446.8632507324219,
  "summary_bg_median": 93.7862548828125,
  "summary_bg_n": 97898.0,
  "summary_bg_p05": 20.247499465942383,
  "summary_bg_p95": 2178.2145629882807,
  "summary_bg_stdv": 791.007568359375,
  "summary_fg_k": -0.12995708831105057,
  "summary_fg_mad": 799.8787373844946,
  "summary_fg_mean": 5499.6162109375,
  "summary_fg_median": 5425.7373046875,
  "summary_fg_n": 32380.0,
  "summary_fg_p05": 4349.611889648438,
  "summary_fg_p95": 6866.804125976562,
  "summary_fg_stdv": 773.3447875976562,
  "tsnr": 53.69578005478252
}