{
  "aor": 0.00032010752688172047,
  "aqi": 0.006648368951612903,
  "bids_meta": {
    "AcquisitionMatrixPE": 64,
    "AcquisitionNumber": 1,
    "AcquisitionTime": "10:22:15.342500",
    "BandwidthPerPixelPhaseEncode": 62.5,
    "BaseResolution": 64,
    "BodyPartExamined": "BRAIN",
    "ConsistencyInfo": "N4_VE11C_LATEST_20160120",
    "ConversionSoftware": "dcm2niix",
    "ConversionSoftwareVersion": "v1.0.20210317",
    "DerivedVendorReportedEchoSpacing": 0.0005,
    "DeviceSerialNumber": "45193",
    "DwellTime": 3.1e-06,
    "EchoNumber": 1,
    "EchoTime": 0.0126,
    "EchoTrainLength": 31,
    "EffectiveEchoSpacing": 0.00025,
    "FlipAngle": 56,
    "ImageComments": "Unaliased MB4/PE4/LB",
    "ImageOrientationPatientDICOM": [
      0.999846,
      -0.00263865,
      -0.0173466,
      -9.4531e-11,
      0.988628,
      -0.150383
    ],
    "ImageType": [
      "ORIGINAL",
      "PRIMARY",
      "M",
      "MB",
      "TE1",
      "ND",
      "NORM",
      "MOSAIC"
    ],
    "ImagingFrequency": 123.252,
    "InPlanePhaseEncodingDirectionDICOM": "ROW",
    "InstitutionAddress": "Blackburn Road 770,Clayton,Victoria,AU,3800",
    "InstitutionName": "Monash Biomedical Imaging",
    "InstitutionalDepartmentName": "Department",
    "MRAcquisitionType": "2D",
    "MagneticFieldStrength": 3,
    "Manufacturer": "Siemens",
    "ManufacturersModelName": "Skyra",
    "Modality": "MR",
    "MultibandAccelerationFactor": 4,
    "ParallelReductionFactorInPlane": 2,
    "PartialFourier": 1,
    "PatientPosition": "HFS",
    "PercentPhaseFOV": 100,
    "PercentSampling": 100,
    "PhaseEncodingDirection": "i",
    "PhaseEncodingSteps": 63,
    "PhaseResolution": 1,
    "PixelBandwidth": 2520,
    "ProcedureStepDescription": "MR Scan",
    "ProtocolName": "Movie_R-L_mmb_4_4_cmrr_mbep2d_bold_TE_12.6_29.23_45.86_62.49",
    "PulseSequenceDetails": "%CustomerSeq%\\cmrr_mbep2d_bold",
    "ReceiveCoilActiveElements": "HEA;HEP",
    "ReceiveCoilName": "Head_32",
    "ReconMatrixPE": 64,
    "RefLinesPE": 24,
    "RepetitionTime": 0.91,
    "SAR": 0.0796287,
    "ScanOptions": "FS",
    "ScanningSequence": "EP",
    "SequenceName": "epfid2d4_64",
    "SequenceVariant": "SK\\SS",
    "SeriesDescription": "Movie_R-L_mmb_4_4_cmrr_mbep2d_bold_TE_12.6_29.23_45.86_62.49",
    "SeriesNumber": 12,
    "ShimSetting": [
      -4101,
      15435,
      -15122,
      597,
      203,
      65,
      -317,
      121
    ],
    "SliceThickness": 3.2,
    "SliceTiming": [
      0,
      0.6225,
      0.355,
      0.0875,
      0.7125,
      0.445,
      0.1775,
      0.8,
      0.5325,
      0.2675,
      0,
      0.6225,
      0.355,
      0.0875,
      0.7125,
      0.445,
      0.1775,
      0.8,
      0.5325,
      0.2675,
      0,
      0.6225,
      0.355,
      0.0875,
      0.7125,
      0.445,
      0.1775,
      0.8,
      0.5325,
      0.2675,
      0,
      0.6225,
      0.355,
      0.0875,
      0.7125,
      0.445,
      0.1775,
      0.8,
      0.5325,
      0.2675
    ],
    "SoftwareVersions": "syngo MR E11",
    "SpacingBetweenSlices": 3.2,
    "StationName": "AWP45193",
    "TaskName": "movie",
    "TotalReadoutTime": 0.01575,
    "TxRefAmp": 356.322,
    "WipMemBlock": "52e3ab4e-f9ae-48f6-90d6-3e10d230dc2e||Sequence: R016 ve11c/master r/e634e98; Dec 19 2017 11:00:25 by eja",
    "dataset": "<unset>",
    "modality": "bold",
    "run_id": 1,
    "session_id": "01",
    "subject_id": "PC217",
    "task_id": "movie"
  },
  "dummy_trs": 0,
  "dvars_nstd": 24.64998591760108,
  "dvars_std": 1.0894513501078158,
  "dvars_vstd": 0.9990363228301886,
  "efc": 0.5570843802711701,
  "fber": 2582.8916015625,
  "fd_mean": 0.06519179638255507,
  "fd_num": 1,
  "fd_perc": 0.26881720430107525,
  "fwhm_avg": 2.0481476209488108,
  "fwhm_x": 1.948905631067961,
  "fwhm_y": 2.0768403883495146,
  "fwhm_z": 2.118696843428957,
  "gcor": 0.00494728,
  "gsr_x": -0.005718911066651344,
  "gsr_y": 0.040858641266822815,
  "provenance": {
    "md5sum": "42b04712492a5e84098460a6f9193c97",
    "settings": {
      "fd_thres": 0.2,
      "testing": false
    },
    "software": "mriqc",
    "version": "22.0.6",
    "webapi_port": null,
    "webapi_url": "https://mriqc.nimh.nih.gov/api/v1"
  },
  "size_t": 372,
  "size_x": 64,
  "size_y": 64,
  "size_z": 40,
  "snr": 7.1203909271372785,
  "spacing_tr": 0.9100000262260437,
  "spacing_x": 3.21875,
  "spacing_y": 3.21875,
  "spacing_z": 3.200000047683716,
  "summary_bg_k": 9.719697848855661,
  "summary_bg_mad": 110.08720197747435,
  "summary_bg_mean": 425.08056640625,
  "summary_bg_median": 106.1236572265625,
  "summary_bg_n": 97755.0,
  "summary_bg_p05": 20.725000381469727,
  "summary_bg_p95": 2046.5257812500001,
  "summary_bg_stdv": 729.5537719726562,
  "summary_fg_k": -0.0828536481204809,
  "summary_fg_mad": 771.8421358125248,
  "summary_fg_mean": 5416.57666015625,
  "summary_fg_median": 5354.3037109375,
  "summary_fg_n": 32395.0,
  "summary_fg_p05": 4278.0095703125,
  "summary_fg_p95": 6741.465625,
  "summary_fg_stdv": 751.9560546875,
  "tsnr": 60.281233025249094
}