{
  "aor": 0.0003647420634920635,
  "aqi": 0.010530725932539682,
  "bids_meta": {
    "AcquisitionMatrixPE": 64,
    "AcquisitionNumber": 1,
    "AcquisitionTime": "15:34:56.585000",
    "BandwidthPerPixelPhaseEncode": 62.5,
    "BaseResolution": 64,
    "BodyPartExamined": "BRAIN",
    "ConsistencyInfo": "N4_VE11C_LATEST_20160120",
    "ConversionSoftware": "dcm2niix",
    "ConversionSoftwareVersion": "v1.0.20210317",
    "DerivedVendorReportedEchoSpacing": 0.0005,
    "DeviceSerialNumber": "45193",
    "DwellTime": 3.1e-06,
    "EchoNumber": 2,
    "EchoTime": 0.02923,
    "EchoTrainLength": 31,
    "EffectiveEchoSpacing": 0.00025,
    "FlipAngle": 56,
    "ImageComments": "Unaliased MB4/PE4/LB",
    "ImageOrientationPatientDICOM": [
      0.997921,
      0.00300765,
      0.0643754,
      -6.425e-12,
      0.99891,
      -0.0466696
    ],
    "ImageType": [
      "ORIGINAL",
      "PRIMARY",
      "M",
      "MB",
      "TE2",
      "ND",
      "NORM",
      "MOSAIC"
    ],
    "ImagingFrequency": 123.252,
    "InPlanePhaseEncodingDirectionDICOM": "ROW",
    "InstitutionAddress": "Blackburn Road 770,Clayton,Victoria,AU,3800",
    "InstitutionName": "Monash Biomedical Imaging",
    "InstitutionalDepartmentName": "Department",
    "MRAcquisitionType": "2D",
    "MagneticFieldStrength": 3,
    "Manufacturer": "Siemens",
    "ManufacturersModelName": "Skyra",
    "Modality": "MR",
    "MultibandAccelerationFactor": 4,
    "ParallelReductionFactorInPlane": 2,
    "PartialFourier": 1,
    "PatientPosition": "HFS",
    "PercentPhaseFOV": 100,
    "PercentSampling": 100,
    "PhaseEncodingDirection": "i",
    "PhaseEncodingSteps": 63,
    "PhaseResolution": 1,
    "PixelBandwidth": 2520,
    "ProcedureStepDescription": "MR Scan",
    "ProtocolName": "Rest_R-L_mmb_4_4_cmrr_mbep2d_bold_TE_12.6_29.23_45.86_62.49",
    "PulseSequenceDetails": "%CustomerSeq%\\cmrr_mbep2d_bold",
    "ReceiveCoilActiveElements": "HEA;HEP",
    "ReceiveCoilName": "Head_32",
    "ReconMatrixPE": 64,
    "RefLinesPE": 24,
    "RepetitionTime": 0.91,
    "SAR": 0.0967709,
    "ScanOptions": "FS",
    "ScanningSequence": "EP",
    "SequenceName": "epfid2d4_64",
    "SequenceVariant": "SK\\SS",
    "SeriesDescription": "Rest_R-L_mmb_4_4_cmrr_mbep2d_bold_TE_12.6_29.23_45.86_62.49",
    "SeriesNumber": 5,
    "ShimSetting": [
      -4063,
      15390,
      -15079,
      321,
      300,
      -213,
      30,
      -89
    ],
    "SliceThickness": 3.2,
    "SliceTiming": [
      0,
      0.6225,
      0.3575,
      0.09,
      0.7125,
      0.445,
      0.1775,
      0.8025,
      0.535,
      0.2675,
      0,
      0.6225,
      0.3575,
      0.09,
      0.7125,
      0.445,
      0.1775,
      0.8025,
      0.535,
      0.2675,
      0,
      0.6225,
      0.3575,
      0.09,
      0.7125,
      0.445,
      0.1775,
      0.8025,
      0.535,
      0.2675,
      0,
      0.6225,
      0.3575,
      0.09,
      0.7125,
      0.445,
      0.1775,
      0.8025,
      0.535,
      0.2675
    ],
    "SoftwareVersions": "syngo MR E11",
    "SpacingBetweenSlices": 3.2,
    "StationName": "AWP45193",
    "TaskName": "rest",
    "TotalReadoutTime": 0.01575,
    "TxRefAmp": 362.906,
    "WipMemBlock": "0d9fa124-31b3-47bf-a232-c1c9e32e5078||Sequence: R016 ve11c/master r/e634e98; Dec 19 2017 11:00:25 by eja",
    "dataset": "<unset>",
    "modality": "bold",
    "run_id": 1,
    "session_id": "01",
    "subject_id": "PC227",
    "task_id": "rest"
  },
  "dummy_trs": 0,
  "dvars_nstd": 34.02479117500992,
  "dvars_std": 1.2021982406958254,
  "dvars_vstd": 0.991897393081511,
  "efc": 0.5222207291809662,
  "fber": 3132.80322265625,
  "fd_mean": 0.09207522778237419,
  "fd_num": 5,
  "fd_perc": 0.9920634920634921,
  "fwhm_avg": 1.7631388846518385,
  "fwhm_x": 1.737544077669903,
  "fwhm_y": 1.7486757281553398,
  "fwhm_z": 1.803196848130273,
  "gcor": 0.0324834,
  "gsr_x": 0.006602616980671883,
  "gsr_y": 0.012664231471717358,
  "provenance": {
    "md5sum": "646582e69786a6e4745b18480d775d85",
    "settings": {
      "fd_thres": 0.2,
      "testing": false
    },
    "software": "mriqc",
    "version": "22.0.6",
    "webapi_port": null,
    "webapi_url": "https://mriqc.nimh.nih.gov/api/v1"
  },
  "size_t": 504,
  "size_x": 64,
  "size_y": 64,
  "size_z": 40,
  "snr": 5.188162941381291,
  "spacing_tr": 0.9100000262260437,
  "spacing_x": 3.21875,
  "spacing_y": 3.21875,
  "spacing_z": 3.200000047683716,
  "summary_bg_k": 53.64465738613458,
  "summary_bg_mad": 76.01572973328588,
  "summary_bg_mean": 216.69581604003906,
  "summary_bg_median": 78.98809814453125,
  "summary_bg_n": 97350.0,
  "summary_bg_p05": 19.380952835083008,
  "summary_bg_p95": 911.244989013672,
  "summary_bg_stdv": 413.7781066894531,
  "summary_fg_k": 1.3910096265835463,
  "summary_fg_mad": 778.7797079367892,
  "summary_fg_mean": 4401.439453125,
  "summary_fg_median": 4301.00390625,
  "summary_fg_n": 32472.0,
  "summary_fg_p05": 3252.6864013671875,
  "summary_fg_p95": 5855.042651367186,
  "summary_fg_stdv": 828.990478515625,
  "tsnr": 43.36441523209214
}