{
  "aor": 0.00047404761904761906,
  "aqi": 0.013425764642857142,
  "bids_meta": {
    "AcquisitionMatrixPE": 64,
    "AcquisitionNumber": 1,
    "AcquisitionTime": "15:34:56.602500",
    "BandwidthPerPixelPhaseEncode": 62.5,
    "BaseResolution": 64,
    "BodyPartExamined": "BRAIN",
    "ConsistencyInfo": "N4_VE11C_LATEST_20160120",
    "ConversionSoftware": "dcm2niix",
    "ConversionSoftwareVersion": "v1.0.20210317",
    "DerivedVendorReportedEchoSpacing": 0.0005,
    "DeviceSerialNumber": "45193",
    "DwellTime": 3.1e-06,
    "EchoNumber": 3,
    "EchoTime": 0.04586,
    "EchoTrainLength": 31,
    "EffectiveEchoSpacing": 0.00025,
    "FlipAngle": 56,
    "ImageComments": "Unaliased MB4/PE4/LB",
    "ImageOrientationPatientDICOM": [
      0.997921,
      0.00300765,
      0.0643754,
      -6.425e-12,
      0.99891,
      -0.0466696
    ],
    "ImageType": [
      "ORIGINAL",
      "PRIMARY",
      "M",
      "MB",
      "TE3",
      "ND",
      "NORM",
      "MOSAIC"
    ],
    "ImagingFrequency": 123.252,
    "InPlanePhaseEncodingDirectionDICOM": "ROW",
    "InstitutionAddress": "Blackburn Road 770,Clayton,Victoria,AU,3800",
    "InstitutionName": "Monash Biomedical Imaging",
    "InstitutionalDepartmentName": "Department",
    "MRAcquisitionType": "2D",
    "MagneticFieldStrength": 3,
    "Manufacturer": "Siemens",
    "ManufacturersModelName": "Skyra",
    "Modality": "MR",
    "MultibandAccelerationFactor": 4,
    "ParallelReductionFactorInPlane": 2,
    "PartialFourier": 1,
    "PatientPosition": "HFS",
    "PercentPhaseFOV": 100,
    "PercentSampling": 100,
    "PhaseEncodingDirection": "i",
    "PhaseEncodingSteps": 63,
    "PhaseResolution": 1,
    "PixelBandwidth": 2520,
    "ProcedureStepDescription": "MR Scan",
    "ProtocolName": "Rest_R-L_mmb_4_4_cmrr_mbep2d_bold_TE_12.6_29.23_45.86_62.49",
    "PulseSequenceDetails": "%CustomerSeq%\\cmrr_mbep2d_bold",
    "ReceiveCoilActiveElements": "HEA;HEP",
    "ReceiveCoilName": "Head_32",
    "ReconMatrixPE": 64,
    "RefLinesPE": 24,
    "RepetitionTime": 0.91,
    "SAR": 0.0967709,
    "ScanOptions": "FS",
    "ScanningSequence": "EP",
    "SequenceName": "epfid2d4_64",
    "SequenceVariant": "SK\\SS",
    "SeriesDescription": "Rest_R-L_mmb_4_4_cmrr_mbep2d_bold_TE_12.6_29.23_45.86_62.49",
    "SeriesNumber": 5,
    "ShimSetting": [
      -4063,
      15390,
      -15079,
      321,
      300,
      -213,
      30,
      -89
    ],
    "SliceThickness": 3.2,
    "SliceTiming": [
      0,
      0.6225,
      0.355,
      0.09,
      0.7125,
      0.445,
      0.1775,
      0.8,
      0.535,
      0.2675,
      0,
      0.6225,
      0.355,
      0.09,
      0.7125,
      0.445,
      0.1775,
      0.8,
      0.535,
      0.2675,
      0,
      0.6225,
      0.355,
      0.09,
      0.7125,
      0.445,
      0.1775,
      0.8,
      0.535,
      0.2675,
      0,
      0.6225,
      0.355,
      0.09,
      0.7125,
      0.445,
      0.1775,
      0.8,
      0.535,
      0.2675
    ],
    "SoftwareVersions": "syngo MR E11",
    "SpacingBetweenSlices": 3.2,
    "StationName": "AWP45193",
    "TaskName": "rest",
    "TotalReadoutTime": 0.01575,
    "TxRefAmp": 362.906,
    "WipMemBlock": "0d9fa124-31b3-47bf-a232-c1c9e32e5078||Sequence: R016 ve11c/master r/e634e98; Dec 19 2017 11:00:25 by eja",
    "dataset": "<unset>",
    "modality": "bold",
    "run_id": 1,
    "session_id": "01",
    "subject_id": "PC227",
    "task_id": "rest"
  },
  "dummy_trs": 0,
  "dvars_nstd": 43.445573082743486,
  "dvars_std": 1.2006426786083488,
  "dvars_vstd": 0.9907986920675951,
  "efc": 0.49033853895606005,
  "fber": 3149.19970703125,
  "fd_mean": 0.09398294600703799,
  "fd_num": 9,
  "fd_perc": 1.7857142857142858,
  "fwhm_avg": 1.6346106430401555,
  "fwhm_x": 1.6220240776699029,
  "fwhm_y": 1.6199891262135921,
  "fwhm_z": 1.6618187252369714,
  "gcor": 0.0260802,
  "gsr_x": 0.004489554092288017,
  "gsr_y": 0.013035278767347336,
  "provenance": {
    "md5sum": "4d93ae7b114a1eda43ffe90df661b568",
    "settings": {
      "fd_thres": 0.2,
      "testing": false
    },
    "software": "mriqc",
    "version": "22.0.6",
    "webapi_port": null,
    "webapi_url": "https://mriqc.nimh.nih.gov/api/v1"
  },
  "size_t": 504,
  "size_x": 64,
  "size_y": 64,
  "size_z": 40,
  "snr": 3.718129248797427,
  "spacing_tr": 0.9100000262260437,
  "spacing_x": 3.21875,
  "spacing_y": 3.21875,
  "spacing_z": 3.200000047683716,
  "summary_bg_k": 210.97221665295413,
  "summary_bg_mad": 45.77534915203909,
  "summary_bg_mean": 115.22096252441406,
  "summary_bg_median": 56.93254470825195,
  "summary_bg_n": 99333.0,
  "summary_bg_p05": 18.23214340209961,
  "summary_bg_p95": 394.4651000976562,
  "summary_bg_stdv": 215.6131134033203,
  "summary_fg_k": 4.522851597505661,
  "summary_fg_mad": 669.20378496305,
  "summary_fg_mean": 3285.03857421875,
  "summary_fg_median": 3142.5517578125,
  "summary_fg_n": 30507.0,
  "summary_fg_p05": 2270.7037109375,
  "summary_fg_p95": 4800.074267578122,
  "summary_fg_stdv": 845.1831665039062,
  "tsnr": 32.761631520232186
}