{
  "aor": 0.004658571428571429,
  "aqi": 0.010308651185983828,
  "bids_meta": {
    "AcquisitionMatrixPE": 64,
    "AcquisitionNumber": 1,
    "AcquisitionTime": "16:12:28.165000",
    "BandwidthPerPixelPhaseEncode": 62.5,
    "BaseResolution": 64,
    "BodyPartExamined": "BRAIN",
    "ConsistencyInfo": "N4_VE11C_LATEST_20160120",
    "ConversionSoftware": "dcm2niix",
    "ConversionSoftwareVersion": "v1.0.20210317",
    "DerivedVendorReportedEchoSpacing": 0.0005,
    "DeviceSerialNumber": "45193",
    "DwellTime": 3.1e-06,
    "EchoNumber": 3,
    "EchoTime": 0.04586,
    "EchoTrainLength": 31,
    "EffectiveEchoSpacing": 0.00025,
    "FlipAngle": 56,
    "ImageComments": "Unaliased MB4/PE4/LB",
    "ImageOrientationPatientDICOM": [
      0.997921,
      0.00300765,
      0.0643754,
      -6.425e-12,
      0.99891,
      -0.0466696
    ],
    "ImageType": [
      "ORIGINAL",
      "PRIMARY",
      "M",
      "MB",
      "TE3",
      "ND",
      "NORM",
      "MOSAIC"
    ],
    "ImagingFrequency": 123.252,
    "InPlanePhaseEncodingDirectionDICOM": "ROW",
    "InstitutionAddress": "Blackburn Road 770,Clayton,Victoria,AU,3800",
    "InstitutionName": "Monash Biomedical Imaging",
    "InstitutionalDepartmentName": "Department",
    "MRAcquisitionType": "2D",
    "MagneticFieldStrength": 3,
    "Manufacturer": "Siemens",
    "ManufacturersModelName": "Skyra",
    "Modality": "MR",
    "MultibandAccelerationFactor": 4,
    "ParallelReductionFactorInPlane": 2,
    "PartialFourier": 1,
    "PatientPosition": "HFS",
    "PercentPhaseFOV": 100,
    "PercentSampling": 100,
    "PhaseEncodingDirection": "i",
    "PhaseEncodingSteps": 63,
    "PhaseResolution": 1,
    "PixelBandwidth": 2520,
    "ProcedureStepDescription": "MR Scan",
    "ProtocolName": "Movie_R-L_mmb_4_4_cmrr_mbep2d_bold_TE_12.6_29.23_45.86_62.49",
    "PulseSequenceDetails": "%CustomerSeq%\\cmrr_mbep2d_bold",
    "ReceiveCoilActiveElements": "HEA;HEP",
    "ReceiveCoilName": "Head_32",
    "ReconMatrixPE": 64,
    "RefLinesPE": 24,
    "RepetitionTime": 0.91,
    "SAR": 0.0962418,
    "ScanOptions": "FS",
    "ScanningSequence": "EP",
    "SequenceName": "epfid2d4_64",
    "SequenceVariant": "SK\\SS",
    "SeriesDescription": "Movie_R-L_mmb_4_4_cmrr_mbep2d_bold_TE_12.6_29.23_45.86_62.49",
    "SeriesNumber": 13,
    "ShimSetting": [
      -4063,
      15390,
      -15079,
      321,
      300,
      -213,
      30,
      -89
    ],
    "SliceThickness": 3.2,
    "SliceTiming": [
      0,
      0.6225,
      0.3575,
      0.09,
      0.7125,
      0.445,
      0.1775,
      0.8,
      0.535,
      0.2675,
      0,
      0.6225,
      0.3575,
      0.09,
      0.7125,
      0.445,
      0.1775,
      0.8,
      0.535,
      0.2675,
      0,
      0.6225,
      0.3575,
      0.09,
      0.7125,
      0.445,
      0.1775,
      0.8,
      0.535,
      0.2675,
      0,
      0.6225,
      0.3575,
      0.09,
      0.7125,
      0.445,
      0.1775,
      0.8,
      0.535,
      0.2675
    ],
    "SoftwareVersions": "syngo MR E11",
    "SpacingBetweenSlices": 3.2,
    "StationName": "AWP45193",
    "TaskName": "movie",
    "TotalReadoutTime": 0.01575,
    "TxRefAmp": 362.906,
    "WipMemBlock": "c5c3bb2f-f0f0-4f5a-8928-7e9680454403||Sequence: R016 ve11c/master r/e634e98; Dec 19 2017 11:00:25 by eja",
    "dataset": "<unset>",
    "modality": "bold",
    "run_id": 1,
    "session_id": "01",
    "subject_id": "PC227",
    "task_id": "movie"
  },
  "dummy_trs": 1,
  "dvars_nstd": 43.3856746877297,
  "dvars_std": 1.2312199247567561,
  "dvars_vstd": 1.0349296468378382,
  "efc": 0.49200393728135666,
  "fber": 2547.66845703125,
  "fd_mean": 0.07760832742285727,
  "fd_num": 10,
  "fd_perc": 2.6954177897574123,
  "fwhm_avg": 1.6383556733050053,
  "fwhm_x": 1.6170438834951457,
  "fwhm_y": 1.621113786407767,
  "fwhm_z": 1.6769093500121035,
  "gcor": 0.0102024,
  "gsr_x": 0.005584147293120623,
  "gsr_y": 0.005518453195691109,
  "provenance": {
    "md5sum": "1bcae8ce0fec6099a69971adb9fbe417",
    "settings": {
      "fd_thres": 0.2,
      "testing": false
    },
    "software": "mriqc",
    "version": "22.0.6",
    "webapi_port": null,
    "webapi_url": "https://mriqc.nimh.nih.gov/api/v1"
  },
  "size_t": 371,
  "size_x": 64,
  "size_y": 64,
  "size_z": 40,
  "snr": 3.733960541217154,
  "spacing_tr": 0.9100000262260437,
  "spacing_x": 3.21875,
  "spacing_y": 3.21875,
  "spacing_z": 3.200000047683716,
  "summary_bg_k": 59.96196119090558,
  "summary_bg_mad": 48.86193152202569,
  "summary_bg_mean": 115.73285675048828,
  "summary_bg_median": 62.8638801574707,
  "summary_bg_n": 99526.0,
  "summary_bg_p05": 19.978435516357422,
  "summary_bg_p95": 392.78436279296875,
  "summary_bg_stdv": 167.584228515625,
  "summary_fg_k": 4.509143057219576,
  "summary_fg_mad": 665.0131533261485,
  "summary_fg_mean": 3303.6259765625,
  "summary_fg_median": 3156.47021484375,
  "summary_fg_n": 30352.0,
  "summary_fg_p05": 2295.0786865234377,
  "summary_fg_p95": 4809.274584960936,
  "summary_fg_stdv": 845.3271484375,
  "tsnr": 37.76885192655027
}