{
  "aor": 0.00033917910447761195,
  "aqi": 0.004948260024875621,
  "bids_meta": {
    "AcquisitionMatrixPE": 64,
    "AcquisitionNumber": 1,
    "AcquisitionTime": "15:53:35.060000",
    "BandwidthPerPixelPhaseEncode": 62.5,
    "BaseResolution": 64,
    "BodyPartExamined": "BRAIN",
    "ConsistencyInfo": "N4_VE11C_LATEST_20160120",
    "ConversionSoftware": "dcm2niix",
    "ConversionSoftwareVersion": "v1.0.20210317",
    "DerivedVendorReportedEchoSpacing": 0.0005,
    "DeviceSerialNumber": "45193",
    "DwellTime": 3.1e-06,
    "EchoNumber": 1,
    "EchoTime": 0.0126,
    "EchoTrainLength": 31,
    "EffectiveEchoSpacing": 0.00025,
    "FlipAngle": 56,
    "ImageComments": "Unaliased MB4/PE4/LB",
    "ImageOrientationPatientDICOM": [
      0.997921,
      0.00300765,
      0.0643754,
      -6.425e-12,
      0.99891,
      -0.0466696
    ],
    "ImageType": [
      "ORIGINAL",
      "PRIMARY",
      "M",
      "MB",
      "TE1",
      "ND",
      "NORM",
      "MOSAIC"
    ],
    "ImagingFrequency": 123.252,
    "InPlanePhaseEncodingDirectionDICOM": "ROW",
    "InstitutionAddress": "Blackburn Road 770,Clayton,Victoria,AU,3800",
    "InstitutionName": "Monash Biomedical Imaging",
    "InstitutionalDepartmentName": "Department",
    "MRAcquisitionType": "2D",
    "MagneticFieldStrength": 3,
    "Manufacturer": "Siemens",
    "ManufacturersModelName": "Skyra",
    "Modality": "MR",
    "MultibandAccelerationFactor": 4,
    "ParallelReductionFactorInPlane": 2,
    "PartialFourier": 1,
    "PatientPosition": "HFS",
    "PercentPhaseFOV": 100,
    "PercentSampling": 100,
    "PhaseEncodingDirection": "i",
    "PhaseEncodingSteps": 63,
    "PhaseResolution": 1,
    "PixelBandwidth": 2520,
    "ProcedureStepDescription": "MR Scan",
    "ProtocolName": "Meditation_R-L_mmb_4_4_cmrr_mbep2d_bold_TE_12.6_29.23_45.86_62.5",
    "PulseSequenceDetails": "%CustomerSeq%\\cmrr_mbep2d_bold",
    "ReceiveCoilActiveElements": "HEA;HEP",
    "ReceiveCoilName": "Head_32",
    "ReconMatrixPE": 64,
    "RefLinesPE": 24,
    "RepetitionTime": 0.91,
    "SAR": 0.0964046,
    "ScanOptions": "FS",
    "ScanningSequence": "EP",
    "SequenceName": "epfid2d4_64",
    "SequenceVariant": "SK\\SS",
    "SeriesDescription": "Meditation_R-L_mmb_4_4_cmrr_mbep2d_bold_TE_12.6_29.23_45.86_62.5",
    "SeriesNumber": 10,
    "ShimSetting": [
      -4063,
      15390,
      -15079,
      321,
      300,
      -213,
      30,
      -89
    ],
    "SliceThickness": 3.2,
    "SliceTiming": [
      0,
      0.6225,
      0.355,
      0.0875,
      0.7125,
      0.445,
      0.1775,
      0.8,
      0.5325,
      0.2675,
      0,
      0.6225,
      0.355,
      0.0875,
      0.7125,
      0.445,
      0.1775,
      0.8,
      0.5325,
      0.2675,
      0,
      0.6225,
      0.355,
      0.0875,
      0.7125,
      0.445,
      0.1775,
      0.8,
      0.5325,
      0.2675,
      0,
      0.6225,
      0.355,
      0.0875,
      0.7125,
      0.445,
      0.1775,
      0.8,
      0.5325,
      0.2675
    ],
    "SoftwareVersions": "syngo MR E11",
    "SpacingBetweenSlices": 3.2,
    "StationName": "AWP45193",
    "TaskName": "meditation",
    "TotalReadoutTime": 0.01575,
    "TxRefAmp": 362.906,
    "WipMemBlock": "57367beb-5152-4fb1-b271-edd01441dbf9||Sequence: R016 ve11c/master r/e634e98; Dec 19 2017 11:00:25 by eja",
    "dataset": "<unset>",
    "modality": "bold",
    "run_id": 1,
    "session_id": "01",
    "subject_id": "PC227",
    "task_id": "meditation"
  },
  "dummy_trs": 3,
  "dvars_nstd": 26.985974561421436,
  "dvars_std": 1.2444206038403989,
  "dvars_vstd": 0.9978855629675811,
  "efc": 0.5861496802423154,
  "fber": 2134.83837890625,
  "fd_mean": 0.0732050104596749,
  "fd_num": 4,
  "fd_perc": 0.9950248756218906,
  "fwhm_avg": 2.117069337568467,
  "fwhm_x": 2.0506003883495145,
  "fwhm_y": 2.0584264077669903,
  "fwhm_z": 2.242181216588896,
  "gcor": 0.0290471,
  "gsr_x": -0.00039384220144711435,
  "gsr_y": 0.020023968070745468,
  "provenance": {
    "md5sum": "9c6d9828c95bffeb5ccf70ecede67d4d",
    "settings": {
      "fd_thres": 0.2,
      "testing": false
    },
    "software": "mriqc",
    "version": "22.0.6",
    "webapi_port": null,
    "webapi_url": "https://mriqc.nimh.nih.gov/api/v1"
  },
  "size_t": 402,
  "size_x": 64,
  "size_y": 64,
  "size_z": 40,
  "snr": 6.626839472048344,
  "spacing_tr": 0.9100000262260437,
  "spacing_x": 3.21875,
  "spacing_y": 3.21875,
  "spacing_z": 3.200000047683716,
  "summary_bg_k": 5.821902031805056,
  "summary_bg_mad": 143.60773052978334,
  "summary_bg_mean": 618.2510986328125,
  "summary_bg_median": 129.5,
  "summary_bg_n": 94948.0,
  "summary_bg_p05": 24.002487182617188,
  "summary_bg_p95": 3053.9400634765625,
  "summary_bg_stdv": 1032.2083740234375,
  "summary_fg_k": -0.06526688855210949,
  "summary_fg_mad": 889.0893307877041,
  "summary_fg_mean": 5897.47216796875,
  "summary_fg_median": 5822.79833984375,
  "summary_fg_n": 34821.0,
  "summary_fg_p05": 4560.35791015625,
  "summary_fg_p95": 7468.2958984375,
  "summary_fg_stdv": 878.6563720703125,
  "tsnr": 66.17971514351666
}