{
  "aor": 0.0004353296703296703,
  "aqi": 0.014445374862637365,
  "bids_meta": {
    "AcquisitionMatrixPE": 64,
    "AcquisitionNumber": 1,
    "AcquisitionTime": "11:37:45.862500",
    "BandwidthPerPixelPhaseEncode": 62.5,
    "BaseResolution": 64,
    "BodyPartExamined": "BRAIN",
    "ConsistencyInfo": "N4_VE11C_LATEST_20160120",
    "ConversionSoftware": "dcm2niix",
    "ConversionSoftwareVersion": "v1.0.20210317",
    "DerivedVendorReportedEchoSpacing": 0.0005,
    "DeviceSerialNumber": "45193",
    "DwellTime": 3.1e-06,
    "EchoNumber": 3,
    "EchoTime": 0.04586,
    "EchoTrainLength": 31,
    "EffectiveEchoSpacing": 0.00025,
    "FlipAngle": 56,
    "ImageComments": "Unaliased MB4/PE4/LB",
    "ImageOrientationPatientDICOM": [
      0.998962,
      0.0109738,
      0.0442045,
      1.2679e-10,
      0.97054,
      -0.240938
    ],
    "ImageType": [
      "ORIGINAL",
      "PRIMARY",
      "M",
      "MB",
      "TE3",
      "ND",
      "NORM",
      "MOSAIC"
    ],
    "ImagingFrequency": 123.252,
    "InPlanePhaseEncodingDirectionDICOM": "ROW",
    "InstitutionAddress": "Blackburn Road 770,Clayton,Victoria,AU,3800",
    "InstitutionName": "Monash Biomedical Imaging",
    "InstitutionalDepartmentName": "Department",
    "MRAcquisitionType": "2D",
    "MagneticFieldStrength": 3,
    "Manufacturer": "Siemens",
    "ManufacturersModelName": "Skyra",
    "Modality": "MR",
    "MultibandAccelerationFactor": 4,
    "ParallelReductionFactorInPlane": 2,
    "PartialFourier": 1,
    "PatientPosition": "HFS",
    "PercentPhaseFOV": 100,
    "PercentSampling": 100,
    "PhaseEncodingDirection": "i",
    "PhaseEncodingSteps": 63,
    "PhaseResolution": 1,
    "PixelBandwidth": 2520,
    "ProcedureStepDescription": "MR Scan",
    "ProtocolName": "Music_R-L_mmb_4_4_cmrr_mbep2d_bold_TE_12.6_29.23_45.86_62.49",
    "PulseSequenceDetails": "%CustomerSeq%\\cmrr_mbep2d_bold",
    "ReceiveCoilActiveElements": "HEA;HEP",
    "ReceiveCoilName": "Head_32",
    "ReconMatrixPE": 64,
    "RefLinesPE": 24,
    "RepetitionTime": 0.91,
    "SAR": 0.0923381,
    "ScanOptions": "FS",
    "ScanningSequence": "EP",
    "SequenceName": "epfid2d4_64",
    "SequenceVariant": "SK\\SS",
    "SeriesDescription": "Music_R-L_mmb_4_4_cmrr_mbep2d_bold_TE_12.6_29.23_45.86_62.49",
    "SeriesNumber": 7,
    "ShimSetting": [
      -4095,
      15464,
      -15215,
      311,
      251,
      -444,
      -223,
      49
    ],
    "SliceThickness": 3.2,
    "SliceTiming": [
      0,
      0.6225,
      0.355,
      0.09,
      0.7125,
      0.445,
      0.1775,
      0.8,
      0.535,
      0.2675,
      0,
      0.6225,
      0.355,
      0.09,
      0.7125,
      0.445,
      0.1775,
      0.8,
      0.535,
      0.2675,
      0,
      0.6225,
      0.355,
      0.09,
      0.7125,
      0.445,
      0.1775,
      0.8,
      0.535,
      0.2675,
      0,
      0.6225,
      0.355,
      0.09,
      0.7125,
      0.445,
      0.1775,
      0.8,
      0.535,
      0.2675
    ],
    "SoftwareVersions": "syngo MR E11",
    "SpacingBetweenSlices": 3.2,
    "StationName": "AWP45193",
    "TaskName": "music",
    "TotalReadoutTime": 0.01575,
    "TxRefAmp": 402.633,
    "WipMemBlock": "a8e19af8-badb-4898-b639-1f27aa77ef20||Sequence: R016 ve11c/master r/e634e98; Dec 19 2017 11:00:25 by eja",
    "dataset": "<unset>",
    "modality": "bold",
    "run_id": 1,
    "session_id": "02",
    "subject_id": "PC222",
    "task_id": "music"
  },
  "dummy_trs": 0,
  "dvars_nstd": 46.31909459364512,
  "dvars_std": 1.1240906077303987,
  "dvars_vstd": 0.999273408211829,
  "efc": 0.4933831455047223,
  "fber": 2515.561279296875,
  "fd_mean": 0.12279302507711663,
  "fd_num": 77,
  "fd_perc": 10.576923076923077,
  "fwhm_avg": 1.6217894762323823,
  "fwhm_x": 1.570460582524272,
  "fwhm_y": 1.686123495145631,
  "fwhm_z": 1.608784351027245,
  "gcor": 0.0158862,
  "gsr_x": -0.005980863701552153,
  "gsr_y": 0.023052383214235306,
  "provenance": {
    "md5sum": "250bf1f7f479ce1a0c044af6e92fb23d",
    "settings": {
      "fd_thres": 0.2,
      "testing": false
    },
    "software": "mriqc",
    "version": "22.0.6",
    "webapi_port": null,
    "webapi_url": "https://mriqc.nimh.nih.gov/api/v1"
  },
  "size_t": 728,
  "size_x": 64,
  "size_y": 64,
  "size_z": 40,
  "snr": 4.176122782409896,
  "spacing_tr": 0.9100000262260437,
  "spacing_x": 3.21875,
  "spacing_y": 3.21875,
  "spacing_z": 3.200000047683716,
  "summary_bg_k": 66.54131253246724,
  "summary_bg_mad": 42.27860141476532,
  "summary_bg_mean": 102.35882568359375,
  "summary_bg_median": 57.42170333862305,
  "summary_bg_n": 99492.0,
  "summary_bg_p05": 19.230770111083984,
  "summary_bg_p95": 337.1511749267578,
  "summary_bg_stdv": 143.33518981933594,
  "summary_fg_k": 4.511309370539981,
  "summary_fg_mad": 562.6679928567983,
  "summary_fg_mean": 3016.431884765625,
  "summary_fg_median": 2900.1318359375,
  "summary_fg_n": 29710.0,
  "summary_fg_p05": 2184.88701171875,
  "summary_fg_p95": 4221.668432617187,
  "summary_fg_stdv": 694.4439086914062,
  "tsnr": 32.68138922424987
}