{
  "aor": 0.0002859677419354839,
  "aqi": 0.014565626881720433,
  "bids_meta": {
    "AcquisitionMatrixPE": 64,
    "AcquisitionNumber": 1,
    "AcquisitionTime": "11:49:20.507500",
    "BandwidthPerPixelPhaseEncode": 62.5,
    "BaseResolution": 64,
    "BodyPartExamined": "BRAIN",
    "ConsistencyInfo": "N4_VE11C_LATEST_20160120",
    "ConversionSoftware": "dcm2niix",
    "ConversionSoftwareVersion": "v1.0.20210317",
    "DerivedVendorReportedEchoSpacing": 0.0005,
    "DeviceSerialNumber": "45193",
    "DwellTime": 3.1e-06,
    "EchoNumber": 4,
    "EchoTime": 0.06249,
    "EchoTrainLength": 31,
    "EffectiveEchoSpacing": 0.00025,
    "FlipAngle": 56,
    "ImageComments": "Unaliased MB4/PE4/LB",
    "ImageOrientationPatientDICOM": [
      0.998962,
      0.0109738,
      0.0442045,
      1.2679e-10,
      0.97054,
      -0.240938
    ],
    "ImageType": [
      "ORIGINAL",
      "PRIMARY",
      "M",
      "MB",
      "TE4",
      "ND",
      "NORM",
      "MOSAIC"
    ],
    "ImagingFrequency": 123.252,
    "InPlanePhaseEncodingDirectionDICOM": "ROW",
    "InstitutionAddress": "Blackburn Road 770,Clayton,Victoria,AU,3800",
    "InstitutionName": "Monash Biomedical Imaging",
    "InstitutionalDepartmentName": "Department",
    "MRAcquisitionType": "2D",
    "MagneticFieldStrength": 3,
    "Manufacturer": "Siemens",
    "ManufacturersModelName": "Skyra",
    "Modality": "MR",
    "MultibandAccelerationFactor": 4,
    "ParallelReductionFactorInPlane": 2,
    "PartialFourier": 1,
    "PatientPosition": "HFS",
    "PercentPhaseFOV": 100,
    "PercentSampling": 100,
    "PhaseEncodingDirection": "i",
    "PhaseEncodingSteps": 63,
    "PhaseResolution": 1,
    "PixelBandwidth": 2520,
    "ProcedureStepDescription": "MR Scan",
    "ProtocolName": "Movie_R-L_mmb_4_4_cmrr_mbep2d_bold_TE_12.6_29.23_45.86_62.49",
    "PulseSequenceDetails": "%CustomerSeq%\\cmrr_mbep2d_bold",
    "ReceiveCoilActiveElements": "HEA;HEP",
    "ReceiveCoilName": "Head_32",
    "ReconMatrixPE": 64,
    "RefLinesPE": 24,
    "RepetitionTime": 0.91,
    "SAR": 0.0913051,
    "ScanOptions": "FS",
    "ScanningSequence": "EP",
    "SequenceName": "epfid2d4_64",
    "SequenceVariant": "SK\\SS",
    "SeriesDescription": "Movie_R-L_mmb_4_4_cmrr_mbep2d_bold_TE_12.6_29.23_45.86_62.49",
    "SeriesNumber": 8,
    "ShimSetting": [
      -4095,
      15464,
      -15215,
      311,
      251,
      -444,
      -223,
      49
    ],
    "SliceThickness": 3.2,
    "SliceTiming": [
      0,
      0.6225,
      0.355,
      0.0875,
      0.71,
      0.445,
      0.1775,
      0.8,
      0.5325,
      0.265,
      0,
      0.6225,
      0.355,
      0.0875,
      0.71,
      0.445,
      0.1775,
      0.8,
      0.5325,
      0.265,
      0,
      0.6225,
      0.355,
      0.0875,
      0.71,
      0.445,
      0.1775,
      0.8,
      0.5325,
      0.265,
      0,
      0.6225,
      0.355,
      0.0875,
      0.71,
      0.445,
      0.1775,
      0.8,
      0.5325,
      0.265
    ],
    "SoftwareVersions": "syngo MR E11",
    "SpacingBetweenSlices": 3.2,
    "StationName": "AWP45193",
    "TaskName": "movie",
    "TotalReadoutTime": 0.01575,
    "TxRefAmp": 402.633,
    "WipMemBlock": "77893935-aefc-40c9-80de-f56f32e1a259||Sequence: R016 ve11c/master r/e634e98; Dec 19 2017 11:00:25 by eja",
    "dataset": "<unset>",
    "modality": "bold",
    "run_id": 1,
    "session_id": "02",
    "subject_id": "PC222",
    "task_id": "movie"
  },
  "dummy_trs": 0,
  "dvars_nstd": 59.34489982781674,
  "dvars_std": 1.110430276118598,
  "dvars_vstd": 0.9944878854447442,
  "efc": 0.47896186702274474,
  "fber": 1623.4178466796875,
  "fd_mean": 0.11966208487325514,
  "fd_num": 14,
  "fd_perc": 3.763440860215054,
  "fwhm_avg": 1.5773944520769536,
  "fwhm_x": 1.507753009708738,
  "fwhm_y": 1.6390834951456312,
  "fwhm_z": 1.585346851376491,
  "gcor": 0.00552047,
  "gsr_x": -0.012517943978309631,
  "gsr_y": 0.02799336053431034,
  "provenance": {
    "md5sum": "0ee917d161345aae397b4ba4e79c0806",
    "settings": {
      "fd_thres": 0.2,
      "testing": false
    },
    "software": "mriqc",
    "version": "22.0.6",
    "webapi_port": null,
    "webapi_url": "https://mriqc.nimh.nih.gov/api/v1"
  },
  "size_t": 372,
  "size_x": 64,
  "size_y": 64,
  "size_z": 40,
  "snr": 3.1039963112437143,
  "spacing_tr": 0.9100000262260437,
  "spacing_x": 3.21875,
  "spacing_y": 3.21875,
  "spacing_z": 3.200000047683716,
  "summary_bg_k": 138.982312558512,
  "summary_bg_mad": 32.86434823426107,
  "summary_bg_mean": 81.68630981445312,
  "summary_bg_median": 51.379032135009766,
  "summary_bg_n": 102095.0,
  "summary_bg_p05": 19.40779552459717,
  "summary_bg_p95": 242.85672149658143,
  "summary_bg_stdv": 102.10366821289062,
  "summary_fg_k": 8.292736820023984,
  "summary_fg_mad": 480.34321080704115,
  "summary_fg_mean": 2238.464599609375,
  "summary_fg_median": 2104.577880859375,
  "summary_fg_n": 27235.0,
  "summary_fg_p05": 1483.397021484375,
  "summary_fg_p95": 3411.554248046875,
  "summary_fg_stdv": 678.0095825195312,
  "tsnr": 27.125732970889658
}