{
  "bids_meta": {
    "AcquisitionMatrixPE": 256,
    "AcquisitionNumber": 1,
    "AcquisitionTime": "09:38:25.117500",
    "BaseResolution": 256,
    "BodyPartExamined": "BRAIN",
    "ConsistencyInfo": "N4_VE11C_LATEST_20160120",
    "ConversionSoftware": "dcm2niix",
    "ConversionSoftwareVersion": "v1.0.20210317",
    "DeviceSerialNumber": "45193",
    "DwellTime": 2.8e-06,
    "EchoTime": 0.452,
    "EchoTrainLength": 270,
    "FlipAngle": 120,
    "ImageOrientationPatientDICOM": [
      0.00393857,
      0.999992,
      1.09453e-08,
      0.147695,
      -0.000581699,
      -0.989033
    ],
    "ImageType": [
      "ORIGINAL",
      "PRIMARY",
      "M",
      "ND",
      "NORM"
    ],
    "ImagingFrequency": 123.252,
    "InPlanePhaseEncodingDirectionDICOM": "ROW",
    "InstitutionAddress": "Blackburn Road 770,Clayton,Victoria,AU,3800",
    "InstitutionName": "Monash Biomedical Imaging",
    "InstitutionalDepartmentName": "Department",
    "MRAcquisitionType": "3D",
    "MagneticFieldStrength": 3,
    "Manufacturer": "Siemens",
    "ManufacturersModelName": "Skyra",
    "Modality": "MR",
    "ParallelReductionFactorInPlane": 2,
    "PartialFourier": 1,
    "PatientPosition": "HFS",
    "PercentPhaseFOV": 100,
    "PercentSampling": 100,
    "PhaseEncodingDirection": "i",
    "PhaseEncodingSteps": 245,
    "PhaseResolution": 1,
    "PixelBandwidth": 700,
    "ProcedureStepDescription": "MR Scan",
    "ProtocolName": "t2_space_sag_p2_iso",
    "PulseSequenceDetails": "%SiemensSeq%\\tse_vfl",
    "ReceiveCoilActiveElements": "HEA;HEP",
    "ReceiveCoilName": "Head_32",
    "ReconMatrixPE": 256,
    "RefLinesPE": 24,
    "RepetitionTime": 3.2,
    "SAR": 0.228644,
    "ScanOptions": "PFP",
    "ScanningSequence": "SE",
    "SequenceName": "*spcR_282ns",
    "SequenceVariant": "SK\\SP",
    "SeriesDescription": "t2_space_sag_p2_iso",
    "SeriesNumber": 4,
    "ShimSetting": [
      -4121,
      15461,
      -15515,
      -92,
      142,
      -177,
      -175,
      57
    ],
    "SliceThickness": 1,
    "SoftwareVersions": "syngo MR E11",
    "StationName": "AWP45193",
    "TxRefAmp": 384.757,
    "dataset": "<unset>",
    "modality": "T2w",
    "run_id": 1,
    "session_id": "01",
    "subject_id": "PC218"
  },
  "cjv": 0.2218794015430287,
  "cnr": 2.135280227348874,
  "efc": 0.5486311975836017,
  "fber": -1.0,
  "fwhm_avg": 2.4416166666666665,
  "fwhm_x": 2.48027,
  "fwhm_y": 2.60617,
  "fwhm_z": 2.23841,
  "icvs_csf": 0.19490346290783025,
  "icvs_gm": 0.5980803704188791,
  "icvs_wm": 0.20701616667329067,
  "inu_med": 0.8533505499362946,
  "inu_range": 0.1378310143947601,
  "provenance": {
    "md5sum": "a8964f186a51aebc07762f49835ab852",
    "settings": {
      "testing": false
    },
    "software": "mriqc",
    "version": "22.0.6",
    "warnings": {
      "large_rot_frame": true,
      "small_air_mask": false
    },
    "webapi_port": null,
    "webapi_url": "https://mriqc.nimh.nih.gov/api/v1"
  },
  "qi_1": 0.007537268307409192,
  "qi_2": 0.0029676458437599405,
  "rpve_csf": 22.132155840127187,
  "rpve_gm": 10.71643076842139,
  "rpve_wm": 30.736757319940157,
  "size_x": 176,
  "size_y": 256,
  "size_z": 256,
  "snr_csf": 7.210255048321732,
  "snr_gm": 7.665536390731232,
  "snr_total": 5.928101825600787,
  "snr_wm": 2.9085140377493954,
  "snrd_csf": 19.427930364147507,
  "snrd_gm": 11.605951050798314,
  "snrd_total": 25.134051267043574,
  "snrd_wm": 44.368272386184906,
  "spacing_x": 1.0,
  "spacing_y": 1.0,
  "spacing_z": 1.0,
  "summary_bg_k": 1345.0791688582794,
  "summary_bg_mad": 0.0,
  "summary_bg_mean": 1.0653839138961136,
  "summary_bg_median": 0.0,
  "summary_bg_n": 758899.0,
  "summary_bg_p05": 0.0,
  "summary_bg_p95": 3.966880224645138,
  "summary_bg_stdv": 14.766290002519671,
  "summary_csf_k": 2.587126894589825,
  "summary_csf_mad": 49.26980390929373,
  "summary_csf_mean": 446.40613862844145,
  "summary_csf_median": 437.8911840431392,
  "summary_csf_n": 6152.0,
  "summary_csf_p05": 368.4183873541653,
  "summary_csf_p95": 558.4132384154946,
  "summary_csf_stdv": 60.726782939971415,
  "summary_gm_k": 0.7517357068212283,
  "summary_gm_mad": 31.2652415573052,
  "summary_gm_mean": 264.9723941727487,
  "summary_gm_median": 261.58955443650484,
  "summary_gm_n": 287707.0,
  "summary_gm_p05": 214.66061291098595,
  "summary_gm_p95": 326.47611365821234,
  "summary_gm_stdv": 34.1253483763216,
  "summary_wm_k": 0.2933346596043691,
  "summary_wm_mad": 132.579050046461,
  "summary_wm_mean": 825.2720492042075,
  "summary_wm_median": 1000.0280505940318,
  "summary_wm_n": 33432.0,
  "summary_wm_p05": 49.27819535667077,
  "summary_wm_p95": 1105.8239977173507,
  "summary_wm_stdv": 343.8226810503708,
  "tpm_overlap_csf": 0.11215074528592464,
  "tpm_overlap_gm": 0.3609333731907761,
  "tpm_overlap_wm": 0.041420587265655166,
  "wm2max": 0.9105840659715123
}