{
  "aor": 0.0002670471464019851,
  "aqi": 0.010761027444168734,
  "bids_meta": {
    "AcquisitionMatrixPE": 64,
    "AcquisitionNumber": 1,
    "AcquisitionTime": "13:19:34.165000",
    "BandwidthPerPixelPhaseEncode": 62.5,
    "BaseResolution": 64,
    "BodyPartExamined": "BRAIN",
    "ConsistencyInfo": "N4_VE11C_LATEST_20160120",
    "ConversionSoftware": "dcm2niix",
    "ConversionSoftwareVersion": "v1.0.20210317",
    "DerivedVendorReportedEchoSpacing": 0.0005,
    "DeviceSerialNumber": "45193",
    "DwellTime": 3.1e-06,
    "EchoNumber": 3,
    "EchoTime": 0.04586,
    "EchoTrainLength": 31,
    "EffectiveEchoSpacing": 0.00025,
    "FlipAngle": 56,
    "ImageComments": "Unaliased MB4/PE4/LB",
    "ImageOrientationPatientDICOM": [
      0.998534,
      -0.00237585,
      -0.0540847,
      -1.7113e-11,
      0.999037,
      -0.043886
    ],
    "ImageType": [
      "ORIGINAL",
      "PRIMARY",
      "M",
      "MB",
      "TE3",
      "ND",
      "NORM",
      "MOSAIC"
    ],
    "ImagingFrequency": 123.252,
    "InPlanePhaseEncodingDirectionDICOM": "ROW",
    "InstitutionAddress": "Blackburn Road 770,Clayton,Victoria,AU,3800",
    "InstitutionName": "Monash Biomedical Imaging",
    "InstitutionalDepartmentName": "Department",
    "MRAcquisitionType": "2D",
    "MagneticFieldStrength": 3,
    "Manufacturer": "Siemens",
    "ManufacturersModelName": "Skyra",
    "Modality": "MR",
    "MultibandAccelerationFactor": 4,
    "ParallelReductionFactorInPlane": 2,
    "PartialFourier": 1,
    "PatientPosition": "HFS",
    "PercentPhaseFOV": 100,
    "PercentSampling": 100,
    "PhaseEncodingDirection": "i",
    "PhaseEncodingSteps": 63,
    "PhaseResolution": 1,
    "PixelBandwidth": 2520,
    "ProcedureStepDescription": "MR Scan",
    "ProtocolName": "Meditation_R-L_mmb_4_4_cmrr_mbep2d_bold_TE_12.6_29.23_45.86_62.5",
    "PulseSequenceDetails": "%CustomerSeq%\\cmrr_mbep2d_bold",
    "ReceiveCoilActiveElements": "HEA;HEP",
    "ReceiveCoilName": "Head_32",
    "ReconMatrixPE": 64,
    "RefLinesPE": 24,
    "RepetitionTime": 0.91,
    "SAR": 0.0802708,
    "ScanOptions": "FS",
    "ScanningSequence": "EP",
    "SequenceName": "epfid2d4_64",
    "SequenceVariant": "SK\\SS",
    "SeriesDescription": "Meditation_R-L_mmb_4_4_cmrr_mbep2d_bold_TE_12.6_29.23_45.86_62.5",
    "SeriesNumber": 9,
    "ShimSetting": [
      -4115,
      15322,
      -15078,
      485,
      137,
      -333,
      66,
      150
    ],
    "SliceThickness": 3.2,
    "SliceTiming": [
      0,
      0.6225,
      0.355,
      0.0875,
      0.71,
      0.445,
      0.1775,
      0.8,
      0.5325,
      0.265,
      0,
      0.6225,
      0.355,
      0.0875,
      0.71,
      0.445,
      0.1775,
      0.8,
      0.5325,
      0.265,
      0,
      0.6225,
      0.355,
      0.0875,
      0.71,
      0.445,
      0.1775,
      0.8,
      0.5325,
      0.265,
      0,
      0.6225,
      0.355,
      0.0875,
      0.71,
      0.445,
      0.1775,
      0.8,
      0.5325,
      0.265
    ],
    "SoftwareVersions": "syngo MR E11",
    "SpacingBetweenSlices": 3.2,
    "StationName": "AWP45193",
    "TaskName": "meditation",
    "TotalReadoutTime": 0.01575,
    "TxRefAmp": 365.734,
    "WipMemBlock": "f9d3a6f7-5c8b-466c-9600-09c1eb188fe9||Sequence: R016 ve11c/master r/e634e98; Dec 19 2017 11:00:25 by eja",
    "dataset": "<unset>",
    "modality": "bold",
    "run_id": 1,
    "session_id": "01",
    "subject_id": "PC232",
    "task_id": "meditation"
  },
  "dummy_trs": 2,
  "dvars_nstd": 40.95399312835825,
  "dvars_std": 1.1502715851990049,
  "dvars_vstd": 0.9662375662437805,
  "efc": 0.4641954725147419,
  "fber": 3453.884765625,
  "fd_mean": 0.10602366293817314,
  "fd_num": 27,
  "fd_perc": 6.699751861042183,
  "fwhm_avg": 1.764544097907067,
  "fwhm_x": 1.7077747572815534,
  "fwhm_y": 1.8216201941747572,
  "fwhm_z": 1.7642373422648898,
  "gcor": 0.00826364,
  "gsr_x": -0.006295785773545504,
  "gsr_y": 0.01470855064690113,
  "provenance": {
    "md5sum": "f5abcfa947b071497f38dc49e14f5d61",
    "settings": {
      "fd_thres": 0.2,
      "testing": false
    },
    "software": "mriqc",
    "version": "22.0.6",
    "webapi_port": null,
    "webapi_url": "https://mriqc.nimh.nih.gov/api/v1"
  },
  "size_t": 403,
  "size_x": 64,
  "size_y": 64,
  "size_z": 40,
  "snr": 3.153037868137982,
  "spacing_tr": 0.9100000262260437,
  "spacing_x": 3.21875,
  "spacing_y": 3.21875,
  "spacing_z": 3.200000286102295,
  "summary_bg_k": 184.31033550898627,
  "summary_bg_mad": 35.99081444993898,
  "summary_bg_mean": 94.7343978881836,
  "summary_bg_median": 51.02109146118164,
  "summary_bg_n": 102480.0,
  "summary_bg_p05": 17.272828960418703,
  "summary_bg_p95": 306.21909790039047,
  "summary_bg_stdv": 161.75999450683594,
  "summary_fg_k": 4.062440859009437,
  "summary_fg_mad": 679.0209571725982,
  "summary_fg_mean": 3180.758056640625,
  "summary_fg_median": 2989.739501953125,
  "summary_fg_n": 27795.0,
  "summary_fg_p05": 2089.4897705078124,
  "summary_fg_p95": 5058.620849609375,
  "summary_fg_stdv": 948.192138671875,
  "tsnr": 34.24598340759985
}