{
  "aor": 0.0007364870259481038,
  "aqi": 0.0064408750499002,
  "bids_meta": {
    "AcquisitionMatrixPE": 64,
    "AcquisitionNumber": 1,
    "AcquisitionTime": "13:00:49.142500",
    "BandwidthPerPixelPhaseEncode": 62.5,
    "BaseResolution": 64,
    "BodyPartExamined": "BRAIN",
    "ConsistencyInfo": "N4_VE11C_LATEST_20160120",
    "ConversionSoftware": "dcm2niix",
    "ConversionSoftwareVersion": "v1.0.20210317",
    "DerivedVendorReportedEchoSpacing": 0.0005,
    "DeviceSerialNumber": "45193",
    "DwellTime": 3.1e-06,
    "EchoNumber": 1,
    "EchoTime": 0.0126,
    "EchoTrainLength": 31,
    "EffectiveEchoSpacing": 0.00025,
    "FlipAngle": 56,
    "ImageComments": "Unaliased MB4/PE4/LB",
    "ImageOrientationPatientDICOM": [
      0.998632,
      0.000134992,
      -0.0522791,
      -2.33e-12,
      0.999997,
      0.00258214
    ],
    "ImageType": [
      "ORIGINAL",
      "PRIMARY",
      "M",
      "MB",
      "TE1",
      "ND",
      "NORM",
      "MOSAIC"
    ],
    "ImagingFrequency": 123.252,
    "InPlanePhaseEncodingDirectionDICOM": "ROW",
    "InstitutionAddress": "Blackburn Road 770,Clayton,Victoria,AU,3800",
    "InstitutionName": "Monash Biomedical Imaging",
    "InstitutionalDepartmentName": "Department",
    "MRAcquisitionType": "2D",
    "MagneticFieldStrength": 3,
    "Manufacturer": "Siemens",
    "ManufacturersModelName": "Skyra",
    "Modality": "MR",
    "MultibandAccelerationFactor": 4,
    "ParallelReductionFactorInPlane": 2,
    "PartialFourier": 1,
    "PatientPosition": "HFS",
    "PercentPhaseFOV": 100,
    "PercentSampling": 100,
    "PhaseEncodingDirection": "i",
    "PhaseEncodingSteps": 63,
    "PhaseResolution": 1,
    "PixelBandwidth": 2520,
    "ProcedureStepDescription": "MR Scan",
    "ProtocolName": "Rest_R-L_mmb_4_4_cmrr_mbep2d_bold_TE_12.6_29.23_45.86_62.49",
    "PulseSequenceDetails": "%CustomerSeq%\\cmrr_mbep2d_bold",
    "ReceiveCoilActiveElements": "HEA;HEP",
    "ReceiveCoilName": "Head_32",
    "ReconMatrixPE": 64,
    "RefLinesPE": 24,
    "RepetitionTime": 0.91,
    "SAR": 0.0805764,
    "ScanOptions": "FS",
    "ScanningSequence": "EP",
    "SequenceName": "epfid2d4_64",
    "SequenceVariant": "SK\\SS",
    "SeriesDescription": "Rest_R-L_mmb_4_4_cmrr_mbep2d_bold_TE_12.6_29.23_45.86_62.49",
    "SeriesNumber": 4,
    "ShimSetting": [
      -4115,
      15324,
      -15089,
      446,
      147,
      -347,
      89,
      149
    ],
    "SliceThickness": 3.2,
    "SliceTiming": [
      0,
      0.6225,
      0.355,
      0.0875,
      0.7125,
      0.445,
      0.1775,
      0.8,
      0.5325,
      0.2675,
      0,
      0.6225,
      0.355,
      0.0875,
      0.7125,
      0.445,
      0.1775,
      0.8,
      0.5325,
      0.2675,
      0,
      0.6225,
      0.355,
      0.0875,
      0.7125,
      0.445,
      0.1775,
      0.8,
      0.5325,
      0.2675,
      0,
      0.6225,
      0.355,
      0.0875,
      0.7125,
      0.445,
      0.1775,
      0.8,
      0.5325,
      0.2675
    ],
    "SoftwareVersions": "syngo MR E11",
    "SpacingBetweenSlices": 3.2,
    "StationName": "AWP45193",
    "TaskName": "rest",
    "TotalReadoutTime": 0.01575,
    "TxRefAmp": 365.734,
    "WipMemBlock": "8e0256eb-1eb8-4f6e-a9c1-c5dc604ccb35||Sequence: R016 ve11c/master r/e634e98; Dec 19 2017 11:00:25 by eja",
    "dataset": "<unset>",
    "modality": "bold",
    "run_id": 1,
    "session_id": "01",
    "subject_id": "PC232",
    "task_id": "rest"
  },
  "dummy_trs": 3,
  "dvars_nstd": 24.936114669800016,
  "dvars_std": 1.1683872815600003,
  "dvars_vstd": 0.9910700798800006,
  "efc": 0.5590278305912338,
  "fber": 2993.533203125,
  "fd_mean": 0.11497232527404119,
  "fd_num": 18,
  "fd_perc": 3.592814371257485,
  "fwhm_avg": 2.007938804512874,
  "fwhm_x": 1.8712264077669905,
  "fwhm_y": 2.096633786407767,
  "fwhm_z": 2.055956219363865,
  "gcor": 0.0396352,
  "gsr_x": -0.01907205954194069,
  "gsr_y": 0.03136252611875534,
  "provenance": {
    "md5sum": "6cf1beea646f2624991fc5492608f680",
    "settings": {
      "fd_thres": 0.2,
      "testing": false
    },
    "software": "mriqc",
    "version": "22.0.6",
    "webapi_port": null,
    "webapi_url": "https://mriqc.nimh.nih.gov/api/v1"
  },
  "size_t": 501,
  "size_x": 64,
  "size_y": 64,
  "size_z": 40,
  "snr": 6.744630047283614,
  "spacing_tr": 0.9100000262260437,
  "spacing_x": 3.21875,
  "spacing_y": 3.21875,
  "spacing_z": 3.200000047683716,
  "summary_bg_k": 8.71564943391858,
  "summary_bg_mad": 107.76830869930353,
  "summary_bg_mean": 475.08123779296875,
  "summary_bg_median": 103.04989624023438,
  "summary_bg_n": 98249.0,
  "summary_bg_p05": 20.603592681884766,
  "summary_bg_p95": 2452.570849609374,
  "summary_bg_stdv": 845.5883178710938,
  "summary_fg_k": -0.12573728557226183,
  "summary_fg_mad": 844.5062948371828,
  "summary_fg_mean": 5616.73828125,
  "summary_fg_median": 5541.5810546875,
  "summary_fg_n": 32166.0,
  "summary_fg_p05": 4391.050537109375,
  "summary_fg_p95": 7058.0098876953125,
  "summary_fg_stdv": 821.6158447265625,
  "tsnr": 59.278788819909096
}